{
  "bids_meta": {
    "AccessionNumber": "3030-001",
    "AcquisitionDateTime": "2018-07-11T10:39:45.885000",
    "AcquisitionMatrixPE": 256,
    "AcquisitionNumber": 1,
    "AcquisitionTime": "10:39:45.885000",
    "BaseResolution": 256,
    "BodyPartExamined": "BRAIN",
    "ConsistencyInfo": "N4_VE11C_LATEST_20160120",
    "ConversionSoftware": "dcm2niix",
    "ConversionSoftwareVersion": "v1.0.20210317",
    "DeviceSerialNumber": "167050",
    "DwellTime": 3e-06,
    "EchoNumber": 4,
    "FlipAngle": 8,
    "ImageComments": "Average over all echoes.",
    "ImageOrientationPatientDICOM": [
      0,
      1,
      0,
      0,
      0,
      -1
    ],
    "ImageType": [
      "ORIGINAL",
      "PRIMARY",
      "ECHO",
      "COMBINED",
      "ND",
      "NORM"
    ],
    "ImagingFrequency": 123.25,
    "InPlanePhaseEncodingDirectionDICOM": "ROW",
    "InstitutionAddress": "Michigan Ave 320,Pasadena,California,US,91025",
    "InstitutionName": "Caltech Prisma64",
    "InstitutionalDepartmentName": "Department",
    "InversionTime": 1.15,
    "MRAcquisitionType": "3D",
    "MagneticFieldStrength": 3,
    "Manufacturer": "Siemens",
    "ManufacturersModelName": "Prisma_fit",
    "Modality": "MR",
    "ParallelReductionFactorInPlane": 2,
    "PartialFourier": 1,
    "PatientBirthDate": "1997-04-01",
    "PatientID": "CC0140",
    "PatientName": "CC0140",
    "PatientPosition": "HFS",
    "PatientSex": "M",
    "PatientWeight": 58.967,
    "PercentPhaseFOV": 100,
    "PercentSampling": 100,
    "PhaseEncodingSteps": 282,
    "PhaseOversampling": 0.1,
    "PhaseResolution": 1,
    "PixelBandwidth": 650,
    "ProcedureStepDescription": "Conte Core",
    "ProtocolName": "T1w",
    "PulseSequenceDetails": "%CustomerSeq%\\tfl_wip900D_VE11C",
    "ReceiveCoilActiveElements": "HEA;HEP",
    "ReceiveCoilName": "Head_32",
    "ReconMatrixPE": 256,
    "RefLinesPE": 32,
    "ReferringPhysicianName": "Adolphs",
    "RepetitionTime": 2.55,
    "SAR": 0.0424847,
    "ScanOptions": "IR\\WE",
    "ScanningSequence": "GR\\IR",
    "SequenceName": "tfl3d4_16ns",
    "SequenceVariant": "SK\\SP\\MP\\OSP",
    "SeriesDescription": "T1w_combEcho",
    "SeriesInstanceUID": "1.3.12.2.1107.5.2.43.167050.2018071110465447791970668.0.0.0",
    "SeriesNumber": 4,
    "ShimSetting": [
      6988,
      -3551,
      7883,
      368,
      -83,
      89,
      12,
      14
    ],
    "SliceThickness": 0.9,
    "SoftwareVersions": "syngo MR E11",
    "StationName": "PRISMA",
    "StudyID": "1",
    "StudyInstanceUID": "1.3.12.2.1107.5.2.43.167050.30000018071021413043300000007",
    "TxRefAmp": 243.87,
    "WipMemBlock": "WIP_Identifier: WIP#900D",
    "acq_id": "combecho",
    "dataset": "unknown",
    "modality": "T1w",
    "run_id": 1,
    "session_id": "core2p2",
    "subject_id": "CC0140"
  },
  "cjv": 0.7613853068158608,
  "cnr": 1.730838478132669,
  "efc": 0.6195759058750763,
  "fber": 1488.5328369140625,
  "fwhm_avg": 4.343313898766935,
  "fwhm_x": 4.218789000648631,
  "fwhm_y": 4.386214956521739,
  "fwhm_z": 4.424937739130435,
  "icvs_csf": 0.20937406872294526,
  "icvs_gm": 0.40950828571509357,
  "icvs_wm": 0.3811176455619612,
  "inu_med": 1.437569260597229,
  "inu_range": 0.6113770365715023,
  "provenance": {
    "md5sum": "1e2e5ff64bed8a78c781061403a6cb37",
    "settings": {
      "testing": false
    },
    "software": "mriqc",
    "version": "0.15.0",
    "warnings": {
      "large_rot_frame": false,
      "small_air_mask": false
    },
    "webapi_port": null,
    "webapi_url": "https://mriqc.nimh.nih.gov/api/v1"
  },
  "qi_1": 0.0002232083744755549,
  "qi_2": 0.010355485503211427,
  "rpve_csf": 19.890971869455427,
  "rpve_gm": 10.465253441667729,
  "rpve_wm": 13.36412535912433,
  "size_x": 208,
  "size_y": 256,
  "size_z": 256,
  "snr_csf": 3.6935496874655604,
  "snr_gm": 10.37924511608465,
  "snr_total": 11.437045249881535,
  "snr_wm": 20.238340946094393,
  "snrd_csf": 36.62329651075512,
  "snrd_gm": 76.02616334547098,
  "snrd_total": 67.88674020430933,
  "snrd_wm": 91.0107607567019,
  "spacing_x": 0.8999999761581421,
  "spacing_y": 0.8984375,
  "spacing_z": 0.8984375,
  "summary_bg_k": 40.95501564405883,
  "summary_bg_mad": 7.198785305023193,
  "summary_bg_mean": 18.50150489807129,
  "summary_bg_median": 14.514741897583008,
  "summary_bg_n": 3679846.0,
  "summary_bg_p05": 4.833765506744385,
  "summary_bg_p95": 38.24452781677246,
  "summary_bg_stdv": 11.403348922729492,
  "summary_csf_k": 0.5856750144411893,
  "summary_csf_mad": 101.63922119140625,
  "summary_csf_mean": 422.2232666015625,
  "summary_csf_median": 402.42498779296875,
  "summary_csf_n": 47340.0,
  "summary_csf_p05": 280.8762741088867,
  "summary_csf_p95": 632.2821960449218,
  "summary_csf_stdv": 108.95230102539062,
  "summary_gm_k": -0.07164131155563691,
  "summary_gm_mad": 79.7235336303711,
  "summary_gm_mean": 840.6941528320312,
  "summary_gm_median": 835.3925170898438,
  "summary_gm_n": 33485.0,
  "summary_gm_p05": 717.4569458007813,
  "summary_gm_p95": 984.2172363281251,
  "summary_gm_stdv": 80.48562622070312,
  "summary_wm_k": 0.7129459973939087,
  "summary_wm_mad": 45.64168930053711,
  "summary_wm_mean": 1001.1664428710938,
  "summary_wm_median": 1000.046630859375,
  "summary_wm_n": 352179.0,
  "summary_wm_p05": 920.7200378417969,
  "summary_wm_p95": 1082.8562377929686,
  "summary_wm_stdv": 49.41339874267578,
  "tpm_overlap_csf": 0.22752712666988373,
  "tpm_overlap_gm": 0.48758819699287415,
  "tpm_overlap_wm": 0.5411949753761292,
  "wm2max": 0.6327482028160643
}