{
  "bids_meta": {
    "AccessionNumber": "8559-001",
    "AcquisitionDateTime": "2018-08-29T11:28:23.857500",
    "AcquisitionMatrixPE": 256,
    "AcquisitionNumber": 1,
    "AcquisitionTime": "11:28:23.857500",
    "BaseResolution": 256,
    "BodyPartExamined": "BRAIN",
    "ConsistencyInfo": "N4_VE11C_LATEST_20160120",
    "ConversionSoftware": "dcm2niix",
    "ConversionSoftwareVersion": "v1.0.20210317",
    "DeviceSerialNumber": "167050",
    "DwellTime": 3e-06,
    "EchoNumber": 4,
    "FlipAngle": 8,
    "ImageComments": "Average over all echoes.",
    "ImageOrientationPatientDICOM": [
      0,
      1,
      0,
      0,
      0,
      -1
    ],
    "ImageType": [
      "ORIGINAL",
      "PRIMARY",
      "ECHO",
      "COMBINED",
      "ND",
      "NORM"
    ],
    "ImagingFrequency": 123.25,
    "InPlanePhaseEncodingDirectionDICOM": "ROW",
    "InstitutionAddress": "Michigan Ave 320,Pasadena,California,US,91025",
    "InstitutionName": "Caltech Prisma64",
    "InstitutionalDepartmentName": "Department",
    "InversionTime": 1.15,
    "MRAcquisitionType": "3D",
    "MagneticFieldStrength": 3,
    "Manufacturer": "Siemens",
    "ManufacturersModelName": "Prisma_fit",
    "Modality": "MR",
    "ParallelReductionFactorInPlane": 2,
    "PartialFourier": 1,
    "PatientBirthDate": "1976-05-01",
    "PatientID": "CC0157",
    "PatientName": "CC0157",
    "PatientPosition": "HFS",
    "PatientSex": "M",
    "PatientWeight": 83.9146,
    "PercentPhaseFOV": 100,
    "PercentSampling": 100,
    "PhaseEncodingSteps": 282,
    "PhaseOversampling": 0.1,
    "PhaseResolution": 1,
    "PixelBandwidth": 650,
    "ProcedureStepDescription": "Conte Core",
    "ProtocolName": "T1w",
    "PulseSequenceDetails": "%CustomerSeq%\\tfl_wip900D_VE11C",
    "ReceiveCoilActiveElements": "HEA;HEP",
    "ReceiveCoilName": "Head_32",
    "ReconMatrixPE": 256,
    "RefLinesPE": 32,
    "ReferringPhysicianName": "Adolphs",
    "RepetitionTime": 2.55,
    "SAR": 0.0483225,
    "ScanOptions": "IR\\WE",
    "ScanningSequence": "GR\\IR",
    "SequenceName": "tfl3d4_16ns",
    "SequenceVariant": "SK\\SP\\MP\\OSP",
    "SeriesDescription": "T1w_combEcho",
    "SeriesInstanceUID": "1.3.12.2.1107.5.2.43.167050.2018082911353221945228395.0.0.0",
    "SeriesNumber": 5,
    "ShimSetting": [
      6991,
      -3677,
      7925,
      375,
      53,
      -184,
      -8,
      -7
    ],
    "SliceThickness": 0.9,
    "SoftwareVersions": "syngo MR E11",
    "StationName": "PRISMA",
    "StudyID": "1",
    "StudyInstanceUID": "1.3.12.2.1107.5.2.43.167050.30000018081720093477500000061",
    "TxRefAmp": 279.798,
    "WipMemBlock": "WIP_Identifier: WIP#900D",
    "acq_id": "combecho",
    "dataset": "unknown",
    "modality": "T1w",
    "run_id": 2,
    "session_id": "core2p2",
    "subject_id": "CC0157"
  },
  "cjv": 0.7636935096415663,
  "cnr": 1.7209110859453967,
  "efc": 0.6327680365281289,
  "fber": 1813.1121826171875,
  "fwhm_avg": 4.62848476039635,
  "fwhm_x": 4.414255672493396,
  "fwhm_y": 4.8287387826086965,
  "fwhm_z": 4.642459826086957,
  "icvs_csf": 0.23173998443703078,
  "icvs_gm": 0.37598678593289786,
  "icvs_wm": 0.3922732296300714,
  "inu_med": 1.6095190048217773,
  "inu_range": 0.6590643882751464,
  "provenance": {
    "md5sum": "09a00b46e7ce059fdfd4f0aabe4489dd",
    "settings": {
      "testing": false
    },
    "software": "mriqc",
    "version": "0.15.0",
    "warnings": {
      "large_rot_frame": false,
      "small_air_mask": false
    },
    "webapi_port": null,
    "webapi_url": "https://mriqc.nimh.nih.gov/api/v1"
  },
  "qi_1": 5.724532192335432e-05,
  "qi_2": 0.006169429858801999,
  "rpve_csf": 22.37737225673563,
  "rpve_gm": 13.131808390804935,
  "rpve_wm": 15.423577976732965,
  "size_x": 208,
  "size_y": 256,
  "size_z": 256,
  "snr_csf": 3.5483028732826076,
  "snr_gm": 9.693757697449167,
  "snr_total": 11.123241770143009,
  "snr_wm": 20.12766473969725,
  "snrd_csf": 39.27186279995868,
  "snrd_gm": 86.38540876568734,
  "snrd_total": 76.61664931035452,
  "snrd_wm": 104.19267636541754,
  "spacing_x": 0.8999999761581421,
  "spacing_y": 0.8984375,
  "spacing_z": 0.8984375,
  "summary_bg_k": 8.011956044661336,
  "summary_bg_mad": 6.288146018981934,
  "summary_bg_mean": 14.692655563354492,
  "summary_bg_median": 12.688623428344727,
  "summary_bg_n": 3354061.0,
  "summary_bg_p05": 4.22455358505249,
  "summary_bg_p95": 30.06174659729004,
  "summary_bg_stdv": 8.929448127746582,
  "summary_csf_k": 0.38783752747397626,
  "summary_csf_mad": 98.8968276977539,
  "summary_csf_mean": 402.1663818359375,
  "summary_csf_median": 376.9401550292969,
  "summary_csf_n": 64385.0,
  "summary_csf_p05": 271.8816650390625,
  "summary_csf_p95": 608.3647827148434,
  "summary_csf_stdv": 106.23028564453125,
  "summary_gm_k": -0.05067406282657361,
  "summary_gm_mad": 84.25115203857422,
  "summary_gm_mean": 835.722412109375,
  "summary_gm_median": 829.1465454101562,
  "summary_gm_n": 20123.0,
  "summary_gm_p05": 706.3109436035156,
  "summary_gm_p95": 990.4250061035157,
  "summary_gm_stdv": 85.53194427490234,
  "summary_wm_k": 1.2036350797515105,
  "summary_wm_mad": 46.277931213378906,
  "summary_wm_mean": 1002.8787841796875,
  "summary_wm_median": 1000.064697265625,
  "summary_wm_n": 296934.0,
  "summary_wm_p05": 926.9581481933594,
  "summary_wm_p95": 1087.0553283691406,
  "summary_wm_stdv": 49.68599319458008,
  "tpm_overlap_csf": 0.23712553083896637,
  "tpm_overlap_gm": 0.47115835547447205,
  "tpm_overlap_wm": 0.5463880896568298,
  "wm2max": 0.682685210052453
}