{
  "aor": 0.000759915254237288,
  "aqi": 0.0064702871186440684,
  "bids_meta": {
    "AccessionNumber": "8542-001",
    "AcquisitionDateTime": "2018-08-15T12:19:21.910000",
    "AcquisitionMatrixPE": 80,
    "AcquisitionNumber": 1,
    "AcquisitionTime": "12:19:21.910000",
    "BandwidthPerPixelPhaseEncode": 23.191,
    "BaseResolution": 80,
    "BodyPartExamined": "BRAIN",
    "ConsistencyInfo": "N4_VE11C_LATEST_20160120",
    "ConversionSoftware": "dcm2niix",
    "ConversionSoftwareVersion": "v1.0.20210317",
    "DerivedVendorReportedEchoSpacing": 0.000490002,
    "DeviceSerialNumber": "167050",
    "DwellTime": 2.3e-06,
    "EchoTime": 0.03,
    "EchoTrainLength": 88,
    "EffectiveEchoSpacing": 0.000539002,
    "FlipAngle": 53,
    "ImageComments": "Unaliased MB6/PE3/LB",
    "ImageOrientationPatientDICOM": [
      1,
      0,
      0,
      0,
      0.939693,
      -0.34202
    ],
    "ImageType": [
      "ORIGINAL",
      "PRIMARY",
      "M",
      "MB",
      "ND",
      "MOSAIC"
    ],
    "ImagingFrequency": 123.25,
    "InPlanePhaseEncodingDirectionDICOM": "COL",
    "InstitutionAddress": "Michigan Ave 320,Pasadena,California,US,91025",
    "InstitutionName": "Caltech Prisma64",
    "InstitutionalDepartmentName": "Department",
    "MRAcquisitionType": "2D",
    "MagneticFieldStrength": 3,
    "Manufacturer": "Siemens",
    "ManufacturersModelName": "Prisma_fit",
    "Modality": "MR",
    "MultibandAccelerationFactor": 6,
    "PartialFourier": 1,
    "PatientBirthDate": "1994-02-01",
    "PatientID": "CC0150",
    "PatientName": "CC0150",
    "PatientPosition": "HFS",
    "PatientSex": "M",
    "PatientWeight": 62.5958,
    "PercentPhaseFOV": 100,
    "PercentSampling": 100,
    "PhaseEncodingDirection": "j-",
    "PhaseEncodingSteps": 88,
    "PhaseOversampling": 0.1,
    "PhaseResolution": 1,
    "PixelBandwidth": 2715,
    "ProcedureStepDescription": "Conte Core",
    "ProtocolName": "task-bang_bold",
    "PulseSequenceDetails": "%CustomerSeq%\\cmrr_mbep2d_bold",
    "ReceiveCoilActiveElements": "HEA;HEP",
    "ReceiveCoilName": "Head_32",
    "ReconMatrixPE": 80,
    "ReferringPhysicianName": "Adolphs",
    "RepetitionTime": 0.7,
    "SAR": 0.0813483,
    "ScanOptions": "FS\\EXT",
    "ScanningSequence": "EP",
    "SequenceName": "epfid2d1_80",
    "SequenceVariant": "SK\\SS\\OSP",
    "SeriesDescription": "task-bang_bold",
    "SeriesInstanceUID": "1.3.12.2.1107.5.2.43.167050.2018081512161065124843027.0.0.0",
    "SeriesNumber": 27,
    "ShimSetting": [
      6995,
      -3638,
      7939,
      587,
      -21,
      -17,
      -43,
      -9
    ],
    "SliceThickness": 2.5,
    "SliceTiming": [
      0,
      0.475,
      0.2725,
      0.0675,
      0.545,
      0.34,
      0.135,
      0.6125,
      0.4075,
      0.205,
      0,
      0.475,
      0.2725,
      0.0675,
      0.545,
      0.34,
      0.135,
      0.6125,
      0.4075,
      0.205,
      0,
      0.475,
      0.2725,
      0.0675,
      0.545,
      0.34,
      0.135,
      0.6125,
      0.4075,
      0.205,
      0,
      0.475,
      0.2725,
      0.0675,
      0.545,
      0.34,
      0.135,
      0.6125,
      0.4075,
      0.205,
      0,
      0.475,
      0.2725,
      0.0675,
      0.545,
      0.34,
      0.135,
      0.6125,
      0.4075,
      0.205,
      0,
      0.475,
      0.2725,
      0.0675,
      0.545,
      0.34,
      0.135,
      0.6125,
      0.4075,
      0.205
    ],
    "SoftwareVersions": "syngo MR E11",
    "SpacingBetweenSlices": 2.5,
    "StationName": "PRISMA",
    "StudyID": "1",
    "StudyInstanceUID": "1.3.12.2.1107.5.2.43.167050.30000018071021413043300000091",
    "TaskName": "bang",
    "TotalReadoutTime": 0.0425812,
    "TxRefAmp": 247.432,
    "WipMemBlock": "074226d1-9b71-4c83-aed1-95bd050913b2||Sequence: R016 ve11c/master r/e634e98; Dec 19 2017 11:00:25 by eja",
    "dataset": "unknown",
    "modality": "bold",
    "run_id": 1,
    "session_id": "core2p2",
    "subject_id": "CC0150",
    "task_id": "bang"
  },
  "dummy_trs": 2,
  "dvars_nstd": 33.28559540694487,
  "dvars_std": 1.0397542993917956,
  "dvars_vstd": 0.9763553298585571,
  "efc": 0.5578860282638701,
  "fber": 535.1060180664062,
  "fd_mean": 0.11137917710798322,
  "fd_num": 78,
  "fd_perc": 11.016949152542374,
  "fwhm_avg": 2.930150666666666,
  "fwhm_x": 2.731508,
  "fwhm_y": 3.112428,
  "fwhm_z": 2.946516,
  "gcor": 0.0104316,
  "gsr_x": 0.017168886959552765,
  "gsr_y": 0.03160808980464935,
  "provenance": {
    "md5sum": "4e3870b3b4fe8ba8eaf6c8c561c5deb0",
    "settings": {
      "fd_thres": 0.2,
      "hmc_fsl": false
    },
    "software": "mriqc",
    "version": "0.15.0",
    "webapi_port": null,
    "webapi_url": "https://mriqc.nimh.nih.gov/api/v1"
  },
  "size_t": 708,
  "size_x": 80,
  "size_y": 80,
  "size_z": 60,
  "snr": 2.1004865909767902,
  "spacing_tr": 0.699999988079071,
  "spacing_x": 2.5,
  "spacing_y": 2.5,
  "spacing_z": 2.5,
  "summary_bg_k": 17.681452335063124,
  "summary_bg_mad": 109.01837921142578,
  "summary_bg_mean": 410.40826416015625,
  "summary_bg_median": 166.08262634277344,
  "summary_bg_n": 221636.0,
  "summary_bg_p05": 80.23587799072266,
  "summary_bg_p95": 1650.994384765625,
  "summary_bg_stdv": 636.7717895507812,
  "summary_fg_k": 0.8822096349812965,
  "summary_fg_mad": 1816.29638671875,
  "summary_fg_mean": 4536.69287109375,
  "summary_fg_median": 4189.34619140625,
  "summary_fg_n": 97057.0,
  "summary_fg_p05": 1904.7906982421875,
  "summary_fg_p95": 8392.317578125,
  "summary_fg_stdv": 1994.454345703125,
  "tsnr": 37.10023880004883
}