{
    "Modality":"MR",
    "MagneticFieldStrength":3,
    "ImagingFrequency":123.228,
    "Manufacturer":"Siemens",
    "ManufacturersModelName":"TrioTim",
    "InstitutionName":"Caltech Tim32",
    "InstitutionalDepartmentName":"Department",
    "InstitutionAddress":"Wilson Avenue 340 ,Pasadena,California,US,91025",
    "DeviceSerialNumber":"35077",
    "StationName":"MEDPC",
    "SeriesInstanceUID":"1.3.12.2.1107.5.2.32.35077.2015110312000149017600288.0.0.0",
    "StudyInstanceUID":"1.3.12.2.1107.5.2.32.35077.30000015110319573087500000001",
    "StudyID":"1",
    "PatientName":"CC0061",
    "PatientID":"adolphs",
    "AccessionNumber":"8006-001",
    "PatientBirthDate":"1994-01-01",
    "PatientSex":"M",
    "PatientWeight":70.3068,
    "PatientPosition":"HFS",
    "ProcedureStepDescription":"Conte^Core",
    "SoftwareVersions":"syngo MR B17",
    "MRAcquisitionType":"2D",
    "SeriesDescription":"rsBOLD_MB_1",
    "ProtocolName":"rsBOLD_MB_1",
    "ScanningSequence":"EP",
    "SequenceVariant":"SK\\SS",
    "ScanOptions":"FS",
    "SequenceName":"epfid2d1_80",
    "ImageType":[
        "ORIGINAL",
        "PRIMARY",
        "M",
        "MB",
        "ND",
        "MOSAIC"
    ],
    "SeriesNumber":3,
    "AcquisitionTime":"12:00:11.400000",
    "AcquisitionDateTime":"2015-11-03T12:00:11.400000",
    "AcquisitionNumber":1,
    "ImageComments":"Unaliased MB4/PE3",
    "SliceThickness":2.5,
    "SpacingBetweenSlices":2.5,
    "SAR":0.0888545,
    "EchoTime":0.03,
    "RepetitionTime":1,
    "FlipAngle":60,
    "PartialFourier":1,
    "BaseResolution":80,
    "ShimSetting":[
        9547,
        -10500,
        15761,
        728,
        87,
        203,
        187,
        -42
    ],
    "TxRefAmp":300.844,
    "PhaseResolution":1,
    "ReceiveCoilName":"32Ch_Head",
    "CoilString":"C:HEA;HEP",
    "PulseSequenceDetails":"%CustomerSeq%\\cmrr_mbep2d_bold",
    "MultibandAccelerationFactor":4,
    "PercentPhaseFOV":100,
    "PercentSampling":100,
    "PhaseEncodingSteps":80,
    "AcquisitionMatrixPE":80,
    "ReconMatrixPE":80,
    "BandwidthPerPixelPhaseEncode":23.148,
    "EffectiveEchoSpacing":0.000540003,
    "DerivedVendorReportedEchoSpacing":0.000540003,
    "TotalReadoutTime":0.0426603,
    "PixelBandwidth":2404,
    "DwellTime":2.6e-06,
    "PhaseEncodingDirection":"j-",
    "SliceTiming":[
        0,
        0.215,
        0.43,
        0.6475,
        0.8625,
        0.0725,
        0.2875,
        0.5025,
        0.7175,
        0.9325,
        0.145,
        0.36,
        0.575,
        0.79,
        0,
        0.215,
        0.43,
        0.6475,
        0.8625,
        0.0725,
        0.2875,
        0.5025,
        0.7175,
        0.9325,
        0.145,
        0.36,
        0.575,
        0.79,
        0,
        0.215,
        0.43,
        0.6475,
        0.8625,
        0.0725,
        0.2875,
        0.5025,
        0.7175,
        0.9325,
        0.145,
        0.36,
        0.575,
        0.79,
        0,
        0.215,
        0.43,
        0.6475,
        0.8625,
        0.0725,
        0.2875,
        0.5025,
        0.7175,
        0.9325,
        0.145,
        0.36,
        0.575,
        0.79
    ],
    "ImageOrientationPatientDICOM":[
        1,
        2e-16,
        0,
        -2e-16,
        0.92321,
        -0.384295
    ],
    "InPlanePhaseEncodingDirectionDICOM":"COL",
    "ConversionSoftware":"dcm2niix",
    "ConversionSoftwareVersion":"v1.0.20210317",
    "TaskName":"rest"
}