{
    "Modality":"MR",
    "MagneticFieldStrength":3,
    "ImagingFrequency":123.228,
    "Manufacturer":"Siemens",
    "ManufacturersModelName":"TrioTim",
    "InstitutionName":"Caltech Tim32",
    "InstitutionalDepartmentName":"Department",
    "InstitutionAddress":"Wilson Avenue 340 ,Pasadena,California,US,91025",
    "DeviceSerialNumber":"35077",
    "StationName":"MEDPC",
    "SeriesInstanceUID":"1.3.12.2.1107.5.2.32.35077.2015110312000148931200287.0.0.0",
    "StudyInstanceUID":"1.3.12.2.1107.5.2.32.35077.30000015110319573087500000001",
    "StudyID":"1",
    "PatientName":"CC0061",
    "PatientID":"adolphs",
    "AccessionNumber":"8006-001",
    "PatientBirthDate":"1994-01-01",
    "PatientSex":"M",
    "PatientWeight":70.3068,
    "PatientPosition":"HFS",
    "ProcedureStepDescription":"Conte^Core",
    "SoftwareVersions":"syngo MR B17",
    "MRAcquisitionType":"2D",
    "SeriesDescription":"rsBOLD_MB_1_SBRef",
    "ProtocolName":"rsBOLD_MB_1",
    "ScanningSequence":"EP",
    "SequenceVariant":"SK\\SS",
    "ScanOptions":"FS",
    "SequenceName":"epfid2d1_80",
    "ImageType":[
        "ORIGINAL",
        "PRIMARY",
        "M",
        "ND",
        "MOSAIC"
    ],
    "SeriesNumber":2,
    "AcquisitionTime":"12:00:3.370000",
    "AcquisitionDateTime":"2015-11-03T12:00:3.370000",
    "AcquisitionNumber":1,
    "ImageComments":"Single-band reference",
    "SliceThickness":2.5,
    "SpacingBetweenSlices":2.5,
    "SAR":0.0888545,
    "EchoTime":0.03,
    "RepetitionTime":1,
    "FlipAngle":60,
    "PartialFourier":1,
    "BaseResolution":80,
    "ShimSetting":[
        9547,
        -10500,
        15761,
        728,
        87,
        203,
        187,
        -42
    ],
    "TxRefAmp":300.844,
    "PhaseResolution":1,
    "ReceiveCoilName":"32Ch_Head",
    "CoilString":"C:HEA;HEP",
    "PulseSequenceDetails":"%CustomerSeq%\\cmrr_mbep2d_bold",
    "PercentPhaseFOV":100,
    "PercentSampling":100,
    "PhaseEncodingSteps":80,
    "AcquisitionMatrixPE":80,
    "ReconMatrixPE":80,
    "BandwidthPerPixelPhaseEncode":23.148,
    "EffectiveEchoSpacing":0.000540003,
    "DerivedVendorReportedEchoSpacing":0.000540003,
    "TotalReadoutTime":0.0426603,
    "PixelBandwidth":2404,
    "DwellTime":2.6e-06,
    "PhaseEncodingDirection":"j-",
    "SliceTiming":[
        0,
        0.07,
        0.1425,
        0.215,
        0.285,
        0.3575,
        0.43,
        0.5,
        0.5725,
        0.645,
        0.715,
        0.7875,
        0.86,
        0.93,
        1.0025,
        1.075,
        1.145,
        1.2175,
        1.29,
        1.36,
        1.4325,
        1.505,
        1.575,
        1.6475,
        1.72,
        1.79,
        1.8625,
        1.935,
        2.005,
        2.0775,
        2.15,
        2.22,
        2.2925,
        2.365,
        2.4375,
        2.5075,
        2.58,
        2.6525,
        2.7225,
        2.795,
        2.8675,
        2.9375,
        3.01,
        3.0825,
        3.1525,
        3.225,
        3.2975,
        3.3675,
        3.44,
        3.5125,
        3.5825,
        3.655,
        3.7275,
        3.7975,
        3.87,
        3.9425
    ],
    "ImageOrientationPatientDICOM":[
        1,
        2e-16,
        0,
        -2e-16,
        0.92321,
        -0.384295
    ],
    "InPlanePhaseEncodingDirectionDICOM":"COL",
    "ConversionSoftware":"dcm2niix",
    "ConversionSoftwareVersion":"v1.0.20210317",
    "TaskName":"rest"
}