{
  "aor": 0.0022090960451977403,
  "aqi": 0.007456690607344633,
  "bids_meta": {
    "AccessionNumber": "8581-001",
    "AcquisitionDateTime": "2018-10-04T11:18:52.507500",
    "AcquisitionMatrixPE": 80,
    "AcquisitionNumber": 1,
    "AcquisitionTime": "11:18:52.507500",
    "BandwidthPerPixelPhaseEncode": 23.191,
    "BaseResolution": 80,
    "BodyPartExamined": "BRAIN",
    "ConsistencyInfo": "N4_VE11C_LATEST_20160120",
    "ConversionSoftware": "dcm2niix",
    "ConversionSoftwareVersion": "v1.0.20210317",
    "DerivedVendorReportedEchoSpacing": 0.000490002,
    "DeviceSerialNumber": "167050",
    "DwellTime": 2.3e-06,
    "EchoTime": 0.03,
    "EchoTrainLength": 88,
    "EffectiveEchoSpacing": 0.000539002,
    "FlipAngle": 53,
    "ImageComments": "Unaliased MB6/PE3/LB",
    "ImageOrientationPatientDICOM": [
      1,
      0,
      0,
      0,
      0.939693,
      -0.34202
    ],
    "ImageType": [
      "ORIGINAL",
      "PRIMARY",
      "M",
      "MB",
      "ND",
      "MOSAIC"
    ],
    "ImagingFrequency": 123.25,
    "InPlanePhaseEncodingDirectionDICOM": "COL",
    "InstitutionAddress": "Michigan Ave 320,Pasadena,California,US,91025",
    "InstitutionName": "Caltech Prisma64",
    "InstitutionalDepartmentName": "Department",
    "MRAcquisitionType": "2D",
    "MagneticFieldStrength": 3,
    "Manufacturer": "Siemens",
    "ManufacturersModelName": "Prisma_fit",
    "Modality": "MR",
    "MultibandAccelerationFactor": 6,
    "PartialFourier": 1,
    "PatientBirthDate": "1989-01-01",
    "PatientID": "CC0172",
    "PatientName": "CC0172",
    "PatientPosition": "HFS",
    "PatientSex": "M",
    "PatientWeight": 72.5748,
    "PercentPhaseFOV": 100,
    "PercentSampling": 100,
    "PhaseEncodingDirection": "j-",
    "PhaseEncodingSteps": 88,
    "PhaseOversampling": 0.1,
    "PhaseResolution": 1,
    "PixelBandwidth": 2715,
    "ProcedureStepDescription": "Conte Core",
    "ProtocolName": "task-bang_bold",
    "PulseSequenceDetails": "%CustomerSeq%\\cmrr_mbep2d_bold",
    "ReceiveCoilActiveElements": "HEA;HEP",
    "ReceiveCoilName": "Head_32",
    "ReconMatrixPE": 80,
    "ReferringPhysicianName": "Adolphs",
    "RepetitionTime": 0.7,
    "SAR": 0.0922468,
    "ScanOptions": "FS\\EXT",
    "ScanningSequence": "EP",
    "SequenceName": "epfid2d1_80",
    "SequenceVariant": "SK\\SS\\OSP",
    "SeriesDescription": "task-bang_bold",
    "SeriesInstanceUID": "1.3.12.2.1107.5.2.43.167050.2018100411153435108384249.0.0.0",
    "SeriesNumber": 29,
    "ShimSetting": [
      7012,
      -3614,
      7981,
      474,
      33,
      99,
      61,
      -9
    ],
    "SliceThickness": 2.5,
    "SliceTiming": [
      0,
      0.475,
      0.2725,
      0.0675,
      0.5425,
      0.34,
      0.135,
      0.6125,
      0.4075,
      0.2025,
      0,
      0.475,
      0.2725,
      0.0675,
      0.5425,
      0.34,
      0.135,
      0.6125,
      0.4075,
      0.2025,
      0,
      0.475,
      0.2725,
      0.0675,
      0.5425,
      0.34,
      0.135,
      0.6125,
      0.4075,
      0.2025,
      0,
      0.475,
      0.2725,
      0.0675,
      0.5425,
      0.34,
      0.135,
      0.6125,
      0.4075,
      0.2025,
      0,
      0.475,
      0.2725,
      0.0675,
      0.5425,
      0.34,
      0.135,
      0.6125,
      0.4075,
      0.2025,
      0,
      0.475,
      0.2725,
      0.0675,
      0.5425,
      0.34,
      0.135,
      0.6125,
      0.4075,
      0.2025
    ],
    "SoftwareVersions": "syngo MR E11",
    "SpacingBetweenSlices": 2.5,
    "StationName": "PRISMA",
    "StudyID": "1",
    "StudyInstanceUID": "1.3.12.2.1107.5.2.43.167050.30000018081720093477500000214",
    "TaskName": "bang",
    "TotalReadoutTime": 0.0425812,
    "TxRefAmp": 266.477,
    "WipMemBlock": "787a27b7-428f-492d-a8e3-cc40584e9040||Sequence: R016 ve11c/master r/e634e98; Dec 19 2017 11:00:25 by eja",
    "dataset": "unknown",
    "modality": "bold",
    "run_id": 1,
    "session_id": "core2p2",
    "subject_id": "CC0172",
    "task_id": "bang"
  },
  "dummy_trs": 2,
  "dvars_nstd": 32.49812682702971,
  "dvars_std": 1.0551626343140024,
  "dvars_vstd": 1.0174305362093359,
  "efc": 0.5600551505323875,
  "fber": 518.7054443359375,
  "fd_mean": 0.11060088824318895,
  "fd_num": 53,
  "fd_perc": 7.4858757062146895,
  "fwhm_avg": 2.9619786666666665,
  "fwhm_x": 2.706552,
  "fwhm_y": 3.185304,
  "fwhm_z": 2.99408,
  "gcor": 0.0254276,
  "gsr_x": 0.01254655234515667,
  "gsr_y": 0.10012173652648926,
  "provenance": {
    "md5sum": "eda6a4064c41a7fd320e88530dd836f7",
    "settings": {
      "fd_thres": 0.2,
      "hmc_fsl": false
    },
    "software": "mriqc",
    "version": "0.15.0",
    "webapi_port": null,
    "webapi_url": "https://mriqc.nimh.nih.gov/api/v1"
  },
  "size_t": 708,
  "size_x": 80,
  "size_y": 80,
  "size_z": 60,
  "snr": 1.7668047577176604,
  "spacing_tr": 0.699999988079071,
  "spacing_x": 2.5,
  "spacing_y": 2.5,
  "spacing_z": 2.5,
  "summary_bg_k": 12.445851032195048,
  "summary_bg_mad": 107.09288024902344,
  "summary_bg_mean": 547.3955078125,
  "summary_bg_median": 177.13983154296875,
  "summary_bg_n": 217147.0,
  "summary_bg_p05": 90.85918045043945,
  "summary_bg_p95": 2559.778466796874,
  "summary_bg_stdv": 919.1829833984375,
  "summary_fg_k": 1.0363683138826003,
  "summary_fg_mad": 2313.789306640625,
  "summary_fg_mean": 5060.55029296875,
  "summary_fg_median": 4498.5625,
  "summary_fg_n": 101190.0,
  "summary_fg_p05": 1902.2555541992188,
  "summary_fg_p95": 9974.250830078125,
  "summary_fg_stdv": 2546.14453125,
  "tsnr": 34.47711181640625
}