{
  "bids_meta": {
    "AccessionNumber": "8470-015",
    "AcquisitionDateTime": "2018-05-07T14:19:46.065000",
    "AcquisitionMatrixPE": 256,
    "AcquisitionNumber": 1,
    "AcquisitionTime": "14:19:46.065000",
    "BaseResolution": 256,
    "BodyPartExamined": "BRAIN",
    "ConsistencyInfo": "N4_VE11C_LATEST_20160120",
    "ConversionSoftware": "dcm2niix",
    "ConversionSoftwareVersion": "v1.0.20210317",
    "DeviceSerialNumber": "167050",
    "DwellTime": 3e-06,
    "EchoNumber": 4,
    "FlipAngle": 8,
    "ImageComments": "Average over all echoes.",
    "ImageOrientationPatientDICOM": [
      0,
      1,
      0,
      0,
      0,
      -1
    ],
    "ImageType": [
      "ORIGINAL",
      "PRIMARY",
      "ECHO",
      "COMBINED",
      "ND"
    ],
    "ImagingFrequency": 123.25,
    "InPlanePhaseEncodingDirectionDICOM": "ROW",
    "InstitutionAddress": "Michigan Ave 320,Pasadena,California,US,91025",
    "InstitutionName": "Caltech Prisma64",
    "InstitutionalDepartmentName": "Department",
    "InversionTime": 1.15,
    "MRAcquisitionType": "3D",
    "MagneticFieldStrength": 3,
    "Manufacturer": "Siemens",
    "ManufacturersModelName": "Prisma_fit",
    "Modality": "MR",
    "ParallelReductionFactorInPlane": 2,
    "PartialFourier": 1,
    "PatientBirthDate": "1987-04-01",
    "PatientID": "CC0012",
    "PatientName": "CC0012",
    "PatientPosition": "HFS",
    "PatientSex": "M",
    "PatientWeight": 77.1107,
    "PercentPhaseFOV": 100,
    "PercentSampling": 100,
    "PhaseEncodingSteps": 282,
    "PhaseOversampling": 0.1,
    "PhaseResolution": 1,
    "PixelBandwidth": 650,
    "ProcedureStepDescription": "Conte Core",
    "ProtocolName": "T1w",
    "PulseSequenceDetails": "%CustomerSeq%\\tfl_wip900D_VE11C",
    "ReceiveCoilActiveElements": "HEA;HEP",
    "ReceiveCoilName": "Head_32",
    "ReconMatrixPE": 256,
    "RefLinesPE": 32,
    "ReferringPhysicianName": "Adolphs",
    "RepetitionTime": 2.55,
    "SAR": 0.044398,
    "ScanOptions": "IR\\WE",
    "ScanningSequence": "GR\\IR",
    "SequenceName": "tfl3d4_16ns",
    "SequenceVariant": "SK\\SP\\MP\\OSP",
    "SeriesDescription": "T1w_combEcho",
    "SeriesInstanceUID": "1.3.12.2.1107.5.2.43.167050.2018050714265472797574328.0.0.0",
    "SeriesNumber": 4,
    "ShimSetting": [
      6966,
      -3621,
      7906,
      226,
      -10,
      -69,
      -14,
      -23
    ],
    "SliceThickness": 0.9,
    "SoftwareVersions": "syngo MR E11",
    "StationName": "PRISMA",
    "StudyID": "1",
    "StudyInstanceUID": "1.3.12.2.1107.5.2.43.167050.30000018042619061766300000019",
    "TxRefAmp": 267.044,
    "WipMemBlock": "WIP_Identifier: WIP#900D",
    "acq_id": "combecho",
    "dataset": "unknown",
    "modality": "T1w",
    "run_id": 1,
    "session_id": "core2p2",
    "subject_id": "CC0012"
  },
  "cjv": 0.4835952586344333,
  "cnr": 2.551123680805718,
  "efc": 0.6039002642242888,
  "fber": 234.6620330810547,
  "fwhm_avg": 5.738783333375738,
  "fwhm_x": 5.475633478388084,
  "fwhm_y": 5.759387826086956,
  "fwhm_z": 5.981328695652174,
  "icvs_csf": 0.1733554197295673,
  "icvs_gm": 0.4047250460926078,
  "icvs_wm": 0.4219195341778249,
  "inu_med": 1.7525866031646729,
  "inu_range": 1.4740699529647827,
  "provenance": {
    "md5sum": "60a64e21eaf8a3ecae25b769ee531d0b",
    "settings": {
      "testing": false
    },
    "software": "mriqc",
    "version": "0.15.0",
    "warnings": {
      "large_rot_frame": false,
      "small_air_mask": false
    },
    "webapi_port": null,
    "webapi_url": "https://mriqc.nimh.nih.gov/api/v1"
  },
  "qi_1": 0.0,
  "qi_2": 0.00433327550664805,
  "rpve_csf": 30.32819787479746,
  "rpve_gm": 12.77136144417545,
  "rpve_wm": 14.080543546172796,
  "size_x": 208,
  "size_y": 256,
  "size_z": 256,
  "snr_csf": 3.965198709708799,
  "snr_gm": 13.623543277881732,
  "snr_total": 10.17254437045824,
  "snr_wm": 12.928891123784194,
  "snrd_csf": 17.629201970929177,
  "snrd_gm": 40.70344407964685,
  "snrd_total": 37.41534035727989,
  "snrd_wm": 53.913375021263626,
  "spacing_x": 0.8999999761581421,
  "spacing_y": 0.8984375,
  "spacing_z": 0.8984375,
  "summary_bg_k": 4.007861258148694,
  "summary_bg_mad": 12.151531219482422,
  "summary_bg_mean": 42.10640335083008,
  "summary_bg_median": 40.29072570800781,
  "summary_bg_n": 3637386.0,
  "summary_bg_p05": 24.058870315551758,
  "summary_bg_p95": 64.34865188598633,
  "summary_bg_stdv": 13.082550048828125,
  "summary_csf_k": 4.941546691081986,
  "summary_csf_mad": 57.420814514160156,
  "summary_csf_mean": 346.9531555175781,
  "summary_csf_median": 326.98809814453125,
  "summary_csf_n": 38902.0,
  "summary_csf_p05": 251.13458480834962,
  "summary_csf_p95": 518.246676635742,
  "summary_csf_stdv": 82.46343231201172,
  "summary_gm_k": 0.09133519903093168,
  "summary_gm_mad": 55.44162368774414,
  "summary_gm_mean": 753.4939575195312,
  "summary_gm_median": 754.9713134765625,
  "summary_gm_n": 39946.0,
  "summary_gm_p05": 661.1921539306641,
  "summary_gm_p95": 841.5055847167969,
  "summary_gm_stdv": 55.41596984863281,
  "summary_wm_k": 1.537031691303051,
  "summary_wm_mad": 63.048423767089844,
  "summary_wm_mean": 1016.5750122070312,
  "summary_wm_median": 999.9903564453125,
  "summary_wm_n": 227388.0,
  "summary_wm_p05": 922.4015014648437,
  "summary_wm_p95": 1168.34267578125,
  "summary_wm_stdv": 77.3452377319336,
  "tpm_overlap_csf": 0.24080520868301392,
  "tpm_overlap_gm": 0.46237146854400635,
  "tpm_overlap_wm": 0.5013443231582642,
  "wm2max": 0.5778639745058992
}