{
  "bids_meta": {
    "AccessionNumber": "6533-004",
    "AcquisitionDateTime": "2013-03-29T09:13:44.925000",
    "AcquisitionMatrixPE": 256,
    "AcquisitionNumber": 1,
    "AcquisitionTime": "09:13:44.925000",
    "BaseResolution": 256,
    "CoilString": "C:HEA;HEP",
    "ConversionSoftware": "dcm2niix",
    "ConversionSoftwareVersion": "v1.0.20210317",
    "DeviceSerialNumber": "35077",
    "DwellTime": 1.09e-05,
    "EchoTime": 0.00291,
    "FlipAngle": 10,
    "ImageOrientationPatientDICOM": [
      0,
      1,
      0,
      0,
      0,
      -1
    ],
    "ImageType": [
      "ORIGINAL",
      "PRIMARY",
      "M",
      "ND",
      "NORM"
    ],
    "ImagingFrequency": 123.229,
    "InPlanePhaseEncodingDirectionDICOM": "ROW",
    "InstitutionAddress": "Wilson Avenue 340 ,Pasadena,California,US,91025",
    "InstitutionName": "Caltech Tim32",
    "InstitutionalDepartmentName": "Department",
    "InversionTime": 0.8,
    "MRAcquisitionType": "3D",
    "MagneticFieldStrength": 3,
    "Manufacturer": "Siemens",
    "ManufacturersModelName": "TrioTim",
    "Modality": "MR",
    "PartialFourier": 1,
    "PatientBirthDate": "1987-01-01",
    "PatientID": "adolphs",
    "PatientName": "CC0012",
    "PatientPosition": "HFS",
    "PatientSex": "M",
    "PatientWeight": 72.5748,
    "PercentPhaseFOV": 100,
    "PercentSampling": 100,
    "PhaseEncodingSteps": 256,
    "PhaseResolution": 1,
    "PixelBandwidth": 179,
    "ProcedureStepDescription": "Conte^Core",
    "ProtocolName": "T1_1",
    "PulseSequenceDetails": "%SiemensSeq%\\tfl",
    "ReceiveCoilName": "32Ch_Head",
    "ReconMatrixPE": 256,
    "RepetitionTime": 1.5,
    "SAR": 0.110429,
    "ScanOptions": "IR",
    "ScanningSequence": "GR\\IR",
    "SequenceName": "*tfl3d1",
    "SequenceVariant": "SP\\MP",
    "SeriesDescription": "T1_1",
    "SeriesInstanceUID": "1.3.12.2.1107.5.2.32.35077.2013032909133947388613204.0.0.0",
    "SeriesNumber": 9,
    "ShimSetting": [
      9507,
      -10609,
      15707,
      489,
      -104,
      -306,
      -77,
      38
    ],
    "SliceThickness": 1,
    "SoftwareVersions": "syngo MR B17",
    "StationName": "MEDPC",
    "StudyID": "1",
    "StudyInstanceUID": "1.3.12.2.1107.5.2.32.35077.30000013032815455942100000019",
    "TxRefAmp": 307.305,
    "dataset": "unknown",
    "modality": "T1w",
    "run_id": 1,
    "session_id": "core1p1",
    "subject_id": "CC0012"
  },
  "cjv": 0.34780339348035366,
  "cnr": 3.651257097342549,
  "efc": 0.5325600004005232,
  "fber": 6071.77880859375,
  "fwhm_avg": 4.026023333333334,
  "fwhm_x": 3.81821,
  "fwhm_y": 4.21274,
  "fwhm_z": 4.04712,
  "icvs_csf": 0.20285417798794675,
  "icvs_gm": 0.4218162962054218,
  "icvs_wm": 0.3753295258066314,
  "inu_med": 1.4988110065460205,
  "inu_range": 0.3531069576740262,
  "provenance": {
    "md5sum": "4e1d252817c2ec332e2e2facbc027ccc",
    "settings": {
      "testing": false
    },
    "software": "mriqc",
    "version": "0.15.0",
    "warnings": {
      "large_rot_frame": true,
      "small_air_mask": false
    },
    "webapi_port": null,
    "webapi_url": "https://mriqc.nimh.nih.gov/api/v1"
  },
  "qi_1": 0.00018785736549606632,
  "qi_2": 0.014026576060854685,
  "rpve_csf": 28.594337809744616,
  "rpve_gm": 14.47304511937979,
  "rpve_wm": 19.061090690047074,
  "size_x": 176,
  "size_y": 256,
  "size_z": 256,
  "snr_csf": 4.142984945559033,
  "snr_gm": 14.700889480822605,
  "snr_total": 14.920070404552781,
  "snr_wm": 25.916336787276705,
  "snrd_csf": 50.19369430012211,
  "snrd_gm": 105.86040686383497,
  "snrd_total": 98.30695542096583,
  "snrd_wm": 138.86676509894045,
  "spacing_x": 1.0,
  "spacing_y": 1.0,
  "spacing_z": 1.0,
  "summary_bg_k": 32.484879436576946,
  "summary_bg_mad": 4.717833042144775,
  "summary_bg_mean": 6.4701247215271,
  "summary_bg_median": 3.1821298599243164,
  "summary_bg_n": 2870238.0,
  "summary_bg_p05": 0.0,
  "summary_bg_p95": 18.937007904052734,
  "summary_bg_stdv": 7.737846374511719,
  "summary_csf_k": 1.775778127503565,
  "summary_csf_mad": 60.683170318603516,
  "summary_csf_mean": 385.96246337890625,
  "summary_csf_median": 361.4598083496094,
  "summary_csf_n": 32567.0,
  "summary_csf_p05": 289.1123382568359,
  "summary_csf_p95": 579.14599609375,
  "summary_csf_stdv": 87.24488830566406,
  "summary_gm_k": 0.5227968748031775,
  "summary_gm_mad": 48.2265625,
  "summary_gm_mean": 761.808837890625,
  "summary_gm_median": 762.3324584960938,
  "summary_gm_n": 20101.0,
  "summary_gm_p05": 674.4641723632812,
  "summary_gm_p95": 845.8901977539062,
  "summary_gm_stdv": 51.854923248291016,
  "summary_wm_k": 0.9463871393769479,
  "summary_wm_mad": 34.442359924316406,
  "summary_wm_mean": 999.8098754882812,
  "summary_wm_median": 1000.0211181640625,
  "summary_wm_n": 184666.0,
  "summary_wm_p05": 935.2317657470703,
  "summary_wm_p95": 1062.3589782714844,
  "summary_wm_stdv": 38.58641052246094,
  "tpm_overlap_csf": 0.24857276678085327,
  "tpm_overlap_gm": 0.5094345808029175,
  "tpm_overlap_wm": 0.5587701201438904,
  "wm2max": 0.47757831614132806
}