{
  "bids_meta": {
    "AccessionNumber": "7692-009",
    "AcquisitionDateTime": "2015-01-21T14:42:51.305000",
    "AcquisitionMatrixPE": 256,
    "AcquisitionNumber": 1,
    "AcquisitionTime": "14:42:51.305000",
    "BaseResolution": 256,
    "CoilString": "C:HEA;HEP",
    "ConversionSoftware": "dcm2niix",
    "ConversionSoftwareVersion": "v1.0.20210317",
    "DeviceSerialNumber": "35077",
    "DwellTime": 1.09e-05,
    "EchoTime": 0.00291,
    "FlipAngle": 10,
    "ImageOrientationPatientDICOM": [
      0,
      1,
      0,
      0,
      0,
      -1
    ],
    "ImageType": [
      "ORIGINAL",
      "PRIMARY",
      "M",
      "ND",
      "NORM"
    ],
    "ImagingFrequency": 123.229,
    "InPlanePhaseEncodingDirectionDICOM": "ROW",
    "InstitutionAddress": "Wilson Avenue 340 ,Pasadena,California,US,91025",
    "InstitutionName": "Caltech Tim32",
    "InstitutionalDepartmentName": "Department",
    "InversionTime": 0.8,
    "MRAcquisitionType": "3D",
    "MagneticFieldStrength": 3,
    "Manufacturer": "Siemens",
    "ManufacturersModelName": "TrioTim",
    "Modality": "MR",
    "PartialFourier": 1,
    "PatientBirthDate": "1986-01-01",
    "PatientID": "adolphs",
    "PatientName": "CC0041",
    "PatientPosition": "HFS",
    "PatientSex": "M",
    "PatientWeight": 65.7709,
    "PercentPhaseFOV": 100,
    "PercentSampling": 100,
    "PhaseEncodingSteps": 256,
    "PhaseResolution": 1,
    "PixelBandwidth": 179,
    "ProcedureStepDescription": "Conte^Core",
    "ProtocolName": "T1_2",
    "PulseSequenceDetails": "%SiemensSeq%\\tfl",
    "ReceiveCoilName": "32Ch_Head",
    "ReconMatrixPE": 256,
    "RepetitionTime": 1.5,
    "SAR": 0.126856,
    "ScanOptions": "IR",
    "ScanningSequence": "GR\\IR",
    "SequenceName": "*tfl3d1",
    "SequenceVariant": "SP\\MP",
    "SeriesDescription": "T1_2",
    "SeriesInstanceUID": "1.3.12.2.1107.5.2.32.35077.2015012114424818161137989.0.0.0",
    "SeriesNumber": 11,
    "ShimSetting": [
      9521,
      -10576,
      15717,
      368,
      -75,
      -425,
      -138,
      43
    ],
    "SliceThickness": 1,
    "SoftwareVersions": "syngo MR B17",
    "StationName": "MEDPC",
    "StudyID": "1",
    "StudyInstanceUID": "1.3.12.2.1107.5.2.32.35077.30000015012018414490600000007",
    "TxRefAmp": 308.114,
    "dataset": "unknown",
    "modality": "T1w",
    "run_id": 2,
    "session_id": "core1p3p0",
    "subject_id": "CC0041"
  },
  "cjv": 0.5043014991105998,
  "cnr": 2.6263184899231993,
  "efc": 0.5554083031267217,
  "fber": 10072.357421875,
  "fwhm_avg": 4.1193566666666666,
  "fwhm_x": 4.09887,
  "fwhm_y": 4.09079,
  "fwhm_z": 4.16841,
  "icvs_csf": 0.2218801340669514,
  "icvs_gm": 0.38868291039234193,
  "icvs_wm": 0.3894369555407067,
  "inu_med": 1.434350848197937,
  "inu_range": 0.4409800171852112,
  "provenance": {
    "md5sum": "e3b2b874027f6a1a93e9ce39c3612aa1",
    "settings": {
      "testing": false
    },
    "software": "mriqc",
    "version": "0.15.0",
    "warnings": {
      "large_rot_frame": true,
      "small_air_mask": false
    },
    "webapi_port": null,
    "webapi_url": "https://mriqc.nimh.nih.gov/api/v1"
  },
  "qi_1": 4.179627242929787e-06,
  "qi_2": 0.013738996605042063,
  "rpve_csf": 27.06562806354456,
  "rpve_gm": 15.169443544807898,
  "rpve_wm": 18.532759030629656,
  "size_x": 176,
  "size_y": 256,
  "size_z": 256,
  "snr_csf": 3.5587491390965043,
  "snr_gm": 12.336444839967616,
  "snr_total": 13.408186030428633,
  "snr_wm": 24.329364112221775,
  "snrd_csf": 50.470414724488,
  "snrd_gm": 96.30003415744285,
  "snrd_total": 89.1505638417301,
  "snrd_wm": 120.68124264325947,
  "spacing_x": 1.0,
  "spacing_y": 1.0,
  "spacing_z": 1.0,
  "summary_bg_k": 22.343293738495102,
  "summary_bg_mad": 5.42871618270874,
  "summary_bg_mean": 6.763285160064697,
  "summary_bg_median": 3.698253631591797,
  "summary_bg_n": 3125573.0,
  "summary_bg_p05": 0.0,
  "summary_bg_p95": 18.33858299255371,
  "summary_bg_stdv": 6.664587497711182,
  "summary_csf_k": -0.14164584686233495,
  "summary_csf_mad": 112.46990966796875,
  "summary_csf_mean": 448.28387451171875,
  "summary_csf_median": 418.21759033203125,
  "summary_csf_n": 32219.0,
  "summary_csf_p05": 297.70294189453125,
  "summary_csf_p95": 665.8863891601561,
  "summary_csf_stdv": 117.51631927490234,
  "summary_gm_k": -0.05853277189179451,
  "summary_gm_mad": 64.94099426269531,
  "summary_gm_mean": 799.4776611328125,
  "summary_gm_median": 797.979736328125,
  "summary_gm_n": 11146.0,
  "summary_gm_p05": 696.5052490234375,
  "summary_gm_p95": 911.4775848388672,
  "summary_gm_stdv": 64.68183898925781,
  "summary_wm_k": 0.8896087873727487,
  "summary_wm_mad": 36.94416046142578,
  "summary_wm_mean": 1000.5267333984375,
  "summary_wm_median": 1000.011962890625,
  "summary_wm_n": 202807.0,
  "summary_wm_p05": 933.4516906738281,
  "summary_wm_p95": 1068.4600463867187,
  "summary_wm_stdv": 41.10298538208008,
  "tpm_overlap_csf": 0.22015802562236786,
  "tpm_overlap_gm": 0.4732963740825653,
  "tpm_overlap_wm": 0.5375102162361145,
  "wm2max": 0.47234372922777185
}