{
  "aor": 0.0003282205513784461,
  "aqi": 0.006000230125313283,
  "bids_meta": {
    "AccessionNumber": "7173-001",
    "AcquisitionDateTime": "2013-08-27T11:48:50.240000",
    "AcquisitionMatrixPE": 80,
    "AcquisitionNumber": 1,
    "AcquisitionTime": "11:48:50.240000",
    "BandwidthPerPixelPhaseEncode": 23.148,
    "BaseResolution": 80,
    "CoilString": "C:HEA;HEP",
    "ConversionSoftware": "dcm2niix",
    "ConversionSoftwareVersion": "v1.0.20210317",
    "DerivedVendorReportedEchoSpacing": 0.000540003,
    "DeviceSerialNumber": "35077",
    "DwellTime": 2.6e-06,
    "EchoTime": 0.03,
    "EffectiveEchoSpacing": 0.000540003,
    "FlipAngle": 60,
    "ImageComments": "Unaliased MB4/PE3",
    "ImageOrientationPatientDICOM": [
      1,
      -1e-16,
      0,
      1e-16,
      0.939693,
      -0.34202
    ],
    "ImageType": [
      "ORIGINAL",
      "PRIMARY",
      "M",
      "ND",
      "MOSAIC"
    ],
    "ImagingFrequency": 123.229,
    "InPlanePhaseEncodingDirectionDICOM": "COL",
    "InstitutionAddress": "Wilson Avenue 340 ,Pasadena,California,US,91025",
    "InstitutionName": "Caltech Tim32",
    "InstitutionalDepartmentName": "Department",
    "MRAcquisitionType": "2D",
    "MagneticFieldStrength": 3,
    "Manufacturer": "Siemens",
    "ManufacturersModelName": "TrioTim",
    "Modality": "MR",
    "MultibandAccelerationFactor": 4,
    "PartialFourier": 1,
    "PatientBirthDate": "1975-01-01",
    "PatientID": "adolphs",
    "PatientName": "CC0065",
    "PatientPosition": "HFS",
    "PatientSex": "F",
    "PatientWeight": 56.6991,
    "PercentPhaseFOV": 100,
    "PercentSampling": 100,
    "PhaseEncodingDirection": "j-",
    "PhaseEncodingSteps": 80,
    "PhaseResolution": 1,
    "PixelBandwidth": 2404,
    "ProcedureStepDescription": "Conte^Core",
    "ProtocolName": "rsBOLD_MB_2",
    "PulseSequenceDetails": "%CustomerSeq%\\cmrr_mbep2d_bold",
    "ReceiveCoilName": "32Ch_Head",
    "ReconMatrixPE": 80,
    "RepetitionTime": 1,
    "SAR": 0.0938725,
    "ScanOptions": "FS",
    "ScanningSequence": "EP",
    "SequenceName": "epfid2d1_80",
    "SequenceVariant": "SK",
    "SeriesDescription": "rsBOLD_MB_2",
    "SeriesInstanceUID": "1.3.12.2.1107.5.2.32.35077.201308271148463287834486.0.0.0",
    "SeriesNumber": 6,
    "ShimSetting": [
      9431,
      -10249,
      15719,
      792,
      -442,
      639,
      -263,
      263
    ],
    "SliceThickness": 2.5,
    "SliceTiming": [
      0,
      0.215,
      0.43,
      0.645,
      0.86,
      0.0725,
      0.2875,
      0.5025,
      0.7175,
      0.9325,
      0.1425,
      0.3575,
      0.5725,
      0.7875,
      0,
      0.215,
      0.43,
      0.645,
      0.86,
      0.0725,
      0.2875,
      0.5025,
      0.7175,
      0.9325,
      0.1425,
      0.3575,
      0.5725,
      0.7875,
      0,
      0.215,
      0.43,
      0.645,
      0.86,
      0.0725,
      0.2875,
      0.5025,
      0.7175,
      0.9325,
      0.1425,
      0.3575,
      0.5725,
      0.7875,
      0,
      0.215,
      0.43,
      0.645,
      0.86,
      0.0725,
      0.2875,
      0.5025,
      0.7175,
      0.9325,
      0.1425,
      0.3575,
      0.5725,
      0.7875
    ],
    "SoftwareVersions": "syngo MR B17",
    "SpacingBetweenSlices": 2.5,
    "StationName": "MEDPC",
    "StudyID": "1",
    "StudyInstanceUID": "1.3.12.2.1107.5.2.32.35077.30000013082617200264000000010",
    "TaskName": "rest",
    "TotalReadoutTime": 0.0426603,
    "TxRefAmp": 311.085,
    "dataset": "unknown",
    "modality": "bold",
    "run_id": 2,
    "session_id": "core1p2",
    "subject_id": "CC0065",
    "task_id": "rest"
  },
  "dummy_trs": 1,
  "dvars_nstd": 28.346845013442184,
  "dvars_std": 0.9949892487939701,
  "dvars_vstd": 0.9675843078391962,
  "efc": 0.5033808745510789,
  "fber": 874.3886108398438,
  "fd_mean": 0.08197381211112972,
  "fd_num": 0,
  "fd_perc": 0.0,
  "fwhm_avg": 2.989716,
  "fwhm_x": 2.78156,
  "fwhm_y": 3.061176,
  "fwhm_z": 3.1264119999999997,
  "gcor": 0.00718042,
  "gsr_x": -0.01601957343518734,
  "gsr_y": 0.08102655410766602,
  "provenance": {
    "md5sum": "534ee1d8452143ba8c032d1da5f1f69d",
    "settings": {
      "fd_thres": 0.2,
      "hmc_fsl": false
    },
    "software": "mriqc",
    "version": "0.15.0",
    "webapi_port": null,
    "webapi_url": "https://mriqc.nimh.nih.gov/api/v1"
  },
  "size_t": 399,
  "size_x": 80,
  "size_y": 80,
  "size_z": 56,
  "snr": 2.448616226717823,
  "spacing_tr": 1.0,
  "spacing_x": 2.5,
  "spacing_y": 2.5,
  "spacing_z": 2.5,
  "summary_bg_k": 53.400544243385774,
  "summary_bg_mad": 5.779921054840088,
  "summary_bg_mean": 39.0974006652832,
  "summary_bg_median": 16.28195571899414,
  "summary_bg_n": 232564.0,
  "summary_bg_p05": 12.042606353759766,
  "summary_bg_p95": 145.25376434326142,
  "summary_bg_stdv": 68.13893127441406,
  "summary_fg_k": 3.4041787802566077,
  "summary_fg_mad": 152.57427978515625,
  "summary_fg_mean": 543.2722778320312,
  "summary_fg_median": 514.3558959960938,
  "summary_fg_n": 69747.0,
  "summary_fg_p05": 247.49323272705078,
  "summary_fg_p95": 937.7255554199219,
  "summary_fg_stdv": 210.05831909179688,
  "tsnr": 41.71900939941406
}