{
  "aor": 0.0015831567796610168,
  "aqi": 0.006261448940677965,
  "bids_meta": {
    "AccessionNumber": "8535-001",
    "AcquisitionDateTime": "2018-07-20T12:36:9.152500",
    "AcquisitionMatrixPE": 80,
    "AcquisitionNumber": 1,
    "AcquisitionTime": "12:36:9.152500",
    "BandwidthPerPixelPhaseEncode": 23.191,
    "BaseResolution": 80,
    "BodyPartExamined": "BRAIN",
    "ConsistencyInfo": "N4_VE11C_LATEST_20160120",
    "ConversionSoftware": "dcm2niix",
    "ConversionSoftwareVersion": "v1.0.20210317",
    "DerivedVendorReportedEchoSpacing": 0.000490002,
    "DeviceSerialNumber": "167050",
    "DwellTime": 2.3e-06,
    "EchoTime": 0.03,
    "EchoTrainLength": 88,
    "EffectiveEchoSpacing": 0.000539002,
    "FlipAngle": 53,
    "ImageComments": "Unaliased MB6/PE3/LB",
    "ImageOrientationPatientDICOM": [
      1,
      0,
      0,
      0,
      0.939693,
      -0.34202
    ],
    "ImageType": [
      "ORIGINAL",
      "PRIMARY",
      "M",
      "MB",
      "ND",
      "MOSAIC"
    ],
    "ImagingFrequency": 123.25,
    "InPlanePhaseEncodingDirectionDICOM": "COL",
    "InstitutionAddress": "Michigan Ave 320,Pasadena,California,US,91025",
    "InstitutionName": "Caltech Prisma64",
    "InstitutionalDepartmentName": "Department",
    "MRAcquisitionType": "2D",
    "MagneticFieldStrength": 3,
    "Manufacturer": "Siemens",
    "ManufacturersModelName": "Prisma_fit",
    "Modality": "MR",
    "MultibandAccelerationFactor": 6,
    "PartialFourier": 1,
    "PatientBirthDate": "1984-07-01",
    "PatientID": "CC0145",
    "PatientName": "CC0145",
    "PatientPosition": "HFS",
    "PatientSex": "M",
    "PatientWeight": 108.862,
    "PercentPhaseFOV": 100,
    "PercentSampling": 100,
    "PhaseEncodingDirection": "j-",
    "PhaseEncodingSteps": 88,
    "PhaseOversampling": 0.1,
    "PhaseResolution": 1,
    "PixelBandwidth": 2715,
    "ProcedureStepDescription": "Conte Core",
    "ProtocolName": "task-pixar_run-01_bold",
    "PulseSequenceDetails": "%CustomerSeq%\\cmrr_mbep2d_bold",
    "ReceiveCoilActiveElements": "HEA;HEP",
    "ReceiveCoilName": "Head_32",
    "ReconMatrixPE": 80,
    "ReferringPhysicianName": "Adolphs",
    "RepetitionTime": 0.7,
    "SAR": 0.0848344,
    "ScanOptions": "FS\\EXT",
    "ScanningSequence": "EP",
    "SequenceName": "epfid2d1_80",
    "SequenceVariant": "SK\\SS\\OSP",
    "SeriesDescription": "task-pixar_run-01_bold",
    "SeriesInstanceUID": "1.3.12.2.1107.5.2.43.167050.2018072012345731589928139.0.0.0",
    "SeriesNumber": 37,
    "ShimSetting": [
      6992,
      -3637,
      7922,
      251,
      -4,
      67,
      25,
      5
    ],
    "SliceThickness": 2.5,
    "SliceTiming": [
      0,
      0.475,
      0.2725,
      0.0675,
      0.545,
      0.34,
      0.135,
      0.6125,
      0.4075,
      0.205,
      0,
      0.475,
      0.2725,
      0.0675,
      0.545,
      0.34,
      0.135,
      0.6125,
      0.4075,
      0.205,
      0,
      0.475,
      0.2725,
      0.0675,
      0.545,
      0.34,
      0.135,
      0.6125,
      0.4075,
      0.205,
      0,
      0.475,
      0.2725,
      0.0675,
      0.545,
      0.34,
      0.135,
      0.6125,
      0.4075,
      0.205,
      0,
      0.475,
      0.2725,
      0.0675,
      0.545,
      0.34,
      0.135,
      0.6125,
      0.4075,
      0.205,
      0,
      0.475,
      0.2725,
      0.0675,
      0.545,
      0.34,
      0.135,
      0.6125,
      0.4075,
      0.205
    ],
    "SoftwareVersions": "syngo MR E11",
    "SpacingBetweenSlices": 2.5,
    "StationName": "PRISMA",
    "StudyID": "1",
    "StudyInstanceUID": "1.3.12.2.1107.5.2.43.167050.30000018071021413043300000040",
    "TaskName": "pixar",
    "TotalReadoutTime": 0.0425812,
    "TxRefAmp": 303.21,
    "WipMemBlock": "32a760e7-43dd-4c89-9994-67e18b49cb38||Sequence: R016 ve11c/master r/e634e98; Dec 19 2017 11:00:25 by eja",
    "dataset": "unknown",
    "modality": "bold",
    "run_id": 1,
    "session_id": "core2p2",
    "subject_id": "CC0145",
    "task_id": "pixar"
  },
  "dummy_trs": 4,
  "dvars_nstd": 39.41834664813164,
  "dvars_std": 1.081553025690022,
  "dvars_vstd": 1.046969161464968,
  "efc": 0.5593804595648938,
  "fber": 452.6678771972656,
  "fd_mean": 0.2217683381086782,
  "fd_num": 230,
  "fd_perc": 48.728813559322035,
  "fwhm_avg": 2.820805333333334,
  "fwhm_x": 2.582868,
  "fwhm_y": 2.915804,
  "fwhm_z": 2.963744,
  "gcor": 0.0129144,
  "gsr_x": -0.013692512176930904,
  "gsr_y": 0.09133565425872803,
  "provenance": {
    "md5sum": "59f7a275b146871165d57ab6f3d5324c",
    "settings": {
      "fd_thres": 0.2,
      "hmc_fsl": false
    },
    "software": "mriqc",
    "version": "0.15.0",
    "webapi_port": null,
    "webapi_url": "https://mriqc.nimh.nih.gov/api/v1"
  },
  "size_t": 472,
  "size_x": 80,
  "size_y": 80,
  "size_z": 60,
  "snr": 2.1983971380706784,
  "spacing_tr": 0.699999988079071,
  "spacing_x": 2.5,
  "spacing_y": 2.5,
  "spacing_z": 2.5,
  "summary_bg_k": 14.789793160607733,
  "summary_bg_mad": 101.08708953857422,
  "summary_bg_mean": 440.18194580078125,
  "summary_bg_median": 156.70762634277344,
  "summary_bg_n": 233721.0,
  "summary_bg_p05": 81.80296325683594,
  "summary_bg_p95": 1912.222412109375,
  "summary_bg_stdv": 695.552001953125,
  "summary_fg_k": 0.8141130374295211,
  "summary_fg_mad": 1480.0234375,
  "summary_fg_mean": 3947.3125,
  "summary_fg_median": 3648.596435546875,
  "summary_fg_n": 88268.0,
  "summary_fg_p05": 1749.4975341796876,
  "summary_fg_p95": 7140.078393554687,
  "summary_fg_stdv": 1659.6527099609375,
  "tsnr": 35.96810531616211
}