{
  "bids_meta": {
    "AccessionNumber": "8531-001",
    "AcquisitionDateTime": "2018-07-13T14:39:20.355000",
    "AcquisitionMatrixPE": 256,
    "AcquisitionNumber": 1,
    "AcquisitionTime": "14:39:20.355000",
    "BaseResolution": 256,
    "BodyPartExamined": "BRAIN",
    "ConsistencyInfo": "N4_VE11C_LATEST_20160120",
    "ConversionSoftware": "dcm2niix",
    "ConversionSoftwareVersion": "v1.0.20210317",
    "DeviceSerialNumber": "167050",
    "DwellTime": 3e-06,
    "EchoNumber": 4,
    "FlipAngle": 8,
    "ImageComments": "Average over all echoes.",
    "ImageOrientationPatientDICOM": [
      0,
      1,
      0,
      0,
      0,
      -1
    ],
    "ImageType": [
      "ORIGINAL",
      "PRIMARY",
      "ECHO",
      "COMBINED",
      "ND",
      "NORM"
    ],
    "ImagingFrequency": 123.25,
    "InPlanePhaseEncodingDirectionDICOM": "ROW",
    "InstitutionAddress": "Michigan Ave 320,Pasadena,California,US,91025",
    "InstitutionName": "Caltech Prisma64",
    "InstitutionalDepartmentName": "Department",
    "InversionTime": 1.15,
    "MRAcquisitionType": "3D",
    "MagneticFieldStrength": 3,
    "Manufacturer": "Siemens",
    "ManufacturersModelName": "Prisma_fit",
    "Modality": "MR",
    "ParallelReductionFactorInPlane": 2,
    "PartialFourier": 1,
    "PatientBirthDate": "1977-12-01",
    "PatientID": "CC0143",
    "PatientName": "CC0143",
    "PatientPosition": "HFS",
    "PatientSex": "M",
    "PatientWeight": 63.5029,
    "PercentPhaseFOV": 100,
    "PercentSampling": 100,
    "PhaseEncodingSteps": 282,
    "PhaseOversampling": 0.1,
    "PhaseResolution": 1,
    "PixelBandwidth": 650,
    "ProcedureStepDescription": "Conte Core",
    "ProtocolName": "T1w",
    "PulseSequenceDetails": "%CustomerSeq%\\tfl_wip900D_VE11C",
    "ReceiveCoilActiveElements": "HEA;HEP",
    "ReceiveCoilName": "Head_32",
    "ReconMatrixPE": 256,
    "RefLinesPE": 32,
    "ReferringPhysicianName": "Adolphs",
    "RepetitionTime": 2.55,
    "SAR": 0.0522934,
    "ScanOptions": "IR\\WE",
    "ScanningSequence": "GR\\IR",
    "SequenceName": "tfl3d4_16ns",
    "SequenceVariant": "SK\\SP\\MP\\OSP",
    "SeriesDescription": "T1w_combEcho",
    "SeriesInstanceUID": "1.3.12.2.1107.5.2.43.167050.2018071314462846530906326.0.0.0",
    "SeriesNumber": 4,
    "ShimSetting": [
      6993,
      -3611,
      7909,
      361,
      -66,
      -117,
      -22,
      27
    ],
    "SliceThickness": 0.9,
    "SoftwareVersions": "syngo MR E11",
    "StationName": "PRISMA",
    "StudyID": "1",
    "StudyInstanceUID": "1.3.12.2.1107.5.2.43.167050.30000018071021413043300000010",
    "TxRefAmp": 259.895,
    "WipMemBlock": "WIP_Identifier: WIP#900D",
    "dataset": "unknown",
    "modality": "T1w",
    "run_id": 1,
    "session_id": "core2p2",
    "subject_id": "CC0143"
  },
  "cjv": 0.6151914754377155,
  "cnr": 2.217948524233365,
  "efc": 0.5961501281720764,
  "fber": 525.92333984375,
  "fwhm_avg": 5.108122975812168,
  "fwhm_x": 5.102344579610416,
  "fwhm_y": 4.994337391304348,
  "fwhm_z": 5.2276869565217385,
  "icvs_csf": 0.18130000270605184,
  "icvs_gm": 0.41890978402917944,
  "icvs_wm": 0.3997902132647687,
  "inu_med": 1.4925521612167358,
  "inu_range": 1.143486738204956,
  "provenance": {
    "md5sum": "c766cbcb6a0f24387977c11f1f8c12b1",
    "settings": {
      "testing": false
    },
    "software": "mriqc",
    "version": "0.15.0",
    "warnings": {
      "large_rot_frame": false,
      "small_air_mask": false
    },
    "webapi_port": null,
    "webapi_url": "https://mriqc.nimh.nih.gov/api/v1"
  },
  "qi_1": 0.0,
  "qi_2": 0.0036595324572689368,
  "rpve_csf": 21.618753657390087,
  "rpve_gm": 9.13931560313881,
  "rpve_wm": 10.70992197598045,
  "size_x": 208,
  "size_y": 256,
  "size_z": 256,
  "snr_csf": 3.0364474147304503,
  "snr_gm": 11.068108973670277,
  "snr_total": 8.071283692338417,
  "snr_wm": 10.109294688614526,
  "snrd_csf": 15.033398286704267,
  "snrd_gm": 33.07433562993211,
  "snrd_total": 31.07747847529316,
  "snrd_wm": 45.124701509243096,
  "spacing_x": 0.8999999761581421,
  "spacing_y": 0.8984375,
  "spacing_z": 0.8984375,
  "summary_bg_k": 6.946208804376777,
  "summary_bg_mad": 14.516818046569824,
  "summary_bg_mean": 28.9067325592041,
  "summary_bg_median": 25.3798885345459,
  "summary_bg_n": 3245189.0,
  "summary_bg_p05": 6.291151523590088,
  "summary_bg_p95": 60.02460556030273,
  "summary_bg_stdv": 18.066741943359375,
  "summary_csf_k": 0.1826616024395995,
  "summary_csf_mad": 108.12311553955078,
  "summary_csf_mean": 351.2818908691406,
  "summary_csf_median": 333.1170654296875,
  "summary_csf_n": 42234.0,
  "summary_csf_p05": 201.18688430786133,
  "summary_csf_p95": 555.1379852294921,
  "summary_csf_stdv": 109.70488739013672,
  "summary_gm_k": -0.03162102156807611,
  "summary_gm_mad": 66.41178894042969,
  "summary_gm_mean": 733.538818359375,
  "summary_gm_median": 732.8765869140625,
  "summary_gm_n": 64558.0,
  "summary_gm_p05": 625.0237030029297,
  "summary_gm_p95": 843.0145080566405,
  "summary_gm_stdv": 66.21464538574219,
  "summary_wm_k": 0.14343797850398143,
  "summary_wm_mad": 97.85518646240234,
  "summary_wm_mean": 1016.0690307617188,
  "summary_wm_median": 999.8942260742188,
  "summary_wm_n": 274368.0,
  "summary_wm_p05": 882.7872344970704,
  "summary_wm_p95": 1201.1876647949218,
  "summary_wm_stdv": 98.9082260131836,
  "tpm_overlap_csf": 0.20845523476600647,
  "tpm_overlap_gm": 0.42176303267478943,
  "tpm_overlap_wm": 0.4408077895641327,
  "wm2max": 0.504159436550019
}