{
  "bids_meta": {
    "AccessionNumber": "8531-001",
    "AcquisitionDateTime": "2018-07-13T14:39:20.355000",
    "AcquisitionMatrixPE": 256,
    "AcquisitionNumber": 1,
    "AcquisitionTime": "14:39:20.355000",
    "BaseResolution": 256,
    "BodyPartExamined": "BRAIN",
    "ConsistencyInfo": "N4_VE11C_LATEST_20160120",
    "ConversionSoftware": "dcm2niix",
    "ConversionSoftwareVersion": "v1.0.20210317",
    "DeviceSerialNumber": "167050",
    "DwellTime": 3e-06,
    "EchoNumber": 4,
    "FlipAngle": 8,
    "ImageComments": "Average over all echoes.",
    "ImageOrientationPatientDICOM": [
      0,
      1,
      0,
      0,
      0,
      -1
    ],
    "ImageType": [
      "ORIGINAL",
      "PRIMARY",
      "ECHO",
      "COMBINED",
      "ND",
      "NORM"
    ],
    "ImagingFrequency": 123.25,
    "InPlanePhaseEncodingDirectionDICOM": "ROW",
    "InstitutionAddress": "Michigan Ave 320,Pasadena,California,US,91025",
    "InstitutionName": "Caltech Prisma64",
    "InstitutionalDepartmentName": "Department",
    "InversionTime": 1.15,
    "MRAcquisitionType": "3D",
    "MagneticFieldStrength": 3,
    "Manufacturer": "Siemens",
    "ManufacturersModelName": "Prisma_fit",
    "Modality": "MR",
    "ParallelReductionFactorInPlane": 2,
    "PartialFourier": 1,
    "PatientBirthDate": "1977-12-01",
    "PatientID": "CC0143",
    "PatientName": "CC0143",
    "PatientPosition": "HFS",
    "PatientSex": "M",
    "PatientWeight": 63.5029,
    "PercentPhaseFOV": 100,
    "PercentSampling": 100,
    "PhaseEncodingSteps": 282,
    "PhaseOversampling": 0.1,
    "PhaseResolution": 1,
    "PixelBandwidth": 650,
    "ProcedureStepDescription": "Conte Core",
    "ProtocolName": "T1w",
    "PulseSequenceDetails": "%CustomerSeq%\\tfl_wip900D_VE11C",
    "ReceiveCoilActiveElements": "HEA;HEP",
    "ReceiveCoilName": "Head_32",
    "ReconMatrixPE": 256,
    "RefLinesPE": 32,
    "ReferringPhysicianName": "Adolphs",
    "RepetitionTime": 2.55,
    "SAR": 0.0522934,
    "ScanOptions": "IR\\WE",
    "ScanningSequence": "GR\\IR",
    "SequenceName": "tfl3d4_16ns",
    "SequenceVariant": "SK\\SP\\MP\\OSP",
    "SeriesDescription": "T1w_combEcho",
    "SeriesInstanceUID": "1.3.12.2.1107.5.2.43.167050.2018071314462846530906326.0.0.0",
    "SeriesNumber": 4,
    "ShimSetting": [
      6993,
      -3611,
      7909,
      361,
      -66,
      -117,
      -22,
      27
    ],
    "SliceThickness": 0.9,
    "SoftwareVersions": "syngo MR E11",
    "StationName": "PRISMA",
    "StudyID": "1",
    "StudyInstanceUID": "1.3.12.2.1107.5.2.43.167050.30000018071021413043300000010",
    "TxRefAmp": 259.895,
    "WipMemBlock": "WIP_Identifier: WIP#900D",
    "acq_id": "combecho",
    "dataset": "unknown",
    "modality": "T1w",
    "run_id": 1,
    "session_id": "core2p2",
    "subject_id": "CC0143"
  },
  "cjv": 0.4527094010481577,
  "cnr": 2.6875996958027226,
  "efc": 0.6269879902383952,
  "fber": 2002.0892333984375,
  "fwhm_avg": 4.476797334258766,
  "fwhm_x": 4.481466785384994,
  "fwhm_y": 4.3964104347826085,
  "fwhm_z": 4.5525147826086965,
  "icvs_csf": 0.2030721998819189,
  "icvs_gm": 0.40085450895307356,
  "icvs_wm": 0.39607329116500756,
  "inu_med": 1.308684229850769,
  "inu_range": 0.5101947546005245,
  "provenance": {
    "md5sum": "b08906ec6023ce1d588d44bbf3578519",
    "settings": {
      "testing": false
    },
    "software": "mriqc",
    "version": "0.15.0",
    "warnings": {
      "large_rot_frame": false,
      "small_air_mask": false
    },
    "webapi_port": null,
    "webapi_url": "https://mriqc.nimh.nih.gov/api/v1"
  },
  "qi_1": 0.0,
  "qi_2": 0.012990834605862278,
  "rpve_csf": 19.600812797057454,
  "rpve_gm": 10.1863282403026,
  "rpve_wm": 12.239924158726504,
  "size_x": 208,
  "size_y": 256,
  "size_z": 256,
  "snr_csf": 3.293365538558678,
  "snr_gm": 11.72471193629699,
  "snr_total": 13.575972008923005,
  "snr_wm": 25.70983855191335,
  "snrd_csf": 41.993060394537096,
  "snrd_gm": 91.85593144029698,
  "snrd_total": 83.36660762884483,
  "snrd_wm": 116.25083105170042,
  "spacing_x": 0.8999999761581421,
  "spacing_y": 0.8984375,
  "spacing_z": 0.8984375,
  "summary_bg_k": 2.638507199345959,
  "summary_bg_mad": 5.635685920715332,
  "summary_bg_mean": 12.296847343444824,
  "summary_bg_median": 11.43834114074707,
  "summary_bg_n": 3331399.0,
  "summary_bg_p05": 3.820091485977173,
  "summary_bg_p95": 23.175896072387694,
  "summary_bg_stdv": 6.481871128082275,
  "summary_csf_k": -0.020782364094269923,
  "summary_csf_mad": 101.83757781982422,
  "summary_csf_mean": 389.2402038574219,
  "summary_csf_median": 361.2373046875,
  "summary_csf_n": 62706.0,
  "summary_csf_p05": 255.0675926208496,
  "summary_csf_p95": 600.9123687744141,
  "summary_csf_stdv": 109.68549346923828,
  "summary_gm_k": 0.640832562757025,
  "summary_gm_mad": 61.515323638916016,
  "summary_gm_mean": 793.9012451171875,
  "summary_gm_median": 790.1731567382812,
  "summary_gm_n": 36167.0,
  "summary_gm_p05": 690.4111938476562,
  "summary_gm_p95": 915.5973022460937,
  "summary_gm_stdv": 67.39289093017578,
  "summary_wm_k": 1.2525703155841441,
  "summary_wm_mad": 33.48686599731445,
  "summary_wm_mean": 998.0103759765625,
  "summary_wm_median": 1000.025634765625,
  "summary_wm_n": 402695.0,
  "summary_wm_p05": 929.9260681152343,
  "summary_wm_p95": 1057.092626953125,
  "summary_wm_stdv": 38.89656448364258,
  "tpm_overlap_csf": 0.22693763673305511,
  "tpm_overlap_gm": 0.4789523482322693,
  "tpm_overlap_wm": 0.5472908616065979,
  "wm2max": 0.6342300451981514
}