{
    "Modality":"MR",
    "MagneticFieldStrength":3,
    "ImagingFrequency":123.229,
    "Manufacturer":"Siemens",
    "ManufacturersModelName":"TrioTim",
    "InstitutionName":"Caltech Tim32",
    "InstitutionalDepartmentName":"Department",
    "InstitutionAddress":"Wilson Avenue 340 ,Pasadena,California,US,91025",
    "DeviceSerialNumber":"35077",
    "StationName":"MEDPC",
    "SeriesInstanceUID":"1.3.12.2.1107.5.2.32.35077.2015052614050118823827846.0.0.0",
    "StudyInstanceUID":"1.3.12.2.1107.5.2.32.35077.30000015052618473312500000004",
    "StudyID":"1",
    "PatientName":"CC0108",
    "PatientID":"adolphs",
    "AccessionNumber":"7802-001",
    "PatientBirthDate":"1992-01-01",
    "PatientSex":"F",
    "PatientWeight":81.6466,
    "PatientPosition":"HFS",
    "ProcedureStepDescription":"Conte^Core",
    "SoftwareVersions":"syngo MR B17",
    "MRAcquisitionType":"2D",
    "SeriesDescription":"rsBOLD_MB_2",
    "ProtocolName":"rsBOLD_MB_2",
    "ScanningSequence":"EP",
    "SequenceVariant":"SK\\SS",
    "ScanOptions":"FS",
    "SequenceName":"epfid2d1_80",
    "ImageType":[
        "ORIGINAL",
        "PRIMARY",
        "M",
        "MB",
        "ND",
        "MOSAIC"
    ],
    "SeriesNumber":7,
    "AcquisitionTime":"14:04:50.387500",
    "AcquisitionDateTime":"2015-05-26T14:04:50.387500",
    "AcquisitionNumber":1,
    "ImageComments":"Unaliased MB4/PE3",
    "SliceThickness":2.5,
    "SpacingBetweenSlices":2.5,
    "SAR":0.103375,
    "EchoTime":0.03,
    "RepetitionTime":1,
    "FlipAngle":60,
    "PartialFourier":1,
    "BaseResolution":80,
    "ShimSetting":[
        9522,
        -10473,
        15812,
        600,
        -70,
        -178,
        -171,
        -69
    ],
    "TxRefAmp":325.711,
    "PhaseResolution":1,
    "ReceiveCoilName":"32Ch_Head",
    "CoilString":"C:HEA;HEP",
    "PulseSequenceDetails":"%CustomerSeq%\\cmrr_mbep2d_bold",
    "MultibandAccelerationFactor":4,
    "PercentPhaseFOV":100,
    "PercentSampling":100,
    "PhaseEncodingSteps":80,
    "AcquisitionMatrixPE":80,
    "ReconMatrixPE":80,
    "BandwidthPerPixelPhaseEncode":23.148,
    "EffectiveEchoSpacing":0.000540003,
    "DerivedVendorReportedEchoSpacing":0.000540003,
    "TotalReadoutTime":0.0426603,
    "PixelBandwidth":2404,
    "DwellTime":2.6e-06,
    "PhaseEncodingDirection":"j-",
    "SliceTiming":[
        0,
        0.215,
        0.4325,
        0.6475,
        0.8625,
        0.0725,
        0.2875,
        0.5025,
        0.7175,
        0.9325,
        0.145,
        0.36,
        0.575,
        0.79,
        0,
        0.215,
        0.4325,
        0.6475,
        0.8625,
        0.0725,
        0.2875,
        0.5025,
        0.7175,
        0.9325,
        0.145,
        0.36,
        0.575,
        0.79,
        0,
        0.215,
        0.4325,
        0.6475,
        0.8625,
        0.0725,
        0.2875,
        0.5025,
        0.7175,
        0.9325,
        0.145,
        0.36,
        0.575,
        0.79,
        0,
        0.215,
        0.4325,
        0.6475,
        0.8625,
        0.0725,
        0.2875,
        0.5025,
        0.7175,
        0.9325,
        0.145,
        0.36,
        0.575,
        0.79
    ],
    "ImageOrientationPatientDICOM":[
        1,
        -1e-16,
        0,
        1e-16,
        0.939693,
        -0.34202
    ],
    "InPlanePhaseEncodingDirectionDICOM":"COL",
    "ConversionSoftware":"dcm2niix",
    "ConversionSoftwareVersion":"v1.0.20210317",
    "TaskName":"rest"
}