{
  "aor": 0.0011034374999999998,
  "aqi": 0.0027314410625000002,
  "bids_meta": {
    "AccessionNumber": "6467-001",
    "AcquisitionDateTime": "2013-02-21T16:05:55.892500",
    "AcquisitionMatrixPE": 64,
    "AcquisitionNumber": 1,
    "AcquisitionTime": "16:05:55.892500",
    "BandwidthPerPixelPhaseEncode": 66.489,
    "BaseResolution": 64,
    "CoilString": "C:HEA;HEP",
    "ConversionSoftware": "dcm2niix",
    "ConversionSoftwareVersion": "v1.0.20210317",
    "DerivedVendorReportedEchoSpacing": 0.000470003,
    "DeviceSerialNumber": "35077",
    "DwellTime": 3e-06,
    "EchoTime": 0.03,
    "EffectiveEchoSpacing": 0.000235001,
    "FlipAngle": 85,
    "ImageOrientationPatientDICOM": [
      1,
      -1e-16,
      0,
      1e-16,
      0.939693,
      -0.34202
    ],
    "ImageType": [
      "ORIGINAL",
      "PRIMARY",
      "M",
      "ND",
      "MOSAIC"
    ],
    "ImagingFrequency": 123.229,
    "InPlanePhaseEncodingDirectionDICOM": "COL",
    "InstitutionAddress": "Wilson Avenue 340 ,Pasadena,California,US,91025",
    "InstitutionName": "Caltech Tim32",
    "InstitutionalDepartmentName": "Department",
    "MRAcquisitionType": "2D",
    "MagneticFieldStrength": 3,
    "Manufacturer": "Siemens",
    "ManufacturersModelName": "TrioTim",
    "Modality": "MR",
    "ParallelReductionFactorInPlane": 2,
    "PartialFourier": 1,
    "PatientBirthDate": "1975-01-01",
    "PatientID": "adolphs",
    "PatientName": "CC0049",
    "PatientPosition": "HFS",
    "PatientSex": "M",
    "PatientWeight": 68.0389,
    "PercentPhaseFOV": 100,
    "PercentSampling": 100,
    "PhaseEncodingDirection": "j-",
    "PhaseEncodingSteps": 64,
    "PhaseResolution": 1,
    "PixelBandwidth": 2604,
    "ProcedureStepDescription": "Conte^Core",
    "ProtocolName": "rsBOLD_1",
    "PulseSequenceDetails": "%SiemensSeq%\\ep2d_bold",
    "ReceiveCoilName": "32Ch_Head",
    "ReconMatrixPE": 64,
    "RefLinesPE": 32,
    "RepetitionTime": 2.5,
    "SAR": 0.201439,
    "ScanOptions": "FS",
    "ScanningSequence": "EP",
    "SequenceName": "*epfid2d1_64",
    "SequenceVariant": "SK",
    "SeriesDescription": "rsBOLD_1",
    "SeriesInstanceUID": "1.3.12.2.1107.5.2.32.35077.2013022116054428069905672.0.0.0",
    "SeriesNumber": 2,
    "ShimSetting": [
      9528,
      -10611,
      15753,
      733,
      -111,
      -326,
      -81,
      -17
    ],
    "SliceThickness": 3,
    "SliceTiming": [
      0,
      0.055,
      0.1075,
      0.1625,
      0.215,
      0.2675,
      0.3225,
      0.375,
      0.4275,
      0.4825,
      0.535,
      0.5875,
      0.6425,
      0.695,
      0.7475,
      0.8025,
      0.855,
      0.91,
      0.9625,
      1.015,
      1.07,
      1.1225,
      1.175,
      1.23,
      1.2825,
      1.335,
      1.39,
      1.4425,
      1.495,
      1.55,
      1.6025,
      1.6575,
      1.71,
      1.7625,
      1.8175,
      1.87,
      1.9225,
      1.9775,
      2.03,
      2.0825,
      2.1375,
      2.19,
      2.2425,
      2.2975,
      2.35,
      2.405,
      2.4575
    ],
    "SoftwareVersions": "syngo MR B17",
    "SpacingBetweenSlices": 3,
    "StationName": "MEDPC",
    "StudyID": "1",
    "StudyInstanceUID": "1.3.12.2.1107.5.2.32.35077.30000013021915521117100000049",
    "TaskName": "rest",
    "TotalReadoutTime": 0.0148051,
    "TxRefAmp": 321.209,
    "dataset": "unknown",
    "modality": "bold",
    "run_id": 1,
    "session_id": "core1p1",
    "subject_id": "CC0049",
    "task_id": "rest"
  },
  "dummy_trs": 0,
  "dvars_nstd": 30.232193004968547,
  "dvars_std": 1.0601773819496847,
  "dvars_vstd": 0.9906130747169817,
  "efc": 0.5285596250033914,
  "fber": 405.92608642578125,
  "fd_mean": 0.06918804963768375,
  "fd_num": 4,
  "fd_perc": 2.5,
  "fwhm_avg": 2.770301111111111,
  "fwhm_x": 2.7297933333333333,
  "fwhm_y": 2.7062933333333334,
  "fwhm_z": 2.8748166666666664,
  "gcor": 0.0183068,
  "gsr_x": -0.01402214914560318,
  "gsr_y": 0.055029451847076416,
  "provenance": {
    "md5sum": "ab098f8b159478261036aae349dfdb99",
    "settings": {
      "fd_thres": 0.2,
      "hmc_fsl": false
    },
    "software": "mriqc",
    "version": "0.15.0",
    "webapi_port": null,
    "webapi_url": "https://mriqc.nimh.nih.gov/api/v1"
  },
  "size_t": 160,
  "size_x": 64,
  "size_y": 64,
  "size_z": 47,
  "snr": 1.5813988418918428,
  "spacing_tr": 2.5,
  "spacing_x": 3.0,
  "spacing_y": 3.0,
  "spacing_z": 3.0,
  "summary_bg_k": 100.92941426219814,
  "summary_bg_mad": 11.008323669433594,
  "summary_bg_mean": 53.145973205566406,
  "summary_bg_median": 28.64375114440918,
  "summary_bg_n": 101296.0,
  "summary_bg_p05": 19.58125114440918,
  "summary_bg_p95": 158.9499969482422,
  "summary_bg_stdv": 88.11282348632812,
  "summary_fg_k": 4.773797209558499,
  "summary_fg_mad": 277.69146728515625,
  "summary_fg_mean": 763.7218017578125,
  "summary_fg_median": 654.1749877929688,
  "summary_fg_n": 50019.0,
  "summary_fg_p05": 329.6562561035156,
  "summary_fg_p95": 1602.326879882812,
  "summary_fg_stdv": 413.6644287109375,
  "tsnr": 48.043094635009766
}