{
  "aor": 0.0018096874999999999,
  "aqi": 0.0063873150625,
  "bids_meta": {
    "AccessionNumber": "6531-007",
    "AcquisitionDateTime": "2013-03-28T11:58:43.547500",
    "AcquisitionMatrixPE": 64,
    "AcquisitionNumber": 1,
    "AcquisitionTime": "11:58:43.547500",
    "BandwidthPerPixelPhaseEncode": 66.489,
    "BaseResolution": 64,
    "CoilString": "C:HEA;HEP",
    "ConversionSoftware": "dcm2niix",
    "ConversionSoftwareVersion": "v1.0.20210317",
    "DerivedVendorReportedEchoSpacing": 0.000470003,
    "DeviceSerialNumber": "35077",
    "DwellTime": 3e-06,
    "EchoTime": 0.03,
    "EffectiveEchoSpacing": 0.000235001,
    "FlipAngle": 85,
    "ImageOrientationPatientDICOM": [
      1,
      -1e-16,
      0,
      1e-16,
      0.939693,
      -0.34202
    ],
    "ImageType": [
      "ORIGINAL",
      "PRIMARY",
      "M",
      "ND",
      "MOSAIC"
    ],
    "ImagingFrequency": 123.229,
    "InPlanePhaseEncodingDirectionDICOM": "COL",
    "InstitutionAddress": "Wilson Avenue 340 ,Pasadena,California,US,91025",
    "InstitutionName": "Caltech Tim32",
    "InstitutionalDepartmentName": "Department",
    "MRAcquisitionType": "2D",
    "MagneticFieldStrength": 3,
    "Manufacturer": "Siemens",
    "ManufacturersModelName": "TrioTim",
    "Modality": "MR",
    "ParallelReductionFactorInPlane": 2,
    "PartialFourier": 1,
    "PatientBirthDate": "1987-01-01",
    "PatientID": "adolphs",
    "PatientName": "CC0006",
    "PatientPosition": "HFS",
    "PatientSex": "M",
    "PatientWeight": 74.8428,
    "PercentPhaseFOV": 100,
    "PercentSampling": 100,
    "PhaseEncodingDirection": "j-",
    "PhaseEncodingSteps": 64,
    "PhaseResolution": 1,
    "PixelBandwidth": 2604,
    "ProcedureStepDescription": "Conte^Core",
    "ProtocolName": "rsBOLD_2",
    "PulseSequenceDetails": "%SiemensSeq%\\ep2d_bold",
    "ReceiveCoilName": "32Ch_Head",
    "ReconMatrixPE": 64,
    "RefLinesPE": 32,
    "RepetitionTime": 2.5,
    "SAR": 0.210038,
    "ScanOptions": "FS",
    "ScanningSequence": "EP",
    "SequenceName": "*epfid2d1_64",
    "SequenceVariant": "SK",
    "SeriesDescription": "rsBOLD_2",
    "SeriesInstanceUID": "1.3.12.2.1107.5.2.32.35077.2013032811580995544617957.0.0.0",
    "SeriesNumber": 5,
    "ShimSetting": [
      9531,
      -10496,
      15805,
      668,
      -32,
      199,
      121,
      19
    ],
    "SliceThickness": 3,
    "SliceTiming": [
      0,
      0.0525,
      0.1075,
      0.16,
      0.2125,
      0.2675,
      0.32,
      0.3725,
      0.4275,
      0.48,
      0.535,
      0.5875,
      0.64,
      0.695,
      0.7475,
      0.8,
      0.855,
      0.9075,
      0.96,
      1.015,
      1.0675,
      1.12,
      1.175,
      1.2275,
      1.2825,
      1.335,
      1.3875,
      1.4425,
      1.495,
      1.5475,
      1.6025,
      1.655,
      1.7075,
      1.7625,
      1.815,
      1.8675,
      1.9225,
      1.975,
      2.03,
      2.0825,
      2.135,
      2.19,
      2.2425,
      2.295,
      2.35,
      2.4025,
      2.455
    ],
    "SoftwareVersions": "syngo MR B17",
    "SpacingBetweenSlices": 3,
    "StationName": "MEDPC",
    "StudyID": "1",
    "StudyInstanceUID": "1.3.12.2.1107.5.2.32.35077.30000013032815455942100000010",
    "TaskName": "rest",
    "TotalReadoutTime": 0.0148051,
    "TxRefAmp": 311.125,
    "dataset": "unknown",
    "modality": "bold",
    "run_id": 2,
    "session_id": "core1p1",
    "subject_id": "CC0006",
    "task_id": "rest"
  },
  "dummy_trs": 0,
  "dvars_nstd": 33.804316898993704,
  "dvars_std": 1.0599103539622639,
  "dvars_vstd": 0.9572340037735853,
  "efc": 0.5668446481626263,
  "fber": 452.22314453125,
  "fd_mean": 0.13723176188037473,
  "fd_num": 23,
  "fd_perc": 14.375,
  "fwhm_avg": 2.704407777777778,
  "fwhm_x": 2.6458266666666668,
  "fwhm_y": 2.72578,
  "fwhm_z": 2.741616666666667,
  "gcor": 0.0455265,
  "gsr_x": -0.008156250230967999,
  "gsr_y": 0.06882186979055405,
  "provenance": {
    "md5sum": "c2d7bfe8b6a0f699dec3d6961fddc878",
    "settings": {
      "fd_thres": 0.2,
      "hmc_fsl": false
    },
    "software": "mriqc",
    "version": "0.15.0",
    "webapi_port": null,
    "webapi_url": "https://mriqc.nimh.nih.gov/api/v1"
  },
  "size_t": 160,
  "size_x": 64,
  "size_y": 64,
  "size_z": 47,
  "snr": 2.2827139006159913,
  "spacing_tr": 2.5,
  "spacing_x": 3.0,
  "spacing_y": 3.0,
  "spacing_z": 3.0,
  "summary_bg_k": 68.43921568493315,
  "summary_bg_mad": 10.16508960723877,
  "summary_bg_mean": 47.940574645996094,
  "summary_bg_median": 26.625,
  "summary_bg_n": 97889.0,
  "summary_bg_p05": 18.356250762939453,
  "summary_bg_p95": 144.37625732421864,
  "summary_bg_stdv": 70.13726806640625,
  "summary_fg_k": 3.0280971060953084,
  "summary_fg_mad": 222.9092559814453,
  "summary_fg_mean": 678.3250122070312,
  "summary_fg_median": 624.6062622070312,
  "summary_fg_n": 52789.0,
  "summary_fg_p05": 348.18751831054686,
  "summary_fg_p95": 1208.6212890625,
  "summary_fg_stdv": 273.621826171875,
  "tsnr": 38.45863342285156
}