{
  "bids_meta": {
    "AccessionNumber": "6542-004",
    "AcquisitionDateTime": "2013-04-03T18:18:32.010000",
    "AcquisitionMatrixPE": 256,
    "AcquisitionNumber": 1,
    "AcquisitionTime": "18:18:32.010000",
    "BaseResolution": 256,
    "CoilString": "C:HEA;HEP",
    "ConversionSoftware": "dcm2niix",
    "ConversionSoftwareVersion": "v1.0.20210317",
    "DeviceSerialNumber": "35077",
    "DwellTime": 1.09e-05,
    "EchoTime": 0.00291,
    "FlipAngle": 10,
    "ImageOrientationPatientDICOM": [
      0,
      1,
      0,
      0,
      0,
      -1
    ],
    "ImageType": [
      "ORIGINAL",
      "PRIMARY",
      "M",
      "ND",
      "NORM"
    ],
    "ImagingFrequency": 123.229,
    "InPlanePhaseEncodingDirectionDICOM": "ROW",
    "InstitutionAddress": "Wilson Avenue 340 ,Pasadena,California,US,91025",
    "InstitutionName": "Caltech Tim32",
    "InstitutionalDepartmentName": "Department",
    "InversionTime": 0.8,
    "MRAcquisitionType": "3D",
    "MagneticFieldStrength": 3,
    "Manufacturer": "Siemens",
    "ManufacturersModelName": "TrioTim",
    "Modality": "MR",
    "PartialFourier": 1,
    "PatientBirthDate": "1982-01-01",
    "PatientID": "adolphs",
    "PatientName": "CC0050",
    "PatientPosition": "HFS",
    "PatientSex": "F",
    "PatientWeight": 56.6991,
    "PercentPhaseFOV": 100,
    "PercentSampling": 100,
    "PhaseEncodingSteps": 256,
    "PhaseResolution": 1,
    "PixelBandwidth": 179,
    "ProcedureStepDescription": "Conte^Core",
    "ProtocolName": "T1_2",
    "PulseSequenceDetails": "%SiemensSeq%\\tfl",
    "ReceiveCoilName": "32Ch_Head",
    "ReconMatrixPE": 256,
    "RepetitionTime": 1.5,
    "SAR": 0.129181,
    "ScanOptions": "IR",
    "ScanningSequence": "GR\\IR",
    "SequenceName": "*tfl3d1",
    "SequenceVariant": "SP\\MP",
    "SeriesDescription": "T1_2",
    "SeriesInstanceUID": "1.3.12.2.1107.5.2.32.35077.2013040318181043561694601.0.0.0",
    "SeriesNumber": 13,
    "ShimSetting": [
      9530,
      -10313,
      15543,
      390,
      -109,
      643,
      417,
      106
    ],
    "SliceThickness": 1,
    "SoftwareVersions": "syngo MR B17",
    "StationName": "MEDPC",
    "StudyID": "1",
    "StudyInstanceUID": "1.3.12.2.1107.5.2.32.35077.30000013040116184470300000025",
    "TxRefAmp": 305.118,
    "dataset": "unknown",
    "modality": "T1w",
    "run_id": 2,
    "session_id": "core1p1",
    "subject_id": "CC0050"
  },
  "cjv": 0.42022092719052834,
  "cnr": 2.900116857036205,
  "efc": 0.4978892886924668,
  "fber": 6522.31005859375,
  "fwhm_avg": 4.213573333333334,
  "fwhm_x": 4.21878,
  "fwhm_y": 4.17217,
  "fwhm_z": 4.24977,
  "icvs_csf": 0.21165070495202717,
  "icvs_gm": 0.4099329533498292,
  "icvs_wm": 0.37841634169814364,
  "inu_med": 1.5621486902236938,
  "inu_range": 0.3301666021347045,
  "provenance": {
    "md5sum": "71db6964c05fdce0fa674017eab250f8",
    "settings": {
      "testing": false
    },
    "software": "mriqc",
    "version": "0.15.0",
    "warnings": {
      "large_rot_frame": true,
      "small_air_mask": false
    },
    "webapi_port": null,
    "webapi_url": "https://mriqc.nimh.nih.gov/api/v1"
  },
  "qi_1": 0.00013167011671152805,
  "qi_2": 0.020910064241275714,
  "rpve_csf": 27.652443425260998,
  "rpve_gm": 14.512918254976706,
  "rpve_wm": 18.82592525026419,
  "size_x": 176,
  "size_y": 256,
  "size_z": 256,
  "snr_csf": 3.8425401204301908,
  "snr_gm": 11.645535675279302,
  "snr_total": 14.093233269418095,
  "snr_wm": 26.791624012544794,
  "snrd_csf": 65.83812600045104,
  "snrd_gm": 125.00558460465933,
  "snrd_total": 117.21228503569061,
  "snrd_wm": 160.79314450196142,
  "spacing_x": 1.0,
  "spacing_y": 1.0,
  "spacing_z": 1.0,
  "summary_bg_k": 15.293210183380587,
  "summary_bg_mad": 4.074423313140869,
  "summary_bg_mean": 6.246286392211914,
  "summary_bg_median": 5.486426830291748,
  "summary_bg_n": 2565904.0,
  "summary_bg_p05": 0.0,
  "summary_bg_p95": 16.566531276702882,
  "summary_bg_stdv": 6.343510627746582,
  "summary_csf_k": -0.2273119582419878,
  "summary_csf_mad": 119.85111999511719,
  "summary_csf_mean": 427.7265625,
  "summary_csf_median": 409.46038818359375,
  "summary_csf_n": 25222.0,
  "summary_csf_p05": 283.68892211914067,
  "summary_csf_p95": 604.4178222656246,
  "summary_csf_stdv": 106.55770874023438,
  "summary_gm_k": 0.39575589722542226,
  "summary_gm_mad": 60.80121612548828,
  "summary_gm_mean": 782.5985107421875,
  "summary_gm_median": 777.4345703125,
  "summary_gm_n": 18542.0,
  "summary_gm_p05": 681.4061157226563,
  "summary_gm_p95": 903.0275024414062,
  "summary_gm_stdv": 66.75636291503906,
  "summary_wm_k": 0.9022499236533448,
  "summary_wm_mad": 32.727333068847656,
  "summary_wm_mean": 1000.3784790039062,
  "summary_wm_median": 1000.0045166015625,
  "summary_wm_n": 189898.0,
  "summary_wm_p05": 938.4571960449218,
  "summary_wm_p95": 1062.643731689453,
  "summary_wm_stdv": 37.32516860961914,
  "tpm_overlap_csf": 0.23288773000240326,
  "tpm_overlap_gm": 0.5174829959869385,
  "tpm_overlap_wm": 0.5800307393074036,
  "wm2max": 0.5292404573903777
}