{
  "bids_meta": {
    "AccessionNumber": "7188-001",
    "AcquisitionDateTime": "2013-09-05T15:00:19.860000",
    "AcquisitionMatrixPE": 256,
    "AcquisitionNumber": 1,
    "AcquisitionTime": "15:00:19.860000",
    "BaseResolution": 256,
    "CoilString": "C:HEA;HEP",
    "ConversionSoftware": "dcm2niix",
    "ConversionSoftwareVersion": "v1.0.20210317",
    "DeviceSerialNumber": "35077",
    "DwellTime": 1.09e-05,
    "EchoTime": 0.00291,
    "FlipAngle": 10,
    "ImageOrientationPatientDICOM": [
      0,
      1,
      0,
      0,
      0,
      -1
    ],
    "ImageType": [
      "ORIGINAL",
      "PRIMARY",
      "M",
      "ND",
      "NORM"
    ],
    "ImagingFrequency": 123.229,
    "InPlanePhaseEncodingDirectionDICOM": "ROW",
    "InstitutionAddress": "Wilson Avenue 340 ,Pasadena,California,US,91025",
    "InstitutionName": "Caltech Tim32",
    "InstitutionalDepartmentName": "Department",
    "InversionTime": 0.8,
    "MRAcquisitionType": "3D",
    "MagneticFieldStrength": 3,
    "Manufacturer": "Siemens",
    "ManufacturersModelName": "TrioTim",
    "Modality": "MR",
    "PartialFourier": 1,
    "PatientBirthDate": "1978-01-01",
    "PatientID": "adolphs",
    "PatientName": "CC0077",
    "PatientPosition": "HFS",
    "PatientSex": "M",
    "PatientWeight": 83.9146,
    "PercentPhaseFOV": 100,
    "PercentSampling": 100,
    "PhaseEncodingSteps": 256,
    "PhaseResolution": 1,
    "PixelBandwidth": 179,
    "ProcedureStepDescription": "Conte^Core",
    "ProtocolName": "T1_1",
    "PulseSequenceDetails": "%SiemensSeq%\\tfl",
    "ReceiveCoilName": "32Ch_Head",
    "ReconMatrixPE": 256,
    "RepetitionTime": 1.5,
    "SAR": 0.122856,
    "ScanOptions": "IR",
    "ScanningSequence": "GR\\IR",
    "SequenceName": "*tfl3d1",
    "SequenceVariant": "SP\\MP",
    "SeriesDescription": "T1_1",
    "SeriesInstanceUID": "1.3.12.2.1107.5.2.32.35077.2013090515012478046490033.0.0.0",
    "SeriesNumber": 10,
    "ShimSetting": [
      9476,
      -10368,
      15667,
      487,
      -131,
      -477,
      -210,
      49
    ],
    "SliceThickness": 1,
    "SoftwareVersions": "syngo MR B17",
    "StationName": "MEDPC",
    "StudyID": "1",
    "StudyInstanceUID": "1.3.12.2.1107.5.2.32.35077.30000013090317184432800000031",
    "TxRefAmp": 327.127,
    "dataset": "unknown",
    "modality": "T1w",
    "run_id": 1,
    "session_id": "core1p2",
    "subject_id": "CC0077"
  },
  "cjv": 0.4507654663269257,
  "cnr": 2.7782718342993804,
  "efc": 0.5678952156078569,
  "fber": 5185.51708984375,
  "fwhm_avg": 4.539256666666667,
  "fwhm_x": 4.5304,
  "fwhm_y": 4.59385,
  "fwhm_z": 4.49352,
  "icvs_csf": 0.24511143757310314,
  "icvs_gm": 0.390858583414389,
  "icvs_wm": 0.36402997901250783,
  "inu_med": 1.467903733253479,
  "inu_range": 0.460730504989624,
  "provenance": {
    "md5sum": "708aa9ed0a085f10d2b64c337b82467f",
    "settings": {
      "testing": false
    },
    "software": "mriqc",
    "version": "0.15.0",
    "warnings": {
      "large_rot_frame": false,
      "small_air_mask": false
    },
    "webapi_port": null,
    "webapi_url": "https://mriqc.nimh.nih.gov/api/v1"
  },
  "qi_1": 0.0010280919699252131,
  "qi_2": 0.013647962183697316,
  "rpve_csf": 21.385665280315685,
  "rpve_gm": 12.861182583328048,
  "rpve_wm": 16.407576218113416,
  "size_x": 176,
  "size_y": 256,
  "size_z": 256,
  "snr_csf": 4.094228388034159,
  "snr_gm": 11.310509702630549,
  "snr_total": 13.487219039884822,
  "snr_wm": 25.056919028989764,
  "snrd_csf": 58.58601821059154,
  "snrd_gm": 116.06815715031884,
  "snrd_total": 107.93358052476522,
  "snrd_wm": 149.1465662133853,
  "spacing_x": 1.0,
  "spacing_y": 1.0,
  "spacing_z": 1.0,
  "summary_bg_k": 72.59210032926191,
  "summary_bg_mad": 4.392604351043701,
  "summary_bg_mean": 7.4913153648376465,
  "summary_bg_median": 5.9142913818359375,
  "summary_bg_n": 2898889.0,
  "summary_bg_p05": 0.0,
  "summary_bg_p95": 20.505089187622072,
  "summary_bg_stdv": 6.7793474197387695,
  "summary_csf_k": -0.19732112320336803,
  "summary_csf_mad": 92.73605346679688,
  "summary_csf_mean": 413.0215148925781,
  "summary_csf_median": 392.8116455078125,
  "summary_csf_n": 59428.0,
  "summary_csf_p05": 287.9960311889649,
  "summary_csf_p95": 592.8701904296875,
  "summary_csf_stdv": 95.94197082519531,
  "summary_gm_k": 0.1741204803390186,
  "summary_gm_mad": 64.26461791992188,
  "summary_gm_mean": 784.0130615234375,
  "summary_gm_median": 778.221923828125,
  "summary_gm_n": 21715.0,
  "summary_gm_p05": 679.2523132324219,
  "summary_gm_p95": 908.7539978027344,
  "summary_gm_stdv": 68.80361938476562,
  "summary_wm_k": 1.012594112611641,
  "summary_wm_mad": 35.709049224853516,
  "summary_wm_mean": 999.0630493164062,
  "summary_wm_median": 1000.0083618164062,
  "summary_wm_n": 226053.0,
  "summary_wm_p05": 931.4784667968751,
  "summary_wm_p95": 1062.39638671875,
  "summary_wm_stdv": 39.90938186645508,
  "tpm_overlap_csf": 0.21472007036209106,
  "tpm_overlap_gm": 0.46883419156074524,
  "tpm_overlap_wm": 0.5312033295631409,
  "wm2max": 0.5163166177438765
}