{
  "bids_meta": {
    "AccessionNumber": "8752-007",
    "AcquisitionDateTime": "2019-03-25T12:34:44.755000",
    "AcquisitionMatrixPE": 256,
    "AcquisitionNumber": 1,
    "AcquisitionTime": "12:34:44.755000",
    "BaseResolution": 256,
    "BodyPartExamined": "BRAIN",
    "ConsistencyInfo": "N4_VE11C_LATEST_20160120",
    "ConversionSoftware": "dcm2niix",
    "ConversionSoftwareVersion": "v1.0.20210317",
    "DeviceSerialNumber": "167050",
    "DwellTime": 3e-06,
    "EchoNumber": 4,
    "FlipAngle": 8,
    "ImageComments": "Average over all echoes.",
    "ImageOrientationPatientDICOM": [
      0,
      1,
      0,
      0,
      0,
      -1
    ],
    "ImageType": [
      "ORIGINAL",
      "PRIMARY",
      "ECHO",
      "COMBINED",
      "ND",
      "NORM"
    ],
    "ImagingFrequency": 123.25,
    "InPlanePhaseEncodingDirectionDICOM": "ROW",
    "InstitutionAddress": "Michigan Ave 320,Pasadena,California,US,91025",
    "InstitutionName": "Caltech Prisma64",
    "InstitutionalDepartmentName": "Department",
    "InversionTime": 1.15,
    "MRAcquisitionType": "3D",
    "MagneticFieldStrength": 3,
    "Manufacturer": "Siemens",
    "ManufacturersModelName": "Prisma_fit",
    "Modality": "MR",
    "ParallelReductionFactorInPlane": 2,
    "PartialFourier": 1,
    "PatientBirthDate": "1988-03-01",
    "PatientID": "CC0183",
    "PatientName": "CC0183",
    "PatientPosition": "HFS",
    "PatientSex": "F",
    "PatientWeight": 50.8024,
    "PercentPhaseFOV": 100,
    "PercentSampling": 100,
    "PhaseEncodingSteps": 282,
    "PhaseOversampling": 0.1,
    "PhaseResolution": 1,
    "PixelBandwidth": 650,
    "ProtocolName": "T1w",
    "PulseSequenceDetails": "%CustomerSeq%\\tfl_wip900D_VE11C",
    "ReceiveCoilActiveElements": "HEA;HEP",
    "ReceiveCoilName": "Head_32",
    "ReconMatrixPE": 256,
    "RefLinesPE": 32,
    "ReferringPhysicianName": "Adolphs",
    "RepetitionTime": 2.55,
    "SAR": 0.0481926,
    "ScanOptions": "IR\\WE",
    "ScanningSequence": "GR\\IR",
    "SequenceName": "tfl3d4_16ns",
    "SequenceVariant": "SK\\SP\\MP\\OSP",
    "SeriesDescription": "T1w_combEcho",
    "SeriesInstanceUID": "1.3.12.2.1107.5.2.43.167050.2019032512415380959370990.0.0.0",
    "SeriesNumber": 5,
    "ShimSetting": [
      6986,
      -3659,
      7962,
      496,
      -73,
      -68,
      112,
      -74
    ],
    "SliceThickness": 0.9,
    "SoftwareVersions": "syngo MR E11",
    "StationName": "PRISMA",
    "StudyID": "1",
    "StudyInstanceUID": "1.3.12.2.1107.5.2.43.167050.30000019031520383134100000046",
    "TxRefAmp": 237.159,
    "WipMemBlock": "WIP_Identifier: WIP#900D",
    "acq_id": "combecho",
    "dataset": "unknown",
    "modality": "T1w",
    "run_id": 2,
    "session_id": "core2p2",
    "subject_id": "CC0183"
  },
  "cjv": 0.67709827293507,
  "cnr": 1.9037374260046995,
  "efc": 0.6063440385308354,
  "fber": 969.5785522460938,
  "fwhm_avg": 4.804974187104668,
  "fwhm_x": 4.776400126531392,
  "fwhm_y": 4.804196173913044,
  "fwhm_z": 4.834326260869566,
  "icvs_csf": 0.19978403435917014,
  "icvs_gm": 0.41095051465172205,
  "icvs_wm": 0.3892654509891078,
  "inu_med": 1.60518479347229,
  "inu_range": 0.7054538965225219,
  "provenance": {
    "md5sum": "d9c95b0edc128bbef16d835647122c4f",
    "settings": {
      "testing": false
    },
    "software": "mriqc",
    "version": "0.15.0",
    "warnings": {
      "large_rot_frame": false,
      "small_air_mask": false
    },
    "webapi_port": null,
    "webapi_url": "https://mriqc.nimh.nih.gov/api/v1"
  },
  "qi_1": 0.0004949798762279828,
  "qi_2": 0.00442030604711502,
  "rpve_csf": 24.49113659118602,
  "rpve_gm": 12.273741222165581,
  "rpve_wm": 15.249869679716747,
  "size_x": 208,
  "size_y": 256,
  "size_z": 256,
  "snr_csf": 3.6538811072709843,
  "snr_gm": 9.630921686521045,
  "snr_total": 10.842567423146567,
  "snr_wm": 19.242899475647675,
  "snrd_csf": 53.08223106987584,
  "snrd_gm": 94.59024213876049,
  "snrd_total": 88.12610494761508,
  "snrd_wm": 116.7058416342089,
  "spacing_x": 0.8999999761581421,
  "spacing_y": 0.8984375,
  "spacing_z": 0.8984375,
  "summary_bg_k": 18.699827535425154,
  "summary_bg_mad": 5.613781452178955,
  "summary_bg_mean": 15.13765811920166,
  "summary_bg_median": 11.304407119750977,
  "summary_bg_n": 3077899.0,
  "summary_bg_p05": 3.763439416885376,
  "summary_bg_p95": 34.242058181762694,
  "summary_bg_stdv": 11.20999526977539,
  "summary_csf_k": -0.34757865476106575,
  "summary_csf_mad": 135.03604125976562,
  "summary_csf_mean": 465.6371154785156,
  "summary_csf_median": 454.85498046875,
  "summary_csf_n": 47994.0,
  "summary_csf_p05": 281.5438461303711,
  "summary_csf_p95": 678.3680541992187,
  "summary_csf_stdv": 124.48413848876953,
  "summary_gm_k": -0.009332867876511663,
  "summary_gm_mad": 84.57366180419922,
  "summary_gm_mean": 819.803466796875,
  "summary_gm_median": 810.5319213867188,
  "summary_gm_n": 32298.0,
  "summary_gm_p05": 697.7449645996094,
  "summary_gm_p95": 971.692333984375,
  "summary_gm_stdv": 84.15802764892578,
  "summary_wm_k": 2.067089129300201,
  "summary_wm_mad": 43.740386962890625,
  "summary_wm_mean": 1004.7847290039062,
  "summary_wm_median": 1000.0377197265625,
  "summary_wm_n": 311021.0,
  "summary_wm_p05": 928.3698120117188,
  "summary_wm_p95": 1096.1602783203125,
  "summary_wm_stdv": 51.96909713745117,
  "tpm_overlap_csf": 0.20428605377674103,
  "tpm_overlap_gm": 0.49057555198669434,
  "tpm_overlap_wm": 0.5300480127334595,
  "wm2max": 0.6723485603115628
}