{
  "aor": 0.0007506901408450706,
  "aqi": 0.004838615830985916,
  "bids_meta": {
    "AccessionNumber": "3030-001",
    "AcquisitionDateTime": "2018-07-11T11:17:36.172500",
    "AcquisitionMatrixPE": 80,
    "AcquisitionNumber": 1,
    "AcquisitionTime": "11:17:36.172500",
    "BandwidthPerPixelPhaseEncode": 23.191,
    "BaseResolution": 80,
    "BodyPartExamined": "BRAIN",
    "ConsistencyInfo": "N4_VE11C_LATEST_20160120",
    "ConversionSoftware": "dcm2niix",
    "ConversionSoftwareVersion": "v1.0.20210317",
    "DerivedVendorReportedEchoSpacing": 0.000490002,
    "DeviceSerialNumber": "167050",
    "DwellTime": 2.3e-06,
    "EchoTime": 0.03,
    "EchoTrainLength": 88,
    "EffectiveEchoSpacing": 0.000539002,
    "FlipAngle": 53,
    "ImageComments": "Unaliased MB6/PE3/LB",
    "ImageOrientationPatientDICOM": [
      1,
      0,
      0,
      0,
      0.939693,
      -0.34202
    ],
    "ImageType": [
      "ORIGINAL",
      "PRIMARY",
      "M",
      "MB",
      "ND",
      "MOSAIC"
    ],
    "ImagingFrequency": 123.25,
    "InPlanePhaseEncodingDirectionDICOM": "COL",
    "InstitutionAddress": "Michigan Ave 320,Pasadena,California,US,91025",
    "InstitutionName": "Caltech Prisma64",
    "InstitutionalDepartmentName": "Department",
    "MRAcquisitionType": "2D",
    "MagneticFieldStrength": 3,
    "Manufacturer": "Siemens",
    "ManufacturersModelName": "Prisma_fit",
    "Modality": "MR",
    "MultibandAccelerationFactor": 6,
    "PartialFourier": 1,
    "PatientBirthDate": "1997-04-01",
    "PatientID": "CC0140",
    "PatientName": "CC0140",
    "PatientPosition": "HFS",
    "PatientSex": "M",
    "PatientWeight": 58.967,
    "PercentPhaseFOV": 100,
    "PercentSampling": 100,
    "PhaseEncodingDirection": "j-",
    "PhaseEncodingSteps": 88,
    "PhaseOversampling": 0.1,
    "PhaseResolution": 1,
    "PixelBandwidth": 2715,
    "ProcedureStepDescription": "Conte Core",
    "ProtocolName": "task-bang_bold",
    "PulseSequenceDetails": "%CustomerSeq%\\cmrr_mbep2d_bold",
    "ReceiveCoilActiveElements": "HEA;HEP",
    "ReceiveCoilName": "Head_32",
    "ReconMatrixPE": 80,
    "ReferringPhysicianName": "Adolphs",
    "RepetitionTime": 0.7,
    "SAR": 0.0800922,
    "ScanOptions": "FS\\EXT",
    "ScanningSequence": "EP",
    "SequenceName": "epfid2d1_80",
    "SequenceVariant": "SK\\SS\\OSP",
    "SeriesDescription": "task-bang_bold",
    "SeriesInstanceUID": "1.3.12.2.1107.5.2.43.167050.2018071111153274336797577.0.0.0",
    "SeriesNumber": 24,
    "ShimSetting": [
      6988,
      -3537,
      7890,
      399,
      -92,
      173,
      -13,
      9
    ],
    "SliceThickness": 2.5,
    "SliceTiming": [
      0,
      0.475,
      0.27,
      0.0675,
      0.5425,
      0.34,
      0.135,
      0.61,
      0.4075,
      0.2025,
      0,
      0.475,
      0.27,
      0.0675,
      0.5425,
      0.34,
      0.135,
      0.61,
      0.4075,
      0.2025,
      0,
      0.475,
      0.27,
      0.0675,
      0.5425,
      0.34,
      0.135,
      0.61,
      0.4075,
      0.2025,
      0,
      0.475,
      0.27,
      0.0675,
      0.5425,
      0.34,
      0.135,
      0.61,
      0.4075,
      0.2025,
      0,
      0.475,
      0.27,
      0.0675,
      0.5425,
      0.34,
      0.135,
      0.61,
      0.4075,
      0.2025,
      0,
      0.475,
      0.27,
      0.0675,
      0.5425,
      0.34,
      0.135,
      0.61,
      0.4075,
      0.2025
    ],
    "SoftwareVersions": "syngo MR E11",
    "SpacingBetweenSlices": 2.5,
    "StationName": "PRISMA",
    "StudyID": "1",
    "StudyInstanceUID": "1.3.12.2.1107.5.2.43.167050.30000018071021413043300000007",
    "TaskName": "bang",
    "TotalReadoutTime": 0.0425812,
    "TxRefAmp": 243.87,
    "WipMemBlock": "d05889fb-f6a8-46fd-90a4-682264008e65||Sequence: R016 ve11c/master r/e634e98; Dec 19 2017 11:00:25 by eja",
    "dataset": "unknown",
    "modality": "bold",
    "run_id": 1,
    "session_id": "core2p2",
    "subject_id": "CC0140",
    "task_id": "bang"
  },
  "dummy_trs": 0,
  "dvars_nstd": 35.72227281918196,
  "dvars_std": 1.0782682919464022,
  "dvars_vstd": 1.021477682468265,
  "efc": 0.5557153739995138,
  "fber": 722.9877319335938,
  "fd_mean": 0.1053470857692203,
  "fd_num": 38,
  "fd_perc": 5.352112676056338,
  "fwhm_avg": 2.8662680000000003,
  "fwhm_x": 2.593728,
  "fwhm_y": 3.044644,
  "fwhm_z": 2.960432,
  "gcor": 0.00789305,
  "gsr_x": 0.0011304350337013602,
  "gsr_y": 0.14031003415584564,
  "provenance": {
    "md5sum": "b4a5b01ccd7914e540e09f8c354d125b",
    "settings": {
      "fd_thres": 0.2,
      "hmc_fsl": false
    },
    "software": "mriqc",
    "version": "0.15.0",
    "webapi_port": null,
    "webapi_url": "https://mriqc.nimh.nih.gov/api/v1"
  },
  "size_t": 710,
  "size_x": 80,
  "size_y": 80,
  "size_z": 60,
  "snr": 2.3067889077387282,
  "spacing_tr": 0.699999988079071,
  "spacing_x": 2.5,
  "spacing_y": 2.5,
  "spacing_z": 2.5,
  "summary_bg_k": 42.756893330953424,
  "summary_bg_mad": 62.873817443847656,
  "summary_bg_mean": 348.6231994628906,
  "summary_bg_median": 123.69647216796875,
  "summary_bg_n": 222650.0,
  "summary_bg_p05": 76.7168960571289,
  "summary_bg_p95": 1462.840118408203,
  "summary_bg_stdv": 653.708984375,
  "summary_fg_k": 0.960669805662635,
  "summary_fg_mad": 1350.63623046875,
  "summary_fg_mean": 3847.598388671875,
  "summary_fg_median": 3572.17724609375,
  "summary_fg_n": 97502.0,
  "summary_fg_p05": 1817.1220092773438,
  "summary_fg_p95": 6802.93310546875,
  "summary_fg_stdv": 1548.541748046875,
  "tsnr": 39.235694885253906
}