{
    "Modality":"MR",
    "MagneticFieldStrength":3,
    "ImagingFrequency":123.25,
    "Manufacturer":"Siemens",
    "ManufacturersModelName":"Prisma_fit",
    "InstitutionName":"Caltech Prisma64",
    "InstitutionalDepartmentName":"Department",
    "InstitutionAddress":"Michigan Ave 320,Pasadena,California,US,91025",
    "DeviceSerialNumber":"167050",
    "StationName":"PRISMA",
    "SeriesInstanceUID":"1.3.12.2.1107.5.2.43.167050.2018101011343823081070169.0.0.0",
    "StudyInstanceUID":"1.3.12.2.1107.5.2.43.167050.30000018081720093477500000232",
    "ReferringPhysicianName":"Adolphs",
    "StudyID":"1",
    "PatientName":"CC0175",
    "PatientID":"CC0175",
    "AccessionNumber":"8585-001",
    "PatientBirthDate":"1995-10-01",
    "PatientSex":"F",
    "PatientWeight":54.4311,
    "BodyPartExamined":"BRAIN",
    "PatientPosition":"HFS",
    "ProcedureStepDescription":"Conte Core",
    "SoftwareVersions":"syngo MR E11",
    "MRAcquisitionType":"3D",
    "SeriesDescription":"T2w",
    "ProtocolName":"T2w",
    "ScanningSequence":"SE",
    "SequenceVariant":"SK\\SP\\OSP",
    "ScanOptions":"PFP",
    "SequenceName":"*spc_314ns",
    "ImageType":[
        "ORIGINAL",
        "PRIMARY",
        "M",
        "ND",
        "NORM"
    ],
    "SeriesNumber":12,
    "AcquisitionTime":"11:29:0.607500",
    "AcquisitionDateTime":"2018-10-10T11:29:0.607500",
    "AcquisitionNumber":1,
    "SliceThickness":0.9,
    "SAR":0.178219,
    "EchoTime":0.564,
    "RepetitionTime":3.2,
    "FlipAngle":120,
    "PartialFourier":1,
    "BaseResolution":256,
    "ShimSetting":[
        6993,
        -3687,
        7919,
        646,
        -31,
        -155,
        -78,
        8
    ],
    "TxRefAmp":243.605,
    "PhaseResolution":1,
    "PhaseOversampling":0.1,
    "ReceiveCoilName":"Head_32",
    "ReceiveCoilActiveElements":"HEA;HEP",
    "PulseSequenceDetails":"%SiemensSeq%\\tse_vfl",
    "RefLinesPE":32,
    "ConsistencyInfo":"N4_VE11C_LATEST_20160120",
    "PercentPhaseFOV":100,
    "PercentSampling":100,
    "EchoTrainLength":314,
    "PhaseEncodingSteps":274,
    "AcquisitionMatrixPE":256,
    "ReconMatrixPE":256,
    "ParallelReductionFactorInPlane":2,
    "PixelBandwidth":750,
    "DwellTime":2.6e-06,
    "PhaseEncodingDirection":"i",
    "ImageOrientationPatientDICOM":[
        0,
        1,
        0,
        0,
        0,
        -1
    ],
    "InPlanePhaseEncodingDirectionDICOM":"ROW",
    "ConversionSoftware":"dcm2niix",
    "ConversionSoftwareVersion":"v1.0.20210317"
}