{
  "aor": 0.0005760702341137125,
  "aqi": 0.005102373411371237,
  "bids_meta": {
    "AccessionNumber": "8695-008",
    "AcquisitionDateTime": "2019-01-30T10:26:8.642500",
    "AcquisitionMatrixPE": 80,
    "AcquisitionNumber": 1,
    "AcquisitionTime": "10:26:8.642500",
    "BandwidthPerPixelPhaseEncode": 23.191,
    "BaseResolution": 80,
    "BodyPartExamined": "BRAIN",
    "ConsistencyInfo": "N4_VE11C_LATEST_20160120",
    "ConversionSoftware": "dcm2niix",
    "ConversionSoftwareVersion": "v1.0.20210317",
    "DerivedVendorReportedEchoSpacing": 0.000490002,
    "DeviceSerialNumber": "167050",
    "DwellTime": 2.3e-06,
    "EchoTime": 0.03,
    "EchoTrainLength": 88,
    "EffectiveEchoSpacing": 0.000539002,
    "FlipAngle": 53,
    "ImageComments": "Unaliased MB6/PE3/LB",
    "ImageOrientationPatientDICOM": [
      1,
      0,
      0,
      0,
      0.939693,
      -0.34202
    ],
    "ImageType": [
      "ORIGINAL",
      "PRIMARY",
      "M",
      "MB",
      "ND",
      "MOSAIC"
    ],
    "ImagingFrequency": 123.25,
    "InPlanePhaseEncodingDirectionDICOM": "COL",
    "InstitutionAddress": "Michigan Ave 320,Pasadena,California,US,91025",
    "InstitutionName": "Caltech Prisma64",
    "InstitutionalDepartmentName": "Department",
    "MRAcquisitionType": "2D",
    "MagneticFieldStrength": 3,
    "Manufacturer": "Siemens",
    "ManufacturersModelName": "Prisma_fit",
    "Modality": "MR",
    "MultibandAccelerationFactor": 6,
    "PartialFourier": 1,
    "PatientBirthDate": "1978-03-01",
    "PatientID": "CC0117",
    "PatientName": "CC0117",
    "PatientPosition": "HFS",
    "PatientSex": "M",
    "PatientWeight": 81.6466,
    "PercentPhaseFOV": 100,
    "PercentSampling": 100,
    "PhaseEncodingDirection": "j-",
    "PhaseEncodingSteps": 88,
    "PhaseOversampling": 0.1,
    "PhaseResolution": 1,
    "PixelBandwidth": 2715,
    "ProtocolName": "task-rest_run-01_bold",
    "PulseSequenceDetails": "%CustomerSeq%\\cmrr_mbep2d_bold",
    "ReceiveCoilActiveElements": "HEA;HEP",
    "ReceiveCoilName": "Head_32",
    "ReconMatrixPE": 80,
    "ReferringPhysicianName": "Adolphs",
    "RepetitionTime": 0.7,
    "SAR": 0.0781605,
    "ScanOptions": "FS\\EXT",
    "ScanningSequence": "EP",
    "SequenceName": "epfid2d1_80",
    "SequenceVariant": "SK\\SS\\OSP",
    "SeriesDescription": "task-rest_run-01_bold",
    "SeriesInstanceUID": "1.3.12.2.1107.5.2.43.167050.2019013010215066638012383.0.0.0",
    "SeriesNumber": 9,
    "ShimSetting": [
      6971,
      -3566,
      7908,
      399,
      -85,
      164,
      -61,
      -59
    ],
    "SliceThickness": 2.5,
    "SliceTiming": [
      0,
      0.475,
      0.27,
      0.0675,
      0.5425,
      0.34,
      0.135,
      0.61,
      0.4075,
      0.2025,
      0,
      0.475,
      0.27,
      0.0675,
      0.5425,
      0.34,
      0.135,
      0.61,
      0.4075,
      0.2025,
      0,
      0.475,
      0.27,
      0.0675,
      0.5425,
      0.34,
      0.135,
      0.61,
      0.4075,
      0.2025,
      0,
      0.475,
      0.27,
      0.0675,
      0.5425,
      0.34,
      0.135,
      0.61,
      0.4075,
      0.2025,
      0,
      0.475,
      0.27,
      0.0675,
      0.5425,
      0.34,
      0.135,
      0.61,
      0.4075,
      0.2025,
      0,
      0.475,
      0.27,
      0.0675,
      0.5425,
      0.34,
      0.135,
      0.61,
      0.4075,
      0.2025
    ],
    "SoftwareVersions": "syngo MR E11",
    "SpacingBetweenSlices": 2.5,
    "StationName": "PRISMA",
    "StudyID": "1",
    "StudyInstanceUID": "1.3.12.2.1107.5.2.43.167050.30000019012122271046500000067",
    "TaskName": "rest",
    "TotalReadoutTime": 0.0425812,
    "TxRefAmp": 263.342,
    "WipMemBlock": "5f64ef78-fda0-466b-a02e-58bc9e8b5f79||Sequence: R016 ve11c/master r/e634e98; Dec 19 2017 11:00:25 by eja",
    "dataset": "unknown",
    "modality": "bold",
    "run_id": 1,
    "session_id": "core2p2",
    "subject_id": "CC0117",
    "task_id": "rest"
  },
  "dummy_trs": 2,
  "dvars_nstd": 34.96646748832493,
  "dvars_std": 1.0709387830988273,
  "dvars_vstd": 1.0090127149078727,
  "efc": 0.5647740041156626,
  "fber": 480.9072265625,
  "fd_mean": 0.11219208790903346,
  "fd_num": 34,
  "fd_perc": 5.68561872909699,
  "fwhm_avg": 2.9877613333333337,
  "fwhm_x": 2.769756,
  "fwhm_y": 3.1341840000000003,
  "fwhm_z": 3.0593440000000003,
  "gcor": 0.0145878,
  "gsr_x": 0.004134921822696924,
  "gsr_y": 0.11226297169923782,
  "provenance": {
    "md5sum": "df90c9ed834b6297820ffbf90ffd50a3",
    "settings": {
      "fd_thres": 0.2,
      "hmc_fsl": false
    },
    "software": "mriqc",
    "version": "0.15.0",
    "webapi_port": null,
    "webapi_url": "https://mriqc.nimh.nih.gov/api/v1"
  },
  "size_t": 598,
  "size_x": 80,
  "size_y": 80,
  "size_z": 60,
  "snr": 2.1120974369662813,
  "spacing_tr": 0.699999988079071,
  "spacing_x": 2.5,
  "spacing_y": 2.5,
  "spacing_z": 2.5,
  "summary_bg_k": 18.730065608732954,
  "summary_bg_mad": 91.50235748291016,
  "summary_bg_mean": 402.9165954589844,
  "summary_bg_median": 151.7023468017578,
  "summary_bg_n": 221589.0,
  "summary_bg_p05": 81.4732437133789,
  "summary_bg_p95": 1692.8089599609327,
  "summary_bg_stdv": 651.9924926757812,
  "summary_fg_k": 1.0714273797587746,
  "summary_fg_mad": 1517.558837890625,
  "summary_fg_mean": 3866.182861328125,
  "summary_fg_median": 3607.234130859375,
  "summary_fg_n": 97776.0,
  "summary_fg_p05": 1522.1183471679688,
  "summary_fg_p95": 7128.2767333984375,
  "summary_fg_stdv": 1707.8831787109375,
  "tsnr": 39.79941940307617
}