{
  "aor": 0.0016897027600849257,
  "aqi": 0.004537068683651805,
  "bids_meta": {
    "AccessionNumber": "8710-001",
    "AcquisitionDateTime": "2019-02-06T14:28:7.317500",
    "AcquisitionMatrixPE": 80,
    "AcquisitionNumber": 1,
    "AcquisitionTime": "14:28:7.317500",
    "BandwidthPerPixelPhaseEncode": 23.191,
    "BaseResolution": 80,
    "BodyPartExamined": "BRAIN",
    "ConsistencyInfo": "N4_VE11C_LATEST_20160120",
    "ConversionSoftware": "dcm2niix",
    "ConversionSoftwareVersion": "v1.0.20210317",
    "DerivedVendorReportedEchoSpacing": 0.000490002,
    "DeviceSerialNumber": "167050",
    "DwellTime": 2.3e-06,
    "EchoTime": 0.03,
    "EchoTrainLength": 88,
    "EffectiveEchoSpacing": 0.000539002,
    "FlipAngle": 53,
    "ImageComments": "Unaliased MB6/PE3/LB",
    "ImageOrientationPatientDICOM": [
      1,
      0,
      0,
      0,
      0.939693,
      -0.34202
    ],
    "ImageType": [
      "ORIGINAL",
      "PRIMARY",
      "M",
      "MB",
      "ND",
      "MOSAIC"
    ],
    "ImagingFrequency": 123.25,
    "InPlanePhaseEncodingDirectionDICOM": "COL",
    "InstitutionAddress": "Michigan Ave 320,Pasadena,California,US,91025",
    "InstitutionName": "Caltech Prisma64",
    "InstitutionalDepartmentName": "Department",
    "MRAcquisitionType": "2D",
    "MagneticFieldStrength": 3,
    "Manufacturer": "Siemens",
    "ManufacturersModelName": "Prisma_fit",
    "Modality": "MR",
    "MultibandAccelerationFactor": 6,
    "PartialFourier": 1,
    "PatientBirthDate": "1995-08-01",
    "PatientID": "CC0181",
    "PatientName": "CC0181",
    "PatientPosition": "HFS",
    "PatientSex": "M",
    "PatientWeight": 76.2035,
    "PercentPhaseFOV": 100,
    "PercentSampling": 100,
    "PhaseEncodingDirection": "j-",
    "PhaseEncodingSteps": 88,
    "PhaseOversampling": 0.1,
    "PhaseResolution": 1,
    "PixelBandwidth": 2715,
    "ProtocolName": "task-pixar_run-01_bold",
    "PulseSequenceDetails": "%CustomerSeq%\\cmrr_mbep2d_bold",
    "ReceiveCoilActiveElements": "HEA;HEP",
    "ReceiveCoilName": "Head_32",
    "ReconMatrixPE": 80,
    "ReferringPhysicianName": "Adolphs",
    "RepetitionTime": 0.7,
    "SAR": 0.0758057,
    "ScanOptions": "FS\\EXT",
    "ScanningSequence": "EP",
    "SequenceName": "epfid2d1_80",
    "SequenceVariant": "SK\\SS\\OSP",
    "SeriesDescription": "task-pixar_run-01_bold",
    "SeriesInstanceUID": "1.3.12.2.1107.5.2.43.167050.2019020614261346105283854.0.0.0",
    "SeriesNumber": 34,
    "ShimSetting": [
      6955,
      -3589,
      7921,
      471,
      -160,
      -28,
      -98,
      24
    ],
    "SliceThickness": 2.5,
    "SliceTiming": [
      0,
      0.475,
      0.2725,
      0.0675,
      0.545,
      0.34,
      0.135,
      0.6125,
      0.4075,
      0.205,
      0,
      0.475,
      0.2725,
      0.0675,
      0.545,
      0.34,
      0.135,
      0.6125,
      0.4075,
      0.205,
      0,
      0.475,
      0.2725,
      0.0675,
      0.545,
      0.34,
      0.135,
      0.6125,
      0.4075,
      0.205,
      0,
      0.475,
      0.2725,
      0.0675,
      0.545,
      0.34,
      0.135,
      0.6125,
      0.4075,
      0.205,
      0,
      0.475,
      0.2725,
      0.0675,
      0.545,
      0.34,
      0.135,
      0.6125,
      0.4075,
      0.205,
      0,
      0.475,
      0.2725,
      0.0675,
      0.545,
      0.34,
      0.135,
      0.6125,
      0.4075,
      0.205
    ],
    "SoftwareVersions": "syngo MR E11",
    "SpacingBetweenSlices": 2.5,
    "StationName": "PRISMA",
    "StudyID": "1",
    "StudyInstanceUID": "1.3.12.2.1107.5.2.43.167050.30000019012122271046500000127",
    "TaskName": "pixar",
    "TotalReadoutTime": 0.0425812,
    "TxRefAmp": 251.571,
    "WipMemBlock": "953e8031-c0fa-41fd-880a-85f6c34b6908||Sequence: R016 ve11c/master r/e634e98; Dec 19 2017 11:00:25 by eja",
    "dataset": "unknown",
    "modality": "bold",
    "run_id": 1,
    "session_id": "core2p2",
    "subject_id": "CC0181",
    "task_id": "pixar"
  },
  "dummy_trs": 5,
  "dvars_nstd": 34.53968864597873,
  "dvars_std": 1.0351443155531923,
  "dvars_vstd": 1.0686066458723404,
  "efc": 0.5350933005704579,
  "fber": 673.7794189453125,
  "fd_mean": 0.16885526939956033,
  "fd_num": 124,
  "fd_perc": 26.326963906581742,
  "fwhm_avg": 2.837616,
  "fwhm_x": 2.6638,
  "fwhm_y": 2.9953320000000003,
  "fwhm_z": 2.853716,
  "gcor": 0.0116686,
  "gsr_x": 0.007204502820968628,
  "gsr_y": 0.0893927663564682,
  "provenance": {
    "md5sum": "3dd8c188c1e27a5c56e71fc62c4876a7",
    "settings": {
      "fd_thres": 0.2,
      "hmc_fsl": false
    },
    "software": "mriqc",
    "version": "0.15.0",
    "webapi_port": null,
    "webapi_url": "https://mriqc.nimh.nih.gov/api/v1"
  },
  "size_t": 471,
  "size_x": 80,
  "size_y": 80,
  "size_z": 60,
  "snr": 1.9929665287985907,
  "spacing_tr": 0.699999988079071,
  "spacing_x": 2.5,
  "spacing_y": 2.5,
  "spacing_z": 2.5,
  "summary_bg_k": 18.19390258698699,
  "summary_bg_mad": 73.60284423828125,
  "summary_bg_mean": 373.20953369140625,
  "summary_bg_median": 135.34075927734375,
  "summary_bg_n": 230290.0,
  "summary_bg_p05": 79.3014907836914,
  "summary_bg_p95": 1616.7193420410154,
  "summary_bg_stdv": 634.8118286132812,
  "summary_fg_k": 0.9550237265977546,
  "summary_fg_mad": 1694.2147216796875,
  "summary_fg_mean": 4224.103515625,
  "summary_fg_median": 3819.927978515625,
  "summary_fg_n": 90731.0,
  "summary_fg_p05": 1807.8525390625,
  "summary_fg_p95": 7965.895263671875,
  "summary_fg_stdv": 1916.6939697265625,
  "tsnr": 38.17641830444336
}