{
  "aor": 0.0014133760683760683,
  "aqi": 0.007595369074074074,
  "bids_meta": {
    "AccessionNumber": "8468-009",
    "AcquisitionDateTime": "2018-05-03T11:26:19.365000",
    "AcquisitionMatrixPE": 80,
    "AcquisitionNumber": 1,
    "AcquisitionTime": "11:26:19.365000",
    "BandwidthPerPixelPhaseEncode": 23.191,
    "BaseResolution": 80,
    "BodyPartExamined": "BRAIN",
    "ConsistencyInfo": "N4_VE11C_LATEST_20160120",
    "ConversionSoftware": "dcm2niix",
    "ConversionSoftwareVersion": "v1.0.20210317",
    "DerivedVendorReportedEchoSpacing": 0.000490002,
    "DeviceSerialNumber": "167050",
    "DwellTime": 2.3e-06,
    "EchoTime": 0.03,
    "EchoTrainLength": 88,
    "EffectiveEchoSpacing": 0.000539002,
    "FlipAngle": 53,
    "ImageComments": "Unaliased MB6/PE3/LB",
    "ImageOrientationPatientDICOM": [
      1,
      0,
      0,
      0,
      0.939693,
      -0.34202
    ],
    "ImageType": [
      "ORIGINAL",
      "PRIMARY",
      "M",
      "MB",
      "ND",
      "MOSAIC"
    ],
    "ImagingFrequency": 123.25,
    "InPlanePhaseEncodingDirectionDICOM": "COL",
    "InstitutionAddress": "Michigan Ave 320,Pasadena,California,US,91025",
    "InstitutionName": "Caltech Prisma64",
    "InstitutionalDepartmentName": "Department",
    "MRAcquisitionType": "2D",
    "MagneticFieldStrength": 3,
    "Manufacturer": "Siemens",
    "ManufacturersModelName": "Prisma_fit",
    "Modality": "MR",
    "MultibandAccelerationFactor": 6,
    "PartialFourier": 1,
    "PatientBirthDate": "1981-02-01",
    "PatientID": "CC0011",
    "PatientName": "CC0011",
    "PatientPosition": "HFS",
    "PatientSex": "M",
    "PatientWeight": 72.5748,
    "PercentPhaseFOV": 100,
    "PercentSampling": 100,
    "PhaseEncodingDirection": "j-",
    "PhaseEncodingSteps": 88,
    "PhaseOversampling": 0.1,
    "PhaseResolution": 1,
    "PixelBandwidth": 2715,
    "ProcedureStepDescription": "Conte Core",
    "ProtocolName": "task-bang_bold",
    "PulseSequenceDetails": "%CustomerSeq%\\cmrr_mbep2d_bold",
    "ReceiveCoilActiveElements": "HEA;HEP",
    "ReceiveCoilName": "Head_32",
    "ReconMatrixPE": 80,
    "ReferringPhysicianName": "Adolphs",
    "RepetitionTime": 0.7,
    "SAR": 0.0978764,
    "ScanOptions": "FS\\EXT",
    "ScanningSequence": "EP",
    "SequenceName": "epfid2d1_80",
    "SequenceVariant": "SK\\SS\\OSP",
    "SeriesDescription": "task-bang_bold",
    "SeriesInstanceUID": "1.3.12.2.1107.5.2.43.167050.2018050311243181991311859.0.0.0",
    "SeriesNumber": 27,
    "ShimSetting": [
      6979,
      -3603,
      7969,
      464,
      2,
      101,
      8,
      21
    ],
    "SliceThickness": 2.5,
    "SliceTiming": [
      0,
      0.4775,
      0.2725,
      0.07,
      0.545,
      0.34,
      0.1375,
      0.6125,
      0.41,
      0.205,
      0,
      0.4775,
      0.2725,
      0.07,
      0.545,
      0.34,
      0.1375,
      0.6125,
      0.41,
      0.205,
      0,
      0.4775,
      0.2725,
      0.07,
      0.545,
      0.34,
      0.1375,
      0.6125,
      0.41,
      0.205,
      0,
      0.4775,
      0.2725,
      0.07,
      0.545,
      0.34,
      0.1375,
      0.6125,
      0.41,
      0.205,
      0,
      0.4775,
      0.2725,
      0.07,
      0.545,
      0.34,
      0.1375,
      0.6125,
      0.41,
      0.205,
      0,
      0.4775,
      0.2725,
      0.07,
      0.545,
      0.34,
      0.1375,
      0.6125,
      0.41,
      0.205
    ],
    "SoftwareVersions": "syngo MR E11",
    "SpacingBetweenSlices": 2.5,
    "StationName": "PRISMA",
    "StudyID": "1",
    "StudyInstanceUID": "1.3.12.2.1107.5.2.43.167050.30000018042619061766300000013",
    "TaskName": "bang",
    "TotalReadoutTime": 0.0425812,
    "TxRefAmp": 274.019,
    "WipMemBlock": "7f1559f1-8f1c-414c-9a27-c65ab31848dd||Sequence: R016 ve11c/master r/e634e98; Dec 19 2017 11:00:25 by eja",
    "dataset": "unknown",
    "modality": "bold",
    "run_id": 1,
    "session_id": "core2p2",
    "subject_id": "CC0011",
    "task_id": "bang"
  },
  "dummy_trs": 8,
  "dvars_nstd": 38.87613259509269,
  "dvars_std": 1.058235334165478,
  "dvars_vstd": 0.9740317684308133,
  "efc": 0.5413385735278747,
  "fber": 645.7471313476562,
  "fd_mean": 0.1712550024680866,
  "fd_num": 262,
  "fd_perc": 37.32193732193732,
  "fwhm_avg": 2.9212226666666665,
  "fwhm_x": 2.577912,
  "fwhm_y": 3.035212,
  "fwhm_z": 3.150544,
  "gcor": 0.00733114,
  "gsr_x": 0.012682139873504639,
  "gsr_y": 0.12793560326099396,
  "provenance": {
    "md5sum": "8e8e310697766388527ea4cfd4623795",
    "settings": {
      "fd_thres": 0.2,
      "hmc_fsl": false
    },
    "software": "mriqc",
    "version": "0.15.0",
    "webapi_port": null,
    "webapi_url": "https://mriqc.nimh.nih.gov/api/v1"
  },
  "size_t": 702,
  "size_x": 80,
  "size_y": 80,
  "size_z": 60,
  "snr": 2.0782160475719116,
  "spacing_tr": 0.699999988079071,
  "spacing_x": 2.5,
  "spacing_y": 2.5,
  "spacing_z": 2.5,
  "summary_bg_k": 26.922870037809677,
  "summary_bg_mad": 69.91356658935547,
  "summary_bg_mean": 358.15032958984375,
  "summary_bg_median": 128.53775024414062,
  "summary_bg_n": 231566.0,
  "summary_bg_p05": 76.00712585449219,
  "summary_bg_p95": 1558.0003356933594,
  "summary_bg_stdv": 619.8328247070312,
  "summary_fg_k": 1.4891482144186918,
  "summary_fg_mad": 1423.8961181640625,
  "summary_fg_mean": 3872.907958984375,
  "summary_fg_median": 3510.270751953125,
  "summary_fg_n": 91199.0,
  "summary_fg_p05": 1762.1878417968749,
  "summary_fg_p95": 7174.226904296867,
  "summary_fg_stdv": 1689.069580078125,
  "tsnr": 34.7403564453125
}