{
    "Modality":"MR",
    "MagneticFieldStrength":3,
    "ImagingFrequency":123.229,
    "Manufacturer":"Siemens",
    "ManufacturersModelName":"TrioTim",
    "InstitutionName":"Caltech Tim32",
    "InstitutionalDepartmentName":"Department",
    "InstitutionAddress":"Wilson Avenue 340 ,Pasadena,California,US,91025",
    "DeviceSerialNumber":"35077",
    "StationName":"MEDPC",
    "SeriesInstanceUID":"1.3.12.2.1107.5.2.32.35077.2013090316490623318272888.0.0.0",
    "StudyInstanceUID":"1.3.12.2.1107.5.2.32.35077.30000013090317184432800000007",
    "StudyID":"1",
    "PatientName":"CC0080",
    "PatientID":"adolphs",
    "AccessionNumber":"7182-001",
    "PatientBirthDate":"1978-01-01",
    "PatientSex":"M",
    "PatientWeight":81.6466,
    "PatientPosition":"HFS",
    "ProcedureStepDescription":"Conte^Core",
    "SoftwareVersions":"syngo MR B17",
    "MRAcquisitionType":"3D",
    "SeriesDescription":"T1_2",
    "ProtocolName":"T1_2",
    "ScanningSequence":"GR\\IR",
    "SequenceVariant":"SP\\MP",
    "ScanOptions":"IR",
    "SequenceName":"*tfl3d1",
    "ImageType":[
        "ORIGINAL",
        "PRIMARY",
        "M",
        "ND",
        "NORM"
    ],
    "SeriesNumber":14,
    "AcquisitionTime":"16:49:23.465000",
    "AcquisitionDateTime":"2013-09-03T16:49:23.465000",
    "AcquisitionNumber":1,
    "SliceThickness":1,
    "SAR":0.140197,
    "EchoTime":0.00291,
    "RepetitionTime":1.5,
    "InversionTime":0.8,
    "FlipAngle":10,
    "PartialFourier":1,
    "BaseResolution":256,
    "ShimSetting":[
        9556,
        -10483,
        15656,
        296,
        3,
        -138,
        7,
        42
    ],
    "TxRefAmp":331.223,
    "PhaseResolution":1,
    "ReceiveCoilName":"32Ch_Head",
    "CoilString":"C:HEA;HEP",
    "PulseSequenceDetails":"%SiemensSeq%\\tfl",
    "PercentPhaseFOV":100,
    "PercentSampling":100,
    "PhaseEncodingSteps":256,
    "AcquisitionMatrixPE":256,
    "ReconMatrixPE":256,
    "PixelBandwidth":179,
    "DwellTime":1.09e-05,
    "ImageOrientationPatientDICOM":[
        0,
        1,
        0,
        0,
        0,
        -1
    ],
    "InPlanePhaseEncodingDirectionDICOM":"ROW",
    "ConversionSoftware":"dcm2niix",
    "ConversionSoftwareVersion":"v1.0.20210317"
}