{
  "aor": 0.00027708542713567844,
  "aqi": 0.003348319430485762,
  "bids_meta": {
    "AccessionNumber": "8877-001",
    "AcquisitionDateTime": "2019-05-22T13:48:53.545000",
    "AcquisitionMatrixPE": 80,
    "AcquisitionNumber": 1,
    "AcquisitionTime": "13:48:53.545000",
    "BandwidthPerPixelPhaseEncode": 23.191,
    "BaseResolution": 80,
    "BodyPartExamined": "BRAIN",
    "ConsistencyInfo": "N4_VE11C_LATEST_20160120",
    "ConversionSoftware": "dcm2niix",
    "ConversionSoftwareVersion": "v1.0.20210317",
    "DerivedVendorReportedEchoSpacing": 0.000490002,
    "DeviceSerialNumber": "167050",
    "DwellTime": 2.3e-06,
    "EchoTime": 0.03,
    "EchoTrainLength": 88,
    "EffectiveEchoSpacing": 0.000539002,
    "FlipAngle": 53,
    "ImageComments": "Unaliased MB6/PE3/LB",
    "ImageOrientationPatientDICOM": [
      1,
      0,
      0,
      0,
      0.939693,
      -0.34202
    ],
    "ImageType": [
      "ORIGINAL",
      "PRIMARY",
      "M",
      "MB",
      "ND",
      "MOSAIC"
    ],
    "ImagingFrequency": 123.25,
    "InPlanePhaseEncodingDirectionDICOM": "COL",
    "InstitutionAddress": "Michigan Ave 320,Pasadena,California,US,91025",
    "InstitutionName": "Caltech Prisma32",
    "InstitutionalDepartmentName": "Department",
    "MRAcquisitionType": "2D",
    "MagneticFieldStrength": 3,
    "Manufacturer": "Siemens",
    "ManufacturersModelName": "Prisma_fit",
    "Modality": "MR",
    "MultibandAccelerationFactor": 6,
    "PartialFourier": 1,
    "PatientBirthDate": "1991-02-01",
    "PatientID": "CC0191",
    "PatientName": "CC0191",
    "PatientPosition": "HFS",
    "PatientSex": "F",
    "PatientWeight": 79.8323,
    "PercentPhaseFOV": 100,
    "PercentSampling": 100,
    "PhaseEncodingDirection": "j-",
    "PhaseEncodingSteps": 88,
    "PhaseOversampling": 0.1,
    "PhaseResolution": 1,
    "PixelBandwidth": 2715,
    "ProtocolName": "task-rest_run-02_bold",
    "PulseSequenceDetails": "%CustomerSeq%\\cmrr_mbep2d_bold",
    "ReceiveCoilActiveElements": "HEA;HEP",
    "ReceiveCoilName": "Head_32",
    "ReconMatrixPE": 80,
    "ReferringPhysicianName": "Adolphs",
    "RepetitionTime": 0.7,
    "SAR": 0.100482,
    "ScanOptions": "FS\\EXT",
    "ScanningSequence": "EP",
    "SequenceName": "epfid2d1_80",
    "SequenceVariant": "SK\\SS\\OSP",
    "SeriesDescription": "task-rest_run-02_bold",
    "SeriesInstanceUID": "1.3.12.2.1107.5.2.43.167050.2019052213474371698575886.0.0.0",
    "SeriesNumber": 16,
    "ShimSetting": [
      6999,
      -3708,
      7919,
      333,
      -8,
      -145,
      56,
      38
    ],
    "SliceThickness": 2.5,
    "SliceTiming": [
      0,
      0.475,
      0.2725,
      0.0675,
      0.545,
      0.34,
      0.135,
      0.6125,
      0.4075,
      0.205,
      0,
      0.475,
      0.2725,
      0.0675,
      0.545,
      0.34,
      0.135,
      0.6125,
      0.4075,
      0.205,
      0,
      0.475,
      0.2725,
      0.0675,
      0.545,
      0.34,
      0.135,
      0.6125,
      0.4075,
      0.205,
      0,
      0.475,
      0.2725,
      0.0675,
      0.545,
      0.34,
      0.135,
      0.6125,
      0.4075,
      0.205,
      0,
      0.475,
      0.2725,
      0.0675,
      0.545,
      0.34,
      0.135,
      0.6125,
      0.4075,
      0.205,
      0,
      0.475,
      0.2725,
      0.0675,
      0.545,
      0.34,
      0.135,
      0.6125,
      0.4075,
      0.205
    ],
    "SoftwareVersions": "syngo MR E11",
    "SpacingBetweenSlices": 2.5,
    "StationName": "PRISMA",
    "StudyID": "1",
    "StudyInstanceUID": "1.3.12.2.1107.5.2.43.167050.30000019050821005867900000133",
    "TaskName": "rest",
    "TotalReadoutTime": 0.0425812,
    "TxRefAmp": 289.208,
    "WipMemBlock": "660b2521-9130-41a8-a73b-cf9512fc8cde||Sequence: R016 ve11c/master r/e634e98; Dec 19 2017 11:00:25 by eja",
    "dataset": "unknown",
    "modality": "bold",
    "run_id": 2,
    "session_id": "core2p2",
    "subject_id": "CC0191",
    "task_id": "rest"
  },
  "dummy_trs": 3,
  "dvars_nstd": 32.613182455083894,
  "dvars_std": 1.0298476916946315,
  "dvars_vstd": 0.9992981514429543,
  "efc": 0.535279836383814,
  "fber": 478.9290771484375,
  "fd_mean": 0.15482288863910598,
  "fd_num": 221,
  "fd_perc": 37.018425460636514,
  "fwhm_avg": 2.901782666666666,
  "fwhm_x": 2.666664,
  "fwhm_y": 3.130352,
  "fwhm_z": 2.908332,
  "gcor": 0.00347269,
  "gsr_x": 0.005168749950826168,
  "gsr_y": 0.07717675715684891,
  "provenance": {
    "md5sum": "a5f013c0cbf5b74872735e027527042d",
    "settings": {
      "fd_thres": 0.2,
      "hmc_fsl": false
    },
    "software": "mriqc",
    "version": "0.15.0",
    "webapi_port": null,
    "webapi_url": "https://mriqc.nimh.nih.gov/api/v1"
  },
  "size_t": 597,
  "size_x": 80,
  "size_y": 80,
  "size_z": 60,
  "snr": 2.367576941869531,
  "spacing_tr": 0.699999988079071,
  "spacing_x": 2.5,
  "spacing_y": 2.5,
  "spacing_z": 2.5,
  "summary_bg_k": 21.559031267496007,
  "summary_bg_mad": 101.7581787109375,
  "summary_bg_mean": 376.44110107421875,
  "summary_bg_median": 156.1892852783203,
  "summary_bg_n": 246299.0,
  "summary_bg_p05": 80.5795669555664,
  "summary_bg_p95": 1441.3778320312483,
  "summary_bg_stdv": 581.6142578125,
  "summary_fg_k": 1.2006052658982087,
  "summary_fg_mad": 1495.58837890625,
  "summary_fg_mean": 3935.966796875,
  "summary_fg_median": 3713.512451171875,
  "summary_fg_n": 77089.0,
  "summary_fg_p05": 1764.1798339843751,
  "summary_fg_p95": 6725.363085937497,
  "summary_fg_stdv": 1568.476318359375,
  "tsnr": 42.09381866455078
}