{
  "aor": 0.00019284210526315787,
  "aqi": 0.0052350697684210535,
  "bids_meta": {
    "AccessionNumber": "8877-001",
    "AcquisitionDateTime": "2019-05-22T14:30:50.755000",
    "AcquisitionMatrixPE": 80,
    "AcquisitionNumber": 1,
    "AcquisitionTime": "14:30:50.755000",
    "BandwidthPerPixelPhaseEncode": 23.191,
    "BaseResolution": 80,
    "BodyPartExamined": "BRAIN",
    "ConsistencyInfo": "N4_VE11C_LATEST_20160120",
    "ConversionSoftware": "dcm2niix",
    "ConversionSoftwareVersion": "v1.0.20210317",
    "DerivedVendorReportedEchoSpacing": 0.000490002,
    "DeviceSerialNumber": "167050",
    "DwellTime": 2.3e-06,
    "EchoTime": 0.03,
    "EchoTrainLength": 88,
    "EffectiveEchoSpacing": 0.000539002,
    "FlipAngle": 53,
    "ImageComments": "Unaliased MB6/PE3/LB",
    "ImageOrientationPatientDICOM": [
      1,
      0,
      0,
      0,
      0.939693,
      -0.34202
    ],
    "ImageType": [
      "ORIGINAL",
      "PRIMARY",
      "M",
      "MB",
      "ND",
      "MOSAIC"
    ],
    "ImagingFrequency": 123.25,
    "InPlanePhaseEncodingDirectionDICOM": "COL",
    "InstitutionAddress": "Michigan Ave 320,Pasadena,California,US,91025",
    "InstitutionName": "Caltech Prisma32",
    "InstitutionalDepartmentName": "Department",
    "MRAcquisitionType": "2D",
    "MagneticFieldStrength": 3,
    "Manufacturer": "Siemens",
    "ManufacturersModelName": "Prisma_fit",
    "Modality": "MR",
    "MultibandAccelerationFactor": 6,
    "PartialFourier": 1,
    "PatientBirthDate": "1991-02-01",
    "PatientID": "CC0191",
    "PatientName": "CC0191",
    "PatientPosition": "HFS",
    "PatientSex": "F",
    "PatientWeight": 79.8323,
    "PercentPhaseFOV": 100,
    "PercentSampling": 100,
    "PhaseEncodingDirection": "j-",
    "PhaseEncodingSteps": 88,
    "PhaseOversampling": 0.1,
    "PhaseResolution": 1,
    "PixelBandwidth": 2715,
    "ProtocolName": "task-pixar_run-01_bold",
    "PulseSequenceDetails": "%CustomerSeq%\\cmrr_mbep2d_bold",
    "ReceiveCoilActiveElements": "HEA;HEP",
    "ReceiveCoilName": "Head_32",
    "ReconMatrixPE": 80,
    "ReferringPhysicianName": "Adolphs",
    "RepetitionTime": 0.7,
    "SAR": 0.100321,
    "ScanOptions": "FS\\EXT",
    "ScanningSequence": "EP",
    "SequenceName": "epfid2d1_80",
    "SequenceVariant": "SK\\SS\\OSP",
    "SeriesDescription": "task-pixar_run-01_bold",
    "SeriesInstanceUID": "1.3.12.2.1107.5.2.43.167050.2019052214282633435822135.0.0.0",
    "SeriesNumber": 37,
    "ShimSetting": [
      6999,
      -3708,
      7919,
      333,
      -8,
      -145,
      56,
      38
    ],
    "SliceThickness": 2.5,
    "SliceTiming": [
      0,
      0.475,
      0.2725,
      0.0675,
      0.545,
      0.34,
      0.135,
      0.6125,
      0.4075,
      0.205,
      0,
      0.475,
      0.2725,
      0.0675,
      0.545,
      0.34,
      0.135,
      0.6125,
      0.4075,
      0.205,
      0,
      0.475,
      0.2725,
      0.0675,
      0.545,
      0.34,
      0.135,
      0.6125,
      0.4075,
      0.205,
      0,
      0.475,
      0.2725,
      0.0675,
      0.545,
      0.34,
      0.135,
      0.6125,
      0.4075,
      0.205,
      0,
      0.475,
      0.2725,
      0.0675,
      0.545,
      0.34,
      0.135,
      0.6125,
      0.4075,
      0.205,
      0,
      0.475,
      0.2725,
      0.0675,
      0.545,
      0.34,
      0.135,
      0.6125,
      0.4075,
      0.205
    ],
    "SoftwareVersions": "syngo MR E11",
    "SpacingBetweenSlices": 2.5,
    "StationName": "PRISMA",
    "StudyID": "1",
    "StudyInstanceUID": "1.3.12.2.1107.5.2.43.167050.30000019050821005867900000133",
    "TaskName": "pixar",
    "TotalReadoutTime": 0.0425812,
    "TxRefAmp": 289.208,
    "WipMemBlock": "cd85fa77-473b-446f-9afe-9dccafcb4770||Sequence: R016 ve11c/master r/e634e98; Dec 19 2017 11:00:25 by eja",
    "dataset": "unknown",
    "modality": "bold",
    "run_id": 1,
    "session_id": "core2p2",
    "subject_id": "CC0191",
    "task_id": "pixar"
  },
  "dummy_trs": 1,
  "dvars_nstd": 33.111256390358626,
  "dvars_std": 0.9856631419198304,
  "dvars_vstd": 0.9669400003375527,
  "efc": 0.5381435655657322,
  "fber": 472.1523132324219,
  "fd_mean": 0.1460830390427958,
  "fd_num": 141,
  "fd_perc": 29.68421052631579,
  "fwhm_avg": 2.9282559999999997,
  "fwhm_x": 2.671764,
  "fwhm_y": 3.152392,
  "fwhm_z": 2.9606120000000002,
  "gcor": 0.00537709,
  "gsr_x": 0.010151500813663006,
  "gsr_y": 0.07812531292438507,
  "provenance": {
    "md5sum": "7dc8a28b8359f2c67a335c4bfbdb88e2",
    "settings": {
      "fd_thres": 0.2,
      "hmc_fsl": false
    },
    "software": "mriqc",
    "version": "0.15.0",
    "webapi_port": null,
    "webapi_url": "https://mriqc.nimh.nih.gov/api/v1"
  },
  "size_t": 475,
  "size_x": 80,
  "size_y": 80,
  "size_z": 60,
  "snr": 2.3996652459901653,
  "spacing_tr": 0.699999988079071,
  "spacing_x": 2.5,
  "spacing_y": 2.5,
  "spacing_z": 2.5,
  "summary_bg_k": 21.007242986465858,
  "summary_bg_mad": 100.10061645507812,
  "summary_bg_mean": 372.3722229003906,
  "summary_bg_median": 154.82630920410156,
  "summary_bg_n": 245738.0,
  "summary_bg_p05": 80.983154296875,
  "summary_bg_p95": 1427.6924865722647,
  "summary_bg_stdv": 567.2102661132812,
  "summary_fg_k": 1.0137710410708927,
  "summary_fg_mad": 1447.85595703125,
  "summary_fg_mean": 3854.488037109375,
  "summary_fg_median": 3644.385009765625,
  "summary_fg_n": 77615.0,
  "summary_fg_p05": 1721.4647705078128,
  "summary_fg_p95": 6563.6720703125,
  "summary_fg_stdv": 1518.69580078125,
  "tsnr": 37.651954650878906
}