{
  "bids_meta": {
    "AccessionNumber": "8006-001",
    "AcquisitionDateTime": "2015-11-03T12:34:33.682500",
    "AcquisitionMatrixPE": 256,
    "AcquisitionNumber": 1,
    "AcquisitionTime": "12:34:33.682500",
    "BaseResolution": 256,
    "CoilString": "C:HEA;HEP",
    "ConversionSoftware": "dcm2niix",
    "ConversionSoftwareVersion": "v1.0.20210317",
    "DeviceSerialNumber": "35077",
    "DwellTime": 9.3e-06,
    "EchoTime": 0.00256,
    "FlipAngle": 8,
    "ImageOrientationPatientDICOM": [
      0,
      1,
      0,
      0,
      0,
      -1
    ],
    "ImageType": [
      "ORIGINAL",
      "PRIMARY",
      "M",
      "NORM",
      "DIS2D"
    ],
    "ImagingFrequency": 123.229,
    "InPlanePhaseEncodingDirectionDICOM": "ROW",
    "InstitutionAddress": "Wilson Avenue 340 ,Pasadena,California,US,91025",
    "InstitutionName": "Caltech Tim32",
    "InstitutionalDepartmentName": "Department",
    "InversionTime": 1,
    "MRAcquisitionType": "3D",
    "MagneticFieldStrength": 3,
    "Manufacturer": "Siemens",
    "ManufacturersModelName": "TrioTim",
    "Modality": "MR",
    "ParallelReductionFactorInPlane": 2,
    "PartialFourier": 1,
    "PatientBirthDate": "1994-01-01",
    "PatientID": "adolphs",
    "PatientName": "CC0061",
    "PatientPosition": "HFS",
    "PatientSex": "M",
    "PatientWeight": 70.3068,
    "PercentPhaseFOV": 100,
    "PercentSampling": 100,
    "PhaseEncodingSteps": 282,
    "PhaseOversampling": 0.1,
    "PhaseResolution": 1,
    "PixelBandwidth": 210,
    "ProcedureStepDescription": "Conte^Core",
    "ProtocolName": "T1w_3D_2",
    "PulseSequenceDetails": "%SiemensSeq%\\tfl",
    "ReceiveCoilName": "32Ch_Head",
    "ReconMatrixPE": 256,
    "RefLinesPE": 32,
    "RepetitionTime": 2.4,
    "SAR": 0.0886154,
    "ScanOptions": "IR\\DB\\WE",
    "ScanningSequence": "GR\\IR",
    "SequenceName": "*tfl3d1",
    "SequenceVariant": "SP\\MP\\OSP",
    "SeriesDescription": "T1w_3D_2",
    "SeriesInstanceUID": "1.3.12.2.1107.5.2.32.35077.2015110312343144208721533.0.0.0",
    "SeriesNumber": 17,
    "ShimSetting": [
      9546,
      -10535,
      15709,
      558,
      91,
      51,
      196,
      -36
    ],
    "SliceThickness": 1,
    "SoftwareVersions": "syngo MR B17",
    "StationName": "MEDPC",
    "StudyID": "1",
    "StudyInstanceUID": "1.3.12.2.1107.5.2.32.35077.30000015110319573087500000001",
    "TxRefAmp": 300.844,
    "dataset": "unknown",
    "modality": "T1w",
    "run_id": 4,
    "session_id": "core1p3p1",
    "subject_id": "CC0061"
  },
  "cjv": 0.415356894521598,
  "cnr": 3.1093724780706022,
  "efc": 0.5154688402893228,
  "fber": 3915.3837890625,
  "fwhm_avg": 3.880103333333333,
  "fwhm_x": 3.72819,
  "fwhm_y": 3.99401,
  "fwhm_z": 3.91811,
  "icvs_csf": 0.18885676034427787,
  "icvs_gm": 0.43666017716031374,
  "icvs_wm": 0.37448306249540836,
  "inu_med": 1.5609407424926758,
  "inu_range": 0.4849494695663452,
  "provenance": {
    "md5sum": "8ea22d8617b2793b0440bcc2260f3415",
    "settings": {
      "testing": false
    },
    "software": "mriqc",
    "version": "0.15.0",
    "warnings": {
      "large_rot_frame": true,
      "small_air_mask": false
    },
    "webapi_port": null,
    "webapi_url": "https://mriqc.nimh.nih.gov/api/v1"
  },
  "qi_1": 0.0,
  "qi_2": 0.013770158199593712,
  "rpve_csf": 30.362298065265403,
  "rpve_gm": 14.202521753556942,
  "rpve_wm": 19.486888489404926,
  "size_x": 192,
  "size_y": 256,
  "size_z": 256,
  "snr_csf": 2.1809803199274955,
  "snr_gm": 9.591548340777853,
  "snr_total": 10.343901313062192,
  "snr_wm": 19.25917527848123,
  "snrd_csf": 36.96290684088515,
  "snrd_gm": 98.5413868274482,
  "snrd_total": 91.02432410451358,
  "snrd_wm": 137.56867864520737,
  "spacing_x": 1.0,
  "spacing_y": 1.0,
  "spacing_z": 1.0,
  "summary_bg_k": 16.474968494839327,
  "summary_bg_mad": 4.7623114585876465,
  "summary_bg_mean": 7.385024547576904,
  "summary_bg_median": 6.4227447509765625,
  "summary_bg_n": 3501753.0,
  "summary_bg_p05": 0.0,
  "summary_bg_p95": 19.331998825073242,
  "summary_bg_stdv": 7.166480541229248,
  "summary_csf_k": 0.5810231476183576,
  "summary_csf_mad": 104.97340393066406,
  "summary_csf_mean": 297.3426208496094,
  "summary_csf_median": 268.6904296875,
  "summary_csf_n": 11600.0,
  "summary_csf_p05": 140.58529205322267,
  "summary_csf_p95": 538.9402954101562,
  "summary_csf_stdv": 123.19178009033203,
  "summary_gm_k": 0.21189108023041037,
  "summary_gm_mad": 71.85874938964844,
  "summary_gm_mean": 720.9568481445312,
  "summary_gm_median": 716.316162109375,
  "summary_gm_n": 22750.0,
  "summary_gm_p05": 606.0355346679687,
  "summary_gm_p95": 851.6144866943359,
  "summary_gm_stdv": 74.68037414550781,
  "summary_wm_k": 0.9635453695405682,
  "summary_wm_mad": 45.976688385009766,
  "summary_wm_mean": 997.7384033203125,
  "summary_wm_median": 1000.0130004882812,
  "summary_wm_n": 192338.0,
  "summary_wm_p05": 906.2425842285156,
  "summary_wm_p95": 1077.5827392578124,
  "summary_wm_stdv": 51.92384338378906,
  "tpm_overlap_csf": 0.23545873165130615,
  "tpm_overlap_gm": 0.5155062079429626,
  "tpm_overlap_wm": 0.555234968662262,
  "wm2max": 0.7545675594902425
}