{
  "bids_meta": {
    "AccessionNumber": "8006-001",
    "AcquisitionDateTime": "2015-11-03T12:27:43.690000",
    "AcquisitionMatrixPE": 256,
    "AcquisitionNumber": 1,
    "AcquisitionTime": "12:27:43.690000",
    "BaseResolution": 256,
    "CoilString": "C:HEA;HEP",
    "ConversionSoftware": "dcm2niix",
    "ConversionSoftwareVersion": "v1.0.20210317",
    "DeviceSerialNumber": "35077",
    "DwellTime": 9.3e-06,
    "EchoTime": 0.00256,
    "FlipAngle": 8,
    "ImageOrientationPatientDICOM": [
      0,
      1,
      0,
      0,
      0,
      -1
    ],
    "ImageType": [
      "ORIGINAL",
      "PRIMARY",
      "M",
      "NORM",
      "DIS2D"
    ],
    "ImagingFrequency": 123.229,
    "InPlanePhaseEncodingDirectionDICOM": "ROW",
    "InstitutionAddress": "Wilson Avenue 340 ,Pasadena,California,US,91025",
    "InstitutionName": "Caltech Tim32",
    "InstitutionalDepartmentName": "Department",
    "InversionTime": 1,
    "MRAcquisitionType": "3D",
    "MagneticFieldStrength": 3,
    "Manufacturer": "Siemens",
    "ManufacturersModelName": "TrioTim",
    "Modality": "MR",
    "ParallelReductionFactorInPlane": 2,
    "PartialFourier": 1,
    "PatientBirthDate": "1994-01-01",
    "PatientID": "adolphs",
    "PatientName": "CC0061",
    "PatientPosition": "HFS",
    "PatientSex": "M",
    "PatientWeight": 70.3068,
    "PercentPhaseFOV": 100,
    "PercentSampling": 100,
    "PhaseEncodingSteps": 282,
    "PhaseOversampling": 0.1,
    "PhaseResolution": 1,
    "PixelBandwidth": 210,
    "ProcedureStepDescription": "Conte^Core",
    "ProtocolName": "T1w_3D_1",
    "PulseSequenceDetails": "%SiemensSeq%\\tfl",
    "ReceiveCoilName": "32Ch_Head",
    "ReconMatrixPE": 256,
    "RefLinesPE": 32,
    "RepetitionTime": 2.4,
    "SAR": 0.0886154,
    "ScanOptions": "IR\\DB\\WE",
    "ScanningSequence": "GR\\IR",
    "SequenceName": "*tfl3d1",
    "SequenceVariant": "SP\\MP\\OSP",
    "SeriesDescription": "T1w_3D_1",
    "SeriesInstanceUID": "1.3.12.2.1107.5.2.32.35077.2015110312293714463620567.0.0.0",
    "SeriesNumber": 15,
    "ShimSetting": [
      9546,
      -10535,
      15709,
      558,
      91,
      51,
      196,
      -36
    ],
    "SliceThickness": 1,
    "SoftwareVersions": "syngo MR B17",
    "StationName": "MEDPC",
    "StudyID": "1",
    "StudyInstanceUID": "1.3.12.2.1107.5.2.32.35077.30000015110319573087500000001",
    "TxRefAmp": 300.844,
    "dataset": "unknown",
    "modality": "T1w",
    "run_id": 2,
    "session_id": "core1p3p1",
    "subject_id": "CC0061"
  },
  "cjv": 0.3462367030645288,
  "cnr": 3.5180839569217457,
  "efc": 0.5066510529283622,
  "fber": 4152.46923828125,
  "fwhm_avg": 3.7380400000000003,
  "fwhm_x": 3.6237,
  "fwhm_y": 3.8198,
  "fwhm_z": 3.77062,
  "icvs_csf": 0.18158354387501166,
  "icvs_gm": 0.446507465791922,
  "icvs_wm": 0.3719089903330663,
  "inu_med": 1.475063443183899,
  "inu_range": 0.41603322029113765,
  "provenance": {
    "md5sum": "362e9c685d6f189edde9299346105263",
    "settings": {
      "testing": false
    },
    "software": "mriqc",
    "version": "0.15.0",
    "warnings": {
      "large_rot_frame": true,
      "small_air_mask": false
    },
    "webapi_port": null,
    "webapi_url": "https://mriqc.nimh.nih.gov/api/v1"
  },
  "qi_1": 0.0,
  "qi_2": 0.012750796216163455,
  "rpve_csf": 31.16253272496073,
  "rpve_gm": 14.094423245857952,
  "rpve_wm": 19.837415724810267,
  "size_x": 192,
  "size_y": 256,
  "size_z": 256,
  "snr_csf": 2.220257220760909,
  "snr_gm": 10.274185197317347,
  "snr_total": 10.071548385882233,
  "snr_wm": 17.720202739568442,
  "snrd_csf": 41.208873913133715,
  "snrd_gm": 103.34930616343247,
  "snrd_total": 98.06112390301205,
  "snrd_wm": 149.62519163246995,
  "spacing_x": 1.0,
  "spacing_y": 1.0,
  "spacing_z": 1.0,
  "summary_bg_k": 4.9908900522278845,
  "summary_bg_mad": 4.378530979156494,
  "summary_bg_mean": 5.994687080383301,
  "summary_bg_median": 5.9111328125,
  "summary_bg_n": 3489526.0,
  "summary_bg_p05": 0.0,
  "summary_bg_p95": 14.835165977478027,
  "summary_bg_stdv": 4.918605804443359,
  "summary_csf_k": -0.20147940018114463,
  "summary_csf_mad": 126.81893920898438,
  "summary_csf_mean": 306.8759765625,
  "summary_csf_median": 275.4149169921875,
  "summary_csf_n": 7412.0,
  "summary_csf_p05": 153.75004348754882,
  "summary_csf_p95": 531.5226837158202,
  "summary_csf_stdv": 124.03803253173828,
  "summary_gm_k": 0.26413905936658955,
  "summary_gm_mad": 64.07757568359375,
  "summary_gm_mean": 693.896484375,
  "summary_gm_median": 690.7235717773438,
  "summary_gm_n": 24995.0,
  "summary_gm_p05": 588.5640930175782,
  "summary_gm_p95": 811.6007568359374,
  "summary_gm_stdv": 67.22769165039062,
  "summary_wm_k": 1.519103763306398,
  "summary_wm_mad": 43.00641632080078,
  "summary_wm_mean": 990.5152587890625,
  "summary_wm_median": 1000.0032958984375,
  "summary_wm_n": 189859.0,
  "summary_wm_p05": 872.2759094238281,
  "summary_wm_p95": 1063.819738769531,
  "summary_wm_stdv": 56.43280029296875,
  "tpm_overlap_csf": 0.22630944848060608,
  "tpm_overlap_gm": 0.5180571675300598,
  "tpm_overlap_wm": 0.5559709668159485,
  "wm2max": 0.7781972260934384
}