{
    "Modality":"MR",
    "MagneticFieldStrength":3,
    "ImagingFrequency":123.229,
    "Manufacturer":"Siemens",
    "ManufacturersModelName":"TrioTim",
    "InstitutionName":"Caltech Tim32",
    "InstitutionalDepartmentName":"Department",
    "InstitutionAddress":"Wilson Avenue 340 ,Pasadena,California,US,91025",
    "DeviceSerialNumber":"35077",
    "StationName":"MEDPC",
    "SeriesInstanceUID":"1.3.12.2.1107.5.2.32.35077.2014073009322171963241552.0.0.0",
    "StudyInstanceUID":"1.3.12.2.1107.5.2.32.35077.30000014072816042654600000025",
    "StudyID":"1",
    "PatientName":"CC0005",
    "PatientID":"adolphs",
    "AccessionNumber":"7586-013",
    "PatientBirthDate":"1981-01-01",
    "PatientSex":"F",
    "PatientWeight":56.6991,
    "PatientPosition":"HFS",
    "ProcedureStepDescription":"Conte^Core",
    "SoftwareVersions":"syngo MR B17",
    "MRAcquisitionType":"2D",
    "SeriesDescription":"rsBOLD_MB_1",
    "ProtocolName":"rsBOLD_MB_1",
    "ScanningSequence":"EP",
    "SequenceVariant":"SK",
    "ScanOptions":"FS",
    "SequenceName":"epfid2d1_80",
    "ImageType":[
        "ORIGINAL",
        "PRIMARY",
        "M",
        "ND",
        "MOSAIC"
    ],
    "SeriesNumber":2,
    "AcquisitionTime":"09:32:25.710000",
    "AcquisitionDateTime":"2014-07-30T09:32:25.710000",
    "AcquisitionNumber":1,
    "ImageComments":"Unaliased MB4/PE3",
    "SliceThickness":2.5,
    "SpacingBetweenSlices":2.5,
    "SAR":0.102127,
    "EchoTime":0.03,
    "RepetitionTime":1,
    "FlipAngle":60,
    "PartialFourier":1,
    "BaseResolution":80,
    "ShimSetting":[
        9499,
        -10482,
        15769,
        709,
        -60,
        176,
        92,
        32
    ],
    "TxRefAmp":311.915,
    "PhaseResolution":1,
    "ReceiveCoilName":"32Ch_Head",
    "CoilString":"C:HEA;HEP",
    "PulseSequenceDetails":"%CustomerSeq%\\cmrr_mbep2d_bold",
    "MultibandAccelerationFactor":4,
    "PercentPhaseFOV":100,
    "PercentSampling":100,
    "PhaseEncodingSteps":80,
    "AcquisitionMatrixPE":80,
    "ReconMatrixPE":80,
    "BandwidthPerPixelPhaseEncode":23.148,
    "EffectiveEchoSpacing":0.000540003,
    "DerivedVendorReportedEchoSpacing":0.000540003,
    "TotalReadoutTime":0.0426603,
    "PixelBandwidth":2404,
    "DwellTime":2.6e-06,
    "PhaseEncodingDirection":"j-",
    "SliceTiming":[
        0,
        0.215,
        0.43,
        0.645,
        0.86,
        0.0725,
        0.2875,
        0.5025,
        0.7175,
        0.9325,
        0.1425,
        0.36,
        0.575,
        0.79,
        0,
        0.215,
        0.43,
        0.645,
        0.86,
        0.0725,
        0.2875,
        0.5025,
        0.7175,
        0.9325,
        0.1425,
        0.36,
        0.575,
        0.79,
        0,
        0.215,
        0.43,
        0.645,
        0.86,
        0.0725,
        0.2875,
        0.5025,
        0.7175,
        0.9325,
        0.1425,
        0.36,
        0.575,
        0.79,
        0,
        0.215,
        0.43,
        0.645,
        0.86,
        0.0725,
        0.2875,
        0.5025,
        0.7175,
        0.9325,
        0.1425,
        0.36,
        0.575,
        0.79
    ],
    "ImageOrientationPatientDICOM":[
        1,
        -1e-16,
        0,
        1e-16,
        0.939693,
        -0.34202
    ],
    "InPlanePhaseEncodingDirectionDICOM":"COL",
    "ConversionSoftware":"dcm2niix",
    "ConversionSoftwareVersion":"v1.0.20210317",
    "TaskName":"rest"
}