{
    "Modality":"MR",
    "MagneticFieldStrength":3,
    "ImagingFrequency":123.25,
    "Manufacturer":"Siemens",
    "ManufacturersModelName":"Prisma_fit",
    "InstitutionName":"Caltech Prisma64",
    "InstitutionalDepartmentName":"Department",
    "InstitutionAddress":"Michigan Ave 320,Pasadena,California,US,91025",
    "DeviceSerialNumber":"167050",
    "StationName":"PRISMA",
    "SeriesInstanceUID":"1.3.12.2.1107.5.2.43.167050.2018072314471220163199149.0.0.0",
    "StudyInstanceUID":"1.3.12.2.1107.5.2.43.167050.30000018071021413043300000043",
    "ReferringPhysicianName":"Adolphs",
    "StudyID":"1",
    "PatientName":"CC0146",
    "PatientID":"CC0146",
    "AccessionNumber":"8536-001",
    "PatientBirthDate":"1989-05-01",
    "PatientSex":"F",
    "PatientWeight":58.967,
    "BodyPartExamined":"BRAIN",
    "PatientPosition":"HFS",
    "ProcedureStepDescription":"Conte Core",
    "SoftwareVersions":"syngo MR E11",
    "MRAcquisitionType":"2D",
    "SeriesDescription":"acq-rest_run-02_dir-PA_epi",
    "ProtocolName":"acq-rest_run-02_dir-PA_epi",
    "ScanningSequence":"EP",
    "SequenceVariant":"SK\\OSP",
    "ScanOptions":"FS",
    "SequenceName":"epse2d1_80",
    "ImageType":[
        "ORIGINAL",
        "PRIMARY",
        "M",
        "ND",
        "MOSAIC"
    ],
    "SeriesNumber":14,
    "AcquisitionTime":"14:47:14.235000",
    "AcquisitionDateTime":"2018-07-23T14:47:14.235000",
    "AcquisitionNumber":1,
    "SliceThickness":2.5,
    "SpacingBetweenSlices":2.5,
    "SAR":0.215383,
    "EchoTime":0.048,
    "RepetitionTime":5.5,
    "FlipAngle":90,
    "PartialFourier":1,
    "BaseResolution":80,
    "ShimSetting":[
        6989,
        -3596,
        7873,
        433,
        33,
        43,
        95,
        31
    ],
    "TxRefAmp":241.342,
    "PhaseResolution":1,
    "PhaseOversampling":0.1,
    "ReceiveCoilName":"Head_32",
    "ReceiveCoilActiveElements":"HEA;HEP",
    "PulseSequenceDetails":"%CustomerSeq%\\cmrr_mbep2d_se",
    "WipMemBlock":"87c7b2d5-95d9-4007-aa27-b2c909506e0d||Sequence: R016 ve11c/master r/e634e98; Dec 19 2017 11:22:56 by eja",
    "ConsistencyInfo":"N4_VE11C_LATEST_20160120",
    "PercentPhaseFOV":100,
    "PercentSampling":100,
    "EchoTrainLength":88,
    "PhaseEncodingSteps":88,
    "AcquisitionMatrixPE":80,
    "ReconMatrixPE":80,
    "BandwidthPerPixelPhaseEncode":23.191,
    "EffectiveEchoSpacing":0.000539002,
    "DerivedVendorReportedEchoSpacing":0.000490002,
    "TotalReadoutTime":0.0425812,
    "PixelBandwidth":2715,
    "DwellTime":2.3e-06,
    "PhaseEncodingDirection":"j",
    "SliceTiming":[
        2.74,
        0,
        2.8325,
        0.0925,
        2.9225,
        0.1825,
        3.015,
        0.275,
        3.1075,
        0.3675,
        3.1975,
        0.4575,
        3.29,
        0.55,
        3.38,
        0.64,
        3.4725,
        0.7325,
        3.5625,
        0.8225,
        3.655,
        0.915,
        3.745,
        1.005,
        3.8375,
        1.0975,
        3.9275,
        1.1875,
        4.02,
        1.28,
        4.11,
        1.37,
        4.2025,
        1.4625,
        4.2925,
        1.5525,
        4.385,
        1.645,
        4.475,
        1.7375,
        4.5675,
        1.8275,
        4.66,
        1.92,
        4.75,
        2.01,
        4.8425,
        2.1025,
        4.9325,
        2.1925,
        5.025,
        2.285,
        5.115,
        2.375,
        5.2075,
        2.4675,
        5.2975,
        2.5575,
        5.39,
        2.65
    ],
    "ImageOrientationPatientDICOM":[
        1,
        0,
        0,
        0,
        0.939693,
        -0.34202
    ],
    "InPlanePhaseEncodingDirectionDICOM":"COL",
    "ConversionSoftware":"dcm2niix",
    "ConversionSoftwareVersion":"v1.0.20210317",
    "IntendedFor":[
        "ses-core2p2/func/sub-CC0146_ses-core2p2_task-rest_run-02_bold.nii.gz"
    ]
}