{
    "Modality":"MR",
    "MagneticFieldStrength":3,
    "ImagingFrequency":123.229,
    "Manufacturer":"Siemens",
    "ManufacturersModelName":"TrioTim",
    "InstitutionName":"Caltech Tim32",
    "InstitutionalDepartmentName":"Department",
    "InstitutionAddress":"Wilson Avenue 340 ,Pasadena,California,US,91025",
    "DeviceSerialNumber":"35077",
    "StationName":"MEDPC",
    "SeriesInstanceUID":"1.3.12.2.1107.5.2.32.35077.2013090514413097562738633.0.0.0",
    "StudyInstanceUID":"1.3.12.2.1107.5.2.32.35077.30000013090317184432800000031",
    "StudyID":"1",
    "PatientName":"CC0077",
    "PatientID":"adolphs",
    "AccessionNumber":"7188-001",
    "PatientBirthDate":"1978-01-01",
    "PatientSex":"M",
    "PatientWeight":83.9146,
    "PatientPosition":"HFS",
    "ProcedureStepDescription":"Conte^Core",
    "SoftwareVersions":"syngo MR B17",
    "MRAcquisitionType":"2D",
    "SeriesDescription":"Fieldmap_rsBOLD",
    "ProtocolName":"Fieldmap_rsBOLD",
    "ScanningSequence":"GR",
    "SequenceVariant":"SP",
    "SequenceName":"*fm2d2",
    "ImageType":[
        "ORIGINAL",
        "PRIMARY",
        "P",
        "ND",
        "PHASE"
    ],
    "SeriesNumber":4,
    "AcquisitionTime":"14:40:8.050000",
    "AcquisitionDateTime":"2013-09-05T14:40:8.050000",
    "AcquisitionNumber":1,
    "SliceThickness":3,
    "SpacingBetweenSlices":3,
    "SAR":0.172077,
    "EchoNumber":2,
    "EchoTime":0.00501,
    "RepetitionTime":0.4,
    "FlipAngle":45,
    "EchoTime1":0.00255,
    "EchoTime2":0.00501,
    "PartialFourier":1,
    "BaseResolution":64,
    "ShimSetting":[
        9474,
        -10353,
        15691,
        576,
        -132,
        -317,
        -276,
        44
    ],
    "TxRefAmp":327.127,
    "PhaseResolution":1,
    "ReceiveCoilName":"32Ch_Head",
    "CoilString":"C:HEA;HEP",
    "PulseSequenceDetails":"%SiemensSeq%\\gre_field_mapping",
    "PercentPhaseFOV":100,
    "PercentSampling":100,
    "PhaseEncodingSteps":64,
    "AcquisitionMatrixPE":64,
    "ReconMatrixPE":64,
    "PixelBandwidth":501,
    "DwellTime":1.56e-05,
    "PhaseEncodingDirection":"j-",
    "SliceTiming":[
        0,
        0.20312,
        0.01562,
        0.21875,
        0.01562,
        0.21875,
        0.03125,
        0.23438,
        0.03125,
        0.23438,
        0.04688,
        0.25,
        0.04688,
        0.26562,
        0.0625,
        0.26562,
        0.07812,
        0.28125,
        0.07812,
        0.28125,
        0.09375,
        0.29688,
        0.09375,
        0.29688,
        0.10938,
        0.3125,
        0.10938,
        0.3125,
        0.125,
        0.32812,
        0.125,
        0.32812,
        0.14062,
        0.34375,
        0.14062,
        0.35938,
        0.15625,
        0.35938,
        0.17188,
        0.375,
        0.17188,
        0.375,
        0.1875,
        0.39062,
        0.1875,
        0.39062,
        0.20312
    ],
    "ImageOrientationPatientDICOM":[
        1,
        -1e-16,
        0,
        1e-16,
        0.939693,
        -0.34202
    ],
    "InPlanePhaseEncodingDirectionDICOM":"COL",
    "ConversionSoftware":"dcm2niix",
    "ConversionSoftwareVersion":"v1.0.20210317",
    "IntendedFor":[
        "ses-core1p2/func/sub-CC0077_ses-core1p2_task-rest_run-01_bold.nii.gz",
        "ses-core1p2/func/sub-CC0077_ses-core1p2_task-rest_run-02_bold.nii.gz"
    ]
}