{
  "aor": 0.0005337110481586402,
  "aqi": 0.004709113385269122,
  "bids_meta": {
    "AccessionNumber": "8707-012",
    "AcquisitionDateTime": "2019-02-05T14:11:32.015000",
    "AcquisitionMatrixPE": 80,
    "AcquisitionNumber": 1,
    "AcquisitionTime": "14:11:32.015000",
    "BandwidthPerPixelPhaseEncode": 23.191,
    "BaseResolution": 80,
    "BodyPartExamined": "BRAIN",
    "ConsistencyInfo": "N4_VE11C_LATEST_20160120",
    "ConversionSoftware": "dcm2niix",
    "ConversionSoftwareVersion": "v1.0.20210317",
    "DerivedVendorReportedEchoSpacing": 0.000490002,
    "DeviceSerialNumber": "167050",
    "DwellTime": 2.3e-06,
    "EchoTime": 0.03,
    "EchoTrainLength": 88,
    "EffectiveEchoSpacing": 0.000539002,
    "FlipAngle": 53,
    "ImageComments": "Unaliased MB6/PE3/LB",
    "ImageOrientationPatientDICOM": [
      1,
      0,
      0,
      0,
      0.939693,
      -0.34202
    ],
    "ImageType": [
      "ORIGINAL",
      "PRIMARY",
      "M",
      "MB",
      "ND",
      "MOSAIC"
    ],
    "ImagingFrequency": 123.25,
    "InPlanePhaseEncodingDirectionDICOM": "COL",
    "InstitutionAddress": "Michigan Ave 320,Pasadena,California,US,91025",
    "InstitutionName": "Caltech Prisma64",
    "InstitutionalDepartmentName": "Department",
    "MRAcquisitionType": "2D",
    "MagneticFieldStrength": 3,
    "Manufacturer": "Siemens",
    "ManufacturersModelName": "Prisma_fit",
    "Modality": "MR",
    "MultibandAccelerationFactor": 6,
    "PartialFourier": 1,
    "PatientBirthDate": "1979-09-01",
    "PatientID": "CC0104",
    "PatientName": "CC0104",
    "PatientPosition": "HFS",
    "PatientSex": "M",
    "PatientWeight": 68.0389,
    "PercentPhaseFOV": 100,
    "PercentSampling": 100,
    "PhaseEncodingDirection": "j-",
    "PhaseEncodingSteps": 88,
    "PhaseOversampling": 0.1,
    "PhaseResolution": 1,
    "PixelBandwidth": 2715,
    "ProtocolName": "task-bang_bold",
    "PulseSequenceDetails": "%CustomerSeq%\\cmrr_mbep2d_bold",
    "ReceiveCoilActiveElements": "HEA;HEP",
    "ReceiveCoilName": "Head_32",
    "ReconMatrixPE": 80,
    "ReferringPhysicianName": "Adolphs",
    "RepetitionTime": 0.7,
    "SAR": 0.0975935,
    "ScanOptions": "FS\\EXT",
    "ScanningSequence": "EP",
    "SequenceName": "epfid2d1_80",
    "SequenceVariant": "SK\\SS\\OSP",
    "SeriesDescription": "task-bang_bold",
    "SeriesInstanceUID": "1.3.12.2.1107.5.2.43.167050.2019020514093750713444308.0.0.0",
    "SeriesNumber": 24,
    "ShimSetting": [
      6987,
      -3652,
      7942,
      429,
      22,
      -170,
      -86,
      7
    ],
    "SliceThickness": 2.5,
    "SliceTiming": [
      0,
      0.475,
      0.2725,
      0.0675,
      0.545,
      0.34,
      0.135,
      0.6125,
      0.4075,
      0.205,
      0,
      0.475,
      0.2725,
      0.0675,
      0.545,
      0.34,
      0.135,
      0.6125,
      0.4075,
      0.205,
      0,
      0.475,
      0.2725,
      0.0675,
      0.545,
      0.34,
      0.135,
      0.6125,
      0.4075,
      0.205,
      0,
      0.475,
      0.2725,
      0.0675,
      0.545,
      0.34,
      0.135,
      0.6125,
      0.4075,
      0.205,
      0,
      0.475,
      0.2725,
      0.0675,
      0.545,
      0.34,
      0.135,
      0.6125,
      0.4075,
      0.205,
      0,
      0.475,
      0.2725,
      0.0675,
      0.545,
      0.34,
      0.135,
      0.6125,
      0.4075,
      0.205
    ],
    "SoftwareVersions": "syngo MR E11",
    "SpacingBetweenSlices": 2.5,
    "StationName": "PRISMA",
    "StudyID": "1",
    "StudyInstanceUID": "1.3.12.2.1107.5.2.43.167050.30000019012122271046500000115",
    "TaskName": "bang",
    "TotalReadoutTime": 0.0425812,
    "TxRefAmp": 269.977,
    "WipMemBlock": "02530f05-c046-4ba3-8472-927a3522ba11||Sequence: R016 ve11c/master r/e634e98; Dec 19 2017 11:00:25 by eja",
    "dataset": "unknown",
    "modality": "bold",
    "run_id": 1,
    "session_id": "core2p2",
    "subject_id": "CC0104",
    "task_id": "bang"
  },
  "dummy_trs": 4,
  "dvars_nstd": 28.718996751574497,
  "dvars_std": 1.002520870113475,
  "dvars_vstd": 1.0355434100425538,
  "efc": 0.5472425178123633,
  "fber": 446.8835144042969,
  "fd_mean": 0.14525620429348335,
  "fd_num": 214,
  "fd_perc": 30.311614730878187,
  "fwhm_avg": 2.954485333333333,
  "fwhm_x": 2.743032,
  "fwhm_y": 3.1185479999999997,
  "fwhm_z": 3.001876,
  "gcor": 0.0143584,
  "gsr_x": 0.005576367024332285,
  "gsr_y": 0.08548501878976822,
  "provenance": {
    "md5sum": "6abd95d6c659279d3ad2e3d2e3fc47de",
    "settings": {
      "fd_thres": 0.2,
      "hmc_fsl": false
    },
    "software": "mriqc",
    "version": "0.15.0",
    "webapi_port": null,
    "webapi_url": "https://mriqc.nimh.nih.gov/api/v1"
  },
  "size_t": 706,
  "size_x": 80,
  "size_y": 80,
  "size_z": 60,
  "snr": 1.9509388148028555,
  "spacing_tr": 0.699999988079071,
  "spacing_x": 2.5,
  "spacing_y": 2.5,
  "spacing_z": 2.5,
  "summary_bg_k": 16.325017223081606,
  "summary_bg_mad": 122.13513946533203,
  "summary_bg_mean": 504.7649841308594,
  "summary_bg_median": 180.92422485351562,
  "summary_bg_n": 236994.0,
  "summary_bg_p05": 88.58448715209961,
  "summary_bg_p95": 2182.4112182617146,
  "summary_bg_stdv": 804.8373413085938,
  "summary_fg_k": 0.8903307595792564,
  "summary_fg_mad": 1939.75146484375,
  "summary_fg_mean": 4606.80615234375,
  "summary_fg_median": 4182.21484375,
  "summary_fg_n": 85166.0,
  "summary_fg_p05": 1792.7591857910156,
  "summary_fg_p95": 8740.961181640625,
  "summary_fg_stdv": 2143.680908203125,
  "tsnr": 41.444557189941406
}