{
  "bids_meta": {
    "AccessionNumber": "6488-001",
    "AcquisitionDateTime": "2013-02-28T11:39:10.405000",
    "AcquisitionMatrixPE": 256,
    "AcquisitionNumber": 1,
    "AcquisitionTime": "11:39:10.405000",
    "BaseResolution": 256,
    "CoilString": "C:HEA;HEP",
    "ConversionSoftware": "dcm2niix",
    "ConversionSoftwareVersion": "v1.0.20210317",
    "DeviceSerialNumber": "35077",
    "DwellTime": 1.09e-05,
    "EchoTime": 0.00291,
    "FlipAngle": 10,
    "ImageOrientationPatientDICOM": [
      0,
      1,
      0,
      0,
      0,
      -1
    ],
    "ImageType": [
      "ORIGINAL",
      "PRIMARY",
      "M",
      "ND",
      "NORM"
    ],
    "ImagingFrequency": 123.229,
    "InPlanePhaseEncodingDirectionDICOM": "ROW",
    "InstitutionAddress": "Wilson Avenue 340 ,Pasadena,California,US,91025",
    "InstitutionName": "Caltech Tim32",
    "InstitutionalDepartmentName": "Department",
    "InversionTime": 0.8,
    "MRAcquisitionType": "3D",
    "MagneticFieldStrength": 3,
    "Manufacturer": "Siemens",
    "ManufacturersModelName": "TrioTim",
    "Modality": "MR",
    "PartialFourier": 1,
    "PatientBirthDate": "1992-01-01",
    "PatientID": "adolphs",
    "PatientName": "CC0032",
    "PatientPosition": "HFS",
    "PatientSex": "F",
    "PatientWeight": 49.4416,
    "PercentPhaseFOV": 100,
    "PercentSampling": 100,
    "PhaseEncodingSteps": 256,
    "PhaseResolution": 1,
    "PixelBandwidth": 179,
    "ProcedureStepDescription": "Conte^Core",
    "ProtocolName": "T1_1",
    "PulseSequenceDetails": "%SiemensSeq%\\tfl",
    "ReceiveCoilName": "32Ch_Head",
    "ReconMatrixPE": 256,
    "RepetitionTime": 1.5,
    "SAR": 0.125463,
    "ScanOptions": "IR",
    "ScanningSequence": "GR\\IR",
    "SequenceName": "*tfl3d1",
    "SequenceVariant": "SP\\MP",
    "SeriesDescription": "T1_1",
    "SeriesInstanceUID": "1.3.12.2.1107.5.2.32.35077.2013022811390449593739870.0.0.0",
    "SeriesNumber": 9,
    "ShimSetting": [
      9516,
      -10569,
      15378,
      491,
      -21,
      -564,
      -437,
      62
    ],
    "SliceThickness": 1,
    "SoftwareVersions": "syngo MR B17",
    "StationName": "MEDPC",
    "StudyID": "1",
    "StudyInstanceUID": "1.3.12.2.1107.5.2.32.35077.30000013022621150407800000037",
    "TxRefAmp": 314.45,
    "dataset": "unknown",
    "modality": "T1w",
    "run_id": 1,
    "session_id": "core1p1",
    "subject_id": "CC0032"
  },
  "cjv": 0.33495568909963064,
  "cnr": 3.814488102914666,
  "efc": 0.5120935832179363,
  "fber": 5291.03564453125,
  "fwhm_avg": 4.23516,
  "fwhm_x": 4.26704,
  "fwhm_y": 4.23458,
  "fwhm_z": 4.20386,
  "icvs_csf": 0.1884596485499136,
  "icvs_gm": 0.4377931768032511,
  "icvs_wm": 0.3737471746468353,
  "inu_med": 1.664594292640686,
  "inu_range": 0.4278012812137604,
  "provenance": {
    "md5sum": "0a13cf7eee3dab6fb618191447c36993",
    "settings": {
      "testing": false
    },
    "software": "mriqc",
    "version": "0.15.0",
    "warnings": {
      "large_rot_frame": true,
      "small_air_mask": false
    },
    "webapi_port": null,
    "webapi_url": "https://mriqc.nimh.nih.gov/api/v1"
  },
  "qi_1": 0.0002469632054489131,
  "qi_2": 0.009508193967352736,
  "rpve_csf": 33.27332261696127,
  "rpve_gm": 15.436698381384156,
  "rpve_wm": 20.69199253170774,
  "size_x": 176,
  "size_y": 256,
  "size_z": 256,
  "snr_csf": 3.825728780219396,
  "snr_gm": 16.03563082565549,
  "snr_total": 15.146113692990403,
  "snr_wm": 25.57698147309632,
  "snrd_csf": 61.389390922058446,
  "snrd_gm": 99.89960262297092,
  "snrd_total": 97.39146723954934,
  "snrd_wm": 130.88540817361869,
  "spacing_x": 1.0,
  "spacing_y": 1.0,
  "spacing_z": 1.0,
  "summary_bg_k": 55.8922250627398,
  "summary_bg_mad": 5.00546932220459,
  "summary_bg_mean": 6.1338887214660645,
  "summary_bg_median": 3.3761377334594727,
  "summary_bg_n": 2482955.0,
  "summary_bg_p05": 0.0,
  "summary_bg_p95": 16.88607120513916,
  "summary_bg_stdv": 7.601196765899658,
  "summary_csf_k": 2.5015174481143196,
  "summary_csf_mad": 151.40283203125,
  "summary_csf_mean": 481.0663146972656,
  "summary_csf_median": 469.0362548828125,
  "summary_csf_n": 21340.0,
  "summary_csf_p05": 309.99769134521483,
  "summary_csf_p95": 669.4269775390625,
  "summary_csf_stdv": 122.59762573242188,
  "summary_gm_k": 0.4196787361104306,
  "summary_gm_mad": 44.91948318481445,
  "summary_gm_mean": 762.1720581054688,
  "summary_gm_median": 763.2676391601562,
  "summary_gm_n": 28189.0,
  "summary_gm_p05": 683.3129028320313,
  "summary_gm_p95": 839.491455078125,
  "summary_gm_stdv": 47.59738540649414,
  "summary_wm_k": 0.8769094399524398,
  "summary_wm_mad": 34.378700256347656,
  "summary_wm_mean": 1000.5946044921875,
  "summary_wm_median": 1000.0099487304688,
  "summary_wm_n": 172758.0,
  "summary_wm_p05": 936.1026916503906,
  "summary_wm_p95": 1065.163525390625,
  "summary_wm_stdv": 39.097930908203125,
  "tpm_overlap_csf": 0.2164972573518753,
  "tpm_overlap_gm": 0.524548351764679,
  "tpm_overlap_wm": 0.56525719165802,
  "wm2max": 0.4783180715380621
}