{
  "bids_meta": {
    "AccessionNumber": "8568-001",
    "AcquisitionDateTime": "2018-09-14T08:53:56.782500",
    "AcquisitionMatrixPE": 256,
    "AcquisitionNumber": 1,
    "AcquisitionTime": "08:53:56.782500",
    "BaseResolution": 256,
    "BodyPartExamined": "BRAIN",
    "ConsistencyInfo": "N4_VE11C_LATEST_20160120",
    "ConversionSoftware": "dcm2niix",
    "ConversionSoftwareVersion": "v1.0.20210317",
    "DeviceSerialNumber": "167050",
    "DwellTime": 3e-06,
    "EchoNumber": 4,
    "FlipAngle": 8,
    "ImageComments": "Average over all echoes.",
    "ImageOrientationPatientDICOM": [
      0,
      1,
      0,
      0,
      0,
      -1
    ],
    "ImageType": [
      "ORIGINAL",
      "PRIMARY",
      "ECHO",
      "COMBINED",
      "ND"
    ],
    "ImagingFrequency": 123.25,
    "InPlanePhaseEncodingDirectionDICOM": "ROW",
    "InstitutionAddress": "Michigan Ave 320,Pasadena,California,US,91025",
    "InstitutionName": "Caltech Prisma64",
    "InstitutionalDepartmentName": "Department",
    "InversionTime": 1.15,
    "MRAcquisitionType": "3D",
    "MagneticFieldStrength": 3,
    "Manufacturer": "Siemens",
    "ManufacturersModelName": "Prisma_fit",
    "Modality": "MR",
    "ParallelReductionFactorInPlane": 2,
    "PartialFourier": 1,
    "PatientBirthDate": "1998-10-01",
    "PatientID": "CC0162",
    "PatientName": "CC0162",
    "PatientPosition": "HFS",
    "PatientSex": "M",
    "PatientWeight": 65.7709,
    "PercentPhaseFOV": 100,
    "PercentSampling": 100,
    "PhaseEncodingSteps": 282,
    "PhaseOversampling": 0.1,
    "PhaseResolution": 1,
    "PixelBandwidth": 650,
    "ProcedureStepDescription": "Conte Core",
    "ProtocolName": "T1w",
    "PulseSequenceDetails": "%CustomerSeq%\\tfl_wip900D_VE11C",
    "ReceiveCoilActiveElements": "HEA;HEP",
    "ReceiveCoilName": "Head_32",
    "ReconMatrixPE": 256,
    "RefLinesPE": 32,
    "ReferringPhysicianName": "Adolphs",
    "RepetitionTime": 2.55,
    "SAR": 0.0412809,
    "ScanOptions": "IR\\WE",
    "ScanningSequence": "GR\\IR",
    "SequenceName": "tfl3d4_16ns",
    "SequenceVariant": "SK\\SP\\MP\\OSP",
    "SeriesDescription": "T1w_combEcho",
    "SeriesInstanceUID": "1.3.12.2.1107.5.2.43.167050.2018091409010568580087234.0.0.0",
    "SeriesNumber": 4,
    "ShimSetting": [
      6987,
      -3637,
      7921,
      393,
      3,
      -155,
      -97,
      -20
    ],
    "SliceThickness": 0.9,
    "SoftwareVersions": "syngo MR E11",
    "StationName": "PRISMA",
    "StudyID": "1",
    "StudyInstanceUID": "1.3.12.2.1107.5.2.43.167050.30000018081720093477500000121",
    "TxRefAmp": 246.665,
    "WipMemBlock": "WIP_Identifier: WIP#900D",
    "acq_id": "combecho",
    "dataset": "unknown",
    "modality": "T1w",
    "run_id": 1,
    "session_id": "core2p2",
    "subject_id": "CC0162"
  },
  "cjv": 0.6448413774649774,
  "cnr": 2.118303393922083,
  "efc": 0.6123532309263192,
  "fber": 232.72386169433594,
  "fwhm_avg": 5.735013512153109,
  "fwhm_x": 5.661777927763672,
  "fwhm_y": 5.604808347826086,
  "fwhm_z": 5.938454260869565,
  "icvs_csf": 0.15459905086622985,
  "icvs_gm": 0.44928432761700426,
  "icvs_wm": 0.3961166215167659,
  "inu_med": 1.608358383178711,
  "inu_range": 1.2699488699436188,
  "provenance": {
    "md5sum": "5ed2a5ecc660b850a8e3ac8731e7cd61",
    "settings": {
      "testing": false
    },
    "software": "mriqc",
    "version": "0.15.0",
    "warnings": {
      "large_rot_frame": false,
      "small_air_mask": false
    },
    "webapi_port": null,
    "webapi_url": "https://mriqc.nimh.nih.gov/api/v1"
  },
  "qi_1": 0.0,
  "qi_2": 0.005525852876837782,
  "rpve_csf": 29.053363338367543,
  "rpve_gm": 10.512893414440624,
  "rpve_wm": 12.597715802656149,
  "size_x": 208,
  "size_y": 256,
  "size_z": 256,
  "snr_csf": 3.6406593022067635,
  "snr_gm": 12.92389796548399,
  "snr_total": 9.1053429520542,
  "snr_wm": 10.751471588471846,
  "snrd_csf": 19.210019922014016,
  "snrd_gm": 41.31076870478525,
  "snrd_total": 38.17829104404691,
  "snrd_wm": 54.01408450534145,
  "spacing_x": 0.8999999761581421,
  "spacing_y": 0.8984375,
  "spacing_z": 0.8984375,
  "summary_bg_k": 3.4502631816161946,
  "summary_bg_mad": 12.128371238708496,
  "summary_bg_mean": 44.76576232910156,
  "summary_bg_median": 43.90998077392578,
  "summary_bg_n": 3332727.0,
  "summary_bg_p05": 25.458740043640137,
  "summary_bg_p95": 66.95868988037108,
  "summary_bg_stdv": 13.177677154541016,
  "summary_csf_k": 0.5989459851976306,
  "summary_csf_mad": 92.14254760742188,
  "summary_csf_mean": 376.2450256347656,
  "summary_csf_median": 355.6301574707031,
  "summary_csf_n": 31845.0,
  "summary_csf_p05": 252.85936279296874,
  "summary_csf_p95": 562.8526611328125,
  "summary_csf_stdv": 97.68136596679688,
  "summary_gm_k": -0.22320446559539286,
  "summary_gm_mad": 61.707977294921875,
  "summary_gm_mean": 765.2658081054688,
  "summary_gm_median": 764.775634765625,
  "summary_gm_n": 76206.0,
  "summary_gm_p05": 669.8114624023438,
  "summary_gm_p95": 862.5516815185547,
  "summary_gm_stdv": 59.17491912841797,
  "summary_wm_k": 0.39204156736563345,
  "summary_wm_mad": 89.94144439697266,
  "summary_wm_mean": 1016.899169921875,
  "summary_wm_median": 999.9488525390625,
  "summary_wm_n": 211762.0,
  "summary_wm_p05": 895.4233703613281,
  "summary_wm_p95": 1192.6598327636716,
  "summary_wm_stdv": 93.00554656982422,
  "tpm_overlap_csf": 0.21496494114398956,
  "tpm_overlap_gm": 0.4515162706375122,
  "tpm_overlap_wm": 0.42871519923210144,
  "wm2max": 0.5111397905276754
}