{
  "bids_meta": {
    "AccessionNumber": "8568-001",
    "AcquisitionDateTime": "2018-09-14T08:53:56.782500",
    "AcquisitionMatrixPE": 256,
    "AcquisitionNumber": 1,
    "AcquisitionTime": "08:53:56.782500",
    "BaseResolution": 256,
    "BodyPartExamined": "BRAIN",
    "ConsistencyInfo": "N4_VE11C_LATEST_20160120",
    "ConversionSoftware": "dcm2niix",
    "ConversionSoftwareVersion": "v1.0.20210317",
    "DeviceSerialNumber": "167050",
    "DwellTime": 3e-06,
    "EchoNumber": 4,
    "FlipAngle": 8,
    "ImageComments": "Average over all echoes.",
    "ImageOrientationPatientDICOM": [
      0,
      1,
      0,
      0,
      0,
      -1
    ],
    "ImageType": [
      "ORIGINAL",
      "PRIMARY",
      "ECHO",
      "COMBINED",
      "ND",
      "NORM"
    ],
    "ImagingFrequency": 123.25,
    "InPlanePhaseEncodingDirectionDICOM": "ROW",
    "InstitutionAddress": "Michigan Ave 320,Pasadena,California,US,91025",
    "InstitutionName": "Caltech Prisma64",
    "InstitutionalDepartmentName": "Department",
    "InversionTime": 1.15,
    "MRAcquisitionType": "3D",
    "MagneticFieldStrength": 3,
    "Manufacturer": "Siemens",
    "ManufacturersModelName": "Prisma_fit",
    "Modality": "MR",
    "ParallelReductionFactorInPlane": 2,
    "PartialFourier": 1,
    "PatientBirthDate": "1998-10-01",
    "PatientID": "CC0162",
    "PatientName": "CC0162",
    "PatientPosition": "HFS",
    "PatientSex": "M",
    "PatientWeight": 65.7709,
    "PercentPhaseFOV": 100,
    "PercentSampling": 100,
    "PhaseEncodingSteps": 282,
    "PhaseOversampling": 0.1,
    "PhaseResolution": 1,
    "PixelBandwidth": 650,
    "ProcedureStepDescription": "Conte Core",
    "ProtocolName": "T1w",
    "PulseSequenceDetails": "%CustomerSeq%\\tfl_wip900D_VE11C",
    "ReceiveCoilActiveElements": "HEA;HEP",
    "ReceiveCoilName": "Head_32",
    "ReconMatrixPE": 256,
    "RefLinesPE": 32,
    "ReferringPhysicianName": "Adolphs",
    "RepetitionTime": 2.55,
    "SAR": 0.0412809,
    "ScanOptions": "IR\\WE",
    "ScanningSequence": "GR\\IR",
    "SequenceName": "tfl3d4_16ns",
    "SequenceVariant": "SK\\SP\\MP\\OSP",
    "SeriesDescription": "T1w_combEcho",
    "SeriesInstanceUID": "1.3.12.2.1107.5.2.43.167050.2018091409010567826087225.0.0.0",
    "SeriesNumber": 5,
    "ShimSetting": [
      6987,
      -3637,
      7921,
      393,
      3,
      -155,
      -97,
      -20
    ],
    "SliceThickness": 0.9,
    "SoftwareVersions": "syngo MR E11",
    "StationName": "PRISMA",
    "StudyID": "1",
    "StudyInstanceUID": "1.3.12.2.1107.5.2.43.167050.30000018081720093477500000121",
    "TxRefAmp": 246.665,
    "WipMemBlock": "WIP_Identifier: WIP#900D",
    "acq_id": "combecho",
    "dataset": "unknown",
    "modality": "T1w",
    "run_id": 2,
    "session_id": "core2p2",
    "subject_id": "CC0162"
  },
  "cjv": 0.6740125089242296,
  "cnr": 1.9940753806687668,
  "efc": 0.6334860018982535,
  "fber": 1906.467529296875,
  "fwhm_avg": 4.330901989814247,
  "fwhm_x": 4.317333447703612,
  "fwhm_y": 4.250935652173913,
  "fwhm_z": 4.424436869565217,
  "icvs_csf": 0.17769983239061468,
  "icvs_gm": 0.4511520285843945,
  "icvs_wm": 0.37114813902499083,
  "inu_med": 1.613840103149414,
  "inu_range": 0.7154206633567812,
  "provenance": {
    "md5sum": "74fba035389062e17eb58853e1afec4a",
    "settings": {
      "testing": false
    },
    "software": "mriqc",
    "version": "0.15.0",
    "warnings": {
      "large_rot_frame": false,
      "small_air_mask": false
    },
    "webapi_port": null,
    "webapi_url": "https://mriqc.nimh.nih.gov/api/v1"
  },
  "qi_1": 0.0,
  "qi_2": 0.008630321639625791,
  "rpve_csf": 25.120499573973593,
  "rpve_gm": 10.96191821998595,
  "rpve_wm": 14.913107754768813,
  "size_x": 208,
  "size_y": 256,
  "size_z": 256,
  "snr_csf": 3.511724710377686,
  "snr_gm": 10.480847095614612,
  "snr_total": 11.045276946868052,
  "snr_wm": 19.14325903461186,
  "snrd_csf": 44.38385291284859,
  "snrd_gm": 85.19046659466393,
  "snrd_total": 78.12557934325419,
  "snrd_wm": 104.80241852225004,
  "spacing_x": 0.8999999761581421,
  "spacing_y": 0.8984375,
  "spacing_z": 0.8984375,
  "summary_bg_k": 2.864761825360252,
  "summary_bg_mad": 6.2513813972473145,
  "summary_bg_mean": 15.247625350952148,
  "summary_bg_median": 12.644766807556152,
  "summary_bg_n": 3362613.0,
  "summary_bg_p05": 4.217898368835449,
  "summary_bg_p95": 29.421512603759766,
  "summary_bg_stdv": 7.933198928833008,
  "summary_csf_k": 0.4611785876814958,
  "summary_csf_mad": 114.4964599609375,
  "summary_csf_mean": 446.297607421875,
  "summary_csf_median": 423.5154724121094,
  "summary_csf_n": 46725.0,
  "summary_csf_p05": 287.03244628906253,
  "summary_csf_p95": 673.6043945312499,
  "summary_csf_stdv": 120.59912872314453,
  "summary_gm_k": 0.025522040242052846,
  "summary_gm_mad": 78.14749908447266,
  "summary_gm_mean": 818.9376831054688,
  "summary_gm_median": 812.8965454101562,
  "summary_gm_n": 61322.0,
  "summary_gm_p05": 703.5760772705078,
  "summary_gm_p95": 958.4868255615233,
  "summary_gm_stdv": 77.55956268310547,
  "summary_wm_k": 0.654214842118817,
  "summary_wm_mad": 47.986759185791016,
  "summary_wm_mean": 1001.7826538085938,
  "summary_wm_median": 1000.035888671875,
  "summary_wm_n": 304153.0,
  "summary_wm_p05": 918.103466796875,
  "summary_wm_p95": 1090.4567138671875,
  "summary_wm_stdv": 52.239498138427734,
  "tpm_overlap_csf": 0.21559077501296997,
  "tpm_overlap_gm": 0.5150106549263,
  "tpm_overlap_wm": 0.5298133492469788,
  "wm2max": 0.6372119103985597
}