{
  "aor": 0.0013885684210526315,
  "aqi": 0.006748881494736843,
  "bids_meta": {
    "AccessionNumber": "8707-012",
    "AcquisitionDateTime": "2019-02-05T14:39:26.522500",
    "AcquisitionMatrixPE": 80,
    "AcquisitionNumber": 1,
    "AcquisitionTime": "14:39:26.522500",
    "BandwidthPerPixelPhaseEncode": 23.191,
    "BaseResolution": 80,
    "BodyPartExamined": "BRAIN",
    "ConsistencyInfo": "N4_VE11C_LATEST_20160120",
    "ConversionSoftware": "dcm2niix",
    "ConversionSoftwareVersion": "v1.0.20210317",
    "DerivedVendorReportedEchoSpacing": 0.000490002,
    "DeviceSerialNumber": "167050",
    "DwellTime": 2.3e-06,
    "EchoTime": 0.03,
    "EchoTrainLength": 88,
    "EffectiveEchoSpacing": 0.000539002,
    "FlipAngle": 53,
    "ImageComments": "Unaliased MB6/PE3/LB",
    "ImageOrientationPatientDICOM": [
      1,
      0,
      0,
      0,
      0.939693,
      -0.34202
    ],
    "ImageType": [
      "ORIGINAL",
      "PRIMARY",
      "M",
      "MB",
      "ND",
      "MOSAIC"
    ],
    "ImagingFrequency": 123.25,
    "InPlanePhaseEncodingDirectionDICOM": "COL",
    "InstitutionAddress": "Michigan Ave 320,Pasadena,California,US,91025",
    "InstitutionName": "Caltech Prisma64",
    "InstitutionalDepartmentName": "Department",
    "MRAcquisitionType": "2D",
    "MagneticFieldStrength": 3,
    "Manufacturer": "Siemens",
    "ManufacturersModelName": "Prisma_fit",
    "Modality": "MR",
    "MultibandAccelerationFactor": 6,
    "PartialFourier": 1,
    "PatientBirthDate": "1979-09-01",
    "PatientID": "CC0104",
    "PatientName": "CC0104",
    "PatientPosition": "HFS",
    "PatientSex": "M",
    "PatientWeight": 68.0389,
    "PercentPhaseFOV": 100,
    "PercentSampling": 100,
    "PhaseEncodingDirection": "j-",
    "PhaseEncodingSteps": 88,
    "PhaseOversampling": 0.1,
    "PhaseResolution": 1,
    "PixelBandwidth": 2715,
    "ProtocolName": "task-pixar_run-01_bold",
    "PulseSequenceDetails": "%CustomerSeq%\\cmrr_mbep2d_bold",
    "ReceiveCoilActiveElements": "HEA;HEP",
    "ReceiveCoilName": "Head_32",
    "ReconMatrixPE": 80,
    "ReferringPhysicianName": "Adolphs",
    "RepetitionTime": 0.7,
    "SAR": 0.0973433,
    "ScanOptions": "FS\\EXT",
    "ScanningSequence": "EP",
    "SequenceName": "epfid2d1_80",
    "SequenceVariant": "SK\\SS\\OSP",
    "SeriesDescription": "task-pixar_run-01_bold",
    "SeriesInstanceUID": "1.3.12.2.1107.5.2.43.167050.20190205143737384271210.0.0.0",
    "SeriesNumber": 34,
    "ShimSetting": [
      6987,
      -3652,
      7942,
      429,
      22,
      -170,
      -86,
      7
    ],
    "SliceThickness": 2.5,
    "SliceTiming": [
      0,
      0.475,
      0.27,
      0.0675,
      0.5425,
      0.34,
      0.135,
      0.61,
      0.4075,
      0.2025,
      0,
      0.475,
      0.27,
      0.0675,
      0.5425,
      0.34,
      0.135,
      0.61,
      0.4075,
      0.2025,
      0,
      0.475,
      0.27,
      0.0675,
      0.5425,
      0.34,
      0.135,
      0.61,
      0.4075,
      0.2025,
      0,
      0.475,
      0.27,
      0.0675,
      0.5425,
      0.34,
      0.135,
      0.61,
      0.4075,
      0.2025,
      0,
      0.475,
      0.27,
      0.0675,
      0.5425,
      0.34,
      0.135,
      0.61,
      0.4075,
      0.2025,
      0,
      0.475,
      0.27,
      0.0675,
      0.5425,
      0.34,
      0.135,
      0.61,
      0.4075,
      0.2025
    ],
    "SoftwareVersions": "syngo MR E11",
    "SpacingBetweenSlices": 2.5,
    "StationName": "PRISMA",
    "StudyID": "1",
    "StudyInstanceUID": "1.3.12.2.1107.5.2.43.167050.30000019012122271046500000115",
    "TaskName": "pixar",
    "TotalReadoutTime": 0.0425812,
    "TxRefAmp": 269.977,
    "WipMemBlock": "1ac6829f-6b93-4de0-9575-d8901e69d4fb||Sequence: R016 ve11c/master r/e634e98; Dec 19 2017 11:00:25 by eja",
    "dataset": "unknown",
    "modality": "bold",
    "run_id": 1,
    "session_id": "core2p2",
    "subject_id": "CC0104",
    "task_id": "pixar"
  },
  "dummy_trs": 1,
  "dvars_nstd": 29.262454431392356,
  "dvars_std": 0.993844759831224,
  "dvars_vstd": 1.003070907848102,
  "efc": 0.5497889400161087,
  "fber": 437.5140380859375,
  "fd_mean": 0.14452973301848715,
  "fd_num": 131,
  "fd_perc": 27.57894736842105,
  "fwhm_avg": 2.983109333333333,
  "fwhm_x": 2.754044,
  "fwhm_y": 3.138948,
  "fwhm_z": 3.056336,
  "gcor": 0.0123735,
  "gsr_x": 0.009122034534811974,
  "gsr_y": 0.08811311423778534,
  "provenance": {
    "md5sum": "5ca22828096d1afd675134afa8d677e0",
    "settings": {
      "fd_thres": 0.2,
      "hmc_fsl": false
    },
    "software": "mriqc",
    "version": "0.15.0",
    "webapi_port": null,
    "webapi_url": "https://mriqc.nimh.nih.gov/api/v1"
  },
  "size_t": 475,
  "size_x": 80,
  "size_y": 80,
  "size_z": 60,
  "snr": 1.9616445805925227,
  "spacing_tr": 0.699999988079071,
  "spacing_x": 2.5,
  "spacing_y": 2.5,
  "spacing_z": 2.5,
  "summary_bg_k": 15.938777269430833,
  "summary_bg_mad": 123.41961669921875,
  "summary_bg_mean": 508.924072265625,
  "summary_bg_median": 180.9199981689453,
  "summary_bg_n": 236932.0,
  "summary_bg_p05": 87.98736572265625,
  "summary_bg_p95": 2200.8366210937456,
  "summary_bg_stdv": 812.76220703125,
  "summary_fg_k": 0.9296742937193776,
  "summary_fg_mad": 1887.0078125,
  "summary_fg_mean": 4540.58447265625,
  "summary_fg_median": 4121.6630859375,
  "summary_fg_n": 85272.0,
  "summary_fg_p05": 1795.4618408203125,
  "summary_fg_p95": 8613.265234375,
  "summary_fg_stdv": 2101.114013671875,
  "tsnr": 38.01930618286133
}