{
  "aor": 0.0009564971751412429,
  "aqi": 0.007034449745762712,
  "bids_meta": {
    "AccessionNumber": "8693-012",
    "AcquisitionDateTime": "2019-01-29T13:50:7.375000",
    "AcquisitionMatrixPE": 80,
    "AcquisitionNumber": 1,
    "AcquisitionTime": "13:50:7.375000",
    "BandwidthPerPixelPhaseEncode": 23.191,
    "BaseResolution": 80,
    "BodyPartExamined": "BRAIN",
    "ConsistencyInfo": "N4_VE11C_LATEST_20160120",
    "ConversionSoftware": "dcm2niix",
    "ConversionSoftwareVersion": "v1.0.20210317",
    "DerivedVendorReportedEchoSpacing": 0.000490002,
    "DeviceSerialNumber": "167050",
    "DwellTime": 2.3e-06,
    "EchoTime": 0.03,
    "EchoTrainLength": 88,
    "EffectiveEchoSpacing": 0.000539002,
    "FlipAngle": 53,
    "ImageComments": "Unaliased MB6/PE3/LB",
    "ImageOrientationPatientDICOM": [
      1,
      0,
      0,
      0,
      0.939693,
      -0.34202
    ],
    "ImageType": [
      "ORIGINAL",
      "PRIMARY",
      "M",
      "MB",
      "ND",
      "MOSAIC"
    ],
    "ImagingFrequency": 123.25,
    "InPlanePhaseEncodingDirectionDICOM": "COL",
    "InstitutionAddress": "Michigan Ave 320,Pasadena,California,US,91025",
    "InstitutionName": "Caltech Prisma64",
    "InstitutionalDepartmentName": "Department",
    "MRAcquisitionType": "2D",
    "MagneticFieldStrength": 3,
    "Manufacturer": "Siemens",
    "ManufacturersModelName": "Prisma_fit",
    "Modality": "MR",
    "MultibandAccelerationFactor": 6,
    "PartialFourier": 1,
    "PatientBirthDate": "1987-05-01",
    "PatientID": "CC0111",
    "PatientName": "CC0111",
    "PatientPosition": "HFS",
    "PatientSex": "F",
    "PatientWeight": 58.967,
    "PercentPhaseFOV": 100,
    "PercentSampling": 100,
    "PhaseEncodingDirection": "j-",
    "PhaseEncodingSteps": 88,
    "PhaseOversampling": 0.1,
    "PhaseResolution": 1,
    "PixelBandwidth": 2715,
    "ProtocolName": "task-bang_bold",
    "PulseSequenceDetails": "%CustomerSeq%\\cmrr_mbep2d_bold",
    "ReceiveCoilActiveElements": "HEA;HEP",
    "ReceiveCoilName": "Head_32",
    "ReconMatrixPE": 80,
    "ReferringPhysicianName": "Adolphs",
    "RepetitionTime": 0.7,
    "SAR": 0.090932,
    "ScanOptions": "FS\\EXT",
    "ScanningSequence": "EP",
    "SequenceName": "epfid2d1_80",
    "SequenceVariant": "SK\\SS\\OSP",
    "SeriesDescription": "task-bang_bold",
    "SeriesInstanceUID": "1.3.12.2.1107.5.2.43.167050.2019012913471198329287591.0.0.0",
    "SeriesNumber": 24,
    "ShimSetting": [
      6969,
      -3632,
      7949,
      554,
      -117,
      -79,
      -41,
      13
    ],
    "SliceThickness": 2.5,
    "SliceTiming": [
      0,
      0.475,
      0.2725,
      0.0675,
      0.5425,
      0.34,
      0.135,
      0.6125,
      0.4075,
      0.205,
      0,
      0.475,
      0.2725,
      0.0675,
      0.5425,
      0.34,
      0.135,
      0.6125,
      0.4075,
      0.205,
      0,
      0.475,
      0.2725,
      0.0675,
      0.5425,
      0.34,
      0.135,
      0.6125,
      0.4075,
      0.205,
      0,
      0.475,
      0.2725,
      0.0675,
      0.5425,
      0.34,
      0.135,
      0.6125,
      0.4075,
      0.205,
      0,
      0.475,
      0.2725,
      0.0675,
      0.5425,
      0.34,
      0.135,
      0.6125,
      0.4075,
      0.205,
      0,
      0.475,
      0.2725,
      0.0675,
      0.5425,
      0.34,
      0.135,
      0.6125,
      0.4075,
      0.205
    ],
    "SoftwareVersions": "syngo MR E11",
    "SpacingBetweenSlices": 2.5,
    "StationName": "PRISMA",
    "StudyID": "1",
    "StudyInstanceUID": "1.3.12.2.1107.5.2.43.167050.30000019012122271046500000058",
    "TaskName": "bang",
    "TotalReadoutTime": 0.0425812,
    "TxRefAmp": 254.154,
    "WipMemBlock": "03661e29-c1d5-4b46-b5a5-a961e55ee5e3||Sequence: R016 ve11c/master r/e634e98; Dec 19 2017 11:00:25 by eja",
    "dataset": "unknown",
    "modality": "bold",
    "run_id": 1,
    "session_id": "core2p2",
    "subject_id": "CC0111",
    "task_id": "bang"
  },
  "dummy_trs": 2,
  "dvars_nstd": 35.02816559577084,
  "dvars_std": 1.0427815346393206,
  "dvars_vstd": 0.9752206593352194,
  "efc": 0.5218039107453382,
  "fber": 768.4114379882812,
  "fd_mean": 0.1484574207599954,
  "fd_num": 170,
  "fd_perc": 24.01129943502825,
  "fwhm_avg": 2.9168373333333335,
  "fwhm_x": 2.787616,
  "fwhm_y": 3.048432,
  "fwhm_z": 2.9144639999999997,
  "gcor": 0.00989244,
  "gsr_x": -0.014188818633556366,
  "gsr_y": 0.08182735741138458,
  "provenance": {
    "md5sum": "021121309c3fec0422fc7cc01bd0d52d",
    "settings": {
      "fd_thres": 0.2,
      "hmc_fsl": false
    },
    "software": "mriqc",
    "version": "0.15.0",
    "webapi_port": null,
    "webapi_url": "https://mriqc.nimh.nih.gov/api/v1"
  },
  "size_t": 708,
  "size_x": 80,
  "size_y": 80,
  "size_z": 60,
  "snr": 2.1336412953790447,
  "spacing_tr": 0.699999988079071,
  "spacing_x": 2.5,
  "spacing_y": 2.5,
  "spacing_z": 2.5,
  "summary_bg_k": 29.201178869972317,
  "summary_bg_mad": 70.21942901611328,
  "summary_bg_mean": 338.6889953613281,
  "summary_bg_median": 132.18148803710938,
  "summary_bg_n": 238958.0,
  "summary_bg_p05": 77.66666412353516,
  "summary_bg_p95": 1406.4156433105468,
  "summary_bg_stdv": 562.3689575195312,
  "summary_fg_k": 0.7029757439294677,
  "summary_fg_mad": 1664.4161376953125,
  "summary_fg_mean": 4318.76220703125,
  "summary_fg_median": 3960.980224609375,
  "summary_fg_n": 83853.0,
  "summary_fg_p05": 1883.73447265625,
  "summary_fg_p95": 7910.624707031249,
  "summary_fg_stdv": 1856.430419921875,
  "tsnr": 33.800357818603516
}