{
  "bids_meta": {
    "AccessionNumber": "7619-012",
    "AcquisitionDateTime": "2014-10-17T13:45:8.717500",
    "AcquisitionMatrixPE": 256,
    "AcquisitionNumber": 1,
    "AcquisitionTime": "13:45:8.717500",
    "BaseResolution": 256,
    "CoilString": "C:HEA;HEP",
    "ConversionSoftware": "dcm2niix",
    "ConversionSoftwareVersion": "v1.0.20210317",
    "DeviceSerialNumber": "35077",
    "DwellTime": 1.09e-05,
    "EchoTime": 0.00291,
    "FlipAngle": 10,
    "ImageOrientationPatientDICOM": [
      0,
      1,
      0,
      0,
      0,
      -1
    ],
    "ImageType": [
      "ORIGINAL",
      "PRIMARY",
      "M",
      "ND",
      "NORM"
    ],
    "ImagingFrequency": 123.229,
    "InPlanePhaseEncodingDirectionDICOM": "ROW",
    "InstitutionAddress": "Wilson Avenue 340 ,Pasadena,California,US,91025",
    "InstitutionName": "Caltech Tim32",
    "InstitutionalDepartmentName": "Department",
    "InversionTime": 0.8,
    "MRAcquisitionType": "3D",
    "MagneticFieldStrength": 3,
    "Manufacturer": "Siemens",
    "ManufacturersModelName": "TrioTim",
    "Modality": "MR",
    "PartialFourier": 1,
    "PatientBirthDate": "1991-01-01",
    "PatientID": "adolphs",
    "PatientName": "CC0009",
    "PatientPosition": "HFS",
    "PatientSex": "M",
    "PatientWeight": 62.1422,
    "PercentPhaseFOV": 100,
    "PercentSampling": 100,
    "PhaseEncodingSteps": 256,
    "PhaseResolution": 1,
    "PixelBandwidth": 179,
    "ProcedureStepDescription": "Conte^Core",
    "ProtocolName": "T1_1",
    "PulseSequenceDetails": "%SiemensSeq%\\tfl",
    "ReceiveCoilName": "32Ch_Head",
    "ReconMatrixPE": 256,
    "RepetitionTime": 1.5,
    "SAR": 0.139134,
    "ScanOptions": "IR",
    "ScanningSequence": "GR\\IR",
    "SequenceName": "*tfl3d1",
    "SequenceVariant": "SP\\MP",
    "SeriesDescription": "T1_1",
    "SeriesInstanceUID": "1.3.12.2.1107.5.2.32.35077.2014101713450055375571347.0.0.0",
    "SeriesNumber": 6,
    "ShimSetting": [
      9561,
      -10538,
      15699,
      614,
      -55,
      -80,
      164,
      12
    ],
    "SliceThickness": 1,
    "SoftwareVersions": "syngo MR B17",
    "StationName": "MEDPC",
    "StudyID": "1",
    "StudyInstanceUID": "1.3.12.2.1107.5.2.32.35077.30000014101317092323400000013",
    "TxRefAmp": 320.218,
    "dataset": "unknown",
    "modality": "T1w",
    "run_id": 1,
    "session_id": "core1p2",
    "subject_id": "CC0009"
  },
  "cjv": 0.599352838823477,
  "cnr": 2.329112971910148,
  "efc": 0.5545917282621068,
  "fber": 7779.9619140625,
  "fwhm_avg": 4.384016666666667,
  "fwhm_x": 4.38343,
  "fwhm_y": 4.43004,
  "fwhm_z": 4.33858,
  "icvs_csf": 0.21603471035935232,
  "icvs_gm": 0.4206965818059418,
  "icvs_wm": 0.36326870783470583,
  "inu_med": 1.4618886709213257,
  "inu_range": 0.3831199884414669,
  "provenance": {
    "md5sum": "a5952eae516d0a0f571fd23ae84a0703",
    "settings": {
      "testing": false
    },
    "software": "mriqc",
    "version": "0.15.0",
    "warnings": {
      "large_rot_frame": true,
      "small_air_mask": false
    },
    "webapi_port": null,
    "webapi_url": "https://mriqc.nimh.nih.gov/api/v1"
  },
  "qi_1": 0.0001601228375608064,
  "qi_2": 0.02005560046843774,
  "rpve_csf": 21.681919875623304,
  "rpve_gm": 11.515357038062874,
  "rpve_wm": 15.774634235123631,
  "size_x": 176,
  "size_y": 256,
  "size_z": 256,
  "snr_csf": 3.6479421391199685,
  "snr_gm": 10.457172168392677,
  "snr_total": 14.141482547833915,
  "snr_wm": 28.319333335989096,
  "snrd_csf": 72.4991837147077,
  "snrd_gm": 139.61175275101357,
  "snrd_total": 128.68219054487182,
  "snrd_wm": 173.93563516889424,
  "spacing_x": 1.0,
  "spacing_y": 1.0,
  "spacing_z": 1.0,
  "summary_bg_k": 35.940708289560085,
  "summary_bg_mad": 3.7665724754333496,
  "summary_bg_mean": 5.895138740539551,
  "summary_bg_median": 5.072786808013916,
  "summary_bg_n": 2810347.0,
  "summary_bg_p05": 0.0,
  "summary_bg_p95": 15.510870933532704,
  "summary_bg_stdv": 6.331485271453857,
  "summary_csf_k": 0.24028863919645982,
  "summary_csf_mad": 131.56480407714844,
  "summary_csf_mean": 434.8486633300781,
  "summary_csf_median": 416.8192138671875,
  "summary_csf_n": 39253.0,
  "summary_csf_p05": 280.6675048828125,
  "summary_csf_p95": 626.4839721679688,
  "summary_csf_stdv": 114.260009765625,
  "summary_gm_k": -0.7660377574580397,
  "summary_gm_mad": 88.57009887695312,
  "summary_gm_mean": 808.8366088867188,
  "summary_gm_median": 802.669189453125,
  "summary_gm_n": 41201.0,
  "summary_gm_p05": 690.2709350585938,
  "summary_gm_p95": 933.7849731445312,
  "summary_gm_stdv": 76.7568359375,
  "summary_wm_k": 2.1534610143419144,
  "summary_wm_mad": 29.7050724029541,
  "summary_wm_mean": 998.788818359375,
  "summary_wm_median": 1000.00732421875,
  "summary_wm_n": 245147.0,
  "summary_wm_p05": 939.7557434082032,
  "summary_wm_p95": 1051.9728759765626,
  "summary_wm_stdv": 35.31175231933594,
  "tpm_overlap_csf": 0.22439353168010712,
  "tpm_overlap_gm": 0.5045360922813416,
  "tpm_overlap_wm": 0.5575414896011353,
  "wm2max": 0.5862287169389775
}