{
  "bids_meta": {
    "AccessionNumber": "8994-007",
    "AcquisitionDateTime": "2018-06-05T10:25:5.917500",
    "AcquisitionMatrixPE": 256,
    "AcquisitionNumber": 1,
    "AcquisitionTime": "10:25:5.917500",
    "BaseResolution": 256,
    "BodyPartExamined": "BRAIN",
    "ConsistencyInfo": "N4_VE11C_LATEST_20160120",
    "ConversionSoftware": "dcm2niix",
    "ConversionSoftwareVersion": "v1.0.20210317",
    "DeviceSerialNumber": "167050",
    "DwellTime": 3e-06,
    "EchoNumber": 4,
    "FlipAngle": 8,
    "ImageComments": "Average over all echoes.",
    "ImageOrientationPatientDICOM": [
      0,
      1,
      0,
      0,
      0,
      -1
    ],
    "ImageType": [
      "ORIGINAL",
      "PRIMARY",
      "ECHO",
      "COMBINED",
      "ND",
      "NORM"
    ],
    "ImagingFrequency": 123.251,
    "InPlanePhaseEncodingDirectionDICOM": "ROW",
    "InstitutionAddress": "Michigan Ave 320,Pasadena,California,US,91025",
    "InstitutionName": "Caltech Prisma64",
    "InstitutionalDepartmentName": "Department",
    "InversionTime": 1.15,
    "MRAcquisitionType": "3D",
    "MagneticFieldStrength": 3,
    "Manufacturer": "Siemens",
    "ManufacturersModelName": "Prisma_fit",
    "Modality": "MR",
    "ParallelReductionFactorInPlane": 2,
    "PartialFourier": 1,
    "PatientBirthDate": "1984-01-01",
    "PatientID": "CC0053",
    "PatientName": "CC0053",
    "PatientPosition": "HFS",
    "PatientSex": "F",
    "PatientWeight": 58.967,
    "PercentPhaseFOV": 100,
    "PercentSampling": 100,
    "PhaseEncodingSteps": 282,
    "PhaseOversampling": 0.1,
    "PhaseResolution": 1,
    "PixelBandwidth": 650,
    "ProcedureStepDescription": "Conte Core",
    "ProtocolName": "T1w",
    "PulseSequenceDetails": "%CustomerSeq%\\tfl_wip900D_VE11C",
    "ReceiveCoilActiveElements": "HEA;HEP",
    "ReceiveCoilName": "Head_32",
    "ReconMatrixPE": 256,
    "RefLinesPE": 32,
    "ReferringPhysicianName": "Adolphs",
    "RepetitionTime": 2.55,
    "SAR": 0.0464841,
    "ScanOptions": "IR\\WE",
    "ScanningSequence": "GR\\IR",
    "SequenceName": "tfl3d4_16ns",
    "SequenceVariant": "SK\\SP\\MP\\OSP",
    "SeriesDescription": "T1w_combEcho",
    "SeriesInstanceUID": "1.3.12.2.1107.5.2.43.167050.2018060510321466159091555.0.0.0",
    "SeriesNumber": 5,
    "ShimSetting": [
      7027,
      -3733,
      7789,
      311,
      87,
      -339,
      -354,
      39
    ],
    "SliceThickness": 0.9,
    "SoftwareVersions": "syngo MR E11",
    "StationName": "PRISMA",
    "StudyID": "1",
    "StudyInstanceUID": "1.3.12.2.1107.5.2.43.167050.30000018042619061766300000097",
    "TxRefAmp": 247.605,
    "WipMemBlock": "WIP_Identifier: WIP#900D",
    "acq_id": "combecho",
    "dataset": "unknown",
    "modality": "T1w",
    "run_id": 2,
    "session_id": "core2p2",
    "subject_id": "CC0053"
  },
  "cjv": 0.5261255471911692,
  "cnr": 2.3702656578050294,
  "efc": 0.6158402704849872,
  "fber": 952.6873168945312,
  "fwhm_avg": 4.364717070176144,
  "fwhm_x": 4.482322340963214,
  "fwhm_y": 4.216765217391305,
  "fwhm_z": 4.3950636521739135,
  "icvs_csf": 0.20462103486279196,
  "icvs_gm": 0.4053861755909442,
  "icvs_wm": 0.3899927895462638,
  "inu_med": 1.4387487173080444,
  "inu_range": 0.4851757168769837,
  "provenance": {
    "md5sum": "eba362db4c491348c96bb0a9447abb79",
    "settings": {
      "testing": false
    },
    "software": "mriqc",
    "version": "0.15.0",
    "warnings": {
      "large_rot_frame": false,
      "small_air_mask": false
    },
    "webapi_port": null,
    "webapi_url": "https://mriqc.nimh.nih.gov/api/v1"
  },
  "qi_1": 7.890108797242978e-05,
  "qi_2": 0.004614914166762729,
  "rpve_csf": 23.356997866567244,
  "rpve_gm": 11.990477432587191,
  "rpve_wm": 14.795804185091201,
  "size_x": 208,
  "size_y": 256,
  "size_z": 256,
  "snr_csf": 3.366995187784794,
  "snr_gm": 11.89881345536348,
  "snr_total": 13.85695454928653,
  "snr_wm": 26.305055004711313,
  "snrd_csf": 22.312681031593783,
  "snrd_gm": 48.752162613038585,
  "snrd_total": 43.70044364722606,
  "snrd_wm": 60.03648729704581,
  "spacing_x": 0.8999999761581421,
  "spacing_y": 0.8984375,
  "spacing_z": 0.8984375,
  "summary_bg_k": 139.06734981659662,
  "summary_bg_mad": 10.912625312805176,
  "summary_bg_mean": 16.95759391784668,
  "summary_bg_median": 15.27873706817627,
  "summary_bg_n": 3661610.0,
  "summary_bg_p05": 3.8546910285949707,
  "summary_bg_p95": 37.52753334045409,
  "summary_bg_stdv": 13.629343032836914,
  "summary_csf_k": 0.15625568907289988,
  "summary_csf_mad": 101.89999389648438,
  "summary_csf_mean": 397.8938903808594,
  "summary_csf_median": 371.6629638671875,
  "summary_csf_n": 58002.0,
  "summary_csf_p05": 260.1182434082031,
  "summary_csf_p95": 606.3005950927733,
  "summary_csf_stdv": 110.38321685791016,
  "summary_gm_k": 0.2020382463013748,
  "summary_gm_mad": 65.1170425415039,
  "summary_gm_mean": 811.9940185546875,
  "summary_gm_median": 812.066162109375,
  "summary_gm_n": 24828.0,
  "summary_gm_p05": 699.9677124023438,
  "summary_gm_p95": 927.4583251953125,
  "summary_gm_stdv": 68.24628448486328,
  "summary_wm_k": 1.208991935328485,
  "summary_wm_mad": 33.77526092529297,
  "summary_wm_mean": 999.3003540039062,
  "summary_wm_median": 1000.0294799804688,
  "summary_wm_n": 314891.0,
  "summary_wm_p05": 935.1785888671875,
  "summary_wm_p95": 1058.6550903320312,
  "summary_wm_stdv": 38.01656723022461,
  "tpm_overlap_csf": 0.2285609394311905,
  "tpm_overlap_gm": 0.49237900972366333,
  "tpm_overlap_wm": 0.550615668296814,
  "wm2max": 0.6996034772626879
}