{
  "aor": 0.0015296828752642709,
  "aqi": 0.00606920532769556,
  "bids_meta": {
    "AccessionNumber": "8682-001",
    "AcquisitionDateTime": "2019-01-23T11:32:1.652500",
    "AcquisitionMatrixPE": 80,
    "AcquisitionNumber": 1,
    "AcquisitionTime": "11:32:1.652500",
    "BandwidthPerPixelPhaseEncode": 23.191,
    "BaseResolution": 80,
    "BodyPartExamined": "BRAIN",
    "ConsistencyInfo": "N4_VE11C_LATEST_20160120",
    "ConversionSoftware": "dcm2niix",
    "ConversionSoftwareVersion": "v1.0.20210317",
    "DerivedVendorReportedEchoSpacing": 0.000490002,
    "DeviceSerialNumber": "167050",
    "DwellTime": 2.3e-06,
    "EchoTime": 0.03,
    "EchoTrainLength": 88,
    "EffectiveEchoSpacing": 0.000539002,
    "FlipAngle": 53,
    "ImageComments": "Unaliased MB6/PE3/LB",
    "ImageOrientationPatientDICOM": [
      1,
      0,
      0,
      0,
      0.939693,
      -0.34202
    ],
    "ImageType": [
      "ORIGINAL",
      "PRIMARY",
      "M",
      "MB",
      "ND",
      "MOSAIC"
    ],
    "ImagingFrequency": 123.25,
    "InPlanePhaseEncodingDirectionDICOM": "COL",
    "InstitutionAddress": "Michigan Ave 320,Pasadena,California,US,91025",
    "InstitutionName": "Caltech Prisma32",
    "InstitutionalDepartmentName": "Department",
    "MRAcquisitionType": "2D",
    "MagneticFieldStrength": 3,
    "Manufacturer": "Siemens",
    "ManufacturersModelName": "Prisma_fit",
    "Modality": "MR",
    "MultibandAccelerationFactor": 6,
    "PartialFourier": 1,
    "PatientBirthDate": "1997-03-01",
    "PatientID": "CC0178",
    "PatientName": "CC0178",
    "PatientPosition": "HFS",
    "PatientSex": "M",
    "PatientWeight": 57.1526,
    "PercentPhaseFOV": 100,
    "PercentSampling": 100,
    "PhaseEncodingDirection": "j-",
    "PhaseEncodingSteps": 88,
    "PhaseOversampling": 0.1,
    "PhaseResolution": 1,
    "PixelBandwidth": 2715,
    "ProtocolName": "task-pixar_run-01_bold",
    "PulseSequenceDetails": "%CustomerSeq%\\cmrr_mbep2d_bold",
    "ReceiveCoilActiveElements": "HEA;HEP",
    "ReceiveCoilName": "Head_32",
    "ReconMatrixPE": 80,
    "ReferringPhysicianName": "Adolphs",
    "RepetitionTime": 0.7,
    "SAR": 0.0969013,
    "ScanOptions": "FS\\EXT",
    "ScanningSequence": "EP",
    "SequenceName": "epfid2d1_80",
    "SequenceVariant": "SK\\SS\\OSP",
    "SeriesDescription": "task-pixar_run-01_bold",
    "SeriesInstanceUID": "1.3.12.2.1107.5.2.43.167050.2019012311300581151280557.0.0.0",
    "SeriesNumber": 34,
    "ShimSetting": [
      6996,
      -3605,
      7942,
      550,
      -17,
      21,
      -48,
      32
    ],
    "SliceThickness": 2.5,
    "SliceTiming": [
      0,
      0.4775,
      0.2725,
      0.0675,
      0.545,
      0.34,
      0.1375,
      0.6125,
      0.4075,
      0.205,
      0,
      0.4775,
      0.2725,
      0.0675,
      0.545,
      0.34,
      0.1375,
      0.6125,
      0.4075,
      0.205,
      0,
      0.4775,
      0.2725,
      0.0675,
      0.545,
      0.34,
      0.1375,
      0.6125,
      0.4075,
      0.205,
      0,
      0.4775,
      0.2725,
      0.0675,
      0.545,
      0.34,
      0.1375,
      0.6125,
      0.4075,
      0.205,
      0,
      0.4775,
      0.2725,
      0.0675,
      0.545,
      0.34,
      0.1375,
      0.6125,
      0.4075,
      0.205,
      0,
      0.4775,
      0.2725,
      0.0675,
      0.545,
      0.34,
      0.1375,
      0.6125,
      0.4075,
      0.205
    ],
    "SoftwareVersions": "syngo MR E11",
    "SpacingBetweenSlices": 2.5,
    "StationName": "PRISMA",
    "StudyID": "1",
    "StudyInstanceUID": "1.3.12.2.1107.5.2.43.167050.30000019012122271046500000016",
    "TaskName": "pixar",
    "TotalReadoutTime": 0.0425812,
    "TxRefAmp": 252.232,
    "WipMemBlock": "d3d19973-16ea-4213-a1ac-b3f24cbdc5ac||Sequence: R016 ve11c/master r/e634e98; Dec 19 2017 11:00:25 by eja",
    "dataset": "unknown",
    "modality": "bold",
    "run_id": 1,
    "session_id": "core2p2",
    "subject_id": "CC0178",
    "task_id": "pixar"
  },
  "dummy_trs": 3,
  "dvars_nstd": 31.089409456377112,
  "dvars_std": 1.0486982913771195,
  "dvars_vstd": 1.0736423274576283,
  "efc": 0.5268568007013478,
  "fber": 693.7980346679688,
  "fd_mean": 0.0975977504170697,
  "fd_num": 29,
  "fd_perc": 6.13107822410148,
  "fwhm_avg": 2.9290800000000004,
  "fwhm_x": 2.733656,
  "fwhm_y": 3.067212,
  "fwhm_z": 2.9863720000000002,
  "gcor": 0.0105579,
  "gsr_x": 0.03461252152919769,
  "gsr_y": 0.03994613140821457,
  "provenance": {
    "md5sum": "5496611d0f5054cf22689cd0867a5798",
    "settings": {
      "fd_thres": 0.2,
      "hmc_fsl": false
    },
    "software": "mriqc",
    "version": "0.15.0",
    "webapi_port": null,
    "webapi_url": "https://mriqc.nimh.nih.gov/api/v1"
  },
  "size_t": 473,
  "size_x": 80,
  "size_y": 80,
  "size_z": 60,
  "snr": 2.148929499193647,
  "spacing_tr": 0.699999988079071,
  "spacing_x": 2.5,
  "spacing_y": 2.5,
  "spacing_z": 2.5,
  "summary_bg_k": 22.740169422797425,
  "summary_bg_mad": 75.06105041503906,
  "summary_bg_mean": 362.5594482421875,
  "summary_bg_median": 137.9503173828125,
  "summary_bg_n": 239428.0,
  "summary_bg_p05": 78.68287658691406,
  "summary_bg_p95": 1564.8101440429677,
  "summary_bg_stdv": 630.2301635742188,
  "summary_fg_k": 1.043005947718144,
  "summary_fg_mad": 1548.360107421875,
  "summary_fg_mean": 4271.69384765625,
  "summary_fg_median": 3946.12255859375,
  "summary_fg_n": 82893.0,
  "summary_fg_p05": 1842.210546875,
  "summary_fg_p95": 7921.367968749992,
  "summary_fg_stdv": 1836.30908203125,
  "tsnr": 38.344940185546875
}