{
  "bids_meta": {
    "AccessionNumber": "8560-001",
    "AcquisitionDateTime": "2018-08-30T12:35:54.582500",
    "AcquisitionMatrixPE": 256,
    "AcquisitionNumber": 1,
    "AcquisitionTime": "12:35:54.582500",
    "BaseResolution": 256,
    "BodyPartExamined": "BRAIN",
    "ConsistencyInfo": "N4_VE11C_LATEST_20160120",
    "ConversionSoftware": "dcm2niix",
    "ConversionSoftwareVersion": "v1.0.20210317",
    "DeviceSerialNumber": "167050",
    "DwellTime": 3e-06,
    "EchoNumber": 4,
    "FlipAngle": 8,
    "ImageComments": "Average over all echoes.",
    "ImageOrientationPatientDICOM": [
      0,
      1,
      0,
      0,
      0,
      -1
    ],
    "ImageType": [
      "ORIGINAL",
      "PRIMARY",
      "ECHO",
      "COMBINED",
      "ND",
      "NORM"
    ],
    "ImagingFrequency": 123.25,
    "InPlanePhaseEncodingDirectionDICOM": "ROW",
    "InstitutionAddress": "Michigan Ave 320,Pasadena,California,US,91025",
    "InstitutionName": "Caltech Prisma64",
    "InstitutionalDepartmentName": "Department",
    "InversionTime": 1.15,
    "MRAcquisitionType": "3D",
    "MagneticFieldStrength": 3,
    "Manufacturer": "Siemens",
    "ManufacturersModelName": "Prisma_fit",
    "Modality": "MR",
    "ParallelReductionFactorInPlane": 2,
    "PartialFourier": 1,
    "PatientBirthDate": "1985-11-01",
    "PatientID": "CC0155",
    "PatientName": "CC0155",
    "PatientPosition": "HFS",
    "PatientSex": "F",
    "PatientWeight": 72.5748,
    "PercentPhaseFOV": 100,
    "PercentSampling": 100,
    "PhaseEncodingSteps": 282,
    "PhaseOversampling": 0.1,
    "PhaseResolution": 1,
    "PixelBandwidth": 650,
    "ProtocolName": "T1w",
    "PulseSequenceDetails": "%CustomerSeq%\\tfl_wip900D_VE11C",
    "ReceiveCoilActiveElements": "HEA;HEP",
    "ReceiveCoilName": "Head_32",
    "ReconMatrixPE": 256,
    "RefLinesPE": 32,
    "ReferringPhysicianName": "Adolphs",
    "RepetitionTime": 2.55,
    "SAR": 0.0486867,
    "ScanOptions": "IR\\WE",
    "ScanningSequence": "GR\\IR",
    "SequenceName": "tfl3d4_16ns",
    "SequenceVariant": "SK\\SP\\MP\\OSP",
    "SeriesDescription": "T1w_combEcho",
    "SeriesInstanceUID": "1.3.12.2.1107.5.2.43.167050.2018083012430317836599171.0.0.0",
    "SeriesNumber": 4,
    "ShimSetting": [
      7018,
      -3577,
      7902,
      458,
      48,
      -18,
      25,
      -59
    ],
    "SliceThickness": 0.9,
    "SoftwareVersions": "syngo MR E11",
    "StationName": "PRISMA",
    "StudyID": "1",
    "StudyInstanceUID": "1.3.12.2.1107.5.2.43.167050.30000018081720093477500000067",
    "TxRefAmp": 271.135,
    "WipMemBlock": "WIP_Identifier: WIP#900D",
    "acq_id": "combecho",
    "dataset": "unknown",
    "modality": "T1w",
    "run_id": 1,
    "session_id": "core2p2",
    "subject_id": "CC0155"
  },
  "cjv": 0.3931254771677067,
  "cnr": 3.1054706965037835,
  "efc": 0.579948249076071,
  "fber": 1208.30078125,
  "fwhm_avg": 4.341428347517924,
  "fwhm_x": 4.341766781684207,
  "fwhm_y": 4.257947826086957,
  "fwhm_z": 4.424570434782609,
  "icvs_csf": 0.18213804458727345,
  "icvs_gm": 0.40959385782396895,
  "icvs_wm": 0.4082680975887576,
  "inu_med": 1.3509345054626465,
  "inu_range": 0.46613709926605207,
  "provenance": {
    "md5sum": "52684c52bb9e53da430d3b67403f4fd9",
    "settings": {
      "testing": false
    },
    "software": "mriqc",
    "version": "0.15.0",
    "warnings": {
      "large_rot_frame": false,
      "small_air_mask": false
    },
    "webapi_port": null,
    "webapi_url": "https://mriqc.nimh.nih.gov/api/v1"
  },
  "qi_1": 0.0,
  "qi_2": 0.011994231663017899,
  "rpve_csf": 27.637277915673273,
  "rpve_gm": 13.043000577482081,
  "rpve_wm": 15.605845250921071,
  "size_x": 208,
  "size_y": 256,
  "size_z": 256,
  "snr_csf": 3.737059546910945,
  "snr_gm": 12.729751498891156,
  "snr_total": 14.920562393923865,
  "snr_wm": 28.294876135969496,
  "snrd_csf": 44.123067215518425,
  "snrd_gm": 88.69160144391377,
  "snrd_total": 82.20921170862609,
  "snrd_wm": 113.81296646644606,
  "spacing_x": 0.8999999761581421,
  "spacing_y": 0.8984375,
  "spacing_z": 0.8984375,
  "summary_bg_k": 3.4616740833315527,
  "summary_bg_mad": 5.7563066482543945,
  "summary_bg_mean": 13.054250717163086,
  "summary_bg_median": 11.642815589904785,
  "summary_bg_n": 3579457.0,
  "summary_bg_p05": 3.881681203842163,
  "summary_bg_p95": 27.173826980590814,
  "summary_bg_stdv": 7.443998336791992,
  "summary_csf_k": 0.7153368841547816,
  "summary_csf_mad": 93.67939758300781,
  "summary_csf_mean": 408.0386047363281,
  "summary_csf_median": 387.68402099609375,
  "summary_csf_n": 41052.0,
  "summary_csf_p05": 273.55433502197263,
  "summary_csf_p95": 606.3743835449218,
  "summary_csf_stdv": 103.73912811279297,
  "summary_gm_k": 0.6128344906743224,
  "summary_gm_mad": 56.3438606262207,
  "summary_gm_mean": 783.1724243164062,
  "summary_gm_median": 779.2821044921875,
  "summary_gm_n": 25209.0,
  "summary_gm_p05": 692.2286743164063,
  "summary_gm_p95": 894.5245605468748,
  "summary_gm_stdv": 61.21617126464844,
  "summary_wm_k": 1.564552604944982,
  "summary_wm_mad": 30.429542541503906,
  "summary_wm_mean": 998.3692016601562,
  "summary_wm_median": 1000.0090942382812,
  "summary_wm_n": 318368.0,
  "summary_wm_p05": 937.0366424560546,
  "summary_wm_p95": 1051.7248901367188,
  "summary_wm_stdv": 35.34235382080078,
  "tpm_overlap_csf": 0.23545600473880768,
  "tpm_overlap_gm": 0.5042929649353027,
  "tpm_overlap_wm": 0.5580872893333435,
  "wm2max": 0.7181930375358924
}