{
  "bids_meta": {
    "AccessionNumber": "8560-001",
    "AcquisitionDateTime": "2018-08-30T12:35:54.582500",
    "AcquisitionMatrixPE": 256,
    "AcquisitionNumber": 1,
    "AcquisitionTime": "12:35:54.582500",
    "BaseResolution": 256,
    "BodyPartExamined": "BRAIN",
    "ConsistencyInfo": "N4_VE11C_LATEST_20160120",
    "ConversionSoftware": "dcm2niix",
    "ConversionSoftwareVersion": "v1.0.20210317",
    "DeviceSerialNumber": "167050",
    "DwellTime": 3e-06,
    "EchoNumber": 4,
    "FlipAngle": 8,
    "ImageComments": "Average over all echoes.",
    "ImageOrientationPatientDICOM": [
      0,
      1,
      0,
      0,
      0,
      -1
    ],
    "ImageType": [
      "ORIGINAL",
      "PRIMARY",
      "ECHO",
      "COMBINED",
      "ND"
    ],
    "ImagingFrequency": 123.25,
    "InPlanePhaseEncodingDirectionDICOM": "ROW",
    "InstitutionAddress": "Michigan Ave 320,Pasadena,California,US,91025",
    "InstitutionName": "Caltech Prisma64",
    "InstitutionalDepartmentName": "Department",
    "InversionTime": 1.15,
    "MRAcquisitionType": "3D",
    "MagneticFieldStrength": 3,
    "Manufacturer": "Siemens",
    "ManufacturersModelName": "Prisma_fit",
    "Modality": "MR",
    "ParallelReductionFactorInPlane": 2,
    "PartialFourier": 1,
    "PatientBirthDate": "1985-11-01",
    "PatientID": "CC0155",
    "PatientName": "CC0155",
    "PatientPosition": "HFS",
    "PatientSex": "F",
    "PatientWeight": 72.5748,
    "PercentPhaseFOV": 100,
    "PercentSampling": 100,
    "PhaseEncodingSteps": 282,
    "PhaseOversampling": 0.1,
    "PhaseResolution": 1,
    "PixelBandwidth": 650,
    "ProtocolName": "T1w",
    "PulseSequenceDetails": "%CustomerSeq%\\tfl_wip900D_VE11C",
    "ReceiveCoilActiveElements": "HEA;HEP",
    "ReceiveCoilName": "Head_32",
    "ReconMatrixPE": 256,
    "RefLinesPE": 32,
    "ReferringPhysicianName": "Adolphs",
    "RepetitionTime": 2.55,
    "SAR": 0.0486867,
    "ScanOptions": "IR\\WE",
    "ScanningSequence": "GR\\IR",
    "SequenceName": "tfl3d4_16ns",
    "SequenceVariant": "SK\\SP\\MP\\OSP",
    "SeriesDescription": "T1w_combEcho",
    "SeriesInstanceUID": "1.3.12.2.1107.5.2.43.167050.2018083012430317776899169.0.0.0",
    "SeriesNumber": 5,
    "ShimSetting": [
      7018,
      -3577,
      7902,
      458,
      48,
      -18,
      25,
      -59
    ],
    "SliceThickness": 0.9,
    "SoftwareVersions": "syngo MR E11",
    "StationName": "PRISMA",
    "StudyID": "1",
    "StudyInstanceUID": "1.3.12.2.1107.5.2.43.167050.30000018081720093477500000067",
    "TxRefAmp": 271.135,
    "WipMemBlock": "WIP_Identifier: WIP#900D",
    "acq_id": "combecho",
    "dataset": "unknown",
    "modality": "T1w",
    "run_id": 2,
    "session_id": "core2p2",
    "subject_id": "CC0155"
  },
  "cjv": 0.6430043482708435,
  "cnr": 1.9511393380270377,
  "efc": 0.5887071303374926,
  "fber": 247.2328643798828,
  "fwhm_avg": 6.00152253876547,
  "fwhm_x": 5.940111268470321,
  "fwhm_y": 5.807593739130435,
  "fwhm_z": 6.256862608695653,
  "icvs_csf": 0.16335764633676608,
  "icvs_gm": 0.39754462186277034,
  "icvs_wm": 0.4390977318004636,
  "inu_med": 2.0143914222717285,
  "inu_range": 1.7912171185016632,
  "provenance": {
    "md5sum": "0d3a86c64c35aac7fca844d7e9308ff7",
    "settings": {
      "testing": false
    },
    "software": "mriqc",
    "version": "0.15.0",
    "warnings": {
      "large_rot_frame": false,
      "small_air_mask": false
    },
    "webapi_port": null,
    "webapi_url": "https://mriqc.nimh.nih.gov/api/v1"
  },
  "qi_1": 0.0,
  "qi_2": 0.00782591281627149,
  "rpve_csf": 31.428436629873577,
  "rpve_gm": 12.673987331655445,
  "rpve_wm": 13.361482847877182,
  "size_x": 208,
  "size_y": 256,
  "size_z": 256,
  "snr_csf": 3.665807425734018,
  "snr_gm": 12.537042666861174,
  "snr_total": 9.73278121970811,
  "snr_wm": 12.995493566529143,
  "snrd_csf": 19.877907475858315,
  "snrd_gm": 43.68075006681595,
  "snrd_total": 39.316133634356,
  "snrd_wm": 54.38974336039373,
  "spacing_x": 0.8999999761581421,
  "spacing_y": 0.8984375,
  "spacing_z": 0.8984375,
  "summary_bg_k": 2.238344169878326,
  "summary_bg_mad": 12.045555114746094,
  "summary_bg_mean": 42.58416748046875,
  "summary_bg_median": 41.09044647216797,
  "summary_bg_n": 3526777.0,
  "summary_bg_p05": 24.65792045593262,
  "summary_bg_p95": 64.0970703125,
  "summary_bg_stdv": 12.595023155212402,
  "summary_csf_k": 3.623309101517604,
  "summary_csf_mad": 77.88801574707031,
  "summary_csf_mean": 388.5038146972656,
  "summary_csf_median": 365.4818115234375,
  "summary_csf_n": 41511.0,
  "summary_csf_p05": 270.0583038330078,
  "summary_csf_p95": 589.3069458007812,
  "summary_csf_stdv": 99.69902038574219,
  "summary_gm_k": 0.1799652406164567,
  "summary_gm_mad": 60.51919937133789,
  "summary_gm_mean": 803.2029418945312,
  "summary_gm_median": 803.1287841796875,
  "summary_gm_n": 33511.0,
  "summary_gm_p05": 697.5254821777344,
  "summary_gm_p95": 910.6933898925781,
  "summary_gm_stdv": 64.05950927734375,
  "summary_wm_k": 0.8670857968734849,
  "summary_wm_mad": 66.08778381347656,
  "summary_wm_mean": 1016.5960083007812,
  "summary_wm_median": 1000.0278930664062,
  "summary_wm_n": 238432.0,
  "summary_wm_p05": 921.2257995605469,
  "summary_wm_p95": 1171.7012145996093,
  "summary_wm_stdv": 76.95173645019531,
  "tpm_overlap_csf": 0.22703512012958527,
  "tpm_overlap_gm": 0.46224766969680786,
  "tpm_overlap_wm": 0.49050700664520264,
  "wm2max": 0.6102462462737133
}