{
    "Modality":"MR",
    "MagneticFieldStrength":3,
    "ImagingFrequency":123.229,
    "Manufacturer":"Siemens",
    "ManufacturersModelName":"TrioTim",
    "InstitutionName":"Caltech Tim32",
    "InstitutionalDepartmentName":"Department",
    "InstitutionAddress":"Wilson Avenue 340 ,Pasadena,California,US,91025",
    "DeviceSerialNumber":"35077",
    "StationName":"MEDPC",
    "SeriesInstanceUID":"1.3.12.2.1107.5.2.32.35077.2013032214460976321873950.0.0.0",
    "StudyInstanceUID":"1.3.12.2.1107.5.2.32.35077.30000013031916254787500000052",
    "StudyID":"1",
    "PatientName":"CC0015",
    "PatientID":"adolphs",
    "AccessionNumber":"6519-002",
    "PatientBirthDate":"1984-01-01",
    "PatientSex":"F",
    "PatientWeight":54.8847,
    "PatientPosition":"HFS",
    "ProcedureStepDescription":"Conte^Core",
    "SoftwareVersions":"syngo MR B17",
    "MRAcquisitionType":"2D",
    "SeriesDescription":"rsBOLD_2",
    "ProtocolName":"rsBOLD_2",
    "ScanningSequence":"EP",
    "SequenceVariant":"SK",
    "ScanOptions":"FS",
    "SequenceName":"*epfid2d1_64",
    "ImageType":[
        "ORIGINAL",
        "PRIMARY",
        "M",
        "ND",
        "MOSAIC"
    ],
    "SeriesNumber":6,
    "AcquisitionTime":"14:46:37.552500",
    "AcquisitionDateTime":"2013-03-22T14:46:37.552500",
    "AcquisitionNumber":1,
    "SliceThickness":3,
    "SpacingBetweenSlices":3,
    "SAR":0.190521,
    "EchoTime":0.03,
    "RepetitionTime":2.5,
    "FlipAngle":85,
    "PartialFourier":1,
    "BaseResolution":64,
    "ShimSetting":[
        9555,
        -10665,
        15713,
        758,
        -67,
        -280,
        331,
        67
    ],
    "TxRefAmp":320.402,
    "PhaseResolution":1,
    "ReceiveCoilName":"32Ch_Head",
    "CoilString":"C:HEA;HEP",
    "PulseSequenceDetails":"%SiemensSeq%\\ep2d_bold",
    "RefLinesPE":32,
    "PercentPhaseFOV":100,
    "PercentSampling":100,
    "PhaseEncodingSteps":64,
    "AcquisitionMatrixPE":64,
    "ReconMatrixPE":64,
    "BandwidthPerPixelPhaseEncode":66.489,
    "ParallelReductionFactorInPlane":2,
    "EffectiveEchoSpacing":0.000235001,
    "DerivedVendorReportedEchoSpacing":0.000470003,
    "TotalReadoutTime":0.0148051,
    "PixelBandwidth":2604,
    "DwellTime":3e-06,
    "PhaseEncodingDirection":"j-",
    "SliceTiming":[
        0,
        0.055,
        0.1075,
        0.16,
        0.215,
        0.2675,
        0.32,
        0.375,
        0.4275,
        0.48,
        0.535,
        0.5875,
        0.6425,
        0.695,
        0.7475,
        0.8025,
        0.855,
        0.9075,
        0.9625,
        1.015,
        1.0675,
        1.1225,
        1.175,
        1.2275,
        1.2825,
        1.335,
        1.39,
        1.4425,
        1.495,
        1.55,
        1.6025,
        1.655,
        1.71,
        1.7625,
        1.815,
        1.87,
        1.9225,
        1.975,
        2.03,
        2.0825,
        2.1375,
        2.19,
        2.2425,
        2.2975,
        2.35,
        2.4025,
        2.4575
    ],
    "ImageOrientationPatientDICOM":[
        1,
        -1e-16,
        0,
        1e-16,
        0.939693,
        -0.34202
    ],
    "InPlanePhaseEncodingDirectionDICOM":"COL",
    "ConversionSoftware":"dcm2niix",
    "ConversionSoftwareVersion":"v1.0.20210317",
    "TaskName":"rest"
}