{
  "bids_meta": {
    "AccessionNumber": "8467-014",
    "AcquisitionDateTime": "2018-05-03T08:04:11.285000",
    "AcquisitionMatrixPE": 256,
    "AcquisitionNumber": 1,
    "AcquisitionTime": "08:04:11.285000",
    "BaseResolution": 256,
    "BodyPartExamined": "BRAIN",
    "ConsistencyInfo": "N4_VE11C_LATEST_20160120",
    "ConversionSoftware": "dcm2niix",
    "ConversionSoftwareVersion": "v1.0.20210317",
    "DeviceSerialNumber": "167050",
    "DwellTime": 3e-06,
    "EchoNumber": 4,
    "FlipAngle": 8,
    "ImageComments": "Average over all echoes.",
    "ImageOrientationPatientDICOM": [
      0,
      1,
      0,
      0,
      0,
      -1
    ],
    "ImageType": [
      "ORIGINAL",
      "PRIMARY",
      "ECHO",
      "COMBINED",
      "ND",
      "NORM"
    ],
    "ImagingFrequency": 123.25,
    "InPlanePhaseEncodingDirectionDICOM": "ROW",
    "InstitutionAddress": "Michigan Ave 320,Pasadena,California,US,91025",
    "InstitutionName": "Caltech Prisma64",
    "InstitutionalDepartmentName": "Department",
    "InversionTime": 1.15,
    "MRAcquisitionType": "3D",
    "MagneticFieldStrength": 3,
    "Manufacturer": "Siemens",
    "ManufacturersModelName": "Prisma_fit",
    "Modality": "MR",
    "ParallelReductionFactorInPlane": 2,
    "PartialFourier": 1,
    "PatientBirthDate": "1987-05-01",
    "PatientID": "CC0024",
    "PatientName": "CC0024",
    "PatientPosition": "HFS",
    "PatientSex": "M",
    "PatientWeight": 72.5748,
    "PercentPhaseFOV": 100,
    "PercentSampling": 100,
    "PhaseEncodingSteps": 282,
    "PhaseOversampling": 0.1,
    "PhaseResolution": 1,
    "PixelBandwidth": 650,
    "ProcedureStepDescription": "Conte Core",
    "ProtocolName": "T1w",
    "PulseSequenceDetails": "%CustomerSeq%\\tfl_wip900D_VE11C",
    "ReceiveCoilActiveElements": "HEA;HEP",
    "ReceiveCoilName": "Head_32",
    "ReconMatrixPE": 256,
    "RefLinesPE": 32,
    "ReferringPhysicianName": "Adolphs",
    "RepetitionTime": 2.55,
    "SAR": 0.0378459,
    "ScanOptions": "IR\\WE",
    "ScanningSequence": "GR\\IR",
    "SequenceName": "tfl3d4_16ns",
    "SequenceVariant": "SK\\SP\\MP\\OSP",
    "SeriesDescription": "T1w_combEcho",
    "SeriesInstanceUID": "1.3.12.2.1107.5.2.43.167050.2018050308111997498265546.0.0.0",
    "SeriesNumber": 5,
    "ShimSetting": [
      6989,
      -3565,
      7893,
      328,
      -63,
      121,
      16,
      -6
    ],
    "SliceThickness": 0.9,
    "SoftwareVersions": "syngo MR E11",
    "StationName": "PRISMA",
    "StudyID": "1",
    "StudyInstanceUID": "1.3.12.2.1107.5.2.43.167050.30000018042619061766300000010",
    "TxRefAmp": 248.865,
    "WipMemBlock": "WIP_Identifier: WIP#900D",
    "acq_id": "combecho",
    "dataset": "unknown",
    "modality": "T1w",
    "run_id": 2,
    "session_id": "core2p2",
    "subject_id": "CC0024"
  },
  "cjv": 0.5430885746437143,
  "cnr": 2.3375685191488844,
  "efc": 0.6020228504725391,
  "fber": 2572.83349609375,
  "fwhm_avg": 4.547637295295886,
  "fwhm_x": 4.44573345110505,
  "fwhm_y": 4.577380173913044,
  "fwhm_z": 4.619798260869565,
  "icvs_csf": 0.21030617445423508,
  "icvs_gm": 0.3905216879953887,
  "icvs_wm": 0.3991721375503762,
  "inu_med": 1.3337783813476562,
  "inu_range": 0.4678483843803405,
  "provenance": {
    "md5sum": "8a2945bf59db5422389c4cb1b245cacc",
    "settings": {
      "testing": false
    },
    "software": "mriqc",
    "version": "0.15.0",
    "warnings": {
      "large_rot_frame": false,
      "small_air_mask": false
    },
    "webapi_port": null,
    "webapi_url": "https://mriqc.nimh.nih.gov/api/v1"
  },
  "qi_1": 0.0,
  "qi_2": 0.013421967415073448,
  "rpve_csf": 19.669691105354435,
  "rpve_gm": 10.68148701304918,
  "rpve_wm": 12.737990834086789,
  "size_x": 208,
  "size_y": 256,
  "size_z": 256,
  "snr_csf": 3.455541262496645,
  "snr_gm": 11.404061085638356,
  "snr_total": 13.84711542887468,
  "snr_wm": 26.68174393848904,
  "snrd_csf": 52.789327105710434,
  "snrd_gm": 104.48493138114625,
  "snrd_total": 95.34469735069143,
  "snrd_wm": 128.7598335652176,
  "spacing_x": 0.8999999761581421,
  "spacing_y": 0.8984375,
  "spacing_z": 0.8984375,
  "summary_bg_k": 2.746675688006478,
  "summary_bg_mad": 5.0882182121276855,
  "summary_bg_mean": 11.570313453674316,
  "summary_bg_median": 10.29224967956543,
  "summary_bg_n": 3557085.0,
  "summary_bg_p05": 3.433711528778076,
  "summary_bg_p95": 23.894661331176756,
  "summary_bg_stdv": 6.0775675773620605,
  "summary_csf_k": 2.5723093123281657,
  "summary_csf_mad": 124.6851806640625,
  "summary_csf_mean": 429.44781494140625,
  "summary_csf_median": 409.9964904785156,
  "summary_csf_n": 63327.0,
  "summary_csf_p05": 270.24481506347655,
  "summary_csf_p95": 632.4176269531249,
  "summary_csf_stdv": 118.64805603027344,
  "summary_gm_k": 0.03532581757733411,
  "summary_gm_mad": 69.2359619140625,
  "summary_gm_mean": 814.9862670898438,
  "summary_gm_median": 811.4984130859375,
  "summary_gm_n": 34540.0,
  "summary_gm_p05": 703.4340637207032,
  "summary_gm_p95": 939.8719970703124,
  "summary_gm_stdv": 71.1576919555664,
  "summary_wm_k": 1.2109739424466062,
  "summary_wm_mad": 33.155128479003906,
  "summary_wm_mean": 998.6166381835938,
  "summary_wm_median": 1000.033203125,
  "summary_wm_n": 400347.0,
  "summary_wm_p05": 934.4182495117187,
  "summary_wm_p95": 1055.9883666992187,
  "summary_wm_stdv": 37.48000717163086,
  "tpm_overlap_csf": 0.22447848320007324,
  "tpm_overlap_gm": 0.49626338481903076,
  "tpm_overlap_wm": 0.5687443017959595,
  "wm2max": 0.7595642587780841
}