{
  "aor": 0.002788004201680672,
  "aqi": 0.013777127773109245,
  "bids_meta": {
    "AccessionNumber": "8824-001",
    "AcquisitionDateTime": "2019-04-25T12:28:5.310000",
    "AcquisitionMatrixPE": 80,
    "AcquisitionNumber": 1,
    "AcquisitionTime": "12:28:5.310000",
    "BandwidthPerPixelPhaseEncode": 23.191,
    "BaseResolution": 80,
    "BodyPartExamined": "BRAIN",
    "ConsistencyInfo": "N4_VE11C_LATEST_20160120",
    "ConversionSoftware": "dcm2niix",
    "ConversionSoftwareVersion": "v1.0.20210317",
    "DerivedVendorReportedEchoSpacing": 0.000490002,
    "DeviceSerialNumber": "167050",
    "DwellTime": 2.3e-06,
    "EchoTime": 0.03,
    "EchoTrainLength": 88,
    "EffectiveEchoSpacing": 0.000539002,
    "FlipAngle": 53,
    "ImageComments": "Unaliased MB6/PE3/LB",
    "ImageOrientationPatientDICOM": [
      1,
      0,
      0,
      0,
      0.939693,
      -0.34202
    ],
    "ImageType": [
      "ORIGINAL",
      "PRIMARY",
      "M",
      "MB",
      "ND",
      "MOSAIC"
    ],
    "ImagingFrequency": 123.25,
    "InPlanePhaseEncodingDirectionDICOM": "COL",
    "InstitutionAddress": "Michigan Ave 320,Pasadena,California,US,91025",
    "InstitutionName": "Caltech Prisma32",
    "InstitutionalDepartmentName": "Department",
    "MRAcquisitionType": "2D",
    "MagneticFieldStrength": 3,
    "Manufacturer": "Siemens",
    "ManufacturersModelName": "Prisma_fit",
    "Modality": "MR",
    "MultibandAccelerationFactor": 6,
    "PartialFourier": 1,
    "PatientBirthDate": "1993-10-01",
    "PatientID": "CC0188",
    "PatientName": "CC0188",
    "PatientPosition": "HFS",
    "PatientSex": "M",
    "PatientWeight": 122.47,
    "PercentPhaseFOV": 100,
    "PercentSampling": 100,
    "PhaseEncodingDirection": "j-",
    "PhaseEncodingSteps": 88,
    "PhaseOversampling": 0.1,
    "PhaseResolution": 1,
    "PixelBandwidth": 2715,
    "ProcedureStepDescription": "Conte Core",
    "ProtocolName": "task-pixar_run-01_bold",
    "PulseSequenceDetails": "%CustomerSeq%\\cmrr_mbep2d_bold",
    "ReceiveCoilActiveElements": "HEA;HEP",
    "ReceiveCoilName": "Head_32",
    "ReconMatrixPE": 80,
    "ReferringPhysicianName": "Adolphs",
    "RepetitionTime": 0.7,
    "SAR": 0.12375,
    "ScanOptions": "FS\\EXT",
    "ScanningSequence": "EP",
    "SequenceName": "epfid2d1_80",
    "SequenceVariant": "SK\\SS\\OSP",
    "SeriesDescription": "task-pixar_run-01_bold",
    "SeriesInstanceUID": "1.3.12.2.1107.5.2.43.167050.2019042512254389348531091.0.0.0",
    "SeriesNumber": 34,
    "ShimSetting": [
      6981,
      -3662,
      7961,
      211,
      18,
      -4,
      26,
      43
    ],
    "SliceThickness": 2.5,
    "SliceTiming": [
      0,
      0.475,
      0.2725,
      0.0675,
      0.5425,
      0.34,
      0.135,
      0.6125,
      0.4075,
      0.2025,
      0,
      0.475,
      0.2725,
      0.0675,
      0.5425,
      0.34,
      0.135,
      0.6125,
      0.4075,
      0.2025,
      0,
      0.475,
      0.2725,
      0.0675,
      0.5425,
      0.34,
      0.135,
      0.6125,
      0.4075,
      0.2025,
      0,
      0.475,
      0.2725,
      0.0675,
      0.5425,
      0.34,
      0.135,
      0.6125,
      0.4075,
      0.2025,
      0,
      0.475,
      0.2725,
      0.0675,
      0.5425,
      0.34,
      0.135,
      0.6125,
      0.4075,
      0.2025,
      0,
      0.475,
      0.2725,
      0.0675,
      0.5425,
      0.34,
      0.135,
      0.6125,
      0.4075,
      0.2025
    ],
    "SoftwareVersions": "syngo MR E11",
    "SpacingBetweenSlices": 2.5,
    "StationName": "PRISMA",
    "StudyID": "1",
    "StudyInstanceUID": "1.3.12.2.1107.5.2.43.167050.30000019041201230705700000133",
    "TaskName": "pixar",
    "TotalReadoutTime": 0.0425812,
    "TxRefAmp": 380.88,
    "WipMemBlock": "07d1f995-bc6b-4c3a-be11-52a940c51b96||Sequence: R016 ve11c/master r/e634e98; Dec 19 2017 11:00:25 by eja",
    "dataset": "unknown",
    "modality": "bold",
    "run_id": 1,
    "session_id": "core2p2",
    "subject_id": "CC0188",
    "task_id": "pixar"
  },
  "dummy_trs": 0,
  "dvars_nstd": 43.330906219347355,
  "dvars_std": 0.9823011924631594,
  "dvars_vstd": 0.9502309540842101,
  "efc": 0.5761216811346054,
  "fber": 343.5330505371094,
  "fd_mean": 0.28918929517838193,
  "fd_num": 294,
  "fd_perc": 61.76470588235294,
  "fwhm_avg": 3.013716,
  "fwhm_x": 2.688756,
  "fwhm_y": 3.1968360000000002,
  "fwhm_z": 3.155556,
  "gcor": 0.0386318,
  "gsr_x": 0.02086387388408184,
  "gsr_y": 0.12143170088529587,
  "provenance": {
    "md5sum": "5d77e3ded0d037dd589fc8639c495d9e",
    "settings": {
      "fd_thres": 0.2,
      "hmc_fsl": false
    },
    "software": "mriqc",
    "version": "0.15.0",
    "webapi_port": null,
    "webapi_url": "https://mriqc.nimh.nih.gov/api/v1"
  },
  "size_t": 476,
  "size_x": 80,
  "size_y": 80,
  "size_z": 60,
  "snr": 2.2294864713801994,
  "spacing_tr": 0.699999988079071,
  "spacing_x": 2.5,
  "spacing_y": 2.5,
  "spacing_z": 2.5,
  "summary_bg_k": 19.935505315269967,
  "summary_bg_mad": 128.56591796875,
  "summary_bg_mean": 485.1190490722656,
  "summary_bg_median": 178.56198120117188,
  "summary_bg_n": 229690.0,
  "summary_bg_p05": 83.80252838134766,
  "summary_bg_p95": 2009.1664978027343,
  "summary_bg_stdv": 748.6964111328125,
  "summary_fg_k": 0.5041462453410515,
  "summary_fg_mad": 1469.39306640625,
  "summary_fg_mean": 3823.18896484375,
  "summary_fg_median": 3549.084228515625,
  "summary_fg_n": 91645.0,
  "summary_fg_p05": 1693.82275390625,
  "summary_fg_p95": 6903.867578125,
  "summary_fg_stdv": 1591.87548828125,
  "tsnr": 28.097990036010742
}