{
  "aor": 0.0003223308270676692,
  "aqi": 0.003606718922305764,
  "bids_meta": {
    "AccessionNumber": "7512-001",
    "AcquisitionDateTime": "2014-05-19T13:49:21.447500",
    "AcquisitionMatrixPE": 80,
    "AcquisitionNumber": 1,
    "AcquisitionTime": "13:49:21.447500",
    "BandwidthPerPixelPhaseEncode": 23.148,
    "BaseResolution": 80,
    "CoilString": "C:HEA;HEP",
    "ConversionSoftware": "dcm2niix",
    "ConversionSoftwareVersion": "v1.0.20210317",
    "DerivedVendorReportedEchoSpacing": 0.000540003,
    "DeviceSerialNumber": "35077",
    "DwellTime": 2.6e-06,
    "EchoTime": 0.03,
    "EffectiveEchoSpacing": 0.000540003,
    "FlipAngle": 60,
    "ImageComments": "Unaliased MB4/PE3",
    "ImageOrientationPatientDICOM": [
      1,
      -1e-16,
      0,
      1e-16,
      0.939693,
      -0.34202
    ],
    "ImageType": [
      "ORIGINAL",
      "PRIMARY",
      "M",
      "ND",
      "MOSAIC"
    ],
    "ImagingFrequency": 123.229,
    "InPlanePhaseEncodingDirectionDICOM": "COL",
    "InstitutionAddress": "Wilson Avenue 340 ,Pasadena,California,US,91025",
    "InstitutionName": "Caltech Tim32",
    "InstitutionalDepartmentName": "Department",
    "MRAcquisitionType": "2D",
    "MagneticFieldStrength": 3,
    "Manufacturer": "Siemens",
    "ManufacturersModelName": "TrioTim",
    "Modality": "MR",
    "MultibandAccelerationFactor": 4,
    "PartialFourier": 1,
    "PatientBirthDate": "1987-01-01",
    "PatientID": "adolphs",
    "PatientName": "CC0111",
    "PatientPosition": "HFS",
    "PatientSex": "F",
    "PatientWeight": 58.967,
    "PercentPhaseFOV": 100,
    "PercentSampling": 100,
    "PhaseEncodingDirection": "j-",
    "PhaseEncodingSteps": 80,
    "PhaseResolution": 1,
    "PixelBandwidth": 2404,
    "ProcedureStepDescription": "Conte^Core",
    "ProtocolName": "rsBOLD_MB_1",
    "PulseSequenceDetails": "%CustomerSeq%\\cmrr_mbep2d_bold",
    "ReceiveCoilName": "32Ch_Head",
    "ReconMatrixPE": 80,
    "RepetitionTime": 1,
    "SAR": 0.114948,
    "ScanOptions": "FS",
    "ScanningSequence": "EP",
    "SequenceName": "epfid2d1_80",
    "SequenceVariant": "SK",
    "SeriesDescription": "rsBOLD_MB_1",
    "SeriesInstanceUID": "1.3.12.2.1107.5.2.32.35077.2014051913491980064058760.0.0.0",
    "SeriesNumber": 2,
    "ShimSetting": [
      9524,
      -10480,
      15813,
      888,
      -113,
      -3,
      82,
      -26
    ],
    "SliceThickness": 2.5,
    "SliceTiming": [
      0,
      0.215,
      0.43,
      0.645,
      0.86,
      0.07,
      0.285,
      0.5025,
      0.7175,
      0.9325,
      0.1425,
      0.3575,
      0.5725,
      0.7875,
      0,
      0.215,
      0.43,
      0.645,
      0.86,
      0.07,
      0.285,
      0.5025,
      0.7175,
      0.9325,
      0.1425,
      0.3575,
      0.5725,
      0.7875,
      0,
      0.215,
      0.43,
      0.645,
      0.86,
      0.07,
      0.285,
      0.5025,
      0.7175,
      0.9325,
      0.1425,
      0.3575,
      0.5725,
      0.7875,
      0,
      0.215,
      0.43,
      0.645,
      0.86,
      0.07,
      0.285,
      0.5025,
      0.7175,
      0.9325,
      0.1425,
      0.3575,
      0.5725,
      0.7875
    ],
    "SoftwareVersions": "syngo MR B17",
    "SpacingBetweenSlices": 2.5,
    "StationName": "MEDPC",
    "StudyID": "1",
    "StudyInstanceUID": "1.3.12.2.1107.5.2.32.35077.30000014051917073734300000004",
    "TaskName": "rest",
    "TotalReadoutTime": 0.0426603,
    "TxRefAmp": 314.009,
    "dataset": "unknown",
    "modality": "bold",
    "run_id": 1,
    "session_id": "core1p2",
    "subject_id": "CC0111",
    "task_id": "rest"
  },
  "dummy_trs": 1,
  "dvars_nstd": 28.13241038502514,
  "dvars_std": 1.04213304937186,
  "dvars_vstd": 0.9782961891206029,
  "efc": 0.5124978068289388,
  "fber": 848.9660034179688,
  "fd_mean": 0.07462659183176511,
  "fd_num": 1,
  "fd_perc": 0.2506265664160401,
  "fwhm_avg": 3.276806666666667,
  "fwhm_x": 3.2606960000000003,
  "fwhm_y": 3.340416,
  "fwhm_z": 3.2293080000000005,
  "gcor": 0.0126593,
  "gsr_x": -0.029059648513793945,
  "gsr_y": 0.09459108859300613,
  "provenance": {
    "md5sum": "8b5f610d5409fda4cff0716da82033cb",
    "settings": {
      "fd_thres": 0.2,
      "hmc_fsl": false
    },
    "software": "mriqc",
    "version": "0.15.0",
    "webapi_port": null,
    "webapi_url": "https://mriqc.nimh.nih.gov/api/v1"
  },
  "size_t": 399,
  "size_x": 80,
  "size_y": 80,
  "size_z": 56,
  "snr": 1.8435269820824816,
  "spacing_tr": 1.0,
  "spacing_x": 2.5,
  "spacing_y": 2.5,
  "spacing_z": 2.5,
  "summary_bg_k": 44.19660273831027,
  "summary_bg_mad": 7.268094539642334,
  "summary_bg_mean": 39.3355712890625,
  "summary_bg_median": 15.573934555053711,
  "summary_bg_n": 215778.0,
  "summary_bg_p05": 10.285714149475098,
  "summary_bg_p95": 149.73333053588863,
  "summary_bg_stdv": 69.653076171875,
  "summary_fg_k": 3.957389950618933,
  "summary_fg_mad": 194.65560913085938,
  "summary_fg_mean": 565.3665771484375,
  "summary_fg_median": 502.2305603027344,
  "summary_fg_n": 83182.0,
  "summary_fg_p05": 265.45176696777344,
  "summary_fg_p95": 1113.4939636230467,
  "summary_fg_stdv": 272.42755126953125,
  "tsnr": 46.828453063964844
}