{
  "aor": 0.0016813540197461213,
  "aqi": 0.005171335345557123,
  "bids_meta": {
    "AccessionNumber": "8477-001",
    "AcquisitionDateTime": "2018-05-30T10:58:8.397500",
    "AcquisitionMatrixPE": 80,
    "AcquisitionNumber": 1,
    "AcquisitionTime": "10:58:8.397500",
    "BandwidthPerPixelPhaseEncode": 23.191,
    "BaseResolution": 80,
    "BodyPartExamined": "BRAIN",
    "ConsistencyInfo": "N4_VE11C_LATEST_20160120",
    "ConversionSoftware": "dcm2niix",
    "ConversionSoftwareVersion": "v1.0.20210317",
    "DerivedVendorReportedEchoSpacing": 0.000490002,
    "DeviceSerialNumber": "167050",
    "DwellTime": 2.3e-06,
    "EchoTime": 0.03,
    "EchoTrainLength": 88,
    "EffectiveEchoSpacing": 0.000539002,
    "FlipAngle": 53,
    "ImageComments": "Unaliased MB6/PE3/LB",
    "ImageOrientationPatientDICOM": [
      1,
      0,
      0,
      0,
      0.939693,
      -0.34202
    ],
    "ImageType": [
      "ORIGINAL",
      "PRIMARY",
      "M",
      "MB",
      "ND",
      "MOSAIC"
    ],
    "ImagingFrequency": 123.25,
    "InPlanePhaseEncodingDirectionDICOM": "COL",
    "InstitutionAddress": "Michigan Ave 320,Pasadena,California,US,91025",
    "InstitutionName": "Caltech Prisma64",
    "InstitutionalDepartmentName": "Department",
    "MRAcquisitionType": "2D",
    "MagneticFieldStrength": 3,
    "Manufacturer": "Siemens",
    "ManufacturersModelName": "Prisma_fit",
    "Modality": "MR",
    "MultibandAccelerationFactor": 6,
    "PartialFourier": 1,
    "PatientBirthDate": "1977-11-01",
    "PatientID": "CC0137",
    "PatientName": "CC0137",
    "PatientPosition": "HFS",
    "PatientSex": "F",
    "PatientWeight": 68.0389,
    "PercentPhaseFOV": 100,
    "PercentSampling": 100,
    "PhaseEncodingDirection": "j-",
    "PhaseEncodingSteps": 88,
    "PhaseOversampling": 0.1,
    "PhaseResolution": 1,
    "PixelBandwidth": 2715,
    "ProcedureStepDescription": "Conte Core",
    "ProtocolName": "task-bang_bold",
    "PulseSequenceDetails": "%CustomerSeq%\\cmrr_mbep2d_bold",
    "ReceiveCoilActiveElements": "HEA;HEP",
    "ReceiveCoilName": "Head_32",
    "ReconMatrixPE": 80,
    "ReferringPhysicianName": "Adolphs",
    "RepetitionTime": 0.7,
    "SAR": 0.0733991,
    "ScanOptions": "FS\\EXT",
    "ScanningSequence": "EP",
    "SequenceName": "epfid2d1_80",
    "SequenceVariant": "SK\\SS\\OSP",
    "SeriesDescription": "task-bang_bold",
    "SeriesInstanceUID": "1.3.12.2.1107.5.2.43.167050.201805301055303232710255.0.0.0",
    "SeriesNumber": 24,
    "ShimSetting": [
      6980,
      -3613,
      7971,
      504,
      -27,
      85,
      -59,
      25
    ],
    "SliceThickness": 2.5,
    "SliceTiming": [
      0,
      0.4775,
      0.2725,
      0.07,
      0.545,
      0.34,
      0.1375,
      0.6125,
      0.4075,
      0.205,
      0,
      0.4775,
      0.2725,
      0.07,
      0.545,
      0.34,
      0.1375,
      0.6125,
      0.4075,
      0.205,
      0,
      0.4775,
      0.2725,
      0.07,
      0.545,
      0.34,
      0.1375,
      0.6125,
      0.4075,
      0.205,
      0,
      0.4775,
      0.2725,
      0.07,
      0.545,
      0.34,
      0.1375,
      0.6125,
      0.4075,
      0.205,
      0,
      0.4775,
      0.2725,
      0.07,
      0.545,
      0.34,
      0.1375,
      0.6125,
      0.4075,
      0.205,
      0,
      0.4775,
      0.2725,
      0.07,
      0.545,
      0.34,
      0.1375,
      0.6125,
      0.4075,
      0.205
    ],
    "SoftwareVersions": "syngo MR E11",
    "SpacingBetweenSlices": 2.5,
    "StationName": "PRISMA",
    "StudyID": "1",
    "StudyInstanceUID": "1.3.12.2.1107.5.2.43.167050.30000018042619061766300000046",
    "TaskName": "bang",
    "TotalReadoutTime": 0.0425812,
    "TxRefAmp": 247.694,
    "WipMemBlock": "635b348c-3cc2-44a4-be0b-2dbf18654a1f||Sequence: R016 ve11c/master r/e634e98; Dec 19 2017 11:00:25 by eja",
    "dataset": "unknown",
    "modality": "bold",
    "run_id": 1,
    "session_id": "core2p2",
    "subject_id": "CC0137",
    "task_id": "bang"
  },
  "dummy_trs": 1,
  "dvars_nstd": 34.663847139322,
  "dvars_std": 1.0778819022033899,
  "dvars_vstd": 1.0668279640112999,
  "efc": 0.5308728971533586,
  "fber": 703.2293701171875,
  "fd_mean": 0.13655479719933333,
  "fd_num": 158,
  "fd_perc": 22.28490832157969,
  "fwhm_avg": 2.818537333333333,
  "fwhm_x": 2.593536,
  "fwhm_y": 2.996904,
  "fwhm_z": 2.8651720000000003,
  "gcor": 0.0173561,
  "gsr_x": 0.005790842231363058,
  "gsr_y": 0.061897162348032,
  "provenance": {
    "md5sum": "0071c33d1f4f87ff0fadf49f5f56177e",
    "settings": {
      "fd_thres": 0.2,
      "hmc_fsl": false
    },
    "software": "mriqc",
    "version": "0.15.0",
    "webapi_port": null,
    "webapi_url": "https://mriqc.nimh.nih.gov/api/v1"
  },
  "size_t": 709,
  "size_x": 80,
  "size_y": 80,
  "size_z": 60,
  "snr": 2.505594411589187,
  "spacing_tr": 0.699999988079071,
  "spacing_x": 2.5,
  "spacing_y": 2.5,
  "spacing_z": 2.5,
  "summary_bg_k": 27.451796091856917,
  "summary_bg_mad": 66.73383331298828,
  "summary_bg_mean": 321.1912841796875,
  "summary_bg_median": 135.2045135498047,
  "summary_bg_n": 237467.0,
  "summary_bg_p05": 84.3582534790039,
  "summary_bg_p95": 1241.4346313476562,
  "summary_bg_stdv": 509.25927734375,
  "summary_fg_k": 0.7650319990082544,
  "summary_fg_mad": 1345.4658203125,
  "summary_fg_mean": 4076.44482421875,
  "summary_fg_median": 3818.795654296875,
  "summary_fg_n": 84348.0,
  "summary_fg_p05": 2044.1776062011718,
  "summary_fg_p95": 7002.0106689453105,
  "summary_fg_stdv": 1524.0986328125,
  "tsnr": 38.84137725830078
}