{
  "bids_meta": {
    "AccessionNumber": "8478-001",
    "AcquisitionDateTime": "2018-05-31T10:56:11.130000",
    "AcquisitionMatrixPE": 256,
    "AcquisitionNumber": 1,
    "AcquisitionTime": "10:56:11.130000",
    "BaseResolution": 256,
    "BodyPartExamined": "BRAIN",
    "ConsistencyInfo": "N4_VE11C_LATEST_20160120",
    "ConversionSoftware": "dcm2niix",
    "ConversionSoftwareVersion": "v1.0.20210317",
    "DeviceSerialNumber": "167050",
    "DwellTime": 2.6e-06,
    "EchoTime": 0.564,
    "EchoTrainLength": 314,
    "FlipAngle": 120,
    "ImageOrientationPatientDICOM": [
      0,
      1,
      0,
      0,
      0,
      -1
    ],
    "ImageType": [
      "ORIGINAL",
      "PRIMARY",
      "M",
      "ND",
      "NORM"
    ],
    "ImagingFrequency": 123.25,
    "InPlanePhaseEncodingDirectionDICOM": "ROW",
    "InstitutionAddress": "Michigan Ave 320,Pasadena,California,US,91025",
    "InstitutionName": "Caltech Prisma64",
    "InstitutionalDepartmentName": "Department",
    "MRAcquisitionType": "3D",
    "MagneticFieldStrength": 3,
    "Manufacturer": "Siemens",
    "ManufacturersModelName": "Prisma_fit",
    "Modality": "MR",
    "ParallelReductionFactorInPlane": 2,
    "PartialFourier": 1,
    "PatientBirthDate": "1987-03-01",
    "PatientID": "CC0135",
    "PatientName": "CC0135",
    "PatientPosition": "HFS",
    "PatientSex": "M",
    "PatientWeight": 81.193,
    "PercentPhaseFOV": 100,
    "PercentSampling": 100,
    "PhaseEncodingDirection": "i",
    "PhaseEncodingSteps": 274,
    "PhaseOversampling": 0.1,
    "PhaseResolution": 1,
    "PixelBandwidth": 750,
    "ProcedureStepDescription": "Conte Core",
    "ProtocolName": "T2w",
    "PulseSequenceDetails": "%SiemensSeq%\\tse_vfl",
    "ReceiveCoilActiveElements": "HEA;HEP",
    "ReceiveCoilName": "Head_32",
    "ReconMatrixPE": 256,
    "RefLinesPE": 32,
    "ReferringPhysicianName": "Adolphs",
    "RepetitionTime": 3.2,
    "SAR": 0.193115,
    "ScanOptions": "PFP",
    "ScanningSequence": "SE",
    "SequenceName": "*spc_314ns",
    "SequenceVariant": "SK\\SP\\OSP",
    "SeriesDescription": "T2w",
    "SeriesInstanceUID": "1.3.12.2.1107.5.2.43.167050.30000018052400010296100014352",
    "SeriesNumber": 12,
    "ShimSetting": [
      6995,
      -3599,
      7886,
      327,
      -19,
      -250,
      31,
      -32
    ],
    "SliceThickness": 0.9,
    "SoftwareVersions": "syngo MR E11",
    "StationName": "PRISMA",
    "StudyID": "1",
    "StudyInstanceUID": "1.3.12.2.1107.5.2.43.167050.30000018052400010296100018282",
    "TxRefAmp": 282.379,
    "dataset": "unknown",
    "modality": "T2w",
    "run_id": 2,
    "session_id": "core2p2",
    "subject_id": "CC0135"
  },
  "cjv": 0.4222756178791832,
  "cnr": 2.9970160316694487,
  "efc": 0.5525341827584574,
  "fber": 3069.984130859375,
  "fwhm_avg": 2.5560533933282645,
  "fwhm_x": 2.4175333973760975,
  "fwhm_y": 2.9329363478260873,
  "fwhm_z": 2.317690434782609,
  "icvs_csf": 0.17243032702557132,
  "icvs_gm": 0.434128789368661,
  "icvs_wm": 0.3934408836057677,
  "inu_med": 1.7109451293945312,
  "inu_range": 0.33442549705505353,
  "provenance": {
    "md5sum": "d01a4daea43dcfa0c913cd62de8f5010",
    "settings": {
      "testing": false
    },
    "software": "mriqc",
    "version": "0.15.0",
    "warnings": {
      "large_rot_frame": false,
      "small_air_mask": false
    },
    "webapi_port": null,
    "webapi_url": "https://mriqc.nimh.nih.gov/api/v1"
  },
  "qi_1": 0.00010272041709054691,
  "qi_2": 0.006221325167413824,
  "rpve_csf": 31.32007727889649,
  "rpve_gm": 12.991279355740946,
  "rpve_wm": 16.094307567662103,
  "size_x": 208,
  "size_y": 256,
  "size_z": 256,
  "snr_csf": 4.975510908852191,
  "snr_gm": 8.20210986371103,
  "snr_total": 7.921979805588072,
  "snr_wm": 10.588318644200994,
  "snrd_csf": 247.68049730802923,
  "snrd_gm": 108.74363495171717,
  "snrd_total": 140.43364530442904,
  "snrd_wm": 64.87680365354069,
  "spacing_x": 0.8999999761581421,
  "spacing_y": 0.8984375,
  "spacing_z": 0.8984375,
  "summary_bg_k": 27.20733856087562,
  "summary_bg_mad": 10.097790718078613,
  "summary_bg_mean": 17.21333122253418,
  "summary_bg_median": 13.642670631408691,
  "summary_bg_n": 3668603.0,
  "summary_bg_p05": 3.4078951120376586,
  "summary_bg_p95": 44.03692474365234,
  "summary_bg_stdv": 14.814217567443848,
  "summary_csf_k": 3.3998261767143445,
  "summary_csf_mad": 454.4657287597656,
  "summary_csf_mean": 3608.14404296875,
  "summary_csf_median": 3817.565185546875,
  "summary_csf_n": 39803.0,
  "summary_csf_p05": 2018.347412109375,
  "summary_csf_p95": 4453.452099609375,
  "summary_csf_stdv": 767.2613525390625,
  "summary_gm_k": 0.4646606640365065,
  "summary_gm_mad": 198.46029663085938,
  "summary_gm_mean": 1684.7576904296875,
  "summary_gm_median": 1676.094482421875,
  "summary_gm_n": 43112.0,
  "summary_gm_p05": 1367.5645690917968,
  "summary_gm_p95": 2035.6219970703123,
  "summary_gm_stdv": 204.34681701660156,
  "summary_wm_k": 0.6913030752713887,
  "summary_wm_mad": 87.05338287353516,
  "summary_wm_mean": 998.9393920898438,
  "summary_wm_median": 999.96337890625,
  "summary_wm_n": 243229.0,
  "summary_wm_p05": 840.3272216796875,
  "summary_wm_p95": 1149.8236328125,
  "summary_wm_stdv": 94.44004821777344,
  "tpm_overlap_csf": 0.18962639570236206,
  "tpm_overlap_gm": 0.4670831561088562,
  "tpm_overlap_wm": 0.5107847452163696,
  "wm2max": 0.22634109372717548
}