{
  "aor": 0.00036833333333333325,
  "aqi": 0.003090885864978903,
  "bids_meta": {
    "AccessionNumber": "8728-007",
    "AcquisitionDateTime": "2019-02-21T09:11:58.305000",
    "AcquisitionMatrixPE": 80,
    "AcquisitionNumber": 1,
    "AcquisitionTime": "09:11:58.305000",
    "BandwidthPerPixelPhaseEncode": 23.191,
    "BaseResolution": 80,
    "BodyPartExamined": "BRAIN",
    "ConsistencyInfo": "N4_VE11C_LATEST_20160120",
    "ConversionSoftware": "dcm2niix",
    "ConversionSoftwareVersion": "v1.0.20210317",
    "DerivedVendorReportedEchoSpacing": 0.000490002,
    "DeviceSerialNumber": "167050",
    "DwellTime": 2.3e-06,
    "EchoTime": 0.03,
    "EchoTrainLength": 88,
    "EffectiveEchoSpacing": 0.000539002,
    "FlipAngle": 53,
    "ImageComments": "Unaliased MB6/PE3/LB",
    "ImageOrientationPatientDICOM": [
      1,
      0,
      0,
      0,
      0.939693,
      -0.34202
    ],
    "ImageType": [
      "ORIGINAL",
      "PRIMARY",
      "M",
      "MB",
      "ND",
      "MOSAIC"
    ],
    "ImagingFrequency": 123.25,
    "InPlanePhaseEncodingDirectionDICOM": "COL",
    "InstitutionAddress": "Michigan Ave 320,Pasadena,California,US,91025",
    "InstitutionName": "Caltech Prisma64",
    "InstitutionalDepartmentName": "Department",
    "MRAcquisitionType": "2D",
    "MagneticFieldStrength": 3,
    "Manufacturer": "Siemens",
    "ManufacturersModelName": "Prisma_fit",
    "Modality": "MR",
    "MultibandAccelerationFactor": 6,
    "PartialFourier": 1,
    "PatientBirthDate": "1988-11-01",
    "PatientID": "CC0106",
    "PatientName": "CC0106",
    "PatientPosition": "HFS",
    "PatientSex": "F",
    "PatientWeight": 61.235,
    "PercentPhaseFOV": 100,
    "PercentSampling": 100,
    "PhaseEncodingDirection": "j-",
    "PhaseEncodingSteps": 88,
    "PhaseOversampling": 0.1,
    "PhaseResolution": 1,
    "PixelBandwidth": 2715,
    "ProtocolName": "task-pixar_run-01_bold",
    "PulseSequenceDetails": "%CustomerSeq%\\cmrr_mbep2d_bold",
    "ReceiveCoilActiveElements": "HEA;HEP",
    "ReceiveCoilName": "Head_32",
    "ReconMatrixPE": 80,
    "ReferringPhysicianName": "Adolphs",
    "RepetitionTime": 0.7,
    "SAR": 0.0790521,
    "ScanOptions": "FS\\EXT",
    "ScanningSequence": "EP",
    "SequenceName": "epfid2d1_80",
    "SequenceVariant": "SK\\SS\\OSP",
    "SeriesDescription": "task-pixar_run-01_bold",
    "SeriesInstanceUID": "1.3.12.2.1107.5.2.43.167050.2019022109101613941126581.0.0.0",
    "SeriesNumber": 37,
    "ShimSetting": [
      7002,
      -3586,
      7908,
      501,
      2,
      166,
      67,
      42
    ],
    "SliceThickness": 2.5,
    "SliceTiming": [
      0,
      0.475,
      0.27,
      0.0675,
      0.5425,
      0.34,
      0.135,
      0.61,
      0.4075,
      0.2025,
      0,
      0.475,
      0.27,
      0.0675,
      0.5425,
      0.34,
      0.135,
      0.61,
      0.4075,
      0.2025,
      0,
      0.475,
      0.27,
      0.0675,
      0.5425,
      0.34,
      0.135,
      0.61,
      0.4075,
      0.2025,
      0,
      0.475,
      0.27,
      0.0675,
      0.5425,
      0.34,
      0.135,
      0.61,
      0.4075,
      0.2025,
      0,
      0.475,
      0.27,
      0.0675,
      0.5425,
      0.34,
      0.135,
      0.61,
      0.4075,
      0.2025,
      0,
      0.475,
      0.27,
      0.0675,
      0.5425,
      0.34,
      0.135,
      0.61,
      0.4075,
      0.2025
    ],
    "SoftwareVersions": "syngo MR E11",
    "SpacingBetweenSlices": 2.5,
    "StationName": "PRISMA",
    "StudyID": "1",
    "StudyInstanceUID": "1.3.12.2.1107.5.2.43.167050.30000019021201163005200000049",
    "TaskName": "pixar",
    "TotalReadoutTime": 0.0425812,
    "TxRefAmp": 241.629,
    "WipMemBlock": "33cb4ecb-05ed-49fa-841a-cbd79258e91b||Sequence: R016 ve11c/master r/e634e98; Dec 19 2017 11:00:25 by eja",
    "dataset": "unknown",
    "modality": "bold",
    "run_id": 1,
    "session_id": "core2p2",
    "subject_id": "CC0106",
    "task_id": "pixar"
  },
  "dummy_trs": 2,
  "dvars_nstd": 33.152906801035975,
  "dvars_std": 1.1063240815221984,
  "dvars_vstd": 0.9950395855179701,
  "efc": 0.5252638927077935,
  "fber": 829.24609375,
  "fd_mean": 0.09597108769359634,
  "fd_num": 29,
  "fd_perc": 6.118143459915612,
  "fwhm_avg": 2.935176,
  "fwhm_x": 2.785076,
  "fwhm_y": 3.154304,
  "fwhm_z": 2.866148,
  "gcor": 0.013562,
  "gsr_x": -0.011264720931649208,
  "gsr_y": 0.08280275017023087,
  "provenance": {
    "md5sum": "02a203b8d579a595b0e7458ce9a36d9a",
    "settings": {
      "fd_thres": 0.2,
      "hmc_fsl": false
    },
    "software": "mriqc",
    "version": "0.15.0",
    "webapi_port": null,
    "webapi_url": "https://mriqc.nimh.nih.gov/api/v1"
  },
  "size_t": 474,
  "size_x": 80,
  "size_y": 80,
  "size_z": 60,
  "snr": 1.996811188804379,
  "spacing_tr": 0.699999988079071,
  "spacing_x": 2.5,
  "spacing_y": 2.5,
  "spacing_z": 2.5,
  "summary_bg_k": 15.648832842225058,
  "summary_bg_mad": 79.8024673461914,
  "summary_bg_mean": 364.19744873046875,
  "summary_bg_median": 145.1782684326172,
  "summary_bg_n": 227942.0,
  "summary_bg_p05": 84.24472045898438,
  "summary_bg_p95": 1558.3286437988272,
  "summary_bg_stdv": 565.45556640625,
  "summary_fg_k": 0.5387849397892546,
  "summary_fg_mad": 2168.82763671875,
  "summary_fg_mean": 5079.9140625,
  "summary_fg_median": 4586.3330078125,
  "summary_fg_n": 92479.0,
  "summary_fg_p05": 2172.5263671875,
  "summary_fg_p95": 9416.385449218747,
  "summary_fg_stdv": 2296.816162109375,
  "tsnr": 46.54163360595703
}