{
  "aor": 0.0005161071932299012,
  "aqi": 0.007852264795486601,
  "bids_meta": {
    "AccessionNumber": "8730-012",
    "AcquisitionDateTime": "2019-02-21T14:47:23.550000",
    "AcquisitionMatrixPE": 80,
    "AcquisitionNumber": 1,
    "AcquisitionTime": "14:47:23.550000",
    "BandwidthPerPixelPhaseEncode": 23.191,
    "BaseResolution": 80,
    "BodyPartExamined": "BRAIN",
    "ConsistencyInfo": "N4_VE11C_LATEST_20160120",
    "ConversionSoftware": "dcm2niix",
    "ConversionSoftwareVersion": "v1.0.20210317",
    "DerivedVendorReportedEchoSpacing": 0.000490002,
    "DeviceSerialNumber": "167050",
    "DwellTime": 2.3e-06,
    "EchoTime": 0.03,
    "EchoTrainLength": 88,
    "EffectiveEchoSpacing": 0.000539002,
    "FlipAngle": 53,
    "ImageComments": "Unaliased MB6/PE3/LB",
    "ImageOrientationPatientDICOM": [
      1,
      0,
      0,
      0,
      0.939693,
      -0.34202
    ],
    "ImageType": [
      "ORIGINAL",
      "PRIMARY",
      "M",
      "MB",
      "ND",
      "MOSAIC"
    ],
    "ImagingFrequency": 123.25,
    "InPlanePhaseEncodingDirectionDICOM": "COL",
    "InstitutionAddress": "Michigan Ave 320,Pasadena,California,US,91025",
    "InstitutionName": "Caltech Prisma64",
    "InstitutionalDepartmentName": "Department",
    "MRAcquisitionType": "2D",
    "MagneticFieldStrength": 3,
    "Manufacturer": "Siemens",
    "ManufacturersModelName": "Prisma_fit",
    "Modality": "MR",
    "MultibandAccelerationFactor": 6,
    "PartialFourier": 1,
    "PatientBirthDate": "1975-12-01",
    "PatientID": "CC0085",
    "PatientName": "CC0085",
    "PatientPosition": "HFS",
    "PatientSex": "F",
    "PatientWeight": 63.5029,
    "PercentPhaseFOV": 100,
    "PercentSampling": 100,
    "PhaseEncodingDirection": "j-",
    "PhaseEncodingSteps": 88,
    "PhaseOversampling": 0.1,
    "PhaseResolution": 1,
    "PixelBandwidth": 2715,
    "ProtocolName": "task-bang_bold",
    "PulseSequenceDetails": "%CustomerSeq%\\cmrr_mbep2d_bold",
    "ReceiveCoilActiveElements": "HEA;HEP",
    "ReceiveCoilName": "Head_32",
    "ReconMatrixPE": 80,
    "ReferringPhysicianName": "Adolphs",
    "RepetitionTime": 0.7,
    "SAR": 0.108479,
    "ScanOptions": "FS\\EXT",
    "ScanningSequence": "EP",
    "SequenceName": "epfid2d1_80",
    "SequenceVariant": "SK\\SS\\OSP",
    "SeriesDescription": "task-bang_bold",
    "SeriesInstanceUID": "1.3.12.2.1107.5.2.43.167050.2019022114452243100837340.0.0.0",
    "SeriesNumber": 24,
    "ShimSetting": [
      6985,
      -3676,
      7989,
      409,
      -28,
      -67,
      50,
      11
    ],
    "SliceThickness": 2.5,
    "SliceTiming": [
      0,
      0.475,
      0.27,
      0.0675,
      0.5425,
      0.34,
      0.135,
      0.61,
      0.4075,
      0.2025,
      0,
      0.475,
      0.27,
      0.0675,
      0.5425,
      0.34,
      0.135,
      0.61,
      0.4075,
      0.2025,
      0,
      0.475,
      0.27,
      0.0675,
      0.5425,
      0.34,
      0.135,
      0.61,
      0.4075,
      0.2025,
      0,
      0.475,
      0.27,
      0.0675,
      0.5425,
      0.34,
      0.135,
      0.61,
      0.4075,
      0.2025,
      0,
      0.475,
      0.27,
      0.0675,
      0.5425,
      0.34,
      0.135,
      0.61,
      0.4075,
      0.2025,
      0,
      0.475,
      0.27,
      0.0675,
      0.5425,
      0.34,
      0.135,
      0.61,
      0.4075,
      0.2025
    ],
    "SoftwareVersions": "syngo MR E11",
    "SpacingBetweenSlices": 2.5,
    "StationName": "PRISMA",
    "StudyID": "1",
    "StudyInstanceUID": "1.3.12.2.1107.5.2.43.167050.30000019021201163005200000058",
    "TaskName": "bang",
    "TotalReadoutTime": 0.0425812,
    "TxRefAmp": 270.866,
    "WipMemBlock": "a19a9f1d-d20f-45fd-9a0d-b656f5933fae||Sequence: R016 ve11c/master r/e634e98; Dec 19 2017 11:00:25 by eja",
    "dataset": "unknown",
    "modality": "bold",
    "run_id": 1,
    "session_id": "core2p2",
    "subject_id": "CC0085",
    "task_id": "bang"
  },
  "dummy_trs": 1,
  "dvars_nstd": 34.07020200579097,
  "dvars_std": 0.9956784061440683,
  "dvars_vstd": 0.9692228554802269,
  "efc": 0.5262493337112691,
  "fber": 640.4878540039062,
  "fd_mean": 0.19478133969595343,
  "fd_num": 374,
  "fd_perc": 52.750352609308884,
  "fwhm_avg": 2.9192013333333335,
  "fwhm_x": 2.691624,
  "fwhm_y": 3.138528,
  "fwhm_z": 2.9274519999999997,
  "gcor": 0.00541977,
  "gsr_x": 0.006494194269180298,
  "gsr_y": 0.08639156073331833,
  "provenance": {
    "md5sum": "81aaad9a4520fb88252f1598e5cbe915",
    "settings": {
      "fd_thres": 0.2,
      "hmc_fsl": false
    },
    "software": "mriqc",
    "version": "0.15.0",
    "webapi_port": null,
    "webapi_url": "https://mriqc.nimh.nih.gov/api/v1"
  },
  "size_t": 709,
  "size_x": 80,
  "size_y": 80,
  "size_z": 60,
  "snr": 2.190252359867819,
  "spacing_tr": 0.699999988079071,
  "spacing_x": 2.5,
  "spacing_y": 2.5,
  "spacing_z": 2.5,
  "summary_bg_k": 17.55891794089724,
  "summary_bg_mad": 87.06369018554688,
  "summary_bg_mean": 385.2389221191406,
  "summary_bg_median": 144.2313232421875,
  "summary_bg_n": 244311.0,
  "summary_bg_p05": 79.21650314331055,
  "summary_bg_p95": 1610.9330444335938,
  "summary_bg_stdv": 622.5490112304688,
  "summary_fg_k": 0.41608602497528846,
  "summary_fg_mad": 1635.008056640625,
  "summary_fg_mean": 4263.755859375,
  "summary_fg_median": 3909.40625,
  "summary_fg_n": 79810.0,
  "summary_fg_p05": 1910.6403747558593,
  "summary_fg_p95": 7711.092749023437,
  "summary_fg_stdv": 1784.900146484375,
  "tsnr": 33.78974151611328
}