{
  "aor": 0.0003573206751054853,
  "aqi": 0.003129148143459916,
  "bids_meta": {
    "AccessionNumber": "8730-012",
    "AcquisitionDateTime": "2019-02-21T15:24:48.060000",
    "AcquisitionMatrixPE": 80,
    "AcquisitionNumber": 1,
    "AcquisitionTime": "15:24:48.060000",
    "BandwidthPerPixelPhaseEncode": 23.191,
    "BaseResolution": 80,
    "BodyPartExamined": "BRAIN",
    "ConsistencyInfo": "N4_VE11C_LATEST_20160120",
    "ConversionSoftware": "dcm2niix",
    "ConversionSoftwareVersion": "v1.0.20210317",
    "DerivedVendorReportedEchoSpacing": 0.000490002,
    "DeviceSerialNumber": "167050",
    "DwellTime": 2.3e-06,
    "EchoTime": 0.03,
    "EchoTrainLength": 88,
    "EffectiveEchoSpacing": 0.000539002,
    "FlipAngle": 53,
    "ImageComments": "Unaliased MB6/PE3/LB",
    "ImageOrientationPatientDICOM": [
      1,
      0,
      0,
      0,
      0.939693,
      -0.34202
    ],
    "ImageType": [
      "ORIGINAL",
      "PRIMARY",
      "M",
      "MB",
      "ND",
      "MOSAIC"
    ],
    "ImagingFrequency": 123.25,
    "InPlanePhaseEncodingDirectionDICOM": "COL",
    "InstitutionAddress": "Michigan Ave 320,Pasadena,California,US,91025",
    "InstitutionName": "Caltech Prisma64",
    "InstitutionalDepartmentName": "Department",
    "MRAcquisitionType": "2D",
    "MagneticFieldStrength": 3,
    "Manufacturer": "Siemens",
    "ManufacturersModelName": "Prisma_fit",
    "Modality": "MR",
    "MultibandAccelerationFactor": 6,
    "PartialFourier": 1,
    "PatientBirthDate": "1975-12-01",
    "PatientID": "CC0085",
    "PatientName": "CC0085",
    "PatientPosition": "HFS",
    "PatientSex": "F",
    "PatientWeight": 63.5029,
    "PercentPhaseFOV": 100,
    "PercentSampling": 100,
    "PhaseEncodingDirection": "j-",
    "PhaseEncodingSteps": 88,
    "PhaseOversampling": 0.1,
    "PhaseResolution": 1,
    "PixelBandwidth": 2715,
    "ProtocolName": "task-pixar_run-01_bold",
    "PulseSequenceDetails": "%CustomerSeq%\\cmrr_mbep2d_bold",
    "ReceiveCoilActiveElements": "HEA;HEP",
    "ReceiveCoilName": "Head_32",
    "ReconMatrixPE": 80,
    "ReferringPhysicianName": "Adolphs",
    "RepetitionTime": 0.7,
    "SAR": 0.107193,
    "ScanOptions": "FS\\EXT",
    "ScanningSequence": "EP",
    "SequenceName": "epfid2d1_80",
    "SequenceVariant": "SK\\SS\\OSP",
    "SeriesDescription": "task-pixar_run-01_bold",
    "SeriesInstanceUID": "1.3.12.2.1107.5.2.43.167050.2019022115225563598865102.0.0.0",
    "SeriesNumber": 35,
    "ShimSetting": [
      6972,
      -3670,
      7976,
      398,
      10,
      -84,
      39,
      8
    ],
    "SliceThickness": 2.5,
    "SliceTiming": [
      0,
      0.475,
      0.2725,
      0.0675,
      0.5425,
      0.34,
      0.135,
      0.6125,
      0.4075,
      0.2025,
      0,
      0.475,
      0.2725,
      0.0675,
      0.5425,
      0.34,
      0.135,
      0.6125,
      0.4075,
      0.2025,
      0,
      0.475,
      0.2725,
      0.0675,
      0.5425,
      0.34,
      0.135,
      0.6125,
      0.4075,
      0.2025,
      0,
      0.475,
      0.2725,
      0.0675,
      0.5425,
      0.34,
      0.135,
      0.6125,
      0.4075,
      0.2025,
      0,
      0.475,
      0.2725,
      0.0675,
      0.5425,
      0.34,
      0.135,
      0.6125,
      0.4075,
      0.2025,
      0,
      0.475,
      0.2725,
      0.0675,
      0.5425,
      0.34,
      0.135,
      0.6125,
      0.4075,
      0.2025
    ],
    "SoftwareVersions": "syngo MR E11",
    "SpacingBetweenSlices": 2.5,
    "StationName": "PRISMA",
    "StudyID": "1",
    "StudyInstanceUID": "1.3.12.2.1107.5.2.43.167050.30000019021201163005200000058",
    "TaskName": "pixar",
    "TotalReadoutTime": 0.0425812,
    "TxRefAmp": 270.843,
    "WipMemBlock": "d0b5df62-5e3a-4f39-969c-4d89d4ebcab8||Sequence: R016 ve11c/master r/e634e98; Dec 19 2017 11:00:25 by eja",
    "dataset": "unknown",
    "modality": "bold",
    "run_id": 1,
    "session_id": "core2p2",
    "subject_id": "CC0085",
    "task_id": "pixar"
  },
  "dummy_trs": 2,
  "dvars_nstd": 33.65432837257924,
  "dvars_std": 1.0581578840803385,
  "dvars_vstd": 1.0077968136997888,
  "efc": 0.525536281567967,
  "fber": 601.9247436523438,
  "fd_mean": 0.15495043347554457,
  "fd_num": 158,
  "fd_perc": 33.333333333333336,
  "fwhm_avg": 2.894622666666667,
  "fwhm_x": 2.695088,
  "fwhm_y": 3.108632,
  "fwhm_z": 2.880148,
  "gcor": 0.00267881,
  "gsr_x": -0.0010498107876628637,
  "gsr_y": 0.0892544612288475,
  "provenance": {
    "md5sum": "f57241a52c9c7a49ea18753c71fbbace",
    "settings": {
      "fd_thres": 0.2,
      "hmc_fsl": false
    },
    "software": "mriqc",
    "version": "0.15.0",
    "webapi_port": null,
    "webapi_url": "https://mriqc.nimh.nih.gov/api/v1"
  },
  "size_t": 474,
  "size_x": 80,
  "size_y": 80,
  "size_z": 60,
  "snr": 2.1161184127719705,
  "spacing_tr": 0.699999988079071,
  "spacing_x": 2.5,
  "spacing_y": 2.5,
  "spacing_z": 2.5,
  "summary_bg_k": 16.346204148200734,
  "summary_bg_mad": 88.48382568359375,
  "summary_bg_mean": 399.0706481933594,
  "summary_bg_median": 149.1392364501953,
  "summary_bg_n": 245049.0,
  "summary_bg_p05": 83.06961822509766,
  "summary_bg_p95": 1653.9433837890601,
  "summary_bg_stdv": 630.3109130859375,
  "summary_fg_k": 0.4729963353786917,
  "summary_fg_mad": 1695.04296875,
  "summary_fg_mean": 4339.7509765625,
  "summary_fg_median": 3960.50390625,
  "summary_fg_n": 79079.0,
  "summary_fg_p05": 1852.30517578125,
  "summary_fg_p95": 7953.866503906248,
  "summary_fg_stdv": 1871.5771484375,
  "tsnr": 44.9711799621582
}