{
  "bids_meta": {
    "AccessionNumber": "8728-007",
    "AcquisitionDateTime": "2019-02-21T08:05:31.225000",
    "AcquisitionMatrixPE": 256,
    "AcquisitionNumber": 1,
    "AcquisitionTime": "08:05:31.225000",
    "BaseResolution": 256,
    "BodyPartExamined": "BRAIN",
    "ConsistencyInfo": "N4_VE11C_LATEST_20160120",
    "ConversionSoftware": "dcm2niix",
    "ConversionSoftwareVersion": "v1.0.20210317",
    "DeviceSerialNumber": "167050",
    "DwellTime": 3e-06,
    "EchoNumber": 4,
    "FlipAngle": 8,
    "ImageComments": "Average over all echoes.",
    "ImageOrientationPatientDICOM": [
      0,
      1,
      0,
      0,
      0,
      -1
    ],
    "ImageType": [
      "ORIGINAL",
      "PRIMARY",
      "ECHO",
      "COMBINED",
      "ND"
    ],
    "ImagingFrequency": 123.25,
    "InPlanePhaseEncodingDirectionDICOM": "ROW",
    "InstitutionAddress": "Michigan Ave 320,Pasadena,California,US,91025",
    "InstitutionName": "Caltech Prisma64",
    "InstitutionalDepartmentName": "Department",
    "InversionTime": 1.15,
    "MRAcquisitionType": "3D",
    "MagneticFieldStrength": 3,
    "Manufacturer": "Siemens",
    "ManufacturersModelName": "Prisma_fit",
    "Modality": "MR",
    "ParallelReductionFactorInPlane": 2,
    "PartialFourier": 1,
    "PatientBirthDate": "1988-11-01",
    "PatientID": "CC0106",
    "PatientName": "CC0106",
    "PatientPosition": "HFS",
    "PatientSex": "F",
    "PatientWeight": 61.235,
    "PercentPhaseFOV": 100,
    "PercentSampling": 100,
    "PhaseEncodingSteps": 282,
    "PhaseOversampling": 0.1,
    "PhaseResolution": 1,
    "PixelBandwidth": 650,
    "ProtocolName": "T1w",
    "PulseSequenceDetails": "%CustomerSeq%\\tfl_wip900D_VE11C",
    "ReceiveCoilActiveElements": "HEA;HEP",
    "ReceiveCoilName": "Head_32",
    "ReconMatrixPE": 256,
    "RefLinesPE": 32,
    "ReferringPhysicianName": "Adolphs",
    "RepetitionTime": 2.55,
    "SAR": 0.0420408,
    "ScanOptions": "IR\\WE",
    "ScanningSequence": "GR\\IR",
    "SequenceName": "tfl3d4_16ns",
    "SequenceVariant": "SK\\SP\\MP\\OSP",
    "SeriesDescription": "T1w_combEcho",
    "SeriesInstanceUID": "1.3.12.2.1107.5.2.43.167050.2019022108123992546752529.0.0.0",
    "SeriesNumber": 5,
    "ShimSetting": [
      6999,
      -3627,
      7862,
      354,
      -6,
      4,
      125,
      36
    ],
    "SliceThickness": 0.9,
    "SoftwareVersions": "syngo MR E11",
    "StationName": "PRISMA",
    "StudyID": "1",
    "StudyInstanceUID": "1.3.12.2.1107.5.2.43.167050.30000019021201163005200000049",
    "TxRefAmp": 241.629,
    "WipMemBlock": "WIP_Identifier: WIP#900D",
    "acq_id": "combecho",
    "dataset": "unknown",
    "modality": "T1w",
    "run_id": 2,
    "session_id": "core2p2",
    "subject_id": "CC0106"
  },
  "cjv": 0.6211085704263912,
  "cnr": 2.2451762419695043,
  "efc": 0.5854496233029656,
  "fber": 261.1548156738281,
  "fwhm_avg": 5.816628037357842,
  "fwhm_x": 5.6895223729430935,
  "fwhm_y": 5.657766956521739,
  "fwhm_z": 6.102594782608696,
  "icvs_csf": 0.19027499434359949,
  "icvs_gm": 0.44477150394460424,
  "icvs_wm": 0.36495350171179625,
  "inu_med": 1.928574800491333,
  "inu_range": 1.3909881412982938,
  "provenance": {
    "md5sum": "7e30e8db5ff4423a719da366a87340fd",
    "settings": {
      "testing": false
    },
    "software": "mriqc",
    "version": "0.15.0",
    "warnings": {
      "large_rot_frame": false,
      "small_air_mask": false
    },
    "webapi_port": null,
    "webapi_url": "https://mriqc.nimh.nih.gov/api/v1"
  },
  "qi_1": 0.0,
  "qi_2": 0.008060749574239657,
  "rpve_csf": 23.55337082564335,
  "rpve_gm": 10.17295910620118,
  "rpve_wm": 12.897468599998847,
  "size_x": 208,
  "size_y": 256,
  "size_z": 256,
  "snr_csf": 3.775205477637912,
  "snr_gm": 15.223814416047317,
  "snr_total": 9.46422660671533,
  "snr_wm": 9.393659926460764,
  "snrd_csf": 20.03066344637816,
  "snrd_gm": 46.91151872532698,
  "snrd_total": 43.54970569728121,
  "snrd_wm": 63.70693492013851,
  "spacing_x": 0.8999999761581421,
  "spacing_y": 0.8984375,
  "spacing_z": 0.8984375,
  "summary_bg_k": 2.9197973184591683,
  "summary_bg_mad": 10.282999038696289,
  "summary_bg_mean": 37.258419036865234,
  "summary_bg_median": 36.262428283691406,
  "summary_bg_n": 3108620.0,
  "summary_bg_p05": 21.525371932983397,
  "summary_bg_p95": 55.627145195007316,
  "summary_bg_stdv": 10.772750854492188,
  "summary_csf_k": 1.0251481555890054,
  "summary_csf_mad": 70.28582763671875,
  "summary_csf_mean": 332.0644226074219,
  "summary_csf_median": 314.400634765625,
  "summary_csf_n": 45098.0,
  "summary_csf_p05": 222.95670623779296,
  "summary_csf_p95": 494.6265502929688,
  "summary_csf_stdv": 83.27947998046875,
  "summary_gm_k": 0.19678635630789065,
  "summary_gm_mad": 46.77169418334961,
  "summary_gm_mean": 732.6749267578125,
  "summary_gm_median": 736.3216552734375,
  "summary_gm_n": 83234.0,
  "summary_gm_p05": 649.2129913330078,
  "summary_gm_p95": 806.9894226074218,
  "summary_gm_stdv": 48.366146087646484,
  "summary_wm_k": -0.3368886908389652,
  "summary_wm_mad": 116.96513366699219,
  "summary_wm_mean": 1012.328125,
  "summary_wm_median": 999.9419555664062,
  "summary_wm_n": 217979.0,
  "summary_wm_p05": 864.2783447265625,
  "summary_wm_p95": 1203.4181518554683,
  "summary_wm_stdv": 106.44835662841797,
  "tpm_overlap_csf": 0.22005736827850342,
  "tpm_overlap_gm": 0.41753822565078735,
  "tpm_overlap_wm": 0.3946833312511444,
  "wm2max": 0.5520065507236496
}