{
  "bids_meta": {
    "AccessionNumber": "7705-010",
    "AcquisitionDateTime": "2015-02-04T16:41:4.285000",
    "AcquisitionMatrixPE": 256,
    "AcquisitionNumber": 1,
    "AcquisitionTime": "16:41:4.285000",
    "BaseResolution": 256,
    "CoilString": "C:HEA;HEP",
    "ConversionSoftware": "dcm2niix",
    "ConversionSoftwareVersion": "v1.0.20210317",
    "DeviceSerialNumber": "35077",
    "DwellTime": 1.09e-05,
    "EchoTime": 0.00291,
    "FlipAngle": 10,
    "ImageOrientationPatientDICOM": [
      0,
      1,
      0,
      0,
      0,
      -1
    ],
    "ImageType": [
      "ORIGINAL",
      "PRIMARY",
      "M",
      "ND",
      "NORM"
    ],
    "ImagingFrequency": 123.229,
    "InPlanePhaseEncodingDirectionDICOM": "ROW",
    "InstitutionAddress": "Wilson Avenue 340 ,Pasadena,California,US,91025",
    "InstitutionName": "Caltech Tim32",
    "InstitutionalDepartmentName": "Department",
    "InversionTime": 0.8,
    "MRAcquisitionType": "3D",
    "MagneticFieldStrength": 3,
    "Manufacturer": "Siemens",
    "ManufacturersModelName": "TrioTim",
    "Modality": "MR",
    "PartialFourier": 1,
    "PatientBirthDate": "1985-01-01",
    "PatientID": "adolphs",
    "PatientName": "CC0046",
    "PatientPosition": "HFS",
    "PatientSex": "F",
    "PatientWeight": 56.6991,
    "PercentPhaseFOV": 100,
    "PercentSampling": 100,
    "PhaseEncodingSteps": 256,
    "PhaseResolution": 1,
    "PixelBandwidth": 179,
    "ProcedureStepDescription": "Conte^Core",
    "ProtocolName": "T1_2",
    "PulseSequenceDetails": "%SiemensSeq%\\tfl",
    "ReceiveCoilName": "32Ch_Head",
    "ReconMatrixPE": 256,
    "RepetitionTime": 1.5,
    "SAR": 0.130389,
    "ScanOptions": "IR",
    "ScanningSequence": "GR\\IR",
    "SequenceName": "*tfl3d1",
    "SequenceVariant": "SP\\MP",
    "SeriesDescription": "T1_2",
    "SeriesInstanceUID": "1.3.12.2.1107.5.2.32.35077.201502041641014667385520.0.0.0",
    "SeriesNumber": 11,
    "ShimSetting": [
      9532,
      -10445,
      15667,
      524,
      -205,
      57,
      27,
      51
    ],
    "SliceThickness": 1,
    "SoftwareVersions": "syngo MR B17",
    "StationName": "MEDPC",
    "StudyID": "1",
    "StudyInstanceUID": "1.3.12.2.1107.5.2.32.35077.30000015012916505859300000031",
    "TxRefAmp": 300.798,
    "dataset": "unknown",
    "modality": "T1w",
    "run_id": 2,
    "session_id": "core1p3p0",
    "subject_id": "CC0046"
  },
  "cjv": 0.31031644286762616,
  "cnr": 4.229357439850936,
  "efc": 0.4975786710913902,
  "fber": 10190.1181640625,
  "fwhm_avg": 4.317996666666667,
  "fwhm_x": 4.402,
  "fwhm_y": 4.20932,
  "fwhm_z": 4.34267,
  "icvs_csf": 0.2085647900704765,
  "icvs_gm": 0.41065790382892325,
  "icvs_wm": 0.3807773061006002,
  "inu_med": 1.3993866443634033,
  "inu_range": 0.32141053676605225,
  "provenance": {
    "md5sum": "7b065e23efe8d73a99b1356ffdb38696",
    "settings": {
      "testing": false
    },
    "software": "mriqc",
    "version": "0.15.0",
    "warnings": {
      "large_rot_frame": true,
      "small_air_mask": false
    },
    "webapi_port": null,
    "webapi_url": "https://mriqc.nimh.nih.gov/api/v1"
  },
  "qi_1": 0.0,
  "qi_2": 0.026261522829083634,
  "rpve_csf": 28.55064407624268,
  "rpve_gm": 15.007392353546656,
  "rpve_wm": 19.385211342638396,
  "size_x": 176,
  "size_y": 256,
  "size_z": 256,
  "snr_csf": 4.016036129824308,
  "snr_gm": 16.6010081902255,
  "snr_total": 17.42193079291433,
  "snr_wm": 31.648748058693183,
  "snrd_csf": 55.584297172187156,
  "snrd_gm": 98.9774045818608,
  "snrd_total": 94.7728624914934,
  "snrd_wm": 129.75688572043225,
  "spacing_x": 1.0,
  "spacing_y": 1.0,
  "spacing_z": 1.0,
  "summary_bg_k": 23.864877197681764,
  "summary_bg_mad": 5.048976421356201,
  "summary_bg_mean": 6.048753261566162,
  "summary_bg_median": 3.4219791889190674,
  "summary_bg_n": 3579482.0,
  "summary_bg_p05": 0.0,
  "summary_bg_p95": 16.98790922164917,
  "summary_bg_stdv": 6.0111613273620605,
  "summary_csf_k": 2.4466489823773543,
  "summary_csf_mad": 127.41839599609375,
  "summary_csf_mean": 439.90850830078125,
  "summary_csf_median": 428.3746337890625,
  "summary_csf_n": 25146.0,
  "summary_csf_p05": 290.9761199951172,
  "summary_csf_p95": 612.9201812744141,
  "summary_csf_stdv": 106.66390991210938,
  "summary_gm_k": 0.26696159292159605,
  "summary_gm_mad": 45.09449005126953,
  "summary_gm_mean": 761.5366821289062,
  "summary_gm_median": 762.7947387695312,
  "summary_gm_n": 25529.0,
  "summary_gm_p05": 684.3242553710937,
  "summary_gm_p95": 834.1288452148438,
  "summary_gm_stdv": 45.94779968261719,
  "summary_wm_k": 0.9157002885105676,
  "summary_wm_mad": 28.515661239624023,
  "summary_wm_mean": 999.3257446289062,
  "summary_wm_median": 1000.0046997070312,
  "summary_wm_n": 202993.0,
  "summary_wm_p05": 945.6737304687499,
  "summary_wm_p95": 1049.3170654296875,
  "summary_wm_stdv": 31.59689712524414,
  "tpm_overlap_csf": 0.2125418484210968,
  "tpm_overlap_gm": 0.494499534368515,
  "tpm_overlap_wm": 0.5509674549102783,
  "wm2max": 0.5369237474937972
}