{
  "bids_meta": {
    "AccessionNumber": "6531-007",
    "AcquisitionDateTime": "2013-03-28T12:35:27.142500",
    "AcquisitionMatrixPE": 256,
    "AcquisitionNumber": 1,
    "AcquisitionTime": "12:35:27.142500",
    "BaseResolution": 256,
    "CoilString": "C:HEA;HEP",
    "ConversionSoftware": "dcm2niix",
    "ConversionSoftwareVersion": "v1.0.20210317",
    "DeviceSerialNumber": "35077",
    "DwellTime": 1.09e-05,
    "EchoTime": 0.00291,
    "FlipAngle": 10,
    "ImageOrientationPatientDICOM": [
      0,
      1,
      0,
      0,
      0,
      -1
    ],
    "ImageType": [
      "ORIGINAL",
      "PRIMARY",
      "M",
      "ND",
      "NORM"
    ],
    "ImagingFrequency": 123.229,
    "InPlanePhaseEncodingDirectionDICOM": "ROW",
    "InstitutionAddress": "Wilson Avenue 340 ,Pasadena,California,US,91025",
    "InstitutionName": "Caltech Tim32",
    "InstitutionalDepartmentName": "Department",
    "InversionTime": 0.8,
    "MRAcquisitionType": "3D",
    "MagneticFieldStrength": 3,
    "Manufacturer": "Siemens",
    "ManufacturersModelName": "TrioTim",
    "Modality": "MR",
    "PartialFourier": 1,
    "PatientBirthDate": "1987-01-01",
    "PatientID": "adolphs",
    "PatientName": "CC0006",
    "PatientPosition": "HFS",
    "PatientSex": "M",
    "PatientWeight": 74.8428,
    "PercentPhaseFOV": 100,
    "PercentSampling": 100,
    "PhaseEncodingSteps": 256,
    "PhaseResolution": 1,
    "PixelBandwidth": 179,
    "ProcedureStepDescription": "Conte^Core",
    "ProtocolName": "T1_2",
    "PulseSequenceDetails": "%SiemensSeq%\\tfl",
    "ReceiveCoilName": "32Ch_Head",
    "ReconMatrixPE": 256,
    "RepetitionTime": 1.5,
    "SAR": 0.139849,
    "ScanOptions": "IR",
    "ScanningSequence": "GR\\IR",
    "SequenceName": "*tfl3d1",
    "SequenceVariant": "SP\\MP",
    "SeriesDescription": "T1_2",
    "SeriesInstanceUID": "1.3.12.2.1107.5.2.32.35077.201303281235056847387591.0.0.0",
    "SeriesNumber": 13,
    "ShimSetting": [
      9531,
      -10548,
      15750,
      487,
      -20,
      -68,
      184,
      25
    ],
    "SliceThickness": 1,
    "SoftwareVersions": "syngo MR B17",
    "StationName": "MEDPC",
    "StudyID": "1",
    "StudyInstanceUID": "1.3.12.2.1107.5.2.32.35077.30000013032815455942100000010",
    "TxRefAmp": 311.125,
    "dataset": "unknown",
    "modality": "T1w",
    "run_id": 2,
    "session_id": "core1p1",
    "subject_id": "CC0006"
  },
  "cjv": 0.44525790077732946,
  "cnr": 2.490146367655609,
  "efc": 0.5517216861908304,
  "fber": 7685.955078125,
  "fwhm_avg": 4.121683333333333,
  "fwhm_x": 4.14402,
  "fwhm_y": 4.22277,
  "fwhm_z": 3.99826,
  "icvs_csf": 0.20031655837678428,
  "icvs_gm": 0.41498743820007783,
  "icvs_wm": 0.38469600342313787,
  "inu_med": 1.486640214920044,
  "inu_range": 0.40524452328681937,
  "provenance": {
    "md5sum": "7da01c410fbb0260b3da24404510d8ac",
    "settings": {
      "testing": false
    },
    "software": "mriqc",
    "version": "0.15.0",
    "warnings": {
      "large_rot_frame": true,
      "small_air_mask": false
    },
    "webapi_port": null,
    "webapi_url": "https://mriqc.nimh.nih.gov/api/v1"
  },
  "qi_1": 0.00011471290559205906,
  "qi_2": 0.011497482019635654,
  "rpve_csf": 22.65777001054125,
  "rpve_gm": 11.497748225098391,
  "rpve_wm": 14.919870954443997,
  "size_x": 176,
  "size_y": 256,
  "size_z": 256,
  "snr_csf": 3.6296337264745477,
  "snr_gm": 9.639235184805337,
  "snr_total": 14.5739128087857,
  "snr_wm": 30.452869515077214,
  "snrd_csf": 73.01284406223117,
  "snrd_gm": 127.53112005157341,
  "snrd_total": 121.23958458322993,
  "snrd_wm": 163.17478963588522,
  "spacing_x": 1.0,
  "spacing_y": 1.0,
  "spacing_z": 1.0,
  "summary_bg_k": 28.52757988392823,
  "summary_bg_mad": 4.014961242675781,
  "summary_bg_mean": 6.249660968780518,
  "summary_bg_median": 5.406886100769043,
  "summary_bg_n": 2341061.0,
  "summary_bg_p05": 0.0,
  "summary_bg_p95": 16.325542449951172,
  "summary_bg_stdv": 6.537416458129883,
  "summary_csf_k": 4.48845247947674,
  "summary_csf_mad": 144.31552124023438,
  "summary_csf_mean": 458.01202392578125,
  "summary_csf_median": 447.45452880859375,
  "summary_csf_n": 29104.0,
  "summary_csf_p05": 287.9435073852539,
  "summary_csf_p95": 649.4867523193359,
  "summary_csf_stdv": 123.27603149414062,
  "summary_gm_k": 0.1723622790650592,
  "summary_gm_mad": 68.97955322265625,
  "summary_gm_mean": 797.0167846679688,
  "summary_gm_median": 781.5662841796875,
  "summary_gm_n": 31402.0,
  "summary_gm_p05": 687.6476348876954,
  "summary_gm_p95": 962.1118164062498,
  "summary_gm_stdv": 81.08048248291016,
  "summary_wm_k": 1.6370141390283068,
  "summary_wm_mad": 28.282556533813477,
  "summary_wm_mean": 1000.3622436523438,
  "summary_wm_median": 1000.0062255859375,
  "summary_wm_n": 257121.0,
  "summary_wm_p05": 947.90673828125,
  "summary_wm_p95": 1054.203369140625,
  "summary_wm_stdv": 32.8377685546875,
  "tpm_overlap_csf": 0.22113192081451416,
  "tpm_overlap_gm": 0.4984934628009796,
  "tpm_overlap_wm": 0.5668103098869324,
  "wm2max": 0.5125735615794168
}