{
  "bids_meta": {
    "AccessionNumber": "6531-007",
    "AcquisitionDateTime": "2013-03-28T12:17:10.852500",
    "AcquisitionMatrixPE": 256,
    "AcquisitionNumber": 1,
    "AcquisitionTime": "12:17:10.852500",
    "BaseResolution": 256,
    "CoilString": "C:HEA;HEP",
    "ConversionSoftware": "dcm2niix",
    "ConversionSoftwareVersion": "v1.0.20210317",
    "DeviceSerialNumber": "35077",
    "DwellTime": 1.09e-05,
    "EchoTime": 0.00291,
    "FlipAngle": 10,
    "ImageOrientationPatientDICOM": [
      0,
      1,
      0,
      0,
      0,
      -1
    ],
    "ImageType": [
      "ORIGINAL",
      "PRIMARY",
      "M",
      "ND",
      "NORM"
    ],
    "ImagingFrequency": 123.229,
    "InPlanePhaseEncodingDirectionDICOM": "ROW",
    "InstitutionAddress": "Wilson Avenue 340 ,Pasadena,California,US,91025",
    "InstitutionName": "Caltech Tim32",
    "InstitutionalDepartmentName": "Department",
    "InversionTime": 0.8,
    "MRAcquisitionType": "3D",
    "MagneticFieldStrength": 3,
    "Manufacturer": "Siemens",
    "ManufacturersModelName": "TrioTim",
    "Modality": "MR",
    "PartialFourier": 1,
    "PatientBirthDate": "1987-01-01",
    "PatientID": "adolphs",
    "PatientName": "CC0006",
    "PatientPosition": "HFS",
    "PatientSex": "M",
    "PatientWeight": 74.8428,
    "PercentPhaseFOV": 100,
    "PercentSampling": 100,
    "PhaseEncodingSteps": 256,
    "PhaseResolution": 1,
    "PixelBandwidth": 179,
    "ProcedureStepDescription": "Conte^Core",
    "ProtocolName": "T1_1",
    "PulseSequenceDetails": "%SiemensSeq%\\tfl",
    "ReceiveCoilName": "32Ch_Head",
    "ReconMatrixPE": 256,
    "RepetitionTime": 1.5,
    "SAR": 0.139849,
    "ScanOptions": "IR",
    "ScanningSequence": "GR\\IR",
    "SequenceName": "*tfl3d1",
    "SequenceVariant": "SP\\MP",
    "SeriesDescription": "T1_1",
    "SeriesInstanceUID": "1.3.12.2.1107.5.2.32.35077.2013032812170215206865542.0.0.0",
    "SeriesNumber": 9,
    "ShimSetting": [
      9531,
      -10548,
      15750,
      487,
      -20,
      -68,
      184,
      25
    ],
    "SliceThickness": 1,
    "SoftwareVersions": "syngo MR B17",
    "StationName": "MEDPC",
    "StudyID": "1",
    "StudyInstanceUID": "1.3.12.2.1107.5.2.32.35077.30000013032815455942100000010",
    "TxRefAmp": 311.125,
    "dataset": "unknown",
    "modality": "T1w",
    "run_id": 1,
    "session_id": "core1p1",
    "subject_id": "CC0006"
  },
  "cjv": 0.5557696448364592,
  "cnr": 1.9777925914218042,
  "efc": 0.5517614906096634,
  "fber": 4560.4287109375,
  "fwhm_avg": 4.235916666666666,
  "fwhm_x": 4.18521,
  "fwhm_y": 4.42837,
  "fwhm_z": 4.09417,
  "icvs_csf": 0.2026125042292853,
  "icvs_gm": 0.4103381714500491,
  "icvs_wm": 0.38704932432066563,
  "inu_med": 1.5157263278961182,
  "inu_range": 0.37603405117988586,
  "provenance": {
    "md5sum": "091eef348bcd4e1e8ab68cab4ea21be2",
    "settings": {
      "testing": false
    },
    "software": "mriqc",
    "version": "0.15.0",
    "warnings": {
      "large_rot_frame": false,
      "small_air_mask": false
    },
    "webapi_port": null,
    "webapi_url": "https://mriqc.nimh.nih.gov/api/v1"
  },
  "qi_1": 7.249438451701183e-05,
  "qi_2": 0.014417442321928507,
  "rpve_csf": 23.051514363418995,
  "rpve_gm": 11.861863325964341,
  "rpve_wm": 15.264402283066634,
  "size_x": 176,
  "size_y": 256,
  "size_z": 256,
  "snr_csf": 3.7480376855223474,
  "snr_gm": 8.349623677708497,
  "snr_total": 13.829126531692642,
  "snr_wm": 29.38971823184708,
  "snrd_csf": 73.22027603846948,
  "snrd_gm": 127.04761080992623,
  "snrd_total": 119.7759653122982,
  "snrd_wm": 159.06000908849887,
  "spacing_x": 1.0,
  "spacing_y": 1.0,
  "spacing_z": 1.0,
  "summary_bg_k": 18.69436073090651,
  "summary_bg_mad": 4.118866443634033,
  "summary_bg_mean": 6.841101169586182,
  "summary_bg_median": 5.541473865509033,
  "summary_bg_n": 2426751.0,
  "summary_bg_p05": 0.0,
  "summary_bg_p95": 19.345772743225098,
  "summary_bg_stdv": 6.815608501434326,
  "summary_csf_k": 3.989180107887284,
  "summary_csf_mad": 148.6116485595703,
  "summary_csf_mean": 466.97991943359375,
  "summary_csf_median": 460.33856201171875,
  "summary_csf_n": 27474.0,
  "summary_csf_p05": 290.60762176513674,
  "summary_csf_p95": 658.1237487792969,
  "summary_csf_stdv": 122.81898498535156,
  "summary_gm_k": -0.39604824280433837,
  "summary_gm_mad": 82.60250091552734,
  "summary_gm_mean": 822.74658203125,
  "summary_gm_median": 798.7529907226562,
  "summary_gm_n": 30899.0,
  "summary_gm_p05": 698.7554016113281,
  "summary_gm_p95": 1007.4925842285156,
  "summary_gm_stdv": 95.66180419921875,
  "summary_wm_k": 1.791364182860196,
  "summary_wm_mad": 29.253433227539062,
  "summary_wm_mean": 1001.2189331054688,
  "summary_wm_median": 1000.01611328125,
  "summary_wm_n": 252469.0,
  "summary_wm_p05": 948.4038696289062,
  "summary_wm_p95": 1057.8092041015625,
  "summary_wm_stdv": 34.02598571777344,
  "tpm_overlap_csf": 0.2315739542245865,
  "tpm_overlap_gm": 0.5007971525192261,
  "tpm_overlap_wm": 0.5646817684173584,
  "wm2max": 0.501535260129257
}