{
  "aor": 0.002287944862155388,
  "aqi": 0.005971380802005013,
  "bids_meta": {
    "AccessionNumber": "7383-001",
    "AcquisitionDateTime": "2014-02-03T14:29:19.742500",
    "AcquisitionMatrixPE": 80,
    "AcquisitionNumber": 1,
    "AcquisitionTime": "14:29:19.742500",
    "BandwidthPerPixelPhaseEncode": 23.148,
    "BaseResolution": 80,
    "CoilString": "C:HEA;HEP",
    "ConversionSoftware": "dcm2niix",
    "ConversionSoftwareVersion": "v1.0.20210317",
    "DerivedVendorReportedEchoSpacing": 0.000540003,
    "DeviceSerialNumber": "35077",
    "DwellTime": 2.6e-06,
    "EchoTime": 0.03,
    "EffectiveEchoSpacing": 0.000540003,
    "FlipAngle": 60,
    "ImageComments": "Unaliased MB4/PE3",
    "ImageOrientationPatientDICOM": [
      1,
      -1e-16,
      0,
      1e-16,
      0.939693,
      -0.34202
    ],
    "ImageType": [
      "ORIGINAL",
      "PRIMARY",
      "M",
      "ND",
      "MOSAIC"
    ],
    "ImagingFrequency": 123.229,
    "InPlanePhaseEncodingDirectionDICOM": "COL",
    "InstitutionAddress": "Wilson Avenue 340 ,Pasadena,California,US,91025",
    "InstitutionName": "Caltech Tim32",
    "InstitutionalDepartmentName": "Department",
    "MRAcquisitionType": "2D",
    "MagneticFieldStrength": 3,
    "Manufacturer": "Siemens",
    "ManufacturersModelName": "TrioTim",
    "Modality": "MR",
    "MultibandAccelerationFactor": 4,
    "PartialFourier": 1,
    "PatientBirthDate": "1988-01-01",
    "PatientID": "adolphs",
    "PatientName": "CC0101",
    "PatientPosition": "HFS",
    "PatientSex": "M",
    "PatientWeight": 75.7499,
    "PercentPhaseFOV": 100,
    "PercentSampling": 100,
    "PhaseEncodingDirection": "j-",
    "PhaseEncodingSteps": 80,
    "PhaseResolution": 1,
    "PixelBandwidth": 2404,
    "ProcedureStepDescription": "Conte^Core",
    "ProtocolName": "rsBOLD_MB_1",
    "PulseSequenceDetails": "%CustomerSeq%\\cmrr_mbep2d_bold",
    "ReceiveCoilName": "32Ch_Head",
    "ReconMatrixPE": 80,
    "RepetitionTime": 1,
    "SAR": 0.0953651,
    "ScanOptions": "FS",
    "ScanningSequence": "EP",
    "SequenceName": "epfid2d1_80",
    "SequenceVariant": "SK",
    "SeriesDescription": "rsBOLD_MB_1",
    "SeriesInstanceUID": "1.3.12.2.1107.5.2.32.35077.2014020314291781610528651.0.0.0",
    "SeriesNumber": 2,
    "ShimSetting": [
      9585,
      -10519,
      15771,
      712,
      -16,
      -193,
      35,
      -127
    ],
    "SliceThickness": 2.5,
    "SliceTiming": [
      0,
      0.215,
      0.43,
      0.645,
      0.86,
      0.07,
      0.285,
      0.5,
      0.715,
      0.93,
      0.1425,
      0.3575,
      0.5725,
      0.7875,
      0,
      0.215,
      0.43,
      0.645,
      0.86,
      0.07,
      0.285,
      0.5,
      0.715,
      0.93,
      0.1425,
      0.3575,
      0.5725,
      0.7875,
      0,
      0.215,
      0.43,
      0.645,
      0.86,
      0.07,
      0.285,
      0.5,
      0.715,
      0.93,
      0.1425,
      0.3575,
      0.5725,
      0.7875,
      0,
      0.215,
      0.43,
      0.645,
      0.86,
      0.07,
      0.285,
      0.5,
      0.715,
      0.93,
      0.1425,
      0.3575,
      0.5725,
      0.7875
    ],
    "SoftwareVersions": "syngo MR B17",
    "SpacingBetweenSlices": 2.5,
    "StationName": "MEDPC",
    "StudyID": "1",
    "StudyInstanceUID": "1.3.12.2.1107.5.2.32.35077.30000014020318502743700000007",
    "TaskName": "rest",
    "TotalReadoutTime": 0.0426603,
    "TxRefAmp": 309.661,
    "dataset": "unknown",
    "modality": "bold",
    "run_id": 1,
    "session_id": "core1p2",
    "subject_id": "CC0101",
    "task_id": "rest"
  },
  "dummy_trs": 1,
  "dvars_nstd": 32.68300439384428,
  "dvars_std": 1.0729699155778891,
  "dvars_vstd": 1.0118625312814074,
  "efc": 0.5753667234084835,
  "fber": 510.3478698730469,
  "fd_mean": 0.08256453610696705,
  "fd_num": 3,
  "fd_perc": 0.7518796992481203,
  "fwhm_avg": 2.804017333333334,
  "fwhm_x": 2.623484,
  "fwhm_y": 2.8729880000000003,
  "fwhm_z": 2.91558,
  "gcor": 0.0036335,
  "gsr_x": -0.0037621178198605776,
  "gsr_y": 0.08390779793262482,
  "provenance": {
    "md5sum": "a7df0808904eac87f6160e8fc46cf63e",
    "settings": {
      "fd_thres": 0.2,
      "hmc_fsl": false
    },
    "software": "mriqc",
    "version": "0.15.0",
    "webapi_port": null,
    "webapi_url": "https://mriqc.nimh.nih.gov/api/v1"
  },
  "size_t": 399,
  "size_x": 80,
  "size_y": 80,
  "size_z": 56,
  "snr": 2.682146179293319,
  "spacing_tr": 1.0,
  "spacing_x": 2.5,
  "spacing_y": 2.5,
  "spacing_z": 2.5,
  "summary_bg_k": 29.198240466204943,
  "summary_bg_mad": 12.284418106079102,
  "summary_bg_mean": 46.18804168701172,
  "summary_bg_median": 19.04010009765625,
  "summary_bg_n": 204619.0,
  "summary_bg_p05": 9.433584213256836,
  "summary_bg_p95": 175.36365509033197,
  "summary_bg_stdv": 71.80859375,
  "summary_fg_k": 2.251251573864387,
  "summary_fg_mad": 146.8036346435547,
  "summary_fg_mean": 483.9573059082031,
  "summary_fg_median": 458.3433532714844,
  "summary_fg_n": 92209.0,
  "summary_fg_p05": 258.42205200195315,
  "summary_fg_p95": 794.0972534179684,
  "summary_fg_stdv": 170.8858642578125,
  "tsnr": 38.3773193359375
}