{
  "aor": 0.00045514190317195324,
  "aqi": 0.006223025308848081,
  "bids_meta": {
    "AccessionNumber": "8576-001",
    "AcquisitionDateTime": "2018-09-27T10:08:58.217500",
    "AcquisitionMatrixPE": 80,
    "AcquisitionNumber": 1,
    "AcquisitionTime": "10:08:58.217500",
    "BandwidthPerPixelPhaseEncode": 23.191,
    "BaseResolution": 80,
    "BodyPartExamined": "BRAIN",
    "ConsistencyInfo": "N4_VE11C_LATEST_20160120",
    "ConversionSoftware": "dcm2niix",
    "ConversionSoftwareVersion": "v1.0.20210317",
    "DerivedVendorReportedEchoSpacing": 0.000490002,
    "DeviceSerialNumber": "167050",
    "DwellTime": 2.3e-06,
    "EchoTime": 0.03,
    "EchoTrainLength": 88,
    "EffectiveEchoSpacing": 0.000539002,
    "FlipAngle": 53,
    "ImageComments": "Unaliased MB6/PE3/LB",
    "ImageOrientationPatientDICOM": [
      1,
      0,
      0,
      0,
      0.939693,
      -0.34202
    ],
    "ImageType": [
      "ORIGINAL",
      "PRIMARY",
      "M",
      "MB",
      "ND",
      "MOSAIC"
    ],
    "ImagingFrequency": 123.25,
    "InPlanePhaseEncodingDirectionDICOM": "COL",
    "InstitutionAddress": "Michigan Ave 320,Pasadena,California,US,91025",
    "InstitutionName": "Caltech Prisma64",
    "InstitutionalDepartmentName": "Department",
    "MRAcquisitionType": "2D",
    "MagneticFieldStrength": 3,
    "Manufacturer": "Siemens",
    "ManufacturersModelName": "Prisma_fit",
    "Modality": "MR",
    "MultibandAccelerationFactor": 6,
    "PartialFourier": 1,
    "PatientBirthDate": "2000-09-01",
    "PatientID": "CC0169",
    "PatientName": "CC0169",
    "PatientPosition": "HFS",
    "PatientSex": "F",
    "PatientWeight": 65.7709,
    "PercentPhaseFOV": 100,
    "PercentSampling": 100,
    "PhaseEncodingDirection": "j-",
    "PhaseEncodingSteps": 88,
    "PhaseOversampling": 0.1,
    "PhaseResolution": 1,
    "PixelBandwidth": 2715,
    "ProcedureStepDescription": "Conte Core",
    "ProtocolName": "task-rest_run-01_bold",
    "PulseSequenceDetails": "%CustomerSeq%\\cmrr_mbep2d_bold",
    "ReceiveCoilActiveElements": "HEA;HEP",
    "ReceiveCoilName": "Head_32",
    "ReconMatrixPE": 80,
    "ReferringPhysicianName": "Adolphs",
    "RepetitionTime": 0.7,
    "SAR": 0.104196,
    "ScanOptions": "FS\\EXT",
    "ScanningSequence": "EP",
    "SequenceName": "epfid2d1_80",
    "SequenceVariant": "SK\\SS\\OSP",
    "SeriesDescription": "task-rest_run-01_bold",
    "SeriesInstanceUID": "1.3.12.2.1107.5.2.43.167050.2018092710073225362798935.0.0.0",
    "SeriesNumber": 9,
    "ShimSetting": [
      6962,
      -3683,
      7920,
      416,
      8,
      -280,
      -21,
      79
    ],
    "SliceThickness": 2.5,
    "SliceTiming": [
      0,
      0.475,
      0.27,
      0.0675,
      0.5425,
      0.34,
      0.135,
      0.61,
      0.4075,
      0.2025,
      0,
      0.475,
      0.27,
      0.0675,
      0.5425,
      0.34,
      0.135,
      0.61,
      0.4075,
      0.2025,
      0,
      0.475,
      0.27,
      0.0675,
      0.5425,
      0.34,
      0.135,
      0.61,
      0.4075,
      0.2025,
      0,
      0.475,
      0.27,
      0.0675,
      0.5425,
      0.34,
      0.135,
      0.61,
      0.4075,
      0.2025,
      0,
      0.475,
      0.27,
      0.0675,
      0.5425,
      0.34,
      0.135,
      0.61,
      0.4075,
      0.2025,
      0,
      0.475,
      0.27,
      0.0675,
      0.5425,
      0.34,
      0.135,
      0.61,
      0.4075,
      0.2025
    ],
    "SoftwareVersions": "syngo MR E11",
    "SpacingBetweenSlices": 2.5,
    "StationName": "PRISMA",
    "StudyID": "1",
    "StudyInstanceUID": "1.3.12.2.1107.5.2.43.167050.30000018081720093477500000181",
    "TaskName": "rest",
    "TotalReadoutTime": 0.0425812,
    "TxRefAmp": 273.783,
    "WipMemBlock": "c99ba37e-973b-444e-86d0-9fe825f1931b||Sequence: R016 ve11c/master r/e634e98; Dec 19 2017 11:00:25 by eja",
    "dataset": "unknown",
    "modality": "bold",
    "run_id": 1,
    "session_id": "core2p2",
    "subject_id": "CC0169",
    "task_id": "rest"
  },
  "dummy_trs": 1,
  "dvars_nstd": 33.486299431839484,
  "dvars_std": 1.0178030200501667,
  "dvars_vstd": 0.9931663960200668,
  "efc": 0.5207377029212306,
  "fber": 745.3162841796875,
  "fd_mean": 0.20281992931570417,
  "fd_num": 299,
  "fd_perc": 49.91652754590985,
  "fwhm_avg": 2.8873933333333333,
  "fwhm_x": 2.62812,
  "fwhm_y": 3.125696,
  "fwhm_z": 2.9083639999999997,
  "gcor": 0.00873514,
  "gsr_x": -0.016221962869167328,
  "gsr_y": 0.07574310898780823,
  "provenance": {
    "md5sum": "4f7fa4ede7b1f30db6fb91fa2c8414e0",
    "settings": {
      "fd_thres": 0.2,
      "hmc_fsl": false
    },
    "software": "mriqc",
    "version": "0.15.0",
    "webapi_port": null,
    "webapi_url": "https://mriqc.nimh.nih.gov/api/v1"
  },
  "size_t": 599,
  "size_x": 80,
  "size_y": 80,
  "size_z": 60,
  "snr": 2.6701961691775633,
  "spacing_tr": 0.699999988079071,
  "spacing_x": 2.5,
  "spacing_y": 2.5,
  "spacing_z": 2.5,
  "summary_bg_k": 33.969812687907215,
  "summary_bg_mad": 61.42527389526367,
  "summary_bg_mean": 300.8137512207031,
  "summary_bg_median": 122.30550384521484,
  "summary_bg_n": 251391.0,
  "summary_bg_p05": 77.65108489990234,
  "summary_bg_p95": 1200.8997802734375,
  "summary_bg_stdv": 475.51324462890625,
  "summary_fg_k": 0.41687899151789765,
  "summary_fg_mad": 1279.2864990234375,
  "summary_fg_mean": 3698.3466796875,
  "summary_fg_median": 3588.98974609375,
  "summary_fg_n": 73402.0,
  "summary_fg_p05": 1664.0143127441406,
  "summary_fg_p95": 6087.804272460938,
  "summary_fg_stdv": 1344.0830078125,
  "tsnr": 36.36885070800781
}