{
  "aor": 0.0005126694915254237,
  "aqi": 0.0047309575,
  "bids_meta": {
    "AccessionNumber": "8531-001",
    "AcquisitionDateTime": "2018-07-13T15:17:24.135000",
    "AcquisitionMatrixPE": 80,
    "AcquisitionNumber": 1,
    "AcquisitionTime": "15:17:24.135000",
    "BandwidthPerPixelPhaseEncode": 23.191,
    "BaseResolution": 80,
    "BodyPartExamined": "BRAIN",
    "ConsistencyInfo": "N4_VE11C_LATEST_20160120",
    "ConversionSoftware": "dcm2niix",
    "ConversionSoftwareVersion": "v1.0.20210317",
    "DerivedVendorReportedEchoSpacing": 0.000490002,
    "DeviceSerialNumber": "167050",
    "DwellTime": 2.3e-06,
    "EchoTime": 0.03,
    "EchoTrainLength": 88,
    "EffectiveEchoSpacing": 0.000539002,
    "FlipAngle": 53,
    "ImageComments": "Unaliased MB6/PE3/LB",
    "ImageOrientationPatientDICOM": [
      1,
      0,
      0,
      0,
      0.939693,
      -0.34202
    ],
    "ImageType": [
      "ORIGINAL",
      "PRIMARY",
      "M",
      "MB",
      "ND",
      "MOSAIC"
    ],
    "ImagingFrequency": 123.25,
    "InPlanePhaseEncodingDirectionDICOM": "COL",
    "InstitutionAddress": "Michigan Ave 320,Pasadena,California,US,91025",
    "InstitutionName": "Caltech Prisma64",
    "InstitutionalDepartmentName": "Department",
    "MRAcquisitionType": "2D",
    "MagneticFieldStrength": 3,
    "Manufacturer": "Siemens",
    "ManufacturersModelName": "Prisma_fit",
    "Modality": "MR",
    "MultibandAccelerationFactor": 6,
    "PartialFourier": 1,
    "PatientBirthDate": "1977-12-01",
    "PatientID": "CC0143",
    "PatientName": "CC0143",
    "PatientPosition": "HFS",
    "PatientSex": "M",
    "PatientWeight": 63.5029,
    "PercentPhaseFOV": 100,
    "PercentSampling": 100,
    "PhaseEncodingDirection": "j-",
    "PhaseEncodingSteps": 88,
    "PhaseOversampling": 0.1,
    "PhaseResolution": 1,
    "PixelBandwidth": 2715,
    "ProcedureStepDescription": "Conte Core",
    "ProtocolName": "task-bang_bold",
    "PulseSequenceDetails": "%CustomerSeq%\\cmrr_mbep2d_bold",
    "ReceiveCoilActiveElements": "HEA;HEP",
    "ReceiveCoilName": "Head_32",
    "ReconMatrixPE": 80,
    "ReferringPhysicianName": "Adolphs",
    "RepetitionTime": 0.7,
    "SAR": 0.0985834,
    "ScanOptions": "FS\\EXT",
    "ScanningSequence": "EP",
    "SequenceName": "epfid2d1_80",
    "SequenceVariant": "SK\\SS\\OSP",
    "SeriesDescription": "task-bang_bold",
    "SeriesInstanceUID": "1.3.12.2.1107.5.2.43.167050.2018071315150455376533510.0.0.0",
    "SeriesNumber": 24,
    "ShimSetting": [
      6997,
      -3592,
      7927,
      439,
      -59,
      -25,
      -69,
      42
    ],
    "SliceThickness": 2.5,
    "SliceTiming": [
      0,
      0.475,
      0.2725,
      0.0675,
      0.5425,
      0.34,
      0.135,
      0.6125,
      0.4075,
      0.2025,
      0,
      0.475,
      0.2725,
      0.0675,
      0.5425,
      0.34,
      0.135,
      0.6125,
      0.4075,
      0.2025,
      0,
      0.475,
      0.2725,
      0.0675,
      0.5425,
      0.34,
      0.135,
      0.6125,
      0.4075,
      0.2025,
      0,
      0.475,
      0.2725,
      0.0675,
      0.5425,
      0.34,
      0.135,
      0.6125,
      0.4075,
      0.2025,
      0,
      0.475,
      0.2725,
      0.0675,
      0.5425,
      0.34,
      0.135,
      0.6125,
      0.4075,
      0.2025,
      0,
      0.475,
      0.2725,
      0.0675,
      0.5425,
      0.34,
      0.135,
      0.6125,
      0.4075,
      0.2025
    ],
    "SoftwareVersions": "syngo MR E11",
    "SpacingBetweenSlices": 2.5,
    "StationName": "PRISMA",
    "StudyID": "1",
    "StudyInstanceUID": "1.3.12.2.1107.5.2.43.167050.30000018071021413043300000010",
    "TaskName": "bang",
    "TotalReadoutTime": 0.0425812,
    "TxRefAmp": 259.895,
    "WipMemBlock": "b46020ef-6571-4856-936a-7206529b1440||Sequence: R016 ve11c/master r/e634e98; Dec 19 2017 11:00:25 by eja",
    "dataset": "unknown",
    "modality": "bold",
    "run_id": 1,
    "session_id": "core2p2",
    "subject_id": "CC0143",
    "task_id": "bang"
  },
  "dummy_trs": 2,
  "dvars_nstd": 31.79718187824609,
  "dvars_std": 1.0695302882036772,
  "dvars_vstd": 1.0553756847949078,
  "efc": 0.5719706464890958,
  "fber": 470.431640625,
  "fd_mean": 0.10916337532121265,
  "fd_num": 40,
  "fd_perc": 5.649717514124294,
  "fwhm_avg": 2.948064,
  "fwhm_x": 2.741332,
  "fwhm_y": 3.118016,
  "fwhm_z": 2.984844,
  "gcor": 0.0150002,
  "gsr_x": -0.012724786065518856,
  "gsr_y": 0.10733001679182053,
  "provenance": {
    "md5sum": "2e3385cebeb98b4f047088177d243b26",
    "settings": {
      "fd_thres": 0.2,
      "hmc_fsl": false
    },
    "software": "mriqc",
    "version": "0.15.0",
    "webapi_port": null,
    "webapi_url": "https://mriqc.nimh.nih.gov/api/v1"
  },
  "size_t": 708,
  "size_x": 80,
  "size_y": 80,
  "size_z": 60,
  "snr": 2.0110721700944496,
  "spacing_tr": 0.699999988079071,
  "spacing_x": 2.5,
  "spacing_y": 2.5,
  "spacing_z": 2.5,
  "summary_bg_k": 24.74422300819802,
  "summary_bg_mad": 111.99613952636719,
  "summary_bg_mean": 442.9961242675781,
  "summary_bg_median": 174.63841247558594,
  "summary_bg_n": 210696.0,
  "summary_bg_p05": 85.86970329284668,
  "summary_bg_p95": 1815.0077819824219,
  "summary_bg_stdv": 712.3660278320312,
  "summary_fg_k": 0.6921932909782385,
  "summary_fg_mad": 1914.803955078125,
  "summary_fg_mean": 4583.978515625,
  "summary_fg_median": 4174.02099609375,
  "summary_fg_n": 106509.0,
  "summary_fg_p05": 1861.1773681640625,
  "summary_fg_p95": 8539.383984375,
  "summary_fg_stdv": 2075.510498046875,
  "tsnr": 42.446861267089844
}