{
  "aor": 0.0014364375,
  "aqi": 0.0030739436875,
  "bids_meta": {
    "AccessionNumber": "6533-004",
    "AcquisitionDateTime": "2013-03-29T08:46:59.495000",
    "AcquisitionMatrixPE": 64,
    "AcquisitionNumber": 1,
    "AcquisitionTime": "08:46:59.495000",
    "BandwidthPerPixelPhaseEncode": 66.489,
    "BaseResolution": 64,
    "CoilString": "C:HEA;HEP",
    "ConversionSoftware": "dcm2niix",
    "ConversionSoftwareVersion": "v1.0.20210317",
    "DerivedVendorReportedEchoSpacing": 0.000470003,
    "DeviceSerialNumber": "35077",
    "DwellTime": 3e-06,
    "EchoTime": 0.03,
    "EffectiveEchoSpacing": 0.000235001,
    "FlipAngle": 85,
    "ImageOrientationPatientDICOM": [
      1,
      -1e-16,
      0,
      1e-16,
      0.939693,
      -0.34202
    ],
    "ImageType": [
      "ORIGINAL",
      "PRIMARY",
      "M",
      "ND",
      "MOSAIC"
    ],
    "ImagingFrequency": 123.229,
    "InPlanePhaseEncodingDirectionDICOM": "COL",
    "InstitutionAddress": "Wilson Avenue 340 ,Pasadena,California,US,91025",
    "InstitutionName": "Caltech Tim32",
    "InstitutionalDepartmentName": "Department",
    "MRAcquisitionType": "2D",
    "MagneticFieldStrength": 3,
    "Manufacturer": "Siemens",
    "ManufacturersModelName": "TrioTim",
    "Modality": "MR",
    "ParallelReductionFactorInPlane": 2,
    "PartialFourier": 1,
    "PatientBirthDate": "1987-01-01",
    "PatientID": "adolphs",
    "PatientName": "CC0012",
    "PatientPosition": "HFS",
    "PatientSex": "M",
    "PatientWeight": 72.5748,
    "PercentPhaseFOV": 100,
    "PercentSampling": 100,
    "PhaseEncodingDirection": "j-",
    "PhaseEncodingSteps": 64,
    "PhaseResolution": 1,
    "PixelBandwidth": 2604,
    "ProcedureStepDescription": "Conte^Core",
    "ProtocolName": "rsBOLD_1",
    "PulseSequenceDetails": "%SiemensSeq%\\ep2d_bold",
    "ReceiveCoilName": "32Ch_Head",
    "ReconMatrixPE": 64,
    "RefLinesPE": 32,
    "RepetitionTime": 2.5,
    "SAR": 0.165852,
    "ScanOptions": "FS",
    "ScanningSequence": "EP",
    "SequenceName": "*epfid2d1_64",
    "SequenceVariant": "SK",
    "SeriesDescription": "rsBOLD_1",
    "SeriesInstanceUID": "1.3.12.2.1107.5.2.32.35077.2013032908464959555541824.0.0.0",
    "SeriesNumber": 2,
    "ShimSetting": [
      9502,
      -10581,
      15805,
      797,
      -107,
      -141,
      -166,
      39
    ],
    "SliceThickness": 3,
    "SliceTiming": [
      0,
      0.0525,
      0.1075,
      0.16,
      0.2125,
      0.2675,
      0.32,
      0.375,
      0.4275,
      0.48,
      0.535,
      0.5875,
      0.64,
      0.695,
      0.7475,
      0.8,
      0.855,
      0.9075,
      0.96,
      1.015,
      1.0675,
      1.1225,
      1.175,
      1.2275,
      1.2825,
      1.335,
      1.3875,
      1.4425,
      1.495,
      1.5475,
      1.6025,
      1.655,
      1.7075,
      1.7625,
      1.815,
      1.87,
      1.9225,
      1.975,
      2.03,
      2.0825,
      2.135,
      2.19,
      2.2425,
      2.295,
      2.35,
      2.4025,
      2.455
    ],
    "SoftwareVersions": "syngo MR B17",
    "SpacingBetweenSlices": 3,
    "StationName": "MEDPC",
    "StudyID": "1",
    "StudyInstanceUID": "1.3.12.2.1107.5.2.32.35077.30000013032815455942100000019",
    "TaskName": "rest",
    "TotalReadoutTime": 0.0148051,
    "TxRefAmp": 307.305,
    "dataset": "unknown",
    "modality": "bold",
    "run_id": 1,
    "session_id": "core1p1",
    "subject_id": "CC0012",
    "task_id": "rest"
  },
  "dummy_trs": 0,
  "dvars_nstd": 30.154283427421387,
  "dvars_std": 1.146218144213836,
  "dvars_vstd": 0.9853797129559744,
  "efc": 0.5289275176219801,
  "fber": 572.297607421875,
  "fd_mean": 0.10461217527157307,
  "fd_num": 7,
  "fd_perc": 4.375,
  "fwhm_avg": 2.5576455555555557,
  "fwhm_x": 2.4435100000000003,
  "fwhm_y": 2.5712699999999997,
  "fwhm_z": 2.6581566666666667,
  "gcor": 0.0167846,
  "gsr_x": 0.0013295093085616827,
  "gsr_y": 0.04395478591322899,
  "provenance": {
    "md5sum": "640969cc988d84c3a831219c8169a0c7",
    "settings": {
      "fd_thres": 0.2,
      "hmc_fsl": false
    },
    "software": "mriqc",
    "version": "0.15.0",
    "webapi_port": null,
    "webapi_url": "https://mriqc.nimh.nih.gov/api/v1"
  },
  "size_t": 160,
  "size_x": 64,
  "size_y": 64,
  "size_z": 47,
  "snr": 2.3678787751763934,
  "spacing_tr": 2.5,
  "spacing_x": 3.0,
  "spacing_y": 3.0,
  "spacing_z": 3.0,
  "summary_bg_k": 42.13338972556022,
  "summary_bg_mad": 8.21917724609375,
  "summary_bg_mean": 46.029232025146484,
  "summary_bg_median": 24.30000114440918,
  "summary_bg_n": 109654.0,
  "summary_bg_p05": 17.64375114440918,
  "summary_bg_p95": 153.77719345092768,
  "summary_bg_stdv": 66.59310913085938,
  "summary_fg_k": 1.7456469947382773,
  "summary_fg_mad": 226.90765380859375,
  "summary_fg_mean": 690.8551635742188,
  "summary_fg_median": 639.4343872070312,
  "summary_fg_n": 43226.0,
  "summary_fg_p05": 351.9124984741211,
  "summary_fg_p95": 1219.5140991210938,
  "summary_fg_stdv": 270.0421142578125,
  "tsnr": 50.71302795410156
}