{
  "aor": 0.000360525,
  "aqi": 0.004349450125,
  "bids_meta": {
    "AccessionNumber": "7242-001",
    "AcquisitionDateTime": "2013-10-10T10:37:27.030000",
    "AcquisitionMatrixPE": 80,
    "AcquisitionNumber": 1,
    "AcquisitionTime": "10:37:27.030000",
    "BandwidthPerPixelPhaseEncode": 23.148,
    "BaseResolution": 80,
    "CoilString": "C:HEA;HEP",
    "ConversionSoftware": "dcm2niix",
    "ConversionSoftwareVersion": "v1.0.20210317",
    "DerivedVendorReportedEchoSpacing": 0.000540003,
    "DeviceSerialNumber": "35077",
    "DwellTime": 2.6e-06,
    "EchoTime": 0.03,
    "EffectiveEchoSpacing": 0.000540003,
    "FlipAngle": 60,
    "ImageComments": "Unaliased MB4/PE3",
    "ImageOrientationPatientDICOM": [
      1,
      -1e-16,
      0,
      1e-16,
      0.939693,
      -0.34202
    ],
    "ImageType": [
      "ORIGINAL",
      "PRIMARY",
      "M",
      "ND",
      "MOSAIC"
    ],
    "ImagingFrequency": 123.229,
    "InPlanePhaseEncodingDirectionDICOM": "COL",
    "InstitutionAddress": "Wilson Avenue 340 ,Pasadena,California,US,91025",
    "InstitutionName": "Caltech Tim32",
    "InstitutionalDepartmentName": "Department",
    "MRAcquisitionType": "2D",
    "MagneticFieldStrength": 3,
    "Manufacturer": "Siemens",
    "ManufacturersModelName": "TrioTim",
    "Modality": "MR",
    "MultibandAccelerationFactor": 4,
    "PartialFourier": 1,
    "PatientBirthDate": "1992-01-01",
    "PatientID": "adolphs",
    "PatientName": "CC0071",
    "PatientPosition": "HFS",
    "PatientSex": "F",
    "PatientWeight": 63.5029,
    "PercentPhaseFOV": 100,
    "PercentSampling": 100,
    "PhaseEncodingDirection": "j-",
    "PhaseEncodingSteps": 80,
    "PhaseResolution": 1,
    "PixelBandwidth": 2404,
    "ProcedureStepDescription": "Conte^Core",
    "ProtocolName": "rsBOLD_MB_2",
    "PulseSequenceDetails": "%CustomerSeq%\\cmrr_mbep2d_bold",
    "ReceiveCoilName": "32Ch_Head",
    "ReconMatrixPE": 80,
    "RepetitionTime": 1,
    "SAR": 0.0885587,
    "ScanOptions": "FS",
    "ScanningSequence": "EP",
    "SequenceName": "epfid2d1_80",
    "SequenceVariant": "SK",
    "SeriesDescription": "rsBOLD_MB_2",
    "SeriesInstanceUID": "1.3.12.2.1107.5.2.32.35077.201310101037264608627788.0.0.0",
    "SeriesNumber": 5,
    "ShimSetting": [
      9544,
      -10421,
      15740,
      632,
      -50,
      412,
      0,
      28
    ],
    "SliceThickness": 2.5,
    "SliceTiming": [
      0,
      0.215,
      0.43,
      0.645,
      0.86,
      0.07,
      0.285,
      0.5,
      0.7175,
      0.9325,
      0.1425,
      0.3575,
      0.5725,
      0.7875,
      0,
      0.215,
      0.43,
      0.645,
      0.86,
      0.07,
      0.285,
      0.5,
      0.7175,
      0.9325,
      0.1425,
      0.3575,
      0.5725,
      0.7875,
      0,
      0.215,
      0.43,
      0.645,
      0.86,
      0.07,
      0.285,
      0.5,
      0.7175,
      0.9325,
      0.1425,
      0.3575,
      0.5725,
      0.7875,
      0,
      0.215,
      0.43,
      0.645,
      0.86,
      0.07,
      0.285,
      0.5,
      0.7175,
      0.9325,
      0.1425,
      0.3575,
      0.5725,
      0.7875
    ],
    "SoftwareVersions": "syngo MR B17",
    "SpacingBetweenSlices": 2.5,
    "StationName": "MEDPC",
    "StudyID": "1",
    "StudyInstanceUID": "1.3.12.2.1107.5.2.32.35077.30000013101016151670300000004",
    "TaskName": "rest",
    "TotalReadoutTime": 0.0426603,
    "TxRefAmp": 297.218,
    "dataset": "unknown",
    "modality": "bold",
    "run_id": 2,
    "session_id": "core1p2",
    "subject_id": "CC0071",
    "task_id": "rest"
  },
  "dummy_trs": 0,
  "dvars_nstd": 30.59220159616539,
  "dvars_std": 1.0922789249373437,
  "dvars_vstd": 0.9799507066165417,
  "efc": 0.5577211632345171,
  "fber": 737.6969604492188,
  "fd_mean": 0.0669289242041972,
  "fd_num": 1,
  "fd_perc": 0.25,
  "fwhm_avg": 2.909944,
  "fwhm_x": 2.75288,
  "fwhm_y": 3.00016,
  "fwhm_z": 2.976792,
  "gcor": 0.0275719,
  "gsr_x": -0.02375621162354946,
  "gsr_y": 0.07629911601543427,
  "provenance": {
    "md5sum": "775e45c4cc2b651e1e7ad6c452169ba8",
    "settings": {
      "fd_thres": 0.2,
      "hmc_fsl": false
    },
    "software": "mriqc",
    "version": "0.15.0",
    "webapi_port": null,
    "webapi_url": "https://mriqc.nimh.nih.gov/api/v1"
  },
  "size_t": 400,
  "size_x": 80,
  "size_y": 80,
  "size_z": 56,
  "snr": 2.537631728294429,
  "spacing_tr": 1.0,
  "spacing_x": 2.5,
  "spacing_y": 2.5,
  "spacing_z": 2.5,
  "summary_bg_k": 40.18648631402488,
  "summary_bg_mad": 10.115053176879883,
  "summary_bg_mean": 50.654415130615234,
  "summary_bg_median": 21.094999313354492,
  "summary_bg_n": 202779.0,
  "summary_bg_p05": 13.587499618530273,
  "summary_bg_p95": 185.60374145507723,
  "summary_bg_stdv": 83.17057037353516,
  "summary_fg_k": 2.108248765915704,
  "summary_fg_mad": 208.14060974121094,
  "summary_fg_mean": 667.864990234375,
  "summary_fg_median": 628.2261962890625,
  "summary_fg_n": 93644.0,
  "summary_fg_p05": 347.99074096679686,
  "summary_fg_p95": 1130.9993835449216,
  "summary_fg_stdv": 247.56265258789062,
  "tsnr": 44.713199615478516
}