{
  "aor": 0.002742827004219409,
  "aqi": 0.006186976012658227,
  "bids_meta": {
    "AccessionNumber": "8585-001",
    "AcquisitionDateTime": "2018-10-10T12:24:55.885000",
    "AcquisitionMatrixPE": 80,
    "AcquisitionNumber": 1,
    "AcquisitionTime": "12:24:55.885000",
    "BandwidthPerPixelPhaseEncode": 23.191,
    "BaseResolution": 80,
    "BodyPartExamined": "BRAIN",
    "ConsistencyInfo": "N4_VE11C_LATEST_20160120",
    "ConversionSoftware": "dcm2niix",
    "ConversionSoftwareVersion": "v1.0.20210317",
    "DerivedVendorReportedEchoSpacing": 0.000490002,
    "DeviceSerialNumber": "167050",
    "DwellTime": 2.3e-06,
    "EchoTime": 0.03,
    "EchoTrainLength": 88,
    "EffectiveEchoSpacing": 0.000539002,
    "FlipAngle": 53,
    "ImageComments": "Unaliased MB6/PE3/LB",
    "ImageOrientationPatientDICOM": [
      1,
      0,
      0,
      0,
      0.939693,
      -0.34202
    ],
    "ImageType": [
      "ORIGINAL",
      "PRIMARY",
      "M",
      "MB",
      "ND",
      "MOSAIC"
    ],
    "ImagingFrequency": 123.25,
    "InPlanePhaseEncodingDirectionDICOM": "COL",
    "InstitutionAddress": "Michigan Ave 320,Pasadena,California,US,91025",
    "InstitutionName": "Caltech Prisma64",
    "InstitutionalDepartmentName": "Department",
    "MRAcquisitionType": "2D",
    "MagneticFieldStrength": 3,
    "Manufacturer": "Siemens",
    "ManufacturersModelName": "Prisma_fit",
    "Modality": "MR",
    "MultibandAccelerationFactor": 6,
    "PartialFourier": 1,
    "PatientBirthDate": "1995-10-01",
    "PatientID": "CC0175",
    "PatientName": "CC0175",
    "PatientPosition": "HFS",
    "PatientSex": "F",
    "PatientWeight": 54.4311,
    "PercentPhaseFOV": 100,
    "PercentSampling": 100,
    "PhaseEncodingDirection": "j-",
    "PhaseEncodingSteps": 88,
    "PhaseOversampling": 0.1,
    "PhaseResolution": 1,
    "PixelBandwidth": 2715,
    "ProcedureStepDescription": "Conte Core",
    "ProtocolName": "task-pixar_run-01_bold",
    "PulseSequenceDetails": "%CustomerSeq%\\cmrr_mbep2d_bold",
    "ReceiveCoilActiveElements": "HEA;HEP",
    "ReceiveCoilName": "Head_32",
    "ReconMatrixPE": 80,
    "ReferringPhysicianName": "Adolphs",
    "RepetitionTime": 0.7,
    "SAR": 0.0851493,
    "ScanOptions": "FS\\EXT",
    "ScanningSequence": "EP",
    "SequenceName": "epfid2d1_80",
    "SequenceVariant": "SK\\SS\\OSP",
    "SeriesDescription": "task-pixar_run-01_bold",
    "SeriesInstanceUID": "1.3.12.2.1107.5.2.43.167050.2018101012225683466819948.0.0.0",
    "SeriesNumber": 36,
    "ShimSetting": [
      6995,
      -3665,
      7979,
      857,
      -24,
      -27,
      -132,
      18
    ],
    "SliceThickness": 2.5,
    "SliceTiming": [
      0,
      0.4775,
      0.2725,
      0.07,
      0.545,
      0.34,
      0.1375,
      0.6125,
      0.4075,
      0.205,
      0,
      0.4775,
      0.2725,
      0.07,
      0.545,
      0.34,
      0.1375,
      0.6125,
      0.4075,
      0.205,
      0,
      0.4775,
      0.2725,
      0.07,
      0.545,
      0.34,
      0.1375,
      0.6125,
      0.4075,
      0.205,
      0,
      0.4775,
      0.2725,
      0.07,
      0.545,
      0.34,
      0.1375,
      0.6125,
      0.4075,
      0.205,
      0,
      0.4775,
      0.2725,
      0.07,
      0.545,
      0.34,
      0.1375,
      0.6125,
      0.4075,
      0.205,
      0,
      0.4775,
      0.2725,
      0.07,
      0.545,
      0.34,
      0.1375,
      0.6125,
      0.4075,
      0.205
    ],
    "SoftwareVersions": "syngo MR E11",
    "SpacingBetweenSlices": 2.5,
    "StationName": "PRISMA",
    "StudyID": "1",
    "StudyInstanceUID": "1.3.12.2.1107.5.2.43.167050.30000018081720093477500000232",
    "TaskName": "pixar",
    "TotalReadoutTime": 0.0425812,
    "TxRefAmp": 243.605,
    "WipMemBlock": "1b3a1b04-08a1-4c7f-b823-65206c8a37e5||Sequence: R016 ve11c/master r/e634e98; Dec 19 2017 11:00:25 by eja",
    "dataset": "unknown",
    "modality": "bold",
    "run_id": 1,
    "session_id": "core2p2",
    "subject_id": "CC0175",
    "task_id": "pixar"
  },
  "dummy_trs": 2,
  "dvars_nstd": 32.78305738012684,
  "dvars_std": 1.0052841646511628,
  "dvars_vstd": 0.980180501839323,
  "efc": 0.5245952071639886,
  "fber": 809.1953125,
  "fd_mean": 0.14523591444377046,
  "fd_num": 72,
  "fd_perc": 15.189873417721518,
  "fwhm_avg": 2.8703640000000004,
  "fwhm_x": 2.592956,
  "fwhm_y": 3.118504,
  "fwhm_z": 2.899632,
  "gcor": 0.0152077,
  "gsr_x": -0.007838939316570759,
  "gsr_y": 0.07325640320777893,
  "provenance": {
    "md5sum": "ecb283ac409bfee3f71c8953909c5e6b",
    "settings": {
      "fd_thres": 0.2,
      "hmc_fsl": false
    },
    "software": "mriqc",
    "version": "0.15.0",
    "webapi_port": null,
    "webapi_url": "https://mriqc.nimh.nih.gov/api/v1"
  },
  "size_t": 474,
  "size_x": 80,
  "size_y": 80,
  "size_z": 60,
  "snr": 2.171824055688339,
  "spacing_tr": 0.699999988079071,
  "spacing_x": 2.5,
  "spacing_y": 2.5,
  "spacing_z": 2.5,
  "summary_bg_k": 27.30608245137365,
  "summary_bg_mad": 69.42269897460938,
  "summary_bg_mean": 309.4529724121094,
  "summary_bg_median": 135.0569610595703,
  "summary_bg_n": 230436.0,
  "summary_bg_p05": 80.35389709472656,
  "summary_bg_p95": 1229.8849792480469,
  "summary_bg_stdv": 525.6305541992188,
  "summary_fg_k": 0.6427546957178434,
  "summary_fg_mad": 1757.5703125,
  "summary_fg_mean": 4581.0673828125,
  "summary_fg_median": 4196.7412109375,
  "summary_fg_n": 90652.0,
  "summary_fg_p05": 2070.841259765625,
  "summary_fg_p95": 8290.138330078125,
  "summary_fg_stdv": 1932.34716796875,
  "tsnr": 35.85795593261719
}