{
  "aor": 0.0019042008486562943,
  "aqi": 0.006392187680339462,
  "bids_meta": {
    "AccessionNumber": "8585-001",
    "AcquisitionDateTime": "2018-10-10T11:53:0.115000",
    "AcquisitionMatrixPE": 80,
    "AcquisitionNumber": 1,
    "AcquisitionTime": "11:53:0.115000",
    "BandwidthPerPixelPhaseEncode": 23.191,
    "BaseResolution": 80,
    "BodyPartExamined": "BRAIN",
    "ConsistencyInfo": "N4_VE11C_LATEST_20160120",
    "ConversionSoftware": "dcm2niix",
    "ConversionSoftwareVersion": "v1.0.20210317",
    "DerivedVendorReportedEchoSpacing": 0.000490002,
    "DeviceSerialNumber": "167050",
    "DwellTime": 2.3e-06,
    "EchoTime": 0.03,
    "EchoTrainLength": 88,
    "EffectiveEchoSpacing": 0.000539002,
    "FlipAngle": 53,
    "ImageComments": "Unaliased MB6/PE3/LB",
    "ImageOrientationPatientDICOM": [
      1,
      0,
      0,
      0,
      0.939693,
      -0.34202
    ],
    "ImageType": [
      "ORIGINAL",
      "PRIMARY",
      "M",
      "MB",
      "ND",
      "MOSAIC"
    ],
    "ImagingFrequency": 123.25,
    "InPlanePhaseEncodingDirectionDICOM": "COL",
    "InstitutionAddress": "Michigan Ave 320,Pasadena,California,US,91025",
    "InstitutionName": "Caltech Prisma64",
    "InstitutionalDepartmentName": "Department",
    "MRAcquisitionType": "2D",
    "MagneticFieldStrength": 3,
    "Manufacturer": "Siemens",
    "ManufacturersModelName": "Prisma_fit",
    "Modality": "MR",
    "MultibandAccelerationFactor": 6,
    "PartialFourier": 1,
    "PatientBirthDate": "1995-10-01",
    "PatientID": "CC0175",
    "PatientName": "CC0175",
    "PatientPosition": "HFS",
    "PatientSex": "F",
    "PatientWeight": 54.4311,
    "PercentPhaseFOV": 100,
    "PercentSampling": 100,
    "PhaseEncodingDirection": "j-",
    "PhaseEncodingSteps": 88,
    "PhaseOversampling": 0.1,
    "PhaseResolution": 1,
    "PixelBandwidth": 2715,
    "ProcedureStepDescription": "Conte Core",
    "ProtocolName": "task-bang_bold",
    "PulseSequenceDetails": "%CustomerSeq%\\cmrr_mbep2d_bold",
    "ReceiveCoilActiveElements": "HEA;HEP",
    "ReceiveCoilName": "Head_32",
    "ReconMatrixPE": 80,
    "ReferringPhysicianName": "Adolphs",
    "RepetitionTime": 0.7,
    "SAR": 0.0853682,
    "ScanOptions": "FS\\EXT",
    "ScanningSequence": "EP",
    "SequenceName": "epfid2d1_80",
    "SequenceVariant": "SK\\SS\\OSP",
    "SeriesDescription": "task-bang_bold",
    "SeriesInstanceUID": "1.3.12.2.1107.5.2.43.167050.2018101011500990598193014.0.0.0",
    "SeriesNumber": 24,
    "ShimSetting": [
      6995,
      -3665,
      7979,
      857,
      -24,
      -27,
      -132,
      18
    ],
    "SliceThickness": 2.5,
    "SliceTiming": [
      0,
      0.4775,
      0.2725,
      0.0675,
      0.545,
      0.34,
      0.1375,
      0.6125,
      0.4075,
      0.205,
      0,
      0.4775,
      0.2725,
      0.0675,
      0.545,
      0.34,
      0.1375,
      0.6125,
      0.4075,
      0.205,
      0,
      0.4775,
      0.2725,
      0.0675,
      0.545,
      0.34,
      0.1375,
      0.6125,
      0.4075,
      0.205,
      0,
      0.4775,
      0.2725,
      0.0675,
      0.545,
      0.34,
      0.1375,
      0.6125,
      0.4075,
      0.205,
      0,
      0.4775,
      0.2725,
      0.0675,
      0.545,
      0.34,
      0.1375,
      0.6125,
      0.4075,
      0.205,
      0,
      0.4775,
      0.2725,
      0.0675,
      0.545,
      0.34,
      0.1375,
      0.6125,
      0.4075,
      0.205
    ],
    "SoftwareVersions": "syngo MR E11",
    "SpacingBetweenSlices": 2.5,
    "StationName": "PRISMA",
    "StudyID": "1",
    "StudyInstanceUID": "1.3.12.2.1107.5.2.43.167050.30000018081720093477500000232",
    "TaskName": "bang",
    "TotalReadoutTime": 0.0425812,
    "TxRefAmp": 243.605,
    "WipMemBlock": "4f5720c6-ed09-49ef-8118-bbc0b885e336||Sequence: R016 ve11c/master r/e634e98; Dec 19 2017 11:00:25 by eja",
    "dataset": "unknown",
    "modality": "bold",
    "run_id": 1,
    "session_id": "core2p2",
    "subject_id": "CC0175",
    "task_id": "bang"
  },
  "dummy_trs": 3,
  "dvars_nstd": 32.7683607486119,
  "dvars_std": 0.9896515698300267,
  "dvars_vstd": 0.9643518611473095,
  "efc": 0.5254789236437549,
  "fber": 827.81201171875,
  "fd_mean": 0.13461288799074114,
  "fd_num": 120,
  "fd_perc": 16.973125884016973,
  "fwhm_avg": 2.867566666666667,
  "fwhm_x": 2.583212,
  "fwhm_y": 3.109692,
  "fwhm_z": 2.909796,
  "gcor": 0.00707431,
  "gsr_x": -0.004583415575325489,
  "gsr_y": 0.07751314342021942,
  "provenance": {
    "md5sum": "770324e08cc9d3e66a0371a90cc62bda",
    "settings": {
      "fd_thres": 0.2,
      "hmc_fsl": false
    },
    "software": "mriqc",
    "version": "0.15.0",
    "webapi_port": null,
    "webapi_url": "https://mriqc.nimh.nih.gov/api/v1"
  },
  "size_t": 707,
  "size_x": 80,
  "size_y": 80,
  "size_z": 60,
  "snr": 2.199986895046455,
  "spacing_tr": 0.699999988079071,
  "spacing_x": 2.5,
  "spacing_y": 2.5,
  "spacing_z": 2.5,
  "summary_bg_k": 29.304554498182533,
  "summary_bg_mad": 67.34201049804688,
  "summary_bg_mean": 302.9231262207031,
  "summary_bg_median": 131.84158325195312,
  "summary_bg_n": 229746.0,
  "summary_bg_p05": 79.5884017944336,
  "summary_bg_p95": 1182.0867004394531,
  "summary_bg_stdv": 524.326904296875,
  "summary_fg_k": 0.6784736192874803,
  "summary_fg_mad": 1698.8525390625,
  "summary_fg_mean": 4499.412109375,
  "summary_fg_median": 4132.85595703125,
  "summary_fg_n": 91171.0,
  "summary_fg_p05": 2066.2921142578125,
  "summary_fg_p95": 8106.123779296875,
  "summary_fg_stdv": 1878.57177734375,
  "tsnr": 36.64570617675781
}