{
  "bids_meta": {
    "AccessionNumber": "7699-006",
    "AcquisitionDateTime": "2015-01-28T09:59:53.400000",
    "AcquisitionMatrixPE": 256,
    "AcquisitionNumber": 1,
    "AcquisitionTime": "09:59:53.400000",
    "BaseResolution": 256,
    "CoilString": "C:HEA;HEP",
    "ConversionSoftware": "dcm2niix",
    "ConversionSoftwareVersion": "v1.0.20210317",
    "DeviceSerialNumber": "35077",
    "DwellTime": 1.09e-05,
    "EchoTime": 0.00291,
    "FlipAngle": 10,
    "ImageOrientationPatientDICOM": [
      0,
      1,
      0,
      0,
      0,
      -1
    ],
    "ImageType": [
      "ORIGINAL",
      "PRIMARY",
      "M",
      "ND",
      "NORM"
    ],
    "ImagingFrequency": 123.229,
    "InPlanePhaseEncodingDirectionDICOM": "ROW",
    "InstitutionAddress": "Wilson Avenue 340 ,Pasadena,California,US,91025",
    "InstitutionName": "Caltech Tim32",
    "InstitutionalDepartmentName": "Department",
    "InversionTime": 0.8,
    "MRAcquisitionType": "3D",
    "MagneticFieldStrength": 3,
    "Manufacturer": "Siemens",
    "ManufacturersModelName": "TrioTim",
    "Modality": "MR",
    "PartialFourier": 1,
    "PatientBirthDate": "1994-01-01",
    "PatientID": "adolphs",
    "PatientName": "CC0027",
    "PatientPosition": "HFS",
    "PatientSex": "F",
    "PatientWeight": 56.2455,
    "PercentPhaseFOV": 100,
    "PercentSampling": 100,
    "PhaseEncodingSteps": 256,
    "PhaseResolution": 1,
    "PixelBandwidth": 179,
    "ProcedureStepDescription": "Conte^Core",
    "ProtocolName": "T1_2",
    "PulseSequenceDetails": "%SiemensSeq%\\tfl",
    "ReceiveCoilName": "32Ch_Head",
    "ReconMatrixPE": 256,
    "RepetitionTime": 1.5,
    "SAR": 0.138946,
    "ScanOptions": "IR",
    "ScanningSequence": "GR\\IR",
    "SequenceName": "*tfl3d1",
    "SequenceVariant": "SP\\MP",
    "SeriesDescription": "T1_2",
    "SeriesInstanceUID": "1.3.12.2.1107.5.2.32.35077.2015012809595079549355179.0.0.0",
    "SeriesNumber": 11,
    "ShimSetting": [
      9564,
      -10533,
      15718,
      444,
      -62,
      -112,
      11,
      -65
    ],
    "SliceThickness": 1,
    "SoftwareVersions": "syngo MR B17",
    "StationName": "MEDPC",
    "StudyID": "1",
    "StudyInstanceUID": "1.3.12.2.1107.5.2.32.35077.30000015012618180114000000016",
    "TxRefAmp": 309.082,
    "dataset": "unknown",
    "modality": "T1w",
    "run_id": 2,
    "session_id": "core1p3p0",
    "subject_id": "CC0027"
  },
  "cjv": 0.42208773163165775,
  "cnr": 3.00455744768801,
  "efc": 0.5392180907826847,
  "fber": 5349.40185546875,
  "fwhm_avg": 4.3702000000000005,
  "fwhm_x": 4.27981,
  "fwhm_y": 4.45704,
  "fwhm_z": 4.37375,
  "icvs_csf": 0.21433943679335787,
  "icvs_gm": 0.3972922122322461,
  "icvs_wm": 0.38836835097439604,
  "inu_med": 1.4547135829925537,
  "inu_range": 0.4083864092826843,
  "provenance": {
    "md5sum": "49c8507142bc6047106f57e0ca7306bc",
    "settings": {
      "testing": false
    },
    "software": "mriqc",
    "version": "0.15.0",
    "warnings": {
      "large_rot_frame": true,
      "small_air_mask": false
    },
    "webapi_port": null,
    "webapi_url": "https://mriqc.nimh.nih.gov/api/v1"
  },
  "qi_1": 5.223659695983006e-05,
  "qi_2": 0.010029017398462434,
  "rpve_csf": 26.613130951661702,
  "rpve_gm": 14.351215264632392,
  "rpve_wm": 17.907244863179685,
  "size_x": 176,
  "size_y": 256,
  "size_z": 256,
  "snr_csf": 3.7631826359941853,
  "snr_gm": 11.751303603229934,
  "snr_total": 14.446734397923295,
  "snr_wm": 27.825716954545772,
  "snrd_csf": 54.33227995489336,
  "snrd_gm": 109.051601670416,
  "snrd_total": 101.45298665156285,
  "snrd_wm": 140.97507832937916,
  "spacing_x": 1.0,
  "spacing_y": 1.0,
  "spacing_z": 1.0,
  "summary_bg_k": 44.16900926102495,
  "summary_bg_mad": 4.647214412689209,
  "summary_bg_mean": 6.65153169631958,
  "summary_bg_median": 6.269308090209961,
  "summary_bg_n": 3212485.0,
  "summary_bg_p05": 0.0,
  "summary_bg_p95": 18.88526725769043,
  "summary_bg_stdv": 7.477585792541504,
  "summary_csf_k": 0.034710661813405874,
  "summary_csf_mad": 96.5372314453125,
  "summary_csf_mean": 409.7163391113281,
  "summary_csf_median": 385.4064025878906,
  "summary_csf_n": 27767.0,
  "summary_csf_p05": 281.0977722167969,
  "summary_csf_p95": 607.5833557128906,
  "summary_csf_stdv": 102.41316986083984,
  "summary_gm_k": 0.052365797026894256,
  "summary_gm_mad": 63.99776077270508,
  "summary_gm_mean": 776.0105590820312,
  "summary_gm_median": 773.5582885742188,
  "summary_gm_n": 15093.0,
  "summary_gm_p05": 671.2182495117188,
  "summary_gm_p95": 891.4129272460937,
  "summary_gm_stdv": 65.82526397705078,
  "summary_wm_k": 1.603368617076402,
  "summary_wm_mad": 31.58375358581543,
  "summary_wm_mean": 998.7513427734375,
  "summary_wm_median": 1000.0076904296875,
  "summary_wm_n": 207324.0,
  "summary_wm_p05": 938.3102874755859,
  "summary_wm_p95": 1053.2705810546875,
  "summary_wm_stdv": 35.938167572021484,
  "tpm_overlap_csf": 0.23734578490257263,
  "tpm_overlap_gm": 0.5024726986885071,
  "tpm_overlap_wm": 0.5704471468925476,
  "wm2max": 0.52076366924943
}