{
  "bids_meta": {
    "AccessionNumber": "7191-001",
    "AcquisitionDateTime": "2013-09-06T14:51:29.117500",
    "AcquisitionMatrixPE": 256,
    "AcquisitionNumber": 1,
    "AcquisitionTime": "14:51:29.117500",
    "BaseResolution": 256,
    "CoilString": "C:HEA;HEP",
    "ConversionSoftware": "dcm2niix",
    "ConversionSoftwareVersion": "v1.0.20210317",
    "DeviceSerialNumber": "35077",
    "DwellTime": 1.09e-05,
    "EchoTime": 0.00291,
    "FlipAngle": 10,
    "ImageOrientationPatientDICOM": [
      0,
      1,
      0,
      0,
      0,
      -1
    ],
    "ImageType": [
      "ORIGINAL",
      "PRIMARY",
      "M",
      "ND",
      "NORM"
    ],
    "ImagingFrequency": 123.229,
    "InPlanePhaseEncodingDirectionDICOM": "ROW",
    "InstitutionAddress": "Wilson Avenue 340 ,Pasadena,California,US,91025",
    "InstitutionName": "Caltech Tim32",
    "InstitutionalDepartmentName": "Department",
    "InversionTime": 0.8,
    "MRAcquisitionType": "3D",
    "MagneticFieldStrength": 3,
    "Manufacturer": "Siemens",
    "ManufacturersModelName": "TrioTim",
    "Modality": "MR",
    "PartialFourier": 1,
    "PatientBirthDate": "1986-01-01",
    "PatientID": "adolphs",
    "PatientName": "CC0078",
    "PatientPosition": "HFS",
    "PatientSex": "F",
    "PatientWeight": 65.7709,
    "PercentPhaseFOV": 100,
    "PercentSampling": 100,
    "PhaseEncodingSteps": 256,
    "PhaseResolution": 1,
    "PixelBandwidth": 179,
    "ProcedureStepDescription": "Conte^Core",
    "ProtocolName": "T1_1",
    "PulseSequenceDetails": "%SiemensSeq%\\tfl",
    "ReceiveCoilName": "32Ch_Head",
    "ReconMatrixPE": 256,
    "RepetitionTime": 1.5,
    "SAR": 0.119222,
    "ScanOptions": "IR",
    "ScanningSequence": "GR\\IR",
    "SequenceName": "*tfl3d1",
    "SequenceVariant": "SP\\MP",
    "SeriesDescription": "T1_1",
    "SeriesInstanceUID": "1.3.12.2.1107.5.2.32.35077.2013090614521943713459572.0.0.0",
    "SeriesNumber": 10,
    "ShimSetting": [
      9460,
      -10594,
      15705,
      523,
      -51,
      27,
      449,
      42
    ],
    "SliceThickness": 1,
    "SoftwareVersions": "syngo MR B17",
    "StationName": "MEDPC",
    "StudyID": "1",
    "StudyInstanceUID": "1.3.12.2.1107.5.2.32.35077.30000013090317184432800000043",
    "TxRefAmp": 306.162,
    "dataset": "unknown",
    "modality": "T1w",
    "run_id": 1,
    "session_id": "core1p2",
    "subject_id": "CC0078"
  },
  "cjv": 0.3702913545814852,
  "cnr": 3.3594888285998286,
  "efc": 0.5404885659674588,
  "fber": 5676.75,
  "fwhm_avg": 4.369913333333334,
  "fwhm_x": 4.27618,
  "fwhm_y": 4.43365,
  "fwhm_z": 4.39991,
  "icvs_csf": 0.20606530185074784,
  "icvs_gm": 0.403896189250954,
  "icvs_wm": 0.39003850889829816,
  "inu_med": 1.4628208875656128,
  "inu_range": 0.3691141486167908,
  "provenance": {
    "md5sum": "ecb74592833e4efff0bcae32923e00be",
    "settings": {
      "testing": false
    },
    "software": "mriqc",
    "version": "0.15.0",
    "warnings": {
      "large_rot_frame": true,
      "small_air_mask": false
    },
    "webapi_port": null,
    "webapi_url": "https://mriqc.nimh.nih.gov/api/v1"
  },
  "qi_1": 0.0006224086074556202,
  "qi_2": 0.005066508840788853,
  "rpve_csf": 26.653120819033216,
  "rpve_gm": 13.906571195903366,
  "rpve_wm": 17.205720930721718,
  "size_x": 176,
  "size_y": 256,
  "size_z": 256,
  "snr_csf": 3.6662708359385836,
  "snr_gm": 12.891711872190468,
  "snr_total": 15.594169800066622,
  "snr_wm": 30.224526692070807,
  "snrd_csf": 75.90860732266536,
  "snrd_gm": 145.0211961311199,
  "snrd_total": 136.6443688277664,
  "snrd_wm": 189.003303029514,
  "spacing_x": 1.0,
  "spacing_y": 1.0,
  "spacing_z": 1.0,
  "summary_bg_k": 685.9904313913421,
  "summary_bg_mad": 3.466282367706299,
  "summary_bg_mean": 6.8828935623168945,
  "summary_bg_median": 4.663529872894287,
  "summary_bg_n": 2926962.0,
  "summary_bg_p05": 0.0,
  "summary_bg_p95": 18.602223968505857,
  "summary_bg_stdv": 12.693432807922363,
  "summary_csf_k": -0.04476928387328227,
  "summary_csf_mad": 117.04960632324219,
  "summary_csf_mean": 423.16644287109375,
  "summary_csf_median": 401.6273193359375,
  "summary_csf_n": 34628.0,
  "summary_csf_p05": 279.8248947143554,
  "summary_csf_p95": 619.5361480712891,
  "summary_csf_stdv": 109.54496765136719,
  "summary_gm_k": 0.26668524146597017,
  "summary_gm_mad": 56.089630126953125,
  "summary_gm_mean": 771.822021484375,
  "summary_gm_median": 767.29736328125,
  "summary_gm_n": 23250.0,
  "summary_gm_p05": 680.9348175048829,
  "summary_gm_p95": 878.46025390625,
  "summary_gm_stdv": 59.51737594604492,
  "summary_wm_k": 1.0505378480602152,
  "summary_wm_mad": 30.07952308654785,
  "summary_wm_mean": 999.3276977539062,
  "summary_wm_median": 1000.0037231445312,
  "summary_wm_n": 224647.0,
  "summary_wm_p05": 944.6802490234375,
  "summary_wm_p95": 1051.7672607421875,
  "summary_wm_stdv": 33.08576202392578,
  "tpm_overlap_csf": 0.2384510189294815,
  "tpm_overlap_gm": 0.5057142376899719,
  "tpm_overlap_wm": 0.5667798519134521,
  "wm2max": 0.5050187594328425
}