{
  "aor": 0.001508628762541806,
  "aqi": 0.013949435401337792,
  "bids_meta": {
    "AccessionNumber": "8852-001",
    "AcquisitionDateTime": "2019-05-14T16:10:37.162500",
    "AcquisitionMatrixPE": 80,
    "AcquisitionNumber": 1,
    "AcquisitionTime": "16:10:37.162500",
    "BandwidthPerPixelPhaseEncode": 23.191,
    "BaseResolution": 80,
    "BodyPartExamined": "BRAIN",
    "ConsistencyInfo": "N4_VE11C_LATEST_20160120",
    "ConversionSoftware": "dcm2niix",
    "ConversionSoftwareVersion": "v1.0.20210317",
    "DerivedVendorReportedEchoSpacing": 0.000490002,
    "DeviceSerialNumber": "167050",
    "DwellTime": 2.3e-06,
    "EchoTime": 0.03,
    "EchoTrainLength": 88,
    "EffectiveEchoSpacing": 0.000539002,
    "FlipAngle": 53,
    "ImageComments": "Unaliased MB6/PE3/LB",
    "ImageOrientationPatientDICOM": [
      1,
      0,
      0,
      0,
      0.939693,
      -0.34202
    ],
    "ImageType": [
      "ORIGINAL",
      "PRIMARY",
      "M",
      "MB",
      "ND",
      "MOSAIC"
    ],
    "ImagingFrequency": 123.25,
    "InPlanePhaseEncodingDirectionDICOM": "COL",
    "InstitutionAddress": "Michigan Ave 320,Pasadena,California,US,91025",
    "InstitutionName": "Caltech Prisma32",
    "InstitutionalDepartmentName": "Department",
    "MRAcquisitionType": "2D",
    "MagneticFieldStrength": 3,
    "Manufacturer": "Siemens",
    "ManufacturersModelName": "Prisma_fit",
    "Modality": "MR",
    "MultibandAccelerationFactor": 6,
    "PartialFourier": 1,
    "PatientBirthDate": "1990-12-01",
    "PatientID": "CC0189",
    "PatientName": "CC0189",
    "PatientPosition": "HFS",
    "PatientSex": "M",
    "PatientWeight": 66.2245,
    "PercentPhaseFOV": 100,
    "PercentSampling": 100,
    "PhaseEncodingDirection": "j-",
    "PhaseEncodingSteps": 88,
    "PhaseOversampling": 0.1,
    "PhaseResolution": 1,
    "PixelBandwidth": 2715,
    "ProcedureStepDescription": "Conte Core",
    "ProtocolName": "task-rest_run-02_bold",
    "PulseSequenceDetails": "%CustomerSeq%\\cmrr_mbep2d_bold",
    "ReceiveCoilActiveElements": "HEA;HEP",
    "ReceiveCoilName": "Head_32",
    "ReconMatrixPE": 80,
    "ReferringPhysicianName": "Adolphs",
    "RepetitionTime": 0.7,
    "SAR": 0.0829654,
    "ScanOptions": "FS\\EXT",
    "ScanningSequence": "EP",
    "SequenceName": "epfid2d1_80",
    "SequenceVariant": "SK\\SS\\OSP",
    "SeriesDescription": "task-rest_run-02_bold",
    "SeriesInstanceUID": "1.3.12.2.1107.5.2.43.167050.2019051416093046521446077.0.0.0",
    "SeriesNumber": 16,
    "ShimSetting": [
      6974,
      -3660,
      7932,
      353,
      25,
      -40,
      -35,
      24
    ],
    "SliceThickness": 2.5,
    "SliceTiming": [
      0,
      0.475,
      0.2725,
      0.0675,
      0.5425,
      0.34,
      0.135,
      0.6125,
      0.4075,
      0.2025,
      0,
      0.475,
      0.2725,
      0.0675,
      0.5425,
      0.34,
      0.135,
      0.6125,
      0.4075,
      0.2025,
      0,
      0.475,
      0.2725,
      0.0675,
      0.5425,
      0.34,
      0.135,
      0.6125,
      0.4075,
      0.2025,
      0,
      0.475,
      0.2725,
      0.0675,
      0.5425,
      0.34,
      0.135,
      0.6125,
      0.4075,
      0.2025,
      0,
      0.475,
      0.2725,
      0.0675,
      0.5425,
      0.34,
      0.135,
      0.6125,
      0.4075,
      0.2025,
      0,
      0.475,
      0.2725,
      0.0675,
      0.5425,
      0.34,
      0.135,
      0.6125,
      0.4075,
      0.2025
    ],
    "SoftwareVersions": "syngo MR E11",
    "SpacingBetweenSlices": 2.5,
    "StationName": "PRISMA",
    "StudyID": "1",
    "StudyInstanceUID": "1.3.12.2.1107.5.2.43.167050.30000019050821005867900000043",
    "TaskName": "rest",
    "TotalReadoutTime": 0.0425812,
    "TxRefAmp": 252.869,
    "WipMemBlock": "7d845c44-eff5-47f9-8553-6d63161c65e6||Sequence: R016 ve11c/master r/e634e98; Dec 19 2017 11:00:25 by eja",
    "dataset": "unknown",
    "modality": "bold",
    "run_id": 2,
    "session_id": "core2p2",
    "subject_id": "CC0189",
    "task_id": "rest"
  },
  "dummy_trs": 2,
  "dvars_nstd": 28.22277954078726,
  "dvars_std": 0.9624069641708541,
  "dvars_vstd": 0.9587105612227811,
  "efc": 0.5483222684796876,
  "fber": 531.394775390625,
  "fd_mean": 0.09390637250075341,
  "fd_num": 47,
  "fd_perc": 7.8595317725752505,
  "fwhm_avg": 3.022209333333334,
  "fwhm_x": 2.766096,
  "fwhm_y": 3.219636,
  "fwhm_z": 3.080896,
  "gcor": 0.0176798,
  "gsr_x": 0.04103975370526314,
  "gsr_y": 0.06592242419719696,
  "provenance": {
    "md5sum": "aabd58a635414998778f1c46bbbe196f",
    "settings": {
      "fd_thres": 0.2,
      "hmc_fsl": false
    },
    "software": "mriqc",
    "version": "0.15.0",
    "webapi_port": null,
    "webapi_url": "https://mriqc.nimh.nih.gov/api/v1"
  },
  "size_t": 598,
  "size_x": 80,
  "size_y": 80,
  "size_z": 60,
  "snr": 2.225618216210287,
  "spacing_tr": 0.699999988079071,
  "spacing_x": 2.5,
  "spacing_y": 2.5,
  "spacing_z": 2.5,
  "summary_bg_k": 17.46664629311029,
  "summary_bg_mad": 110.66459655761719,
  "summary_bg_mean": 522.20703125,
  "summary_bg_median": 175.7575225830078,
  "summary_bg_n": 237841.0,
  "summary_bg_p05": 87.43143463134766,
  "summary_bg_p95": 2358.8828125,
  "summary_bg_stdv": 872.7877807617188,
  "summary_fg_k": 0.9239126698513753,
  "summary_fg_mad": 1808.2900390625,
  "summary_fg_mean": 4679.427734375,
  "summary_fg_median": 4372.0810546875,
  "summary_fg_n": 83938.0,
  "summary_fg_p05": 1971.7557250976563,
  "summary_fg_p95": 8344.832568359374,
  "summary_fg_stdv": 1964.4227294921875,
  "tsnr": 31.874664306640625
}