{
  "aor": 0.0005599151343705799,
  "aqi": 0.004654599420084866,
  "bids_meta": {
    "AccessionNumber": "8852-001",
    "AcquisitionDateTime": "2019-05-14T16:22:56.242500",
    "AcquisitionMatrixPE": 80,
    "AcquisitionNumber": 1,
    "AcquisitionTime": "16:22:56.242500",
    "BandwidthPerPixelPhaseEncode": 23.191,
    "BaseResolution": 80,
    "BodyPartExamined": "BRAIN",
    "ConsistencyInfo": "N4_VE11C_LATEST_20160120",
    "ConversionSoftware": "dcm2niix",
    "ConversionSoftwareVersion": "v1.0.20210317",
    "DerivedVendorReportedEchoSpacing": 0.000490002,
    "DeviceSerialNumber": "167050",
    "DwellTime": 2.3e-06,
    "EchoTime": 0.03,
    "EchoTrainLength": 88,
    "EffectiveEchoSpacing": 0.000539002,
    "FlipAngle": 53,
    "ImageComments": "Unaliased MB6/PE3/LB",
    "ImageOrientationPatientDICOM": [
      1,
      0,
      0,
      0,
      0.939693,
      -0.34202
    ],
    "ImageType": [
      "ORIGINAL",
      "PRIMARY",
      "M",
      "MB",
      "ND",
      "MOSAIC"
    ],
    "ImagingFrequency": 123.25,
    "InPlanePhaseEncodingDirectionDICOM": "COL",
    "InstitutionAddress": "Michigan Ave 320,Pasadena,California,US,91025",
    "InstitutionName": "Caltech Prisma32",
    "InstitutionalDepartmentName": "Department",
    "MRAcquisitionType": "2D",
    "MagneticFieldStrength": 3,
    "Manufacturer": "Siemens",
    "ManufacturersModelName": "Prisma_fit",
    "Modality": "MR",
    "MultibandAccelerationFactor": 6,
    "PartialFourier": 1,
    "PatientBirthDate": "1990-12-01",
    "PatientID": "CC0189",
    "PatientName": "CC0189",
    "PatientPosition": "HFS",
    "PatientSex": "M",
    "PatientWeight": 66.2245,
    "PercentPhaseFOV": 100,
    "PercentSampling": 100,
    "PhaseEncodingDirection": "j-",
    "PhaseEncodingSteps": 88,
    "PhaseOversampling": 0.1,
    "PhaseResolution": 1,
    "PixelBandwidth": 2715,
    "ProcedureStepDescription": "Conte Core",
    "ProtocolName": "task-bang_bold",
    "PulseSequenceDetails": "%CustomerSeq%\\cmrr_mbep2d_bold",
    "ReceiveCoilActiveElements": "HEA;HEP",
    "ReceiveCoilName": "Head_32",
    "ReconMatrixPE": 80,
    "ReferringPhysicianName": "Adolphs",
    "RepetitionTime": 0.7,
    "SAR": 0.0830451,
    "ScanOptions": "FS\\EXT",
    "ScanningSequence": "EP",
    "SequenceName": "epfid2d1_80",
    "SequenceVariant": "SK\\SS\\OSP",
    "SeriesDescription": "task-bang_bold",
    "SeriesInstanceUID": "1.3.12.2.1107.5.2.43.167050.2019051416200660300763690.0.0.0",
    "SeriesNumber": 24,
    "ShimSetting": [
      6974,
      -3660,
      7932,
      353,
      25,
      -40,
      -35,
      24
    ],
    "SliceThickness": 2.5,
    "SliceTiming": [
      0,
      0.475,
      0.2725,
      0.0675,
      0.545,
      0.34,
      0.135,
      0.6125,
      0.4075,
      0.205,
      0,
      0.475,
      0.2725,
      0.0675,
      0.545,
      0.34,
      0.135,
      0.6125,
      0.4075,
      0.205,
      0,
      0.475,
      0.2725,
      0.0675,
      0.545,
      0.34,
      0.135,
      0.6125,
      0.4075,
      0.205,
      0,
      0.475,
      0.2725,
      0.0675,
      0.545,
      0.34,
      0.135,
      0.6125,
      0.4075,
      0.205,
      0,
      0.475,
      0.2725,
      0.0675,
      0.545,
      0.34,
      0.135,
      0.6125,
      0.4075,
      0.205,
      0,
      0.475,
      0.2725,
      0.0675,
      0.545,
      0.34,
      0.135,
      0.6125,
      0.4075,
      0.205
    ],
    "SoftwareVersions": "syngo MR E11",
    "SpacingBetweenSlices": 2.5,
    "StationName": "PRISMA",
    "StudyID": "1",
    "StudyInstanceUID": "1.3.12.2.1107.5.2.43.167050.30000019050821005867900000043",
    "TaskName": "bang",
    "TotalReadoutTime": 0.0425812,
    "TxRefAmp": 252.869,
    "WipMemBlock": "4c2e7f59-1278-43b8-90c4-fd383aab9189||Sequence: R016 ve11c/master r/e634e98; Dec 19 2017 11:00:25 by eja",
    "dataset": "unknown",
    "modality": "bold",
    "run_id": 1,
    "session_id": "core2p2",
    "subject_id": "CC0189",
    "task_id": "bang"
  },
  "dummy_trs": 3,
  "dvars_nstd": 26.530312162450393,
  "dvars_std": 1.0067529524645904,
  "dvars_vstd": 1.0035526587252115,
  "efc": 0.5490361172608261,
  "fber": 539.3590087890625,
  "fd_mean": 0.06044286970238479,
  "fd_num": 2,
  "fd_perc": 0.2828854314002829,
  "fwhm_avg": 2.9503106666666667,
  "fwhm_x": 2.720128,
  "fwhm_y": 3.149196,
  "fwhm_z": 2.981608,
  "gcor": 0.0177759,
  "gsr_x": 0.04449537396430969,
  "gsr_y": 0.06127988547086716,
  "provenance": {
    "md5sum": "21ffbfb540e59b5ccf8717494e67832e",
    "settings": {
      "fd_thres": 0.2,
      "hmc_fsl": false
    },
    "software": "mriqc",
    "version": "0.15.0",
    "webapi_port": null,
    "webapi_url": "https://mriqc.nimh.nih.gov/api/v1"
  },
  "size_t": 707,
  "size_x": 80,
  "size_y": 80,
  "size_z": 60,
  "snr": 2.2312523680259244,
  "spacing_tr": 0.699999988079071,
  "spacing_x": 2.5,
  "spacing_y": 2.5,
  "spacing_z": 2.5,
  "summary_bg_k": 15.600950878069959,
  "summary_bg_mad": 107.8766098022461,
  "summary_bg_mean": 532.3163452148438,
  "summary_bg_median": 174.76873779296875,
  "summary_bg_n": 238438.0,
  "summary_bg_p05": 88.39016914367676,
  "summary_bg_p95": 2432.5218505859375,
  "summary_bg_stdv": 892.0325927734375,
  "summary_fg_k": 0.9318807340254152,
  "summary_fg_mad": 1829.3734130859375,
  "summary_fg_mean": 4713.9150390625,
  "summary_fg_median": 4404.6240234375,
  "summary_fg_n": 83289.0,
  "summary_fg_p05": 1997.4817871093755,
  "summary_fg_p95": 8397.830859374999,
  "summary_fg_stdv": 1974.0472412109375,
  "tsnr": 44.53565979003906
}