{
  "aor": 0.0009754315789473685,
  "aqi": 0.004547115642105264,
  "bids_meta": {
    "AccessionNumber": "8852-001",
    "AcquisitionDateTime": "2019-05-14T16:54:30.337500",
    "AcquisitionMatrixPE": 80,
    "AcquisitionNumber": 1,
    "AcquisitionTime": "16:54:30.337500",
    "BandwidthPerPixelPhaseEncode": 23.191,
    "BaseResolution": 80,
    "BodyPartExamined": "BRAIN",
    "ConsistencyInfo": "N4_VE11C_LATEST_20160120",
    "ConversionSoftware": "dcm2niix",
    "ConversionSoftwareVersion": "v1.0.20210317",
    "DerivedVendorReportedEchoSpacing": 0.000490002,
    "DeviceSerialNumber": "167050",
    "DwellTime": 2.3e-06,
    "EchoTime": 0.03,
    "EchoTrainLength": 88,
    "EffectiveEchoSpacing": 0.000539002,
    "FlipAngle": 53,
    "ImageComments": "Unaliased MB6/PE3/LB",
    "ImageOrientationPatientDICOM": [
      1,
      0,
      0,
      0,
      0.939693,
      -0.34202
    ],
    "ImageType": [
      "ORIGINAL",
      "PRIMARY",
      "M",
      "MB",
      "ND",
      "MOSAIC"
    ],
    "ImagingFrequency": 123.25,
    "InPlanePhaseEncodingDirectionDICOM": "COL",
    "InstitutionAddress": "Michigan Ave 320,Pasadena,California,US,91025",
    "InstitutionName": "Caltech Prisma32",
    "InstitutionalDepartmentName": "Department",
    "MRAcquisitionType": "2D",
    "MagneticFieldStrength": 3,
    "Manufacturer": "Siemens",
    "ManufacturersModelName": "Prisma_fit",
    "Modality": "MR",
    "MultibandAccelerationFactor": 6,
    "PartialFourier": 1,
    "PatientBirthDate": "1990-12-01",
    "PatientID": "CC0189",
    "PatientName": "CC0189",
    "PatientPosition": "HFS",
    "PatientSex": "M",
    "PatientWeight": 66.2245,
    "PercentPhaseFOV": 100,
    "PercentSampling": 100,
    "PhaseEncodingDirection": "j-",
    "PhaseEncodingSteps": 88,
    "PhaseOversampling": 0.1,
    "PhaseResolution": 1,
    "PixelBandwidth": 2715,
    "ProcedureStepDescription": "Conte Core",
    "ProtocolName": "task-pixar_run-01_bold",
    "PulseSequenceDetails": "%CustomerSeq%\\cmrr_mbep2d_bold",
    "ReceiveCoilActiveElements": "HEA;HEP",
    "ReceiveCoilName": "Head_32",
    "ReconMatrixPE": 80,
    "ReferringPhysicianName": "Adolphs",
    "RepetitionTime": 0.7,
    "SAR": 0.0828322,
    "ScanOptions": "FS\\EXT",
    "ScanningSequence": "EP",
    "SequenceName": "epfid2d1_80",
    "SequenceVariant": "SK\\SS\\OSP",
    "SeriesDescription": "task-pixar_run-01_bold",
    "SeriesInstanceUID": "1.3.12.2.1107.5.2.43.167050.2019051416505136493290592.0.0.0",
    "SeriesNumber": 34,
    "ShimSetting": [
      6974,
      -3660,
      7932,
      353,
      25,
      -40,
      -35,
      24
    ],
    "SliceThickness": 2.5,
    "SliceTiming": [
      0,
      0.475,
      0.27,
      0.0675,
      0.5425,
      0.34,
      0.135,
      0.61,
      0.4075,
      0.2025,
      0,
      0.475,
      0.27,
      0.0675,
      0.5425,
      0.34,
      0.135,
      0.61,
      0.4075,
      0.2025,
      0,
      0.475,
      0.27,
      0.0675,
      0.5425,
      0.34,
      0.135,
      0.61,
      0.4075,
      0.2025,
      0,
      0.475,
      0.27,
      0.0675,
      0.5425,
      0.34,
      0.135,
      0.61,
      0.4075,
      0.2025,
      0,
      0.475,
      0.27,
      0.0675,
      0.5425,
      0.34,
      0.135,
      0.61,
      0.4075,
      0.2025,
      0,
      0.475,
      0.27,
      0.0675,
      0.5425,
      0.34,
      0.135,
      0.61,
      0.4075,
      0.2025
    ],
    "SoftwareVersions": "syngo MR E11",
    "SpacingBetweenSlices": 2.5,
    "StationName": "PRISMA",
    "StudyID": "1",
    "StudyInstanceUID": "1.3.12.2.1107.5.2.43.167050.30000019050821005867900000043",
    "TaskName": "pixar",
    "TotalReadoutTime": 0.0425812,
    "TxRefAmp": 252.869,
    "WipMemBlock": "9c00dcb2-23c9-4bc1-93f1-94740e16fa06||Sequence: R016 ve11c/master r/e634e98; Dec 19 2017 11:00:25 by eja",
    "dataset": "unknown",
    "modality": "bold",
    "run_id": 1,
    "session_id": "core2p2",
    "subject_id": "CC0189",
    "task_id": "pixar"
  },
  "dummy_trs": 1,
  "dvars_nstd": 25.967996033713085,
  "dvars_std": 1.0127117721940937,
  "dvars_vstd": 1.0462300614767934,
  "efc": 0.5519151664011342,
  "fber": 519.1233520507812,
  "fd_mean": 0.056269743445729485,
  "fd_num": 3,
  "fd_perc": 0.631578947368421,
  "fwhm_avg": 2.943405333333333,
  "fwhm_x": 2.715372,
  "fwhm_y": 3.1437,
  "fwhm_z": 2.971144,
  "gcor": 0.0288864,
  "gsr_x": 0.04894699901342392,
  "gsr_y": 0.06262177228927612,
  "provenance": {
    "md5sum": "fe4049a96f889205d3d4f5ea7c93e6e3",
    "settings": {
      "fd_thres": 0.2,
      "hmc_fsl": false
    },
    "software": "mriqc",
    "version": "0.15.0",
    "webapi_port": null,
    "webapi_url": "https://mriqc.nimh.nih.gov/api/v1"
  },
  "size_t": 475,
  "size_x": 80,
  "size_y": 80,
  "size_z": 60,
  "snr": 2.2146109146431954,
  "spacing_tr": 0.699999988079071,
  "spacing_x": 2.5,
  "spacing_y": 2.5,
  "spacing_z": 2.5,
  "summary_bg_k": 14.46180299131958,
  "summary_bg_mad": 110.55217742919922,
  "summary_bg_mean": 552.862060546875,
  "summary_bg_median": 177.72630310058594,
  "summary_bg_n": 238563.0,
  "summary_bg_p05": 89.27578735351562,
  "summary_bg_p95": 2550.602124023437,
  "summary_bg_stdv": 924.9874877929688,
  "summary_fg_k": 0.9412724607102549,
  "summary_fg_mad": 1831.8216552734375,
  "summary_fg_mean": 4705.22119140625,
  "summary_fg_median": 4389.8291015625,
  "summary_fg_n": 83225.0,
  "summary_fg_p05": 1980.34638671875,
  "summary_fg_p95": 8398.590625,
  "summary_fg_stdv": 1982.200439453125,
  "tsnr": 45.185482025146484
}