{
  "aor": 0.0009246967559943583,
  "aqi": 0.0045674476022567,
  "bids_meta": {
    "AccessionNumber": "3028-001",
    "AcquisitionDateTime": "2018-07-10T10:11:22.100000",
    "AcquisitionMatrixPE": 80,
    "AcquisitionNumber": 1,
    "AcquisitionTime": "10:11:22.100000",
    "BandwidthPerPixelPhaseEncode": 23.191,
    "BaseResolution": 80,
    "BodyPartExamined": "BRAIN",
    "ConsistencyInfo": "N4_VE11C_LATEST_20160120",
    "ConversionSoftware": "dcm2niix",
    "ConversionSoftwareVersion": "v1.0.20210317",
    "DerivedVendorReportedEchoSpacing": 0.000490002,
    "DeviceSerialNumber": "167050",
    "DwellTime": 2.3e-06,
    "EchoTime": 0.03,
    "EchoTrainLength": 88,
    "EffectiveEchoSpacing": 0.000539002,
    "FlipAngle": 53,
    "ImageComments": "Unaliased MB6/PE3/LB",
    "ImageOrientationPatientDICOM": [
      1,
      0,
      0,
      0,
      0.939693,
      -0.34202
    ],
    "ImageType": [
      "ORIGINAL",
      "PRIMARY",
      "M",
      "MB",
      "ND",
      "MOSAIC"
    ],
    "ImagingFrequency": 123.251,
    "InPlanePhaseEncodingDirectionDICOM": "COL",
    "InstitutionAddress": "Michigan Ave 320,Pasadena,California,US,91025",
    "InstitutionName": "Caltech Prisma64",
    "InstitutionalDepartmentName": "Department",
    "MRAcquisitionType": "2D",
    "MagneticFieldStrength": 3,
    "Manufacturer": "Siemens",
    "ManufacturersModelName": "Prisma_fit",
    "Modality": "MR",
    "MultibandAccelerationFactor": 6,
    "PartialFourier": 1,
    "PatientBirthDate": "1988-11-01",
    "PatientID": "CC0142",
    "PatientName": "CC0142",
    "PatientPosition": "HFS",
    "PatientSex": "M",
    "PatientWeight": 62.5958,
    "PercentPhaseFOV": 100,
    "PercentSampling": 100,
    "PhaseEncodingDirection": "j-",
    "PhaseEncodingSteps": 88,
    "PhaseOversampling": 0.1,
    "PhaseResolution": 1,
    "PixelBandwidth": 2715,
    "ProcedureStepDescription": "Conte Core",
    "ProtocolName": "task-bang_bold",
    "PulseSequenceDetails": "%CustomerSeq%\\cmrr_mbep2d_bold",
    "ReceiveCoilActiveElements": "HEA;HEP",
    "ReceiveCoilName": "Head_32",
    "ReconMatrixPE": 80,
    "ReferringPhysicianName": "Adolphs",
    "RepetitionTime": 0.7,
    "SAR": 0.0965581,
    "ScanOptions": "FS\\EXT",
    "ScanningSequence": "EP",
    "SequenceName": "epfid2d1_80",
    "SequenceVariant": "SK\\SS\\OSP",
    "SeriesDescription": "task-bang_bold",
    "SeriesInstanceUID": "1.3.12.2.1107.5.2.43.167050.2018071010084050843803828.0.0.0",
    "SeriesNumber": 24,
    "ShimSetting": [
      6973,
      -3592,
      7944,
      430,
      -32,
      148,
      -15,
      19
    ],
    "SliceThickness": 2.5,
    "SliceTiming": [
      0,
      0.475,
      0.27,
      0.0675,
      0.5425,
      0.34,
      0.135,
      0.61,
      0.4075,
      0.2025,
      0,
      0.475,
      0.27,
      0.0675,
      0.5425,
      0.34,
      0.135,
      0.61,
      0.4075,
      0.2025,
      0,
      0.475,
      0.27,
      0.0675,
      0.5425,
      0.34,
      0.135,
      0.61,
      0.4075,
      0.2025,
      0,
      0.475,
      0.27,
      0.0675,
      0.5425,
      0.34,
      0.135,
      0.61,
      0.4075,
      0.2025,
      0,
      0.475,
      0.27,
      0.0675,
      0.5425,
      0.34,
      0.135,
      0.61,
      0.4075,
      0.2025,
      0,
      0.475,
      0.27,
      0.0675,
      0.5425,
      0.34,
      0.135,
      0.61,
      0.4075,
      0.2025
    ],
    "SoftwareVersions": "syngo MR E11",
    "SpacingBetweenSlices": 2.5,
    "StationName": "PRISMA",
    "StudyID": "1",
    "StudyInstanceUID": "1.3.12.2.1107.5.2.43.167050.30000018070323074090800000007",
    "TaskName": "bang",
    "TotalReadoutTime": 0.0425812,
    "TxRefAmp": 258.091,
    "WipMemBlock": "03e7e36d-b4a0-4d04-b405-dafd59d3b962||Sequence: R016 ve11c/master r/e634e98; Dec 19 2017 11:00:25 by eja",
    "dataset": "unknown",
    "modality": "bold",
    "run_id": 1,
    "session_id": "core2p2",
    "subject_id": "CC0142",
    "task_id": "bang"
  },
  "dummy_trs": 1,
  "dvars_nstd": 36.9853465866949,
  "dvars_std": 1.1310830523870044,
  "dvars_vstd": 1.0136737410593217,
  "efc": 0.5274412264740079,
  "fber": 850.4981689453125,
  "fd_mean": 0.09099966533607351,
  "fd_num": 24,
  "fd_perc": 3.385049365303244,
  "fwhm_avg": 2.7663146666666667,
  "fwhm_x": 2.562456,
  "fwhm_y": 2.88476,
  "fwhm_z": 2.851728,
  "gcor": 0.0113372,
  "gsr_x": 0.010857240296900272,
  "gsr_y": 0.08371478319168091,
  "provenance": {
    "md5sum": "6272a50903b8fe5b501dbf08b82662fa",
    "settings": {
      "fd_thres": 0.2,
      "hmc_fsl": false
    },
    "software": "mriqc",
    "version": "0.15.0",
    "webapi_port": null,
    "webapi_url": "https://mriqc.nimh.nih.gov/api/v1"
  },
  "size_t": 709,
  "size_x": 80,
  "size_y": 80,
  "size_z": 60,
  "snr": 2.184769625077285,
  "spacing_tr": 0.699999988079071,
  "spacing_x": 2.5,
  "spacing_y": 2.5,
  "spacing_z": 2.5,
  "summary_bg_k": 18.268002084691233,
  "summary_bg_mad": 56.73411560058594,
  "summary_bg_mean": 331.5703430175781,
  "summary_bg_median": 121.7729263305664,
  "summary_bg_n": 237190.0,
  "summary_bg_p05": 78.59097290039062,
  "summary_bg_p95": 1553.0781066894524,
  "summary_bg_stdv": 591.514892578125,
  "summary_fg_k": 1.1381685355928326,
  "summary_fg_mad": 1505.807373046875,
  "summary_fg_mean": 4183.18994140625,
  "summary_fg_median": 3838.548828125,
  "summary_fg_n": 85393.0,
  "summary_fg_p05": 1960.3303955078125,
  "summary_fg_p95": 7644.405664062497,
  "summary_fg_stdv": 1756.9478759765625,
  "tsnr": 40.83193588256836
}