{
    "Modality":"MR",
    "MagneticFieldStrength":3,
    "ImagingFrequency":123.229,
    "Manufacturer":"Siemens",
    "ManufacturersModelName":"TrioTim",
    "InstitutionName":"Caltech Tim32",
    "InstitutionalDepartmentName":"Department",
    "InstitutionAddress":"Wilson Avenue 340 ,Pasadena,California,US,91025",
    "DeviceSerialNumber":"35077",
    "StationName":"MEDPC",
    "SeriesInstanceUID":"1.3.12.2.1107.5.2.32.35077.2013022116124795677129085.0.0.0",
    "StudyInstanceUID":"1.3.12.2.1107.5.2.32.35077.30000013021915521117100000049",
    "StudyID":"1",
    "PatientName":"CC0049",
    "PatientID":"adolphs",
    "AccessionNumber":"6467-001",
    "PatientBirthDate":"1975-01-01",
    "PatientSex":"M",
    "PatientWeight":68.0389,
    "PatientPosition":"HFS",
    "ProcedureStepDescription":"Conte^Core",
    "SoftwareVersions":"syngo MR B17",
    "MRAcquisitionType":"2D",
    "SeriesDescription":"Fieldmap_rsBOLD",
    "ProtocolName":"Fieldmap_rsBOLD",
    "ScanningSequence":"GR",
    "SequenceVariant":"SP",
    "SequenceName":"*fm2d2",
    "ImageType":[
        "ORIGINAL",
        "PRIMARY",
        "P",
        "ND",
        "PHASE"
    ],
    "SeriesNumber":4,
    "AcquisitionTime":"16:13:10.100000",
    "AcquisitionDateTime":"2013-02-21T16:13:10.100000",
    "AcquisitionNumber":1,
    "SliceThickness":3,
    "SpacingBetweenSlices":3,
    "SAR":0.187858,
    "EchoNumber":2,
    "EchoTime":0.00501,
    "RepetitionTime":0.4,
    "FlipAngle":45,
    "EchoTime1":0.00255,
    "EchoTime2":0.00501,
    "PartialFourier":1,
    "BaseResolution":64,
    "ShimSetting":[
        9528,
        -10611,
        15753,
        733,
        -111,
        -326,
        -81,
        -17
    ],
    "TxRefAmp":321.209,
    "PhaseResolution":1,
    "ReceiveCoilName":"32Ch_Head",
    "CoilString":"C:HEA;HEP",
    "PulseSequenceDetails":"%SiemensSeq%\\gre_field_mapping",
    "PercentPhaseFOV":100,
    "PercentSampling":100,
    "PhaseEncodingSteps":64,
    "AcquisitionMatrixPE":64,
    "ReconMatrixPE":64,
    "PixelBandwidth":501,
    "DwellTime":1.56e-05,
    "PhaseEncodingDirection":"i",
    "SliceTiming":[
        0,
        0.21875,
        0.01562,
        0.21875,
        0.03125,
        0.23438,
        0.03125,
        0.23438,
        0.04688,
        0.25,
        0.04688,
        0.25,
        0.0625,
        0.26562,
        0.0625,
        0.26562,
        0.07812,
        0.28125,
        0.07812,
        0.28125,
        0.09375,
        0.29688,
        0.09375,
        0.3125,
        0.10938,
        0.3125,
        0.125,
        0.32812,
        0.125,
        0.32812,
        0.14062,
        0.34375,
        0.14062,
        0.34375,
        0.15625,
        0.35938,
        0.15625,
        0.35938,
        0.17188,
        0.375,
        0.17188,
        0.39062,
        0.1875,
        0.39062,
        0.20312,
        0.40625,
        0.20312
    ],
    "ImageOrientationPatientDICOM":[
        1,
        -1.92734e-10,
        7.01495e-11,
        2.05103e-10,
        0.939693,
        -0.34202
    ],
    "InPlanePhaseEncodingDirectionDICOM":"ROW",
    "ConversionSoftware":"dcm2niix",
    "ConversionSoftwareVersion":"v1.0.20210317",
    "IntendedFor":[
        "ses-core1p1/func/sub-CC0049_ses-core1p1_task-rest_run-01_bold.nii.gz",
        "ses-core1p1/func/sub-CC0049_ses-core1p1_task-rest_run-02_bold.nii.gz"
    ]
}