{
  "aor": 0.0006164,
  "aqi": 0.00466439825,
  "bids_meta": {
    "AccessionNumber": "7946-001",
    "AcquisitionDateTime": "2015-06-26T14:21:45.965000",
    "AcquisitionMatrixPE": 80,
    "AcquisitionNumber": 1,
    "AcquisitionTime": "14:21:45.965000",
    "BandwidthPerPixelPhaseEncode": 23.148,
    "BaseResolution": 80,
    "CoilString": "C:HEA;HEP",
    "ConversionSoftware": "dcm2niix",
    "ConversionSoftwareVersion": "v1.0.20210317",
    "DerivedVendorReportedEchoSpacing": 0.000540003,
    "DeviceSerialNumber": "35077",
    "DwellTime": 2.6e-06,
    "EchoTime": 0.03,
    "EffectiveEchoSpacing": 0.000540003,
    "FlipAngle": 60,
    "ImageComments": "Unaliased MB4/PE3",
    "ImageOrientationPatientDICOM": [
      1,
      -1e-16,
      0,
      1e-16,
      0.939693,
      -0.34202
    ],
    "ImageType": [
      "ORIGINAL",
      "PRIMARY",
      "M",
      "MB",
      "ND",
      "MOSAIC"
    ],
    "ImagingFrequency": 123.229,
    "InPlanePhaseEncodingDirectionDICOM": "COL",
    "InstitutionAddress": "Wilson Avenue 340 ,Pasadena,California,US,91025",
    "InstitutionName": "Caltech Tim32",
    "InstitutionalDepartmentName": "Department",
    "MRAcquisitionType": "2D",
    "MagneticFieldStrength": 3,
    "Manufacturer": "Siemens",
    "ManufacturersModelName": "TrioTim",
    "Modality": "MR",
    "MultibandAccelerationFactor": 4,
    "PartialFourier": 1,
    "PatientBirthDate": "1988-01-01",
    "PatientID": "adolphs",
    "PatientName": "CC0124",
    "PatientPosition": "HFS",
    "PatientSex": "F",
    "PatientWeight": 58.5134,
    "PercentPhaseFOV": 100,
    "PercentSampling": 100,
    "PhaseEncodingDirection": "j-",
    "PhaseEncodingSteps": 80,
    "PhaseResolution": 1,
    "PixelBandwidth": 2404,
    "ProcedureStepDescription": "Conte^Core",
    "ProtocolName": "rsBOLD_MB_1",
    "PulseSequenceDetails": "%CustomerSeq%\\cmrr_mbep2d_bold",
    "ReceiveCoilName": "32Ch_Head",
    "ReconMatrixPE": 80,
    "RepetitionTime": 1,
    "SAR": 0.0960857,
    "ScanOptions": "FS",
    "ScanningSequence": "EP",
    "SequenceName": "epfid2d1_80",
    "SequenceVariant": "SK\\SS",
    "SeriesDescription": "rsBOLD_MB_1",
    "SeriesInstanceUID": "1.3.12.2.1107.5.2.32.35077.2015062614213564125766294.0.0.0",
    "SeriesNumber": 3,
    "ShimSetting": [
      9504,
      -10604,
      15552,
      714,
      -252,
      -440,
      -360,
      29
    ],
    "SliceThickness": 2.5,
    "SliceTiming": [
      0,
      0.215,
      0.43,
      0.645,
      0.86,
      0.0725,
      0.2875,
      0.5025,
      0.7175,
      0.9325,
      0.1425,
      0.3575,
      0.5725,
      0.7875,
      0,
      0.215,
      0.43,
      0.645,
      0.86,
      0.0725,
      0.2875,
      0.5025,
      0.7175,
      0.9325,
      0.1425,
      0.3575,
      0.5725,
      0.7875,
      0,
      0.215,
      0.43,
      0.645,
      0.86,
      0.0725,
      0.2875,
      0.5025,
      0.7175,
      0.9325,
      0.1425,
      0.3575,
      0.5725,
      0.7875,
      0,
      0.215,
      0.43,
      0.645,
      0.86,
      0.0725,
      0.2875,
      0.5025,
      0.7175,
      0.9325,
      0.1425,
      0.3575,
      0.5725,
      0.7875
    ],
    "SoftwareVersions": "syngo MR B17",
    "SpacingBetweenSlices": 2.5,
    "StationName": "MEDPC",
    "StudyID": "1",
    "StudyInstanceUID": "1.3.12.2.1107.5.2.32.35077.30000015060817423032800000094",
    "TaskName": "rest",
    "TotalReadoutTime": 0.0426603,
    "TxRefAmp": 306.278,
    "dataset": "unknown",
    "modality": "bold",
    "run_id": 1,
    "session_id": "core1p3p1",
    "subject_id": "CC0124",
    "task_id": "rest"
  },
  "dummy_trs": 0,
  "dvars_nstd": 31.199212803383443,
  "dvars_std": 1.0869133338596488,
  "dvars_vstd": 0.9955714850375935,
  "efc": 0.5355000298592463,
  "fber": 839.8658447265625,
  "fd_mean": 0.17058145481652737,
  "fd_num": 152,
  "fd_perc": 38.0,
  "fwhm_avg": 2.5672733333333335,
  "fwhm_x": 2.4544799999999998,
  "fwhm_y": 2.646808,
  "fwhm_z": 2.6005320000000003,
  "gcor": 0.0183988,
  "gsr_x": -0.011551187373697758,
  "gsr_y": 0.057648103684186935,
  "provenance": {
    "md5sum": "db9609cbc8632f39c7fad56c642048c6",
    "settings": {
      "fd_thres": 0.2,
      "hmc_fsl": false
    },
    "software": "mriqc",
    "version": "0.15.0",
    "webapi_port": null,
    "webapi_url": "https://mriqc.nimh.nih.gov/api/v1"
  },
  "size_t": 400,
  "size_x": 80,
  "size_y": 80,
  "size_z": 56,
  "snr": 3.088264870713468,
  "spacing_tr": 1.0,
  "spacing_x": 2.5,
  "spacing_y": 2.5,
  "spacing_z": 2.5,
  "summary_bg_k": 37.482378646032366,
  "summary_bg_mad": 6.920045375823975,
  "summary_bg_mean": 34.263771057128906,
  "summary_bg_median": 14.97499942779541,
  "summary_bg_n": 221305.0,
  "summary_bg_p05": 9.867499351501465,
  "summary_bg_p95": 124.40149841308573,
  "summary_bg_stdv": 56.25271987915039,
  "summary_fg_k": 0.97990704903716,
  "summary_fg_mad": 131.81442260742188,
  "summary_fg_mean": 486.19354248046875,
  "summary_fg_median": 465.62750244140625,
  "summary_fg_n": 78605.0,
  "summary_fg_p05": 280.1940002441406,
  "summary_fg_p95": 764.7669677734377,
  "summary_fg_stdv": 150.772216796875,
  "tsnr": 47.44504928588867
}