{
  "aor": 0.025864159663865544,
  "aqi": 0.01308913474789916,
  "bids_meta": {
    "AccessionNumber": "8468-009",
    "AcquisitionDateTime": "2018-05-03T11:55:32.550000",
    "AcquisitionMatrixPE": 80,
    "AcquisitionNumber": 1,
    "AcquisitionTime": "11:55:32.550000",
    "BandwidthPerPixelPhaseEncode": 23.191,
    "BaseResolution": 80,
    "BodyPartExamined": "BRAIN",
    "ConsistencyInfo": "N4_VE11C_LATEST_20160120",
    "ConversionSoftware": "dcm2niix",
    "ConversionSoftwareVersion": "v1.0.20210317",
    "DerivedVendorReportedEchoSpacing": 0.000490002,
    "DeviceSerialNumber": "167050",
    "DwellTime": 2.3e-06,
    "EchoTime": 0.03,
    "EchoTrainLength": 88,
    "EffectiveEchoSpacing": 0.000539002,
    "FlipAngle": 53,
    "ImageComments": "Unaliased MB6/PE3/LB",
    "ImageOrientationPatientDICOM": [
      1,
      0,
      0,
      0,
      0.939693,
      -0.34202
    ],
    "ImageType": [
      "ORIGINAL",
      "PRIMARY",
      "M",
      "MB",
      "ND",
      "MOSAIC"
    ],
    "ImagingFrequency": 123.25,
    "InPlanePhaseEncodingDirectionDICOM": "COL",
    "InstitutionAddress": "Michigan Ave 320,Pasadena,California,US,91025",
    "InstitutionName": "Caltech Prisma64",
    "InstitutionalDepartmentName": "Department",
    "MRAcquisitionType": "2D",
    "MagneticFieldStrength": 3,
    "Manufacturer": "Siemens",
    "ManufacturersModelName": "Prisma_fit",
    "Modality": "MR",
    "MultibandAccelerationFactor": 6,
    "PartialFourier": 1,
    "PatientBirthDate": "1981-02-01",
    "PatientID": "CC0011",
    "PatientName": "CC0011",
    "PatientPosition": "HFS",
    "PatientSex": "M",
    "PatientWeight": 72.5748,
    "PercentPhaseFOV": 100,
    "PercentSampling": 100,
    "PhaseEncodingDirection": "j-",
    "PhaseEncodingSteps": 88,
    "PhaseOversampling": 0.1,
    "PhaseResolution": 1,
    "PixelBandwidth": 2715,
    "ProcedureStepDescription": "Conte Core",
    "ProtocolName": "task-pixar_run-01_bold",
    "PulseSequenceDetails": "%CustomerSeq%\\cmrr_mbep2d_bold",
    "ReceiveCoilActiveElements": "HEA;HEP",
    "ReceiveCoilName": "Head_32",
    "ReconMatrixPE": 80,
    "ReferringPhysicianName": "Adolphs",
    "RepetitionTime": 0.7,
    "SAR": 0.0976255,
    "ScanOptions": "FS\\EXT",
    "ScanningSequence": "EP",
    "SequenceName": "epfid2d1_80",
    "SequenceVariant": "SK\\SS\\OSP",
    "SeriesDescription": "task-pixar_run-01_bold",
    "SeriesInstanceUID": "1.3.12.2.1107.5.2.43.167050.20180503115250334538761.0.0.0",
    "SeriesNumber": 37,
    "ShimSetting": [
      6979,
      -3603,
      7969,
      464,
      2,
      101,
      8,
      21
    ],
    "SliceThickness": 2.5,
    "SliceTiming": [
      0,
      0.475,
      0.2725,
      0.0675,
      0.545,
      0.34,
      0.135,
      0.6125,
      0.4075,
      0.205,
      0,
      0.475,
      0.2725,
      0.0675,
      0.545,
      0.34,
      0.135,
      0.6125,
      0.4075,
      0.205,
      0,
      0.475,
      0.2725,
      0.0675,
      0.545,
      0.34,
      0.135,
      0.6125,
      0.4075,
      0.205,
      0,
      0.475,
      0.2725,
      0.0675,
      0.545,
      0.34,
      0.135,
      0.6125,
      0.4075,
      0.205,
      0,
      0.475,
      0.2725,
      0.0675,
      0.545,
      0.34,
      0.135,
      0.6125,
      0.4075,
      0.205,
      0,
      0.475,
      0.2725,
      0.0675,
      0.545,
      0.34,
      0.135,
      0.6125,
      0.4075,
      0.205
    ],
    "SoftwareVersions": "syngo MR E11",
    "SpacingBetweenSlices": 2.5,
    "StationName": "PRISMA",
    "StudyID": "1",
    "StudyInstanceUID": "1.3.12.2.1107.5.2.43.167050.30000018042619061766300000013",
    "TaskName": "pixar",
    "TotalReadoutTime": 0.0425812,
    "TxRefAmp": 274.019,
    "WipMemBlock": "7426d2d1-7d21-4cc5-a411-75c52de3b9e2||Sequence: R016 ve11c/master r/e634e98; Dec 19 2017 11:00:25 by eja",
    "dataset": "unknown",
    "modality": "bold",
    "run_id": 1,
    "session_id": "core2p2",
    "subject_id": "CC0011",
    "task_id": "pixar"
  },
  "dummy_trs": 0,
  "dvars_nstd": 44.82053030713681,
  "dvars_std": 1.2822131316421055,
  "dvars_vstd": 2.833005165747363,
  "efc": 0.5380086273722334,
  "fber": 647.0673217773438,
  "fd_mean": 0.23002290402443068,
  "fd_num": 110,
  "fd_perc": 23.10924369747899,
  "fwhm_avg": 3.0611426666666666,
  "fwhm_x": 2.68336,
  "fwhm_y": 3.219556,
  "fwhm_z": 3.2805120000000003,
  "gcor": 0.0529945,
  "gsr_x": 0.019638946279883385,
  "gsr_y": 0.13604867458343506,
  "provenance": {
    "md5sum": "69401e3073ff0cd6ed2e6f898fa1f94f",
    "settings": {
      "fd_thres": 0.2,
      "hmc_fsl": false
    },
    "software": "mriqc",
    "version": "0.15.0",
    "webapi_port": null,
    "webapi_url": "https://mriqc.nimh.nih.gov/api/v1"
  },
  "size_t": 476,
  "size_x": 80,
  "size_y": 80,
  "size_z": 60,
  "snr": 1.9750484699835722,
  "spacing_tr": 0.699999988079071,
  "spacing_x": 2.5,
  "spacing_y": 2.5,
  "spacing_z": 2.5,
  "summary_bg_k": 19.80479302263063,
  "summary_bg_mad": 65.0413818359375,
  "summary_bg_mean": 337.6463623046875,
  "summary_bg_median": 121.57353210449219,
  "summary_bg_n": 230748.0,
  "summary_bg_p05": 71.64286041259766,
  "summary_bg_p95": 1484.9790771484372,
  "summary_bg_stdv": 569.1136474609375,
  "summary_fg_k": 1.9264661138160228,
  "summary_fg_mad": 1356.1702880859375,
  "summary_fg_mean": 3699.09619140625,
  "summary_fg_median": 3313.250244140625,
  "summary_fg_n": 92271.0,
  "summary_fg_p05": 1667.3551025390625,
  "summary_fg_p95": 7019.02880859375,
  "summary_fg_stdv": 1677.5447998046875,
  "tsnr": 25.44286346435547
}