{
  "aor": 0.004762718309859155,
  "aqi": 0.004578622535211267,
  "bids_meta": {
    "AccessionNumber": "8469-016",
    "AcquisitionDateTime": "2018-05-03T14:27:32.090000",
    "AcquisitionMatrixPE": 80,
    "AcquisitionNumber": 1,
    "AcquisitionTime": "14:27:32.090000",
    "BandwidthPerPixelPhaseEncode": 23.191,
    "BaseResolution": 80,
    "BodyPartExamined": "BRAIN",
    "ConsistencyInfo": "N4_VE11C_LATEST_20160120",
    "ConversionSoftware": "dcm2niix",
    "ConversionSoftwareVersion": "v1.0.20210317",
    "DerivedVendorReportedEchoSpacing": 0.000490002,
    "DeviceSerialNumber": "167050",
    "DwellTime": 2.3e-06,
    "EchoTime": 0.03,
    "EchoTrainLength": 88,
    "EffectiveEchoSpacing": 0.000539002,
    "FlipAngle": 53,
    "ImageComments": "Unaliased MB6/PE3/LB",
    "ImageOrientationPatientDICOM": [
      1,
      0,
      0,
      0,
      0.939693,
      -0.34202
    ],
    "ImageType": [
      "ORIGINAL",
      "PRIMARY",
      "M",
      "MB",
      "ND",
      "MOSAIC"
    ],
    "ImagingFrequency": 123.25,
    "InPlanePhaseEncodingDirectionDICOM": "COL",
    "InstitutionAddress": "Michigan Ave 320,Pasadena,California,US,91025",
    "InstitutionName": "Caltech Prisma64",
    "InstitutionalDepartmentName": "Department",
    "MRAcquisitionType": "2D",
    "MagneticFieldStrength": 3,
    "Manufacturer": "Siemens",
    "ManufacturersModelName": "Prisma_fit",
    "Modality": "MR",
    "MultibandAccelerationFactor": 6,
    "PartialFourier": 1,
    "PatientBirthDate": "1985-05-01",
    "PatientID": "CC0046",
    "PatientName": "CC0046",
    "PatientPosition": "HFS",
    "PatientSex": "F",
    "PatientWeight": 61.235,
    "PercentPhaseFOV": 100,
    "PercentSampling": 100,
    "PhaseEncodingDirection": "j-",
    "PhaseEncodingSteps": 88,
    "PhaseOversampling": 0.1,
    "PhaseResolution": 1,
    "PixelBandwidth": 2715,
    "ProcedureStepDescription": "Conte Core",
    "ProtocolName": "task-bang_bold",
    "PulseSequenceDetails": "%CustomerSeq%\\cmrr_mbep2d_bold",
    "ReceiveCoilActiveElements": "HEA;HEP",
    "ReceiveCoilName": "Head_32",
    "ReconMatrixPE": 80,
    "ReferringPhysicianName": "Adolphs",
    "RepetitionTime": 0.7,
    "SAR": 0.082202,
    "ScanOptions": "FS\\EXT",
    "ScanningSequence": "EP",
    "SequenceName": "epfid2d1_80",
    "SequenceVariant": "SK\\SS\\OSP",
    "SeriesDescription": "task-bang_bold",
    "SeriesInstanceUID": "1.3.12.2.1107.5.2.43.167050.2018050314263288378207988.0.0.0",
    "SeriesNumber": 24,
    "ShimSetting": [
      6999,
      -3553,
      7948,
      510,
      -49,
      162,
      -98,
      -49
    ],
    "SliceThickness": 2.5,
    "SliceTiming": [
      0,
      0.4775,
      0.2725,
      0.0675,
      0.545,
      0.34,
      0.1375,
      0.6125,
      0.4075,
      0.205,
      0,
      0.4775,
      0.2725,
      0.0675,
      0.545,
      0.34,
      0.1375,
      0.6125,
      0.4075,
      0.205,
      0,
      0.4775,
      0.2725,
      0.0675,
      0.545,
      0.34,
      0.1375,
      0.6125,
      0.4075,
      0.205,
      0,
      0.4775,
      0.2725,
      0.0675,
      0.545,
      0.34,
      0.1375,
      0.6125,
      0.4075,
      0.205,
      0,
      0.4775,
      0.2725,
      0.0675,
      0.545,
      0.34,
      0.1375,
      0.6125,
      0.4075,
      0.205,
      0,
      0.4775,
      0.2725,
      0.0675,
      0.545,
      0.34,
      0.1375,
      0.6125,
      0.4075,
      0.205
    ],
    "SoftwareVersions": "syngo MR E11",
    "SpacingBetweenSlices": 2.5,
    "StationName": "PRISMA",
    "StudyID": "1",
    "StudyInstanceUID": "1.3.12.2.1107.5.2.43.167050.30000018042619061766300000016",
    "TaskName": "bang",
    "TotalReadoutTime": 0.0425812,
    "TxRefAmp": 245.373,
    "WipMemBlock": "5a59df21-3b17-42fb-87c4-184bb38d8022||Sequence: R016 ve11c/master r/e634e98; Dec 19 2017 11:00:25 by eja",
    "dataset": "unknown",
    "modality": "bold",
    "run_id": 1,
    "session_id": "core2p2",
    "subject_id": "CC0046",
    "task_id": "bang"
  },
  "dummy_trs": 0,
  "dvars_nstd": 33.727776787179124,
  "dvars_std": 1.1340233419322983,
  "dvars_vstd": 1.0592617758674208,
  "efc": 0.5057836157775412,
  "fber": 819.5049438476562,
  "fd_mean": 0.16141484344770513,
  "fd_num": 132,
  "fd_perc": 18.591549295774648,
  "fwhm_avg": 2.898114666666667,
  "fwhm_x": 2.671716,
  "fwhm_y": 3.07136,
  "fwhm_z": 2.951268,
  "gcor": 0.0223083,
  "gsr_x": 0.007813560776412487,
  "gsr_y": 0.04959733784198761,
  "provenance": {
    "md5sum": "084c9ff1693f4c33335505be515caf32",
    "settings": {
      "fd_thres": 0.2,
      "hmc_fsl": false
    },
    "software": "mriqc",
    "version": "0.15.0",
    "webapi_port": null,
    "webapi_url": "https://mriqc.nimh.nih.gov/api/v1"
  },
  "size_t": 710,
  "size_x": 80,
  "size_y": 80,
  "size_z": 60,
  "snr": 2.156508754066878,
  "spacing_tr": 0.699999988079071,
  "spacing_x": 2.5,
  "spacing_y": 2.5,
  "spacing_z": 2.5,
  "summary_bg_k": 27.46942003720483,
  "summary_bg_mad": 67.09296417236328,
  "summary_bg_mean": 288.16192626953125,
  "summary_bg_median": 127.62393951416016,
  "summary_bg_n": 240707.0,
  "summary_bg_p05": 75.89436340332031,
  "summary_bg_p95": 1129.38177490234,
  "summary_bg_stdv": 465.1753845214844,
  "summary_fg_k": 0.84091922793414,
  "summary_fg_mad": 1602.07177734375,
  "summary_fg_mean": 4286.908203125,
  "summary_fg_median": 3959.98291015625,
  "summary_fg_n": 81772.0,
  "summary_fg_p05": 1784.3583862304688,
  "summary_fg_p95": 7826.9005126953125,
  "summary_fg_stdv": 1836.2822265625,
  "tsnr": 40.72523498535156
}