{
    "Modality":"MR",
    "MagneticFieldStrength":3,
    "ImagingFrequency":123.229,
    "Manufacturer":"Siemens",
    "ManufacturersModelName":"TrioTim",
    "InstitutionName":"Caltech Tim32",
    "InstitutionalDepartmentName":"Department",
    "InstitutionAddress":"Wilson Avenue 340 ,Pasadena,California,US,91025",
    "DeviceSerialNumber":"35077",
    "StationName":"MEDPC",
    "SeriesInstanceUID":"1.3.12.2.1107.5.2.32.35077.2015020611512554898296130.0.0.0",
    "StudyInstanceUID":"1.3.12.2.1107.5.2.32.35077.30000015012916505859300000043",
    "StudyID":"1",
    "PatientName":"CC0049",
    "PatientID":"adolphs",
    "AccessionNumber":"7707-010",
    "PatientBirthDate":"1975-01-01",
    "PatientSex":"M",
    "PatientWeight":69.8532,
    "PatientPosition":"HFS",
    "ProcedureStepDescription":"Conte^Core",
    "SoftwareVersions":"syngo MR B17",
    "MRAcquisitionType":"2D",
    "SeriesDescription":"rsBOLD_MB_2",
    "ProtocolName":"rsBOLD_MB_2",
    "ScanningSequence":"EP",
    "SequenceVariant":"SK\\SS",
    "ScanOptions":"FS",
    "SequenceName":"epfid2d1_80",
    "ImageType":[
        "ORIGINAL",
        "PRIMARY",
        "M",
        "MB",
        "ND",
        "MOSAIC"
    ],
    "SeriesNumber":5,
    "AcquisitionTime":"11:50:49.680000",
    "AcquisitionDateTime":"2015-02-06T11:50:49.680000",
    "AcquisitionNumber":1,
    "ImageComments":"Unaliased MB4/PE3",
    "SliceThickness":2.5,
    "SpacingBetweenSlices":2.5,
    "SAR":0.0960472,
    "EchoTime":0.03,
    "RepetitionTime":1,
    "FlipAngle":60,
    "PartialFourier":1,
    "BaseResolution":80,
    "ShimSetting":[
        9473,
        -10596,
        15762,
        762,
        -260,
        -303,
        -216,
        66
    ],
    "TxRefAmp":324.991,
    "PhaseResolution":1,
    "ReceiveCoilName":"32Ch_Head",
    "CoilString":"C:HEA;HEP",
    "PulseSequenceDetails":"%CustomerSeq%\\cmrr_mbep2d_bold",
    "MultibandAccelerationFactor":4,
    "PercentPhaseFOV":100,
    "PercentSampling":100,
    "PhaseEncodingSteps":80,
    "AcquisitionMatrixPE":80,
    "ReconMatrixPE":80,
    "BandwidthPerPixelPhaseEncode":23.148,
    "EffectiveEchoSpacing":0.000540003,
    "DerivedVendorReportedEchoSpacing":0.000540003,
    "TotalReadoutTime":0.0426603,
    "PixelBandwidth":2404,
    "DwellTime":2.6e-06,
    "PhaseEncodingDirection":"j-",
    "SliceTiming":[
        0,
        0.215,
        0.43,
        0.645,
        0.86,
        0.07,
        0.285,
        0.5,
        0.715,
        0.93,
        0.1425,
        0.3575,
        0.5725,
        0.7875,
        0,
        0.215,
        0.43,
        0.645,
        0.86,
        0.07,
        0.285,
        0.5,
        0.715,
        0.93,
        0.1425,
        0.3575,
        0.5725,
        0.7875,
        0,
        0.215,
        0.43,
        0.645,
        0.86,
        0.07,
        0.285,
        0.5,
        0.715,
        0.93,
        0.1425,
        0.3575,
        0.5725,
        0.7875,
        0,
        0.215,
        0.43,
        0.645,
        0.86,
        0.07,
        0.285,
        0.5,
        0.715,
        0.93,
        0.1425,
        0.3575,
        0.5725,
        0.7875
    ],
    "ImageOrientationPatientDICOM":[
        1,
        -1e-16,
        0,
        1e-16,
        0.939693,
        -0.34202
    ],
    "InPlanePhaseEncodingDirectionDICOM":"COL",
    "ConversionSoftware":"dcm2niix",
    "ConversionSoftwareVersion":"v1.0.20210317",
    "TaskName":"rest"
}