{
  "aor": 0.0006717263157894737,
  "aqi": 0.007155155473684211,
  "bids_meta": {
    "AccessionNumber": "8568-001",
    "AcquisitionDateTime": "2018-09-14T10:02:47.430000",
    "AcquisitionMatrixPE": 80,
    "AcquisitionNumber": 1,
    "AcquisitionTime": "10:02:47.430000",
    "BandwidthPerPixelPhaseEncode": 23.191,
    "BaseResolution": 80,
    "BodyPartExamined": "BRAIN",
    "ConsistencyInfo": "N4_VE11C_LATEST_20160120",
    "ConversionSoftware": "dcm2niix",
    "ConversionSoftwareVersion": "v1.0.20210317",
    "DerivedVendorReportedEchoSpacing": 0.000490002,
    "DeviceSerialNumber": "167050",
    "DwellTime": 2.3e-06,
    "EchoTime": 0.03,
    "EchoTrainLength": 88,
    "EffectiveEchoSpacing": 0.000539002,
    "FlipAngle": 53,
    "ImageComments": "Unaliased MB6/PE3/LB",
    "ImageOrientationPatientDICOM": [
      1,
      0,
      0,
      0,
      0.939693,
      -0.34202
    ],
    "ImageType": [
      "ORIGINAL",
      "PRIMARY",
      "M",
      "MB",
      "ND",
      "MOSAIC"
    ],
    "ImagingFrequency": 123.25,
    "InPlanePhaseEncodingDirectionDICOM": "COL",
    "InstitutionAddress": "Michigan Ave 320,Pasadena,California,US,91025",
    "InstitutionName": "Caltech Prisma64",
    "InstitutionalDepartmentName": "Department",
    "MRAcquisitionType": "2D",
    "MagneticFieldStrength": 3,
    "Manufacturer": "Siemens",
    "ManufacturersModelName": "Prisma_fit",
    "Modality": "MR",
    "MultibandAccelerationFactor": 6,
    "PartialFourier": 1,
    "PatientBirthDate": "1998-10-01",
    "PatientID": "CC0162",
    "PatientName": "CC0162",
    "PatientPosition": "HFS",
    "PatientSex": "M",
    "PatientWeight": 65.7709,
    "PercentPhaseFOV": 100,
    "PercentSampling": 100,
    "PhaseEncodingDirection": "j-",
    "PhaseEncodingSteps": 88,
    "PhaseOversampling": 0.1,
    "PhaseResolution": 1,
    "PixelBandwidth": 2715,
    "ProcedureStepDescription": "Conte Core",
    "ProtocolName": "task-pixar_run-01_bold",
    "PulseSequenceDetails": "%CustomerSeq%\\cmrr_mbep2d_bold",
    "ReceiveCoilActiveElements": "HEA;HEP",
    "ReceiveCoilName": "Head_32",
    "ReconMatrixPE": 80,
    "ReferringPhysicianName": "Adolphs",
    "RepetitionTime": 0.7,
    "SAR": 0.0776232,
    "ScanOptions": "FS\\EXT",
    "ScanningSequence": "EP",
    "SequenceName": "epfid2d1_80",
    "SequenceVariant": "SK\\SS\\OSP",
    "SeriesDescription": "task-pixar_run-01_bold",
    "SeriesInstanceUID": "1.3.12.2.1107.5.2.43.167050.201809141000277845759934.0.0.0",
    "SeriesNumber": 40,
    "ShimSetting": [
      6988,
      -3612,
      7942,
      454,
      7,
      -25,
      -129,
      -17
    ],
    "SliceThickness": 2.5,
    "SliceTiming": [
      0,
      0.4775,
      0.2725,
      0.07,
      0.545,
      0.34,
      0.1375,
      0.6125,
      0.41,
      0.205,
      0,
      0.4775,
      0.2725,
      0.07,
      0.545,
      0.34,
      0.1375,
      0.6125,
      0.41,
      0.205,
      0,
      0.4775,
      0.2725,
      0.07,
      0.545,
      0.34,
      0.1375,
      0.6125,
      0.41,
      0.205,
      0,
      0.4775,
      0.2725,
      0.07,
      0.545,
      0.34,
      0.1375,
      0.6125,
      0.41,
      0.205,
      0,
      0.4775,
      0.2725,
      0.07,
      0.545,
      0.34,
      0.1375,
      0.6125,
      0.41,
      0.205,
      0,
      0.4775,
      0.2725,
      0.07,
      0.545,
      0.34,
      0.1375,
      0.6125,
      0.41,
      0.205
    ],
    "SoftwareVersions": "syngo MR E11",
    "SpacingBetweenSlices": 2.5,
    "StationName": "PRISMA",
    "StudyID": "1",
    "StudyInstanceUID": "1.3.12.2.1107.5.2.43.167050.30000018081720093477500000121",
    "TaskName": "pixar",
    "TotalReadoutTime": 0.0425812,
    "TxRefAmp": 246.665,
    "WipMemBlock": "1999d01e-8a6c-47ed-a296-f78155b268ed||Sequence: R016 ve11c/master r/e634e98; Dec 19 2017 11:00:25 by eja",
    "dataset": "unknown",
    "modality": "bold",
    "run_id": 1,
    "session_id": "core2p2",
    "subject_id": "CC0162",
    "task_id": "pixar"
  },
  "dummy_trs": 1,
  "dvars_nstd": 36.431546899556984,
  "dvars_std": 1.056176987046413,
  "dvars_vstd": 0.9791903474261606,
  "efc": 0.5598318468188955,
  "fber": 533.187744140625,
  "fd_mean": 0.07305190716536032,
  "fd_num": 6,
  "fd_perc": 1.263157894736842,
  "fwhm_avg": 2.8299760000000003,
  "fwhm_x": 2.5924,
  "fwhm_y": 2.959352,
  "fwhm_z": 2.938176,
  "gcor": 0.0084747,
  "gsr_x": 0.05686428025364876,
  "gsr_y": 0.09199368208646774,
  "provenance": {
    "md5sum": "a0a7c72bf690bb817a38c3d490522729",
    "settings": {
      "fd_thres": 0.2,
      "hmc_fsl": false
    },
    "software": "mriqc",
    "version": "0.15.0",
    "webapi_port": null,
    "webapi_url": "https://mriqc.nimh.nih.gov/api/v1"
  },
  "size_t": 475,
  "size_x": 80,
  "size_y": 80,
  "size_z": 60,
  "snr": 2.328428589346657,
  "spacing_tr": 0.699999988079071,
  "spacing_x": 2.5,
  "spacing_y": 2.5,
  "spacing_z": 2.5,
  "summary_bg_k": 16.01379530740355,
  "summary_bg_mad": 87.19105529785156,
  "summary_bg_mean": 438.58050537109375,
  "summary_bg_median": 146.1105194091797,
  "summary_bg_n": 234842.0,
  "summary_bg_p05": 80.53904571533204,
  "summary_bg_p95": 1972.8706787109356,
  "summary_bg_stdv": 774.0645751953125,
  "summary_fg_k": 0.7094612869895518,
  "summary_fg_mad": 1408.0537109375,
  "summary_fg_mean": 3872.594970703125,
  "summary_fg_median": 3616.709228515625,
  "summary_fg_n": 87463.0,
  "summary_fg_p05": 1810.371875,
  "summary_fg_p95": 6856.707373046873,
  "summary_fg_stdv": 1553.2744140625,
  "tsnr": 34.86054992675781
}