{
  "aor": 0.0008991485809682805,
  "aqi": 0.004021719649415692,
  "bids_meta": {
    "AccessionNumber": "8568-001",
    "AcquisitionDateTime": "2018-09-14T09:03:4.480000",
    "AcquisitionMatrixPE": 80,
    "AcquisitionNumber": 1,
    "AcquisitionTime": "09:03:4.480000",
    "BandwidthPerPixelPhaseEncode": 23.191,
    "BaseResolution": 80,
    "BodyPartExamined": "BRAIN",
    "ConsistencyInfo": "N4_VE11C_LATEST_20160120",
    "ConversionSoftware": "dcm2niix",
    "ConversionSoftwareVersion": "v1.0.20210317",
    "DerivedVendorReportedEchoSpacing": 0.000490002,
    "DeviceSerialNumber": "167050",
    "DwellTime": 2.3e-06,
    "EchoTime": 0.03,
    "EchoTrainLength": 88,
    "EffectiveEchoSpacing": 0.000539002,
    "FlipAngle": 53,
    "ImageComments": "Unaliased MB6/PE3/LB",
    "ImageOrientationPatientDICOM": [
      1,
      0,
      0,
      0,
      0.939693,
      -0.34202
    ],
    "ImageType": [
      "ORIGINAL",
      "PRIMARY",
      "M",
      "MB",
      "ND",
      "MOSAIC"
    ],
    "ImagingFrequency": 123.25,
    "InPlanePhaseEncodingDirectionDICOM": "COL",
    "InstitutionAddress": "Michigan Ave 320,Pasadena,California,US,91025",
    "InstitutionName": "Caltech Prisma64",
    "InstitutionalDepartmentName": "Department",
    "MRAcquisitionType": "2D",
    "MagneticFieldStrength": 3,
    "Manufacturer": "Siemens",
    "ManufacturersModelName": "Prisma_fit",
    "Modality": "MR",
    "MultibandAccelerationFactor": 6,
    "PartialFourier": 1,
    "PatientBirthDate": "1998-10-01",
    "PatientID": "CC0162",
    "PatientName": "CC0162",
    "PatientPosition": "HFS",
    "PatientSex": "M",
    "PatientWeight": 65.7709,
    "PercentPhaseFOV": 100,
    "PercentSampling": 100,
    "PhaseEncodingDirection": "j-",
    "PhaseEncodingSteps": 88,
    "PhaseOversampling": 0.1,
    "PhaseResolution": 1,
    "PixelBandwidth": 2715,
    "ProcedureStepDescription": "Conte Core",
    "ProtocolName": "task-rest_run-01_bold",
    "PulseSequenceDetails": "%CustomerSeq%\\cmrr_mbep2d_bold",
    "ReceiveCoilActiveElements": "HEA;HEP",
    "ReceiveCoilName": "Head_32",
    "ReconMatrixPE": 80,
    "ReferringPhysicianName": "Adolphs",
    "RepetitionTime": 0.7,
    "SAR": 0.077748,
    "ScanOptions": "FS\\EXT",
    "ScanningSequence": "EP",
    "SequenceName": "epfid2d1_80",
    "SequenceVariant": "SK\\SS\\OSP",
    "SeriesDescription": "task-rest_run-01_bold",
    "SeriesInstanceUID": "1.3.12.2.1107.5.2.43.167050.2018091409011055239189213.0.0.0",
    "SeriesNumber": 9,
    "ShimSetting": [
      6988,
      -3612,
      7942,
      454,
      7,
      -25,
      -129,
      -17
    ],
    "SliceThickness": 2.5,
    "SliceTiming": [
      0,
      0.4775,
      0.2725,
      0.0675,
      0.545,
      0.34,
      0.1375,
      0.6125,
      0.4075,
      0.205,
      0,
      0.4775,
      0.2725,
      0.0675,
      0.545,
      0.34,
      0.1375,
      0.6125,
      0.4075,
      0.205,
      0,
      0.4775,
      0.2725,
      0.0675,
      0.545,
      0.34,
      0.1375,
      0.6125,
      0.4075,
      0.205,
      0,
      0.4775,
      0.2725,
      0.0675,
      0.545,
      0.34,
      0.1375,
      0.6125,
      0.4075,
      0.205,
      0,
      0.4775,
      0.2725,
      0.0675,
      0.545,
      0.34,
      0.1375,
      0.6125,
      0.4075,
      0.205,
      0,
      0.4775,
      0.2725,
      0.0675,
      0.545,
      0.34,
      0.1375,
      0.6125,
      0.4075,
      0.205
    ],
    "SoftwareVersions": "syngo MR E11",
    "SpacingBetweenSlices": 2.5,
    "StationName": "PRISMA",
    "StudyID": "1",
    "StudyInstanceUID": "1.3.12.2.1107.5.2.43.167050.30000018081720093477500000121",
    "TaskName": "rest",
    "TotalReadoutTime": 0.0425812,
    "TxRefAmp": 246.665,
    "WipMemBlock": "1ea04415-4f95-4728-bc69-7b190a8dca09||Sequence: R016 ve11c/master r/e634e98; Dec 19 2017 11:00:25 by eja",
    "dataset": "unknown",
    "modality": "bold",
    "run_id": 1,
    "session_id": "core2p2",
    "subject_id": "CC0162",
    "task_id": "rest"
  },
  "dummy_trs": 1,
  "dvars_nstd": 35.858992522608695,
  "dvars_std": 1.108483144498328,
  "dvars_vstd": 1.0341289296488305,
  "efc": 0.5648838788572353,
  "fber": 464.88848876953125,
  "fd_mean": 0.08305545656746638,
  "fd_num": 12,
  "fd_perc": 2.003338898163606,
  "fwhm_avg": 2.8482133333333333,
  "fwhm_x": 2.646184,
  "fwhm_y": 3.049492,
  "fwhm_z": 2.848964,
  "gcor": 0.0128876,
  "gsr_x": 0.03997059911489487,
  "gsr_y": 0.08974667638540268,
  "provenance": {
    "md5sum": "28b2ff813a3b838733733c9c2073017f",
    "settings": {
      "fd_thres": 0.2,
      "hmc_fsl": false
    },
    "software": "mriqc",
    "version": "0.15.0",
    "webapi_port": null,
    "webapi_url": "https://mriqc.nimh.nih.gov/api/v1"
  },
  "size_t": 599,
  "size_x": 80,
  "size_y": 80,
  "size_z": 60,
  "snr": 2.2263483237664072,
  "spacing_tr": 0.699999988079071,
  "spacing_x": 2.5,
  "spacing_y": 2.5,
  "spacing_z": 2.5,
  "summary_bg_k": 15.087840309618155,
  "summary_bg_mad": 107.88591766357422,
  "summary_bg_mean": 497.7836608886719,
  "summary_bg_median": 166.20867919921875,
  "summary_bg_n": 233470.0,
  "summary_bg_p05": 84.44573974609375,
  "summary_bg_p95": 2173.5472290039024,
  "summary_bg_stdv": 835.1025390625,
  "summary_fg_k": 0.21867951021519527,
  "summary_fg_mad": 1674.804931640625,
  "summary_fg_mean": 4181.5390625,
  "summary_fg_median": 3882.15087890625,
  "summary_fg_n": 88112.0,
  "summary_fg_p05": 1843.8559265136719,
  "summary_fg_p95": 7454.218701171875,
  "summary_fg_stdv": 1743.7203369140625,
  "tsnr": 41.61271286010742
}