{
  "aor": 0.0008423319327731093,
  "aqi": 0.006151458865546218,
  "bids_meta": {
    "AccessionNumber": "8542-001",
    "AcquisitionDateTime": "2018-08-15T12:54:53.687500",
    "AcquisitionMatrixPE": 80,
    "AcquisitionNumber": 1,
    "AcquisitionTime": "12:54:53.687500",
    "BandwidthPerPixelPhaseEncode": 23.191,
    "BaseResolution": 80,
    "BodyPartExamined": "BRAIN",
    "ConsistencyInfo": "N4_VE11C_LATEST_20160120",
    "ConversionSoftware": "dcm2niix",
    "ConversionSoftwareVersion": "v1.0.20210317",
    "DerivedVendorReportedEchoSpacing": 0.000490002,
    "DeviceSerialNumber": "167050",
    "DwellTime": 2.3e-06,
    "EchoTime": 0.03,
    "EchoTrainLength": 88,
    "EffectiveEchoSpacing": 0.000539002,
    "FlipAngle": 53,
    "ImageComments": "Unaliased MB6/PE3/LB",
    "ImageOrientationPatientDICOM": [
      1,
      0,
      0,
      0,
      0.939693,
      -0.34202
    ],
    "ImageType": [
      "ORIGINAL",
      "PRIMARY",
      "M",
      "MB",
      "ND",
      "MOSAIC"
    ],
    "ImagingFrequency": 123.25,
    "InPlanePhaseEncodingDirectionDICOM": "COL",
    "InstitutionAddress": "Michigan Ave 320,Pasadena,California,US,91025",
    "InstitutionName": "Caltech Prisma64",
    "InstitutionalDepartmentName": "Department",
    "MRAcquisitionType": "2D",
    "MagneticFieldStrength": 3,
    "Manufacturer": "Siemens",
    "ManufacturersModelName": "Prisma_fit",
    "Modality": "MR",
    "MultibandAccelerationFactor": 6,
    "PartialFourier": 1,
    "PatientBirthDate": "1994-02-01",
    "PatientID": "CC0150",
    "PatientName": "CC0150",
    "PatientPosition": "HFS",
    "PatientSex": "M",
    "PatientWeight": 62.5958,
    "PercentPhaseFOV": 100,
    "PercentSampling": 100,
    "PhaseEncodingDirection": "j-",
    "PhaseEncodingSteps": 88,
    "PhaseOversampling": 0.1,
    "PhaseResolution": 1,
    "PixelBandwidth": 2715,
    "ProcedureStepDescription": "Conte Core",
    "ProtocolName": "task-pixar_run-01_bold",
    "PulseSequenceDetails": "%CustomerSeq%\\cmrr_mbep2d_bold",
    "ReceiveCoilActiveElements": "HEA;HEP",
    "ReceiveCoilName": "Head_32",
    "ReconMatrixPE": 80,
    "ReferringPhysicianName": "Adolphs",
    "RepetitionTime": 0.7,
    "SAR": 0.0843527,
    "ScanOptions": "FS\\EXT",
    "ScanningSequence": "EP",
    "SequenceName": "epfid2d1_80",
    "SequenceVariant": "SK\\SS\\OSP",
    "SeriesDescription": "task-pixar_run-01_bold",
    "SeriesInstanceUID": "1.3.12.2.1107.5.2.43.167050.201808151254429959271167.0.0.0",
    "SeriesNumber": 40,
    "ShimSetting": [
      7005,
      -3638,
      7916,
      567,
      29,
      -85,
      -110,
      -8
    ],
    "SliceThickness": 2.5,
    "SliceTiming": [
      0,
      0.475,
      0.2725,
      0.0675,
      0.545,
      0.34,
      0.135,
      0.6125,
      0.4075,
      0.205,
      0,
      0.475,
      0.2725,
      0.0675,
      0.545,
      0.34,
      0.135,
      0.6125,
      0.4075,
      0.205,
      0,
      0.475,
      0.2725,
      0.0675,
      0.545,
      0.34,
      0.135,
      0.6125,
      0.4075,
      0.205,
      0,
      0.475,
      0.2725,
      0.0675,
      0.545,
      0.34,
      0.135,
      0.6125,
      0.4075,
      0.205,
      0,
      0.475,
      0.2725,
      0.0675,
      0.545,
      0.34,
      0.135,
      0.6125,
      0.4075,
      0.205,
      0,
      0.475,
      0.2725,
      0.0675,
      0.545,
      0.34,
      0.135,
      0.6125,
      0.4075,
      0.205
    ],
    "SoftwareVersions": "syngo MR E11",
    "SpacingBetweenSlices": 2.5,
    "StationName": "PRISMA",
    "StudyID": "1",
    "StudyInstanceUID": "1.3.12.2.1107.5.2.43.167050.30000018071021413043300000091",
    "TaskName": "pixar",
    "TotalReadoutTime": 0.0425812,
    "TxRefAmp": 251.402,
    "WipMemBlock": "80fb882b-2664-4196-b0d7-ba0f13d6bdc1||Sequence: R016 ve11c/master r/e634e98; Dec 19 2017 11:00:25 by eja",
    "dataset": "unknown",
    "modality": "bold",
    "run_id": 1,
    "session_id": "core2p2",
    "subject_id": "CC0150",
    "task_id": "pixar"
  },
  "dummy_trs": 0,
  "dvars_nstd": 34.9923883099158,
  "dvars_std": 1.0546300608842116,
  "dvars_vstd": 0.973197504989474,
  "efc": 0.5598511499664669,
  "fber": 549.0702514648438,
  "fd_mean": 0.11525928334639204,
  "fd_num": 46,
  "fd_perc": 9.663865546218487,
  "fwhm_avg": 2.866630666666667,
  "fwhm_x": 2.6637,
  "fwhm_y": 3.02894,
  "fwhm_z": 2.907252,
  "gcor": 0.012051,
  "gsr_x": 0.017194030806422234,
  "gsr_y": 0.04343411698937416,
  "provenance": {
    "md5sum": "f28df4ec9749146bce9751901a69a5b4",
    "settings": {
      "fd_thres": 0.2,
      "hmc_fsl": false
    },
    "software": "mriqc",
    "version": "0.15.0",
    "webapi_port": null,
    "webapi_url": "https://mriqc.nimh.nih.gov/api/v1"
  },
  "size_t": 476,
  "size_x": 80,
  "size_y": 80,
  "size_z": 60,
  "snr": 2.195525156191134,
  "spacing_tr": 0.699999988079071,
  "spacing_x": 2.5,
  "spacing_y": 2.5,
  "spacing_z": 2.5,
  "summary_bg_k": 18.46571174754439,
  "summary_bg_mad": 100.52728271484375,
  "summary_bg_mean": 395.3593444824219,
  "summary_bg_median": 158.59243774414062,
  "summary_bg_n": 222511.0,
  "summary_bg_p05": 80.50000762939453,
  "summary_bg_p95": 1585.1177368164062,
  "summary_bg_stdv": 619.10009765625,
  "summary_fg_k": 0.9289829582458271,
  "summary_fg_mad": 1652.0006103515625,
  "summary_fg_mean": 4358.83642578125,
  "summary_fg_median": 4039.867919921875,
  "summary_fg_n": 96362.0,
  "summary_fg_p05": 1925.588513183594,
  "summary_fg_p95": 7917.371899414061,
  "summary_fg_stdv": 1840.0367431640625,
  "tsnr": 37.49053192138672
}