{
  "aor": 0.0008828124999999999,
  "aqi": 0.006426869375000001,
  "bids_meta": {
    "AccessionNumber": "6489-001",
    "AcquisitionDateTime": "2013-02-28T12:31:32.517500",
    "AcquisitionMatrixPE": 64,
    "AcquisitionNumber": 1,
    "AcquisitionTime": "12:31:32.517500",
    "BandwidthPerPixelPhaseEncode": 66.489,
    "BaseResolution": 64,
    "CoilString": "C:HEA;HEP",
    "ConversionSoftware": "dcm2niix",
    "ConversionSoftwareVersion": "v1.0.20210317",
    "DerivedVendorReportedEchoSpacing": 0.000470003,
    "DeviceSerialNumber": "35077",
    "DwellTime": 3e-06,
    "EchoTime": 0.03,
    "EffectiveEchoSpacing": 0.000235001,
    "FlipAngle": 85,
    "ImageOrientationPatientDICOM": [
      1,
      -1e-16,
      0,
      1e-16,
      0.939693,
      -0.34202
    ],
    "ImageType": [
      "ORIGINAL",
      "PRIMARY",
      "M",
      "ND",
      "MOSAIC"
    ],
    "ImagingFrequency": 123.229,
    "InPlanePhaseEncodingDirectionDICOM": "COL",
    "InstitutionAddress": "Wilson Avenue 340 ,Pasadena,California,US,91025",
    "InstitutionName": "Caltech Tim32",
    "InstitutionalDepartmentName": "Department",
    "MRAcquisitionType": "2D",
    "MagneticFieldStrength": 3,
    "Manufacturer": "Siemens",
    "ManufacturersModelName": "TrioTim",
    "Modality": "MR",
    "ParallelReductionFactorInPlane": 2,
    "PartialFourier": 1,
    "PatientBirthDate": "1989-01-01",
    "PatientID": "adolphs",
    "PatientName": "CC0056",
    "PatientPosition": "HFS",
    "PatientSex": "M",
    "PatientWeight": 86.1826,
    "PercentPhaseFOV": 100,
    "PercentSampling": 100,
    "PhaseEncodingDirection": "j-",
    "PhaseEncodingSteps": 64,
    "PhaseResolution": 1,
    "PixelBandwidth": 2604,
    "ProcedureStepDescription": "Conte^Core",
    "ProtocolName": "rsBOLD_1",
    "PulseSequenceDetails": "%SiemensSeq%\\ep2d_bold",
    "ReceiveCoilName": "32Ch_Head",
    "ReconMatrixPE": 64,
    "RefLinesPE": 32,
    "RepetitionTime": 2.5,
    "SAR": 0.210695,
    "ScanOptions": "FS",
    "ScanningSequence": "EP",
    "SequenceName": "*epfid2d1_64",
    "SequenceVariant": "SK",
    "SeriesDescription": "rsBOLD_1",
    "SeriesInstanceUID": "1.3.12.2.1107.5.2.32.35077.2013022812312295930764673.0.0.0",
    "SeriesNumber": 2,
    "ShimSetting": [
      9499,
      -10496,
      15773,
      617,
      -92,
      1,
      -279,
      82
    ],
    "SliceThickness": 3,
    "SliceTiming": [
      0,
      0.0525,
      0.1075,
      0.16,
      0.2125,
      0.2675,
      0.32,
      0.375,
      0.4275,
      0.48,
      0.535,
      0.5875,
      0.64,
      0.695,
      0.7475,
      0.8,
      0.855,
      0.9075,
      0.96,
      1.015,
      1.0675,
      1.1225,
      1.175,
      1.2275,
      1.2825,
      1.335,
      1.3875,
      1.4425,
      1.495,
      1.5475,
      1.6025,
      1.655,
      1.7075,
      1.7625,
      1.815,
      1.87,
      1.9225,
      1.975,
      2.03,
      2.0825,
      2.135,
      2.19,
      2.2425,
      2.295,
      2.35,
      2.4025,
      2.455
    ],
    "SoftwareVersions": "syngo MR B17",
    "SpacingBetweenSlices": 3,
    "StationName": "MEDPC",
    "StudyID": "1",
    "StudyInstanceUID": "1.3.12.2.1107.5.2.32.35077.30000013022621150407800000040",
    "TaskName": "rest",
    "TotalReadoutTime": 0.0148051,
    "TxRefAmp": 338.245,
    "dataset": "unknown",
    "modality": "bold",
    "run_id": 1,
    "session_id": "core1p1",
    "subject_id": "CC0056",
    "task_id": "rest"
  },
  "dummy_trs": 0,
  "dvars_nstd": 32.97010254955977,
  "dvars_std": 1.009876338679245,
  "dvars_vstd": 0.9379224982389939,
  "efc": 0.5655790426794614,
  "fber": 272.3061218261719,
  "fd_mean": 0.09077049148860324,
  "fd_num": 0,
  "fd_perc": 0.0,
  "fwhm_avg": 2.836792222222222,
  "fwhm_x": 2.8105166666666666,
  "fwhm_y": 2.858333333333333,
  "fwhm_z": 2.8415266666666668,
  "gcor": 0.0100151,
  "gsr_x": 0.00873365718871355,
  "gsr_y": 0.08238574862480164,
  "provenance": {
    "md5sum": "9da40243650a582a76886da6a2f16a55",
    "settings": {
      "fd_thres": 0.2,
      "hmc_fsl": false
    },
    "software": "mriqc",
    "version": "0.15.0",
    "webapi_port": null,
    "webapi_url": "https://mriqc.nimh.nih.gov/api/v1"
  },
  "size_t": 160,
  "size_x": 64,
  "size_y": 64,
  "size_z": 47,
  "snr": 1.9457713859579555,
  "spacing_tr": 2.5,
  "spacing_x": 3.0,
  "spacing_y": 3.0,
  "spacing_z": 3.0,
  "summary_bg_k": 56.07072762837827,
  "summary_bg_mad": 17.059192657470703,
  "summary_bg_mean": 67.99199676513672,
  "summary_bg_median": 33.775001525878906,
  "summary_bg_n": 102188.0,
  "summary_bg_p05": 20.387500762939453,
  "summary_bg_p95": 223.3312530517578,
  "summary_bg_stdv": 104.37950897216797,
  "summary_fg_k": 3.990522047486979,
  "summary_fg_mad": 238.53216552734375,
  "summary_fg_mean": 689.2771606445312,
  "summary_fg_median": 617.096923828125,
  "summary_fg_n": 49066.0,
  "summary_fg_p05": 343.4343719482422,
  "summary_fg_p95": 1320.8094482421875,
  "summary_fg_stdv": 317.14447021484375,
  "tsnr": 38.61891555786133
}