{
  "bids_meta": {
    "AccessionNumber": "7802-001",
    "AcquisitionDateTime": "2015-05-26T14:37:23.807500",
    "AcquisitionMatrixPE": 258,
    "AcquisitionNumber": 1,
    "AcquisitionTime": "14:37:23.807500",
    "BaseResolution": 256,
    "CoilString": "C:HEA;HEP",
    "ConversionSoftware": "dcm2niix",
    "ConversionSoftwareVersion": "v1.0.20210317",
    "DeviceSerialNumber": "35077",
    "DwellTime": 3e-06,
    "EchoTime": 0.206,
    "EchoTrainLength": 79,
    "FlipAngle": 120,
    "ImageOrientationPatientDICOM": [
      0,
      1,
      0,
      0,
      0,
      -1
    ],
    "ImageType": [
      "ORIGINAL",
      "PRIMARY",
      "M",
      "NORM",
      "DIS2D"
    ],
    "ImagingFrequency": 123.229,
    "InPlanePhaseEncodingDirectionDICOM": "ROW",
    "InstitutionAddress": "Wilson Avenue 340 ,Pasadena,California,US,91025",
    "InstitutionName": "Caltech Tim32",
    "InstitutionalDepartmentName": "Department",
    "MRAcquisitionType": "3D",
    "MagneticFieldStrength": 3,
    "Manufacturer": "Siemens",
    "ManufacturersModelName": "TrioTim",
    "Modality": "MR",
    "ParallelReductionFactorInPlane": 2,
    "PartialFourier": 1,
    "PatientBirthDate": "1992-01-01",
    "PatientID": "adolphs",
    "PatientName": "CC0108",
    "PatientPosition": "HFS",
    "PatientSex": "F",
    "PatientWeight": 81.6466,
    "PercentPhaseFOV": 100,
    "PercentSampling": 100.709,
    "PhaseEncodingDirection": "i",
    "PhaseEncodingSteps": 243,
    "PhaseOversampling": 0.101562,
    "PhaseResolution": 1.00709,
    "PixelBandwidth": 651,
    "ProcedureStepDescription": "Conte^Core",
    "ProtocolName": "T2w_3D",
    "PulseSequenceDetails": "%SiemensSeq%\\tse_vfl",
    "ReceiveCoilName": "32Ch_Head",
    "ReconMatrixPE": 256,
    "RefLinesPE": 32,
    "RepetitionTime": 2.5,
    "SAR": 0.596612,
    "ScanOptions": "PFP",
    "ScanningSequence": "SE",
    "SequenceName": "*spc3d1_158ns",
    "SequenceVariant": "SK\\SP\\OSP",
    "SeriesDescription": "T2w_3D",
    "SeriesInstanceUID": "1.3.12.2.1107.5.2.32.35077.2015052614372087684980972.0.0.0",
    "SeriesNumber": 19,
    "ShimSetting": [
      9534,
      -10449,
      15299,
      -19,
      -147,
      -26,
      -133,
      36
    ],
    "SliceThickness": 1,
    "SoftwareVersions": "syngo MR B17",
    "StationName": "MEDPC",
    "StudyID": "1",
    "StudyInstanceUID": "1.3.12.2.1107.5.2.32.35077.30000015052618473312500000004",
    "TxRefAmp": 325.711,
    "dataset": "unknown",
    "modality": "T2w",
    "run_id": 2,
    "session_id": "core1p3p1",
    "subject_id": "CC0108"
  },
  "cjv": 0.5924883819669684,
  "cnr": 2.2850940255643324,
  "efc": 0.5452272476834443,
  "fber": 6985.361328125,
  "fwhm_avg": 1.9461766666666669,
  "fwhm_x": 2.07384,
  "fwhm_y": 1.80743,
  "fwhm_z": 1.95726,
  "icvs_csf": 0.15408989439913634,
  "icvs_gm": 0.3827288017694085,
  "icvs_wm": 0.46318130383145517,
  "inu_med": 1.2862285375595093,
  "inu_range": 0.2757705926895142,
  "provenance": {
    "md5sum": "e88d9a30503c4a3f48fdd984cc4e7b17",
    "settings": {
      "testing": false
    },
    "software": "mriqc",
    "version": "0.15.0",
    "warnings": {
      "large_rot_frame": true,
      "small_air_mask": false
    },
    "webapi_port": null,
    "webapi_url": "https://mriqc.nimh.nih.gov/api/v1"
  },
  "qi_1": 0.0,
  "qi_2": 0.019277668817220803,
  "rpve_csf": 43.46546861791322,
  "rpve_gm": 15.608731207935,
  "rpve_wm": 15.028563063209603,
  "size_x": 192,
  "size_y": 256,
  "size_z": 256,
  "snr_csf": 4.686062033519443,
  "snr_gm": 12.530564141893626,
  "snr_total": 10.75866413740738,
  "snr_wm": 15.059366236809069,
  "snrd_csf": 147.22084634821897,
  "snrd_gm": 93.71662102092498,
  "snrd_total": 104.73100181089144,
  "snrd_wm": 73.25553806353037,
  "spacing_x": 1.0,
  "spacing_y": 1.0,
  "spacing_z": 1.0,
  "summary_bg_k": 4.276604174252544,
  "summary_bg_mad": 8.943279266357422,
  "summary_bg_mean": 13.54085922241211,
  "summary_bg_median": 12.041899681091309,
  "summary_bg_n": 2078237.0,
  "summary_bg_p05": 0.0,
  "summary_bg_p95": 30.193287658691403,
  "summary_bg_stdv": 10.402873992919922,
  "summary_csf_k": 3.2307572060477163,
  "summary_csf_mad": 315.5565490722656,
  "summary_csf_mean": 1918.615478515625,
  "summary_csf_median": 2009.714599609375,
  "summary_csf_n": 27092.0,
  "summary_csf_p05": 939.756561279297,
  "summary_csf_p95": 2409.671545410156,
  "summary_csf_stdv": 428.8627624511719,
  "summary_gm_k": 0.15518882968904135,
  "summary_gm_mad": 98.22321319580078,
  "summary_gm_mean": 1283.1722412109375,
  "summary_gm_median": 1279.327392578125,
  "summary_gm_n": 20828.0,
  "summary_gm_p05": 1117.69384765625,
  "summary_gm_p95": 1456.955236816406,
  "summary_gm_stdv": 102.09410095214844,
  "summary_wm_k": 2.9411109960797432e-06,
  "summary_wm_mad": 67.26746368408203,
  "summary_wm_mean": 997.4019165039062,
  "summary_wm_median": 1000.0127563476562,
  "summary_wm_n": 178696.0,
  "summary_wm_p05": 884.3931121826172,
  "summary_wm_p95": 1101.1036987304688,
  "summary_wm_stdv": 66.4045181274414,
  "tpm_overlap_csf": 0.18242138624191284,
  "tpm_overlap_gm": 0.43694591522216797,
  "tpm_overlap_wm": 0.49999159574508667,
  "wm2max": 0.38124918083256887
}