{
  "bids_meta": {
    "AccessionNumber": "7802-001",
    "AcquisitionDateTime": "2015-05-26T14:30:36.730000",
    "AcquisitionMatrixPE": 256,
    "AcquisitionNumber": 1,
    "AcquisitionTime": "14:30:36.730000",
    "BaseResolution": 256,
    "CoilString": "C:HEA;HEP",
    "ConversionSoftware": "dcm2niix",
    "ConversionSoftwareVersion": "v1.0.20210317",
    "DeviceSerialNumber": "35077",
    "DwellTime": 9.3e-06,
    "EchoTime": 0.00256,
    "FlipAngle": 8,
    "ImageOrientationPatientDICOM": [
      0,
      1,
      0,
      0,
      0,
      -1
    ],
    "ImageType": [
      "ORIGINAL",
      "PRIMARY",
      "M",
      "NORM",
      "DIS2D"
    ],
    "ImagingFrequency": 123.229,
    "InPlanePhaseEncodingDirectionDICOM": "ROW",
    "InstitutionAddress": "Wilson Avenue 340 ,Pasadena,California,US,91025",
    "InstitutionName": "Caltech Tim32",
    "InstitutionalDepartmentName": "Department",
    "InversionTime": 1,
    "MRAcquisitionType": "3D",
    "MagneticFieldStrength": 3,
    "Manufacturer": "Siemens",
    "ManufacturersModelName": "TrioTim",
    "Modality": "MR",
    "ParallelReductionFactorInPlane": 2,
    "PartialFourier": 1,
    "PatientBirthDate": "1992-01-01",
    "PatientID": "adolphs",
    "PatientName": "CC0108",
    "PatientPosition": "HFS",
    "PatientSex": "F",
    "PatientWeight": 81.6466,
    "PercentPhaseFOV": 100,
    "PercentSampling": 100,
    "PhaseEncodingSteps": 282,
    "PhaseOversampling": 0.1,
    "PhaseResolution": 1,
    "PixelBandwidth": 210,
    "ProcedureStepDescription": "Conte^Core",
    "ProtocolName": "T1w_3D_2",
    "PulseSequenceDetails": "%SiemensSeq%\\tfl",
    "ReceiveCoilName": "32Ch_Head",
    "ReconMatrixPE": 256,
    "RefLinesPE": 32,
    "RepetitionTime": 2.4,
    "SAR": 0.103097,
    "ScanOptions": "IR\\DB\\WE",
    "ScanningSequence": "GR\\IR",
    "SequenceName": "*tfl3d1",
    "SequenceVariant": "SP\\MP\\OSP",
    "SeriesDescription": "T1w_3D_2",
    "SeriesInstanceUID": "1.3.12.2.1107.5.2.32.35077.2015052614303318175380006.0.0.0",
    "SeriesNumber": 17,
    "ShimSetting": [
      9530,
      -10507,
      15739,
      326,
      -78,
      -384,
      0,
      -61
    ],
    "SliceThickness": 1,
    "SoftwareVersions": "syngo MR B17",
    "StationName": "MEDPC",
    "StudyID": "1",
    "StudyInstanceUID": "1.3.12.2.1107.5.2.32.35077.30000015052618473312500000004",
    "TxRefAmp": 325.711,
    "dataset": "unknown",
    "modality": "T1w",
    "run_id": 4,
    "session_id": "core1p3p1",
    "subject_id": "CC0108"
  },
  "cjv": 0.3722635694021304,
  "cnr": 3.4282132070302085,
  "efc": 0.5327540536538649,
  "fber": 17181.56640625,
  "fwhm_avg": 3.8409166666666663,
  "fwhm_x": 3.75888,
  "fwhm_y": 3.86538,
  "fwhm_z": 3.89849,
  "icvs_csf": 0.1975681621466651,
  "icvs_gm": 0.41088699115009625,
  "icvs_wm": 0.39154484670323864,
  "inu_med": 1.4415355920791626,
  "inu_range": 0.470578074455261,
  "provenance": {
    "md5sum": "3fd523cd8bc8b7603884f06e84b4b3a5",
    "settings": {
      "testing": false
    },
    "software": "mriqc",
    "version": "0.15.0",
    "warnings": {
      "large_rot_frame": true,
      "small_air_mask": false
    },
    "webapi_port": null,
    "webapi_url": "https://mriqc.nimh.nih.gov/api/v1"
  },
  "qi_1": 0.01766641236493794,
  "qi_2": 0.026599356263415846,
  "rpve_csf": 30.123535422179167,
  "rpve_gm": 15.453332686945831,
  "rpve_wm": 19.783554163629955,
  "size_x": 192,
  "size_y": 256,
  "size_z": 256,
  "snr_csf": 2.8377533540898834,
  "snr_gm": 10.959593680780461,
  "snr_total": 12.74505429484356,
  "snr_wm": 24.437815849660335,
  "snrd_csf": 35.41431268773585,
  "snrd_gm": 70.99893568997472,
  "snrd_total": 67.84944876631579,
  "snrd_wm": 97.13509792123678,
  "spacing_x": 1.0,
  "spacing_y": 1.0,
  "spacing_z": 1.0,
  "summary_bg_k": 193.2252852253614,
  "summary_bg_mad": 6.744676113128662,
  "summary_bg_mean": 4.57589864730835,
  "summary_bg_median": 4.549214839935303,
  "summary_bg_n": 3650508.0,
  "summary_bg_p05": 0.0,
  "summary_bg_p95": 13.67372350692749,
  "summary_bg_stdv": 6.16609525680542,
  "summary_csf_k": -0.18530406179986114,
  "summary_csf_mad": 158.37759399414062,
  "summary_csf_mean": 373.6520080566406,
  "summary_csf_median": 364.5928955078125,
  "summary_csf_n": 16837.0,
  "summary_csf_p05": 185.40335388183593,
  "summary_csf_p95": 577.7544311523437,
  "summary_csf_stdv": 128.47560119628906,
  "summary_gm_k": 0.2730449737216456,
  "summary_gm_mad": 62.79142761230469,
  "summary_gm_mean": 730.6244506835938,
  "summary_gm_median": 730.9391479492188,
  "summary_gm_n": 18675.0,
  "summary_gm_p05": 620.09951171875,
  "summary_gm_p95": 841.84521484375,
  "summary_gm_stdv": 66.69221496582031,
  "summary_wm_k": 0.8018466082381468,
  "summary_wm_mad": 37.37489700317383,
  "summary_wm_mean": 999.6649780273438,
  "summary_wm_median": 1000.0128173828125,
  "summary_wm_n": 222995.0,
  "summary_wm_p05": 932.2048583984374,
  "summary_wm_p95": 1065.8102294921873,
  "summary_wm_stdv": 40.92061996459961,
  "tpm_overlap_csf": 0.22810351848602295,
  "tpm_overlap_gm": 0.5058179497718811,
  "tpm_overlap_wm": 0.5748648047447205,
  "wm2max": 0.6751719978824878
}