{
  "bids_meta": {
    "AccessionNumber": "8680-013",
    "AcquisitionDateTime": "2019-01-22T13:11:7.255000",
    "AcquisitionMatrixPE": 256,
    "AcquisitionNumber": 1,
    "AcquisitionTime": "13:11:7.255000",
    "BaseResolution": 256,
    "BodyPartExamined": "BRAIN",
    "ConsistencyInfo": "N4_VE11C_LATEST_20160120",
    "ConversionSoftware": "dcm2niix",
    "ConversionSoftwareVersion": "v1.0.20210317",
    "DeviceSerialNumber": "167050",
    "DwellTime": 3e-06,
    "EchoNumber": 4,
    "FlipAngle": 8,
    "ImageComments": "Average over all echoes.",
    "ImageOrientationPatientDICOM": [
      0,
      1,
      0,
      0,
      0,
      -1
    ],
    "ImageType": [
      "ORIGINAL",
      "PRIMARY",
      "ECHO",
      "COMBINED",
      "ND"
    ],
    "ImagingFrequency": 123.25,
    "InPlanePhaseEncodingDirectionDICOM": "ROW",
    "InstitutionAddress": "Michigan Ave 320,Pasadena,California,US,91025",
    "InstitutionName": "Caltech Prisma64",
    "InstitutionalDepartmentName": "Department",
    "InversionTime": 1.15,
    "MRAcquisitionType": "3D",
    "MagneticFieldStrength": 3,
    "Manufacturer": "Siemens",
    "ManufacturersModelName": "Prisma_fit",
    "Modality": "MR",
    "ParallelReductionFactorInPlane": 2,
    "PartialFourier": 1,
    "PatientBirthDate": "1987-05-01",
    "PatientID": "CC0006",
    "PatientName": "CC0006",
    "PatientPosition": "HFS",
    "PatientSex": "M",
    "PatientWeight": 72.5748,
    "PercentPhaseFOV": 100,
    "PercentSampling": 100,
    "PhaseEncodingSteps": 282,
    "PhaseOversampling": 0.1,
    "PhaseResolution": 1,
    "PixelBandwidth": 650,
    "ProtocolName": "T1w",
    "PulseSequenceDetails": "%CustomerSeq%\\tfl_wip900D_VE11C",
    "ReceiveCoilActiveElements": "HEA;HEP",
    "ReceiveCoilName": "Head_32",
    "ReconMatrixPE": 256,
    "RefLinesPE": 32,
    "ReferringPhysicianName": "Adolphs",
    "RepetitionTime": 2.55,
    "SAR": 0.049795,
    "ScanOptions": "IR\\WE",
    "ScanningSequence": "GR\\IR",
    "SequenceName": "tfl3d4_16ns",
    "SequenceVariant": "SK\\SP\\MP\\OSP",
    "SeriesDescription": "T1w_combEcho",
    "SeriesInstanceUID": "1.3.12.2.1107.5.2.43.167050.2019012213181636048774842.0.0.0",
    "SeriesNumber": 3,
    "ShimSetting": [
      6990,
      -3616,
      7941,
      309,
      35,
      10,
      62,
      9
    ],
    "SliceThickness": 0.9,
    "SoftwareVersions": "syngo MR E11",
    "StationName": "PRISMA",
    "StudyID": "1",
    "StudyInstanceUID": "1.3.12.2.1107.5.2.43.167050.30000019012122271046500000010",
    "TxRefAmp": 267.805,
    "WipMemBlock": "WIP_Identifier: WIP#900D",
    "acq_id": "combecho",
    "dataset": "unknown",
    "modality": "T1w",
    "run_id": 1,
    "session_id": "core2p2",
    "subject_id": "CC0006"
  },
  "cjv": 0.6591754146739454,
  "cnr": 2.073038313891176,
  "efc": 0.6027080346825101,
  "fber": 289.02142333984375,
  "fwhm_avg": 6.932413895418193,
  "fwhm_x": 6.757333512341539,
  "fwhm_y": 6.819851130434782,
  "fwhm_z": 7.220057043478261,
  "icvs_csf": 0.16726751372396015,
  "icvs_gm": 0.43696530542403006,
  "icvs_wm": 0.3957671808520098,
  "inu_med": 1.729000210762024,
  "inu_range": 1.746302342414854,
  "provenance": {
    "md5sum": "de8c8a7b62f2ef6e2a7717db24e9e597",
    "settings": {
      "testing": false
    },
    "software": "mriqc",
    "version": "0.15.0",
    "warnings": {
      "large_rot_frame": false,
      "small_air_mask": false
    },
    "webapi_port": null,
    "webapi_url": "https://mriqc.nimh.nih.gov/api/v1"
  },
  "qi_1": 0.0,
  "qi_2": 0.006059818249479827,
  "rpve_csf": 24.739547975068767,
  "rpve_gm": 9.53252079999828,
  "rpve_wm": 11.355420569061264,
  "size_x": 208,
  "size_y": 256,
  "size_z": 256,
  "snr_csf": 3.483007174490801,
  "snr_gm": 14.597289406027189,
  "snr_total": 9.389073309579121,
  "snr_wm": 10.086923348219374,
  "snrd_csf": 21.706133931405606,
  "snrd_gm": 45.50412104748358,
  "snrd_total": 42.20144068847605,
  "snrd_wm": 59.39406708653895,
  "spacing_x": 0.8999999761581421,
  "spacing_y": 0.8984375,
  "spacing_z": 0.8984375,
  "summary_bg_k": 5.824413239197856,
  "summary_bg_mad": 11.029953956604004,
  "summary_bg_mean": 40.073585510253906,
  "summary_bg_median": 39.00694274902344,
  "summary_bg_n": 3253587.0,
  "summary_bg_p05": 22.899734497070312,
  "summary_bg_p95": 60.379487609863276,
  "summary_bg_stdv": 11.968792915344238,
  "summary_csf_k": 0.2968381126505846,
  "summary_csf_mad": 106.48663330078125,
  "summary_csf_mean": 381.6903991699219,
  "summary_csf_median": 365.4470520019531,
  "summary_csf_n": 32858.0,
  "summary_csf_p05": 239.3915107727051,
  "summary_csf_p95": 571.3608123779296,
  "summary_csf_stdv": 104.92125701904297,
  "summary_gm_k": -0.03927591814166931,
  "summary_gm_mad": 53.67573928833008,
  "summary_gm_mean": 764.8707885742188,
  "summary_gm_median": 766.11279296875,
  "summary_gm_n": 59317.0,
  "summary_gm_p05": 677.5839233398438,
  "summary_gm_p95": 848.2942749023437,
  "summary_gm_stdv": 52.48278045654297,
  "summary_wm_k": 0.05433489058150309,
  "summary_wm_mad": 100.4742660522461,
  "summary_wm_mean": 1017.2127685546875,
  "summary_wm_median": 999.965576171875,
  "summary_wm_n": 237811.0,
  "summary_wm_p05": 888.1343383789062,
  "summary_wm_p95": 1205.1754150390625,
  "summary_wm_stdv": 99.13463592529297,
  "tpm_overlap_csf": 0.21542565524578094,
  "tpm_overlap_gm": 0.43616002798080444,
  "tpm_overlap_wm": 0.437790185213089,
  "wm2max": 0.5182816125418501
}