{
  "aor": 0.0006013713080168777,
  "aqi": 0.004165072236286919,
  "bids_meta": {
    "AccessionNumber": "8472-020",
    "AcquisitionDateTime": "2018-05-10T16:09:12.472500",
    "AcquisitionMatrixPE": 80,
    "AcquisitionNumber": 1,
    "AcquisitionTime": "16:09:12.472500",
    "BandwidthPerPixelPhaseEncode": 23.191,
    "BaseResolution": 80,
    "BodyPartExamined": "BRAIN",
    "ConsistencyInfo": "N4_VE11C_LATEST_20160120",
    "ConversionSoftware": "dcm2niix",
    "ConversionSoftwareVersion": "v1.0.20210317",
    "DerivedVendorReportedEchoSpacing": 0.000490002,
    "DeviceSerialNumber": "167050",
    "DwellTime": 2.3e-06,
    "EchoTime": 0.03,
    "EchoTrainLength": 88,
    "EffectiveEchoSpacing": 0.000539002,
    "FlipAngle": 53,
    "ImageComments": "Unaliased MB6/PE3/LB",
    "ImageOrientationPatientDICOM": [
      1,
      0,
      0,
      0,
      0.939693,
      -0.34202
    ],
    "ImageType": [
      "ORIGINAL",
      "PRIMARY",
      "M",
      "MB",
      "ND",
      "MOSAIC"
    ],
    "ImagingFrequency": 123.25,
    "InPlanePhaseEncodingDirectionDICOM": "COL",
    "InstitutionAddress": "Michigan Ave 320,Pasadena,California,US,91025",
    "InstitutionName": "Caltech Prisma64",
    "InstitutionalDepartmentName": "Department",
    "MRAcquisitionType": "2D",
    "MagneticFieldStrength": 3,
    "Manufacturer": "Siemens",
    "ManufacturersModelName": "Prisma_fit",
    "Modality": "MR",
    "MultibandAccelerationFactor": 6,
    "PartialFourier": 1,
    "PatientBirthDate": "1986-03-01",
    "PatientID": "CC0041",
    "PatientName": "CC0041",
    "PatientPosition": "HFS",
    "PatientSex": "M",
    "PatientWeight": 65.7709,
    "PercentPhaseFOV": 100,
    "PercentSampling": 100,
    "PhaseEncodingDirection": "j-",
    "PhaseEncodingSteps": 88,
    "PhaseOversampling": 0.1,
    "PhaseResolution": 1,
    "PixelBandwidth": 2715,
    "ProcedureStepDescription": "Conte Core",
    "ProtocolName": "task-pixar_run-01_bold",
    "PulseSequenceDetails": "%CustomerSeq%\\cmrr_mbep2d_bold",
    "ReceiveCoilActiveElements": "HEA;HEP",
    "ReceiveCoilName": "Head_32",
    "ReconMatrixPE": 80,
    "ReferringPhysicianName": "Adolphs",
    "RepetitionTime": 0.7,
    "SAR": 0.0860719,
    "ScanOptions": "FS\\EXT",
    "ScanningSequence": "EP",
    "SequenceName": "epfid2d1_80",
    "SequenceVariant": "SK\\SS\\OSP",
    "SeriesDescription": "task-pixar_run-01_bold",
    "SeriesInstanceUID": "1.3.12.2.1107.5.2.43.167050.2018051016055579797866765.0.0.0",
    "SeriesNumber": 34,
    "ShimSetting": [
      6986,
      -3625,
      7947,
      365,
      27,
      -105,
      -20,
      -8
    ],
    "SliceThickness": 2.5,
    "SliceTiming": [
      0,
      0.475,
      0.27,
      0.0675,
      0.5425,
      0.34,
      0.135,
      0.61,
      0.4075,
      0.2025,
      0,
      0.475,
      0.27,
      0.0675,
      0.5425,
      0.34,
      0.135,
      0.61,
      0.4075,
      0.2025,
      0,
      0.475,
      0.27,
      0.0675,
      0.5425,
      0.34,
      0.135,
      0.61,
      0.4075,
      0.2025,
      0,
      0.475,
      0.27,
      0.0675,
      0.5425,
      0.34,
      0.135,
      0.61,
      0.4075,
      0.2025,
      0,
      0.475,
      0.27,
      0.0675,
      0.5425,
      0.34,
      0.135,
      0.61,
      0.4075,
      0.2025,
      0,
      0.475,
      0.27,
      0.0675,
      0.5425,
      0.34,
      0.135,
      0.61,
      0.4075,
      0.2025
    ],
    "SoftwareVersions": "syngo MR E11",
    "SpacingBetweenSlices": 2.5,
    "StationName": "PRISMA",
    "StudyID": "1",
    "StudyInstanceUID": "1.3.12.2.1107.5.2.43.167050.30000018042619061766300000025",
    "TaskName": "pixar",
    "TotalReadoutTime": 0.0425812,
    "TxRefAmp": 252.725,
    "WipMemBlock": "0e18af0e-7cfa-41fb-baee-a5f73d9de6eb||Sequence: R016 ve11c/master r/e634e98; Dec 19 2017 11:00:25 by eja",
    "dataset": "unknown",
    "modality": "bold",
    "run_id": 1,
    "session_id": "core2p2",
    "subject_id": "CC0041",
    "task_id": "pixar"
  },
  "dummy_trs": 2,
  "dvars_nstd": 31.780746504207187,
  "dvars_std": 1.0647474001057078,
  "dvars_vstd": 1.0116553673784363,
  "efc": 0.5562073285033321,
  "fber": 532.8471069335938,
  "fd_mean": 0.09006982640558138,
  "fd_num": 2,
  "fd_perc": 0.4219409282700422,
  "fwhm_avg": 2.8130573333333335,
  "fwhm_x": 2.577156,
  "fwhm_y": 3.009392,
  "fwhm_z": 2.852624,
  "gcor": 0.0128483,
  "gsr_x": 0.0009323233389295638,
  "gsr_y": 0.0677272155880928,
  "provenance": {
    "md5sum": "002d181bae7c176e4c5c8f2302b77cbb",
    "settings": {
      "fd_thres": 0.2,
      "hmc_fsl": false
    },
    "software": "mriqc",
    "version": "0.15.0",
    "webapi_port": null,
    "webapi_url": "https://mriqc.nimh.nih.gov/api/v1"
  },
  "size_t": 474,
  "size_x": 80,
  "size_y": 80,
  "size_z": 60,
  "snr": 2.2026005570671767,
  "spacing_tr": 0.699999988079071,
  "spacing_x": 2.5,
  "spacing_y": 2.5,
  "spacing_z": 2.5,
  "summary_bg_k": 9.001755518888377,
  "summary_bg_mad": 93.67919158935547,
  "summary_bg_mean": 481.6143798828125,
  "summary_bg_median": 151.1223602294922,
  "summary_bg_n": 242032.0,
  "summary_bg_p05": 81.03585815429688,
  "summary_bg_p95": 2211.1893920898438,
  "summary_bg_stdv": 752.0371704101562,
  "summary_fg_k": 1.0916703789891011,
  "summary_fg_mad": 1464.4356689453125,
  "summary_fg_mean": 4068.86181640625,
  "summary_fg_median": 3764.866943359375,
  "summary_fg_n": 80877.0,
  "summary_fg_p05": 1769.232861328125,
  "summary_fg_p95": 7383.926269531248,
  "summary_fg_stdv": 1709.2720947265625,
  "tsnr": 45.24872589111328
}