{
  "bids_meta": {
    "AccessionNumber": "8557-001",
    "AcquisitionDateTime": "2018-08-28T12:52:26.532500",
    "AcquisitionMatrixPE": 256,
    "AcquisitionNumber": 1,
    "AcquisitionTime": "12:52:26.532500",
    "BaseResolution": 256,
    "BodyPartExamined": "BRAIN",
    "ConsistencyInfo": "N4_VE11C_LATEST_20160120",
    "ConversionSoftware": "dcm2niix",
    "ConversionSoftwareVersion": "v1.0.20210317",
    "DeviceSerialNumber": "167050",
    "DwellTime": 3e-06,
    "EchoNumber": 4,
    "FlipAngle": 8,
    "ImageComments": "Average over all echoes.",
    "ImageOrientationPatientDICOM": [
      0,
      1,
      0,
      0,
      0,
      -1
    ],
    "ImageType": [
      "ORIGINAL",
      "PRIMARY",
      "ECHO",
      "COMBINED",
      "ND"
    ],
    "ImagingFrequency": 123.25,
    "InPlanePhaseEncodingDirectionDICOM": "ROW",
    "InstitutionAddress": "Michigan Ave 320,Pasadena,California,US,91025",
    "InstitutionName": "Caltech Prisma64",
    "InstitutionalDepartmentName": "Department",
    "InversionTime": 1.15,
    "MRAcquisitionType": "3D",
    "MagneticFieldStrength": 3,
    "Manufacturer": "Siemens",
    "ManufacturersModelName": "Prisma_fit",
    "Modality": "MR",
    "ParallelReductionFactorInPlane": 2,
    "PartialFourier": 1,
    "PatientBirthDate": "1971-07-01",
    "PatientID": "CC0154",
    "PatientName": "CC0154",
    "PatientPosition": "HFS",
    "PatientSex": "M",
    "PatientWeight": 73.482,
    "PercentPhaseFOV": 100,
    "PercentSampling": 100,
    "PhaseEncodingSteps": 282,
    "PhaseOversampling": 0.1,
    "PhaseResolution": 1,
    "PixelBandwidth": 650,
    "ProtocolName": "T1w",
    "PulseSequenceDetails": "%CustomerSeq%\\tfl_wip900D_VE11C",
    "ReceiveCoilActiveElements": "HEA;HEP",
    "ReceiveCoilName": "Head_32",
    "ReconMatrixPE": 256,
    "RefLinesPE": 32,
    "ReferringPhysicianName": "Adolphs",
    "RepetitionTime": 2.55,
    "SAR": 0.0490934,
    "ScanOptions": "IR\\WE",
    "ScanningSequence": "GR\\IR",
    "SequenceName": "tfl3d4_16ns",
    "SequenceVariant": "SK\\SP\\MP\\OSP",
    "SeriesDescription": "T1w_combEcho",
    "SeriesInstanceUID": "1.3.12.2.1107.5.2.43.167050.201808281259355478267626.0.0.0",
    "SeriesNumber": 4,
    "ShimSetting": [
      7013,
      -3564,
      7887,
      366,
      65,
      -32,
      19,
      7
    ],
    "SliceThickness": 0.9,
    "SoftwareVersions": "syngo MR E11",
    "StationName": "PRISMA",
    "StudyID": "1",
    "StudyInstanceUID": "1.3.12.2.1107.5.2.43.167050.30000018081720093477500000055",
    "TxRefAmp": 269.189,
    "WipMemBlock": "WIP_Identifier: WIP#900D",
    "acq_id": "combecho",
    "dataset": "unknown",
    "modality": "T1w",
    "run_id": 1,
    "session_id": "core2p2",
    "subject_id": "CC0154"
  },
  "cjv": 0.6069127448072832,
  "cnr": 2.2309232872027653,
  "efc": 0.6146061145478058,
  "fber": 227.88381958007812,
  "fwhm_avg": 6.332496561149139,
  "fwhm_x": 5.92192237909959,
  "fwhm_y": 6.496912695652173,
  "fwhm_z": 6.578654608695652,
  "icvs_csf": 0.20196019289028594,
  "icvs_gm": 0.3825069256639241,
  "icvs_wm": 0.41553288144579,
  "inu_med": 1.6385431289672852,
  "inu_range": 1.580806368589401,
  "provenance": {
    "md5sum": "6675d751ae01849a75f0b526722eb29d",
    "settings": {
      "testing": false
    },
    "software": "mriqc",
    "version": "0.15.0",
    "warnings": {
      "large_rot_frame": false,
      "small_air_mask": false
    },
    "webapi_port": null,
    "webapi_url": "https://mriqc.nimh.nih.gov/api/v1"
  },
  "qi_1": 0.00022689821782498386,
  "qi_2": 0.003247897453696646,
  "rpve_csf": 22.818895022407762,
  "rpve_gm": 10.72871652533882,
  "rpve_wm": 11.654446753363992,
  "size_x": 208,
  "size_y": 256,
  "size_z": 256,
  "snr_csf": 3.9167116044146755,
  "snr_gm": 13.096450185467894,
  "snr_total": 9.948940860974913,
  "snr_wm": 12.833660793042172,
  "snrd_csf": 18.131970826564295,
  "snrd_gm": 38.53450388189701,
  "snrd_total": 35.44834289371375,
  "snrd_wm": 49.67855397267995,
  "spacing_x": 0.8999999761581421,
  "spacing_y": 0.8984375,
  "spacing_z": 0.8984375,
  "summary_bg_k": 20.88116155714818,
  "summary_bg_mad": 13.187614440917969,
  "summary_bg_mean": 45.7771110534668,
  "summary_bg_median": 41.73231506347656,
  "summary_bg_n": 3433868.0,
  "summary_bg_p05": 23.45894956588745,
  "summary_bg_p95": 84.59694137573236,
  "summary_bg_stdv": 23.050201416015625,
  "summary_csf_k": 0.21589676419653392,
  "summary_csf_mad": 91.66077423095703,
  "summary_csf_mean": 371.5646667480469,
  "summary_csf_median": 364.9888000488281,
  "summary_csf_n": 69443.0,
  "summary_csf_p05": 230.62076263427736,
  "summary_csf_p95": 536.2132934570312,
  "summary_csf_stdv": 93.1868896484375,
  "summary_gm_k": -0.054419404434385754,
  "summary_gm_mad": 59.82938766479492,
  "summary_gm_mean": 775.9525756835938,
  "summary_gm_median": 775.6830444335938,
  "summary_gm_n": 27069.0,
  "summary_gm_p05": 679.3138793945312,
  "summary_gm_p95": 874.0382568359373,
  "summary_gm_stdv": 59.22740173339844,
  "summary_wm_k": 0.3061653086993501,
  "summary_wm_mad": 76.3162841796875,
  "summary_wm_mean": 1012.0760498046875,
  "summary_wm_median": 1000.0079956054688,
  "summary_wm_n": 235810.0,
  "summary_wm_p05": 906.3589874267577,
  "summary_wm_p95": 1158.342443847656,
  "summary_wm_stdv": 77.92054748535156,
  "tpm_overlap_csf": 0.22591593861579895,
  "tpm_overlap_gm": 0.42470335960388184,
  "tpm_overlap_wm": 0.48187050223350525,
  "wm2max": 0.5731473592305605
}