{
  "aor": 0.0012260625000000002,
  "aqi": 0.004978257812499999,
  "bids_meta": {
    "AccessionNumber": "6439-002",
    "AcquisitionDateTime": "2013-02-12T10:57:41.812500",
    "AcquisitionMatrixPE": 64,
    "AcquisitionNumber": 1,
    "AcquisitionTime": "10:57:41.812500",
    "BandwidthPerPixelPhaseEncode": 66.489,
    "BaseResolution": 64,
    "CoilString": "C:HEA;HEP",
    "ConversionSoftware": "dcm2niix",
    "ConversionSoftwareVersion": "v1.0.20210317",
    "DerivedVendorReportedEchoSpacing": 0.000470003,
    "DeviceSerialNumber": "35077",
    "DwellTime": 3e-06,
    "EchoTime": 0.03,
    "EffectiveEchoSpacing": 0.000235001,
    "FlipAngle": 85,
    "ImageOrientationPatientDICOM": [
      1,
      -1e-16,
      0,
      1e-16,
      0.939693,
      -0.34202
    ],
    "ImageType": [
      "ORIGINAL",
      "PRIMARY",
      "M",
      "ND",
      "MOSAIC"
    ],
    "ImagingFrequency": 123.229,
    "InPlanePhaseEncodingDirectionDICOM": "COL",
    "InstitutionAddress": "Wilson Avenue 340 ,Pasadena,California,US,91025",
    "InstitutionName": "Caltech Tim32",
    "InstitutionalDepartmentName": "Department",
    "MRAcquisitionType": "2D",
    "MagneticFieldStrength": 3,
    "Manufacturer": "Siemens",
    "ManufacturersModelName": "TrioTim",
    "Modality": "MR",
    "ParallelReductionFactorInPlane": 2,
    "PartialFourier": 1,
    "PatientBirthDate": "1988-01-01",
    "PatientID": "adolphs",
    "PatientName": "CC0026",
    "PatientPosition": "HFS",
    "PatientSex": "F",
    "PatientWeight": 68.0389,
    "PercentPhaseFOV": 100,
    "PercentSampling": 100,
    "PhaseEncodingDirection": "j-",
    "PhaseEncodingSteps": 64,
    "PhaseResolution": 1,
    "PixelBandwidth": 2604,
    "ProcedureStepDescription": "Conte^Core",
    "ProtocolName": "rsBOLD_1",
    "PulseSequenceDetails": "%SiemensSeq%\\ep2d_bold",
    "ReceiveCoilName": "32Ch_Head",
    "ReconMatrixPE": 64,
    "RefLinesPE": 32,
    "RepetitionTime": 2.5,
    "SAR": 0.170806,
    "ScanOptions": "FS",
    "ScanningSequence": "EP",
    "SequenceName": "*epfid2d1_64",
    "SequenceVariant": "SK",
    "SeriesDescription": "rsBOLD_1",
    "SeriesInstanceUID": "1.3.12.2.1107.5.2.32.35077.2013021210572786855733744.0.0.0",
    "SeriesNumber": 2,
    "ShimSetting": [
      9541,
      -10501,
      15752,
      611,
      -22,
      1,
      92,
      2
    ],
    "SliceThickness": 3,
    "SliceTiming": [
      0,
      0.0525,
      0.1075,
      0.16,
      0.2125,
      0.2675,
      0.32,
      0.3725,
      0.4275,
      0.48,
      0.5325,
      0.5875,
      0.64,
      0.695,
      0.7475,
      0.8,
      0.855,
      0.9075,
      0.96,
      1.015,
      1.0675,
      1.12,
      1.175,
      1.2275,
      1.28,
      1.335,
      1.3875,
      1.4425,
      1.495,
      1.5475,
      1.6025,
      1.655,
      1.7075,
      1.7625,
      1.815,
      1.8675,
      1.9225,
      1.975,
      2.0275,
      2.0825,
      2.135,
      2.19,
      2.2425,
      2.295,
      2.35,
      2.4025,
      2.455
    ],
    "SoftwareVersions": "syngo MR B17",
    "SpacingBetweenSlices": 3,
    "StationName": "MEDPC",
    "StudyID": "1",
    "StudyInstanceUID": "1.3.12.2.1107.5.2.32.35077.30000013021117023826500000025",
    "TaskName": "rest",
    "TotalReadoutTime": 0.0148051,
    "TxRefAmp": 306.25,
    "dataset": "unknown",
    "modality": "bold",
    "run_id": 1,
    "session_id": "core1p1",
    "subject_id": "CC0026",
    "task_id": "rest"
  },
  "dummy_trs": 0,
  "dvars_nstd": 28.67210310220124,
  "dvars_std": 1.0110084910062895,
  "dvars_vstd": 0.9533822806918247,
  "efc": 0.5338686653191521,
  "fber": 492.2417297363281,
  "fd_mean": 0.10154287008679244,
  "fd_num": 14,
  "fd_perc": 8.75,
  "fwhm_avg": 2.6590333333333334,
  "fwhm_x": 2.6431,
  "fwhm_y": 2.6341933333333336,
  "fwhm_z": 2.699806666666667,
  "gcor": 0.0112323,
  "gsr_x": -0.010599263943731785,
  "gsr_y": 0.04117397218942642,
  "provenance": {
    "md5sum": "b962cded4f5d3b759da25d9506cb7089",
    "settings": {
      "fd_thres": 0.2,
      "hmc_fsl": false
    },
    "software": "mriqc",
    "version": "0.15.0",
    "webapi_port": null,
    "webapi_url": "https://mriqc.nimh.nih.gov/api/v1"
  },
  "size_t": 160,
  "size_x": 64,
  "size_y": 64,
  "size_z": 47,
  "snr": 1.8818307110004553,
  "spacing_tr": 2.5,
  "spacing_x": 3.0,
  "spacing_y": 3.0,
  "spacing_z": 3.0,
  "summary_bg_k": 56.31707634380015,
  "summary_bg_mad": 9.233831405639648,
  "summary_bg_mean": 42.58872604370117,
  "summary_bg_median": 25.521875381469727,
  "summary_bg_n": 100908.0,
  "summary_bg_p05": 18.056249618530273,
  "summary_bg_p95": 119.63750457763672,
  "summary_bg_stdv": 54.328025817871094,
  "summary_fg_k": 5.9918068414010115,
  "summary_fg_mad": 240.8950653076172,
  "summary_fg_mean": 707.7376708984375,
  "summary_fg_median": 628.7593994140625,
  "summary_fg_n": 50634.0,
  "summary_fg_p05": 347.30562896728514,
  "summary_fg_p95": 1355.1981262207032,
  "summary_fg_stdv": 334.1178283691406,
  "tsnr": 45.760780334472656
}