{
  "bids_meta": {
    "AccessionNumber": "3028-001",
    "AcquisitionDateTime": "2018-07-10T09:32:40.027500",
    "AcquisitionMatrixPE": 256,
    "AcquisitionNumber": 1,
    "AcquisitionTime": "09:32:40.027500",
    "BaseResolution": 256,
    "BodyPartExamined": "BRAIN",
    "ConsistencyInfo": "N4_VE11C_LATEST_20160120",
    "ConversionSoftware": "dcm2niix",
    "ConversionSoftwareVersion": "v1.0.20210317",
    "DeviceSerialNumber": "167050",
    "DwellTime": 3e-06,
    "EchoNumber": 4,
    "FlipAngle": 8,
    "ImageComments": "Average over all echoes.",
    "ImageOrientationPatientDICOM": [
      0,
      1,
      0,
      0,
      0,
      -1
    ],
    "ImageType": [
      "ORIGINAL",
      "PRIMARY",
      "ECHO",
      "COMBINED",
      "ND",
      "NORM"
    ],
    "ImagingFrequency": 123.251,
    "InPlanePhaseEncodingDirectionDICOM": "ROW",
    "InstitutionAddress": "Michigan Ave 320,Pasadena,California,US,91025",
    "InstitutionName": "Caltech Prisma64",
    "InstitutionalDepartmentName": "Department",
    "InversionTime": 1.15,
    "MRAcquisitionType": "3D",
    "MagneticFieldStrength": 3,
    "Manufacturer": "Siemens",
    "ManufacturersModelName": "Prisma_fit",
    "Modality": "MR",
    "ParallelReductionFactorInPlane": 2,
    "PartialFourier": 1,
    "PatientBirthDate": "1988-11-01",
    "PatientID": "CC0142",
    "PatientName": "CC0142",
    "PatientPosition": "HFS",
    "PatientSex": "M",
    "PatientWeight": 62.5958,
    "PercentPhaseFOV": 100,
    "PercentSampling": 100,
    "PhaseEncodingSteps": 282,
    "PhaseOversampling": 0.1,
    "PhaseResolution": 1,
    "PixelBandwidth": 650,
    "ProcedureStepDescription": "Conte Core",
    "ProtocolName": "T1w",
    "PulseSequenceDetails": "%CustomerSeq%\\tfl_wip900D_VE11C",
    "ReceiveCoilActiveElements": "HEA;HEP",
    "ReceiveCoilName": "Head_32",
    "ReconMatrixPE": 256,
    "RefLinesPE": 32,
    "ReferringPhysicianName": "Adolphs",
    "RepetitionTime": 2.55,
    "SAR": 0.051219,
    "ScanOptions": "IR\\WE",
    "ScanningSequence": "GR\\IR",
    "SequenceName": "tfl3d4_16ns",
    "SequenceVariant": "SK\\SP\\MP\\OSP",
    "SeriesDescription": "T1w_combEcho",
    "SeriesInstanceUID": "1.3.12.2.1107.5.2.43.167050.2018071009394885322479135.0.0.0",
    "SeriesNumber": 5,
    "ShimSetting": [
      6972,
      -3622,
      7921,
      377,
      -21,
      13,
      28,
      24
    ],
    "SliceThickness": 0.9,
    "SoftwareVersions": "syngo MR E11",
    "StationName": "PRISMA",
    "StudyID": "1",
    "StudyInstanceUID": "1.3.12.2.1107.5.2.43.167050.30000018070323074090800000007",
    "TxRefAmp": 258.091,
    "WipMemBlock": "WIP_Identifier: WIP#900D",
    "acq_id": "combecho",
    "dataset": "unknown",
    "modality": "T1w",
    "run_id": 2,
    "session_id": "core2p2",
    "subject_id": "CC0142"
  },
  "cjv": 0.6249568112777721,
  "cnr": 1.9681681602357524,
  "efc": 0.5930712108371686,
  "fber": 1814.2945556640625,
  "fwhm_avg": 4.3957656544306625,
  "fwhm_x": 4.267511224161551,
  "fwhm_y": 4.368673391304348,
  "fwhm_z": 4.551112347826087,
  "icvs_csf": 0.18842649384531762,
  "icvs_gm": 0.3911375014833864,
  "icvs_wm": 0.420436004671296,
  "inu_med": 1.473465919494629,
  "inu_range": 0.5359545469284055,
  "provenance": {
    "md5sum": "a7734294ce9bc33bdb9807d93f1c3ddf",
    "settings": {
      "testing": false
    },
    "software": "mriqc",
    "version": "0.15.0",
    "warnings": {
      "large_rot_frame": false,
      "small_air_mask": false
    },
    "webapi_port": null,
    "webapi_url": "https://mriqc.nimh.nih.gov/api/v1"
  },
  "qi_1": 0.0,
  "qi_2": 0.0139753274106935,
  "rpve_csf": 25.124562442780977,
  "rpve_gm": 12.649823546318503,
  "rpve_wm": 14.425105398605634,
  "size_x": 208,
  "size_y": 256,
  "size_z": 256,
  "snr_csf": 3.216003534446671,
  "snr_gm": 10.394926649270982,
  "snr_total": 12.735174115223964,
  "snr_wm": 24.59459216195424,
  "snrd_csf": 41.44752332393499,
  "snrd_gm": 85.30477638467003,
  "snrd_total": 76.75670044831186,
  "snrd_wm": 103.51780163633057,
  "spacing_x": 0.8999999761581421,
  "spacing_y": 0.8984375,
  "spacing_z": 0.8984375,
  "summary_bg_k": 5.20044088852749,
  "summary_bg_mad": 6.328906536102295,
  "summary_bg_mean": 14.139204978942871,
  "summary_bg_median": 12.806193351745605,
  "summary_bg_n": 3439382.0,
  "summary_bg_p05": 4.268886566162109,
  "summary_bg_p95": 29.475786113739012,
  "summary_bg_stdv": 7.326328754425049,
  "summary_csf_k": 31.985708984494295,
  "summary_csf_mad": 93.44441223144531,
  "summary_csf_mean": 426.12255859375,
  "summary_csf_median": 400.4013671875,
  "summary_csf_n": 36130.0,
  "summary_csf_p05": 282.07701110839844,
  "summary_csf_p95": 639.833950805664,
  "summary_csf_stdv": 124.50105285644531,
  "summary_gm_k": 0.4482934799252525,
  "summary_gm_mad": 72.98780059814453,
  "summary_gm_mean": 830.5158081054688,
  "summary_gm_median": 824.081787109375,
  "summary_gm_n": 26626.0,
  "summary_gm_p05": 711.1665344238281,
  "summary_gm_p95": 976.4491271972656,
  "summary_gm_stdv": 79.27581787109375,
  "summary_wm_k": 0.9613153442401563,
  "summary_wm_mad": 36.97076416015625,
  "summary_wm_mean": 999.762451171875,
  "summary_wm_median": 1000.0276489257812,
  "summary_wm_n": 356462.0,
  "summary_wm_p05": 932.2381652832031,
  "summary_wm_p95": 1064.3261291503907,
  "summary_wm_stdv": 40.6604118347168,
  "tpm_overlap_csf": 0.22591078281402588,
  "tpm_overlap_gm": 0.48612117767333984,
  "tpm_overlap_wm": 0.5538303256034851,
  "wm2max": 0.6147260899354903
}