{
  "bids_meta": {
    "AccessionNumber": "8573-001",
    "AcquisitionDateTime": "2018-09-20T13:16:47.750000",
    "AcquisitionMatrixPE": 256,
    "AcquisitionNumber": 1,
    "AcquisitionTime": "13:16:47.750000",
    "BaseResolution": 256,
    "BodyPartExamined": "BRAIN",
    "ConsistencyInfo": "N4_VE11C_LATEST_20160120",
    "ConversionSoftware": "dcm2niix",
    "ConversionSoftwareVersion": "v1.0.20210317",
    "DeviceSerialNumber": "167050",
    "DwellTime": 3e-06,
    "EchoNumber": 4,
    "FlipAngle": 8,
    "ImageComments": "Average over all echoes.",
    "ImageOrientationPatientDICOM": [
      0,
      1,
      0,
      0,
      0,
      -1
    ],
    "ImageType": [
      "ORIGINAL",
      "PRIMARY",
      "ECHO",
      "COMBINED",
      "ND"
    ],
    "ImagingFrequency": 123.25,
    "InPlanePhaseEncodingDirectionDICOM": "ROW",
    "InstitutionAddress": "Michigan Ave 320,Pasadena,California,US,91025",
    "InstitutionName": "Caltech Prisma64",
    "InstitutionalDepartmentName": "Department",
    "InversionTime": 1.15,
    "MRAcquisitionType": "3D",
    "MagneticFieldStrength": 3,
    "Manufacturer": "Siemens",
    "ManufacturersModelName": "Prisma_fit",
    "Modality": "MR",
    "ParallelReductionFactorInPlane": 2,
    "PartialFourier": 1,
    "PatientBirthDate": "1991-10-01",
    "PatientID": "CC0168",
    "PatientName": "CC0168",
    "PatientPosition": "HFS",
    "PatientSex": "M",
    "PatientWeight": 79.3787,
    "PercentPhaseFOV": 100,
    "PercentSampling": 100,
    "PhaseEncodingSteps": 282,
    "PhaseOversampling": 0.1,
    "PhaseResolution": 1,
    "PixelBandwidth": 650,
    "ProcedureStepDescription": "Conte Core",
    "ProtocolName": "T1w",
    "PulseSequenceDetails": "%CustomerSeq%\\tfl_wip900D_VE11C",
    "ReceiveCoilActiveElements": "HEA;HEP",
    "ReceiveCoilName": "Head_32",
    "ReconMatrixPE": 256,
    "RefLinesPE": 32,
    "ReferringPhysicianName": "Adolphs",
    "RepetitionTime": 2.55,
    "SAR": 0.0448835,
    "ScanOptions": "IR\\WE",
    "ScanningSequence": "GR\\IR",
    "SequenceName": "tfl3d4_16ns",
    "SequenceVariant": "SK\\SP\\MP\\OSP",
    "SeriesDescription": "T1w_combEcho",
    "SeriesInstanceUID": "1.3.12.2.1107.5.2.43.167050.2018092013235695941617964.0.0.0",
    "SeriesNumber": 4,
    "ShimSetting": [
      6994,
      -3660,
      7929,
      353,
      58,
      -44,
      1,
      -31
    ],
    "SliceThickness": 0.9,
    "SoftwareVersions": "syngo MR E11",
    "StationName": "PRISMA",
    "StudyID": "1",
    "StudyInstanceUID": "1.3.12.2.1107.5.2.43.167050.30000018081720093477500000157",
    "TxRefAmp": 269.103,
    "WipMemBlock": "WIP_Identifier: WIP#900D",
    "acq_id": "combecho",
    "dataset": "unknown",
    "modality": "T1w",
    "run_id": 1,
    "session_id": "core2p2",
    "subject_id": "CC0168"
  },
  "cjv": 0.6235034673690016,
  "cnr": 2.1444339963804255,
  "efc": 0.5965846556525419,
  "fber": 260.36102294921875,
  "fwhm_avg": 5.737453106212072,
  "fwhm_x": 5.64547792733187,
  "fwhm_y": 5.5940006956521735,
  "fwhm_z": 5.972880695652173,
  "icvs_csf": 0.17757826009303876,
  "icvs_gm": 0.43844904955727687,
  "icvs_wm": 0.3839726903496844,
  "inu_med": 1.7335419654846191,
  "inu_range": 1.423191303014755,
  "provenance": {
    "md5sum": "90c58f8af600bc16bdb7d85b252a0790",
    "settings": {
      "testing": false
    },
    "software": "mriqc",
    "version": "0.15.0",
    "warnings": {
      "large_rot_frame": false,
      "small_air_mask": false
    },
    "webapi_port": null,
    "webapi_url": "https://mriqc.nimh.nih.gov/api/v1"
  },
  "qi_1": 0.0,
  "qi_2": 0.0052388595255135695,
  "rpve_csf": 27.771297036809187,
  "rpve_gm": 11.29111240892199,
  "rpve_wm": 13.690569108340581,
  "size_x": 208,
  "size_y": 256,
  "size_z": 256,
  "snr_csf": 3.5228517992369626,
  "snr_gm": 13.860376272487189,
  "snr_total": 9.387055772285018,
  "snr_wm": 10.777939245130906,
  "snrd_csf": 19.329474323158983,
  "snrd_gm": 42.94528671481253,
  "snrd_total": 39.42890475811169,
  "snrd_wm": 56.01195323636357,
  "spacing_x": 0.8999999761581421,
  "spacing_y": 0.8984375,
  "spacing_z": 0.8984375,
  "summary_bg_k": 5.890503534336755,
  "summary_bg_mad": 11.695756912231445,
  "summary_bg_mean": 42.9382209777832,
  "summary_bg_median": 42.130897521972656,
  "summary_bg_n": 3610047.0,
  "summary_bg_p05": 24.34495525360107,
  "summary_bg_p95": 64.14834365844726,
  "summary_bg_stdv": 12.879288673400879,
  "summary_csf_k": 0.0522858274701985,
  "summary_csf_mad": 90.78192138671875,
  "summary_csf_mean": 370.7347717285156,
  "summary_csf_median": 345.0775146484375,
  "summary_csf_n": 36471.0,
  "summary_csf_p05": 247.4983901977539,
  "summary_csf_p95": 556.2943115234375,
  "summary_csf_stdv": 97.95268249511719,
  "summary_gm_k": 0.12582248475439117,
  "summary_gm_mad": 55.33009338378906,
  "summary_gm_mean": 766.80126953125,
  "summary_gm_median": 766.6764526367188,
  "summary_gm_n": 61812.0,
  "summary_gm_p05": 676.1025512695312,
  "summary_gm_p95": 856.201089477539,
  "summary_gm_stdv": 55.313812255859375,
  "summary_wm_k": 0.26562442844369283,
  "summary_wm_mad": 90.11540985107422,
  "summary_wm_mean": 1017.4398803710938,
  "summary_wm_median": 999.9478149414062,
  "summary_wm_n": 191409.0,
  "summary_wm_p05": 897.3808349609376,
  "summary_wm_p95": 1194.3872802734375,
  "summary_wm_stdv": 92.77703094482422,
  "tpm_overlap_csf": 0.2306375950574875,
  "tpm_overlap_gm": 0.4307245910167694,
  "tpm_overlap_wm": 0.43234631419181824,
  "wm2max": 0.5203844977025374
}