{
  "aor": 0.0008735966149506347,
  "aqi": 0.005746851593794076,
  "bids_meta": {
    "AccessionNumber": "9080-017",
    "AcquisitionDateTime": "2019-12-17T11:10:31.355000",
    "AcquisitionMatrixPE": 80,
    "AcquisitionNumber": 1,
    "AcquisitionTime": "11:10:31.355000",
    "BandwidthPerPixelPhaseEncode": 23.191,
    "BaseResolution": 80,
    "BodyPartExamined": "BRAIN",
    "ConsistencyInfo": "N4_VE11C_LATEST_20160120",
    "ConversionSoftware": "dcm2niix",
    "ConversionSoftwareVersion": "v1.0.20210317",
    "DerivedVendorReportedEchoSpacing": 0.000490002,
    "DeviceSerialNumber": "167050",
    "DwellTime": 2.3e-06,
    "EchoTime": 0.03,
    "EchoTrainLength": 88,
    "EffectiveEchoSpacing": 0.000539002,
    "FlipAngle": 53,
    "ImageComments": "Unaliased MB6/PE3/LB",
    "ImageOrientationPatientDICOM": [
      1,
      0,
      0,
      0,
      0.939693,
      -0.34202
    ],
    "ImageType": [
      "ORIGINAL",
      "PRIMARY",
      "M",
      "MB",
      "ND",
      "MOSAIC"
    ],
    "ImagingFrequency": 123.25,
    "InPlanePhaseEncodingDirectionDICOM": "COL",
    "InstitutionAddress": "Michigan Ave 320,Pasadena,California,US,91025",
    "InstitutionName": "Caltech Prisma32",
    "InstitutionalDepartmentName": "Department",
    "MRAcquisitionType": "2D",
    "MagneticFieldStrength": 3,
    "Manufacturer": "Siemens",
    "ManufacturersModelName": "Prisma_fit",
    "Modality": "MR",
    "MultibandAccelerationFactor": 6,
    "PartialFourier": 1,
    "PatientBirthDate": "1987-09-01",
    "PatientID": "CC0063",
    "PatientName": "CC0063",
    "PatientPosition": "HFS",
    "PatientSex": "M",
    "PatientWeight": 72.5748,
    "PercentPhaseFOV": 100,
    "PercentSampling": 100,
    "PhaseEncodingDirection": "j-",
    "PhaseEncodingSteps": 88,
    "PhaseOversampling": 0.1,
    "PhaseResolution": 1,
    "PixelBandwidth": 2715,
    "ProcedureStepDescription": "Conte Core",
    "ProtocolName": "task-bang_bold",
    "PulseSequenceDetails": "%CustomerSeq%\\cmrr_mbep2d_bold",
    "ReceiveCoilActiveElements": "HEA;HEP",
    "ReceiveCoilName": "Head_32",
    "ReconMatrixPE": 80,
    "ReferringPhysicianName": "Adolphs",
    "RepetitionTime": 0.7,
    "SAR": 0.0965338,
    "ScanOptions": "FS\\EXT",
    "ScanningSequence": "EP",
    "SequenceName": "epfid2d1_80",
    "SequenceVariant": "SK\\SS\\OSP",
    "SeriesDescription": "task-bang_bold",
    "SeriesInstanceUID": "1.3.12.2.1107.5.2.43.167050.2019121711075427720600810.0.0.0",
    "SeriesNumber": 24,
    "ShimSetting": [
      6990,
      -3629,
      7914,
      499,
      -15,
      18,
      3,
      -11
    ],
    "SliceThickness": 2.5,
    "SliceTiming": [
      0,
      0.4775,
      0.2725,
      0.0675,
      0.545,
      0.34,
      0.1375,
      0.6125,
      0.4075,
      0.205,
      0,
      0.4775,
      0.2725,
      0.0675,
      0.545,
      0.34,
      0.1375,
      0.6125,
      0.4075,
      0.205,
      0,
      0.4775,
      0.2725,
      0.0675,
      0.545,
      0.34,
      0.1375,
      0.6125,
      0.4075,
      0.205,
      0,
      0.4775,
      0.2725,
      0.0675,
      0.545,
      0.34,
      0.1375,
      0.6125,
      0.4075,
      0.205,
      0,
      0.4775,
      0.2725,
      0.0675,
      0.545,
      0.34,
      0.1375,
      0.6125,
      0.4075,
      0.205,
      0,
      0.4775,
      0.2725,
      0.0675,
      0.545,
      0.34,
      0.1375,
      0.6125,
      0.4075,
      0.205
    ],
    "SoftwareVersions": "syngo MR E11",
    "SpacingBetweenSlices": 2.5,
    "StationName": "PRISMA",
    "StudyID": "1",
    "StudyInstanceUID": "1.3.12.2.1107.5.2.43.167050.30000019111600595458900000160",
    "TaskName": "bang",
    "TotalReadoutTime": 0.0425812,
    "TxRefAmp": 271.165,
    "WipMemBlock": "20f41d90-b6cb-4636-bd03-889c05724684||Sequence: R016 ve11c/master r/e634e98; Dec 19 2017 11:00:25 by eja",
    "dataset": "unknown",
    "modality": "bold",
    "run_id": 1,
    "session_id": "core2p2",
    "subject_id": "CC0063",
    "task_id": "bang"
  },
  "dummy_trs": 1,
  "dvars_nstd": 41.57851564543789,
  "dvars_std": 1.1752372873587564,
  "dvars_vstd": 1.0025158134039562,
  "efc": 0.552037297109419,
  "fber": 526.85498046875,
  "fd_mean": 0.10205884523072926,
  "fd_num": 7,
  "fd_perc": 0.9873060648801129,
  "fwhm_avg": 2.8474306666666664,
  "fwhm_x": 2.652728,
  "fwhm_y": 3.091232,
  "fwhm_z": 2.798332,
  "gcor": 0.0051893,
  "gsr_x": -0.0012053233804181218,
  "gsr_y": 0.09630842506885529,
  "provenance": {
    "md5sum": "fff48ade41eab378041318b2e1c5d70a",
    "settings": {
      "fd_thres": 0.2,
      "hmc_fsl": false
    },
    "software": "mriqc",
    "version": "0.15.0",
    "webapi_port": null,
    "webapi_url": "https://mriqc.nimh.nih.gov/api/v1"
  },
  "size_t": 709,
  "size_x": 80,
  "size_y": 80,
  "size_z": 60,
  "snr": 2.180900784879974,
  "spacing_tr": 0.699999988079071,
  "spacing_x": 2.5,
  "spacing_y": 2.5,
  "spacing_z": 2.5,
  "summary_bg_k": 13.698166874232218,
  "summary_bg_mad": 93.90058135986328,
  "summary_bg_mean": 479.8419494628906,
  "summary_bg_median": 158.12623596191406,
  "summary_bg_n": 240994.0,
  "summary_bg_p05": 86.3455581665039,
  "summary_bg_p95": 2178.7369873046846,
  "summary_bg_stdv": 791.1263427734375,
  "summary_fg_k": 0.40724743383102835,
  "summary_fg_mad": 1696.626220703125,
  "summary_fg_mean": 4238.7197265625,
  "summary_fg_median": 3953.68701171875,
  "summary_fg_n": 81335.0,
  "summary_fg_p05": 1720.3987426757812,
  "summary_fg_p95": 7689.98603515625,
  "summary_fg_stdv": 1812.857666015625,
  "tsnr": 42.19845199584961
}