{
  "aor": 0.003104558823529412,
  "aqi": 0.006982744852941177,
  "bids_meta": {
    "AccessionNumber": "9080-017",
    "AcquisitionDateTime": "2019-12-17T11:41:41.812500",
    "AcquisitionMatrixPE": 80,
    "AcquisitionNumber": 1,
    "AcquisitionTime": "11:41:41.812500",
    "BandwidthPerPixelPhaseEncode": 23.191,
    "BaseResolution": 80,
    "BodyPartExamined": "BRAIN",
    "ConsistencyInfo": "N4_VE11C_LATEST_20160120",
    "ConversionSoftware": "dcm2niix",
    "ConversionSoftwareVersion": "v1.0.20210317",
    "DerivedVendorReportedEchoSpacing": 0.000490002,
    "DeviceSerialNumber": "167050",
    "DwellTime": 2.3e-06,
    "EchoTime": 0.03,
    "EchoTrainLength": 88,
    "EffectiveEchoSpacing": 0.000539002,
    "FlipAngle": 53,
    "ImageComments": "Unaliased MB6/PE3/LB",
    "ImageOrientationPatientDICOM": [
      1,
      0,
      0,
      0,
      0.939693,
      -0.34202
    ],
    "ImageType": [
      "ORIGINAL",
      "PRIMARY",
      "M",
      "MB",
      "ND",
      "MOSAIC"
    ],
    "ImagingFrequency": 123.25,
    "InPlanePhaseEncodingDirectionDICOM": "COL",
    "InstitutionAddress": "Michigan Ave 320,Pasadena,California,US,91025",
    "InstitutionName": "Caltech Prisma32",
    "InstitutionalDepartmentName": "Department",
    "MRAcquisitionType": "2D",
    "MagneticFieldStrength": 3,
    "Manufacturer": "Siemens",
    "ManufacturersModelName": "Prisma_fit",
    "Modality": "MR",
    "MultibandAccelerationFactor": 6,
    "PartialFourier": 1,
    "PatientBirthDate": "1987-09-01",
    "PatientID": "CC0063",
    "PatientName": "CC0063",
    "PatientPosition": "HFS",
    "PatientSex": "M",
    "PatientWeight": 72.5748,
    "PercentPhaseFOV": 100,
    "PercentSampling": 100,
    "PhaseEncodingDirection": "j-",
    "PhaseEncodingSteps": 88,
    "PhaseOversampling": 0.1,
    "PhaseResolution": 1,
    "PixelBandwidth": 2715,
    "ProcedureStepDescription": "Conte Core",
    "ProtocolName": "task-pixar_run-01_bold",
    "PulseSequenceDetails": "%CustomerSeq%\\cmrr_mbep2d_bold",
    "ReceiveCoilActiveElements": "HEA;HEP",
    "ReceiveCoilName": "Head_32",
    "ReconMatrixPE": 80,
    "ReferringPhysicianName": "Adolphs",
    "RepetitionTime": 0.7,
    "SAR": 0.0962863,
    "ScanOptions": "FS\\EXT",
    "ScanningSequence": "EP",
    "SequenceName": "epfid2d1_80",
    "SequenceVariant": "SK\\SS\\OSP",
    "SeriesDescription": "task-pixar_run-01_bold",
    "SeriesInstanceUID": "1.3.12.2.1107.5.2.43.167050.2019121711391157962927712.0.0.0",
    "SeriesNumber": 34,
    "ShimSetting": [
      6990,
      -3629,
      7914,
      499,
      -15,
      18,
      3,
      -11
    ],
    "SliceThickness": 2.5,
    "SliceTiming": [
      0,
      0.4775,
      0.2725,
      0.0675,
      0.545,
      0.34,
      0.1375,
      0.6125,
      0.4075,
      0.205,
      0,
      0.4775,
      0.2725,
      0.0675,
      0.545,
      0.34,
      0.1375,
      0.6125,
      0.4075,
      0.205,
      0,
      0.4775,
      0.2725,
      0.0675,
      0.545,
      0.34,
      0.1375,
      0.6125,
      0.4075,
      0.205,
      0,
      0.4775,
      0.2725,
      0.0675,
      0.545,
      0.34,
      0.1375,
      0.6125,
      0.4075,
      0.205,
      0,
      0.4775,
      0.2725,
      0.0675,
      0.545,
      0.34,
      0.1375,
      0.6125,
      0.4075,
      0.205,
      0,
      0.4775,
      0.2725,
      0.0675,
      0.545,
      0.34,
      0.1375,
      0.6125,
      0.4075,
      0.205
    ],
    "SoftwareVersions": "syngo MR E11",
    "SpacingBetweenSlices": 2.5,
    "StationName": "PRISMA",
    "StudyID": "1",
    "StudyInstanceUID": "1.3.12.2.1107.5.2.43.167050.30000019111600595458900000160",
    "TaskName": "pixar",
    "TotalReadoutTime": 0.0425812,
    "TxRefAmp": 271.165,
    "WipMemBlock": "47132cb3-7a43-4f34-84f4-abf8ab9258d5||Sequence: R016 ve11c/master r/e634e98; Dec 19 2017 11:00:25 by eja",
    "dataset": "unknown",
    "modality": "bold",
    "run_id": 1,
    "session_id": "core2p2",
    "subject_id": "CC0063",
    "task_id": "pixar"
  },
  "dummy_trs": 0,
  "dvars_nstd": 42.45915750604213,
  "dvars_std": 1.1965485867368424,
  "dvars_vstd": 1.0331014746526306,
  "efc": 0.5532673059286319,
  "fber": 540.1287231445312,
  "fd_mean": 0.10367373420809824,
  "fd_num": 11,
  "fd_perc": 2.310924369747899,
  "fwhm_avg": 2.8473306666666667,
  "fwhm_x": 2.63946,
  "fwhm_y": 3.074172,
  "fwhm_z": 2.82836,
  "gcor": 0.0254858,
  "gsr_x": 0.0062416731379926205,
  "gsr_y": 0.09184426814317703,
  "provenance": {
    "md5sum": "487247545071054bcede1efa2ad446c4",
    "settings": {
      "fd_thres": 0.2,
      "hmc_fsl": false
    },
    "software": "mriqc",
    "version": "0.15.0",
    "webapi_port": null,
    "webapi_url": "https://mriqc.nimh.nih.gov/api/v1"
  },
  "size_t": 476,
  "size_x": 80,
  "size_y": 80,
  "size_z": 60,
  "snr": 2.21156547360464,
  "spacing_tr": 0.699999988079071,
  "spacing_x": 2.5,
  "spacing_y": 2.5,
  "spacing_z": 2.5,
  "summary_bg_k": 13.120923683035798,
  "summary_bg_mad": 88.14164733886719,
  "summary_bg_mean": 469.4774169921875,
  "summary_bg_median": 151.22689819335938,
  "summary_bg_n": 240814.0,
  "summary_bg_p05": 84.00420379638672,
  "summary_bg_p95": 2183.6773071289053,
  "summary_bg_stdv": 786.2305297851562,
  "summary_fg_k": 0.5687842146053583,
  "summary_fg_mad": 1587.5213623046875,
  "summary_fg_mean": 4100.01220703125,
  "summary_fg_median": 3827.77978515625,
  "summary_fg_n": 81502.0,
  "summary_fg_p05": 1705.6271972656252,
  "summary_fg_p95": 7385.180224609374,
  "summary_fg_stdv": 1730.7904052734375,
  "tsnr": 38.69935607910156
}