{
  "bids_meta": {
    "AccessionNumber": "8466-015",
    "AcquisitionDateTime": "2018-04-30T14:24:53.380000",
    "AcquisitionMatrixPE": 256,
    "AcquisitionNumber": 1,
    "AcquisitionTime": "14:24:53.380000",
    "BaseResolution": 256,
    "BodyPartExamined": "BRAIN",
    "ConsistencyInfo": "N4_VE11C_LATEST_20160120",
    "ConversionSoftware": "dcm2niix",
    "ConversionSoftwareVersion": "v1.0.20210317",
    "DeviceSerialNumber": "167050",
    "DwellTime": 3e-06,
    "EchoNumber": 4,
    "FlipAngle": 8,
    "ImageComments": "Average over all echoes.",
    "ImageOrientationPatientDICOM": [
      0,
      1,
      0,
      0,
      0,
      -1
    ],
    "ImageType": [
      "ORIGINAL",
      "PRIMARY",
      "ECHO",
      "COMBINED",
      "ND"
    ],
    "ImagingFrequency": 123.25,
    "InPlanePhaseEncodingDirectionDICOM": "ROW",
    "InstitutionAddress": "Michigan Ave 320,Pasadena,California,US,91025",
    "InstitutionName": "Caltech Prisma64",
    "InstitutionalDepartmentName": "Department",
    "InversionTime": 1.15,
    "MRAcquisitionType": "3D",
    "MagneticFieldStrength": 3,
    "Manufacturer": "Siemens",
    "ManufacturersModelName": "Prisma_fit",
    "Modality": "MR",
    "ParallelReductionFactorInPlane": 2,
    "PartialFourier": 1,
    "PatientBirthDate": "1989-02-01",
    "PatientID": "CC0008",
    "PatientName": "CC0008",
    "PatientPosition": "HFS",
    "PatientSex": "M",
    "PatientWeight": 83.9146,
    "PercentPhaseFOV": 100,
    "PercentSampling": 100,
    "PhaseEncodingSteps": 282,
    "PhaseOversampling": 0.1,
    "PhaseResolution": 1,
    "PixelBandwidth": 650,
    "ProcedureStepDescription": "Conte Core",
    "ProtocolName": "T1w",
    "PulseSequenceDetails": "%CustomerSeq%\\tfl_wip900D_VE11C",
    "ReceiveCoilActiveElements": "HEA;HEP",
    "ReceiveCoilName": "Head_32",
    "ReconMatrixPE": 256,
    "RefLinesPE": 32,
    "ReferringPhysicianName": "Adolphs",
    "RepetitionTime": 2.55,
    "SAR": 0.0394366,
    "ScanOptions": "IR\\WE",
    "ScanningSequence": "GR\\IR",
    "SequenceName": "tfl3d4_16ns",
    "SequenceVariant": "SK\\SP\\MP\\OSP",
    "SeriesDescription": "T1w_combEcho",
    "SeriesInstanceUID": "1.3.12.2.1107.5.2.43.167050.2018043014320260402011849.0.0.0",
    "SeriesNumber": 4,
    "ShimSetting": [
      6992,
      -3590,
      7907,
      347,
      -16,
      80,
      -33,
      16
    ],
    "SliceThickness": 0.9,
    "SoftwareVersions": "syngo MR E11",
    "StationName": "PRISMA",
    "StudyID": "1",
    "StudyInstanceUID": "1.3.12.2.1107.5.2.43.167050.30000018042619061766300000007",
    "TxRefAmp": 262.146,
    "WipMemBlock": "WIP_Identifier: WIP#900D",
    "acq_id": "combecho",
    "dataset": "unknown",
    "modality": "T1w",
    "run_id": 1,
    "session_id": "core2p2",
    "subject_id": "CC0008"
  },
  "cjv": 0.5416632645648904,
  "cnr": 2.4785510066867698,
  "efc": 0.6166003554597101,
  "fber": 247.29501342773438,
  "fwhm_avg": 5.7368829042566,
  "fwhm_x": 5.752277930161104,
  "fwhm_y": 5.567488,
  "fwhm_z": 5.890882782608696,
  "icvs_csf": 0.1954391695068689,
  "icvs_gm": 0.4327059666863089,
  "icvs_wm": 0.3718548638068222,
  "inu_med": 1.456440806388855,
  "inu_range": 1.1174257934093474,
  "provenance": {
    "md5sum": "04af58c4dc4862156e9a09026495432d",
    "settings": {
      "testing": false
    },
    "software": "mriqc",
    "version": "0.15.0",
    "warnings": {
      "large_rot_frame": false,
      "small_air_mask": false
    },
    "webapi_port": null,
    "webapi_url": "https://mriqc.nimh.nih.gov/api/v1"
  },
  "qi_1": 2.311722580080547e-06,
  "qi_2": 0.008773408728728145,
  "rpve_csf": 19.689732087536246,
  "rpve_gm": 8.762779204802547,
  "rpve_wm": 10.884181989282702,
  "size_x": 208,
  "size_y": 256,
  "size_z": 256,
  "snr_csf": 3.9111211337502096,
  "snr_gm": 12.09274965042082,
  "snr_total": 8.156330070901287,
  "snr_wm": 8.465119428532832,
  "snrd_csf": 20.509964293839197,
  "snrd_gm": 38.84095889246021,
  "snrd_total": 38.96933416904412,
  "snrd_wm": 57.557079320832955,
  "spacing_x": 0.8999999761581421,
  "spacing_y": 0.8984375,
  "spacing_z": 0.8984375,
  "summary_bg_k": 5.006310793961482,
  "summary_bg_mad": 11.382211685180664,
  "summary_bg_mean": 40.59286117553711,
  "summary_bg_median": 39.814697265625,
  "summary_bg_n": 2762690.0,
  "summary_bg_p05": 22.868168544769286,
  "summary_bg_p95": 60.681523132324216,
  "summary_bg_stdv": 11.964498519897461,
  "summary_csf_k": 0.4716010820835286,
  "summary_csf_mad": 94.44770812988281,
  "summary_csf_mean": 363.9228515625,
  "summary_csf_median": 356.33612060546875,
  "summary_csf_n": 45363.0,
  "summary_csf_p05": 229.91204986572265,
  "summary_csf_p95": 519.6626953125001,
  "summary_csf_stdv": 91.10742950439453,
  "summary_gm_k": -0.18508125085205673,
  "summary_gm_mad": 57.19013214111328,
  "summary_gm_mean": 672.2645263671875,
  "summary_gm_median": 674.8152465820312,
  "summary_gm_n": 80091.0,
  "summary_gm_p05": 575.8678588867188,
  "summary_gm_p95": 759.2973327636719,
  "summary_gm_stdv": 55.80294418334961,
  "summary_wm_k": 0.2685417881157184,
  "summary_wm_mad": 118.94263458251953,
  "summary_wm_mean": 1021.0977783203125,
  "summary_wm_median": 999.9854736328125,
  "summary_wm_n": 237945.0,
  "summary_wm_p05": 870.5239135742187,
  "summary_wm_p95": 1243.1365234375,
  "summary_wm_stdv": 118.1298599243164,
  "tpm_overlap_csf": 0.20574964582920074,
  "tpm_overlap_gm": 0.40896904468536377,
  "tpm_overlap_wm": 0.40572986006736755,
  "wm2max": 0.4523955792234418
}