{
    "Modality":"MR",
    "MagneticFieldStrength":3,
    "ImagingFrequency":123.25,
    "Manufacturer":"Siemens",
    "ManufacturersModelName":"Prisma_fit",
    "InstitutionName":"Caltech Prisma64",
    "InstitutionalDepartmentName":"Department",
    "InstitutionAddress":"Michigan Ave 320,Pasadena,California,US,91025",
    "DeviceSerialNumber":"167050",
    "StationName":"PRISMA",
    "SeriesInstanceUID":"1.3.12.2.1107.5.2.43.167050.2019022818033771624383383.0.0.0",
    "StudyInstanceUID":"1.3.12.2.1107.5.2.43.167050.30000019021201163005200000088",
    "ReferringPhysicianName":"Adolphs",
    "StudyID":"1",
    "PatientName":"CC0114",
    "PatientID":"CC0114",
    "AccessionNumber":"8735-011",
    "PatientBirthDate":"1991-01-01",
    "PatientSex":"M",
    "PatientWeight":67.1317,
    "BodyPartExamined":"BRAIN",
    "PatientPosition":"HFS",
    "SoftwareVersions":"syngo MR E11",
    "MRAcquisitionType":"2D",
    "SeriesDescription":"task-bang_bold",
    "ProtocolName":"task-bang_bold",
    "ScanningSequence":"EP",
    "SequenceVariant":"SK\\SS\\OSP",
    "ScanOptions":"FS\\EXT",
    "SequenceName":"epfid2d1_80",
    "ImageType":[
        "ORIGINAL",
        "PRIMARY",
        "M",
        "MB",
        "ND",
        "MOSAIC"
    ],
    "SeriesNumber":27,
    "AcquisitionTime":"18:06:5.252500",
    "AcquisitionDateTime":"2019-02-28T18:06:5.252500",
    "AcquisitionNumber":1,
    "ImageComments":"Unaliased MB6/PE3/LB",
    "SliceThickness":2.5,
    "SpacingBetweenSlices":2.5,
    "SAR":0.0782126,
    "EchoTime":0.03,
    "RepetitionTime":0.7,
    "FlipAngle":53,
    "PartialFourier":1,
    "BaseResolution":80,
    "ShimSetting":[
        6962,
        -3569,
        7897,
        342,
        -54,
        263,
        -145,
        2
    ],
    "TxRefAmp":251.315,
    "PhaseResolution":1,
    "PhaseOversampling":0.1,
    "ReceiveCoilName":"Head_32",
    "ReceiveCoilActiveElements":"HEA;HEP",
    "PulseSequenceDetails":"%CustomerSeq%\\cmrr_mbep2d_bold",
    "WipMemBlock":"8a78d5eb-e88c-41e7-b103-7220d8e64595||Sequence: R016 ve11c/master r/e634e98; Dec 19 2017 11:00:25 by eja",
    "ConsistencyInfo":"N4_VE11C_LATEST_20160120",
    "MultibandAccelerationFactor":6,
    "PercentPhaseFOV":100,
    "PercentSampling":100,
    "EchoTrainLength":88,
    "PhaseEncodingSteps":88,
    "AcquisitionMatrixPE":80,
    "ReconMatrixPE":80,
    "BandwidthPerPixelPhaseEncode":23.191,
    "EffectiveEchoSpacing":0.000539002,
    "DerivedVendorReportedEchoSpacing":0.000490002,
    "TotalReadoutTime":0.0425812,
    "PixelBandwidth":2715,
    "DwellTime":2.3e-06,
    "PhaseEncodingDirection":"j-",
    "SliceTiming":[
        0,
        0.475,
        0.2725,
        0.0675,
        0.5425,
        0.34,
        0.135,
        0.61,
        0.4075,
        0.2025,
        0,
        0.475,
        0.2725,
        0.0675,
        0.5425,
        0.34,
        0.135,
        0.61,
        0.4075,
        0.2025,
        0,
        0.475,
        0.2725,
        0.0675,
        0.5425,
        0.34,
        0.135,
        0.61,
        0.4075,
        0.2025,
        0,
        0.475,
        0.2725,
        0.0675,
        0.5425,
        0.34,
        0.135,
        0.61,
        0.4075,
        0.2025,
        0,
        0.475,
        0.2725,
        0.0675,
        0.5425,
        0.34,
        0.135,
        0.61,
        0.4075,
        0.2025,
        0,
        0.475,
        0.2725,
        0.0675,
        0.5425,
        0.34,
        0.135,
        0.61,
        0.4075,
        0.2025
    ],
    "ImageOrientationPatientDICOM":[
        1,
        0,
        0,
        0,
        0.939693,
        -0.34202
    ],
    "InPlanePhaseEncodingDirectionDICOM":"COL",
    "ConversionSoftware":"dcm2niix",
    "ConversionSoftwareVersion":"v1.0.20210317",
    "TaskName":"bang"
}