{
  "aor": 0.002276431593794076,
  "aqi": 0.006311721607898449,
  "bids_meta": {
    "AccessionNumber": "8710-001",
    "AcquisitionDateTime": "2019-02-06T14:00:44.957500",
    "AcquisitionMatrixPE": 80,
    "AcquisitionNumber": 1,
    "AcquisitionTime": "14:00:44.957500",
    "BandwidthPerPixelPhaseEncode": 23.191,
    "BaseResolution": 80,
    "BodyPartExamined": "BRAIN",
    "ConsistencyInfo": "N4_VE11C_LATEST_20160120",
    "ConversionSoftware": "dcm2niix",
    "ConversionSoftwareVersion": "v1.0.20210317",
    "DerivedVendorReportedEchoSpacing": 0.000490002,
    "DeviceSerialNumber": "167050",
    "DwellTime": 2.3e-06,
    "EchoTime": 0.03,
    "EchoTrainLength": 88,
    "EffectiveEchoSpacing": 0.000539002,
    "FlipAngle": 53,
    "ImageComments": "Unaliased MB6/PE3/LB",
    "ImageOrientationPatientDICOM": [
      1,
      0,
      0,
      0,
      0.939693,
      -0.34202
    ],
    "ImageType": [
      "ORIGINAL",
      "PRIMARY",
      "M",
      "MB",
      "ND",
      "MOSAIC"
    ],
    "ImagingFrequency": 123.25,
    "InPlanePhaseEncodingDirectionDICOM": "COL",
    "InstitutionAddress": "Michigan Ave 320,Pasadena,California,US,91025",
    "InstitutionName": "Caltech Prisma64",
    "InstitutionalDepartmentName": "Department",
    "MRAcquisitionType": "2D",
    "MagneticFieldStrength": 3,
    "Manufacturer": "Siemens",
    "ManufacturersModelName": "Prisma_fit",
    "Modality": "MR",
    "MultibandAccelerationFactor": 6,
    "PartialFourier": 1,
    "PatientBirthDate": "1995-08-01",
    "PatientID": "CC0181",
    "PatientName": "CC0181",
    "PatientPosition": "HFS",
    "PatientSex": "M",
    "PatientWeight": 76.2035,
    "PercentPhaseFOV": 100,
    "PercentSampling": 100,
    "PhaseEncodingDirection": "j-",
    "PhaseEncodingSteps": 88,
    "PhaseOversampling": 0.1,
    "PhaseResolution": 1,
    "PixelBandwidth": 2715,
    "ProtocolName": "task-bang_bold",
    "PulseSequenceDetails": "%CustomerSeq%\\cmrr_mbep2d_bold",
    "ReceiveCoilActiveElements": "HEA;HEP",
    "ReceiveCoilName": "Head_32",
    "ReconMatrixPE": 80,
    "ReferringPhysicianName": "Adolphs",
    "RepetitionTime": 0.7,
    "SAR": 0.0760006,
    "ScanOptions": "FS\\EXT",
    "ScanningSequence": "EP",
    "SequenceName": "epfid2d1_80",
    "SequenceVariant": "SK\\SS\\OSP",
    "SeriesDescription": "task-bang_bold",
    "SeriesInstanceUID": "1.3.12.2.1107.5.2.43.167050.2019020613582110036756952.0.0.0",
    "SeriesNumber": 24,
    "ShimSetting": [
      6955,
      -3589,
      7921,
      471,
      -160,
      -28,
      -98,
      24
    ],
    "SliceThickness": 2.5,
    "SliceTiming": [
      0,
      0.475,
      0.2725,
      0.0675,
      0.545,
      0.34,
      0.135,
      0.6125,
      0.4075,
      0.205,
      0,
      0.475,
      0.2725,
      0.0675,
      0.545,
      0.34,
      0.135,
      0.6125,
      0.4075,
      0.205,
      0,
      0.475,
      0.2725,
      0.0675,
      0.545,
      0.34,
      0.135,
      0.6125,
      0.4075,
      0.205,
      0,
      0.475,
      0.2725,
      0.0675,
      0.545,
      0.34,
      0.135,
      0.6125,
      0.4075,
      0.205,
      0,
      0.475,
      0.2725,
      0.0675,
      0.545,
      0.34,
      0.135,
      0.6125,
      0.4075,
      0.205,
      0,
      0.475,
      0.2725,
      0.0675,
      0.545,
      0.34,
      0.135,
      0.6125,
      0.4075,
      0.205
    ],
    "SoftwareVersions": "syngo MR E11",
    "SpacingBetweenSlices": 2.5,
    "StationName": "PRISMA",
    "StudyID": "1",
    "StudyInstanceUID": "1.3.12.2.1107.5.2.43.167050.30000019012122271046500000127",
    "TaskName": "bang",
    "TotalReadoutTime": 0.0425812,
    "TxRefAmp": 251.571,
    "WipMemBlock": "18f91767-3217-4ef8-9659-6ea71bbeed11||Sequence: R016 ve11c/master r/e634e98; Dec 19 2017 11:00:25 by eja",
    "dataset": "unknown",
    "modality": "bold",
    "run_id": 1,
    "session_id": "core2p2",
    "subject_id": "CC0181",
    "task_id": "bang"
  },
  "dummy_trs": 1,
  "dvars_nstd": 35.4735613866667,
  "dvars_std": 1.0406565810734465,
  "dvars_vstd": 1.0207025342796605,
  "efc": 0.5346319859834194,
  "fber": 676.3400268554688,
  "fd_mean": 0.18300750821337902,
  "fd_num": 237,
  "fd_perc": 33.42736248236953,
  "fwhm_avg": 2.8540760000000005,
  "fwhm_x": 2.6734999999999998,
  "fwhm_y": 3.021372,
  "fwhm_z": 2.867356,
  "gcor": 0.0119647,
  "gsr_x": 0.0038867169059813023,
  "gsr_y": 0.09022174775600433,
  "provenance": {
    "md5sum": "6c78962ce75d470367a7e111997bd078",
    "settings": {
      "fd_thres": 0.2,
      "hmc_fsl": false
    },
    "software": "mriqc",
    "version": "0.15.0",
    "webapi_port": null,
    "webapi_url": "https://mriqc.nimh.nih.gov/api/v1"
  },
  "size_t": 709,
  "size_x": 80,
  "size_y": 80,
  "size_z": 60,
  "snr": 1.989036739251952,
  "spacing_tr": 0.699999988079071,
  "spacing_x": 2.5,
  "spacing_y": 2.5,
  "spacing_z": 2.5,
  "summary_bg_k": 18.342835403117178,
  "summary_bg_mad": 74.2451400756836,
  "summary_bg_mean": 372.7256774902344,
  "summary_bg_median": 136.01693725585938,
  "summary_bg_n": 230233.0,
  "summary_bg_p05": 80.3159408569336,
  "summary_bg_p95": 1609.6288085937485,
  "summary_bg_stdv": 631.2189331054688,
  "summary_fg_k": 0.8840816376324314,
  "summary_fg_mad": 1718.975830078125,
  "summary_fg_mean": 4262.31787109375,
  "summary_fg_median": 3853.091064453125,
  "summary_fg_n": 90822.0,
  "summary_fg_p05": 1812.7048706054686,
  "summary_fg_p95": 8054.555200195312,
  "summary_fg_stdv": 1937.1536865234375,
  "tsnr": 34.79035949707031
}