{
  "bids_meta": {
    "AccessionNumber": "8687-017",
    "AcquisitionDateTime": "2019-01-25T10:30:0.620000",
    "AcquisitionMatrixPE": 256,
    "AcquisitionNumber": 1,
    "AcquisitionTime": "10:30:0.620000",
    "BaseResolution": 256,
    "BodyPartExamined": "BRAIN",
    "ConsistencyInfo": "N4_VE11C_LATEST_20160120",
    "ConversionSoftware": "dcm2niix",
    "ConversionSoftwareVersion": "v1.0.20210317",
    "DeviceSerialNumber": "167050",
    "DwellTime": 3e-06,
    "EchoNumber": 4,
    "FlipAngle": 8,
    "ImageComments": "Average over all echoes.",
    "ImageOrientationPatientDICOM": [
      0,
      1,
      0,
      0,
      0,
      -1
    ],
    "ImageType": [
      "ORIGINAL",
      "PRIMARY",
      "ECHO",
      "COMBINED",
      "ND",
      "NORM"
    ],
    "ImagingFrequency": 123.25,
    "InPlanePhaseEncodingDirectionDICOM": "ROW",
    "InstitutionAddress": "Michigan Ave 320,Pasadena,California,US,91025",
    "InstitutionName": "Caltech Prisma64",
    "InstitutionalDepartmentName": "Department",
    "InversionTime": 1.15,
    "MRAcquisitionType": "3D",
    "MagneticFieldStrength": 3,
    "Manufacturer": "Siemens",
    "ManufacturersModelName": "Prisma_fit",
    "Modality": "MR",
    "ParallelReductionFactorInPlane": 2,
    "PartialFourier": 1,
    "PatientBirthDate": "1980-09-01",
    "PatientID": "CC0049",
    "PatientName": "CC0049",
    "PatientPosition": "HFS",
    "PatientSex": "M",
    "PatientWeight": 70.3068,
    "PercentPhaseFOV": 100,
    "PercentSampling": 100,
    "PhaseEncodingSteps": 282,
    "PhaseOversampling": 0.1,
    "PhaseResolution": 1,
    "PixelBandwidth": 650,
    "ProtocolName": "T1w",
    "PulseSequenceDetails": "%CustomerSeq%\\tfl_wip900D_VE11C",
    "ReceiveCoilActiveElements": "HEA;HEP",
    "ReceiveCoilName": "Head_32",
    "ReconMatrixPE": 256,
    "RefLinesPE": 32,
    "ReferringPhysicianName": "Adolphs",
    "RepetitionTime": 2.55,
    "SAR": 0.0413647,
    "ScanOptions": "IR\\WE",
    "ScanningSequence": "GR\\IR",
    "SequenceName": "tfl3d4_16ns",
    "SequenceVariant": "SK\\SP\\MP\\OSP",
    "SeriesDescription": "T1w_combEcho",
    "SeriesInstanceUID": "1.3.12.2.1107.5.2.43.167050.2019012510370969007179191.0.0.0",
    "SeriesNumber": 5,
    "ShimSetting": [
      6987,
      -3687,
      7891,
      336,
      13,
      -192,
      21,
      -22
    ],
    "SliceThickness": 0.9,
    "SoftwareVersions": "syngo MR E11",
    "StationName": "PRISMA",
    "StudyID": "1",
    "StudyInstanceUID": "1.3.12.2.1107.5.2.43.167050.30000019012122271046500000034",
    "TxRefAmp": 254.22,
    "WipMemBlock": "WIP_Identifier: WIP#900D",
    "acq_id": "combecho",
    "dataset": "unknown",
    "modality": "T1w",
    "run_id": 2,
    "session_id": "core2p2",
    "subject_id": "CC0049"
  },
  "cjv": 0.6761047307264836,
  "cnr": 1.8778070883134332,
  "efc": 0.6060739320756593,
  "fber": 1365.028564453125,
  "fwhm_avg": 4.099713009146307,
  "fwhm_x": 4.135922331786747,
  "fwhm_y": 4.035550608695652,
  "fwhm_z": 4.127666086956522,
  "icvs_csf": 0.256705194393569,
  "icvs_gm": 0.38180381380884376,
  "icvs_wm": 0.3614909917975872,
  "inu_med": 1.5117641687393188,
  "inu_range": 0.602664417028427,
  "provenance": {
    "md5sum": "fddb5dcc40eb4524c10c6a48d8fe3560",
    "settings": {
      "testing": false
    },
    "software": "mriqc",
    "version": "0.15.0",
    "warnings": {
      "large_rot_frame": false,
      "small_air_mask": false
    },
    "webapi_port": null,
    "webapi_url": "https://mriqc.nimh.nih.gov/api/v1"
  },
  "qi_1": 0.00026063761797731535,
  "qi_2": 0.00475846836476787,
  "rpve_csf": 21.34853485427386,
  "rpve_gm": 13.288669407112435,
  "rpve_wm": 16.709167982095348,
  "size_x": 208,
  "size_y": 256,
  "size_z": 256,
  "snr_csf": 4.364415791035533,
  "snr_gm": 12.586933074745705,
  "snr_total": 12.177943566601861,
  "snr_wm": 19.582481834024346,
  "snrd_csf": 38.14056057665235,
  "snrd_gm": 92.1427652426803,
  "snrd_total": 80.02423326712892,
  "snrd_wm": 109.7893739820541,
  "spacing_x": 0.8999999761581421,
  "spacing_y": 0.8984375,
  "spacing_z": 0.8984375,
  "summary_bg_k": 2008.3331732792087,
  "summary_bg_mad": 5.967493057250977,
  "summary_bg_mean": 14.90676498413086,
  "summary_bg_median": 12.08156967163086,
  "summary_bg_n": 3538429.0,
  "summary_bg_p05": 4.031928062438965,
  "summary_bg_p95": 30.09889678955066,
  "summary_bg_stdv": 16.52882194519043,
  "summary_csf_k": 2.2472961117325942,
  "summary_csf_mad": 64.46908569335938,
  "summary_csf_mean": 364.06060791015625,
  "summary_csf_median": 347.4139709472656,
  "summary_csf_n": 83300.0,
  "summary_csf_p05": 267.5589233398438,
  "summary_csf_p95": 524.9082305908205,
  "summary_csf_stdv": 79.60100555419922,
  "summary_gm_k": 0.4921246675801192,
  "summary_gm_mad": 61.98986053466797,
  "summary_gm_mean": 841.969970703125,
  "summary_gm_median": 839.3081665039062,
  "summary_gm_n": 16222.0,
  "summary_gm_p05": 736.4762634277345,
  "summary_gm_p95": 958.759375,
  "summary_gm_stdv": 66.6788558959961,
  "summary_wm_k": 0.9187244622912591,
  "summary_wm_mad": 46.686588287353516,
  "summary_wm_mean": 999.5267944335938,
  "summary_wm_median": 1000.0472412109375,
  "summary_wm_n": 256850.0,
  "summary_wm_p05": 913.0986755371093,
  "summary_wm_p95": 1080.0083496093748,
  "summary_wm_stdv": 51.068363189697266,
  "tpm_overlap_csf": 0.20629584789276123,
  "tpm_overlap_gm": 0.4416409432888031,
  "tpm_overlap_wm": 0.509779691696167,
  "wm2max": 0.6853307197560219
}