{
  "bids_meta": {
    "AccessionNumber": "8687-017",
    "AcquisitionDateTime": "2019-01-25T10:30:0.620000",
    "AcquisitionMatrixPE": 256,
    "AcquisitionNumber": 1,
    "AcquisitionTime": "10:30:0.620000",
    "BaseResolution": 256,
    "BodyPartExamined": "BRAIN",
    "ConsistencyInfo": "N4_VE11C_LATEST_20160120",
    "ConversionSoftware": "dcm2niix",
    "ConversionSoftwareVersion": "v1.0.20210317",
    "DeviceSerialNumber": "167050",
    "DwellTime": 3e-06,
    "EchoNumber": 4,
    "FlipAngle": 8,
    "ImageComments": "Average over all echoes.",
    "ImageOrientationPatientDICOM": [
      0,
      1,
      0,
      0,
      0,
      -1
    ],
    "ImageType": [
      "ORIGINAL",
      "PRIMARY",
      "ECHO",
      "COMBINED",
      "ND"
    ],
    "ImagingFrequency": 123.25,
    "InPlanePhaseEncodingDirectionDICOM": "ROW",
    "InstitutionAddress": "Michigan Ave 320,Pasadena,California,US,91025",
    "InstitutionName": "Caltech Prisma64",
    "InstitutionalDepartmentName": "Department",
    "InversionTime": 1.15,
    "MRAcquisitionType": "3D",
    "MagneticFieldStrength": 3,
    "Manufacturer": "Siemens",
    "ManufacturersModelName": "Prisma_fit",
    "Modality": "MR",
    "ParallelReductionFactorInPlane": 2,
    "PartialFourier": 1,
    "PatientBirthDate": "1980-09-01",
    "PatientID": "CC0049",
    "PatientName": "CC0049",
    "PatientPosition": "HFS",
    "PatientSex": "M",
    "PatientWeight": 70.3068,
    "PercentPhaseFOV": 100,
    "PercentSampling": 100,
    "PhaseEncodingSteps": 282,
    "PhaseOversampling": 0.1,
    "PhaseResolution": 1,
    "PixelBandwidth": 650,
    "ProtocolName": "T1w",
    "PulseSequenceDetails": "%CustomerSeq%\\tfl_wip900D_VE11C",
    "ReceiveCoilActiveElements": "HEA;HEP",
    "ReceiveCoilName": "Head_32",
    "ReconMatrixPE": 256,
    "RefLinesPE": 32,
    "ReferringPhysicianName": "Adolphs",
    "RepetitionTime": 2.55,
    "SAR": 0.0413647,
    "ScanOptions": "IR\\WE",
    "ScanningSequence": "GR\\IR",
    "SequenceName": "tfl3d4_16ns",
    "SequenceVariant": "SK\\SP\\MP\\OSP",
    "SeriesDescription": "T1w_combEcho",
    "SeriesInstanceUID": "1.3.12.2.1107.5.2.43.167050.2019012510370968988379190.0.0.0",
    "SeriesNumber": 4,
    "ShimSetting": [
      6987,
      -3687,
      7891,
      336,
      13,
      -192,
      21,
      -22
    ],
    "SliceThickness": 0.9,
    "SoftwareVersions": "syngo MR E11",
    "StationName": "PRISMA",
    "StudyID": "1",
    "StudyInstanceUID": "1.3.12.2.1107.5.2.43.167050.30000019012122271046500000034",
    "TxRefAmp": 254.22,
    "WipMemBlock": "WIP_Identifier: WIP#900D",
    "acq_id": "combecho",
    "dataset": "unknown",
    "modality": "T1w",
    "run_id": 1,
    "session_id": "core2p2",
    "subject_id": "CC0049"
  },
  "cjv": 0.5671582766613733,
  "cnr": 2.218465849372298,
  "efc": 0.5979771787268904,
  "fber": 223.4777069091797,
  "fwhm_avg": 4.795076958052344,
  "fwhm_x": 4.914722352417902,
  "fwhm_y": 4.546326260869566,
  "fwhm_z": 4.924182260869566,
  "icvs_csf": 0.24341726543039846,
  "icvs_gm": 0.37767732655285846,
  "icvs_wm": 0.3789054080167431,
  "inu_med": 1.6075587272644043,
  "inu_range": 1.1486193895339964,
  "provenance": {
    "md5sum": "a746762f4bf19930404b8b162bc27210",
    "settings": {
      "testing": false
    },
    "software": "mriqc",
    "version": "0.15.0",
    "warnings": {
      "large_rot_frame": false,
      "small_air_mask": false
    },
    "webapi_port": null,
    "webapi_url": "https://mriqc.nimh.nih.gov/api/v1"
  },
  "qi_1": 0.00019504511213238899,
  "qi_2": 0.0024562030145671206,
  "rpve_csf": 23.217561274908864,
  "rpve_gm": 12.925041969430616,
  "rpve_wm": 14.674005540939083,
  "size_x": 208,
  "size_y": 256,
  "size_z": 256,
  "snr_csf": 4.237666666185578,
  "snr_gm": 13.865251683231714,
  "snr_total": 9.713817498382229,
  "snr_wm": 11.038534145729397,
  "snrd_csf": 18.38802735412328,
  "snrd_gm": 42.218283519170484,
  "snrd_total": 38.80827587597526,
  "snrd_wm": 55.81851675463203,
  "spacing_x": 0.8999999761581421,
  "spacing_y": 0.8984375,
  "spacing_z": 0.8984375,
  "summary_bg_k": 2916.296321312088,
  "summary_bg_mad": 11.736477851867676,
  "summary_bg_mean": 43.030025482177734,
  "summary_bg_median": 41.22581481933594,
  "summary_bg_n": 3511707.0,
  "summary_bg_p05": 23.6775390625,
  "summary_bg_p95": 63.788164901733396,
  "summary_bg_stdv": 29.661699295043945,
  "summary_csf_k": 1.4640412896153023,
  "summary_csf_mad": 64.73675537109375,
  "summary_csf_mean": 345.8049621582031,
  "summary_csf_median": 329.4133605957031,
  "summary_csf_n": 64776.0,
  "summary_csf_p05": 247.41711807250977,
  "summary_csf_p95": 500.17447662353516,
  "summary_csf_stdv": 77.7340087890625,
  "summary_gm_k": 0.1510536907794191,
  "summary_gm_mad": 53.96417999267578,
  "summary_gm_mean": 757.0478515625,
  "summary_gm_median": 756.3218383789062,
  "summary_gm_n": 36552.0,
  "summary_gm_p05": 669.168099975586,
  "summary_gm_p95": 847.3608825683593,
  "summary_gm_stdv": 54.54726028442383,
  "summary_wm_k": 0.5361495457894283,
  "summary_wm_mad": 84.219482421875,
  "summary_wm_mean": 1018.8908081054688,
  "summary_wm_median": 999.9639892578125,
  "summary_wm_n": 175799.0,
  "summary_wm_p05": 906.1277282714844,
  "summary_wm_p95": 1195.43525390625,
  "summary_wm_stdv": 90.58821868896484,
  "tpm_overlap_csf": 0.18887558579444885,
  "tpm_overlap_gm": 0.37932100892066956,
  "tpm_overlap_wm": 0.4181804656982422,
  "wm2max": 0.4962919712525558
}