{
    "Modality":"MR",
    "MagneticFieldStrength":3,
    "ImagingFrequency":123.25,
    "Manufacturer":"Siemens",
    "ManufacturersModelName":"Prisma_fit",
    "InstitutionName":"Caltech Prisma32",
    "InstitutionalDepartmentName":"Department",
    "InstitutionAddress":"Michigan Ave 320,Pasadena,California,US,91025",
    "DeviceSerialNumber":"167050",
    "StationName":"PRISMA",
    "SeriesInstanceUID":"1.3.12.2.1107.5.2.43.167050.2019051509580820188960304.0.0.0",
    "StudyInstanceUID":"1.3.12.2.1107.5.2.43.167050.30000019050821005867900000049",
    "ReferringPhysicianName":"Adolphs",
    "StudyID":"1",
    "PatientName":"CC0190",
    "PatientID":"CC0190",
    "AccessionNumber":"8853-001",
    "PatientBirthDate":"1993-07-01",
    "PatientSex":"F",
    "PatientWeight":58.967,
    "BodyPartExamined":"BRAIN",
    "PatientPosition":"HFS",
    "SoftwareVersions":"syngo MR E11",
    "MRAcquisitionType":"2D",
    "SeriesDescription":"acq-pixar_run-01_dir-AP_epi",
    "ProtocolName":"acq-pixar_run-01_dir-AP_epi",
    "ScanningSequence":"EP",
    "SequenceVariant":"SK\\OSP",
    "ScanOptions":"FS",
    "SequenceName":"epse2d1_80",
    "ImageType":[
        "ORIGINAL",
        "PRIMARY",
        "M",
        "ND",
        "MOSAIC"
    ],
    "SeriesNumber":31,
    "AcquisitionTime":"09:58:11.517500",
    "AcquisitionDateTime":"2019-05-15T09:58:11.517500",
    "AcquisitionNumber":1,
    "SliceThickness":2.5,
    "SpacingBetweenSlices":2.5,
    "SAR":0.225428,
    "EchoTime":0.048,
    "RepetitionTime":5.5,
    "FlipAngle":90,
    "PartialFourier":1,
    "BaseResolution":80,
    "ShimSetting":[
        6989,
        -3635,
        7992,
        546,
        4,
        106,
        21,
        20
    ],
    "TxRefAmp":244.945,
    "PhaseResolution":1,
    "PhaseOversampling":0.1,
    "ReceiveCoilName":"Head_32",
    "ReceiveCoilActiveElements":"HEA;HEP",
    "PulseSequenceDetails":"%CustomerSeq%\\cmrr_mbep2d_se",
    "WipMemBlock":"759966e6-5373-4b95-aebc-200743e92bd1||Sequence: R016 ve11c/master r/e634e98; Dec 19 2017 11:22:56 by eja",
    "ConsistencyInfo":"N4_VE11C_LATEST_20160120",
    "PercentPhaseFOV":100,
    "PercentSampling":100,
    "EchoTrainLength":88,
    "PhaseEncodingSteps":88,
    "AcquisitionMatrixPE":80,
    "ReconMatrixPE":80,
    "BandwidthPerPixelPhaseEncode":23.191,
    "EffectiveEchoSpacing":0.000539002,
    "DerivedVendorReportedEchoSpacing":0.000490002,
    "TotalReadoutTime":0.0425812,
    "PixelBandwidth":2715,
    "DwellTime":2.3e-06,
    "PhaseEncodingDirection":"j-",
    "SliceTiming":[
        2.74,
        0,
        2.8325,
        0.0925,
        2.9225,
        0.1825,
        3.015,
        0.275,
        3.105,
        0.365,
        3.1975,
        0.4575,
        3.2875,
        0.5475,
        3.38,
        0.64,
        3.47,
        0.73,
        3.5625,
        0.8225,
        3.655,
        0.915,
        3.745,
        1.005,
        3.8375,
        1.0975,
        3.9275,
        1.1875,
        4.02,
        1.28,
        4.11,
        1.37,
        4.2025,
        1.4625,
        4.2925,
        1.5525,
        4.385,
        1.645,
        4.475,
        1.735,
        4.5675,
        1.8275,
        4.6575,
        1.9175,
        4.75,
        2.01,
        4.84,
        2.1,
        4.9325,
        2.1925,
        5.025,
        2.285,
        5.115,
        2.375,
        5.2075,
        2.4675,
        5.2975,
        2.5575,
        5.39,
        2.65
    ],
    "ImageOrientationPatientDICOM":[
        1,
        0,
        0,
        0,
        0.939693,
        -0.34202
    ],
    "InPlanePhaseEncodingDirectionDICOM":"COL",
    "ConversionSoftware":"dcm2niix",
    "ConversionSoftwareVersion":"v1.0.20210317",
    "IntendedFor":[
        "ses-core2p2/func/sub-CC0190_ses-core2p2_task-pixar_run-01_bold.nii.gz"
    ]
}