{
    "Modality":"MR",
    "MagneticFieldStrength":3,
    "ImagingFrequency":123.229,
    "Manufacturer":"Siemens",
    "ManufacturersModelName":"TrioTim",
    "InstitutionName":"Caltech Tim32",
    "InstitutionalDepartmentName":"Department",
    "InstitutionAddress":"Wilson Avenue 340 ,Pasadena,California,US,91025",
    "DeviceSerialNumber":"35077",
    "StationName":"MEDPC",
    "SeriesInstanceUID":"1.3.12.2.1107.5.2.32.35077.2014060311353164573897842.0.0.0",
    "StudyInstanceUID":"1.3.12.2.1107.5.2.32.35077.30000014060216395735900000034",
    "StudyID":"1",
    "PatientName":"CC0118",
    "PatientID":"adolphs",
    "AccessionNumber":"7539-001",
    "PatientBirthDate":"1988-01-01",
    "PatientSex":"F",
    "PatientWeight":64.8637,
    "PatientPosition":"HFS",
    "ProcedureStepDescription":"Conte^Core",
    "SoftwareVersions":"syngo MR B17",
    "MRAcquisitionType":"3D",
    "SeriesDescription":"T1_1",
    "ProtocolName":"T1_1",
    "ScanningSequence":"GR\\IR",
    "SequenceVariant":"SP\\MP",
    "ScanOptions":"IR",
    "SequenceName":"*tfl3d1",
    "ImageType":[
        "ORIGINAL",
        "PRIMARY",
        "M",
        "ND",
        "NORM"
    ],
    "SeriesNumber":12,
    "AcquisitionTime":"11:34:18.650000",
    "AcquisitionDateTime":"2014-06-03T11:34:18.650000",
    "AcquisitionNumber":1,
    "SliceThickness":1,
    "SAR":0.119746,
    "EchoTime":0.00291,
    "RepetitionTime":1.5,
    "InversionTime":0.8,
    "FlipAngle":10,
    "PartialFourier":1,
    "BaseResolution":256,
    "ShimSetting":[
        9526,
        -10531,
        15338,
        105,
        14,
        -273,
        165,
        76
    ],
    "TxRefAmp":298.245,
    "PhaseResolution":1,
    "ReceiveCoilName":"32Ch_Head",
    "CoilString":"C:HEA;HEP",
    "PulseSequenceDetails":"%SiemensSeq%\\tfl",
    "PercentPhaseFOV":100,
    "PercentSampling":100,
    "PhaseEncodingSteps":256,
    "AcquisitionMatrixPE":256,
    "ReconMatrixPE":256,
    "PixelBandwidth":179,
    "DwellTime":1.09e-05,
    "ImageOrientationPatientDICOM":[
        0,
        1,
        0,
        0,
        0,
        -1
    ],
    "InPlanePhaseEncodingDirectionDICOM":"ROW",
    "ConversionSoftware":"dcm2niix",
    "ConversionSoftwareVersion":"v1.0.20210317"
}