{
    "Modality":"MR",
    "MagneticFieldStrength":3,
    "ImagingFrequency":123.25,
    "Manufacturer":"Siemens",
    "ManufacturersModelName":"Prisma_fit",
    "InstitutionName":"Caltech Prisma32",
    "InstitutionalDepartmentName":"Department",
    "InstitutionAddress":"Michigan Ave 320,Pasadena,California,US,91025",
    "DeviceSerialNumber":"167050",
    "StationName":"PRISMA",
    "SeriesInstanceUID":"1.3.12.2.1107.5.2.43.167050.2019051509295184766733776.0.0.0",
    "StudyInstanceUID":"1.3.12.2.1107.5.2.43.167050.30000019050821005867900000049",
    "ReferringPhysicianName":"Adolphs",
    "StudyID":"1",
    "PatientName":"CC0190",
    "PatientID":"CC0190",
    "AccessionNumber":"8853-001",
    "PatientBirthDate":"1993-07-01",
    "PatientSex":"F",
    "PatientWeight":58.967,
    "BodyPartExamined":"BRAIN",
    "PatientPosition":"HFS",
    "SoftwareVersions":"syngo MR E11",
    "MRAcquisitionType":"2D",
    "SeriesDescription":"task-bang_bold",
    "ProtocolName":"task-bang_bold",
    "ScanningSequence":"EP",
    "SequenceVariant":"SK\\SS\\OSP",
    "ScanOptions":"FS\\EXT",
    "SequenceName":"epfid2d1_80",
    "ImageType":[
        "ORIGINAL",
        "PRIMARY",
        "M",
        "MB",
        "ND",
        "MOSAIC"
    ],
    "SeriesNumber":24,
    "AcquisitionTime":"09:32:16.000000",
    "AcquisitionDateTime":"2019-05-15T09:32:16.000000",
    "AcquisitionNumber":1,
    "ImageComments":"Unaliased MB6/PE3/LB",
    "SliceThickness":2.5,
    "SpacingBetweenSlices":2.5,
    "SAR":0.0849759,
    "EchoTime":0.03,
    "RepetitionTime":0.7,
    "FlipAngle":53,
    "PartialFourier":1,
    "BaseResolution":80,
    "ShimSetting":[
        6989,
        -3635,
        7992,
        546,
        4,
        106,
        21,
        20
    ],
    "TxRefAmp":244.945,
    "PhaseResolution":1,
    "PhaseOversampling":0.1,
    "ReceiveCoilName":"Head_32",
    "ReceiveCoilActiveElements":"HEA;HEP",
    "PulseSequenceDetails":"%CustomerSeq%\\cmrr_mbep2d_bold",
    "WipMemBlock":"7223ed94-349a-41b8-85bb-db4f753c067e||Sequence: R016 ve11c/master r/e634e98; Dec 19 2017 11:00:25 by eja",
    "ConsistencyInfo":"N4_VE11C_LATEST_20160120",
    "MultibandAccelerationFactor":6,
    "PercentPhaseFOV":100,
    "PercentSampling":100,
    "EchoTrainLength":88,
    "PhaseEncodingSteps":88,
    "AcquisitionMatrixPE":80,
    "ReconMatrixPE":80,
    "BandwidthPerPixelPhaseEncode":23.191,
    "EffectiveEchoSpacing":0.000539002,
    "DerivedVendorReportedEchoSpacing":0.000490002,
    "TotalReadoutTime":0.0425812,
    "PixelBandwidth":2715,
    "DwellTime":2.3e-06,
    "PhaseEncodingDirection":"j-",
    "SliceTiming":[
        0,
        0.475,
        0.2725,
        0.0675,
        0.5425,
        0.34,
        0.135,
        0.6125,
        0.4075,
        0.2025,
        0,
        0.475,
        0.2725,
        0.0675,
        0.5425,
        0.34,
        0.135,
        0.6125,
        0.4075,
        0.2025,
        0,
        0.475,
        0.2725,
        0.0675,
        0.5425,
        0.34,
        0.135,
        0.6125,
        0.4075,
        0.2025,
        0,
        0.475,
        0.2725,
        0.0675,
        0.5425,
        0.34,
        0.135,
        0.6125,
        0.4075,
        0.2025,
        0,
        0.475,
        0.2725,
        0.0675,
        0.5425,
        0.34,
        0.135,
        0.6125,
        0.4075,
        0.2025,
        0,
        0.475,
        0.2725,
        0.0675,
        0.5425,
        0.34,
        0.135,
        0.6125,
        0.4075,
        0.2025
    ],
    "ImageOrientationPatientDICOM":[
        1,
        0,
        0,
        0,
        0.939693,
        -0.34202
    ],
    "InPlanePhaseEncodingDirectionDICOM":"COL",
    "ConversionSoftware":"dcm2niix",
    "ConversionSoftwareVersion":"v1.0.20210317",
    "TaskName":"bang"
}