{
  "bids_meta": {
    "AccessionNumber": "7701-009",
    "AcquisitionDateTime": "2015-01-29T10:30:23.065000",
    "AcquisitionMatrixPE": 256,
    "AcquisitionNumber": 1,
    "AcquisitionTime": "10:30:23.065000",
    "BaseResolution": 256,
    "CoilString": "C:HEA;HEP",
    "ConversionSoftware": "dcm2niix",
    "ConversionSoftwareVersion": "v1.0.20210317",
    "DeviceSerialNumber": "35077",
    "DwellTime": 1.09e-05,
    "EchoTime": 0.00291,
    "FlipAngle": 10,
    "ImageOrientationPatientDICOM": [
      0,
      1,
      0,
      0,
      0,
      -1
    ],
    "ImageType": [
      "ORIGINAL",
      "PRIMARY",
      "M",
      "ND",
      "NORM"
    ],
    "ImagingFrequency": 123.229,
    "InPlanePhaseEncodingDirectionDICOM": "ROW",
    "InstitutionAddress": "Wilson Avenue 340 ,Pasadena,California,US,91025",
    "InstitutionName": "Caltech Tim32",
    "InstitutionalDepartmentName": "Department",
    "InversionTime": 0.8,
    "MRAcquisitionType": "3D",
    "MagneticFieldStrength": 3,
    "Manufacturer": "Siemens",
    "ManufacturersModelName": "TrioTim",
    "Modality": "MR",
    "PartialFourier": 1,
    "PatientBirthDate": "1985-01-01",
    "PatientID": "adolphs",
    "PatientName": "CC0029",
    "PatientPosition": "HFS",
    "PatientSex": "M",
    "PatientWeight": 72.5748,
    "PercentPhaseFOV": 100,
    "PercentSampling": 100,
    "PhaseEncodingSteps": 256,
    "PhaseResolution": 1,
    "PixelBandwidth": 179,
    "ProcedureStepDescription": "Conte^Core",
    "ProtocolName": "T1_2",
    "PulseSequenceDetails": "%SiemensSeq%\\tfl",
    "ReceiveCoilName": "32Ch_Head",
    "ReconMatrixPE": 256,
    "RepetitionTime": 1.5,
    "SAR": 0.137196,
    "ScanOptions": "IR",
    "ScanningSequence": "GR\\IR",
    "SequenceName": "*tfl3d1",
    "SequenceVariant": "SP\\MP",
    "SeriesDescription": "T1_2",
    "SeriesInstanceUID": "1.3.12.2.1107.5.2.32.35077.2015012910302066441579516.0.0.0",
    "SeriesNumber": 11,
    "ShimSetting": [
      9542,
      -10493,
      15707,
      416,
      -84,
      -50,
      33,
      34
    ],
    "SliceThickness": 1,
    "SoftwareVersions": "syngo MR B17",
    "StationName": "MEDPC",
    "StudyID": "1",
    "StudyInstanceUID": "1.3.12.2.1107.5.2.32.35077.30000015012916505859300000004",
    "TxRefAmp": 318.656,
    "dataset": "unknown",
    "modality": "T1w",
    "run_id": 2,
    "session_id": "core1p3p0",
    "subject_id": "CC0029"
  },
  "cjv": 0.47589175897818614,
  "cnr": 2.5134248469065565,
  "efc": 0.5527262659222998,
  "fber": 5815.533203125,
  "fwhm_avg": 3.8991233333333333,
  "fwhm_x": 3.86213,
  "fwhm_y": 4.03834,
  "fwhm_z": 3.7969,
  "icvs_csf": 0.20119532365437287,
  "icvs_gm": 0.39299785565395934,
  "icvs_wm": 0.4058068206916678,
  "inu_med": 1.5535521507263184,
  "inu_range": 0.4076986014842987,
  "provenance": {
    "md5sum": "5dd55f01ca9a663404f15514ae2b6c6e",
    "settings": {
      "testing": false
    },
    "software": "mriqc",
    "version": "0.15.0",
    "warnings": {
      "large_rot_frame": true,
      "small_air_mask": false
    },
    "webapi_port": null,
    "webapi_url": "https://mriqc.nimh.nih.gov/api/v1"
  },
  "qi_1": 4.7283783080916735e-05,
  "qi_2": 0.00687160999596068,
  "rpve_csf": 25.162618724260845,
  "rpve_gm": 13.054678287972086,
  "rpve_wm": 15.285483343019566,
  "size_x": 176,
  "size_y": 256,
  "size_z": 256,
  "snr_csf": 3.0142480710727706,
  "snr_gm": 10.033469259395645,
  "snr_total": 13.666744572478313,
  "snr_wm": 27.95251638696652,
  "snrd_csf": 59.83783427009483,
  "snrd_gm": 108.00522494145619,
  "snrd_total": 101.91552105651074,
  "snrd_wm": 137.9035039579812,
  "spacing_x": 1.0,
  "spacing_y": 1.0,
  "spacing_z": 1.0,
  "summary_bg_k": 123.83178966466251,
  "summary_bg_mad": 4.750749588012695,
  "summary_bg_mean": 7.4545135498046875,
  "summary_bg_median": 6.3970537185668945,
  "summary_bg_n": 3144210.0,
  "summary_bg_p05": 0.0,
  "summary_bg_p95": 22.238593769073482,
  "summary_bg_stdv": 8.247664451599121,
  "summary_csf_k": 24.502182625136484,
  "summary_csf_mad": 135.5810089111328,
  "summary_csf_mean": 456.96148681640625,
  "summary_csf_median": 433.9166259765625,
  "summary_csf_n": 31505.0,
  "summary_csf_p05": 290.5243408203125,
  "summary_csf_p95": 651.6058349609375,
  "summary_csf_stdv": 143.95289611816406,
  "summary_gm_k": 0.5701567577729092,
  "summary_gm_mad": 70.57368469238281,
  "summary_gm_mean": 794.177490234375,
  "summary_gm_median": 783.2045288085938,
  "summary_gm_n": 19848.0,
  "summary_gm_p05": 686.9050476074219,
  "summary_gm_p95": 948.9019714355466,
  "summary_gm_stdv": 78.0572280883789,
  "summary_wm_k": 0.9218678944067036,
  "summary_wm_mad": 32.60376739501953,
  "summary_wm_mean": 1001.076171875,
  "summary_wm_median": 1000.01318359375,
  "summary_wm_n": 243052.0,
  "summary_wm_p05": 944.7854705810548,
  "summary_wm_p95": 1061.3051391601562,
  "summary_wm_stdv": 35.775352478027344,
  "tpm_overlap_csf": 0.21779435873031616,
  "tpm_overlap_gm": 0.4796030521392822,
  "tpm_overlap_wm": 0.5349976420402527,
  "wm2max": 0.49209243930354835
}