{
  "bids_meta": {
    "AccessionNumber": "8578-001",
    "AcquisitionDateTime": "2018-10-01T11:08:28.575000",
    "AcquisitionMatrixPE": 256,
    "AcquisitionNumber": 1,
    "AcquisitionTime": "11:08:28.575000",
    "BaseResolution": 256,
    "BodyPartExamined": "BRAIN",
    "ConsistencyInfo": "N4_VE11C_LATEST_20160120",
    "ConversionSoftware": "dcm2niix",
    "ConversionSoftwareVersion": "v1.0.20210317",
    "DeviceSerialNumber": "167050",
    "DwellTime": 3e-06,
    "EchoNumber": 4,
    "FlipAngle": 8,
    "ImageComments": "Average over all echoes.",
    "ImageOrientationPatientDICOM": [
      0,
      1,
      0,
      0,
      0,
      -1
    ],
    "ImageType": [
      "ORIGINAL",
      "PRIMARY",
      "ECHO",
      "COMBINED",
      "ND"
    ],
    "ImagingFrequency": 123.25,
    "InPlanePhaseEncodingDirectionDICOM": "ROW",
    "InstitutionAddress": "Michigan Ave 320,Pasadena,California,US,91025",
    "InstitutionName": "Caltech Prisma64",
    "InstitutionalDepartmentName": "Department",
    "InversionTime": 1.15,
    "MRAcquisitionType": "3D",
    "MagneticFieldStrength": 3,
    "Manufacturer": "Siemens",
    "ManufacturersModelName": "Prisma_fit",
    "Modality": "MR",
    "ParallelReductionFactorInPlane": 2,
    "PartialFourier": 1,
    "PatientBirthDate": "1988-06-01",
    "PatientID": "CC0170",
    "PatientName": "CC0170",
    "PatientPosition": "HFS",
    "PatientSex": "M",
    "PatientWeight": 81.6466,
    "PercentPhaseFOV": 100,
    "PercentSampling": 100,
    "PhaseEncodingSteps": 282,
    "PhaseOversampling": 0.1,
    "PhaseResolution": 1,
    "PixelBandwidth": 650,
    "ProcedureStepDescription": "Conte Core",
    "ProtocolName": "T1w",
    "PulseSequenceDetails": "%CustomerSeq%\\tfl_wip900D_VE11C",
    "ReceiveCoilActiveElements": "HEA;HEP",
    "ReceiveCoilName": "Head_32",
    "ReconMatrixPE": 256,
    "RefLinesPE": 32,
    "ReferringPhysicianName": "Adolphs",
    "RepetitionTime": 2.55,
    "SAR": 0.0495928,
    "ScanOptions": "IR\\WE",
    "ScanningSequence": "GR\\IR",
    "SequenceName": "tfl3d4_16ns",
    "SequenceVariant": "SK\\SP\\MP\\OSP",
    "SeriesDescription": "T1w_combEcho",
    "SeriesInstanceUID": "1.3.12.2.1107.5.2.43.167050.2018100111153693263498397.0.0.0",
    "SeriesNumber": 5,
    "ShimSetting": [
      7005,
      -3652,
      7942,
      477,
      -23,
      -6,
      109,
      -12
    ],
    "SliceThickness": 0.9,
    "SoftwareVersions": "syngo MR E11",
    "StationName": "PRISMA",
    "StudyID": "1",
    "StudyInstanceUID": "1.3.12.2.1107.5.2.43.167050.30000018081720093477500000196",
    "TxRefAmp": 278.714,
    "WipMemBlock": "WIP_Identifier: WIP#900D",
    "acq_id": "combecho",
    "dataset": "unknown",
    "modality": "T1w",
    "run_id": 2,
    "session_id": "core2p2",
    "subject_id": "CC0170"
  },
  "cjv": 0.7752382808122179,
  "cnr": 1.765078491822143,
  "efc": 0.6105354544128846,
  "fber": 237.97537231445312,
  "fwhm_avg": 5.50095880424269,
  "fwhm_x": 5.367744586641115,
  "fwhm_y": 5.503610434782609,
  "fwhm_z": 5.631521391304347,
  "icvs_csf": 0.18184074284396617,
  "icvs_gm": 0.40004569383198524,
  "icvs_wm": 0.4181135633240486,
  "inu_med": 1.5174258947372437,
  "inu_range": 1.1004041075706483,
  "provenance": {
    "md5sum": "a56eafffeb75376ad39e211fb4774155",
    "settings": {
      "testing": false
    },
    "software": "mriqc",
    "version": "0.15.0",
    "warnings": {
      "large_rot_frame": false,
      "small_air_mask": false
    },
    "webapi_port": null,
    "webapi_url": "https://mriqc.nimh.nih.gov/api/v1"
  },
  "qi_1": 0.0,
  "qi_2": 0.003049390254893007,
  "rpve_csf": 25.573792394461485,
  "rpve_gm": 10.993139576854045,
  "rpve_wm": 12.268500220990843,
  "size_x": 208,
  "size_y": 256,
  "size_z": 256,
  "snr_csf": 4.0307376506899395,
  "snr_gm": 12.124786068713458,
  "snr_total": 9.842547209503998,
  "snr_wm": 13.372117909108596,
  "snrd_csf": 21.31111357126169,
  "snrd_gm": 42.90066551872834,
  "snrd_total": 38.837453836055666,
  "snrd_wm": 52.300582418176965,
  "spacing_x": 0.8999999761581421,
  "spacing_y": 0.8984375,
  "spacing_z": 0.8984375,
  "summary_bg_k": 22.696758955460712,
  "summary_bg_mad": 12.525750160217285,
  "summary_bg_mean": 46.29597473144531,
  "summary_bg_median": 45.28387451171875,
  "summary_bg_n": 3231651.0,
  "summary_bg_p05": 26.246665954589844,
  "summary_bg_p95": 69.41332626342773,
  "summary_bg_stdv": 14.111599922180176,
  "summary_csf_k": -0.27564464764477625,
  "summary_csf_mad": 112.02227783203125,
  "summary_csf_mean": 416.91387939453125,
  "summary_csf_median": 407.45361328125,
  "summary_csf_n": 35348.0,
  "summary_csf_p05": 272.1913940429688,
  "summary_csf_p95": 590.2071502685548,
  "summary_csf_stdv": 101.0851821899414,
  "summary_gm_k": -0.2953810920904094,
  "summary_gm_mad": 70.28343963623047,
  "summary_gm_mean": 815.6963500976562,
  "summary_gm_median": 820.2307739257812,
  "summary_gm_n": 38603.0,
  "summary_gm_p05": 697.6332641601563,
  "summary_gm_p95": 919.7081481933594,
  "summary_gm_stdv": 67.6482162475586,
  "summary_wm_k": 0.7746699491328588,
  "summary_wm_mad": 69.04226684570312,
  "summary_wm_mean": 1012.9287719726562,
  "summary_wm_median": 999.9506225585938,
  "summary_wm_n": 246847.0,
  "summary_wm_p05": 914.76220703125,
  "summary_wm_p95": 1154.5934204101563,
  "summary_wm_stdv": 74.77862548828125,
  "tpm_overlap_csf": 0.2073647379875183,
  "tpm_overlap_gm": 0.4202434718608856,
  "tpm_overlap_wm": 0.44828692078590393,
  "wm2max": 0.5043263876194264
}