{
    "Modality":"MR",
    "MagneticFieldStrength":3,
    "ImagingFrequency":123.25,
    "Manufacturer":"Siemens",
    "ManufacturersModelName":"Prisma_fit",
    "InstitutionName":"Caltech Prisma64",
    "InstitutionalDepartmentName":"Department",
    "InstitutionAddress":"Michigan Ave 320,Pasadena,California,US,91025",
    "DeviceSerialNumber":"167050",
    "StationName":"PRISMA",
    "SeriesInstanceUID":"1.3.12.2.1107.5.2.43.167050.201810011143409412724073.0.0.0",
    "StudyInstanceUID":"1.3.12.2.1107.5.2.43.167050.30000018081720093477500000196",
    "ReferringPhysicianName":"Adolphs",
    "StudyID":"1",
    "PatientName":"CC0170",
    "PatientID":"CC0170",
    "AccessionNumber":"8578-001",
    "PatientBirthDate":"1988-06-01",
    "PatientSex":"M",
    "PatientWeight":81.6466,
    "BodyPartExamined":"BRAIN",
    "PatientPosition":"HFS",
    "ProcedureStepDescription":"Conte Core",
    "SoftwareVersions":"syngo MR E11",
    "MRAcquisitionType":"2D",
    "SeriesDescription":"task-bang_bold",
    "ProtocolName":"task-bang_bold",
    "ScanningSequence":"EP",
    "SequenceVariant":"SK\\SS\\OSP",
    "ScanOptions":"FS\\EXT",
    "SequenceName":"epfid2d1_80",
    "ImageType":[
        "ORIGINAL",
        "PRIMARY",
        "M",
        "MB",
        "ND",
        "MOSAIC"
    ],
    "SeriesNumber":24,
    "AcquisitionTime":"11:48:59.227500",
    "AcquisitionDateTime":"2018-10-01T11:48:59.227500",
    "AcquisitionNumber":1,
    "ImageComments":"Unaliased MB6/PE3/LB",
    "SliceThickness":2.5,
    "SpacingBetweenSlices":2.5,
    "SAR":0.0934924,
    "EchoTime":0.03,
    "RepetitionTime":0.7,
    "FlipAngle":53,
    "PartialFourier":1,
    "BaseResolution":80,
    "ShimSetting":[
        7008,
        -3635,
        7973,
        610,
        -15,
        85,
        98,
        -8
    ],
    "TxRefAmp":278.714,
    "PhaseResolution":1,
    "PhaseOversampling":0.1,
    "ReceiveCoilName":"Head_32",
    "ReceiveCoilActiveElements":"HEA;HEP",
    "PulseSequenceDetails":"%CustomerSeq%\\cmrr_mbep2d_bold",
    "WipMemBlock":"17c58ce4-7d29-43b3-aba3-8a834d3ed599||Sequence: R016 ve11c/master r/e634e98; Dec 19 2017 11:00:25 by eja",
    "ConsistencyInfo":"N4_VE11C_LATEST_20160120",
    "MultibandAccelerationFactor":6,
    "PercentPhaseFOV":100,
    "PercentSampling":100,
    "EchoTrainLength":88,
    "PhaseEncodingSteps":88,
    "AcquisitionMatrixPE":80,
    "ReconMatrixPE":80,
    "BandwidthPerPixelPhaseEncode":23.191,
    "EffectiveEchoSpacing":0.000539002,
    "DerivedVendorReportedEchoSpacing":0.000490002,
    "TotalReadoutTime":0.0425812,
    "PixelBandwidth":2715,
    "DwellTime":2.3e-06,
    "PhaseEncodingDirection":"j-",
    "SliceTiming":[
        0,
        0.4775,
        0.2725,
        0.07,
        0.545,
        0.34,
        0.1375,
        0.6125,
        0.41,
        0.205,
        0,
        0.4775,
        0.2725,
        0.07,
        0.545,
        0.34,
        0.1375,
        0.6125,
        0.41,
        0.205,
        0,
        0.4775,
        0.2725,
        0.07,
        0.545,
        0.34,
        0.1375,
        0.6125,
        0.41,
        0.205,
        0,
        0.4775,
        0.2725,
        0.07,
        0.545,
        0.34,
        0.1375,
        0.6125,
        0.41,
        0.205,
        0,
        0.4775,
        0.2725,
        0.07,
        0.545,
        0.34,
        0.1375,
        0.6125,
        0.41,
        0.205,
        0,
        0.4775,
        0.2725,
        0.07,
        0.545,
        0.34,
        0.1375,
        0.6125,
        0.41,
        0.205
    ],
    "ImageOrientationPatientDICOM":[
        1,
        0,
        0,
        0,
        0.939693,
        -0.34202
    ],
    "InPlanePhaseEncodingDirectionDICOM":"COL",
    "ConversionSoftware":"dcm2niix",
    "ConversionSoftwareVersion":"v1.0.20210317",
    "TaskName":"bang"
}