{
  "bids_meta": {
    "AccessionNumber": "8469-016",
    "AcquisitionDateTime": "2018-05-03T13:43:8.940000",
    "AcquisitionMatrixPE": 256,
    "AcquisitionNumber": 1,
    "AcquisitionTime": "13:43:8.940000",
    "BaseResolution": 256,
    "BodyPartExamined": "BRAIN",
    "ConsistencyInfo": "N4_VE11C_LATEST_20160120",
    "ConversionSoftware": "dcm2niix",
    "ConversionSoftwareVersion": "v1.0.20210317",
    "DeviceSerialNumber": "167050",
    "DwellTime": 3e-06,
    "EchoNumber": 4,
    "FlipAngle": 8,
    "ImageComments": "Average over all echoes.",
    "ImageOrientationPatientDICOM": [
      0,
      1,
      0,
      0,
      0,
      -1
    ],
    "ImageType": [
      "ORIGINAL",
      "PRIMARY",
      "ECHO",
      "COMBINED",
      "ND"
    ],
    "ImagingFrequency": 123.25,
    "InPlanePhaseEncodingDirectionDICOM": "ROW",
    "InstitutionAddress": "Michigan Ave 320,Pasadena,California,US,91025",
    "InstitutionName": "Caltech Prisma64",
    "InstitutionalDepartmentName": "Department",
    "InversionTime": 1.15,
    "MRAcquisitionType": "3D",
    "MagneticFieldStrength": 3,
    "Manufacturer": "Siemens",
    "ManufacturersModelName": "Prisma_fit",
    "Modality": "MR",
    "ParallelReductionFactorInPlane": 2,
    "PartialFourier": 1,
    "PatientBirthDate": "1985-05-01",
    "PatientID": "CC0046",
    "PatientName": "CC0046",
    "PatientPosition": "HFS",
    "PatientSex": "F",
    "PatientWeight": 61.235,
    "PercentPhaseFOV": 100,
    "PercentSampling": 100,
    "PhaseEncodingSteps": 282,
    "PhaseOversampling": 0.1,
    "PhaseResolution": 1,
    "PixelBandwidth": 650,
    "ProcedureStepDescription": "Conte Core",
    "ProtocolName": "T1w",
    "PulseSequenceDetails": "%CustomerSeq%\\tfl_wip900D_VE11C",
    "ReceiveCoilActiveElements": "HEA;HEP",
    "ReceiveCoilName": "Head_32",
    "ReconMatrixPE": 256,
    "RefLinesPE": 32,
    "ReferringPhysicianName": "Adolphs",
    "RepetitionTime": 2.55,
    "SAR": 0.0436039,
    "ScanOptions": "IR\\WE",
    "ScanningSequence": "GR\\IR",
    "SequenceName": "tfl3d4_16ns",
    "SequenceVariant": "SK\\SP\\MP\\OSP",
    "SeriesDescription": "T1w_combEcho",
    "SeriesInstanceUID": "1.3.12.2.1107.5.2.43.167050.2018050313501715686278200.0.0.0",
    "SeriesNumber": 4,
    "ShimSetting": [
      7001,
      -3575,
      7924,
      443,
      -49,
      44,
      -56,
      -44
    ],
    "SliceThickness": 0.9,
    "SoftwareVersions": "syngo MR E11",
    "StationName": "PRISMA",
    "StudyID": "1",
    "StudyInstanceUID": "1.3.12.2.1107.5.2.43.167050.30000018042619061766300000016",
    "TxRefAmp": 245.373,
    "WipMemBlock": "WIP_Identifier: WIP#900D",
    "acq_id": "combecho",
    "dataset": "unknown",
    "modality": "T1w",
    "run_id": 1,
    "session_id": "core2p2",
    "subject_id": "CC0046"
  },
  "cjv": 0.6997226551979819,
  "cnr": 1.8878431228390484,
  "efc": 0.5693509179173064,
  "fber": 236.110595703125,
  "fwhm_avg": 6.267387914926712,
  "fwhm_x": 6.413544614345355,
  "fwhm_y": 5.899542260869565,
  "fwhm_z": 6.489076869565217,
  "icvs_csf": 0.18622198326073888,
  "icvs_gm": 0.4258117497260051,
  "icvs_wm": 0.387966267013256,
  "inu_med": 2.004657506942749,
  "inu_range": 1.731962203979492,
  "provenance": {
    "md5sum": "20e84090c237acaaa2c0fefa3c99ad2c",
    "settings": {
      "testing": false
    },
    "software": "mriqc",
    "version": "0.15.0",
    "warnings": {
      "large_rot_frame": false,
      "small_air_mask": false
    },
    "webapi_port": null,
    "webapi_url": "https://mriqc.nimh.nih.gov/api/v1"
  },
  "qi_1": 0.0,
  "qi_2": 0.008805138471545706,
  "rpve_csf": 27.526621760289352,
  "rpve_gm": 12.019139624214418,
  "rpve_wm": 14.235141933013626,
  "size_x": 208,
  "size_y": 256,
  "size_z": 256,
  "snr_csf": 3.9837721175577077,
  "snr_gm": 11.52558498045568,
  "snr_total": 8.078081763042603,
  "snr_wm": 8.724888191114422,
  "snrd_csf": 21.05664958476214,
  "snrd_gm": 45.839386945434114,
  "snrd_total": 42.66505181228274,
  "snrd_wm": 61.09911890665197,
  "spacing_x": 0.8999999761581421,
  "spacing_y": 0.8984375,
  "spacing_z": 0.8984375,
  "summary_bg_k": 2.644638661941358,
  "summary_bg_mad": 10.722185134887695,
  "summary_bg_mean": 38.209716796875,
  "summary_bg_median": 36.80731201171875,
  "summary_bg_n": 3526256.0,
  "summary_bg_p05": 22.01792049407959,
  "summary_bg_p95": 57.63249111175537,
  "summary_bg_stdv": 11.338279724121094,
  "summary_csf_k": 0.9863131924334589,
  "summary_csf_mad": 76.7485122680664,
  "summary_csf_mean": 361.4467468261719,
  "summary_csf_median": 344.62030029296875,
  "summary_csf_n": 40485.0,
  "summary_csf_p05": 249.47886352539064,
  "summary_csf_p95": 528.4291015624996,
  "summary_csf_stdv": 86.50495910644531,
  "summary_gm_k": -0.1589672206733619,
  "summary_gm_mad": 65.80770874023438,
  "summary_gm_mean": 753.1797485351562,
  "summary_gm_median": 750.2230224609375,
  "summary_gm_n": 63118.0,
  "summary_gm_p05": 650.0086700439454,
  "summary_gm_p95": 864.0497161865234,
  "summary_gm_stdv": 65.0914535522461,
  "summary_wm_k": 0.43092427247246423,
  "summary_wm_mad": 108.94520568847656,
  "summary_wm_mean": 1027.9873046875,
  "summary_wm_median": 999.968994140625,
  "summary_wm_n": 205695.0,
  "summary_wm_p05": 889.6403442382813,
  "summary_wm_p95": 1248.7887939453124,
  "summary_wm_stdv": 114.6108169555664,
  "tpm_overlap_csf": 0.1996186077594757,
  "tpm_overlap_gm": 0.42383068799972534,
  "tpm_overlap_wm": 0.4233535826206207,
  "wm2max": 0.6195438792123976
}