{
  "bids_meta": {
    "AccessionNumber": "8469-016",
    "AcquisitionDateTime": "2018-05-03T13:43:8.940000",
    "AcquisitionMatrixPE": 256,
    "AcquisitionNumber": 1,
    "AcquisitionTime": "13:43:8.940000",
    "BaseResolution": 256,
    "BodyPartExamined": "BRAIN",
    "ConsistencyInfo": "N4_VE11C_LATEST_20160120",
    "ConversionSoftware": "dcm2niix",
    "ConversionSoftwareVersion": "v1.0.20210317",
    "DeviceSerialNumber": "167050",
    "DwellTime": 3e-06,
    "EchoNumber": 4,
    "FlipAngle": 8,
    "ImageComments": "Average over all echoes.",
    "ImageOrientationPatientDICOM": [
      0,
      1,
      0,
      0,
      0,
      -1
    ],
    "ImageType": [
      "ORIGINAL",
      "PRIMARY",
      "ECHO",
      "COMBINED",
      "ND",
      "NORM"
    ],
    "ImagingFrequency": 123.25,
    "InPlanePhaseEncodingDirectionDICOM": "ROW",
    "InstitutionAddress": "Michigan Ave 320,Pasadena,California,US,91025",
    "InstitutionName": "Caltech Prisma64",
    "InstitutionalDepartmentName": "Department",
    "InversionTime": 1.15,
    "MRAcquisitionType": "3D",
    "MagneticFieldStrength": 3,
    "Manufacturer": "Siemens",
    "ManufacturersModelName": "Prisma_fit",
    "Modality": "MR",
    "ParallelReductionFactorInPlane": 2,
    "PartialFourier": 1,
    "PatientBirthDate": "1985-05-01",
    "PatientID": "CC0046",
    "PatientName": "CC0046",
    "PatientPosition": "HFS",
    "PatientSex": "F",
    "PatientWeight": 61.235,
    "PercentPhaseFOV": 100,
    "PercentSampling": 100,
    "PhaseEncodingSteps": 282,
    "PhaseOversampling": 0.1,
    "PhaseResolution": 1,
    "PixelBandwidth": 650,
    "ProcedureStepDescription": "Conte Core",
    "ProtocolName": "T1w",
    "PulseSequenceDetails": "%CustomerSeq%\\tfl_wip900D_VE11C",
    "ReceiveCoilActiveElements": "HEA;HEP",
    "ReceiveCoilName": "Head_32",
    "ReconMatrixPE": 256,
    "RefLinesPE": 32,
    "ReferringPhysicianName": "Adolphs",
    "RepetitionTime": 2.55,
    "SAR": 0.0436039,
    "ScanOptions": "IR\\WE",
    "ScanningSequence": "GR\\IR",
    "SequenceName": "tfl3d4_16ns",
    "SequenceVariant": "SK\\SP\\MP\\OSP",
    "SeriesDescription": "T1w_combEcho",
    "SeriesInstanceUID": "1.3.12.2.1107.5.2.43.167050.2018050313501715652778198.0.0.0",
    "SeriesNumber": 5,
    "ShimSetting": [
      7001,
      -3575,
      7924,
      443,
      -49,
      44,
      -56,
      -44
    ],
    "SliceThickness": 0.9,
    "SoftwareVersions": "syngo MR E11",
    "StationName": "PRISMA",
    "StudyID": "1",
    "StudyInstanceUID": "1.3.12.2.1107.5.2.43.167050.30000018042619061766300000016",
    "TxRefAmp": 245.373,
    "WipMemBlock": "WIP_Identifier: WIP#900D",
    "dataset": "unknown",
    "modality": "T1w",
    "run_id": 2,
    "session_id": "core2p2",
    "subject_id": "CC0046"
  },
  "cjv": 0.7166730990123261,
  "cnr": 1.8420092791444138,
  "efc": 0.5700229639019899,
  "fber": 2349.082275390625,
  "fwhm_avg": 3.8943017617946283,
  "fwhm_x": 4.025522328862146,
  "fwhm_y": 3.7058560000000003,
  "fwhm_z": 3.951526956521739,
  "icvs_csf": 0.19019462909108295,
  "icvs_gm": 0.4209751218896304,
  "icvs_wm": 0.3888302490192867,
  "inu_med": 1.6154615879058838,
  "inu_range": 0.5801396250724793,
  "provenance": {
    "md5sum": "89f290ca89a2f1a07de9b7c7004f8756",
    "settings": {
      "testing": false
    },
    "software": "mriqc",
    "version": "0.15.0",
    "warnings": {
      "large_rot_frame": false,
      "small_air_mask": false
    },
    "webapi_port": null,
    "webapi_url": "https://mriqc.nimh.nih.gov/api/v1"
  },
  "qi_1": 0.0,
  "qi_2": 0.015428160202505455,
  "rpve_csf": 26.488157907606833,
  "rpve_gm": 12.859856968802061,
  "rpve_wm": 16.169452653356682,
  "size_x": 208,
  "size_y": 256,
  "size_z": 256,
  "snr_csf": 3.022548179678019,
  "snr_gm": 9.387523022560488,
  "snr_total": 10.681115700224156,
  "snr_wm": 19.63327589843396,
  "snrd_csf": 25.2629618790897,
  "snrd_gm": 51.71611900928056,
  "snrd_total": 46.84085936042195,
  "snrd_wm": 63.54349719289559,
  "spacing_x": 0.8999999761581421,
  "spacing_y": 0.8984375,
  "spacing_z": 0.8984375,
  "summary_bg_k": 6.232956890609916,
  "summary_bg_mad": 10.31048583984375,
  "summary_bg_mean": 12.24051570892334,
  "summary_bg_median": 10.497312545776367,
  "summary_bg_n": 3573215.0,
  "summary_bg_p05": 0.0,
  "summary_bg_p95": 31.483477401733396,
  "summary_bg_stdv": 10.009085655212402,
  "summary_csf_k": -0.5478414204190898,
  "summary_csf_mad": 145.85076904296875,
  "summary_csf_mean": 422.2769470214844,
  "summary_csf_median": 397.5865478515625,
  "summary_csf_n": 34050.0,
  "summary_csf_p05": 243.59323806762694,
  "summary_csf_p95": 647.1700103759765,
  "summary_csf_stdv": 131.5382537841797,
  "summary_gm_k": 0.06964292663267324,
  "summary_gm_mad": 85.85397338867188,
  "summary_gm_mean": 819.6776123046875,
  "summary_gm_median": 813.904296875,
  "summary_gm_n": 38684.0,
  "summary_gm_p05": 688.9526763916016,
  "summary_gm_p95": 975.6043853759766,
  "summary_gm_stdv": 86.69952392578125,
  "summary_wm_k": 0.6522828359768136,
  "summary_wm_mad": 47.54638671875,
  "summary_wm_mean": 1000.867919921875,
  "summary_wm_median": 1000.0426635742188,
  "summary_wm_n": 301788.0,
  "summary_wm_p05": 918.8590270996094,
  "summary_wm_p95": 1085.2314453124995,
  "summary_wm_stdv": 50.9360237121582,
  "tpm_overlap_csf": 0.2090778648853302,
  "tpm_overlap_gm": 0.4883953332901001,
  "tpm_overlap_wm": 0.541162371635437,
  "wm2max": 0.6651143852812695
}