{
  "bids_meta": {
    "AccessionNumber": "8469-016",
    "AcquisitionDateTime": "2018-05-03T13:43:8.940000",
    "AcquisitionMatrixPE": 256,
    "AcquisitionNumber": 1,
    "AcquisitionTime": "13:43:8.940000",
    "BaseResolution": 256,
    "BodyPartExamined": "BRAIN",
    "ConsistencyInfo": "N4_VE11C_LATEST_20160120",
    "ConversionSoftware": "dcm2niix",
    "ConversionSoftwareVersion": "v1.0.20210317",
    "DeviceSerialNumber": "167050",
    "DwellTime": 3e-06,
    "EchoNumber": 4,
    "FlipAngle": 8,
    "ImageComments": "Average over all echoes.",
    "ImageOrientationPatientDICOM": [
      0,
      1,
      0,
      0,
      0,
      -1
    ],
    "ImageType": [
      "ORIGINAL",
      "PRIMARY",
      "ECHO",
      "COMBINED",
      "ND",
      "NORM"
    ],
    "ImagingFrequency": 123.25,
    "InPlanePhaseEncodingDirectionDICOM": "ROW",
    "InstitutionAddress": "Michigan Ave 320,Pasadena,California,US,91025",
    "InstitutionName": "Caltech Prisma64",
    "InstitutionalDepartmentName": "Department",
    "InversionTime": 1.15,
    "MRAcquisitionType": "3D",
    "MagneticFieldStrength": 3,
    "Manufacturer": "Siemens",
    "ManufacturersModelName": "Prisma_fit",
    "Modality": "MR",
    "ParallelReductionFactorInPlane": 2,
    "PartialFourier": 1,
    "PatientBirthDate": "1985-05-01",
    "PatientID": "CC0046",
    "PatientName": "CC0046",
    "PatientPosition": "HFS",
    "PatientSex": "F",
    "PatientWeight": 61.235,
    "PercentPhaseFOV": 100,
    "PercentSampling": 100,
    "PhaseEncodingSteps": 282,
    "PhaseOversampling": 0.1,
    "PhaseResolution": 1,
    "PixelBandwidth": 650,
    "ProcedureStepDescription": "Conte Core",
    "ProtocolName": "T1w",
    "PulseSequenceDetails": "%CustomerSeq%\\tfl_wip900D_VE11C",
    "ReceiveCoilActiveElements": "HEA;HEP",
    "ReceiveCoilName": "Head_32",
    "ReconMatrixPE": 256,
    "RefLinesPE": 32,
    "ReferringPhysicianName": "Adolphs",
    "RepetitionTime": 2.55,
    "SAR": 0.0436039,
    "ScanOptions": "IR\\WE",
    "ScanningSequence": "GR\\IR",
    "SequenceName": "tfl3d4_16ns",
    "SequenceVariant": "SK\\SP\\MP\\OSP",
    "SeriesDescription": "T1w_combEcho",
    "SeriesInstanceUID": "1.3.12.2.1107.5.2.43.167050.2018050313501715652778198.0.0.0",
    "SeriesNumber": 5,
    "ShimSetting": [
      7001,
      -3575,
      7924,
      443,
      -49,
      44,
      -56,
      -44
    ],
    "SliceThickness": 0.9,
    "SoftwareVersions": "syngo MR E11",
    "StationName": "PRISMA",
    "StudyID": "1",
    "StudyInstanceUID": "1.3.12.2.1107.5.2.43.167050.30000018042619061766300000016",
    "TxRefAmp": 245.373,
    "WipMemBlock": "WIP_Identifier: WIP#900D",
    "acq_id": "combecho",
    "dataset": "unknown",
    "modality": "T1w",
    "run_id": 2,
    "session_id": "core2p2",
    "subject_id": "CC0046"
  },
  "cjv": 0.4268288501324681,
  "cnr": 2.813576543036413,
  "efc": 0.5662858472414027,
  "fber": 1369.3209228515625,
  "fwhm_avg": 4.350395105671653,
  "fwhm_x": 4.490111230058438,
  "fwhm_y": 4.143693913043479,
  "fwhm_z": 4.417380173913044,
  "icvs_csf": 0.19316317279914624,
  "icvs_gm": 0.4188904777447791,
  "icvs_wm": 0.38794634945607465,
  "inu_med": 1.3690646886825562,
  "inu_range": 0.3809381127357485,
  "provenance": {
    "md5sum": "bffeef2b7ea2e995b22b0ee94fc6e8e8",
    "settings": {
      "testing": false
    },
    "software": "mriqc",
    "version": "0.15.0",
    "warnings": {
      "large_rot_frame": false,
      "small_air_mask": false
    },
    "webapi_port": null,
    "webapi_url": "https://mriqc.nimh.nih.gov/api/v1"
  },
  "qi_1": 0.0,
  "qi_2": 0.010927467659345108,
  "rpve_csf": 26.36135791990157,
  "rpve_gm": 12.943858554822713,
  "rpve_wm": 16.422179196024768,
  "size_x": 208,
  "size_y": 256,
  "size_z": 256,
  "snr_csf": 3.5394243070433533,
  "snr_gm": 12.313008990128385,
  "snr_total": 15.329966560428014,
  "snr_wm": 30.137466384112304,
  "snrd_csf": 52.77095105311319,
  "snrd_gm": 110.1289908770396,
  "snrd_total": 100.47756319929738,
  "snrd_wm": 138.53274766773933,
  "spacing_x": 0.8999999761581421,
  "spacing_y": 0.8984375,
  "spacing_z": 0.8984375,
  "summary_bg_k": 2.89487947945448,
  "summary_bg_mad": 4.72916841506958,
  "summary_bg_mean": 11.860590934753418,
  "summary_bg_median": 9.53801441192627,
  "summary_bg_n": 3577104.0,
  "summary_bg_p05": 3.178537368774414,
  "summary_bg_p95": 24.89707736968993,
  "summary_bg_stdv": 6.412237644195557,
  "summary_csf_k": -0.0982041966462277,
  "summary_csf_mad": 107.40432739257812,
  "summary_csf_mean": 404.2260437011719,
  "summary_csf_median": 380.9324645996094,
  "summary_csf_n": 42177.0,
  "summary_csf_p05": 263.5176635742188,
  "summary_csf_p95": 598.0271728515625,
  "summary_csf_stdv": 107.624267578125,
  "summary_gm_k": 0.6229698636432701,
  "summary_gm_mad": 57.93826675415039,
  "summary_gm_mean": 801.142333984375,
  "summary_gm_median": 794.977294921875,
  "summary_gm_n": 45230.0,
  "summary_gm_p05": 705.5274230957032,
  "summary_gm_p95": 921.4534881591796,
  "summary_gm_stdv": 64.56330108642578,
  "summary_wm_k": 1.0855885509930268,
  "summary_wm_mad": 29.576757431030273,
  "summary_wm_mean": 998.7366943359375,
  "summary_wm_median": 1000.0126953125,
  "summary_wm_n": 301837.0,
  "summary_wm_p05": 941.5558959960938,
  "summary_wm_p95": 1049.862158203125,
  "summary_wm_stdv": 33.18165588378906,
  "tpm_overlap_csf": 0.20737938582897186,
  "tpm_overlap_gm": 0.4906702935695648,
  "tpm_overlap_wm": 0.5412139296531677,
  "wm2max": 0.8034603226836569
}