{
  "bids_meta": {
    "AccessionNumber": "8836-001",
    "AcquisitionDateTime": "2019-04-30T09:30:39.142500",
    "AcquisitionMatrixPE": 256,
    "AcquisitionNumber": 1,
    "AcquisitionTime": "09:30:39.142500",
    "BaseResolution": 256,
    "BodyPartExamined": "BRAIN",
    "ConsistencyInfo": "N4_VE11C_LATEST_20160120",
    "ConversionSoftware": "dcm2niix",
    "ConversionSoftwareVersion": "v1.0.20210317",
    "DeviceSerialNumber": "167050",
    "DwellTime": 3e-06,
    "EchoNumber": 4,
    "FlipAngle": 8,
    "ImageComments": "Average over all echoes.",
    "ImageOrientationPatientDICOM": [
      0,
      1,
      0,
      0,
      0,
      -1
    ],
    "ImageType": [
      "ORIGINAL",
      "PRIMARY",
      "ECHO",
      "COMBINED",
      "ND",
      "NORM"
    ],
    "ImagingFrequency": 123.25,
    "InPlanePhaseEncodingDirectionDICOM": "ROW",
    "InstitutionAddress": "Michigan Ave 320,Pasadena,California,US,91025",
    "InstitutionName": "Caltech Prisma32",
    "InstitutionalDepartmentName": "Department",
    "InversionTime": 1.15,
    "MRAcquisitionType": "3D",
    "MagneticFieldStrength": 3,
    "Manufacturer": "Siemens",
    "ManufacturersModelName": "Prisma_fit",
    "Modality": "MR",
    "ParallelReductionFactorInPlane": 2,
    "PartialFourier": 1,
    "PatientBirthDate": "1989-10-06",
    "PatientID": "CC0186",
    "PatientName": "CC0186",
    "PatientPosition": "HFS",
    "PatientSex": "M",
    "PatientWeight": 72.5748,
    "PercentPhaseFOV": 100,
    "PercentSampling": 100,
    "PhaseEncodingSteps": 282,
    "PhaseOversampling": 0.1,
    "PhaseResolution": 1,
    "PixelBandwidth": 650,
    "ProcedureStepDescription": "Conte Core",
    "ProtocolName": "T1w",
    "PulseSequenceDetails": "%CustomerSeq%\\tfl_wip900D_VE11C",
    "ReceiveCoilActiveElements": "HEA;HEP",
    "ReceiveCoilName": "Head_32",
    "ReconMatrixPE": 256,
    "RefLinesPE": 32,
    "ReferringPhysicianName": "Adolphs",
    "RepetitionTime": 2.55,
    "SAR": 0.0515992,
    "ScanOptions": "IR\\WE",
    "ScanningSequence": "GR\\IR",
    "SequenceName": "tfl3d4_16ns",
    "SequenceVariant": "SK\\SP\\MP\\OSP",
    "SeriesDescription": "T1w_combEcho",
    "SeriesInstanceUID": "1.3.12.2.1107.5.2.43.167050.2019043009374819264470183.0.0.0",
    "SeriesNumber": 4,
    "ShimSetting": [
      7006,
      -3627,
      7915,
      347,
      -15,
      -156,
      -13,
      -31
    ],
    "SliceThickness": 0.9,
    "SoftwareVersions": "syngo MR E11",
    "StationName": "PRISMA",
    "StudyID": "1",
    "StudyInstanceUID": "1.3.12.2.1107.5.2.43.167050.30000019041201230705700000163",
    "TxRefAmp": 272.242,
    "WipMemBlock": "WIP_Identifier: WIP#900D",
    "acq_id": "combecho",
    "dataset": "unknown",
    "modality": "T1w",
    "run_id": 1,
    "session_id": "core2p2",
    "subject_id": "CC0186"
  },
  "cjv": 0.7451819359893597,
  "cnr": 1.739761468074558,
  "efc": 0.6345171593741297,
  "fber": 1575.620361328125,
  "fwhm_avg": 4.396504553707239,
  "fwhm_x": 4.349711226339108,
  "fwhm_y": 4.360392347826087,
  "fwhm_z": 4.479410086956522,
  "icvs_csf": 0.19482941035515525,
  "icvs_gm": 0.41791094174779336,
  "icvs_wm": 0.3872596478970514,
  "inu_med": 1.4966808557510376,
  "inu_range": 0.6401533007621762,
  "provenance": {
    "md5sum": "729d099a0713d0bf7ab352e0873f9a5a",
    "settings": {
      "testing": false
    },
    "software": "mriqc",
    "version": "0.15.0",
    "warnings": {
      "large_rot_frame": false,
      "small_air_mask": false
    },
    "webapi_port": null,
    "webapi_url": "https://mriqc.nimh.nih.gov/api/v1"
  },
  "qi_1": 0.0006622603255121917,
  "qi_2": 0.00403253093044663,
  "rpve_csf": 21.835745959436867,
  "rpve_gm": 10.822046825702534,
  "rpve_wm": 13.717819304712028,
  "size_x": 208,
  "size_y": 256,
  "size_z": 256,
  "snr_csf": 3.1697280113296933,
  "snr_gm": 9.768860017575038,
  "snr_total": 11.127394518208781,
  "snr_wm": 20.443595525721616,
  "snrd_csf": 46.24199366163322,
  "snrd_gm": 93.39584772069642,
  "snrd_total": 84.12355149857089,
  "snrd_wm": 112.73281311338305,
  "spacing_x": 0.8999999761581421,
  "spacing_y": 0.8984375,
  "spacing_z": 0.8984375,
  "summary_bg_k": 107.28963692306478,
  "summary_bg_mad": 5.8116254806518555,
  "summary_bg_mean": 14.818487167358398,
  "summary_bg_median": 11.710247039794922,
  "summary_bg_n": 3232642.0,
  "summary_bg_p05": 3.8994052410125732,
  "summary_bg_p95": 31.35263929367065,
  "summary_bg_stdv": 11.657410621643066,
  "summary_csf_k": 7.308846577078286,
  "summary_csf_mad": 122.7517318725586,
  "summary_csf_mean": 436.09661865234375,
  "summary_csf_median": 410.2064208984375,
  "summary_csf_n": 43632.0,
  "summary_csf_p05": 273.72533416748047,
  "summary_csf_p95": 680.7007873535155,
  "summary_csf_stdv": 129.4122772216797,
  "summary_gm_k": 0.10231382531439825,
  "summary_gm_mad": 82.55752563476562,
  "summary_gm_mean": 832.1891479492188,
  "summary_gm_median": 828.5018310546875,
  "summary_gm_n": 43121.0,
  "summary_gm_p05": 703.8662109375,
  "summary_gm_p95": 986.8436889648438,
  "summary_gm_stdv": 84.80950927734375,
  "summary_wm_k": 1.0773380673317412,
  "summary_wm_mad": 45.26769256591797,
  "summary_wm_mean": 1000.5821533203125,
  "summary_wm_median": 1000.0374145507812,
  "summary_wm_n": 354783.0,
  "summary_wm_p05": 921.0401733398437,
  "summary_wm_p95": 1079.6041870117188,
  "summary_wm_stdv": 48.91683578491211,
  "tpm_overlap_csf": 0.23457255959510803,
  "tpm_overlap_gm": 0.5025328993797302,
  "tpm_overlap_wm": 0.5510502457618713,
  "wm2max": 0.656286460047351
}