{
  "bids_meta": {
    "AccessionNumber": "8836-001",
    "AcquisitionDateTime": "2019-04-30T09:30:39.142500",
    "AcquisitionMatrixPE": 256,
    "AcquisitionNumber": 1,
    "AcquisitionTime": "09:30:39.142500",
    "BaseResolution": 256,
    "BodyPartExamined": "BRAIN",
    "ConsistencyInfo": "N4_VE11C_LATEST_20160120",
    "ConversionSoftware": "dcm2niix",
    "ConversionSoftwareVersion": "v1.0.20210317",
    "DeviceSerialNumber": "167050",
    "DwellTime": 3e-06,
    "EchoNumber": 4,
    "FlipAngle": 8,
    "ImageComments": "Average over all echoes.",
    "ImageOrientationPatientDICOM": [
      0,
      1,
      0,
      0,
      0,
      -1
    ],
    "ImageType": [
      "ORIGINAL",
      "PRIMARY",
      "ECHO",
      "COMBINED",
      "ND"
    ],
    "ImagingFrequency": 123.25,
    "InPlanePhaseEncodingDirectionDICOM": "ROW",
    "InstitutionAddress": "Michigan Ave 320,Pasadena,California,US,91025",
    "InstitutionName": "Caltech Prisma32",
    "InstitutionalDepartmentName": "Department",
    "InversionTime": 1.15,
    "MRAcquisitionType": "3D",
    "MagneticFieldStrength": 3,
    "Manufacturer": "Siemens",
    "ManufacturersModelName": "Prisma_fit",
    "Modality": "MR",
    "ParallelReductionFactorInPlane": 2,
    "PartialFourier": 1,
    "PatientBirthDate": "1989-10-06",
    "PatientID": "CC0186",
    "PatientName": "CC0186",
    "PatientPosition": "HFS",
    "PatientSex": "M",
    "PatientWeight": 72.5748,
    "PercentPhaseFOV": 100,
    "PercentSampling": 100,
    "PhaseEncodingSteps": 282,
    "PhaseOversampling": 0.1,
    "PhaseResolution": 1,
    "PixelBandwidth": 650,
    "ProcedureStepDescription": "Conte Core",
    "ProtocolName": "T1w",
    "PulseSequenceDetails": "%CustomerSeq%\\tfl_wip900D_VE11C",
    "ReceiveCoilActiveElements": "HEA;HEP",
    "ReceiveCoilName": "Head_32",
    "ReconMatrixPE": 256,
    "RefLinesPE": 32,
    "ReferringPhysicianName": "Adolphs",
    "RepetitionTime": 2.55,
    "SAR": 0.0515992,
    "ScanOptions": "IR\\WE",
    "ScanningSequence": "GR\\IR",
    "SequenceName": "tfl3d4_16ns",
    "SequenceVariant": "SK\\SP\\MP\\OSP",
    "SeriesDescription": "T1w_combEcho",
    "SeriesInstanceUID": "1.3.12.2.1107.5.2.43.167050.2019043009374818611670174.0.0.0",
    "SeriesNumber": 5,
    "ShimSetting": [
      7006,
      -3627,
      7915,
      347,
      -15,
      -156,
      -13,
      -31
    ],
    "SliceThickness": 0.9,
    "SoftwareVersions": "syngo MR E11",
    "StationName": "PRISMA",
    "StudyID": "1",
    "StudyInstanceUID": "1.3.12.2.1107.5.2.43.167050.30000019041201230705700000163",
    "TxRefAmp": 272.242,
    "WipMemBlock": "WIP_Identifier: WIP#900D",
    "acq_id": "combecho",
    "dataset": "unknown",
    "modality": "T1w",
    "run_id": 2,
    "session_id": "core2p2",
    "subject_id": "CC0186"
  },
  "cjv": 0.6439923029233264,
  "cnr": 1.9993769977944005,
  "efc": 0.6191783457539981,
  "fber": 220.12384033203125,
  "fwhm_avg": 5.638403012367611,
  "fwhm_x": 5.594889037102833,
  "fwhm_y": 5.5224208695652175,
  "fwhm_z": 5.797899130434783,
  "icvs_csf": 0.17729198581588437,
  "icvs_gm": 0.44312506191630713,
  "icvs_wm": 0.37958295226780847,
  "inu_med": 1.5639548301696777,
  "inu_range": 1.1922215223312378,
  "provenance": {
    "md5sum": "2db32e0f9b9bbf860bc9181fcdb91f18",
    "settings": {
      "testing": false
    },
    "software": "mriqc",
    "version": "0.15.0",
    "warnings": {
      "large_rot_frame": false,
      "small_air_mask": false
    },
    "webapi_port": null,
    "webapi_url": "https://mriqc.nimh.nih.gov/api/v1"
  },
  "qi_1": 0.0007889003197167926,
  "qi_2": 0.0023864598892290746,
  "rpve_csf": 24.162942030719986,
  "rpve_gm": 9.930785410193083,
  "rpve_wm": 12.33156902206047,
  "size_x": 208,
  "size_y": 256,
  "size_z": 256,
  "snr_csf": 3.49136899914626,
  "snr_gm": 13.292789597317576,
  "snr_total": 8.854311137939746,
  "snr_wm": 9.778774817355403,
  "snrd_csf": 17.693988008306338,
  "snrd_gm": 37.81622896731079,
  "snrd_total": 35.051420384904034,
  "snrd_wm": 49.64404417909497,
  "spacing_x": 0.8999999761581421,
  "spacing_y": 0.8984375,
  "spacing_z": 0.8984375,
  "summary_bg_k": 169.19672014049885,
  "summary_bg_mad": 13.196344375610352,
  "summary_bg_mean": 48.632911682128906,
  "summary_bg_median": 46.500892639160156,
  "summary_bg_n": 3182262.0,
  "summary_bg_p05": 26.802609157562255,
  "summary_bg_p95": 73.48409996032714,
  "summary_bg_stdv": 21.412235260009766,
  "summary_csf_k": 1.335799250762289,
  "summary_csf_mad": 101.04082489013672,
  "summary_csf_mean": 374.8970947265625,
  "summary_csf_median": 356.4081726074219,
  "summary_csf_n": 35569.0,
  "summary_csf_p05": 243.01490783691406,
  "summary_csf_p95": 561.1528930664062,
  "summary_csf_stdv": 102.08120727539062,
  "summary_gm_k": -0.20398431850078014,
  "summary_gm_mad": 60.191261291503906,
  "summary_gm_mean": 761.458740234375,
  "summary_gm_median": 761.7283935546875,
  "summary_gm_n": 90714.0,
  "summary_gm_p05": 667.2563781738281,
  "summary_gm_p95": 853.0028167724608,
  "summary_gm_stdv": 57.30356216430664,
  "summary_wm_k": 1.1553905225464822,
  "summary_wm_mad": 93.23762512207031,
  "summary_wm_mean": 1020.7110595703125,
  "summary_wm_median": 999.974853515625,
  "summary_wm_n": 230494.0,
  "summary_wm_p05": 894.0227233886719,
  "summary_wm_p95": 1217.3712890624997,
  "summary_wm_stdv": 102.25950622558594,
  "tpm_overlap_csf": 0.22941480576992035,
  "tpm_overlap_gm": 0.43347010016441345,
  "tpm_overlap_wm": 0.4256490468978882,
  "wm2max": 0.5073203212419531
}