{
  "bids_meta": {
    "AccessionNumber": "8561-001",
    "AcquisitionDateTime": "2018-08-30T16:17:54.710000",
    "AcquisitionMatrixPE": 256,
    "AcquisitionNumber": 1,
    "AcquisitionTime": "16:17:54.710000",
    "BaseResolution": 256,
    "BodyPartExamined": "BRAIN",
    "ConsistencyInfo": "N4_VE11C_LATEST_20160120",
    "ConversionSoftware": "dcm2niix",
    "ConversionSoftwareVersion": "v1.0.20210317",
    "DeviceSerialNumber": "167050",
    "DwellTime": 2.6e-06,
    "EchoTime": 0.564,
    "EchoTrainLength": 314,
    "FlipAngle": 120,
    "ImageOrientationPatientDICOM": [
      0,
      1,
      0,
      0,
      0,
      -1
    ],
    "ImageType": [
      "ORIGINAL",
      "PRIMARY",
      "M",
      "ND",
      "NORM"
    ],
    "ImagingFrequency": 123.25,
    "InPlanePhaseEncodingDirectionDICOM": "ROW",
    "InstitutionAddress": "Michigan Ave 320,Pasadena,California,US,91025",
    "InstitutionName": "Caltech Prisma64",
    "InstitutionalDepartmentName": "Department",
    "MRAcquisitionType": "3D",
    "MagneticFieldStrength": 3,
    "Manufacturer": "Siemens",
    "ManufacturersModelName": "Prisma_fit",
    "Modality": "MR",
    "ParallelReductionFactorInPlane": 2,
    "PartialFourier": 1,
    "PatientBirthDate": "1979-12-01",
    "PatientID": "CC0158",
    "PatientName": "CC0158",
    "PatientPosition": "HFS",
    "PatientSex": "M",
    "PatientWeight": 122.47,
    "PercentPhaseFOV": 100,
    "PercentSampling": 100,
    "PhaseEncodingDirection": "i",
    "PhaseEncodingSteps": 274,
    "PhaseOversampling": 0.1,
    "PhaseResolution": 1,
    "PixelBandwidth": 750,
    "ProcedureStepDescription": "Conte Core",
    "ProtocolName": "T2w",
    "PulseSequenceDetails": "%SiemensSeq%\\tse_vfl",
    "ReceiveCoilActiveElements": "HEA;HEP",
    "ReceiveCoilName": "Head_32",
    "ReconMatrixPE": 256,
    "RefLinesPE": 32,
    "ReferringPhysicianName": "Adolphs",
    "RepetitionTime": 3.2,
    "SAR": 0.200389,
    "ScanOptions": "PFP",
    "ScanningSequence": "SE",
    "SequenceName": "*spc_314ns",
    "SequenceVariant": "SK\\SP\\OSP",
    "SeriesDescription": "T2w",
    "SeriesInstanceUID": "1.3.12.2.1107.5.2.43.167050.2018083016233194787235043.0.0.0",
    "SeriesNumber": 12,
    "ShimSetting": [
      6982,
      -3608,
      7923,
      193,
      -90,
      -3,
      77,
      -27
    ],
    "SliceThickness": 0.9,
    "SoftwareVersions": "syngo MR E11",
    "StationName": "PRISMA",
    "StudyID": "1",
    "StudyInstanceUID": "1.3.12.2.1107.5.2.43.167050.30000018081720093477500000070",
    "TxRefAmp": 333.352,
    "dataset": "unknown",
    "modality": "T2w",
    "run_id": 2,
    "session_id": "core2p2",
    "subject_id": "CC0158"
  },
  "cjv": 0.7118636157814725,
  "cnr": 1.813617569374304,
  "efc": 0.6010324601368935,
  "fber": 666.7750244140625,
  "fwhm_avg": 3.444199944887958,
  "fwhm_x": 3.241544530316049,
  "fwhm_y": 3.8930587826086955,
  "fwhm_z": 3.197996521739131,
  "icvs_csf": 0.24234695506481063,
  "icvs_gm": 0.5090793622613115,
  "icvs_wm": 0.24857368267387794,
  "inu_med": 1.3918426036834717,
  "inu_range": 0.3418781399726867,
  "provenance": {
    "md5sum": "124a50e2051bdb87f6eb7a6e3fdca5dd",
    "settings": {
      "testing": false
    },
    "software": "mriqc",
    "version": "0.15.0",
    "warnings": {
      "large_rot_frame": false,
      "small_air_mask": false
    },
    "webapi_port": null,
    "webapi_url": "https://mriqc.nimh.nih.gov/api/v1"
  },
  "qi_1": 0.00010980833957384333,
  "qi_2": 0.0017338872097541016,
  "rpve_csf": 18.765955437148488,
  "rpve_gm": 9.711579065351453,
  "rpve_wm": 17.895330489469774,
  "size_x": 208,
  "size_y": 256,
  "size_z": 256,
  "snr_csf": 6.634898723030997,
  "snr_gm": 4.447181195568612,
  "snr_total": 4.8502825219049015,
  "snr_wm": 3.468767647115095,
  "snrd_csf": 119.19600545520858,
  "snrd_gm": 37.63406601010356,
  "snrd_total": 58.64122778289601,
  "snrd_wm": 19.093611883375896,
  "spacing_x": 0.8999999761581421,
  "spacing_y": 0.8984375,
  "spacing_z": 0.8984375,
  "summary_bg_k": 99.64288903563993,
  "summary_bg_mad": 34.336238861083984,
  "summary_bg_mean": 66.7240982055664,
  "summary_bg_median": 34.801761627197266,
  "summary_bg_n": 3509423.0,
  "summary_bg_p05": 5.819647312164307,
  "summary_bg_p95": 232.80733184814449,
  "summary_bg_stdv": 84.49087524414062,
  "summary_csf_k": 3.873949208067957,
  "summary_csf_mad": 727.5906982421875,
  "summary_csf_mean": 6123.02587890625,
  "summary_csf_median": 6247.1611328125,
  "summary_csf_n": 106262.0,
  "summary_csf_p05": 4337.488500976563,
  "summary_csf_p95": 7355.387963867187,
  "summary_csf_stdv": 941.5564575195312,
  "summary_gm_k": 0.321807301526837,
  "summary_gm_mad": 423.52203369140625,
  "summary_gm_mean": 2040.890625,
  "summary_gm_median": 1972.4324951171875,
  "summary_gm_n": 35607.0,
  "summary_gm_p05": 1419.828271484375,
  "summary_gm_p95": 2860.8815429687493,
  "summary_gm_stdv": 443.5179748535156,
  "summary_wm_k": 0.4481289075020882,
  "summary_wm_mad": 268.21044921875,
  "summary_wm_mean": 993.7399291992188,
  "summary_wm_median": 1000.7119750976562,
  "summary_wm_n": 36840.0,
  "summary_wm_p05": 501.33564453125,
  "summary_wm_p95": 1456.5350952148424,
  "summary_wm_stdv": 288.4881591796875,
  "tpm_overlap_csf": 0.1662222295999527,
  "tpm_overlap_gm": 0.4183265268802643,
  "tpm_overlap_wm": 0.3246367275714874,
  "wm2max": 0.1332189510314596
}