{
  "bids_meta": {
    "AccessionNumber": "8561-001",
    "AcquisitionDateTime": "2018-08-30T16:00:31.760000",
    "AcquisitionMatrixPE": 256,
    "AcquisitionNumber": 1,
    "AcquisitionTime": "16:00:31.760000",
    "BaseResolution": 256,
    "BodyPartExamined": "BRAIN",
    "ConsistencyInfo": "N4_VE11C_LATEST_20160120",
    "ConversionSoftware": "dcm2niix",
    "ConversionSoftwareVersion": "v1.0.20210317",
    "DeviceSerialNumber": "167050",
    "DwellTime": 3e-06,
    "EchoNumber": 4,
    "FlipAngle": 8,
    "ImageComments": "Average over all echoes.",
    "ImageOrientationPatientDICOM": [
      0,
      1,
      0,
      0,
      0,
      -1
    ],
    "ImageType": [
      "ORIGINAL",
      "PRIMARY",
      "ECHO",
      "COMBINED",
      "ND",
      "NORM"
    ],
    "ImagingFrequency": 123.25,
    "InPlanePhaseEncodingDirectionDICOM": "ROW",
    "InstitutionAddress": "Michigan Ave 320,Pasadena,California,US,91025",
    "InstitutionName": "Caltech Prisma64",
    "InstitutionalDepartmentName": "Department",
    "InversionTime": 1.15,
    "MRAcquisitionType": "3D",
    "MagneticFieldStrength": 3,
    "Manufacturer": "Siemens",
    "ManufacturersModelName": "Prisma_fit",
    "Modality": "MR",
    "ParallelReductionFactorInPlane": 2,
    "PartialFourier": 1,
    "PatientBirthDate": "1979-12-01",
    "PatientID": "CC0158",
    "PatientName": "CC0158",
    "PatientPosition": "HFS",
    "PatientSex": "M",
    "PatientWeight": 122.47,
    "PercentPhaseFOV": 100,
    "PercentSampling": 100,
    "PhaseEncodingSteps": 282,
    "PhaseOversampling": 0.1,
    "PhaseResolution": 1,
    "PixelBandwidth": 650,
    "ProcedureStepDescription": "Conte Core",
    "ProtocolName": "T1w",
    "PulseSequenceDetails": "%CustomerSeq%\\tfl_wip900D_VE11C",
    "ReceiveCoilActiveElements": "HEA;HEP",
    "ReceiveCoilName": "Head_32",
    "ReconMatrixPE": 256,
    "RefLinesPE": 32,
    "ReferringPhysicianName": "Adolphs",
    "RepetitionTime": 2.55,
    "SAR": 0.0509167,
    "ScanOptions": "IR\\WE",
    "ScanningSequence": "GR\\IR",
    "SequenceName": "tfl3d4_16ns",
    "SequenceVariant": "SK\\SP\\MP\\OSP",
    "SeriesDescription": "T1w_combEcho",
    "SeriesInstanceUID": "1.3.12.2.1107.5.2.43.167050.2018083016074034194023453.0.0.0",
    "SeriesNumber": 5,
    "ShimSetting": [
      6982,
      -3608,
      7923,
      193,
      -90,
      -3,
      77,
      -27
    ],
    "SliceThickness": 0.9,
    "SoftwareVersions": "syngo MR E11",
    "StationName": "PRISMA",
    "StudyID": "1",
    "StudyInstanceUID": "1.3.12.2.1107.5.2.43.167050.30000018081720093477500000070",
    "TxRefAmp": 333.352,
    "WipMemBlock": "WIP_Identifier: WIP#900D",
    "acq_id": "combecho",
    "dataset": "unknown",
    "modality": "T1w",
    "run_id": 2,
    "session_id": "core2p2",
    "subject_id": "CC0158"
  },
  "cjv": 0.6021118246856576,
  "cnr": 2.0395341178168778,
  "efc": 0.6599555972656627,
  "fber": 1896.9931640625,
  "fwhm_avg": 4.458738402453371,
  "fwhm_x": 4.362722337794896,
  "fwhm_y": 4.465174260869565,
  "fwhm_z": 4.548318608695652,
  "icvs_csf": 0.21432558860539933,
  "icvs_gm": 0.3808955177475023,
  "icvs_wm": 0.40477889364709835,
  "inu_med": 1.4171756505966187,
  "inu_range": 0.49268495440483107,
  "provenance": {
    "md5sum": "5b252f7d04175f67a603fdb3472756c6",
    "settings": {
      "testing": false
    },
    "software": "mriqc",
    "version": "0.15.0",
    "warnings": {
      "large_rot_frame": false,
      "small_air_mask": false
    },
    "webapi_port": null,
    "webapi_url": "https://mriqc.nimh.nih.gov/api/v1"
  },
  "qi_1": 0.0,
  "qi_2": 0.005113965610979261,
  "rpve_csf": 19.845033970064065,
  "rpve_gm": 11.027392741174506,
  "rpve_wm": 12.629539229803868,
  "size_x": 208,
  "size_y": 256,
  "size_z": 256,
  "snr_csf": 3.7993078161483407,
  "snr_gm": 9.907182193192215,
  "snr_total": 12.871348882772596,
  "snr_wm": 24.907556638977237,
  "snrd_csf": 42.38952995694102,
  "snrd_gm": 92.91844387677054,
  "snrd_total": 83.20756927243167,
  "snrd_wm": 114.31473398358345,
  "spacing_x": 0.8999999761581421,
  "spacing_y": 0.8984375,
  "spacing_z": 0.8984375,
  "summary_bg_k": 7.593301143029082,
  "summary_bg_mad": 5.731224536895752,
  "summary_bg_mean": 14.946121215820312,
  "summary_bg_median": 11.545890808105469,
  "summary_bg_n": 3481244.0,
  "summary_bg_p05": 3.8454365730285645,
  "summary_bg_p95": 30.991942214965817,
  "summary_bg_stdv": 8.88382339477539,
  "summary_csf_k": 2.203020157716537,
  "summary_csf_mad": 75.66963195800781,
  "summary_csf_mean": 391.5138244628906,
  "summary_csf_median": 370.82952880859375,
  "summary_csf_n": 88051.0,
  "summary_csf_p05": 272.41783142089844,
  "summary_csf_p95": 594.8238220214844,
  "summary_csf_stdv": 97.60394287109375,
  "summary_gm_k": 0.2958531416417536,
  "summary_gm_mad": 77.15177917480469,
  "summary_gm_mean": 819.4983520507812,
  "summary_gm_median": 812.863525390625,
  "summary_gm_n": 33036.0,
  "summary_gm_p05": 695.4724273681641,
  "summary_gm_p95": 970.8526000976562,
  "summary_gm_stdv": 82.04666137695312,
  "summary_wm_k": 1.22926473548908,
  "summary_wm_mad": 35.550148010253906,
  "summary_wm_mean": 1000.658935546875,
  "summary_wm_median": 1000.041259765625,
  "summary_wm_n": 414112.0,
  "summary_wm_p05": 936.0279876708985,
  "summary_wm_p95": 1066.2533935546874,
  "summary_wm_stdv": 40.15006637573242,
  "tpm_overlap_csf": 0.22931136190891266,
  "tpm_overlap_gm": 0.4781601130962372,
  "tpm_overlap_wm": 0.5615940690040588,
  "wm2max": 0.5014151576919684
}