{
  "aor": 0.00037429648241206037,
  "aqi": 0.005497860351758794,
  "bids_meta": {
    "AccessionNumber": "7339-007",
    "AcquisitionDateTime": "2013-11-14T11:26:15.502500",
    "AcquisitionMatrixPE": 80,
    "AcquisitionNumber": 1,
    "AcquisitionTime": "11:26:15.502500",
    "BandwidthPerPixelPhaseEncode": 23.148,
    "BaseResolution": 80,
    "CoilString": "C:HEA;HEP",
    "ConversionSoftware": "dcm2niix",
    "ConversionSoftwareVersion": "v1.0.20210317",
    "DerivedVendorReportedEchoSpacing": 0.000540003,
    "DeviceSerialNumber": "35077",
    "DwellTime": 2.6e-06,
    "EchoTime": 0.03,
    "EffectiveEchoSpacing": 0.000540003,
    "FlipAngle": 60,
    "ImageComments": "Unaliased MB4/PE3",
    "ImageOrientationPatientDICOM": [
      1,
      -1e-16,
      0,
      1e-16,
      0.939693,
      -0.34202
    ],
    "ImageType": [
      "ORIGINAL",
      "PRIMARY",
      "M",
      "ND",
      "MOSAIC"
    ],
    "ImagingFrequency": 123.229,
    "InPlanePhaseEncodingDirectionDICOM": "COL",
    "InstitutionAddress": "Wilson Avenue 340 ,Pasadena,California,US,91025",
    "InstitutionName": "Caltech Tim32",
    "InstitutionalDepartmentName": "Department",
    "MRAcquisitionType": "2D",
    "MagneticFieldStrength": 3,
    "Manufacturer": "Siemens",
    "ManufacturersModelName": "TrioTim",
    "Modality": "MR",
    "MultibandAccelerationFactor": 4,
    "PartialFourier": 1,
    "PatientBirthDate": "1988-01-01",
    "PatientID": "adolphs",
    "PatientName": "CC0010",
    "PatientPosition": "HFS",
    "PatientSex": "M",
    "PatientWeight": 77.1107,
    "PercentPhaseFOV": 100,
    "PercentSampling": 100,
    "PhaseEncodingDirection": "j-",
    "PhaseEncodingSteps": 80,
    "PhaseResolution": 1,
    "PixelBandwidth": 2404,
    "ProcedureStepDescription": "Conte^Core",
    "ProtocolName": "rsBOLD_MB_1",
    "PulseSequenceDetails": "%CustomerSeq%\\cmrr_mbep2d_bold",
    "ReceiveCoilName": "32Ch_Head",
    "ReconMatrixPE": 80,
    "RepetitionTime": 1,
    "SAR": 0.0902937,
    "ScanOptions": "FS",
    "ScanningSequence": "EP",
    "SequenceName": "epfid2d1_80",
    "SequenceVariant": "SK",
    "SeriesDescription": "rsBOLD_MB_1",
    "SeriesInstanceUID": "1.3.12.2.1107.5.2.32.35077.201311141126147123262937.0.0.0",
    "SeriesNumber": 2,
    "ShimSetting": [
      9532,
      -10430,
      15748,
      753,
      -145,
      602,
      -47,
      28
    ],
    "SliceThickness": 2.5,
    "SliceTiming": [
      0,
      0.215,
      0.43,
      0.645,
      0.86,
      0.0725,
      0.2875,
      0.5025,
      0.7175,
      0.9325,
      0.145,
      0.36,
      0.575,
      0.79,
      0,
      0.215,
      0.43,
      0.645,
      0.86,
      0.0725,
      0.2875,
      0.5025,
      0.7175,
      0.9325,
      0.145,
      0.36,
      0.575,
      0.79,
      0,
      0.215,
      0.43,
      0.645,
      0.86,
      0.0725,
      0.2875,
      0.5025,
      0.7175,
      0.9325,
      0.145,
      0.36,
      0.575,
      0.79,
      0,
      0.215,
      0.43,
      0.645,
      0.86,
      0.0725,
      0.2875,
      0.5025,
      0.7175,
      0.9325,
      0.145,
      0.36,
      0.575,
      0.79
    ],
    "SoftwareVersions": "syngo MR B17",
    "SpacingBetweenSlices": 2.5,
    "StationName": "MEDPC",
    "StudyID": "1",
    "StudyInstanceUID": "1.3.12.2.1107.5.2.32.35077.30000013111117243173400000007",
    "TaskName": "rest",
    "TotalReadoutTime": 0.0426603,
    "TxRefAmp": 319.37,
    "dataset": "unknown",
    "modality": "bold",
    "run_id": 1,
    "session_id": "core1p2",
    "subject_id": "CC0010",
    "task_id": "rest"
  },
  "dummy_trs": 2,
  "dvars_nstd": 31.22830266503775,
  "dvars_std": 1.0591654035264488,
  "dvars_vstd": 0.9850877782871544,
  "efc": 0.6029104649474282,
  "fber": 527.5626831054688,
  "fd_mean": 0.0663454347968504,
  "fd_num": 3,
  "fd_perc": 0.7537688442211056,
  "fwhm_avg": 2.861213333333333,
  "fwhm_x": 2.661988,
  "fwhm_y": 2.9273759999999998,
  "fwhm_z": 2.994276,
  "gcor": 0.0200029,
  "gsr_x": -0.019482433795928955,
  "gsr_y": 0.10840801149606705,
  "provenance": {
    "md5sum": "ade72ecbd761103a3c00bdabc90957e7",
    "settings": {
      "fd_thres": 0.2,
      "hmc_fsl": false
    },
    "software": "mriqc",
    "version": "0.15.0",
    "webapi_port": null,
    "webapi_url": "https://mriqc.nimh.nih.gov/api/v1"
  },
  "size_t": 398,
  "size_x": 80,
  "size_y": 80,
  "size_z": 56,
  "snr": 2.5282378959337506,
  "spacing_tr": 1.0,
  "spacing_x": 2.5,
  "spacing_y": 2.5,
  "spacing_z": 2.5,
  "summary_bg_k": 21.153464236166833,
  "summary_bg_mad": 12.140202522277832,
  "summary_bg_mean": 59.22313690185547,
  "summary_bg_median": 22.64824104309082,
  "summary_bg_n": 186927.0,
  "summary_bg_p05": 13.288944244384766,
  "summary_bg_p95": 239.3386886596678,
  "summary_bg_stdv": 95.2804183959961,
  "summary_fg_k": 2.278270546963734,
  "summary_fg_mad": 182.2594451904297,
  "summary_fg_mean": 607.1204833984375,
  "summary_fg_median": 566.7286376953125,
  "summary_fg_n": 107299.0,
  "summary_fg_p05": 319.85426940917966,
  "summary_fg_p95": 1030.4972534179685,
  "summary_fg_stdv": 224.1584930419922,
  "tsnr": 42.283241271972656
}