{
  "aor": 0.0004807268170426065,
  "aqi": 0.003762407218045113,
  "bids_meta": {
    "AccessionNumber": "7539-001",
    "AcquisitionDateTime": "2014-06-03T11:03:25.655000",
    "AcquisitionMatrixPE": 80,
    "AcquisitionNumber": 1,
    "AcquisitionTime": "11:03:25.655000",
    "BandwidthPerPixelPhaseEncode": 23.148,
    "BaseResolution": 80,
    "CoilString": "C:HEA;HEP",
    "ConversionSoftware": "dcm2niix",
    "ConversionSoftwareVersion": "v1.0.20210317",
    "DerivedVendorReportedEchoSpacing": 0.000540003,
    "DeviceSerialNumber": "35077",
    "DwellTime": 2.6e-06,
    "EchoTime": 0.03,
    "EffectiveEchoSpacing": 0.000540003,
    "FlipAngle": 60,
    "ImageComments": "Unaliased MB4/PE3",
    "ImageOrientationPatientDICOM": [
      1,
      -1e-16,
      0,
      1e-16,
      0.939693,
      -0.34202
    ],
    "ImageType": [
      "ORIGINAL",
      "PRIMARY",
      "M",
      "ND",
      "MOSAIC"
    ],
    "ImagingFrequency": 123.229,
    "InPlanePhaseEncodingDirectionDICOM": "COL",
    "InstitutionAddress": "Wilson Avenue 340 ,Pasadena,California,US,91025",
    "InstitutionName": "Caltech Tim32",
    "InstitutionalDepartmentName": "Department",
    "MRAcquisitionType": "2D",
    "MagneticFieldStrength": 3,
    "Manufacturer": "Siemens",
    "ManufacturersModelName": "TrioTim",
    "Modality": "MR",
    "MultibandAccelerationFactor": 4,
    "PartialFourier": 1,
    "PatientBirthDate": "1988-01-01",
    "PatientID": "adolphs",
    "PatientName": "CC0118",
    "PatientPosition": "HFS",
    "PatientSex": "F",
    "PatientWeight": 64.8637,
    "PercentPhaseFOV": 100,
    "PercentSampling": 100,
    "PhaseEncodingDirection": "j-",
    "PhaseEncodingSteps": 80,
    "PhaseResolution": 1,
    "PixelBandwidth": 2404,
    "ProcedureStepDescription": "Conte^Core",
    "ProtocolName": "rsBOLD_MB_1",
    "PulseSequenceDetails": "%CustomerSeq%\\cmrr_mbep2d_bold",
    "ReceiveCoilName": "32Ch_Head",
    "ReconMatrixPE": 80,
    "RepetitionTime": 1,
    "SAR": 0.0959465,
    "ScanOptions": "FS",
    "ScanningSequence": "EP",
    "SequenceName": "epfid2d1_80",
    "SequenceVariant": "SK",
    "SeriesDescription": "rsBOLD_MB_1",
    "SeriesInstanceUID": "1.3.12.2.1107.5.2.32.35077.2014060311032099992777795.0.0.0",
    "SeriesNumber": 4,
    "ShimSetting": [
      9513,
      -10534,
      15327,
      128,
      -58,
      -138,
      82,
      90
    ],
    "SliceThickness": 2.5,
    "SliceTiming": [
      0,
      0.215,
      0.43,
      0.645,
      0.86,
      0.0725,
      0.2875,
      0.5025,
      0.7175,
      0.9325,
      0.1425,
      0.36,
      0.575,
      0.79,
      0,
      0.215,
      0.43,
      0.645,
      0.86,
      0.0725,
      0.2875,
      0.5025,
      0.7175,
      0.9325,
      0.1425,
      0.36,
      0.575,
      0.79,
      0,
      0.215,
      0.43,
      0.645,
      0.86,
      0.0725,
      0.2875,
      0.5025,
      0.7175,
      0.9325,
      0.1425,
      0.36,
      0.575,
      0.79,
      0,
      0.215,
      0.43,
      0.645,
      0.86,
      0.0725,
      0.2875,
      0.5025,
      0.7175,
      0.9325,
      0.1425,
      0.36,
      0.575,
      0.79
    ],
    "SoftwareVersions": "syngo MR B17",
    "SpacingBetweenSlices": 2.5,
    "StationName": "MEDPC",
    "StudyID": "1",
    "StudyInstanceUID": "1.3.12.2.1107.5.2.32.35077.30000014060216395735900000034",
    "TaskName": "rest",
    "TotalReadoutTime": 0.0426603,
    "TxRefAmp": 298.245,
    "dataset": "unknown",
    "modality": "bold",
    "run_id": 1,
    "session_id": "core1p2",
    "subject_id": "CC0118",
    "task_id": "rest"
  },
  "dummy_trs": 1,
  "dvars_nstd": 32.61179014889448,
  "dvars_std": 1.0623498981155777,
  "dvars_vstd": 0.9937266128894471,
  "efc": 0.522925908547324,
  "fber": 492.8562316894531,
  "fd_mean": 0.15077835487470084,
  "fd_num": 115,
  "fd_perc": 28.82205513784461,
  "fwhm_avg": 3.236428,
  "fwhm_x": 3.0867999999999998,
  "fwhm_y": 3.26248,
  "fwhm_z": 3.360004,
  "gcor": 0.00647097,
  "gsr_x": -0.025570472702383995,
  "gsr_y": 0.06797349452972412,
  "provenance": {
    "md5sum": "e2d8d54702d0570c90f5ead0b7bd6d52",
    "settings": {
      "fd_thres": 0.2,
      "hmc_fsl": false
    },
    "software": "mriqc",
    "version": "0.15.0",
    "webapi_port": null,
    "webapi_url": "https://mriqc.nimh.nih.gov/api/v1"
  },
  "size_t": 399,
  "size_x": 80,
  "size_y": 80,
  "size_z": 56,
  "snr": 1.9872802615999776,
  "spacing_tr": 1.0,
  "spacing_x": 2.5,
  "spacing_y": 2.5,
  "spacing_z": 2.5,
  "summary_bg_k": 26.50162509147613,
  "summary_bg_mad": 12.923534393310547,
  "summary_bg_mean": 45.47742462158203,
  "summary_bg_median": 20.268169403076172,
  "summary_bg_n": 222146.0,
  "summary_bg_p05": 10.74436092376709,
  "summary_bg_p95": 168.03571701049805,
  "summary_bg_stdv": 69.08589172363281,
  "summary_fg_k": 1.8888505538064688,
  "summary_fg_mad": 190.43072509765625,
  "summary_fg_mean": 557.4456787109375,
  "summary_fg_median": 496.14031982421875,
  "summary_fg_n": 78262.0,
  "summary_fg_p05": 261.5441040039062,
  "summary_fg_p95": 1057.8531677246092,
  "summary_fg_stdv": 249.65635681152344,
  "tsnr": 44.51079177856445
}