{
  "bids_meta": {
    "AccessionNumber": "8473-001",
    "AcquisitionDateTime": "2018-05-11T12:40:11.575000",
    "AcquisitionMatrixPE": 256,
    "AcquisitionNumber": 1,
    "AcquisitionTime": "12:40:11.575000",
    "BaseResolution": 256,
    "BodyPartExamined": "BRAIN",
    "ConsistencyInfo": "N4_VE11C_LATEST_20160120",
    "ConversionSoftware": "dcm2niix",
    "ConversionSoftwareVersion": "v1.0.20210317",
    "DeviceSerialNumber": "167050",
    "DwellTime": 2.6e-06,
    "EchoTime": 0.564,
    "EchoTrainLength": 314,
    "FlipAngle": 120,
    "ImageOrientationPatientDICOM": [
      0,
      1,
      0,
      0,
      0,
      -1
    ],
    "ImageType": [
      "ORIGINAL",
      "PRIMARY",
      "M",
      "ND",
      "NORM"
    ],
    "ImagingFrequency": 123.25,
    "InPlanePhaseEncodingDirectionDICOM": "ROW",
    "InstitutionAddress": "Michigan Ave 320,Pasadena,California,US,91025",
    "InstitutionName": "Caltech Prisma64",
    "InstitutionalDepartmentName": "Department",
    "MRAcquisitionType": "3D",
    "MagneticFieldStrength": 3,
    "Manufacturer": "Siemens",
    "ManufacturersModelName": "Prisma_fit",
    "Modality": "MR",
    "ParallelReductionFactorInPlane": 2,
    "PartialFourier": 1,
    "PatientBirthDate": "1993-12-01",
    "PatientID": "CC0134",
    "PatientName": "CC0134",
    "PatientPosition": "HFS",
    "PatientSex": "F",
    "PatientWeight": 58.967,
    "PercentPhaseFOV": 100,
    "PercentSampling": 100,
    "PhaseEncodingDirection": "i",
    "PhaseEncodingSteps": 274,
    "PhaseOversampling": 0.1,
    "PhaseResolution": 1,
    "PixelBandwidth": 750,
    "ProcedureStepDescription": "Conte Core",
    "ProtocolName": "T2w",
    "PulseSequenceDetails": "%SiemensSeq%\\tse_vfl",
    "ReceiveCoilActiveElements": "HEA;HEP",
    "ReceiveCoilName": "Head_32",
    "ReconMatrixPE": 256,
    "RefLinesPE": 32,
    "ReferringPhysicianName": "Adolphs",
    "RepetitionTime": 3.2,
    "SAR": 0.160781,
    "ScanOptions": "PFP",
    "ScanningSequence": "SE",
    "SequenceName": "*spc_314ns",
    "SequenceVariant": "SK\\SP\\OSP",
    "SeriesDescription": "T2w",
    "SeriesInstanceUID": "1.3.12.2.1107.5.2.43.167050.2018051112454822751997543.0.0.0",
    "SeriesNumber": 14,
    "ShimSetting": [
      6986,
      -3662,
      7938,
      438,
      -78,
      -88,
      49,
      -35
    ],
    "SliceThickness": 0.9,
    "SoftwareVersions": "syngo MR E11",
    "StationName": "PRISMA",
    "StudyID": "1",
    "StudyInstanceUID": "1.3.12.2.1107.5.2.43.167050.30000018042619061766300000034",
    "TxRefAmp": 239.51,
    "dataset": "unknown",
    "modality": "T2w",
    "run_id": 2,
    "session_id": "core2p2",
    "subject_id": "CC0134"
  },
  "cjv": 0.24968554354481154,
  "cnr": 3.2220256430657477,
  "efc": 0.5584787144765458,
  "fber": 1290.619384765625,
  "fwhm_avg": 2.43688897433985,
  "fwhm_x": 2.382555618671725,
  "fwhm_y": 2.7335791304347827,
  "fwhm_z": 2.1945321739130432,
  "icvs_csf": 0.37775253663949465,
  "icvs_gm": 0.11672116348330962,
  "icvs_wm": 0.5055262998771958,
  "inu_med": 1.6580886840820312,
  "inu_range": 0.5058989703655243,
  "provenance": {
    "md5sum": "9847fb130867ee04ec16af056b5c6d36",
    "settings": {
      "testing": false
    },
    "software": "mriqc",
    "version": "0.15.0",
    "warnings": {
      "large_rot_frame": false,
      "small_air_mask": false
    },
    "webapi_port": null,
    "webapi_url": "https://mriqc.nimh.nih.gov/api/v1"
  },
  "qi_1": 0.0003904576251109587,
  "qi_2": 0.0014182953362937463,
  "rpve_csf": 14.081583043959368,
  "rpve_gm": 52.38269850622119,
  "rpve_wm": 12.096445784430621,
  "size_x": 208,
  "size_y": 256,
  "size_z": 256,
  "snr_csf": 8.299536261891646,
  "snr_gm": 4.540565993182783,
  "snr_total": 6.95151639399909,
  "snr_wm": 8.014446926922844,
  "snrd_csf": 105.45679991278759,
  "snrd_gm": 217.95263599368437,
  "snrd_total": 128.22594069384206,
  "snrd_wm": 61.26838617505425,
  "spacing_x": 0.8999999761581421,
  "spacing_y": 0.8984375,
  "spacing_z": 0.8984375,
  "summary_bg_k": 29.654920592693344,
  "summary_bg_mad": 10.693041801452637,
  "summary_bg_mean": 23.296417236328125,
  "summary_bg_median": 14.384033203125,
  "summary_bg_n": 3166668.0,
  "summary_bg_p05": 3.5862693786621094,
  "summary_bg_p95": 71.8038360595703,
  "summary_bg_stdv": 25.12513542175293,
  "summary_csf_k": 0.8629899567779522,
  "summary_csf_mad": 193.61767578125,
  "summary_csf_mean": 1736.35791015625,
  "summary_csf_median": 1721.250732421875,
  "summary_csf_n": 40148.0,
  "summary_csf_p05": 1424.6144104003906,
  "summary_csf_p95": 2101.8230590820312,
  "summary_csf_stdv": 207.38861083984375,
  "summary_gm_k": 2.213548512744757,
  "summary_gm_mad": 528.7705078125,
  "summary_gm_mean": 3319.760986328125,
  "summary_gm_median": 3557.3916015625,
  "summary_gm_n": 16884.0,
  "summary_gm_p05": 1687.5056213378907,
  "summary_gm_p95": 4178.033398437499,
  "summary_gm_stdv": 783.445556640625,
  "summary_wm_k": 1.6595743105284138,
  "summary_wm_mad": 109.76976013183594,
  "summary_wm_mean": 1007.145263671875,
  "summary_wm_median": 1000.0137939453125,
  "summary_wm_n": 285715.0,
  "summary_wm_p05": 817.9285766601563,
  "summary_wm_p95": 1223.5952758789062,
  "summary_wm_stdv": 124.77617645263672,
  "tpm_overlap_csf": 0.12462787330150604,
  "tpm_overlap_gm": 0.10985986888408661,
  "tpm_overlap_wm": 0.5213586091995239,
  "wm2max": 0.2516088515483226
}