{
  "bids_meta": {
    "AccessionNumber": "8682-001",
    "AcquisitionDateTime": "2019-01-23T10:25:11.075000",
    "AcquisitionMatrixPE": 256,
    "AcquisitionNumber": 1,
    "AcquisitionTime": "10:25:11.075000",
    "BaseResolution": 256,
    "BodyPartExamined": "BRAIN",
    "ConsistencyInfo": "N4_VE11C_LATEST_20160120",
    "ConversionSoftware": "dcm2niix",
    "ConversionSoftwareVersion": "v1.0.20210317",
    "DeviceSerialNumber": "167050",
    "DwellTime": 3e-06,
    "EchoNumber": 4,
    "FlipAngle": 8,
    "ImageComments": "Average over all echoes.",
    "ImageOrientationPatientDICOM": [
      0,
      1,
      0,
      0,
      0,
      -1
    ],
    "ImageType": [
      "ORIGINAL",
      "PRIMARY",
      "ECHO",
      "COMBINED",
      "ND",
      "NORM"
    ],
    "ImagingFrequency": 123.25,
    "InPlanePhaseEncodingDirectionDICOM": "ROW",
    "InstitutionAddress": "Michigan Ave 320,Pasadena,California,US,91025",
    "InstitutionName": "Caltech Prisma32",
    "InstitutionalDepartmentName": "Department",
    "InversionTime": 1.15,
    "MRAcquisitionType": "3D",
    "MagneticFieldStrength": 3,
    "Manufacturer": "Siemens",
    "ManufacturersModelName": "Prisma_fit",
    "Modality": "MR",
    "ParallelReductionFactorInPlane": 2,
    "PartialFourier": 1,
    "PatientBirthDate": "1997-03-01",
    "PatientID": "CC0178",
    "PatientName": "CC0178",
    "PatientPosition": "HFS",
    "PatientSex": "M",
    "PatientWeight": 57.1526,
    "PercentPhaseFOV": 100,
    "PercentSampling": 100,
    "PhaseEncodingSteps": 282,
    "PhaseOversampling": 0.1,
    "PhaseResolution": 1,
    "PixelBandwidth": 650,
    "ProtocolName": "T1w",
    "PulseSequenceDetails": "%CustomerSeq%\\tfl_wip900D_VE11C",
    "ReceiveCoilActiveElements": "HEA;HEP",
    "ReceiveCoilName": "Head_32",
    "ReconMatrixPE": 256,
    "RefLinesPE": 32,
    "ReferringPhysicianName": "Adolphs",
    "RepetitionTime": 2.55,
    "SAR": 0.0515332,
    "ScanOptions": "IR\\WE",
    "ScanningSequence": "GR\\IR",
    "SequenceName": "tfl3d4_16ns",
    "SequenceVariant": "SK\\SP\\MP\\OSP",
    "SeriesDescription": "T1w_combEcho",
    "SeriesInstanceUID": "1.3.12.2.1107.5.2.43.167050.2019012310321926507927104.0.0.0",
    "SeriesNumber": 5,
    "ShimSetting": [
      6993,
      -3625,
      7918,
      478,
      -16,
      -115,
      -9,
      32
    ],
    "SliceThickness": 0.9,
    "SoftwareVersions": "syngo MR E11",
    "StationName": "PRISMA",
    "StudyID": "1",
    "StudyInstanceUID": "1.3.12.2.1107.5.2.43.167050.30000019012122271046500000016",
    "TxRefAmp": 252.232,
    "WipMemBlock": "WIP_Identifier: WIP#900D",
    "dataset": "unknown",
    "modality": "T1w",
    "run_id": 2,
    "session_id": "core2p2",
    "subject_id": "CC0178"
  },
  "cjv": 0.5940958268902564,
  "cnr": 2.2370012496381118,
  "efc": 0.6016516312051011,
  "fber": 1324.511962890625,
  "fwhm_avg": 3.7731426297871664,
  "fwhm_x": 3.8474223241441075,
  "fwhm_y": 3.6314935652173914,
  "fwhm_z": 3.840512,
  "icvs_csf": 0.18507143264768347,
  "icvs_gm": 0.44108893775118935,
  "icvs_wm": 0.3738396296011272,
  "inu_med": 1.721596360206604,
  "inu_range": 0.7047403454780579,
  "provenance": {
    "md5sum": "32d94675d596ed7843265c322e1a1f55",
    "settings": {
      "testing": false
    },
    "software": "mriqc",
    "version": "0.15.0",
    "warnings": {
      "large_rot_frame": false,
      "small_air_mask": false
    },
    "webapi_port": null,
    "webapi_url": "https://mriqc.nimh.nih.gov/api/v1"
  },
  "qi_1": 0.0,
  "qi_2": 0.012551576431938861,
  "rpve_csf": 25.745652575155887,
  "rpve_gm": 11.656647192963405,
  "rpve_wm": 15.650204279626335,
  "size_x": 208,
  "size_y": 256,
  "size_z": 256,
  "snr_csf": 3.140869874798451,
  "snr_gm": 9.604576497519343,
  "snr_total": 9.645573690943475,
  "snr_wm": 16.191274700512633,
  "snrd_csf": 21.863988249201775,
  "snrd_gm": 42.88741359575656,
  "snrd_total": 40.11146857504571,
  "snrd_wm": 55.58300388017882,
  "spacing_x": 0.8999999761581421,
  "spacing_y": 0.8984375,
  "spacing_z": 0.8984375,
  "summary_bg_k": 4.999048316062918,
  "summary_bg_mad": 11.78712272644043,
  "summary_bg_mean": 15.971949577331543,
  "summary_bg_median": 12.069812774658203,
  "summary_bg_n": 3267422.0,
  "summary_bg_p05": 0.0,
  "summary_bg_p95": 40.098834609985346,
  "summary_bg_stdv": 12.538849830627441,
  "summary_csf_k": 0.328651937245219,
  "summary_csf_mad": 120.47256469726562,
  "summary_csf_mean": 415.9968566894531,
  "summary_csf_median": 393.37384033203125,
  "summary_csf_n": 23470.0,
  "summary_csf_p05": 246.0995216369629,
  "summary_csf_p95": 646.6928588867186,
  "summary_csf_stdv": 125.24092864990234,
  "summary_gm_k": 0.1733817518489138,
  "summary_gm_mad": 78.35598754882812,
  "summary_gm_mean": 778.556884765625,
  "summary_gm_median": 771.6243896484375,
  "summary_gm_n": 27416.0,
  "summary_gm_p05": 658.6368255615234,
  "summary_gm_p95": 923.6222839355469,
  "summary_gm_stdv": 80.33777618408203,
  "summary_wm_k": 0.5752434222413241,
  "summary_wm_mad": 57.34577560424805,
  "summary_wm_mean": 999.900634765625,
  "summary_wm_median": 1000.0416870117188,
  "summary_wm_n": 265589.0,
  "summary_wm_p05": 897.4597045898438,
  "summary_wm_p95": 1100.8285400390623,
  "summary_wm_stdv": 61.76411819458008,
  "tpm_overlap_csf": 0.2123192399740219,
  "tpm_overlap_gm": 0.5006584525108337,
  "tpm_overlap_wm": 0.5321195721626282,
  "wm2max": 0.5914894408262724
}