{
  "bids_meta": {
    "AccessionNumber": "8682-001",
    "AcquisitionDateTime": "2019-01-23T10:25:11.075000",
    "AcquisitionMatrixPE": 256,
    "AcquisitionNumber": 1,
    "AcquisitionTime": "10:25:11.075000",
    "BaseResolution": 256,
    "BodyPartExamined": "BRAIN",
    "ConsistencyInfo": "N4_VE11C_LATEST_20160120",
    "ConversionSoftware": "dcm2niix",
    "ConversionSoftwareVersion": "v1.0.20210317",
    "DeviceSerialNumber": "167050",
    "DwellTime": 3e-06,
    "EchoNumber": 4,
    "FlipAngle": 8,
    "ImageComments": "Average over all echoes.",
    "ImageOrientationPatientDICOM": [
      0,
      1,
      0,
      0,
      0,
      -1
    ],
    "ImageType": [
      "ORIGINAL",
      "PRIMARY",
      "ECHO",
      "COMBINED",
      "ND"
    ],
    "ImagingFrequency": 123.25,
    "InPlanePhaseEncodingDirectionDICOM": "ROW",
    "InstitutionAddress": "Michigan Ave 320,Pasadena,California,US,91025",
    "InstitutionName": "Caltech Prisma32",
    "InstitutionalDepartmentName": "Department",
    "InversionTime": 1.15,
    "MRAcquisitionType": "3D",
    "MagneticFieldStrength": 3,
    "Manufacturer": "Siemens",
    "ManufacturersModelName": "Prisma_fit",
    "Modality": "MR",
    "ParallelReductionFactorInPlane": 2,
    "PartialFourier": 1,
    "PatientBirthDate": "1997-03-01",
    "PatientID": "CC0178",
    "PatientName": "CC0178",
    "PatientPosition": "HFS",
    "PatientSex": "M",
    "PatientWeight": 57.1526,
    "PercentPhaseFOV": 100,
    "PercentSampling": 100,
    "PhaseEncodingSteps": 282,
    "PhaseOversampling": 0.1,
    "PhaseResolution": 1,
    "PixelBandwidth": 650,
    "ProtocolName": "T1w",
    "PulseSequenceDetails": "%CustomerSeq%\\tfl_wip900D_VE11C",
    "ReceiveCoilActiveElements": "HEA;HEP",
    "ReceiveCoilName": "Head_32",
    "ReconMatrixPE": 256,
    "RefLinesPE": 32,
    "ReferringPhysicianName": "Adolphs",
    "RepetitionTime": 2.55,
    "SAR": 0.0515332,
    "ScanOptions": "IR\\WE",
    "ScanningSequence": "GR\\IR",
    "SequenceName": "tfl3d4_16ns",
    "SequenceVariant": "SK\\SP\\MP\\OSP",
    "SeriesDescription": "T1w_combEcho",
    "SeriesInstanceUID": "1.3.12.2.1107.5.2.43.167050.2019012310321926565827107.0.0.0",
    "SeriesNumber": 4,
    "ShimSetting": [
      6993,
      -3625,
      7918,
      478,
      -16,
      -115,
      -9,
      32
    ],
    "SliceThickness": 0.9,
    "SoftwareVersions": "syngo MR E11",
    "StationName": "PRISMA",
    "StudyID": "1",
    "StudyInstanceUID": "1.3.12.2.1107.5.2.43.167050.30000019012122271046500000016",
    "TxRefAmp": 252.232,
    "WipMemBlock": "WIP_Identifier: WIP#900D",
    "acq_id": "combecho",
    "dataset": "unknown",
    "modality": "T1w",
    "run_id": 1,
    "session_id": "core2p2",
    "subject_id": "CC0178"
  },
  "cjv": 0.5981327342956816,
  "cnr": 1.9927665964149286,
  "efc": 0.5848716701964443,
  "fber": 242.6492462158203,
  "fwhm_avg": 5.903199215049232,
  "fwhm_x": 5.935044601669434,
  "fwhm_y": 5.637376,
  "fwhm_z": 6.13717704347826,
  "icvs_csf": 0.17808963049551038,
  "icvs_gm": 0.4254515553036725,
  "icvs_wm": 0.39645881420081713,
  "inu_med": 1.7345491647720337,
  "inu_range": 1.5503548383712769,
  "provenance": {
    "md5sum": "3ce5bf0b84cbe8e2d2c8f5cc7b3f3dec",
    "settings": {
      "testing": false
    },
    "software": "mriqc",
    "version": "0.15.0",
    "warnings": {
      "large_rot_frame": false,
      "small_air_mask": false
    },
    "webapi_port": null,
    "webapi_url": "https://mriqc.nimh.nih.gov/api/v1"
  },
  "qi_1": 0.0,
  "qi_2": 0.006703527646192321,
  "rpve_csf": 27.7456717983601,
  "rpve_gm": 11.628390581028912,
  "rpve_wm": 13.780646561076155,
  "size_x": 208,
  "size_y": 256,
  "size_z": 256,
  "snr_csf": 3.7752820503896083,
  "snr_gm": 12.214698440878683,
  "snr_total": 8.825114646027131,
  "snr_wm": 10.485363446813102,
  "snrd_csf": 19.346737178212692,
  "snrd_gm": 40.73187256947499,
  "snrd_total": 37.645496855012404,
  "snrd_wm": 52.85788081734952,
  "spacing_x": 0.8999999761581421,
  "spacing_y": 0.8984375,
  "spacing_z": 0.8984375,
  "summary_bg_k": 6.224859974163129,
  "summary_bg_mad": 12.394190788269043,
  "summary_bg_mean": 44.124671936035156,
  "summary_bg_median": 42.66600799560547,
  "summary_bg_n": 3228304.0,
  "summary_bg_p05": 25.2410026550293,
  "summary_bg_p95": 66.84689788818355,
  "summary_bg_stdv": 13.310294151306152,
  "summary_csf_k": 1.5307342483142934,
  "summary_csf_mad": 84.41865539550781,
  "summary_csf_mean": 386.76763916015625,
  "summary_csf_median": 366.01104736328125,
  "summary_csf_n": 30553.0,
  "summary_csf_p05": 263.6652709960938,
  "summary_csf_p95": 574.385705566406,
  "summary_csf_stdv": 96.94773864746094,
  "summary_gm_k": -0.3133249550743873,
  "summary_gm_mad": 66.80370330810547,
  "summary_gm_mean": 770.4552001953125,
  "summary_gm_median": 770.5855102539062,
  "summary_gm_n": 43409.0,
  "summary_gm_p05": 667.939501953125,
  "summary_gm_p95": 872.5207885742186,
  "summary_gm_stdv": 63.08601379394531,
  "summary_wm_k": 2.037485820106191,
  "summary_wm_mad": 70.41139221191406,
  "summary_wm_mean": 1024.8634033203125,
  "summary_wm_median": 999.9912719726562,
  "summary_wm_n": 191479.0,
  "summary_wm_p05": 914.1899780273437,
  "summary_wm_p95": 1218.0102294921876,
  "summary_wm_stdv": 95.36995697021484,
  "tpm_overlap_csf": 0.21196264028549194,
  "tpm_overlap_gm": 0.4539107382297516,
  "tpm_overlap_wm": 0.4614564776420593,
  "wm2max": 0.5577795467165153
}