{
  "bids_meta": {
    "AccessionNumber": "8682-001",
    "AcquisitionDateTime": "2019-01-23T10:25:11.075000",
    "AcquisitionMatrixPE": 256,
    "AcquisitionNumber": 1,
    "AcquisitionTime": "10:25:11.075000",
    "BaseResolution": 256,
    "BodyPartExamined": "BRAIN",
    "ConsistencyInfo": "N4_VE11C_LATEST_20160120",
    "ConversionSoftware": "dcm2niix",
    "ConversionSoftwareVersion": "v1.0.20210317",
    "DeviceSerialNumber": "167050",
    "DwellTime": 3e-06,
    "EchoNumber": 4,
    "FlipAngle": 8,
    "ImageComments": "Average over all echoes.",
    "ImageOrientationPatientDICOM": [
      0,
      1,
      0,
      0,
      0,
      -1
    ],
    "ImageType": [
      "ORIGINAL",
      "PRIMARY",
      "ECHO",
      "COMBINED",
      "ND",
      "NORM"
    ],
    "ImagingFrequency": 123.25,
    "InPlanePhaseEncodingDirectionDICOM": "ROW",
    "InstitutionAddress": "Michigan Ave 320,Pasadena,California,US,91025",
    "InstitutionName": "Caltech Prisma32",
    "InstitutionalDepartmentName": "Department",
    "InversionTime": 1.15,
    "MRAcquisitionType": "3D",
    "MagneticFieldStrength": 3,
    "Manufacturer": "Siemens",
    "ManufacturersModelName": "Prisma_fit",
    "Modality": "MR",
    "ParallelReductionFactorInPlane": 2,
    "PartialFourier": 1,
    "PatientBirthDate": "1997-03-01",
    "PatientID": "CC0178",
    "PatientName": "CC0178",
    "PatientPosition": "HFS",
    "PatientSex": "M",
    "PatientWeight": 57.1526,
    "PercentPhaseFOV": 100,
    "PercentSampling": 100,
    "PhaseEncodingSteps": 282,
    "PhaseOversampling": 0.1,
    "PhaseResolution": 1,
    "PixelBandwidth": 650,
    "ProtocolName": "T1w",
    "PulseSequenceDetails": "%CustomerSeq%\\tfl_wip900D_VE11C",
    "ReceiveCoilActiveElements": "HEA;HEP",
    "ReceiveCoilName": "Head_32",
    "ReconMatrixPE": 256,
    "RefLinesPE": 32,
    "ReferringPhysicianName": "Adolphs",
    "RepetitionTime": 2.55,
    "SAR": 0.0515332,
    "ScanOptions": "IR\\WE",
    "ScanningSequence": "GR\\IR",
    "SequenceName": "tfl3d4_16ns",
    "SequenceVariant": "SK\\SP\\MP\\OSP",
    "SeriesDescription": "T1w_combEcho",
    "SeriesInstanceUID": "1.3.12.2.1107.5.2.43.167050.2019012310321926507927104.0.0.0",
    "SeriesNumber": 5,
    "ShimSetting": [
      6993,
      -3625,
      7918,
      478,
      -16,
      -115,
      -9,
      32
    ],
    "SliceThickness": 0.9,
    "SoftwareVersions": "syngo MR E11",
    "StationName": "PRISMA",
    "StudyID": "1",
    "StudyInstanceUID": "1.3.12.2.1107.5.2.43.167050.30000019012122271046500000016",
    "TxRefAmp": 252.232,
    "WipMemBlock": "WIP_Identifier: WIP#900D",
    "acq_id": "combecho",
    "dataset": "unknown",
    "modality": "T1w",
    "run_id": 2,
    "session_id": "core2p2",
    "subject_id": "CC0178"
  },
  "cjv": 0.5978098952343175,
  "cnr": 2.180682827237512,
  "efc": 0.6125286648757469,
  "fber": 1047.6798095703125,
  "fwhm_avg": 4.290302209093326,
  "fwhm_x": 4.348755670758239,
  "fwhm_y": 4.140644173913043,
  "fwhm_z": 4.381506782608696,
  "icvs_csf": 0.19316123850494954,
  "icvs_gm": 0.43401369426466724,
  "icvs_wm": 0.3728250672303832,
  "inu_med": 1.616192102432251,
  "inu_range": 0.6468542695045472,
  "provenance": {
    "md5sum": "8404e92beb0fead50344378f8fd10ae6",
    "settings": {
      "testing": false
    },
    "software": "mriqc",
    "version": "0.15.0",
    "warnings": {
      "large_rot_frame": false,
      "small_air_mask": false
    },
    "webapi_port": null,
    "webapi_url": "https://mriqc.nimh.nih.gov/api/v1"
  },
  "qi_1": 0.0,
  "qi_2": 0.010287201078933852,
  "rpve_csf": 25.021779450243628,
  "rpve_gm": 11.792388945032734,
  "rpve_wm": 15.804891850150993,
  "size_x": 208,
  "size_y": 256,
  "size_z": 256,
  "snr_csf": 3.8074035824987766,
  "snr_gm": 10.0204230077618,
  "snr_total": 11.326242881694398,
  "snr_wm": 20.150902054822616,
  "snrd_csf": 40.41836557057318,
  "snrd_gm": 79.85466512637205,
  "snrd_total": 73.57751563915942,
  "snrd_wm": 100.459516220533,
  "spacing_x": 0.8999999761581421,
  "spacing_y": 0.8984375,
  "spacing_z": 0.8984375,
  "summary_bg_k": 3.8183058662255496,
  "summary_bg_mad": 6.521571636199951,
  "summary_bg_mean": 18.222749710083008,
  "summary_bg_median": 17.301450729370117,
  "summary_bg_n": 3260753.0,
  "summary_bg_p05": 8.644412231445312,
  "summary_bg_p95": 37.70267257690429,
  "summary_bg_stdv": 9.549190521240234,
  "summary_csf_k": 8.460131405345148,
  "summary_csf_mad": 90.06640625,
  "summary_csf_mean": 423.9291687011719,
  "summary_csf_median": 402.34564208984375,
  "summary_csf_n": 37846.0,
  "summary_csf_p05": 288.4783401489258,
  "summary_csf_p95": 625.3427886962891,
  "summary_csf_stdv": 105.67314910888672,
  "summary_gm_k": 0.06057143117779207,
  "summary_gm_mad": 78.01985931396484,
  "summary_gm_mean": 803.1710205078125,
  "summary_gm_median": 794.915283203125,
  "summary_gm_n": 31700.0,
  "summary_gm_p05": 687.5473663330079,
  "summary_gm_p95": 949.7138427734375,
  "summary_gm_stdv": 79.32826232910156,
  "summary_wm_k": 0.7589288715506379,
  "summary_wm_mad": 44.59783172607422,
  "summary_wm_mean": 999.3076171875,
  "summary_wm_median": 1000.0267944335938,
  "summary_wm_n": 271190.0,
  "summary_wm_p05": 914.2152862548828,
  "summary_wm_p95": 1078.9821166992188,
  "summary_wm_stdv": 49.626808166503906,
  "tpm_overlap_csf": 0.21344387531280518,
  "tpm_overlap_gm": 0.5009570121765137,
  "tpm_overlap_wm": 0.5306947827339172,
  "wm2max": 0.5945233574199744
}