{
  "aor": 0.0008190105263157895,
  "aqi": 0.0063884571368421055,
  "bids_meta": {
    "AccessionNumber": "8573-001",
    "AcquisitionDateTime": "2018-09-20T14:19:42.685000",
    "AcquisitionMatrixPE": 80,
    "AcquisitionNumber": 1,
    "AcquisitionTime": "14:19:42.685000",
    "BandwidthPerPixelPhaseEncode": 23.191,
    "BaseResolution": 80,
    "BodyPartExamined": "BRAIN",
    "ConsistencyInfo": "N4_VE11C_LATEST_20160120",
    "ConversionSoftware": "dcm2niix",
    "ConversionSoftwareVersion": "v1.0.20210317",
    "DerivedVendorReportedEchoSpacing": 0.000490002,
    "DeviceSerialNumber": "167050",
    "DwellTime": 2.3e-06,
    "EchoTime": 0.03,
    "EchoTrainLength": 88,
    "EffectiveEchoSpacing": 0.000539002,
    "FlipAngle": 53,
    "ImageComments": "Unaliased MB6/PE3/LB",
    "ImageOrientationPatientDICOM": [
      1,
      0,
      0,
      0,
      0.939693,
      -0.34202
    ],
    "ImageType": [
      "ORIGINAL",
      "PRIMARY",
      "M",
      "MB",
      "ND",
      "MOSAIC"
    ],
    "ImagingFrequency": 123.25,
    "InPlanePhaseEncodingDirectionDICOM": "COL",
    "InstitutionAddress": "Michigan Ave 320,Pasadena,California,US,91025",
    "InstitutionName": "Caltech Prisma64",
    "InstitutionalDepartmentName": "Department",
    "MRAcquisitionType": "2D",
    "MagneticFieldStrength": 3,
    "Manufacturer": "Siemens",
    "ManufacturersModelName": "Prisma_fit",
    "Modality": "MR",
    "MultibandAccelerationFactor": 6,
    "PartialFourier": 1,
    "PatientBirthDate": "1991-10-01",
    "PatientID": "CC0168",
    "PatientName": "CC0168",
    "PatientPosition": "HFS",
    "PatientSex": "M",
    "PatientWeight": 79.3787,
    "PercentPhaseFOV": 100,
    "PercentSampling": 100,
    "PhaseEncodingDirection": "j-",
    "PhaseEncodingSteps": 88,
    "PhaseOversampling": 0.1,
    "PhaseResolution": 1,
    "PixelBandwidth": 2715,
    "ProcedureStepDescription": "Conte Core",
    "ProtocolName": "task-pixar_run-01_bold",
    "PulseSequenceDetails": "%CustomerSeq%\\cmrr_mbep2d_bold",
    "ReceiveCoilActiveElements": "HEA;HEP",
    "ReceiveCoilName": "Head_32",
    "ReconMatrixPE": 80,
    "ReferringPhysicianName": "Adolphs",
    "RepetitionTime": 0.7,
    "SAR": 0.0843974,
    "ScanOptions": "FS\\EXT",
    "ScanningSequence": "EP",
    "SequenceName": "epfid2d1_80",
    "SequenceVariant": "SK\\SS\\OSP",
    "SeriesDescription": "task-pixar_run-01_bold",
    "SeriesInstanceUID": "1.3.12.2.1107.5.2.43.167050.2018092014170443057870411.0.0.0",
    "SeriesNumber": 34,
    "ShimSetting": [
      6996,
      -3632,
      7963,
      438,
      56,
      90,
      -44,
      -35
    ],
    "SliceThickness": 2.5,
    "SliceTiming": [
      0,
      0.475,
      0.2725,
      0.0675,
      0.5425,
      0.34,
      0.135,
      0.6125,
      0.4075,
      0.2025,
      0,
      0.475,
      0.2725,
      0.0675,
      0.5425,
      0.34,
      0.135,
      0.6125,
      0.4075,
      0.2025,
      0,
      0.475,
      0.2725,
      0.0675,
      0.5425,
      0.34,
      0.135,
      0.6125,
      0.4075,
      0.2025,
      0,
      0.475,
      0.2725,
      0.0675,
      0.5425,
      0.34,
      0.135,
      0.6125,
      0.4075,
      0.2025,
      0,
      0.475,
      0.2725,
      0.0675,
      0.5425,
      0.34,
      0.135,
      0.6125,
      0.4075,
      0.2025,
      0,
      0.475,
      0.2725,
      0.0675,
      0.5425,
      0.34,
      0.135,
      0.6125,
      0.4075,
      0.2025
    ],
    "SoftwareVersions": "syngo MR E11",
    "SpacingBetweenSlices": 2.5,
    "StationName": "PRISMA",
    "StudyID": "1",
    "StudyInstanceUID": "1.3.12.2.1107.5.2.43.167050.30000018081720093477500000157",
    "TaskName": "pixar",
    "TotalReadoutTime": 0.0425812,
    "TxRefAmp": 269.103,
    "WipMemBlock": "28e2126b-de54-46e4-8d35-4546d89c72c2||Sequence: R016 ve11c/master r/e634e98; Dec 19 2017 11:00:25 by eja",
    "dataset": "unknown",
    "modality": "bold",
    "run_id": 1,
    "session_id": "core2p2",
    "subject_id": "CC0168",
    "task_id": "pixar"
  },
  "dummy_trs": 1,
  "dvars_nstd": 36.296710867489466,
  "dvars_std": 1.0637608114135022,
  "dvars_vstd": 1.0161403172573842,
  "efc": 0.5451355945749091,
  "fber": 555.0738525390625,
  "fd_mean": 0.1599289639778779,
  "fd_num": 168,
  "fd_perc": 35.36842105263158,
  "fwhm_avg": 2.867556,
  "fwhm_x": 2.657092,
  "fwhm_y": 3.079456,
  "fwhm_z": 2.86612,
  "gcor": 0.0162598,
  "gsr_x": 0.0002807906421367079,
  "gsr_y": 0.09273804724216461,
  "provenance": {
    "md5sum": "02f663c59b5fea84df897f41d646225d",
    "settings": {
      "fd_thres": 0.2,
      "hmc_fsl": false
    },
    "software": "mriqc",
    "version": "0.15.0",
    "webapi_port": null,
    "webapi_url": "https://mriqc.nimh.nih.gov/api/v1"
  },
  "size_t": 475,
  "size_x": 80,
  "size_y": 80,
  "size_z": 60,
  "snr": 2.0388930122563713,
  "spacing_tr": 0.699999988079071,
  "spacing_x": 2.5,
  "spacing_y": 2.5,
  "spacing_z": 2.5,
  "summary_bg_k": 15.698998540513642,
  "summary_bg_mad": 91.6419677734375,
  "summary_bg_mean": 447.0242004394531,
  "summary_bg_median": 155.71788024902344,
  "summary_bg_n": 236268.0,
  "summary_bg_p05": 85.5915756225586,
  "summary_bg_p95": 1963.047552490234,
  "summary_bg_stdv": 740.6882934570312,
  "summary_fg_k": 1.00778055617626,
  "summary_fg_mad": 1805.940673828125,
  "summary_fg_mean": 4354.20361328125,
  "summary_fg_median": 3997.75048828125,
  "summary_fg_n": 85532.0,
  "summary_fg_p05": 1773.8550354003905,
  "summary_fg_p95": 8059.085107421874,
  "summary_fg_stdv": 1960.734130859375,
  "tsnr": 36.041629791259766
}