{
  "aor": 0.0006675459098497497,
  "aqi": 0.004150248931552587,
  "bids_meta": {
    "AccessionNumber": "8573-001",
    "AcquisitionDateTime": "2018-09-20T13:40:20.900000",
    "AcquisitionMatrixPE": 80,
    "AcquisitionNumber": 1,
    "AcquisitionTime": "13:40:20.900000",
    "BandwidthPerPixelPhaseEncode": 23.191,
    "BaseResolution": 80,
    "BodyPartExamined": "BRAIN",
    "ConsistencyInfo": "N4_VE11C_LATEST_20160120",
    "ConversionSoftware": "dcm2niix",
    "ConversionSoftwareVersion": "v1.0.20210317",
    "DerivedVendorReportedEchoSpacing": 0.000490002,
    "DeviceSerialNumber": "167050",
    "DwellTime": 2.3e-06,
    "EchoTime": 0.03,
    "EchoTrainLength": 88,
    "EffectiveEchoSpacing": 0.000539002,
    "FlipAngle": 53,
    "ImageComments": "Unaliased MB6/PE3/LB",
    "ImageOrientationPatientDICOM": [
      1,
      0,
      0,
      0,
      0.939693,
      -0.34202
    ],
    "ImageType": [
      "ORIGINAL",
      "PRIMARY",
      "M",
      "MB",
      "ND",
      "MOSAIC"
    ],
    "ImagingFrequency": 123.25,
    "InPlanePhaseEncodingDirectionDICOM": "COL",
    "InstitutionAddress": "Michigan Ave 320,Pasadena,California,US,91025",
    "InstitutionName": "Caltech Prisma64",
    "InstitutionalDepartmentName": "Department",
    "MRAcquisitionType": "2D",
    "MagneticFieldStrength": 3,
    "Manufacturer": "Siemens",
    "ManufacturersModelName": "Prisma_fit",
    "Modality": "MR",
    "MultibandAccelerationFactor": 6,
    "PartialFourier": 1,
    "PatientBirthDate": "1991-10-01",
    "PatientID": "CC0168",
    "PatientName": "CC0168",
    "PatientPosition": "HFS",
    "PatientSex": "M",
    "PatientWeight": 79.3787,
    "PercentPhaseFOV": 100,
    "PercentSampling": 100,
    "PhaseEncodingDirection": "j-",
    "PhaseEncodingSteps": 88,
    "PhaseOversampling": 0.1,
    "PhaseResolution": 1,
    "PixelBandwidth": 2715,
    "ProcedureStepDescription": "Conte Core",
    "ProtocolName": "task-rest_run-02_bold",
    "PulseSequenceDetails": "%CustomerSeq%\\cmrr_mbep2d_bold",
    "ReceiveCoilActiveElements": "HEA;HEP",
    "ReceiveCoilName": "Head_32",
    "ReconMatrixPE": 80,
    "ReferringPhysicianName": "Adolphs",
    "RepetitionTime": 0.7,
    "SAR": 0.0845331,
    "ScanOptions": "FS\\EXT",
    "ScanningSequence": "EP",
    "SequenceName": "epfid2d1_80",
    "SequenceVariant": "SK\\SS\\OSP",
    "SeriesDescription": "task-rest_run-02_bold",
    "SeriesInstanceUID": "1.3.12.2.1107.5.2.43.167050.2018092013391081914530956.0.0.0",
    "SeriesNumber": 16,
    "ShimSetting": [
      6996,
      -3632,
      7963,
      438,
      56,
      90,
      -44,
      -35
    ],
    "SliceThickness": 2.5,
    "SliceTiming": [
      0,
      0.475,
      0.27,
      0.0675,
      0.5425,
      0.3375,
      0.135,
      0.61,
      0.4075,
      0.2025,
      0,
      0.475,
      0.27,
      0.0675,
      0.5425,
      0.3375,
      0.135,
      0.61,
      0.4075,
      0.2025,
      0,
      0.475,
      0.27,
      0.0675,
      0.5425,
      0.3375,
      0.135,
      0.61,
      0.4075,
      0.2025,
      0,
      0.475,
      0.27,
      0.0675,
      0.5425,
      0.3375,
      0.135,
      0.61,
      0.4075,
      0.2025,
      0,
      0.475,
      0.27,
      0.0675,
      0.5425,
      0.3375,
      0.135,
      0.61,
      0.4075,
      0.2025,
      0,
      0.475,
      0.27,
      0.0675,
      0.5425,
      0.3375,
      0.135,
      0.61,
      0.4075,
      0.2025
    ],
    "SoftwareVersions": "syngo MR E11",
    "SpacingBetweenSlices": 2.5,
    "StationName": "PRISMA",
    "StudyID": "1",
    "StudyInstanceUID": "1.3.12.2.1107.5.2.43.167050.30000018081720093477500000157",
    "TaskName": "rest",
    "TotalReadoutTime": 0.0425812,
    "TxRefAmp": 269.103,
    "WipMemBlock": "faf6c772-2899-4964-8d15-af9bb5c3f0db||Sequence: R016 ve11c/master r/e634e98; Dec 19 2017 11:00:25 by eja",
    "dataset": "unknown",
    "modality": "bold",
    "run_id": 2,
    "session_id": "core2p2",
    "subject_id": "CC0168",
    "task_id": "rest"
  },
  "dummy_trs": 1,
  "dvars_nstd": 36.94797028188967,
  "dvars_std": 1.1352239484113715,
  "dvars_vstd": 1.0208037306020075,
  "efc": 0.5415852248579531,
  "fber": 583.0999145507812,
  "fd_mean": 0.12401934128913543,
  "fd_num": 82,
  "fd_perc": 13.689482470784641,
  "fwhm_avg": 2.8568040000000003,
  "fwhm_x": 2.65804,
  "fwhm_y": 3.077628,
  "fwhm_z": 2.8347439999999997,
  "gcor": 0.0158209,
  "gsr_x": -0.0029018763452768326,
  "gsr_y": 0.09551302343606949,
  "provenance": {
    "md5sum": "85db765d663665780e7ecdd6c0b6a27a",
    "settings": {
      "fd_thres": 0.2,
      "hmc_fsl": false
    },
    "software": "mriqc",
    "version": "0.15.0",
    "webapi_port": null,
    "webapi_url": "https://mriqc.nimh.nih.gov/api/v1"
  },
  "size_t": 599,
  "size_x": 80,
  "size_y": 80,
  "size_z": 60,
  "snr": 2.032734329398472,
  "spacing_tr": 0.699999988079071,
  "spacing_x": 2.5,
  "spacing_y": 2.5,
  "spacing_z": 2.5,
  "summary_bg_k": 17.08398273240836,
  "summary_bg_mad": 88.87940216064453,
  "summary_bg_mean": 437.0846862792969,
  "summary_bg_median": 152.80133056640625,
  "summary_bg_n": 236423.0,
  "summary_bg_p05": 84.73121643066406,
  "summary_bg_p95": 1919.022814941406,
  "summary_bg_stdv": 730.6403198242188,
  "summary_fg_k": 1.0374712170502596,
  "summary_fg_mad": 1827.3046875,
  "summary_fg_mean": 4387.2255859375,
  "summary_fg_median": 4029.6201171875,
  "summary_fg_n": 85512.0,
  "summary_fg_p05": 1776.4050598144531,
  "summary_fg_p95": 8132.343457031249,
  "summary_fg_stdv": 1982.352783203125,
  "tsnr": 42.5307502746582
}