{
  "aor": 0.0003018845500848896,
  "aqi": 0.002951293514431239,
  "bids_meta": {
    "AccessionNumber": "8730-012",
    "AcquisitionDateTime": "2019-02-21T14:21:21.927500",
    "AcquisitionMatrixPE": 80,
    "AcquisitionNumber": 1,
    "AcquisitionTime": "14:21:21.927500",
    "BandwidthPerPixelPhaseEncode": 23.191,
    "BaseResolution": 80,
    "BodyPartExamined": "BRAIN",
    "ConsistencyInfo": "N4_VE11C_LATEST_20160120",
    "ConversionSoftware": "dcm2niix",
    "ConversionSoftwareVersion": "v1.0.20210317",
    "DerivedVendorReportedEchoSpacing": 0.000490002,
    "DeviceSerialNumber": "167050",
    "DwellTime": 2.3e-06,
    "EchoTime": 0.03,
    "EchoTrainLength": 88,
    "EffectiveEchoSpacing": 0.000539002,
    "FlipAngle": 53,
    "ImageComments": "Unaliased MB6/PE3/LB",
    "ImageOrientationPatientDICOM": [
      1,
      0,
      0,
      0,
      0.939693,
      -0.34202
    ],
    "ImageType": [
      "ORIGINAL",
      "PRIMARY",
      "M",
      "MB",
      "ND",
      "MOSAIC"
    ],
    "ImagingFrequency": 123.25,
    "InPlanePhaseEncodingDirectionDICOM": "COL",
    "InstitutionAddress": "Michigan Ave 320,Pasadena,California,US,91025",
    "InstitutionName": "Caltech Prisma64",
    "InstitutionalDepartmentName": "Department",
    "MRAcquisitionType": "2D",
    "MagneticFieldStrength": 3,
    "Manufacturer": "Siemens",
    "ManufacturersModelName": "Prisma_fit",
    "Modality": "MR",
    "MultibandAccelerationFactor": 6,
    "PartialFourier": 1,
    "PatientBirthDate": "1975-12-01",
    "PatientID": "CC0085",
    "PatientName": "CC0085",
    "PatientPosition": "HFS",
    "PatientSex": "F",
    "PatientWeight": 63.5029,
    "PercentPhaseFOV": 100,
    "PercentSampling": 100,
    "PhaseEncodingDirection": "j-",
    "PhaseEncodingSteps": 88,
    "PhaseOversampling": 0.1,
    "PhaseResolution": 1,
    "PixelBandwidth": 2715,
    "ProtocolName": "task-rest_run-01_bold",
    "PulseSequenceDetails": "%CustomerSeq%\\cmrr_mbep2d_bold",
    "ReceiveCoilActiveElements": "HEA;HEP",
    "ReceiveCoilName": "Head_32",
    "ReconMatrixPE": 80,
    "ReferringPhysicianName": "Adolphs",
    "RepetitionTime": 0.7,
    "SAR": 0.108375,
    "ScanOptions": "FS\\EXT",
    "ScanningSequence": "EP",
    "SequenceName": "epfid2d1_80",
    "SequenceVariant": "SK\\SS\\OSP",
    "SeriesDescription": "task-rest_run-01_bold",
    "SeriesInstanceUID": "1.3.12.2.1107.5.2.43.167050.201902211420093463014247.0.0.0",
    "SeriesNumber": 9,
    "ShimSetting": [
      6985,
      -3676,
      7989,
      409,
      -28,
      -67,
      50,
      11
    ],
    "SliceThickness": 2.5,
    "SliceTiming": [
      0,
      0.4775,
      0.2725,
      0.07,
      0.545,
      0.34,
      0.1375,
      0.6125,
      0.41,
      0.205,
      0,
      0.4775,
      0.2725,
      0.07,
      0.545,
      0.34,
      0.1375,
      0.6125,
      0.41,
      0.205,
      0,
      0.4775,
      0.2725,
      0.07,
      0.545,
      0.34,
      0.1375,
      0.6125,
      0.41,
      0.205,
      0,
      0.4775,
      0.2725,
      0.07,
      0.545,
      0.34,
      0.1375,
      0.6125,
      0.41,
      0.205,
      0,
      0.4775,
      0.2725,
      0.07,
      0.545,
      0.34,
      0.1375,
      0.6125,
      0.41,
      0.205,
      0,
      0.4775,
      0.2725,
      0.07,
      0.545,
      0.34,
      0.1375,
      0.6125,
      0.41,
      0.205
    ],
    "SoftwareVersions": "syngo MR E11",
    "SpacingBetweenSlices": 2.5,
    "StationName": "PRISMA",
    "StudyID": "1",
    "StudyInstanceUID": "1.3.12.2.1107.5.2.43.167050.30000019021201163005200000058",
    "TaskName": "rest",
    "TotalReadoutTime": 0.0425812,
    "TxRefAmp": 270.866,
    "WipMemBlock": "badcb472-bb65-43db-9c88-07aa4aba1e17||Sequence: R016 ve11c/master r/e634e98; Dec 19 2017 11:00:25 by eja",
    "dataset": "unknown",
    "modality": "bold",
    "run_id": 1,
    "session_id": "core2p2",
    "subject_id": "CC0085",
    "task_id": "rest"
  },
  "dummy_trs": 11,
  "dvars_nstd": 31.350020136190473,
  "dvars_std": 1.0410085590646263,
  "dvars_vstd": 1.0027431598469394,
  "efc": 0.5214410728508304,
  "fber": 635.3338623046875,
  "fd_mean": 0.1577665777909033,
  "fd_num": 192,
  "fd_perc": 32.597623089983024,
  "fwhm_avg": 2.890748,
  "fwhm_x": 2.6924520000000003,
  "fwhm_y": 3.125272,
  "fwhm_z": 2.85452,
  "gcor": 0.0050223,
  "gsr_x": -0.0014070533215999603,
  "gsr_y": 0.07864896953105927,
  "provenance": {
    "md5sum": "8fb828bf724cb281e0509e93b7a4ef16",
    "settings": {
      "fd_thres": 0.2,
      "hmc_fsl": false
    },
    "software": "mriqc",
    "version": "0.15.0",
    "webapi_port": null,
    "webapi_url": "https://mriqc.nimh.nih.gov/api/v1"
  },
  "size_t": 589,
  "size_x": 80,
  "size_y": 80,
  "size_z": 60,
  "snr": 2.0905268449220085,
  "spacing_tr": 0.699999988079071,
  "spacing_x": 2.5,
  "spacing_y": 2.5,
  "spacing_z": 2.5,
  "summary_bg_k": 18.004278999076174,
  "summary_bg_mad": 92.88288116455078,
  "summary_bg_mean": 403.52947998046875,
  "summary_bg_median": 152.07640075683594,
  "summary_bg_n": 245051.0,
  "summary_bg_p05": 83.1129035949707,
  "summary_bg_p95": 1656.4075317382812,
  "summary_bg_stdv": 640.5757446289062,
  "summary_fg_k": 0.4379773457559497,
  "summary_fg_mad": 1830.37451171875,
  "summary_fg_mean": 4557.2451171875,
  "summary_fg_median": 4152.42626953125,
  "summary_fg_n": 79183.0,
  "summary_fg_p05": 1952.5766479492188,
  "summary_fg_p95": 8372.557519531247,
  "summary_fg_stdv": 1986.2935791015625,
  "tsnr": 44.74995803833008
}