{
  "bids_meta": {
    "AccessionNumber": "6465-001",
    "AcquisitionDateTime": "2013-02-21T12:06:58.360000",
    "AcquisitionMatrixPE": 256,
    "AcquisitionNumber": 1,
    "AcquisitionTime": "12:06:58.360000",
    "BaseResolution": 256,
    "CoilString": "C:HEA;HEP",
    "ConversionSoftware": "dcm2niix",
    "ConversionSoftwareVersion": "v1.0.20210317",
    "DeviceSerialNumber": "35077",
    "DwellTime": 1.09e-05,
    "EchoTime": 0.00291,
    "FlipAngle": 10,
    "ImageOrientationPatientDICOM": [
      0,
      1,
      0,
      0,
      0,
      -1
    ],
    "ImageType": [
      "ORIGINAL",
      "PRIMARY",
      "M",
      "ND",
      "NORM"
    ],
    "ImagingFrequency": 123.229,
    "InPlanePhaseEncodingDirectionDICOM": "ROW",
    "InstitutionAddress": "Wilson Avenue 340 ,Pasadena,California,US,91025",
    "InstitutionName": "Caltech Tim32",
    "InstitutionalDepartmentName": "Department",
    "InversionTime": 0.8,
    "MRAcquisitionType": "3D",
    "MagneticFieldStrength": 3,
    "Manufacturer": "Siemens",
    "ManufacturersModelName": "TrioTim",
    "Modality": "MR",
    "PartialFourier": 1,
    "PatientBirthDate": "1989-01-01",
    "PatientID": "adolphs",
    "PatientName": "CC0055",
    "PatientPosition": "HFS",
    "PatientSex": "M",
    "PatientWeight": 87.5433,
    "PercentPhaseFOV": 100,
    "PercentSampling": 100,
    "PhaseEncodingSteps": 256,
    "PhaseResolution": 1,
    "PixelBandwidth": 179,
    "ProcedureStepDescription": "Conte^Core",
    "ProtocolName": "T1_1",
    "PulseSequenceDetails": "%SiemensSeq%\\tfl",
    "ReceiveCoilName": "32Ch_Head",
    "ReconMatrixPE": 256,
    "RepetitionTime": 1.5,
    "SAR": 0.139183,
    "ScanOptions": "IR",
    "ScanningSequence": "GR\\IR",
    "SequenceName": "*tfl3d1",
    "SequenceVariant": "SP\\MP",
    "SeriesDescription": "T1_1",
    "SeriesInstanceUID": "1.3.12.2.1107.5.2.32.35077.2013022112065130873860011.0.0.0",
    "SeriesNumber": 9,
    "ShimSetting": [
      9531,
      -10498,
      15674,
      537,
      -106,
      -95,
      141,
      37
    ],
    "SliceThickness": 1,
    "SoftwareVersions": "syngo MR B17",
    "StationName": "MEDPC",
    "StudyID": "1",
    "StudyInstanceUID": "1.3.12.2.1107.5.2.32.35077.30000013021915521117100000043",
    "TxRefAmp": 354.1,
    "dataset": "unknown",
    "modality": "T1w",
    "run_id": 1,
    "session_id": "core1p1",
    "subject_id": "CC0055"
  },
  "cjv": 0.45598638434809036,
  "cnr": 2.655691497252801,
  "efc": 0.600623246729226,
  "fber": 2645.830322265625,
  "fwhm_avg": 4.026463333333333,
  "fwhm_x": 3.88514,
  "fwhm_y": 4.0468,
  "fwhm_z": 4.14745,
  "icvs_csf": 0.2149925666067417,
  "icvs_gm": 0.4120427530916805,
  "icvs_wm": 0.3729646803015778,
  "inu_med": 1.5360798835754395,
  "inu_range": 0.4735518991947174,
  "provenance": {
    "md5sum": "e1e00b5e59223e8f938dd98ae3214cfb",
    "settings": {
      "testing": false
    },
    "software": "mriqc",
    "version": "0.15.0",
    "warnings": {
      "large_rot_frame": true,
      "small_air_mask": false
    },
    "webapi_port": null,
    "webapi_url": "https://mriqc.nimh.nih.gov/api/v1"
  },
  "qi_1": 8.868985643177624e-05,
  "qi_2": 0.010209143511249458,
  "rpve_csf": 21.315400480304355,
  "rpve_gm": 11.345882317628343,
  "rpve_wm": 14.587069926982336,
  "size_x": 176,
  "size_y": 256,
  "size_z": 256,
  "snr_csf": 3.3838820794050126,
  "snr_gm": 11.129248882196217,
  "snr_total": 12.310663730245635,
  "snr_wm": 22.418860229135674,
  "snrd_csf": 50.75709835029026,
  "snrd_gm": 97.8130428174278,
  "snrd_total": 91.41705675471694,
  "snrd_wm": 125.68102909643274,
  "spacing_x": 1.0,
  "spacing_y": 1.0,
  "spacing_z": 1.0,
  "summary_bg_k": 16.244945253978948,
  "summary_bg_mad": 5.212789058685303,
  "summary_bg_mean": 9.149690628051758,
  "summary_bg_median": 7.009526252746582,
  "summary_bg_n": 2244295.0,
  "summary_bg_p05": 0.0,
  "summary_bg_p95": 27.717358207702617,
  "summary_bg_stdv": 9.57884693145752,
  "summary_csf_k": 2.8998463340194816,
  "summary_csf_mad": 115.08476257324219,
  "summary_csf_mean": 430.5613098144531,
  "summary_csf_median": 403.86407470703125,
  "summary_csf_n": 47696.0,
  "summary_csf_p05": 279.49971771240234,
  "summary_csf_p95": 639.2090911865234,
  "summary_csf_stdv": 119.34808349609375,
  "summary_gm_k": 0.8042376967860259,
  "summary_gm_mad": 61.35017776489258,
  "summary_gm_mean": 785.6773681640625,
  "summary_gm_median": 778.27880859375,
  "summary_gm_n": 26515.0,
  "summary_gm_p05": 683.2403381347656,
  "summary_gm_p95": 918.6671142578125,
  "summary_gm_stdv": 69.92961883544922,
  "summary_wm_k": 0.8185816897701339,
  "summary_wm_mad": 39.76023864746094,
  "summary_wm_mean": 1001.9324340820312,
  "summary_wm_median": 1000.018798828125,
  "summary_wm_n": 246280.0,
  "summary_wm_p05": 930.8128326416015,
  "summary_wm_p95": 1077.9900024414064,
  "summary_wm_stdv": 44.606048583984375,
  "tpm_overlap_csf": 0.21131165325641632,
  "tpm_overlap_gm": 0.4840296506881714,
  "tpm_overlap_wm": 0.5292555093765259,
  "wm2max": 0.4594676889203511
}