{
  "bids_meta": {
    "AccessionNumber": "6465-001",
    "AcquisitionDateTime": "2013-02-21T12:25:14.132500",
    "AcquisitionMatrixPE": 256,
    "AcquisitionNumber": 1,
    "AcquisitionTime": "12:25:14.132500",
    "BaseResolution": 256,
    "CoilString": "C:HEA;HEP",
    "ConversionSoftware": "dcm2niix",
    "ConversionSoftwareVersion": "v1.0.20210317",
    "DeviceSerialNumber": "35077",
    "DwellTime": 1.09e-05,
    "EchoTime": 0.00291,
    "FlipAngle": 10,
    "ImageOrientationPatientDICOM": [
      0,
      1,
      0,
      0,
      0,
      -1
    ],
    "ImageType": [
      "ORIGINAL",
      "PRIMARY",
      "M",
      "ND",
      "NORM"
    ],
    "ImagingFrequency": 123.229,
    "InPlanePhaseEncodingDirectionDICOM": "ROW",
    "InstitutionAddress": "Wilson Avenue 340 ,Pasadena,California,US,91025",
    "InstitutionName": "Caltech Tim32",
    "InstitutionalDepartmentName": "Department",
    "InversionTime": 0.8,
    "MRAcquisitionType": "3D",
    "MagneticFieldStrength": 3,
    "Manufacturer": "Siemens",
    "ManufacturersModelName": "TrioTim",
    "Modality": "MR",
    "PartialFourier": 1,
    "PatientBirthDate": "1989-01-01",
    "PatientID": "adolphs",
    "PatientName": "CC0055",
    "PatientPosition": "HFS",
    "PatientSex": "M",
    "PatientWeight": 87.5433,
    "PercentPhaseFOV": 100,
    "PercentSampling": 100,
    "PhaseEncodingSteps": 256,
    "PhaseResolution": 1,
    "PixelBandwidth": 179,
    "ProcedureStepDescription": "Conte^Core",
    "ProtocolName": "T1_2",
    "PulseSequenceDetails": "%SiemensSeq%\\tfl",
    "ReceiveCoilName": "32Ch_Head",
    "ReconMatrixPE": 256,
    "RepetitionTime": 1.5,
    "SAR": 0.139183,
    "ScanOptions": "IR",
    "ScanningSequence": "GR\\IR",
    "SequenceName": "*tfl3d1",
    "SequenceVariant": "SP\\MP",
    "SeriesDescription": "T1_2",
    "SeriesInstanceUID": "1.3.12.2.1107.5.2.32.35077.201302211224561848982060.0.0.0",
    "SeriesNumber": 13,
    "ShimSetting": [
      9531,
      -10498,
      15674,
      537,
      -106,
      -95,
      141,
      37
    ],
    "SliceThickness": 1,
    "SoftwareVersions": "syngo MR B17",
    "StationName": "MEDPC",
    "StudyID": "1",
    "StudyInstanceUID": "1.3.12.2.1107.5.2.32.35077.30000013021915521117100000043",
    "TxRefAmp": 354.1,
    "dataset": "unknown",
    "modality": "T1w",
    "run_id": 2,
    "session_id": "core1p1",
    "subject_id": "CC0055"
  },
  "cjv": 0.46667322186168647,
  "cnr": 2.5534668498536623,
  "efc": 0.5996958122781071,
  "fber": 2659.20751953125,
  "fwhm_avg": 4.034466666666667,
  "fwhm_x": 3.88798,
  "fwhm_y": 4.03205,
  "fwhm_z": 4.18337,
  "icvs_csf": 0.21634541033775426,
  "icvs_gm": 0.4158161386177841,
  "icvs_wm": 0.36783845104446167,
  "inu_med": 1.5547137260437012,
  "inu_range": 0.4634526014328004,
  "provenance": {
    "md5sum": "706521394905d98f4129f01953b0c9eb",
    "settings": {
      "testing": false
    },
    "software": "mriqc",
    "version": "0.15.0",
    "warnings": {
      "large_rot_frame": true,
      "small_air_mask": false
    },
    "webapi_port": null,
    "webapi_url": "https://mriqc.nimh.nih.gov/api/v1"
  },
  "qi_1": 3.6458324893906275e-05,
  "qi_2": 0.007555774876482961,
  "rpve_csf": 21.258050669510958,
  "rpve_gm": 11.298784837772455,
  "rpve_wm": 14.818825701012113,
  "size_x": 176,
  "size_y": 256,
  "size_z": 256,
  "snr_csf": 3.3465244245858226,
  "snr_gm": 10.655642878813348,
  "snr_total": 12.23159746601988,
  "snr_wm": 22.69262509466047,
  "snrd_csf": 50.12446972386886,
  "snrd_gm": 97.38829709484588,
  "snrd_total": 90.77566760951254,
  "snrd_wm": 124.81423600982289,
  "spacing_x": 1.0,
  "spacing_y": 1.0,
  "spacing_z": 1.0,
  "summary_bg_k": 237.41992447300416,
  "summary_bg_mad": 5.2490010261535645,
  "summary_bg_mean": 9.426133155822754,
  "summary_bg_median": 7.058629989624023,
  "summary_bg_n": 2244813.0,
  "summary_bg_p05": 0.0,
  "summary_bg_p95": 28.109603118896487,
  "summary_bg_stdv": 10.072504997253418,
  "summary_csf_k": 1.5222974947352403,
  "summary_csf_mad": 118.62174987792969,
  "summary_csf_mean": 428.5295715332031,
  "summary_csf_median": 401.6009521484375,
  "summary_csf_n": 49207.0,
  "summary_csf_p05": 274.0050903320313,
  "summary_csf_p95": 637.3829406738281,
  "summary_csf_stdv": 120.00416564941406,
  "summary_gm_k": 0.8664182398238323,
  "summary_gm_mad": 63.067874908447266,
  "summary_gm_mean": 789.3656616210938,
  "summary_gm_median": 780.2822265625,
  "summary_gm_n": 28004.0,
  "summary_gm_p05": 685.3071105957032,
  "summary_gm_p95": 932.9896209716796,
  "summary_gm_stdv": 73.225830078125,
  "summary_wm_k": 0.7777287035295544,
  "summary_wm_mad": 39.478267669677734,
  "summary_wm_mean": 1002.1657104492188,
  "summary_wm_median": 1000.0208740234375,
  "summary_wm_n": 240365.0,
  "summary_wm_p05": 932.9428100585938,
  "summary_wm_p95": 1078.0956787109376,
  "summary_wm_stdv": 44.06800842285156,
  "tpm_overlap_csf": 0.21358822286128998,
  "tpm_overlap_gm": 0.4886419177055359,
  "tpm_overlap_wm": 0.5323442816734314,
  "wm2max": 0.4584219411773724
}