{
  "aor": 0.004015361842105263,
  "aqi": 0.011897815131578946,
  "bids_meta": {
    "AccessionNumber": "8576-001",
    "AcquisitionDateTime": "2018-09-27T11:05:26.212500",
    "AcquisitionMatrixPE": 80,
    "AcquisitionNumber": 1,
    "AcquisitionTime": "11:05:26.212500",
    "BandwidthPerPixelPhaseEncode": 23.191,
    "BaseResolution": 80,
    "BodyPartExamined": "BRAIN",
    "ConsistencyInfo": "N4_VE11C_LATEST_20160120",
    "ConversionSoftware": "dcm2niix",
    "ConversionSoftwareVersion": "v1.0.20210317",
    "DerivedVendorReportedEchoSpacing": 0.000490002,
    "DeviceSerialNumber": "167050",
    "DwellTime": 2.3e-06,
    "EchoTime": 0.03,
    "EchoTrainLength": 88,
    "EffectiveEchoSpacing": 0.000539002,
    "FlipAngle": 53,
    "ImageComments": "Unaliased MB6/PE3/LB",
    "ImageOrientationPatientDICOM": [
      1,
      0,
      0,
      0,
      0.939693,
      -0.34202
    ],
    "ImageType": [
      "ORIGINAL",
      "PRIMARY",
      "M",
      "MB",
      "ND",
      "MOSAIC"
    ],
    "ImagingFrequency": 123.25,
    "InPlanePhaseEncodingDirectionDICOM": "COL",
    "InstitutionAddress": "Michigan Ave 320,Pasadena,California,US,91025",
    "InstitutionName": "Caltech Prisma64",
    "InstitutionalDepartmentName": "Department",
    "MRAcquisitionType": "2D",
    "MagneticFieldStrength": 3,
    "Manufacturer": "Siemens",
    "ManufacturersModelName": "Prisma_fit",
    "Modality": "MR",
    "MultibandAccelerationFactor": 6,
    "PartialFourier": 1,
    "PatientBirthDate": "2000-09-01",
    "PatientID": "CC0169",
    "PatientName": "CC0169",
    "PatientPosition": "HFS",
    "PatientSex": "F",
    "PatientWeight": 65.7709,
    "PercentPhaseFOV": 100,
    "PercentSampling": 100,
    "PhaseEncodingDirection": "j-",
    "PhaseEncodingSteps": 88,
    "PhaseOversampling": 0.1,
    "PhaseResolution": 1,
    "PixelBandwidth": 2715,
    "ProcedureStepDescription": "Conte Core",
    "ProtocolName": "task-pixar_run-01_bold",
    "PulseSequenceDetails": "%CustomerSeq%\\cmrr_mbep2d_bold",
    "ReceiveCoilActiveElements": "HEA;HEP",
    "ReceiveCoilName": "Head_32",
    "ReconMatrixPE": 80,
    "ReferringPhysicianName": "Adolphs",
    "RepetitionTime": 0.7,
    "SAR": 0.104029,
    "ScanOptions": "FS\\EXT",
    "ScanningSequence": "EP",
    "SequenceName": "epfid2d1_80",
    "SequenceVariant": "SK\\SS\\OSP",
    "SeriesDescription": "task-pixar_run-01_bold",
    "SeriesInstanceUID": "1.3.12.2.1107.5.2.43.167050.2018092711025351335650314.0.0.0",
    "SeriesNumber": 34,
    "ShimSetting": [
      6962,
      -3683,
      7920,
      416,
      8,
      -280,
      -21,
      79
    ],
    "SliceThickness": 2.5,
    "SliceTiming": [
      0,
      0.4775,
      0.2725,
      0.0675,
      0.545,
      0.34,
      0.1375,
      0.6125,
      0.4075,
      0.205,
      0,
      0.4775,
      0.2725,
      0.0675,
      0.545,
      0.34,
      0.1375,
      0.6125,
      0.4075,
      0.205,
      0,
      0.4775,
      0.2725,
      0.0675,
      0.545,
      0.34,
      0.1375,
      0.6125,
      0.4075,
      0.205,
      0,
      0.4775,
      0.2725,
      0.0675,
      0.545,
      0.34,
      0.1375,
      0.6125,
      0.4075,
      0.205,
      0,
      0.4775,
      0.2725,
      0.0675,
      0.545,
      0.34,
      0.1375,
      0.6125,
      0.4075,
      0.205,
      0,
      0.4775,
      0.2725,
      0.0675,
      0.545,
      0.34,
      0.1375,
      0.6125,
      0.4075,
      0.205
    ],
    "SoftwareVersions": "syngo MR E11",
    "SpacingBetweenSlices": 2.5,
    "StationName": "PRISMA",
    "StudyID": "1",
    "StudyInstanceUID": "1.3.12.2.1107.5.2.43.167050.30000018081720093477500000181",
    "TaskName": "pixar",
    "TotalReadoutTime": 0.0425812,
    "TxRefAmp": 273.783,
    "WipMemBlock": "9188187d-0096-4359-b3fb-fbf6ed968a9a||Sequence: R016 ve11c/master r/e634e98; Dec 19 2017 11:00:25 by eja",
    "dataset": "unknown",
    "modality": "bold",
    "run_id": 1,
    "session_id": "core2p2",
    "subject_id": "CC0169",
    "task_id": "pixar"
  },
  "dummy_trs": 0,
  "dvars_nstd": 43.53469413643562,
  "dvars_std": 0.9721363622442241,
  "dvars_vstd": 1.0142271521782187,
  "efc": 0.5172240398245769,
  "fber": 728.1117553710938,
  "fd_mean": 0.3858108679836581,
  "fd_num": 179,
  "fd_perc": 58.88157894736842,
  "fwhm_avg": 2.9942786666666668,
  "fwhm_x": 2.706116,
  "fwhm_y": 3.201752,
  "fwhm_z": 3.074968,
  "gcor": 0.0266736,
  "gsr_x": -0.010904421098530293,
  "gsr_y": 0.07502072304487228,
  "provenance": {
    "md5sum": "419c0a1e0a3354aab9818217fe406e2c",
    "settings": {
      "fd_thres": 0.2,
      "hmc_fsl": false
    },
    "software": "mriqc",
    "version": "0.15.0",
    "webapi_port": null,
    "webapi_url": "https://mriqc.nimh.nih.gov/api/v1"
  },
  "size_t": 304,
  "size_x": 80,
  "size_y": 80,
  "size_z": 60,
  "snr": 2.53883515622148,
  "spacing_tr": 0.699999988079071,
  "spacing_x": 2.5,
  "spacing_y": 2.5,
  "spacing_z": 2.5,
  "summary_bg_k": 26.268565265024364,
  "summary_bg_mad": 56.28767776489258,
  "summary_bg_mean": 284.95684814453125,
  "summary_bg_median": 119.77467346191406,
  "summary_bg_n": 251524.0,
  "summary_bg_p05": 78.23355102539062,
  "summary_bg_p95": 1136.63952026367,
  "summary_bg_stdv": 443.9244079589844,
  "summary_fg_k": 1.0141249771499314,
  "summary_fg_mad": 1221.834716796875,
  "summary_fg_mean": 3596.49169921875,
  "summary_fg_median": 3446.121826171875,
  "summary_fg_n": 73473.0,
  "summary_fg_p05": 1614.3191162109379,
  "summary_fg_p95": 6087.238281249997,
  "summary_fg_stdv": 1357.3541259765625,
  "tsnr": 25.40901756286621
}