{
  "aor": 0.0011277042253521126,
  "aqi": 0.00972220756338028,
  "bids_meta": {
    "AccessionNumber": "8576-001",
    "AcquisitionDateTime": "2018-09-27T10:35:30.785000",
    "AcquisitionMatrixPE": 80,
    "AcquisitionNumber": 1,
    "AcquisitionTime": "10:35:30.785000",
    "BandwidthPerPixelPhaseEncode": 23.191,
    "BaseResolution": 80,
    "BodyPartExamined": "BRAIN",
    "ConsistencyInfo": "N4_VE11C_LATEST_20160120",
    "ConversionSoftware": "dcm2niix",
    "ConversionSoftwareVersion": "v1.0.20210317",
    "DerivedVendorReportedEchoSpacing": 0.000490002,
    "DeviceSerialNumber": "167050",
    "DwellTime": 2.3e-06,
    "EchoTime": 0.03,
    "EchoTrainLength": 88,
    "EffectiveEchoSpacing": 0.000539002,
    "FlipAngle": 53,
    "ImageComments": "Unaliased MB6/PE3/LB",
    "ImageOrientationPatientDICOM": [
      1,
      0,
      0,
      0,
      0.939693,
      -0.34202
    ],
    "ImageType": [
      "ORIGINAL",
      "PRIMARY",
      "M",
      "MB",
      "ND",
      "MOSAIC"
    ],
    "ImagingFrequency": 123.25,
    "InPlanePhaseEncodingDirectionDICOM": "COL",
    "InstitutionAddress": "Michigan Ave 320,Pasadena,California,US,91025",
    "InstitutionName": "Caltech Prisma64",
    "InstitutionalDepartmentName": "Department",
    "MRAcquisitionType": "2D",
    "MagneticFieldStrength": 3,
    "Manufacturer": "Siemens",
    "ManufacturersModelName": "Prisma_fit",
    "Modality": "MR",
    "MultibandAccelerationFactor": 6,
    "PartialFourier": 1,
    "PatientBirthDate": "2000-09-01",
    "PatientID": "CC0169",
    "PatientName": "CC0169",
    "PatientPosition": "HFS",
    "PatientSex": "F",
    "PatientWeight": 65.7709,
    "PercentPhaseFOV": 100,
    "PercentSampling": 100,
    "PhaseEncodingDirection": "j-",
    "PhaseEncodingSteps": 88,
    "PhaseOversampling": 0.1,
    "PhaseResolution": 1,
    "PixelBandwidth": 2715,
    "ProcedureStepDescription": "Conte Core",
    "ProtocolName": "task-bang_bold",
    "PulseSequenceDetails": "%CustomerSeq%\\cmrr_mbep2d_bold",
    "ReceiveCoilActiveElements": "HEA;HEP",
    "ReceiveCoilName": "Head_32",
    "ReconMatrixPE": 80,
    "ReferringPhysicianName": "Adolphs",
    "RepetitionTime": 0.7,
    "SAR": 0.104296,
    "ScanOptions": "FS\\EXT",
    "ScanningSequence": "EP",
    "SequenceName": "epfid2d1_80",
    "SequenceVariant": "SK\\SS\\OSP",
    "SeriesDescription": "task-bang_bold",
    "SeriesInstanceUID": "1.3.12.2.1107.5.2.43.167050.2018092710331795317523412.0.0.0",
    "SeriesNumber": 24,
    "ShimSetting": [
      6962,
      -3683,
      7920,
      416,
      8,
      -280,
      -21,
      79
    ],
    "SliceThickness": 2.5,
    "SliceTiming": [
      0,
      0.4775,
      0.2725,
      0.07,
      0.545,
      0.34,
      0.1375,
      0.6125,
      0.41,
      0.205,
      0,
      0.4775,
      0.2725,
      0.07,
      0.545,
      0.34,
      0.1375,
      0.6125,
      0.41,
      0.205,
      0,
      0.4775,
      0.2725,
      0.07,
      0.545,
      0.34,
      0.1375,
      0.6125,
      0.41,
      0.205,
      0,
      0.4775,
      0.2725,
      0.07,
      0.545,
      0.34,
      0.1375,
      0.6125,
      0.41,
      0.205,
      0,
      0.4775,
      0.2725,
      0.07,
      0.545,
      0.34,
      0.1375,
      0.6125,
      0.41,
      0.205,
      0,
      0.4775,
      0.2725,
      0.07,
      0.545,
      0.34,
      0.1375,
      0.6125,
      0.41,
      0.205
    ],
    "SoftwareVersions": "syngo MR E11",
    "SpacingBetweenSlices": 2.5,
    "StationName": "PRISMA",
    "StudyID": "1",
    "StudyInstanceUID": "1.3.12.2.1107.5.2.43.167050.30000018081720093477500000181",
    "TaskName": "bang",
    "TotalReadoutTime": 0.0425812,
    "TxRefAmp": 273.783,
    "WipMemBlock": "2f0afd00-4233-498f-80e6-d6c80e3b7443||Sequence: R016 ve11c/master r/e634e98; Dec 19 2017 11:00:25 by eja",
    "dataset": "unknown",
    "modality": "bold",
    "run_id": 1,
    "session_id": "core2p2",
    "subject_id": "CC0169",
    "task_id": "bang"
  },
  "dummy_trs": 0,
  "dvars_nstd": 35.30304816207335,
  "dvars_std": 1.00467880393512,
  "dvars_vstd": 1.004628204372356,
  "efc": 0.517336243199825,
  "fber": 759.7337036132812,
  "fd_mean": 0.21803340700106832,
  "fd_num": 374,
  "fd_perc": 52.67605633802817,
  "fwhm_avg": 2.9287906666666665,
  "fwhm_x": 2.643216,
  "fwhm_y": 3.138068,
  "fwhm_z": 3.0050879999999998,
  "gcor": 0.00785762,
  "gsr_x": -0.008445171639323235,
  "gsr_y": 0.08136813342571259,
  "provenance": {
    "md5sum": "43bb0ac80ad56a8a7d33ab943a6401c2",
    "settings": {
      "fd_thres": 0.2,
      "hmc_fsl": false
    },
    "software": "mriqc",
    "version": "0.15.0",
    "webapi_port": null,
    "webapi_url": "https://mriqc.nimh.nih.gov/api/v1"
  },
  "size_t": 710,
  "size_x": 80,
  "size_y": 80,
  "size_z": 60,
  "snr": 2.626290767155389,
  "spacing_tr": 0.699999988079071,
  "spacing_x": 2.5,
  "spacing_y": 2.5,
  "spacing_z": 2.5,
  "summary_bg_k": 38.38629040018088,
  "summary_bg_mad": 51.845130920410156,
  "summary_bg_mean": 268.381103515625,
  "summary_bg_median": 114.11689758300781,
  "summary_bg_n": 250164.0,
  "summary_bg_p05": 74.853515625,
  "summary_bg_p95": 1044.0071655273416,
  "summary_bg_stdv": 431.80859375,
  "summary_fg_k": 0.7902602904078395,
  "summary_fg_mad": 1170.869384765625,
  "summary_fg_mean": 3501.341796875,
  "summary_fg_median": 3365.832275390625,
  "summary_fg_n": 74286.0,
  "summary_fg_p05": 1614.36083984375,
  "summary_fg_p95": 5823.3118896484375,
  "summary_fg_stdv": 1281.5830078125,
  "tsnr": 30.913524627685547
}