{
  "bids_meta": {
    "AccessionNumber": "8535-001",
    "AcquisitionDateTime": "2018-07-20T11:19:14.962500",
    "AcquisitionMatrixPE": 256,
    "AcquisitionNumber": 1,
    "AcquisitionTime": "11:19:14.962500",
    "BaseResolution": 256,
    "BodyPartExamined": "BRAIN",
    "ConsistencyInfo": "N4_VE11C_LATEST_20160120",
    "ConversionSoftware": "dcm2niix",
    "ConversionSoftwareVersion": "v1.0.20210317",
    "DeviceSerialNumber": "167050",
    "DwellTime": 3e-06,
    "EchoNumber": 4,
    "FlipAngle": 8,
    "ImageComments": "Average over all echoes.",
    "ImageOrientationPatientDICOM": [
      0,
      1,
      0,
      0,
      0,
      -1
    ],
    "ImageType": [
      "ORIGINAL",
      "PRIMARY",
      "ECHO",
      "COMBINED",
      "ND"
    ],
    "ImagingFrequency": 123.25,
    "InPlanePhaseEncodingDirectionDICOM": "ROW",
    "InstitutionAddress": "Michigan Ave 320,Pasadena,California,US,91025",
    "InstitutionName": "Caltech Prisma64",
    "InstitutionalDepartmentName": "Department",
    "InversionTime": 1.15,
    "MRAcquisitionType": "3D",
    "MagneticFieldStrength": 3,
    "Manufacturer": "Siemens",
    "ManufacturersModelName": "Prisma_fit",
    "Modality": "MR",
    "ParallelReductionFactorInPlane": 2,
    "PartialFourier": 1,
    "PatientBirthDate": "1984-07-01",
    "PatientID": "CC0145",
    "PatientName": "CC0145",
    "PatientPosition": "HFS",
    "PatientSex": "M",
    "PatientWeight": 108.862,
    "PercentPhaseFOV": 100,
    "PercentSampling": 100,
    "PhaseEncodingSteps": 282,
    "PhaseOversampling": 0.1,
    "PhaseResolution": 1,
    "PixelBandwidth": 650,
    "ProcedureStepDescription": "Conte Core",
    "ProtocolName": "T1w",
    "PulseSequenceDetails": "%CustomerSeq%\\tfl_wip900D_VE11C",
    "ReceiveCoilActiveElements": "HEA;HEP",
    "ReceiveCoilName": "Head_32",
    "ReconMatrixPE": 256,
    "RefLinesPE": 32,
    "ReferringPhysicianName": "Adolphs",
    "RepetitionTime": 2.55,
    "SAR": 0.0455811,
    "ScanOptions": "IR\\WE",
    "ScanningSequence": "GR\\IR",
    "SequenceName": "tfl3d4_16ns",
    "SequenceVariant": "SK\\SP\\MP\\OSP",
    "SeriesDescription": "T1w_combEcho",
    "SeriesInstanceUID": "1.3.12.2.1107.5.2.43.167050.2018072011262390246922673.0.0.0",
    "SeriesNumber": 4,
    "ShimSetting": [
      6988,
      -3623,
      7897,
      158,
      -30,
      -5,
      109,
      -25
    ],
    "SliceThickness": 0.9,
    "SoftwareVersions": "syngo MR E11",
    "StationName": "PRISMA",
    "StudyID": "1",
    "StudyInstanceUID": "1.3.12.2.1107.5.2.43.167050.30000018071021413043300000040",
    "TxRefAmp": 305.402,
    "WipMemBlock": "WIP_Identifier: WIP#900D",
    "acq_id": "combecho",
    "dataset": "unknown",
    "modality": "T1w",
    "run_id": 1,
    "session_id": "core2p2",
    "subject_id": "CC0145"
  },
  "cjv": 0.5656371983880689,
  "cnr": 2.1776399562125195,
  "efc": 0.6235001134398804,
  "fber": 196.9004364013672,
  "fwhm_avg": 5.206410886614807,
  "fwhm_x": 5.213300138105291,
  "fwhm_y": 4.985266086956522,
  "fwhm_z": 5.420666434782608,
  "icvs_csf": 0.20977293281717033,
  "icvs_gm": 0.37140363086781836,
  "icvs_wm": 0.4188234363150113,
  "inu_med": 1.5546962022781372,
  "inu_range": 1.1689646899700166,
  "provenance": {
    "md5sum": "c4d502890d91f378ae009698358db72a",
    "settings": {
      "testing": false
    },
    "software": "mriqc",
    "version": "0.15.0",
    "warnings": {
      "large_rot_frame": false,
      "small_air_mask": false
    },
    "webapi_port": null,
    "webapi_url": "https://mriqc.nimh.nih.gov/api/v1"
  },
  "qi_1": 0.0,
  "qi_2": 0.004960561645213635,
  "rpve_csf": 23.671917749545898,
  "rpve_gm": 11.896761828836219,
  "rpve_wm": 12.62112010954433,
  "size_x": 208,
  "size_y": 256,
  "size_z": 256,
  "snr_csf": 4.170850685886972,
  "snr_gm": 12.693327926405928,
  "snr_total": 9.478558167895676,
  "snr_wm": 11.571495891394123,
  "snrd_csf": 17.841360411617888,
  "snrd_gm": 40.21684613467449,
  "snrd_total": 36.80529266247334,
  "snrd_wm": 52.35767144112765,
  "spacing_x": 0.8999999761581421,
  "spacing_y": 0.8984375,
  "spacing_z": 0.8984375,
  "summary_bg_k": 163.11815291894555,
  "summary_bg_mad": 12.512736320495605,
  "summary_bg_mean": 45.80109405517578,
  "summary_bg_median": 44.68484115600586,
  "summary_bg_n": 3122401.0,
  "summary_bg_p05": 26.179065704345703,
  "summary_bg_p95": 68.7717056274414,
  "summary_bg_stdv": 14.446174621582031,
  "summary_csf_k": 1.4084500349349742,
  "summary_csf_mad": 69.39241790771484,
  "summary_csf_mean": 357.584716796875,
  "summary_csf_median": 340.75994873046875,
  "summary_csf_n": 63822.0,
  "summary_csf_p05": 254.67918548583984,
  "summary_csf_p95": 518.4538146972654,
  "summary_csf_stdv": 81.69970703125,
  "summary_gm_k": -0.10127080978052705,
  "summary_gm_mad": 62.095733642578125,
  "summary_gm_mean": 766.9076538085938,
  "summary_gm_median": 768.119140625,
  "summary_gm_n": 30541.0,
  "summary_gm_p05": 667.07421875,
  "summary_gm_p95": 863.0355224609375,
  "summary_gm_stdv": 60.51262283325195,
  "summary_wm_k": 0.8871330562325817,
  "summary_wm_mad": 69.06587982177734,
  "summary_wm_mean": 1022.344482421875,
  "summary_wm_median": 1000.0020751953125,
  "summary_wm_n": 241170.0,
  "summary_wm_p05": 920.2361877441406,
  "summary_wm_p95": 1200.0188842773437,
  "summary_wm_stdv": 86.41925048828125,
  "tpm_overlap_csf": 0.23338110744953156,
  "tpm_overlap_gm": 0.4360121488571167,
  "tpm_overlap_wm": 0.5043700933456421,
  "wm2max": 0.4968430390286303
}