{
  "aor": 0.0025659578947368417,
  "aqi": 0.00598525985263158,
  "bids_meta": {
    "AccessionNumber": "8836-001",
    "AcquisitionDateTime": "2019-04-30T10:34:32.670000",
    "AcquisitionMatrixPE": 80,
    "AcquisitionNumber": 1,
    "AcquisitionTime": "10:34:32.670000",
    "BandwidthPerPixelPhaseEncode": 23.191,
    "BaseResolution": 80,
    "BodyPartExamined": "BRAIN",
    "ConsistencyInfo": "N4_VE11C_LATEST_20160120",
    "ConversionSoftware": "dcm2niix",
    "ConversionSoftwareVersion": "v1.0.20210317",
    "DerivedVendorReportedEchoSpacing": 0.000490002,
    "DeviceSerialNumber": "167050",
    "DwellTime": 2.3e-06,
    "EchoTime": 0.03,
    "EchoTrainLength": 88,
    "EffectiveEchoSpacing": 0.000539002,
    "FlipAngle": 53,
    "ImageComments": "Unaliased MB6/PE3/LB",
    "ImageOrientationPatientDICOM": [
      1,
      0,
      0,
      0,
      0.939693,
      -0.34202
    ],
    "ImageType": [
      "ORIGINAL",
      "PRIMARY",
      "M",
      "MB",
      "ND",
      "MOSAIC"
    ],
    "ImagingFrequency": 123.25,
    "InPlanePhaseEncodingDirectionDICOM": "COL",
    "InstitutionAddress": "Michigan Ave 320,Pasadena,California,US,91025",
    "InstitutionName": "Caltech Prisma32",
    "InstitutionalDepartmentName": "Department",
    "MRAcquisitionType": "2D",
    "MagneticFieldStrength": 3,
    "Manufacturer": "Siemens",
    "ManufacturersModelName": "Prisma_fit",
    "Modality": "MR",
    "MultibandAccelerationFactor": 6,
    "PartialFourier": 1,
    "PatientBirthDate": "1989-10-06",
    "PatientID": "CC0186",
    "PatientName": "CC0186",
    "PatientPosition": "HFS",
    "PatientSex": "M",
    "PatientWeight": 72.5748,
    "PercentPhaseFOV": 100,
    "PercentSampling": 100,
    "PhaseEncodingDirection": "j-",
    "PhaseEncodingSteps": 88,
    "PhaseOversampling": 0.1,
    "PhaseResolution": 1,
    "PixelBandwidth": 2715,
    "ProcedureStepDescription": "Conte Core",
    "ProtocolName": "task-pixar_run-01_bold",
    "PulseSequenceDetails": "%CustomerSeq%\\cmrr_mbep2d_bold",
    "ReceiveCoilActiveElements": "HEA;HEP",
    "ReceiveCoilName": "Head_32",
    "ReconMatrixPE": 80,
    "ReferringPhysicianName": "Adolphs",
    "RepetitionTime": 0.7,
    "SAR": 0.0970255,
    "ScanOptions": "FS\\EXT",
    "ScanningSequence": "EP",
    "SequenceName": "epfid2d1_80",
    "SequenceVariant": "SK\\SS\\OSP",
    "SeriesDescription": "task-pixar_run-01_bold",
    "SeriesInstanceUID": "1.3.12.2.1107.5.2.43.167050.2019043010323484446331984.0.0.0",
    "SeriesNumber": 34,
    "ShimSetting": [
      7007,
      -3605,
      7933,
      389,
      -16,
      -55,
      -33,
      -16
    ],
    "SliceThickness": 2.5,
    "SliceTiming": [
      0,
      0.4775,
      0.2725,
      0.07,
      0.545,
      0.34,
      0.1375,
      0.6125,
      0.41,
      0.205,
      0,
      0.4775,
      0.2725,
      0.07,
      0.545,
      0.34,
      0.1375,
      0.6125,
      0.41,
      0.205,
      0,
      0.4775,
      0.2725,
      0.07,
      0.545,
      0.34,
      0.1375,
      0.6125,
      0.41,
      0.205,
      0,
      0.4775,
      0.2725,
      0.07,
      0.545,
      0.34,
      0.1375,
      0.6125,
      0.41,
      0.205,
      0,
      0.4775,
      0.2725,
      0.07,
      0.545,
      0.34,
      0.1375,
      0.6125,
      0.41,
      0.205,
      0,
      0.4775,
      0.2725,
      0.07,
      0.545,
      0.34,
      0.1375,
      0.6125,
      0.41,
      0.205
    ],
    "SoftwareVersions": "syngo MR E11",
    "SpacingBetweenSlices": 2.5,
    "StationName": "PRISMA",
    "StudyID": "1",
    "StudyInstanceUID": "1.3.12.2.1107.5.2.43.167050.30000019041201230705700000163",
    "TaskName": "pixar",
    "TotalReadoutTime": 0.0425812,
    "TxRefAmp": 272.242,
    "WipMemBlock": "54530814-b806-4a51-aa43-d2d58291dfe5||Sequence: R016 ve11c/master r/e634e98; Dec 19 2017 11:00:25 by eja",
    "dataset": "unknown",
    "modality": "bold",
    "run_id": 1,
    "session_id": "core2p2",
    "subject_id": "CC0186",
    "task_id": "pixar"
  },
  "dummy_trs": 1,
  "dvars_nstd": 38.734090024641375,
  "dvars_std": 1.1424444643037976,
  "dvars_vstd": 1.0676664924894512,
  "efc": 0.5753783567535246,
  "fber": 481.80450439453125,
  "fd_mean": 0.08397587936503029,
  "fd_num": 19,
  "fd_perc": 4.0,
  "fwhm_avg": 2.8860906666666666,
  "fwhm_x": 2.656016,
  "fwhm_y": 3.018396,
  "fwhm_z": 2.98386,
  "gcor": 0.0188897,
  "gsr_x": 0.05848804861307144,
  "gsr_y": 0.09132079035043716,
  "provenance": {
    "md5sum": "3edabc016885e55cb20d4cba491d50a3",
    "settings": {
      "fd_thres": 0.2,
      "hmc_fsl": false
    },
    "software": "mriqc",
    "version": "0.15.0",
    "webapi_port": null,
    "webapi_url": "https://mriqc.nimh.nih.gov/api/v1"
  },
  "size_t": 475,
  "size_x": 80,
  "size_y": 80,
  "size_z": 60,
  "snr": 2.13231959003981,
  "spacing_tr": 0.699999988079071,
  "spacing_x": 2.5,
  "spacing_y": 2.5,
  "spacing_z": 2.5,
  "summary_bg_k": 11.49505257156167,
  "summary_bg_mad": 102.44937133789062,
  "summary_bg_mean": 518.458740234375,
  "summary_bg_median": 159.0294647216797,
  "summary_bg_n": 225958.0,
  "summary_bg_p05": 79.65473175048828,
  "summary_bg_p95": 2513.0814819335924,
  "summary_bg_stdv": 888.0465698242188,
  "summary_fg_k": 0.5297866337135155,
  "summary_fg_mad": 1633.3997802734375,
  "summary_fg_mean": 4101.21142578125,
  "summary_fg_median": 3785.755615234375,
  "summary_fg_n": 94617.0,
  "summary_fg_p05": 1758.8967773437503,
  "summary_fg_p95": 7502.965625,
  "summary_fg_stdv": 1775.4072265625,
  "tsnr": 38.3466682434082
}