{
  "aor": 0.0037733991537376582,
  "aqi": 0.015565432651622005,
  "bids_meta": {
    "AccessionNumber": "8836-001",
    "AcquisitionDateTime": "2019-04-30T10:06:33.675000",
    "AcquisitionMatrixPE": 80,
    "AcquisitionNumber": 1,
    "AcquisitionTime": "10:06:33.675000",
    "BandwidthPerPixelPhaseEncode": 23.191,
    "BaseResolution": 80,
    "BodyPartExamined": "BRAIN",
    "ConsistencyInfo": "N4_VE11C_LATEST_20160120",
    "ConversionSoftware": "dcm2niix",
    "ConversionSoftwareVersion": "v1.0.20210317",
    "DerivedVendorReportedEchoSpacing": 0.000490002,
    "DeviceSerialNumber": "167050",
    "DwellTime": 2.3e-06,
    "EchoTime": 0.03,
    "EchoTrainLength": 88,
    "EffectiveEchoSpacing": 0.000539002,
    "FlipAngle": 53,
    "ImageComments": "Unaliased MB6/PE3/LB",
    "ImageOrientationPatientDICOM": [
      1,
      0,
      0,
      0,
      0.939693,
      -0.34202
    ],
    "ImageType": [
      "ORIGINAL",
      "PRIMARY",
      "M",
      "MB",
      "ND",
      "MOSAIC"
    ],
    "ImagingFrequency": 123.25,
    "InPlanePhaseEncodingDirectionDICOM": "COL",
    "InstitutionAddress": "Michigan Ave 320,Pasadena,California,US,91025",
    "InstitutionName": "Caltech Prisma32",
    "InstitutionalDepartmentName": "Department",
    "MRAcquisitionType": "2D",
    "MagneticFieldStrength": 3,
    "Manufacturer": "Siemens",
    "ManufacturersModelName": "Prisma_fit",
    "Modality": "MR",
    "MultibandAccelerationFactor": 6,
    "PartialFourier": 1,
    "PatientBirthDate": "1989-10-06",
    "PatientID": "CC0186",
    "PatientName": "CC0186",
    "PatientPosition": "HFS",
    "PatientSex": "M",
    "PatientWeight": 72.5748,
    "PercentPhaseFOV": 100,
    "PercentSampling": 100,
    "PhaseEncodingDirection": "j-",
    "PhaseEncodingSteps": 88,
    "PhaseOversampling": 0.1,
    "PhaseResolution": 1,
    "PixelBandwidth": 2715,
    "ProcedureStepDescription": "Conte Core",
    "ProtocolName": "task-bang_bold",
    "PulseSequenceDetails": "%CustomerSeq%\\cmrr_mbep2d_bold",
    "ReceiveCoilActiveElements": "HEA;HEP",
    "ReceiveCoilName": "Head_32",
    "ReconMatrixPE": 80,
    "ReferringPhysicianName": "Adolphs",
    "RepetitionTime": 0.7,
    "SAR": 0.0972748,
    "ScanOptions": "FS\\EXT",
    "ScanningSequence": "EP",
    "SequenceName": "epfid2d1_80",
    "SequenceVariant": "SK\\SS\\OSP",
    "SeriesDescription": "task-bang_bold",
    "SeriesInstanceUID": "1.3.12.2.1107.5.2.43.167050.2019043010041099272605082.0.0.0",
    "SeriesNumber": 24,
    "ShimSetting": [
      7007,
      -3605,
      7933,
      389,
      -16,
      -55,
      -33,
      -16
    ],
    "SliceThickness": 2.5,
    "SliceTiming": [
      0,
      0.475,
      0.2725,
      0.0675,
      0.545,
      0.34,
      0.135,
      0.6125,
      0.4075,
      0.205,
      0,
      0.475,
      0.2725,
      0.0675,
      0.545,
      0.34,
      0.135,
      0.6125,
      0.4075,
      0.205,
      0,
      0.475,
      0.2725,
      0.0675,
      0.545,
      0.34,
      0.135,
      0.6125,
      0.4075,
      0.205,
      0,
      0.475,
      0.2725,
      0.0675,
      0.545,
      0.34,
      0.135,
      0.6125,
      0.4075,
      0.205,
      0,
      0.475,
      0.2725,
      0.0675,
      0.545,
      0.34,
      0.135,
      0.6125,
      0.4075,
      0.205,
      0,
      0.475,
      0.2725,
      0.0675,
      0.545,
      0.34,
      0.135,
      0.6125,
      0.4075,
      0.205
    ],
    "SoftwareVersions": "syngo MR E11",
    "SpacingBetweenSlices": 2.5,
    "StationName": "PRISMA",
    "StudyID": "1",
    "StudyInstanceUID": "1.3.12.2.1107.5.2.43.167050.30000019041201230705700000163",
    "TaskName": "bang",
    "TotalReadoutTime": 0.0425812,
    "TxRefAmp": 272.242,
    "WipMemBlock": "d3d8c048-44e1-4bda-9592-63c51c58de4e||Sequence: R016 ve11c/master r/e634e98; Dec 19 2017 11:00:25 by eja",
    "dataset": "unknown",
    "modality": "bold",
    "run_id": 1,
    "session_id": "core2p2",
    "subject_id": "CC0186",
    "task_id": "bang"
  },
  "dummy_trs": 1,
  "dvars_nstd": 41.73781957478817,
  "dvars_std": 0.9858415418079094,
  "dvars_vstd": 0.997596139689266,
  "efc": 0.5792924835624919,
  "fber": 425.46875,
  "fd_mean": 0.20132245009400074,
  "fd_num": 90,
  "fd_perc": 12.693935119887165,
  "fwhm_avg": 2.989772,
  "fwhm_x": 2.7401720000000003,
  "fwhm_y": 3.143672,
  "fwhm_z": 3.085472,
  "gcor": 0.0154285,
  "gsr_x": 0.048005759716033936,
  "gsr_y": 0.09730251133441925,
  "provenance": {
    "md5sum": "4074ada4f634ecbcd49fc516232b26b0",
    "settings": {
      "fd_thres": 0.2,
      "hmc_fsl": false
    },
    "software": "mriqc",
    "version": "0.15.0",
    "webapi_port": null,
    "webapi_url": "https://mriqc.nimh.nih.gov/api/v1"
  },
  "size_t": 709,
  "size_x": 80,
  "size_y": 80,
  "size_z": 60,
  "snr": 2.0847374068198397,
  "spacing_tr": 0.699999988079071,
  "spacing_x": 2.5,
  "spacing_y": 2.5,
  "spacing_z": 2.5,
  "summary_bg_k": 11.0585207923105,
  "summary_bg_mad": 118.98457336425781,
  "summary_bg_mean": 548.1094360351562,
  "summary_bg_median": 173.6234130859375,
  "summary_bg_n": 224661.0,
  "summary_bg_p05": 81.11566162109375,
  "summary_bg_p95": 2542.490966796875,
  "summary_bg_stdv": 902.3787231445312,
  "summary_fg_k": 0.4020829306667255,
  "summary_fg_mad": 1738.3018798828125,
  "summary_fg_mean": 4201.3701171875,
  "summary_fg_median": 3862.1904296875,
  "summary_fg_n": 95543.0,
  "summary_fg_p05": 1747.1481201171875,
  "summary_fg_p95": 7739.228955078124,
  "summary_fg_stdv": 1852.5931396484375,
  "tsnr": 27.084312438964844
}