{
  "bids_meta": {
    "AccessionNumber": "8583-001",
    "AcquisitionDateTime": "2018-10-09T10:57:57.230000",
    "AcquisitionMatrixPE": 256,
    "AcquisitionNumber": 1,
    "AcquisitionTime": "10:57:57.230000",
    "BaseResolution": 256,
    "BodyPartExamined": "BRAIN",
    "ConsistencyInfo": "N4_VE11C_LATEST_20160120",
    "ConversionSoftware": "dcm2niix",
    "ConversionSoftwareVersion": "v1.0.20210317",
    "DeviceSerialNumber": "167050",
    "DwellTime": 3e-06,
    "EchoNumber": 4,
    "FlipAngle": 8,
    "ImageComments": "Average over all echoes.",
    "ImageOrientationPatientDICOM": [
      0,
      1,
      0,
      0,
      0,
      -1
    ],
    "ImageType": [
      "ORIGINAL",
      "PRIMARY",
      "ECHO",
      "COMBINED",
      "ND",
      "NORM"
    ],
    "ImagingFrequency": 123.25,
    "InPlanePhaseEncodingDirectionDICOM": "ROW",
    "InstitutionAddress": "Michigan Ave 320,Pasadena,California,US,91025",
    "InstitutionName": "Caltech Prisma64",
    "InstitutionalDepartmentName": "Department",
    "InversionTime": 1.15,
    "MRAcquisitionType": "3D",
    "MagneticFieldStrength": 3,
    "Manufacturer": "Siemens",
    "ManufacturersModelName": "Prisma_fit",
    "Modality": "MR",
    "ParallelReductionFactorInPlane": 2,
    "PartialFourier": 1,
    "PatientBirthDate": "1971-09-01",
    "PatientID": "CC0177",
    "PatientName": "CC0177",
    "PatientPosition": "HFS",
    "PatientSex": "M",
    "PatientWeight": 79.3787,
    "PercentPhaseFOV": 100,
    "PercentSampling": 100,
    "PhaseEncodingSteps": 282,
    "PhaseOversampling": 0.1,
    "PhaseResolution": 1,
    "PixelBandwidth": 650,
    "ProcedureStepDescription": "Conte Core",
    "ProtocolName": "T1w",
    "PulseSequenceDetails": "%CustomerSeq%\\tfl_wip900D_VE11C",
    "ReceiveCoilActiveElements": "HEA;HEP",
    "ReceiveCoilName": "Head_32",
    "ReconMatrixPE": 256,
    "RefLinesPE": 32,
    "ReferringPhysicianName": "Adolphs",
    "RepetitionTime": 2.55,
    "SAR": 0.0446052,
    "ScanOptions": "IR\\WE",
    "ScanningSequence": "GR\\IR",
    "SequenceName": "tfl3d4_16ns",
    "SequenceVariant": "SK\\SP\\MP\\OSP",
    "SeriesDescription": "T1w_combEcho",
    "SeriesInstanceUID": "1.3.12.2.1107.5.2.43.167050.2018100911050555197753088.0.0.0",
    "SeriesNumber": 5,
    "ShimSetting": [
      6986,
      -3684,
      7950,
      396,
      -59,
      -131,
      115,
      -10
    ],
    "SliceThickness": 0.9,
    "SoftwareVersions": "syngo MR E11",
    "StationName": "PRISMA",
    "StudyID": "1",
    "StudyInstanceUID": "1.3.12.2.1107.5.2.43.167050.30000018081720093477500000223",
    "TxRefAmp": 268.561,
    "WipMemBlock": "WIP_Identifier: WIP#900D",
    "acq_id": "combecho",
    "dataset": "unknown",
    "modality": "T1w",
    "run_id": 2,
    "session_id": "core2p2",
    "subject_id": "CC0177"
  },
  "cjv": 0.582697199506524,
  "cnr": 2.112759722882872,
  "efc": 0.6202449249156984,
  "fber": 1738.482177734375,
  "fwhm_avg": 4.375898860280157,
  "fwhm_x": 4.419333450405689,
  "fwhm_y": 4.2745878260869565,
  "fwhm_z": 4.433775304347826,
  "icvs_csf": 0.21718540080290172,
  "icvs_gm": 0.37538025328857894,
  "icvs_wm": 0.40743434590851935,
  "inu_med": 1.3484238386154175,
  "inu_range": 0.47451692819595337,
  "provenance": {
    "md5sum": "df263b9ea3dc47f9c2973ced6f636131",
    "settings": {
      "testing": false
    },
    "software": "mriqc",
    "version": "0.15.0",
    "warnings": {
      "large_rot_frame": false,
      "small_air_mask": false
    },
    "webapi_port": null,
    "webapi_url": "https://mriqc.nimh.nih.gov/api/v1"
  },
  "qi_1": 0.0,
  "qi_2": 0.011381443769119141,
  "rpve_csf": 20.05759769911951,
  "rpve_gm": 11.259310145468266,
  "rpve_wm": 12.860785888721598,
  "size_x": 208,
  "size_y": 256,
  "size_z": 256,
  "snr_csf": 3.531420010335094,
  "snr_gm": 10.75668532868566,
  "snr_total": 13.685747128112027,
  "snr_wm": 26.76913604531533,
  "snrd_csf": 47.65832622425858,
  "snrd_gm": 109.74967443264607,
  "snrd_total": 97.0737215100661,
  "snrd_wm": 133.81316387329363,
  "spacing_x": 0.8999999761581421,
  "spacing_y": 0.8984375,
  "spacing_z": 0.8984375,
  "summary_bg_k": 11.410882239659637,
  "summary_bg_mad": 4.896113872528076,
  "summary_bg_mean": 10.63907241821289,
  "summary_bg_median": 9.944324493408203,
  "summary_bg_n": 3009476.0,
  "summary_bg_p05": 3.326266288757324,
  "summary_bg_p95": 20.225534915924072,
  "summary_bg_stdv": 5.978971004486084,
  "summary_csf_k": 1.153726624713416,
  "summary_csf_mad": 82.05084228515625,
  "summary_csf_mean": 383.40325927734375,
  "summary_csf_median": 356.1710205078125,
  "summary_csf_n": 76038.0,
  "summary_csf_p05": 266.2612548828125,
  "summary_csf_p95": 587.9652374267578,
  "summary_csf_stdv": 100.85707092285156,
  "summary_gm_k": 0.1479921551173664,
  "summary_gm_mad": 70.73213195800781,
  "summary_gm_mean": 827.4481201171875,
  "summary_gm_median": 820.2061767578125,
  "summary_gm_n": 22850.0,
  "summary_gm_p05": 711.283560180664,
  "summary_gm_p95": 967.1965606689453,
  "summary_gm_stdv": 76.24916076660156,
  "summary_wm_k": 0.9044340028109774,
  "summary_wm_mad": 34.0582275390625,
  "summary_wm_mean": 1000.952880859375,
  "summary_wm_median": 1000.0429077148438,
  "summary_wm_n": 392681.0,
  "summary_wm_p05": 941.2025756835938,
  "summary_wm_p95": 1063.140869140625,
  "summary_wm_stdv": 37.358009338378906,
  "tpm_overlap_csf": 0.22896507382392883,
  "tpm_overlap_gm": 0.46423640847206116,
  "tpm_overlap_wm": 0.5496900081634521,
  "wm2max": 0.7065000990219334
}