{
  "aor": 0.004028625,
  "aqi": 0.0030814725625,
  "bids_meta": {
    "AccessionNumber": "6504_003",
    "AcquisitionDateTime": "2013-03-15T11:00:40.675000",
    "AcquisitionMatrixPE": 64,
    "AcquisitionNumber": 1,
    "AcquisitionTime": "11:00:40.675000",
    "BandwidthPerPixelPhaseEncode": 66.489,
    "BaseResolution": 64,
    "CoilString": "C:HEA;HEP",
    "ConversionSoftware": "dcm2niix",
    "ConversionSoftwareVersion": "v1.0.20210317",
    "DerivedVendorReportedEchoSpacing": 0.000470003,
    "DeviceSerialNumber": "35077",
    "DwellTime": 3e-06,
    "EchoTime": 0.03,
    "EffectiveEchoSpacing": 0.000235001,
    "FlipAngle": 85,
    "ImageOrientationPatientDICOM": [
      1,
      -1e-16,
      0,
      1e-16,
      0.939693,
      -0.34202
    ],
    "ImageType": [
      "ORIGINAL",
      "PRIMARY",
      "M",
      "ND",
      "MOSAIC"
    ],
    "ImagingFrequency": 123.229,
    "InPlanePhaseEncodingDirectionDICOM": "COL",
    "InstitutionAddress": "Wilson Avenue 340 ,Pasadena,California,US,91025",
    "InstitutionName": "Caltech Tim32",
    "InstitutionalDepartmentName": "Department",
    "MRAcquisitionType": "2D",
    "MagneticFieldStrength": 3,
    "Manufacturer": "Siemens",
    "ManufacturersModelName": "TrioTim",
    "Modality": "MR",
    "ParallelReductionFactorInPlane": 2,
    "PartialFourier": 1,
    "PatientBirthDate": "1987-01-01",
    "PatientID": "adolphs",
    "PatientName": "CC0007",
    "PatientPosition": "HFS",
    "PatientSex": "F",
    "PatientWeight": 68.0389,
    "PercentPhaseFOV": 100,
    "PercentSampling": 100,
    "PhaseEncodingDirection": "j-",
    "PhaseEncodingSteps": 64,
    "PhaseResolution": 1,
    "PixelBandwidth": 2604,
    "ProcedureStepDescription": "Conte^Core",
    "ProtocolName": "rsBOLD_1",
    "PulseSequenceDetails": "%SiemensSeq%\\ep2d_bold",
    "ReceiveCoilName": "32Ch_Head",
    "ReconMatrixPE": 64,
    "RefLinesPE": 32,
    "RepetitionTime": 2.5,
    "SAR": 0.208268,
    "ScanOptions": "FS",
    "ScanningSequence": "EP",
    "SequenceName": "*epfid2d1_64",
    "SequenceVariant": "SK",
    "SeriesDescription": "rsBOLD_1",
    "SeriesInstanceUID": "1.3.12.2.1107.5.2.32.35077.2013031511002991930463776.0.0.0",
    "SeriesNumber": 2,
    "ShimSetting": [
      9520,
      -10618,
      15675,
      587,
      3,
      -275,
      -155,
      84
    ],
    "SliceThickness": 3,
    "SliceTiming": [
      0,
      0.055,
      0.1075,
      0.16,
      0.215,
      0.2675,
      0.3225,
      0.375,
      0.4275,
      0.4825,
      0.535,
      0.5875,
      0.6425,
      0.695,
      0.7475,
      0.8025,
      0.855,
      0.9075,
      0.9625,
      1.015,
      1.07,
      1.1225,
      1.175,
      1.23,
      1.2825,
      1.335,
      1.39,
      1.4425,
      1.495,
      1.55,
      1.6025,
      1.655,
      1.71,
      1.7625,
      1.8175,
      1.87,
      1.9225,
      1.9775,
      2.03,
      2.0825,
      2.1375,
      2.19,
      2.2425,
      2.2975,
      2.35,
      2.4025,
      2.4575
    ],
    "SoftwareVersions": "syngo MR B17",
    "SpacingBetweenSlices": 3,
    "StationName": "MEDPC",
    "StudyID": "1",
    "StudyInstanceUID": "1.3.12.2.1107.5.2.32.35077.30000013031116025814000000043",
    "TaskName": "rest",
    "TotalReadoutTime": 0.0148051,
    "TxRefAmp": 316.544,
    "dataset": "unknown",
    "modality": "bold",
    "run_id": 1,
    "session_id": "core1p1",
    "subject_id": "CC0007",
    "task_id": "rest"
  },
  "dummy_trs": 0,
  "dvars_nstd": 38.70484446905661,
  "dvars_std": 1.1401738306289306,
  "dvars_vstd": 1.0252591848427672,
  "efc": 0.5007275995231477,
  "fber": 431.77069091796875,
  "fd_mean": 0.24459070271023395,
  "fd_num": 78,
  "fd_perc": 48.75,
  "fwhm_avg": 2.9456644444444446,
  "fwhm_x": 2.8669933333333333,
  "fwhm_y": 2.88888,
  "fwhm_z": 3.08112,
  "gcor": 0.0230806,
  "gsr_x": -0.0054132379591465,
  "gsr_y": 0.04874097555875778,
  "provenance": {
    "md5sum": "3e9aa702dfad2cbcc2b8c8539171f2d8",
    "settings": {
      "fd_thres": 0.2,
      "hmc_fsl": false
    },
    "software": "mriqc",
    "version": "0.15.0",
    "webapi_port": null,
    "webapi_url": "https://mriqc.nimh.nih.gov/api/v1"
  },
  "size_t": 160,
  "size_x": 64,
  "size_y": 64,
  "size_z": 47,
  "snr": 1.7681948278408948,
  "spacing_tr": 2.5,
  "spacing_x": 3.0,
  "spacing_y": 3.0,
  "spacing_z": 3.0,
  "summary_bg_k": 160.49251704782216,
  "summary_bg_mad": 8.886346817016602,
  "summary_bg_mean": 40.58058547973633,
  "summary_bg_median": 24.481250762939453,
  "summary_bg_n": 110646.0,
  "summary_bg_p05": 17.4375,
  "summary_bg_p95": 105.80937576293945,
  "summary_bg_stdv": 60.45607376098633,
  "summary_fg_k": 2.50713756939475,
  "summary_fg_mad": 243.22093200683594,
  "summary_fg_mean": 644.0562133789062,
  "summary_fg_median": 567.9750366210938,
  "summary_fg_n": 42287.0,
  "summary_fg_p05": 264.6093811035156,
  "summary_fg_p95": 1299.6712890624995,
  "summary_fg_stdv": 321.2136535644531,
  "tsnr": 44.33763122558594
}