{
  "bids_meta": {
    "AccessionNumber": "7549-001",
    "AcquisitionDateTime": "2014-06-12T10:41:24.097500",
    "AcquisitionMatrixPE": 256,
    "AcquisitionNumber": 1,
    "AcquisitionTime": "10:41:24.097500",
    "BaseResolution": 256,
    "CoilString": "C:HEA;HEP",
    "ConversionSoftware": "dcm2niix",
    "ConversionSoftwareVersion": "v1.0.20210317",
    "DeviceSerialNumber": "35077",
    "DwellTime": 1.09e-05,
    "EchoTime": 0.00291,
    "FlipAngle": 10,
    "ImageOrientationPatientDICOM": [
      0,
      1,
      0,
      0,
      0,
      -1
    ],
    "ImageType": [
      "ORIGINAL",
      "PRIMARY",
      "M",
      "ND",
      "NORM"
    ],
    "ImagingFrequency": 123.229,
    "InPlanePhaseEncodingDirectionDICOM": "ROW",
    "InstitutionAddress": "Wilson Avenue 340 ,Pasadena,California,US,91025",
    "InstitutionName": "Caltech Tim32",
    "InstitutionalDepartmentName": "Department",
    "InversionTime": 0.8,
    "MRAcquisitionType": "3D",
    "MagneticFieldStrength": 3,
    "Manufacturer": "Siemens",
    "ManufacturersModelName": "TrioTim",
    "Modality": "MR",
    "PartialFourier": 1,
    "PatientBirthDate": "1975-01-01",
    "PatientID": "adolphs",
    "PatientName": "CC0115",
    "PatientPosition": "HFS",
    "PatientSex": "M",
    "PatientWeight": 79.3787,
    "PercentPhaseFOV": 100,
    "PercentSampling": 100,
    "PhaseEncodingSteps": 256,
    "PhaseResolution": 1,
    "PixelBandwidth": 179,
    "ProcedureStepDescription": "Conte^Core",
    "ProtocolName": "T1_1",
    "PulseSequenceDetails": "%SiemensSeq%\\tfl",
    "ReceiveCoilName": "32Ch_Head",
    "ReconMatrixPE": 256,
    "RepetitionTime": 1.5,
    "SAR": 0.126382,
    "ScanOptions": "IR",
    "ScanningSequence": "GR\\IR",
    "SequenceName": "*tfl3d1",
    "SequenceVariant": "SP\\MP",
    "SeriesDescription": "T1_1",
    "SeriesInstanceUID": "1.3.12.2.1107.5.2.32.35077.2014061210432920854504183.0.0.0",
    "SeriesNumber": 10,
    "ShimSetting": [
      9517,
      -10557,
      15657,
      511,
      -86,
      -438,
      97,
      54
    ],
    "SliceThickness": 1,
    "SoftwareVersions": "syngo MR B17",
    "StationName": "MEDPC",
    "StudyID": "2",
    "StudyInstanceUID": "1.3.12.2.1107.5.2.32.35077.30000014060216395735900000085",
    "TxRefAmp": 317.464,
    "dataset": "unknown",
    "modality": "T1w",
    "run_id": 1,
    "session_id": "core1p2",
    "subject_id": "CC0115"
  },
  "cjv": 0.3633603224347433,
  "cnr": 3.545894737499891,
  "efc": 0.5739362198246155,
  "fber": 5068.59375,
  "fwhm_avg": 4.3494633333333335,
  "fwhm_x": 4.27023,
  "fwhm_y": 4.38139,
  "fwhm_z": 4.39677,
  "icvs_csf": 0.24121612694766148,
  "icvs_gm": 0.37884657457940907,
  "icvs_wm": 0.37993729847292945,
  "inu_med": 1.3373156785964966,
  "inu_range": 0.3359692096710205,
  "provenance": {
    "md5sum": "41a5e81bb1fa4621284b744cfdc9daa4",
    "settings": {
      "testing": false
    },
    "software": "mriqc",
    "version": "0.15.0",
    "warnings": {
      "large_rot_frame": true,
      "small_air_mask": false
    },
    "webapi_port": null,
    "webapi_url": "https://mriqc.nimh.nih.gov/api/v1"
  },
  "qi_1": 0.00014489468550546325,
  "qi_2": 0.012483790111004157,
  "rpve_csf": 22.41881918457902,
  "rpve_gm": 13.460581900892043,
  "rpve_wm": 16.40547880809983,
  "size_x": 176,
  "size_y": 256,
  "size_z": 256,
  "snr_csf": 4.5770730853240265,
  "snr_gm": 13.299527044864018,
  "snr_total": 14.616061801560136,
  "snr_wm": 25.971585274492366,
  "snrd_csf": 47.76064602779532,
  "snrd_gm": 104.3176598868619,
  "snrd_total": 96.72795620920901,
  "snrd_wm": 138.10556271296977,
  "spacing_x": 1.0,
  "spacing_y": 1.0,
  "spacing_z": 1.0,
  "summary_bg_k": 25.034705189163432,
  "summary_bg_mad": 4.743793964385986,
  "summary_bg_mean": 6.5935444831848145,
  "summary_bg_median": 6.371029853820801,
  "summary_bg_n": 2973421.0,
  "summary_bg_p05": 0.0,
  "summary_bg_p95": 19.245208740234375,
  "summary_bg_stdv": 7.244731426239014,
  "summary_csf_k": 1.5490254702651676,
  "summary_csf_mad": 58.47797393798828,
  "summary_csf_mean": 363.8548889160156,
  "summary_csf_median": 345.831298828125,
  "summary_csf_n": 62018.0,
  "summary_csf_p05": 273.4134017944336,
  "summary_csf_p95": 520.9548400878905,
  "summary_csf_stdv": 75.55669403076172,
  "summary_gm_k": 0.2634035702057851,
  "summary_gm_mad": 54.557525634765625,
  "summary_gm_mean": 753.492431640625,
  "summary_gm_median": 755.3564453125,
  "summary_gm_n": 14052.0,
  "summary_gm_p05": 657.4467895507812,
  "summary_gm_p95": 843.8303802490234,
  "summary_gm_stdv": 56.79371643066406,
  "summary_wm_k": 0.949506525165531,
  "summary_wm_mad": 34.34064865112305,
  "summary_wm_mean": 999.27880859375,
  "summary_wm_median": 1000.0121459960938,
  "summary_wm_n": 228880.0,
  "summary_wm_p05": 934.7294708251952,
  "summary_wm_p95": 1060.939825439453,
  "summary_wm_stdv": 38.50400161743164,
  "tpm_overlap_csf": 0.24486351013183594,
  "tpm_overlap_gm": 0.4763759672641754,
  "tpm_overlap_wm": 0.56289142370224,
  "wm2max": 0.5132057477753585
}