{
  "bids_meta": {
    "AccessionNumber": "7386-001",
    "AcquisitionDateTime": "2014-02-05T14:27:47.420000",
    "AcquisitionMatrixPE": 256,
    "AcquisitionNumber": 1,
    "AcquisitionTime": "14:27:47.420000",
    "BaseResolution": 256,
    "CoilString": "C:HEA;HEP",
    "ConversionSoftware": "dcm2niix",
    "ConversionSoftwareVersion": "v1.0.20210317",
    "DeviceSerialNumber": "35077",
    "DwellTime": 1.09e-05,
    "EchoTime": 0.00291,
    "FlipAngle": 10,
    "ImageOrientationPatientDICOM": [
      0,
      1,
      0,
      0,
      0,
      -1
    ],
    "ImageType": [
      "ORIGINAL",
      "PRIMARY",
      "M",
      "ND",
      "NORM"
    ],
    "ImagingFrequency": 123.229,
    "InPlanePhaseEncodingDirectionDICOM": "ROW",
    "InstitutionAddress": "Wilson Avenue 340 ,Pasadena,California,US,91025",
    "InstitutionName": "Caltech Tim32",
    "InstitutionalDepartmentName": "Department",
    "InversionTime": 0.8,
    "MRAcquisitionType": "3D",
    "MagneticFieldStrength": 3,
    "Manufacturer": "Siemens",
    "ManufacturersModelName": "TrioTim",
    "Modality": "MR",
    "PartialFourier": 1,
    "PatientBirthDate": "1990-01-01",
    "PatientID": "adolphs",
    "PatientName": "CC0105",
    "PatientPosition": "HFS",
    "PatientSex": "F",
    "PatientWeight": 65.7709,
    "PercentPhaseFOV": 100,
    "PercentSampling": 100,
    "PhaseEncodingSteps": 256,
    "PhaseResolution": 1,
    "PixelBandwidth": 179,
    "ProcedureStepDescription": "Conte^Core",
    "ProtocolName": "T1_1",
    "PulseSequenceDetails": "%SiemensSeq%\\tfl",
    "ReceiveCoilName": "32Ch_Head",
    "ReconMatrixPE": 256,
    "RepetitionTime": 1.5,
    "SAR": 0.137199,
    "ScanOptions": "IR",
    "ScanningSequence": "GR\\IR",
    "SequenceName": "*tfl3d1",
    "SequenceVariant": "SP\\MP",
    "SeriesDescription": "T1_1",
    "SeriesInstanceUID": "1.3.12.2.1107.5.2.32.35077.201402051428518215639849.0.0.0",
    "SeriesNumber": 10,
    "ShimSetting": [
      9538,
      -10561,
      15618,
      576,
      -99,
      -166,
      186,
      17
    ],
    "SliceThickness": 1,
    "SoftwareVersions": "syngo MR B17",
    "StationName": "MEDPC",
    "StudyID": "1",
    "StudyInstanceUID": "1.3.12.2.1107.5.2.32.35077.30000014020318502743700000025",
    "TxRefAmp": 315.539,
    "dataset": "unknown",
    "modality": "T1w",
    "run_id": 1,
    "session_id": "core1p2",
    "subject_id": "CC0105"
  },
  "cjv": 0.3973518946864905,
  "cnr": 2.940370544603476,
  "efc": 0.5244926854200989,
  "fber": 6890.4345703125,
  "fwhm_avg": 4.25108,
  "fwhm_x": 4.2177,
  "fwhm_y": 4.24466,
  "fwhm_z": 4.29088,
  "icvs_csf": 0.18983059642395744,
  "icvs_gm": 0.4470777547747835,
  "icvs_wm": 0.36309164880125905,
  "inu_med": 1.5948594808578491,
  "inu_range": 0.3976759612560272,
  "provenance": {
    "md5sum": "2cdce19fd33cc9fa802c4ad10d660165",
    "settings": {
      "testing": false
    },
    "software": "mriqc",
    "version": "0.15.0",
    "warnings": {
      "large_rot_frame": true,
      "small_air_mask": false
    },
    "webapi_port": null,
    "webapi_url": "https://mriqc.nimh.nih.gov/api/v1"
  },
  "qi_1": 0.0003652031442489885,
  "qi_2": 0.011539376991959413,
  "rpve_csf": 27.669036060188876,
  "rpve_gm": 12.671975292812505,
  "rpve_wm": 17.59828594539815,
  "size_x": 176,
  "size_y": 256,
  "size_z": 256,
  "snr_csf": 3.6083535740711428,
  "snr_gm": 11.452026731136238,
  "snr_total": 13.05213101305639,
  "snr_wm": 24.096012733961793,
  "snrd_csf": 56.03436653431992,
  "snrd_gm": 123.05403352104608,
  "snrd_total": 113.16524693128123,
  "snrd_wm": 160.4073407384777,
  "spacing_x": 1.0,
  "spacing_y": 1.0,
  "spacing_z": 1.0,
  "summary_bg_k": 42.53129610505621,
  "summary_bg_mad": 4.084214687347412,
  "summary_bg_mean": 7.015689373016357,
  "summary_bg_median": 5.478153228759766,
  "summary_bg_n": 2932155.0,
  "summary_bg_p05": 0.0,
  "summary_bg_p95": 21.623418235778807,
  "summary_bg_stdv": 7.911327838897705,
  "summary_csf_k": 3.5688851964486457,
  "summary_csf_mad": 68.92340087890625,
  "summary_csf_mean": 378.6998291015625,
  "summary_csf_median": 349.3263244628906,
  "summary_csf_n": 25793.0,
  "summary_csf_p05": 271.59254150390626,
  "summary_csf_p95": 578.1977416992186,
  "summary_csf_stdv": 96.8085708618164,
  "summary_gm_k": 0.4798675842728506,
  "summary_gm_mad": 57.5887451171875,
  "summary_gm_mean": 776.016357421875,
  "summary_gm_median": 767.1365966796875,
  "summary_gm_n": 36455.0,
  "summary_gm_p05": 681.0256896972656,
  "summary_gm_p95": 911.5694824218749,
  "summary_gm_stdv": 66.98605346679688,
  "summary_wm_k": 1.5271515244840712,
  "summary_wm_mad": 34.94096374511719,
  "summary_wm_mean": 996.221435546875,
  "summary_wm_median": 1000.0025024414062,
  "summary_wm_n": 197505.0,
  "summary_wm_p05": 920.2374755859375,
  "summary_wm_p95": 1055.7700439453124,
  "summary_wm_stdv": 41.500640869140625,
  "tpm_overlap_csf": 0.24960890412330627,
  "tpm_overlap_gm": 0.531061589717865,
  "tpm_overlap_wm": 0.5642626285552979,
  "wm2max": 0.499076804803475
}