{
  "bids_meta": {
    "AccessionNumber": "7386-001",
    "AcquisitionDateTime": "2014-02-05T14:45:10.740000",
    "AcquisitionMatrixPE": 256,
    "AcquisitionNumber": 1,
    "AcquisitionTime": "14:45:10.740000",
    "BaseResolution": 256,
    "CoilString": "C:HEA;HEP",
    "ConversionSoftware": "dcm2niix",
    "ConversionSoftwareVersion": "v1.0.20210317",
    "DeviceSerialNumber": "35077",
    "DwellTime": 1.09e-05,
    "EchoTime": 0.00291,
    "FlipAngle": 10,
    "ImageOrientationPatientDICOM": [
      0,
      1,
      0,
      0,
      0,
      -1
    ],
    "ImageType": [
      "ORIGINAL",
      "PRIMARY",
      "M",
      "ND",
      "NORM"
    ],
    "ImagingFrequency": 123.229,
    "InPlanePhaseEncodingDirectionDICOM": "ROW",
    "InstitutionAddress": "Wilson Avenue 340 ,Pasadena,California,US,91025",
    "InstitutionName": "Caltech Tim32",
    "InstitutionalDepartmentName": "Department",
    "InversionTime": 0.8,
    "MRAcquisitionType": "3D",
    "MagneticFieldStrength": 3,
    "Manufacturer": "Siemens",
    "ManufacturersModelName": "TrioTim",
    "Modality": "MR",
    "PartialFourier": 1,
    "PatientBirthDate": "1990-01-01",
    "PatientID": "adolphs",
    "PatientName": "CC0105",
    "PatientPosition": "HFS",
    "PatientSex": "F",
    "PatientWeight": 65.7709,
    "PercentPhaseFOV": 100,
    "PercentSampling": 100,
    "PhaseEncodingSteps": 256,
    "PhaseResolution": 1,
    "PixelBandwidth": 179,
    "ProcedureStepDescription": "Conte^Core",
    "ProtocolName": "T1_2",
    "PulseSequenceDetails": "%SiemensSeq%\\tfl",
    "ReceiveCoilName": "32Ch_Head",
    "ReconMatrixPE": 256,
    "RepetitionTime": 1.5,
    "SAR": 0.137199,
    "ScanOptions": "IR",
    "ScanningSequence": "GR\\IR",
    "SequenceName": "*tfl3d1",
    "SequenceVariant": "SP\\MP",
    "SeriesDescription": "T1_2",
    "SeriesInstanceUID": "1.3.12.2.1107.5.2.32.35077.2014020514445083561163632.0.0.0",
    "SeriesNumber": 14,
    "ShimSetting": [
      9538,
      -10561,
      15618,
      576,
      -99,
      -166,
      186,
      17
    ],
    "SliceThickness": 1,
    "SoftwareVersions": "syngo MR B17",
    "StationName": "MEDPC",
    "StudyID": "1",
    "StudyInstanceUID": "1.3.12.2.1107.5.2.32.35077.30000014020318502743700000025",
    "TxRefAmp": 315.539,
    "dataset": "unknown",
    "modality": "T1w",
    "run_id": 2,
    "session_id": "core1p2",
    "subject_id": "CC0105"
  },
  "cjv": 0.38710045272634486,
  "cnr": 3.087485796192214,
  "efc": 0.525401576548762,
  "fber": 6922.650390625,
  "fwhm_avg": 4.264023333333333,
  "fwhm_x": 4.22636,
  "fwhm_y": 4.26563,
  "fwhm_z": 4.30008,
  "icvs_csf": 0.1905804022310677,
  "icvs_gm": 0.4454555730548886,
  "icvs_wm": 0.36396402471404365,
  "inu_med": 1.595709204673767,
  "inu_range": 0.3967055082321165,
  "provenance": {
    "md5sum": "09a1fb3b4140ce8dbdcda028cc79d534",
    "settings": {
      "testing": false
    },
    "software": "mriqc",
    "version": "0.15.0",
    "warnings": {
      "large_rot_frame": true,
      "small_air_mask": false
    },
    "webapi_port": null,
    "webapi_url": "https://mriqc.nimh.nih.gov/api/v1"
  },
  "qi_1": 0.00033190335127010256,
  "qi_2": 0.013182625251903555,
  "rpve_csf": 27.56633426540444,
  "rpve_gm": 12.708563773758753,
  "rpve_wm": 17.569213597688478,
  "size_x": 176,
  "size_y": 256,
  "size_z": 256,
  "snr_csf": 3.56618590524077,
  "snr_gm": 12.296257871816897,
  "snr_total": 13.207449617669717,
  "snr_wm": 23.759905075951483,
  "snrd_csf": 55.98973874331962,
  "snrd_gm": 123.10382775782824,
  "snrd_total": 113.23019547327351,
  "snrd_wm": 160.59701991867266,
  "spacing_x": 1.0,
  "spacing_y": 1.0,
  "spacing_z": 1.0,
  "summary_bg_k": 42.18551235609714,
  "summary_bg_mad": 4.079399585723877,
  "summary_bg_mean": 6.892822742462158,
  "summary_bg_median": 5.470216751098633,
  "summary_bg_n": 2879591.0,
  "summary_bg_p05": 0.0,
  "summary_bg_p95": 19.322715759277344,
  "summary_bg_stdv": 7.761923789978027,
  "summary_csf_k": 0.8825599992871433,
  "summary_csf_mad": 69.67583465576172,
  "summary_csf_mean": 380.4341125488281,
  "summary_csf_median": 348.6365966796875,
  "summary_csf_n": 24940.0,
  "summary_csf_p05": 272.5949050903321,
  "summary_csf_p95": 582.6908599853515,
  "summary_csf_stdv": 97.75979614257812,
  "summary_gm_k": 0.38304995255912777,
  "summary_gm_mad": 54.90134811401367,
  "summary_gm_mean": 773.166259765625,
  "summary_gm_median": 766.542236328125,
  "summary_gm_n": 36670.0,
  "summary_gm_p05": 681.6580291748046,
  "summary_gm_p95": 894.5801849365234,
  "summary_gm_stdv": 62.338623046875,
  "summary_wm_k": 1.3946866543209957,
  "summary_wm_mad": 35.47205352783203,
  "summary_wm_mean": 995.87744140625,
  "summary_wm_median": 1000.004638671875,
  "summary_wm_n": 197797.0,
  "summary_wm_p05": 917.7452758789063,
  "summary_wm_p95": 1055.903662109375,
  "summary_wm_stdv": 42.087799072265625,
  "tpm_overlap_csf": 0.25073862075805664,
  "tpm_overlap_gm": 0.5326534509658813,
  "tpm_overlap_wm": 0.566472589969635,
  "wm2max": 0.503621531427628
}