{
  "aor": 0.0003367001675041876,
  "aqi": 0.004675615125628141,
  "bids_meta": {
    "AccessionNumber": "8809-001",
    "AcquisitionDateTime": "2019-04-18T13:48:11.032500",
    "AcquisitionMatrixPE": 80,
    "AcquisitionNumber": 1,
    "AcquisitionTime": "13:48:11.032500",
    "BandwidthPerPixelPhaseEncode": 23.191,
    "BaseResolution": 80,
    "BodyPartExamined": "BRAIN",
    "ConsistencyInfo": "N4_VE11C_LATEST_20160120",
    "ConversionSoftware": "dcm2niix",
    "ConversionSoftwareVersion": "v1.0.20210317",
    "DerivedVendorReportedEchoSpacing": 0.000490002,
    "DeviceSerialNumber": "167050",
    "DwellTime": 2.3e-06,
    "EchoTime": 0.03,
    "EchoTrainLength": 88,
    "EffectiveEchoSpacing": 0.000539002,
    "FlipAngle": 53,
    "ImageComments": "Unaliased MB6/PE3/LB",
    "ImageOrientationPatientDICOM": [
      1,
      0,
      0,
      0,
      0.939693,
      -0.34202
    ],
    "ImageType": [
      "ORIGINAL",
      "PRIMARY",
      "M",
      "MB",
      "ND",
      "MOSAIC"
    ],
    "ImagingFrequency": 123.25,
    "InPlanePhaseEncodingDirectionDICOM": "COL",
    "InstitutionAddress": "Michigan Ave 320,Pasadena,California,US,91025",
    "InstitutionName": "Caltech Prisma32",
    "InstitutionalDepartmentName": "Department",
    "MRAcquisitionType": "2D",
    "MagneticFieldStrength": 3,
    "Manufacturer": "Siemens",
    "ManufacturersModelName": "Prisma_fit",
    "Modality": "MR",
    "MultibandAccelerationFactor": 6,
    "PartialFourier": 1,
    "PatientBirthDate": "1980-12-01",
    "PatientID": "CC0184",
    "PatientName": "CC0184",
    "PatientPosition": "HFS",
    "PatientSex": "F",
    "PatientWeight": 63.5029,
    "PercentPhaseFOV": 100,
    "PercentSampling": 100,
    "PhaseEncodingDirection": "j-",
    "PhaseEncodingSteps": 88,
    "PhaseOversampling": 0.1,
    "PhaseResolution": 1,
    "PixelBandwidth": 2715,
    "ProcedureStepDescription": "Conte Core",
    "ProtocolName": "task-rest_run-02_bold",
    "PulseSequenceDetails": "%CustomerSeq%\\cmrr_mbep2d_bold",
    "ReceiveCoilActiveElements": "HEA;HEP",
    "ReceiveCoilName": "Head_32",
    "ReconMatrixPE": 80,
    "ReferringPhysicianName": "Adolphs",
    "RepetitionTime": 0.7,
    "SAR": 0.0863012,
    "ScanOptions": "FS\\EXT",
    "ScanningSequence": "EP",
    "SequenceName": "epfid2d1_80",
    "SequenceVariant": "SK\\SS\\OSP",
    "SeriesDescription": "task-rest_run-02_bold",
    "SeriesInstanceUID": "1.3.12.2.1107.5.2.43.167050.2019041813465996918211143.0.0.0",
    "SeriesNumber": 16,
    "ShimSetting": [
      6985,
      -3688,
      7997,
      445,
      -22,
      -133,
      -29,
      -7
    ],
    "SliceThickness": 2.5,
    "SliceTiming": [
      0,
      0.4775,
      0.2725,
      0.0675,
      0.545,
      0.34,
      0.1375,
      0.6125,
      0.4075,
      0.205,
      0,
      0.4775,
      0.2725,
      0.0675,
      0.545,
      0.34,
      0.1375,
      0.6125,
      0.4075,
      0.205,
      0,
      0.4775,
      0.2725,
      0.0675,
      0.545,
      0.34,
      0.1375,
      0.6125,
      0.4075,
      0.205,
      0,
      0.4775,
      0.2725,
      0.0675,
      0.545,
      0.34,
      0.1375,
      0.6125,
      0.4075,
      0.205,
      0,
      0.4775,
      0.2725,
      0.0675,
      0.545,
      0.34,
      0.1375,
      0.6125,
      0.4075,
      0.205,
      0,
      0.4775,
      0.2725,
      0.0675,
      0.545,
      0.34,
      0.1375,
      0.6125,
      0.4075,
      0.205
    ],
    "SoftwareVersions": "syngo MR E11",
    "SpacingBetweenSlices": 2.5,
    "StationName": "PRISMA",
    "StudyID": "1",
    "StudyInstanceUID": "1.3.12.2.1107.5.2.43.167050.30000019041201230705700000076",
    "TaskName": "rest",
    "TotalReadoutTime": 0.0425812,
    "TxRefAmp": 249.614,
    "WipMemBlock": "c36e68a4-e3ac-43df-bb24-76e8fe9dab16||Sequence: R016 ve11c/master r/e634e98; Dec 19 2017 11:00:25 by eja",
    "dataset": "unknown",
    "modality": "bold",
    "run_id": 2,
    "session_id": "core2p2",
    "subject_id": "CC0184",
    "task_id": "rest"
  },
  "dummy_trs": 3,
  "dvars_nstd": 38.000909782952974,
  "dvars_std": 1.2094066817114089,
  "dvars_vstd": 0.9788996282046968,
  "efc": 0.5137295573158274,
  "fber": 871.464111328125,
  "fd_mean": 0.09994760238902985,
  "fd_num": 17,
  "fd_perc": 2.847571189279732,
  "fwhm_avg": 3.1223080000000003,
  "fwhm_x": 3.006596,
  "fwhm_y": 3.302172,
  "fwhm_z": 3.058156,
  "gcor": 0.00993463,
  "gsr_x": -0.02213105745613575,
  "gsr_y": 0.08795124292373657,
  "provenance": {
    "md5sum": "ffb5366eeef9c93318c2d0b0d0680d02",
    "settings": {
      "fd_thres": 0.2,
      "hmc_fsl": false
    },
    "software": "mriqc",
    "version": "0.15.0",
    "webapi_port": null,
    "webapi_url": "https://mriqc.nimh.nih.gov/api/v1"
  },
  "size_t": 597,
  "size_x": 80,
  "size_y": 80,
  "size_z": 60,
  "snr": 1.9187304692422245,
  "spacing_tr": 0.699999988079071,
  "spacing_x": 2.5,
  "spacing_y": 2.5,
  "spacing_z": 2.5,
  "summary_bg_k": 14.220028929166066,
  "summary_bg_mad": 81.8013916015625,
  "summary_bg_mean": 428.07403564453125,
  "summary_bg_median": 147.97068786621094,
  "summary_bg_n": 238244.0,
  "summary_bg_p05": 86.10770301818847,
  "summary_bg_p95": 1938.6822814941395,
  "summary_bg_stdv": 702.8992919921875,
  "summary_fg_k": 1.0290545770044703,
  "summary_fg_mad": 2381.14404296875,
  "summary_fg_mean": 5363.56640625,
  "summary_fg_median": 4835.4140625,
  "summary_fg_n": 84198.0,
  "summary_fg_p05": 2179.7068969726565,
  "summary_fg_p95": 10048.421142578125,
  "summary_fg_stdv": 2520.09619140625,
  "tsnr": 42.761383056640625
}