{
  "aor": 0.0007241549295774648,
  "aqi": 0.0034203195915492954,
  "bids_meta": {
    "AccessionNumber": "8809-001",
    "AcquisitionDateTime": "2019-04-18T13:59:48.945000",
    "AcquisitionMatrixPE": 80,
    "AcquisitionNumber": 1,
    "AcquisitionTime": "13:59:48.945000",
    "BandwidthPerPixelPhaseEncode": 23.191,
    "BaseResolution": 80,
    "BodyPartExamined": "BRAIN",
    "ConsistencyInfo": "N4_VE11C_LATEST_20160120",
    "ConversionSoftware": "dcm2niix",
    "ConversionSoftwareVersion": "v1.0.20210317",
    "DerivedVendorReportedEchoSpacing": 0.000490002,
    "DeviceSerialNumber": "167050",
    "DwellTime": 2.3e-06,
    "EchoTime": 0.03,
    "EchoTrainLength": 88,
    "EffectiveEchoSpacing": 0.000539002,
    "FlipAngle": 53,
    "ImageComments": "Unaliased MB6/PE3/LB",
    "ImageOrientationPatientDICOM": [
      1,
      0,
      0,
      0,
      0.939693,
      -0.34202
    ],
    "ImageType": [
      "ORIGINAL",
      "PRIMARY",
      "M",
      "MB",
      "ND",
      "MOSAIC"
    ],
    "ImagingFrequency": 123.25,
    "InPlanePhaseEncodingDirectionDICOM": "COL",
    "InstitutionAddress": "Michigan Ave 320,Pasadena,California,US,91025",
    "InstitutionName": "Caltech Prisma32",
    "InstitutionalDepartmentName": "Department",
    "MRAcquisitionType": "2D",
    "MagneticFieldStrength": 3,
    "Manufacturer": "Siemens",
    "ManufacturersModelName": "Prisma_fit",
    "Modality": "MR",
    "MultibandAccelerationFactor": 6,
    "PartialFourier": 1,
    "PatientBirthDate": "1980-12-01",
    "PatientID": "CC0184",
    "PatientName": "CC0184",
    "PatientPosition": "HFS",
    "PatientSex": "F",
    "PatientWeight": 63.5029,
    "PercentPhaseFOV": 100,
    "PercentSampling": 100,
    "PhaseEncodingDirection": "j-",
    "PhaseEncodingSteps": 88,
    "PhaseOversampling": 0.1,
    "PhaseResolution": 1,
    "PixelBandwidth": 2715,
    "ProcedureStepDescription": "Conte Core",
    "ProtocolName": "task-bang_bold",
    "PulseSequenceDetails": "%CustomerSeq%\\cmrr_mbep2d_bold",
    "ReceiveCoilActiveElements": "HEA;HEP",
    "ReceiveCoilName": "Head_32",
    "ReconMatrixPE": 80,
    "ReferringPhysicianName": "Adolphs",
    "RepetitionTime": 0.7,
    "SAR": 0.0863842,
    "ScanOptions": "FS\\EXT",
    "ScanningSequence": "EP",
    "SequenceName": "epfid2d1_80",
    "SequenceVariant": "SK\\SS\\OSP",
    "SeriesDescription": "task-bang_bold",
    "SeriesInstanceUID": "1.3.12.2.1107.5.2.43.167050.2019041813573498982031266.0.0.0",
    "SeriesNumber": 24,
    "ShimSetting": [
      6985,
      -3688,
      7997,
      445,
      -22,
      -133,
      -29,
      -7
    ],
    "SliceThickness": 2.5,
    "SliceTiming": [
      0,
      0.475,
      0.2725,
      0.0675,
      0.545,
      0.34,
      0.135,
      0.6125,
      0.4075,
      0.205,
      0,
      0.475,
      0.2725,
      0.0675,
      0.545,
      0.34,
      0.135,
      0.6125,
      0.4075,
      0.205,
      0,
      0.475,
      0.2725,
      0.0675,
      0.545,
      0.34,
      0.135,
      0.6125,
      0.4075,
      0.205,
      0,
      0.475,
      0.2725,
      0.0675,
      0.545,
      0.34,
      0.135,
      0.6125,
      0.4075,
      0.205,
      0,
      0.475,
      0.2725,
      0.0675,
      0.545,
      0.34,
      0.135,
      0.6125,
      0.4075,
      0.205,
      0,
      0.475,
      0.2725,
      0.0675,
      0.545,
      0.34,
      0.135,
      0.6125,
      0.4075,
      0.205
    ],
    "SoftwareVersions": "syngo MR E11",
    "SpacingBetweenSlices": 2.5,
    "StationName": "PRISMA",
    "StudyID": "1",
    "StudyInstanceUID": "1.3.12.2.1107.5.2.43.167050.30000019041201230705700000076",
    "TaskName": "bang",
    "TotalReadoutTime": 0.0425812,
    "TxRefAmp": 249.614,
    "WipMemBlock": "eb5f2b0a-46a7-49a6-9ac9-d94a0e9dc924||Sequence: R016 ve11c/master r/e634e98; Dec 19 2017 11:00:25 by eja",
    "dataset": "unknown",
    "modality": "bold",
    "run_id": 1,
    "session_id": "core2p2",
    "subject_id": "CC0184",
    "task_id": "bang"
  },
  "dummy_trs": 0,
  "dvars_nstd": 37.76352433392101,
  "dvars_std": 1.2652846322567,
  "dvars_vstd": 1.0076148402115657,
  "efc": 0.5149345026831144,
  "fber": 854.106689453125,
  "fd_mean": 0.08739786592458836,
  "fd_num": 4,
  "fd_perc": 0.5633802816901409,
  "fwhm_avg": 3.100672,
  "fwhm_x": 2.989612,
  "fwhm_y": 3.277736,
  "fwhm_z": 3.034668,
  "gcor": 0.0114111,
  "gsr_x": -0.02026287652552128,
  "gsr_y": 0.08877790719270706,
  "provenance": {
    "md5sum": "0ea281c58c931a03bfd70e3179a84e48",
    "settings": {
      "fd_thres": 0.2,
      "hmc_fsl": false
    },
    "software": "mriqc",
    "version": "0.15.0",
    "webapi_port": null,
    "webapi_url": "https://mriqc.nimh.nih.gov/api/v1"
  },
  "size_t": 710,
  "size_x": 80,
  "size_y": 80,
  "size_z": 60,
  "snr": 1.9210267606480056,
  "spacing_tr": 0.699999988079071,
  "spacing_x": 2.5,
  "spacing_y": 2.5,
  "spacing_z": 2.5,
  "summary_bg_k": 13.423818289877119,
  "summary_bg_mad": 82.81065368652344,
  "summary_bg_mean": 433.4792785644531,
  "summary_bg_median": 149.1718292236328,
  "summary_bg_n": 238509.0,
  "summary_bg_p05": 86.51971435546875,
  "summary_bg_p95": 1985.5630126953101,
  "summary_bg_stdv": 710.5404663085938,
  "summary_fg_k": 1.0160490281269974,
  "summary_fg_mad": 2383.58935546875,
  "summary_fg_mean": 5354.63623046875,
  "summary_fg_median": 4830.2451171875,
  "summary_fg_n": 84005.0,
  "summary_fg_p05": 2176.490283203125,
  "summary_fg_p95": 10009.286132812502,
  "summary_fg_stdv": 2514.39306640625,
  "tsnr": 46.62555694580078
}