{
  "bids_meta": {
    "AccessionNumber": "7705-010",
    "AcquisitionDateTime": "2015-02-04T16:34:3.240000",
    "AcquisitionMatrixPE": 256,
    "AcquisitionNumber": 1,
    "AcquisitionTime": "16:34:3.240000",
    "BaseResolution": 256,
    "CoilString": "C:HEA;HEP",
    "ConversionSoftware": "dcm2niix",
    "ConversionSoftwareVersion": "v1.0.20210317",
    "DeviceSerialNumber": "35077",
    "DwellTime": 1.09e-05,
    "EchoTime": 0.00291,
    "FlipAngle": 10,
    "ImageOrientationPatientDICOM": [
      0,
      1,
      0,
      0,
      0,
      -1
    ],
    "ImageType": [
      "ORIGINAL",
      "PRIMARY",
      "M",
      "ND",
      "NORM"
    ],
    "ImagingFrequency": 123.229,
    "InPlanePhaseEncodingDirectionDICOM": "ROW",
    "InstitutionAddress": "Wilson Avenue 340 ,Pasadena,California,US,91025",
    "InstitutionName": "Caltech Tim32",
    "InstitutionalDepartmentName": "Department",
    "InversionTime": 0.8,
    "MRAcquisitionType": "3D",
    "MagneticFieldStrength": 3,
    "Manufacturer": "Siemens",
    "ManufacturersModelName": "TrioTim",
    "Modality": "MR",
    "PartialFourier": 1,
    "PatientBirthDate": "1985-01-01",
    "PatientID": "adolphs",
    "PatientName": "CC0046",
    "PatientPosition": "HFS",
    "PatientSex": "F",
    "PatientWeight": 56.6991,
    "PercentPhaseFOV": 100,
    "PercentSampling": 100,
    "PhaseEncodingSteps": 256,
    "PhaseResolution": 1,
    "PixelBandwidth": 179,
    "ProcedureStepDescription": "Conte^Core",
    "ProtocolName": "T1_1",
    "PulseSequenceDetails": "%SiemensSeq%\\tfl",
    "ReceiveCoilName": "32Ch_Head",
    "ReconMatrixPE": 256,
    "RepetitionTime": 1.5,
    "SAR": 0.130389,
    "ScanOptions": "IR",
    "ScanningSequence": "GR\\IR",
    "SequenceName": "*tfl3d1",
    "SequenceVariant": "SP\\MP",
    "SeriesDescription": "T1_1",
    "SeriesInstanceUID": "1.3.12.2.1107.5.2.32.35077.201502041635573753784811.0.0.0",
    "SeriesNumber": 10,
    "ShimSetting": [
      9532,
      -10445,
      15667,
      524,
      -205,
      57,
      27,
      51
    ],
    "SliceThickness": 1,
    "SoftwareVersions": "syngo MR B17",
    "StationName": "MEDPC",
    "StudyID": "1",
    "StudyInstanceUID": "1.3.12.2.1107.5.2.32.35077.30000015012916505859300000031",
    "TxRefAmp": 300.798,
    "dataset": "unknown",
    "modality": "T1w",
    "run_id": 1,
    "session_id": "core1p3p0",
    "subject_id": "CC0046"
  },
  "cjv": 0.3107834547314687,
  "cnr": 4.2021976419475555,
  "efc": 0.4971793067857412,
  "fber": 10163.0009765625,
  "fwhm_avg": 4.376706666666666,
  "fwhm_x": 4.46341,
  "fwhm_y": 4.2824,
  "fwhm_z": 4.38431,
  "icvs_csf": 0.21148543073193204,
  "icvs_gm": 0.4091156025150263,
  "icvs_wm": 0.37939896675304163,
  "inu_med": 1.3888574838638306,
  "inu_range": 0.32445937395095825,
  "provenance": {
    "md5sum": "ebc34717cd477ccca3665e89008e170a",
    "settings": {
      "testing": false
    },
    "software": "mriqc",
    "version": "0.15.0",
    "warnings": {
      "large_rot_frame": true,
      "small_air_mask": false
    },
    "webapi_port": null,
    "webapi_url": "https://mriqc.nimh.nih.gov/api/v1"
  },
  "qi_1": 1.8396009852902877e-06,
  "qi_2": 0.02653039695843805,
  "rpve_csf": 28.139954221270408,
  "rpve_gm": 14.955171788714855,
  "rpve_wm": 19.3104488223867,
  "size_x": 176,
  "size_y": 256,
  "size_z": 256,
  "snr_csf": 3.983826090951306,
  "snr_gm": 16.614815003497984,
  "snr_total": 17.477208162712728,
  "snr_wm": 31.8329833936889,
  "snrd_csf": 54.256012833696225,
  "snrd_gm": 99.08821825984909,
  "snrd_total": 94.31700535155524,
  "snrd_wm": 129.6067849611204,
  "spacing_x": 1.0,
  "spacing_y": 1.0,
  "spacing_z": 1.0,
  "summary_bg_k": 22.17085137133345,
  "summary_bg_mad": 5.054825305938721,
  "summary_bg_mean": 6.083200454711914,
  "summary_bg_median": 3.4249250888824463,
  "summary_bg_n": 3574453.0,
  "summary_bg_p05": 0.0,
  "summary_bg_p95": 17.008416366577148,
  "summary_bg_stdv": 5.984075546264648,
  "summary_csf_k": -0.7886549198487889,
  "summary_csf_mad": 123.68937683105469,
  "summary_csf_mean": 433.5897216796875,
  "summary_csf_median": 418.62225341796875,
  "summary_csf_n": 27742.0,
  "summary_csf_p05": 285.9101333618164,
  "summary_csf_p95": 609.6638244628906,
  "summary_csf_stdv": 105.07855987548828,
  "summary_gm_k": 0.2354181560517139,
  "summary_gm_mad": 44.97504425048828,
  "summary_gm_mean": 763.39111328125,
  "summary_gm_median": 764.5333862304688,
  "summary_gm_n": 24785.0,
  "summary_gm_p05": 686.7520751953125,
  "summary_gm_p95": 836.3180053710938,
  "summary_gm_stdv": 46.01423263549805,
  "summary_wm_k": 0.9355622072815506,
  "summary_wm_mad": 28.205638885498047,
  "summary_wm_mean": 999.2130126953125,
  "summary_wm_median": 1000.0050048828125,
  "summary_wm_n": 202898.0,
  "summary_wm_p05": 945.3567687988282,
  "summary_wm_p95": 1048.5612670898436,
  "summary_wm_stdv": 31.414037704467773,
  "tpm_overlap_csf": 0.21296942234039307,
  "tpm_overlap_gm": 0.4956604838371277,
  "tpm_overlap_wm": 0.5516390204429626,
  "wm2max": 0.5364987462794454
}