{
    "Modality":"MR",
    "MagneticFieldStrength":3,
    "ImagingFrequency":123.229,
    "Manufacturer":"Siemens",
    "ManufacturersModelName":"TrioTim",
    "InstitutionName":"Caltech Tim32",
    "InstitutionalDepartmentName":"Department",
    "InstitutionAddress":"Wilson Avenue 340 ,Pasadena,California,US,91025",
    "DeviceSerialNumber":"35077",
    "StationName":"MEDPC",
    "PatientPosition":"HFS",
    "ProcedureStepDescription":"Conte^Core",
    "SoftwareVersions":"syngo MR B17",
    "MRAcquisitionType":"3D",
    "SeriesDescription":"T1w_3D_2",
    "ProtocolName":"T1w_3D_2",
    "ScanningSequence":"GR\\IR",
    "SequenceVariant":"SP\\MP\\OSP",
    "ScanOptions":"IR\\DB\\WE",
    "SequenceName":"*tfl3d1",
    "ImageType":[
        "ORIGINAL",
        "PRIMARY",
        "M",
        "NORM",
        "DIS2D"
    ],
    "SeriesNumber":17,
    "AcquisitionTime":"12:23:31.147500",
    "AcquisitionNumber":1,
    "SliceThickness":1,
    "SAR":0.106479,
    "EchoTime":0.00256,
    "RepetitionTime":2.4,
    "InversionTime":1,
    "FlipAngle":8,
    "PartialFourier":1,
    "BaseResolution":256,
    "ShimSetting":[
        9544,
        -10506,
        15731,
        452,
        -86,
        -257,
        40,
        1
    ],
    "TxRefAmp":323.048,
    "PhaseResolution":1,
    "PhaseOversampling":0.1,
    "ReceiveCoilName":"32Ch_Head",
    "CoilString":"C:HEA;HEP",
    "PulseSequenceDetails":"%SiemensSeq%\\tfl",
    "RefLinesPE":32,
    "PercentPhaseFOV":100,
    "PercentSampling":100,
    "PhaseEncodingSteps":282,
    "AcquisitionMatrixPE":256,
    "ReconMatrixPE":256,
    "ParallelReductionFactorInPlane":2,
    "PixelBandwidth":210,
    "DwellTime":9.3e-06,
    "ImageOrientationPatientDICOM":[
        0,
        1,
        0,
        0,
        0,
        -1
    ],
    "InPlanePhaseEncodingDirectionDICOM":"ROW",
    "ConversionSoftware":"dcm2niix",
    "ConversionSoftwareVersion":"v1.0.20210317"
}