{
  "bids_meta": {
    "AccessionNumber": "7799-007",
    "AcquisitionDateTime": "2015-05-11T19:29:25.710000",
    "AcquisitionMatrixPE": 256,
    "AcquisitionNumber": 1,
    "AcquisitionTime": "19:29:25.710000",
    "BaseResolution": 256,
    "CoilString": "C:HEA;HEP",
    "ConversionSoftware": "dcm2niix",
    "ConversionSoftwareVersion": "v1.0.20210317",
    "DeviceSerialNumber": "35077",
    "DwellTime": 9.3e-06,
    "EchoTime": 0.00256,
    "FlipAngle": 8,
    "ImageOrientationPatientDICOM": [
      0,
      1,
      0,
      0,
      0,
      -1
    ],
    "ImageType": [
      "ORIGINAL",
      "PRIMARY",
      "M",
      "NORM",
      "DIS2D"
    ],
    "ImagingFrequency": 123.229,
    "InPlanePhaseEncodingDirectionDICOM": "ROW",
    "InstitutionAddress": "Wilson Avenue 340 ,Pasadena,California,US,91025",
    "InstitutionName": "Caltech Tim32",
    "InstitutionalDepartmentName": "Department",
    "InversionTime": 1,
    "MRAcquisitionType": "3D",
    "MagneticFieldStrength": 3,
    "Manufacturer": "Siemens",
    "ManufacturersModelName": "TrioTim",
    "Modality": "MR",
    "ParallelReductionFactorInPlane": 2,
    "PartialFourier": 1,
    "PatientBirthDate": "1989-01-01",
    "PatientID": "adolphs",
    "PatientName": "CC0025",
    "PatientPosition": "HFS",
    "PatientSex": "M",
    "PatientWeight": 83.9146,
    "PercentPhaseFOV": 100,
    "PercentSampling": 100,
    "PhaseEncodingSteps": 282,
    "PhaseOversampling": 0.1,
    "PhaseResolution": 1,
    "PixelBandwidth": 210,
    "ProcedureStepDescription": "Conte^Core",
    "ProtocolName": "T1w_3D_1",
    "PulseSequenceDetails": "%SiemensSeq%\\tfl",
    "ReceiveCoilName": "32Ch_Head",
    "ReconMatrixPE": 256,
    "RefLinesPE": 32,
    "RepetitionTime": 2.4,
    "SAR": 0.0914084,
    "ScanOptions": "IR\\DB\\WE",
    "ScanningSequence": "GR\\IR",
    "SequenceName": "*tfl3d1",
    "SequenceVariant": "SP\\MP\\OSP",
    "SeriesDescription": "T1w_3D_1",
    "SeriesInstanceUID": "1.3.12.2.1107.5.2.32.35077.2015051119304387374909188.0.0.0",
    "SeriesNumber": 15,
    "ShimSetting": [
      9569,
      -10506,
      15693,
      434,
      16,
      -33,
      -25,
      -1
    ],
    "SliceThickness": 1,
    "SoftwareVersions": "syngo MR B17",
    "StationName": "MEDPC",
    "StudyID": "1",
    "StudyInstanceUID": "1.3.12.2.1107.5.2.32.35077.30000015051118495539000000010",
    "TxRefAmp": 311.082,
    "dataset": "unknown",
    "modality": "T1w",
    "run_id": 2,
    "session_id": "core1p3p1",
    "subject_id": "CC0025"
  },
  "cjv": 0.4061069470786829,
  "cnr": 3.163133393007722,
  "efc": 0.539094724476652,
  "fber": 10144.765625,
  "fwhm_avg": 3.8406533333333335,
  "fwhm_x": 3.74148,
  "fwhm_y": 3.92135,
  "fwhm_z": 3.85913,
  "icvs_csf": 0.19532124518861338,
  "icvs_gm": 0.4378618208611266,
  "icvs_wm": 0.36681693395026,
  "inu_med": 1.60899019241333,
  "inu_range": 0.5153576254844665,
  "provenance": {
    "md5sum": "78d3fc8a7fb26d23e6115c7b5dda2569",
    "settings": {
      "testing": false
    },
    "software": "mriqc",
    "version": "0.15.0",
    "warnings": {
      "large_rot_frame": true,
      "small_air_mask": false
    },
    "webapi_port": null,
    "webapi_url": "https://mriqc.nimh.nih.gov/api/v1"
  },
  "qi_1": 0.0,
  "qi_2": 0.014959561474361468,
  "rpve_csf": 27.552730385214403,
  "rpve_gm": 13.418858596213488,
  "rpve_wm": 18.823710714646005,
  "size_x": 192,
  "size_y": 256,
  "size_z": 256,
  "snr_csf": 2.89956903772704,
  "snr_gm": 10.017551946612112,
  "snr_total": 11.447926865129482,
  "snr_wm": 21.426659611049292,
  "snrd_csf": 60.328692623909845,
  "snrd_gm": 102.00238704287847,
  "snrd_total": 100.8965069373506,
  "snrd_wm": 140.35844114526347,
  "spacing_x": 1.0,
  "spacing_y": 1.0,
  "spacing_z": 1.0,
  "summary_bg_k": 8.098236936332466,
  "summary_bg_mad": 4.667671203613281,
  "summary_bg_mean": 5.240407943725586,
  "summary_bg_median": 3.159046173095703,
  "summary_bg_n": 3389724.0,
  "summary_bg_p05": 0.0,
  "summary_bg_p95": 12.754883623123169,
  "summary_bg_stdv": 4.783935070037842,
  "summary_csf_k": -1.2081138682426482,
  "summary_csf_mad": 185.58096313476562,
  "summary_csf_mean": 407.27001953125,
  "summary_csf_median": 429.8257751464844,
  "summary_csf_n": 18305.0,
  "summary_csf_p05": 176.34249267578127,
  "summary_csf_p95": 608.9415893554688,
  "summary_csf_stdv": 148.2337646484375,
  "summary_gm_k": 0.20982801595857392,
  "summary_gm_mad": 70.05386352539062,
  "summary_gm_mean": 730.1163940429688,
  "summary_gm_median": 726.7396850585938,
  "summary_gm_n": 33589.0,
  "summary_gm_p05": 617.1616821289062,
  "summary_gm_p95": 857.0396850585937,
  "summary_gm_stdv": 72.5455551147461,
  "summary_wm_k": 1.0746710373192236,
  "summary_wm_mad": 40.92566680908203,
  "summary_wm_mean": 997.24072265625,
  "summary_wm_median": 1000.0162963867188,
  "summary_wm_n": 206793.0,
  "summary_wm_p05": 913.6447509765626,
  "summary_wm_p95": 1067.4360107421876,
  "summary_wm_stdv": 46.671478271484375,
  "tpm_overlap_csf": 0.2284182757139206,
  "tpm_overlap_gm": 0.519225001335144,
  "tpm_overlap_wm": 0.5553765892982483,
  "wm2max": 0.6795587167968603
}