{
  "aor": 0.0009738865546218489,
  "aqi": 0.007034476428571429,
  "bids_meta": {
    "AccessionNumber": "8752-007",
    "AcquisitionDateTime": "2019-03-25T13:39:30.012500",
    "AcquisitionMatrixPE": 80,
    "AcquisitionNumber": 1,
    "AcquisitionTime": "13:39:30.012500",
    "BandwidthPerPixelPhaseEncode": 23.191,
    "BaseResolution": 80,
    "BodyPartExamined": "BRAIN",
    "ConsistencyInfo": "N4_VE11C_LATEST_20160120",
    "ConversionSoftware": "dcm2niix",
    "ConversionSoftwareVersion": "v1.0.20210317",
    "DerivedVendorReportedEchoSpacing": 0.000490002,
    "DeviceSerialNumber": "167050",
    "DwellTime": 2.3e-06,
    "EchoTime": 0.03,
    "EchoTrainLength": 88,
    "EffectiveEchoSpacing": 0.000539002,
    "FlipAngle": 53,
    "ImageComments": "Unaliased MB6/PE3/LB",
    "ImageOrientationPatientDICOM": [
      1,
      0,
      0,
      0,
      0.939693,
      -0.34202
    ],
    "ImageType": [
      "ORIGINAL",
      "PRIMARY",
      "M",
      "MB",
      "ND",
      "MOSAIC"
    ],
    "ImagingFrequency": 123.25,
    "InPlanePhaseEncodingDirectionDICOM": "COL",
    "InstitutionAddress": "Michigan Ave 320,Pasadena,California,US,91025",
    "InstitutionName": "Caltech Prisma64",
    "InstitutionalDepartmentName": "Department",
    "MRAcquisitionType": "2D",
    "MagneticFieldStrength": 3,
    "Manufacturer": "Siemens",
    "ManufacturersModelName": "Prisma_fit",
    "Modality": "MR",
    "MultibandAccelerationFactor": 6,
    "PartialFourier": 1,
    "PatientBirthDate": "1988-03-01",
    "PatientID": "CC0183",
    "PatientName": "CC0183",
    "PatientPosition": "HFS",
    "PatientSex": "F",
    "PatientWeight": 50.8024,
    "PercentPhaseFOV": 100,
    "PercentSampling": 100,
    "PhaseEncodingDirection": "j-",
    "PhaseEncodingSteps": 88,
    "PhaseOversampling": 0.1,
    "PhaseResolution": 1,
    "PixelBandwidth": 2715,
    "ProtocolName": "task-pixar_run-01_bold",
    "PulseSequenceDetails": "%CustomerSeq%\\cmrr_mbep2d_bold",
    "ReceiveCoilActiveElements": "HEA;HEP",
    "ReceiveCoilName": "Head_32",
    "ReconMatrixPE": 80,
    "ReferringPhysicianName": "Adolphs",
    "RepetitionTime": 0.7,
    "SAR": 0.0906198,
    "ScanOptions": "FS\\EXT",
    "ScanningSequence": "EP",
    "SequenceName": "epfid2d1_80",
    "SequenceVariant": "SK\\SS\\OSP",
    "SeriesDescription": "task-pixar_run-01_bold",
    "SeriesInstanceUID": "1.3.12.2.1107.5.2.43.167050.2019032513374765353126698.0.0.0",
    "SeriesNumber": 34,
    "ShimSetting": [
      6996,
      -3645,
      8038,
      748,
      -59,
      -12,
      59,
      -88
    ],
    "SliceThickness": 2.5,
    "SliceTiming": [
      0,
      0.475,
      0.2725,
      0.0675,
      0.545,
      0.34,
      0.1375,
      0.6125,
      0.4075,
      0.205,
      0,
      0.475,
      0.2725,
      0.0675,
      0.545,
      0.34,
      0.1375,
      0.6125,
      0.4075,
      0.205,
      0,
      0.475,
      0.2725,
      0.0675,
      0.545,
      0.34,
      0.1375,
      0.6125,
      0.4075,
      0.205,
      0,
      0.475,
      0.2725,
      0.0675,
      0.545,
      0.34,
      0.1375,
      0.6125,
      0.4075,
      0.205,
      0,
      0.475,
      0.2725,
      0.0675,
      0.545,
      0.34,
      0.1375,
      0.6125,
      0.4075,
      0.205,
      0,
      0.475,
      0.2725,
      0.0675,
      0.545,
      0.34,
      0.1375,
      0.6125,
      0.4075,
      0.205
    ],
    "SoftwareVersions": "syngo MR E11",
    "SpacingBetweenSlices": 2.5,
    "StationName": "PRISMA",
    "StudyID": "1",
    "StudyInstanceUID": "1.3.12.2.1107.5.2.43.167050.30000019031520383134100000046",
    "TaskName": "pixar",
    "TotalReadoutTime": 0.0425812,
    "TxRefAmp": 237.159,
    "WipMemBlock": "9b1d3cf3-5132-443b-a771-7aabd329bef2||Sequence: R016 ve11c/master r/e634e98; Dec 19 2017 11:00:25 by eja",
    "dataset": "unknown",
    "modality": "bold",
    "run_id": 1,
    "session_id": "core2p2",
    "subject_id": "CC0183",
    "task_id": "pixar"
  },
  "dummy_trs": 0,
  "dvars_nstd": 36.07655453332629,
  "dvars_std": 1.109045486000001,
  "dvars_vstd": 0.977726970631579,
  "efc": 0.5185381858552675,
  "fber": 925.3265380859375,
  "fd_mean": 0.1314839780906028,
  "fd_num": 88,
  "fd_perc": 18.48739495798319,
  "fwhm_avg": 2.954337333333333,
  "fwhm_x": 2.758596,
  "fwhm_y": 3.190252,
  "fwhm_z": 2.914164,
  "gcor": 0.028939,
  "gsr_x": 0.007370744366198778,
  "gsr_y": 0.055370498448610306,
  "provenance": {
    "md5sum": "1ad41ac70a7314517cfcb9e24e386456",
    "settings": {
      "fd_thres": 0.2,
      "hmc_fsl": false
    },
    "software": "mriqc",
    "version": "0.15.0",
    "webapi_port": null,
    "webapi_url": "https://mriqc.nimh.nih.gov/api/v1"
  },
  "size_t": 476,
  "size_x": 80,
  "size_y": 80,
  "size_z": 60,
  "snr": 2.3675519914296492,
  "spacing_tr": 0.699999988079071,
  "spacing_x": 2.5,
  "spacing_y": 2.5,
  "spacing_z": 2.5,
  "summary_bg_k": 20.917436376412034,
  "summary_bg_mad": 71.06524658203125,
  "summary_bg_mean": 350.1388854980469,
  "summary_bg_median": 135.04202270507812,
  "summary_bg_n": 239723.0,
  "summary_bg_p05": 81.90966796875,
  "summary_bg_p95": 1454.7143554687495,
  "summary_bg_stdv": 586.2014770507812,
  "summary_fg_k": 0.40132604560145424,
  "summary_fg_mad": 1798.48388671875,
  "summary_fg_mean": 4755.5673828125,
  "summary_fg_median": 4456.64208984375,
  "summary_fg_n": 82834.0,
  "summary_fg_p05": 2210.7699218750004,
  "summary_fg_p95": 8271.365917968747,
  "summary_fg_stdv": 1882.3726806640625,
  "tsnr": 35.769447326660156
}