{
  "aor": 0.0008307500000000001,
  "aqi": 0.0080355855,
  "bids_meta": {
    "AccessionNumber": "7188-001",
    "AcquisitionDateTime": "2013-09-05T14:41:26.607500",
    "AcquisitionMatrixPE": 80,
    "AcquisitionNumber": 1,
    "AcquisitionTime": "14:41:26.607500",
    "BandwidthPerPixelPhaseEncode": 23.148,
    "BaseResolution": 80,
    "CoilString": "C:HEA;HEP",
    "ConversionSoftware": "dcm2niix",
    "ConversionSoftwareVersion": "v1.0.20210317",
    "DerivedVendorReportedEchoSpacing": 0.000540003,
    "DeviceSerialNumber": "35077",
    "DwellTime": 2.6e-06,
    "EchoTime": 0.03,
    "EffectiveEchoSpacing": 0.000540003,
    "FlipAngle": 60,
    "ImageComments": "Unaliased MB4/PE3",
    "ImageOrientationPatientDICOM": [
      1,
      -1e-16,
      0,
      1e-16,
      0.939693,
      -0.34202
    ],
    "ImageType": [
      "ORIGINAL",
      "PRIMARY",
      "M",
      "ND",
      "MOSAIC"
    ],
    "ImagingFrequency": 123.229,
    "InPlanePhaseEncodingDirectionDICOM": "COL",
    "InstitutionAddress": "Wilson Avenue 340 ,Pasadena,California,US,91025",
    "InstitutionName": "Caltech Tim32",
    "InstitutionalDepartmentName": "Department",
    "MRAcquisitionType": "2D",
    "MagneticFieldStrength": 3,
    "Manufacturer": "Siemens",
    "ManufacturersModelName": "TrioTim",
    "Modality": "MR",
    "MultibandAccelerationFactor": 4,
    "PartialFourier": 1,
    "PatientBirthDate": "1978-01-01",
    "PatientID": "adolphs",
    "PatientName": "CC0077",
    "PatientPosition": "HFS",
    "PatientSex": "M",
    "PatientWeight": 83.9146,
    "PercentPhaseFOV": 100,
    "PercentSampling": 100,
    "PhaseEncodingDirection": "j-",
    "PhaseEncodingSteps": 80,
    "PhaseResolution": 1,
    "PixelBandwidth": 2404,
    "ProcedureStepDescription": "Conte^Core",
    "ProtocolName": "rsBOLD_MB_2",
    "PulseSequenceDetails": "%CustomerSeq%\\cmrr_mbep2d_bold",
    "ReceiveCoilName": "32Ch_Head",
    "ReconMatrixPE": 80,
    "RepetitionTime": 1,
    "SAR": 0.0984385,
    "ScanOptions": "FS",
    "ScanningSequence": "EP",
    "SequenceName": "epfid2d1_80",
    "SequenceVariant": "SK",
    "SeriesDescription": "rsBOLD_MB_2",
    "SeriesInstanceUID": "1.3.12.2.1107.5.2.32.35077.2013090514413224441039014.0.0.0",
    "SeriesNumber": 5,
    "ShimSetting": [
      9474,
      -10352,
      15691,
      570,
      -132,
      -303,
      -282,
      44
    ],
    "SliceThickness": 2.5,
    "SliceTiming": [
      0,
      0.215,
      0.43,
      0.645,
      0.86,
      0.0725,
      0.2875,
      0.5025,
      0.7175,
      0.9325,
      0.145,
      0.36,
      0.575,
      0.79,
      0,
      0.215,
      0.43,
      0.645,
      0.86,
      0.0725,
      0.2875,
      0.5025,
      0.7175,
      0.9325,
      0.145,
      0.36,
      0.575,
      0.79,
      0,
      0.215,
      0.43,
      0.645,
      0.86,
      0.0725,
      0.2875,
      0.5025,
      0.7175,
      0.9325,
      0.145,
      0.36,
      0.575,
      0.79,
      0,
      0.215,
      0.43,
      0.645,
      0.86,
      0.0725,
      0.2875,
      0.5025,
      0.7175,
      0.9325,
      0.145,
      0.36,
      0.575,
      0.79
    ],
    "SoftwareVersions": "syngo MR B17",
    "SpacingBetweenSlices": 2.5,
    "StationName": "MEDPC",
    "StudyID": "1",
    "StudyInstanceUID": "1.3.12.2.1107.5.2.32.35077.30000013090317184432800000031",
    "TaskName": "rest",
    "TotalReadoutTime": 0.0426603,
    "TxRefAmp": 327.127,
    "dataset": "unknown",
    "modality": "bold",
    "run_id": 2,
    "session_id": "core1p2",
    "subject_id": "CC0077",
    "task_id": "rest"
  },
  "dummy_trs": 0,
  "dvars_nstd": 30.5575616687218,
  "dvars_std": 0.9934867824310784,
  "dvars_vstd": 0.9734328200501258,
  "efc": 0.590847706094594,
  "fber": 390.311279296875,
  "fd_mean": 0.10154276320575682,
  "fd_num": 17,
  "fd_perc": 4.25,
  "fwhm_avg": 2.796708,
  "fwhm_x": 2.588,
  "fwhm_y": 2.932328,
  "fwhm_z": 2.869796,
  "gcor": 0.0238578,
  "gsr_x": -0.0161102544516325,
  "gsr_y": 0.12842713296413422,
  "provenance": {
    "md5sum": "ff99cbc364cf2a673dbeb0fbe6573a0d",
    "settings": {
      "fd_thres": 0.2,
      "hmc_fsl": false
    },
    "software": "mriqc",
    "version": "0.15.0",
    "webapi_port": null,
    "webapi_url": "https://mriqc.nimh.nih.gov/api/v1"
  },
  "size_t": 400,
  "size_x": 80,
  "size_y": 80,
  "size_z": 56,
  "snr": 2.7023295029916135,
  "spacing_tr": 1.0,
  "spacing_x": 2.5,
  "spacing_y": 2.5,
  "spacing_z": 2.5,
  "summary_bg_k": 18.77537072985778,
  "summary_bg_mad": 16.708927154541016,
  "summary_bg_mean": 61.76252365112305,
  "summary_bg_median": 25.907499313354492,
  "summary_bg_n": 204362.0,
  "summary_bg_p05": 13.3125,
  "summary_bg_p95": 236.89237670898433,
  "summary_bg_stdv": 88.23734283447266,
  "summary_fg_k": 1.1862685521830558,
  "summary_fg_mad": 181.099853515625,
  "summary_fg_mean": 573.1741943359375,
  "summary_fg_median": 544.8599853515625,
  "summary_fg_n": 93202.0,
  "summary_fg_p05": 300.9599914550781,
  "summary_fg_p95": 943.0895935058593,
  "summary_fg_stdv": 201.6249542236328,
  "tsnr": 35.57670593261719
}