{
  "bids_meta": {
    "AccessionNumber": "8852-001",
    "AcquisitionDateTime": "2019-05-14T16:03:15.977500",
    "AcquisitionMatrixPE": 256,
    "AcquisitionNumber": 1,
    "AcquisitionTime": "16:03:15.977500",
    "BaseResolution": 256,
    "BodyPartExamined": "BRAIN",
    "ConsistencyInfo": "N4_VE11C_LATEST_20160120",
    "ConversionSoftware": "dcm2niix",
    "ConversionSoftwareVersion": "v1.0.20210317",
    "DeviceSerialNumber": "167050",
    "DwellTime": 2.6e-06,
    "EchoTime": 0.564,
    "EchoTrainLength": 314,
    "FlipAngle": 120,
    "ImageOrientationPatientDICOM": [
      0,
      1,
      0,
      0,
      0,
      -1
    ],
    "ImageType": [
      "ORIGINAL",
      "PRIMARY",
      "M",
      "ND",
      "NORM"
    ],
    "ImagingFrequency": 123.25,
    "InPlanePhaseEncodingDirectionDICOM": "ROW",
    "InstitutionAddress": "Michigan Ave 320,Pasadena,California,US,91025",
    "InstitutionName": "Caltech Prisma32",
    "InstitutionalDepartmentName": "Department",
    "MRAcquisitionType": "3D",
    "MagneticFieldStrength": 3,
    "Manufacturer": "Siemens",
    "ManufacturersModelName": "Prisma_fit",
    "Modality": "MR",
    "ParallelReductionFactorInPlane": 2,
    "PartialFourier": 1,
    "PatientBirthDate": "1990-12-01",
    "PatientID": "CC0189",
    "PatientName": "CC0189",
    "PatientPosition": "HFS",
    "PatientSex": "M",
    "PatientWeight": 66.2245,
    "PercentPhaseFOV": 100,
    "PercentSampling": 100,
    "PhaseEncodingDirection": "i",
    "PhaseEncodingSteps": 274,
    "PhaseOversampling": 0.1,
    "PhaseResolution": 1,
    "PixelBandwidth": 750,
    "ProcedureStepDescription": "Conte Core",
    "ProtocolName": "T2w",
    "PulseSequenceDetails": "%SiemensSeq%\\tse_vfl",
    "ReceiveCoilActiveElements": "HEA;HEP",
    "ReceiveCoilName": "Head_32",
    "ReconMatrixPE": 256,
    "RefLinesPE": 32,
    "ReferringPhysicianName": "Adolphs",
    "RepetitionTime": 3.2,
    "SAR": 0.173369,
    "ScanOptions": "PFP",
    "ScanningSequence": "SE",
    "SequenceName": "*spc_314ns",
    "SequenceVariant": "SK\\SP\\OSP",
    "SeriesDescription": "T2w",
    "SeriesInstanceUID": "1.3.12.2.1107.5.2.43.167050.2019051416085294339044697.0.0.0",
    "SeriesNumber": 12,
    "ShimSetting": [
      6972,
      -3690,
      7904,
      304,
      21,
      -208,
      -16,
      29
    ],
    "SliceThickness": 0.9,
    "SoftwareVersions": "syngo MR E11",
    "StationName": "PRISMA",
    "StudyID": "1",
    "StudyInstanceUID": "1.3.12.2.1107.5.2.43.167050.30000019050821005867900000043",
    "TxRefAmp": 252.869,
    "dataset": "unknown",
    "modality": "T2w",
    "run_id": 2,
    "session_id": "core2p2",
    "subject_id": "CC0189"
  },
  "cjv": 0.47122812078840476,
  "cnr": 2.768054813812098,
  "efc": 0.542295190254104,
  "fber": 4364.07568359375,
  "fwhm_avg": 2.346414416253968,
  "fwhm_x": 2.278366727022773,
  "fwhm_y": 2.62784,
  "fwhm_z": 2.1330365217391307,
  "icvs_csf": 0.14672559049357412,
  "icvs_gm": 0.42770082596591774,
  "icvs_wm": 0.42557358354050817,
  "inu_med": 1.721636414527893,
  "inu_range": 0.4394811272621153,
  "provenance": {
    "md5sum": "4bc26b8311e33dd9d851976be3b5a262",
    "settings": {
      "testing": false
    },
    "software": "mriqc",
    "version": "0.15.0",
    "warnings": {
      "large_rot_frame": false,
      "small_air_mask": false
    },
    "webapi_port": null,
    "webapi_url": "https://mriqc.nimh.nih.gov/api/v1"
  },
  "qi_1": 0.0,
  "qi_2": 0.005247846008163526,
  "rpve_csf": 36.383374051690886,
  "rpve_gm": 11.932613046711138,
  "rpve_wm": 12.917952645558687,
  "size_x": 208,
  "size_y": 256,
  "size_z": 256,
  "snr_csf": 4.224128516760671,
  "snr_gm": 9.338554500277818,
  "snr_total": 8.070346656204713,
  "snr_wm": 10.648356951575648,
  "snrd_csf": 281.29566392342053,
  "snrd_gm": 133.12495518224887,
  "snrd_total": 167.31312304266444,
  "snrd_wm": 87.51875002232394,
  "spacing_x": 0.8999999761581421,
  "spacing_y": 0.8984375,
  "spacing_z": 0.8984375,
  "summary_bg_k": 8.454496821327,
  "summary_bg_mad": 7.485410213470459,
  "summary_bg_mean": 12.193428039550781,
  "summary_bg_median": 10.117140769958496,
  "summary_bg_n": 3690841.0,
  "summary_bg_p05": 2.528353452682495,
  "summary_bg_p95": 30.323646545410156,
  "summary_bg_stdv": 9.502080917358398,
  "summary_csf_k": 1.962905855687013,
  "summary_csf_mad": 490.8388977050781,
  "summary_csf_mean": 2990.12451171875,
  "summary_csf_median": 3214.0078125,
  "summary_csf_n": 32420.0,
  "summary_csf_p05": 1321.8553283691408,
  "summary_csf_p95": 3810.077429199219,
  "summary_csf_stdv": 760.8571166992188,
  "summary_gm_k": 0.2223958857542625,
  "summary_gm_mad": 161.07228088378906,
  "summary_gm_mean": 1520.6827392578125,
  "summary_gm_median": 1521.049560546875,
  "summary_gm_n": 44831.0,
  "summary_gm_p05": 1258.7147827148438,
  "summary_gm_p95": 1788.7406005859375,
  "summary_gm_stdv": 162.8766632080078,
  "summary_wm_k": 1.3364121929570612,
  "summary_wm_mad": 84.47720336914062,
  "summary_wm_mean": 993.2201538085938,
  "summary_wm_median": 999.9654541015625,
  "summary_wm_n": 221136.0,
  "summary_wm_p05": 829.8672485351562,
  "summary_wm_p95": 1131.1903381347656,
  "summary_wm_stdv": 93.90774536132812,
  "tpm_overlap_csf": 0.18148019909858704,
  "tpm_overlap_gm": 0.4606516361236572,
  "tpm_overlap_wm": 0.49712103605270386,
  "wm2max": 0.26641617261702794
}