{
  "bids_meta": {
    "AccessionNumber": "6471-018",
    "AcquisitionDateTime": "2018-05-08T10:20:31.732500",
    "AcquisitionMatrixPE": 256,
    "AcquisitionNumber": 1,
    "AcquisitionTime": "10:20:31.732500",
    "BaseResolution": 256,
    "BodyPartExamined": "BRAIN",
    "ConsistencyInfo": "N4_VE11C_LATEST_20160120",
    "ConversionSoftware": "dcm2niix",
    "ConversionSoftwareVersion": "v1.0.20210317",
    "DeviceSerialNumber": "167050",
    "DwellTime": 2.6e-06,
    "EchoTime": 0.564,
    "EchoTrainLength": 314,
    "FlipAngle": 120,
    "ImageOrientationPatientDICOM": [
      0,
      1,
      0,
      0,
      0,
      -1
    ],
    "ImageType": [
      "ORIGINAL",
      "PRIMARY",
      "M",
      "ND",
      "NORM"
    ],
    "ImagingFrequency": 123.25,
    "InPlanePhaseEncodingDirectionDICOM": "ROW",
    "InstitutionAddress": "Michigan Ave 320,Pasadena,California,US,91025",
    "InstitutionName": "Caltech Prisma64",
    "InstitutionalDepartmentName": "Department",
    "MRAcquisitionType": "3D",
    "MagneticFieldStrength": 3,
    "Manufacturer": "Siemens",
    "ManufacturersModelName": "Prisma_fit",
    "Modality": "MR",
    "ParallelReductionFactorInPlane": 2,
    "PartialFourier": 1,
    "PatientBirthDate": "1985-06-01",
    "PatientID": "CC0029",
    "PatientName": "CC0029",
    "PatientPosition": "HFS",
    "PatientSex": "M",
    "PatientWeight": 72.5748,
    "PercentPhaseFOV": 100,
    "PercentSampling": 100,
    "PhaseEncodingDirection": "i",
    "PhaseEncodingSteps": 274,
    "PhaseOversampling": 0.1,
    "PhaseResolution": 1,
    "PixelBandwidth": 750,
    "ProcedureStepDescription": "Conte Core",
    "ProtocolName": "T2w",
    "PulseSequenceDetails": "%SiemensSeq%\\tse_vfl",
    "ReceiveCoilActiveElements": "HEA;HEP",
    "ReceiveCoilName": "Head_32",
    "ReconMatrixPE": 256,
    "RefLinesPE": 32,
    "ReferringPhysicianName": "Adolphs",
    "RepetitionTime": 3.2,
    "SAR": 0.165248,
    "ScanOptions": "PFP",
    "ScanningSequence": "SE",
    "SequenceName": "*spc_314ns",
    "SequenceVariant": "SK\\SP\\OSP",
    "SeriesDescription": "T2w",
    "SeriesInstanceUID": "1.3.12.2.1107.5.2.43.167050.2018050810260889453397860.0.0.0",
    "SeriesNumber": 12,
    "ShimSetting": [
      6985,
      -3604,
      7927,
      352,
      -59,
      86,
      -9,
      24
    ],
    "SliceThickness": 0.9,
    "SoftwareVersions": "syngo MR E11",
    "StationName": "PRISMA",
    "StudyID": "1",
    "StudyInstanceUID": "1.3.12.2.1107.5.2.43.167050.30000018042619061766300000022",
    "TxRefAmp": 253.543,
    "dataset": "unknown",
    "modality": "T2w",
    "run_id": 2,
    "session_id": "core2p2",
    "subject_id": "CC0029"
  },
  "cjv": 0.4493048341168007,
  "cnr": 2.8450487366966657,
  "efc": 0.5791750258760605,
  "fber": 2115.627197265625,
  "fwhm_avg": 2.5247138571520114,
  "fwhm_x": 2.42383339754299,
  "fwhm_y": 2.8768612173913044,
  "fwhm_z": 2.273446956521739,
  "icvs_csf": 0.12230434028703223,
  "icvs_gm": 0.4049571266565142,
  "icvs_wm": 0.4727385330564536,
  "inu_med": 1.620015263557434,
  "inu_range": 0.4140564799308777,
  "provenance": {
    "md5sum": "1b126279076201127baaeb98c0caf4f4",
    "settings": {
      "testing": false
    },
    "software": "mriqc",
    "version": "0.15.0",
    "warnings": {
      "large_rot_frame": false,
      "small_air_mask": false
    },
    "webapi_port": null,
    "webapi_url": "https://mriqc.nimh.nih.gov/api/v1"
  },
  "qi_1": 0.0,
  "qi_2": 0.005302843224634256,
  "rpve_csf": 40.403514200201116,
  "rpve_gm": 11.75693402937589,
  "rpve_wm": 11.638549796256648,
  "size_x": 208,
  "size_y": 256,
  "size_z": 256,
  "snr_csf": 4.785922043790451,
  "snr_gm": 7.459800762712359,
  "snr_total": 7.062355837150126,
  "snr_wm": 8.94134470494757,
  "snrd_csf": 213.19399885657242,
  "snrd_gm": 96.59880437584297,
  "snrd_total": 121.76453115675606,
  "snrd_wm": 55.50079023785282,
  "spacing_x": 0.8999999761581421,
  "spacing_y": 0.8984375,
  "spacing_z": 0.8984375,
  "summary_bg_k": 9.199128163434883,
  "summary_bg_mad": 11.804222106933594,
  "summary_bg_mean": 25.63048553466797,
  "summary_bg_median": 15.82824420928955,
  "summary_bg_n": 3882909.0,
  "summary_bg_p05": 3.9510204792022705,
  "summary_bg_p95": 83.13802337646483,
  "summary_bg_stdv": 28.273160934448242,
  "summary_csf_k": 2.374202109431386,
  "summary_csf_mad": 513.2366333007812,
  "summary_csf_mean": 3583.3994140625,
  "summary_csf_median": 3841.3212890625,
  "summary_csf_n": 21449.0,
  "summary_csf_p05": 1885.6506103515626,
  "summary_csf_p95": 4428.5029296875,
  "summary_csf_stdv": 802.610595703125,
  "summary_gm_k": 0.2047078376829785,
  "summary_gm_mad": 231.45680236816406,
  "summary_gm_mean": 1745.871826171875,
  "summary_gm_median": 1740.5135498046875,
  "summary_gm_n": 47611.0,
  "summary_gm_p05": 1374.71923828125,
  "summary_gm_p95": 2136.68701171875,
  "summary_gm_stdv": 233.31658935546875,
  "summary_wm_k": 1.0009198931052667,
  "summary_wm_mad": 101.25452423095703,
  "summary_wm_mean": 1000.8878173828125,
  "summary_wm_median": 1000.0111083984375,
  "summary_wm_n": 312708.0,
  "summary_wm_p05": 819.6525177001953,
  "summary_wm_p95": 1185.6757446289062,
  "summary_wm_stdv": 111.841064453125,
  "tpm_overlap_csf": 0.18098628520965576,
  "tpm_overlap_gm": 0.45534735918045044,
  "tpm_overlap_wm": 0.5219429135322571,
  "wm2max": 0.2358831803214753
}