{
  "bids_meta": {
    "AccessionNumber": "8540-001",
    "AcquisitionDateTime": "2018-08-14T10:54:55.052500",
    "AcquisitionMatrixPE": 256,
    "AcquisitionNumber": 1,
    "AcquisitionTime": "10:54:55.052500",
    "BaseResolution": 256,
    "BodyPartExamined": "BRAIN",
    "ConsistencyInfo": "N4_VE11C_LATEST_20160120",
    "ConversionSoftware": "dcm2niix",
    "ConversionSoftwareVersion": "v1.0.20210317",
    "DeviceSerialNumber": "167050",
    "DwellTime": 3e-06,
    "EchoNumber": 4,
    "FlipAngle": 8,
    "ImageComments": "Average over all echoes.",
    "ImageOrientationPatientDICOM": [
      0,
      1,
      0,
      0,
      0,
      -1
    ],
    "ImageType": [
      "ORIGINAL",
      "PRIMARY",
      "ECHO",
      "COMBINED",
      "ND",
      "NORM"
    ],
    "ImagingFrequency": 123.25,
    "InPlanePhaseEncodingDirectionDICOM": "ROW",
    "InstitutionAddress": "Michigan Ave 320,Pasadena,California,US,91025",
    "InstitutionName": "Caltech Prisma64",
    "InstitutionalDepartmentName": "Department",
    "InversionTime": 1.15,
    "MRAcquisitionType": "3D",
    "MagneticFieldStrength": 3,
    "Manufacturer": "Siemens",
    "ManufacturersModelName": "Prisma_fit",
    "Modality": "MR",
    "ParallelReductionFactorInPlane": 2,
    "PartialFourier": 1,
    "PatientBirthDate": "1986-06-01",
    "PatientID": "CC0151",
    "PatientName": "CC0151",
    "PatientPosition": "HFS",
    "PatientSex": "M",
    "PatientWeight": 63.5029,
    "PercentPhaseFOV": 100,
    "PercentSampling": 100,
    "PhaseEncodingSteps": 282,
    "PhaseOversampling": 0.1,
    "PhaseResolution": 1,
    "PixelBandwidth": 650,
    "ProcedureStepDescription": "Conte Core",
    "ProtocolName": "T1w",
    "PulseSequenceDetails": "%CustomerSeq%\\tfl_wip900D_VE11C",
    "ReceiveCoilActiveElements": "HEA;HEP",
    "ReceiveCoilName": "Head_32",
    "ReconMatrixPE": 256,
    "RefLinesPE": 32,
    "ReferringPhysicianName": "Adolphs",
    "RepetitionTime": 2.55,
    "SAR": 0.0460871,
    "ScanOptions": "IR\\WE",
    "ScanningSequence": "GR\\IR",
    "SequenceName": "tfl3d4_16ns",
    "SequenceVariant": "SK\\SP\\MP\\OSP",
    "SeriesDescription": "T1w_combEcho",
    "SeriesInstanceUID": "1.3.12.2.1107.5.2.43.167050.2018081411020313830669494.0.0.0",
    "SeriesNumber": 5,
    "ShimSetting": [
      6957,
      -3616,
      7931,
      294,
      -65,
      -88,
      69,
      44
    ],
    "SliceThickness": 0.9,
    "SoftwareVersions": "syngo MR E11",
    "StationName": "PRISMA",
    "StudyID": "1",
    "StudyInstanceUID": "1.3.12.2.1107.5.2.43.167050.30000018071021413043300000082",
    "TxRefAmp": 252.806,
    "WipMemBlock": "WIP_Identifier: WIP#900D",
    "acq_id": "combecho",
    "dataset": "unknown",
    "modality": "T1w",
    "run_id": 2,
    "session_id": "core2p2",
    "subject_id": "CC0151"
  },
  "cjv": 0.634164885589413,
  "cnr": 2.1231711537781526,
  "efc": 0.6283664734445442,
  "fber": 1202.1046142578125,
  "fwhm_avg": 4.344111413135256,
  "fwhm_x": 4.295877891579678,
  "fwhm_y": 4.363430956521739,
  "fwhm_z": 4.373025391304348,
  "icvs_csf": 0.20453007234770967,
  "icvs_gm": 0.39965699820233336,
  "icvs_wm": 0.39581292944995694,
  "inu_med": 1.4956119060516357,
  "inu_range": 0.5873996496200564,
  "provenance": {
    "md5sum": "9e6223938f56d55241c57b67e17f416b",
    "settings": {
      "testing": false
    },
    "software": "mriqc",
    "version": "0.15.0",
    "warnings": {
      "large_rot_frame": false,
      "small_air_mask": false
    },
    "webapi_port": null,
    "webapi_url": "https://mriqc.nimh.nih.gov/api/v1"
  },
  "qi_1": 0.0,
  "qi_2": 0.005670275871725938,
  "rpve_csf": 22.345979572856976,
  "rpve_gm": 11.559374342670147,
  "rpve_wm": 13.821560360887549,
  "size_x": 208,
  "size_y": 256,
  "size_z": 256,
  "snr_csf": 3.6306632702406207,
  "snr_gm": 12.11091984688942,
  "snr_total": 12.560104720760322,
  "snr_wm": 21.938731045150927,
  "snrd_csf": 39.49436222405028,
  "snrd_gm": 88.4482736717479,
  "snrd_total": 78.38013078226983,
  "snrd_wm": 107.19775645101129,
  "spacing_x": 0.8999999761581421,
  "spacing_y": 0.8984375,
  "spacing_z": 0.8984375,
  "summary_bg_k": 1025.0333962558445,
  "summary_bg_mad": 6.111735820770264,
  "summary_bg_mean": 13.639517784118652,
  "summary_bg_median": 12.389665603637695,
  "summary_bg_n": 2625209.0,
  "summary_bg_p05": 4.139307975769043,
  "summary_bg_p95": 28.84624671936035,
  "summary_bg_stdv": 8.21116828918457,
  "summary_csf_k": 1.0309815414112427,
  "summary_csf_mad": 81.35755157470703,
  "summary_csf_mean": 395.2857360839844,
  "summary_csf_median": 368.4410095214844,
  "summary_csf_n": 57570.0,
  "summary_csf_p05": 276.79168701171875,
  "summary_csf_p95": 609.4307159423828,
  "summary_csf_stdv": 101.47947692871094,
  "summary_gm_k": 0.17629431768577852,
  "summary_gm_mad": 66.23342895507812,
  "summary_gm_mean": 827.1867065429688,
  "summary_gm_median": 825.1296997070312,
  "summary_gm_n": 28597.0,
  "summary_gm_p05": 719.7389526367188,
  "summary_gm_p95": 945.1496093749998,
  "summary_gm_stdv": 68.1298599243164,
  "summary_wm_k": 0.4804216583373657,
  "summary_wm_mad": 44.690269470214844,
  "summary_wm_mean": 1001.5213623046875,
  "summary_wm_median": 1000.042724609375,
  "summary_wm_n": 331325.0,
  "summary_wm_p05": 929.8352416992187,
  "summary_wm_p95": 1077.01455078125,
  "summary_wm_stdv": 45.58336639404297,
  "tpm_overlap_csf": 0.24474290013313293,
  "tpm_overlap_gm": 0.4924894869327545,
  "tpm_overlap_wm": 0.5650466680526733,
  "wm2max": 0.6230752978562936
}