{
  "bids_meta": {
    "AccessionNumber": "8540-001",
    "AcquisitionDateTime": "2018-08-14T11:13:27.662500",
    "AcquisitionMatrixPE": 256,
    "AcquisitionNumber": 1,
    "AcquisitionTime": "11:13:27.662500",
    "BaseResolution": 256,
    "BodyPartExamined": "BRAIN",
    "ConsistencyInfo": "N4_VE11C_LATEST_20160120",
    "ConversionSoftware": "dcm2niix",
    "ConversionSoftwareVersion": "v1.0.20210317",
    "DeviceSerialNumber": "167050",
    "DwellTime": 2.6e-06,
    "EchoTime": 0.564,
    "EchoTrainLength": 314,
    "FlipAngle": 120,
    "ImageOrientationPatientDICOM": [
      0,
      1,
      0,
      0,
      0,
      -1
    ],
    "ImageType": [
      "ORIGINAL",
      "PRIMARY",
      "M",
      "ND",
      "NORM"
    ],
    "ImagingFrequency": 123.25,
    "InPlanePhaseEncodingDirectionDICOM": "ROW",
    "InstitutionAddress": "Michigan Ave 320,Pasadena,California,US,91025",
    "InstitutionName": "Caltech Prisma64",
    "InstitutionalDepartmentName": "Department",
    "MRAcquisitionType": "3D",
    "MagneticFieldStrength": 3,
    "Manufacturer": "Siemens",
    "ManufacturersModelName": "Prisma_fit",
    "Modality": "MR",
    "ParallelReductionFactorInPlane": 2,
    "PartialFourier": 1,
    "PatientBirthDate": "1986-06-01",
    "PatientID": "CC0151",
    "PatientName": "CC0151",
    "PatientPosition": "HFS",
    "PatientSex": "M",
    "PatientWeight": 63.5029,
    "PercentPhaseFOV": 100,
    "PercentSampling": 100,
    "PhaseEncodingDirection": "i",
    "PhaseEncodingSteps": 274,
    "PhaseOversampling": 0.1,
    "PhaseResolution": 1,
    "PixelBandwidth": 750,
    "ProcedureStepDescription": "Conte Core",
    "ProtocolName": "T2w",
    "PulseSequenceDetails": "%SiemensSeq%\\tse_vfl",
    "ReceiveCoilActiveElements": "HEA;HEP",
    "ReceiveCoilName": "Head_32",
    "ReconMatrixPE": 256,
    "RefLinesPE": 32,
    "ReferringPhysicianName": "Adolphs",
    "RepetitionTime": 3.2,
    "SAR": 0.181382,
    "ScanOptions": "PFP",
    "ScanningSequence": "SE",
    "SequenceName": "*spc_314ns",
    "SequenceVariant": "SK\\SP\\OSP",
    "SeriesDescription": "T2w",
    "SeriesInstanceUID": "1.3.12.2.1107.5.2.43.167050.2018081411190437348381110.0.0.0",
    "SeriesNumber": 12,
    "ShimSetting": [
      6957,
      -3616,
      7931,
      294,
      -65,
      -88,
      69,
      44
    ],
    "SliceThickness": 0.9,
    "SoftwareVersions": "syngo MR E11",
    "StationName": "PRISMA",
    "StudyID": "1",
    "StudyInstanceUID": "1.3.12.2.1107.5.2.43.167050.30000018071021413043300000082",
    "TxRefAmp": 252.806,
    "dataset": "unknown",
    "modality": "T2w",
    "run_id": 2,
    "session_id": "core2p2",
    "subject_id": "CC0151"
  },
  "cjv": 0.4975121454553125,
  "cnr": 2.6929894072463436,
  "efc": 0.5661012680567259,
  "fber": 1281.4197998046875,
  "fwhm_avg": 2.7378355788823128,
  "fwhm_x": 2.6416667366469366,
  "fwhm_y": 3.063006608695652,
  "fwhm_z": 2.508833391304348,
  "icvs_csf": 0.19733731583995084,
  "icvs_gm": 0.4132811762091057,
  "icvs_wm": 0.38938150795094345,
  "inu_med": 1.6185741424560547,
  "inu_range": 0.45709327459335336,
  "provenance": {
    "md5sum": "23b8e2db4e2dd76fdd7898aa1572450a",
    "settings": {
      "testing": false
    },
    "software": "mriqc",
    "version": "0.15.0",
    "warnings": {
      "large_rot_frame": false,
      "small_air_mask": false
    },
    "webapi_port": null,
    "webapi_url": "https://mriqc.nimh.nih.gov/api/v1"
  },
  "qi_1": 2.4265033243095545e-05,
  "qi_2": 0.0037677634323602218,
  "rpve_csf": 23.80344129590194,
  "rpve_gm": 11.26836932366137,
  "rpve_wm": 13.411348651705813,
  "size_x": 208,
  "size_y": 256,
  "size_z": 256,
  "snr_csf": 5.776197448267723,
  "snr_gm": 7.6630139073027275,
  "snr_total": 7.466896297012265,
  "snr_wm": 8.961477535466342,
  "snrd_csf": 240.6348615461004,
  "snrd_gm": 109.14746235607272,
  "snrd_total": 138.51514245258795,
  "snrd_wm": 65.76310345559074,
  "spacing_x": 0.8999999761581421,
  "spacing_y": 0.8984375,
  "spacing_z": 0.8984375,
  "summary_bg_k": 45.19186543579829,
  "summary_bg_mad": 9.961627006530762,
  "summary_bg_mean": 22.795400619506836,
  "summary_bg_median": 13.363739013671875,
  "summary_bg_n": 2587989.0,
  "summary_bg_p05": 3.329913377761841,
  "summary_bg_p95": 73.41551971435547,
  "summary_bg_stdv": 25.50093650817871,
  "summary_csf_k": 5.868658203860974,
  "summary_csf_mad": 291.7472229003906,
  "summary_csf_mean": 3520.81494140625,
  "summary_csf_median": 3658.955322265625,
  "summary_csf_n": 80859.0,
  "summary_csf_p05": 2187.13916015625,
  "summary_csf_p95": 4211.391943359375,
  "summary_csf_stdv": 633.4500732421875,
  "summary_gm_k": -0.22041663742334494,
  "summary_gm_mad": 225.78988647460938,
  "summary_gm_mean": 1663.1097412109375,
  "summary_gm_median": 1659.633544921875,
  "summary_gm_n": 51178.0,
  "summary_gm_p05": 1316.0822631835938,
  "summary_gm_p95": 2023.32626953125,
  "summary_gm_stdv": 216.57501220703125,
  "summary_wm_k": 0.6311622547465321,
  "summary_wm_mad": 102.4077377319336,
  "summary_wm_mean": 997.4720458984375,
  "summary_wm_median": 999.9559326171875,
  "summary_wm_n": 252278.0,
  "summary_wm_p05": 809.9829040527344,
  "summary_wm_p95": 1178.3083190917969,
  "summary_wm_stdv": 111.58360290527344,
  "tpm_overlap_csf": 0.1943201869726181,
  "tpm_overlap_gm": 0.4542511999607086,
  "tpm_overlap_wm": 0.5216951966285706,
  "wm2max": 0.2301064100627809
}