{
  "aor": 0.0029303759398496237,
  "aqi": 0.007128052807017544,
  "bids_meta": {
    "AccessionNumber": "7707-010",
    "AcquisitionDateTime": "2015-02-06T11:50:49.680000",
    "AcquisitionMatrixPE": 80,
    "AcquisitionNumber": 1,
    "AcquisitionTime": "11:50:49.680000",
    "BandwidthPerPixelPhaseEncode": 23.148,
    "BaseResolution": 80,
    "CoilString": "C:HEA;HEP",
    "ConversionSoftware": "dcm2niix",
    "ConversionSoftwareVersion": "v1.0.20210317",
    "DerivedVendorReportedEchoSpacing": 0.000540003,
    "DeviceSerialNumber": "35077",
    "DwellTime": 2.6e-06,
    "EchoTime": 0.03,
    "EffectiveEchoSpacing": 0.000540003,
    "FlipAngle": 60,
    "ImageComments": "Unaliased MB4/PE3",
    "ImageOrientationPatientDICOM": [
      1,
      -1e-16,
      0,
      1e-16,
      0.939693,
      -0.34202
    ],
    "ImageType": [
      "ORIGINAL",
      "PRIMARY",
      "M",
      "MB",
      "ND",
      "MOSAIC"
    ],
    "ImagingFrequency": 123.229,
    "InPlanePhaseEncodingDirectionDICOM": "COL",
    "InstitutionAddress": "Wilson Avenue 340 ,Pasadena,California,US,91025",
    "InstitutionName": "Caltech Tim32",
    "InstitutionalDepartmentName": "Department",
    "MRAcquisitionType": "2D",
    "MagneticFieldStrength": 3,
    "Manufacturer": "Siemens",
    "ManufacturersModelName": "TrioTim",
    "Modality": "MR",
    "MultibandAccelerationFactor": 4,
    "PartialFourier": 1,
    "PatientBirthDate": "1975-01-01",
    "PatientID": "adolphs",
    "PatientName": "CC0049",
    "PatientPosition": "HFS",
    "PatientSex": "M",
    "PatientWeight": 69.8532,
    "PercentPhaseFOV": 100,
    "PercentSampling": 100,
    "PhaseEncodingDirection": "j-",
    "PhaseEncodingSteps": 80,
    "PhaseResolution": 1,
    "PixelBandwidth": 2404,
    "ProcedureStepDescription": "Conte^Core",
    "ProtocolName": "rsBOLD_MB_2",
    "PulseSequenceDetails": "%CustomerSeq%\\cmrr_mbep2d_bold",
    "ReceiveCoilName": "32Ch_Head",
    "ReconMatrixPE": 80,
    "RepetitionTime": 1,
    "SAR": 0.0960472,
    "ScanOptions": "FS",
    "ScanningSequence": "EP",
    "SequenceName": "epfid2d1_80",
    "SequenceVariant": "SK\\SS",
    "SeriesDescription": "rsBOLD_MB_2",
    "SeriesInstanceUID": "1.3.12.2.1107.5.2.32.35077.2015020611512554898296130.0.0.0",
    "SeriesNumber": 5,
    "ShimSetting": [
      9473,
      -10596,
      15762,
      762,
      -260,
      -303,
      -216,
      66
    ],
    "SliceThickness": 2.5,
    "SliceTiming": [
      0,
      0.215,
      0.43,
      0.645,
      0.86,
      0.07,
      0.285,
      0.5,
      0.715,
      0.93,
      0.1425,
      0.3575,
      0.5725,
      0.7875,
      0,
      0.215,
      0.43,
      0.645,
      0.86,
      0.07,
      0.285,
      0.5,
      0.715,
      0.93,
      0.1425,
      0.3575,
      0.5725,
      0.7875,
      0,
      0.215,
      0.43,
      0.645,
      0.86,
      0.07,
      0.285,
      0.5,
      0.715,
      0.93,
      0.1425,
      0.3575,
      0.5725,
      0.7875,
      0,
      0.215,
      0.43,
      0.645,
      0.86,
      0.07,
      0.285,
      0.5,
      0.715,
      0.93,
      0.1425,
      0.3575,
      0.5725,
      0.7875
    ],
    "SoftwareVersions": "syngo MR B17",
    "SpacingBetweenSlices": 2.5,
    "StationName": "MEDPC",
    "StudyID": "1",
    "StudyInstanceUID": "1.3.12.2.1107.5.2.32.35077.30000015012916505859300000043",
    "TaskName": "rest",
    "TotalReadoutTime": 0.0426603,
    "TxRefAmp": 324.991,
    "dataset": "unknown",
    "modality": "bold",
    "run_id": 2,
    "session_id": "core1p3p0",
    "subject_id": "CC0049",
    "task_id": "rest"
  },
  "dummy_trs": 1,
  "dvars_nstd": 32.781952364497485,
  "dvars_std": 1.0556649046984918,
  "dvars_vstd": 1.00514326942211,
  "efc": 0.5486074514847091,
  "fber": 698.2760009765625,
  "fd_mean": 0.14238165045266174,
  "fd_num": 119,
  "fd_perc": 29.82456140350877,
  "fwhm_avg": 2.9617613333333335,
  "fwhm_x": 2.770072,
  "fwhm_y": 2.9520720000000003,
  "fwhm_z": 3.16314,
  "gcor": 0.0103957,
  "gsr_x": -0.020479541271924973,
  "gsr_y": 0.07923834025859833,
  "provenance": {
    "md5sum": "2c44ac1928d4ae7b70d61320b8f451c1",
    "settings": {
      "fd_thres": 0.2,
      "hmc_fsl": false
    },
    "software": "mriqc",
    "version": "0.15.0",
    "webapi_port": null,
    "webapi_url": "https://mriqc.nimh.nih.gov/api/v1"
  },
  "size_t": 399,
  "size_x": 80,
  "size_y": 80,
  "size_z": 56,
  "snr": 2.128843423716579,
  "spacing_tr": 1.0,
  "spacing_x": 2.5,
  "spacing_y": 2.5,
  "spacing_z": 2.5,
  "summary_bg_k": 36.951737484845964,
  "summary_bg_mad": 7.216073513031006,
  "summary_bg_mean": 40.91824722290039,
  "summary_bg_median": 15.280701637268066,
  "summary_bg_n": 208680.0,
  "summary_bg_p05": 9.97744369506836,
  "summary_bg_p95": 167.26340408325188,
  "summary_bg_stdv": 71.70074462890625,
  "summary_fg_k": 4.731832892202851,
  "summary_fg_mad": 142.0325469970703,
  "summary_fg_mean": 486.9075622558594,
  "summary_fg_median": 439.76690673828125,
  "summary_fg_n": 88671.0,
  "summary_fg_p05": 251.53633880615234,
  "summary_fg_p95": 883.9285583496094,
  "summary_fg_stdv": 206.5743408203125,
  "tsnr": 38.07798385620117
}