{
  "aor": 0.0013202397743300423,
  "aqi": 0.006912242270803949,
  "bids_meta": {
    "AccessionNumber": "8686-016",
    "AcquisitionDateTime": "2019-01-24T17:22:4.722500",
    "AcquisitionMatrixPE": 80,
    "AcquisitionNumber": 1,
    "AcquisitionTime": "17:22:4.722500",
    "BandwidthPerPixelPhaseEncode": 23.191,
    "BaseResolution": 80,
    "BodyPartExamined": "BRAIN",
    "ConsistencyInfo": "N4_VE11C_LATEST_20160120",
    "ConversionSoftware": "dcm2niix",
    "ConversionSoftwareVersion": "v1.0.20210317",
    "DerivedVendorReportedEchoSpacing": 0.000490002,
    "DeviceSerialNumber": "167050",
    "DwellTime": 2.3e-06,
    "EchoTime": 0.03,
    "EchoTrainLength": 88,
    "EffectiveEchoSpacing": 0.000539002,
    "FlipAngle": 53,
    "ImageComments": "Unaliased MB6/PE3/LB",
    "ImageOrientationPatientDICOM": [
      1,
      0,
      0,
      0,
      0.939693,
      -0.34202
    ],
    "ImageType": [
      "ORIGINAL",
      "PRIMARY",
      "M",
      "MB",
      "ND",
      "MOSAIC"
    ],
    "ImagingFrequency": 123.25,
    "InPlanePhaseEncodingDirectionDICOM": "COL",
    "InstitutionAddress": "Michigan Ave 320,Pasadena,California,US,91025",
    "InstitutionName": "Caltech Prisma64",
    "InstitutionalDepartmentName": "Department",
    "MRAcquisitionType": "2D",
    "MagneticFieldStrength": 3,
    "Manufacturer": "Siemens",
    "ManufacturersModelName": "Prisma_fit",
    "Modality": "MR",
    "MultibandAccelerationFactor": 6,
    "PartialFourier": 1,
    "PatientBirthDate": "1987-01-01",
    "PatientID": "CC0007",
    "PatientName": "CC0007",
    "PatientPosition": "HFS",
    "PatientSex": "F",
    "PatientWeight": 68.0389,
    "PercentPhaseFOV": 100,
    "PercentSampling": 100,
    "PhaseEncodingDirection": "j-",
    "PhaseEncodingSteps": 88,
    "PhaseOversampling": 0.1,
    "PhaseResolution": 1,
    "PixelBandwidth": 2715,
    "ProtocolName": "task-bang_bold",
    "PulseSequenceDetails": "%CustomerSeq%\\cmrr_mbep2d_bold",
    "ReceiveCoilActiveElements": "HEA;HEP",
    "ReceiveCoilName": "Head_32",
    "ReconMatrixPE": 80,
    "ReferringPhysicianName": "Adolphs",
    "RepetitionTime": 0.7,
    "SAR": 0.070811,
    "ScanOptions": "FS\\EXT",
    "ScanningSequence": "EP",
    "SequenceName": "epfid2d1_80",
    "SequenceVariant": "SK\\SS\\OSP",
    "SeriesDescription": "task-bang_bold",
    "SeriesInstanceUID": "1.3.12.2.1107.5.2.43.167050.2019012417192348878835582.0.0.0",
    "SeriesNumber": 24,
    "ShimSetting": [
      6979,
      -3619,
      7907,
      615,
      -61,
      -46,
      -182,
      54
    ],
    "SliceThickness": 2.5,
    "SliceTiming": [
      0,
      0.4775,
      0.2725,
      0.0675,
      0.545,
      0.34,
      0.1375,
      0.6125,
      0.4075,
      0.205,
      0,
      0.4775,
      0.2725,
      0.0675,
      0.545,
      0.34,
      0.1375,
      0.6125,
      0.4075,
      0.205,
      0,
      0.4775,
      0.2725,
      0.0675,
      0.545,
      0.34,
      0.1375,
      0.6125,
      0.4075,
      0.205,
      0,
      0.4775,
      0.2725,
      0.0675,
      0.545,
      0.34,
      0.1375,
      0.6125,
      0.4075,
      0.205,
      0,
      0.4775,
      0.2725,
      0.0675,
      0.545,
      0.34,
      0.1375,
      0.6125,
      0.4075,
      0.205,
      0,
      0.4775,
      0.2725,
      0.0675,
      0.545,
      0.34,
      0.1375,
      0.6125,
      0.4075,
      0.205
    ],
    "SoftwareVersions": "syngo MR E11",
    "SpacingBetweenSlices": 2.5,
    "StationName": "PRISMA",
    "StudyID": "1",
    "StudyInstanceUID": "1.3.12.2.1107.5.2.43.167050.30000019012122271046500000028",
    "TaskName": "bang",
    "TotalReadoutTime": 0.0425812,
    "TxRefAmp": 244.717,
    "WipMemBlock": "357618d8-7905-4ced-a497-2adf6f5fdba9||Sequence: R016 ve11c/master r/e634e98; Dec 19 2017 11:00:25 by eja",
    "dataset": "unknown",
    "modality": "bold",
    "run_id": 1,
    "session_id": "core2p2",
    "subject_id": "CC0007",
    "task_id": "bang"
  },
  "dummy_trs": 1,
  "dvars_nstd": 30.735399741723157,
  "dvars_std": 0.9957826674576263,
  "dvars_vstd": 1.0224638631638439,
  "efc": 0.5189174467451693,
  "fber": 741.8959350585938,
  "fd_mean": 0.19202665852095208,
  "fd_num": 339,
  "fd_perc": 47.81382228490832,
  "fwhm_avg": 2.8652626666666667,
  "fwhm_x": 2.692936,
  "fwhm_y": 3.064896,
  "fwhm_z": 2.837956,
  "gcor": 0.00450566,
  "gsr_x": -0.02125685103237629,
  "gsr_y": 0.080849789083004,
  "provenance": {
    "md5sum": "f628bfca5ba8af4c1f18939fa4d36000",
    "settings": {
      "fd_thres": 0.2,
      "hmc_fsl": false
    },
    "software": "mriqc",
    "version": "0.15.0",
    "webapi_port": null,
    "webapi_url": "https://mriqc.nimh.nih.gov/api/v1"
  },
  "size_t": 709,
  "size_x": 80,
  "size_y": 80,
  "size_z": 60,
  "snr": 2.3191926460770955,
  "spacing_tr": 0.699999988079071,
  "spacing_x": 2.5,
  "spacing_y": 2.5,
  "spacing_z": 2.5,
  "summary_bg_k": 18.63526666640257,
  "summary_bg_mad": 77.96835327148438,
  "summary_bg_mean": 339.1036682128906,
  "summary_bg_median": 140.474609375,
  "summary_bg_n": 243858.0,
  "summary_bg_p05": 82.48356819152832,
  "summary_bg_p95": 1345.0196960449218,
  "summary_bg_stdv": 510.8913269042969,
  "summary_fg_k": 0.44680308131273794,
  "summary_fg_mad": 1655.5634765625,
  "summary_fg_mean": 4323.45703125,
  "summary_fg_median": 4101.52978515625,
  "summary_fg_n": 79796.0,
  "summary_fg_p05": 1709.6499633789062,
  "summary_fg_p95": 7559.798583984375,
  "summary_fg_stdv": 1768.505126953125,
  "tsnr": 34.70045471191406
}