{
  "aor": 0.00039492631578947365,
  "aqi": 0.003656365010526316,
  "bids_meta": {
    "AccessionNumber": "8686-016",
    "AcquisitionDateTime": "2019-01-24T17:50:42.792500",
    "AcquisitionMatrixPE": 80,
    "AcquisitionNumber": 1,
    "AcquisitionTime": "17:50:42.792500",
    "BandwidthPerPixelPhaseEncode": 23.191,
    "BaseResolution": 80,
    "BodyPartExamined": "BRAIN",
    "ConsistencyInfo": "N4_VE11C_LATEST_20160120",
    "ConversionSoftware": "dcm2niix",
    "ConversionSoftwareVersion": "v1.0.20210317",
    "DerivedVendorReportedEchoSpacing": 0.000490002,
    "DeviceSerialNumber": "167050",
    "DwellTime": 2.3e-06,
    "EchoTime": 0.03,
    "EchoTrainLength": 88,
    "EffectiveEchoSpacing": 0.000539002,
    "FlipAngle": 53,
    "ImageComments": "Unaliased MB6/PE3/LB",
    "ImageOrientationPatientDICOM": [
      1,
      0,
      0,
      0,
      0.939693,
      -0.34202
    ],
    "ImageType": [
      "ORIGINAL",
      "PRIMARY",
      "M",
      "MB",
      "ND",
      "MOSAIC"
    ],
    "ImagingFrequency": 123.25,
    "InPlanePhaseEncodingDirectionDICOM": "COL",
    "InstitutionAddress": "Michigan Ave 320,Pasadena,California,US,91025",
    "InstitutionName": "Caltech Prisma64",
    "InstitutionalDepartmentName": "Department",
    "MRAcquisitionType": "2D",
    "MagneticFieldStrength": 3,
    "Manufacturer": "Siemens",
    "ManufacturersModelName": "Prisma_fit",
    "Modality": "MR",
    "MultibandAccelerationFactor": 6,
    "PartialFourier": 1,
    "PatientBirthDate": "1987-01-01",
    "PatientID": "CC0007",
    "PatientName": "CC0007",
    "PatientPosition": "HFS",
    "PatientSex": "F",
    "PatientWeight": 68.0389,
    "PercentPhaseFOV": 100,
    "PercentSampling": 100,
    "PhaseEncodingDirection": "j-",
    "PhaseEncodingSteps": 88,
    "PhaseOversampling": 0.1,
    "PhaseResolution": 1,
    "PixelBandwidth": 2715,
    "ProtocolName": "task-pixar_run-01_bold",
    "PulseSequenceDetails": "%CustomerSeq%\\cmrr_mbep2d_bold",
    "ReceiveCoilActiveElements": "HEA;HEP",
    "ReceiveCoilName": "Head_32",
    "ReconMatrixPE": 80,
    "ReferringPhysicianName": "Adolphs",
    "RepetitionTime": 0.7,
    "SAR": 0.0706295,
    "ScanOptions": "FS\\EXT",
    "ScanningSequence": "EP",
    "SequenceName": "epfid2d1_80",
    "SequenceVariant": "SK\\SS\\OSP",
    "SeriesDescription": "task-pixar_run-01_bold",
    "SeriesInstanceUID": "1.3.12.2.1107.5.2.43.167050.2019012417484310235662484.0.0.0",
    "SeriesNumber": 34,
    "ShimSetting": [
      6979,
      -3619,
      7907,
      615,
      -61,
      -46,
      -182,
      54
    ],
    "SliceThickness": 2.5,
    "SliceTiming": [
      0,
      0.475,
      0.2725,
      0.0675,
      0.545,
      0.34,
      0.135,
      0.6125,
      0.4075,
      0.205,
      0,
      0.475,
      0.2725,
      0.0675,
      0.545,
      0.34,
      0.135,
      0.6125,
      0.4075,
      0.205,
      0,
      0.475,
      0.2725,
      0.0675,
      0.545,
      0.34,
      0.135,
      0.6125,
      0.4075,
      0.205,
      0,
      0.475,
      0.2725,
      0.0675,
      0.545,
      0.34,
      0.135,
      0.6125,
      0.4075,
      0.205,
      0,
      0.475,
      0.2725,
      0.0675,
      0.545,
      0.34,
      0.135,
      0.6125,
      0.4075,
      0.205,
      0,
      0.475,
      0.2725,
      0.0675,
      0.545,
      0.34,
      0.135,
      0.6125,
      0.4075,
      0.205
    ],
    "SoftwareVersions": "syngo MR E11",
    "SpacingBetweenSlices": 2.5,
    "StationName": "PRISMA",
    "StudyID": "1",
    "StudyInstanceUID": "1.3.12.2.1107.5.2.43.167050.30000019012122271046500000028",
    "TaskName": "pixar",
    "TotalReadoutTime": 0.0425812,
    "TxRefAmp": 244.717,
    "WipMemBlock": "ffbd9978-2d48-4e70-a414-263548c4bd5d||Sequence: R016 ve11c/master r/e634e98; Dec 19 2017 11:00:25 by eja",
    "dataset": "unknown",
    "modality": "bold",
    "run_id": 1,
    "session_id": "core2p2",
    "subject_id": "CC0007",
    "task_id": "pixar"
  },
  "dummy_trs": 1,
  "dvars_nstd": 30.34293894605485,
  "dvars_std": 1.015328094451477,
  "dvars_vstd": 0.9902428594092834,
  "efc": 0.5197031767710735,
  "fber": 734.6275634765625,
  "fd_mean": 0.17374780812095852,
  "fd_num": 205,
  "fd_perc": 43.1578947368421,
  "fwhm_avg": 2.817526666666667,
  "fwhm_x": 2.662208,
  "fwhm_y": 3.0077760000000002,
  "fwhm_z": 2.782596,
  "gcor": 0.00605325,
  "gsr_x": -0.021263953298330307,
  "gsr_y": 0.07832884043455124,
  "provenance": {
    "md5sum": "57681ae52409e70fecf8cc8316db4885",
    "settings": {
      "fd_thres": 0.2,
      "hmc_fsl": false
    },
    "software": "mriqc",
    "version": "0.15.0",
    "webapi_port": null,
    "webapi_url": "https://mriqc.nimh.nih.gov/api/v1"
  },
  "size_t": 475,
  "size_x": 80,
  "size_y": 80,
  "size_z": 60,
  "snr": 2.341610756545806,
  "spacing_tr": 0.699999988079071,
  "spacing_x": 2.5,
  "spacing_y": 2.5,
  "spacing_z": 2.5,
  "summary_bg_k": 17.80255542332358,
  "summary_bg_mad": 75.63768768310547,
  "summary_bg_mean": 340.41314697265625,
  "summary_bg_median": 139.50526428222656,
  "summary_bg_n": 243893.0,
  "summary_bg_p05": 83.54525756835938,
  "summary_bg_p95": 1369.4121826171875,
  "summary_bg_stdv": 515.2218627929688,
  "summary_fg_k": 0.4474804928883125,
  "summary_fg_mad": 1640.41650390625,
  "summary_fg_mean": 4314.32470703125,
  "summary_fg_median": 4090.626220703125,
  "summary_fg_n": 79450.0,
  "summary_fg_p05": 1741.0363098144533,
  "summary_fg_p95": 7521.450732421878,
  "summary_fg_stdv": 1746.9173583984375,
  "tsnr": 43.23967742919922
}