{
  "bids_meta": {
    "AccessionNumber": "8582-001",
    "AcquisitionDateTime": "2018-10-05T10:24:30.270000",
    "AcquisitionMatrixPE": 256,
    "AcquisitionNumber": 1,
    "AcquisitionTime": "10:24:30.270000",
    "BaseResolution": 256,
    "BodyPartExamined": "BRAIN",
    "ConsistencyInfo": "N4_VE11C_LATEST_20160120",
    "ConversionSoftware": "dcm2niix",
    "ConversionSoftwareVersion": "v1.0.20210317",
    "DeviceSerialNumber": "167050",
    "DwellTime": 3e-06,
    "EchoNumber": 4,
    "FlipAngle": 8,
    "ImageComments": "Average over all echoes.",
    "ImageOrientationPatientDICOM": [
      0,
      1,
      0,
      0,
      0,
      -1
    ],
    "ImageType": [
      "ORIGINAL",
      "PRIMARY",
      "ECHO",
      "COMBINED",
      "ND",
      "NORM"
    ],
    "ImagingFrequency": 123.25,
    "InPlanePhaseEncodingDirectionDICOM": "ROW",
    "InstitutionAddress": "Michigan Ave 320,Pasadena,California,US,91025",
    "InstitutionName": "Caltech Prisma64",
    "InstitutionalDepartmentName": "Department",
    "InversionTime": 1.15,
    "MRAcquisitionType": "3D",
    "MagneticFieldStrength": 3,
    "Manufacturer": "Siemens",
    "ManufacturersModelName": "Prisma_fit",
    "Modality": "MR",
    "ParallelReductionFactorInPlane": 2,
    "PartialFourier": 1,
    "PatientBirthDate": "1987-02-01",
    "PatientID": "CC0173",
    "PatientName": "CC0173",
    "PatientPosition": "HFS",
    "PatientSex": "F",
    "PatientWeight": 48.5344,
    "PercentPhaseFOV": 100,
    "PercentSampling": 100,
    "PhaseEncodingSteps": 282,
    "PhaseOversampling": 0.1,
    "PhaseResolution": 1,
    "PixelBandwidth": 650,
    "ProcedureStepDescription": "Conte Core",
    "ProtocolName": "T1w",
    "PulseSequenceDetails": "%CustomerSeq%\\tfl_wip900D_VE11C",
    "ReceiveCoilActiveElements": "HEA;HEP",
    "ReceiveCoilName": "Head_32",
    "ReconMatrixPE": 256,
    "RefLinesPE": 32,
    "ReferringPhysicianName": "Adolphs",
    "RepetitionTime": 2.55,
    "SAR": 0.0414253,
    "ScanOptions": "IR\\WE",
    "ScanningSequence": "GR\\IR",
    "SequenceName": "tfl3d4_16ns",
    "SequenceVariant": "SK\\SP\\MP\\OSP",
    "SeriesDescription": "T1w_combEcho",
    "SeriesInstanceUID": "1.3.12.2.1107.5.2.43.167050.2018100510313879001229112.0.0.0",
    "SeriesNumber": 5,
    "ShimSetting": [
      6986,
      -3656,
      7903,
      503,
      -61,
      -113,
      -90,
      16
    ],
    "SliceThickness": 0.9,
    "SoftwareVersions": "syngo MR E11",
    "StationName": "PRISMA",
    "StudyID": "1",
    "StudyInstanceUID": "1.3.12.2.1107.5.2.43.167050.30000018081720093477500000220",
    "TxRefAmp": 232.275,
    "WipMemBlock": "WIP_Identifier: WIP#900D",
    "acq_id": "combecho",
    "dataset": "unknown",
    "modality": "T1w",
    "run_id": 2,
    "session_id": "core2p2",
    "subject_id": "CC0173"
  },
  "cjv": 0.38088141373552176,
  "cnr": 3.130322211327054,
  "efc": 0.5592992739294306,
  "fber": 1586.2608642578125,
  "fwhm_avg": 4.470003343648923,
  "fwhm_x": 4.450700117903288,
  "fwhm_y": 4.438016,
  "fwhm_z": 4.521293913043478,
  "icvs_csf": 0.18350966691377923,
  "icvs_gm": 0.4234144452199733,
  "icvs_wm": 0.3930758878662475,
  "inu_med": 1.4627963304519653,
  "inu_range": 0.4553194284439088,
  "provenance": {
    "md5sum": "a1ddf4c6fafb10471002d2ba99f2b4d5",
    "settings": {
      "testing": false
    },
    "software": "mriqc",
    "version": "0.15.0",
    "warnings": {
      "large_rot_frame": false,
      "small_air_mask": false
    },
    "webapi_port": null,
    "webapi_url": "https://mriqc.nimh.nih.gov/api/v1"
  },
  "qi_1": 0.0,
  "qi_2": 0.00960818354741726,
  "rpve_csf": 26.180093082252306,
  "rpve_gm": 12.208042191524445,
  "rpve_wm": 15.20080215676557,
  "size_x": 208,
  "size_y": 256,
  "size_z": 256,
  "snr_csf": 3.5317169433730045,
  "snr_gm": 12.407600875228185,
  "snr_total": 15.161288967692625,
  "snr_wm": 29.544549084476685,
  "snrd_csf": 52.57592716432458,
  "snrd_gm": 114.44762528933944,
  "snrd_total": 104.8046606612415,
  "snrd_wm": 147.39042953006046,
  "spacing_x": 0.8999999761581421,
  "spacing_y": 0.8984375,
  "spacing_z": 0.8984375,
  "summary_bg_k": 3.5655925348981707,
  "summary_bg_mad": 4.444934844970703,
  "summary_bg_mean": 11.058277130126953,
  "summary_bg_median": 8.965177536010742,
  "summary_bg_n": 3130264.0,
  "summary_bg_p05": 2.9896717071533203,
  "summary_bg_p95": 23.347137641906766,
  "summary_bg_stdv": 6.000133037567139,
  "summary_csf_k": 12.33446178091838,
  "summary_csf_mad": 81.0046157836914,
  "summary_csf_mean": 381.69110107421875,
  "summary_csf_median": 356.7143859863281,
  "summary_csf_n": 54123.0,
  "summary_csf_p05": 262.59148254394535,
  "summary_csf_p95": 571.3548950195312,
  "summary_csf_stdv": 101.0021743774414,
  "summary_gm_k": 0.8464440576125711,
  "summary_gm_mad": 54.99374008178711,
  "summary_gm_mean": 782.3298950195312,
  "summary_gm_median": 776.4982299804688,
  "summary_gm_n": 45236.0,
  "summary_gm_p05": 690.5530548095703,
  "summary_gm_p95": 898.8779144287109,
  "summary_gm_stdv": 62.58177185058594,
  "summary_wm_k": 1.0814360523506803,
  "summary_wm_mad": 30.136533737182617,
  "summary_wm_mean": 998.9049072265625,
  "summary_wm_median": 1000.0068359375,
  "summary_wm_n": 323161.0,
  "summary_wm_p05": 940.812255859375,
  "summary_wm_p95": 1051.74853515625,
  "summary_wm_stdv": 33.84737014770508,
  "tpm_overlap_csf": 0.25105419754981995,
  "tpm_overlap_gm": 0.5175775289535522,
  "tpm_overlap_wm": 0.5701935887336731,
  "wm2max": 0.7029119957885142
}