{
  "aor": 0.0017453966005665724,
  "aqi": 0.009971934886685551,
  "bids_meta": {
    "AccessionNumber": "8687-017",
    "AcquisitionDateTime": "2019-01-25T11:06:20.802500",
    "AcquisitionMatrixPE": 80,
    "AcquisitionNumber": 1,
    "AcquisitionTime": "11:06:20.802500",
    "BandwidthPerPixelPhaseEncode": 23.191,
    "BaseResolution": 80,
    "BodyPartExamined": "BRAIN",
    "ConsistencyInfo": "N4_VE11C_LATEST_20160120",
    "ConversionSoftware": "dcm2niix",
    "ConversionSoftwareVersion": "v1.0.20210317",
    "DerivedVendorReportedEchoSpacing": 0.000490002,
    "DeviceSerialNumber": "167050",
    "DwellTime": 2.3e-06,
    "EchoTime": 0.03,
    "EchoTrainLength": 88,
    "EffectiveEchoSpacing": 0.000539002,
    "FlipAngle": 53,
    "ImageComments": "Unaliased MB6/PE3/LB",
    "ImageOrientationPatientDICOM": [
      1,
      0,
      0,
      0,
      0.939693,
      -0.34202
    ],
    "ImageType": [
      "ORIGINAL",
      "PRIMARY",
      "M",
      "MB",
      "ND",
      "MOSAIC"
    ],
    "ImagingFrequency": 123.25,
    "InPlanePhaseEncodingDirectionDICOM": "COL",
    "InstitutionAddress": "Michigan Ave 320,Pasadena,California,US,91025",
    "InstitutionName": "Caltech Prisma64",
    "InstitutionalDepartmentName": "Department",
    "MRAcquisitionType": "2D",
    "MagneticFieldStrength": 3,
    "Manufacturer": "Siemens",
    "ManufacturersModelName": "Prisma_fit",
    "Modality": "MR",
    "MultibandAccelerationFactor": 6,
    "PartialFourier": 1,
    "PatientBirthDate": "1980-09-01",
    "PatientID": "CC0049",
    "PatientName": "CC0049",
    "PatientPosition": "HFS",
    "PatientSex": "M",
    "PatientWeight": 70.3068,
    "PercentPhaseFOV": 100,
    "PercentSampling": 100,
    "PhaseEncodingDirection": "j-",
    "PhaseEncodingSteps": 88,
    "PhaseOversampling": 0.1,
    "PhaseResolution": 1,
    "PixelBandwidth": 2715,
    "ProtocolName": "task-bang_bold",
    "PulseSequenceDetails": "%CustomerSeq%\\cmrr_mbep2d_bold",
    "ReceiveCoilActiveElements": "HEA;HEP",
    "ReceiveCoilName": "Head_32",
    "ReconMatrixPE": 80,
    "ReferringPhysicianName": "Adolphs",
    "RepetitionTime": 0.7,
    "SAR": 0.0779807,
    "ScanOptions": "FS\\EXT",
    "ScanningSequence": "EP",
    "SequenceName": "epfid2d1_80",
    "SequenceVariant": "SK\\SS\\OSP",
    "SeriesDescription": "task-bang_bold",
    "SeriesInstanceUID": "1.3.12.2.1107.5.2.43.167050.2019012511031714996506250.0.0.0",
    "SeriesNumber": 24,
    "ShimSetting": [
      6988,
      -3675,
      7928,
      471,
      8,
      -153,
      -16,
      -13
    ],
    "SliceThickness": 2.5,
    "SliceTiming": [
      0,
      0.475,
      0.27,
      0.0675,
      0.5425,
      0.3375,
      0.135,
      0.61,
      0.4075,
      0.2025,
      0,
      0.475,
      0.27,
      0.0675,
      0.5425,
      0.3375,
      0.135,
      0.61,
      0.4075,
      0.2025,
      0,
      0.475,
      0.27,
      0.0675,
      0.5425,
      0.3375,
      0.135,
      0.61,
      0.4075,
      0.2025,
      0,
      0.475,
      0.27,
      0.0675,
      0.5425,
      0.3375,
      0.135,
      0.61,
      0.4075,
      0.2025,
      0,
      0.475,
      0.27,
      0.0675,
      0.5425,
      0.3375,
      0.135,
      0.61,
      0.4075,
      0.2025,
      0,
      0.475,
      0.27,
      0.0675,
      0.5425,
      0.3375,
      0.135,
      0.61,
      0.4075,
      0.2025
    ],
    "SoftwareVersions": "syngo MR E11",
    "SpacingBetweenSlices": 2.5,
    "StationName": "PRISMA",
    "StudyID": "1",
    "StudyInstanceUID": "1.3.12.2.1107.5.2.43.167050.30000019012122271046500000034",
    "TaskName": "bang",
    "TotalReadoutTime": 0.0425812,
    "TxRefAmp": 254.22,
    "WipMemBlock": "1ce23919-5d58-471d-a8c0-a7b049ad09c3||Sequence: R016 ve11c/master r/e634e98; Dec 19 2017 11:00:25 by eja",
    "dataset": "unknown",
    "modality": "bold",
    "run_id": 1,
    "session_id": "core2p2",
    "subject_id": "CC0049",
    "task_id": "bang"
  },
  "dummy_trs": 4,
  "dvars_nstd": 28.58467925601419,
  "dvars_std": 0.9669755813475176,
  "dvars_vstd": 1.010202982411348,
  "efc": 0.5422931294952362,
  "fber": 705.8173217773438,
  "fd_mean": 0.12104431273001237,
  "fd_num": 112,
  "fd_perc": 15.864022662889518,
  "fwhm_avg": 2.843416,
  "fwhm_x": 2.62878,
  "fwhm_y": 3.008484,
  "fwhm_z": 2.8929839999999998,
  "gcor": 0.00518695,
  "gsr_x": -0.005027635954320431,
  "gsr_y": 0.09422643482685089,
  "provenance": {
    "md5sum": "e23340c9ad2cdbb7be022bb05e15aea1",
    "settings": {
      "fd_thres": 0.2,
      "hmc_fsl": false
    },
    "software": "mriqc",
    "version": "0.15.0",
    "webapi_port": null,
    "webapi_url": "https://mriqc.nimh.nih.gov/api/v1"
  },
  "size_t": 706,
  "size_x": 80,
  "size_y": 80,
  "size_z": 60,
  "snr": 2.0223688396580903,
  "spacing_tr": 0.699999988079071,
  "spacing_x": 2.5,
  "spacing_y": 2.5,
  "spacing_z": 2.5,
  "summary_bg_k": 18.429716702671467,
  "summary_bg_mad": 80.52041625976562,
  "summary_bg_mean": 427.33245849609375,
  "summary_bg_median": 144.11331176757812,
  "summary_bg_n": 230122.0,
  "summary_bg_p05": 82.68420639038087,
  "summary_bg_p95": 1969.690808105466,
  "summary_bg_stdv": 748.68310546875,
  "summary_fg_k": 0.826544451675475,
  "summary_fg_mad": 1869.203369140625,
  "summary_fg_mean": 4652.59033203125,
  "summary_fg_median": 4209.58984375,
  "summary_fg_n": 90806.0,
  "summary_fg_p05": 2000.3519287109375,
  "summary_fg_p95": 8684.05322265625,
  "summary_fg_stdv": 2081.5029296875,
  "tsnr": 34.08130645751953
}