{
  "aor": 0.0012139451476793248,
  "aqi": 0.008720261265822786,
  "bids_meta": {
    "AccessionNumber": "8687-017",
    "AcquisitionDateTime": "2019-01-25T11:34:59.045000",
    "AcquisitionMatrixPE": 80,
    "AcquisitionNumber": 1,
    "AcquisitionTime": "11:34:59.045000",
    "BandwidthPerPixelPhaseEncode": 23.191,
    "BaseResolution": 80,
    "BodyPartExamined": "BRAIN",
    "ConsistencyInfo": "N4_VE11C_LATEST_20160120",
    "ConversionSoftware": "dcm2niix",
    "ConversionSoftwareVersion": "v1.0.20210317",
    "DerivedVendorReportedEchoSpacing": 0.000490002,
    "DeviceSerialNumber": "167050",
    "DwellTime": 2.3e-06,
    "EchoTime": 0.03,
    "EchoTrainLength": 88,
    "EffectiveEchoSpacing": 0.000539002,
    "FlipAngle": 53,
    "ImageComments": "Unaliased MB6/PE3/LB",
    "ImageOrientationPatientDICOM": [
      1,
      0,
      0,
      0,
      0.939693,
      -0.34202
    ],
    "ImageType": [
      "ORIGINAL",
      "PRIMARY",
      "M",
      "MB",
      "ND",
      "MOSAIC"
    ],
    "ImagingFrequency": 123.25,
    "InPlanePhaseEncodingDirectionDICOM": "COL",
    "InstitutionAddress": "Michigan Ave 320,Pasadena,California,US,91025",
    "InstitutionName": "Caltech Prisma64",
    "InstitutionalDepartmentName": "Department",
    "MRAcquisitionType": "2D",
    "MagneticFieldStrength": 3,
    "Manufacturer": "Siemens",
    "ManufacturersModelName": "Prisma_fit",
    "Modality": "MR",
    "MultibandAccelerationFactor": 6,
    "PartialFourier": 1,
    "PatientBirthDate": "1980-09-01",
    "PatientID": "CC0049",
    "PatientName": "CC0049",
    "PatientPosition": "HFS",
    "PatientSex": "M",
    "PatientWeight": 70.3068,
    "PercentPhaseFOV": 100,
    "PercentSampling": 100,
    "PhaseEncodingDirection": "j-",
    "PhaseEncodingSteps": 88,
    "PhaseOversampling": 0.1,
    "PhaseResolution": 1,
    "PixelBandwidth": 2715,
    "ProtocolName": "task-pixar_run-01_bold",
    "PulseSequenceDetails": "%CustomerSeq%\\cmrr_mbep2d_bold",
    "ReceiveCoilActiveElements": "HEA;HEP",
    "ReceiveCoilName": "Head_32",
    "ReconMatrixPE": 80,
    "ReferringPhysicianName": "Adolphs",
    "RepetitionTime": 0.7,
    "SAR": 0.0777808,
    "ScanOptions": "FS\\EXT",
    "ScanningSequence": "EP",
    "SequenceName": "epfid2d1_80",
    "SequenceVariant": "SK\\SS\\OSP",
    "SeriesDescription": "task-pixar_run-01_bold",
    "SeriesInstanceUID": "1.3.12.2.1107.5.2.43.167050.2019012511324182461833152.0.0.0",
    "SeriesNumber": 34,
    "ShimSetting": [
      6988,
      -3675,
      7928,
      471,
      8,
      -153,
      -16,
      -13
    ],
    "SliceThickness": 2.5,
    "SliceTiming": [
      0,
      0.475,
      0.2725,
      0.0675,
      0.5425,
      0.34,
      0.135,
      0.6125,
      0.4075,
      0.2025,
      0,
      0.475,
      0.2725,
      0.0675,
      0.5425,
      0.34,
      0.135,
      0.6125,
      0.4075,
      0.2025,
      0,
      0.475,
      0.2725,
      0.0675,
      0.5425,
      0.34,
      0.135,
      0.6125,
      0.4075,
      0.2025,
      0,
      0.475,
      0.2725,
      0.0675,
      0.5425,
      0.34,
      0.135,
      0.6125,
      0.4075,
      0.2025,
      0,
      0.475,
      0.2725,
      0.0675,
      0.5425,
      0.34,
      0.135,
      0.6125,
      0.4075,
      0.2025,
      0,
      0.475,
      0.2725,
      0.0675,
      0.5425,
      0.34,
      0.135,
      0.6125,
      0.4075,
      0.2025
    ],
    "SoftwareVersions": "syngo MR E11",
    "SpacingBetweenSlices": 2.5,
    "StationName": "PRISMA",
    "StudyID": "1",
    "StudyInstanceUID": "1.3.12.2.1107.5.2.43.167050.30000019012122271046500000034",
    "TaskName": "pixar",
    "TotalReadoutTime": 0.0425812,
    "TxRefAmp": 254.22,
    "WipMemBlock": "1cb98c10-a5a1-4fd1-92a0-531453fff737||Sequence: R016 ve11c/master r/e634e98; Dec 19 2017 11:00:25 by eja",
    "dataset": "unknown",
    "modality": "bold",
    "run_id": 1,
    "session_id": "core2p2",
    "subject_id": "CC0049",
    "task_id": "pixar"
  },
  "dummy_trs": 2,
  "dvars_nstd": 29.481525521881636,
  "dvars_std": 0.9943154116279075,
  "dvars_vstd": 0.9850359991543347,
  "efc": 0.5450357697260402,
  "fber": 666.4468994140625,
  "fd_mean": 0.11269891878287949,
  "fd_num": 57,
  "fd_perc": 12.025316455696203,
  "fwhm_avg": 2.8122893333333336,
  "fwhm_x": 2.607084,
  "fwhm_y": 2.986992,
  "fwhm_z": 2.842792,
  "gcor": 0.00827418,
  "gsr_x": -0.002980385208502412,
  "gsr_y": 0.09609626233577728,
  "provenance": {
    "md5sum": "5db5ba226979589d56973e05d3831987",
    "settings": {
      "fd_thres": 0.2,
      "hmc_fsl": false
    },
    "software": "mriqc",
    "version": "0.15.0",
    "webapi_port": null,
    "webapi_url": "https://mriqc.nimh.nih.gov/api/v1"
  },
  "size_t": 474,
  "size_x": 80,
  "size_y": 80,
  "size_z": 60,
  "snr": 2.047596970310168,
  "spacing_tr": 0.699999988079071,
  "spacing_x": 2.5,
  "spacing_y": 2.5,
  "spacing_z": 2.5,
  "summary_bg_k": 18.357067621411165,
  "summary_bg_mad": 81.70263671875,
  "summary_bg_mean": 426.5342102050781,
  "summary_bg_median": 146.27003479003906,
  "summary_bg_n": 229810.0,
  "summary_bg_p05": 85.07172393798828,
  "summary_bg_p95": 1978.1220764160153,
  "summary_bg_stdv": 746.2271118164062,
  "summary_fg_k": 0.7312251389770057,
  "summary_fg_mad": 1844.920166015625,
  "summary_fg_mean": 4591.10595703125,
  "summary_fg_median": 4169.06103515625,
  "summary_fg_n": 91110.0,
  "summary_fg_p05": 1982.0294189453125,
  "summary_fg_p95": 8512.231201171875,
  "summary_fg_stdv": 2036.0638427734375,
  "tsnr": 35.65828323364258
}