{
  "bids_meta": {
    "AccessionNumber": "6514-008",
    "AcquisitionDateTime": "2013-03-20T16:29:31.372500",
    "AcquisitionMatrixPE": 256,
    "AcquisitionNumber": 1,
    "AcquisitionTime": "16:29:31.372500",
    "BaseResolution": 256,
    "CoilString": "C:HEA;HEP",
    "ConversionSoftware": "dcm2niix",
    "ConversionSoftwareVersion": "v1.0.20210317",
    "DeviceSerialNumber": "35077",
    "DwellTime": 1.09e-05,
    "EchoTime": 0.00291,
    "FlipAngle": 10,
    "ImageOrientationPatientDICOM": [
      0,
      1,
      0,
      0,
      0,
      -1
    ],
    "ImageType": [
      "ORIGINAL",
      "PRIMARY",
      "M",
      "ND",
      "NORM"
    ],
    "ImagingFrequency": 123.229,
    "InPlanePhaseEncodingDirectionDICOM": "ROW",
    "InstitutionAddress": "Wilson Avenue 340 ,Pasadena,California,US,91025",
    "InstitutionName": "Caltech Tim32",
    "InstitutionalDepartmentName": "Department",
    "InversionTime": 0.8,
    "MRAcquisitionType": "3D",
    "MagneticFieldStrength": 3,
    "Manufacturer": "Siemens",
    "ManufacturersModelName": "TrioTim",
    "Modality": "MR",
    "PartialFourier": 1,
    "PatientBirthDate": "1991-01-01",
    "PatientID": "adolphs",
    "PatientName": "CC0009",
    "PatientPosition": "HFS",
    "PatientSex": "M",
    "PatientWeight": 62.1422,
    "PercentPhaseFOV": 100,
    "PercentSampling": 100,
    "PhaseEncodingSteps": 256,
    "PhaseResolution": 1,
    "PixelBandwidth": 179,
    "ProcedureStepDescription": "Conte^Core",
    "ProtocolName": "T1_2",
    "PulseSequenceDetails": "%SiemensSeq%\\tfl",
    "ReceiveCoilName": "32Ch_Head",
    "ReconMatrixPE": 256,
    "RepetitionTime": 1.5,
    "SAR": 0.131648,
    "ScanOptions": "IR",
    "ScanningSequence": "GR\\IR",
    "SequenceName": "*tfl3d1",
    "SequenceVariant": "SP\\MP",
    "SeriesDescription": "T1_2",
    "SeriesInstanceUID": "1.3.12.2.1107.5.2.32.35077.2013032016291089295701431.0.0.0",
    "SeriesNumber": 13,
    "ShimSetting": [
      9559,
      -10544,
      15687,
      549,
      -67,
      -114,
      184,
      42
    ],
    "SliceThickness": 1,
    "SoftwareVersions": "syngo MR B17",
    "StationName": "MEDPC",
    "StudyID": "1",
    "StudyInstanceUID": "1.3.12.2.1107.5.2.32.35077.30000013031916254787500000028",
    "TxRefAmp": 299.066,
    "dataset": "unknown",
    "modality": "T1w",
    "run_id": 2,
    "session_id": "core1p1",
    "subject_id": "CC0009"
  },
  "cjv": 0.5259744877841188,
  "cnr": 2.583649115888602,
  "efc": 0.5716996551600187,
  "fber": 4455.60791015625,
  "fwhm_avg": 4.475953333333333,
  "fwhm_x": 4.47718,
  "fwhm_y": 4.56294,
  "fwhm_z": 4.38774,
  "icvs_csf": 0.21729973237816463,
  "icvs_gm": 0.42680872316515756,
  "icvs_wm": 0.3558915444566778,
  "inu_med": 1.5177700519561768,
  "inu_range": 0.41357433795928955,
  "provenance": {
    "md5sum": "41c49192230307e8780047769c7d711b",
    "settings": {
      "testing": false
    },
    "software": "mriqc",
    "version": "0.15.0",
    "warnings": {
      "large_rot_frame": true,
      "small_air_mask": false
    },
    "webapi_port": null,
    "webapi_url": "https://mriqc.nimh.nih.gov/api/v1"
  },
  "qi_1": 0.0003871962154051971,
  "qi_2": 0.013674017939716206,
  "rpve_csf": 21.53914802945781,
  "rpve_gm": 11.468754076445553,
  "rpve_wm": 16.199558615769224,
  "size_x": 176,
  "size_y": 256,
  "size_z": 256,
  "snr_csf": 3.6564716020911723,
  "snr_gm": 11.58412176575379,
  "snr_total": 15.057288443578628,
  "snr_wm": 29.931271962890918,
  "snrd_csf": 74.86818510550889,
  "snrd_gm": 140.59478768016155,
  "snrd_total": 130.34455327981428,
  "snrd_wm": 175.5706870537724,
  "spacing_x": 1.0,
  "spacing_y": 1.0,
  "spacing_z": 1.0,
  "summary_bg_k": 29.406283598816934,
  "summary_bg_mad": 3.731476068496704,
  "summary_bg_mean": 6.443198204040527,
  "summary_bg_median": 5.0191545486450195,
  "summary_bg_n": 2194594.0,
  "summary_bg_p05": 0.0,
  "summary_bg_p95": 17.673432731628417,
  "summary_bg_stdv": 7.099138259887695,
  "summary_csf_k": -0.8521601773977543,
  "summary_csf_mad": 138.58255004882812,
  "summary_csf_mean": 442.8437194824219,
  "summary_csf_median": 426.42852783203125,
  "summary_csf_n": 38191.0,
  "summary_csf_p05": 281.853759765625,
  "summary_csf_p95": 635.4726257324219,
  "summary_csf_stdv": 116.62142944335938,
  "summary_gm_k": -0.5430299801825202,
  "summary_gm_mad": 76.09159088134766,
  "summary_gm_mean": 801.069091796875,
  "summary_gm_median": 800.7891235351562,
  "summary_gm_n": 51879.0,
  "summary_gm_p05": 689.2148864746094,
  "summary_gm_p95": 913.9137817382812,
  "summary_gm_stdv": 69.12750244140625,
  "summary_wm_k": 2.273204541392876,
  "summary_wm_mad": 28.689403533935547,
  "summary_wm_mean": 1000.3235473632812,
  "summary_wm_median": 1000.002197265625,
  "summary_wm_n": 242805.0,
  "summary_wm_p05": 948.0211303710938,
  "summary_wm_p95": 1052.7282958984374,
  "summary_wm_stdv": 33.40987777709961,
  "tpm_overlap_csf": 0.2215968519449234,
  "tpm_overlap_gm": 0.5012610554695129,
  "tpm_overlap_wm": 0.547706663608551,
  "wm2max": 0.5639880266348551
}