{
  "bids_meta": {
    "AccessionNumber": "8693-012",
    "AcquisitionDateTime": "2019-01-29T13:14:55.362500",
    "AcquisitionMatrixPE": 256,
    "AcquisitionNumber": 1,
    "AcquisitionTime": "13:14:55.362500",
    "BaseResolution": 256,
    "BodyPartExamined": "BRAIN",
    "ConsistencyInfo": "N4_VE11C_LATEST_20160120",
    "ConversionSoftware": "dcm2niix",
    "ConversionSoftwareVersion": "v1.0.20210317",
    "DeviceSerialNumber": "167050",
    "DwellTime": 3e-06,
    "EchoNumber": 4,
    "FlipAngle": 8,
    "ImageComments": "Average over all echoes.",
    "ImageOrientationPatientDICOM": [
      0,
      1,
      0,
      0,
      0,
      -1
    ],
    "ImageType": [
      "ORIGINAL",
      "PRIMARY",
      "ECHO",
      "COMBINED",
      "ND"
    ],
    "ImagingFrequency": 123.25,
    "InPlanePhaseEncodingDirectionDICOM": "ROW",
    "InstitutionAddress": "Michigan Ave 320,Pasadena,California,US,91025",
    "InstitutionName": "Caltech Prisma64",
    "InstitutionalDepartmentName": "Department",
    "InversionTime": 1.15,
    "MRAcquisitionType": "3D",
    "MagneticFieldStrength": 3,
    "Manufacturer": "Siemens",
    "ManufacturersModelName": "Prisma_fit",
    "Modality": "MR",
    "ParallelReductionFactorInPlane": 2,
    "PartialFourier": 1,
    "PatientBirthDate": "1987-05-01",
    "PatientID": "CC0111",
    "PatientName": "CC0111",
    "PatientPosition": "HFS",
    "PatientSex": "F",
    "PatientWeight": 58.967,
    "PercentPhaseFOV": 100,
    "PercentSampling": 100,
    "PhaseEncodingSteps": 282,
    "PhaseOversampling": 0.1,
    "PhaseResolution": 1,
    "PixelBandwidth": 650,
    "ProtocolName": "T1w",
    "PulseSequenceDetails": "%CustomerSeq%\\tfl_wip900D_VE11C",
    "ReceiveCoilActiveElements": "HEA;HEP",
    "ReceiveCoilName": "Head_32",
    "ReconMatrixPE": 256,
    "RefLinesPE": 32,
    "ReferringPhysicianName": "Adolphs",
    "RepetitionTime": 2.55,
    "SAR": 0.0482347,
    "ScanOptions": "IR\\WE",
    "ScanningSequence": "GR\\IR",
    "SequenceName": "tfl3d4_16ns",
    "SequenceVariant": "SK\\SP\\MP\\OSP",
    "SeriesDescription": "T1w_combEcho",
    "SeriesInstanceUID": "1.3.12.2.1107.5.2.43.167050.2019012913220353416757965.0.0.0",
    "SeriesNumber": 3,
    "ShimSetting": [
      6971,
      -3651,
      7921,
      452,
      -99,
      -197,
      2,
      16
    ],
    "SliceThickness": 0.9,
    "SoftwareVersions": "syngo MR E11",
    "StationName": "PRISMA",
    "StudyID": "1",
    "StudyInstanceUID": "1.3.12.2.1107.5.2.43.167050.30000019012122271046500000058",
    "TxRefAmp": 254.154,
    "WipMemBlock": "WIP_Identifier: WIP#900D",
    "acq_id": "combecho",
    "dataset": "unknown",
    "modality": "T1w",
    "run_id": 1,
    "session_id": "core2p2",
    "subject_id": "CC0111"
  },
  "cjv": 0.5999295002808288,
  "cnr": 2.133155921582454,
  "efc": 0.5851300552937658,
  "fber": 256.9734191894531,
  "fwhm_avg": 6.0829155507180355,
  "fwhm_x": 6.017166826067151,
  "fwhm_y": 5.926711652173912,
  "fwhm_z": 6.304868173913044,
  "icvs_csf": 0.1793797097048303,
  "icvs_gm": 0.4106741196317108,
  "icvs_wm": 0.4099461706634589,
  "inu_med": 1.8187532424926758,
  "inu_range": 1.6846500456333164,
  "provenance": {
    "md5sum": "cc96376188891d8e0ae0f0235b81cea1",
    "settings": {
      "testing": false
    },
    "software": "mriqc",
    "version": "0.15.0",
    "warnings": {
      "large_rot_frame": false,
      "small_air_mask": false
    },
    "webapi_port": null,
    "webapi_url": "https://mriqc.nimh.nih.gov/api/v1"
  },
  "qi_1": 0.0,
  "qi_2": 0.008259218630512372,
  "rpve_csf": 28.51957086387115,
  "rpve_gm": 12.055517320899664,
  "rpve_wm": 13.580247685764324,
  "size_x": 208,
  "size_y": 256,
  "size_z": 256,
  "snr_csf": 3.649216982696732,
  "snr_gm": 12.269390871070783,
  "snr_total": 9.015981387531262,
  "snr_wm": 11.129336308826273,
  "snrd_csf": 18.791986836435512,
  "snrd_gm": 42.792214734972035,
  "snrd_total": 39.167423183043105,
  "snrd_wm": 55.918067977721776,
  "spacing_x": 0.8999999761581421,
  "spacing_y": 0.8984375,
  "spacing_z": 0.8984375,
  "summary_bg_k": 1.8749180233032545,
  "summary_bg_mad": 11.71565055847168,
  "summary_bg_mean": 41.75800323486328,
  "summary_bg_median": 40.26547622680664,
  "summary_bg_n": 3658534.0,
  "summary_bg_p05": 24.27098159790039,
  "summary_bg_p95": 62.357310104370086,
  "summary_bg_stdv": 12.054512977600098,
  "summary_csf_k": 2.788267518841642,
  "summary_csf_mad": 73.8515396118164,
  "summary_csf_mean": 359.1094970703125,
  "summary_csf_median": 336.0527038574219,
  "summary_csf_n": 42799.0,
  "summary_csf_p05": 250.28871154785156,
  "summary_csf_p95": 544.0518737792968,
  "summary_csf_stdv": 92.0879135131836,
  "summary_gm_k": 0.00473618268955045,
  "summary_gm_mad": 63.185829162597656,
  "summary_gm_mean": 768.8131713867188,
  "summary_gm_median": 765.2431640625,
  "summary_gm_n": 34048.0,
  "summary_gm_p05": 672.9518585205078,
  "summary_gm_p95": 876.6728363037109,
  "summary_gm_stdv": 62.36918640136719,
  "summary_wm_k": 0.9092044383351716,
  "summary_wm_mad": 77.63356018066406,
  "summary_wm_mean": 1021.0289306640625,
  "summary_wm_median": 999.9697265625,
  "summary_wm_n": 204709.0,
  "summary_wm_p05": 910.9203613281251,
  "summary_wm_p95": 1197.3173828125,
  "summary_wm_stdv": 89.84967803955078,
  "tpm_overlap_csf": 0.23131266236305237,
  "tpm_overlap_gm": 0.45887666940689087,
  "tpm_overlap_wm": 0.47982528805732727,
  "wm2max": 0.610007723852356
}