{
  "bids_meta": {
    "AccessionNumber": "8693-012",
    "AcquisitionDateTime": "2019-01-29T13:14:55.367500",
    "AcquisitionMatrixPE": 256,
    "AcquisitionNumber": 1,
    "AcquisitionTime": "13:14:55.367500",
    "BaseResolution": 256,
    "BodyPartExamined": "BRAIN",
    "ConsistencyInfo": "N4_VE11C_LATEST_20160120",
    "ConversionSoftware": "dcm2niix",
    "ConversionSoftwareVersion": "v1.0.20210317",
    "DeviceSerialNumber": "167050",
    "DwellTime": 3e-06,
    "EchoNumber": 4,
    "FlipAngle": 8,
    "ImageComments": "Average over all echoes.",
    "ImageOrientationPatientDICOM": [
      0,
      1,
      0,
      0,
      0,
      -1
    ],
    "ImageType": [
      "ORIGINAL",
      "PRIMARY",
      "ECHO",
      "COMBINED",
      "ND",
      "NORM"
    ],
    "ImagingFrequency": 123.25,
    "InPlanePhaseEncodingDirectionDICOM": "ROW",
    "InstitutionAddress": "Michigan Ave 320,Pasadena,California,US,91025",
    "InstitutionName": "Caltech Prisma64",
    "InstitutionalDepartmentName": "Department",
    "InversionTime": 1.15,
    "MRAcquisitionType": "3D",
    "MagneticFieldStrength": 3,
    "Manufacturer": "Siemens",
    "ManufacturersModelName": "Prisma_fit",
    "Modality": "MR",
    "ParallelReductionFactorInPlane": 2,
    "PartialFourier": 1,
    "PatientBirthDate": "1987-05-01",
    "PatientID": "CC0111",
    "PatientName": "CC0111",
    "PatientPosition": "HFS",
    "PatientSex": "F",
    "PatientWeight": 58.967,
    "PercentPhaseFOV": 100,
    "PercentSampling": 100,
    "PhaseEncodingSteps": 282,
    "PhaseOversampling": 0.1,
    "PhaseResolution": 1,
    "PixelBandwidth": 650,
    "ProtocolName": "T1w",
    "PulseSequenceDetails": "%CustomerSeq%\\tfl_wip900D_VE11C",
    "ReceiveCoilActiveElements": "HEA;HEP",
    "ReceiveCoilName": "Head_32",
    "ReconMatrixPE": 256,
    "RefLinesPE": 32,
    "ReferringPhysicianName": "Adolphs",
    "RepetitionTime": 2.55,
    "SAR": 0.0482347,
    "ScanOptions": "IR\\WE",
    "ScanningSequence": "GR\\IR",
    "SequenceName": "tfl3d4_16ns",
    "SequenceVariant": "SK\\SP\\MP\\OSP",
    "SeriesDescription": "T1w_combEcho",
    "SeriesInstanceUID": "1.3.12.2.1107.5.2.43.167050.2019012913220353477157967.0.0.0",
    "SeriesNumber": 5,
    "ShimSetting": [
      6971,
      -3651,
      7921,
      452,
      -99,
      -197,
      2,
      16
    ],
    "SliceThickness": 0.9,
    "SoftwareVersions": "syngo MR E11",
    "StationName": "PRISMA",
    "StudyID": "1",
    "StudyInstanceUID": "1.3.12.2.1107.5.2.43.167050.30000019012122271046500000058",
    "TxRefAmp": 254.154,
    "WipMemBlock": "WIP_Identifier: WIP#900D",
    "acq_id": "combecho",
    "dataset": "unknown",
    "modality": "T1w",
    "run_id": 2,
    "session_id": "core2p2",
    "subject_id": "CC0111"
  },
  "cjv": 0.48656420515406357,
  "cnr": 2.554431154764306,
  "efc": 0.5819629701626884,
  "fber": 1763.080810546875,
  "fwhm_avg": 4.3246628720718645,
  "fwhm_x": 4.295811224911245,
  "fwhm_y": 4.298017391304348,
  "fwhm_z": 4.38016,
  "icvs_csf": 0.19446751966362216,
  "icvs_gm": 0.42760934996628586,
  "icvs_wm": 0.377923130370092,
  "inu_med": 1.502789855003357,
  "inu_range": 0.535850775241852,
  "provenance": {
    "md5sum": "fb63b1090634a871fc2d0a0edbbced0f",
    "settings": {
      "testing": false
    },
    "software": "mriqc",
    "version": "0.15.0",
    "warnings": {
      "large_rot_frame": false,
      "small_air_mask": false
    },
    "webapi_port": null,
    "webapi_url": "https://mriqc.nimh.nih.gov/api/v1"
  },
  "qi_1": 0.0,
  "qi_2": 0.013186186045818764,
  "rpve_csf": 25.71730399495406,
  "rpve_gm": 12.406425716164595,
  "rpve_wm": 16.165462888040818,
  "size_x": 208,
  "size_y": 256,
  "size_z": 256,
  "snr_csf": 3.454225164166991,
  "snr_gm": 11.330244756215643,
  "snr_total": 12.199175006858384,
  "snr_wm": 21.81305510019252,
  "snrd_csf": 39.66278576820835,
  "snrd_gm": 88.47002826949843,
  "snrd_total": 80.19546585977442,
  "snrd_wm": 112.45358354161648,
  "spacing_x": 0.8999999761581421,
  "spacing_y": 0.8984375,
  "spacing_z": 0.8984375,
  "summary_bg_k": 2.512216407637987,
  "summary_bg_mad": 5.825953006744385,
  "summary_bg_mean": 13.257362365722656,
  "summary_bg_median": 11.78504467010498,
  "summary_bg_n": 3694044.0,
  "summary_bg_p05": 3.92927885055542,
  "summary_bg_p95": 27.325318431854246,
  "summary_bg_stdv": 6.933771133422852,
  "summary_csf_k": 4.103137270426082,
  "summary_csf_mad": 84.4559326171875,
  "summary_csf_mean": 378.0403137207031,
  "summary_csf_median": 352.7105712890625,
  "summary_csf_n": 48404.0,
  "summary_csf_p05": 259.8612457275391,
  "summary_csf_p95": 579.4470184326167,
  "summary_csf_stdv": 102.10884094238281,
  "summary_gm_k": 0.5683962617532052,
  "summary_gm_mad": 64.246337890625,
  "summary_gm_mean": 793.4674072265625,
  "summary_gm_median": 786.7403564453125,
  "summary_gm_n": 36892.0,
  "summary_gm_p05": 691.7606872558594,
  "summary_gm_p95": 920.5255645751952,
  "summary_gm_stdv": 69.43624877929688,
  "summary_wm_k": 1.1909723782344415,
  "summary_wm_mad": 39.52776336669922,
  "summary_wm_mean": 998.0215454101562,
  "summary_wm_median": 1000.0197143554688,
  "summary_wm_n": 284476.0,
  "summary_wm_p05": 917.1695098876953,
  "summary_wm_p95": 1068.2788391113281,
  "summary_wm_stdv": 45.84492874145508,
  "tpm_overlap_csf": 0.24264869093894958,
  "tpm_overlap_gm": 0.5089318752288818,
  "tpm_overlap_wm": 0.5523844361305237,
  "wm2max": 0.6470960729541005
}