{
  "bids_meta": {
    "AccessionNumber": "7683-016",
    "AcquisitionDateTime": "2015-01-06T10:58:38.392500",
    "AcquisitionMatrixPE": 256,
    "AcquisitionNumber": 1,
    "AcquisitionTime": "10:58:38.392500",
    "BaseResolution": 256,
    "CoilString": "C:HEA;HEP",
    "ConversionSoftware": "dcm2niix",
    "ConversionSoftwareVersion": "v1.0.20210317",
    "DeviceSerialNumber": "35077",
    "DwellTime": 1.09e-05,
    "EchoTime": 0.00291,
    "FlipAngle": 10,
    "ImageOrientationPatientDICOM": [
      0,
      1,
      0,
      0,
      0,
      -1
    ],
    "ImageType": [
      "ORIGINAL",
      "PRIMARY",
      "M",
      "ND",
      "NORM"
    ],
    "ImagingFrequency": 123.229,
    "InPlanePhaseEncodingDirectionDICOM": "ROW",
    "InstitutionAddress": "Wilson Avenue 340 ,Pasadena,California,US,91025",
    "InstitutionName": "Caltech Tim32",
    "InstitutionalDepartmentName": "Department",
    "InversionTime": 0.8,
    "MRAcquisitionType": "3D",
    "MagneticFieldStrength": 3,
    "Manufacturer": "Siemens",
    "ManufacturersModelName": "TrioTim",
    "Modality": "MR",
    "PartialFourier": 1,
    "PatientBirthDate": "1992-01-01",
    "PatientID": "adolphs",
    "PatientName": "CC0013",
    "PatientPosition": "HFS",
    "PatientSex": "M",
    "PatientWeight": 83.9146,
    "PercentPhaseFOV": 100,
    "PercentSampling": 100,
    "PhaseEncodingSteps": 256,
    "PhaseResolution": 1,
    "PixelBandwidth": 179,
    "ProcedureStepDescription": "Conte^Core",
    "ProtocolName": "T1_2",
    "PulseSequenceDetails": "%SiemensSeq%\\tfl",
    "ReceiveCoilName": "32Ch_Head",
    "ReconMatrixPE": 256,
    "RepetitionTime": 1.5,
    "SAR": 0.14858,
    "ScanOptions": "IR",
    "ScanningSequence": "GR\\IR",
    "SequenceName": "*tfl3d1",
    "SequenceVariant": "SP\\MP",
    "SeriesDescription": "T1_2",
    "SeriesInstanceUID": "1.3.12.2.1107.5.2.32.35077.2015010610583546410896625.0.0.0",
    "SeriesNumber": 7,
    "ShimSetting": [
      9496,
      -10504,
      15750,
      736,
      -254,
      -12,
      -57,
      139
    ],
    "SliceThickness": 1,
    "SoftwareVersions": "syngo MR B17",
    "StationName": "MEDPC",
    "StudyID": "1",
    "StudyInstanceUID": "1.3.12.2.1107.5.2.32.35077.30000015010617351339000000004",
    "TxRefAmp": 352.26,
    "dataset": "unknown",
    "modality": "T1w",
    "run_id": 2,
    "session_id": "core1p2",
    "subject_id": "CC0013"
  },
  "cjv": 0.44842448647101113,
  "cnr": 2.637872232215522,
  "efc": 0.5517316048961846,
  "fber": 14064.3212890625,
  "fwhm_avg": 4.104133333333333,
  "fwhm_x": 3.97104,
  "fwhm_y": 4.33513,
  "fwhm_z": 4.00623,
  "icvs_csf": 0.22360804778834475,
  "icvs_gm": 0.3999278951189362,
  "icvs_wm": 0.376464057092719,
  "inu_med": 1.3171286582946777,
  "inu_range": 0.3650474786758422,
  "provenance": {
    "md5sum": "633fd9b4f011dddb3142e207f3af38e4",
    "settings": {
      "testing": false
    },
    "software": "mriqc",
    "version": "0.15.0",
    "warnings": {
      "large_rot_frame": true,
      "small_air_mask": false
    },
    "webapi_port": null,
    "webapi_url": "https://mriqc.nimh.nih.gov/api/v1"
  },
  "qi_1": 9.229630694507334e-06,
  "qi_2": 0.01837233846785048,
  "rpve_csf": 19.549909190720008,
  "rpve_gm": 10.960831890757522,
  "rpve_wm": 13.940778572848098,
  "size_x": 176,
  "size_y": 256,
  "size_z": 256,
  "snr_csf": 3.4572355937297012,
  "snr_gm": 11.211294603024557,
  "snr_total": 13.94757040031323,
  "snr_wm": 27.17418100418543,
  "snrd_csf": 53.625331813803896,
  "snrd_gm": 111.83973636088014,
  "snrd_total": 102.3568964101089,
  "snrd_wm": 141.6056210556427,
  "spacing_x": 1.0,
  "spacing_y": 1.0,
  "spacing_z": 1.0,
  "summary_bg_k": 15.426267079131943,
  "summary_bg_mad": 4.626554012298584,
  "summary_bg_mean": 5.78386926651001,
  "summary_bg_median": 3.120563268661499,
  "summary_bg_n": 3319974.0,
  "summary_bg_p05": 0.0,
  "summary_bg_p95": 15.56339201927185,
  "summary_bg_stdv": 5.757968425750732,
  "summary_csf_k": 0.03379541207725545,
  "summary_csf_mad": 89.63508605957031,
  "summary_csf_mean": 413.04254150390625,
  "summary_csf_median": 378.7005310058594,
  "summary_csf_n": 57801.0,
  "summary_csf_p05": 287.9508361816406,
  "summary_csf_p95": 629.505615234375,
  "summary_csf_stdv": 109.53759002685547,
  "summary_gm_k": 0.7118778930452789,
  "summary_gm_mad": 62.3333625793457,
  "summary_gm_mean": 798.4522705078125,
  "summary_gm_median": 789.8089599609375,
  "summary_gm_n": 33281.0,
  "summary_gm_p05": 696.0709228515625,
  "summary_gm_p95": 929.5115966796875,
  "summary_gm_stdv": 70.4465560913086,
  "summary_wm_k": 1.4677798246615268,
  "summary_wm_mad": 31.928070068359375,
  "summary_wm_mean": 1001.11083984375,
  "summary_wm_median": 1000.0147705078125,
  "summary_wm_n": 274662.0,
  "summary_wm_p05": 943.6803344726563,
  "summary_wm_p95": 1062.6111694335937,
  "summary_wm_stdv": 36.800113677978516,
  "tpm_overlap_csf": 0.23260661959648132,
  "tpm_overlap_gm": 0.48672011494636536,
  "tpm_overlap_wm": 0.5565926432609558,
  "wm2max": 0.5198291780759887
}