{
  "aor": 0.002477577464788732,
  "aqi": 0.007592170830985915,
  "bids_meta": {
    "AccessionNumber": "8824-001",
    "AcquisitionDateTime": "2019-04-25T11:58:44.567500",
    "AcquisitionMatrixPE": 80,
    "AcquisitionNumber": 1,
    "AcquisitionTime": "11:58:44.567500",
    "BandwidthPerPixelPhaseEncode": 23.191,
    "BaseResolution": 80,
    "BodyPartExamined": "BRAIN",
    "ConsistencyInfo": "N4_VE11C_LATEST_20160120",
    "ConversionSoftware": "dcm2niix",
    "ConversionSoftwareVersion": "v1.0.20210317",
    "DerivedVendorReportedEchoSpacing": 0.000490002,
    "DeviceSerialNumber": "167050",
    "DwellTime": 2.3e-06,
    "EchoTime": 0.03,
    "EchoTrainLength": 88,
    "EffectiveEchoSpacing": 0.000539002,
    "FlipAngle": 53,
    "ImageComments": "Unaliased MB6/PE3/LB",
    "ImageOrientationPatientDICOM": [
      1,
      0,
      0,
      0,
      0.939693,
      -0.34202
    ],
    "ImageType": [
      "ORIGINAL",
      "PRIMARY",
      "M",
      "MB",
      "ND",
      "MOSAIC"
    ],
    "ImagingFrequency": 123.25,
    "InPlanePhaseEncodingDirectionDICOM": "COL",
    "InstitutionAddress": "Michigan Ave 320,Pasadena,California,US,91025",
    "InstitutionName": "Caltech Prisma32",
    "InstitutionalDepartmentName": "Department",
    "MRAcquisitionType": "2D",
    "MagneticFieldStrength": 3,
    "Manufacturer": "Siemens",
    "ManufacturersModelName": "Prisma_fit",
    "Modality": "MR",
    "MultibandAccelerationFactor": 6,
    "PartialFourier": 1,
    "PatientBirthDate": "1993-10-01",
    "PatientID": "CC0188",
    "PatientName": "CC0188",
    "PatientPosition": "HFS",
    "PatientSex": "M",
    "PatientWeight": 122.47,
    "PercentPhaseFOV": 100,
    "PercentSampling": 100,
    "PhaseEncodingDirection": "j-",
    "PhaseEncodingSteps": 88,
    "PhaseOversampling": 0.1,
    "PhaseResolution": 1,
    "PixelBandwidth": 2715,
    "ProcedureStepDescription": "Conte Core",
    "ProtocolName": "task-bang_bold",
    "PulseSequenceDetails": "%CustomerSeq%\\cmrr_mbep2d_bold",
    "ReceiveCoilActiveElements": "HEA;HEP",
    "ReceiveCoilName": "Head_32",
    "ReconMatrixPE": 80,
    "ReferringPhysicianName": "Adolphs",
    "RepetitionTime": 0.7,
    "SAR": 0.124069,
    "ScanOptions": "FS\\EXT",
    "ScanningSequence": "EP",
    "SequenceName": "epfid2d1_80",
    "SequenceVariant": "SK\\SS\\OSP",
    "SeriesDescription": "task-bang_bold",
    "SeriesInstanceUID": "1.3.12.2.1107.5.2.43.167050.201904251156053394204189.0.0.0",
    "SeriesNumber": 24,
    "ShimSetting": [
      6981,
      -3662,
      7961,
      211,
      18,
      -4,
      26,
      43
    ],
    "SliceThickness": 2.5,
    "SliceTiming": [
      0,
      0.475,
      0.27,
      0.0675,
      0.5425,
      0.34,
      0.135,
      0.61,
      0.4075,
      0.2025,
      0,
      0.475,
      0.27,
      0.0675,
      0.5425,
      0.34,
      0.135,
      0.61,
      0.4075,
      0.2025,
      0,
      0.475,
      0.27,
      0.0675,
      0.5425,
      0.34,
      0.135,
      0.61,
      0.4075,
      0.2025,
      0,
      0.475,
      0.27,
      0.0675,
      0.5425,
      0.34,
      0.135,
      0.61,
      0.4075,
      0.2025,
      0,
      0.475,
      0.27,
      0.0675,
      0.5425,
      0.34,
      0.135,
      0.61,
      0.4075,
      0.2025,
      0,
      0.475,
      0.27,
      0.0675,
      0.5425,
      0.34,
      0.135,
      0.61,
      0.4075,
      0.2025
    ],
    "SoftwareVersions": "syngo MR E11",
    "SpacingBetweenSlices": 2.5,
    "StationName": "PRISMA",
    "StudyID": "1",
    "StudyInstanceUID": "1.3.12.2.1107.5.2.43.167050.30000019041201230705700000133",
    "TaskName": "bang",
    "TotalReadoutTime": 0.0425812,
    "TxRefAmp": 380.88,
    "WipMemBlock": "b02fb5ae-1611-4027-bf47-c1a8ab82be0b||Sequence: R016 ve11c/master r/e634e98; Dec 19 2017 11:00:25 by eja",
    "dataset": "unknown",
    "modality": "bold",
    "run_id": 1,
    "session_id": "core2p2",
    "subject_id": "CC0188",
    "task_id": "bang"
  },
  "dummy_trs": 0,
  "dvars_nstd": 42.198300494696745,
  "dvars_std": 1.0845232896614942,
  "dvars_vstd": 1.2230491141325808,
  "efc": 0.5765977641615317,
  "fber": 360.6638488769531,
  "fd_mean": 0.3047077136732378,
  "fd_num": 486,
  "fd_perc": 68.45070422535211,
  "fwhm_avg": 3.0003653333333333,
  "fwhm_x": 2.6882919999999997,
  "fwhm_y": 3.1836279999999997,
  "fwhm_z": 3.129176,
  "gcor": 0.0117134,
  "gsr_x": 0.015445743687450886,
  "gsr_y": 0.11920339614152908,
  "provenance": {
    "md5sum": "f44fa78e740d2d9769ad4e3f185c630d",
    "settings": {
      "fd_thres": 0.2,
      "hmc_fsl": false
    },
    "software": "mriqc",
    "version": "0.15.0",
    "webapi_port": null,
    "webapi_url": "https://mriqc.nimh.nih.gov/api/v1"
  },
  "size_t": 710,
  "size_x": 80,
  "size_y": 80,
  "size_z": 60,
  "snr": 2.267696590851271,
  "spacing_tr": 0.699999988079071,
  "spacing_x": 2.5,
  "spacing_y": 2.5,
  "spacing_z": 2.5,
  "summary_bg_k": 20.021602802347154,
  "summary_bg_mad": 128.15321350097656,
  "summary_bg_mean": 491.043212890625,
  "summary_bg_median": 176.48309326171875,
  "summary_bg_n": 229682.0,
  "summary_bg_p05": 81.40985870361328,
  "summary_bg_p95": 2043.6445312499993,
  "summary_bg_stdv": 764.0143432617188,
  "summary_fg_k": 0.3488666985917641,
  "summary_fg_mad": 1525.085205078125,
  "summary_fg_mean": 3905.218017578125,
  "summary_fg_median": 3645.45068359375,
  "summary_fg_n": 91590.0,
  "summary_fg_p05": 1714.489825439453,
  "summary_fg_p95": 6946.925610351563,
  "summary_fg_stdv": 1607.5478515625,
  "tsnr": 33.18914794921875
}