{
  "bids_meta": {
    "AccessionNumber": "6467-001",
    "AcquisitionDateTime": "2013-02-21T16:50:51.232500",
    "AcquisitionMatrixPE": 256,
    "AcquisitionNumber": 1,
    "AcquisitionTime": "16:50:51.232500",
    "BaseResolution": 256,
    "CoilString": "C:HEA;HEP",
    "ConversionSoftware": "dcm2niix",
    "ConversionSoftwareVersion": "v1.0.20210317",
    "DeviceSerialNumber": "35077",
    "DwellTime": 1.09e-05,
    "EchoTime": 0.00291,
    "FlipAngle": 10,
    "ImageOrientationPatientDICOM": [
      0,
      1,
      0,
      0,
      0,
      -1
    ],
    "ImageType": [
      "ORIGINAL",
      "PRIMARY",
      "M",
      "ND",
      "NORM"
    ],
    "ImagingFrequency": 123.229,
    "InPlanePhaseEncodingDirectionDICOM": "ROW",
    "InstitutionAddress": "Wilson Avenue 340 ,Pasadena,California,US,91025",
    "InstitutionName": "Caltech Tim32",
    "InstitutionalDepartmentName": "Department",
    "InversionTime": 0.8,
    "MRAcquisitionType": "3D",
    "MagneticFieldStrength": 3,
    "Manufacturer": "Siemens",
    "ManufacturersModelName": "TrioTim",
    "Modality": "MR",
    "PartialFourier": 1,
    "PatientBirthDate": "1975-01-01",
    "PatientID": "adolphs",
    "PatientName": "CC0049",
    "PatientPosition": "HFS",
    "PatientSex": "M",
    "PatientWeight": 68.0389,
    "PercentPhaseFOV": 100,
    "PercentSampling": 100,
    "PhaseEncodingSteps": 256,
    "PhaseResolution": 1,
    "PixelBandwidth": 179,
    "ProcedureStepDescription": "Conte^Core",
    "ProtocolName": "T1_2",
    "PulseSequenceDetails": "%SiemensSeq%\\tfl",
    "ReceiveCoilName": "32Ch_Head",
    "ReconMatrixPE": 256,
    "RepetitionTime": 1.5,
    "SAR": 0.134123,
    "ScanOptions": "IR",
    "ScanningSequence": "GR\\IR",
    "SequenceName": "*tfl3d1",
    "SequenceVariant": "SP\\MP",
    "SeriesDescription": "T1_2",
    "SeriesInstanceUID": "1.3.12.2.1107.5.2.32.35077.2013022116502732802999101.0.0.0",
    "SeriesNumber": 13,
    "ShimSetting": [
      9534,
      -10610,
      15663,
      462,
      -94,
      -291,
      36,
      -6
    ],
    "SliceThickness": 1,
    "SoftwareVersions": "syngo MR B17",
    "StationName": "MEDPC",
    "StudyID": "1",
    "StudyInstanceUID": "1.3.12.2.1107.5.2.32.35077.30000013021915521117100000049",
    "TxRefAmp": 321.209,
    "dataset": "unknown",
    "modality": "T1w",
    "run_id": 2,
    "session_id": "core1p1",
    "subject_id": "CC0049"
  },
  "cjv": 0.7587712064390576,
  "cnr": 1.787643260765687,
  "efc": 0.5480911402224419,
  "fber": 3875.09912109375,
  "fwhm_avg": 4.101473333333334,
  "fwhm_x": 4.0963,
  "fwhm_y": 4.0651,
  "fwhm_z": 4.14302,
  "icvs_csf": 0.23548365294335522,
  "icvs_gm": 0.4047266951608519,
  "icvs_wm": 0.35978965189579293,
  "inu_med": 1.6129052639007568,
  "inu_range": 0.4133932590484617,
  "provenance": {
    "md5sum": "06adebb702d752c264b8aa3ee02a64e4",
    "settings": {
      "testing": false
    },
    "software": "mriqc",
    "version": "0.15.0",
    "warnings": {
      "large_rot_frame": true,
      "small_air_mask": false
    },
    "webapi_port": null,
    "webapi_url": "https://mriqc.nimh.nih.gov/api/v1"
  },
  "qi_1": 0.0014100636896089123,
  "qi_2": 0.013203363500677922,
  "rpve_csf": 25.08588453430412,
  "rpve_gm": 14.171681806122793,
  "rpve_wm": 18.699848628594662,
  "size_x": 176,
  "size_y": 256,
  "size_z": 256,
  "snr_csf": 4.35671774153285,
  "snr_gm": 10.13722753532157,
  "snr_total": 12.323581495649199,
  "snr_wm": 22.476799210093176,
  "snrd_csf": 53.973666415725155,
  "snrd_gm": 128.2344439375435,
  "snrd_total": 112.09518679115472,
  "snrd_wm": 154.07745002019547,
  "spacing_x": 1.0,
  "spacing_y": 1.0,
  "spacing_z": 1.0,
  "summary_bg_k": 39.04026203611445,
  "summary_bg_mad": 4.252084732055664,
  "summary_bg_mean": 7.464668273925781,
  "summary_bg_median": 5.711922645568848,
  "summary_bg_n": 2370234.0,
  "summary_bg_p05": 0.0,
  "summary_bg_p95": 22.854309177398683,
  "summary_bg_stdv": 9.14926815032959,
  "summary_csf_k": 2.6641173215756897,
  "summary_csf_mad": 54.64527893066406,
  "summary_csf_mean": 372.2808532714844,
  "summary_csf_median": 350.3096618652344,
  "summary_csf_n": 52186.0,
  "summary_csf_p05": 284.7530059814453,
  "summary_csf_p95": 547.1648101806641,
  "summary_csf_stdv": 80.40601348876953,
  "summary_gm_k": -0.671324532675877,
  "summary_gm_mad": 89.97379302978516,
  "summary_gm_mean": 840.9515991210938,
  "summary_gm_median": 832.2904052734375,
  "summary_gm_n": 24039.0,
  "summary_gm_p05": 715.1618103027345,
  "summary_gm_p95": 977.5364685058593,
  "summary_gm_stdv": 82.10066223144531,
  "summary_wm_k": 1.9332731624861426,
  "summary_wm_mad": 37.29562759399414,
  "summary_wm_mean": 1001.9622802734375,
  "summary_wm_median": 1000.0213623046875,
  "summary_wm_n": 178253.0,
  "summary_wm_p05": 932.938818359375,
  "summary_wm_p95": 1076.9757568359375,
  "summary_wm_stdv": 44.491146087646484,
  "tpm_overlap_csf": 0.23334810137748718,
  "tpm_overlap_gm": 0.47082629799842834,
  "tpm_overlap_wm": 0.5201970338821411,
  "wm2max": 0.41787096513388344
}