{
  "bids_meta": {
    "AccessionNumber": "8707-012",
    "AcquisitionDateTime": "2019-02-05T13:36:18.190000",
    "AcquisitionMatrixPE": 256,
    "AcquisitionNumber": 1,
    "AcquisitionTime": "13:36:18.190000",
    "BaseResolution": 256,
    "BodyPartExamined": "BRAIN",
    "ConsistencyInfo": "N4_VE11C_LATEST_20160120",
    "ConversionSoftware": "dcm2niix",
    "ConversionSoftwareVersion": "v1.0.20210317",
    "DeviceSerialNumber": "167050",
    "DwellTime": 3e-06,
    "EchoNumber": 4,
    "FlipAngle": 8,
    "ImageComments": "Average over all echoes.",
    "ImageOrientationPatientDICOM": [
      0,
      1,
      0,
      0,
      0,
      -1
    ],
    "ImageType": [
      "ORIGINAL",
      "PRIMARY",
      "ECHO",
      "COMBINED",
      "ND",
      "NORM"
    ],
    "ImagingFrequency": 123.25,
    "InPlanePhaseEncodingDirectionDICOM": "ROW",
    "InstitutionAddress": "Michigan Ave 320,Pasadena,California,US,91025",
    "InstitutionName": "Caltech Prisma64",
    "InstitutionalDepartmentName": "Department",
    "InversionTime": 1.15,
    "MRAcquisitionType": "3D",
    "MagneticFieldStrength": 3,
    "Manufacturer": "Siemens",
    "ManufacturersModelName": "Prisma_fit",
    "Modality": "MR",
    "ParallelReductionFactorInPlane": 2,
    "PartialFourier": 1,
    "PatientBirthDate": "1979-09-01",
    "PatientID": "CC0104",
    "PatientName": "CC0104",
    "PatientPosition": "HFS",
    "PatientSex": "M",
    "PatientWeight": 68.0389,
    "PercentPhaseFOV": 100,
    "PercentSampling": 100,
    "PhaseEncodingSteps": 282,
    "PhaseOversampling": 0.1,
    "PhaseResolution": 1,
    "PixelBandwidth": 650,
    "ProtocolName": "T1w",
    "PulseSequenceDetails": "%CustomerSeq%\\tfl_wip900D_VE11C",
    "ReceiveCoilActiveElements": "HEA;HEP",
    "ReceiveCoilName": "Head_32",
    "ReconMatrixPE": 256,
    "RefLinesPE": 32,
    "ReferringPhysicianName": "Adolphs",
    "RepetitionTime": 2.55,
    "SAR": 0.0517683,
    "ScanOptions": "IR\\WE",
    "ScanningSequence": "GR\\IR",
    "SequenceName": "tfl3d4_16ns",
    "SequenceVariant": "SK\\SP\\MP\\OSP",
    "SeriesDescription": "T1w_combEcho",
    "SeriesInstanceUID": "1.3.12.2.1107.5.2.43.167050.2019020513432645705603160.0.0.0",
    "SeriesNumber": 5,
    "ShimSetting": [
      6985,
      -3677,
      7902,
      317,
      16,
      -307,
      -27,
      0
    ],
    "SliceThickness": 0.9,
    "SoftwareVersions": "syngo MR E11",
    "StationName": "PRISMA",
    "StudyID": "1",
    "StudyInstanceUID": "1.3.12.2.1107.5.2.43.167050.30000019012122271046500000115",
    "TxRefAmp": 269.977,
    "WipMemBlock": "WIP_Identifier: WIP#900D",
    "dataset": "unknown",
    "modality": "T1w",
    "run_id": 2,
    "session_id": "core2p2",
    "subject_id": "CC0104"
  },
  "cjv": 0.8294605077631954,
  "cnr": 1.6716291933649767,
  "efc": 0.6282514495702132,
  "fber": 2627.353759765625,
  "fwhm_avg": 3.95157345812394,
  "fwhm_x": 3.919844548284863,
  "fwhm_y": 3.9530629565217392,
  "fwhm_z": 3.9818128695652173,
  "icvs_csf": 0.19976397489536427,
  "icvs_gm": 0.3989233980127455,
  "icvs_wm": 0.40131262709189025,
  "inu_med": 1.749638557434082,
  "inu_range": 0.6797024965286258,
  "provenance": {
    "md5sum": "74c3b5461e3461d6f92f1d53a92001e6",
    "settings": {
      "testing": false
    },
    "software": "mriqc",
    "version": "0.15.0",
    "warnings": {
      "large_rot_frame": false,
      "small_air_mask": false
    },
    "webapi_port": null,
    "webapi_url": "https://mriqc.nimh.nih.gov/api/v1"
  },
  "qi_1": 0.0,
  "qi_2": 0.012394831666134747,
  "rpve_csf": 24.111137444136368,
  "rpve_gm": 12.319747593296205,
  "rpve_wm": 14.508825211763229,
  "size_x": 208,
  "size_y": 256,
  "size_z": 256,
  "snr_csf": 2.847737088639057,
  "snr_gm": 8.739777606444225,
  "snr_total": 9.45204726154132,
  "snr_wm": 16.76862708954068,
  "snrd_csf": 25.28210064928118,
  "snrd_gm": 50.449681816208376,
  "snrd_total": 45.89858750576007,
  "snrd_wm": 61.96398005179066,
  "spacing_x": 0.8999999761581421,
  "spacing_y": 0.8984375,
  "spacing_z": 0.8984375,
  "summary_bg_k": 129.7092494649526,
  "summary_bg_mad": 10.573455810546875,
  "summary_bg_mean": 13.195539474487305,
  "summary_bg_median": 10.793880462646484,
  "summary_bg_n": 3239482.0,
  "summary_bg_p05": 0.0,
  "summary_bg_p95": 32.84680862426755,
  "summary_bg_stdv": 11.078496932983398,
  "summary_csf_k": -0.16170593305509762,
  "summary_csf_mad": 150.70230102539062,
  "summary_csf_mean": 430.1924743652344,
  "summary_csf_median": 408.0359191894531,
  "summary_csf_n": 41671.0,
  "summary_csf_p05": 233.36361694335938,
  "summary_csf_p95": 687.5371704101562,
  "summary_csf_stdv": 143.2825469970703,
  "summary_gm_k": -0.0485074474701781,
  "summary_gm_mad": 96.92222595214844,
  "summary_gm_mean": 820.3091430664062,
  "summary_gm_median": 814.2235717773438,
  "summary_gm_n": 26921.0,
  "summary_gm_p05": 681.5897827148438,
  "summary_gm_p95": 983.9949951171875,
  "summary_gm_stdv": 93.1612319946289,
  "summary_wm_k": 0.4518423394047937,
  "summary_wm_mad": 57.21886444091797,
  "summary_wm_mean": 1003.1900634765625,
  "summary_wm_median": 1000.0565185546875,
  "summary_wm_n": 329856.0,
  "summary_wm_p05": 910.8508148193359,
  "summary_wm_p95": 1105.8711242675781,
  "summary_wm_stdv": 59.63845443725586,
  "tpm_overlap_csf": 0.23277908563613892,
  "tpm_overlap_gm": 0.48951098322868347,
  "tpm_overlap_wm": 0.5547271370887756,
  "wm2max": 0.6467730347906261
}