{
  "bids_meta": {
    "AccessionNumber": "8707-012",
    "AcquisitionDateTime": "2019-02-05T13:36:18.190000",
    "AcquisitionMatrixPE": 256,
    "AcquisitionNumber": 1,
    "AcquisitionTime": "13:36:18.190000",
    "BaseResolution": 256,
    "BodyPartExamined": "BRAIN",
    "ConsistencyInfo": "N4_VE11C_LATEST_20160120",
    "ConversionSoftware": "dcm2niix",
    "ConversionSoftwareVersion": "v1.0.20210317",
    "DeviceSerialNumber": "167050",
    "DwellTime": 3e-06,
    "EchoNumber": 4,
    "FlipAngle": 8,
    "ImageComments": "Average over all echoes.",
    "ImageOrientationPatientDICOM": [
      0,
      1,
      0,
      0,
      0,
      -1
    ],
    "ImageType": [
      "ORIGINAL",
      "PRIMARY",
      "ECHO",
      "COMBINED",
      "ND",
      "NORM"
    ],
    "ImagingFrequency": 123.25,
    "InPlanePhaseEncodingDirectionDICOM": "ROW",
    "InstitutionAddress": "Michigan Ave 320,Pasadena,California,US,91025",
    "InstitutionName": "Caltech Prisma64",
    "InstitutionalDepartmentName": "Department",
    "InversionTime": 1.15,
    "MRAcquisitionType": "3D",
    "MagneticFieldStrength": 3,
    "Manufacturer": "Siemens",
    "ManufacturersModelName": "Prisma_fit",
    "Modality": "MR",
    "ParallelReductionFactorInPlane": 2,
    "PartialFourier": 1,
    "PatientBirthDate": "1979-09-01",
    "PatientID": "CC0104",
    "PatientName": "CC0104",
    "PatientPosition": "HFS",
    "PatientSex": "M",
    "PatientWeight": 68.0389,
    "PercentPhaseFOV": 100,
    "PercentSampling": 100,
    "PhaseEncodingSteps": 282,
    "PhaseOversampling": 0.1,
    "PhaseResolution": 1,
    "PixelBandwidth": 650,
    "ProtocolName": "T1w",
    "PulseSequenceDetails": "%CustomerSeq%\\tfl_wip900D_VE11C",
    "ReceiveCoilActiveElements": "HEA;HEP",
    "ReceiveCoilName": "Head_32",
    "ReconMatrixPE": 256,
    "RefLinesPE": 32,
    "ReferringPhysicianName": "Adolphs",
    "RepetitionTime": 2.55,
    "SAR": 0.0517683,
    "ScanOptions": "IR\\WE",
    "ScanningSequence": "GR\\IR",
    "SequenceName": "tfl3d4_16ns",
    "SequenceVariant": "SK\\SP\\MP\\OSP",
    "SeriesDescription": "T1w_combEcho",
    "SeriesInstanceUID": "1.3.12.2.1107.5.2.43.167050.2019020513432645705603160.0.0.0",
    "SeriesNumber": 5,
    "ShimSetting": [
      6985,
      -3677,
      7902,
      317,
      16,
      -307,
      -27,
      0
    ],
    "SliceThickness": 0.9,
    "SoftwareVersions": "syngo MR E11",
    "StationName": "PRISMA",
    "StudyID": "1",
    "StudyInstanceUID": "1.3.12.2.1107.5.2.43.167050.30000019012122271046500000115",
    "TxRefAmp": 269.977,
    "WipMemBlock": "WIP_Identifier: WIP#900D",
    "acq_id": "combecho",
    "dataset": "unknown",
    "modality": "T1w",
    "run_id": 2,
    "session_id": "core2p2",
    "subject_id": "CC0104"
  },
  "cjv": 0.8577314692700998,
  "cnr": 1.5655472474325605,
  "efc": 0.6350214353741365,
  "fber": 1420.0003662109375,
  "fwhm_avg": 4.567958609236084,
  "fwhm_x": 4.437866784229988,
  "fwhm_y": 4.646444521739131,
  "fwhm_z": 4.619564521739131,
  "icvs_csf": 0.2053679351550715,
  "icvs_gm": 0.3949943078154213,
  "icvs_wm": 0.3996377570295072,
  "inu_med": 1.624313235282898,
  "inu_range": 0.6119182825088498,
  "provenance": {
    "md5sum": "cd1b7f048020f7e571abe629c39c829b",
    "settings": {
      "testing": false
    },
    "software": "mriqc",
    "version": "0.15.0",
    "warnings": {
      "large_rot_frame": false,
      "small_air_mask": false
    },
    "webapi_port": null,
    "webapi_url": "https://mriqc.nimh.nih.gov/api/v1"
  },
  "qi_1": 0.0,
  "qi_2": 0.006192976400555277,
  "rpve_csf": 23.82268818056179,
  "rpve_gm": 12.491207774609297,
  "rpve_wm": 14.822942246974215,
  "size_x": 208,
  "size_y": 256,
  "size_z": 256,
  "snr_csf": 3.2968742147423504,
  "snr_gm": 9.661403978794528,
  "snr_total": 11.560744529288604,
  "snr_wm": 21.723955394328936,
  "snrd_csf": 47.28873569292587,
  "snrd_gm": 96.25810008299392,
  "snrd_total": 85.83237737587619,
  "snrd_wm": 113.95029635170877,
  "spacing_x": 0.8999999761581421,
  "spacing_y": 0.8984375,
  "spacing_z": 0.8984375,
  "summary_bg_k": 5.235150932101089,
  "summary_bg_mad": 5.749551773071289,
  "summary_bg_mean": 14.988809585571289,
  "summary_bg_median": 11.588934898376465,
  "summary_bg_n": 3241446.0,
  "summary_bg_p05": 3.8650388717651367,
  "summary_bg_p95": 30.885011196136475,
  "summary_bg_stdv": 8.494033813476562,
  "summary_csf_k": 0.25496298872627987,
  "summary_csf_mad": 125.4033203125,
  "summary_csf_mean": 438.213623046875,
  "summary_csf_median": 415.0113525390625,
  "summary_csf_n": 50857.0,
  "summary_csf_p05": 274.1575927734375,
  "summary_csf_p95": 672.8405029296874,
  "summary_csf_stdv": 125.87901306152344,
  "summary_gm_k": -0.11955579870592015,
  "summary_gm_mad": 90.67813110351562,
  "summary_gm_mean": 847.965576171875,
  "summary_gm_median": 844.7720947265625,
  "summary_gm_n": 29870.0,
  "summary_gm_p05": 714.240478515625,
  "summary_gm_p95": 1000.7177124023438,
  "summary_gm_stdv": 87.43635559082031,
  "summary_wm_k": 1.0298171536539273,
  "summary_wm_mad": 42.50075149536133,
  "summary_wm_mean": 1003.6957397460938,
  "summary_wm_median": 1000.0408325195312,
  "summary_wm_n": 332387.0,
  "summary_wm_p05": 935.0158203125,
  "summary_wm_p95": 1084.435302734375,
  "summary_wm_stdv": 46.03394317626953,
  "tpm_overlap_csf": 0.2338876724243164,
  "tpm_overlap_gm": 0.4881918728351593,
  "tpm_overlap_wm": 0.551737904548645,
  "wm2max": 0.6975822454204857
}