{
  "aor": 0.001046040268456376,
  "aqi": 0.006169082466442953,
  "bids_meta": {
    "AccessionNumber": "3030-001",
    "AcquisitionDateTime": "2018-07-11T10:51:57.470000",
    "AcquisitionMatrixPE": 80,
    "AcquisitionNumber": 1,
    "AcquisitionTime": "10:51:57.470000",
    "BandwidthPerPixelPhaseEncode": 23.191,
    "BaseResolution": 80,
    "BodyPartExamined": "BRAIN",
    "ConsistencyInfo": "N4_VE11C_LATEST_20160120",
    "ConversionSoftware": "dcm2niix",
    "ConversionSoftwareVersion": "v1.0.20210317",
    "DerivedVendorReportedEchoSpacing": 0.000490002,
    "DeviceSerialNumber": "167050",
    "DwellTime": 2.3e-06,
    "EchoTime": 0.03,
    "EchoTrainLength": 88,
    "EffectiveEchoSpacing": 0.000539002,
    "FlipAngle": 53,
    "ImageComments": "Unaliased MB6/PE3/LB",
    "ImageOrientationPatientDICOM": [
      1,
      0,
      0,
      0,
      0.939693,
      -0.34202
    ],
    "ImageType": [
      "ORIGINAL",
      "PRIMARY",
      "M",
      "MB",
      "ND",
      "MOSAIC"
    ],
    "ImagingFrequency": 123.25,
    "InPlanePhaseEncodingDirectionDICOM": "COL",
    "InstitutionAddress": "Michigan Ave 320,Pasadena,California,US,91025",
    "InstitutionName": "Caltech Prisma64",
    "InstitutionalDepartmentName": "Department",
    "MRAcquisitionType": "2D",
    "MagneticFieldStrength": 3,
    "Manufacturer": "Siemens",
    "ManufacturersModelName": "Prisma_fit",
    "Modality": "MR",
    "MultibandAccelerationFactor": 6,
    "PartialFourier": 1,
    "PatientBirthDate": "1997-04-01",
    "PatientID": "CC0140",
    "PatientName": "CC0140",
    "PatientPosition": "HFS",
    "PatientSex": "M",
    "PatientWeight": 58.967,
    "PercentPhaseFOV": 100,
    "PercentSampling": 100,
    "PhaseEncodingDirection": "j-",
    "PhaseEncodingSteps": 88,
    "PhaseOversampling": 0.1,
    "PhaseResolution": 1,
    "PixelBandwidth": 2715,
    "ProcedureStepDescription": "Conte Core",
    "ProtocolName": "task-rest_run-01_bold",
    "PulseSequenceDetails": "%CustomerSeq%\\cmrr_mbep2d_bold",
    "ReceiveCoilActiveElements": "HEA;HEP",
    "ReceiveCoilName": "Head_32",
    "ReconMatrixPE": 80,
    "ReferringPhysicianName": "Adolphs",
    "RepetitionTime": 0.7,
    "SAR": 0.0800153,
    "ScanOptions": "FS\\EXT",
    "ScanningSequence": "EP",
    "SequenceName": "epfid2d1_80",
    "SequenceVariant": "SK\\SS\\OSP",
    "SeriesDescription": "task-rest_run-01_bold",
    "SeriesInstanceUID": "1.3.12.2.1107.5.2.43.167050.2018071110471710911672664.0.0.0",
    "SeriesNumber": 9,
    "ShimSetting": [
      6988,
      -3537,
      7890,
      399,
      -92,
      173,
      -13,
      9
    ],
    "SliceThickness": 2.5,
    "SliceTiming": [
      0,
      0.4775,
      0.2725,
      0.07,
      0.545,
      0.34,
      0.1375,
      0.6125,
      0.4075,
      0.205,
      0,
      0.4775,
      0.2725,
      0.07,
      0.545,
      0.34,
      0.1375,
      0.6125,
      0.4075,
      0.205,
      0,
      0.4775,
      0.2725,
      0.07,
      0.545,
      0.34,
      0.1375,
      0.6125,
      0.4075,
      0.205,
      0,
      0.4775,
      0.2725,
      0.07,
      0.545,
      0.34,
      0.1375,
      0.6125,
      0.4075,
      0.205,
      0,
      0.4775,
      0.2725,
      0.07,
      0.545,
      0.34,
      0.1375,
      0.6125,
      0.4075,
      0.205,
      0,
      0.4775,
      0.2725,
      0.07,
      0.545,
      0.34,
      0.1375,
      0.6125,
      0.4075,
      0.205
    ],
    "SoftwareVersions": "syngo MR E11",
    "SpacingBetweenSlices": 2.5,
    "StationName": "PRISMA",
    "StudyID": "1",
    "StudyInstanceUID": "1.3.12.2.1107.5.2.43.167050.30000018071021413043300000007",
    "TaskName": "rest",
    "TotalReadoutTime": 0.0425812,
    "TxRefAmp": 243.87,
    "WipMemBlock": "fc0d30c2-1288-499d-867a-ab285b088b49||Sequence: R016 ve11c/master r/e634e98; Dec 19 2017 11:00:25 by eja",
    "dataset": "unknown",
    "modality": "bold",
    "run_id": 1,
    "session_id": "core2p2",
    "subject_id": "CC0140",
    "task_id": "rest"
  },
  "dummy_trs": 4,
  "dvars_nstd": 35.5711739899159,
  "dvars_std": 1.0558217771260507,
  "dvars_vstd": 1.0140122741176476,
  "efc": 0.555512905429432,
  "fber": 722.9181518554688,
  "fd_mean": 0.11505884289151692,
  "fd_num": 36,
  "fd_perc": 6.040268456375839,
  "fwhm_avg": 2.8738639999999998,
  "fwhm_x": 2.593988,
  "fwhm_y": 3.0531639999999998,
  "fwhm_z": 2.97444,
  "gcor": 0.00830372,
  "gsr_x": -0.002287724521011114,
  "gsr_y": 0.1394779235124588,
  "provenance": {
    "md5sum": "3a90ebde8e01f83d170789e05986e7f6",
    "settings": {
      "fd_thres": 0.2,
      "hmc_fsl": false
    },
    "software": "mriqc",
    "version": "0.15.0",
    "webapi_port": null,
    "webapi_url": "https://mriqc.nimh.nih.gov/api/v1"
  },
  "size_t": 596,
  "size_x": 80,
  "size_y": 80,
  "size_z": 60,
  "snr": 2.3243187775307215,
  "spacing_tr": 0.699999988079071,
  "spacing_x": 2.5,
  "spacing_y": 2.5,
  "spacing_z": 2.5,
  "summary_bg_k": 48.045888444595754,
  "summary_bg_mad": 63.97080612182617,
  "summary_bg_mean": 344.20001220703125,
  "summary_bg_median": 124.43791961669922,
  "summary_bg_n": 222419.0,
  "summary_bg_p05": 75.48993682861328,
  "summary_bg_p95": 1406.3466430664005,
  "summary_bg_stdv": 643.5263671875,
  "summary_fg_k": 0.8867012040708877,
  "summary_fg_mad": 1353.8111572265625,
  "summary_fg_mean": 3858.34228515625,
  "summary_fg_median": 3581.8818359375,
  "summary_fg_n": 97548.0,
  "summary_fg_p05": 1834.6777526855467,
  "summary_fg_p95": 6794.935571289061,
  "summary_fg_stdv": 1541.0379638671875,
  "tsnr": 35.09524917602539
}