{
  "aor": 0.0005872842105263158,
  "aqi": 0.0055026560842105264,
  "bids_meta": {
    "AccessionNumber": "3030-001",
    "AcquisitionDateTime": "2018-07-11T11:43:53.777500",
    "AcquisitionMatrixPE": 80,
    "AcquisitionNumber": 1,
    "AcquisitionTime": "11:43:53.777500",
    "BandwidthPerPixelPhaseEncode": 23.191,
    "BaseResolution": 80,
    "BodyPartExamined": "BRAIN",
    "ConsistencyInfo": "N4_VE11C_LATEST_20160120",
    "ConversionSoftware": "dcm2niix",
    "ConversionSoftwareVersion": "v1.0.20210317",
    "DerivedVendorReportedEchoSpacing": 0.000490002,
    "DeviceSerialNumber": "167050",
    "DwellTime": 2.3e-06,
    "EchoTime": 0.03,
    "EchoTrainLength": 88,
    "EffectiveEchoSpacing": 0.000539002,
    "FlipAngle": 53,
    "ImageComments": "Unaliased MB6/PE3/LB",
    "ImageOrientationPatientDICOM": [
      1,
      0,
      0,
      0,
      0.939693,
      -0.34202
    ],
    "ImageType": [
      "ORIGINAL",
      "PRIMARY",
      "M",
      "MB",
      "ND",
      "MOSAIC"
    ],
    "ImagingFrequency": 123.25,
    "InPlanePhaseEncodingDirectionDICOM": "COL",
    "InstitutionAddress": "Michigan Ave 320,Pasadena,California,US,91025",
    "InstitutionName": "Caltech Prisma64",
    "InstitutionalDepartmentName": "Department",
    "MRAcquisitionType": "2D",
    "MagneticFieldStrength": 3,
    "Manufacturer": "Siemens",
    "ManufacturersModelName": "Prisma_fit",
    "Modality": "MR",
    "MultibandAccelerationFactor": 6,
    "PartialFourier": 1,
    "PatientBirthDate": "1997-04-01",
    "PatientID": "CC0140",
    "PatientName": "CC0140",
    "PatientPosition": "HFS",
    "PatientSex": "M",
    "PatientWeight": 58.967,
    "PercentPhaseFOV": 100,
    "PercentSampling": 100,
    "PhaseEncodingDirection": "j-",
    "PhaseEncodingSteps": 88,
    "PhaseOversampling": 0.1,
    "PhaseResolution": 1,
    "PixelBandwidth": 2715,
    "ProcedureStepDescription": "Conte Core",
    "ProtocolName": "task-pixar_run-01_bold",
    "PulseSequenceDetails": "%CustomerSeq%\\cmrr_mbep2d_bold",
    "ReceiveCoilActiveElements": "HEA;HEP",
    "ReceiveCoilName": "Head_32",
    "ReconMatrixPE": 80,
    "ReferringPhysicianName": "Adolphs",
    "RepetitionTime": 0.7,
    "SAR": 0.0798869,
    "ScanOptions": "FS\\EXT",
    "ScanningSequence": "EP",
    "SequenceName": "epfid2d1_80",
    "SequenceVariant": "SK\\SS\\OSP",
    "SeriesDescription": "task-pixar_run-01_bold",
    "SeriesInstanceUID": "1.3.12.2.1107.5.2.43.167050.2018071111424098057724479.0.0.0",
    "SeriesNumber": 34,
    "ShimSetting": [
      6988,
      -3537,
      7890,
      399,
      -92,
      173,
      -13,
      9
    ],
    "SliceThickness": 2.5,
    "SliceTiming": [
      0,
      0.475,
      0.27,
      0.0675,
      0.5425,
      0.34,
      0.135,
      0.61,
      0.4075,
      0.2025,
      0,
      0.475,
      0.27,
      0.0675,
      0.5425,
      0.34,
      0.135,
      0.61,
      0.4075,
      0.2025,
      0,
      0.475,
      0.27,
      0.0675,
      0.5425,
      0.34,
      0.135,
      0.61,
      0.4075,
      0.2025,
      0,
      0.475,
      0.27,
      0.0675,
      0.5425,
      0.34,
      0.135,
      0.61,
      0.4075,
      0.2025,
      0,
      0.475,
      0.27,
      0.0675,
      0.5425,
      0.34,
      0.135,
      0.61,
      0.4075,
      0.2025,
      0,
      0.475,
      0.27,
      0.0675,
      0.5425,
      0.34,
      0.135,
      0.61,
      0.4075,
      0.2025
    ],
    "SoftwareVersions": "syngo MR E11",
    "SpacingBetweenSlices": 2.5,
    "StationName": "PRISMA",
    "StudyID": "1",
    "StudyInstanceUID": "1.3.12.2.1107.5.2.43.167050.30000018071021413043300000007",
    "TaskName": "pixar",
    "TotalReadoutTime": 0.0425812,
    "TxRefAmp": 243.87,
    "WipMemBlock": "a043d359-32cf-41a0-9e7b-3bbd706dd7a5||Sequence: R016 ve11c/master r/e634e98; Dec 19 2017 11:00:25 by eja",
    "dataset": "unknown",
    "modality": "bold",
    "run_id": 1,
    "session_id": "core2p2",
    "subject_id": "CC0140",
    "task_id": "pixar"
  },
  "dummy_trs": 1,
  "dvars_nstd": 35.89985674852319,
  "dvars_std": 1.0493592765611817,
  "dvars_vstd": 0.9922296701687764,
  "efc": 0.5566220091370314,
  "fber": 709.959716796875,
  "fd_mean": 0.10226720091938107,
  "fd_num": 21,
  "fd_perc": 4.421052631578948,
  "fwhm_avg": 2.882562666666667,
  "fwhm_x": 2.603656,
  "fwhm_y": 3.06134,
  "fwhm_z": 2.982692,
  "gcor": 0.00588774,
  "gsr_x": 0.001703206216916442,
  "gsr_y": 0.1415623128414154,
  "provenance": {
    "md5sum": "f1793e7c528faef177307a8eddc3d230",
    "settings": {
      "fd_thres": 0.2,
      "hmc_fsl": false
    },
    "software": "mriqc",
    "version": "0.15.0",
    "webapi_port": null,
    "webapi_url": "https://mriqc.nimh.nih.gov/api/v1"
  },
  "size_t": 475,
  "size_x": 80,
  "size_y": 80,
  "size_z": 60,
  "snr": 2.2971472311195167,
  "spacing_tr": 0.699999988079071,
  "spacing_x": 2.5,
  "spacing_y": 2.5,
  "spacing_z": 2.5,
  "summary_bg_k": 40.328945053640155,
  "summary_bg_mad": 65.11744689941406,
  "summary_bg_mean": 350.72711181640625,
  "summary_bg_median": 124.32630920410156,
  "summary_bg_n": 222846.0,
  "summary_bg_p05": 74.94104766845703,
  "summary_bg_p95": 1487.1072692871094,
  "summary_bg_stdv": 648.8690185546875,
  "summary_fg_k": 1.0316129903164635,
  "summary_fg_mad": 1340.503662109375,
  "summary_fg_mean": 3826.787841796875,
  "summary_fg_median": 3544.421875,
  "summary_fg_n": 97392.0,
  "summary_fg_p05": 1817.3085449218752,
  "summary_fg_p95": 6783.232519531249,
  "summary_fg_stdv": 1542.9588623046875,
  "tsnr": 37.21461486816406
}