{
  "bids_meta": {
    "AccessionNumber": "6471-018",
    "AcquisitionDateTime": "2018-05-08T10:03:11.837500",
    "AcquisitionMatrixPE": 256,
    "AcquisitionNumber": 1,
    "AcquisitionTime": "10:03:11.837500",
    "BaseResolution": 256,
    "BodyPartExamined": "BRAIN",
    "ConsistencyInfo": "N4_VE11C_LATEST_20160120",
    "ConversionSoftware": "dcm2niix",
    "ConversionSoftwareVersion": "v1.0.20210317",
    "DeviceSerialNumber": "167050",
    "DwellTime": 3e-06,
    "EchoNumber": 4,
    "FlipAngle": 8,
    "ImageComments": "Average over all echoes.",
    "ImageOrientationPatientDICOM": [
      0,
      1,
      0,
      0,
      0,
      -1
    ],
    "ImageType": [
      "ORIGINAL",
      "PRIMARY",
      "ECHO",
      "COMBINED",
      "ND",
      "NORM"
    ],
    "ImagingFrequency": 123.25,
    "InPlanePhaseEncodingDirectionDICOM": "ROW",
    "InstitutionAddress": "Michigan Ave 320,Pasadena,California,US,91025",
    "InstitutionName": "Caltech Prisma64",
    "InstitutionalDepartmentName": "Department",
    "InversionTime": 1.15,
    "MRAcquisitionType": "3D",
    "MagneticFieldStrength": 3,
    "Manufacturer": "Siemens",
    "ManufacturersModelName": "Prisma_fit",
    "Modality": "MR",
    "ParallelReductionFactorInPlane": 2,
    "PartialFourier": 1,
    "PatientBirthDate": "1985-06-01",
    "PatientID": "CC0029",
    "PatientName": "CC0029",
    "PatientPosition": "HFS",
    "PatientSex": "M",
    "PatientWeight": 72.5748,
    "PercentPhaseFOV": 100,
    "PercentSampling": 100,
    "PhaseEncodingSteps": 282,
    "PhaseOversampling": 0.1,
    "PhaseResolution": 1,
    "PixelBandwidth": 650,
    "ProcedureStepDescription": "Conte Core",
    "ProtocolName": "T1w",
    "PulseSequenceDetails": "%CustomerSeq%\\tfl_wip900D_VE11C",
    "ReceiveCoilActiveElements": "HEA;HEP",
    "ReceiveCoilName": "Head_32",
    "ReconMatrixPE": 256,
    "RefLinesPE": 32,
    "ReferringPhysicianName": "Adolphs",
    "RepetitionTime": 2.55,
    "SAR": 0.0419877,
    "ScanOptions": "IR\\WE",
    "ScanningSequence": "GR\\IR",
    "SequenceName": "tfl3d4_16ns",
    "SequenceVariant": "SK\\SP\\MP\\OSP",
    "SeriesDescription": "T1w_combEcho",
    "SeriesInstanceUID": "1.3.12.2.1107.5.2.43.167050.2018050810102123968286257.0.0.0",
    "SeriesNumber": 5,
    "ShimSetting": [
      6985,
      -3604,
      7927,
      352,
      -59,
      86,
      -9,
      24
    ],
    "SliceThickness": 0.9,
    "SoftwareVersions": "syngo MR E11",
    "StationName": "PRISMA",
    "StudyID": "1",
    "StudyInstanceUID": "1.3.12.2.1107.5.2.43.167050.30000018042619061766300000022",
    "TxRefAmp": 253.543,
    "WipMemBlock": "WIP_Identifier: WIP#900D",
    "acq_id": "combecho",
    "dataset": "unknown",
    "modality": "T1w",
    "run_id": 2,
    "session_id": "core2p2",
    "subject_id": "CC0029"
  },
  "cjv": 0.685346828676212,
  "cnr": 1.8212526882510172,
  "efc": 0.6080547771500157,
  "fber": 1686.2158203125,
  "fwhm_avg": 4.2897292552512925,
  "fwhm_x": 4.2875001135799655,
  "fwhm_y": 4.2730629565217395,
  "fwhm_z": 4.308624695652174,
  "icvs_csf": 0.1857757563371648,
  "icvs_gm": 0.3957422235323714,
  "icvs_wm": 0.4184820201304638,
  "inu_med": 1.321843147277832,
  "inu_range": 0.4741768181324004,
  "provenance": {
    "md5sum": "c8b9cb9972be98a859a6417f550196e3",
    "settings": {
      "testing": false
    },
    "software": "mriqc",
    "version": "0.15.0",
    "warnings": {
      "large_rot_frame": false,
      "small_air_mask": false
    },
    "webapi_port": null,
    "webapi_url": "https://mriqc.nimh.nih.gov/api/v1"
  },
  "qi_1": 0.0,
  "qi_2": 0.019622863047898922,
  "rpve_csf": 24.451961206039595,
  "rpve_gm": 12.083796610047457,
  "rpve_wm": 13.882673119491162,
  "size_x": 208,
  "size_y": 256,
  "size_z": 256,
  "snr_csf": 3.437669055641978,
  "snr_gm": 9.725985715475131,
  "snr_total": 12.474960895394288,
  "snr_wm": 24.261227915065753,
  "snrd_csf": 44.379939027317086,
  "snrd_gm": 82.1881595762126,
  "snrd_total": 75.311378235827,
  "snrd_wm": 99.36603610395129,
  "spacing_x": 0.8999999761581421,
  "spacing_y": 0.8984375,
  "spacing_z": 0.8984375,
  "summary_bg_k": 92.2174797136534,
  "summary_bg_mad": 6.593461036682129,
  "summary_bg_mean": 14.378634452819824,
  "summary_bg_median": 13.33748722076416,
  "summary_bg_n": 3804367.0,
  "summary_bg_p05": 4.445064353942871,
  "summary_bg_p95": 31.142985153198243,
  "summary_bg_stdv": 8.886472702026367,
  "summary_csf_k": -0.7495836976525401,
  "summary_csf_mad": 155.76980590820312,
  "summary_csf_mean": 465.3115234375,
  "summary_csf_median": 446.651123046875,
  "summary_csf_n": 39784.0,
  "summary_csf_p05": 287.9779525756836,
  "summary_csf_p95": 682.3375823974609,
  "summary_csf_stdv": 129.92684936523438,
  "summary_gm_k": 0.22803360147185447,
  "summary_gm_mad": 80.79544067382812,
  "summary_gm_mean": 835.6373901367188,
  "summary_gm_median": 827.1627807617188,
  "summary_gm_n": 34352.0,
  "summary_gm_p05": 712.9243804931641,
  "summary_gm_p95": 996.263409423828,
  "summary_gm_stdv": 85.04544067382812,
  "summary_wm_k": 1.3844796720245718,
  "summary_wm_mad": 37.68907928466797,
  "summary_wm_mean": 1000.9644775390625,
  "summary_wm_median": 1000.0453491210938,
  "summary_wm_n": 384821.0,
  "summary_wm_p05": 935.4173583984375,
  "summary_wm_p95": 1068.3197021484375,
  "summary_wm_stdv": 41.219844818115234,
  "tpm_overlap_csf": 0.22676092386245728,
  "tpm_overlap_gm": 0.49136215448379517,
  "tpm_overlap_wm": 0.5601845979690552,
  "wm2max": 0.6346452370825126
}