{
  "bids_meta": {
    "AccessionNumber": "6471-018",
    "AcquisitionDateTime": "2018-05-08T10:03:11.837500",
    "AcquisitionMatrixPE": 256,
    "AcquisitionNumber": 1,
    "AcquisitionTime": "10:03:11.837500",
    "BaseResolution": 256,
    "BodyPartExamined": "BRAIN",
    "ConsistencyInfo": "N4_VE11C_LATEST_20160120",
    "ConversionSoftware": "dcm2niix",
    "ConversionSoftwareVersion": "v1.0.20210317",
    "DeviceSerialNumber": "167050",
    "DwellTime": 3e-06,
    "EchoNumber": 4,
    "FlipAngle": 8,
    "ImageComments": "Average over all echoes.",
    "ImageOrientationPatientDICOM": [
      0,
      1,
      0,
      0,
      0,
      -1
    ],
    "ImageType": [
      "ORIGINAL",
      "PRIMARY",
      "ECHO",
      "COMBINED",
      "ND"
    ],
    "ImagingFrequency": 123.25,
    "InPlanePhaseEncodingDirectionDICOM": "ROW",
    "InstitutionAddress": "Michigan Ave 320,Pasadena,California,US,91025",
    "InstitutionName": "Caltech Prisma64",
    "InstitutionalDepartmentName": "Department",
    "InversionTime": 1.15,
    "MRAcquisitionType": "3D",
    "MagneticFieldStrength": 3,
    "Manufacturer": "Siemens",
    "ManufacturersModelName": "Prisma_fit",
    "Modality": "MR",
    "ParallelReductionFactorInPlane": 2,
    "PartialFourier": 1,
    "PatientBirthDate": "1985-06-01",
    "PatientID": "CC0029",
    "PatientName": "CC0029",
    "PatientPosition": "HFS",
    "PatientSex": "M",
    "PatientWeight": 72.5748,
    "PercentPhaseFOV": 100,
    "PercentSampling": 100,
    "PhaseEncodingSteps": 282,
    "PhaseOversampling": 0.1,
    "PhaseResolution": 1,
    "PixelBandwidth": 650,
    "ProcedureStepDescription": "Conte Core",
    "ProtocolName": "T1w",
    "PulseSequenceDetails": "%CustomerSeq%\\tfl_wip900D_VE11C",
    "ReceiveCoilActiveElements": "HEA;HEP",
    "ReceiveCoilName": "Head_32",
    "ReconMatrixPE": 256,
    "RefLinesPE": 32,
    "ReferringPhysicianName": "Adolphs",
    "RepetitionTime": 2.55,
    "SAR": 0.0419877,
    "ScanOptions": "IR\\WE",
    "ScanningSequence": "GR\\IR",
    "SequenceName": "tfl3d4_16ns",
    "SequenceVariant": "SK\\SP\\MP\\OSP",
    "SeriesDescription": "T1w_combEcho",
    "SeriesInstanceUID": "1.3.12.2.1107.5.2.43.167050.2018050810102123950586256.0.0.0",
    "SeriesNumber": 4,
    "ShimSetting": [
      6985,
      -3604,
      7927,
      352,
      -59,
      86,
      -9,
      24
    ],
    "SliceThickness": 0.9,
    "SoftwareVersions": "syngo MR E11",
    "StationName": "PRISMA",
    "StudyID": "1",
    "StudyInstanceUID": "1.3.12.2.1107.5.2.43.167050.30000018042619061766300000022",
    "TxRefAmp": 253.543,
    "WipMemBlock": "WIP_Identifier: WIP#900D",
    "acq_id": "combecho",
    "dataset": "unknown",
    "modality": "T1w",
    "run_id": 1,
    "session_id": "core2p2",
    "subject_id": "CC0029"
  },
  "cjv": 0.9121817838508973,
  "cnr": 1.510524406409342,
  "efc": 0.5841683887251704,
  "fber": 341.2532958984375,
  "fwhm_avg": 5.668064790666672,
  "fwhm_x": 5.653922372000016,
  "fwhm_y": 5.578562782608696,
  "fwhm_z": 5.7717092173913045,
  "icvs_csf": 0.1720935652116601,
  "icvs_gm": 0.42762475228572744,
  "icvs_wm": 0.4002816825026125,
  "inu_med": 1.7210174798965454,
  "inu_range": 1.4249261796474457,
  "provenance": {
    "md5sum": "e14667abda0b4d34679214c046f2762c",
    "settings": {
      "testing": false
    },
    "software": "mriqc",
    "version": "0.15.0",
    "warnings": {
      "large_rot_frame": false,
      "small_air_mask": false
    },
    "webapi_port": null,
    "webapi_url": "https://mriqc.nimh.nih.gov/api/v1"
  },
  "qi_1": 3.9432215528603636e-05,
  "qi_2": 0.003997612768665759,
  "rpve_csf": 26.561638351443694,
  "rpve_gm": 10.605202791509067,
  "rpve_wm": 12.509626239256056,
  "size_x": 208,
  "size_y": 256,
  "size_z": 256,
  "snr_csf": 3.6700230931425217,
  "snr_gm": 11.759589675888416,
  "snr_total": 10.09555895441778,
  "snr_wm": 14.857064094222405,
  "snrd_csf": 24.689497715288017,
  "snrd_gm": 51.2861236591113,
  "snrd_total": 45.44296270825169,
  "snrd_wm": 60.35326675035577,
  "spacing_x": 0.8999999761581421,
  "spacing_y": 0.8984375,
  "spacing_z": 0.8984375,
  "summary_bg_k": 5.465159384116237,
  "summary_bg_mad": 10.854568481445312,
  "summary_bg_mean": 37.50387191772461,
  "summary_bg_median": 35.75271987915039,
  "summary_bg_n": 3784931.0,
  "summary_bg_p05": 21.35581111907959,
  "summary_bg_p95": 57.536367416381836,
  "summary_bg_stdv": 11.831538200378418,
  "summary_csf_k": -0.3986194185211587,
  "summary_csf_mad": 126.25823211669922,
  "summary_csf_mean": 425.9474792480469,
  "summary_csf_median": 409.06573486328125,
  "summary_csf_n": 36838.0,
  "summary_csf_p05": 277.11790466308594,
  "summary_csf_p95": 620.8455749511719,
  "summary_csf_stdv": 111.4598388671875,
  "summary_gm_k": -0.18576429934632532,
  "summary_gm_mad": 73.75086975097656,
  "summary_gm_mean": 844.7947387695312,
  "summary_gm_median": 849.7295532226562,
  "summary_gm_n": 66074.0,
  "summary_gm_p05": 714.9958923339843,
  "summary_gm_p95": 953.5863189697266,
  "summary_gm_stdv": 72.25788879394531,
  "summary_wm_k": 0.3851335229949795,
  "summary_wm_mad": 63.28451156616211,
  "summary_wm_mean": 1010.7689819335938,
  "summary_wm_median": 999.9577026367188,
  "summary_wm_n": 226667.0,
  "summary_wm_p05": 917.5272277832032,
  "summary_wm_p95": 1134.5162719726563,
  "summary_wm_stdv": 67.3050537109375,
  "tpm_overlap_csf": 0.22147373855113983,
  "tpm_overlap_gm": 0.42264658212661743,
  "tpm_overlap_wm": 0.43410399556159973,
  "wm2max": 0.5941606682089011
}