{
    "Modality":"MR",
    "MagneticFieldStrength":3,
    "ImagingFrequency":123.25,
    "Manufacturer":"Siemens",
    "ManufacturersModelName":"Prisma_fit",
    "InstitutionName":"Caltech Prisma32",
    "InstitutionalDepartmentName":"Department",
    "InstitutionAddress":"Michigan Ave 320,Pasadena,California,US,91025",
    "DeviceSerialNumber":"167050",
    "StationName":"PRISMA",
    "SeriesInstanceUID":"1.3.12.2.1107.5.2.43.167050.2019012311294860984180183.0.0.0",
    "StudyInstanceUID":"1.3.12.2.1107.5.2.43.167050.30000019012122271046500000016",
    "ReferringPhysicianName":"Adolphs",
    "StudyID":"1",
    "PatientName":"CC0178",
    "PatientID":"CC0178",
    "AccessionNumber":"8682-001",
    "PatientBirthDate":"1997-03-01",
    "PatientSex":"M",
    "PatientWeight":57.1526,
    "BodyPartExamined":"BRAIN",
    "PatientPosition":"HFS",
    "SoftwareVersions":"syngo MR E11",
    "MRAcquisitionType":"2D",
    "SeriesDescription":"acq-pixar_run-01_dir-AP_epi",
    "ProtocolName":"acq-pixar_run-01_dir-AP_epi",
    "ScanningSequence":"EP",
    "SequenceVariant":"SK\\OSP",
    "ScanOptions":"FS",
    "SequenceName":"epse2d1_80",
    "ImageType":[
        "ORIGINAL",
        "PRIMARY",
        "M",
        "ND",
        "MOSAIC"
    ],
    "SeriesNumber":31,
    "AcquisitionTime":"11:29:52.227500",
    "AcquisitionDateTime":"2019-01-23T11:29:52.227500",
    "AcquisitionNumber":1,
    "SliceThickness":2.5,
    "SpacingBetweenSlices":2.5,
    "SAR":0.257725,
    "EchoTime":0.048,
    "RepetitionTime":5.5,
    "FlipAngle":90,
    "PartialFourier":1,
    "BaseResolution":80,
    "ShimSetting":[
        6996,
        -3605,
        7942,
        550,
        -17,
        21,
        -48,
        32
    ],
    "TxRefAmp":252.232,
    "PhaseResolution":1,
    "PhaseOversampling":0.1,
    "ReceiveCoilName":"Head_32",
    "ReceiveCoilActiveElements":"HEA;HEP",
    "PulseSequenceDetails":"%CustomerSeq%\\cmrr_mbep2d_se",
    "WipMemBlock":"4df878a1-ea57-4d67-9879-9c5ff2796b22||Sequence: R016 ve11c/master r/e634e98; Dec 19 2017 11:22:56 by eja",
    "ConsistencyInfo":"N4_VE11C_LATEST_20160120",
    "PercentPhaseFOV":100,
    "PercentSampling":100,
    "EchoTrainLength":88,
    "PhaseEncodingSteps":88,
    "AcquisitionMatrixPE":80,
    "ReconMatrixPE":80,
    "BandwidthPerPixelPhaseEncode":23.191,
    "EffectiveEchoSpacing":0.000539002,
    "DerivedVendorReportedEchoSpacing":0.000490002,
    "TotalReadoutTime":0.0425812,
    "PixelBandwidth":2715,
    "DwellTime":2.3e-06,
    "PhaseEncodingDirection":"j-",
    "SliceTiming":[
        2.74,
        0,
        2.8325,
        0.0925,
        2.9225,
        0.1825,
        3.015,
        0.275,
        3.105,
        0.365,
        3.1975,
        0.4575,
        3.2875,
        0.5475,
        3.38,
        0.64,
        3.47,
        0.73,
        3.5625,
        0.8225,
        3.6525,
        0.9125,
        3.745,
        1.005,
        3.835,
        1.095,
        3.9275,
        1.1875,
        4.0175,
        1.28,
        4.11,
        1.37,
        4.2025,
        1.4625,
        4.2925,
        1.5525,
        4.385,
        1.645,
        4.475,
        1.735,
        4.5675,
        1.8275,
        4.6575,
        1.9175,
        4.75,
        2.01,
        4.84,
        2.1,
        4.9325,
        2.1925,
        5.0225,
        2.2825,
        5.115,
        2.375,
        5.205,
        2.465,
        5.2975,
        2.5575,
        5.3875,
        2.65
    ],
    "ImageOrientationPatientDICOM":[
        1,
        0,
        0,
        0,
        0.939693,
        -0.34202
    ],
    "InPlanePhaseEncodingDirectionDICOM":"COL",
    "ConversionSoftware":"dcm2niix",
    "ConversionSoftwareVersion":"v1.0.20210317",
    "IntendedFor":[
        "ses-core2p2/func/sub-CC0178_ses-core2p2_task-pixar_run-01_bold.nii.gz"
    ]
}