{
  "bids_meta": {
    "AccessionNumber": "7523-001",
    "AcquisitionDateTime": "2014-05-28T10:58:17.312500",
    "AcquisitionMatrixPE": 256,
    "AcquisitionNumber": 1,
    "AcquisitionTime": "10:58:17.312500",
    "BaseResolution": 256,
    "CoilString": "C:HEA;HEP",
    "ConversionSoftware": "dcm2niix",
    "ConversionSoftwareVersion": "v1.0.20210317",
    "DeviceSerialNumber": "35077",
    "DwellTime": 1.09e-05,
    "EchoTime": 0.00291,
    "FlipAngle": 10,
    "ImageOrientationPatientDICOM": [
      0,
      1,
      0,
      0,
      0,
      -1
    ],
    "ImageType": [
      "ORIGINAL",
      "PRIMARY",
      "M",
      "ND",
      "NORM"
    ],
    "ImagingFrequency": 123.229,
    "InPlanePhaseEncodingDirectionDICOM": "ROW",
    "InstitutionAddress": "Wilson Avenue 340 ,Pasadena,California,US,91025",
    "InstitutionName": "Caltech Tim32",
    "InstitutionalDepartmentName": "Department",
    "InversionTime": 0.8,
    "MRAcquisitionType": "3D",
    "MagneticFieldStrength": 3,
    "Manufacturer": "Siemens",
    "ManufacturersModelName": "TrioTim",
    "Modality": "MR",
    "PartialFourier": 1,
    "PatientBirthDate": "1992-01-01",
    "PatientID": "adolphs",
    "PatientName": "CC0116",
    "PatientPosition": "HFS",
    "PatientSex": "F",
    "PatientWeight": 86.1826,
    "PercentPhaseFOV": 100,
    "PercentSampling": 100,
    "PhaseEncodingSteps": 256,
    "PhaseResolution": 1,
    "PixelBandwidth": 179,
    "ProcedureStepDescription": "Conte^Core",
    "ProtocolName": "T1_2",
    "PulseSequenceDetails": "%SiemensSeq%\\tfl",
    "ReceiveCoilName": "32Ch_Head",
    "ReconMatrixPE": 256,
    "RepetitionTime": 1.5,
    "SAR": 0.119231,
    "ScanOptions": "IR",
    "ScanningSequence": "GR\\IR",
    "SequenceName": "*tfl3d1",
    "SequenceVariant": "SP\\MP",
    "SeriesDescription": "T1_2",
    "SeriesInstanceUID": "1.3.12.2.1107.5.2.32.35077.201405281057567684502124.0.0.0",
    "SeriesNumber": 14,
    "ShimSetting": [
      9574,
      -10419,
      15614,
      391,
      -182,
      -273,
      -315,
      -109
    ],
    "SliceThickness": 1,
    "SoftwareVersions": "syngo MR B17",
    "StationName": "MEDPC",
    "StudyID": "1",
    "StudyInstanceUID": "1.3.12.2.1107.5.2.32.35077.30000014052721581373400000013",
    "TxRefAmp": 319.661,
    "dataset": "unknown",
    "modality": "T1w",
    "run_id": 2,
    "session_id": "core1p2",
    "subject_id": "CC0116"
  },
  "cjv": 0.37622468230804196,
  "cnr": 3.470959737637375,
  "efc": 0.548049188767734,
  "fber": 5995.66552734375,
  "fwhm_avg": 3.9571566666666667,
  "fwhm_x": 3.92987,
  "fwhm_y": 3.96636,
  "fwhm_z": 3.97524,
  "icvs_csf": 0.19001374447106853,
  "icvs_gm": 0.4448303790974065,
  "icvs_wm": 0.365155876431525,
  "inu_med": 1.4433090686798096,
  "inu_range": 0.3857349336147309,
  "provenance": {
    "md5sum": "105cb99907f01b51590d866645d2a2de",
    "settings": {
      "testing": false
    },
    "software": "mriqc",
    "version": "0.15.0",
    "warnings": {
      "large_rot_frame": true,
      "small_air_mask": false
    },
    "webapi_port": null,
    "webapi_url": "https://mriqc.nimh.nih.gov/api/v1"
  },
  "qi_1": 3.812879143169799e-06,
  "qi_2": 0.0102290384613662,
  "rpve_csf": 31.784833815750076,
  "rpve_gm": 14.71683134543002,
  "rpve_wm": 20.393369770467412,
  "size_x": 176,
  "size_y": 256,
  "size_z": 256,
  "snr_csf": 4.032659918763459,
  "snr_gm": 15.626221897163719,
  "snr_total": 14.504753736273704,
  "snr_wm": 23.855379392893933,
  "snrd_csf": 37.89339463909483,
  "snrd_gm": 71.52307455270525,
  "snrd_total": 67.33338292700589,
  "snrd_wm": 92.58367958921758,
  "spacing_x": 1.0,
  "spacing_y": 1.0,
  "spacing_z": 1.0,
  "summary_bg_k": 400.9819850648675,
  "summary_bg_mad": 7.076275825500488,
  "summary_bg_mean": 7.6720685958862305,
  "summary_bg_median": 4.7728753089904785,
  "summary_bg_n": 2917825.0,
  "summary_bg_p05": 0.0,
  "summary_bg_p95": 19.28675079345703,
  "summary_bg_stdv": 9.691757202148438,
  "summary_csf_k": 0.5648863402724453,
  "summary_csf_mad": 90.39950561523438,
  "summary_csf_mean": 432.77410888671875,
  "summary_csf_median": 409.29510498046875,
  "summary_csf_n": 19452.0,
  "summary_csf_p05": 305.0605865478516,
  "summary_csf_p95": 625.3848297119141,
  "summary_csf_stdv": 101.49246215820312,
  "summary_gm_k": 0.2215823542310318,
  "summary_gm_mad": 48.17009353637695,
  "summary_gm_mean": 772.4529418945312,
  "summary_gm_median": 772.536865234375,
  "summary_gm_n": 20679.0,
  "summary_gm_p05": 691.748681640625,
  "summary_gm_p95": 854.4695739746094,
  "summary_gm_stdv": 49.43729782104492,
  "summary_wm_k": 0.7484847330451885,
  "summary_wm_mad": 37.41362762451172,
  "summary_wm_mean": 999.2938232421875,
  "summary_wm_median": 1000.0172119140625,
  "summary_wm_n": 170275.0,
  "summary_wm_p05": 926.8790344238281,
  "summary_wm_p95": 1066.4326904296875,
  "summary_wm_stdv": 41.919864654541016,
  "tpm_overlap_csf": 0.22903062403202057,
  "tpm_overlap_gm": 0.5266295671463013,
  "tpm_overlap_wm": 0.5578221678733826,
  "wm2max": 0.4589817879547744
}