{
  "bids_meta": {
    "AccessionNumber": "8566-001",
    "AcquisitionDateTime": "2018-09-12T10:03:23.415000",
    "AcquisitionMatrixPE": 256,
    "AcquisitionNumber": 1,
    "AcquisitionTime": "10:03:23.415000",
    "BaseResolution": 256,
    "BodyPartExamined": "BRAIN",
    "ConsistencyInfo": "N4_VE11C_LATEST_20160120",
    "ConversionSoftware": "dcm2niix",
    "ConversionSoftwareVersion": "v1.0.20210317",
    "DeviceSerialNumber": "167050",
    "DwellTime": 3e-06,
    "EchoNumber": 4,
    "FlipAngle": 8,
    "ImageComments": "Average over all echoes.",
    "ImageOrientationPatientDICOM": [
      0,
      1,
      0,
      0,
      0,
      -1
    ],
    "ImageType": [
      "ORIGINAL",
      "PRIMARY",
      "ECHO",
      "COMBINED",
      "ND",
      "NORM"
    ],
    "ImagingFrequency": 123.25,
    "InPlanePhaseEncodingDirectionDICOM": "ROW",
    "InstitutionAddress": "Michigan Ave 320,Pasadena,California,US,91025",
    "InstitutionName": "Caltech Prisma64",
    "InstitutionalDepartmentName": "Department",
    "InversionTime": 1.15,
    "MRAcquisitionType": "3D",
    "MagneticFieldStrength": 3,
    "Manufacturer": "Siemens",
    "ManufacturersModelName": "Prisma_fit",
    "Modality": "MR",
    "ParallelReductionFactorInPlane": 2,
    "PartialFourier": 1,
    "PatientBirthDate": "1970-10-01",
    "PatientID": "CC0161",
    "PatientName": "CC0161",
    "PatientPosition": "HFS",
    "PatientSex": "M",
    "PatientWeight": 72.5748,
    "PercentPhaseFOV": 100,
    "PercentSampling": 100,
    "PhaseEncodingSteps": 282,
    "PhaseOversampling": 0.1,
    "PhaseResolution": 1,
    "PixelBandwidth": 650,
    "ProcedureStepDescription": "Conte Core",
    "ProtocolName": "T1w",
    "PulseSequenceDetails": "%CustomerSeq%\\tfl_wip900D_VE11C",
    "ReceiveCoilActiveElements": "HEA;HEP",
    "ReceiveCoilName": "Head_32",
    "ReconMatrixPE": 256,
    "RefLinesPE": 32,
    "ReferringPhysicianName": "Adolphs",
    "RepetitionTime": 2.55,
    "SAR": 0.0484197,
    "ScanOptions": "IR\\WE",
    "ScanningSequence": "GR\\IR",
    "SequenceName": "tfl3d4_16ns",
    "SequenceVariant": "SK\\SP\\MP\\OSP",
    "SeriesDescription": "T1w_combEcho",
    "SeriesInstanceUID": "1.3.12.2.1107.5.2.43.167050.2018091210103240533262178.0.0.0",
    "SeriesNumber": 4,
    "ShimSetting": [
      6969,
      -3676,
      7920,
      225,
      -52,
      -290,
      -92,
      3
    ],
    "SliceThickness": 0.9,
    "SoftwareVersions": "syngo MR E11",
    "StationName": "PRISMA",
    "StudyID": "1",
    "StudyInstanceUID": "1.3.12.2.1107.5.2.43.167050.30000018081720093477500000109",
    "TxRefAmp": 266.713,
    "WipMemBlock": "WIP_Identifier: WIP#900D",
    "acq_id": "combecho",
    "dataset": "unknown",
    "modality": "T1w",
    "run_id": 1,
    "session_id": "core2p2",
    "subject_id": "CC0161"
  },
  "cjv": 0.8699742177216823,
  "cnr": 1.5807422289271993,
  "efc": 0.653219809489326,
  "fber": 1067.92138671875,
  "fwhm_avg": 4.6035412376153895,
  "fwhm_x": 4.478633451976603,
  "fwhm_y": 4.531678608695652,
  "fwhm_z": 4.800311652173913,
  "icvs_csf": 0.21465139748122392,
  "icvs_gm": 0.3845048148065385,
  "icvs_wm": 0.4008437877122376,
  "inu_med": 1.679481029510498,
  "inu_range": 0.7024558603763578,
  "provenance": {
    "md5sum": "560b04b39329789d2a1c16f2c47ced14",
    "settings": {
      "testing": false
    },
    "software": "mriqc",
    "version": "0.15.0",
    "warnings": {
      "large_rot_frame": false,
      "small_air_mask": false
    },
    "webapi_port": null,
    "webapi_url": "https://mriqc.nimh.nih.gov/api/v1"
  },
  "qi_1": 0.0,
  "qi_2": 0.0032164534764687258,
  "rpve_csf": 24.172219206263037,
  "rpve_gm": 13.26837041134864,
  "rpve_wm": 15.368996972919906,
  "size_x": 208,
  "size_y": 256,
  "size_z": 256,
  "snr_csf": 3.675910792645081,
  "snr_gm": 9.339124115185202,
  "snr_total": 11.112538144555684,
  "snr_wm": 20.322579525836765,
  "snrd_csf": 39.17302923972346,
  "snrd_gm": 82.72033892014599,
  "snrd_total": 73.56649845861234,
  "snrd_wm": 98.8061272159676,
  "spacing_x": 0.8999999761581421,
  "spacing_y": 0.8984375,
  "spacing_z": 0.8984375,
  "summary_bg_k": 776.1190110144587,
  "summary_bg_mad": 6.630754470825195,
  "summary_bg_mean": 17.624048233032227,
  "summary_bg_median": 16.49822998046875,
  "summary_bg_n": 3369206.0,
  "summary_bg_p05": 4.203597664833069,
  "summary_bg_p95": 37.600958824157715,
  "summary_bg_stdv": 12.250778198242188,
  "summary_csf_k": 1.0922029050366922,
  "summary_csf_mad": 96.11698913574219,
  "summary_csf_mean": 414.14178466796875,
  "summary_csf_median": 396.47735595703125,
  "summary_csf_n": 63480.0,
  "summary_csf_p05": 271.3258377075195,
  "summary_csf_p95": 624.4055572509765,
  "summary_csf_stdv": 107.85741424560547,
  "summary_gm_k": -0.2556520668340898,
  "summary_gm_mad": 95.87882232666016,
  "summary_gm_mean": 838.0838623046875,
  "summary_gm_median": 837.2276000976562,
  "summary_gm_n": 22368.0,
  "summary_gm_p05": 696.6600463867187,
  "summary_gm_p95": 987.0740325927734,
  "summary_gm_stdv": 89.64533233642578,
  "summary_wm_k": 0.8633302052902212,
  "summary_wm_mad": 45.75923538208008,
  "summary_wm_mean": 1002.537353515625,
  "summary_wm_median": 1000.0347900390625,
  "summary_wm_n": 327755.0,
  "summary_wm_p05": 927.1891052246094,
  "summary_wm_p95": 1086.65986328125,
  "summary_wm_stdv": 49.20798873901367,
  "tpm_overlap_csf": 0.23479793965816498,
  "tpm_overlap_gm": 0.4844655394554138,
  "tpm_overlap_wm": 0.5623239874839783,
  "wm2max": 0.6342599543293903
}