{
  "bids_meta": {
    "AccessionNumber": "8003-027",
    "AcquisitionDateTime": "2015-10-16T11:12:57.817500",
    "AcquisitionMatrixPE": 258,
    "AcquisitionNumber": 1,
    "AcquisitionTime": "11:12:57.817500",
    "BaseResolution": 256,
    "CoilString": "C:HEA;HEP",
    "ConversionSoftware": "dcm2niix",
    "ConversionSoftwareVersion": "v1.0.20210317",
    "DeviceSerialNumber": "35077",
    "DwellTime": 3e-06,
    "EchoTime": 0.206,
    "EchoTrainLength": 79,
    "FlipAngle": 120,
    "ImageOrientationPatientDICOM": [
      0,
      1,
      0,
      0,
      0,
      -1
    ],
    "ImageType": [
      "ORIGINAL",
      "PRIMARY",
      "M",
      "DIS2D"
    ],
    "ImagingFrequency": 123.229,
    "InPlanePhaseEncodingDirectionDICOM": "ROW",
    "InstitutionAddress": "Wilson Avenue 340 ,Pasadena,California,US,91025",
    "InstitutionName": "Caltech Tim32",
    "InstitutionalDepartmentName": "Department",
    "MRAcquisitionType": "3D",
    "MagneticFieldStrength": 3,
    "Manufacturer": "Siemens",
    "ManufacturersModelName": "TrioTim",
    "Modality": "MR",
    "ParallelReductionFactorInPlane": 2,
    "PartialFourier": 1,
    "PatientBirthDate": "1983-01-01",
    "PatientID": "adolphs",
    "PatientName": "CC0033",
    "PatientPosition": "HFS",
    "PatientSex": "M",
    "PatientWeight": 77.1107,
    "PercentPhaseFOV": 100,
    "PercentSampling": 100.709,
    "PhaseEncodingDirection": "i",
    "PhaseEncodingSteps": 243,
    "PhaseOversampling": 0.101562,
    "PhaseResolution": 1.00709,
    "PixelBandwidth": 651,
    "ProcedureStepDescription": "Conte^Core",
    "ProtocolName": "T2w_3D",
    "PulseSequenceDetails": "%SiemensSeq%\\tse_vfl",
    "ReceiveCoilName": "32Ch_Head",
    "ReconMatrixPE": 256,
    "RefLinesPE": 32,
    "RepetitionTime": 2.5,
    "SAR": 0.618537,
    "ScanOptions": "PFP",
    "ScanningSequence": "SE",
    "SequenceName": "*spc3d1_158ns",
    "SequenceVariant": "SK\\SP\\OSP",
    "SeriesDescription": "T2w_3D",
    "SeriesInstanceUID": "1.3.12.2.1107.5.2.32.35077.2015101611210311081022622.0.0.0",
    "SeriesNumber": 18,
    "ShimSetting": [
      9539,
      -10448,
      15291,
      -22,
      -142,
      -21,
      -137,
      37
    ],
    "SliceThickness": 1,
    "SoftwareVersions": "syngo MR B17",
    "StationName": "MEDPC",
    "StudyID": "1",
    "StudyInstanceUID": "1.3.12.2.1107.5.2.32.35077.30000015101617285081200000001",
    "TxRefAmp": 330.196,
    "dataset": "unknown",
    "modality": "T2w",
    "run_id": 1,
    "session_id": "core1p3p1",
    "subject_id": "CC0033"
  },
  "cjv": 0.5710673474102451,
  "cnr": 2.19611741121007,
  "efc": 0.4544719746576563,
  "fber": 2944.9228515625,
  "fwhm_avg": 2.6878300000000004,
  "fwhm_x": 2.86283,
  "fwhm_y": 2.46917,
  "fwhm_z": 2.73149,
  "icvs_csf": 0.3372369106203506,
  "icvs_gm": 0.022984336145660162,
  "icvs_wm": 0.6397787532339893,
  "inu_med": 1.4764211177825928,
  "inu_range": 0.6465282917022703,
  "provenance": {
    "md5sum": "5a773dae3dcdc5e667b4a9d33701ef85",
    "settings": {
      "testing": false
    },
    "software": "mriqc",
    "version": "0.15.0",
    "warnings": {
      "large_rot_frame": true,
      "small_air_mask": false
    },
    "webapi_port": null,
    "webapi_url": "https://mriqc.nimh.nih.gov/api/v1"
  },
  "qi_1": 0.0,
  "qi_2": 0.018516337408116226,
  "rpve_csf": 16.97836430791516,
  "rpve_gm": 311.9854396626566,
  "rpve_wm": 11.69170186533404,
  "size_x": 192,
  "size_y": 256,
  "size_z": 256,
  "snr_csf": 4.8173777496823735,
  "snr_gm": 12.126766741292833,
  "snr_total": 8.675507676698741,
  "snr_wm": 9.082378539121015,
  "snrd_csf": 90.54025985348244,
  "snrd_gm": 29.042390467599052,
  "snrd_total": 53.26144710357362,
  "snrd_wm": 40.201690989639346,
  "spacing_x": 1.0,
  "spacing_y": 1.0,
  "spacing_z": 1.0,
  "summary_bg_k": 0.4077149804183051,
  "summary_bg_mad": 16.3015079498291,
  "summary_bg_mean": 21.040678024291992,
  "summary_bg_median": 14.59681510925293,
  "summary_bg_n": 3459113.0,
  "summary_bg_p05": 0.0,
  "summary_bg_p95": 51.908515167236324,
  "summary_bg_stdv": 17.584854125976562,
  "summary_csf_k": 1.25608148265054,
  "summary_csf_mad": 345.48651123046875,
  "summary_csf_mean": 2251.28466796875,
  "summary_csf_median": 2252.878662109375,
  "summary_csf_n": 98769.0,
  "summary_csf_p05": 1477.5537841796875,
  "summary_csf_p95": 3066.5795410156243,
  "summary_csf_stdv": 467.6542663574219,
  "summary_gm_k": 0.5853258638410552,
  "summary_gm_mad": 54.77457046508789,
  "summary_gm_mean": 721.1630249023438,
  "summary_gm_median": 722.6506958007812,
  "summary_gm_n": 817.0,
  "summary_gm_p05": 613.5262329101562,
  "summary_gm_p95": 812.8857177734374,
  "summary_gm_stdv": 59.554893493652344,
  "summary_wm_k": 0.3888367020406407,
  "summary_wm_mad": 103.7951889038086,
  "summary_wm_mean": 1006.9891357421875,
  "summary_wm_median": 1000.3233032226562,
  "summary_wm_n": 349462.0,
  "summary_wm_p05": 836.6301239013671,
  "summary_wm_p95": 1200.7711914062502,
  "summary_wm_stdv": 110.13875579833984,
  "tpm_overlap_csf": 0.19027481973171234,
  "tpm_overlap_gm": 0.012097119353711605,
  "tpm_overlap_wm": 0.46376585960388184,
  "wm2max": 0.2584910296219268
}