{
  "bids_meta": {
    "AccessionNumber": "7182-001",
    "AcquisitionDateTime": "2013-09-03T16:49:23.465000",
    "AcquisitionMatrixPE": 256,
    "AcquisitionNumber": 1,
    "AcquisitionTime": "16:49:23.465000",
    "BaseResolution": 256,
    "CoilString": "C:HEA;HEP",
    "ConversionSoftware": "dcm2niix",
    "ConversionSoftwareVersion": "v1.0.20210317",
    "DeviceSerialNumber": "35077",
    "DwellTime": 1.09e-05,
    "EchoTime": 0.00291,
    "FlipAngle": 10,
    "ImageOrientationPatientDICOM": [
      0,
      1,
      0,
      0,
      0,
      -1
    ],
    "ImageType": [
      "ORIGINAL",
      "PRIMARY",
      "M",
      "ND",
      "NORM"
    ],
    "ImagingFrequency": 123.229,
    "InPlanePhaseEncodingDirectionDICOM": "ROW",
    "InstitutionAddress": "Wilson Avenue 340 ,Pasadena,California,US,91025",
    "InstitutionName": "Caltech Tim32",
    "InstitutionalDepartmentName": "Department",
    "InversionTime": 0.8,
    "MRAcquisitionType": "3D",
    "MagneticFieldStrength": 3,
    "Manufacturer": "Siemens",
    "ManufacturersModelName": "TrioTim",
    "Modality": "MR",
    "PartialFourier": 1,
    "PatientBirthDate": "1978-01-01",
    "PatientID": "adolphs",
    "PatientName": "CC0080",
    "PatientPosition": "HFS",
    "PatientSex": "M",
    "PatientWeight": 81.6466,
    "PercentPhaseFOV": 100,
    "PercentSampling": 100,
    "PhaseEncodingSteps": 256,
    "PhaseResolution": 1,
    "PixelBandwidth": 179,
    "ProcedureStepDescription": "Conte^Core",
    "ProtocolName": "T1_2",
    "PulseSequenceDetails": "%SiemensSeq%\\tfl",
    "ReceiveCoilName": "32Ch_Head",
    "ReconMatrixPE": 256,
    "RepetitionTime": 1.5,
    "SAR": 0.140197,
    "ScanOptions": "IR",
    "ScanningSequence": "GR\\IR",
    "SequenceName": "*tfl3d1",
    "SequenceVariant": "SP\\MP",
    "SeriesDescription": "T1_2",
    "SeriesInstanceUID": "1.3.12.2.1107.5.2.32.35077.2013090316490623318272888.0.0.0",
    "SeriesNumber": 14,
    "ShimSetting": [
      9556,
      -10483,
      15656,
      296,
      3,
      -138,
      7,
      42
    ],
    "SliceThickness": 1,
    "SoftwareVersions": "syngo MR B17",
    "StationName": "MEDPC",
    "StudyID": "1",
    "StudyInstanceUID": "1.3.12.2.1107.5.2.32.35077.30000013090317184432800000007",
    "TxRefAmp": 331.223,
    "dataset": "unknown",
    "modality": "T1w",
    "run_id": 2,
    "session_id": "core1p2",
    "subject_id": "CC0080"
  },
  "cjv": 0.3978607111804662,
  "cnr": 3.134529105713131,
  "efc": 0.561202400709389,
  "fber": 4868.541015625,
  "fwhm_avg": 4.417586666666667,
  "fwhm_x": 4.35283,
  "fwhm_y": 4.46378,
  "fwhm_z": 4.43615,
  "icvs_csf": 0.20711865195091023,
  "icvs_gm": 0.38674838846732285,
  "icvs_wm": 0.4061329595817669,
  "inu_med": 1.498755693435669,
  "inu_range": 0.43996531963348406,
  "provenance": {
    "md5sum": "84931a118097722b9248097d8a797944",
    "settings": {
      "testing": false
    },
    "software": "mriqc",
    "version": "0.15.0",
    "warnings": {
      "large_rot_frame": true,
      "small_air_mask": false
    },
    "webapi_port": null,
    "webapi_url": "https://mriqc.nimh.nih.gov/api/v1"
  },
  "qi_1": 7.749926957848039e-05,
  "qi_2": 0.022494825137596267,
  "rpve_csf": 23.619413087892358,
  "rpve_gm": 12.642721283580627,
  "rpve_wm": 14.79614300844307,
  "size_x": 176,
  "size_y": 256,
  "size_z": 256,
  "snr_csf": 3.5069452866525173,
  "snr_gm": 12.554003534560481,
  "snr_total": 14.600979873439151,
  "snr_wm": 27.741990799104457,
  "snrd_csf": 67.97931529752694,
  "snrd_gm": 137.49328546117547,
  "snrd_total": 127.63182648896172,
  "snrd_wm": 177.42287870818276,
  "spacing_x": 1.0,
  "spacing_y": 1.0,
  "spacing_z": 1.0,
  "summary_bg_k": 14.477138779947758,
  "summary_bg_mad": 3.69254732131958,
  "summary_bg_mean": 7.251688003540039,
  "summary_bg_median": 4.954794883728027,
  "summary_bg_n": 2523265.0,
  "summary_bg_p05": 0.0,
  "summary_bg_p95": 19.712231826782222,
  "summary_bg_stdv": 6.733147621154785,
  "summary_csf_k": 4.073800835478384,
  "summary_csf_mad": 98.45201873779297,
  "summary_csf_mean": 411.0558776855469,
  "summary_csf_median": 383.15203857421875,
  "summary_csf_n": 36967.0,
  "summary_csf_p05": 274.8194549560547,
  "summary_csf_p95": 615.9444641113281,
  "summary_csf_stdv": 109.25373077392578,
  "summary_gm_k": 0.2964156498860766,
  "summary_gm_mad": 57.78375244140625,
  "summary_gm_mean": 778.9097290039062,
  "summary_gm_median": 774.953857421875,
  "summary_gm_n": 20678.0,
  "summary_gm_p05": 684.0893707275392,
  "summary_gm_p95": 889.6585693359374,
  "summary_gm_stdv": 61.728126525878906,
  "summary_wm_k": 1.1981128174757565,
  "summary_wm_mad": 31.756908416748047,
  "summary_wm_mean": 1000.181884765625,
  "summary_wm_median": 1000.0091552734375,
  "summary_wm_n": 271312.0,
  "summary_wm_p05": 941.5394439697266,
  "summary_wm_p95": 1058.5885986328124,
  "summary_wm_stdv": 36.04670333862305,
  "tpm_overlap_csf": 0.23421907424926758,
  "tpm_overlap_gm": 0.49110913276672363,
  "tpm_overlap_wm": 0.5657685399055481,
  "wm2max": 0.47862204013107434
}