{
    "Modality":"MR",
    "MagneticFieldStrength":3,
    "ImagingFrequency":123.229,
    "Manufacturer":"Siemens",
    "ManufacturersModelName":"TrioTim",
    "InstitutionName":"Caltech Tim32",
    "InstitutionalDepartmentName":"Department",
    "InstitutionAddress":"Wilson Avenue 340 ,Pasadena,California,US,91025",
    "DeviceSerialNumber":"35077",
    "StationName":"MEDPC",
    "SeriesInstanceUID":"1.3.12.2.1107.5.2.32.35077.2015051114260193353827465.0.0.0",
    "StudyInstanceUID":"1.3.12.2.1107.5.2.32.35077.30000015051118495539000000004",
    "StudyID":"1",
    "PatientName":"CC0024",
    "PatientID":"adolphs",
    "AccessionNumber":"7797-009",
    "PatientBirthDate":"1987-01-01",
    "PatientSex":"M",
    "PatientWeight":72.5748,
    "PatientPosition":"HFS",
    "ProcedureStepDescription":"Conte^Core",
    "SoftwareVersions":"syngo MR B17",
    "MRAcquisitionType":"2D",
    "SeriesDescription":"Fieldmap_rsBOLD",
    "ProtocolName":"Fieldmap_rsBOLD",
    "ScanningSequence":"GR",
    "SequenceVariant":"SP",
    "SequenceName":"*fm2d2",
    "ImageType":[
        "ORIGINAL",
        "PRIMARY",
        "P",
        "ND",
        "PHASE"
    ],
    "SeriesNumber":5,
    "AcquisitionTime":"14:24:21.887500",
    "AcquisitionDateTime":"2015-05-11T14:24:21.887500",
    "AcquisitionNumber":1,
    "SliceThickness":3,
    "SpacingBetweenSlices":3,
    "SAR":0.150472,
    "EchoNumber":2,
    "EchoTime":0.00501,
    "RepetitionTime":0.4,
    "FlipAngle":45,
    "EchoTime1":0.00255,
    "EchoTime2":0.00501,
    "PartialFourier":1,
    "BaseResolution":64,
    "ShimSetting":[
        9512,
        -10354,
        15673,
        526,
        -275,
        565,
        -74,
        18
    ],
    "TxRefAmp":311.656,
    "PhaseResolution":1,
    "ReceiveCoilName":"32Ch_Head",
    "CoilString":"C:HEA;HEP",
    "PulseSequenceDetails":"%SiemensSeq%\\gre_field_mapping",
    "MultibandAccelerationFactor":2,
    "PercentPhaseFOV":100,
    "PercentSampling":100,
    "PhaseEncodingSteps":64,
    "AcquisitionMatrixPE":64,
    "ReconMatrixPE":64,
    "PixelBandwidth":501,
    "DwellTime":1.56e-05,
    "PhaseEncodingDirection":"j-",
    "SliceTiming":[
        0,
        0.20312,
        0,
        0.21875,
        0.01562,
        0.21875,
        0.03125,
        0.23438,
        0.03125,
        0.23438,
        0.04688,
        0.25,
        0.04688,
        0.25,
        0.0625,
        0.26562,
        0.0625,
        0.26562,
        0.07812,
        0.28125,
        0.07812,
        0.29688,
        0.09375,
        0.29688,
        0.09375,
        0.29688,
        0.10938,
        0.3125,
        0.10938,
        0.32812,
        0.125,
        0.32812,
        0.14062,
        0.34375,
        0.14062,
        0.34375,
        0.15625,
        0.35938,
        0.15625,
        0.35938,
        0.17188,
        0.375,
        0.17188,
        0.375,
        0.1875,
        0.39062,
        0.1875
    ],
    "ImageOrientationPatientDICOM":[
        1,
        0,
        0,
        0,
        0.913545,
        -0.406737
    ],
    "InPlanePhaseEncodingDirectionDICOM":"COL",
    "ConversionSoftware":"dcm2niix",
    "ConversionSoftwareVersion":"v1.0.20210317",
    "IntendedFor":[
        "ses-core1p3p1/func/sub-CC0024_ses-core1p3p1_task-rest_run-01_bold.nii.gz",
        "ses-core1p3p1/func/sub-CC0024_ses-core1p3p1_task-rest_run-02_bold.nii.gz"
    ]
}