{
    "Modality":"MR",
    "MagneticFieldStrength":3,
    "ImagingFrequency":123.229,
    "Manufacturer":"Siemens",
    "ManufacturersModelName":"TrioTim",
    "InstitutionName":"Caltech Tim32",
    "InstitutionalDepartmentName":"Department",
    "InstitutionAddress":"Wilson Avenue 340 ,Pasadena,California,US,91025",
    "DeviceSerialNumber":"35077",
    "StationName":"MEDPC",
    "SeriesInstanceUID":"1.3.12.2.1107.5.2.32.35077.2013032811580995544617957.0.0.0",
    "StudyInstanceUID":"1.3.12.2.1107.5.2.32.35077.30000013032815455942100000010",
    "StudyID":"1",
    "PatientName":"CC0006",
    "PatientID":"adolphs",
    "AccessionNumber":"6531-007",
    "PatientBirthDate":"1987-01-01",
    "PatientSex":"M",
    "PatientWeight":74.8428,
    "PatientPosition":"HFS",
    "ProcedureStepDescription":"Conte^Core",
    "SoftwareVersions":"syngo MR B17",
    "MRAcquisitionType":"2D",
    "SeriesDescription":"rsBOLD_2",
    "ProtocolName":"rsBOLD_2",
    "ScanningSequence":"EP",
    "SequenceVariant":"SK",
    "ScanOptions":"FS",
    "SequenceName":"*epfid2d1_64",
    "ImageType":[
        "ORIGINAL",
        "PRIMARY",
        "M",
        "ND",
        "MOSAIC"
    ],
    "SeriesNumber":5,
    "AcquisitionTime":"11:58:43.547500",
    "AcquisitionDateTime":"2013-03-28T11:58:43.547500",
    "AcquisitionNumber":1,
    "SliceThickness":3,
    "SpacingBetweenSlices":3,
    "SAR":0.210038,
    "EchoTime":0.03,
    "RepetitionTime":2.5,
    "FlipAngle":85,
    "PartialFourier":1,
    "BaseResolution":64,
    "ShimSetting":[
        9531,
        -10496,
        15805,
        668,
        -32,
        199,
        121,
        19
    ],
    "TxRefAmp":311.125,
    "PhaseResolution":1,
    "ReceiveCoilName":"32Ch_Head",
    "CoilString":"C:HEA;HEP",
    "PulseSequenceDetails":"%SiemensSeq%\\ep2d_bold",
    "RefLinesPE":32,
    "PercentPhaseFOV":100,
    "PercentSampling":100,
    "PhaseEncodingSteps":64,
    "AcquisitionMatrixPE":64,
    "ReconMatrixPE":64,
    "BandwidthPerPixelPhaseEncode":66.489,
    "ParallelReductionFactorInPlane":2,
    "EffectiveEchoSpacing":0.000235001,
    "DerivedVendorReportedEchoSpacing":0.000470003,
    "TotalReadoutTime":0.0148051,
    "PixelBandwidth":2604,
    "DwellTime":3e-06,
    "PhaseEncodingDirection":"j-",
    "SliceTiming":[
        0,
        0.0525,
        0.1075,
        0.16,
        0.2125,
        0.2675,
        0.32,
        0.3725,
        0.4275,
        0.48,
        0.535,
        0.5875,
        0.64,
        0.695,
        0.7475,
        0.8,
        0.855,
        0.9075,
        0.96,
        1.015,
        1.0675,
        1.12,
        1.175,
        1.2275,
        1.2825,
        1.335,
        1.3875,
        1.4425,
        1.495,
        1.5475,
        1.6025,
        1.655,
        1.7075,
        1.7625,
        1.815,
        1.8675,
        1.9225,
        1.975,
        2.03,
        2.0825,
        2.135,
        2.19,
        2.2425,
        2.295,
        2.35,
        2.4025,
        2.455
    ],
    "ImageOrientationPatientDICOM":[
        1,
        -1e-16,
        0,
        1e-16,
        0.939693,
        -0.34202
    ],
    "InPlanePhaseEncodingDirectionDICOM":"COL",
    "ConversionSoftware":"dcm2niix",
    "ConversionSoftwareVersion":"v1.0.20210317",
    "TaskName":"rest"
}