{
    "Modality":"MR",
    "MagneticFieldStrength":3,
    "ImagingFrequency":123.229,
    "Manufacturer":"Siemens",
    "ManufacturersModelName":"TrioTim",
    "InstitutionName":"Caltech Tim32",
    "InstitutionalDepartmentName":"Department",
    "InstitutionAddress":"Wilson Avenue 340 ,Pasadena,California,US,91025",
    "DeviceSerialNumber":"35077",
    "StationName":"MEDPC",
    "SeriesInstanceUID":"1.3.12.2.1107.5.2.32.35077.2015101610403651724269373.0.0.0",
    "StudyInstanceUID":"1.3.12.2.1107.5.2.32.35077.30000015101617285081200000001",
    "StudyID":"1",
    "PatientName":"CC0033",
    "PatientID":"adolphs",
    "AccessionNumber":"8003-027",
    "PatientBirthDate":"1983-01-01",
    "PatientSex":"M",
    "PatientWeight":77.1107,
    "PatientPosition":"HFS",
    "ProcedureStepDescription":"Conte^Core",
    "SoftwareVersions":"syngo MR B17",
    "MRAcquisitionType":"2D",
    "SeriesDescription":"rsBOLD_MB_2_SBRef",
    "ProtocolName":"rsBOLD_MB_2",
    "ScanningSequence":"EP",
    "SequenceVariant":"SK\\SS",
    "ScanOptions":"FS",
    "SequenceName":"epfid2d1_80",
    "ImageType":[
        "ORIGINAL",
        "PRIMARY",
        "M",
        "ND",
        "MOSAIC"
    ],
    "SeriesNumber":6,
    "AcquisitionTime":"10:40:22.260000",
    "AcquisitionDateTime":"2015-10-16T10:40:22.260000",
    "AcquisitionNumber":1,
    "ImageComments":"Single-band reference",
    "SliceThickness":2.5,
    "SpacingBetweenSlices":2.5,
    "SAR":0.107174,
    "EchoTime":0.03,
    "RepetitionTime":1,
    "FlipAngle":60,
    "PartialFourier":1,
    "BaseResolution":80,
    "ShimSetting":[
        9583,
        -10433,
        15765,
        529,
        -92,
        275,
        -213,
        -34
    ],
    "TxRefAmp":330.196,
    "PhaseResolution":1,
    "ReceiveCoilName":"32Ch_Head",
    "CoilString":"C:HEA;HEP",
    "PulseSequenceDetails":"%CustomerSeq%\\cmrr_mbep2d_bold",
    "PercentPhaseFOV":100,
    "PercentSampling":100,
    "PhaseEncodingSteps":80,
    "AcquisitionMatrixPE":80,
    "ReconMatrixPE":80,
    "BandwidthPerPixelPhaseEncode":23.148,
    "EffectiveEchoSpacing":0.000540003,
    "DerivedVendorReportedEchoSpacing":0.000540003,
    "TotalReadoutTime":0.0426603,
    "PixelBandwidth":2404,
    "DwellTime":2.6e-06,
    "PhaseEncodingDirection":"j-",
    "SliceTiming":[
        0,
        0.0725,
        0.145,
        0.215,
        0.2875,
        0.36,
        0.43,
        0.5025,
        0.575,
        0.645,
        0.7175,
        0.79,
        0.86,
        0.9325,
        1.005,
        1.075,
        1.1475,
        1.22,
        1.29,
        1.3625,
        1.435,
        1.5075,
        1.5775,
        1.65,
        1.7225,
        1.7925,
        1.865,
        1.9375,
        2.0075,
        2.08,
        2.1525,
        2.2225,
        2.295,
        2.3675,
        2.4375,
        2.51,
        2.5825,
        2.6525,
        2.725,
        2.7975,
        2.8675,
        2.94,
        3.0125,
        3.0825,
        3.155,
        3.2275,
        3.2975,
        3.37,
        3.4425,
        3.5125,
        3.585,
        3.6575,
        3.7275,
        3.8,
        3.8725,
        3.9425
    ],
    "ImageOrientationPatientDICOM":[
        1,
        -1e-16,
        0,
        1e-16,
        0.939693,
        -0.34202
    ],
    "InPlanePhaseEncodingDirectionDICOM":"COL",
    "ConversionSoftware":"dcm2niix",
    "ConversionSoftwareVersion":"v1.0.20210317",
    "TaskName":"rest"
}