{
  "aor": 0.0009245000000000001,
  "aqi": 0.003414799,
  "bids_meta": {
    "AccessionNumber": "7588-008",
    "AcquisitionDateTime": "2014-07-31T09:39:17.307500",
    "AcquisitionMatrixPE": 80,
    "AcquisitionNumber": 1,
    "AcquisitionTime": "09:39:17.307500",
    "BandwidthPerPixelPhaseEncode": 23.148,
    "BaseResolution": 80,
    "CoilString": "C:HEA;HEP",
    "ConversionSoftware": "dcm2niix",
    "ConversionSoftwareVersion": "v1.0.20210317",
    "DerivedVendorReportedEchoSpacing": 0.000540003,
    "DeviceSerialNumber": "35077",
    "DwellTime": 2.6e-06,
    "EchoTime": 0.03,
    "EffectiveEchoSpacing": 0.000540003,
    "FlipAngle": 60,
    "ImageComments": "Unaliased MB4/PE3",
    "ImageOrientationPatientDICOM": [
      1,
      -1e-16,
      0,
      1e-16,
      0.939693,
      -0.34202
    ],
    "ImageType": [
      "ORIGINAL",
      "PRIMARY",
      "M",
      "ND",
      "MOSAIC"
    ],
    "ImagingFrequency": 123.229,
    "InPlanePhaseEncodingDirectionDICOM": "COL",
    "InstitutionAddress": "Wilson Avenue 340 ,Pasadena,California,US,91025",
    "InstitutionName": "Caltech Tim32",
    "InstitutionalDepartmentName": "Department",
    "MRAcquisitionType": "2D",
    "MagneticFieldStrength": 3,
    "Manufacturer": "Siemens",
    "ManufacturersModelName": "TrioTim",
    "Modality": "MR",
    "MultibandAccelerationFactor": 4,
    "PartialFourier": 1,
    "PatientBirthDate": "1987-01-01",
    "PatientID": "adolphs",
    "PatientName": "CC0007",
    "PatientPosition": "HFS",
    "PatientSex": "F",
    "PatientWeight": 68.0389,
    "PercentPhaseFOV": 100,
    "PercentSampling": 100,
    "PhaseEncodingDirection": "j-",
    "PhaseEncodingSteps": 80,
    "PhaseResolution": 1,
    "PixelBandwidth": 2404,
    "ProcedureStepDescription": "Conte^Core",
    "ProtocolName": "rsBOLD_MB_1",
    "PulseSequenceDetails": "%CustomerSeq%\\cmrr_mbep2d_bold",
    "ReceiveCoilName": "32Ch_Head",
    "ReconMatrixPE": 80,
    "RepetitionTime": 1,
    "SAR": 0.119833,
    "ScanOptions": "FS",
    "ScanningSequence": "EP",
    "SequenceName": "epfid2d1_80",
    "SequenceVariant": "SK",
    "SeriesDescription": "rsBOLD_MB_1",
    "SeriesInstanceUID": "1.3.12.2.1107.5.2.32.35077.2014073109391329479687310.0.0.0",
    "SeriesNumber": 2,
    "ShimSetting": [
      9498,
      -10602,
      15692,
      589,
      -149,
      -318,
      -105,
      135
    ],
    "SliceThickness": 2.5,
    "SliceTiming": [
      0,
      0.215,
      0.43,
      0.645,
      0.86,
      0.07,
      0.285,
      0.5025,
      0.7175,
      0.9325,
      0.1425,
      0.3575,
      0.5725,
      0.7875,
      0,
      0.215,
      0.43,
      0.645,
      0.86,
      0.07,
      0.285,
      0.5025,
      0.7175,
      0.9325,
      0.1425,
      0.3575,
      0.5725,
      0.7875,
      0,
      0.215,
      0.43,
      0.645,
      0.86,
      0.07,
      0.285,
      0.5025,
      0.7175,
      0.9325,
      0.1425,
      0.3575,
      0.5725,
      0.7875,
      0,
      0.215,
      0.43,
      0.645,
      0.86,
      0.07,
      0.285,
      0.5025,
      0.7175,
      0.9325,
      0.1425,
      0.3575,
      0.5725,
      0.7875
    ],
    "SoftwareVersions": "syngo MR B17",
    "SpacingBetweenSlices": 2.5,
    "StationName": "MEDPC",
    "StudyID": "1",
    "StudyInstanceUID": "1.3.12.2.1107.5.2.32.35077.30000014072816042654600000034",
    "TaskName": "rest",
    "TotalReadoutTime": 0.0426603,
    "TxRefAmp": 320.439,
    "dataset": "unknown",
    "modality": "bold",
    "run_id": 1,
    "session_id": "core1p2",
    "subject_id": "CC0007",
    "task_id": "rest"
  },
  "dummy_trs": 0,
  "dvars_nstd": 31.577247050776965,
  "dvars_std": 1.0649989514786962,
  "dvars_vstd": 1.0032618798746862,
  "efc": 0.5131201021305266,
  "fber": 707.2020874023438,
  "fd_mean": 0.1214791958665425,
  "fd_num": 29,
  "fd_perc": 7.25,
  "fwhm_avg": 3.184784,
  "fwhm_x": 3.053476,
  "fwhm_y": 3.292532,
  "fwhm_z": 3.2083440000000003,
  "gcor": 0.0147201,
  "gsr_x": -0.02741914615035057,
  "gsr_y": 0.10238546878099442,
  "provenance": {
    "md5sum": "707ce8d182e16961aeb421f8c2124cb8",
    "settings": {
      "fd_thres": 0.2,
      "hmc_fsl": false
    },
    "software": "mriqc",
    "version": "0.15.0",
    "webapi_port": null,
    "webapi_url": "https://mriqc.nimh.nih.gov/api/v1"
  },
  "size_t": 400,
  "size_x": 80,
  "size_y": 80,
  "size_z": 56,
  "snr": 2.047020372447491,
  "spacing_tr": 1.0,
  "spacing_x": 2.5,
  "spacing_y": 2.5,
  "spacing_z": 2.5,
  "summary_bg_k": 42.12490258148007,
  "summary_bg_mad": 7.335173606872559,
  "summary_bg_mean": 35.433841705322266,
  "summary_bg_median": 15.407499313354492,
  "summary_bg_n": 221893.0,
  "summary_bg_p05": 10.092499732971191,
  "summary_bg_p95": 124.50449676513668,
  "summary_bg_stdv": 55.82454299926758,
  "summary_fg_k": 1.7892810233580239,
  "summary_fg_mad": 170.73834228515625,
  "summary_fg_mean": 493.42181396484375,
  "summary_fg_median": 449.21624755859375,
  "summary_fg_n": 77974.0,
  "summary_fg_p05": 212.4041229248047,
  "summary_fg_p95": 936.0289855957024,
  "summary_fg_stdv": 219.4474334716797,
  "tsnr": 44.035194396972656
}