{
    "Modality":"MR",
    "MagneticFieldStrength":3,
    "ImagingFrequency":123.229,
    "Manufacturer":"Siemens",
    "ManufacturersModelName":"TrioTim",
    "InstitutionName":"Caltech Tim32",
    "InstitutionalDepartmentName":"Department",
    "InstitutionAddress":"Wilson Avenue 340 ,Pasadena,California,US,91025",
    "DeviceSerialNumber":"35077",
    "StationName":"MEDPC",
    "SeriesInstanceUID":"1.3.12.2.1107.5.2.32.35077.2015051114580680722680971.0.0.0",
    "StudyInstanceUID":"1.3.12.2.1107.5.2.32.35077.30000015051118495539000000004",
    "StudyID":"1",
    "PatientName":"CC0024",
    "PatientID":"adolphs",
    "AccessionNumber":"7797-009",
    "PatientBirthDate":"1987-01-01",
    "PatientSex":"M",
    "PatientWeight":72.5748,
    "PatientPosition":"HFS",
    "ProcedureStepDescription":"Conte^Core",
    "SoftwareVersions":"syngo MR B17",
    "MRAcquisitionType":"3D",
    "SeriesDescription":"T2w_3D",
    "ProtocolName":"T2w_3D",
    "ScanningSequence":"SE",
    "SequenceVariant":"SK\\SP\\OSP",
    "ScanOptions":"PFP",
    "SequenceName":"*spc3d1_158ns",
    "ImageType":[
        "ORIGINAL",
        "PRIMARY",
        "M",
        "NORM",
        "DIS2D"
    ],
    "SeriesNumber":19,
    "AcquisitionTime":"14:58:10.807500",
    "AcquisitionDateTime":"2015-05-11T14:58:10.807500",
    "AcquisitionNumber":1,
    "SliceThickness":1,
    "SAR":0.49679,
    "EchoTime":0.206,
    "RepetitionTime":2.5,
    "FlipAngle":120,
    "PartialFourier":1,
    "BaseResolution":256,
    "ShimSetting":[
        9534,
        -10449,
        15299,
        -19,
        -147,
        -26,
        -133,
        36
    ],
    "TxRefAmp":311.656,
    "PhaseResolution":1.00709,
    "PhaseOversampling":0.101562,
    "ReceiveCoilName":"32Ch_Head",
    "CoilString":"C:HEA;HEP",
    "PulseSequenceDetails":"%SiemensSeq%\\tse_vfl",
    "RefLinesPE":32,
    "PercentPhaseFOV":100,
    "PercentSampling":100.709,
    "EchoTrainLength":79,
    "PhaseEncodingSteps":243,
    "AcquisitionMatrixPE":258,
    "ReconMatrixPE":256,
    "ParallelReductionFactorInPlane":2,
    "PixelBandwidth":651,
    "DwellTime":3e-06,
    "PhaseEncodingDirection":"i",
    "ImageOrientationPatientDICOM":[
        0,
        1,
        0,
        0,
        0,
        -1
    ],
    "InPlanePhaseEncodingDirectionDICOM":"ROW",
    "ConversionSoftware":"dcm2niix",
    "ConversionSoftwareVersion":"v1.0.20210317"
}