{
    "Modality":"MR",
    "MagneticFieldStrength":3,
    "ImagingFrequency":123.229,
    "Manufacturer":"Siemens",
    "ManufacturersModelName":"TrioTim",
    "InstitutionName":"Caltech Tim32",
    "InstitutionalDepartmentName":"Department",
    "InstitutionAddress":"Wilson Avenue 340 ,Pasadena,California,US,91025",
    "DeviceSerialNumber":"35077",
    "StationName":"MEDPC",
    "SeriesInstanceUID":"1.3.12.2.1107.5.2.32.35077.2013031416271757986604138.0.0.0",
    "StudyInstanceUID":"1.3.12.2.1107.5.2.32.35077.30000013031116025814000000037",
    "StudyID":"1",
    "PatientName":"CC0016",
    "PatientID":"adolphs",
    "AccessionNumber":"6503-006",
    "PatientBirthDate":"1984-01-01",
    "PatientSex":"M",
    "PatientWeight":68.9461,
    "PatientPosition":"HFS",
    "ProcedureStepDescription":"Conte^Core",
    "SoftwareVersions":"syngo MR B17",
    "MRAcquisitionType":"3D",
    "SeriesDescription":"T1_2",
    "ProtocolName":"T1_2",
    "ScanningSequence":"GR\\IR",
    "SequenceVariant":"SP\\MP",
    "ScanOptions":"IR",
    "SequenceName":"*tfl3d1",
    "ImageType":[
        "ORIGINAL",
        "PRIMARY",
        "M",
        "ND",
        "NORM"
    ],
    "SeriesNumber":13,
    "AcquisitionTime":"16:27:42.340000",
    "AcquisitionDateTime":"2013-03-14T16:27:42.340000",
    "AcquisitionNumber":1,
    "SliceThickness":1,
    "SAR":0.131941,
    "EchoTime":0.00291,
    "RepetitionTime":1.5,
    "InversionTime":0.8,
    "FlipAngle":10,
    "PartialFourier":1,
    "BaseResolution":256,
    "ShimSetting":[
        9497,
        -10640,
        15771,
        639,
        -125,
        -423,
        192,
        -11
    ],
    "TxRefAmp":316.734,
    "PhaseResolution":1,
    "ReceiveCoilName":"32Ch_Head",
    "CoilString":"C:HEA;HEP",
    "PulseSequenceDetails":"%SiemensSeq%\\tfl",
    "PercentPhaseFOV":100,
    "PercentSampling":100,
    "PhaseEncodingSteps":256,
    "AcquisitionMatrixPE":256,
    "ReconMatrixPE":256,
    "PixelBandwidth":179,
    "DwellTime":1.09e-05,
    "ImageOrientationPatientDICOM":[
        0,
        1,
        0,
        0,
        0,
        -1
    ],
    "InPlanePhaseEncodingDirectionDICOM":"ROW",
    "ConversionSoftware":"dcm2niix",
    "ConversionSoftwareVersion":"v1.0.20210317"
}