{
  "aor": 0.00044390691114245417,
  "aqi": 0.0040944434696755985,
  "bids_meta": {
    "AccessionNumber": "8573-001",
    "AcquisitionDateTime": "2018-09-20T13:51:53.560000",
    "AcquisitionMatrixPE": 80,
    "AcquisitionNumber": 1,
    "AcquisitionTime": "13:51:53.560000",
    "BandwidthPerPixelPhaseEncode": 23.191,
    "BaseResolution": 80,
    "BodyPartExamined": "BRAIN",
    "ConsistencyInfo": "N4_VE11C_LATEST_20160120",
    "ConversionSoftware": "dcm2niix",
    "ConversionSoftwareVersion": "v1.0.20210317",
    "DerivedVendorReportedEchoSpacing": 0.000490002,
    "DeviceSerialNumber": "167050",
    "DwellTime": 2.3e-06,
    "EchoTime": 0.03,
    "EchoTrainLength": 88,
    "EffectiveEchoSpacing": 0.000539002,
    "FlipAngle": 53,
    "ImageComments": "Unaliased MB6/PE3/LB",
    "ImageOrientationPatientDICOM": [
      1,
      0,
      0,
      0,
      0.939693,
      -0.34202
    ],
    "ImageType": [
      "ORIGINAL",
      "PRIMARY",
      "M",
      "MB",
      "ND",
      "MOSAIC"
    ],
    "ImagingFrequency": 123.25,
    "InPlanePhaseEncodingDirectionDICOM": "COL",
    "InstitutionAddress": "Michigan Ave 320,Pasadena,California,US,91025",
    "InstitutionName": "Caltech Prisma64",
    "InstitutionalDepartmentName": "Department",
    "MRAcquisitionType": "2D",
    "MagneticFieldStrength": 3,
    "Manufacturer": "Siemens",
    "ManufacturersModelName": "Prisma_fit",
    "Modality": "MR",
    "MultibandAccelerationFactor": 6,
    "PartialFourier": 1,
    "PatientBirthDate": "1991-10-01",
    "PatientID": "CC0168",
    "PatientName": "CC0168",
    "PatientPosition": "HFS",
    "PatientSex": "M",
    "PatientWeight": 79.3787,
    "PercentPhaseFOV": 100,
    "PercentSampling": 100,
    "PhaseEncodingDirection": "j-",
    "PhaseEncodingSteps": 88,
    "PhaseOversampling": 0.1,
    "PhaseResolution": 1,
    "PixelBandwidth": 2715,
    "ProcedureStepDescription": "Conte Core",
    "ProtocolName": "task-bang_bold",
    "PulseSequenceDetails": "%CustomerSeq%\\cmrr_mbep2d_bold",
    "ReceiveCoilActiveElements": "HEA;HEP",
    "ReceiveCoilName": "Head_32",
    "ReconMatrixPE": 80,
    "ReferringPhysicianName": "Adolphs",
    "RepetitionTime": 0.7,
    "SAR": 0.0846143,
    "ScanOptions": "FS\\EXT",
    "ScanningSequence": "EP",
    "SequenceName": "epfid2d1_80",
    "SequenceVariant": "SK\\SS\\OSP",
    "SeriesDescription": "task-bang_bold",
    "SeriesInstanceUID": "1.3.12.2.1107.5.2.43.167050.2018092013492894503443509.0.0.0",
    "SeriesNumber": 24,
    "ShimSetting": [
      6996,
      -3632,
      7963,
      438,
      56,
      90,
      -44,
      -35
    ],
    "SliceThickness": 2.5,
    "SliceTiming": [
      0,
      0.475,
      0.2725,
      0.0675,
      0.5425,
      0.34,
      0.135,
      0.61,
      0.4075,
      0.2025,
      0,
      0.475,
      0.2725,
      0.0675,
      0.5425,
      0.34,
      0.135,
      0.61,
      0.4075,
      0.2025,
      0,
      0.475,
      0.2725,
      0.0675,
      0.5425,
      0.34,
      0.135,
      0.61,
      0.4075,
      0.2025,
      0,
      0.475,
      0.2725,
      0.0675,
      0.5425,
      0.34,
      0.135,
      0.61,
      0.4075,
      0.2025,
      0,
      0.475,
      0.2725,
      0.0675,
      0.5425,
      0.34,
      0.135,
      0.61,
      0.4075,
      0.2025,
      0,
      0.475,
      0.2725,
      0.0675,
      0.5425,
      0.34,
      0.135,
      0.61,
      0.4075,
      0.2025
    ],
    "SoftwareVersions": "syngo MR E11",
    "SpacingBetweenSlices": 2.5,
    "StationName": "PRISMA",
    "StudyID": "1",
    "StudyInstanceUID": "1.3.12.2.1107.5.2.43.167050.30000018081720093477500000157",
    "TaskName": "bang",
    "TotalReadoutTime": 0.0425812,
    "TxRefAmp": 269.103,
    "WipMemBlock": "614de95e-7248-4b73-971d-6ea3c1c4b249||Sequence: R016 ve11c/master r/e634e98; Dec 19 2017 11:00:25 by eja",
    "dataset": "unknown",
    "modality": "bold",
    "run_id": 1,
    "session_id": "core2p2",
    "subject_id": "CC0168",
    "task_id": "bang"
  },
  "dummy_trs": 1,
  "dvars_nstd": 36.3670741098305,
  "dvars_std": 1.1006794048305075,
  "dvars_vstd": 0.9948231603531069,
  "efc": 0.5436814854043679,
  "fber": 559.6204223632812,
  "fd_mean": 0.14486758175474462,
  "fd_num": 209,
  "fd_perc": 29.478138222849083,
  "fwhm_avg": 2.8477306666666666,
  "fwhm_x": 2.650404,
  "fwhm_y": 3.06806,
  "fwhm_z": 2.824728,
  "gcor": 0.0111548,
  "gsr_x": -0.002906809328123927,
  "gsr_y": 0.0933864414691925,
  "provenance": {
    "md5sum": "4b2520e1f7aa8e31993fe491b1833d97",
    "settings": {
      "fd_thres": 0.2,
      "hmc_fsl": false
    },
    "software": "mriqc",
    "version": "0.15.0",
    "webapi_port": null,
    "webapi_url": "https://mriqc.nimh.nih.gov/api/v1"
  },
  "size_t": 709,
  "size_x": 80,
  "size_y": 80,
  "size_z": 60,
  "snr": 2.034649002420471,
  "spacing_tr": 0.699999988079071,
  "spacing_x": 2.5,
  "spacing_y": 2.5,
  "spacing_z": 2.5,
  "summary_bg_k": 16.238922559273473,
  "summary_bg_mad": 90.29027557373047,
  "summary_bg_mean": 444.2892761230469,
  "summary_bg_median": 155.68406677246094,
  "summary_bg_n": 236311.0,
  "summary_bg_p05": 86.0627670288086,
  "summary_bg_p95": 1954.9957885742188,
  "summary_bg_stdv": 737.093017578125,
  "summary_fg_k": 1.0358112484433253,
  "summary_fg_mad": 1824.914306640625,
  "summary_fg_mean": 4385.64013671875,
  "summary_fg_median": 4027.000244140625,
  "summary_fg_n": 85555.0,
  "summary_fg_p05": 1782.4085693359375,
  "summary_fg_p95": 8114.84365234375,
  "summary_fg_stdv": 1979.19970703125,
  "tsnr": 42.36360168457031
}