{
  "aor": 0.00401925,
  "aqi": 0.0069237296875,
  "bids_meta": {
    "AccessionNumber": "6514-008",
    "AcquisitionDateTime": "2013-03-20T15:44:36.840000",
    "AcquisitionMatrixPE": 64,
    "AcquisitionNumber": 1,
    "AcquisitionTime": "15:44:36.840000",
    "BandwidthPerPixelPhaseEncode": 66.489,
    "BaseResolution": 64,
    "CoilString": "C:HEA;HEP",
    "ConversionSoftware": "dcm2niix",
    "ConversionSoftwareVersion": "v1.0.20210317",
    "DerivedVendorReportedEchoSpacing": 0.000470003,
    "DeviceSerialNumber": "35077",
    "DwellTime": 3e-06,
    "EchoTime": 0.03,
    "EffectiveEchoSpacing": 0.000235001,
    "FlipAngle": 85,
    "ImageOrientationPatientDICOM": [
      1,
      -1e-16,
      0,
      1e-16,
      0.939693,
      -0.34202
    ],
    "ImageType": [
      "ORIGINAL",
      "PRIMARY",
      "M",
      "ND",
      "MOSAIC"
    ],
    "ImagingFrequency": 123.229,
    "InPlanePhaseEncodingDirectionDICOM": "COL",
    "InstitutionAddress": "Wilson Avenue 340 ,Pasadena,California,US,91025",
    "InstitutionName": "Caltech Tim32",
    "InstitutionalDepartmentName": "Department",
    "MRAcquisitionType": "2D",
    "MagneticFieldStrength": 3,
    "Manufacturer": "Siemens",
    "ManufacturersModelName": "TrioTim",
    "Modality": "MR",
    "ParallelReductionFactorInPlane": 2,
    "PartialFourier": 1,
    "PatientBirthDate": "1991-01-01",
    "PatientID": "adolphs",
    "PatientName": "CC0009",
    "PatientPosition": "HFS",
    "PatientSex": "M",
    "PatientWeight": 62.1422,
    "PercentPhaseFOV": 100,
    "PercentSampling": 100,
    "PhaseEncodingDirection": "j-",
    "PhaseEncodingSteps": 64,
    "PhaseResolution": 1,
    "PixelBandwidth": 2604,
    "ProcedureStepDescription": "Conte^Core",
    "ProtocolName": "rsBOLD_1",
    "PulseSequenceDetails": "%SiemensSeq%\\ep2d_bold",
    "ReceiveCoilName": "32Ch_Head",
    "ReconMatrixPE": 64,
    "RefLinesPE": 32,
    "RepetitionTime": 2.5,
    "SAR": 0.197721,
    "ScanOptions": "FS",
    "ScanningSequence": "EP",
    "SequenceName": "*epfid2d1_64",
    "SequenceVariant": "SK",
    "SeriesDescription": "rsBOLD_1",
    "SeriesInstanceUID": "1.3.12.2.1107.5.2.32.35077.2013032015442623651408002.0.0.0",
    "SeriesNumber": 2,
    "ShimSetting": [
      9557,
      -10491,
      15752,
      735,
      -58,
      114,
      120,
      40
    ],
    "SliceThickness": 3,
    "SliceTiming": [
      0,
      0.0525,
      0.1075,
      0.16,
      0.2125,
      0.2675,
      0.32,
      0.3725,
      0.4275,
      0.48,
      0.5325,
      0.5875,
      0.64,
      0.6925,
      0.7475,
      0.8,
      0.855,
      0.9075,
      0.96,
      1.015,
      1.0675,
      1.12,
      1.175,
      1.2275,
      1.28,
      1.335,
      1.3875,
      1.44,
      1.495,
      1.5475,
      1.6025,
      1.655,
      1.7075,
      1.7625,
      1.815,
      1.8675,
      1.9225,
      1.975,
      2.0275,
      2.0825,
      2.135,
      2.1875,
      2.2425,
      2.295,
      2.35,
      2.4025,
      2.455
    ],
    "SoftwareVersions": "syngo MR B17",
    "SpacingBetweenSlices": 3,
    "StationName": "MEDPC",
    "StudyID": "1",
    "StudyInstanceUID": "1.3.12.2.1107.5.2.32.35077.30000013031916254787500000028",
    "TaskName": "rest",
    "TotalReadoutTime": 0.0148051,
    "TxRefAmp": 299.066,
    "dataset": "unknown",
    "modality": "bold",
    "run_id": 1,
    "session_id": "core1p1",
    "subject_id": "CC0009",
    "task_id": "rest"
  },
  "dummy_trs": 0,
  "dvars_nstd": 34.595133607987435,
  "dvars_std": 0.9829990800000004,
  "dvars_vstd": 0.9312004336477988,
  "efc": 0.5565754824695551,
  "fber": 376.67193603515625,
  "fd_mean": 0.16622074309358909,
  "fd_num": 29,
  "fd_perc": 18.125,
  "fwhm_avg": 2.9621311111111113,
  "fwhm_x": 2.9265233333333334,
  "fwhm_y": 2.9547966666666667,
  "fwhm_z": 3.0050733333333333,
  "gcor": 0.0154079,
  "gsr_x": -0.008852980099618435,
  "gsr_y": 0.08206305652856827,
  "provenance": {
    "md5sum": "5431a818ce8ee9c37eec21dd2257c278",
    "settings": {
      "fd_thres": 0.2,
      "hmc_fsl": false
    },
    "software": "mriqc",
    "version": "0.15.0",
    "webapi_port": null,
    "webapi_url": "https://mriqc.nimh.nih.gov/api/v1"
  },
  "size_t": 160,
  "size_x": 64,
  "size_y": 64,
  "size_z": 47,
  "snr": 1.7709566959591254,
  "spacing_tr": 2.5,
  "spacing_x": 3.0,
  "spacing_y": 3.0,
  "spacing_z": 3.0,
  "summary_bg_k": 35.317465488333255,
  "summary_bg_mad": 13.43608283996582,
  "summary_bg_mean": 59.13631057739258,
  "summary_bg_median": 31.043750762939453,
  "summary_bg_n": 95657.0,
  "summary_bg_p05": 20.493749618530273,
  "summary_bg_p95": 207.8662536621093,
  "summary_bg_stdv": 79.3975830078125,
  "summary_fg_k": 3.144229203698779,
  "summary_fg_mad": 302.75201416015625,
  "summary_fg_mean": 769.1962890625,
  "summary_fg_median": 682.831298828125,
  "summary_fg_n": 54462.0,
  "summary_fg_p05": 334.85657501220703,
  "summary_fg_p95": 1551.0903137207029,
  "summary_fg_stdv": 385.5684509277344,
  "tsnr": 34.091163635253906
}