{
  "aor": 0.002532375,
  "aqi": 0.00455920925,
  "bids_meta": {
    "AccessionNumber": "6514-008",
    "AcquisitionDateTime": "2013-03-20T15:53:20.262500",
    "AcquisitionMatrixPE": 64,
    "AcquisitionNumber": 1,
    "AcquisitionTime": "15:53:20.262500",
    "BandwidthPerPixelPhaseEncode": 66.489,
    "BaseResolution": 64,
    "CoilString": "C:HEA;HEP",
    "ConversionSoftware": "dcm2niix",
    "ConversionSoftwareVersion": "v1.0.20210317",
    "DerivedVendorReportedEchoSpacing": 0.000470003,
    "DeviceSerialNumber": "35077",
    "DwellTime": 3e-06,
    "EchoTime": 0.03,
    "EffectiveEchoSpacing": 0.000235001,
    "FlipAngle": 85,
    "ImageOrientationPatientDICOM": [
      1,
      -1e-16,
      0,
      1e-16,
      0.939693,
      -0.34202
    ],
    "ImageType": [
      "ORIGINAL",
      "PRIMARY",
      "M",
      "ND",
      "MOSAIC"
    ],
    "ImagingFrequency": 123.229,
    "InPlanePhaseEncodingDirectionDICOM": "COL",
    "InstitutionAddress": "Wilson Avenue 340 ,Pasadena,California,US,91025",
    "InstitutionName": "Caltech Tim32",
    "InstitutionalDepartmentName": "Department",
    "MRAcquisitionType": "2D",
    "MagneticFieldStrength": 3,
    "Manufacturer": "Siemens",
    "ManufacturersModelName": "TrioTim",
    "Modality": "MR",
    "ParallelReductionFactorInPlane": 2,
    "PartialFourier": 1,
    "PatientBirthDate": "1991-01-01",
    "PatientID": "adolphs",
    "PatientName": "CC0009",
    "PatientPosition": "HFS",
    "PatientSex": "M",
    "PatientWeight": 62.1422,
    "PercentPhaseFOV": 100,
    "PercentSampling": 100,
    "PhaseEncodingDirection": "j-",
    "PhaseEncodingSteps": 64,
    "PhaseResolution": 1,
    "PixelBandwidth": 2604,
    "ProcedureStepDescription": "Conte^Core",
    "ProtocolName": "rsBOLD_2",
    "PulseSequenceDetails": "%SiemensSeq%\\ep2d_bold",
    "ReceiveCoilName": "32Ch_Head",
    "ReconMatrixPE": 64,
    "RefLinesPE": 32,
    "RepetitionTime": 2.5,
    "SAR": 0.197721,
    "ScanOptions": "FS",
    "ScanningSequence": "EP",
    "SequenceName": "*epfid2d1_64",
    "SequenceVariant": "SK",
    "SeriesDescription": "rsBOLD_2",
    "SeriesInstanceUID": "1.3.12.2.1107.5.2.32.35077.2013032015525176393431797.0.0.0",
    "SeriesNumber": 5,
    "ShimSetting": [
      9557,
      -10491,
      15752,
      735,
      -58,
      114,
      120,
      40
    ],
    "SliceThickness": 3,
    "SliceTiming": [
      0,
      0.0525,
      0.105,
      0.16,
      0.2125,
      0.265,
      0.32,
      0.3725,
      0.425,
      0.48,
      0.5325,
      0.585,
      0.64,
      0.6925,
      0.7475,
      0.8,
      0.8525,
      0.9075,
      0.96,
      1.0125,
      1.0675,
      1.12,
      1.1725,
      1.2275,
      1.28,
      1.3325,
      1.3875,
      1.44,
      1.495,
      1.5475,
      1.6,
      1.655,
      1.7075,
      1.76,
      1.815,
      1.8675,
      1.92,
      1.975,
      2.0275,
      2.08,
      2.135,
      2.1875,
      2.2425,
      2.295,
      2.3475,
      2.4025,
      2.455
    ],
    "SoftwareVersions": "syngo MR B17",
    "SpacingBetweenSlices": 3,
    "StationName": "MEDPC",
    "StudyID": "1",
    "StudyInstanceUID": "1.3.12.2.1107.5.2.32.35077.30000013031916254787500000028",
    "TaskName": "rest",
    "TotalReadoutTime": 0.0148051,
    "TxRefAmp": 299.066,
    "dataset": "unknown",
    "modality": "bold",
    "run_id": 2,
    "session_id": "core1p1",
    "subject_id": "CC0009",
    "task_id": "rest"
  },
  "dummy_trs": 0,
  "dvars_nstd": 32.533978348427645,
  "dvars_std": 1.072063830566038,
  "dvars_vstd": 0.9992064009433966,
  "efc": 0.5579389030317954,
  "fber": 371.9420166015625,
  "fd_mean": 0.12697080750141526,
  "fd_num": 14,
  "fd_perc": 8.75,
  "fwhm_avg": 2.9363177777777776,
  "fwhm_x": 2.9120000000000004,
  "fwhm_y": 2.9358633333333333,
  "fwhm_z": 2.96109,
  "gcor": 0.0182307,
  "gsr_x": -0.007446506526321173,
  "gsr_y": 0.08444143831729889,
  "provenance": {
    "md5sum": "ff5c379167d890a88ce9f14820b0f6a5",
    "settings": {
      "fd_thres": 0.2,
      "hmc_fsl": false
    },
    "software": "mriqc",
    "version": "0.15.0",
    "webapi_port": null,
    "webapi_url": "https://mriqc.nimh.nih.gov/api/v1"
  },
  "size_t": 160,
  "size_x": 64,
  "size_y": 64,
  "size_z": 47,
  "snr": 1.765460889947298,
  "spacing_tr": 2.5,
  "spacing_x": 3.0,
  "spacing_y": 3.0,
  "spacing_z": 3.0,
  "summary_bg_k": 29.820310092436344,
  "summary_bg_mad": 13.639939308166504,
  "summary_bg_mean": 61.12984848022461,
  "summary_bg_median": 31.381250381469727,
  "summary_bg_n": 96026.0,
  "summary_bg_p05": 20.600000381469727,
  "summary_bg_p95": 220.90000915527344,
  "summary_bg_stdv": 83.36776733398438,
  "summary_fg_k": 3.1680260648763445,
  "summary_fg_mad": 305.58282470703125,
  "summary_fg_mean": 773.75390625,
  "summary_fg_median": 686.25,
  "summary_fg_n": 54181.0,
  "summary_fg_p05": 336.3625183105469,
  "summary_fg_p95": 1564.1063232421875,
  "summary_fg_stdv": 388.7051086425781,
  "tsnr": 42.54654312133789
}