{
  "bids_meta": {
    "AccessionNumber": "8578-001",
    "AcquisitionDateTime": "2018-10-01T11:25:13.195000",
    "AcquisitionMatrixPE": 256,
    "AcquisitionNumber": 1,
    "AcquisitionTime": "11:25:13.195000",
    "BaseResolution": 256,
    "BodyPartExamined": "BRAIN",
    "ConsistencyInfo": "N4_VE11C_LATEST_20160120",
    "ConversionSoftware": "dcm2niix",
    "ConversionSoftwareVersion": "v1.0.20210317",
    "DeviceSerialNumber": "167050",
    "DwellTime": 2.6e-06,
    "EchoTime": 0.564,
    "EchoTrainLength": 314,
    "FlipAngle": 120,
    "ImageOrientationPatientDICOM": [
      0,
      1,
      0,
      0,
      0,
      -1
    ],
    "ImageType": [
      "ORIGINAL",
      "PRIMARY",
      "M",
      "ND",
      "NORM"
    ],
    "ImagingFrequency": 123.25,
    "InPlanePhaseEncodingDirectionDICOM": "ROW",
    "InstitutionAddress": "Michigan Ave 320,Pasadena,California,US,91025",
    "InstitutionName": "Caltech Prisma64",
    "InstitutionalDepartmentName": "Department",
    "MRAcquisitionType": "3D",
    "MagneticFieldStrength": 3,
    "Manufacturer": "Siemens",
    "ManufacturersModelName": "Prisma_fit",
    "Modality": "MR",
    "ParallelReductionFactorInPlane": 2,
    "PartialFourier": 1,
    "PatientBirthDate": "1988-06-01",
    "PatientID": "CC0170",
    "PatientName": "CC0170",
    "PatientPosition": "HFS",
    "PatientSex": "M",
    "PatientWeight": 81.6466,
    "PercentPhaseFOV": 100,
    "PercentSampling": 100,
    "PhaseEncodingDirection": "i",
    "PhaseEncodingSteps": 274,
    "PhaseOversampling": 0.1,
    "PhaseResolution": 1,
    "PixelBandwidth": 750,
    "ProcedureStepDescription": "Conte Core",
    "ProtocolName": "T2w",
    "PulseSequenceDetails": "%SiemensSeq%\\tse_vfl",
    "ReceiveCoilActiveElements": "HEA;HEP",
    "ReceiveCoilName": "Head_32",
    "ReconMatrixPE": 256,
    "RefLinesPE": 32,
    "ReferringPhysicianName": "Adolphs",
    "RepetitionTime": 3.2,
    "SAR": 0.195179,
    "ScanOptions": "PFP",
    "ScanningSequence": "SE",
    "SequenceName": "*spc_314ns",
    "SequenceVariant": "SK\\SP\\OSP",
    "SeriesDescription": "T2w",
    "SeriesInstanceUID": "1.3.12.2.1107.5.2.43.167050.2018100111305020787209988.0.0.0",
    "SeriesNumber": 12,
    "ShimSetting": [
      7005,
      -3652,
      7942,
      477,
      -23,
      -6,
      109,
      -12
    ],
    "SliceThickness": 0.9,
    "SoftwareVersions": "syngo MR E11",
    "StationName": "PRISMA",
    "StudyID": "1",
    "StudyInstanceUID": "1.3.12.2.1107.5.2.43.167050.30000018081720093477500000196",
    "TxRefAmp": 278.714,
    "dataset": "unknown",
    "modality": "T2w",
    "run_id": 2,
    "session_id": "core2p2",
    "subject_id": "CC0170"
  },
  "cjv": 0.4248063718756438,
  "cnr": 2.8447870870584473,
  "efc": 0.6030751321537795,
  "fber": 1644.3385009765625,
  "fwhm_avg": 2.510853116631832,
  "fwhm_x": 2.4488111759824536,
  "fwhm_y": 2.7604813913043476,
  "fwhm_z": 2.3232667826086955,
  "icvs_csf": 0.12846344619629263,
  "icvs_gm": 0.36059914165425616,
  "icvs_wm": 0.5109374121494512,
  "inu_med": 1.6321656703948975,
  "inu_range": 0.43839828372001644,
  "provenance": {
    "md5sum": "bc757fdb9aaa033071d9882b3b52ba3d",
    "settings": {
      "testing": false
    },
    "software": "mriqc",
    "version": "0.15.0",
    "warnings": {
      "large_rot_frame": false,
      "small_air_mask": false
    },
    "webapi_port": null,
    "webapi_url": "https://mriqc.nimh.nih.gov/api/v1"
  },
  "qi_1": 0.0004031340085111166,
  "qi_2": 0.005724074636139155,
  "rpve_csf": 41.552879206613184,
  "rpve_gm": 12.691884804645722,
  "rpve_wm": 10.967537434895833,
  "size_x": 208,
  "size_y": 256,
  "size_z": 256,
  "snr_csf": 4.91756492937611,
  "snr_gm": 7.158982046181021,
  "snr_total": 7.035560968014877,
  "snr_wm": 9.030135928487502,
  "snrd_csf": 217.17223497538643,
  "snrd_gm": 102.29115287778097,
  "snrd_total": 125.62698937856908,
  "snrd_wm": 57.41758028253983,
  "spacing_x": 0.8999999761581421,
  "spacing_y": 0.8984375,
  "spacing_z": 0.8984375,
  "summary_bg_k": 1837.7595501301757,
  "summary_bg_mad": 11.410358428955078,
  "summary_bg_mean": 23.052053451538086,
  "summary_bg_median": 15.382871627807617,
  "summary_bg_n": 3224031.0,
  "summary_bg_p05": 3.8410067558288574,
  "summary_bg_p95": 64.93748474121094,
  "summary_bg_stdv": 35.824562072753906,
  "summary_csf_k": 3.4622492578492103,
  "summary_csf_mad": 517.1284790039062,
  "summary_csf_mean": 3614.062744140625,
  "summary_csf_median": 3782.4384765625,
  "summary_csf_n": 22201.0,
  "summary_csf_p05": 2084.604248046875,
  "summary_csf_p95": 4524.58203125,
  "summary_csf_stdv": 769.1516723632812,
  "summary_gm_k": 1.0445708138418617,
  "summary_gm_mad": 233.8181610107422,
  "summary_gm_mean": 1795.767822265625,
  "summary_gm_median": 1781.581298828125,
  "summary_gm_n": 52360.0,
  "summary_gm_p05": 1421.168701171875,
  "summary_gm_p95": 2224.907641601562,
  "summary_gm_stdv": 248.85720825195312,
  "summary_wm_k": 1.8828052933579853,
  "summary_wm_mad": 98.19036865234375,
  "summary_wm_mean": 1001.1146850585938,
  "summary_wm_median": 1000.0286865234375,
  "summary_wm_n": 371424.0,
  "summary_wm_p05": 824.0001647949218,
  "summary_wm_p95": 1180.516192626953,
  "summary_wm_stdv": 110.74333190917969,
  "tpm_overlap_csf": 0.16782920062541962,
  "tpm_overlap_gm": 0.4301188886165619,
  "tpm_overlap_wm": 0.5182613134384155,
  "wm2max": 0.2294892977760168
}