{
  "bids_meta": {
    "AccessionNumber": "8578-001",
    "AcquisitionDateTime": "2018-10-01T11:25:13.195000",
    "AcquisitionMatrixPE": 256,
    "AcquisitionNumber": 1,
    "AcquisitionTime": "11:25:13.195000",
    "BaseResolution": 256,
    "BodyPartExamined": "BRAIN",
    "ConsistencyInfo": "N4_VE11C_LATEST_20160120",
    "ConversionSoftware": "dcm2niix",
    "ConversionSoftwareVersion": "v1.0.20210317",
    "DeviceSerialNumber": "167050",
    "DwellTime": 2.6e-06,
    "EchoTime": 0.564,
    "EchoTrainLength": 314,
    "FlipAngle": 120,
    "ImageOrientationPatientDICOM": [
      0,
      1,
      0,
      0,
      0,
      -1
    ],
    "ImageType": [
      "ORIGINAL",
      "PRIMARY",
      "M",
      "ND"
    ],
    "ImagingFrequency": 123.25,
    "InPlanePhaseEncodingDirectionDICOM": "ROW",
    "InstitutionAddress": "Michigan Ave 320,Pasadena,California,US,91025",
    "InstitutionName": "Caltech Prisma64",
    "InstitutionalDepartmentName": "Department",
    "MRAcquisitionType": "3D",
    "MagneticFieldStrength": 3,
    "Manufacturer": "Siemens",
    "ManufacturersModelName": "Prisma_fit",
    "Modality": "MR",
    "ParallelReductionFactorInPlane": 2,
    "PartialFourier": 1,
    "PatientBirthDate": "1988-06-01",
    "PatientID": "CC0170",
    "PatientName": "CC0170",
    "PatientPosition": "HFS",
    "PatientSex": "M",
    "PatientWeight": 81.6466,
    "PercentPhaseFOV": 100,
    "PercentSampling": 100,
    "PhaseEncodingDirection": "i",
    "PhaseEncodingSteps": 274,
    "PhaseOversampling": 0.1,
    "PhaseResolution": 1,
    "PixelBandwidth": 750,
    "ProcedureStepDescription": "Conte Core",
    "ProtocolName": "T2w",
    "PulseSequenceDetails": "%SiemensSeq%\\tse_vfl",
    "ReceiveCoilActiveElements": "HEA;HEP",
    "ReceiveCoilName": "Head_32",
    "ReconMatrixPE": 256,
    "RefLinesPE": 32,
    "ReferringPhysicianName": "Adolphs",
    "RepetitionTime": 3.2,
    "SAR": 0.195179,
    "ScanOptions": "PFP",
    "ScanningSequence": "SE",
    "SequenceName": "*spc_314ns",
    "SequenceVariant": "SK\\SP\\OSP",
    "SeriesDescription": "T2w",
    "SeriesInstanceUID": "1.3.12.2.1107.5.2.43.167050.2018100111305016679109982.0.0.0",
    "SeriesNumber": 11,
    "ShimSetting": [
      7005,
      -3652,
      7942,
      477,
      -23,
      -6,
      109,
      -12
    ],
    "SliceThickness": 0.9,
    "SoftwareVersions": "syngo MR E11",
    "StationName": "PRISMA",
    "StudyID": "1",
    "StudyInstanceUID": "1.3.12.2.1107.5.2.43.167050.30000018081720093477500000196",
    "TxRefAmp": 278.714,
    "dataset": "unknown",
    "modality": "T2w",
    "run_id": 1,
    "session_id": "core2p2",
    "subject_id": "CC0170"
  },
  "cjv": 0.8445882646057039,
  "cnr": 1.467804829426124,
  "efc": 0.5592687468765566,
  "fber": 400.98626708984375,
  "fwhm_avg": 3.3514990305615826,
  "fwhm_x": 3.2786223090760522,
  "fwhm_y": 3.552790260869565,
  "fwhm_z": 3.2230845217391306,
  "icvs_csf": 0.28424839999609364,
  "icvs_gm": 0.6009978687966933,
  "icvs_wm": 0.11475373120721315,
  "inu_med": 1.4000591039657593,
  "inu_range": 0.5035891234874725,
  "provenance": {
    "md5sum": "f9bddb611f9598237ef1ac5fc841e3b5",
    "settings": {
      "testing": false
    },
    "software": "mriqc",
    "version": "0.15.0",
    "warnings": {
      "large_rot_frame": false,
      "small_air_mask": false
    },
    "webapi_port": null,
    "webapi_url": "https://mriqc.nimh.nih.gov/api/v1"
  },
  "qi_1": 0.0002621343341643406,
  "qi_2": 0.0007122111398562215,
  "rpve_csf": 15.037209193319063,
  "rpve_gm": 8.940767487727472,
  "rpve_wm": 38.020596796241044,
  "size_x": 208,
  "size_y": 256,
  "size_z": 256,
  "snr_csf": 3.2121158832892114,
  "snr_gm": 5.192803906324187,
  "snr_total": 4.506173256965908,
  "snr_wm": 5.113599981284326,
  "snrd_csf": 61.60829442509416,
  "snrd_gm": 21.31577800632932,
  "snrd_total": 32.22972911446441,
  "snrd_wm": 13.765114911969757,
  "spacing_x": 0.8999999761581421,
  "spacing_y": 0.8984375,
  "spacing_z": 0.8984375,
  "summary_bg_k": 1652.0749648242643,
  "summary_bg_mad": 47.59074783325195,
  "summary_bg_mean": 92.48121643066406,
  "summary_bg_median": 70.2004165649414,
  "summary_bg_n": 3199924.0,
  "summary_bg_p05": 17.245951843261718,
  "summary_bg_p95": 229.1835060119624,
  "summary_bg_stdv": 111.7629623413086,
  "summary_csf_k": 0.11892753682929902,
  "summary_csf_mad": 1407.305908203125,
  "summary_csf_mean": 4714.05078125,
  "summary_csf_median": 4475.380859375,
  "summary_csf_n": 91947.0,
  "summary_csf_p05": 2902.58876953125,
  "summary_csf_p95": 7264.935449218749,
  "summary_csf_stdv": 1393.273681640625,
  "summary_gm_k": 0.07298184505258876,
  "summary_gm_mad": 303.35595703125,
  "summary_gm_mean": 1581.4638671875,
  "summary_gm_median": 1548.4315185546875,
  "summary_gm_n": 278580.0,
  "summary_gm_p05": 1149.6961059570312,
  "summary_gm_p95": 2112.912390136719,
  "summary_gm_stdv": 298.1874084472656,
  "summary_wm_k": 13.03028133770302,
  "summary_wm_mad": 159.89993286132812,
  "summary_wm_mean": 988.3416137695312,
  "summary_wm_median": 999.9324340820312,
  "summary_wm_n": 16466.0,
  "summary_wm_p05": 684.5792236328125,
  "summary_wm_p95": 1256.8253173828125,
  "summary_wm_stdv": 195.5377960205078,
  "tpm_overlap_csf": 0.17868325114250183,
  "tpm_overlap_gm": 0.42680373787879944,
  "tpm_overlap_wm": 0.17584311962127686,
  "wm2max": 0.12860151841792125
}