{
  "bids_meta": {
    "AccessionNumber": "8578-001",
    "AcquisitionDateTime": "2018-10-01T11:08:28.572500",
    "AcquisitionMatrixPE": 256,
    "AcquisitionNumber": 1,
    "AcquisitionTime": "11:08:28.572500",
    "BaseResolution": 256,
    "BodyPartExamined": "BRAIN",
    "ConsistencyInfo": "N4_VE11C_LATEST_20160120",
    "ConversionSoftware": "dcm2niix",
    "ConversionSoftwareVersion": "v1.0.20210317",
    "DeviceSerialNumber": "167050",
    "DwellTime": 3e-06,
    "EchoNumber": 4,
    "FlipAngle": 8,
    "ImageComments": "Average over all echoes.",
    "ImageOrientationPatientDICOM": [
      0,
      1,
      0,
      0,
      0,
      -1
    ],
    "ImageType": [
      "ORIGINAL",
      "PRIMARY",
      "ECHO",
      "COMBINED",
      "ND",
      "NORM"
    ],
    "ImagingFrequency": 123.25,
    "InPlanePhaseEncodingDirectionDICOM": "ROW",
    "InstitutionAddress": "Michigan Ave 320,Pasadena,California,US,91025",
    "InstitutionName": "Caltech Prisma64",
    "InstitutionalDepartmentName": "Department",
    "InversionTime": 1.15,
    "MRAcquisitionType": "3D",
    "MagneticFieldStrength": 3,
    "Manufacturer": "Siemens",
    "ManufacturersModelName": "Prisma_fit",
    "Modality": "MR",
    "ParallelReductionFactorInPlane": 2,
    "PartialFourier": 1,
    "PatientBirthDate": "1988-06-01",
    "PatientID": "CC0170",
    "PatientName": "CC0170",
    "PatientPosition": "HFS",
    "PatientSex": "M",
    "PatientWeight": 81.6466,
    "PercentPhaseFOV": 100,
    "PercentSampling": 100,
    "PhaseEncodingSteps": 282,
    "PhaseOversampling": 0.1,
    "PhaseResolution": 1,
    "PixelBandwidth": 650,
    "ProcedureStepDescription": "Conte Core",
    "ProtocolName": "T1w",
    "PulseSequenceDetails": "%CustomerSeq%\\tfl_wip900D_VE11C",
    "ReceiveCoilActiveElements": "HEA;HEP",
    "ReceiveCoilName": "Head_32",
    "ReconMatrixPE": 256,
    "RefLinesPE": 32,
    "ReferringPhysicianName": "Adolphs",
    "RepetitionTime": 2.55,
    "SAR": 0.0495928,
    "ScanOptions": "IR\\WE",
    "ScanningSequence": "GR\\IR",
    "SequenceName": "tfl3d4_16ns",
    "SequenceVariant": "SK\\SP\\MP\\OSP",
    "SeriesDescription": "T1w_combEcho",
    "SeriesInstanceUID": "1.3.12.2.1107.5.2.43.167050.2018100111153693244998396.0.0.0",
    "SeriesNumber": 4,
    "ShimSetting": [
      7005,
      -3652,
      7942,
      477,
      -23,
      -6,
      109,
      -12
    ],
    "SliceThickness": 0.9,
    "SoftwareVersions": "syngo MR E11",
    "StationName": "PRISMA",
    "StudyID": "1",
    "StudyInstanceUID": "1.3.12.2.1107.5.2.43.167050.30000018081720093477500000196",
    "TxRefAmp": 278.714,
    "WipMemBlock": "WIP_Identifier: WIP#900D",
    "acq_id": "combecho",
    "dataset": "unknown",
    "modality": "T1w",
    "run_id": 1,
    "session_id": "core2p2",
    "subject_id": "CC0170"
  },
  "cjv": 0.7336488407695023,
  "cnr": 1.7827955887444213,
  "efc": 0.6493538866984689,
  "fber": 1468.671875,
  "fwhm_avg": 4.444737841987131,
  "fwhm_x": 4.353689004222261,
  "fwhm_y": 4.50423095652174,
  "fwhm_z": 4.476293565217392,
  "icvs_csf": 0.2117039379975699,
  "icvs_gm": 0.3884149504959377,
  "icvs_wm": 0.3998811115064924,
  "inu_med": 1.405655860900879,
  "inu_range": 0.5720498085021972,
  "provenance": {
    "md5sum": "4377b557716456168657b8aad2ed9ff9",
    "settings": {
      "testing": false
    },
    "software": "mriqc",
    "version": "0.15.0",
    "warnings": {
      "large_rot_frame": false,
      "small_air_mask": false
    },
    "webapi_port": null,
    "webapi_url": "https://mriqc.nimh.nih.gov/api/v1"
  },
  "qi_1": 0.0,
  "qi_2": 0.005599919899192211,
  "rpve_csf": 21.85770421182338,
  "rpve_gm": 12.04112966289855,
  "rpve_wm": 14.340146562710054,
  "size_x": 208,
  "size_y": 256,
  "size_z": 256,
  "snr_csf": 3.6073308581812666,
  "snr_gm": 10.343039696163872,
  "snr_total": 11.91354146093258,
  "snr_wm": 21.790253828452602,
  "snrd_csf": 40.72203576483023,
  "snrd_gm": 76.62762345421471,
  "snrd_total": 69.75359884312002,
  "snrd_wm": 91.91113731031513,
  "spacing_x": 0.8999999761581421,
  "spacing_y": 0.8984375,
  "spacing_z": 0.8984375,
  "summary_bg_k": 17.683913049631578,
  "summary_bg_mad": 7.128298759460449,
  "summary_bg_mean": 16.92227554321289,
  "summary_bg_median": 14.452593803405762,
  "summary_bg_n": 3256488.0,
  "summary_bg_p05": 4.8275580406188965,
  "summary_bg_p95": 33.75317878723145,
  "summary_bg_stdv": 9.825750350952148,
  "summary_csf_k": -0.20354080817454134,
  "summary_csf_mad": 128.26101684570312,
  "summary_csf_mean": 462.5488586425781,
  "summary_csf_median": 443.08154296875,
  "summary_csf_n": 45016.0,
  "summary_csf_p05": 290.2661361694336,
  "summary_csf_p95": 682.5138702392578,
  "summary_csf_stdv": 122.82672119140625,
  "summary_gm_k": 0.01829924384414028,
  "summary_gm_mad": 79.7154769897461,
  "summary_gm_mean": 841.1895141601562,
  "summary_gm_median": 833.757080078125,
  "summary_gm_n": 27827.0,
  "summary_gm_p05": 721.1000061035156,
  "summary_gm_p95": 989.2789367675781,
  "summary_gm_stdv": 80.60900115966797,
  "summary_wm_k": 2.0587157001276504,
  "summary_wm_mad": 42.28615188598633,
  "summary_wm_mean": 1003.738037109375,
  "summary_wm_median": 1000.0513916015625,
  "summary_wm_n": 357800.0,
  "summary_wm_p05": 936.2805633544922,
  "summary_wm_p95": 1081.7326965332031,
  "summary_wm_stdv": 45.894371032714844,
  "tpm_overlap_csf": 0.21377922594547272,
  "tpm_overlap_gm": 0.4831694960594177,
  "tpm_overlap_wm": 0.5502445697784424,
  "wm2max": 0.6423717257545908
}