{
  "bids_meta": {
    "AccessionNumber": "8735-011",
    "AcquisitionDateTime": "2019-02-28T17:30:3.480000",
    "AcquisitionMatrixPE": 256,
    "AcquisitionNumber": 1,
    "AcquisitionTime": "17:30:3.480000",
    "BaseResolution": 256,
    "BodyPartExamined": "BRAIN",
    "ConsistencyInfo": "N4_VE11C_LATEST_20160120",
    "ConversionSoftware": "dcm2niix",
    "ConversionSoftwareVersion": "v1.0.20210317",
    "DeviceSerialNumber": "167050",
    "DwellTime": 3e-06,
    "EchoNumber": 4,
    "FlipAngle": 8,
    "ImageComments": "Average over all echoes.",
    "ImageOrientationPatientDICOM": [
      0,
      1,
      0,
      0,
      0,
      -1
    ],
    "ImageType": [
      "ORIGINAL",
      "PRIMARY",
      "ECHO",
      "COMBINED",
      "ND",
      "NORM"
    ],
    "ImagingFrequency": 123.25,
    "InPlanePhaseEncodingDirectionDICOM": "ROW",
    "InstitutionAddress": "Michigan Ave 320,Pasadena,California,US,91025",
    "InstitutionName": "Caltech Prisma64",
    "InstitutionalDepartmentName": "Department",
    "InversionTime": 1.15,
    "MRAcquisitionType": "3D",
    "MagneticFieldStrength": 3,
    "Manufacturer": "Siemens",
    "ManufacturersModelName": "Prisma_fit",
    "Modality": "MR",
    "ParallelReductionFactorInPlane": 2,
    "PartialFourier": 1,
    "PatientBirthDate": "1991-01-01",
    "PatientID": "CC0114",
    "PatientName": "CC0114",
    "PatientPosition": "HFS",
    "PatientSex": "M",
    "PatientWeight": 67.1317,
    "PercentPhaseFOV": 100,
    "PercentSampling": 100,
    "PhaseEncodingSteps": 282,
    "PhaseOversampling": 0.1,
    "PhaseResolution": 1,
    "PixelBandwidth": 650,
    "ProtocolName": "T1w",
    "PulseSequenceDetails": "%CustomerSeq%\\tfl_wip900D_VE11C",
    "ReceiveCoilActiveElements": "HEA;HEP",
    "ReceiveCoilName": "Head_32",
    "ReconMatrixPE": 256,
    "RefLinesPE": 32,
    "ReferringPhysicianName": "Adolphs",
    "RepetitionTime": 2.55,
    "SAR": 0.0414877,
    "ScanOptions": "IR\\WE",
    "ScanningSequence": "GR\\IR",
    "SequenceName": "tfl3d4_16ns",
    "SequenceVariant": "SK\\SP\\MP\\OSP",
    "SeriesDescription": "T1w_combEcho",
    "SeriesInstanceUID": "1.3.12.2.1107.5.2.43.167050.2019022817371169273648321.0.0.0",
    "SeriesNumber": 5,
    "ShimSetting": [
      6960,
      -3590,
      7888,
      347,
      -74,
      132,
      -103,
      1
    ],
    "SliceThickness": 0.9,
    "SoftwareVersions": "syngo MR E11",
    "StationName": "PRISMA",
    "StudyID": "1",
    "StudyInstanceUID": "1.3.12.2.1107.5.2.43.167050.30000019021201163005200000088",
    "TxRefAmp": 251.315,
    "WipMemBlock": "WIP_Identifier: WIP#900D",
    "acq_id": "combecho",
    "dataset": "unknown",
    "modality": "T1w",
    "run_id": 2,
    "session_id": "core2p2",
    "subject_id": "CC0114"
  },
  "cjv": 0.9564436018057548,
  "cnr": 1.3966830246945208,
  "efc": 0.6192354068697077,
  "fber": 1567.1854248046875,
  "fwhm_avg": 4.281759252266058,
  "fwhm_x": 4.314155669841652,
  "fwhm_y": 4.1642852173913045,
  "fwhm_z": 4.366836869565217,
  "icvs_csf": 0.2012026538594676,
  "icvs_gm": 0.4334617601696655,
  "icvs_wm": 0.3653355859708669,
  "inu_med": 1.5875314474105835,
  "inu_range": 0.7084316730499267,
  "provenance": {
    "md5sum": "cb99591711eac32ab9d61833cdb24421",
    "settings": {
      "testing": false
    },
    "software": "mriqc",
    "version": "0.15.0",
    "warnings": {
      "large_rot_frame": false,
      "small_air_mask": false
    },
    "webapi_port": null,
    "webapi_url": "https://mriqc.nimh.nih.gov/api/v1"
  },
  "qi_1": 0.0,
  "qi_2": 0.007887308320855584,
  "rpve_csf": 24.33932508298897,
  "rpve_gm": 12.045922059753293,
  "rpve_wm": 16.254047201326635,
  "size_x": 208,
  "size_y": 256,
  "size_z": 256,
  "snr_csf": 3.5861902567057893,
  "snr_gm": 9.725994801303667,
  "snr_total": 10.629748541409928,
  "snr_wm": 18.57706056622033,
  "snrd_csf": 37.50674589570948,
  "snrd_gm": 80.25367015472754,
  "snrd_total": 70.52899357951601,
  "snrd_wm": 93.826564688111,
  "spacing_x": 0.8999999761581421,
  "spacing_y": 0.8984375,
  "spacing_z": 0.8984375,
  "summary_bg_k": 4.19004420335143,
  "summary_bg_mad": 6.982714653015137,
  "summary_bg_mean": 17.23488426208496,
  "summary_bg_median": 14.085083961486816,
  "summary_bg_n": 3556889.0,
  "summary_bg_p05": 4.690974712371826,
  "summary_bg_p95": 37.19512252807617,
  "summary_bg_stdv": 9.792966842651367,
  "summary_csf_k": 1.7101871053744588,
  "summary_csf_mad": 99.5039291381836,
  "summary_csf_mean": 423.2214050292969,
  "summary_csf_median": 399.7624206542969,
  "summary_csf_n": 44074.0,
  "summary_csf_p05": 283.65528411865233,
  "summary_csf_p95": 639.4670867919921,
  "summary_csf_stdv": 111.47146606445312,
  "summary_gm_k": -0.20189047313274022,
  "summary_gm_mad": 88.72764587402344,
  "summary_gm_mean": 856.314453125,
  "summary_gm_median": 855.3768310546875,
  "summary_gm_n": 47471.0,
  "summary_gm_p05": 718.9517822265625,
  "summary_gm_p95": 1011.0999145507812,
  "summary_gm_stdv": 87.94656372070312,
  "summary_wm_k": 0.8131968644931704,
  "summary_wm_mad": 49.63677215576172,
  "summary_wm_mean": 1002.3372802734375,
  "summary_wm_median": 1000.0423583984375,
  "summary_wm_n": 287877.0,
  "summary_wm_p05": 917.4221069335937,
  "summary_wm_p95": 1094.040380859375,
  "summary_wm_stdv": 53.83201599121094,
  "tpm_overlap_csf": 0.22701872885227203,
  "tpm_overlap_gm": 0.4971943497657776,
  "tpm_overlap_wm": 0.5283107757568359,
  "wm2max": 0.5575651441288154
}