{
  "bids_meta": {
    "AccessionNumber": "8735-011",
    "AcquisitionDateTime": "2019-02-28T17:30:3.480000",
    "AcquisitionMatrixPE": 256,
    "AcquisitionNumber": 1,
    "AcquisitionTime": "17:30:3.480000",
    "BaseResolution": 256,
    "BodyPartExamined": "BRAIN",
    "ConsistencyInfo": "N4_VE11C_LATEST_20160120",
    "ConversionSoftware": "dcm2niix",
    "ConversionSoftwareVersion": "v1.0.20210317",
    "DeviceSerialNumber": "167050",
    "DwellTime": 3e-06,
    "EchoNumber": 4,
    "FlipAngle": 8,
    "ImageComments": "Average over all echoes.",
    "ImageOrientationPatientDICOM": [
      0,
      1,
      0,
      0,
      0,
      -1
    ],
    "ImageType": [
      "ORIGINAL",
      "PRIMARY",
      "ECHO",
      "COMBINED",
      "ND"
    ],
    "ImagingFrequency": 123.25,
    "InPlanePhaseEncodingDirectionDICOM": "ROW",
    "InstitutionAddress": "Michigan Ave 320,Pasadena,California,US,91025",
    "InstitutionName": "Caltech Prisma64",
    "InstitutionalDepartmentName": "Department",
    "InversionTime": 1.15,
    "MRAcquisitionType": "3D",
    "MagneticFieldStrength": 3,
    "Manufacturer": "Siemens",
    "ManufacturersModelName": "Prisma_fit",
    "Modality": "MR",
    "ParallelReductionFactorInPlane": 2,
    "PartialFourier": 1,
    "PatientBirthDate": "1991-01-01",
    "PatientID": "CC0114",
    "PatientName": "CC0114",
    "PatientPosition": "HFS",
    "PatientSex": "M",
    "PatientWeight": 67.1317,
    "PercentPhaseFOV": 100,
    "PercentSampling": 100,
    "PhaseEncodingSteps": 282,
    "PhaseOversampling": 0.1,
    "PhaseResolution": 1,
    "PixelBandwidth": 650,
    "ProtocolName": "T1w",
    "PulseSequenceDetails": "%CustomerSeq%\\tfl_wip900D_VE11C",
    "ReceiveCoilActiveElements": "HEA;HEP",
    "ReceiveCoilName": "Head_32",
    "ReconMatrixPE": 256,
    "RefLinesPE": 32,
    "ReferringPhysicianName": "Adolphs",
    "RepetitionTime": 2.55,
    "SAR": 0.0414877,
    "ScanOptions": "IR\\WE",
    "ScanningSequence": "GR\\IR",
    "SequenceName": "tfl3d4_16ns",
    "SequenceVariant": "SK\\SP\\MP\\OSP",
    "SeriesDescription": "T1w_combEcho",
    "SeriesInstanceUID": "1.3.12.2.1107.5.2.43.167050.2019022817371169220648320.0.0.0",
    "SeriesNumber": 4,
    "ShimSetting": [
      6960,
      -3590,
      7888,
      347,
      -74,
      132,
      -103,
      1
    ],
    "SliceThickness": 0.9,
    "SoftwareVersions": "syngo MR E11",
    "StationName": "PRISMA",
    "StudyID": "1",
    "StudyInstanceUID": "1.3.12.2.1107.5.2.43.167050.30000019021201163005200000088",
    "TxRefAmp": 251.315,
    "WipMemBlock": "WIP_Identifier: WIP#900D",
    "acq_id": "combecho",
    "dataset": "unknown",
    "modality": "T1w",
    "run_id": 1,
    "session_id": "core2p2",
    "subject_id": "CC0114"
  },
  "cjv": 0.5828368776117988,
  "cnr": 2.284037043941057,
  "efc": 0.5931493317551774,
  "fber": 235.71449279785156,
  "fwhm_avg": 5.481939159492717,
  "fwhm_x": 5.4790334784781525,
  "fwhm_y": 5.3196577391304345,
  "fwhm_z": 5.647126260869565,
  "icvs_csf": 0.18366455939953819,
  "icvs_gm": 0.41883674818241906,
  "icvs_wm": 0.39749869241804275,
  "inu_med": 1.5889033079147339,
  "inu_range": 1.2559693813323975,
  "provenance": {
    "md5sum": "d629a91ae25894c7ffc07b9116021c1c",
    "settings": {
      "testing": false
    },
    "software": "mriqc",
    "version": "0.15.0",
    "warnings": {
      "large_rot_frame": false,
      "small_air_mask": false
    },
    "webapi_port": null,
    "webapi_url": "https://mriqc.nimh.nih.gov/api/v1"
  },
  "qi_1": 0.0,
  "qi_2": 0.003826234192570681,
  "rpve_csf": 27.33669318223094,
  "rpve_gm": 11.876090332312879,
  "rpve_wm": 13.728498554910347,
  "size_x": 208,
  "size_y": 256,
  "size_z": 256,
  "snr_csf": 3.6272889401690303,
  "snr_gm": 12.867034886319674,
  "snr_total": 9.624311709425752,
  "snr_wm": 12.378611301788549,
  "snrd_csf": 18.890649499391028,
  "snrd_gm": 41.076317827126715,
  "snrd_total": 37.812629806731174,
  "snrd_wm": 53.47092209367577,
  "spacing_x": 0.8999999761581421,
  "spacing_y": 0.8984375,
  "spacing_z": 0.8984375,
  "summary_bg_k": 753.1231261170583,
  "summary_bg_mad": 12.251699447631836,
  "summary_bg_mean": 45.42399215698242,
  "summary_bg_median": 44.36288833618164,
  "summary_bg_n": 3539478.0,
  "summary_bg_p05": 25.724435138702393,
  "summary_bg_p95": 68.2693965911865,
  "summary_bg_stdv": 14.463385581970215,
  "summary_csf_k": 0.4811269931074129,
  "summary_csf_mad": 90.22328186035156,
  "summary_csf_mean": 375.7994689941406,
  "summary_csf_median": 353.27386474609375,
  "summary_csf_n": 37383.0,
  "summary_csf_p05": 255.02545318603515,
  "summary_csf_p95": 564.0034729003906,
  "summary_csf_stdv": 97.39205932617188,
  "summary_gm_k": -0.11883057494427574,
  "summary_gm_mad": 61.16593933105469,
  "summary_gm_mean": 769.6705932617188,
  "summary_gm_median": 768.1678466796875,
  "summary_gm_n": 52423.0,
  "summary_gm_p05": 674.3972839355469,
  "summary_gm_p95": 868.8535461425781,
  "summary_gm_stdv": 59.699886322021484,
  "summary_wm_k": 0.4315233288680691,
  "summary_wm_mad": 73.93062591552734,
  "summary_wm_mean": 1016.4191284179688,
  "summary_wm_median": 999.959228515625,
  "summary_wm_n": 211182.0,
  "summary_wm_p05": 912.3051239013672,
  "summary_wm_p95": 1170.896649169922,
  "summary_wm_stdv": 80.78102111816406,
  "tpm_overlap_csf": 0.22012096643447876,
  "tpm_overlap_gm": 0.4354659616947174,
  "tpm_overlap_wm": 0.44614434242248535,
  "wm2max": 0.5237410299324043
}