{
  "aor": 0.0005108227848101266,
  "aqi": 0.006971624303797469,
  "bids_meta": {
    "AccessionNumber": "8994-007",
    "AcquisitionDateTime": "2018-06-05T11:42:19.340000",
    "AcquisitionMatrixPE": 80,
    "AcquisitionNumber": 1,
    "AcquisitionTime": "11:42:19.340000",
    "BandwidthPerPixelPhaseEncode": 23.191,
    "BaseResolution": 80,
    "BodyPartExamined": "BRAIN",
    "ConsistencyInfo": "N4_VE11C_LATEST_20160120",
    "ConversionSoftware": "dcm2niix",
    "ConversionSoftwareVersion": "v1.0.20210317",
    "DerivedVendorReportedEchoSpacing": 0.000490002,
    "DeviceSerialNumber": "167050",
    "DwellTime": 2.3e-06,
    "EchoTime": 0.03,
    "EchoTrainLength": 88,
    "EffectiveEchoSpacing": 0.000539002,
    "FlipAngle": 53,
    "ImageComments": "Unaliased MB6/PE3/LB",
    "ImageOrientationPatientDICOM": [
      1,
      0,
      0,
      0,
      0.939693,
      -0.34202
    ],
    "ImageType": [
      "ORIGINAL",
      "PRIMARY",
      "M",
      "MB",
      "ND",
      "MOSAIC"
    ],
    "ImagingFrequency": 123.251,
    "InPlanePhaseEncodingDirectionDICOM": "COL",
    "InstitutionAddress": "Michigan Ave 320,Pasadena,California,US,91025",
    "InstitutionName": "Caltech Prisma64",
    "InstitutionalDepartmentName": "Department",
    "MRAcquisitionType": "2D",
    "MagneticFieldStrength": 3,
    "Manufacturer": "Siemens",
    "ManufacturersModelName": "Prisma_fit",
    "Modality": "MR",
    "MultibandAccelerationFactor": 6,
    "PartialFourier": 1,
    "PatientBirthDate": "1984-01-01",
    "PatientID": "CC0053",
    "PatientName": "CC0053",
    "PatientPosition": "HFS",
    "PatientSex": "F",
    "PatientWeight": 58.967,
    "PercentPhaseFOV": 100,
    "PercentSampling": 100,
    "PhaseEncodingDirection": "j-",
    "PhaseEncodingSteps": 88,
    "PhaseOversampling": 0.1,
    "PhaseResolution": 1,
    "PixelBandwidth": 2715,
    "ProcedureStepDescription": "Conte Core",
    "ProtocolName": "task-pixar_run-01_bold",
    "PulseSequenceDetails": "%CustomerSeq%\\cmrr_mbep2d_bold",
    "ReceiveCoilActiveElements": "HEA;HEP",
    "ReceiveCoilName": "Head_32",
    "ReconMatrixPE": 80,
    "ReferringPhysicianName": "Adolphs",
    "RepetitionTime": 0.7,
    "SAR": 0.0874071,
    "ScanOptions": "FS\\EXT",
    "ScanningSequence": "EP",
    "SequenceName": "epfid2d1_80",
    "SequenceVariant": "SK\\SS\\OSP",
    "SeriesDescription": "task-pixar_run-01_bold",
    "SeriesInstanceUID": "1.3.12.2.1107.5.2.43.167050.2018060511372433695146774.0.0.0",
    "SeriesNumber": 34,
    "ShimSetting": [
      7025,
      -3719,
      7800,
      343,
      86,
      -247,
      -359,
      46
    ],
    "SliceThickness": 2.5,
    "SliceTiming": [
      0,
      0.4775,
      0.2725,
      0.07,
      0.545,
      0.34,
      0.1375,
      0.6125,
      0.41,
      0.205,
      0,
      0.4775,
      0.2725,
      0.07,
      0.545,
      0.34,
      0.1375,
      0.6125,
      0.41,
      0.205,
      0,
      0.4775,
      0.2725,
      0.07,
      0.545,
      0.34,
      0.1375,
      0.6125,
      0.41,
      0.205,
      0,
      0.4775,
      0.2725,
      0.07,
      0.545,
      0.34,
      0.1375,
      0.6125,
      0.41,
      0.205,
      0,
      0.4775,
      0.2725,
      0.07,
      0.545,
      0.34,
      0.1375,
      0.6125,
      0.41,
      0.205,
      0,
      0.4775,
      0.2725,
      0.07,
      0.545,
      0.34,
      0.1375,
      0.6125,
      0.41,
      0.205
    ],
    "SoftwareVersions": "syngo MR E11",
    "SpacingBetweenSlices": 2.5,
    "StationName": "PRISMA",
    "StudyID": "1",
    "StudyInstanceUID": "1.3.12.2.1107.5.2.43.167050.30000018042619061766300000097",
    "TaskName": "pixar",
    "TotalReadoutTime": 0.0425812,
    "TxRefAmp": 247.605,
    "WipMemBlock": "27ce5922-ddb9-400c-96b9-b2abb6e1b698||Sequence: R016 ve11c/master r/e634e98; Dec 19 2017 11:00:25 by eja",
    "dataset": "unknown",
    "modality": "bold",
    "run_id": 1,
    "session_id": "core2p2",
    "subject_id": "CC0053",
    "task_id": "pixar"
  },
  "dummy_trs": 2,
  "dvars_nstd": 32.89437200046508,
  "dvars_std": 1.0218116358773779,
  "dvars_vstd": 0.9934109699154337,
  "efc": 0.543837258741277,
  "fber": 565.0467529296875,
  "fd_mean": 0.12741767134016405,
  "fd_num": 69,
  "fd_perc": 14.556962025316455,
  "fwhm_avg": 2.846814666666667,
  "fwhm_x": 2.5620719999999997,
  "fwhm_y": 3.042212,
  "fwhm_z": 2.93616,
  "gcor": 0.0121889,
  "gsr_x": 0.02649206668138504,
  "gsr_y": 0.08316323906183243,
  "provenance": {
    "md5sum": "850be46f4c758a088853d950141ebfc0",
    "settings": {
      "fd_thres": 0.2,
      "hmc_fsl": false
    },
    "software": "mriqc",
    "version": "0.15.0",
    "webapi_port": null,
    "webapi_url": "https://mriqc.nimh.nih.gov/api/v1"
  },
  "size_t": 474,
  "size_x": 80,
  "size_y": 80,
  "size_z": 60,
  "snr": 2.414719392240026,
  "spacing_tr": 0.699999988079071,
  "spacing_x": 2.5,
  "spacing_y": 2.5,
  "spacing_z": 2.5,
  "summary_bg_k": 26.57924743538248,
  "summary_bg_mad": 89.14693450927734,
  "summary_bg_mean": 363.6824645996094,
  "summary_bg_median": 143.58860778808594,
  "summary_bg_n": 234929.0,
  "summary_bg_p05": 75.34598541259766,
  "summary_bg_p95": 1442.9437744140605,
  "summary_bg_stdv": 617.537109375,
  "summary_fg_k": 0.8346116280235996,
  "summary_fg_mad": 1288.506591796875,
  "summary_fg_mean": 3841.82861328125,
  "summary_fg_median": 3593.603271484375,
  "summary_fg_n": 87043.0,
  "summary_fg_p05": 1774.0020141601562,
  "summary_fg_p95": 6678.2906738281235,
  "summary_fg_stdv": 1488.1988525390625,
  "tsnr": 36.86370086669922
}