{
  "aor": 0.0020341807909604517,
  "aqi": 0.00522307779661017,
  "bids_meta": {
    "AccessionNumber": "8994-007",
    "AcquisitionDateTime": "2018-06-05T11:07:50.177500",
    "AcquisitionMatrixPE": 80,
    "AcquisitionNumber": 1,
    "AcquisitionTime": "11:07:50.177500",
    "BandwidthPerPixelPhaseEncode": 23.191,
    "BaseResolution": 80,
    "BodyPartExamined": "BRAIN",
    "ConsistencyInfo": "N4_VE11C_LATEST_20160120",
    "ConversionSoftware": "dcm2niix",
    "ConversionSoftwareVersion": "v1.0.20210317",
    "DerivedVendorReportedEchoSpacing": 0.000490002,
    "DeviceSerialNumber": "167050",
    "DwellTime": 2.3e-06,
    "EchoTime": 0.03,
    "EchoTrainLength": 88,
    "EffectiveEchoSpacing": 0.000539002,
    "FlipAngle": 53,
    "ImageComments": "Unaliased MB6/PE3/LB",
    "ImageOrientationPatientDICOM": [
      1,
      0,
      0,
      0,
      0.939693,
      -0.34202
    ],
    "ImageType": [
      "ORIGINAL",
      "PRIMARY",
      "M",
      "MB",
      "ND",
      "MOSAIC"
    ],
    "ImagingFrequency": 123.251,
    "InPlanePhaseEncodingDirectionDICOM": "COL",
    "InstitutionAddress": "Michigan Ave 320,Pasadena,California,US,91025",
    "InstitutionName": "Caltech Prisma64",
    "InstitutionalDepartmentName": "Department",
    "MRAcquisitionType": "2D",
    "MagneticFieldStrength": 3,
    "Manufacturer": "Siemens",
    "ManufacturersModelName": "Prisma_fit",
    "Modality": "MR",
    "MultibandAccelerationFactor": 6,
    "PartialFourier": 1,
    "PatientBirthDate": "1984-01-01",
    "PatientID": "CC0053",
    "PatientName": "CC0053",
    "PatientPosition": "HFS",
    "PatientSex": "F",
    "PatientWeight": 58.967,
    "PercentPhaseFOV": 100,
    "PercentSampling": 100,
    "PhaseEncodingDirection": "j-",
    "PhaseEncodingSteps": 88,
    "PhaseOversampling": 0.1,
    "PhaseResolution": 1,
    "PixelBandwidth": 2715,
    "ProcedureStepDescription": "Conte Core",
    "ProtocolName": "task-bang_bold",
    "PulseSequenceDetails": "%CustomerSeq%\\cmrr_mbep2d_bold",
    "ReceiveCoilActiveElements": "HEA;HEP",
    "ReceiveCoilName": "Head_32",
    "ReconMatrixPE": 80,
    "ReferringPhysicianName": "Adolphs",
    "RepetitionTime": 0.7,
    "SAR": 0.0876318,
    "ScanOptions": "FS\\EXT",
    "ScanningSequence": "EP",
    "SequenceName": "epfid2d1_80",
    "SequenceVariant": "SK\\SS\\OSP",
    "SeriesDescription": "task-bang_bold",
    "SeriesInstanceUID": "1.3.12.2.1107.5.2.43.167050.2018060511020083708519872.0.0.0",
    "SeriesNumber": 24,
    "ShimSetting": [
      7025,
      -3719,
      7800,
      343,
      86,
      -247,
      -359,
      46
    ],
    "SliceThickness": 2.5,
    "SliceTiming": [
      0,
      0.4775,
      0.2725,
      0.07,
      0.545,
      0.34,
      0.1375,
      0.6125,
      0.41,
      0.205,
      0,
      0.4775,
      0.2725,
      0.07,
      0.545,
      0.34,
      0.1375,
      0.6125,
      0.41,
      0.205,
      0,
      0.4775,
      0.2725,
      0.07,
      0.545,
      0.34,
      0.1375,
      0.6125,
      0.41,
      0.205,
      0,
      0.4775,
      0.2725,
      0.07,
      0.545,
      0.34,
      0.1375,
      0.6125,
      0.41,
      0.205,
      0,
      0.4775,
      0.2725,
      0.07,
      0.545,
      0.34,
      0.1375,
      0.6125,
      0.41,
      0.205,
      0,
      0.4775,
      0.2725,
      0.07,
      0.545,
      0.34,
      0.1375,
      0.6125,
      0.41,
      0.205
    ],
    "SoftwareVersions": "syngo MR E11",
    "SpacingBetweenSlices": 2.5,
    "StationName": "PRISMA",
    "StudyID": "1",
    "StudyInstanceUID": "1.3.12.2.1107.5.2.43.167050.30000018042619061766300000097",
    "TaskName": "bang",
    "TotalReadoutTime": 0.0425812,
    "TxRefAmp": 247.605,
    "WipMemBlock": "fc880a37-1d6d-45a2-b7f0-b61e623786a8||Sequence: R016 ve11c/master r/e634e98; Dec 19 2017 11:00:25 by eja",
    "dataset": "unknown",
    "modality": "bold",
    "run_id": 1,
    "session_id": "core2p2",
    "subject_id": "CC0053",
    "task_id": "bang"
  },
  "dummy_trs": 2,
  "dvars_nstd": 32.00887509022628,
  "dvars_std": 1.0726503606647806,
  "dvars_vstd": 1.0495042740028302,
  "efc": 0.5426320682546557,
  "fber": 556.0885009765625,
  "fd_mean": 0.10684355996418783,
  "fd_num": 25,
  "fd_perc": 3.531073446327684,
  "fwhm_avg": 2.8478746666666663,
  "fwhm_x": 2.5716799999999997,
  "fwhm_y": 3.0519279999999998,
  "fwhm_z": 2.920016,
  "gcor": 0.00612355,
  "gsr_x": 0.021879665553569794,
  "gsr_y": 0.07997089624404907,
  "provenance": {
    "md5sum": "efbf3bb01de44844177e0befa972a9e1",
    "settings": {
      "fd_thres": 0.2,
      "hmc_fsl": false
    },
    "software": "mriqc",
    "version": "0.15.0",
    "webapi_port": null,
    "webapi_url": "https://mriqc.nimh.nih.gov/api/v1"
  },
  "size_t": 708,
  "size_x": 80,
  "size_y": 80,
  "size_z": 60,
  "snr": 2.3759884895742105,
  "spacing_tr": 0.699999988079071,
  "spacing_x": 2.5,
  "spacing_y": 2.5,
  "spacing_z": 2.5,
  "summary_bg_k": 26.366730437169107,
  "summary_bg_mad": 91.838623046875,
  "summary_bg_mean": 370.1280517578125,
  "summary_bg_median": 147.64759826660156,
  "summary_bg_n": 235146.0,
  "summary_bg_p05": 76.96786689758301,
  "summary_bg_p95": 1464.8855590820312,
  "summary_bg_stdv": 616.8909912109375,
  "summary_fg_k": 0.7217657309195844,
  "summary_fg_mad": 1366.81884765625,
  "summary_fg_mean": 3942.9169921875,
  "summary_fg_median": 3685.52685546875,
  "summary_fg_n": 86747.0,
  "summary_fg_p05": 1799.0210449218748,
  "summary_fg_p95": 6894.05302734375,
  "summary_fg_stdv": 1551.146240234375,
  "tsnr": 41.55684280395508
}