{
  "aor": 0.0034407334273624827,
  "aqi": 0.0082770523977433,
  "bids_meta": {
    "AccessionNumber": "8752-007",
    "AcquisitionDateTime": "2019-03-25T13:11:31.667500",
    "AcquisitionMatrixPE": 80,
    "AcquisitionNumber": 1,
    "AcquisitionTime": "13:11:31.667500",
    "BandwidthPerPixelPhaseEncode": 23.191,
    "BaseResolution": 80,
    "BodyPartExamined": "BRAIN",
    "ConsistencyInfo": "N4_VE11C_LATEST_20160120",
    "ConversionSoftware": "dcm2niix",
    "ConversionSoftwareVersion": "v1.0.20210317",
    "DerivedVendorReportedEchoSpacing": 0.000490002,
    "DeviceSerialNumber": "167050",
    "DwellTime": 2.3e-06,
    "EchoTime": 0.03,
    "EchoTrainLength": 88,
    "EffectiveEchoSpacing": 0.000539002,
    "FlipAngle": 53,
    "ImageComments": "Unaliased MB6/PE3/LB",
    "ImageOrientationPatientDICOM": [
      1,
      0,
      0,
      0,
      0.939693,
      -0.34202
    ],
    "ImageType": [
      "ORIGINAL",
      "PRIMARY",
      "M",
      "MB",
      "ND",
      "MOSAIC"
    ],
    "ImagingFrequency": 123.25,
    "InPlanePhaseEncodingDirectionDICOM": "COL",
    "InstitutionAddress": "Michigan Ave 320,Pasadena,California,US,91025",
    "InstitutionName": "Caltech Prisma64",
    "InstitutionalDepartmentName": "Department",
    "MRAcquisitionType": "2D",
    "MagneticFieldStrength": 3,
    "Manufacturer": "Siemens",
    "ManufacturersModelName": "Prisma_fit",
    "Modality": "MR",
    "MultibandAccelerationFactor": 6,
    "PartialFourier": 1,
    "PatientBirthDate": "1988-03-01",
    "PatientID": "CC0183",
    "PatientName": "CC0183",
    "PatientPosition": "HFS",
    "PatientSex": "F",
    "PatientWeight": 50.8024,
    "PercentPhaseFOV": 100,
    "PercentSampling": 100,
    "PhaseEncodingDirection": "j-",
    "PhaseEncodingSteps": 88,
    "PhaseOversampling": 0.1,
    "PhaseResolution": 1,
    "PixelBandwidth": 2715,
    "ProtocolName": "task-bang_bold",
    "PulseSequenceDetails": "%CustomerSeq%\\cmrr_mbep2d_bold",
    "ReceiveCoilActiveElements": "HEA;HEP",
    "ReceiveCoilName": "Head_32",
    "ReconMatrixPE": 80,
    "ReferringPhysicianName": "Adolphs",
    "RepetitionTime": 0.7,
    "SAR": 0.0908528,
    "ScanOptions": "FS\\EXT",
    "ScanningSequence": "EP",
    "SequenceName": "epfid2d1_80",
    "SequenceVariant": "SK\\SS\\OSP",
    "SeriesDescription": "task-bang_bold",
    "SeriesInstanceUID": "1.3.12.2.1107.5.2.43.167050.2019032513092038630999796.0.0.0",
    "SeriesNumber": 24,
    "ShimSetting": [
      6996,
      -3645,
      8038,
      748,
      -59,
      -12,
      59,
      -88
    ],
    "SliceThickness": 2.5,
    "SliceTiming": [
      0,
      0.475,
      0.2725,
      0.0675,
      0.5425,
      0.34,
      0.135,
      0.6125,
      0.4075,
      0.2025,
      0,
      0.475,
      0.2725,
      0.0675,
      0.5425,
      0.34,
      0.135,
      0.6125,
      0.4075,
      0.2025,
      0,
      0.475,
      0.2725,
      0.0675,
      0.5425,
      0.34,
      0.135,
      0.6125,
      0.4075,
      0.2025,
      0,
      0.475,
      0.2725,
      0.0675,
      0.5425,
      0.34,
      0.135,
      0.6125,
      0.4075,
      0.2025,
      0,
      0.475,
      0.2725,
      0.0675,
      0.5425,
      0.34,
      0.135,
      0.6125,
      0.4075,
      0.2025,
      0,
      0.475,
      0.2725,
      0.0675,
      0.5425,
      0.34,
      0.135,
      0.6125,
      0.4075,
      0.2025
    ],
    "SoftwareVersions": "syngo MR E11",
    "SpacingBetweenSlices": 2.5,
    "StationName": "PRISMA",
    "StudyID": "1",
    "StudyInstanceUID": "1.3.12.2.1107.5.2.43.167050.30000019031520383134100000046",
    "TaskName": "bang",
    "TotalReadoutTime": 0.0425812,
    "TxRefAmp": 237.159,
    "WipMemBlock": "a9d10319-0ea0-40a4-8ac7-9e975040e30e||Sequence: R016 ve11c/master r/e634e98; Dec 19 2017 11:00:25 by eja",
    "dataset": "unknown",
    "modality": "bold",
    "run_id": 1,
    "session_id": "core2p2",
    "subject_id": "CC0183",
    "task_id": "bang"
  },
  "dummy_trs": 1,
  "dvars_nstd": 36.17391919820623,
  "dvars_std": 1.125650101666667,
  "dvars_vstd": 1.0051674635028238,
  "efc": 0.5173951943997095,
  "fber": 946.068603515625,
  "fd_mean": 0.17536431732599655,
  "fd_num": 212,
  "fd_perc": 29.90126939351199,
  "fwhm_avg": 2.9345466666666673,
  "fwhm_x": 2.750712,
  "fwhm_y": 3.147332,
  "fwhm_z": 2.905596,
  "gcor": 0.0211445,
  "gsr_x": 0.007388236932456493,
  "gsr_y": 0.052058540284633636,
  "provenance": {
    "md5sum": "6f17167c445c226ac7470b3107cbcb3b",
    "settings": {
      "fd_thres": 0.2,
      "hmc_fsl": false
    },
    "software": "mriqc",
    "version": "0.15.0",
    "webapi_port": null,
    "webapi_url": "https://mriqc.nimh.nih.gov/api/v1"
  },
  "size_t": 709,
  "size_x": 80,
  "size_y": 80,
  "size_z": 60,
  "snr": 2.4199188092638186,
  "spacing_tr": 0.699999988079071,
  "spacing_x": 2.5,
  "spacing_y": 2.5,
  "spacing_z": 2.5,
  "summary_bg_k": 22.423824961490663,
  "summary_bg_mad": 71.66468048095703,
  "summary_bg_mean": 348.8215637207031,
  "summary_bg_median": 135.49365234375,
  "summary_bg_n": 240699.0,
  "summary_bg_p05": 81.77715301513672,
  "summary_bg_p95": 1425.9587646484365,
  "summary_bg_stdv": 585.13720703125,
  "summary_fg_k": 0.2877138171857614,
  "summary_fg_mad": 1809.805419921875,
  "summary_fg_mean": 4798.876953125,
  "summary_fg_median": 4513.416015625,
  "summary_fg_n": 81850.0,
  "summary_fg_p05": 2257.8185913085936,
  "summary_fg_p95": 8257.739208984374,
  "summary_fg_stdv": 1865.09912109375,
  "tsnr": 34.02254867553711
}