{
  "bids_meta": {
    "AccessionNumber": "8468-009",
    "AcquisitionDateTime": "2018-05-03T10:48:6.405000",
    "AcquisitionMatrixPE": 256,
    "AcquisitionNumber": 1,
    "AcquisitionTime": "10:48:6.405000",
    "BaseResolution": 256,
    "BodyPartExamined": "BRAIN",
    "ConsistencyInfo": "N4_VE11C_LATEST_20160120",
    "ConversionSoftware": "dcm2niix",
    "ConversionSoftwareVersion": "v1.0.20210317",
    "DeviceSerialNumber": "167050",
    "DwellTime": 3e-06,
    "EchoNumber": 4,
    "FlipAngle": 8,
    "ImageComments": "Average over all echoes.",
    "ImageOrientationPatientDICOM": [
      0,
      1,
      0,
      0,
      0,
      -1
    ],
    "ImageType": [
      "ORIGINAL",
      "PRIMARY",
      "ECHO",
      "COMBINED",
      "ND",
      "NORM"
    ],
    "ImagingFrequency": 123.25,
    "InPlanePhaseEncodingDirectionDICOM": "ROW",
    "InstitutionAddress": "Michigan Ave 320,Pasadena,California,US,91025",
    "InstitutionName": "Caltech Prisma64",
    "InstitutionalDepartmentName": "Department",
    "InversionTime": 1.15,
    "MRAcquisitionType": "3D",
    "MagneticFieldStrength": 3,
    "Manufacturer": "Siemens",
    "ManufacturersModelName": "Prisma_fit",
    "Modality": "MR",
    "ParallelReductionFactorInPlane": 2,
    "PartialFourier": 1,
    "PatientBirthDate": "1981-02-01",
    "PatientID": "CC0011",
    "PatientName": "CC0011",
    "PatientPosition": "HFS",
    "PatientSex": "M",
    "PatientWeight": 72.5748,
    "PercentPhaseFOV": 100,
    "PercentSampling": 100,
    "PhaseEncodingSteps": 282,
    "PhaseOversampling": 0.1,
    "PhaseResolution": 1,
    "PixelBandwidth": 650,
    "ProcedureStepDescription": "Conte Core",
    "ProtocolName": "T1w",
    "PulseSequenceDetails": "%CustomerSeq%\\tfl_wip900D_VE11C",
    "ReceiveCoilActiveElements": "HEA;HEP",
    "ReceiveCoilName": "Head_32",
    "ReconMatrixPE": 256,
    "RefLinesPE": 32,
    "ReferringPhysicianName": "Adolphs",
    "RepetitionTime": 2.55,
    "SAR": 0.0519183,
    "ScanOptions": "IR\\WE",
    "ScanningSequence": "GR\\IR",
    "SequenceName": "tfl3d4_16ns",
    "SequenceVariant": "SK\\SP\\MP\\OSP",
    "SeriesDescription": "T1w_combEcho",
    "SeriesInstanceUID": "1.3.12.2.1107.5.2.43.167050.2018050310551572488168831.0.0.0",
    "SeriesNumber": 5,
    "ShimSetting": [
      6975,
      -3621,
      7943,
      362,
      13,
      -8,
      68,
      7
    ],
    "SliceThickness": 0.9,
    "SoftwareVersions": "syngo MR E11",
    "StationName": "PRISMA",
    "StudyID": "1",
    "StudyInstanceUID": "1.3.12.2.1107.5.2.43.167050.30000018042619061766300000013",
    "TxRefAmp": 274.019,
    "WipMemBlock": "WIP_Identifier: WIP#900D",
    "acq_id": "combecho",
    "dataset": "unknown",
    "modality": "T1w",
    "run_id": 1,
    "session_id": "core2p2",
    "subject_id": "CC0011"
  },
  "cjv": 0.5646386172230504,
  "cnr": 2.220311268324031,
  "efc": 0.6463795698081245,
  "fber": 831.69921875,
  "fwhm_avg": 4.412124231420481,
  "fwhm_x": 4.324166781217967,
  "fwhm_y": 4.364243478260869,
  "fwhm_z": 4.547962434782608,
  "icvs_csf": 0.23171181562031726,
  "icvs_gm": 0.39368290973425885,
  "icvs_wm": 0.37460527464542387,
  "inu_med": 1.716615915298462,
  "inu_range": 0.6506578922271731,
  "provenance": {
    "md5sum": "e4b2404a0dc11491686006a843d8bd01",
    "settings": {
      "testing": false
    },
    "software": "mriqc",
    "version": "0.15.0",
    "warnings": {
      "large_rot_frame": true,
      "small_air_mask": false
    },
    "webapi_port": null,
    "webapi_url": "https://mriqc.nimh.nih.gov/api/v1"
  },
  "qi_1": 0.0,
  "qi_2": 0.005521736970651788,
  "rpve_csf": 21.167582413285597,
  "rpve_gm": 12.137485527006763,
  "rpve_wm": 14.961886933152769,
  "size_x": 208,
  "size_y": 256,
  "size_z": 256,
  "snr_csf": 3.9265433015425386,
  "snr_gm": 10.749600977019144,
  "snr_total": 12.356590561126275,
  "snr_wm": 22.393627404817146,
  "snrd_csf": 19.962245609760117,
  "snrd_gm": 46.13947002010882,
  "snrd_total": 41.150781534036426,
  "snrd_wm": 57.35062897224035,
  "spacing_x": 0.8999999761581421,
  "spacing_y": 0.8984375,
  "spacing_z": 0.8984375,
  "summary_bg_k": 9.05455775997454,
  "summary_bg_mad": 11.423911094665527,
  "summary_bg_mean": 21.325057983398438,
  "summary_bg_median": 19.606918334960938,
  "summary_bg_n": 3694461.0,
  "summary_bg_p05": 7.896469593048096,
  "summary_bg_p95": 43.918678283691406,
  "summary_bg_stdv": 12.513385772705078,
  "summary_csf_k": 3.5978947532729437,
  "summary_csf_mad": 64.87513732910156,
  "summary_csf_mean": 371.75225830078125,
  "summary_csf_median": 348.09075927734375,
  "summary_csf_n": 97184.0,
  "summary_csf_p05": 272.61596221923827,
  "summary_csf_p95": 556.0109252929684,
  "summary_csf_stdv": 88.65023040771484,
  "summary_gm_k": 0.4277347901165558,
  "summary_gm_mad": 69.85816955566406,
  "summary_gm_mean": 807.96435546875,
  "summary_gm_median": 804.554931640625,
  "summary_gm_n": 25206.0,
  "summary_gm_p05": 691.7898712158203,
  "summary_gm_p95": 942.7354736328125,
  "summary_gm_stdv": 74.84361267089844,
  "summary_wm_k": 1.0707339678425623,
  "summary_wm_mad": 40.52533721923828,
  "summary_wm_mean": 1000.2178955078125,
  "summary_wm_median": 1000.0490112304688,
  "summary_wm_n": 305169.0,
  "summary_wm_p05": 927.0966674804688,
  "summary_wm_p95": 1072.697802734375,
  "summary_wm_stdv": 44.657676696777344,
  "tpm_overlap_csf": 0.23240655660629272,
  "tpm_overlap_gm": 0.4711346924304962,
  "tpm_overlap_wm": 0.539104163646698,
  "wm2max": 0.5897516387100756
}