{
    "Modality":"MR",
    "MagneticFieldStrength":3,
    "ImagingFrequency":123.25,
    "Manufacturer":"Siemens",
    "ManufacturersModelName":"Prisma_fit",
    "InstitutionName":"Caltech Prisma32",
    "InstitutionalDepartmentName":"Department",
    "InstitutionAddress":"Michigan Ave 320,Pasadena,California,US,91025",
    "DeviceSerialNumber":"167050",
    "StationName":"PRISMA",
    "SeriesInstanceUID":"1.3.12.2.1107.5.2.43.167050.2019043009530534232883175.0.0.0",
    "StudyInstanceUID":"1.3.12.2.1107.5.2.43.167050.30000019041201230705700000163",
    "ReferringPhysicianName":"Adolphs",
    "StudyID":"1",
    "PatientName":"CC0186",
    "PatientID":"CC0186",
    "AccessionNumber":"8836-001",
    "PatientBirthDate":"1989-10-06",
    "PatientSex":"M",
    "PatientWeight":72.5748,
    "BodyPartExamined":"BRAIN",
    "PatientPosition":"HFS",
    "ProcedureStepDescription":"Conte Core",
    "SoftwareVersions":"syngo MR E11",
    "MRAcquisitionType":"2D",
    "SeriesDescription":"task-rest_run-02_bold",
    "ProtocolName":"task-rest_run-02_bold",
    "ScanningSequence":"EP",
    "SequenceVariant":"SK\\SS\\OSP",
    "ScanOptions":"FS\\EXT",
    "SequenceName":"epfid2d1_80",
    "ImageType":[
        "ORIGINAL",
        "PRIMARY",
        "M",
        "MB",
        "ND",
        "MOSAIC"
    ],
    "SeriesNumber":16,
    "AcquisitionTime":"09:54:23.970000",
    "AcquisitionDateTime":"2019-04-30T09:54:23.970000",
    "AcquisitionNumber":1,
    "ImageComments":"Unaliased MB6/PE3/LB",
    "SliceThickness":2.5,
    "SpacingBetweenSlices":2.5,
    "SAR":0.0971814,
    "EchoTime":0.03,
    "RepetitionTime":0.7,
    "FlipAngle":53,
    "PartialFourier":1,
    "BaseResolution":80,
    "ShimSetting":[
        7007,
        -3605,
        7933,
        389,
        -16,
        -55,
        -33,
        -16
    ],
    "TxRefAmp":272.242,
    "PhaseResolution":1,
    "PhaseOversampling":0.1,
    "ReceiveCoilName":"Head_32",
    "ReceiveCoilActiveElements":"HEA;HEP",
    "PulseSequenceDetails":"%CustomerSeq%\\cmrr_mbep2d_bold",
    "WipMemBlock":"4694f0a7-d418-4fb2-887f-2e237f8f67d6||Sequence: R016 ve11c/master r/e634e98; Dec 19 2017 11:00:25 by eja",
    "ConsistencyInfo":"N4_VE11C_LATEST_20160120",
    "MultibandAccelerationFactor":6,
    "PercentPhaseFOV":100,
    "PercentSampling":100,
    "EchoTrainLength":88,
    "PhaseEncodingSteps":88,
    "AcquisitionMatrixPE":80,
    "ReconMatrixPE":80,
    "BandwidthPerPixelPhaseEncode":23.191,
    "EffectiveEchoSpacing":0.000539002,
    "DerivedVendorReportedEchoSpacing":0.000490002,
    "TotalReadoutTime":0.0425812,
    "PixelBandwidth":2715,
    "DwellTime":2.3e-06,
    "PhaseEncodingDirection":"j-",
    "SliceTiming":[
        0,
        0.475,
        0.27,
        0.0675,
        0.5425,
        0.34,
        0.135,
        0.61,
        0.4075,
        0.2025,
        0,
        0.475,
        0.27,
        0.0675,
        0.5425,
        0.34,
        0.135,
        0.61,
        0.4075,
        0.2025,
        0,
        0.475,
        0.27,
        0.0675,
        0.5425,
        0.34,
        0.135,
        0.61,
        0.4075,
        0.2025,
        0,
        0.475,
        0.27,
        0.0675,
        0.5425,
        0.34,
        0.135,
        0.61,
        0.4075,
        0.2025,
        0,
        0.475,
        0.27,
        0.0675,
        0.5425,
        0.34,
        0.135,
        0.61,
        0.4075,
        0.2025,
        0,
        0.475,
        0.27,
        0.0675,
        0.5425,
        0.34,
        0.135,
        0.61,
        0.4075,
        0.2025
    ],
    "ImageOrientationPatientDICOM":[
        1,
        0,
        0,
        0,
        0.939693,
        -0.34202
    ],
    "InPlanePhaseEncodingDirectionDICOM":"COL",
    "ConversionSoftware":"dcm2niix",
    "ConversionSoftwareVersion":"v1.0.20210317",
    "TaskName":"rest"
}