{
  "bids_meta": {
    "AccessionNumber": "8531-001",
    "AcquisitionDateTime": "2018-07-13T14:39:20.360000",
    "AcquisitionMatrixPE": 256,
    "AcquisitionNumber": 1,
    "AcquisitionTime": "14:39:20.360000",
    "BaseResolution": 256,
    "BodyPartExamined": "BRAIN",
    "ConsistencyInfo": "N4_VE11C_LATEST_20160120",
    "ConversionSoftware": "dcm2niix",
    "ConversionSoftwareVersion": "v1.0.20210317",
    "DeviceSerialNumber": "167050",
    "DwellTime": 3e-06,
    "EchoNumber": 4,
    "FlipAngle": 8,
    "ImageComments": "Average over all echoes.",
    "ImageOrientationPatientDICOM": [
      0,
      1,
      0,
      0,
      0,
      -1
    ],
    "ImageType": [
      "ORIGINAL",
      "PRIMARY",
      "ECHO",
      "COMBINED",
      "ND"
    ],
    "ImagingFrequency": 123.25,
    "InPlanePhaseEncodingDirectionDICOM": "ROW",
    "InstitutionAddress": "Michigan Ave 320,Pasadena,California,US,91025",
    "InstitutionName": "Caltech Prisma64",
    "InstitutionalDepartmentName": "Department",
    "InversionTime": 1.15,
    "MRAcquisitionType": "3D",
    "MagneticFieldStrength": 3,
    "Manufacturer": "Siemens",
    "ManufacturersModelName": "Prisma_fit",
    "Modality": "MR",
    "ParallelReductionFactorInPlane": 2,
    "PartialFourier": 1,
    "PatientBirthDate": "1977-12-01",
    "PatientID": "CC0143",
    "PatientName": "CC0143",
    "PatientPosition": "HFS",
    "PatientSex": "M",
    "PatientWeight": 63.5029,
    "PercentPhaseFOV": 100,
    "PercentSampling": 100,
    "PhaseEncodingSteps": 282,
    "PhaseOversampling": 0.1,
    "PhaseResolution": 1,
    "PixelBandwidth": 650,
    "ProcedureStepDescription": "Conte Core",
    "ProtocolName": "T1w",
    "PulseSequenceDetails": "%CustomerSeq%\\tfl_wip900D_VE11C",
    "ReceiveCoilActiveElements": "HEA;HEP",
    "ReceiveCoilName": "Head_32",
    "ReconMatrixPE": 256,
    "RefLinesPE": 32,
    "ReferringPhysicianName": "Adolphs",
    "RepetitionTime": 2.55,
    "SAR": 0.0522934,
    "ScanOptions": "IR\\WE",
    "ScanningSequence": "GR\\IR",
    "SequenceName": "tfl3d4_16ns",
    "SequenceVariant": "SK\\SP\\MP\\OSP",
    "SeriesDescription": "T1w_combEcho",
    "SeriesInstanceUID": "1.3.12.2.1107.5.2.43.167050.2018071314462846449406323.0.0.0",
    "SeriesNumber": 5,
    "ShimSetting": [
      6993,
      -3611,
      7909,
      361,
      -66,
      -117,
      -22,
      27
    ],
    "SliceThickness": 0.9,
    "SoftwareVersions": "syngo MR E11",
    "StationName": "PRISMA",
    "StudyID": "1",
    "StudyInstanceUID": "1.3.12.2.1107.5.2.43.167050.30000018071021413043300000010",
    "TxRefAmp": 259.895,
    "WipMemBlock": "WIP_Identifier: WIP#900D",
    "dataset": "unknown",
    "modality": "T1w",
    "run_id": 2,
    "session_id": "core2p2",
    "subject_id": "CC0143"
  },
  "cjv": 0.6060208410585372,
  "cnr": 2.1874876791277384,
  "efc": 0.6240873405877811,
  "fber": 2399.60693359375,
  "fwhm_avg": 3.9075366595983083,
  "fwhm_x": 3.940922326621011,
  "fwhm_y": 3.8199540869565216,
  "fwhm_z": 3.9617335652173913,
  "icvs_csf": 0.19237872107091558,
  "icvs_gm": 0.4085670166871615,
  "icvs_wm": 0.3990542622419229,
  "inu_med": 1.5181633234024048,
  "inu_range": 0.6506336748600006,
  "provenance": {
    "md5sum": "02d488d3a9a2b1f17880c49d958d54e4",
    "settings": {
      "testing": false
    },
    "software": "mriqc",
    "version": "0.15.0",
    "warnings": {
      "large_rot_frame": false,
      "small_air_mask": false
    },
    "webapi_port": null,
    "webapi_url": "https://mriqc.nimh.nih.gov/api/v1"
  },
  "qi_1": 0.0,
  "qi_2": 0.02449948846197989,
  "rpve_csf": 20.172757445321842,
  "rpve_gm": 10.009511475086217,
  "rpve_wm": 12.03035883400553,
  "size_x": 208,
  "size_y": 256,
  "size_z": 256,
  "snr_csf": 2.737568720497589,
  "snr_gm": 9.99380241356405,
  "snr_total": 10.162135631941304,
  "snr_wm": 17.755035761762272,
  "snrd_csf": 40.29061556807697,
  "snrd_gm": 89.5686972400536,
  "snrd_total": 81.21448781875745,
  "snrd_wm": 113.78415064814175,
  "spacing_x": 0.8999999761581421,
  "spacing_y": 0.8984375,
  "spacing_z": 0.8984375,
  "summary_bg_k": 7.877316183155015,
  "summary_bg_mad": 5.757931709289551,
  "summary_bg_mean": 11.442319869995117,
  "summary_bg_median": 7.622269630432129,
  "summary_bg_n": 3317722.0,
  "summary_bg_p05": 0.0,
  "summary_bg_p95": 29.789937305450437,
  "summary_bg_stdv": 9.435526847839355,
  "summary_csf_k": -0.16937221952643666,
  "summary_csf_mad": 123.47514343261719,
  "summary_csf_mean": 384.760986328125,
  "summary_csf_median": 354.11041259765625,
  "summary_csf_n": 42046.0,
  "summary_csf_p05": 218.47730255126953,
  "summary_csf_p95": 627.2093505859375,
  "summary_csf_stdv": 129.35061645507812,
  "summary_gm_k": 0.27651477572220395,
  "summary_gm_mad": 76.86284637451172,
  "summary_gm_mean": 788.1176147460938,
  "summary_gm_median": 787.2108154296875,
  "summary_gm_n": 31417.0,
  "summary_gm_p05": 662.6832763671875,
  "summary_gm_p95": 920.8024780273437,
  "summary_gm_stdv": 78.76864624023438,
  "summary_wm_k": 0.7598332482154806,
  "summary_wm_mad": 52.114952087402344,
  "summary_wm_mean": 999.7085571289062,
  "summary_wm_median": 1000.0381469726562,
  "summary_wm_n": 398633.0,
  "summary_wm_p05": 906.4689575195313,
  "summary_wm_p95": 1090.3590576171875,
  "summary_wm_stdv": 56.324127197265625,
  "tpm_overlap_csf": 0.2255094200372696,
  "tpm_overlap_gm": 0.47806522250175476,
  "tpm_overlap_wm": 0.5456059575080872,
  "wm2max": 0.6054469936568947
}