{
  "aor": 0.0009959333333333334,
  "aqi": 0.009223636033333333,
  "bids_meta": {
    "AccessionNumber": "8680-013",
    "AcquisitionDateTime": "2019-01-22T13:20:0.650000",
    "AcquisitionMatrixPE": 80,
    "AcquisitionNumber": 1,
    "AcquisitionTime": "13:20:0.650000",
    "BandwidthPerPixelPhaseEncode": 23.191,
    "BaseResolution": 80,
    "BodyPartExamined": "BRAIN",
    "ConsistencyInfo": "N4_VE11C_LATEST_20160120",
    "ConversionSoftware": "dcm2niix",
    "ConversionSoftwareVersion": "v1.0.20210317",
    "DerivedVendorReportedEchoSpacing": 0.000490002,
    "DeviceSerialNumber": "167050",
    "DwellTime": 2.3e-06,
    "EchoTime": 0.03,
    "EchoTrainLength": 88,
    "EffectiveEchoSpacing": 0.000539002,
    "FlipAngle": 53,
    "ImageComments": "Unaliased MB6/PE3/LB",
    "ImageOrientationPatientDICOM": [
      1,
      0,
      0,
      0,
      0.939693,
      -0.34202
    ],
    "ImageType": [
      "ORIGINAL",
      "PRIMARY",
      "M",
      "MB",
      "ND",
      "MOSAIC"
    ],
    "ImagingFrequency": 123.25,
    "InPlanePhaseEncodingDirectionDICOM": "COL",
    "InstitutionAddress": "Michigan Ave 320,Pasadena,California,US,91025",
    "InstitutionName": "Caltech Prisma64",
    "InstitutionalDepartmentName": "Department",
    "MRAcquisitionType": "2D",
    "MagneticFieldStrength": 3,
    "Manufacturer": "Siemens",
    "ManufacturersModelName": "Prisma_fit",
    "Modality": "MR",
    "MultibandAccelerationFactor": 6,
    "PartialFourier": 1,
    "PatientBirthDate": "1987-05-01",
    "PatientID": "CC0006",
    "PatientName": "CC0006",
    "PatientPosition": "HFS",
    "PatientSex": "M",
    "PatientWeight": 72.5748,
    "PercentPhaseFOV": 100,
    "PercentSampling": 100,
    "PhaseEncodingDirection": "j-",
    "PhaseEncodingSteps": 88,
    "PhaseOversampling": 0.1,
    "PhaseResolution": 1,
    "PixelBandwidth": 2715,
    "ProtocolName": "task-rest_run-01_bold",
    "PulseSequenceDetails": "%CustomerSeq%\\cmrr_mbep2d_bold",
    "ReceiveCoilActiveElements": "HEA;HEP",
    "ReceiveCoilName": "Head_32",
    "ReconMatrixPE": 80,
    "ReferringPhysicianName": "Adolphs",
    "RepetitionTime": 0.7,
    "SAR": 0.0937833,
    "ScanOptions": "FS\\EXT",
    "ScanningSequence": "EP",
    "SequenceName": "epfid2d1_80",
    "SequenceVariant": "SK\\SS\\OSP",
    "SeriesDescription": "task-rest_run-01_bold",
    "SeriesInstanceUID": "1.3.12.2.1107.5.2.43.167050.2019012213184140909476824.0.0.0",
    "SeriesNumber": 9,
    "ShimSetting": [
      6990,
      -3586,
      7968,
      383,
      32,
      139,
      21,
      11
    ],
    "SliceThickness": 2.5,
    "SliceTiming": [
      0,
      0.475,
      0.2725,
      0.0675,
      0.545,
      0.34,
      0.135,
      0.6125,
      0.4075,
      0.205,
      0,
      0.475,
      0.2725,
      0.0675,
      0.545,
      0.34,
      0.135,
      0.6125,
      0.4075,
      0.205,
      0,
      0.475,
      0.2725,
      0.0675,
      0.545,
      0.34,
      0.135,
      0.6125,
      0.4075,
      0.205,
      0,
      0.475,
      0.2725,
      0.0675,
      0.545,
      0.34,
      0.135,
      0.6125,
      0.4075,
      0.205,
      0,
      0.475,
      0.2725,
      0.0675,
      0.545,
      0.34,
      0.135,
      0.6125,
      0.4075,
      0.205,
      0,
      0.475,
      0.2725,
      0.0675,
      0.545,
      0.34,
      0.135,
      0.6125,
      0.4075,
      0.205
    ],
    "SoftwareVersions": "syngo MR E11",
    "SpacingBetweenSlices": 2.5,
    "StationName": "PRISMA",
    "StudyID": "1",
    "StudyInstanceUID": "1.3.12.2.1107.5.2.43.167050.30000019012122271046500000010",
    "TaskName": "rest",
    "TotalReadoutTime": 0.0425812,
    "TxRefAmp": 267.805,
    "WipMemBlock": "6833e87f-1eed-4e5e-abe2-9f2c4a1b36e0||Sequence: R016 ve11c/master r/e634e98; Dec 19 2017 11:00:25 by eja",
    "dataset": "unknown",
    "modality": "bold",
    "run_id": 1,
    "session_id": "core2p2",
    "subject_id": "CC0006",
    "task_id": "rest"
  },
  "dummy_trs": 0,
  "dvars_nstd": 33.71788429601003,
  "dvars_std": 1.021096256711185,
  "dvars_vstd": 1.1180749961101826,
  "efc": 0.5417341348535035,
  "fber": 763.3216552734375,
  "fd_mean": 0.1978744848483616,
  "fd_num": 258,
  "fd_perc": 43.0,
  "fwhm_avg": 3.0545159999999996,
  "fwhm_x": 2.864584,
  "fwhm_y": 3.220384,
  "fwhm_z": 3.0785799999999997,
  "gcor": 0.0348433,
  "gsr_x": -0.01535614300519228,
  "gsr_y": 0.0882543995976448,
  "provenance": {
    "md5sum": "a395c9e04c68086c3f38033339e58e2e",
    "settings": {
      "fd_thres": 0.2,
      "hmc_fsl": false
    },
    "software": "mriqc",
    "version": "0.15.0",
    "webapi_port": null,
    "webapi_url": "https://mriqc.nimh.nih.gov/api/v1"
  },
  "size_t": 600,
  "size_x": 80,
  "size_y": 80,
  "size_z": 60,
  "snr": 2.040648232969671,
  "spacing_tr": 0.699999988079071,
  "spacing_x": 2.5,
  "spacing_y": 2.5,
  "spacing_z": 2.5,
  "summary_bg_k": 23.865436879599823,
  "summary_bg_mad": 82.79344940185547,
  "summary_bg_mean": 403.3185119628906,
  "summary_bg_median": 147.0749969482422,
  "summary_bg_n": 225481.0,
  "summary_bg_p05": 82.21666717529297,
  "summary_bg_p95": 1763.2333984375,
  "summary_bg_stdv": 678.439453125,
  "summary_fg_k": 0.6080813426138874,
  "summary_fg_mad": 2031.2935791015625,
  "summary_fg_mean": 4877.26220703125,
  "summary_fg_median": 4453.32177734375,
  "summary_fg_n": 94718.0,
  "summary_fg_p05": 2055.7080932617187,
  "summary_fg_p95": 9088.701025390623,
  "summary_fg_stdv": 2182.2958984375,
  "tsnr": 33.017822265625
}