{
  "aor": 0.002094122621564482,
  "aqi": 0.0070780825369978866,
  "bids_meta": {
    "AccessionNumber": "8680-013",
    "AcquisitionDateTime": "2019-01-22T14:14:7.592500",
    "AcquisitionMatrixPE": 80,
    "AcquisitionNumber": 1,
    "AcquisitionTime": "14:14:7.592500",
    "BandwidthPerPixelPhaseEncode": 23.191,
    "BaseResolution": 80,
    "BodyPartExamined": "BRAIN",
    "ConsistencyInfo": "N4_VE11C_LATEST_20160120",
    "ConversionSoftware": "dcm2niix",
    "ConversionSoftwareVersion": "v1.0.20210317",
    "DerivedVendorReportedEchoSpacing": 0.000490002,
    "DeviceSerialNumber": "167050",
    "DwellTime": 2.3e-06,
    "EchoTime": 0.03,
    "EchoTrainLength": 88,
    "EffectiveEchoSpacing": 0.000539002,
    "FlipAngle": 53,
    "ImageComments": "Unaliased MB6/PE3/LB",
    "ImageOrientationPatientDICOM": [
      1,
      0,
      0,
      0,
      0.939693,
      -0.34202
    ],
    "ImageType": [
      "ORIGINAL",
      "PRIMARY",
      "M",
      "MB",
      "ND",
      "MOSAIC"
    ],
    "ImagingFrequency": 123.25,
    "InPlanePhaseEncodingDirectionDICOM": "COL",
    "InstitutionAddress": "Michigan Ave 320,Pasadena,California,US,91025",
    "InstitutionName": "Caltech Prisma64",
    "InstitutionalDepartmentName": "Department",
    "MRAcquisitionType": "2D",
    "MagneticFieldStrength": 3,
    "Manufacturer": "Siemens",
    "ManufacturersModelName": "Prisma_fit",
    "Modality": "MR",
    "MultibandAccelerationFactor": 6,
    "PartialFourier": 1,
    "PatientBirthDate": "1987-05-01",
    "PatientID": "CC0006",
    "PatientName": "CC0006",
    "PatientPosition": "HFS",
    "PatientSex": "M",
    "PatientWeight": 72.5748,
    "PercentPhaseFOV": 100,
    "PercentSampling": 100,
    "PhaseEncodingDirection": "j-",
    "PhaseEncodingSteps": 88,
    "PhaseOversampling": 0.1,
    "PhaseResolution": 1,
    "PixelBandwidth": 2715,
    "ProtocolName": "task-pixar_run-01_bold",
    "PulseSequenceDetails": "%CustomerSeq%\\cmrr_mbep2d_bold",
    "ReceiveCoilActiveElements": "HEA;HEP",
    "ReceiveCoilName": "Head_32",
    "ReconMatrixPE": 80,
    "ReferringPhysicianName": "Adolphs",
    "RepetitionTime": 0.7,
    "SAR": 0.0936328,
    "ScanOptions": "FS\\EXT",
    "ScanningSequence": "EP",
    "SequenceName": "epfid2d1_80",
    "SequenceVariant": "SK\\SS\\OSP",
    "SeriesDescription": "task-pixar_run-01_bold",
    "SeriesInstanceUID": "1.3.12.2.1107.5.2.43.167050.2019012214122271630627475.0.0.0",
    "SeriesNumber": 34,
    "ShimSetting": [
      6990,
      -3586,
      7968,
      383,
      32,
      139,
      21,
      11
    ],
    "SliceThickness": 2.5,
    "SliceTiming": [
      0,
      0.475,
      0.27,
      0.0675,
      0.5425,
      0.34,
      0.135,
      0.61,
      0.4075,
      0.2025,
      0,
      0.475,
      0.27,
      0.0675,
      0.5425,
      0.34,
      0.135,
      0.61,
      0.4075,
      0.2025,
      0,
      0.475,
      0.27,
      0.0675,
      0.5425,
      0.34,
      0.135,
      0.61,
      0.4075,
      0.2025,
      0,
      0.475,
      0.27,
      0.0675,
      0.5425,
      0.34,
      0.135,
      0.61,
      0.4075,
      0.2025,
      0,
      0.475,
      0.27,
      0.0675,
      0.5425,
      0.34,
      0.135,
      0.61,
      0.4075,
      0.2025,
      0,
      0.475,
      0.27,
      0.0675,
      0.5425,
      0.34,
      0.135,
      0.61,
      0.4075,
      0.2025
    ],
    "SoftwareVersions": "syngo MR E11",
    "SpacingBetweenSlices": 2.5,
    "StationName": "PRISMA",
    "StudyID": "1",
    "StudyInstanceUID": "1.3.12.2.1107.5.2.43.167050.30000019012122271046500000010",
    "TaskName": "pixar",
    "TotalReadoutTime": 0.0425812,
    "TxRefAmp": 267.805,
    "WipMemBlock": "a58b2558-b86c-471b-8980-4dce233bc5cd||Sequence: R016 ve11c/master r/e634e98; Dec 19 2017 11:00:25 by eja",
    "dataset": "unknown",
    "modality": "bold",
    "run_id": 1,
    "session_id": "core2p2",
    "subject_id": "CC0006",
    "task_id": "pixar"
  },
  "dummy_trs": 3,
  "dvars_nstd": 32.67985272006355,
  "dvars_std": 1.0690261144279674,
  "dvars_vstd": 1.2314003623305092,
  "efc": 0.5460738501065437,
  "fber": 695.8722534179688,
  "fd_mean": 0.14750628767254378,
  "fd_num": 86,
  "fd_perc": 18.181818181818183,
  "fwhm_avg": 2.9782879999999996,
  "fwhm_x": 2.793168,
  "fwhm_y": 3.137416,
  "fwhm_z": 3.00428,
  "gcor": 0.0154454,
  "gsr_x": -0.013428368605673313,
  "gsr_y": 0.08913052082061768,
  "provenance": {
    "md5sum": "62ebdb2023e65941990c05700e9cf277",
    "settings": {
      "fd_thres": 0.2,
      "hmc_fsl": false
    },
    "software": "mriqc",
    "version": "0.15.0",
    "webapi_port": null,
    "webapi_url": "https://mriqc.nimh.nih.gov/api/v1"
  },
  "size_t": 473,
  "size_x": 80,
  "size_y": 80,
  "size_z": 60,
  "snr": 2.0659093502528223,
  "spacing_tr": 0.699999988079071,
  "spacing_x": 2.5,
  "spacing_y": 2.5,
  "spacing_z": 2.5,
  "summary_bg_k": 21.83281726104272,
  "summary_bg_mad": 80.59965515136719,
  "summary_bg_mean": 413.0992736816406,
  "summary_bg_median": 149.4460906982422,
  "summary_bg_n": 226519.0,
  "summary_bg_p05": 87.33192443847656,
  "summary_bg_p95": 1829.177099609373,
  "summary_bg_stdv": 683.6953125,
  "summary_fg_k": 0.6804771305561914,
  "summary_fg_mad": 1934.89013671875,
  "summary_fg_mean": 4732.34375,
  "summary_fg_median": 4331.9853515625,
  "summary_fg_n": 93732.0,
  "summary_fg_p05": 2007.5159484863284,
  "summary_fg_p95": 8795.25068359375,
  "summary_fg_stdv": 2096.879150390625,
  "tsnr": 37.886497497558594
}