{
  "bids_meta": {
    "AccessionNumber": "8536-001",
    "AcquisitionDateTime": "2018-07-23T14:22:56.017500",
    "AcquisitionMatrixPE": 256,
    "AcquisitionNumber": 1,
    "AcquisitionTime": "14:22:56.017500",
    "BaseResolution": 256,
    "BodyPartExamined": "BRAIN",
    "ConsistencyInfo": "N4_VE11C_LATEST_20160120",
    "ConversionSoftware": "dcm2niix",
    "ConversionSoftwareVersion": "v1.0.20210317",
    "DeviceSerialNumber": "167050",
    "DwellTime": 3e-06,
    "EchoNumber": 4,
    "FlipAngle": 8,
    "ImageComments": "Average over all echoes.",
    "ImageOrientationPatientDICOM": [
      0,
      1,
      0,
      0,
      0,
      -1
    ],
    "ImageType": [
      "ORIGINAL",
      "PRIMARY",
      "ECHO",
      "COMBINED",
      "ND"
    ],
    "ImagingFrequency": 123.25,
    "InPlanePhaseEncodingDirectionDICOM": "ROW",
    "InstitutionAddress": "Michigan Ave 320,Pasadena,California,US,91025",
    "InstitutionName": "Caltech Prisma64",
    "InstitutionalDepartmentName": "Department",
    "InversionTime": 1.15,
    "MRAcquisitionType": "3D",
    "MagneticFieldStrength": 3,
    "Manufacturer": "Siemens",
    "ManufacturersModelName": "Prisma_fit",
    "Modality": "MR",
    "ParallelReductionFactorInPlane": 2,
    "PartialFourier": 1,
    "PatientBirthDate": "1989-05-01",
    "PatientID": "CC0146",
    "PatientName": "CC0146",
    "PatientPosition": "HFS",
    "PatientSex": "F",
    "PatientWeight": 58.967,
    "PercentPhaseFOV": 100,
    "PercentSampling": 100,
    "PhaseEncodingSteps": 282,
    "PhaseOversampling": 0.1,
    "PhaseResolution": 1,
    "PixelBandwidth": 650,
    "ProcedureStepDescription": "Conte Core",
    "ProtocolName": "T1w",
    "PulseSequenceDetails": "%CustomerSeq%\\tfl_wip900D_VE11C",
    "ReceiveCoilActiveElements": "HEA;HEP",
    "ReceiveCoilName": "Head_32",
    "ReconMatrixPE": 256,
    "RefLinesPE": 32,
    "ReferringPhysicianName": "Adolphs",
    "RepetitionTime": 2.55,
    "SAR": 0.0430666,
    "ScanOptions": "IR\\WE",
    "ScanningSequence": "GR\\IR",
    "SequenceName": "tfl3d4_16ns",
    "SequenceVariant": "SK\\SP\\MP\\OSP",
    "SeriesDescription": "T1w_combEcho",
    "SeriesInstanceUID": "1.3.12.2.1107.5.2.43.167050.2018072314300481694386322.0.0.0",
    "SeriesNumber": 4,
    "ShimSetting": [
      6984,
      -3629,
      7809,
      215,
      51,
      -93,
      171,
      46
    ],
    "SliceThickness": 0.9,
    "SoftwareVersions": "syngo MR E11",
    "StationName": "PRISMA",
    "StudyID": "1",
    "StudyInstanceUID": "1.3.12.2.1107.5.2.43.167050.30000018071021413043300000043",
    "TxRefAmp": 241.342,
    "WipMemBlock": "WIP_Identifier: WIP#900D",
    "acq_id": "combecho",
    "dataset": "unknown",
    "modality": "T1w",
    "run_id": 1,
    "session_id": "core2p2",
    "subject_id": "CC0146"
  },
  "cjv": 0.7074828438090967,
  "cnr": 1.9359742859576683,
  "efc": 0.5937144686517367,
  "fber": 206.6712646484375,
  "fwhm_avg": 5.048779419801262,
  "fwhm_x": 5.0507779115777,
  "fwhm_y": 4.871156869565217,
  "fwhm_z": 5.22440347826087,
  "icvs_csf": 0.21304556521099532,
  "icvs_gm": 0.40090762045725314,
  "icvs_wm": 0.38604681433175153,
  "inu_med": 2.102308750152588,
  "inu_range": 1.2750677585601808,
  "provenance": {
    "md5sum": "44f22b46239fa9825bbca7637daa4589",
    "settings": {
      "testing": false
    },
    "software": "mriqc",
    "version": "0.15.0",
    "warnings": {
      "large_rot_frame": false,
      "small_air_mask": false
    },
    "webapi_port": null,
    "webapi_url": "https://mriqc.nimh.nih.gov/api/v1"
  },
  "qi_1": 0.0,
  "qi_2": 0.0036623524766105846,
  "rpve_csf": 27.53237212704993,
  "rpve_gm": 13.741967006689718,
  "rpve_wm": 16.00837304094595,
  "size_x": 208,
  "size_y": 256,
  "size_z": 256,
  "snr_csf": 3.6935577936295907,
  "snr_gm": 13.93487060589924,
  "snr_total": 9.266388213757848,
  "snr_wm": 10.170736241744715,
  "snrd_csf": 18.591990275385452,
  "snrd_gm": 42.03876877524215,
  "snrd_total": 38.18575046649131,
  "snrd_wm": 53.92649234884631,
  "spacing_x": 0.8999999761581421,
  "spacing_y": 0.8984375,
  "spacing_z": 0.8984375,
  "summary_bg_k": 2.9250293268343492,
  "summary_bg_mad": 12.148457527160645,
  "summary_bg_mean": 43.0905647277832,
  "summary_bg_median": 41.448341369628906,
  "summary_bg_n": 2829372.0,
  "summary_bg_p05": 24.63996171951294,
  "summary_bg_p95": 65.46460304260253,
  "summary_bg_stdv": 13.002739906311035,
  "summary_csf_k": 0.5013202157083274,
  "summary_csf_mad": 84.26983642578125,
  "summary_csf_mean": 364.26300048828125,
  "summary_csf_median": 344.7587585449219,
  "summary_csf_n": 42753.0,
  "summary_csf_p05": 238.70462036132812,
  "summary_csf_p95": 541.1195556640625,
  "summary_csf_stdv": 93.33946990966797,
  "summary_gm_k": 0.7747038461837783,
  "summary_gm_mad": 50.78329086303711,
  "summary_gm_mean": 779.2328491210938,
  "summary_gm_median": 779.5418090820312,
  "summary_gm_n": 42523.0,
  "summary_gm_p05": 688.141650390625,
  "summary_gm_p95": 871.2780395507813,
  "summary_gm_stdv": 55.94114685058594,
  "summary_wm_k": -0.2959956018062204,
  "summary_wm_mad": 105.17340850830078,
  "summary_wm_mean": 1009.8161010742188,
  "summary_wm_median": 999.9806518554688,
  "summary_wm_n": 189672.0,
  "summary_wm_p05": 866.8990997314454,
  "summary_wm_p95": 1184.9032348632813,
  "summary_wm_stdv": 98.31913757324219,
  "tpm_overlap_csf": 0.20445379614830017,
  "tpm_overlap_gm": 0.39870113134384155,
  "tpm_overlap_wm": 0.4210053086280823,
  "wm2max": 0.508831956340459
}