{
  "bids_meta": {
    "AccessionNumber": "7174-001",
    "AcquisitionDateTime": "2013-08-27T15:31:32.755000",
    "AcquisitionMatrixPE": 256,
    "AcquisitionNumber": 1,
    "AcquisitionTime": "15:31:32.755000",
    "BaseResolution": 256,
    "CoilString": "C:HEA;HEP",
    "ConversionSoftware": "dcm2niix",
    "ConversionSoftwareVersion": "v1.0.20210317",
    "DeviceSerialNumber": "35077",
    "DwellTime": 1.09e-05,
    "EchoTime": 0.00291,
    "FlipAngle": 10,
    "ImageOrientationPatientDICOM": [
      0,
      1,
      0,
      0,
      0,
      -1
    ],
    "ImageType": [
      "ORIGINAL",
      "PRIMARY",
      "M",
      "ND",
      "NORM"
    ],
    "ImagingFrequency": 123.229,
    "InPlanePhaseEncodingDirectionDICOM": "ROW",
    "InstitutionAddress": "Wilson Avenue 340 ,Pasadena,California,US,91025",
    "InstitutionName": "Caltech Tim32",
    "InstitutionalDepartmentName": "Department",
    "InversionTime": 0.8,
    "MRAcquisitionType": "3D",
    "MagneticFieldStrength": 3,
    "Manufacturer": "Siemens",
    "ManufacturersModelName": "TrioTim",
    "Modality": "MR",
    "PartialFourier": 1,
    "PatientBirthDate": "1987-01-01",
    "PatientID": "adolphs",
    "PatientName": "CC0063",
    "PatientPosition": "HFS",
    "PatientSex": "M",
    "PatientWeight": 72.5748,
    "PercentPhaseFOV": 100,
    "PercentSampling": 100,
    "PhaseEncodingSteps": 256,
    "PhaseResolution": 1,
    "PixelBandwidth": 179,
    "ProcedureStepDescription": "Conte^Core",
    "ProtocolName": "T1_1",
    "PulseSequenceDetails": "%SiemensSeq%\\tfl",
    "ReceiveCoilName": "32Ch_Head",
    "ReconMatrixPE": 256,
    "RepetitionTime": 1.5,
    "SAR": 0.127596,
    "ScanOptions": "IR",
    "ScanningSequence": "GR\\IR",
    "SequenceName": "*tfl3d1",
    "SequenceVariant": "SP\\MP",
    "SeriesDescription": "T1_1",
    "SeriesInstanceUID": "1.3.12.2.1107.5.2.32.35077.2013082715323678045729143.0.0.0",
    "SeriesNumber": 10,
    "ShimSetting": [
      9508,
      -10515,
      15639,
      664,
      -157,
      21,
      250,
      29
    ],
    "SliceThickness": 1,
    "SoftwareVersions": "syngo MR B17",
    "StationName": "MEDPC",
    "StudyID": "1",
    "StudyInstanceUID": "1.3.12.2.1107.5.2.32.35077.30000013082617200264000000013",
    "TxRefAmp": 312.119,
    "dataset": "unknown",
    "modality": "T1w",
    "run_id": 1,
    "session_id": "core1p2",
    "subject_id": "CC0063"
  },
  "cjv": 0.5089784224570545,
  "cnr": 2.5163835938358208,
  "efc": 0.5550411932491618,
  "fber": 4357.54248046875,
  "fwhm_avg": 4.334219999999999,
  "fwhm_x": 4.2708,
  "fwhm_y": 4.40704,
  "fwhm_z": 4.32482,
  "icvs_csf": 0.21516731566225783,
  "icvs_gm": 0.41453698213050594,
  "icvs_wm": 0.37029570220723623,
  "inu_med": 1.684525728225708,
  "inu_range": 0.6068071722984316,
  "provenance": {
    "md5sum": "4ce1a7341c5a8cb5b96b6c24523618f6",
    "settings": {
      "testing": false
    },
    "software": "mriqc",
    "version": "0.15.0",
    "warnings": {
      "large_rot_frame": false,
      "small_air_mask": false
    },
    "webapi_port": null,
    "webapi_url": "https://mriqc.nimh.nih.gov/api/v1"
  },
  "qi_1": 2.771794757386833e-05,
  "qi_2": 0.00901436038269745,
  "rpve_csf": 28.013690896604647,
  "rpve_gm": 14.70091069459188,
  "rpve_wm": 19.118444881002652,
  "size_x": 176,
  "size_y": 256,
  "size_z": 256,
  "snr_csf": 3.576404750052121,
  "snr_gm": 13.316492819829481,
  "snr_total": 11.802684236643628,
  "snr_wm": 18.515155140049288,
  "snrd_csf": 63.71868256100208,
  "snrd_gm": 121.67760616395458,
  "snrd_total": 112.72199723559181,
  "snrd_wm": 152.7697029818188,
  "spacing_x": 1.0,
  "spacing_y": 1.0,
  "spacing_z": 1.0,
  "summary_bg_k": 20.490240738276547,
  "summary_bg_mad": 4.288472652435303,
  "summary_bg_mean": 7.471006393432617,
  "summary_bg_median": 5.77140998840332,
  "summary_bg_n": 2743822.0,
  "summary_bg_p05": 0.0,
  "summary_bg_p95": 20.04751472473144,
  "summary_bg_stdv": 6.868961334228516,
  "summary_csf_k": -0.3369191877329767,
  "summary_csf_mad": 108.66472625732422,
  "summary_csf_mean": 450.55560302734375,
  "summary_csf_median": 417.0976257324219,
  "summary_csf_n": 34931.0,
  "summary_csf_p05": 307.14111328125,
  "summary_csf_p95": 669.0210571289062,
  "summary_csf_stdv": 116.6231689453125,
  "summary_gm_k": 0.43046974979314045,
  "summary_gm_mad": 57.56272888183594,
  "summary_gm_mean": 796.0301513671875,
  "summary_gm_median": 796.4923095703125,
  "summary_gm_n": 17508.0,
  "summary_gm_p05": 699.6499298095703,
  "summary_gm_p95": 892.9366455078125,
  "summary_gm_stdv": 59.810760498046875,
  "summary_wm_k": 0.8352208486260424,
  "summary_wm_mad": 46.027862548828125,
  "summary_wm_mean": 998.7115478515625,
  "summary_wm_median": 1000.018798828125,
  "summary_wm_n": 188110.0,
  "summary_wm_p05": 904.8950073242188,
  "summary_wm_p95": 1088.1052429199217,
  "summary_wm_stdv": 54.01068115234375,
  "tpm_overlap_csf": 0.21956628561019897,
  "tpm_overlap_gm": 0.4926794767379761,
  "tpm_overlap_wm": 0.5390007495880127,
  "wm2max": 0.5231539076600893
}