{
  "bids_meta": {
    "AccessionNumber": "8585-001",
    "AcquisitionDateTime": "2018-10-10T11:10:34.927500",
    "AcquisitionMatrixPE": 256,
    "AcquisitionNumber": 1,
    "AcquisitionTime": "11:10:34.927500",
    "BaseResolution": 256,
    "BodyPartExamined": "BRAIN",
    "ConsistencyInfo": "N4_VE11C_LATEST_20160120",
    "ConversionSoftware": "dcm2niix",
    "ConversionSoftwareVersion": "v1.0.20210317",
    "DeviceSerialNumber": "167050",
    "DwellTime": 3e-06,
    "EchoNumber": 4,
    "FlipAngle": 8,
    "ImageComments": "Average over all echoes.",
    "ImageOrientationPatientDICOM": [
      0,
      1,
      0,
      0,
      0,
      -1
    ],
    "ImageType": [
      "ORIGINAL",
      "PRIMARY",
      "ECHO",
      "COMBINED",
      "ND",
      "NORM"
    ],
    "ImagingFrequency": 123.25,
    "InPlanePhaseEncodingDirectionDICOM": "ROW",
    "InstitutionAddress": "Michigan Ave 320,Pasadena,California,US,91025",
    "InstitutionName": "Caltech Prisma64",
    "InstitutionalDepartmentName": "Department",
    "InversionTime": 1.15,
    "MRAcquisitionType": "3D",
    "MagneticFieldStrength": 3,
    "Manufacturer": "Siemens",
    "ManufacturersModelName": "Prisma_fit",
    "Modality": "MR",
    "ParallelReductionFactorInPlane": 2,
    "PartialFourier": 1,
    "PatientBirthDate": "1995-10-01",
    "PatientID": "CC0175",
    "PatientName": "CC0175",
    "PatientPosition": "HFS",
    "PatientSex": "F",
    "PatientWeight": 54.4311,
    "PercentPhaseFOV": 100,
    "PercentSampling": 100,
    "PhaseEncodingSteps": 282,
    "PhaseOversampling": 0.1,
    "PhaseResolution": 1,
    "PixelBandwidth": 650,
    "ProcedureStepDescription": "Conte Core",
    "ProtocolName": "T1w",
    "PulseSequenceDetails": "%CustomerSeq%\\tfl_wip900D_VE11C",
    "ReceiveCoilActiveElements": "HEA;HEP",
    "ReceiveCoilName": "Head_32",
    "ReconMatrixPE": 256,
    "RefLinesPE": 32,
    "ReferringPhysicianName": "Adolphs",
    "RepetitionTime": 2.55,
    "SAR": 0.0452834,
    "ScanOptions": "IR\\WE",
    "ScanningSequence": "GR\\IR",
    "SequenceName": "tfl3d4_16ns",
    "SequenceVariant": "SK\\SP\\MP\\OSP",
    "SeriesDescription": "T1w_combEcho",
    "SeriesInstanceUID": "1.3.12.2.1107.5.2.43.167050.2018101011174391345658567.0.0.0",
    "SeriesNumber": 5,
    "ShimSetting": [
      6993,
      -3687,
      7919,
      646,
      -31,
      -155,
      -78,
      8
    ],
    "SliceThickness": 0.9,
    "SoftwareVersions": "syngo MR E11",
    "StationName": "PRISMA",
    "StudyID": "1",
    "StudyInstanceUID": "1.3.12.2.1107.5.2.43.167050.30000018081720093477500000232",
    "TxRefAmp": 243.605,
    "WipMemBlock": "WIP_Identifier: WIP#900D",
    "acq_id": "combecho",
    "dataset": "unknown",
    "modality": "T1w",
    "run_id": 2,
    "session_id": "core2p2",
    "subject_id": "CC0175"
  },
  "cjv": 0.4141315990535918,
  "cnr": 2.9791970068776523,
  "efc": 0.5871935939037555,
  "fber": 1711.046630859375,
  "fwhm_avg": 4.258703045828612,
  "fwhm_x": 4.278111224442355,
  "fwhm_y": 4.197654260869565,
  "fwhm_z": 4.300343652173913,
  "icvs_csf": 0.218537117322508,
  "icvs_gm": 0.4123194392353653,
  "icvs_wm": 0.3691434434421267,
  "inu_med": 1.4500775337219238,
  "inu_range": 0.48951600790023786,
  "provenance": {
    "md5sum": "f7815ee19dc5867ba59188e8238d3620",
    "settings": {
      "testing": false
    },
    "software": "mriqc",
    "version": "0.15.0",
    "warnings": {
      "large_rot_frame": false,
      "small_air_mask": false
    },
    "webapi_port": null,
    "webapi_url": "https://mriqc.nimh.nih.gov/api/v1"
  },
  "qi_1": 0.0,
  "qi_2": 0.013229932982243014,
  "rpve_csf": 22.34296518300184,
  "rpve_gm": 11.977459572099397,
  "rpve_wm": 15.607278497446698,
  "size_x": 208,
  "size_y": 256,
  "size_z": 256,
  "snr_csf": 3.842585782498996,
  "snr_gm": 13.373360056268156,
  "snr_total": 14.438607817209695,
  "snr_wm": 26.09987761286193,
  "snrd_csf": 37.951802672659056,
  "snrd_gm": 88.48451932706325,
  "snrd_total": 79.5077716043344,
  "snrd_wm": 112.08699281328089,
  "spacing_x": 0.8999999761581421,
  "spacing_y": 0.8984375,
  "spacing_z": 0.8984375,
  "summary_bg_k": 3.8807697912881878,
  "summary_bg_mad": 5.8450140953063965,
  "summary_bg_mean": 13.135201454162598,
  "summary_bg_median": 11.838850975036621,
  "summary_bg_n": 3394411.0,
  "summary_bg_p05": 3.9501872062683105,
  "summary_bg_p95": 23.99679470062256,
  "summary_bg_stdv": 6.590278148651123,
  "summary_csf_k": 22.15334119912756,
  "summary_csf_mad": 61.79819869995117,
  "summary_csf_mean": 359.98419189453125,
  "summary_csf_median": 338.5994567871094,
  "summary_csf_n": 72418.0,
  "summary_csf_p05": 262.1882263183594,
  "summary_csf_p95": 536.5516326904296,
  "summary_csf_stdv": 88.11699676513672,
  "summary_gm_k": 0.8126212865263969,
  "summary_gm_mad": 52.47293472290039,
  "summary_gm_mean": 790.5577392578125,
  "summary_gm_median": 789.4436645507812,
  "summary_gm_n": 28335.0,
  "summary_gm_p05": 694.2188537597656,
  "summary_gm_p95": 889.3605529785157,
  "summary_gm_stdv": 59.03002166748047,
  "summary_wm_k": 0.990852891952319,
  "summary_wm_mad": 34.733741760253906,
  "summary_wm_mean": 999.3848266601562,
  "summary_wm_median": 1000.0208740234375,
  "summary_wm_n": 292470.0,
  "summary_wm_p05": 935.0995513916016,
  "summary_wm_p95": 1059.8451049804687,
  "summary_wm_stdv": 38.31509017944336,
  "tpm_overlap_csf": 0.22737643122673035,
  "tpm_overlap_gm": 0.48199203610420227,
  "tpm_overlap_wm": 0.5336022973060608,
  "wm2max": 0.5928829408305698
}