{
    "Modality":"MR",
    "MagneticFieldStrength":3,
    "ImagingFrequency":123.229,
    "Manufacturer":"Siemens",
    "ManufacturersModelName":"TrioTim",
    "InstitutionName":"Caltech Tim32",
    "InstitutionalDepartmentName":"Department",
    "InstitutionAddress":"Wilson Avenue 340 ,Pasadena,California,US,91025",
    "DeviceSerialNumber":"35077",
    "StationName":"MEDPC",
    "SeriesInstanceUID":"1.3.12.2.1107.5.2.32.35077.2015020509253331075714580.0.0.0",
    "StudyInstanceUID":"1.3.12.2.1107.5.2.32.35077.30000015012916505859300000037",
    "StudyID":"1",
    "PatientName":"CC0014",
    "PatientID":"adolphs",
    "AccessionNumber":"7706-008",
    "PatientBirthDate":"1982-01-01",
    "PatientSex":"M",
    "PatientWeight":81.6466,
    "PatientPosition":"HFS",
    "ProcedureStepDescription":"Conte^Core",
    "SoftwareVersions":"syngo MR B17",
    "MRAcquisitionType":"2D",
    "SeriesDescription":"Fieldmap_rsBOLD",
    "ProtocolName":"Fieldmap_rsBOLD",
    "ScanningSequence":"GR",
    "SequenceVariant":"SP",
    "SequenceName":"*fm2d2",
    "ImageType":[
        "ORIGINAL",
        "PRIMARY",
        "P",
        "ND",
        "PHASE"
    ],
    "SeriesNumber":4,
    "AcquisitionTime":"09:23:33.892500",
    "AcquisitionDateTime":"2015-02-05T09:23:33.892500",
    "AcquisitionNumber":1,
    "SliceThickness":3,
    "SpacingBetweenSlices":3,
    "SAR":0.229773,
    "EchoNumber":2,
    "EchoTime":0.00501,
    "RepetitionTime":0.4,
    "FlipAngle":45,
    "EchoTime1":0.00255,
    "EchoTime2":0.00501,
    "PartialFourier":1,
    "BaseResolution":64,
    "ShimSetting":[
        9518,
        -10552,
        15766,
        647,
        -170,
        -295,
        21,
        -22
    ],
    "TxRefAmp":351.703,
    "PhaseResolution":1,
    "ReceiveCoilName":"32Ch_Head",
    "CoilString":"C:HEA;HEP",
    "PulseSequenceDetails":"%SiemensSeq%\\gre_field_mapping",
    "PercentPhaseFOV":100,
    "PercentSampling":100,
    "PhaseEncodingSteps":64,
    "AcquisitionMatrixPE":64,
    "ReconMatrixPE":64,
    "PixelBandwidth":501,
    "DwellTime":1.56e-05,
    "PhaseEncodingDirection":"j-",
    "SliceTiming":[
        0,
        0.20312,
        0.01562,
        0.21875,
        0.01562,
        0.22656,
        0.03125,
        0.23438,
        0.03906,
        0.24219,
        0.04688,
        0.25,
        0.05469,
        0.25781,
        0.0625,
        0.26562,
        0.07031,
        0.27344,
        0.07812,
        0.28125,
        0.08594,
        0.29688,
        0.09375,
        0.30469,
        0.10156,
        0.3125,
        0.11719,
        0.32031,
        0.125,
        0.32812,
        0.13281,
        0.33594,
        0.14062,
        0.34375,
        0.14844,
        0.35156,
        0.15625,
        0.35938,
        0.16406,
        0.36719,
        0.17188,
        0.38281,
        0.17969,
        0.39062,
        0.19531,
        0.39844,
        0.20312
    ],
    "ImageOrientationPatientDICOM":[
        1,
        -1e-16,
        0,
        1e-16,
        0.915663,
        -0.401948
    ],
    "InPlanePhaseEncodingDirectionDICOM":"COL",
    "ConversionSoftware":"dcm2niix",
    "ConversionSoftwareVersion":"v1.0.20210317",
    "IntendedFor":[
        "ses-core1p3p0/func/sub-CC0014_ses-core1p3p0_task-rest_run-01_bold.nii.gz",
        "ses-core1p3p0/func/sub-CC0014_ses-core1p3p0_task-rest_run-02_bold.nii.gz"
    ]
}