{
  "aor": 0.0004334782608695652,
  "aqi": 0.004259282307692308,
  "bids_meta": {
    "AccessionNumber": "8994-007",
    "AcquisitionDateTime": "2018-06-05T10:36:44.075000",
    "AcquisitionMatrixPE": 80,
    "AcquisitionNumber": 1,
    "AcquisitionTime": "10:36:44.075000",
    "BandwidthPerPixelPhaseEncode": 23.191,
    "BaseResolution": 80,
    "BodyPartExamined": "BRAIN",
    "ConsistencyInfo": "N4_VE11C_LATEST_20160120",
    "ConversionSoftware": "dcm2niix",
    "ConversionSoftwareVersion": "v1.0.20210317",
    "DerivedVendorReportedEchoSpacing": 0.000490002,
    "DeviceSerialNumber": "167050",
    "DwellTime": 2.3e-06,
    "EchoTime": 0.03,
    "EchoTrainLength": 88,
    "EffectiveEchoSpacing": 0.000539002,
    "FlipAngle": 53,
    "ImageComments": "Unaliased MB6/PE3/LB",
    "ImageOrientationPatientDICOM": [
      1,
      0,
      0,
      0,
      0.939693,
      -0.34202
    ],
    "ImageType": [
      "ORIGINAL",
      "PRIMARY",
      "M",
      "MB",
      "ND",
      "MOSAIC"
    ],
    "ImagingFrequency": 123.251,
    "InPlanePhaseEncodingDirectionDICOM": "COL",
    "InstitutionAddress": "Michigan Ave 320,Pasadena,California,US,91025",
    "InstitutionName": "Caltech Prisma64",
    "InstitutionalDepartmentName": "Department",
    "MRAcquisitionType": "2D",
    "MagneticFieldStrength": 3,
    "Manufacturer": "Siemens",
    "ManufacturersModelName": "Prisma_fit",
    "Modality": "MR",
    "MultibandAccelerationFactor": 6,
    "PartialFourier": 1,
    "PatientBirthDate": "1984-01-01",
    "PatientID": "CC0053",
    "PatientName": "CC0053",
    "PatientPosition": "HFS",
    "PatientSex": "F",
    "PatientWeight": 58.967,
    "PercentPhaseFOV": 100,
    "PercentSampling": 100,
    "PhaseEncodingDirection": "j-",
    "PhaseEncodingSteps": 88,
    "PhaseOversampling": 0.1,
    "PhaseResolution": 1,
    "PixelBandwidth": 2715,
    "ProcedureStepDescription": "Conte Core",
    "ProtocolName": "task-rest_run-01_bold",
    "PulseSequenceDetails": "%CustomerSeq%\\cmrr_mbep2d_bold",
    "ReceiveCoilActiveElements": "HEA;HEP",
    "ReceiveCoilName": "Head_32",
    "ReconMatrixPE": 80,
    "ReferringPhysicianName": "Adolphs",
    "RepetitionTime": 0.7,
    "SAR": 0.0875476,
    "ScanOptions": "FS\\EXT",
    "ScanningSequence": "EP",
    "SequenceName": "epfid2d1_80",
    "SequenceVariant": "SK\\SS\\OSP",
    "SeriesDescription": "task-rest_run-01_bold",
    "SeriesInstanceUID": "1.3.12.2.1107.5.2.43.167050.2018060510323343388693539.0.0.0",
    "SeriesNumber": 9,
    "ShimSetting": [
      7025,
      -3719,
      7800,
      343,
      86,
      -247,
      -359,
      46
    ],
    "SliceThickness": 2.5,
    "SliceTiming": [
      0,
      0.4775,
      0.2725,
      0.07,
      0.545,
      0.34,
      0.1375,
      0.6125,
      0.41,
      0.205,
      0,
      0.4775,
      0.2725,
      0.07,
      0.545,
      0.34,
      0.1375,
      0.6125,
      0.41,
      0.205,
      0,
      0.4775,
      0.2725,
      0.07,
      0.545,
      0.34,
      0.1375,
      0.6125,
      0.41,
      0.205,
      0,
      0.4775,
      0.2725,
      0.07,
      0.545,
      0.34,
      0.1375,
      0.6125,
      0.41,
      0.205,
      0,
      0.4775,
      0.2725,
      0.07,
      0.545,
      0.34,
      0.1375,
      0.6125,
      0.41,
      0.205,
      0,
      0.4775,
      0.2725,
      0.07,
      0.545,
      0.34,
      0.1375,
      0.6125,
      0.41,
      0.205
    ],
    "SoftwareVersions": "syngo MR E11",
    "SpacingBetweenSlices": 2.5,
    "StationName": "PRISMA",
    "StudyID": "1",
    "StudyInstanceUID": "1.3.12.2.1107.5.2.43.167050.30000018042619061766300000097",
    "TaskName": "rest",
    "TotalReadoutTime": 0.0425812,
    "TxRefAmp": 247.605,
    "WipMemBlock": "a557d61e-7d91-434a-be0a-f87e39440e66||Sequence: R016 ve11c/master r/e634e98; Dec 19 2017 11:00:25 by eja",
    "dataset": "unknown",
    "modality": "bold",
    "run_id": 1,
    "session_id": "core2p2",
    "subject_id": "CC0053",
    "task_id": "rest"
  },
  "dummy_trs": 2,
  "dvars_nstd": 30.765482099145732,
  "dvars_std": 1.0459102231490793,
  "dvars_vstd": 0.997945701239531,
  "efc": 0.5405801130279047,
  "fber": 542.3456420898438,
  "fd_mean": 0.10866262125765004,
  "fd_num": 32,
  "fd_perc": 5.351170568561873,
  "fwhm_avg": 2.883526666666667,
  "fwhm_x": 2.61994,
  "fwhm_y": 3.1007439999999997,
  "fwhm_z": 2.9298960000000003,
  "gcor": 0.0116703,
  "gsr_x": 0.01599593088030815,
  "gsr_y": 0.0778719037771225,
  "provenance": {
    "md5sum": "ae6ab79b28af5ed318fd887e4b7dfab2",
    "settings": {
      "fd_thres": 0.2,
      "hmc_fsl": false
    },
    "software": "mriqc",
    "version": "0.15.0",
    "webapi_port": null,
    "webapi_url": "https://mriqc.nimh.nih.gov/api/v1"
  },
  "size_t": 598,
  "size_x": 80,
  "size_y": 80,
  "size_z": 60,
  "snr": 2.288355259357406,
  "spacing_tr": 0.699999988079071,
  "spacing_x": 2.5,
  "spacing_y": 2.5,
  "spacing_z": 2.5,
  "summary_bg_k": 26.89518195553661,
  "summary_bg_mad": 96.3939437866211,
  "summary_bg_mean": 385.8236083984375,
  "summary_bg_median": 154.90635681152344,
  "summary_bg_n": 234464.0,
  "summary_bg_p05": 79.21070098876953,
  "summary_bg_p95": 1513.1602539062492,
  "summary_bg_stdv": 635.5426025390625,
  "summary_fg_k": 0.5801182046678846,
  "summary_fg_mad": 1514.7880859375,
  "summary_fg_mean": 4118.79541015625,
  "summary_fg_median": 3839.517578125,
  "summary_fg_n": 87294.0,
  "summary_fg_p05": 1800.1110290527345,
  "summary_fg_p95": 7294.08500976562,
  "summary_fg_stdv": 1677.8406982421875,
  "tsnr": 42.9227294921875
}