{
  "aor": 0.0008825564971751413,
  "aqi": 0.005104979307909604,
  "bids_meta": {
    "AccessionNumber": "9004-033",
    "AcquisitionDateTime": "2018-06-08T11:21:12.055000",
    "AcquisitionMatrixPE": 80,
    "AcquisitionNumber": 1,
    "AcquisitionTime": "11:21:12.055000",
    "BandwidthPerPixelPhaseEncode": 23.191,
    "BaseResolution": 80,
    "BodyPartExamined": "BRAIN",
    "ConsistencyInfo": "N4_VE11C_LATEST_20160120",
    "ConversionSoftware": "dcm2niix",
    "ConversionSoftwareVersion": "v1.0.20210317",
    "DerivedVendorReportedEchoSpacing": 0.000490002,
    "DeviceSerialNumber": "167050",
    "DwellTime": 2.3e-06,
    "EchoTime": 0.03,
    "EchoTrainLength": 88,
    "EffectiveEchoSpacing": 0.000539002,
    "FlipAngle": 53,
    "ImageComments": "Unaliased MB6/PE3/LB",
    "ImageOrientationPatientDICOM": [
      1,
      0,
      0,
      0,
      0.939693,
      -0.34202
    ],
    "ImageType": [
      "ORIGINAL",
      "PRIMARY",
      "M",
      "MB",
      "ND",
      "MOSAIC"
    ],
    "ImagingFrequency": 123.25,
    "InPlanePhaseEncodingDirectionDICOM": "COL",
    "InstitutionAddress": "Michigan Ave 320,Pasadena,California,US,91025",
    "InstitutionName": "Caltech Prisma64",
    "InstitutionalDepartmentName": "Department",
    "MRAcquisitionType": "2D",
    "MagneticFieldStrength": 3,
    "Manufacturer": "Siemens",
    "ManufacturersModelName": "Prisma_fit",
    "Modality": "MR",
    "MultibandAccelerationFactor": 6,
    "PartialFourier": 1,
    "PatientBirthDate": "1983-03-01",
    "PatientID": "CC0033",
    "PatientName": "CC0033",
    "PatientPosition": "HFS",
    "PatientSex": "M",
    "PatientWeight": 77.1107,
    "PercentPhaseFOV": 100,
    "PercentSampling": 100,
    "PhaseEncodingDirection": "j-",
    "PhaseEncodingSteps": 88,
    "PhaseOversampling": 0.1,
    "PhaseResolution": 1,
    "PixelBandwidth": 2715,
    "ProtocolName": "task-bang_bold",
    "PulseSequenceDetails": "%CustomerSeq%\\cmrr_mbep2d_bold",
    "ReceiveCoilActiveElements": "HEA;HEP",
    "ReceiveCoilName": "Head_32",
    "ReconMatrixPE": 80,
    "ReferringPhysicianName": "Adolphs",
    "RepetitionTime": 0.7,
    "SAR": 0.0918586,
    "ScanOptions": "FS\\EXT",
    "ScanningSequence": "EP",
    "SequenceName": "epfid2d1_80",
    "SequenceVariant": "SK\\SS\\OSP",
    "SeriesDescription": "task-bang_bold",
    "SeriesInstanceUID": "1.3.12.2.1107.5.2.43.167050.2018060811185275390026780.0.0.0",
    "SeriesNumber": 24,
    "ShimSetting": [
      6992,
      -3603,
      7975,
      390,
      7,
      38,
      -72,
      -8
    ],
    "SliceThickness": 2.5,
    "SliceTiming": [
      0,
      0.475,
      0.2725,
      0.0675,
      0.5425,
      0.34,
      0.135,
      0.6125,
      0.4075,
      0.2025,
      0,
      0.475,
      0.2725,
      0.0675,
      0.5425,
      0.34,
      0.135,
      0.6125,
      0.4075,
      0.2025,
      0,
      0.475,
      0.2725,
      0.0675,
      0.5425,
      0.34,
      0.135,
      0.6125,
      0.4075,
      0.2025,
      0,
      0.475,
      0.2725,
      0.0675,
      0.5425,
      0.34,
      0.135,
      0.6125,
      0.4075,
      0.2025,
      0,
      0.475,
      0.2725,
      0.0675,
      0.5425,
      0.34,
      0.135,
      0.6125,
      0.4075,
      0.2025,
      0,
      0.475,
      0.2725,
      0.0675,
      0.5425,
      0.34,
      0.135,
      0.6125,
      0.4075,
      0.2025
    ],
    "SoftwareVersions": "syngo MR E11",
    "SpacingBetweenSlices": 2.5,
    "StationName": "PRISMA",
    "StudyID": "1",
    "StudyInstanceUID": "1.3.12.2.1107.5.2.43.167050.30000018060623115207200000025",
    "TaskName": "bang",
    "TotalReadoutTime": 0.0425812,
    "TxRefAmp": 276.594,
    "WipMemBlock": "0eabbd15-3419-4ad4-9b0d-3f5738ff1e5d||Sequence: R016 ve11c/master r/e634e98; Dec 19 2017 11:00:25 by eja",
    "dataset": "unknown",
    "modality": "bold",
    "run_id": 1,
    "session_id": "core2p2",
    "subject_id": "CC0033",
    "task_id": "bang"
  },
  "dummy_trs": 2,
  "dvars_nstd": 32.82558774898163,
  "dvars_std": 1.041197559448373,
  "dvars_vstd": 1.0136179171711455,
  "efc": 0.540853359805748,
  "fber": 571.3246459960938,
  "fd_mean": 0.11313552097236426,
  "fd_num": 38,
  "fd_perc": 5.367231638418079,
  "fwhm_avg": 2.859398666666667,
  "fwhm_x": 2.683024,
  "fwhm_y": 3.009432,
  "fwhm_z": 2.8857399999999997,
  "gcor": 0.0085056,
  "gsr_x": 0.018307780846953392,
  "gsr_y": 0.08381497859954834,
  "provenance": {
    "md5sum": "84f16784ba9f354ddf066ffdb076a084",
    "settings": {
      "fd_thres": 0.2,
      "hmc_fsl": false
    },
    "software": "mriqc",
    "version": "0.15.0",
    "webapi_port": null,
    "webapi_url": "https://mriqc.nimh.nih.gov/api/v1"
  },
  "size_t": 708,
  "size_x": 80,
  "size_y": 80,
  "size_z": 60,
  "snr": 2.086481245863655,
  "spacing_tr": 0.699999988079071,
  "spacing_x": 2.5,
  "spacing_y": 2.5,
  "spacing_z": 2.5,
  "summary_bg_k": 18.065675588847046,
  "summary_bg_mad": 84.4371337890625,
  "summary_bg_mean": 379.89959716796875,
  "summary_bg_median": 146.7019805908203,
  "summary_bg_n": 233799.0,
  "summary_bg_p05": 81.9108772277832,
  "summary_bg_p95": 1622.4838012695307,
  "summary_bg_stdv": 607.1220092773438,
  "summary_fg_k": 1.2215971370754923,
  "summary_fg_mad": 1560.90576171875,
  "summary_fg_mean": 4139.4384765625,
  "summary_fg_median": 3790.97314453125,
  "summary_fg_n": 87628.0,
  "summary_fg_p05": 1772.6143554687499,
  "summary_fg_p95": 7690.208666992186,
  "summary_fg_stdv": 1816.911376953125,
  "tsnr": 38.460227966308594
}