{
  "bids_meta": {
    "AccessionNumber": "8559-001",
    "AcquisitionDateTime": "2018-08-29T11:28:23.855000",
    "AcquisitionMatrixPE": 256,
    "AcquisitionNumber": 1,
    "AcquisitionTime": "11:28:23.855000",
    "BaseResolution": 256,
    "BodyPartExamined": "BRAIN",
    "ConsistencyInfo": "N4_VE11C_LATEST_20160120",
    "ConversionSoftware": "dcm2niix",
    "ConversionSoftwareVersion": "v1.0.20210317",
    "DeviceSerialNumber": "167050",
    "DwellTime": 3e-06,
    "EchoNumber": 4,
    "FlipAngle": 8,
    "ImageComments": "Average over all echoes.",
    "ImageOrientationPatientDICOM": [
      0,
      1,
      0,
      0,
      0,
      -1
    ],
    "ImageType": [
      "ORIGINAL",
      "PRIMARY",
      "ECHO",
      "COMBINED",
      "ND"
    ],
    "ImagingFrequency": 123.25,
    "InPlanePhaseEncodingDirectionDICOM": "ROW",
    "InstitutionAddress": "Michigan Ave 320,Pasadena,California,US,91025",
    "InstitutionName": "Caltech Prisma64",
    "InstitutionalDepartmentName": "Department",
    "InversionTime": 1.15,
    "MRAcquisitionType": "3D",
    "MagneticFieldStrength": 3,
    "Manufacturer": "Siemens",
    "ManufacturersModelName": "Prisma_fit",
    "Modality": "MR",
    "ParallelReductionFactorInPlane": 2,
    "PartialFourier": 1,
    "PatientBirthDate": "1976-05-01",
    "PatientID": "CC0157",
    "PatientName": "CC0157",
    "PatientPosition": "HFS",
    "PatientSex": "M",
    "PatientWeight": 83.9146,
    "PercentPhaseFOV": 100,
    "PercentSampling": 100,
    "PhaseEncodingSteps": 282,
    "PhaseOversampling": 0.1,
    "PhaseResolution": 1,
    "PixelBandwidth": 650,
    "ProcedureStepDescription": "Conte Core",
    "ProtocolName": "T1w",
    "PulseSequenceDetails": "%CustomerSeq%\\tfl_wip900D_VE11C",
    "ReceiveCoilActiveElements": "HEA;HEP",
    "ReceiveCoilName": "Head_32",
    "ReconMatrixPE": 256,
    "RefLinesPE": 32,
    "ReferringPhysicianName": "Adolphs",
    "RepetitionTime": 2.55,
    "SAR": 0.0483225,
    "ScanOptions": "IR\\WE",
    "ScanningSequence": "GR\\IR",
    "SequenceName": "tfl3d4_16ns",
    "SequenceVariant": "SK\\SP\\MP\\OSP",
    "SeriesDescription": "T1w_combEcho",
    "SeriesInstanceUID": "1.3.12.2.1107.5.2.43.167050.2018082911353221701328391.0.0.0",
    "SeriesNumber": 4,
    "ShimSetting": [
      6991,
      -3677,
      7925,
      375,
      53,
      -184,
      -8,
      -7
    ],
    "SliceThickness": 0.9,
    "SoftwareVersions": "syngo MR E11",
    "StationName": "PRISMA",
    "StudyID": "1",
    "StudyInstanceUID": "1.3.12.2.1107.5.2.43.167050.30000018081720093477500000061",
    "TxRefAmp": 279.798,
    "WipMemBlock": "WIP_Identifier: WIP#900D",
    "dataset": "unknown",
    "modality": "T1w",
    "run_id": 1,
    "session_id": "core2p2",
    "subject_id": "CC0157"
  },
  "cjv": 0.6397126055171799,
  "cnr": 2.0376507182567747,
  "efc": 0.5936327411620804,
  "fber": 439.24456787109375,
  "fwhm_avg": 4.821809278011429,
  "fwhm_x": 4.676666790556028,
  "fwhm_y": 4.929001739130435,
  "fwhm_z": 4.8597593043478255,
  "icvs_csf": 0.18845915886948125,
  "icvs_gm": 0.42384014143274434,
  "icvs_wm": 0.3877006996977744,
  "inu_med": 1.5340769290924072,
  "inu_range": 0.9547358632087708,
  "provenance": {
    "md5sum": "92b9c0b9299f9d96cd73e0edf08e21b9",
    "settings": {
      "testing": false
    },
    "software": "mriqc",
    "version": "0.15.0",
    "warnings": {
      "large_rot_frame": false,
      "small_air_mask": false
    },
    "webapi_port": null,
    "webapi_url": "https://mriqc.nimh.nih.gov/api/v1"
  },
  "qi_1": 2.6414615037896543e-05,
  "qi_2": 0.0024671128739151725,
  "rpve_csf": 26.903808403601772,
  "rpve_gm": 11.645595628567476,
  "rpve_wm": 14.134493762205123,
  "size_x": 208,
  "size_y": 256,
  "size_z": 256,
  "snr_csf": 3.292182263277167,
  "snr_gm": 11.275767362737856,
  "snr_total": 8.064194294931388,
  "snr_wm": 9.624633258779143,
  "snrd_csf": 11.83704281410238,
  "snrd_gm": 24.969198071321784,
  "snrd_total": 23.433731379161454,
  "snrd_wm": 33.49495325206019,
  "spacing_x": 0.8999999761581421,
  "spacing_y": 0.8984375,
  "spacing_z": 0.8984375,
  "summary_bg_k": 6.267358859931768,
  "summary_bg_mad": 19.55838966369629,
  "summary_bg_mean": 32.94037628173828,
  "summary_bg_median": 30.211734771728516,
  "summary_bg_n": 3296763.0,
  "summary_bg_p05": 6.771275186538697,
  "summary_bg_p95": 70.9235168457031,
  "summary_bg_stdv": 20.940479278564453,
  "summary_csf_k": -0.3004008161945242,
  "summary_csf_mad": 115.6729736328125,
  "summary_csf_mean": 363.99542236328125,
  "summary_csf_median": 353.38214111328125,
  "summary_csf_n": 34401.0,
  "summary_csf_p05": 208.37283325195312,
  "summary_csf_p95": 551.9407348632812,
  "summary_csf_stdv": 107.33822631835938,
  "summary_gm_k": 0.04568449215181403,
  "summary_gm_mad": 65.56153106689453,
  "summary_gm_mean": 745.6968383789062,
  "summary_gm_median": 745.428466796875,
  "summary_gm_n": 60629.0,
  "summary_gm_p05": 637.428759765625,
  "summary_gm_p95": 854.9943603515625,
  "summary_gm_stdv": 66.10834503173828,
  "summary_wm_k": 0.9605510925696934,
  "summary_wm_mad": 97.26274108886719,
  "summary_wm_mean": 1016.7048950195312,
  "summary_wm_median": 999.9556884765625,
  "summary_wm_n": 208993.0,
  "summary_wm_p05": 879.4790405273438,
  "summary_wm_p95": 1213.5018310546875,
  "summary_wm_stdv": 103.89521026611328,
  "tpm_overlap_csf": 0.219277024269104,
  "tpm_overlap_gm": 0.4356921911239624,
  "tpm_overlap_wm": 0.4574389159679413,
  "wm2max": 0.4461793253834282
}