{
  "aor": 0.0015620762711864408,
  "aqi": 0.011945210338983053,
  "bids_meta": {
    "AccessionNumber": "8566-001",
    "AcquisitionDateTime": "2018-09-12T11:12:29.817500",
    "AcquisitionMatrixPE": 80,
    "AcquisitionNumber": 1,
    "AcquisitionTime": "11:12:29.817500",
    "BandwidthPerPixelPhaseEncode": 23.191,
    "BaseResolution": 80,
    "BodyPartExamined": "BRAIN",
    "ConsistencyInfo": "N4_VE11C_LATEST_20160120",
    "ConversionSoftware": "dcm2niix",
    "ConversionSoftwareVersion": "v1.0.20210317",
    "DerivedVendorReportedEchoSpacing": 0.000490002,
    "DeviceSerialNumber": "167050",
    "DwellTime": 2.3e-06,
    "EchoTime": 0.03,
    "EchoTrainLength": 88,
    "EffectiveEchoSpacing": 0.000539002,
    "FlipAngle": 53,
    "ImageComments": "Unaliased MB6/PE3/LB",
    "ImageOrientationPatientDICOM": [
      1,
      0,
      0,
      0,
      0.939693,
      -0.34202
    ],
    "ImageType": [
      "ORIGINAL",
      "PRIMARY",
      "M",
      "MB",
      "ND",
      "MOSAIC"
    ],
    "ImagingFrequency": 123.25,
    "InPlanePhaseEncodingDirectionDICOM": "COL",
    "InstitutionAddress": "Michigan Ave 320,Pasadena,California,US,91025",
    "InstitutionName": "Caltech Prisma64",
    "InstitutionalDepartmentName": "Department",
    "MRAcquisitionType": "2D",
    "MagneticFieldStrength": 3,
    "Manufacturer": "Siemens",
    "ManufacturersModelName": "Prisma_fit",
    "Modality": "MR",
    "MultibandAccelerationFactor": 6,
    "PartialFourier": 1,
    "PatientBirthDate": "1970-10-01",
    "PatientID": "CC0161",
    "PatientName": "CC0161",
    "PatientPosition": "HFS",
    "PatientSex": "M",
    "PatientWeight": 72.5748,
    "PercentPhaseFOV": 100,
    "PercentSampling": 100,
    "PhaseEncodingDirection": "j-",
    "PhaseEncodingSteps": 88,
    "PhaseOversampling": 0.1,
    "PhaseResolution": 1,
    "PixelBandwidth": 2715,
    "ProcedureStepDescription": "Conte Core",
    "ProtocolName": "task-pixar_run-01_bold",
    "PulseSequenceDetails": "%CustomerSeq%\\cmrr_mbep2d_bold",
    "ReceiveCoilActiveElements": "HEA;HEP",
    "ReceiveCoilName": "Head_32",
    "ReconMatrixPE": 80,
    "ReferringPhysicianName": "Adolphs",
    "RepetitionTime": 0.7,
    "SAR": 0.0910468,
    "ScanOptions": "FS\\EXT",
    "ScanningSequence": "EP",
    "SequenceName": "epfid2d1_80",
    "SequenceVariant": "SK\\SS\\OSP",
    "SeriesDescription": "task-pixar_run-01_bold",
    "SeriesInstanceUID": "1.3.12.2.1107.5.2.43.167050.2018091211100853850115701.0.0.0",
    "SeriesNumber": 34,
    "ShimSetting": [
      6967,
      -3658,
      7943,
      289,
      -65,
      -202,
      -121,
      0
    ],
    "SliceThickness": 2.5,
    "SliceTiming": [
      0,
      0.475,
      0.2725,
      0.0675,
      0.5425,
      0.34,
      0.135,
      0.6125,
      0.4075,
      0.2025,
      0,
      0.475,
      0.2725,
      0.0675,
      0.5425,
      0.34,
      0.135,
      0.6125,
      0.4075,
      0.2025,
      0,
      0.475,
      0.2725,
      0.0675,
      0.5425,
      0.34,
      0.135,
      0.6125,
      0.4075,
      0.2025,
      0,
      0.475,
      0.2725,
      0.0675,
      0.5425,
      0.34,
      0.135,
      0.6125,
      0.4075,
      0.2025,
      0,
      0.475,
      0.2725,
      0.0675,
      0.5425,
      0.34,
      0.135,
      0.6125,
      0.4075,
      0.2025,
      0,
      0.475,
      0.2725,
      0.0675,
      0.5425,
      0.34,
      0.135,
      0.6125,
      0.4075,
      0.2025
    ],
    "SoftwareVersions": "syngo MR E11",
    "SpacingBetweenSlices": 2.5,
    "StationName": "PRISMA",
    "StudyID": "1",
    "StudyInstanceUID": "1.3.12.2.1107.5.2.43.167050.30000018081720093477500000109",
    "TaskName": "pixar",
    "TotalReadoutTime": 0.0425812,
    "TxRefAmp": 266.713,
    "WipMemBlock": "792db9fb-13de-4708-8bc7-9cddfda6240f||Sequence: R016 ve11c/master r/e634e98; Dec 19 2017 11:00:25 by eja",
    "dataset": "unknown",
    "modality": "bold",
    "run_id": 1,
    "session_id": "core2p2",
    "subject_id": "CC0161",
    "task_id": "pixar"
  },
  "dummy_trs": 4,
  "dvars_nstd": 38.315820353800405,
  "dvars_std": 0.9425407145435236,
  "dvars_vstd": 0.95213272418259,
  "efc": 0.5564596175780979,
  "fber": 301.107666015625,
  "fd_mean": 0.22032970157040505,
  "fd_num": 174,
  "fd_perc": 36.86440677966102,
  "fwhm_avg": 2.968514666666666,
  "fwhm_x": 2.732436,
  "fwhm_y": 3.097192,
  "fwhm_z": 3.0759160000000003,
  "gcor": 0.0259753,
  "gsr_x": 0.02618032693862915,
  "gsr_y": 0.08939608186483383,
  "provenance": {
    "md5sum": "36d553ee060722c162abcadc8281e298",
    "settings": {
      "fd_thres": 0.2,
      "hmc_fsl": false
    },
    "software": "mriqc",
    "version": "0.15.0",
    "webapi_port": null,
    "webapi_url": "https://mriqc.nimh.nih.gov/api/v1"
  },
  "size_t": 472,
  "size_x": 80,
  "size_y": 80,
  "size_z": 60,
  "snr": 1.9663311250285271,
  "spacing_tr": 0.699999988079071,
  "spacing_x": 2.5,
  "spacing_y": 2.5,
  "spacing_z": 2.5,
  "summary_bg_k": 14.521942221531845,
  "summary_bg_mad": 138.89031982421875,
  "summary_bg_mean": 480.8605041503906,
  "summary_bg_median": 193.45762634277344,
  "summary_bg_n": 236161.0,
  "summary_bg_p05": 87.81356048583984,
  "summary_bg_p95": 1963.7139892578125,
  "summary_bg_stdv": 724.854736328125,
  "summary_fg_k": 1.8907620386413928,
  "summary_fg_mad": 1528.666748046875,
  "summary_fg_mean": 3975.92041015625,
  "summary_fg_median": 3586.2861328125,
  "summary_fg_n": 86367.0,
  "summary_fg_p05": 1708.1703735351562,
  "summary_fg_p95": 7520.998974609373,
  "summary_fg_stdv": 1823.8359375,
  "tsnr": 28.064075469970703
}