{
  "bids_meta": {
    "AccessionNumber": "7190-003",
    "AcquisitionDateTime": "2013-09-06T11:05:54.485000",
    "AcquisitionMatrixPE": 256,
    "AcquisitionNumber": 1,
    "AcquisitionTime": "11:05:54.485000",
    "BaseResolution": 256,
    "CoilString": "C:HEA;HEP",
    "ConversionSoftware": "dcm2niix",
    "ConversionSoftwareVersion": "v1.0.20210317",
    "DeviceSerialNumber": "35077",
    "DwellTime": 1.09e-05,
    "EchoTime": 0.00291,
    "FlipAngle": 10,
    "ImageOrientationPatientDICOM": [
      0,
      1,
      0,
      0,
      0,
      -1
    ],
    "ImageType": [
      "ORIGINAL",
      "PRIMARY",
      "M",
      "ND",
      "NORM"
    ],
    "ImagingFrequency": 123.229,
    "InPlanePhaseEncodingDirectionDICOM": "ROW",
    "InstitutionAddress": "Wilson Avenue 340 ,Pasadena,California,US,91025",
    "InstitutionName": "Caltech Tim32",
    "InstitutionalDepartmentName": "Department",
    "InversionTime": 0.8,
    "MRAcquisitionType": "3D",
    "MagneticFieldStrength": 3,
    "Manufacturer": "Siemens",
    "ManufacturersModelName": "TrioTim",
    "Modality": "MR",
    "PartialFourier": 1,
    "PatientBirthDate": "1988-01-01",
    "PatientID": "adolphs",
    "PatientName": "CC0058",
    "PatientPosition": "HFS",
    "PatientSex": "M",
    "PatientWeight": 100.698,
    "PercentPhaseFOV": 100,
    "PercentSampling": 100,
    "PhaseEncodingSteps": 256,
    "PhaseResolution": 1,
    "PixelBandwidth": 179,
    "ProcedureStepDescription": "Conte^Core",
    "ProtocolName": "T1_2",
    "PulseSequenceDetails": "%SiemensSeq%\\tfl",
    "ReceiveCoilName": "32Ch_Head",
    "ReconMatrixPE": 256,
    "RepetitionTime": 1.5,
    "SAR": 0.129428,
    "ScanOptions": "IR",
    "ScanningSequence": "GR\\IR",
    "SequenceName": "*tfl3d1",
    "SequenceVariant": "SP\\MP",
    "SeriesDescription": "T1_2",
    "SeriesInstanceUID": "1.3.12.2.1107.5.2.32.35077.2013090611053078875038357.0.0.0",
    "SeriesNumber": 14,
    "ShimSetting": [
      9493,
      -10466,
      15687,
      184,
      -100,
      -203,
      143,
      98
    ],
    "SliceThickness": 1,
    "SoftwareVersions": "syngo MR B17",
    "StationName": "MEDPC",
    "StudyID": "1",
    "StudyInstanceUID": "1.3.12.2.1107.5.2.32.35077.30000013090317184432800000040",
    "TxRefAmp": 343.513,
    "dataset": "unknown",
    "modality": "T1w",
    "run_id": 2,
    "session_id": "core1p2",
    "subject_id": "CC0058"
  },
  "cjv": 0.32260085683518036,
  "cnr": 4.01091603541052,
  "efc": 0.5911691187051108,
  "fber": 5668.43359375,
  "fwhm_avg": 4.287976666666666,
  "fwhm_x": 4.24064,
  "fwhm_y": 4.3941,
  "fwhm_z": 4.22919,
  "icvs_csf": 0.2158564907028315,
  "icvs_gm": 0.39866749010975,
  "icvs_wm": 0.3854760191874185,
  "inu_med": 1.4443919658660889,
  "inu_range": 0.4464518070220951,
  "provenance": {
    "md5sum": "5c90506be207eab652f381a5f868377d",
    "settings": {
      "testing": false
    },
    "software": "mriqc",
    "version": "0.15.0",
    "warnings": {
      "large_rot_frame": true,
      "small_air_mask": false
    },
    "webapi_port": null,
    "webapi_url": "https://mriqc.nimh.nih.gov/api/v1"
  },
  "qi_1": 9.70010277829488e-05,
  "qi_2": 0.017548005472423557,
  "rpve_csf": 20.91636333039448,
  "rpve_gm": 11.404925315315769,
  "rpve_wm": 14.011559758311565,
  "size_x": 176,
  "size_y": 256,
  "size_z": 256,
  "snr_csf": 3.494240560921769,
  "snr_gm": 13.999162798172389,
  "snr_total": 14.617570917410092,
  "snr_wm": 26.359309393136115,
  "snrd_csf": 49.340263222722434,
  "snrd_gm": 104.39314622619078,
  "snrd_total": 98.39360407624741,
  "snrd_wm": 141.44740277982905,
  "spacing_x": 1.0,
  "spacing_y": 1.0,
  "spacing_z": 1.0,
  "summary_bg_k": 17.990802924761955,
  "summary_bg_mad": 4.631704807281494,
  "summary_bg_mean": 7.163575649261475,
  "summary_bg_median": 6.239980220794678,
  "summary_bg_n": 2569512.0,
  "summary_bg_p05": 0.0,
  "summary_bg_p95": 18.769784927368164,
  "summary_bg_stdv": 6.875247001647949,
  "summary_csf_k": 0.07613604185225187,
  "summary_csf_mad": 74.69934844970703,
  "summary_csf_mean": 383.2440185546875,
  "summary_csf_median": 348.8274230957031,
  "summary_csf_n": 60703.0,
  "summary_csf_p05": 270.10155029296874,
  "summary_csf_p95": 580.9255676269531,
  "summary_csf_stdv": 99.82843017578125,
  "summary_gm_k": 0.6379890862563533,
  "summary_gm_mad": 50.09994888305664,
  "summary_gm_mean": 737.4566040039062,
  "summary_gm_median": 738.0421142578125,
  "summary_gm_n": 26604.0,
  "summary_gm_p05": 649.86181640625,
  "summary_gm_p95": 822.9087860107422,
  "summary_gm_stdv": 52.71945571899414,
  "summary_wm_k": 0.9585533503316745,
  "summary_wm_mad": 34.41096115112305,
  "summary_wm_mean": 999.3433837890625,
  "summary_wm_median": 1000.009521484375,
  "summary_wm_n": 261209.0,
  "summary_wm_p05": 935.535205078125,
  "summary_wm_p95": 1059.3673583984375,
  "summary_wm_stdv": 37.93754959106445,
  "tpm_overlap_csf": 0.21362586319446564,
  "tpm_overlap_gm": 0.46060866117477417,
  "tpm_overlap_wm": 0.5005883574485779,
  "wm2max": 0.4736040358967616
}