{
    "Modality":"MR",
    "MagneticFieldStrength":3,
    "ImagingFrequency":123.229,
    "Manufacturer":"Siemens",
    "ManufacturersModelName":"TrioTim",
    "InstitutionName":"Caltech Tim32",
    "InstitutionalDepartmentName":"Department",
    "InstitutionAddress":"Wilson Avenue 340 ,Pasadena,California,US,91025",
    "DeviceSerialNumber":"35077",
    "StationName":"MEDPC",
    "SeriesInstanceUID":"1.3.12.2.1107.5.2.32.35077.2014020614242251947250774.0.0.0",
    "StudyInstanceUID":"1.3.12.2.1107.5.2.32.35077.30000014020318502743700000037",
    "StudyID":"1",
    "PatientName":"CC0100",
    "PatientID":"adolphs",
    "AccessionNumber":"7389-001",
    "PatientBirthDate":"1984-01-01",
    "PatientSex":"F",
    "PatientWeight":72.5748,
    "PatientPosition":"HFS",
    "ProcedureStepDescription":"Conte^Core",
    "SoftwareVersions":"syngo MR B17",
    "MRAcquisitionType":"3D",
    "SeriesDescription":"T1_1",
    "ProtocolName":"T1_1",
    "ScanningSequence":"GR\\IR",
    "SequenceVariant":"SP\\MP",
    "ScanOptions":"IR",
    "SequenceName":"*tfl3d1",
    "ImageType":[
        "ORIGINAL",
        "PRIMARY",
        "M",
        "ND",
        "NORM"
    ],
    "SeriesNumber":10,
    "AcquisitionTime":"14:23:36.012500",
    "AcquisitionDateTime":"2014-02-06T14:23:36.012500",
    "AcquisitionNumber":1,
    "SliceThickness":1,
    "SAR":0.127625,
    "EchoTime":0.00291,
    "RepetitionTime":1.5,
    "InversionTime":0.8,
    "FlipAngle":10,
    "PartialFourier":1,
    "BaseResolution":256,
    "ShimSetting":[
        9569,
        -10521,
        15658,
        613,
        -41,
        -87,
        233,
        -42
    ],
    "TxRefAmp":312.958,
    "PhaseResolution":1,
    "ReceiveCoilName":"32Ch_Head",
    "CoilString":"C:HEA;HEP",
    "PulseSequenceDetails":"%SiemensSeq%\\tfl",
    "PercentPhaseFOV":100,
    "PercentSampling":100,
    "PhaseEncodingSteps":256,
    "AcquisitionMatrixPE":256,
    "ReconMatrixPE":256,
    "PixelBandwidth":179,
    "DwellTime":1.09e-05,
    "ImageOrientationPatientDICOM":[
        0,
        1,
        0,
        0,
        0,
        -1
    ],
    "InPlanePhaseEncodingDirectionDICOM":"ROW",
    "ConversionSoftware":"dcm2niix",
    "ConversionSoftwareVersion":"v1.0.20210317"
}