{
    "Modality":"MR",
    "MagneticFieldStrength":3,
    "ImagingFrequency":123.25,
    "Manufacturer":"Siemens",
    "ManufacturersModelName":"Prisma_fit",
    "InstitutionName":"Caltech Prisma64",
    "InstitutionalDepartmentName":"Department",
    "InstitutionAddress":"Michigan Ave 320,Pasadena,California,US,91025",
    "DeviceSerialNumber":"167050",
    "StationName":"PRISMA",
    "SeriesInstanceUID":"1.3.12.2.1107.5.2.43.167050.2018050308335436978877156.0.0.0",
    "StudyInstanceUID":"1.3.12.2.1107.5.2.43.167050.30000018042619061766300000010",
    "ReferringPhysicianName":"Adolphs",
    "StudyID":"1",
    "PatientName":"CC0024",
    "PatientID":"CC0024",
    "AccessionNumber":"8467-014",
    "PatientBirthDate":"1987-05-01",
    "PatientSex":"M",
    "PatientWeight":72.5748,
    "BodyPartExamined":"BRAIN",
    "PatientPosition":"HFS",
    "ProcedureStepDescription":"Conte Core",
    "SoftwareVersions":"syngo MR E11",
    "MRAcquisitionType":"3D",
    "SeriesDescription":"T2w",
    "ProtocolName":"T2w",
    "ScanningSequence":"SE",
    "SequenceVariant":"SK\\SP\\OSP",
    "ScanOptions":"PFP",
    "SequenceName":"*spc_314ns",
    "ImageType":[
        "ORIGINAL",
        "PRIMARY",
        "M",
        "ND",
        "NORM"
    ],
    "SeriesNumber":12,
    "AcquisitionTime":"08:28:16.995000",
    "AcquisitionDateTime":"2018-05-03T08:28:16.995000",
    "AcquisitionNumber":1,
    "SliceThickness":0.9,
    "SAR":0.148948,
    "EchoTime":0.564,
    "RepetitionTime":3.2,
    "FlipAngle":120,
    "PartialFourier":1,
    "BaseResolution":256,
    "ShimSetting":[
        6989,
        -3565,
        7893,
        328,
        -63,
        121,
        16,
        -6
    ],
    "TxRefAmp":248.865,
    "PhaseResolution":1,
    "PhaseOversampling":0.1,
    "ReceiveCoilName":"Head_32",
    "ReceiveCoilActiveElements":"HEA;HEP",
    "PulseSequenceDetails":"%SiemensSeq%\\tse_vfl",
    "RefLinesPE":32,
    "ConsistencyInfo":"N4_VE11C_LATEST_20160120",
    "PercentPhaseFOV":100,
    "PercentSampling":100,
    "EchoTrainLength":314,
    "PhaseEncodingSteps":274,
    "AcquisitionMatrixPE":256,
    "ReconMatrixPE":256,
    "ParallelReductionFactorInPlane":2,
    "PixelBandwidth":750,
    "DwellTime":2.6e-06,
    "PhaseEncodingDirection":"i",
    "ImageOrientationPatientDICOM":[
        0,
        1,
        0,
        0,
        0,
        -1
    ],
    "InPlanePhaseEncodingDirectionDICOM":"ROW",
    "ConversionSoftware":"dcm2niix",
    "ConversionSoftwareVersion":"v1.0.20210317"
}