{
  "aor": 0.0012209249999999999,
  "aqi": 0.005486676225,
  "bids_meta": {
    "AccessionNumber": "7712-008",
    "AcquisitionDateTime": "2015-03-02T11:33:22.327500",
    "AcquisitionMatrixPE": 80,
    "AcquisitionNumber": 1,
    "AcquisitionTime": "11:33:22.327500",
    "BandwidthPerPixelPhaseEncode": 23.148,
    "BaseResolution": 80,
    "CoilString": "C:HEA;HEP",
    "ConversionSoftware": "dcm2niix",
    "ConversionSoftwareVersion": "v1.0.20210317",
    "DerivedVendorReportedEchoSpacing": 0.000540003,
    "DeviceSerialNumber": "35077",
    "DwellTime": 2.6e-06,
    "EchoTime": 0.03,
    "EffectiveEchoSpacing": 0.000540003,
    "FlipAngle": 60,
    "ImageComments": "Unaliased MB4/PE3",
    "ImageOrientationPatientDICOM": [
      1,
      0,
      0,
      0,
      0.928486,
      -0.371368
    ],
    "ImageType": [
      "ORIGINAL",
      "PRIMARY",
      "M",
      "MB",
      "ND",
      "MOSAIC"
    ],
    "ImagingFrequency": 123.229,
    "InPlanePhaseEncodingDirectionDICOM": "COL",
    "InstitutionAddress": "Wilson Avenue 340 ,Pasadena,California,US,91025",
    "InstitutionName": "Caltech Tim32",
    "InstitutionalDepartmentName": "Department",
    "MRAcquisitionType": "2D",
    "MagneticFieldStrength": 3,
    "Manufacturer": "Siemens",
    "ManufacturersModelName": "TrioTim",
    "Modality": "MR",
    "MultibandAccelerationFactor": 4,
    "PartialFourier": 1,
    "PatientBirthDate": "1987-01-01",
    "PatientID": "adolphs",
    "PatientName": "CC0006",
    "PatientPosition": "HFS",
    "PatientSex": "M",
    "PatientWeight": 72.5748,
    "PercentPhaseFOV": 100,
    "PercentSampling": 100,
    "PhaseEncodingDirection": "j-",
    "PhaseEncodingSteps": 80,
    "PhaseResolution": 1,
    "PixelBandwidth": 2404,
    "ProcedureStepDescription": "Conte^Core",
    "ProtocolName": "rsBOLD_MB_2",
    "PulseSequenceDetails": "%CustomerSeq%\\cmrr_mbep2d_bold",
    "ReceiveCoilName": "32Ch_Head",
    "ReconMatrixPE": 80,
    "RepetitionTime": 1,
    "SAR": 0.108329,
    "ScanOptions": "FS",
    "ScanningSequence": "EP",
    "SequenceName": "epfid2d1_80",
    "SequenceVariant": "SK\\SS",
    "SeriesDescription": "rsBOLD_MB_2",
    "SeriesInstanceUID": "1.3.12.2.1107.5.2.32.35077.2015030211335058373927789.0.0.0",
    "SeriesNumber": 5,
    "ShimSetting": [
      9531,
      -10462,
      15827,
      660,
      0,
      178,
      96,
      17
    ],
    "SliceThickness": 2.5,
    "SliceTiming": [
      0,
      0.215,
      0.43,
      0.645,
      0.86,
      0.07,
      0.285,
      0.5,
      0.715,
      0.93,
      0.1425,
      0.3575,
      0.5725,
      0.7875,
      0,
      0.215,
      0.43,
      0.645,
      0.86,
      0.07,
      0.285,
      0.5,
      0.715,
      0.93,
      0.1425,
      0.3575,
      0.5725,
      0.7875,
      0,
      0.215,
      0.43,
      0.645,
      0.86,
      0.07,
      0.285,
      0.5,
      0.715,
      0.93,
      0.1425,
      0.3575,
      0.5725,
      0.7875,
      0,
      0.215,
      0.43,
      0.645,
      0.86,
      0.07,
      0.285,
      0.5,
      0.715,
      0.93,
      0.1425,
      0.3575,
      0.5725,
      0.7875
    ],
    "SoftwareVersions": "syngo MR B17",
    "SpacingBetweenSlices": 2.5,
    "StationName": "MEDPC",
    "StudyID": "1",
    "StudyInstanceUID": "1.3.12.2.1107.5.2.32.35077.30000015030218410217100000004",
    "TaskName": "rest",
    "TotalReadoutTime": 0.0426603,
    "TxRefAmp": 309.139,
    "dataset": "unknown",
    "modality": "bold",
    "run_id": 2,
    "session_id": "core1p3p0",
    "subject_id": "CC0006",
    "task_id": "rest"
  },
  "dummy_trs": 0,
  "dvars_nstd": 28.035442357092712,
  "dvars_std": 1.095589932380953,
  "dvars_vstd": 1.0087612279949871,
  "efc": 0.5684335961275416,
  "fber": 620.0364990234375,
  "fd_mean": 0.10666848702364302,
  "fd_num": 15,
  "fd_perc": 3.75,
  "fwhm_avg": 2.933892,
  "fwhm_x": 2.858612,
  "fwhm_y": 3.016988,
  "fwhm_z": 2.926076,
  "gcor": 0.0402202,
  "gsr_x": -0.0342470183968544,
  "gsr_y": 0.09282839298248291,
  "provenance": {
    "md5sum": "41dda441c840dd8213e6848855c40bd9",
    "settings": {
      "fd_thres": 0.2,
      "hmc_fsl": false
    },
    "software": "mriqc",
    "version": "0.15.0",
    "webapi_port": null,
    "webapi_url": "https://mriqc.nimh.nih.gov/api/v1"
  },
  "size_t": 400,
  "size_x": 80,
  "size_y": 80,
  "size_z": 56,
  "snr": 2.498090277410838,
  "spacing_tr": 1.0,
  "spacing_x": 2.5,
  "spacing_y": 2.5,
  "spacing_z": 2.5,
  "summary_bg_k": 23.817334095136445,
  "summary_bg_mad": 10.292964935302734,
  "summary_bg_mean": 43.602874755859375,
  "summary_bg_median": 18.16499900817871,
  "summary_bg_n": 202701.0,
  "summary_bg_p05": 10.554999351501465,
  "summary_bg_p95": 171.32249450683594,
  "summary_bg_stdv": 66.91315460205078,
  "summary_fg_k": 2.2361451237528627,
  "summary_fg_mad": 164.90615844726562,
  "summary_fg_mean": 534.02880859375,
  "summary_fg_median": 498.9949951171875,
  "summary_fg_n": 94369.0,
  "summary_fg_p05": 283.7074890136719,
  "summary_fg_p95": 915.1639770507811,
  "summary_fg_stdv": 199.74952697753906,
  "tsnr": 44.50714111328125
}