{
  "aor": 0.000415084388185654,
  "aqi": 0.005262929662447257,
  "bids_meta": {
    "AccessionNumber": "8735-011",
    "AcquisitionDateTime": "2019-02-28T18:34:17.127500",
    "AcquisitionMatrixPE": 80,
    "AcquisitionNumber": 1,
    "AcquisitionTime": "18:34:17.127500",
    "BandwidthPerPixelPhaseEncode": 23.191,
    "BaseResolution": 80,
    "BodyPartExamined": "BRAIN",
    "ConsistencyInfo": "N4_VE11C_LATEST_20160120",
    "ConversionSoftware": "dcm2niix",
    "ConversionSoftwareVersion": "v1.0.20210317",
    "DerivedVendorReportedEchoSpacing": 0.000490002,
    "DeviceSerialNumber": "167050",
    "DwellTime": 2.3e-06,
    "EchoTime": 0.03,
    "EchoTrainLength": 88,
    "EffectiveEchoSpacing": 0.000539002,
    "FlipAngle": 53,
    "ImageComments": "Unaliased MB6/PE3/LB",
    "ImageOrientationPatientDICOM": [
      1,
      0,
      0,
      0,
      0.939693,
      -0.34202
    ],
    "ImageType": [
      "ORIGINAL",
      "PRIMARY",
      "M",
      "MB",
      "ND",
      "MOSAIC"
    ],
    "ImagingFrequency": 123.25,
    "InPlanePhaseEncodingDirectionDICOM": "COL",
    "InstitutionAddress": "Michigan Ave 320,Pasadena,California,US,91025",
    "InstitutionName": "Caltech Prisma64",
    "InstitutionalDepartmentName": "Department",
    "MRAcquisitionType": "2D",
    "MagneticFieldStrength": 3,
    "Manufacturer": "Siemens",
    "ManufacturersModelName": "Prisma_fit",
    "Modality": "MR",
    "MultibandAccelerationFactor": 6,
    "PartialFourier": 1,
    "PatientBirthDate": "1991-01-01",
    "PatientID": "CC0114",
    "PatientName": "CC0114",
    "PatientPosition": "HFS",
    "PatientSex": "M",
    "PatientWeight": 67.1317,
    "PercentPhaseFOV": 100,
    "PercentSampling": 100,
    "PhaseEncodingDirection": "j-",
    "PhaseEncodingSteps": 88,
    "PhaseOversampling": 0.1,
    "PhaseResolution": 1,
    "PixelBandwidth": 2715,
    "ProtocolName": "task-pixar_run-01_bold",
    "PulseSequenceDetails": "%CustomerSeq%\\cmrr_mbep2d_bold",
    "ReceiveCoilActiveElements": "HEA;HEP",
    "ReceiveCoilName": "Head_32",
    "ReconMatrixPE": 80,
    "ReferringPhysicianName": "Adolphs",
    "RepetitionTime": 0.7,
    "SAR": 0.0780121,
    "ScanOptions": "FS\\EXT",
    "ScanningSequence": "EP",
    "SequenceName": "epfid2d1_80",
    "SequenceVariant": "SK\\SS\\OSP",
    "SeriesDescription": "task-pixar_run-01_bold",
    "SeriesInstanceUID": "1.3.12.2.1107.5.2.43.167050.2019022818321980351110285.0.0.0",
    "SeriesNumber": 37,
    "ShimSetting": [
      6962,
      -3569,
      7897,
      342,
      -54,
      263,
      -145,
      2
    ],
    "SliceThickness": 2.5,
    "SliceTiming": [
      0,
      0.4775,
      0.2725,
      0.0675,
      0.545,
      0.34,
      0.1375,
      0.6125,
      0.4075,
      0.205,
      0,
      0.4775,
      0.2725,
      0.0675,
      0.545,
      0.34,
      0.1375,
      0.6125,
      0.4075,
      0.205,
      0,
      0.4775,
      0.2725,
      0.0675,
      0.545,
      0.34,
      0.1375,
      0.6125,
      0.4075,
      0.205,
      0,
      0.4775,
      0.2725,
      0.0675,
      0.545,
      0.34,
      0.1375,
      0.6125,
      0.4075,
      0.205,
      0,
      0.4775,
      0.2725,
      0.0675,
      0.545,
      0.34,
      0.1375,
      0.6125,
      0.4075,
      0.205,
      0,
      0.4775,
      0.2725,
      0.0675,
      0.545,
      0.34,
      0.1375,
      0.6125,
      0.4075,
      0.205
    ],
    "SoftwareVersions": "syngo MR E11",
    "SpacingBetweenSlices": 2.5,
    "StationName": "PRISMA",
    "StudyID": "1",
    "StudyInstanceUID": "1.3.12.2.1107.5.2.43.167050.30000019021201163005200000088",
    "TaskName": "pixar",
    "TotalReadoutTime": 0.0425812,
    "TxRefAmp": 251.315,
    "WipMemBlock": "ab5f116f-91be-4e94-b4ef-5cc6c3d1f615||Sequence: R016 ve11c/master r/e634e98; Dec 19 2017 11:00:25 by eja",
    "dataset": "unknown",
    "modality": "bold",
    "run_id": 1,
    "session_id": "core2p2",
    "subject_id": "CC0114",
    "task_id": "pixar"
  },
  "dummy_trs": 2,
  "dvars_nstd": 37.74665589767437,
  "dvars_std": 1.1025688622621561,
  "dvars_vstd": 0.9951833593657499,
  "efc": 0.5630285093365442,
  "fber": 467.5013122558594,
  "fd_mean": 0.07967888380150998,
  "fd_num": 3,
  "fd_perc": 0.6329113924050633,
  "fwhm_avg": 2.805190666666667,
  "fwhm_x": 2.590288,
  "fwhm_y": 2.8861920000000003,
  "fwhm_z": 2.939092,
  "gcor": 0.00532143,
  "gsr_x": 0.03512859717011452,
  "gsr_y": 0.11279863119125366,
  "provenance": {
    "md5sum": "415e0152a36879c5a7f1028cad9a1704",
    "settings": {
      "fd_thres": 0.2,
      "hmc_fsl": false
    },
    "software": "mriqc",
    "version": "0.15.0",
    "webapi_port": null,
    "webapi_url": "https://mriqc.nimh.nih.gov/api/v1"
  },
  "size_t": 474,
  "size_x": 80,
  "size_y": 80,
  "size_z": 60,
  "snr": 2.3052726620094113,
  "spacing_tr": 0.699999988079071,
  "spacing_x": 2.5,
  "spacing_y": 2.5,
  "spacing_z": 2.5,
  "summary_bg_k": 13.423863104716084,
  "summary_bg_mad": 95.79985046386719,
  "summary_bg_mean": 500.6994934082031,
  "summary_bg_median": 156.58120727539062,
  "summary_bg_n": 238352.0,
  "summary_bg_p05": 82.49366760253906,
  "summary_bg_p95": 2387.516003417967,
  "summary_bg_stdv": 867.7975463867188,
  "summary_fg_k": 0.7559441232626702,
  "summary_fg_mad": 1408.3255615234375,
  "summary_fg_mean": 3885.873779296875,
  "summary_fg_median": 3626.375244140625,
  "summary_fg_n": 84301.0,
  "summary_fg_p05": 1736.3248291015625,
  "summary_fg_p95": 6874.43017578125,
  "summary_fg_stdv": 1573.0693359375,
  "tsnr": 41.14412307739258
}