{
  "aor": 0.000403135593220339,
  "aqi": 0.004894624449152543,
  "bids_meta": {
    "AccessionNumber": "8735-011",
    "AcquisitionDateTime": "2019-02-28T18:06:5.252500",
    "AcquisitionMatrixPE": 80,
    "AcquisitionNumber": 1,
    "AcquisitionTime": "18:06:5.252500",
    "BandwidthPerPixelPhaseEncode": 23.191,
    "BaseResolution": 80,
    "BodyPartExamined": "BRAIN",
    "ConsistencyInfo": "N4_VE11C_LATEST_20160120",
    "ConversionSoftware": "dcm2niix",
    "ConversionSoftwareVersion": "v1.0.20210317",
    "DerivedVendorReportedEchoSpacing": 0.000490002,
    "DeviceSerialNumber": "167050",
    "DwellTime": 2.3e-06,
    "EchoTime": 0.03,
    "EchoTrainLength": 88,
    "EffectiveEchoSpacing": 0.000539002,
    "FlipAngle": 53,
    "ImageComments": "Unaliased MB6/PE3/LB",
    "ImageOrientationPatientDICOM": [
      1,
      0,
      0,
      0,
      0.939693,
      -0.34202
    ],
    "ImageType": [
      "ORIGINAL",
      "PRIMARY",
      "M",
      "MB",
      "ND",
      "MOSAIC"
    ],
    "ImagingFrequency": 123.25,
    "InPlanePhaseEncodingDirectionDICOM": "COL",
    "InstitutionAddress": "Michigan Ave 320,Pasadena,California,US,91025",
    "InstitutionName": "Caltech Prisma64",
    "InstitutionalDepartmentName": "Department",
    "MRAcquisitionType": "2D",
    "MagneticFieldStrength": 3,
    "Manufacturer": "Siemens",
    "ManufacturersModelName": "Prisma_fit",
    "Modality": "MR",
    "MultibandAccelerationFactor": 6,
    "PartialFourier": 1,
    "PatientBirthDate": "1991-01-01",
    "PatientID": "CC0114",
    "PatientName": "CC0114",
    "PatientPosition": "HFS",
    "PatientSex": "M",
    "PatientWeight": 67.1317,
    "PercentPhaseFOV": 100,
    "PercentSampling": 100,
    "PhaseEncodingDirection": "j-",
    "PhaseEncodingSteps": 88,
    "PhaseOversampling": 0.1,
    "PhaseResolution": 1,
    "PixelBandwidth": 2715,
    "ProtocolName": "task-bang_bold",
    "PulseSequenceDetails": "%CustomerSeq%\\cmrr_mbep2d_bold",
    "ReceiveCoilActiveElements": "HEA;HEP",
    "ReceiveCoilName": "Head_32",
    "ReconMatrixPE": 80,
    "ReferringPhysicianName": "Adolphs",
    "RepetitionTime": 0.7,
    "SAR": 0.0782126,
    "ScanOptions": "FS\\EXT",
    "ScanningSequence": "EP",
    "SequenceName": "epfid2d1_80",
    "SequenceVariant": "SK\\SS\\OSP",
    "SeriesDescription": "task-bang_bold",
    "SeriesInstanceUID": "1.3.12.2.1107.5.2.43.167050.2019022818033771624383383.0.0.0",
    "SeriesNumber": 27,
    "ShimSetting": [
      6962,
      -3569,
      7897,
      342,
      -54,
      263,
      -145,
      2
    ],
    "SliceThickness": 2.5,
    "SliceTiming": [
      0,
      0.475,
      0.2725,
      0.0675,
      0.5425,
      0.34,
      0.135,
      0.61,
      0.4075,
      0.2025,
      0,
      0.475,
      0.2725,
      0.0675,
      0.5425,
      0.34,
      0.135,
      0.61,
      0.4075,
      0.2025,
      0,
      0.475,
      0.2725,
      0.0675,
      0.5425,
      0.34,
      0.135,
      0.61,
      0.4075,
      0.2025,
      0,
      0.475,
      0.2725,
      0.0675,
      0.5425,
      0.34,
      0.135,
      0.61,
      0.4075,
      0.2025,
      0,
      0.475,
      0.2725,
      0.0675,
      0.5425,
      0.34,
      0.135,
      0.61,
      0.4075,
      0.2025,
      0,
      0.475,
      0.2725,
      0.0675,
      0.5425,
      0.34,
      0.135,
      0.61,
      0.4075,
      0.2025
    ],
    "SoftwareVersions": "syngo MR E11",
    "SpacingBetweenSlices": 2.5,
    "StationName": "PRISMA",
    "StudyID": "1",
    "StudyInstanceUID": "1.3.12.2.1107.5.2.43.167050.30000019021201163005200000088",
    "TaskName": "bang",
    "TotalReadoutTime": 0.0425812,
    "TxRefAmp": 251.315,
    "WipMemBlock": "8a78d5eb-e88c-41e7-b103-7220d8e64595||Sequence: R016 ve11c/master r/e634e98; Dec 19 2017 11:00:25 by eja",
    "dataset": "unknown",
    "modality": "bold",
    "run_id": 1,
    "session_id": "core2p2",
    "subject_id": "CC0114",
    "task_id": "bang"
  },
  "dummy_trs": 2,
  "dvars_nstd": 37.36664548942005,
  "dvars_std": 1.1068809962234798,
  "dvars_vstd": 1.012342464512023,
  "efc": 0.5636245169977472,
  "fber": 472.6411437988281,
  "fd_mean": 0.08325380861771227,
  "fd_num": 1,
  "fd_perc": 0.14124293785310735,
  "fwhm_avg": 2.8041199999999997,
  "fwhm_x": 2.584076,
  "fwhm_y": 2.89694,
  "fwhm_z": 2.931344,
  "gcor": 0.00717929,
  "gsr_x": 0.03520459309220314,
  "gsr_y": 0.11219247430562973,
  "provenance": {
    "md5sum": "bb907372c73889088255c1bb2d5f7688",
    "settings": {
      "fd_thres": 0.2,
      "hmc_fsl": false
    },
    "software": "mriqc",
    "version": "0.15.0",
    "webapi_port": null,
    "webapi_url": "https://mriqc.nimh.nih.gov/api/v1"
  },
  "size_t": 708,
  "size_x": 80,
  "size_y": 80,
  "size_z": 60,
  "snr": 2.318617345616715,
  "spacing_tr": 0.699999988079071,
  "spacing_x": 2.5,
  "spacing_y": 2.5,
  "spacing_z": 2.5,
  "summary_bg_k": 13.589386286232163,
  "summary_bg_mad": 96.15763854980469,
  "summary_bg_mean": 499.3560791015625,
  "summary_bg_median": 156.3531036376953,
  "summary_bg_n": 237773.0,
  "summary_bg_p05": 81.98304748535156,
  "summary_bg_p95": 2380.3641113281237,
  "summary_bg_stdv": 865.0134887695312,
  "summary_fg_k": 0.7405330348406478,
  "summary_fg_mad": 1412.56591796875,
  "summary_fg_mean": 3901.246826171875,
  "summary_fg_median": 3641.266845703125,
  "summary_fg_n": 84603.0,
  "summary_fg_p05": 1761.8296630859375,
  "summary_fg_p95": 6881.071728515625,
  "summary_fg_stdv": 1570.438232421875,
  "tsnr": 41.180206298828125
}