{
  "aor": 0.0002526086956521739,
  "aqi": 0.003982414113712375,
  "bids_meta": {
    "AccessionNumber": "8728-007",
    "AcquisitionDateTime": "2019-02-21T08:30:0.062500",
    "AcquisitionMatrixPE": 80,
    "AcquisitionNumber": 1,
    "AcquisitionTime": "08:30:0.062500",
    "BandwidthPerPixelPhaseEncode": 23.191,
    "BaseResolution": 80,
    "BodyPartExamined": "BRAIN",
    "ConsistencyInfo": "N4_VE11C_LATEST_20160120",
    "ConversionSoftware": "dcm2niix",
    "ConversionSoftwareVersion": "v1.0.20210317",
    "DerivedVendorReportedEchoSpacing": 0.000490002,
    "DeviceSerialNumber": "167050",
    "DwellTime": 2.3e-06,
    "EchoTime": 0.03,
    "EchoTrainLength": 88,
    "EffectiveEchoSpacing": 0.000539002,
    "FlipAngle": 53,
    "ImageComments": "Unaliased MB6/PE3/LB",
    "ImageOrientationPatientDICOM": [
      1,
      0,
      0,
      0,
      0.939693,
      -0.34202
    ],
    "ImageType": [
      "ORIGINAL",
      "PRIMARY",
      "M",
      "MB",
      "ND",
      "MOSAIC"
    ],
    "ImagingFrequency": 123.25,
    "InPlanePhaseEncodingDirectionDICOM": "COL",
    "InstitutionAddress": "Michigan Ave 320,Pasadena,California,US,91025",
    "InstitutionName": "Caltech Prisma64",
    "InstitutionalDepartmentName": "Department",
    "MRAcquisitionType": "2D",
    "MagneticFieldStrength": 3,
    "Manufacturer": "Siemens",
    "ManufacturersModelName": "Prisma_fit",
    "Modality": "MR",
    "MultibandAccelerationFactor": 6,
    "PartialFourier": 1,
    "PatientBirthDate": "1988-11-01",
    "PatientID": "CC0106",
    "PatientName": "CC0106",
    "PatientPosition": "HFS",
    "PatientSex": "F",
    "PatientWeight": 61.235,
    "PercentPhaseFOV": 100,
    "PercentSampling": 100,
    "PhaseEncodingDirection": "j-",
    "PhaseEncodingSteps": 88,
    "PhaseOversampling": 0.1,
    "PhaseResolution": 1,
    "PixelBandwidth": 2715,
    "ProtocolName": "task-rest_run-02_bold",
    "PulseSequenceDetails": "%CustomerSeq%\\cmrr_mbep2d_bold",
    "ReceiveCoilActiveElements": "HEA;HEP",
    "ReceiveCoilName": "Head_32",
    "ReconMatrixPE": 80,
    "ReferringPhysicianName": "Adolphs",
    "RepetitionTime": 0.7,
    "SAR": 0.0791792,
    "ScanOptions": "FS\\EXT",
    "ScanningSequence": "EP",
    "SequenceName": "epfid2d1_80",
    "SequenceVariant": "SK\\SS\\OSP",
    "SeriesDescription": "task-rest_run-02_bold",
    "SeriesInstanceUID": "1.3.12.2.1107.5.2.43.167050.2019022108283861923965531.0.0.0",
    "SeriesNumber": 16,
    "ShimSetting": [
      7002,
      -3586,
      7908,
      501,
      2,
      166,
      67,
      42
    ],
    "SliceThickness": 2.5,
    "SliceTiming": [
      0,
      0.475,
      0.27,
      0.0675,
      0.5425,
      0.34,
      0.135,
      0.61,
      0.4075,
      0.2025,
      0,
      0.475,
      0.27,
      0.0675,
      0.5425,
      0.34,
      0.135,
      0.61,
      0.4075,
      0.2025,
      0,
      0.475,
      0.27,
      0.0675,
      0.5425,
      0.34,
      0.135,
      0.61,
      0.4075,
      0.2025,
      0,
      0.475,
      0.27,
      0.0675,
      0.5425,
      0.34,
      0.135,
      0.61,
      0.4075,
      0.2025,
      0,
      0.475,
      0.27,
      0.0675,
      0.5425,
      0.34,
      0.135,
      0.61,
      0.4075,
      0.2025,
      0,
      0.475,
      0.27,
      0.0675,
      0.5425,
      0.34,
      0.135,
      0.61,
      0.4075,
      0.2025
    ],
    "SoftwareVersions": "syngo MR E11",
    "SpacingBetweenSlices": 2.5,
    "StationName": "PRISMA",
    "StudyID": "1",
    "StudyInstanceUID": "1.3.12.2.1107.5.2.43.167050.30000019021201163005200000049",
    "TaskName": "rest",
    "TotalReadoutTime": 0.0425812,
    "TxRefAmp": 241.629,
    "WipMemBlock": "cf1b93cd-c65c-4184-89cc-ba5bfe081971||Sequence: R016 ve11c/master r/e634e98; Dec 19 2017 11:00:25 by eja",
    "dataset": "unknown",
    "modality": "bold",
    "run_id": 2,
    "session_id": "core2p2",
    "subject_id": "CC0106",
    "task_id": "rest"
  },
  "dummy_trs": 2,
  "dvars_nstd": 31.704539658576227,
  "dvars_std": 1.0762501222948084,
  "dvars_vstd": 0.9887997790619762,
  "efc": 0.5246982185642026,
  "fber": 841.9716796875,
  "fd_mean": 0.07833223329553246,
  "fd_num": 16,
  "fd_perc": 2.6755852842809364,
  "fwhm_avg": 2.92212,
  "fwhm_x": 2.774784,
  "fwhm_y": 3.147584,
  "fwhm_z": 2.843992,
  "gcor": 0.0368065,
  "gsr_x": -0.012076192535459995,
  "gsr_y": 0.08651813864707947,
  "provenance": {
    "md5sum": "893e25ab572d016fadd990a2c35b281a",
    "settings": {
      "fd_thres": 0.2,
      "hmc_fsl": false
    },
    "software": "mriqc",
    "version": "0.15.0",
    "webapi_port": null,
    "webapi_url": "https://mriqc.nimh.nih.gov/api/v1"
  },
  "size_t": 598,
  "size_x": 80,
  "size_y": 80,
  "size_z": 60,
  "snr": 1.9925123849233692,
  "spacing_tr": 0.699999988079071,
  "spacing_x": 2.5,
  "spacing_y": 2.5,
  "spacing_z": 2.5,
  "summary_bg_k": 20.240575004297046,
  "summary_bg_mad": 75.0499038696289,
  "summary_bg_mean": 347.8186340332031,
  "summary_bg_median": 140.56353759765625,
  "summary_bg_n": 226742.0,
  "summary_bg_p05": 83.4230728149414,
  "summary_bg_p95": 1465.1118957519525,
  "summary_bg_stdv": 551.2904052734375,
  "summary_fg_k": 0.5958035564278972,
  "summary_fg_mad": 2106.838623046875,
  "summary_fg_mean": 4982.57080078125,
  "summary_fg_median": 4485.8154296875,
  "summary_fg_n": 93294.0,
  "summary_fg_p05": 2145.0659790039062,
  "summary_fg_p95": 9249.72260742187,
  "summary_fg_stdv": 2251.32421875,
  "tsnr": 45.677486419677734
}