{
  "aor": 0.0009687179487179487,
  "aqi": 0.003024046217948718,
  "bids_meta": {
    "AccessionNumber": "6542-004",
    "AcquisitionDateTime": "2013-04-03T17:42:29.675000",
    "AcquisitionMatrixPE": 64,
    "AcquisitionNumber": 1,
    "AcquisitionTime": "17:42:29.675000",
    "BandwidthPerPixelPhaseEncode": 66.489,
    "BaseResolution": 64,
    "CoilString": "C:HEA;HEP",
    "ConversionSoftware": "dcm2niix",
    "ConversionSoftwareVersion": "v1.0.20210317",
    "DerivedVendorReportedEchoSpacing": 0.000470003,
    "DeviceSerialNumber": "35077",
    "DwellTime": 3e-06,
    "EchoTime": 0.03,
    "EffectiveEchoSpacing": 0.000235001,
    "FlipAngle": 85,
    "ImageOrientationPatientDICOM": [
      1,
      -1e-16,
      0,
      1e-16,
      0.939693,
      -0.34202
    ],
    "ImageType": [
      "ORIGINAL",
      "PRIMARY",
      "M",
      "ND",
      "MOSAIC"
    ],
    "ImagingFrequency": 123.229,
    "InPlanePhaseEncodingDirectionDICOM": "COL",
    "InstitutionAddress": "Wilson Avenue 340 ,Pasadena,California,US,91025",
    "InstitutionName": "Caltech Tim32",
    "InstitutionalDepartmentName": "Department",
    "MRAcquisitionType": "2D",
    "MagneticFieldStrength": 3,
    "Manufacturer": "Siemens",
    "ManufacturersModelName": "TrioTim",
    "Modality": "MR",
    "ParallelReductionFactorInPlane": 2,
    "PartialFourier": 1,
    "PatientBirthDate": "1982-01-01",
    "PatientID": "adolphs",
    "PatientName": "CC0050",
    "PatientPosition": "HFS",
    "PatientSex": "F",
    "PatientWeight": 56.6991,
    "PercentPhaseFOV": 100,
    "PercentSampling": 100,
    "PhaseEncodingDirection": "j-",
    "PhaseEncodingSteps": 64,
    "PhaseResolution": 1,
    "PixelBandwidth": 2604,
    "ProcedureStepDescription": "Conte^Core",
    "ProtocolName": "rsBOLD_2",
    "PulseSequenceDetails": "%SiemensSeq%\\ep2d_bold",
    "ReceiveCoilName": "32Ch_Head",
    "ReconMatrixPE": 64,
    "RefLinesPE": 32,
    "RepetitionTime": 2.5,
    "SAR": 0.194016,
    "ScanOptions": "FS",
    "ScanningSequence": "EP",
    "SequenceName": "*epfid2d1_64",
    "SequenceVariant": "SK",
    "SeriesDescription": "rsBOLD_2",
    "SeriesInstanceUID": "1.3.12.2.1107.5.2.32.35077.2013040317420073301624967.0.0.0",
    "SeriesNumber": 5,
    "ShimSetting": [
      9531,
      -10283,
      15572,
      502,
      -117,
      826,
      332,
      102
    ],
    "SliceThickness": 3,
    "SliceTiming": [
      0,
      0.0525,
      0.1075,
      0.16,
      0.2125,
      0.2675,
      0.32,
      0.3725,
      0.4275,
      0.48,
      0.5325,
      0.5875,
      0.64,
      0.6925,
      0.7475,
      0.8,
      0.855,
      0.9075,
      0.96,
      1.015,
      1.0675,
      1.12,
      1.175,
      1.2275,
      1.28,
      1.335,
      1.3875,
      1.44,
      1.495,
      1.5475,
      1.6025,
      1.655,
      1.7075,
      1.7625,
      1.815,
      1.8675,
      1.9225,
      1.975,
      2.0275,
      2.0825,
      2.135,
      2.1875,
      2.2425,
      2.295,
      2.35,
      2.4025,
      2.455
    ],
    "SoftwareVersions": "syngo MR B17",
    "SpacingBetweenSlices": 3,
    "StationName": "MEDPC",
    "StudyID": "1",
    "StudyInstanceUID": "1.3.12.2.1107.5.2.32.35077.30000013040116184470300000025",
    "TaskName": "rest",
    "TotalReadoutTime": 0.0148051,
    "TxRefAmp": 305.118,
    "dataset": "unknown",
    "modality": "bold",
    "run_id": 2,
    "session_id": "core1p1",
    "subject_id": "CC0050",
    "task_id": "rest"
  },
  "dummy_trs": 4,
  "dvars_nstd": 31.226007030709685,
  "dvars_std": 1.158710911548387,
  "dvars_vstd": 1.0005022258064524,
  "efc": 0.5206618004699892,
  "fber": 583.1192626953125,
  "fd_mean": 0.1423690820209686,
  "fd_num": 28,
  "fd_perc": 17.94871794871795,
  "fwhm_avg": 2.509981111111111,
  "fwhm_x": 2.48786,
  "fwhm_y": 2.5232666666666668,
  "fwhm_z": 2.5188166666666665,
  "gcor": 0.0287564,
  "gsr_x": -0.005129142664372921,
  "gsr_y": 0.040005914866924286,
  "provenance": {
    "md5sum": "f52130d4d45a6d52ce6503caf66777b2",
    "settings": {
      "fd_thres": 0.2,
      "hmc_fsl": false
    },
    "software": "mriqc",
    "version": "0.15.0",
    "webapi_port": null,
    "webapi_url": "https://mriqc.nimh.nih.gov/api/v1"
  },
  "size_t": 156,
  "size_x": 64,
  "size_y": 64,
  "size_z": 47,
  "snr": 2.385957086581476,
  "spacing_tr": 2.5,
  "spacing_x": 3.0,
  "spacing_y": 3.0,
  "spacing_z": 3.0,
  "summary_bg_k": 111.53176687790146,
  "summary_bg_mad": 7.9262189865112305,
  "summary_bg_mean": 39.66249084472656,
  "summary_bg_median": 23.320512771606445,
  "summary_bg_n": 109041.0,
  "summary_bg_p05": 17.064102172851562,
  "summary_bg_p95": 110.53845977783203,
  "summary_bg_stdv": 59.098419189453125,
  "summary_fg_k": 3.2047775628993618,
  "summary_fg_mad": 213.51373291015625,
  "summary_fg_mean": 657.9459228515625,
  "summary_fg_median": 614.2051391601562,
  "summary_fg_n": 43811.0,
  "summary_fg_p05": 334.8621826171875,
  "summary_fg_p95": 1144.2115478515625,
  "summary_fg_stdv": 257.422119140625,
  "tsnr": 55.96747589111328
}