{
  "bids_meta": {
    "AccessionNumber": "8877-001",
    "AcquisitionDateTime": "2019-05-22T13:24:26.547500",
    "AcquisitionMatrixPE": 256,
    "AcquisitionNumber": 1,
    "AcquisitionTime": "13:24:26.547500",
    "BaseResolution": 256,
    "BodyPartExamined": "BRAIN",
    "ConsistencyInfo": "N4_VE11C_LATEST_20160120",
    "ConversionSoftware": "dcm2niix",
    "ConversionSoftwareVersion": "v1.0.20210317",
    "DeviceSerialNumber": "167050",
    "DwellTime": 3e-06,
    "EchoNumber": 4,
    "FlipAngle": 8,
    "ImageComments": "Average over all echoes.",
    "ImageOrientationPatientDICOM": [
      0,
      1,
      0,
      0,
      0,
      -1
    ],
    "ImageType": [
      "ORIGINAL",
      "PRIMARY",
      "ECHO",
      "COMBINED",
      "ND"
    ],
    "ImagingFrequency": 123.25,
    "InPlanePhaseEncodingDirectionDICOM": "ROW",
    "InstitutionAddress": "Michigan Ave 320,Pasadena,California,US,91025",
    "InstitutionName": "Caltech Prisma32",
    "InstitutionalDepartmentName": "Department",
    "InversionTime": 1.15,
    "MRAcquisitionType": "3D",
    "MagneticFieldStrength": 3,
    "Manufacturer": "Siemens",
    "ManufacturersModelName": "Prisma_fit",
    "Modality": "MR",
    "ParallelReductionFactorInPlane": 2,
    "PartialFourier": 1,
    "PatientBirthDate": "1991-02-01",
    "PatientID": "CC0191",
    "PatientName": "CC0191",
    "PatientPosition": "HFS",
    "PatientSex": "F",
    "PatientWeight": 79.8323,
    "PercentPhaseFOV": 100,
    "PercentSampling": 100,
    "PhaseEncodingSteps": 282,
    "PhaseOversampling": 0.1,
    "PhaseResolution": 1,
    "PixelBandwidth": 650,
    "ProtocolName": "T1w",
    "PulseSequenceDetails": "%CustomerSeq%\\tfl_wip900D_VE11C",
    "ReceiveCoilActiveElements": "HEA;HEP",
    "ReceiveCoilName": "Head_32",
    "ReconMatrixPE": 256,
    "RefLinesPE": 32,
    "ReferringPhysicianName": "Adolphs",
    "RepetitionTime": 2.55,
    "SAR": 0.0533517,
    "ScanOptions": "IR\\WE",
    "ScanningSequence": "GR\\IR",
    "SequenceName": "tfl3d4_16ns",
    "SequenceVariant": "SK\\SP\\MP\\OSP",
    "SeriesDescription": "T1w_combEcho",
    "SeriesInstanceUID": "1.3.12.2.1107.5.2.43.167050.2019052213313495424062873.0.0.0",
    "SeriesNumber": 4,
    "ShimSetting": [
      6996,
      -3717,
      7891,
      181,
      -13,
      -207,
      122,
      23
    ],
    "SliceThickness": 0.9,
    "SoftwareVersions": "syngo MR E11",
    "StationName": "PRISMA",
    "StudyID": "1",
    "StudyInstanceUID": "1.3.12.2.1107.5.2.43.167050.30000019050821005867900000133",
    "TxRefAmp": 289.208,
    "WipMemBlock": "WIP_Identifier: WIP#900D",
    "acq_id": "combecho",
    "dataset": "unknown",
    "modality": "T1w",
    "run_id": 1,
    "session_id": "core2p2",
    "subject_id": "CC0191"
  },
  "cjv": 0.9561187780168215,
  "cnr": 1.4555847926227763,
  "efc": 0.617539287746313,
  "fber": 217.47462463378906,
  "fwhm_avg": 5.2387581513772155,
  "fwhm_x": 5.1070668019577345,
  "fwhm_y": 5.266598956521738,
  "fwhm_z": 5.3426086956521734,
  "icvs_csf": 0.18122369001318495,
  "icvs_gm": 0.41654947971774064,
  "icvs_wm": 0.4022268302690744,
  "inu_med": 1.7470511198043823,
  "inu_range": 1.07384717464447,
  "provenance": {
    "md5sum": "b0f2982b8e3bf63af6c215843d63c5ce",
    "settings": {
      "testing": false
    },
    "software": "mriqc",
    "version": "0.15.0",
    "warnings": {
      "large_rot_frame": false,
      "small_air_mask": false
    },
    "webapi_port": null,
    "webapi_url": "https://mriqc.nimh.nih.gov/api/v1"
  },
  "qi_1": 5.687316228594364e-06,
  "qi_2": 0.004524781750603061,
  "rpve_csf": 29.66552750089214,
  "rpve_gm": 12.796919100602025,
  "rpve_wm": 14.720766408764451,
  "size_x": 208,
  "size_y": 256,
  "size_z": 256,
  "snr_csf": 3.7414303826145505,
  "snr_gm": 11.049582706546397,
  "snr_total": 8.619076537003549,
  "snr_wm": 11.066216521849695,
  "snrd_csf": 20.304209815592465,
  "snrd_gm": 43.08396240116506,
  "snrd_total": 38.474133199058514,
  "snrd_wm": 52.03422738041802,
  "spacing_x": 0.8999999761581421,
  "spacing_y": 0.8984375,
  "spacing_z": 0.8984375,
  "summary_bg_k": 5.179799838150441,
  "summary_bg_mad": 12.590516090393066,
  "summary_bg_mean": 45.395179748535156,
  "summary_bg_median": 44.00807571411133,
  "summary_bg_n": 3430576.0,
  "summary_bg_p05": 26.07301378250122,
  "summary_bg_p95": 68.48972702026367,
  "summary_bg_stdv": 13.543051719665527,
  "summary_csf_k": -0.01219893887840584,
  "summary_csf_mad": 106.29096984863281,
  "summary_csf_mean": 408.9353942871094,
  "summary_csf_median": 390.2095642089844,
  "summary_csf_n": 41925.0,
  "summary_csf_p05": 268.1136962890625,
  "summary_csf_p95": 598.0635131835937,
  "summary_csf_stdv": 104.29297637939453,
  "summary_gm_k": -0.11227051954840928,
  "summary_gm_mad": 76.89122009277344,
  "summary_gm_mean": 827.3026123046875,
  "summary_gm_median": 827.9945068359375,
  "summary_gm_n": 56148.0,
  "summary_gm_p05": 703.4779022216796,
  "summary_gm_p95": 948.2486602783201,
  "summary_gm_stdv": 74.93379211425781,
  "summary_wm_k": 0.789031337480627,
  "summary_wm_mad": 87.5685043334961,
  "summary_wm_mean": 1017.002685546875,
  "summary_wm_median": 1000.0021362304688,
  "summary_wm_n": 215344.0,
  "summary_wm_p05": 903.3578155517578,
  "summary_wm_p95": 1188.2028259277342,
  "summary_wm_stdv": 90.36510467529297,
  "tpm_overlap_csf": 0.22059422731399536,
  "tpm_overlap_gm": 0.4481571316719055,
  "tpm_overlap_wm": 0.4686107337474823,
  "wm2max": 0.5171117723545382
}