{
  "bids_meta": {
    "AccessionNumber": "8877-001",
    "AcquisitionDateTime": "2019-05-22T13:24:26.547500",
    "AcquisitionMatrixPE": 256,
    "AcquisitionNumber": 1,
    "AcquisitionTime": "13:24:26.547500",
    "BaseResolution": 256,
    "BodyPartExamined": "BRAIN",
    "ConsistencyInfo": "N4_VE11C_LATEST_20160120",
    "ConversionSoftware": "dcm2niix",
    "ConversionSoftwareVersion": "v1.0.20210317",
    "DeviceSerialNumber": "167050",
    "DwellTime": 3e-06,
    "EchoNumber": 4,
    "FlipAngle": 8,
    "ImageComments": "Average over all echoes.",
    "ImageOrientationPatientDICOM": [
      0,
      1,
      0,
      0,
      0,
      -1
    ],
    "ImageType": [
      "ORIGINAL",
      "PRIMARY",
      "ECHO",
      "COMBINED",
      "ND",
      "NORM"
    ],
    "ImagingFrequency": 123.25,
    "InPlanePhaseEncodingDirectionDICOM": "ROW",
    "InstitutionAddress": "Michigan Ave 320,Pasadena,California,US,91025",
    "InstitutionName": "Caltech Prisma32",
    "InstitutionalDepartmentName": "Department",
    "InversionTime": 1.15,
    "MRAcquisitionType": "3D",
    "MagneticFieldStrength": 3,
    "Manufacturer": "Siemens",
    "ManufacturersModelName": "Prisma_fit",
    "Modality": "MR",
    "ParallelReductionFactorInPlane": 2,
    "PartialFourier": 1,
    "PatientBirthDate": "1991-02-01",
    "PatientID": "CC0191",
    "PatientName": "CC0191",
    "PatientPosition": "HFS",
    "PatientSex": "F",
    "PatientWeight": 79.8323,
    "PercentPhaseFOV": 100,
    "PercentSampling": 100,
    "PhaseEncodingSteps": 282,
    "PhaseOversampling": 0.1,
    "PhaseResolution": 1,
    "PixelBandwidth": 650,
    "ProtocolName": "T1w",
    "PulseSequenceDetails": "%CustomerSeq%\\tfl_wip900D_VE11C",
    "ReceiveCoilActiveElements": "HEA;HEP",
    "ReceiveCoilName": "Head_32",
    "ReconMatrixPE": 256,
    "RefLinesPE": 32,
    "ReferringPhysicianName": "Adolphs",
    "RepetitionTime": 2.55,
    "SAR": 0.0533517,
    "ScanOptions": "IR\\WE",
    "ScanningSequence": "GR\\IR",
    "SequenceName": "tfl3d4_16ns",
    "SequenceVariant": "SK\\SP\\MP\\OSP",
    "SeriesDescription": "T1w_combEcho",
    "SeriesInstanceUID": "1.3.12.2.1107.5.2.43.167050.2019052213313495375962871.0.0.0",
    "SeriesNumber": 5,
    "ShimSetting": [
      6996,
      -3717,
      7891,
      181,
      -13,
      -207,
      122,
      23
    ],
    "SliceThickness": 0.9,
    "SoftwareVersions": "syngo MR E11",
    "StationName": "PRISMA",
    "StudyID": "1",
    "StudyInstanceUID": "1.3.12.2.1107.5.2.43.167050.30000019050821005867900000133",
    "TxRefAmp": 289.208,
    "WipMemBlock": "WIP_Identifier: WIP#900D",
    "acq_id": "combecho",
    "dataset": "unknown",
    "modality": "T1w",
    "run_id": 2,
    "session_id": "core2p2",
    "subject_id": "CC0191"
  },
  "cjv": 0.6023655438121932,
  "cnr": 2.1503405352877136,
  "efc": 0.6197870835256538,
  "fber": 1202.57421875,
  "fwhm_avg": 4.672756311400172,
  "fwhm_x": 4.6282334559396485,
  "fwhm_y": 4.673925565217392,
  "fwhm_z": 4.716109913043478,
  "icvs_csf": 0.19627286170561767,
  "icvs_gm": 0.4158093996160825,
  "icvs_wm": 0.3879177386782998,
  "inu_med": 1.4629238843917847,
  "inu_range": 0.5966635227203367,
  "provenance": {
    "md5sum": "551a75f61cbc3ee2350eed98720b6427",
    "settings": {
      "testing": false
    },
    "software": "mriqc",
    "version": "0.15.0",
    "warnings": {
      "large_rot_frame": false,
      "small_air_mask": false
    },
    "webapi_port": null,
    "webapi_url": "https://mriqc.nimh.nih.gov/api/v1"
  },
  "qi_1": 0.0,
  "qi_2": 0.012372348271163446,
  "rpve_csf": 26.892665399443455,
  "rpve_gm": 13.302464467361844,
  "rpve_wm": 16.660440675544873,
  "size_x": 208,
  "size_y": 256,
  "size_z": 256,
  "snr_csf": 3.4755259754435475,
  "snr_gm": 10.229731622510366,
  "snr_total": 12.691706266882301,
  "snr_wm": 24.369861202692995,
  "snrd_csf": 39.35716174420082,
  "snrd_gm": 78.26053017061695,
  "snrd_total": 71.49763168384659,
  "snrd_wm": 96.87520313672199,
  "spacing_x": 0.8999999761581421,
  "spacing_y": 0.8984375,
  "spacing_z": 0.8984375,
  "summary_bg_k": 65.50932693123507,
  "summary_bg_mad": 6.762797832489014,
  "summary_bg_mean": 13.834366798400879,
  "summary_bg_median": 13.70395565032959,
  "summary_bg_n": 3455534.0,
  "summary_bg_p05": 4.578469276428223,
  "summary_bg_p95": 27.747638797760008,
  "summary_bg_stdv": 8.058140754699707,
  "summary_csf_k": 0.0693786437243773,
  "summary_csf_mad": 112.77486419677734,
  "summary_csf_mean": 428.23919677734375,
  "summary_csf_median": 406.2734680175781,
  "summary_csf_n": 41287.0,
  "summary_csf_p05": 271.3779663085938,
  "summary_csf_p95": 647.1885925292968,
  "summary_csf_stdv": 116.89411926269531,
  "summary_gm_k": 0.23587391688651316,
  "summary_gm_mad": 79.1583251953125,
  "summary_gm_mean": 810.7958984375,
  "summary_gm_median": 807.862548828125,
  "summary_gm_n": 34892.0,
  "summary_gm_p05": 689.91650390625,
  "summary_gm_p95": 948.4782745361329,
  "summary_gm_stdv": 78.97088623046875,
  "summary_wm_k": 1.2437509407187068,
  "summary_wm_mad": 36.588802337646484,
  "summary_wm_mean": 999.8272705078125,
  "summary_wm_median": 1000.016845703125,
  "summary_wm_n": 288500.0,
  "summary_wm_p05": 932.2661041259767,
  "summary_wm_p95": 1065.4435241699218,
  "summary_wm_stdv": 41.034912109375,
  "tpm_overlap_csf": 0.22030776739120483,
  "tpm_overlap_gm": 0.5061106085777283,
  "tpm_overlap_wm": 0.5525627732276917,
  "wm2max": 0.6811601284079917
}