{
  "aor": 0.003939139633286318,
  "aqi": 0.008476968984485191,
  "bids_meta": {
    "AccessionNumber": "8682-001",
    "AcquisitionDateTime": "2019-01-23T11:04:1.965000",
    "AcquisitionMatrixPE": 80,
    "AcquisitionNumber": 1,
    "AcquisitionTime": "11:04:1.965000",
    "BandwidthPerPixelPhaseEncode": 23.191,
    "BaseResolution": 80,
    "BodyPartExamined": "BRAIN",
    "ConsistencyInfo": "N4_VE11C_LATEST_20160120",
    "ConversionSoftware": "dcm2niix",
    "ConversionSoftwareVersion": "v1.0.20210317",
    "DerivedVendorReportedEchoSpacing": 0.000490002,
    "DeviceSerialNumber": "167050",
    "DwellTime": 2.3e-06,
    "EchoTime": 0.03,
    "EchoTrainLength": 88,
    "EffectiveEchoSpacing": 0.000539002,
    "FlipAngle": 53,
    "ImageComments": "Unaliased MB6/PE3/LB",
    "ImageOrientationPatientDICOM": [
      1,
      0,
      0,
      0,
      0.939693,
      -0.34202
    ],
    "ImageType": [
      "ORIGINAL",
      "PRIMARY",
      "M",
      "MB",
      "ND",
      "MOSAIC"
    ],
    "ImagingFrequency": 123.25,
    "InPlanePhaseEncodingDirectionDICOM": "COL",
    "InstitutionAddress": "Michigan Ave 320,Pasadena,California,US,91025",
    "InstitutionName": "Caltech Prisma32",
    "InstitutionalDepartmentName": "Department",
    "MRAcquisitionType": "2D",
    "MagneticFieldStrength": 3,
    "Manufacturer": "Siemens",
    "ManufacturersModelName": "Prisma_fit",
    "Modality": "MR",
    "MultibandAccelerationFactor": 6,
    "PartialFourier": 1,
    "PatientBirthDate": "1997-03-01",
    "PatientID": "CC0178",
    "PatientName": "CC0178",
    "PatientPosition": "HFS",
    "PatientSex": "M",
    "PatientWeight": 57.1526,
    "PercentPhaseFOV": 100,
    "PercentSampling": 100,
    "PhaseEncodingDirection": "j-",
    "PhaseEncodingSteps": 88,
    "PhaseOversampling": 0.1,
    "PhaseResolution": 1,
    "PixelBandwidth": 2715,
    "ProtocolName": "task-bang_bold",
    "PulseSequenceDetails": "%CustomerSeq%\\cmrr_mbep2d_bold",
    "ReceiveCoilActiveElements": "HEA;HEP",
    "ReceiveCoilName": "Head_32",
    "ReconMatrixPE": 80,
    "ReferringPhysicianName": "Adolphs",
    "RepetitionTime": 0.7,
    "SAR": 0.0971504,
    "ScanOptions": "FS\\EXT",
    "ScanningSequence": "EP",
    "SequenceName": "epfid2d1_80",
    "SequenceVariant": "SK\\SS\\OSP",
    "SeriesDescription": "task-bang_bold",
    "SeriesInstanceUID": "1.3.12.2.1107.5.2.43.167050.2019012311012921471653655.0.0.0",
    "SeriesNumber": 24,
    "ShimSetting": [
      6996,
      -3605,
      7942,
      550,
      -17,
      21,
      -48,
      32
    ],
    "SliceThickness": 2.5,
    "SliceTiming": [
      0,
      0.4775,
      0.2725,
      0.0675,
      0.545,
      0.34,
      0.1375,
      0.6125,
      0.4075,
      0.205,
      0,
      0.4775,
      0.2725,
      0.0675,
      0.545,
      0.34,
      0.1375,
      0.6125,
      0.4075,
      0.205,
      0,
      0.4775,
      0.2725,
      0.0675,
      0.545,
      0.34,
      0.1375,
      0.6125,
      0.4075,
      0.205,
      0,
      0.4775,
      0.2725,
      0.0675,
      0.545,
      0.34,
      0.1375,
      0.6125,
      0.4075,
      0.205,
      0,
      0.4775,
      0.2725,
      0.0675,
      0.545,
      0.34,
      0.1375,
      0.6125,
      0.4075,
      0.205,
      0,
      0.4775,
      0.2725,
      0.0675,
      0.545,
      0.34,
      0.1375,
      0.6125,
      0.4075,
      0.205
    ],
    "SoftwareVersions": "syngo MR E11",
    "SpacingBetweenSlices": 2.5,
    "StationName": "PRISMA",
    "StudyID": "1",
    "StudyInstanceUID": "1.3.12.2.1107.5.2.43.167050.30000019012122271046500000016",
    "TaskName": "bang",
    "TotalReadoutTime": 0.0425812,
    "TxRefAmp": 252.232,
    "WipMemBlock": "4b09740a-ce43-43b3-aa2d-7d16f70d0b88||Sequence: R016 ve11c/master r/e634e98; Dec 19 2017 11:00:25 by eja",
    "dataset": "unknown",
    "modality": "bold",
    "run_id": 1,
    "session_id": "core2p2",
    "subject_id": "CC0178",
    "task_id": "bang"
  },
  "dummy_trs": 1,
  "dvars_nstd": 31.270293128107372,
  "dvars_std": 1.0574041789689244,
  "dvars_vstd": 1.1023263264406782,
  "efc": 0.5265055446953828,
  "fber": 705.93505859375,
  "fd_mean": 0.13780934801895806,
  "fd_num": 120,
  "fd_perc": 16.92524682651622,
  "fwhm_avg": 2.968421333333333,
  "fwhm_x": 2.75458,
  "fwhm_y": 3.1010280000000003,
  "fwhm_z": 3.0496559999999997,
  "gcor": 0.0116807,
  "gsr_x": 0.03510051593184471,
  "gsr_y": 0.04409150034189224,
  "provenance": {
    "md5sum": "0260f975ebb86cf7b58277279e58f365",
    "settings": {
      "fd_thres": 0.2,
      "hmc_fsl": false
    },
    "software": "mriqc",
    "version": "0.15.0",
    "webapi_port": null,
    "webapi_url": "https://mriqc.nimh.nih.gov/api/v1"
  },
  "size_t": 709,
  "size_x": 80,
  "size_y": 80,
  "size_z": 60,
  "snr": 2.1561150001291067,
  "spacing_tr": 0.699999988079071,
  "spacing_x": 2.5,
  "spacing_y": 2.5,
  "spacing_z": 2.5,
  "summary_bg_k": 23.314202944693474,
  "summary_bg_mad": 75.38895416259766,
  "summary_bg_mean": 360.36431884765625,
  "summary_bg_median": 137.5416259765625,
  "summary_bg_n": 238778.0,
  "summary_bg_p05": 77.16057891845703,
  "summary_bg_p95": 1542.2728698730461,
  "summary_bg_stdv": 629.0323486328125,
  "summary_fg_k": 1.0427272468584574,
  "summary_fg_mad": 1532.1767578125,
  "summary_fg_mean": 4229.806640625,
  "summary_fg_median": 3918.1015625,
  "summary_fg_n": 83581.0,
  "summary_fg_p05": 1782.4556884765625,
  "summary_fg_p95": 7844.630859375,
  "summary_fg_stdv": 1817.1934814453125,
  "tsnr": 32.51244354248047
}