{
  "bids_meta": {
    "AccessionNumber": "8707-012",
    "AcquisitionDateTime": "2019-02-05T13:36:18.185000",
    "AcquisitionMatrixPE": 256,
    "AcquisitionNumber": 1,
    "AcquisitionTime": "13:36:18.185000",
    "BaseResolution": 256,
    "BodyPartExamined": "BRAIN",
    "ConsistencyInfo": "N4_VE11C_LATEST_20160120",
    "ConversionSoftware": "dcm2niix",
    "ConversionSoftwareVersion": "v1.0.20210317",
    "DeviceSerialNumber": "167050",
    "DwellTime": 3e-06,
    "EchoNumber": 4,
    "FlipAngle": 8,
    "ImageComments": "Average over all echoes.",
    "ImageOrientationPatientDICOM": [
      0,
      1,
      0,
      0,
      0,
      -1
    ],
    "ImageType": [
      "ORIGINAL",
      "PRIMARY",
      "ECHO",
      "COMBINED",
      "ND"
    ],
    "ImagingFrequency": 123.25,
    "InPlanePhaseEncodingDirectionDICOM": "ROW",
    "InstitutionAddress": "Michigan Ave 320,Pasadena,California,US,91025",
    "InstitutionName": "Caltech Prisma64",
    "InstitutionalDepartmentName": "Department",
    "InversionTime": 1.15,
    "MRAcquisitionType": "3D",
    "MagneticFieldStrength": 3,
    "Manufacturer": "Siemens",
    "ManufacturersModelName": "Prisma_fit",
    "Modality": "MR",
    "ParallelReductionFactorInPlane": 2,
    "PartialFourier": 1,
    "PatientBirthDate": "1979-09-01",
    "PatientID": "CC0104",
    "PatientName": "CC0104",
    "PatientPosition": "HFS",
    "PatientSex": "M",
    "PatientWeight": 68.0389,
    "PercentPhaseFOV": 100,
    "PercentSampling": 100,
    "PhaseEncodingSteps": 282,
    "PhaseOversampling": 0.1,
    "PhaseResolution": 1,
    "PixelBandwidth": 650,
    "ProtocolName": "T1w",
    "PulseSequenceDetails": "%CustomerSeq%\\tfl_wip900D_VE11C",
    "ReceiveCoilActiveElements": "HEA;HEP",
    "ReceiveCoilName": "Head_32",
    "ReconMatrixPE": 256,
    "RefLinesPE": 32,
    "ReferringPhysicianName": "Adolphs",
    "RepetitionTime": 2.55,
    "SAR": 0.0517683,
    "ScanOptions": "IR\\WE",
    "ScanningSequence": "GR\\IR",
    "SequenceName": "tfl3d4_16ns",
    "SequenceVariant": "SK\\SP\\MP\\OSP",
    "SeriesDescription": "T1w_combEcho",
    "SeriesInstanceUID": "1.3.12.2.1107.5.2.43.167050.2019020513432645832203163.0.0.0",
    "SeriesNumber": 4,
    "ShimSetting": [
      6985,
      -3677,
      7902,
      317,
      16,
      -307,
      -27,
      0
    ],
    "SliceThickness": 0.9,
    "SoftwareVersions": "syngo MR E11",
    "StationName": "PRISMA",
    "StudyID": "1",
    "StudyInstanceUID": "1.3.12.2.1107.5.2.43.167050.30000019012122271046500000115",
    "TxRefAmp": 269.977,
    "WipMemBlock": "WIP_Identifier: WIP#900D",
    "acq_id": "combecho",
    "dataset": "unknown",
    "modality": "T1w",
    "run_id": 1,
    "session_id": "core2p2",
    "subject_id": "CC0104"
  },
  "cjv": 0.6129792785965076,
  "cnr": 2.216241827520289,
  "efc": 0.6250680060605914,
  "fber": 232.73204040527344,
  "fwhm_avg": 6.284070262672148,
  "fwhm_x": 6.039689048886009,
  "fwhm_y": 6.2754838260869565,
  "fwhm_z": 6.537037913043479,
  "icvs_csf": 0.19195671789820629,
  "icvs_gm": 0.41402251308841714,
  "icvs_wm": 0.39402076901337657,
  "inu_med": 1.6079013347625732,
  "inu_range": 1.430483418703079,
  "provenance": {
    "md5sum": "4127aec7855ca43e4c296babd3edfafc",
    "settings": {
      "testing": false
    },
    "software": "mriqc",
    "version": "0.15.0",
    "warnings": {
      "large_rot_frame": false,
      "small_air_mask": false
    },
    "webapi_port": null,
    "webapi_url": "https://mriqc.nimh.nih.gov/api/v1"
  },
  "qi_1": 0.0,
  "qi_2": 0.003701554225312439,
  "rpve_csf": 25.548909966559222,
  "rpve_gm": 11.261128830835696,
  "rpve_wm": 13.068852608918544,
  "size_x": 208,
  "size_y": 256,
  "size_z": 256,
  "snr_csf": 3.853915184811178,
  "snr_gm": 13.388798351070438,
  "snr_total": 9.367966516072835,
  "snr_wm": 10.86118601233689,
  "snrd_csf": 19.321030296277563,
  "snrd_gm": 40.72478526684477,
  "snrd_total": 37.91112038512609,
  "snrd_wm": 53.687545592255944,
  "spacing_x": 0.8999999761581421,
  "spacing_y": 0.8984375,
  "spacing_z": 0.8984375,
  "summary_bg_k": 5.905192895371554,
  "summary_bg_mad": 12.202460289001465,
  "summary_bg_mean": 43.87554168701172,
  "summary_bg_median": 42.93379211425781,
  "summary_bg_n": 3193470.0,
  "summary_bg_p05": 24.691063785552977,
  "summary_bg_p95": 66.29979019165039,
  "summary_bg_stdv": 13.49653148651123,
  "summary_csf_k": 0.23435740554187623,
  "summary_csf_mad": 95.07177734375,
  "summary_csf_mean": 372.480224609375,
  "summary_csf_median": 359.8702697753906,
  "summary_csf_n": 43081.0,
  "summary_csf_p05": 243.947021484375,
  "summary_csf_p95": 541.9544677734375,
  "summary_csf_stdv": 93.37675476074219,
  "summary_gm_k": -0.08819608545177493,
  "summary_gm_mad": 57.49409103393555,
  "summary_gm_mean": 759.2869262695312,
  "summary_gm_median": 758.5330200195312,
  "summary_gm_n": 43877.0,
  "summary_gm_p05": 667.642333984375,
  "summary_gm_p95": 852.8197265624999,
  "summary_gm_stdv": 56.653656005859375,
  "summary_wm_k": 0.18603662539044263,
  "summary_wm_mad": 90.50497436523438,
  "summary_wm_mean": 1016.287841796875,
  "summary_wm_median": 999.9752197265625,
  "summary_wm_n": 208351.0,
  "summary_wm_p05": 895.2635803222656,
  "summary_wm_p95": 1190.2252197265625,
  "summary_wm_stdv": 92.06847381591797,
  "tpm_overlap_csf": 0.22567036747932434,
  "tpm_overlap_gm": 0.4267483055591583,
  "tpm_overlap_wm": 0.44240087270736694,
  "wm2max": 0.5146389655012987
}