{
  "bids_meta": {
    "AccessionNumber": "8707-012",
    "AcquisitionDateTime": "2019-02-05T13:52:36.347500",
    "AcquisitionMatrixPE": 256,
    "AcquisitionNumber": 1,
    "AcquisitionTime": "13:52:36.347500",
    "BaseResolution": 256,
    "BodyPartExamined": "BRAIN",
    "ConsistencyInfo": "N4_VE11C_LATEST_20160120",
    "ConversionSoftware": "dcm2niix",
    "ConversionSoftwareVersion": "v1.0.20210317",
    "DeviceSerialNumber": "167050",
    "DwellTime": 2.6e-06,
    "EchoTime": 0.564,
    "EchoTrainLength": 314,
    "FlipAngle": 120,
    "ImageOrientationPatientDICOM": [
      0,
      1,
      0,
      0,
      0,
      -1
    ],
    "ImageType": [
      "ORIGINAL",
      "PRIMARY",
      "M",
      "ND",
      "NORM"
    ],
    "ImagingFrequency": 123.25,
    "InPlanePhaseEncodingDirectionDICOM": "ROW",
    "InstitutionAddress": "Michigan Ave 320,Pasadena,California,US,91025",
    "InstitutionName": "Caltech Prisma64",
    "InstitutionalDepartmentName": "Department",
    "MRAcquisitionType": "3D",
    "MagneticFieldStrength": 3,
    "Manufacturer": "Siemens",
    "ManufacturersModelName": "Prisma_fit",
    "Modality": "MR",
    "ParallelReductionFactorInPlane": 2,
    "PartialFourier": 1,
    "PatientBirthDate": "1979-09-01",
    "PatientID": "CC0104",
    "PatientName": "CC0104",
    "PatientPosition": "HFS",
    "PatientSex": "M",
    "PatientWeight": 68.0389,
    "PercentPhaseFOV": 100,
    "PercentSampling": 100,
    "PhaseEncodingDirection": "i",
    "PhaseEncodingSteps": 274,
    "PhaseOversampling": 0.1,
    "PhaseResolution": 1,
    "PixelBandwidth": 750,
    "ProtocolName": "T2w",
    "PulseSequenceDetails": "%SiemensSeq%\\tse_vfl",
    "ReceiveCoilActiveElements": "HEA;HEP",
    "ReceiveCoilName": "Head_32",
    "ReconMatrixPE": 256,
    "RefLinesPE": 32,
    "ReferringPhysicianName": "Adolphs",
    "RepetitionTime": 3.2,
    "SAR": 0.203741,
    "ScanOptions": "PFP",
    "ScanningSequence": "SE",
    "SequenceName": "*spc_314ns",
    "SequenceVariant": "SK\\SP\\OSP",
    "SeriesDescription": "T2w",
    "SeriesInstanceUID": "1.3.12.2.1107.5.2.43.167050.2019020513581346640514759.0.0.0",
    "SeriesNumber": 12,
    "ShimSetting": [
      6985,
      -3677,
      7902,
      317,
      16,
      -307,
      -27,
      0
    ],
    "SliceThickness": 0.9,
    "SoftwareVersions": "syngo MR E11",
    "StationName": "PRISMA",
    "StudyID": "1",
    "StudyInstanceUID": "1.3.12.2.1107.5.2.43.167050.30000019012122271046500000115",
    "TxRefAmp": 269.977,
    "dataset": "unknown",
    "modality": "T2w",
    "run_id": 2,
    "session_id": "core2p2",
    "subject_id": "CC0104"
  },
  "cjv": 0.44673659923500614,
  "cnr": 2.8991726123964066,
  "efc": 0.5905846728953724,
  "fber": 2270.811279296875,
  "fwhm_avg": 2.7860235474016526,
  "fwhm_x": 2.7238222943788712,
  "fwhm_y": 3.0286580869565216,
  "fwhm_z": 2.6055902608695654,
  "icvs_csf": 0.1771085331719289,
  "icvs_gm": 0.41141973987577823,
  "icvs_wm": 0.4114717269522929,
  "inu_med": 1.5780484676361084,
  "inu_range": 0.3798466920852661,
  "provenance": {
    "md5sum": "48c034abb72e1e6c92eb289703875efe",
    "settings": {
      "testing": false
    },
    "software": "mriqc",
    "version": "0.15.0",
    "warnings": {
      "large_rot_frame": false,
      "small_air_mask": false
    },
    "webapi_port": null,
    "webapi_url": "https://mriqc.nimh.nih.gov/api/v1"
  },
  "qi_1": 0.0,
  "qi_2": 0.0028130121323744948,
  "rpve_csf": 28.03228806501014,
  "rpve_gm": 12.108484152098075,
  "rpve_wm": 13.795164065411733,
  "size_x": 208,
  "size_y": 256,
  "size_z": 256,
  "snr_csf": 4.971876040976072,
  "snr_gm": 7.649864442304778,
  "snr_total": 7.135900323498599,
  "snr_wm": 8.785960487214945,
  "snrd_csf": 177.6344419176456,
  "snrd_gm": 81.70715941375707,
  "snrd_total": 102.08391672461512,
  "snrd_wm": 46.91014884244274,
  "spacing_x": 0.8999999761581421,
  "spacing_y": 0.8984375,
  "spacing_z": 0.8984375,
  "summary_bg_k": 12.855477361413742,
  "summary_bg_mad": 13.9645414352417,
  "summary_bg_mean": 23.819046020507812,
  "summary_bg_median": 15.769092559814453,
  "summary_bg_n": 3194188.0,
  "summary_bg_p05": 3.169273781776428,
  "summary_bg_p95": 75.6959659576416,
  "summary_bg_stdv": 25.862274169921875,
  "summary_csf_k": 2.8705537338213514,
  "summary_csf_mad": 552.2921142578125,
  "summary_csf_mean": 3626.047119140625,
  "summary_csf_median": 3786.362060546875,
  "summary_csf_n": 48511.0,
  "summary_csf_p05": 2109.51171875,
  "summary_csf_p95": 4544.346923828125,
  "summary_csf_stdv": 761.5481567382812,
  "summary_gm_k": 0.22515264740146446,
  "summary_gm_mad": 224.01248168945312,
  "summary_gm_mean": 1752.720703125,
  "summary_gm_median": 1741.626708984375,
  "summary_gm_n": 42992.0,
  "summary_gm_p05": 1397.4044494628906,
  "summary_gm_p95": 2142.614819335937,
  "summary_gm_stdv": 227.66500854492188,
  "summary_wm_k": 0.5360484420895717,
  "summary_wm_mad": 107.33863067626953,
  "summary_wm_mean": 994.8865356445312,
  "summary_wm_median": 999.9119873046875,
  "summary_wm_n": 274534.0,
  "summary_wm_p05": 798.948162841797,
  "summary_wm_p95": 1171.1676086425782,
  "summary_wm_stdv": 113.80772399902344,
  "tpm_overlap_csf": 0.20456770062446594,
  "tpm_overlap_gm": 0.47397977113723755,
  "tpm_overlap_wm": 0.5406419038772583,
  "wm2max": 0.2230933782224111
}