{
  "bids_meta": {
    "AccessionNumber": "7405-001",
    "AcquisitionDateTime": "2014-02-18T16:58:18.470000",
    "AcquisitionMatrixPE": 256,
    "AcquisitionNumber": 1,
    "AcquisitionTime": "16:58:18.470000",
    "BaseResolution": 256,
    "CoilString": "C:HEA;HEP",
    "ConversionSoftware": "dcm2niix",
    "ConversionSoftwareVersion": "v1.0.20210317",
    "DeviceSerialNumber": "35077",
    "DwellTime": 1.09e-05,
    "EchoTime": 0.00291,
    "FlipAngle": 10,
    "ImageOrientationPatientDICOM": [
      0,
      1,
      0,
      0,
      0,
      -1
    ],
    "ImageType": [
      "ORIGINAL",
      "PRIMARY",
      "M",
      "ND",
      "NORM"
    ],
    "ImagingFrequency": 123.229,
    "InPlanePhaseEncodingDirectionDICOM": "ROW",
    "InstitutionAddress": "Wilson Avenue 340 ,Pasadena,California,US,91025",
    "InstitutionName": "Caltech Tim32",
    "InstitutionalDepartmentName": "Department",
    "InversionTime": 0.8,
    "MRAcquisitionType": "3D",
    "MagneticFieldStrength": 3,
    "Manufacturer": "Siemens",
    "ManufacturersModelName": "TrioTim",
    "Modality": "MR",
    "PartialFourier": 1,
    "PatientBirthDate": "1981-01-01",
    "PatientID": "adolphs",
    "PatientName": "CC0091",
    "PatientPosition": "HFS",
    "PatientSex": "F",
    "PatientWeight": 54.4311,
    "PercentPhaseFOV": 100,
    "PercentSampling": 100,
    "PhaseEncodingSteps": 256,
    "PhaseResolution": 1,
    "PixelBandwidth": 179,
    "ProcedureStepDescription": "Conte^Core",
    "ProtocolName": "T1_1",
    "PulseSequenceDetails": "%SiemensSeq%\\tfl",
    "ReceiveCoilName": "32Ch_Head",
    "ReconMatrixPE": 256,
    "RepetitionTime": 1.5,
    "SAR": 0.136666,
    "ScanOptions": "IR",
    "ScanningSequence": "GR\\IR",
    "SequenceName": "*tfl3d1",
    "SequenceVariant": "SP\\MP",
    "SeriesDescription": "T1_1",
    "SeriesInstanceUID": "1.3.12.2.1107.5.2.32.35077.2014021816591560778725555.0.0.0",
    "SeriesNumber": 10,
    "ShimSetting": [
      9541,
      -10328,
      15642,
      656,
      -280,
      53,
      74,
      -24
    ],
    "SliceThickness": 1,
    "SoftwareVersions": "syngo MR B17",
    "StationName": "MEDPC",
    "StudyID": "1",
    "StudyInstanceUID": "1.3.12.2.1107.5.2.32.35077.30000014021718284376500000022",
    "TxRefAmp": 303.588,
    "dataset": "unknown",
    "modality": "T1w",
    "run_id": 1,
    "session_id": "core1p2",
    "subject_id": "CC0091"
  },
  "cjv": 0.47624183023551264,
  "cnr": 2.5036290946755004,
  "efc": 0.48441968105505995,
  "fber": 6848.18310546875,
  "fwhm_avg": 4.117233333333333,
  "fwhm_x": 4.01877,
  "fwhm_y": 4.14905,
  "fwhm_z": 4.18388,
  "icvs_csf": 0.19670963035218536,
  "icvs_gm": 0.41296195309935413,
  "icvs_wm": 0.3903284165484605,
  "inu_med": 1.397320032119751,
  "inu_range": 0.3198011279106141,
  "provenance": {
    "md5sum": "c2addbbd3a30d9f9911c3e97b08dcfa1",
    "settings": {
      "testing": false
    },
    "software": "mriqc",
    "version": "0.15.0",
    "warnings": {
      "large_rot_frame": true,
      "small_air_mask": false
    },
    "webapi_port": null,
    "webapi_url": "https://mriqc.nimh.nih.gov/api/v1"
  },
  "qi_1": 0.0002118653057125845,
  "qi_2": 0.02040746632527876,
  "rpve_csf": 30.549159878886094,
  "rpve_gm": 15.211430899630637,
  "rpve_wm": 19.396863252217745,
  "size_x": 176,
  "size_y": 256,
  "size_z": 256,
  "snr_csf": 3.773216227450705,
  "snr_gm": 11.453058615777431,
  "snr_total": 15.783305596395358,
  "snr_wm": 32.12364194595794,
  "snrd_csf": 58.828104217588105,
  "snrd_gm": 128.84314152119947,
  "snrd_total": 115.80380767544132,
  "snrd_wm": 159.74017728753643,
  "spacing_x": 1.0,
  "spacing_y": 1.0,
  "spacing_z": 1.0,
  "summary_bg_k": 25.73392744923748,
  "summary_bg_mad": 4.101261615753174,
  "summary_bg_mean": 5.960424900054932,
  "summary_bg_median": 5.5191779136657715,
  "summary_bg_n": 3298842.0,
  "summary_bg_p05": 0.0,
  "summary_bg_p95": 16.627532958984375,
  "summary_bg_stdv": 6.327259063720703,
  "summary_csf_k": 3.314296256752799,
  "summary_csf_mad": 78.479736328125,
  "summary_csf_mean": 393.2992248535156,
  "summary_csf_median": 368.27362060546875,
  "summary_csf_n": 18367.0,
  "summary_csf_p05": 277.1857635498047,
  "summary_csf_p95": 586.7413696289062,
  "summary_csf_stdv": 97.5993881225586,
  "summary_gm_k": 0.1948698427743838,
  "summary_gm_mad": 66.40264892578125,
  "summary_gm_mean": 811.6558227539062,
  "summary_gm_median": 806.5792846679688,
  "summary_gm_n": 20651.0,
  "summary_gm_p05": 702.8946228027344,
  "summary_gm_p95": 941.7692260742188,
  "summary_gm_stdv": 70.42308807373047,
  "summary_wm_k": 1.8948247058690875,
  "summary_wm_mad": 25.712299346923828,
  "summary_wm_mean": 999.3679809570312,
  "summary_wm_median": 999.9998168945312,
  "summary_wm_n": 189818.0,
  "summary_wm_p05": 947.3154327392579,
  "summary_wm_p95": 1047.5618530273437,
  "summary_wm_stdv": 31.1296329498291,
  "tpm_overlap_csf": 0.2456042617559433,
  "tpm_overlap_gm": 0.513778567314148,
  "tpm_overlap_wm": 0.5712220072746277,
  "wm2max": 0.547680493436695
}