{
  "bids_meta": {
    "AccessionNumber": "7512-001",
    "AcquisitionDateTime": "2014-05-19T14:34:10.090000",
    "AcquisitionMatrixPE": 256,
    "AcquisitionNumber": 1,
    "AcquisitionTime": "14:34:10.090000",
    "BaseResolution": 256,
    "CoilString": "C:HEA;HEP",
    "ConversionSoftware": "dcm2niix",
    "ConversionSoftwareVersion": "v1.0.20210317",
    "DeviceSerialNumber": "35077",
    "DwellTime": 1.09e-05,
    "EchoTime": 0.00291,
    "FlipAngle": 10,
    "ImageOrientationPatientDICOM": [
      0,
      1,
      0,
      0,
      0,
      -1
    ],
    "ImageType": [
      "ORIGINAL",
      "PRIMARY",
      "M",
      "ND",
      "NORM"
    ],
    "ImagingFrequency": 123.229,
    "InPlanePhaseEncodingDirectionDICOM": "ROW",
    "InstitutionAddress": "Wilson Avenue 340 ,Pasadena,California,US,91025",
    "InstitutionName": "Caltech Tim32",
    "InstitutionalDepartmentName": "Department",
    "InversionTime": 0.8,
    "MRAcquisitionType": "3D",
    "MagneticFieldStrength": 3,
    "Manufacturer": "Siemens",
    "ManufacturersModelName": "TrioTim",
    "Modality": "MR",
    "PartialFourier": 1,
    "PatientBirthDate": "1987-01-01",
    "PatientID": "adolphs",
    "PatientName": "CC0111",
    "PatientPosition": "HFS",
    "PatientSex": "F",
    "PatientWeight": 58.967,
    "PercentPhaseFOV": 100,
    "PercentSampling": 100,
    "PhaseEncodingSteps": 256,
    "PhaseResolution": 1,
    "PixelBandwidth": 179,
    "ProcedureStepDescription": "Conte^Core",
    "ProtocolName": "T1_2",
    "PulseSequenceDetails": "%SiemensSeq%\\tfl",
    "ReceiveCoilName": "32Ch_Head",
    "ReconMatrixPE": 256,
    "RepetitionTime": 1.5,
    "SAR": 0.143461,
    "ScanOptions": "IR",
    "ScanningSequence": "GR\\IR",
    "SequenceName": "*tfl3d1",
    "SequenceVariant": "SP\\MP",
    "SeriesDescription": "T1_2",
    "SeriesInstanceUID": "1.3.12.2.1107.5.2.32.35077.2014051914335038798502590.0.0.0",
    "SeriesNumber": 14,
    "ShimSetting": [
      9530,
      -10533,
      15733,
      654,
      -107,
      -205,
      148,
      -25
    ],
    "SliceThickness": 1,
    "SoftwareVersions": "syngo MR B17",
    "StationName": "MEDPC",
    "StudyID": "1",
    "StudyInstanceUID": "1.3.12.2.1107.5.2.32.35077.30000014051917073734300000004",
    "TxRefAmp": 314.009,
    "dataset": "unknown",
    "modality": "T1w",
    "run_id": 2,
    "session_id": "core1p2",
    "subject_id": "CC0111"
  },
  "cjv": 0.36544119858336693,
  "cnr": 3.2997708259534906,
  "efc": 0.5195121628630095,
  "fber": 7109.77001953125,
  "fwhm_avg": 4.24105,
  "fwhm_x": 4.17461,
  "fwhm_y": 4.28304,
  "fwhm_z": 4.2655,
  "icvs_csf": 0.1823502801009751,
  "icvs_gm": 0.4383516069473275,
  "icvs_wm": 0.3792981129516974,
  "inu_med": 1.5779966115951538,
  "inu_range": 0.4142691493034363,
  "provenance": {
    "md5sum": "cc470bc7067d58517b37c30bcb3f79fd",
    "settings": {
      "testing": false
    },
    "software": "mriqc",
    "version": "0.15.0",
    "warnings": {
      "large_rot_frame": true,
      "small_air_mask": false
    },
    "webapi_port": null,
    "webapi_url": "https://mriqc.nimh.nih.gov/api/v1"
  },
  "qi_1": 0.0004547443593368401,
  "qi_2": 0.01906404755913511,
  "rpve_csf": 31.171305371508737,
  "rpve_gm": 14.01744804622273,
  "rpve_wm": 18.36652573635553,
  "size_x": 176,
  "size_y": 256,
  "size_z": 256,
  "snr_csf": 3.9889661741379365,
  "snr_gm": 12.591360709462792,
  "snr_total": 13.686518255502577,
  "snr_wm": 24.479227882907004,
  "snrd_csf": 55.818223456076765,
  "snrd_gm": 116.6378761616795,
  "snrd_total": 108.74437318846044,
  "snrd_wm": 153.77701994762506,
  "spacing_x": 1.0,
  "spacing_y": 1.0,
  "spacing_z": 1.0,
  "summary_bg_k": 57.86518614940771,
  "summary_bg_mad": 4.260343551635742,
  "summary_bg_mean": 6.560883045196533,
  "summary_bg_median": 5.7142181396484375,
  "summary_bg_n": 2743642.0,
  "summary_bg_p05": 0.0,
  "summary_bg_p95": 20.056537532806395,
  "summary_bg_stdv": 7.715512752532959,
  "summary_csf_k": 1.1124188150228376,
  "summary_csf_mad": 72.6201400756836,
  "summary_csf_mean": 386.6431884765625,
  "summary_csf_median": 362.9851989746094,
  "summary_csf_n": 28043.0,
  "summary_csf_p05": 281.5516693115234,
  "summary_csf_p95": 578.4688781738278,
  "summary_csf_stdv": 90.99568939208984,
  "summary_gm_k": 0.8167171817082206,
  "summary_gm_mad": 53.09315872192383,
  "summary_gm_mean": 764.5628051757812,
  "summary_gm_median": 758.49462890625,
  "summary_gm_n": 29747.0,
  "summary_gm_p05": 675.9953369140625,
  "summary_gm_p95": 876.4016540527343,
  "summary_gm_stdv": 60.238277435302734,
  "summary_wm_k": 1.4808342443908726,
  "summary_wm_mad": 35.16651153564453,
  "summary_wm_mean": 998.9451293945312,
  "summary_wm_median": 1000.010009765625,
  "summary_wm_n": 186636.0,
  "summary_wm_p05": 930.0710906982422,
  "summary_wm_p95": 1062.3243713378906,
  "summary_wm_stdv": 40.851261138916016,
  "tpm_overlap_csf": 0.24831581115722656,
  "tpm_overlap_gm": 0.5222663283348083,
  "tpm_overlap_wm": 0.5603510141372681,
  "wm2max": 0.4797635846639865
}