{
  "bids_meta": {
    "AccessionNumber": "3030-001",
    "AcquisitionDateTime": "2018-07-11T10:39:45.887500",
    "AcquisitionMatrixPE": 256,
    "AcquisitionNumber": 1,
    "AcquisitionTime": "10:39:45.887500",
    "BaseResolution": 256,
    "BodyPartExamined": "BRAIN",
    "ConsistencyInfo": "N4_VE11C_LATEST_20160120",
    "ConversionSoftware": "dcm2niix",
    "ConversionSoftwareVersion": "v1.0.20210317",
    "DeviceSerialNumber": "167050",
    "DwellTime": 3e-06,
    "EchoNumber": 4,
    "FlipAngle": 8,
    "ImageComments": "Average over all echoes.",
    "ImageOrientationPatientDICOM": [
      0,
      1,
      0,
      0,
      0,
      -1
    ],
    "ImageType": [
      "ORIGINAL",
      "PRIMARY",
      "ECHO",
      "COMBINED",
      "ND"
    ],
    "ImagingFrequency": 123.25,
    "InPlanePhaseEncodingDirectionDICOM": "ROW",
    "InstitutionAddress": "Michigan Ave 320,Pasadena,California,US,91025",
    "InstitutionName": "Caltech Prisma64",
    "InstitutionalDepartmentName": "Department",
    "InversionTime": 1.15,
    "MRAcquisitionType": "3D",
    "MagneticFieldStrength": 3,
    "Manufacturer": "Siemens",
    "ManufacturersModelName": "Prisma_fit",
    "Modality": "MR",
    "ParallelReductionFactorInPlane": 2,
    "PartialFourier": 1,
    "PatientBirthDate": "1997-04-01",
    "PatientID": "CC0140",
    "PatientName": "CC0140",
    "PatientPosition": "HFS",
    "PatientSex": "M",
    "PatientWeight": 58.967,
    "PercentPhaseFOV": 100,
    "PercentSampling": 100,
    "PhaseEncodingSteps": 282,
    "PhaseOversampling": 0.1,
    "PhaseResolution": 1,
    "PixelBandwidth": 650,
    "ProcedureStepDescription": "Conte Core",
    "ProtocolName": "T1w",
    "PulseSequenceDetails": "%CustomerSeq%\\tfl_wip900D_VE11C",
    "ReceiveCoilActiveElements": "HEA;HEP",
    "ReceiveCoilName": "Head_32",
    "ReconMatrixPE": 256,
    "RefLinesPE": 32,
    "ReferringPhysicianName": "Adolphs",
    "RepetitionTime": 2.55,
    "SAR": 0.0424847,
    "ScanOptions": "IR\\WE",
    "ScanningSequence": "GR\\IR",
    "SequenceName": "tfl3d4_16ns",
    "SequenceVariant": "SK\\SP\\MP\\OSP",
    "SeriesDescription": "T1w_combEcho",
    "SeriesInstanceUID": "1.3.12.2.1107.5.2.43.167050.2018071110465447722470666.0.0.0",
    "SeriesNumber": 5,
    "ShimSetting": [
      6988,
      -3551,
      7883,
      368,
      -83,
      89,
      12,
      14
    ],
    "SliceThickness": 0.9,
    "SoftwareVersions": "syngo MR E11",
    "StationName": "PRISMA",
    "StudyID": "1",
    "StudyInstanceUID": "1.3.12.2.1107.5.2.43.167050.30000018071021413043300000007",
    "TxRefAmp": 243.87,
    "WipMemBlock": "WIP_Identifier: WIP#900D",
    "acq_id": "combecho",
    "dataset": "unknown",
    "modality": "T1w",
    "run_id": 2,
    "session_id": "core2p2",
    "subject_id": "CC0140"
  },
  "cjv": 0.6266048037804295,
  "cnr": 2.0901081292368935,
  "efc": 0.5856415444370677,
  "fber": 285.31005859375,
  "fwhm_avg": 5.459179042000085,
  "fwhm_x": 5.303433473826341,
  "fwhm_y": 5.470686608695652,
  "fwhm_z": 5.603417043478261,
  "icvs_csf": 0.18362572632449828,
  "icvs_gm": 0.4061122263598012,
  "icvs_wm": 0.4102620473157005,
  "inu_med": 1.665290117263794,
  "inu_range": 1.474982565641403,
  "provenance": {
    "md5sum": "b49bf5ad3545f436830a39de27b9a1d1",
    "settings": {
      "testing": false
    },
    "software": "mriqc",
    "version": "0.15.0",
    "warnings": {
      "large_rot_frame": false,
      "small_air_mask": false
    },
    "webapi_port": null,
    "webapi_url": "https://mriqc.nimh.nih.gov/api/v1"
  },
  "qi_1": 0.0003999807604191191,
  "qi_2": 0.0058973389871403905,
  "rpve_csf": 23.032234670443692,
  "rpve_gm": 9.99882113055979,
  "rpve_wm": 11.346756575468143,
  "size_x": 208,
  "size_y": 256,
  "size_z": 256,
  "snr_csf": 3.7174431866749096,
  "snr_gm": 12.127846054172286,
  "snr_total": 10.373483064088541,
  "snr_wm": 15.275159951418429,
  "snrd_csf": 20.97262407562023,
  "snrd_gm": 45.840792919051594,
  "snrd_total": 41.30868657380409,
  "snrd_wm": 57.11264272674044,
  "spacing_x": 0.8999999761581421,
  "spacing_y": 0.8984375,
  "spacing_z": 0.8984375,
  "summary_bg_k": 101.51553759078398,
  "summary_bg_mad": 11.470669746398926,
  "summary_bg_mean": 41.38710403442383,
  "summary_bg_median": 39.399749755859375,
  "summary_bg_n": 3664302.0,
  "summary_bg_p05": 23.551597785949706,
  "summary_bg_p95": 62.146156311035156,
  "summary_bg_stdv": 15.834712982177734,
  "summary_csf_k": 1.1451848615345614,
  "summary_csf_mad": 85.97274017333984,
  "summary_csf_mean": 388.88311767578125,
  "summary_csf_median": 367.2060546875,
  "summary_csf_n": 45921.0,
  "summary_csf_p05": 266.4237060546875,
  "summary_csf_p95": 584.6480102539062,
  "summary_csf_stdv": 98.77812194824219,
  "summary_gm_k": 0.1143020566212809,
  "summary_gm_mad": 64.40664672851562,
  "summary_gm_mean": 801.4611206054688,
  "summary_gm_median": 802.6185302734375,
  "summary_gm_n": 41358.0,
  "summary_gm_p05": 688.8369140625,
  "summary_gm_p95": 908.2402923583984,
  "summary_gm_stdv": 66.17900848388672,
  "summary_wm_k": 0.5707989821150732,
  "summary_wm_mad": 59.25811767578125,
  "summary_wm_mean": 1008.5595703125,
  "summary_wm_median": 999.9754028320312,
  "summary_wm_n": 246336.0,
  "summary_wm_p05": 917.4924011230469,
  "summary_wm_p95": 1131.0285949707031,
  "summary_wm_stdv": 65.46401977539062,
  "tpm_overlap_csf": 0.22412407398223877,
  "tpm_overlap_gm": 0.44601860642433167,
  "tpm_overlap_wm": 0.47507551312446594,
  "wm2max": 0.6458957989024797
}