{
    "Modality":"MR",
    "MagneticFieldStrength":3,
    "ImagingFrequency":123.229,
    "Manufacturer":"Siemens",
    "ManufacturersModelName":"TrioTim",
    "InstitutionName":"Caltech Tim32",
    "InstitutionalDepartmentName":"Department",
    "InstitutionAddress":"Wilson Avenue 340 ,Pasadena,California,US,91025",
    "DeviceSerialNumber":"35077",
    "StationName":"MEDPC",
    "SeriesInstanceUID":"1.3.12.2.1107.5.2.32.35077.2013021409360743047475746.0.0.0",
    "StudyInstanceUID":"1.3.12.2.1107.5.2.32.35077.30000013021117023826500000061",
    "StudyID":"1",
    "PatientName":"CC0023",
    "PatientID":"adolphs",
    "AccessionNumber":"6448-001",
    "PatientBirthDate":"1989-01-01",
    "PatientSex":"M",
    "PatientWeight":95.2544,
    "PatientPosition":"HFS",
    "ProcedureStepDescription":"Conte^Core",
    "SoftwareVersions":"syngo MR B17",
    "MRAcquisitionType":"2D",
    "SeriesDescription":"Fieldmap_rsBOLD",
    "ProtocolName":"Fieldmap_rsBOLD",
    "ScanningSequence":"GR",
    "SequenceVariant":"SP",
    "SequenceName":"*fm2d2",
    "ImageType":[
        "ORIGINAL",
        "PRIMARY",
        "P",
        "ND",
        "PHASE"
    ],
    "SeriesNumber":4,
    "AcquisitionTime":"09:36:21.052500",
    "AcquisitionDateTime":"2013-02-14T09:36:21.052500",
    "AcquisitionNumber":1,
    "SliceThickness":3,
    "SpacingBetweenSlices":3,
    "SAR":0.251786,
    "EchoNumber":2,
    "EchoTime":0.00501,
    "RepetitionTime":0.4,
    "FlipAngle":45,
    "EchoTime1":0.00255,
    "EchoTime2":0.00501,
    "PartialFourier":1,
    "BaseResolution":64,
    "ShimSetting":[
        9498,
        -10551,
        15763,
        767,
        -164,
        -90,
        -59,
        35
    ],
    "TxRefAmp":402.393,
    "PhaseResolution":1,
    "ReceiveCoilName":"32Ch_Head",
    "CoilString":"C:HEA;HEP",
    "PulseSequenceDetails":"%SiemensSeq%\\gre_field_mapping",
    "PercentPhaseFOV":100,
    "PercentSampling":100,
    "PhaseEncodingSteps":64,
    "AcquisitionMatrixPE":64,
    "ReconMatrixPE":64,
    "PixelBandwidth":501,
    "DwellTime":1.56e-05,
    "PhaseEncodingDirection":"i",
    "SliceTiming":[
        0,
        0.20312,
        0.00781,
        0.21094,
        0.01562,
        0.21875,
        0.02344,
        0.22656,
        0.03125,
        0.23438,
        0.03906,
        0.25,
        0.04688,
        0.25781,
        0.05469,
        0.26562,
        0.07031,
        0.27344,
        0.07812,
        0.28125,
        0.08594,
        0.28906,
        0.09375,
        0.29688,
        0.10156,
        0.30469,
        0.10938,
        0.3125,
        0.11719,
        0.32031,
        0.125,
        0.33594,
        0.13281,
        0.34375,
        0.14062,
        0.35156,
        0.15625,
        0.35938,
        0.16406,
        0.36719,
        0.17188,
        0.375,
        0.17969,
        0.38281,
        0.1875,
        0.39062,
        0.19531
    ],
    "ImageOrientationPatientDICOM":[
        1,
        -1.92734e-10,
        7.01495e-11,
        2.05103e-10,
        0.939693,
        -0.34202
    ],
    "InPlanePhaseEncodingDirectionDICOM":"ROW",
    "ConversionSoftware":"dcm2niix",
    "ConversionSoftwareVersion":"v1.0.20210317",
    "IntendedFor":[
        "ses-core1p1/func/sub-CC0023_ses-core1p1_task-rest_run-01_bold.nii.gz",
        "ses-core1p1/func/sub-CC0023_ses-core1p1_task-rest_run-02_bold.nii.gz"
    ]
}