{
  "bids_meta": {
    "AccessionNumber": "8568-001",
    "AcquisitionDateTime": "2018-09-14T08:53:56.782500",
    "AcquisitionMatrixPE": 256,
    "AcquisitionNumber": 1,
    "AcquisitionTime": "08:53:56.782500",
    "BaseResolution": 256,
    "BodyPartExamined": "BRAIN",
    "ConsistencyInfo": "N4_VE11C_LATEST_20160120",
    "ConversionSoftware": "dcm2niix",
    "ConversionSoftwareVersion": "v1.0.20210317",
    "DeviceSerialNumber": "167050",
    "DwellTime": 3e-06,
    "EchoNumber": 4,
    "FlipAngle": 8,
    "ImageComments": "Average over all echoes.",
    "ImageOrientationPatientDICOM": [
      0,
      1,
      0,
      0,
      0,
      -1
    ],
    "ImageType": [
      "ORIGINAL",
      "PRIMARY",
      "ECHO",
      "COMBINED",
      "ND"
    ],
    "ImagingFrequency": 123.25,
    "InPlanePhaseEncodingDirectionDICOM": "ROW",
    "InstitutionAddress": "Michigan Ave 320,Pasadena,California,US,91025",
    "InstitutionName": "Caltech Prisma64",
    "InstitutionalDepartmentName": "Department",
    "InversionTime": 1.15,
    "MRAcquisitionType": "3D",
    "MagneticFieldStrength": 3,
    "Manufacturer": "Siemens",
    "ManufacturersModelName": "Prisma_fit",
    "Modality": "MR",
    "ParallelReductionFactorInPlane": 2,
    "PartialFourier": 1,
    "PatientBirthDate": "1998-10-01",
    "PatientID": "CC0162",
    "PatientName": "CC0162",
    "PatientPosition": "HFS",
    "PatientSex": "M",
    "PatientWeight": 65.7709,
    "PercentPhaseFOV": 100,
    "PercentSampling": 100,
    "PhaseEncodingSteps": 282,
    "PhaseOversampling": 0.1,
    "PhaseResolution": 1,
    "PixelBandwidth": 650,
    "ProcedureStepDescription": "Conte Core",
    "ProtocolName": "T1w",
    "PulseSequenceDetails": "%CustomerSeq%\\tfl_wip900D_VE11C",
    "ReceiveCoilActiveElements": "HEA;HEP",
    "ReceiveCoilName": "Head_32",
    "ReconMatrixPE": 256,
    "RefLinesPE": 32,
    "ReferringPhysicianName": "Adolphs",
    "RepetitionTime": 2.55,
    "SAR": 0.0412809,
    "ScanOptions": "IR\\WE",
    "ScanningSequence": "GR\\IR",
    "SequenceName": "tfl3d4_16ns",
    "SequenceVariant": "SK\\SP\\MP\\OSP",
    "SeriesDescription": "T1w_combEcho",
    "SeriesInstanceUID": "1.3.12.2.1107.5.2.43.167050.2018091409010568580087234.0.0.0",
    "SeriesNumber": 4,
    "ShimSetting": [
      6987,
      -3637,
      7921,
      393,
      3,
      -155,
      -97,
      -20
    ],
    "SliceThickness": 0.9,
    "SoftwareVersions": "syngo MR E11",
    "StationName": "PRISMA",
    "StudyID": "1",
    "StudyInstanceUID": "1.3.12.2.1107.5.2.43.167050.30000018081720093477500000121",
    "TxRefAmp": 246.665,
    "WipMemBlock": "WIP_Identifier: WIP#900D",
    "dataset": "unknown",
    "modality": "T1w",
    "run_id": 1,
    "session_id": "core2p2",
    "subject_id": "CC0162"
  },
  "cjv": 0.5734528735383551,
  "cnr": 2.2941111077419336,
  "efc": 0.592303204285434,
  "fber": 469.60601806640625,
  "fwhm_avg": 5.111434512012263,
  "fwhm_x": 5.098744579515048,
  "fwhm_y": 4.9737794782608695,
  "fwhm_z": 5.26177947826087,
  "icvs_csf": 0.14730346715162485,
  "icvs_gm": 0.4544560551284042,
  "icvs_wm": 0.39824047771997095,
  "inu_med": 1.4971225261688232,
  "inu_range": 1.1040441274642945,
  "provenance": {
    "md5sum": "2d4cc863ad12f774a6f2c8504934dda8",
    "settings": {
      "testing": false
    },
    "software": "mriqc",
    "version": "0.15.0",
    "warnings": {
      "large_rot_frame": false,
      "small_air_mask": false
    },
    "webapi_port": null,
    "webapi_url": "https://mriqc.nimh.nih.gov/api/v1"
  },
  "qi_1": 0.0,
  "qi_2": 0.002716555641188352,
  "rpve_csf": 29.84163407405775,
  "rpve_gm": 10.256698931655585,
  "rpve_wm": 12.520460006833813,
  "size_x": 208,
  "size_y": 256,
  "size_z": 256,
  "snr_csf": 3.1308386687689453,
  "snr_gm": 11.63706538138756,
  "snr_total": 8.213160297483318,
  "snr_wm": 9.871576842293452,
  "snrd_csf": 11.809878132626993,
  "snrd_gm": 24.784593720414925,
  "snrd_total": 23.617659205408746,
  "snrd_wm": 34.25850576318433,
  "spacing_x": 0.8999999761581421,
  "spacing_y": 0.8984375,
  "spacing_z": 0.8984375,
  "summary_bg_k": 4.839378513409167,
  "summary_bg_mad": 19.121841430664062,
  "summary_bg_mean": 32.17144012451172,
  "summary_bg_median": 29.762704849243164,
  "summary_bg_n": 3320780.0,
  "summary_bg_p05": 6.701269602775573,
  "summary_bg_p95": 67.64995613098142,
  "summary_bg_stdv": 20.10382652282715,
  "summary_csf_k": 0.009962489960196219,
  "summary_csf_mad": 113.798095703125,
  "summary_csf_mean": 360.1679992675781,
  "summary_csf_median": 344.7016906738281,
  "summary_csf_n": 21441.0,
  "summary_csf_p05": 206.8385009765625,
  "summary_csf_p95": 557.648681640625,
  "summary_csf_stdv": 110.09626770019531,
  "summary_gm_k": -0.060071755609515165,
  "summary_gm_mad": 62.50267028808594,
  "summary_gm_mean": 724.0413208007812,
  "summary_gm_median": 723.4021606445312,
  "summary_gm_n": 68971.0,
  "summary_gm_p05": 622.6630554199219,
  "summary_gm_p95": 827.8094177246094,
  "summary_gm_stdv": 62.16317367553711,
  "summary_wm_k": 0.39275608910003434,
  "summary_wm_mad": 96.06880950927734,
  "summary_wm_mean": 1017.0106201171875,
  "summary_wm_median": 999.9226684570312,
  "summary_wm_n": 208469.0,
  "summary_wm_p05": 881.3270629882812,
  "summary_wm_p95": 1208.3855468749998,
  "summary_wm_stdv": 101.29286193847656,
  "tpm_overlap_csf": 0.2081456482410431,
  "tpm_overlap_gm": 0.4588996171951294,
  "tpm_overlap_wm": 0.443211168050766,
  "wm2max": 0.4610822278744977
}