{
  "bids_meta": {
    "AccessionNumber": "8568-001",
    "AcquisitionDateTime": "2018-09-14T08:53:56.782500",
    "AcquisitionMatrixPE": 256,
    "AcquisitionNumber": 1,
    "AcquisitionTime": "08:53:56.782500",
    "BaseResolution": 256,
    "BodyPartExamined": "BRAIN",
    "ConsistencyInfo": "N4_VE11C_LATEST_20160120",
    "ConversionSoftware": "dcm2niix",
    "ConversionSoftwareVersion": "v1.0.20210317",
    "DeviceSerialNumber": "167050",
    "DwellTime": 3e-06,
    "EchoNumber": 4,
    "FlipAngle": 8,
    "ImageComments": "Average over all echoes.",
    "ImageOrientationPatientDICOM": [
      0,
      1,
      0,
      0,
      0,
      -1
    ],
    "ImageType": [
      "ORIGINAL",
      "PRIMARY",
      "ECHO",
      "COMBINED",
      "ND",
      "NORM"
    ],
    "ImagingFrequency": 123.25,
    "InPlanePhaseEncodingDirectionDICOM": "ROW",
    "InstitutionAddress": "Michigan Ave 320,Pasadena,California,US,91025",
    "InstitutionName": "Caltech Prisma64",
    "InstitutionalDepartmentName": "Department",
    "InversionTime": 1.15,
    "MRAcquisitionType": "3D",
    "MagneticFieldStrength": 3,
    "Manufacturer": "Siemens",
    "ManufacturersModelName": "Prisma_fit",
    "Modality": "MR",
    "ParallelReductionFactorInPlane": 2,
    "PartialFourier": 1,
    "PatientBirthDate": "1998-10-01",
    "PatientID": "CC0162",
    "PatientName": "CC0162",
    "PatientPosition": "HFS",
    "PatientSex": "M",
    "PatientWeight": 65.7709,
    "PercentPhaseFOV": 100,
    "PercentSampling": 100,
    "PhaseEncodingSteps": 282,
    "PhaseOversampling": 0.1,
    "PhaseResolution": 1,
    "PixelBandwidth": 650,
    "ProcedureStepDescription": "Conte Core",
    "ProtocolName": "T1w",
    "PulseSequenceDetails": "%CustomerSeq%\\tfl_wip900D_VE11C",
    "ReceiveCoilActiveElements": "HEA;HEP",
    "ReceiveCoilName": "Head_32",
    "ReconMatrixPE": 256,
    "RefLinesPE": 32,
    "ReferringPhysicianName": "Adolphs",
    "RepetitionTime": 2.55,
    "SAR": 0.0412809,
    "ScanOptions": "IR\\WE",
    "ScanningSequence": "GR\\IR",
    "SequenceName": "tfl3d4_16ns",
    "SequenceVariant": "SK\\SP\\MP\\OSP",
    "SeriesDescription": "T1w_combEcho",
    "SeriesInstanceUID": "1.3.12.2.1107.5.2.43.167050.2018091409010567826087225.0.0.0",
    "SeriesNumber": 5,
    "ShimSetting": [
      6987,
      -3637,
      7921,
      393,
      3,
      -155,
      -97,
      -20
    ],
    "SliceThickness": 0.9,
    "SoftwareVersions": "syngo MR E11",
    "StationName": "PRISMA",
    "StudyID": "1",
    "StudyInstanceUID": "1.3.12.2.1107.5.2.43.167050.30000018081720093477500000121",
    "TxRefAmp": 246.665,
    "WipMemBlock": "WIP_Identifier: WIP#900D",
    "dataset": "unknown",
    "modality": "T1w",
    "run_id": 2,
    "session_id": "core2p2",
    "subject_id": "CC0162"
  },
  "cjv": 0.671510523326219,
  "cnr": 2.0212331479086596,
  "efc": 0.6272689808115791,
  "fber": 2334.79296875,
  "fwhm_avg": 3.781490687359051,
  "fwhm_x": 3.802222322946716,
  "fwhm_y": 3.6753252173913045,
  "fwhm_z": 3.8669245217391306,
  "icvs_csf": 0.17007531540165444,
  "icvs_gm": 0.4597381321437123,
  "icvs_wm": 0.3701865524546333,
  "inu_med": 1.6158714294433594,
  "inu_range": 0.7131952285766601,
  "provenance": {
    "md5sum": "1c7b6f894149a29f904247718e10db42",
    "settings": {
      "testing": false
    },
    "software": "mriqc",
    "version": "0.15.0",
    "warnings": {
      "large_rot_frame": false,
      "small_air_mask": false
    },
    "webapi_port": null,
    "webapi_url": "https://mriqc.nimh.nih.gov/api/v1"
  },
  "qi_1": 0.0,
  "qi_2": 0.01704167149512742,
  "rpve_csf": 25.767835382107876,
  "rpve_gm": 10.723377614414991,
  "rpve_wm": 14.625170425772271,
  "size_x": 208,
  "size_y": 256,
  "size_z": 256,
  "snr_csf": 2.9802458483289582,
  "snr_gm": 9.576724874049823,
  "snr_total": 9.398626917777767,
  "snr_wm": 15.638910030954516,
  "snrd_csf": 23.35634002796346,
  "snrd_gm": 45.69236650130117,
  "snrd_total": 42.33924868640032,
  "snrd_wm": 57.96903952993634,
  "spacing_x": 0.8999999761581421,
  "spacing_y": 0.8984375,
  "spacing_z": 0.8984375,
  "summary_bg_k": 22.310608850387705,
  "summary_bg_mad": 11.302000045776367,
  "summary_bg_mean": 13.43632698059082,
  "summary_bg_median": 11.655255317687988,
  "summary_bg_n": 3358386.0,
  "summary_bg_p05": 0.0,
  "summary_bg_p95": 34.808594703674316,
  "summary_bg_stdv": 10.747480392456055,
  "summary_csf_k": -0.21005738398149898,
  "summary_csf_mad": 136.428955078125,
  "summary_csf_mean": 425.5224609375,
  "summary_csf_median": 402.9288635253906,
  "summary_csf_n": 32115.0,
  "summary_csf_p05": 241.75542144775392,
  "summary_csf_p95": 674.7014709472656,
  "summary_csf_stdv": 135.19776916503906,
  "summary_gm_k": 0.03231444871437317,
  "summary_gm_mad": 81.51466369628906,
  "summary_gm_mean": 794.0991821289062,
  "summary_gm_median": 788.2559204101562,
  "summary_gm_n": 57746.0,
  "summary_gm_p05": 669.2987518310547,
  "summary_gm_p95": 940.4782409667969,
  "summary_gm_stdv": 82.308837890625,
  "summary_wm_k": 0.48193096036398986,
  "summary_wm_mad": 60.704166412353516,
  "summary_wm_mean": 1001.119873046875,
  "summary_wm_median": 1000.0453491210938,
  "summary_wm_n": 303043.0,
  "summary_wm_p05": 897.6389892578125,
  "summary_wm_p95": 1107.3328491210937,
  "summary_wm_stdv": 63.94586944580078,
  "tpm_overlap_csf": 0.2140963077545166,
  "tpm_overlap_gm": 0.5134129524230957,
  "tpm_overlap_wm": 0.5293719172477722,
  "wm2max": 0.6162426047271031
}