{
  "aor": 0.00039967500000000005,
  "aqi": 0.004786426925,
  "bids_meta": {
    "AccessionNumber": "7369-001",
    "AcquisitionDateTime": "2014-01-15T12:34:51.075000",
    "AcquisitionMatrixPE": 80,
    "AcquisitionNumber": 1,
    "AcquisitionTime": "12:34:51.075000",
    "BandwidthPerPixelPhaseEncode": 23.148,
    "BaseResolution": 80,
    "CoilString": "C:HEA;HEP",
    "ConversionSoftware": "dcm2niix",
    "ConversionSoftwareVersion": "v1.0.20210317",
    "DerivedVendorReportedEchoSpacing": 0.000540003,
    "DeviceSerialNumber": "35077",
    "DwellTime": 2.6e-06,
    "EchoTime": 0.03,
    "EffectiveEchoSpacing": 0.000540003,
    "FlipAngle": 60,
    "ImageComments": "Unaliased MB4/PE3",
    "ImageOrientationPatientDICOM": [
      1,
      -1e-16,
      0,
      1e-16,
      0.939693,
      -0.34202
    ],
    "ImageType": [
      "ORIGINAL",
      "PRIMARY",
      "M",
      "ND",
      "MOSAIC"
    ],
    "ImagingFrequency": 123.229,
    "InPlanePhaseEncodingDirectionDICOM": "COL",
    "InstitutionAddress": "Wilson Avenue 340 ,Pasadena,California,US,91025",
    "InstitutionName": "Caltech Tim32",
    "InstitutionalDepartmentName": "Department",
    "MRAcquisitionType": "2D",
    "MagneticFieldStrength": 3,
    "Manufacturer": "Siemens",
    "ManufacturersModelName": "TrioTim",
    "Modality": "MR",
    "MultibandAccelerationFactor": 4,
    "PartialFourier": 1,
    "PatientBirthDate": "1991-01-01",
    "PatientID": "adolphs",
    "PatientName": "CC0089",
    "PatientPosition": "HFS",
    "PatientSex": "M",
    "PatientWeight": 57.6062,
    "PercentPhaseFOV": 100,
    "PercentSampling": 100,
    "PhaseEncodingDirection": "j-",
    "PhaseEncodingSteps": 80,
    "PhaseResolution": 1,
    "PixelBandwidth": 2404,
    "ProcedureStepDescription": "Conte^Core",
    "ProtocolName": "rsBOLD_MB_2",
    "PulseSequenceDetails": "%CustomerSeq%\\cmrr_mbep2d_bold",
    "ReceiveCoilName": "32Ch_Head",
    "ReconMatrixPE": 80,
    "RepetitionTime": 1,
    "SAR": 0.114797,
    "ScanOptions": "FS",
    "ScanningSequence": "EP",
    "SequenceName": "epfid2d1_80",
    "SequenceVariant": "SK",
    "SeriesDescription": "rsBOLD_MB_2",
    "SeriesInstanceUID": "1.3.12.2.1107.5.2.32.35077.2014011512344234538542015.0.0.0",
    "SeriesNumber": 5,
    "ShimSetting": [
      9537,
      -10747,
      15834,
      758,
      -113,
      -780,
      469,
      96
    ],
    "SliceThickness": 2.5,
    "SliceTiming": [
      0,
      0.215,
      0.43,
      0.645,
      0.86,
      0.0725,
      0.2875,
      0.5025,
      0.7175,
      0.9325,
      0.1425,
      0.3575,
      0.5725,
      0.7875,
      0,
      0.215,
      0.43,
      0.645,
      0.86,
      0.0725,
      0.2875,
      0.5025,
      0.7175,
      0.9325,
      0.1425,
      0.3575,
      0.5725,
      0.7875,
      0,
      0.215,
      0.43,
      0.645,
      0.86,
      0.0725,
      0.2875,
      0.5025,
      0.7175,
      0.9325,
      0.1425,
      0.3575,
      0.5725,
      0.7875,
      0,
      0.215,
      0.43,
      0.645,
      0.86,
      0.0725,
      0.2875,
      0.5025,
      0.7175,
      0.9325,
      0.1425,
      0.3575,
      0.5725,
      0.7875
    ],
    "SoftwareVersions": "syngo MR B17",
    "SpacingBetweenSlices": 2.5,
    "StationName": "MEDPC",
    "StudyID": "1",
    "StudyInstanceUID": "1.3.12.2.1107.5.2.32.35077.30000014010618551025000000019",
    "TaskName": "rest",
    "TotalReadoutTime": 0.0426603,
    "TxRefAmp": 306.282,
    "dataset": "unknown",
    "modality": "bold",
    "run_id": 2,
    "session_id": "core1p2",
    "subject_id": "CC0089",
    "task_id": "rest"
  },
  "dummy_trs": 0,
  "dvars_nstd": 36.53538672877194,
  "dvars_std": 1.1172955636340849,
  "dvars_vstd": 0.9965427327318294,
  "efc": 0.5576786267550993,
  "fber": 629.8231201171875,
  "fd_mean": 0.1927306289924927,
  "fd_num": 194,
  "fd_perc": 48.5,
  "fwhm_avg": 2.9008533333333335,
  "fwhm_x": 2.743808,
  "fwhm_y": 2.940124,
  "fwhm_z": 3.018628,
  "gcor": 0.0195881,
  "gsr_x": -0.04360849782824516,
  "gsr_y": 0.07655054330825806,
  "provenance": {
    "md5sum": "858ff8c84004fa5e60b90d0eb964b27a",
    "settings": {
      "fd_thres": 0.2,
      "hmc_fsl": false
    },
    "software": "mriqc",
    "version": "0.15.0",
    "webapi_port": null,
    "webapi_url": "https://mriqc.nimh.nih.gov/api/v1"
  },
  "size_t": 400,
  "size_x": 80,
  "size_y": 80,
  "size_z": 56,
  "snr": 2.517797936878405,
  "spacing_tr": 1.0,
  "spacing_x": 2.5,
  "spacing_y": 2.5,
  "spacing_z": 2.5,
  "summary_bg_k": 16.410281662912286,
  "summary_bg_mad": 9.21807861328125,
  "summary_bg_mean": 49.9418830871582,
  "summary_bg_median": 17.559999465942383,
  "summary_bg_n": 215723.0,
  "summary_bg_p05": 10.664999961853027,
  "summary_bg_p95": 220.18224487304687,
  "summary_bg_stdv": 76.28726959228516,
  "summary_fg_k": 2.614184629695128,
  "summary_fg_mad": 144.97254943847656,
  "summary_fg_mean": 517.18603515625,
  "summary_fg_median": 478.7649841308594,
  "summary_fg_n": 83153.0,
  "summary_fg_p05": 289.5729919433594,
  "summary_fg_p95": 893.7329833984372,
  "summary_fg_stdv": 190.151123046875,
  "tsnr": 44.101112365722656
}