{
    "Modality":"MR",
    "MagneticFieldStrength":3,
    "ImagingFrequency":123.25,
    "Manufacturer":"Siemens",
    "ManufacturersModelName":"Prisma_fit",
    "InstitutionName":"Caltech Prisma64",
    "InstitutionalDepartmentName":"Department",
    "InstitutionAddress":"Michigan Ave 320,Pasadena,California,US,91025",
    "DeviceSerialNumber":"167050",
    "StationName":"PRISMA",
    "SeriesInstanceUID":"1.3.12.2.1107.5.2.43.167050.2019013010214291784112195.0.0.0",
    "StudyInstanceUID":"1.3.12.2.1107.5.2.43.167050.30000019012122271046500000067",
    "ReferringPhysicianName":"Adolphs",
    "StudyID":"1",
    "PatientName":"CC0117",
    "PatientID":"CC0117",
    "AccessionNumber":"8695-008",
    "PatientBirthDate":"1978-03-01",
    "PatientSex":"M",
    "PatientWeight":81.6466,
    "BodyPartExamined":"BRAIN",
    "PatientPosition":"HFS",
    "SoftwareVersions":"syngo MR E11",
    "MRAcquisitionType":"2D",
    "SeriesDescription":"acq-rest_run-01_dir-PA_epi",
    "ProtocolName":"acq-rest_run-01_dir-PA_epi",
    "ScanningSequence":"EP",
    "SequenceVariant":"SK\\OSP",
    "ScanOptions":"FS",
    "SequenceName":"epse2d1_80",
    "ImageType":[
        "ORIGINAL",
        "PRIMARY",
        "M",
        "ND",
        "MOSAIC"
    ],
    "SeriesNumber":7,
    "AcquisitionTime":"10:21:45.225000",
    "AcquisitionDateTime":"2019-01-30T10:21:45.225000",
    "AcquisitionNumber":1,
    "SliceThickness":2.5,
    "SpacingBetweenSlices":2.5,
    "SAR":0.207547,
    "EchoTime":0.048,
    "RepetitionTime":5.5,
    "FlipAngle":90,
    "PartialFourier":1,
    "BaseResolution":80,
    "ShimSetting":[
        6971,
        -3566,
        7908,
        399,
        -85,
        164,
        -61,
        -59
    ],
    "TxRefAmp":263.342,
    "PhaseResolution":1,
    "PhaseOversampling":0.1,
    "ReceiveCoilName":"Head_32",
    "ReceiveCoilActiveElements":"HEA;HEP",
    "PulseSequenceDetails":"%CustomerSeq%\\cmrr_mbep2d_se",
    "WipMemBlock":"5b67778f-aab6-4327-b078-819c41bfa598||Sequence: R016 ve11c/master r/e634e98; Dec 19 2017 11:22:56 by eja",
    "ConsistencyInfo":"N4_VE11C_LATEST_20160120",
    "PercentPhaseFOV":100,
    "PercentSampling":100,
    "EchoTrainLength":88,
    "PhaseEncodingSteps":88,
    "AcquisitionMatrixPE":80,
    "ReconMatrixPE":80,
    "BandwidthPerPixelPhaseEncode":23.191,
    "EffectiveEchoSpacing":0.000539002,
    "DerivedVendorReportedEchoSpacing":0.000490002,
    "TotalReadoutTime":0.0425812,
    "PixelBandwidth":2715,
    "DwellTime":2.3e-06,
    "PhaseEncodingDirection":"j",
    "SliceTiming":[
        2.74,
        0,
        2.83,
        0.09,
        2.9225,
        0.1825,
        3.0125,
        0.2725,
        3.105,
        0.365,
        3.195,
        0.455,
        3.2875,
        0.5475,
        3.38,
        0.64,
        3.47,
        0.73,
        3.5625,
        0.8225,
        3.6525,
        0.9125,
        3.745,
        1.005,
        3.835,
        1.095,
        3.9275,
        1.1875,
        4.0175,
        1.2775,
        4.11,
        1.37,
        4.2,
        1.46,
        4.2925,
        1.5525,
        4.3825,
        1.6425,
        4.475,
        1.735,
        4.565,
        1.825,
        4.6575,
        1.9175,
        4.7475,
        2.01,
        4.84,
        2.1,
        4.9325,
        2.1925,
        5.0225,
        2.2825,
        5.115,
        2.375,
        5.205,
        2.465,
        5.2975,
        2.5575,
        5.3875,
        2.6475
    ],
    "ImageOrientationPatientDICOM":[
        1,
        0,
        0,
        0,
        0.939693,
        -0.34202
    ],
    "InPlanePhaseEncodingDirectionDICOM":"COL",
    "ConversionSoftware":"dcm2niix",
    "ConversionSoftwareVersion":"v1.0.20210317",
    "IntendedFor":[
        "ses-core2p2/func/sub-CC0117_ses-core2p2_task-rest_run-01_bold.nii.gz"
    ]
}