{
  "aor": 0.0008765625,
  "aqi": 0.0029145044375000003,
  "bids_meta": {
    "AccessionNumber": "6552-005",
    "AcquisitionDateTime": "2013-04-11T11:32:34.412500",
    "AcquisitionMatrixPE": 64,
    "AcquisitionNumber": 1,
    "AcquisitionTime": "11:32:34.412500",
    "BandwidthPerPixelPhaseEncode": 66.489,
    "BaseResolution": 64,
    "CoilString": "C:HEA;HEP",
    "ConversionSoftware": "dcm2niix",
    "ConversionSoftwareVersion": "v1.0.20210317",
    "DerivedVendorReportedEchoSpacing": 0.000470003,
    "DeviceSerialNumber": "35077",
    "DwellTime": 3e-06,
    "EchoTime": 0.03,
    "EffectiveEchoSpacing": 0.000235001,
    "FlipAngle": 85,
    "ImageOrientationPatientDICOM": [
      1,
      -1e-16,
      0,
      1e-16,
      0.939693,
      -0.34202
    ],
    "ImageType": [
      "ORIGINAL",
      "PRIMARY",
      "M",
      "ND",
      "MOSAIC"
    ],
    "ImagingFrequency": 123.229,
    "InPlanePhaseEncodingDirectionDICOM": "COL",
    "InstitutionAddress": "Wilson Avenue 340 ,Pasadena,California,US,91025",
    "InstitutionName": "Caltech Tim32",
    "InstitutionalDepartmentName": "Department",
    "MRAcquisitionType": "2D",
    "MagneticFieldStrength": 3,
    "Manufacturer": "Siemens",
    "ManufacturersModelName": "TrioTim",
    "Modality": "MR",
    "ParallelReductionFactorInPlane": 2,
    "PartialFourier": 1,
    "PatientBirthDate": "1989-01-01",
    "PatientID": "adolphs",
    "PatientName": "CC0008",
    "PatientPosition": "HFS",
    "PatientSex": "M",
    "PatientWeight": 83.9146,
    "PercentPhaseFOV": 100,
    "PercentSampling": 100,
    "PhaseEncodingDirection": "j-",
    "PhaseEncodingSteps": 64,
    "PhaseResolution": 1,
    "PixelBandwidth": 2604,
    "ProcedureStepDescription": "Conte^Core",
    "ProtocolName": "rsBOLD_1",
    "PulseSequenceDetails": "%SiemensSeq%\\ep2d_bold",
    "ReceiveCoilName": "32Ch_Head",
    "ReconMatrixPE": 64,
    "RefLinesPE": 32,
    "RepetitionTime": 2.5,
    "SAR": 0.15643,
    "ScanOptions": "FS",
    "ScanningSequence": "EP",
    "SequenceName": "*epfid2d1_64",
    "SequenceVariant": "SK",
    "SeriesDescription": "rsBOLD_1",
    "SeriesInstanceUID": "1.3.12.2.1107.5.2.32.35077.201304111132244340694906.0.0.0",
    "SeriesNumber": 2,
    "ShimSetting": [
      9554,
      -10457,
      15737,
      728,
      -44,
      179,
      -114,
      -12
    ],
    "SliceThickness": 3,
    "SliceTiming": [
      0,
      0.0525,
      0.1075,
      0.16,
      0.2125,
      0.2675,
      0.32,
      0.375,
      0.4275,
      0.48,
      0.535,
      0.5875,
      0.64,
      0.695,
      0.7475,
      0.8,
      0.855,
      0.9075,
      0.96,
      1.015,
      1.0675,
      1.1225,
      1.175,
      1.2275,
      1.2825,
      1.335,
      1.3875,
      1.4425,
      1.495,
      1.5475,
      1.6025,
      1.655,
      1.7075,
      1.7625,
      1.815,
      1.87,
      1.9225,
      1.975,
      2.03,
      2.0825,
      2.135,
      2.19,
      2.2425,
      2.295,
      2.35,
      2.4025,
      2.4575
    ],
    "SoftwareVersions": "syngo MR B17",
    "SpacingBetweenSlices": 3,
    "StationName": "MEDPC",
    "StudyID": "1",
    "StudyInstanceUID": "1.3.12.2.1107.5.2.32.35077.30000013040116184470300000073",
    "TaskName": "rest",
    "TotalReadoutTime": 0.0148051,
    "TxRefAmp": 310.108,
    "dataset": "unknown",
    "modality": "bold",
    "run_id": 1,
    "session_id": "core1p1",
    "subject_id": "CC0008",
    "task_id": "rest"
  },
  "dummy_trs": 0,
  "dvars_nstd": 32.59764029572327,
  "dvars_std": 1.1161432414465406,
  "dvars_vstd": 0.9995580106918239,
  "efc": 0.6033836790197684,
  "fber": 288.9312744140625,
  "fd_mean": 0.04486540670981016,
  "fd_num": 2,
  "fd_perc": 1.25,
  "fwhm_avg": 2.653871111111111,
  "fwhm_x": 2.5137466666666666,
  "fwhm_y": 2.71773,
  "fwhm_z": 2.7301366666666667,
  "gcor": 0.0276981,
  "gsr_x": 0.01624949276447296,
  "gsr_y": 0.055904317647218704,
  "provenance": {
    "md5sum": "b18252e6e491539e1b11dafe2d51d28a",
    "settings": {
      "fd_thres": 0.2,
      "hmc_fsl": false
    },
    "software": "mriqc",
    "version": "0.15.0",
    "webapi_port": null,
    "webapi_url": "https://mriqc.nimh.nih.gov/api/v1"
  },
  "size_t": 160,
  "size_x": 64,
  "size_y": 64,
  "size_z": 47,
  "snr": 2.2215224882950126,
  "spacing_tr": 2.5,
  "spacing_x": 3.0,
  "spacing_y": 3.0,
  "spacing_z": 3.0,
  "summary_bg_k": 59.873815025938825,
  "summary_bg_mad": 17.04066276550293,
  "summary_bg_mean": 64.76614379882812,
  "summary_bg_median": 33.41250228881836,
  "summary_bg_n": 90000.0,
  "summary_bg_p05": 19.943750381469727,
  "summary_bg_p95": 213.93219604492194,
  "summary_bg_stdv": 98.11461639404297,
  "summary_fg_k": 1.65734899451724,
  "summary_fg_mad": 252.93194580078125,
  "summary_fg_mean": 680.7323608398438,
  "summary_fg_median": 631.6687622070312,
  "summary_fg_n": 59177.0,
  "summary_fg_p05": 316.29624633789064,
  "summary_fg_p95": 1225.7925537109363,
  "summary_fg_stdv": 284.33807373046875,
  "tsnr": 47.792606353759766
}