{
  "aor": 0.0011731932773109245,
  "aqi": 0.005624917016806723,
  "bids_meta": {
    "AccessionNumber": "8578-001",
    "AcquisitionDateTime": "2018-10-01T12:24:28.382500",
    "AcquisitionMatrixPE": 80,
    "AcquisitionNumber": 1,
    "AcquisitionTime": "12:24:28.382500",
    "BandwidthPerPixelPhaseEncode": 23.191,
    "BaseResolution": 80,
    "BodyPartExamined": "BRAIN",
    "ConsistencyInfo": "N4_VE11C_LATEST_20160120",
    "ConversionSoftware": "dcm2niix",
    "ConversionSoftwareVersion": "v1.0.20210317",
    "DerivedVendorReportedEchoSpacing": 0.000490002,
    "DeviceSerialNumber": "167050",
    "DwellTime": 2.3e-06,
    "EchoTime": 0.03,
    "EchoTrainLength": 88,
    "EffectiveEchoSpacing": 0.000539002,
    "FlipAngle": 53,
    "ImageComments": "Unaliased MB6/PE3/LB",
    "ImageOrientationPatientDICOM": [
      1,
      0,
      0,
      0,
      0.939693,
      -0.34202
    ],
    "ImageType": [
      "ORIGINAL",
      "PRIMARY",
      "M",
      "MB",
      "ND",
      "MOSAIC"
    ],
    "ImagingFrequency": 123.25,
    "InPlanePhaseEncodingDirectionDICOM": "COL",
    "InstitutionAddress": "Michigan Ave 320,Pasadena,California,US,91025",
    "InstitutionName": "Caltech Prisma64",
    "InstitutionalDepartmentName": "Department",
    "MRAcquisitionType": "2D",
    "MagneticFieldStrength": 3,
    "Manufacturer": "Siemens",
    "ManufacturersModelName": "Prisma_fit",
    "Modality": "MR",
    "MultibandAccelerationFactor": 6,
    "PartialFourier": 1,
    "PatientBirthDate": "1988-06-01",
    "PatientID": "CC0170",
    "PatientName": "CC0170",
    "PatientPosition": "HFS",
    "PatientSex": "M",
    "PatientWeight": 81.6466,
    "PercentPhaseFOV": 100,
    "PercentSampling": 100,
    "PhaseEncodingDirection": "j-",
    "PhaseEncodingSteps": 88,
    "PhaseOversampling": 0.1,
    "PhaseResolution": 1,
    "PixelBandwidth": 2715,
    "ProcedureStepDescription": "Conte Core",
    "ProtocolName": "task-pixar_run-01_bold",
    "PulseSequenceDetails": "%CustomerSeq%\\cmrr_mbep2d_bold",
    "ReceiveCoilActiveElements": "HEA;HEP",
    "ReceiveCoilName": "Head_32",
    "ReconMatrixPE": 80,
    "ReferringPhysicianName": "Adolphs",
    "RepetitionTime": 0.7,
    "SAR": 0.0932527,
    "ScanOptions": "FS\\EXT",
    "ScanningSequence": "EP",
    "SequenceName": "epfid2d1_80",
    "SequenceVariant": "SK\\SS\\OSP",
    "SeriesDescription": "task-pixar_run-01_bold",
    "SeriesInstanceUID": "1.3.12.2.1107.5.2.43.167050.2018100112222466438910467.0.0.0",
    "SeriesNumber": 40,
    "ShimSetting": [
      7008,
      -3635,
      7973,
      610,
      -15,
      85,
      98,
      -8
    ],
    "SliceThickness": 2.5,
    "SliceTiming": [
      0,
      0.475,
      0.2725,
      0.0675,
      0.545,
      0.34,
      0.135,
      0.6125,
      0.4075,
      0.205,
      0,
      0.475,
      0.2725,
      0.0675,
      0.545,
      0.34,
      0.135,
      0.6125,
      0.4075,
      0.205,
      0,
      0.475,
      0.2725,
      0.0675,
      0.545,
      0.34,
      0.135,
      0.6125,
      0.4075,
      0.205,
      0,
      0.475,
      0.2725,
      0.0675,
      0.545,
      0.34,
      0.135,
      0.6125,
      0.4075,
      0.205,
      0,
      0.475,
      0.2725,
      0.0675,
      0.545,
      0.34,
      0.135,
      0.6125,
      0.4075,
      0.205,
      0,
      0.475,
      0.2725,
      0.0675,
      0.545,
      0.34,
      0.135,
      0.6125,
      0.4075,
      0.205
    ],
    "SoftwareVersions": "syngo MR E11",
    "SpacingBetweenSlices": 2.5,
    "StationName": "PRISMA",
    "StudyID": "1",
    "StudyInstanceUID": "1.3.12.2.1107.5.2.43.167050.30000018081720093477500000196",
    "TaskName": "pixar",
    "TotalReadoutTime": 0.0425812,
    "TxRefAmp": 278.714,
    "WipMemBlock": "e84611c7-0fea-49f7-9b1a-0ff968ed5e72||Sequence: R016 ve11c/master r/e634e98; Dec 19 2017 11:00:25 by eja",
    "dataset": "unknown",
    "modality": "bold",
    "run_id": 1,
    "session_id": "core2p2",
    "subject_id": "CC0170",
    "task_id": "pixar"
  },
  "dummy_trs": 0,
  "dvars_nstd": 35.88247749734738,
  "dvars_std": 1.0653751462736842,
  "dvars_vstd": 1.0241058031157895,
  "efc": 0.5880403636426588,
  "fber": 379.61370849609375,
  "fd_mean": 0.06371339383840173,
  "fd_num": 0,
  "fd_perc": 0.0,
  "fwhm_avg": 2.794784,
  "fwhm_x": 2.561012,
  "fwhm_y": 3.026748,
  "fwhm_z": 2.796592,
  "gcor": 0.00617919,
  "gsr_x": 0.02425340935587883,
  "gsr_y": 0.11556225270032883,
  "provenance": {
    "md5sum": "d9307bd2ddf4a15e33befdebfb24a03e",
    "settings": {
      "fd_thres": 0.2,
      "hmc_fsl": false
    },
    "software": "mriqc",
    "version": "0.15.0",
    "webapi_port": null,
    "webapi_url": "https://mriqc.nimh.nih.gov/api/v1"
  },
  "size_t": 476,
  "size_x": 80,
  "size_y": 80,
  "size_z": 60,
  "snr": 2.421465453277154,
  "spacing_tr": 0.699999988079071,
  "spacing_x": 2.5,
  "spacing_y": 2.5,
  "spacing_z": 2.5,
  "summary_bg_k": 10.502644624606727,
  "summary_bg_mad": 109.51634216308594,
  "summary_bg_mean": 586.4886474609375,
  "summary_bg_median": 172.40231323242188,
  "summary_bg_n": 231826.0,
  "summary_bg_p05": 87.48320007324219,
  "summary_bg_p95": 2789.7359008789062,
  "summary_bg_stdv": 971.707763671875,
  "summary_fg_k": 0.27660608054668767,
  "summary_fg_mad": 1454.9453125,
  "summary_fg_mean": 3869.08837890625,
  "summary_fg_median": 3658.36474609375,
  "summary_fg_n": 89086.0,
  "summary_fg_p05": 1763.8152465820312,
  "summary_fg_p95": 6671.9183349609375,
  "summary_fg_stdv": 1510.797607421875,
  "tsnr": 40.24595642089844
}