{
  "aor": 0.00047961918194640334,
  "aqi": 0.0055425194640338505,
  "bids_meta": {
    "AccessionNumber": "8578-001",
    "AcquisitionDateTime": "2018-10-01T11:48:59.227500",
    "AcquisitionMatrixPE": 80,
    "AcquisitionNumber": 1,
    "AcquisitionTime": "11:48:59.227500",
    "BandwidthPerPixelPhaseEncode": 23.191,
    "BaseResolution": 80,
    "BodyPartExamined": "BRAIN",
    "ConsistencyInfo": "N4_VE11C_LATEST_20160120",
    "ConversionSoftware": "dcm2niix",
    "ConversionSoftwareVersion": "v1.0.20210317",
    "DerivedVendorReportedEchoSpacing": 0.000490002,
    "DeviceSerialNumber": "167050",
    "DwellTime": 2.3e-06,
    "EchoTime": 0.03,
    "EchoTrainLength": 88,
    "EffectiveEchoSpacing": 0.000539002,
    "FlipAngle": 53,
    "ImageComments": "Unaliased MB6/PE3/LB",
    "ImageOrientationPatientDICOM": [
      1,
      0,
      0,
      0,
      0.939693,
      -0.34202
    ],
    "ImageType": [
      "ORIGINAL",
      "PRIMARY",
      "M",
      "MB",
      "ND",
      "MOSAIC"
    ],
    "ImagingFrequency": 123.25,
    "InPlanePhaseEncodingDirectionDICOM": "COL",
    "InstitutionAddress": "Michigan Ave 320,Pasadena,California,US,91025",
    "InstitutionName": "Caltech Prisma64",
    "InstitutionalDepartmentName": "Department",
    "MRAcquisitionType": "2D",
    "MagneticFieldStrength": 3,
    "Manufacturer": "Siemens",
    "ManufacturersModelName": "Prisma_fit",
    "Modality": "MR",
    "MultibandAccelerationFactor": 6,
    "PartialFourier": 1,
    "PatientBirthDate": "1988-06-01",
    "PatientID": "CC0170",
    "PatientName": "CC0170",
    "PatientPosition": "HFS",
    "PatientSex": "M",
    "PatientWeight": 81.6466,
    "PercentPhaseFOV": 100,
    "PercentSampling": 100,
    "PhaseEncodingDirection": "j-",
    "PhaseEncodingSteps": 88,
    "PhaseOversampling": 0.1,
    "PhaseResolution": 1,
    "PixelBandwidth": 2715,
    "ProcedureStepDescription": "Conte Core",
    "ProtocolName": "task-bang_bold",
    "PulseSequenceDetails": "%CustomerSeq%\\cmrr_mbep2d_bold",
    "ReceiveCoilActiveElements": "HEA;HEP",
    "ReceiveCoilName": "Head_32",
    "ReconMatrixPE": 80,
    "ReferringPhysicianName": "Adolphs",
    "RepetitionTime": 0.7,
    "SAR": 0.0934924,
    "ScanOptions": "FS\\EXT",
    "ScanningSequence": "EP",
    "SequenceName": "epfid2d1_80",
    "SequenceVariant": "SK\\SS\\OSP",
    "SeriesDescription": "task-bang_bold",
    "SeriesInstanceUID": "1.3.12.2.1107.5.2.43.167050.201810011143409412724073.0.0.0",
    "SeriesNumber": 24,
    "ShimSetting": [
      7008,
      -3635,
      7973,
      610,
      -15,
      85,
      98,
      -8
    ],
    "SliceThickness": 2.5,
    "SliceTiming": [
      0,
      0.4775,
      0.2725,
      0.07,
      0.545,
      0.34,
      0.1375,
      0.6125,
      0.41,
      0.205,
      0,
      0.4775,
      0.2725,
      0.07,
      0.545,
      0.34,
      0.1375,
      0.6125,
      0.41,
      0.205,
      0,
      0.4775,
      0.2725,
      0.07,
      0.545,
      0.34,
      0.1375,
      0.6125,
      0.41,
      0.205,
      0,
      0.4775,
      0.2725,
      0.07,
      0.545,
      0.34,
      0.1375,
      0.6125,
      0.41,
      0.205,
      0,
      0.4775,
      0.2725,
      0.07,
      0.545,
      0.34,
      0.1375,
      0.6125,
      0.41,
      0.205,
      0,
      0.4775,
      0.2725,
      0.07,
      0.545,
      0.34,
      0.1375,
      0.6125,
      0.41,
      0.205
    ],
    "SoftwareVersions": "syngo MR E11",
    "SpacingBetweenSlices": 2.5,
    "StationName": "PRISMA",
    "StudyID": "1",
    "StudyInstanceUID": "1.3.12.2.1107.5.2.43.167050.30000018081720093477500000196",
    "TaskName": "bang",
    "TotalReadoutTime": 0.0425812,
    "TxRefAmp": 278.714,
    "WipMemBlock": "17c58ce4-7d29-43b3-aba3-8a834d3ed599||Sequence: R016 ve11c/master r/e634e98; Dec 19 2017 11:00:25 by eja",
    "dataset": "unknown",
    "modality": "bold",
    "run_id": 1,
    "session_id": "core2p2",
    "subject_id": "CC0170",
    "task_id": "bang"
  },
  "dummy_trs": 1,
  "dvars_nstd": 35.87479020225989,
  "dvars_std": 1.0659240337005649,
  "dvars_vstd": 1.0116022842090404,
  "efc": 0.5871873483595059,
  "fber": 387.45196533203125,
  "fd_mean": 0.06491040412513636,
  "fd_num": 0,
  "fd_perc": 0.0,
  "fwhm_avg": 2.7910706666666667,
  "fwhm_x": 2.554124,
  "fwhm_y": 3.019312,
  "fwhm_z": 2.799776,
  "gcor": 0.00675851,
  "gsr_x": 0.02370111458003521,
  "gsr_y": 0.1180962473154068,
  "provenance": {
    "md5sum": "a073e978b0b678db4954a7770b9ac0b0",
    "settings": {
      "fd_thres": 0.2,
      "hmc_fsl": false
    },
    "software": "mriqc",
    "version": "0.15.0",
    "webapi_port": null,
    "webapi_url": "https://mriqc.nimh.nih.gov/api/v1"
  },
  "size_t": 709,
  "size_x": 80,
  "size_y": 80,
  "size_z": 60,
  "snr": 2.4285310469860493,
  "spacing_tr": 0.699999988079071,
  "spacing_x": 2.5,
  "spacing_y": 2.5,
  "spacing_z": 2.5,
  "summary_bg_k": 10.564187210079496,
  "summary_bg_mad": 108.05013275146484,
  "summary_bg_mean": 572.7388305664062,
  "summary_bg_median": 169.7292022705078,
  "summary_bg_n": 231518.0,
  "summary_bg_p05": 86.57122802734375,
  "summary_bg_p95": 2728.993176269531,
  "summary_bg_stdv": 950.9993286132812,
  "summary_fg_k": 0.29579207584319933,
  "summary_fg_mad": 1434.6258544921875,
  "summary_fg_mean": 3843.766357421875,
  "summary_fg_median": 3637.228515625,
  "summary_fg_n": 89353.0,
  "summary_fg_p05": 1751.7902099609373,
  "summary_fg_p95": 6612.659765625,
  "summary_fg_stdv": 1497.6988525390625,
  "tsnr": 39.47291564941406
}