{
  "aor": 0.0008923666666666667,
  "aqi": 0.020088986316666665,
  "bids_meta": {
    "AccessionNumber": "8578-001",
    "AcquisitionDateTime": "2018-10-01T11:34:8.677500",
    "AcquisitionMatrixPE": 80,
    "AcquisitionNumber": 1,
    "AcquisitionTime": "11:34:8.677500",
    "BandwidthPerPixelPhaseEncode": 23.191,
    "BaseResolution": 80,
    "BodyPartExamined": "BRAIN",
    "ConsistencyInfo": "N4_VE11C_LATEST_20160120",
    "ConversionSoftware": "dcm2niix",
    "ConversionSoftwareVersion": "v1.0.20210317",
    "DerivedVendorReportedEchoSpacing": 0.000490002,
    "DeviceSerialNumber": "167050",
    "DwellTime": 2.3e-06,
    "EchoTime": 0.03,
    "EchoTrainLength": 88,
    "EffectiveEchoSpacing": 0.000539002,
    "FlipAngle": 53,
    "ImageComments": "Unaliased MB6/PE3/LB",
    "ImageOrientationPatientDICOM": [
      1,
      0,
      0,
      0,
      0.939693,
      -0.34202
    ],
    "ImageType": [
      "ORIGINAL",
      "PRIMARY",
      "M",
      "MB",
      "ND",
      "MOSAIC"
    ],
    "ImagingFrequency": 123.25,
    "InPlanePhaseEncodingDirectionDICOM": "COL",
    "InstitutionAddress": "Michigan Ave 320,Pasadena,California,US,91025",
    "InstitutionName": "Caltech Prisma64",
    "InstitutionalDepartmentName": "Department",
    "MRAcquisitionType": "2D",
    "MagneticFieldStrength": 3,
    "Manufacturer": "Siemens",
    "ManufacturersModelName": "Prisma_fit",
    "Modality": "MR",
    "MultibandAccelerationFactor": 6,
    "PartialFourier": 1,
    "PatientBirthDate": "1988-06-01",
    "PatientID": "CC0170",
    "PatientName": "CC0170",
    "PatientPosition": "HFS",
    "PatientSex": "M",
    "PatientWeight": 81.6466,
    "PercentPhaseFOV": 100,
    "PercentSampling": 100,
    "PhaseEncodingDirection": "j-",
    "PhaseEncodingSteps": 88,
    "PhaseOversampling": 0.1,
    "PhaseResolution": 1,
    "PixelBandwidth": 2715,
    "ProcedureStepDescription": "Conte Core",
    "ProtocolName": "task-rest_run-02_bold",
    "PulseSequenceDetails": "%CustomerSeq%\\cmrr_mbep2d_bold",
    "ReceiveCoilActiveElements": "HEA;HEP",
    "ReceiveCoilName": "Head_32",
    "ReconMatrixPE": 80,
    "ReferringPhysicianName": "Adolphs",
    "RepetitionTime": 0.7,
    "SAR": 0.0934025,
    "ScanOptions": "FS\\EXT",
    "ScanningSequence": "EP",
    "SequenceName": "epfid2d1_80",
    "SequenceVariant": "SK\\SS\\OSP",
    "SeriesDescription": "task-rest_run-02_bold",
    "SeriesInstanceUID": "1.3.12.2.1107.5.2.43.167050.2018100111311326504711393.0.0.0",
    "SeriesNumber": 16,
    "ShimSetting": [
      7008,
      -3635,
      7973,
      610,
      -15,
      85,
      98,
      -8
    ],
    "SliceThickness": 2.5,
    "SliceTiming": [
      0,
      0.475,
      0.2725,
      0.0675,
      0.545,
      0.34,
      0.135,
      0.6125,
      0.4075,
      0.205,
      0,
      0.475,
      0.2725,
      0.0675,
      0.545,
      0.34,
      0.135,
      0.6125,
      0.4075,
      0.205,
      0,
      0.475,
      0.2725,
      0.0675,
      0.545,
      0.34,
      0.135,
      0.6125,
      0.4075,
      0.205,
      0,
      0.475,
      0.2725,
      0.0675,
      0.545,
      0.34,
      0.135,
      0.6125,
      0.4075,
      0.205,
      0,
      0.475,
      0.2725,
      0.0675,
      0.545,
      0.34,
      0.135,
      0.6125,
      0.4075,
      0.205,
      0,
      0.475,
      0.2725,
      0.0675,
      0.545,
      0.34,
      0.135,
      0.6125,
      0.4075,
      0.205
    ],
    "SoftwareVersions": "syngo MR E11",
    "SpacingBetweenSlices": 2.5,
    "StationName": "PRISMA",
    "StudyID": "1",
    "StudyInstanceUID": "1.3.12.2.1107.5.2.43.167050.30000018081720093477500000196",
    "TaskName": "rest",
    "TotalReadoutTime": 0.0425812,
    "TxRefAmp": 278.714,
    "WipMemBlock": "8c97f293-bbb7-4dcf-bb5a-4d7b874cd9c4||Sequence: R016 ve11c/master r/e634e98; Dec 19 2017 11:00:25 by eja",
    "dataset": "unknown",
    "modality": "bold",
    "run_id": 2,
    "session_id": "core2p2",
    "subject_id": "CC0170",
    "task_id": "rest"
  },
  "dummy_trs": 0,
  "dvars_nstd": 37.565087523823046,
  "dvars_std": 1.0194658763606015,
  "dvars_vstd": 0.977070818898163,
  "efc": 0.5871765018289657,
  "fber": 381.3755798339844,
  "fd_mean": 0.11884630965367086,
  "fd_num": 87,
  "fd_perc": 14.5,
  "fwhm_avg": 2.858185333333333,
  "fwhm_x": 2.58716,
  "fwhm_y": 3.108392,
  "fwhm_z": 2.879004,
  "gcor": 0.0114862,
  "gsr_x": 0.0206964872777462,
  "gsr_y": 0.11445119231939316,
  "provenance": {
    "md5sum": "420ce966591acaf3d394f26065c9b11d",
    "settings": {
      "fd_thres": 0.2,
      "hmc_fsl": false
    },
    "software": "mriqc",
    "version": "0.15.0",
    "webapi_port": null,
    "webapi_url": "https://mriqc.nimh.nih.gov/api/v1"
  },
  "size_t": 600,
  "size_x": 80,
  "size_y": 80,
  "size_z": 60,
  "snr": 2.438733788652127,
  "spacing_tr": 0.699999988079071,
  "spacing_x": 2.5,
  "spacing_y": 2.5,
  "spacing_z": 2.5,
  "summary_bg_k": 12.110378660703228,
  "summary_bg_mad": 111.01972961425781,
  "summary_bg_mean": 570.2410888671875,
  "summary_bg_median": 171.78582763671875,
  "summary_bg_n": 231262.0,
  "summary_bg_p05": 85.59833526611328,
  "summary_bg_p95": 2672.255493164062,
  "summary_bg_stdv": 948.8214111328125,
  "summary_fg_k": 0.28491060666675416,
  "summary_fg_mad": 1434.6390380859375,
  "summary_fg_mean": 3844.72412109375,
  "summary_fg_median": 3636.831787109375,
  "summary_fg_n": 89536.0,
  "summary_fg_p05": 1771.1271057128906,
  "summary_fg_p95": 6607.9376220703125,
  "summary_fg_stdv": 1491.2703857421875,
  "tsnr": 28.603565216064453
}