{
  "aor": 0.0008258947368421053,
  "aqi": 0.0055727424000000005,
  "bids_meta": {
    "AccessionNumber": "8809-001",
    "AcquisitionDateTime": "2019-04-18T14:30:2.637500",
    "AcquisitionMatrixPE": 80,
    "AcquisitionNumber": 1,
    "AcquisitionTime": "14:30:2.637500",
    "BandwidthPerPixelPhaseEncode": 23.191,
    "BaseResolution": 80,
    "BodyPartExamined": "BRAIN",
    "ConsistencyInfo": "N4_VE11C_LATEST_20160120",
    "ConversionSoftware": "dcm2niix",
    "ConversionSoftwareVersion": "v1.0.20210317",
    "DerivedVendorReportedEchoSpacing": 0.000490002,
    "DeviceSerialNumber": "167050",
    "DwellTime": 2.3e-06,
    "EchoTime": 0.03,
    "EchoTrainLength": 88,
    "EffectiveEchoSpacing": 0.000539002,
    "FlipAngle": 53,
    "ImageComments": "Unaliased MB6/PE3/LB",
    "ImageOrientationPatientDICOM": [
      1,
      0,
      0,
      0,
      0.939693,
      -0.34202
    ],
    "ImageType": [
      "ORIGINAL",
      "PRIMARY",
      "M",
      "MB",
      "ND",
      "MOSAIC"
    ],
    "ImagingFrequency": 123.25,
    "InPlanePhaseEncodingDirectionDICOM": "COL",
    "InstitutionAddress": "Michigan Ave 320,Pasadena,California,US,91025",
    "InstitutionName": "Caltech Prisma32",
    "InstitutionalDepartmentName": "Department",
    "MRAcquisitionType": "2D",
    "MagneticFieldStrength": 3,
    "Manufacturer": "Siemens",
    "ManufacturersModelName": "Prisma_fit",
    "Modality": "MR",
    "MultibandAccelerationFactor": 6,
    "PartialFourier": 1,
    "PatientBirthDate": "1980-12-01",
    "PatientID": "CC0184",
    "PatientName": "CC0184",
    "PatientPosition": "HFS",
    "PatientSex": "F",
    "PatientWeight": 63.5029,
    "PercentPhaseFOV": 100,
    "PercentSampling": 100,
    "PhaseEncodingDirection": "j-",
    "PhaseEncodingSteps": 88,
    "PhaseOversampling": 0.1,
    "PhaseResolution": 1,
    "PixelBandwidth": 2715,
    "ProcedureStepDescription": "Conte Core",
    "ProtocolName": "task-pixar_run-01_bold",
    "PulseSequenceDetails": "%CustomerSeq%\\cmrr_mbep2d_bold",
    "ReceiveCoilActiveElements": "HEA;HEP",
    "ReceiveCoilName": "Head_32",
    "ReconMatrixPE": 80,
    "ReferringPhysicianName": "Adolphs",
    "RepetitionTime": 0.7,
    "SAR": 0.0861627,
    "ScanOptions": "FS\\EXT",
    "ScanningSequence": "EP",
    "SequenceName": "epfid2d1_80",
    "SequenceVariant": "SK\\SS\\OSP",
    "SeriesDescription": "task-pixar_run-01_bold",
    "SeriesInstanceUID": "1.3.12.2.1107.5.2.43.167050.2019041814253449757658168.0.0.0",
    "SeriesNumber": 34,
    "ShimSetting": [
      6985,
      -3688,
      7997,
      445,
      -22,
      -133,
      -29,
      -7
    ],
    "SliceThickness": 2.5,
    "SliceTiming": [
      0,
      0.475,
      0.27,
      0.0675,
      0.5425,
      0.34,
      0.135,
      0.61,
      0.4075,
      0.2025,
      0,
      0.475,
      0.27,
      0.0675,
      0.5425,
      0.34,
      0.135,
      0.61,
      0.4075,
      0.2025,
      0,
      0.475,
      0.27,
      0.0675,
      0.5425,
      0.34,
      0.135,
      0.61,
      0.4075,
      0.2025,
      0,
      0.475,
      0.27,
      0.0675,
      0.5425,
      0.34,
      0.135,
      0.61,
      0.4075,
      0.2025,
      0,
      0.475,
      0.27,
      0.0675,
      0.5425,
      0.34,
      0.135,
      0.61,
      0.4075,
      0.2025,
      0,
      0.475,
      0.27,
      0.0675,
      0.5425,
      0.34,
      0.135,
      0.61,
      0.4075,
      0.2025
    ],
    "SoftwareVersions": "syngo MR E11",
    "SpacingBetweenSlices": 2.5,
    "StationName": "PRISMA",
    "StudyID": "1",
    "StudyInstanceUID": "1.3.12.2.1107.5.2.43.167050.30000019041201230705700000076",
    "TaskName": "pixar",
    "TotalReadoutTime": 0.0425812,
    "TxRefAmp": 249.614,
    "WipMemBlock": "46b75129-d411-47be-a70e-97eb1cc0158c||Sequence: R016 ve11c/master r/e634e98; Dec 19 2017 11:00:25 by eja",
    "dataset": "unknown",
    "modality": "bold",
    "run_id": 1,
    "session_id": "core2p2",
    "subject_id": "CC0184",
    "task_id": "pixar"
  },
  "dummy_trs": 1,
  "dvars_nstd": 38.57751802860759,
  "dvars_std": 1.196183431582279,
  "dvars_vstd": 0.9826786956540077,
  "efc": 0.521000348287868,
  "fber": 844.5382080078125,
  "fd_mean": 0.08887493599912469,
  "fd_num": 3,
  "fd_perc": 0.631578947368421,
  "fwhm_avg": 3.0836439999999996,
  "fwhm_x": 2.93534,
  "fwhm_y": 3.2808839999999995,
  "fwhm_z": 3.0347079999999997,
  "gcor": 0.0142692,
  "gsr_x": -0.0170353464782238,
  "gsr_y": 0.08508124947547913,
  "provenance": {
    "md5sum": "917fcfc9448690964b90a9fd71e6ba60",
    "settings": {
      "fd_thres": 0.2,
      "hmc_fsl": false
    },
    "software": "mriqc",
    "version": "0.15.0",
    "webapi_port": null,
    "webapi_url": "https://mriqc.nimh.nih.gov/api/v1"
  },
  "size_t": 475,
  "size_x": 80,
  "size_y": 80,
  "size_z": 60,
  "snr": 2.000549350317124,
  "spacing_tr": 0.699999988079071,
  "spacing_x": 2.5,
  "spacing_y": 2.5,
  "spacing_z": 2.5,
  "summary_bg_k": 12.60400336916007,
  "summary_bg_mad": 80.6254653930664,
  "summary_bg_mean": 432.4683837890625,
  "summary_bg_median": 146.75999450683594,
  "summary_bg_n": 237870.0,
  "summary_bg_p05": 86.18104553222656,
  "summary_bg_p95": 1999.8513977050761,
  "summary_bg_stdv": 707.1348266601562,
  "summary_fg_k": 0.6330412674515769,
  "summary_fg_mad": 2250.552001953125,
  "summary_fg_mean": 5181.3447265625,
  "summary_fg_median": 4703.0751953125,
  "summary_fg_n": 84344.0,
  "summary_fg_p05": 2158.21201171875,
  "summary_fg_p95": 9583.160400390623,
  "summary_fg_stdv": 2350.8779296875,
  "tsnr": 37.9504280090332
}