{
  "bids_meta": {
    "AccessionNumber": "8574-001",
    "AcquisitionDateTime": "2018-09-21T11:12:10.602500",
    "AcquisitionMatrixPE": 256,
    "AcquisitionNumber": 1,
    "AcquisitionTime": "11:12:10.602500",
    "BaseResolution": 256,
    "BodyPartExamined": "BRAIN",
    "ConsistencyInfo": "N4_VE11C_LATEST_20160120",
    "ConversionSoftware": "dcm2niix",
    "ConversionSoftwareVersion": "v1.0.20210317",
    "DeviceSerialNumber": "167050",
    "DwellTime": 3e-06,
    "EchoNumber": 4,
    "FlipAngle": 8,
    "ImageComments": "Average over all echoes.",
    "ImageOrientationPatientDICOM": [
      0,
      1,
      0,
      0,
      0,
      -1
    ],
    "ImageType": [
      "ORIGINAL",
      "PRIMARY",
      "ECHO",
      "COMBINED",
      "ND",
      "NORM"
    ],
    "ImagingFrequency": 123.25,
    "InPlanePhaseEncodingDirectionDICOM": "ROW",
    "InstitutionAddress": "Michigan Ave 320,Pasadena,California,US,91025",
    "InstitutionName": "Caltech Prisma64",
    "InstitutionalDepartmentName": "Department",
    "InversionTime": 1.15,
    "MRAcquisitionType": "3D",
    "MagneticFieldStrength": 3,
    "Manufacturer": "Siemens",
    "ManufacturersModelName": "Prisma_fit",
    "Modality": "MR",
    "ParallelReductionFactorInPlane": 2,
    "PartialFourier": 1,
    "PatientBirthDate": "1979-02-01",
    "PatientID": "CC0164",
    "PatientName": "CC0164",
    "PatientPosition": "HFS",
    "PatientSex": "F",
    "PatientWeight": 83.9146,
    "PercentPhaseFOV": 100,
    "PercentSampling": 100,
    "PhaseEncodingSteps": 282,
    "PhaseOversampling": 0.1,
    "PhaseResolution": 1,
    "PixelBandwidth": 650,
    "ProcedureStepDescription": "Conte Core",
    "ProtocolName": "T1w",
    "PulseSequenceDetails": "%CustomerSeq%\\tfl_wip900D_VE11C",
    "ReceiveCoilActiveElements": "HEA;HEP",
    "ReceiveCoilName": "Head_32",
    "ReconMatrixPE": 256,
    "RefLinesPE": 32,
    "ReferringPhysicianName": "Adolphs",
    "RepetitionTime": 2.55,
    "SAR": 0.0396626,
    "ScanOptions": "IR\\WE",
    "ScanningSequence": "GR\\IR",
    "SequenceName": "tfl3d4_16ns",
    "SequenceVariant": "SK\\SP\\MP\\OSP",
    "SeriesDescription": "T1w_combEcho",
    "SeriesInstanceUID": "1.3.12.2.1107.5.2.43.167050.201809211119196191928613.0.0.0",
    "SeriesNumber": 5,
    "ShimSetting": [
      6955,
      -3693,
      7963,
      769,
      -58,
      -269,
      -709,
      -17
    ],
    "SliceThickness": 0.9,
    "SoftwareVersions": "syngo MR E11",
    "StationName": "PRISMA",
    "StudyID": "1",
    "StudyInstanceUID": "1.3.12.2.1107.5.2.43.167050.30000018081720093477500000160",
    "TxRefAmp": 261.784,
    "WipMemBlock": "WIP_Identifier: WIP#900D",
    "acq_id": "combecho",
    "dataset": "unknown",
    "modality": "T1w",
    "run_id": 2,
    "session_id": "core2p2",
    "subject_id": "CC0164"
  },
  "cjv": 0.39956718593889246,
  "cnr": 3.0940661441230954,
  "efc": 0.5804031923281844,
  "fber": 1084.126708984375,
  "fwhm_avg": 4.143247740396422,
  "fwhm_x": 4.155311221189266,
  "fwhm_y": 4.122423652173913,
  "fwhm_z": 4.1520083478260865,
  "icvs_csf": 0.206228630047856,
  "icvs_gm": 0.4174560215060647,
  "icvs_wm": 0.3763153484460793,
  "inu_med": 1.544981598854065,
  "inu_range": 0.49168744087219207,
  "provenance": {
    "md5sum": "cde98a79217db8748ac4ac245ecfb644",
    "settings": {
      "testing": false
    },
    "software": "mriqc",
    "version": "0.15.0",
    "warnings": {
      "large_rot_frame": false,
      "small_air_mask": false
    },
    "webapi_port": null,
    "webapi_url": "https://mriqc.nimh.nih.gov/api/v1"
  },
  "qi_1": 4.415674902210232e-06,
  "qi_2": 0.01043776609007866,
  "rpve_csf": 28.295428489089645,
  "rpve_gm": 14.419594208859369,
  "rpve_wm": 18.592875559106748,
  "size_x": 208,
  "size_y": 256,
  "size_z": 256,
  "snr_csf": 3.3624044373680704,
  "snr_gm": 12.899416576529724,
  "snr_total": 14.287263485333506,
  "snr_wm": 26.599969442102722,
  "snrd_csf": 37.12799322892119,
  "snrd_gm": 73.98554253675935,
  "snrd_total": 68.72177843163568,
  "snrd_wm": 95.05179952922649,
  "spacing_x": 0.8999999761581421,
  "spacing_y": 0.8984375,
  "spacing_z": 0.8984375,
  "summary_bg_k": 18.244531298612717,
  "summary_bg_mad": 6.892533302307129,
  "summary_bg_mean": 15.329513549804688,
  "summary_bg_median": 13.958778381347656,
  "summary_bg_n": 4038827.0,
  "summary_bg_p05": 4.6606621742248535,
  "summary_bg_p95": 32.437544631958005,
  "summary_bg_stdv": 8.755644798278809,
  "summary_csf_k": 11.817993154993923,
  "summary_csf_mad": 120.09938049316406,
  "summary_csf_mean": 415.1776123046875,
  "summary_csf_median": 390.61474609375,
  "summary_csf_n": 41868.0,
  "summary_csf_p05": 271.67308502197267,
  "summary_csf_p95": 616.4915344238282,
  "summary_csf_stdv": 116.16986846923828,
  "summary_gm_k": 0.5037897005578338,
  "summary_gm_mad": 55.79458236694336,
  "summary_gm_mean": 777.928466796875,
  "summary_gm_median": 778.3842163085938,
  "summary_gm_n": 24178.0,
  "summary_gm_p05": 677.9351837158204,
  "summary_gm_p95": 877.8929718017578,
  "summary_gm_stdv": 60.34134292602539,
  "summary_wm_k": 1.3223904520398415,
  "summary_wm_mad": 32.76271438598633,
  "summary_wm_mean": 998.306884765625,
  "summary_wm_median": 1000.0172729492188,
  "summary_wm_n": 244654.0,
  "summary_wm_p05": 932.6790130615234,
  "summary_wm_p95": 1055.8436706542968,
  "summary_wm_stdv": 37.594600677490234,
  "tpm_overlap_csf": 0.22924943268299103,
  "tpm_overlap_gm": 0.5031353235244751,
  "tpm_overlap_wm": 0.5528075695037842,
  "wm2max": 0.6552463810011381
}