{
    "Modality":"MR",
    "MagneticFieldStrength":3,
    "ImagingFrequency":123.25,
    "Manufacturer":"Siemens",
    "ManufacturersModelName":"Prisma_fit",
    "InstitutionName":"Caltech Prisma32",
    "InstitutionalDepartmentName":"Department",
    "InstitutionAddress":"Michigan Ave 320,Pasadena,California,US,91025",
    "DeviceSerialNumber":"167050",
    "StationName":"PRISMA",
    "SeriesInstanceUID":"1.3.12.2.1107.5.2.43.167050.2019043009375429292571791.0.0.0",
    "StudyInstanceUID":"1.3.12.2.1107.5.2.43.167050.30000019041201230705700000163",
    "ReferringPhysicianName":"Adolphs",
    "StudyID":"1",
    "PatientName":"CC0186",
    "PatientID":"CC0186",
    "AccessionNumber":"8836-001",
    "PatientBirthDate":"1989-10-06",
    "PatientSex":"M",
    "PatientWeight":72.5748,
    "BodyPartExamined":"BRAIN",
    "PatientPosition":"HFS",
    "ProcedureStepDescription":"Conte Core",
    "SoftwareVersions":"syngo MR E11",
    "MRAcquisitionType":"2D",
    "SeriesDescription":"acq-rest_run-01_dir-AP_epi",
    "ProtocolName":"acq-rest_run-01_dir-AP_epi",
    "ScanningSequence":"EP",
    "SequenceVariant":"SK\\OSP",
    "ScanOptions":"FS",
    "SequenceName":"epse2d1_80",
    "ImageType":[
        "ORIGINAL",
        "PRIMARY",
        "M",
        "ND",
        "MOSAIC"
    ],
    "SeriesNumber":6,
    "AcquisitionTime":"09:37:39.830000",
    "AcquisitionDateTime":"2019-04-30T09:37:39.830000",
    "AcquisitionNumber":1,
    "SliceThickness":2.5,
    "SpacingBetweenSlices":2.5,
    "SAR":0.258056,
    "EchoTime":0.048,
    "RepetitionTime":5.5,
    "FlipAngle":90,
    "PartialFourier":1,
    "BaseResolution":80,
    "ShimSetting":[
        7007,
        -3605,
        7933,
        389,
        -16,
        -55,
        -33,
        -16
    ],
    "TxRefAmp":272.242,
    "PhaseResolution":1,
    "PhaseOversampling":0.1,
    "ReceiveCoilName":"Head_32",
    "ReceiveCoilActiveElements":"HEA;HEP",
    "PulseSequenceDetails":"%CustomerSeq%\\cmrr_mbep2d_se",
    "WipMemBlock":"3db875d5-4a46-4b53-8f63-20bf46dc2188||Sequence: R016 ve11c/master r/e634e98; Dec 19 2017 11:22:56 by eja",
    "ConsistencyInfo":"N4_VE11C_LATEST_20160120",
    "PercentPhaseFOV":100,
    "PercentSampling":100,
    "EchoTrainLength":88,
    "PhaseEncodingSteps":88,
    "AcquisitionMatrixPE":80,
    "ReconMatrixPE":80,
    "BandwidthPerPixelPhaseEncode":23.191,
    "EffectiveEchoSpacing":0.000539002,
    "DerivedVendorReportedEchoSpacing":0.000490002,
    "TotalReadoutTime":0.0425812,
    "PixelBandwidth":2715,
    "DwellTime":2.3e-06,
    "PhaseEncodingDirection":"j-",
    "SliceTiming":[
        2.7375,
        0,
        2.83,
        0.09,
        2.9225,
        0.1825,
        3.0125,
        0.2725,
        3.105,
        0.365,
        3.195,
        0.455,
        3.2875,
        0.5475,
        3.3775,
        0.6375,
        3.47,
        0.73,
        3.56,
        0.82,
        3.6525,
        0.9125,
        3.7425,
        1.0025,
        3.835,
        1.095,
        3.925,
        1.185,
        4.0175,
        1.2775,
        4.1075,
        1.3675,
        4.2,
        1.46,
        4.2925,
        1.5525,
        4.3825,
        1.6425,
        4.475,
        1.735,
        4.565,
        1.825,
        4.6575,
        1.9175,
        4.7475,
        2.0075,
        4.84,
        2.1,
        4.93,
        2.19,
        5.0225,
        2.2825,
        5.1125,
        2.3725,
        5.205,
        2.465,
        5.295,
        2.555,
        5.3875,
        2.6475
    ],
    "ImageOrientationPatientDICOM":[
        1,
        0,
        0,
        0,
        0.939693,
        -0.34202
    ],
    "InPlanePhaseEncodingDirectionDICOM":"COL",
    "ConversionSoftware":"dcm2niix",
    "ConversionSoftwareVersion":"v1.0.20210317",
    "IntendedFor":[
        "ses-core2p2/func/sub-CC0186_ses-core2p2_task-rest_run-01_bold.nii.gz"
    ]
}