{
  "aor": 0.0006437249999999999,
  "aqi": 0.00364339945,
  "bids_meta": {
    "AccessionNumber": "7624-008",
    "AcquisitionDateTime": "2014-10-28T13:46:54.450000",
    "AcquisitionMatrixPE": 80,
    "AcquisitionNumber": 1,
    "AcquisitionTime": "13:46:54.450000",
    "BandwidthPerPixelPhaseEncode": 23.148,
    "BaseResolution": 80,
    "CoilString": "C:HEA;HEP",
    "ConversionSoftware": "dcm2niix",
    "ConversionSoftwareVersion": "v1.0.20210317",
    "DerivedVendorReportedEchoSpacing": 0.000540003,
    "DeviceSerialNumber": "35077",
    "DwellTime": 2.6e-06,
    "EchoTime": 0.03,
    "EffectiveEchoSpacing": 0.000540003,
    "FlipAngle": 60,
    "ImageComments": "Unaliased MB4/PE3",
    "ImageOrientationPatientDICOM": [
      1,
      -1e-16,
      0,
      1e-16,
      0.939693,
      -0.34202
    ],
    "ImageType": [
      "ORIGINAL",
      "PRIMARY",
      "M",
      "ND",
      "MOSAIC"
    ],
    "ImagingFrequency": 123.229,
    "InPlanePhaseEncodingDirectionDICOM": "COL",
    "InstitutionAddress": "Wilson Avenue 340 ,Pasadena,California,US,91025",
    "InstitutionName": "Caltech Tim32",
    "InstitutionalDepartmentName": "Department",
    "MRAcquisitionType": "2D",
    "MagneticFieldStrength": 3,
    "Manufacturer": "Siemens",
    "ManufacturersModelName": "TrioTim",
    "Modality": "MR",
    "MultibandAccelerationFactor": 4,
    "PartialFourier": 1,
    "PatientBirthDate": "1989-01-01",
    "PatientID": "adolphs",
    "PatientName": "CC0008",
    "PatientPosition": "HFS",
    "PatientSex": "M",
    "PatientWeight": 83.9146,
    "PercentPhaseFOV": 100,
    "PercentSampling": 100,
    "PhaseEncodingDirection": "j-",
    "PhaseEncodingSteps": 80,
    "PhaseResolution": 1,
    "PixelBandwidth": 2404,
    "ProcedureStepDescription": "Conte^Core",
    "ProtocolName": "rsBOLD_MB_2",
    "PulseSequenceDetails": "%CustomerSeq%\\cmrr_mbep2d_bold",
    "ReceiveCoilName": "32Ch_Head",
    "ReconMatrixPE": 80,
    "RepetitionTime": 1,
    "SAR": 0.0839456,
    "ScanOptions": "FS",
    "ScanningSequence": "EP",
    "SequenceName": "epfid2d1_80",
    "SequenceVariant": "SK",
    "SeriesDescription": "rsBOLD_MB_2",
    "SeriesInstanceUID": "1.3.12.2.1107.5.2.32.35077.2014102813473291847887802.0.0.0",
    "SeriesNumber": 5,
    "ShimSetting": [
      9529,
      -10456,
      15746,
      722,
      -92,
      179,
      -56,
      -3
    ],
    "SliceThickness": 2.5,
    "SliceTiming": [
      0,
      0.215,
      0.43,
      0.645,
      0.86,
      0.07,
      0.285,
      0.5,
      0.715,
      0.93,
      0.1425,
      0.3575,
      0.5725,
      0.7875,
      0,
      0.215,
      0.43,
      0.645,
      0.86,
      0.07,
      0.285,
      0.5,
      0.715,
      0.93,
      0.1425,
      0.3575,
      0.5725,
      0.7875,
      0,
      0.215,
      0.43,
      0.645,
      0.86,
      0.07,
      0.285,
      0.5,
      0.715,
      0.93,
      0.1425,
      0.3575,
      0.5725,
      0.7875,
      0,
      0.215,
      0.43,
      0.645,
      0.86,
      0.07,
      0.285,
      0.5,
      0.715,
      0.93,
      0.1425,
      0.3575,
      0.5725,
      0.7875
    ],
    "SoftwareVersions": "syngo MR B17",
    "SpacingBetweenSlices": 2.5,
    "StationName": "MEDPC",
    "StudyID": "1",
    "StudyInstanceUID": "1.3.12.2.1107.5.2.32.35077.30000014102017502478100000028",
    "TaskName": "rest",
    "TotalReadoutTime": 0.0426603,
    "TxRefAmp": 314.783,
    "dataset": "unknown",
    "modality": "bold",
    "run_id": 2,
    "session_id": "core1p2",
    "subject_id": "CC0008",
    "task_id": "rest"
  },
  "dummy_trs": 0,
  "dvars_nstd": 27.229482426340837,
  "dvars_std": 1.0327278368421058,
  "dvars_vstd": 0.998573189774436,
  "efc": 0.596590449680164,
  "fber": 469.8103332519531,
  "fd_mean": 0.06441789025044106,
  "fd_num": 0,
  "fd_perc": 0.0,
  "fwhm_avg": 3.053392,
  "fwhm_x": 2.9018319999999997,
  "fwhm_y": 3.1779640000000002,
  "fwhm_z": 3.08038,
  "gcor": 0.027514,
  "gsr_x": -0.005211774725466967,
  "gsr_y": 0.11507373303174973,
  "provenance": {
    "md5sum": "1faf5f23cd96da6d7ac84d97c26c3370",
    "settings": {
      "fd_thres": 0.2,
      "hmc_fsl": false
    },
    "software": "mriqc",
    "version": "0.15.0",
    "webapi_port": null,
    "webapi_url": "https://mriqc.nimh.nih.gov/api/v1"
  },
  "size_t": 400,
  "size_x": 80,
  "size_y": 80,
  "size_z": 56,
  "snr": 2.1896233912810943,
  "spacing_tr": 1.0,
  "spacing_x": 2.5,
  "spacing_y": 2.5,
  "spacing_z": 2.5,
  "summary_bg_k": 18.632582456857158,
  "summary_bg_mad": 13.198866844177246,
  "summary_bg_mean": 59.766056060791016,
  "summary_bg_median": 22.010000228881836,
  "summary_bg_n": 187263.0,
  "summary_bg_p05": 12.074999809265137,
  "summary_bg_p95": 246.9399871826172,
  "summary_bg_stdv": 93.14218139648438,
  "summary_fg_k": 1.9930538271643607,
  "summary_fg_mad": 207.76438903808594,
  "summary_fg_mean": 571.3328857421875,
  "summary_fg_median": 529.3900146484375,
  "summary_fg_n": 106473.0,
  "summary_fg_p05": 263.48499755859376,
  "summary_fg_p95": 1032.8904296874998,
  "summary_fg_stdv": 241.7710418701172,
  "tsnr": 44.210811614990234
}