{
    "Modality":"MR",
    "MagneticFieldStrength":3,
    "ImagingFrequency":123.25,
    "Manufacturer":"Siemens",
    "ManufacturersModelName":"Prisma_fit",
    "InstitutionName":"Caltech Prisma64",
    "InstitutionalDepartmentName":"Department",
    "InstitutionAddress":"Michigan Ave 320,Pasadena,California,US,91025",
    "DeviceSerialNumber":"167050",
    "StationName":"PRISMA",
    "SeriesInstanceUID":"1.3.12.2.1107.5.2.43.167050.2018080111083676447046795.0.0.0",
    "StudyInstanceUID":"1.3.12.2.1107.5.2.43.167050.30000018071021413043300000058",
    "ReferringPhysicianName":"Adolphs",
    "StudyID":"1",
    "PatientName":"CC0147",
    "PatientID":"CC0147",
    "AccessionNumber":"8537-001",
    "PatientBirthDate":"1994-01-01",
    "PatientSex":"M",
    "PatientWeight":74.8428,
    "BodyPartExamined":"BRAIN",
    "PatientPosition":"HFS",
    "ProcedureStepDescription":"Conte Core",
    "SoftwareVersions":"syngo MR E11",
    "MRAcquisitionType":"2D",
    "SeriesDescription":"task-rest_run-01_bold_SBRef",
    "ProtocolName":"task-rest_run-01_bold",
    "ScanningSequence":"EP",
    "SequenceVariant":"SK\\SS\\OSP",
    "ScanOptions":"FS\\EXT",
    "SequenceName":"epfid2d1_80",
    "ImageType":[
        "ORIGINAL",
        "PRIMARY",
        "M",
        "ND",
        "MOSAIC"
    ],
    "SeriesNumber":8,
    "AcquisitionTime":"11:10:47.265000",
    "AcquisitionDateTime":"2018-08-01T11:10:47.265000",
    "AcquisitionNumber":1,
    "ImageComments":"Single-band reference",
    "SliceThickness":2.5,
    "SpacingBetweenSlices":2.5,
    "SAR":0.099854,
    "EchoTime":0.03,
    "RepetitionTime":0.7,
    "FlipAngle":53,
    "PartialFourier":1,
    "BaseResolution":80,
    "ShimSetting":[
        6989,
        -3608,
        7928,
        408,
        -42,
        -71,
        -48,
        16
    ],
    "TxRefAmp":277.191,
    "PhaseResolution":1,
    "PhaseOversampling":0.1,
    "ReceiveCoilName":"Head_32",
    "ReceiveCoilActiveElements":"HEA;HEP",
    "PulseSequenceDetails":"%CustomerSeq%\\cmrr_mbep2d_bold",
    "WipMemBlock":"e83a714d-d060-4a36-a173-858531e04e79||Sequence: R016 ve11c/master r/e634e98; Dec 19 2017 11:00:25 by eja",
    "ConsistencyInfo":"N4_VE11C_LATEST_20160120",
    "PercentPhaseFOV":100,
    "PercentSampling":100,
    "EchoTrainLength":88,
    "PhaseEncodingSteps":88,
    "AcquisitionMatrixPE":80,
    "ReconMatrixPE":80,
    "BandwidthPerPixelPhaseEncode":23.191,
    "EffectiveEchoSpacing":0.000539002,
    "DerivedVendorReportedEchoSpacing":0.000490002,
    "TotalReadoutTime":0.0425812,
    "PixelBandwidth":2715,
    "DwellTime":2.3e-06,
    "PhaseEncodingDirection":"j-",
    "SliceTiming":[
        0,
        0.0675,
        0.135,
        0.2025,
        0.27,
        0.34,
        0.4075,
        0.475,
        0.5425,
        0.61,
        0.68,
        0.7475,
        0.815,
        0.8825,
        0.95,
        1.0175,
        1.0875,
        1.155,
        1.2225,
        1.29,
        1.3575,
        1.4275,
        1.495,
        1.5625,
        1.63,
        1.6975,
        1.7675,
        1.835,
        1.9025,
        1.97,
        2.0375,
        2.1075,
        2.175,
        2.2425,
        2.31,
        2.3775,
        2.4475,
        2.515,
        2.5825,
        2.65,
        2.7175,
        2.7875,
        2.855,
        2.9225,
        2.99,
        3.0575,
        3.1275,
        3.195,
        3.2625,
        3.33,
        3.3975,
        3.4675,
        3.535,
        3.6025,
        3.67,
        3.7375,
        3.8075,
        3.875,
        3.9425,
        4.01
    ],
    "ImageOrientationPatientDICOM":[
        1,
        0,
        0,
        0,
        0.939693,
        -0.34202
    ],
    "InPlanePhaseEncodingDirectionDICOM":"COL",
    "ConversionSoftware":"dcm2niix",
    "ConversionSoftwareVersion":"v1.0.20210317",
    "TaskName":"rest"
}