{
  "bids_meta": {
    "AccessionNumber": "8728-007",
    "AcquisitionDateTime": "2019-02-21T08:05:31.220000",
    "AcquisitionMatrixPE": 256,
    "AcquisitionNumber": 1,
    "AcquisitionTime": "08:05:31.220000",
    "BaseResolution": 256,
    "BodyPartExamined": "BRAIN",
    "ConsistencyInfo": "N4_VE11C_LATEST_20160120",
    "ConversionSoftware": "dcm2niix",
    "ConversionSoftwareVersion": "v1.0.20210317",
    "DeviceSerialNumber": "167050",
    "DwellTime": 3e-06,
    "EchoNumber": 4,
    "FlipAngle": 8,
    "ImageComments": "Average over all echoes.",
    "ImageOrientationPatientDICOM": [
      0,
      1,
      0,
      0,
      0,
      -1
    ],
    "ImageType": [
      "ORIGINAL",
      "PRIMARY",
      "ECHO",
      "COMBINED",
      "ND",
      "NORM"
    ],
    "ImagingFrequency": 123.25,
    "InPlanePhaseEncodingDirectionDICOM": "ROW",
    "InstitutionAddress": "Michigan Ave 320,Pasadena,California,US,91025",
    "InstitutionName": "Caltech Prisma64",
    "InstitutionalDepartmentName": "Department",
    "InversionTime": 1.15,
    "MRAcquisitionType": "3D",
    "MagneticFieldStrength": 3,
    "Manufacturer": "Siemens",
    "ManufacturersModelName": "Prisma_fit",
    "Modality": "MR",
    "ParallelReductionFactorInPlane": 2,
    "PartialFourier": 1,
    "PatientBirthDate": "1988-11-01",
    "PatientID": "CC0106",
    "PatientName": "CC0106",
    "PatientPosition": "HFS",
    "PatientSex": "F",
    "PatientWeight": 61.235,
    "PercentPhaseFOV": 100,
    "PercentSampling": 100,
    "PhaseEncodingSteps": 282,
    "PhaseOversampling": 0.1,
    "PhaseResolution": 1,
    "PixelBandwidth": 650,
    "ProtocolName": "T1w",
    "PulseSequenceDetails": "%CustomerSeq%\\tfl_wip900D_VE11C",
    "ReceiveCoilActiveElements": "HEA;HEP",
    "ReceiveCoilName": "Head_32",
    "ReconMatrixPE": 256,
    "RefLinesPE": 32,
    "ReferringPhysicianName": "Adolphs",
    "RepetitionTime": 2.55,
    "SAR": 0.0420408,
    "ScanOptions": "IR\\WE",
    "ScanningSequence": "GR\\IR",
    "SequenceName": "tfl3d4_16ns",
    "SequenceVariant": "SK\\SP\\MP\\OSP",
    "SeriesDescription": "T1w_combEcho",
    "SeriesInstanceUID": "1.3.12.2.1107.5.2.43.167050.2019022108123992742452533.0.0.0",
    "SeriesNumber": 4,
    "ShimSetting": [
      6999,
      -3627,
      7862,
      354,
      -6,
      4,
      125,
      36
    ],
    "SliceThickness": 0.9,
    "SoftwareVersions": "syngo MR E11",
    "StationName": "PRISMA",
    "StudyID": "1",
    "StudyInstanceUID": "1.3.12.2.1107.5.2.43.167050.30000019021201163005200000049",
    "TxRefAmp": 241.629,
    "WipMemBlock": "WIP_Identifier: WIP#900D",
    "acq_id": "combecho",
    "dataset": "unknown",
    "modality": "T1w",
    "run_id": 1,
    "session_id": "core2p2",
    "subject_id": "CC0106"
  },
  "cjv": 0.36193039518534015,
  "cnr": 3.440130712163911,
  "efc": 0.5674655181854801,
  "fber": 2357.652587890625,
  "fwhm_avg": 4.379455142872884,
  "fwhm_x": 4.326344559053436,
  "fwhm_y": 4.374516869565217,
  "fwhm_z": 4.437504,
  "icvs_csf": 0.19499593808897214,
  "icvs_gm": 0.4042867929292983,
  "icvs_wm": 0.40071726898172955,
  "inu_med": 1.3039710521697998,
  "inu_range": 0.4062667489051819,
  "provenance": {
    "md5sum": "b55948eb3d455c102e62f7417939ad70",
    "settings": {
      "testing": false
    },
    "software": "mriqc",
    "version": "0.15.0",
    "warnings": {
      "large_rot_frame": false,
      "small_air_mask": false
    },
    "webapi_port": null,
    "webapi_url": "https://mriqc.nimh.nih.gov/api/v1"
  },
  "qi_1": 0.0,
  "qi_2": 0.03426486653589545,
  "rpve_csf": 22.811592295870426,
  "rpve_gm": 11.47898453275992,
  "rpve_wm": 13.865132742999746,
  "size_x": 208,
  "size_y": 256,
  "size_z": 256,
  "snr_csf": 3.765016832798721,
  "snr_gm": 13.695912506071805,
  "snr_total": 15.394717004707559,
  "snr_wm": 28.723221675252148,
  "snrd_csf": 50.52944737397915,
  "snrd_gm": 107.4291538926389,
  "snrd_total": 99.06521404515668,
  "snrd_wm": 139.237040868852,
  "spacing_x": 0.8999999761581421,
  "spacing_y": 0.8984375,
  "spacing_z": 0.8984375,
  "summary_bg_k": 4.072008943830604,
  "summary_bg_mad": 4.705279350280762,
  "summary_bg_mean": 9.023972511291504,
  "summary_bg_median": 6.511681079864502,
  "summary_bg_n": 3197245.0,
  "summary_bg_p05": 3.2166085243225098,
  "summary_bg_p95": 19.284317779541013,
  "summary_bg_stdv": 4.913418769836426,
  "summary_csf_k": 1.4188570735616475,
  "summary_csf_mad": 82.58648681640625,
  "summary_csf_mean": 382.4635314941406,
  "summary_csf_median": 362.909423828125,
  "summary_csf_n": 46117.0,
  "summary_csf_p05": 262.8169921875,
  "summary_csf_p95": 573.44111328125,
  "summary_csf_stdv": 96.38880920410156,
  "summary_gm_k": 0.4451265383821319,
  "summary_gm_mad": 51.950984954833984,
  "summary_gm_mean": 770.9999389648438,
  "summary_gm_median": 771.5709228515625,
  "summary_gm_n": 27145.0,
  "summary_gm_p05": 678.2860107421875,
  "summary_gm_p95": 864.7264526367187,
  "summary_gm_stdv": 56.334815979003906,
  "summary_wm_k": 1.353530724741172,
  "summary_wm_mad": 30.731510162353516,
  "summary_wm_mean": 997.8311157226562,
  "summary_wm_median": 1000.01953125,
  "summary_wm_n": 348864.0,
  "summary_wm_p05": 936.8379028320313,
  "summary_wm_p95": 1049.5810424804688,
  "summary_wm_stdv": 34.81566619873047,
  "tpm_overlap_csf": 0.23682695627212524,
  "tpm_overlap_gm": 0.4981091618537903,
  "tpm_overlap_wm": 0.5631113052368164,
  "wm2max": 0.7279663442808101
}