{
  "bids_meta": {
    "AccessionNumber": "8728-007",
    "AcquisitionDateTime": "2019-02-21T08:22:27.705000",
    "AcquisitionMatrixPE": 256,
    "AcquisitionNumber": 1,
    "AcquisitionTime": "08:22:27.705000",
    "BaseResolution": 256,
    "BodyPartExamined": "BRAIN",
    "ConsistencyInfo": "N4_VE11C_LATEST_20160120",
    "ConversionSoftware": "dcm2niix",
    "ConversionSoftwareVersion": "v1.0.20210317",
    "DeviceSerialNumber": "167050",
    "DwellTime": 2.6e-06,
    "EchoTime": 0.564,
    "EchoTrainLength": 314,
    "FlipAngle": 120,
    "ImageOrientationPatientDICOM": [
      0,
      1,
      0,
      0,
      0,
      -1
    ],
    "ImageType": [
      "ORIGINAL",
      "PRIMARY",
      "M",
      "ND"
    ],
    "ImagingFrequency": 123.25,
    "InPlanePhaseEncodingDirectionDICOM": "ROW",
    "InstitutionAddress": "Michigan Ave 320,Pasadena,California,US,91025",
    "InstitutionName": "Caltech Prisma64",
    "InstitutionalDepartmentName": "Department",
    "MRAcquisitionType": "3D",
    "MagneticFieldStrength": 3,
    "Manufacturer": "Siemens",
    "ManufacturersModelName": "Prisma_fit",
    "Modality": "MR",
    "ParallelReductionFactorInPlane": 2,
    "PartialFourier": 1,
    "PatientBirthDate": "1988-11-01",
    "PatientID": "CC0106",
    "PatientName": "CC0106",
    "PatientPosition": "HFS",
    "PatientSex": "F",
    "PatientWeight": 61.235,
    "PercentPhaseFOV": 100,
    "PercentSampling": 100,
    "PhaseEncodingDirection": "i",
    "PhaseEncodingSteps": 274,
    "PhaseOversampling": 0.1,
    "PhaseResolution": 1,
    "PixelBandwidth": 750,
    "ProtocolName": "T2w",
    "PulseSequenceDetails": "%SiemensSeq%\\tse_vfl",
    "ReceiveCoilActiveElements": "HEA;HEP",
    "ReceiveCoilName": "Head_32",
    "ReconMatrixPE": 256,
    "RefLinesPE": 32,
    "ReferringPhysicianName": "Adolphs",
    "RepetitionTime": 3.2,
    "SAR": 0.165457,
    "ScanOptions": "PFP",
    "ScanningSequence": "SE",
    "SequenceName": "*spc_314ns",
    "SequenceVariant": "SK\\SP\\OSP",
    "SeriesDescription": "T2w",
    "SeriesInstanceUID": "1.3.12.2.1107.5.2.43.167050.2019022108280442103664108.0.0.0",
    "SeriesNumber": 11,
    "ShimSetting": [
      6999,
      -3627,
      7862,
      354,
      -6,
      4,
      125,
      36
    ],
    "SliceThickness": 0.9,
    "SoftwareVersions": "syngo MR E11",
    "StationName": "PRISMA",
    "StudyID": "1",
    "StudyInstanceUID": "1.3.12.2.1107.5.2.43.167050.30000019021201163005200000049",
    "TxRefAmp": 241.629,
    "dataset": "unknown",
    "modality": "T2w",
    "run_id": 1,
    "session_id": "core2p2",
    "subject_id": "CC0106"
  },
  "cjv": 0.659730292519997,
  "cnr": 2.0872535719950873,
  "efc": 0.4957476495170737,
  "fber": 963.5985717773438,
  "fwhm_avg": 3.788026505557592,
  "fwhm_x": 3.6383334297162544,
  "fwhm_y": 4.0651019130434785,
  "fwhm_z": 3.6606441739130435,
  "icvs_csf": 0.1885330429584628,
  "icvs_gm": 0.4441317735851555,
  "icvs_wm": 0.3673351834563818,
  "inu_med": 1.5296087265014648,
  "inu_range": 0.5179412662982941,
  "provenance": {
    "md5sum": "89530239e4a23b98bee08bfb801820bf",
    "settings": {
      "testing": false
    },
    "software": "mriqc",
    "version": "0.15.0",
    "warnings": {
      "large_rot_frame": false,
      "small_air_mask": false
    },
    "webapi_port": null,
    "webapi_url": "https://mriqc.nimh.nih.gov/api/v1"
  },
  "qi_1": 0.0,
  "qi_2": 0.0018308429422300052,
  "rpve_csf": 22.13878462372051,
  "rpve_gm": 10.749485969616876,
  "rpve_wm": 14.457871968800234,
  "size_x": 208,
  "size_y": 256,
  "size_z": 256,
  "snr_csf": 3.2518507600059614,
  "snr_gm": 4.889988977027728,
  "snr_total": 4.2459768023723035,
  "snr_wm": 4.59609067008322,
  "snrd_csf": 125.10156418773721,
  "snrd_gm": 45.84998283433123,
  "snrd_total": 64.81692861662464,
  "snrd_wm": 23.499238827805474,
  "spacing_x": 0.8999999761581421,
  "spacing_y": 0.8984375,
  "spacing_z": 0.8984375,
  "summary_bg_k": 6.175682925586225,
  "summary_bg_mad": 27.87957763671875,
  "summary_bg_mean": 49.069419860839844,
  "summary_bg_median": 43.063907623291016,
  "summary_bg_n": 3065861.0,
  "summary_bg_p05": 8.118681907653809,
  "summary_bg_p95": 110.70376586914062,
  "summary_bg_stdv": 33.267215728759766,
  "summary_csf_k": -0.7570220406725947,
  "summary_csf_mad": 2125.797607421875,
  "summary_csf_mean": 5202.583984375,
  "summary_csf_median": 5323.74462890625,
  "summary_csf_n": 53113.0,
  "summary_csf_p05": 2876.435302734375,
  "summary_csf_p95": 7797.612988281249,
  "summary_csf_stdv": 1637.1275634765625,
  "summary_gm_k": -0.3736321514585632,
  "summary_gm_mad": 413.331298828125,
  "summary_gm_mean": 1993.31103515625,
  "summary_gm_median": 1951.1634521484375,
  "summary_gm_n": 50421.0,
  "summary_gm_p05": 1394.74853515625,
  "summary_gm_p95": 2710.07470703125,
  "summary_gm_stdv": 399.00787353515625,
  "summary_wm_k": 0.1149075402129136,
  "summary_wm_mad": 214.16748046875,
  "summary_wm_mean": 1012.263427734375,
  "summary_wm_median": 1000.01904296875,
  "summary_wm_n": 307404.0,
  "summary_wm_p05": 676.9849304199219,
  "summary_wm_p95": 1394.9295959472656,
  "summary_wm_stdv": 217.5800018310547,
  "tpm_overlap_csf": 0.18522292375564575,
  "tpm_overlap_gm": 0.47128820419311523,
  "tpm_overlap_wm": 0.4844399392604828,
  "wm2max": 0.12892111797718642
}