{
  "bids_meta": {
    "AccessionNumber": "7354-001",
    "AcquisitionDateTime": "2013-12-17T10:56:10.677500",
    "AcquisitionMatrixPE": 256,
    "AcquisitionNumber": 1,
    "AcquisitionTime": "10:56:10.677500",
    "BaseResolution": 256,
    "CoilString": "C:HEA;HEP",
    "ConversionSoftware": "dcm2niix",
    "ConversionSoftwareVersion": "v1.0.20210317",
    "DeviceSerialNumber": "35077",
    "DwellTime": 1.09e-05,
    "EchoTime": 0.00291,
    "FlipAngle": 10,
    "ImageOrientationPatientDICOM": [
      0,
      1,
      0,
      0,
      0,
      -1
    ],
    "ImageType": [
      "ORIGINAL",
      "PRIMARY",
      "M",
      "ND",
      "NORM"
    ],
    "ImagingFrequency": 123.229,
    "InPlanePhaseEncodingDirectionDICOM": "ROW",
    "InstitutionAddress": "Wilson Avenue 340 ,Pasadena,California,US,91025",
    "InstitutionName": "Caltech Tim32",
    "InstitutionalDepartmentName": "Department",
    "InversionTime": 0.8,
    "MRAcquisitionType": "3D",
    "MagneticFieldStrength": 3,
    "Manufacturer": "Siemens",
    "ManufacturersModelName": "TrioTim",
    "Modality": "MR",
    "PartialFourier": 1,
    "PatientBirthDate": "1975-01-01",
    "PatientID": "adolphs",
    "PatientName": "CC0081",
    "PatientPosition": "HFS",
    "PatientSex": "M",
    "PatientWeight": 63.5029,
    "PercentPhaseFOV": 100,
    "PercentSampling": 100,
    "PhaseEncodingSteps": 256,
    "PhaseResolution": 1,
    "PixelBandwidth": 179,
    "ProcedureStepDescription": "Conte^Core",
    "ProtocolName": "T1_1",
    "PulseSequenceDetails": "%SiemensSeq%\\tfl",
    "ReceiveCoilName": "32Ch_Head",
    "ReconMatrixPE": 256,
    "RepetitionTime": 1.5,
    "SAR": 0.123825,
    "ScanOptions": "IR",
    "ScanningSequence": "GR\\IR",
    "SequenceName": "*tfl3d1",
    "SequenceVariant": "SP\\MP",
    "SeriesDescription": "T1_1",
    "SeriesInstanceUID": "1.3.12.2.1107.5.2.32.35077.2013121710570032881782729.0.0.0",
    "SeriesNumber": 10,
    "ShimSetting": [
      9572,
      -10435,
      15656,
      408,
      -164,
      -112,
      70,
      20
    ],
    "SliceThickness": 1,
    "SoftwareVersions": "syngo MR B17",
    "StationName": "MEDPC",
    "StudyID": "1",
    "StudyInstanceUID": "1.3.12.2.1107.5.2.32.35077.30000013120918245935900000031",
    "TxRefAmp": 304.378,
    "dataset": "unknown",
    "modality": "T1w",
    "run_id": 1,
    "session_id": "core1p2",
    "subject_id": "CC0081"
  },
  "cjv": 0.4807024198273102,
  "cnr": 2.722373881193006,
  "efc": 0.5402840563570761,
  "fber": 4479.4326171875,
  "fwhm_avg": 4.30861,
  "fwhm_x": 4.10653,
  "fwhm_y": 4.60472,
  "fwhm_z": 4.21458,
  "icvs_csf": 0.22019250211695413,
  "icvs_gm": 0.3976925902572891,
  "icvs_wm": 0.3821149076257568,
  "inu_med": 1.5279183387756348,
  "inu_range": 0.43334374427795375,
  "provenance": {
    "md5sum": "02942ef99b6674b7be2140b67d3955a3",
    "settings": {
      "testing": false
    },
    "software": "mriqc",
    "version": "0.15.0",
    "warnings": {
      "large_rot_frame": true,
      "small_air_mask": false
    },
    "webapi_port": null,
    "webapi_url": "https://mriqc.nimh.nih.gov/api/v1"
  },
  "qi_1": 5.421607696610977e-05,
  "qi_2": 0.020657711213498287,
  "rpve_csf": 25.9640078173887,
  "rpve_gm": 14.362034604698156,
  "rpve_wm": 18.038676225996674,
  "size_x": 176,
  "size_y": 256,
  "size_z": 256,
  "snr_csf": 3.311208709035926,
  "snr_gm": 11.881455761475097,
  "snr_total": 13.173726475840938,
  "snr_wm": 24.328514957011794,
  "snrd_csf": 47.005555805988514,
  "snrd_gm": 101.55024313731694,
  "snrd_total": 92.53827564737885,
  "snrd_wm": 129.0590279988311,
  "spacing_x": 1.0,
  "spacing_y": 1.0,
  "spacing_z": 1.0,
  "summary_bg_k": 26.527245960883402,
  "summary_bg_mad": 5.0763163566589355,
  "summary_bg_mean": 7.211762428283691,
  "summary_bg_median": 6.844557762145996,
  "summary_bg_n": 2673143.0,
  "summary_bg_p05": 0.0,
  "summary_bg_p95": 20.554426193237305,
  "summary_bg_stdv": 7.420553207397461,
  "summary_csf_k": 32.99965980752886,
  "summary_csf_mad": 76.36105346679688,
  "summary_csf_mean": 395.7075500488281,
  "summary_csf_median": 364.22198486328125,
  "summary_csf_n": 36848.0,
  "summary_csf_p05": 280.54789276123046,
  "summary_csf_p95": 593.6228759765625,
  "summary_csf_stdv": 109.99519348144531,
  "summary_gm_k": 0.028669655345348488,
  "summary_gm_mad": 65.13441467285156,
  "summary_gm_mean": 790.9170532226562,
  "summary_gm_median": 786.86083984375,
  "summary_gm_n": 19523.0,
  "summary_gm_p05": 687.7921386718749,
  "summary_gm_p95": 905.064892578125,
  "summary_gm_stdv": 66.2242660522461,
  "summary_wm_k": 0.6297782330769732,
  "summary_wm_mad": 37.32802200317383,
  "summary_wm_mean": 1000.2130737304688,
  "summary_wm_median": 1000.0123291015625,
  "summary_wm_n": 202579.0,
  "summary_wm_p05": 931.8516357421875,
  "summary_wm_p95": 1067.8921142578124,
  "summary_wm_stdv": 41.104434967041016,
  "tpm_overlap_csf": 0.23705755174160004,
  "tpm_overlap_gm": 0.4951368570327759,
  "tpm_overlap_wm": 0.5585558414459229,
  "wm2max": 0.5397020291632206
}