{
  "aor": 0.00040322499999999995,
  "aqi": 0.005136279175,
  "bids_meta": {
    "AccessionNumber": "7706-008",
    "AcquisitionDateTime": "2015-02-05T09:16:20.600000",
    "AcquisitionMatrixPE": 80,
    "AcquisitionNumber": 1,
    "AcquisitionTime": "09:16:20.600000",
    "BandwidthPerPixelPhaseEncode": 23.148,
    "BaseResolution": 80,
    "CoilString": "C:HEA;HEP",
    "ConversionSoftware": "dcm2niix",
    "ConversionSoftwareVersion": "v1.0.20210317",
    "DerivedVendorReportedEchoSpacing": 0.000540003,
    "DeviceSerialNumber": "35077",
    "DwellTime": 2.6e-06,
    "EchoTime": 0.03,
    "EffectiveEchoSpacing": 0.000540003,
    "FlipAngle": 60,
    "ImageComments": "Unaliased MB4/PE3",
    "ImageOrientationPatientDICOM": [
      1,
      -1e-16,
      0,
      1e-16,
      0.915663,
      -0.401948
    ],
    "ImageType": [
      "ORIGINAL",
      "PRIMARY",
      "M",
      "MB",
      "ND",
      "MOSAIC"
    ],
    "ImagingFrequency": 123.229,
    "InPlanePhaseEncodingDirectionDICOM": "COL",
    "InstitutionAddress": "Wilson Avenue 340 ,Pasadena,California,US,91025",
    "InstitutionName": "Caltech Tim32",
    "InstitutionalDepartmentName": "Department",
    "MRAcquisitionType": "2D",
    "MagneticFieldStrength": 3,
    "Manufacturer": "Siemens",
    "ManufacturersModelName": "TrioTim",
    "Modality": "MR",
    "MultibandAccelerationFactor": 4,
    "PartialFourier": 1,
    "PatientBirthDate": "1982-01-01",
    "PatientID": "adolphs",
    "PatientName": "CC0014",
    "PatientPosition": "HFS",
    "PatientSex": "M",
    "PatientWeight": 81.6466,
    "PercentPhaseFOV": 100,
    "PercentSampling": 100,
    "PhaseEncodingDirection": "j-",
    "PhaseEncodingSteps": 80,
    "PhaseResolution": 1,
    "PixelBandwidth": 2404,
    "ProcedureStepDescription": "Conte^Core",
    "ProtocolName": "rsBOLD_MB_1",
    "PulseSequenceDetails": "%CustomerSeq%\\cmrr_mbep2d_bold",
    "ReceiveCoilName": "32Ch_Head",
    "ReconMatrixPE": 80,
    "RepetitionTime": 1,
    "SAR": 0.131444,
    "ScanOptions": "FS",
    "ScanningSequence": "EP",
    "SequenceName": "epfid2d1_80",
    "SequenceVariant": "SK\\SS",
    "SeriesDescription": "rsBOLD_MB_1",
    "SeriesInstanceUID": "1.3.12.2.1107.5.2.32.35077.2015020509161029172245933.0.0.0",
    "SeriesNumber": 2,
    "ShimSetting": [
      9518,
      -10549,
      15764,
      637,
      -172,
      -274,
      27,
      -23
    ],
    "SliceThickness": 2.5,
    "SliceTiming": [
      0,
      0.215,
      0.43,
      0.6475,
      0.8625,
      0.0725,
      0.2875,
      0.5025,
      0.7175,
      0.9325,
      0.145,
      0.36,
      0.575,
      0.79,
      0,
      0.215,
      0.43,
      0.6475,
      0.8625,
      0.0725,
      0.2875,
      0.5025,
      0.7175,
      0.9325,
      0.145,
      0.36,
      0.575,
      0.79,
      0,
      0.215,
      0.43,
      0.6475,
      0.8625,
      0.0725,
      0.2875,
      0.5025,
      0.7175,
      0.9325,
      0.145,
      0.36,
      0.575,
      0.79,
      0,
      0.215,
      0.43,
      0.6475,
      0.8625,
      0.0725,
      0.2875,
      0.5025,
      0.7175,
      0.9325,
      0.145,
      0.36,
      0.575,
      0.79
    ],
    "SoftwareVersions": "syngo MR B17",
    "SpacingBetweenSlices": 2.5,
    "StationName": "MEDPC",
    "StudyID": "1",
    "StudyInstanceUID": "1.3.12.2.1107.5.2.32.35077.30000015012916505859300000037",
    "TaskName": "rest",
    "TotalReadoutTime": 0.0426603,
    "TxRefAmp": 351.703,
    "dataset": "unknown",
    "modality": "bold",
    "run_id": 1,
    "session_id": "core1p3p0",
    "subject_id": "CC0014",
    "task_id": "rest"
  },
  "dummy_trs": 0,
  "dvars_nstd": 32.63061524383453,
  "dvars_std": 1.0565769274185464,
  "dvars_vstd": 0.9995679791228068,
  "efc": 0.5595984441110127,
  "fber": 640.2991333007812,
  "fd_mean": 0.11226508068740973,
  "fd_num": 35,
  "fd_perc": 8.75,
  "fwhm_avg": 2.6046373333333332,
  "fwhm_x": 2.46322,
  "fwhm_y": 2.654984,
  "fwhm_z": 2.695708,
  "gcor": 0.0224975,
  "gsr_x": -0.019357901066541672,
  "gsr_y": 0.08317657560110092,
  "provenance": {
    "md5sum": "dfed8ce8f181c0b303891029f4b9897e",
    "settings": {
      "fd_thres": 0.2,
      "hmc_fsl": false
    },
    "software": "mriqc",
    "version": "0.15.0",
    "webapi_port": null,
    "webapi_url": "https://mriqc.nimh.nih.gov/api/v1"
  },
  "size_t": 400,
  "size_x": 80,
  "size_y": 80,
  "size_z": 56,
  "snr": 2.6131835157904213,
  "spacing_tr": 1.0,
  "spacing_x": 2.5,
  "spacing_y": 2.5,
  "spacing_z": 2.5,
  "summary_bg_k": 24.459745354010103,
  "summary_bg_mad": 6.9274582862854,
  "summary_bg_mean": 37.2694206237793,
  "summary_bg_median": 15.207499504089355,
  "summary_bg_n": 212128.0,
  "summary_bg_p05": 10.0649995803833,
  "summary_bg_p95": 151.89999389648438,
  "summary_bg_stdv": 57.359840393066406,
  "summary_fg_k": 1.9382938576926563,
  "summary_fg_mad": 130.16690063476562,
  "summary_fg_mean": 445.78759765625,
  "summary_fg_median": 419.2649841308594,
  "summary_fg_n": 86440.0,
  "summary_fg_p05": 229.57074432373045,
  "summary_fg_p95": 747.3109954833985,
  "summary_fg_stdv": 160.44129943847656,
  "tsnr": 41.47955322265625
}