{
  "aor": 0.00042612499999999996,
  "aqi": 0.006070605849999999,
  "bids_meta": {
    "AccessionNumber": "7706-008",
    "AcquisitionDateTime": "2015-02-05T09:24:55.340000",
    "AcquisitionMatrixPE": 80,
    "AcquisitionNumber": 1,
    "AcquisitionTime": "09:24:55.340000",
    "BandwidthPerPixelPhaseEncode": 23.148,
    "BaseResolution": 80,
    "CoilString": "C:HEA;HEP",
    "ConversionSoftware": "dcm2niix",
    "ConversionSoftwareVersion": "v1.0.20210317",
    "DerivedVendorReportedEchoSpacing": 0.000540003,
    "DeviceSerialNumber": "35077",
    "DwellTime": 2.6e-06,
    "EchoTime": 0.03,
    "EffectiveEchoSpacing": 0.000540003,
    "FlipAngle": 60,
    "ImageComments": "Unaliased MB4/PE3",
    "ImageOrientationPatientDICOM": [
      1,
      -1e-16,
      0,
      1e-16,
      0.915663,
      -0.401948
    ],
    "ImageType": [
      "ORIGINAL",
      "PRIMARY",
      "M",
      "MB",
      "ND",
      "MOSAIC"
    ],
    "ImagingFrequency": 123.229,
    "InPlanePhaseEncodingDirectionDICOM": "COL",
    "InstitutionAddress": "Wilson Avenue 340 ,Pasadena,California,US,91025",
    "InstitutionName": "Caltech Tim32",
    "InstitutionalDepartmentName": "Department",
    "MRAcquisitionType": "2D",
    "MagneticFieldStrength": 3,
    "Manufacturer": "Siemens",
    "ManufacturersModelName": "TrioTim",
    "Modality": "MR",
    "MultibandAccelerationFactor": 4,
    "PartialFourier": 1,
    "PatientBirthDate": "1982-01-01",
    "PatientID": "adolphs",
    "PatientName": "CC0014",
    "PatientPosition": "HFS",
    "PatientSex": "M",
    "PatientWeight": 81.6466,
    "PercentPhaseFOV": 100,
    "PercentSampling": 100,
    "PhaseEncodingDirection": "j-",
    "PhaseEncodingSteps": 80,
    "PhaseResolution": 1,
    "PixelBandwidth": 2404,
    "ProcedureStepDescription": "Conte^Core",
    "ProtocolName": "rsBOLD_MB_2",
    "PulseSequenceDetails": "%CustomerSeq%\\cmrr_mbep2d_bold",
    "ReceiveCoilName": "32Ch_Head",
    "ReconMatrixPE": 80,
    "RepetitionTime": 1,
    "SAR": 0.131444,
    "ScanOptions": "FS",
    "ScanningSequence": "EP",
    "SequenceName": "epfid2d1_80",
    "SequenceVariant": "SK\\SS",
    "SeriesDescription": "rsBOLD_MB_2",
    "SeriesInstanceUID": "1.3.12.2.1107.5.2.32.35077.2015020509253469641614961.0.0.0",
    "SeriesNumber": 5,
    "ShimSetting": [
      9518,
      -10549,
      15764,
      637,
      -172,
      -274,
      27,
      -23
    ],
    "SliceThickness": 2.5,
    "SliceTiming": [
      0,
      0.215,
      0.43,
      0.645,
      0.86,
      0.0725,
      0.2875,
      0.5025,
      0.7175,
      0.9325,
      0.1425,
      0.36,
      0.575,
      0.79,
      0,
      0.215,
      0.43,
      0.645,
      0.86,
      0.0725,
      0.2875,
      0.5025,
      0.7175,
      0.9325,
      0.1425,
      0.36,
      0.575,
      0.79,
      0,
      0.215,
      0.43,
      0.645,
      0.86,
      0.0725,
      0.2875,
      0.5025,
      0.7175,
      0.9325,
      0.1425,
      0.36,
      0.575,
      0.79,
      0,
      0.215,
      0.43,
      0.645,
      0.86,
      0.0725,
      0.2875,
      0.5025,
      0.7175,
      0.9325,
      0.1425,
      0.36,
      0.575,
      0.79
    ],
    "SoftwareVersions": "syngo MR B17",
    "SpacingBetweenSlices": 2.5,
    "StationName": "MEDPC",
    "StudyID": "1",
    "StudyInstanceUID": "1.3.12.2.1107.5.2.32.35077.30000015012916505859300000037",
    "TaskName": "rest",
    "TotalReadoutTime": 0.0426603,
    "TxRefAmp": 351.703,
    "dataset": "unknown",
    "modality": "bold",
    "run_id": 2,
    "session_id": "core1p3p0",
    "subject_id": "CC0014",
    "task_id": "rest"
  },
  "dummy_trs": 0,
  "dvars_nstd": 33.47043577115288,
  "dvars_std": 1.0324345655388465,
  "dvars_vstd": 0.9808921369674192,
  "efc": 0.560295927582366,
  "fber": 626.1890258789062,
  "fd_mean": 0.15509792179643506,
  "fd_num": 101,
  "fd_perc": 25.25,
  "fwhm_avg": 2.6013653333333333,
  "fwhm_x": 2.456356,
  "fwhm_y": 2.6465959999999997,
  "fwhm_z": 2.701144,
  "gcor": 0.0281541,
  "gsr_x": -0.01975725032389164,
  "gsr_y": 0.08302371948957443,
  "provenance": {
    "md5sum": "ee2cd1523c4fb4177e361d3df8d7ae95",
    "settings": {
      "fd_thres": 0.2,
      "hmc_fsl": false
    },
    "software": "mriqc",
    "version": "0.15.0",
    "webapi_port": null,
    "webapi_url": "https://mriqc.nimh.nih.gov/api/v1"
  },
  "size_t": 400,
  "size_x": 80,
  "size_y": 80,
  "size_z": 56,
  "snr": 2.6222084661691283,
  "spacing_tr": 1.0,
  "spacing_x": 2.5,
  "spacing_y": 2.5,
  "spacing_z": 2.5,
  "summary_bg_k": 23.50795373120338,
  "summary_bg_mad": 7.031239986419678,
  "summary_bg_mean": 37.885223388671875,
  "summary_bg_median": 15.38499927520752,
  "summary_bg_n": 212529.0,
  "summary_bg_p05": 10.182499885559082,
  "summary_bg_p95": 155.5410003662107,
  "summary_bg_stdv": 58.387062072753906,
  "summary_fg_k": 1.914926556857039,
  "summary_fg_mad": 130.19842529296875,
  "summary_fg_mean": 447.10247802734375,
  "summary_fg_median": 420.3249816894531,
  "summary_fg_n": 86073.0,
  "summary_fg_p05": 231.5940002441406,
  "summary_fg_p95": 747.6709838867187,
  "summary_fg_stdv": 160.2933349609375,
  "tsnr": 38.65779113769531
}