{
  "bids_meta": {
    "AccessionNumber": "8752-007",
    "AcquisitionDateTime": "2019-03-25T12:34:44.755000",
    "AcquisitionMatrixPE": 256,
    "AcquisitionNumber": 1,
    "AcquisitionTime": "12:34:44.755000",
    "BaseResolution": 256,
    "BodyPartExamined": "BRAIN",
    "ConsistencyInfo": "N4_VE11C_LATEST_20160120",
    "ConversionSoftware": "dcm2niix",
    "ConversionSoftwareVersion": "v1.0.20210317",
    "DeviceSerialNumber": "167050",
    "DwellTime": 3e-06,
    "EchoNumber": 4,
    "FlipAngle": 8,
    "ImageComments": "Average over all echoes.",
    "ImageOrientationPatientDICOM": [
      0,
      1,
      0,
      0,
      0,
      -1
    ],
    "ImageType": [
      "ORIGINAL",
      "PRIMARY",
      "ECHO",
      "COMBINED",
      "ND"
    ],
    "ImagingFrequency": 123.25,
    "InPlanePhaseEncodingDirectionDICOM": "ROW",
    "InstitutionAddress": "Michigan Ave 320,Pasadena,California,US,91025",
    "InstitutionName": "Caltech Prisma64",
    "InstitutionalDepartmentName": "Department",
    "InversionTime": 1.15,
    "MRAcquisitionType": "3D",
    "MagneticFieldStrength": 3,
    "Manufacturer": "Siemens",
    "ManufacturersModelName": "Prisma_fit",
    "Modality": "MR",
    "ParallelReductionFactorInPlane": 2,
    "PartialFourier": 1,
    "PatientBirthDate": "1988-03-01",
    "PatientID": "CC0183",
    "PatientName": "CC0183",
    "PatientPosition": "HFS",
    "PatientSex": "F",
    "PatientWeight": 50.8024,
    "PercentPhaseFOV": 100,
    "PercentSampling": 100,
    "PhaseEncodingSteps": 282,
    "PhaseOversampling": 0.1,
    "PhaseResolution": 1,
    "PixelBandwidth": 650,
    "ProtocolName": "T1w",
    "PulseSequenceDetails": "%CustomerSeq%\\tfl_wip900D_VE11C",
    "ReceiveCoilActiveElements": "HEA;HEP",
    "ReceiveCoilName": "Head_32",
    "ReconMatrixPE": 256,
    "RefLinesPE": 32,
    "ReferringPhysicianName": "Adolphs",
    "RepetitionTime": 2.55,
    "SAR": 0.0481926,
    "ScanOptions": "IR\\WE",
    "ScanningSequence": "GR\\IR",
    "SequenceName": "tfl3d4_16ns",
    "SequenceVariant": "SK\\SP\\MP\\OSP",
    "SeriesDescription": "T1w_combEcho",
    "SeriesInstanceUID": "1.3.12.2.1107.5.2.43.167050.2019032512415380944070989.0.0.0",
    "SeriesNumber": 4,
    "ShimSetting": [
      6986,
      -3659,
      7962,
      496,
      -73,
      -68,
      112,
      -74
    ],
    "SliceThickness": 0.9,
    "SoftwareVersions": "syngo MR E11",
    "StationName": "PRISMA",
    "StudyID": "1",
    "StudyInstanceUID": "1.3.12.2.1107.5.2.43.167050.30000019031520383134100000046",
    "TxRefAmp": 237.159,
    "WipMemBlock": "WIP_Identifier: WIP#900D",
    "acq_id": "combecho",
    "dataset": "unknown",
    "modality": "T1w",
    "run_id": 1,
    "session_id": "core2p2",
    "subject_id": "CC0183"
  },
  "cjv": 0.7845090046920431,
  "cnr": 1.8148942099943457,
  "efc": 0.6199585244850432,
  "fber": 142.8744659423828,
  "fwhm_avg": 5.628709131010538,
  "fwhm_x": 5.536033479988137,
  "fwhm_y": 5.522999652173913,
  "fwhm_z": 5.827094260869566,
  "icvs_csf": 0.16979472314746824,
  "icvs_gm": 0.44083341425383626,
  "icvs_wm": 0.3893718625986955,
  "inu_med": 1.7065494060516357,
  "inu_range": 1.1135478079319001,
  "provenance": {
    "md5sum": "086b3ddf12d760066dbf06f8bc92a818",
    "settings": {
      "testing": false
    },
    "software": "mriqc",
    "version": "0.15.0",
    "warnings": {
      "large_rot_frame": false,
      "small_air_mask": false
    },
    "webapi_port": null,
    "webapi_url": "https://mriqc.nimh.nih.gov/api/v1"
  },
  "qi_1": 2.12748497843642e-06,
  "qi_2": 0.0028612944936228595,
  "rpve_csf": 28.652182744553716,
  "rpve_gm": 11.285359441022484,
  "rpve_wm": 13.662920286829667,
  "size_x": 208,
  "size_y": 256,
  "size_z": 256,
  "snr_csf": 3.8271224121711533,
  "snr_gm": 12.71216046774706,
  "snr_total": 8.8177749162351,
  "snr_wm": 9.914041868787084,
  "snrd_csf": 15.96644847879429,
  "snrd_gm": 31.69583933582671,
  "snrd_total": 29.393643935502055,
  "snrd_wm": 40.51864399188516,
  "spacing_x": 0.8999999761581421,
  "spacing_y": 0.8984375,
  "spacing_z": 0.8984375,
  "summary_bg_k": 11.944123116728049,
  "summary_bg_mad": 16.168607711791992,
  "summary_bg_mean": 55.54623031616211,
  "summary_bg_median": 52.88941192626953,
  "summary_bg_n": 3045592.0,
  "summary_bg_p05": 29.91395092010498,
  "summary_bg_p95": 89.24389343261713,
  "summary_bg_stdv": 20.830947875976562,
  "summary_csf_k": -0.23975169931359597,
  "summary_csf_mad": 110.33084869384766,
  "summary_csf_mean": 403.1614990234375,
  "summary_csf_median": 394.048095703125,
  "summary_csf_n": 39821.0,
  "summary_csf_p05": 249.5857696533203,
  "summary_csf_p95": 577.8017578125,
  "summary_csf_stdv": 102.96068572998047,
  "summary_gm_k": -0.15667712665571498,
  "summary_gm_mad": 64.03621673583984,
  "summary_gm_mean": 780.9682006835938,
  "summary_gm_median": 782.2456665039062,
  "summary_gm_n": 63375.0,
  "summary_gm_p05": 678.6873779296875,
  "summary_gm_p95": 879.0565246582032,
  "summary_gm_stdv": 61.53474044799805,
  "summary_wm_k": 0.09503912092684619,
  "summary_wm_mad": 106.78645324707031,
  "summary_wm_mean": 1011.3690795898438,
  "summary_wm_median": 999.9903564453125,
  "summary_wm_n": 203976.0,
  "summary_wm_p05": 871.5700378417969,
  "summary_wm_p95": 1193.5357666015625,
  "summary_wm_stdv": 100.86581420898438,
  "tpm_overlap_csf": 0.2061740756034851,
  "tpm_overlap_gm": 0.4382284879684448,
  "tpm_overlap_wm": 0.4291071593761444,
  "wm2max": 0.5090792389175732
}