{
  "aor": 0.0004251000000000001,
  "aqi": 0.0043847868,
  "bids_meta": {
    "AccessionNumber": "7233-001",
    "AcquisitionDateTime": "2013-10-04T12:33:21.635000",
    "AcquisitionMatrixPE": 80,
    "AcquisitionNumber": 1,
    "AcquisitionTime": "12:33:21.635000",
    "BandwidthPerPixelPhaseEncode": 23.148,
    "BaseResolution": 80,
    "CoilString": "C:HEA;HEP",
    "ConversionSoftware": "dcm2niix",
    "ConversionSoftwareVersion": "v1.0.20210317",
    "DerivedVendorReportedEchoSpacing": 0.000540003,
    "DeviceSerialNumber": "35077",
    "DwellTime": 2.6e-06,
    "EchoTime": 0.03,
    "EffectiveEchoSpacing": 0.000540003,
    "FlipAngle": 60,
    "ImageComments": "Unaliased MB4/PE3",
    "ImageOrientationPatientDICOM": [
      1,
      -1e-16,
      0,
      1e-16,
      0.939693,
      -0.34202
    ],
    "ImageType": [
      "ORIGINAL",
      "PRIMARY",
      "M",
      "ND",
      "MOSAIC"
    ],
    "ImagingFrequency": 123.229,
    "InPlanePhaseEncodingDirectionDICOM": "COL",
    "InstitutionAddress": "Wilson Avenue 340 ,Pasadena,California,US,91025",
    "InstitutionName": "Caltech Tim32",
    "InstitutionalDepartmentName": "Department",
    "MRAcquisitionType": "2D",
    "MagneticFieldStrength": 3,
    "Manufacturer": "Siemens",
    "ManufacturersModelName": "TrioTim",
    "Modality": "MR",
    "MultibandAccelerationFactor": 4,
    "PartialFourier": 1,
    "PatientBirthDate": "1990-01-01",
    "PatientID": "adolphs",
    "PatientName": "CC0059",
    "PatientPosition": "HFS",
    "PatientSex": "M",
    "PatientWeight": 62.5958,
    "PercentPhaseFOV": 100,
    "PercentSampling": 100,
    "PhaseEncodingDirection": "j-",
    "PhaseEncodingSteps": 80,
    "PhaseResolution": 1,
    "PixelBandwidth": 2404,
    "ProcedureStepDescription": "Conte^Core",
    "ProtocolName": "rsBOLD_MB_1",
    "PulseSequenceDetails": "%CustomerSeq%\\cmrr_mbep2d_bold",
    "ReceiveCoilName": "32Ch_Head",
    "ReconMatrixPE": 80,
    "RepetitionTime": 1,
    "SAR": 0.0892357,
    "ScanOptions": "FS",
    "ScanningSequence": "EP",
    "SequenceName": "epfid2d1_80",
    "SequenceVariant": "SK",
    "SeriesDescription": "rsBOLD_MB_1",
    "SeriesInstanceUID": "1.3.12.2.1107.5.2.32.35077.2013100412332019960840428.0.0.0",
    "SeriesNumber": 2,
    "ShimSetting": [
      9518,
      -10321,
      15727,
      589,
      -218,
      657,
      -506,
      -92
    ],
    "SliceThickness": 2.5,
    "SliceTiming": [
      0,
      0.215,
      0.43,
      0.645,
      0.86,
      0.0725,
      0.2875,
      0.5025,
      0.7175,
      0.9325,
      0.145,
      0.36,
      0.575,
      0.79,
      0,
      0.215,
      0.43,
      0.645,
      0.86,
      0.0725,
      0.2875,
      0.5025,
      0.7175,
      0.9325,
      0.145,
      0.36,
      0.575,
      0.79,
      0,
      0.215,
      0.43,
      0.645,
      0.86,
      0.0725,
      0.2875,
      0.5025,
      0.7175,
      0.9325,
      0.145,
      0.36,
      0.575,
      0.79,
      0,
      0.215,
      0.43,
      0.645,
      0.86,
      0.0725,
      0.2875,
      0.5025,
      0.7175,
      0.9325,
      0.145,
      0.36,
      0.575,
      0.79
    ],
    "SoftwareVersions": "syngo MR B17",
    "SpacingBetweenSlices": 2.5,
    "StationName": "MEDPC",
    "StudyID": "1",
    "StudyInstanceUID": "1.3.12.2.1107.5.2.32.35077.30000013093020223809300000031",
    "TaskName": "rest",
    "TotalReadoutTime": 0.0426603,
    "TxRefAmp": 309.482,
    "dataset": "unknown",
    "modality": "bold",
    "run_id": 1,
    "session_id": "core1p2",
    "subject_id": "CC0059",
    "task_id": "rest"
  },
  "dummy_trs": 0,
  "dvars_nstd": 32.143608494736846,
  "dvars_std": 1.1139658154887215,
  "dvars_vstd": 1.0003781249624055,
  "efc": 0.5581781593537197,
  "fber": 806.76318359375,
  "fd_mean": 0.11147275857840881,
  "fd_num": 13,
  "fd_perc": 3.25,
  "fwhm_avg": 2.6845493333333335,
  "fwhm_x": 2.514112,
  "fwhm_y": 2.766112,
  "fwhm_z": 2.773424,
  "gcor": 0.0209981,
  "gsr_x": -0.018108006566762924,
  "gsr_y": 0.11968313157558441,
  "provenance": {
    "md5sum": "99624b56d27a3b0e68fb0f4a2642eb32",
    "settings": {
      "fd_thres": 0.2,
      "hmc_fsl": false
    },
    "software": "mriqc",
    "version": "0.15.0",
    "webapi_port": null,
    "webapi_url": "https://mriqc.nimh.nih.gov/api/v1"
  },
  "size_t": 400,
  "size_x": 80,
  "size_y": 80,
  "size_z": 56,
  "snr": 2.8713403699130504,
  "spacing_tr": 1.0,
  "spacing_x": 2.5,
  "spacing_y": 2.5,
  "spacing_z": 2.5,
  "summary_bg_k": 31.97569487203574,
  "summary_bg_mad": 8.072769165039062,
  "summary_bg_mean": 51.915428161621094,
  "summary_bg_median": 18.809999465942383,
  "summary_bg_n": 213767.0,
  "summary_bg_p05": 12.757499694824219,
  "summary_bg_p95": 217.58024139404284,
  "summary_bg_stdv": 88.56549835205078,
  "summary_fg_k": 1.0994524520117155,
  "summary_fg_mad": 174.4207763671875,
  "summary_fg_mean": 605.3504638671875,
  "summary_fg_median": 576.6624755859375,
  "summary_fg_n": 85177.0,
  "summary_fg_p05": 339.2565063476563,
  "summary_fg_p95": 985.7154663085937,
  "summary_fg_stdv": 200.8327178955078,
  "tsnr": 46.536033630371094
}