{
  "bids_meta": {
    "AccessionNumber": "6507-005",
    "AcquisitionDateTime": "2013-03-19T11:05:3.960000",
    "AcquisitionMatrixPE": 256,
    "AcquisitionNumber": 1,
    "AcquisitionTime": "11:05:3.960000",
    "BaseResolution": 256,
    "CoilString": "C:HEA;HEP",
    "ConversionSoftware": "dcm2niix",
    "ConversionSoftwareVersion": "v1.0.20210317",
    "DeviceSerialNumber": "35077",
    "DwellTime": 1.09e-05,
    "EchoTime": 0.00291,
    "FlipAngle": 10,
    "ImageOrientationPatientDICOM": [
      0,
      1,
      0,
      0,
      0,
      -1
    ],
    "ImageType": [
      "ORIGINAL",
      "PRIMARY",
      "M",
      "ND",
      "NORM"
    ],
    "ImagingFrequency": 123.229,
    "InPlanePhaseEncodingDirectionDICOM": "ROW",
    "InstitutionAddress": "Wilson Avenue 340 ,Pasadena,California,US,91025",
    "InstitutionName": "Caltech Tim32",
    "InstitutionalDepartmentName": "Department",
    "InversionTime": 0.8,
    "MRAcquisitionType": "3D",
    "MagneticFieldStrength": 3,
    "Manufacturer": "Siemens",
    "ManufacturersModelName": "TrioTim",
    "Modality": "MR",
    "PartialFourier": 1,
    "PatientBirthDate": "1983-01-01",
    "PatientID": "adolphs",
    "PatientName": "CC0003",
    "PatientPosition": "HFS",
    "PatientSex": "F",
    "PatientWeight": 54.4311,
    "PercentPhaseFOV": 100,
    "PercentSampling": 100,
    "PhaseEncodingSteps": 256,
    "PhaseResolution": 1,
    "PixelBandwidth": 179,
    "ProcedureStepDescription": "Conte^Core",
    "ProtocolName": "T1_2",
    "PulseSequenceDetails": "%SiemensSeq%\\tfl",
    "ReceiveCoilName": "32Ch_Head",
    "ReconMatrixPE": 256,
    "RepetitionTime": 1.5,
    "SAR": 0.128445,
    "ScanOptions": "IR",
    "ScanningSequence": "GR\\IR",
    "SequenceName": "*tfl3d1",
    "SequenceVariant": "SP\\MP",
    "SeriesDescription": "T1_2",
    "SeriesInstanceUID": "1.3.12.2.1107.5.2.32.35077.2013031911044656821452187.0.0.0",
    "SeriesNumber": 13,
    "ShimSetting": [
      9486,
      -10380,
      15568,
      592,
      -267,
      381,
      -89,
      94
    ],
    "SliceThickness": 1,
    "SoftwareVersions": "syngo MR B17",
    "StationName": "MEDPC",
    "StudyID": "1",
    "StudyInstanceUID": "1.3.12.2.1107.5.2.32.35077.30000013031916254787500000004",
    "TxRefAmp": 309.682,
    "dataset": "unknown",
    "modality": "T1w",
    "run_id": 2,
    "session_id": "core1p1",
    "subject_id": "CC0003"
  },
  "cjv": 0.4249474964711351,
  "cnr": 2.8332969896438587,
  "efc": 0.4998243548292301,
  "fber": 7799.46826171875,
  "fwhm_avg": 4.3376866666666665,
  "fwhm_x": 4.34967,
  "fwhm_y": 4.32028,
  "fwhm_z": 4.34311,
  "icvs_csf": 0.22494607935497601,
  "icvs_gm": 0.393103921621833,
  "icvs_wm": 0.381949999023191,
  "inu_med": 1.4685978889465332,
  "inu_range": 0.2968301773071287,
  "provenance": {
    "md5sum": "86dfe1ce1b9721556cbe3429200ebf1b",
    "settings": {
      "testing": false
    },
    "software": "mriqc",
    "version": "0.15.0",
    "warnings": {
      "large_rot_frame": true,
      "small_air_mask": false
    },
    "webapi_port": null,
    "webapi_url": "https://mriqc.nimh.nih.gov/api/v1"
  },
  "qi_1": 0.0006750863672182268,
  "qi_2": 0.01958481718610005,
  "rpve_csf": 25.286345246718373,
  "rpve_gm": 14.283898012328264,
  "rpve_wm": 18.063575739130847,
  "size_x": 176,
  "size_y": 256,
  "size_z": 256,
  "snr_csf": 3.9663763273053365,
  "snr_gm": 11.626770588724856,
  "snr_total": 14.792365765972155,
  "snr_wm": 28.783950381886275,
  "snrd_csf": 65.54934922659778,
  "snrd_gm": 135.0730270389557,
  "snrd_total": 124.29238078251808,
  "snrd_wm": 172.2547660820007,
  "spacing_x": 1.0,
  "spacing_y": 1.0,
  "spacing_z": 1.0,
  "summary_bg_k": 119.26476481728918,
  "summary_bg_mad": 3.803309202194214,
  "summary_bg_mean": 5.2305169105529785,
  "summary_bg_median": 2.5843751430511475,
  "summary_bg_n": 2629697.0,
  "summary_bg_p05": 0.0,
  "summary_bg_p95": 15.26940650939941,
  "summary_bg_stdv": 6.983638286590576,
  "summary_csf_k": 0.4513244415285875,
  "summary_csf_mad": 87.81477355957031,
  "summary_csf_mean": 404.1419677734375,
  "summary_csf_median": 380.5382385253906,
  "summary_csf_n": 29115.0,
  "summary_csf_p05": 282.1996826171875,
  "summary_csf_p95": 582.4744506835938,
  "summary_csf_stdv": 95.93938446044922,
  "summary_gm_k": 0.19620308019990507,
  "summary_gm_mad": 61.19408416748047,
  "summary_gm_mean": 790.126220703125,
  "summary_gm_median": 784.14892578125,
  "summary_gm_n": 17528.0,
  "summary_gm_p05": 688.9512115478515,
  "summary_gm_p95": 917.9656219482418,
  "summary_gm_stdv": 67.44147491455078,
  "summary_wm_k": 1.2295468474894582,
  "summary_wm_mad": 30.53243064880371,
  "summary_wm_mean": 1000.1525268554688,
  "summary_wm_median": 1000.002685546875,
  "summary_wm_n": 207168.0,
  "summary_wm_p05": 942.8578857421875,
  "summary_wm_p95": 1056.9181213378906,
  "summary_wm_stdv": 34.74159240722656,
  "tpm_overlap_csf": 0.22849538922309875,
  "tpm_overlap_gm": 0.4937851130962372,
  "tpm_overlap_wm": 0.5676488280296326,
  "wm2max": 0.5423364864886941
}