{
  "bids_meta": {
    "AccessionNumber": "8473-001",
    "AcquisitionDateTime": "2018-05-11T12:22:59.090000",
    "AcquisitionMatrixPE": 256,
    "AcquisitionNumber": 1,
    "AcquisitionTime": "12:22:59.090000",
    "BaseResolution": 256,
    "BodyPartExamined": "BRAIN",
    "ConsistencyInfo": "N4_VE11C_LATEST_20160120",
    "ConversionSoftware": "dcm2niix",
    "ConversionSoftwareVersion": "v1.0.20210317",
    "DeviceSerialNumber": "167050",
    "DwellTime": 3e-06,
    "EchoNumber": 4,
    "FlipAngle": 8,
    "ImageComments": "Average over all echoes.",
    "ImageOrientationPatientDICOM": [
      0,
      1,
      0,
      0,
      0,
      -1
    ],
    "ImageType": [
      "ORIGINAL",
      "PRIMARY",
      "ECHO",
      "COMBINED",
      "ND",
      "NORM"
    ],
    "ImagingFrequency": 123.25,
    "InPlanePhaseEncodingDirectionDICOM": "ROW",
    "InstitutionAddress": "Michigan Ave 320,Pasadena,California,US,91025",
    "InstitutionName": "Caltech Prisma64",
    "InstitutionalDepartmentName": "Department",
    "InversionTime": 1.15,
    "MRAcquisitionType": "3D",
    "MagneticFieldStrength": 3,
    "Manufacturer": "Siemens",
    "ManufacturersModelName": "Prisma_fit",
    "Modality": "MR",
    "ParallelReductionFactorInPlane": 2,
    "PartialFourier": 1,
    "PatientBirthDate": "1993-12-01",
    "PatientID": "CC0134",
    "PatientName": "CC0134",
    "PatientPosition": "HFS",
    "PatientSex": "F",
    "PatientWeight": 58.967,
    "PercentPhaseFOV": 100,
    "PercentSampling": 100,
    "PhaseEncodingSteps": 282,
    "PhaseOversampling": 0.1,
    "PhaseResolution": 1,
    "PixelBandwidth": 650,
    "ProcedureStepDescription": "Conte Core",
    "ProtocolName": "T1w",
    "PulseSequenceDetails": "%CustomerSeq%\\tfl_wip900D_VE11C",
    "ReceiveCoilActiveElements": "HEA;HEP",
    "ReceiveCoilName": "Head_32",
    "ReconMatrixPE": 256,
    "RefLinesPE": 32,
    "ReferringPhysicianName": "Adolphs",
    "RepetitionTime": 2.55,
    "SAR": 0.0408527,
    "ScanOptions": "IR\\WE",
    "ScanningSequence": "GR\\IR",
    "SequenceName": "tfl3d4_16ns",
    "SequenceVariant": "SK\\SP\\MP\\OSP",
    "SeriesDescription": "T1w_combEcho",
    "SeriesInstanceUID": "1.3.12.2.1107.5.2.43.167050.2018051112300775494185925.0.0.0",
    "SeriesNumber": 7,
    "ShimSetting": [
      6987,
      -3662,
      7939,
      448,
      -78,
      -88,
      47,
      -35
    ],
    "SliceThickness": 0.9,
    "SoftwareVersions": "syngo MR E11",
    "StationName": "PRISMA",
    "StudyID": "1",
    "StudyInstanceUID": "1.3.12.2.1107.5.2.43.167050.30000018042619061766300000034",
    "TxRefAmp": 239.51,
    "WipMemBlock": "WIP_Identifier: WIP#900D",
    "acq_id": "combecho",
    "dataset": "unknown",
    "modality": "T1w",
    "run_id": 2,
    "session_id": "core2p2",
    "subject_id": "CC0134"
  },
  "cjv": 0.6446387495824756,
  "cnr": 1.9790930027508047,
  "efc": 0.6182630493922998,
  "fber": 949.8375854492188,
  "fwhm_avg": 4.524116522438507,
  "fwhm_x": 4.455866784706825,
  "fwhm_y": 4.5213273043478255,
  "fwhm_z": 4.595155478260869,
  "icvs_csf": 0.20341524638491856,
  "icvs_gm": 0.4101553322222632,
  "icvs_wm": 0.3864294213928183,
  "inu_med": 1.6230583190917969,
  "inu_range": 0.7134140431880951,
  "provenance": {
    "md5sum": "f378b7d9e63a9861f36d1c41cc23e044",
    "settings": {
      "testing": false
    },
    "software": "mriqc",
    "version": "0.15.0",
    "warnings": {
      "large_rot_frame": false,
      "small_air_mask": false
    },
    "webapi_port": null,
    "webapi_url": "https://mriqc.nimh.nih.gov/api/v1"
  },
  "qi_1": 0.0004905924968469912,
  "qi_2": 0.004156758583668904,
  "rpve_csf": 25.620028616093904,
  "rpve_gm": 13.067710162068265,
  "rpve_wm": 16.402649330999065,
  "size_x": 208,
  "size_y": 256,
  "size_z": 256,
  "snr_csf": 3.7474836528983797,
  "snr_gm": 10.581161997998812,
  "snr_total": 11.993837450709401,
  "snr_wm": 21.652866701231012,
  "snrd_csf": 45.2404526782858,
  "snrd_gm": 80.27996127215967,
  "snrd_total": 74.48803848756266,
  "snrd_wm": 97.94370151224251,
  "spacing_x": 0.8999999761581421,
  "spacing_y": 0.8984375,
  "spacing_z": 0.8984375,
  "summary_bg_k": 166.4930736572775,
  "summary_bg_mad": 6.689203262329102,
  "summary_bg_mean": 17.156585693359375,
  "summary_bg_median": 13.52853012084961,
  "summary_bg_n": 2877616.0,
  "summary_bg_p05": 4.511659145355225,
  "summary_bg_p95": 35.64235877990723,
  "summary_bg_stdv": 13.061450004577637,
  "summary_csf_k": -0.1543805809919805,
  "summary_csf_mad": 141.30772399902344,
  "summary_csf_mean": 466.2102966308594,
  "summary_csf_median": 461.92303466796875,
  "summary_csf_n": 48225.0,
  "summary_csf_p05": 281.98822631835935,
  "summary_csf_p95": 669.9235229492185,
  "summary_csf_stdv": 123.26091003417969,
  "summary_gm_k": 0.4081451706162138,
  "summary_gm_mad": 73.30619049072266,
  "summary_gm_mean": 823.7039794921875,
  "summary_gm_median": 819.6903686523438,
  "summary_gm_n": 28153.0,
  "summary_gm_p05": 705.3263305664062,
  "summary_gm_p95": 961.5547973632812,
  "summary_gm_stdv": 77.465576171875,
  "summary_wm_k": 0.7949619350033719,
  "summary_wm_mad": 42.956871032714844,
  "summary_wm_mean": 1002.3938598632812,
  "summary_wm_median": 1000.044189453125,
  "summary_wm_n": 290648.0,
  "summary_wm_p05": 930.0978790283202,
  "summary_wm_p95": 1080.7453063964845,
  "summary_wm_stdv": 46.18522262573242,
  "tpm_overlap_csf": 0.2225673347711563,
  "tpm_overlap_gm": 0.49840429425239563,
  "tpm_overlap_wm": 0.5471465587615967,
  "wm2max": 0.6645312459581427
}