{
  "aor": 0.0003869681742043551,
  "aqi": 0.00447452594639866,
  "bids_meta": {
    "AccessionNumber": "3028-001",
    "AcquisitionDateTime": "2018-07-10T09:58:53.945000",
    "AcquisitionMatrixPE": 80,
    "AcquisitionNumber": 1,
    "AcquisitionTime": "09:58:53.945000",
    "BandwidthPerPixelPhaseEncode": 23.191,
    "BaseResolution": 80,
    "BodyPartExamined": "BRAIN",
    "ConsistencyInfo": "N4_VE11C_LATEST_20160120",
    "ConversionSoftware": "dcm2niix",
    "ConversionSoftwareVersion": "v1.0.20210317",
    "DerivedVendorReportedEchoSpacing": 0.000490002,
    "DeviceSerialNumber": "167050",
    "DwellTime": 2.3e-06,
    "EchoTime": 0.03,
    "EchoTrainLength": 88,
    "EffectiveEchoSpacing": 0.000539002,
    "FlipAngle": 53,
    "ImageComments": "Unaliased MB6/PE3/LB",
    "ImageOrientationPatientDICOM": [
      1,
      0,
      0,
      0,
      0.939693,
      -0.34202
    ],
    "ImageType": [
      "ORIGINAL",
      "PRIMARY",
      "M",
      "MB",
      "ND",
      "MOSAIC"
    ],
    "ImagingFrequency": 123.251,
    "InPlanePhaseEncodingDirectionDICOM": "COL",
    "InstitutionAddress": "Michigan Ave 320,Pasadena,California,US,91025",
    "InstitutionName": "Caltech Prisma64",
    "InstitutionalDepartmentName": "Department",
    "MRAcquisitionType": "2D",
    "MagneticFieldStrength": 3,
    "Manufacturer": "Siemens",
    "ManufacturersModelName": "Prisma_fit",
    "Modality": "MR",
    "MultibandAccelerationFactor": 6,
    "PartialFourier": 1,
    "PatientBirthDate": "1988-11-01",
    "PatientID": "CC0142",
    "PatientName": "CC0142",
    "PatientPosition": "HFS",
    "PatientSex": "M",
    "PatientWeight": 62.5958,
    "PercentPhaseFOV": 100,
    "PercentSampling": 100,
    "PhaseEncodingDirection": "j-",
    "PhaseEncodingSteps": 88,
    "PhaseOversampling": 0.1,
    "PhaseResolution": 1,
    "PixelBandwidth": 2715,
    "ProcedureStepDescription": "Conte Core",
    "ProtocolName": "task-rest_run-02_bold",
    "PulseSequenceDetails": "%CustomerSeq%\\cmrr_mbep2d_bold",
    "ReceiveCoilActiveElements": "HEA;HEP",
    "ReceiveCoilName": "Head_32",
    "ReconMatrixPE": 80,
    "ReferringPhysicianName": "Adolphs",
    "RepetitionTime": 0.7,
    "SAR": 0.0964654,
    "ScanOptions": "FS\\EXT",
    "ScanningSequence": "EP",
    "SequenceName": "epfid2d1_80",
    "SequenceVariant": "SK\\SS\\OSP",
    "SeriesDescription": "task-rest_run-02_bold",
    "SeriesInstanceUID": "1.3.12.2.1107.5.2.43.167050.2018071009572233956592149.0.0.0",
    "SeriesNumber": 16,
    "ShimSetting": [
      6973,
      -3592,
      7944,
      430,
      -32,
      148,
      -15,
      19
    ],
    "SliceThickness": 2.5,
    "SliceTiming": [
      0,
      0.475,
      0.27,
      0.0675,
      0.5425,
      0.34,
      0.135,
      0.61,
      0.4075,
      0.2025,
      0,
      0.475,
      0.27,
      0.0675,
      0.5425,
      0.34,
      0.135,
      0.61,
      0.4075,
      0.2025,
      0,
      0.475,
      0.27,
      0.0675,
      0.5425,
      0.34,
      0.135,
      0.61,
      0.4075,
      0.2025,
      0,
      0.475,
      0.27,
      0.0675,
      0.5425,
      0.34,
      0.135,
      0.61,
      0.4075,
      0.2025,
      0,
      0.475,
      0.27,
      0.0675,
      0.5425,
      0.34,
      0.135,
      0.61,
      0.4075,
      0.2025,
      0,
      0.475,
      0.27,
      0.0675,
      0.5425,
      0.34,
      0.135,
      0.61,
      0.4075,
      0.2025
    ],
    "SoftwareVersions": "syngo MR E11",
    "SpacingBetweenSlices": 2.5,
    "StationName": "PRISMA",
    "StudyID": "1",
    "StudyInstanceUID": "1.3.12.2.1107.5.2.43.167050.30000018070323074090800000007",
    "TaskName": "rest",
    "TotalReadoutTime": 0.0425812,
    "TxRefAmp": 258.091,
    "WipMemBlock": "d28d2ad1-d751-4f12-9e04-c9dc86854811||Sequence: R016 ve11c/master r/e634e98; Dec 19 2017 11:00:25 by eja",
    "dataset": "unknown",
    "modality": "bold",
    "run_id": 2,
    "session_id": "core2p2",
    "subject_id": "CC0142",
    "task_id": "rest"
  },
  "dummy_trs": 3,
  "dvars_nstd": 36.647856817835525,
  "dvars_std": 1.120512028926174,
  "dvars_vstd": 0.9888447495469798,
  "efc": 0.5291313242835881,
  "fber": 816.0669555664062,
  "fd_mean": 0.07951630052271284,
  "fd_num": 9,
  "fd_perc": 1.5075376884422111,
  "fwhm_avg": 2.7767840000000006,
  "fwhm_x": 2.5821840000000003,
  "fwhm_y": 2.919584,
  "fwhm_z": 2.828584,
  "gcor": 0.0145792,
  "gsr_x": 0.005399763118475676,
  "gsr_y": 0.09047824889421463,
  "provenance": {
    "md5sum": "e23a7545c3a2d38e620957e8638d5023",
    "settings": {
      "fd_thres": 0.2,
      "hmc_fsl": false
    },
    "software": "mriqc",
    "version": "0.15.0",
    "webapi_port": null,
    "webapi_url": "https://mriqc.nimh.nih.gov/api/v1"
  },
  "size_t": 597,
  "size_x": 80,
  "size_y": 80,
  "size_z": 60,
  "snr": 2.1330033919693907,
  "spacing_tr": 0.699999988079071,
  "spacing_x": 2.5,
  "spacing_y": 2.5,
  "spacing_z": 2.5,
  "summary_bg_k": 18.005022191956147,
  "summary_bg_mad": 60.26765823364258,
  "summary_bg_mean": 344.1021423339844,
  "summary_bg_median": 125.29312896728516,
  "summary_bg_n": 236299.0,
  "summary_bg_p05": 79.79229736328125,
  "summary_bg_p95": 1608.523901367184,
  "summary_bg_stdv": 603.6310424804688,
  "summary_fg_k": 1.153059873264458,
  "summary_fg_mad": 1554.767578125,
  "summary_fg_mean": 4250.39306640625,
  "summary_fg_median": 3880.05859375,
  "summary_fg_n": 85937.0,
  "summary_fg_p05": 1960.3651123046875,
  "summary_fg_p95": 7811.76484375,
  "summary_fg_stdv": 1819.0482177734375,
  "tsnr": 41.98046875
}