{
  "aor": 0.0005557716701902748,
  "aqi": 0.004338225137420719,
  "bids_meta": {
    "AccessionNumber": "3028-001",
    "AcquisitionDateTime": "2018-07-10T10:42:43.825000",
    "AcquisitionMatrixPE": 80,
    "AcquisitionNumber": 1,
    "AcquisitionTime": "10:42:43.825000",
    "BandwidthPerPixelPhaseEncode": 23.191,
    "BaseResolution": 80,
    "BodyPartExamined": "BRAIN",
    "ConsistencyInfo": "N4_VE11C_LATEST_20160120",
    "ConversionSoftware": "dcm2niix",
    "ConversionSoftwareVersion": "v1.0.20210317",
    "DerivedVendorReportedEchoSpacing": 0.000490002,
    "DeviceSerialNumber": "167050",
    "DwellTime": 2.3e-06,
    "EchoTime": 0.03,
    "EchoTrainLength": 88,
    "EffectiveEchoSpacing": 0.000539002,
    "FlipAngle": 53,
    "ImageComments": "Unaliased MB6/PE3/LB",
    "ImageOrientationPatientDICOM": [
      1,
      0,
      0,
      0,
      0.939693,
      -0.34202
    ],
    "ImageType": [
      "ORIGINAL",
      "PRIMARY",
      "M",
      "MB",
      "ND",
      "MOSAIC"
    ],
    "ImagingFrequency": 123.251,
    "InPlanePhaseEncodingDirectionDICOM": "COL",
    "InstitutionAddress": "Michigan Ave 320,Pasadena,California,US,91025",
    "InstitutionName": "Caltech Prisma64",
    "InstitutionalDepartmentName": "Department",
    "MRAcquisitionType": "2D",
    "MagneticFieldStrength": 3,
    "Manufacturer": "Siemens",
    "ManufacturersModelName": "Prisma_fit",
    "Modality": "MR",
    "MultibandAccelerationFactor": 6,
    "PartialFourier": 1,
    "PatientBirthDate": "1988-11-01",
    "PatientID": "CC0142",
    "PatientName": "CC0142",
    "PatientPosition": "HFS",
    "PatientSex": "M",
    "PatientWeight": 62.5958,
    "PercentPhaseFOV": 100,
    "PercentSampling": 100,
    "PhaseEncodingDirection": "j-",
    "PhaseEncodingSteps": 88,
    "PhaseOversampling": 0.1,
    "PhaseResolution": 1,
    "PixelBandwidth": 2715,
    "ProcedureStepDescription": "Conte Core",
    "ProtocolName": "task-pixar_run-01_bold",
    "PulseSequenceDetails": "%CustomerSeq%\\cmrr_mbep2d_bold",
    "ReceiveCoilActiveElements": "HEA;HEP",
    "ReceiveCoilName": "Head_32",
    "ReconMatrixPE": 80,
    "ReferringPhysicianName": "Adolphs",
    "RepetitionTime": 0.7,
    "SAR": 0.0963106,
    "ScanOptions": "FS\\EXT",
    "ScanningSequence": "EP",
    "SequenceName": "epfid2d1_80",
    "SequenceVariant": "SK\\SS\\OSP",
    "SeriesDescription": "task-pixar_run-01_bold",
    "SeriesInstanceUID": "1.3.12.2.1107.5.2.43.167050.2018071010403791050530730.0.0.0",
    "SeriesNumber": 34,
    "ShimSetting": [
      6973,
      -3592,
      7944,
      430,
      -32,
      148,
      -15,
      19
    ],
    "SliceThickness": 2.5,
    "SliceTiming": [
      0,
      0.475,
      0.27,
      0.0675,
      0.5425,
      0.34,
      0.135,
      0.61,
      0.4075,
      0.2025,
      0,
      0.475,
      0.27,
      0.0675,
      0.5425,
      0.34,
      0.135,
      0.61,
      0.4075,
      0.2025,
      0,
      0.475,
      0.27,
      0.0675,
      0.5425,
      0.34,
      0.135,
      0.61,
      0.4075,
      0.2025,
      0,
      0.475,
      0.27,
      0.0675,
      0.5425,
      0.34,
      0.135,
      0.61,
      0.4075,
      0.2025,
      0,
      0.475,
      0.27,
      0.0675,
      0.5425,
      0.34,
      0.135,
      0.61,
      0.4075,
      0.2025,
      0,
      0.475,
      0.27,
      0.0675,
      0.5425,
      0.34,
      0.135,
      0.61,
      0.4075,
      0.2025
    ],
    "SoftwareVersions": "syngo MR E11",
    "SpacingBetweenSlices": 2.5,
    "StationName": "PRISMA",
    "StudyID": "1",
    "StudyInstanceUID": "1.3.12.2.1107.5.2.43.167050.30000018070323074090800000007",
    "TaskName": "pixar",
    "TotalReadoutTime": 0.0425812,
    "TxRefAmp": 258.091,
    "WipMemBlock": "d4c9fdb5-f3f4-4be0-9781-c62c9e52ca8b||Sequence: R016 ve11c/master r/e634e98; Dec 19 2017 11:00:25 by eja",
    "dataset": "unknown",
    "modality": "bold",
    "run_id": 1,
    "session_id": "core2p2",
    "subject_id": "CC0142",
    "task_id": "pixar"
  },
  "dummy_trs": 3,
  "dvars_nstd": 37.08895892612288,
  "dvars_std": 1.1158579857415265,
  "dvars_vstd": 0.9954555415889825,
  "efc": 0.5279858816346877,
  "fber": 834.6783447265625,
  "fd_mean": 0.09078359145981235,
  "fd_num": 10,
  "fd_perc": 2.1141649048625792,
  "fwhm_avg": 2.7524226666666665,
  "fwhm_x": 2.553124,
  "fwhm_y": 2.8607880000000003,
  "fwhm_z": 2.843356,
  "gcor": 0.011712,
  "gsr_x": 0.015819208696484566,
  "gsr_y": 0.08705246448516846,
  "provenance": {
    "md5sum": "1f5aba4c6e6a686c0ce32b63e4a22495",
    "settings": {
      "fd_thres": 0.2,
      "hmc_fsl": false
    },
    "software": "mriqc",
    "version": "0.15.0",
    "webapi_port": null,
    "webapi_url": "https://mriqc.nimh.nih.gov/api/v1"
  },
  "size_t": 473,
  "size_x": 80,
  "size_y": 80,
  "size_z": 60,
  "snr": 2.1924455939310894,
  "spacing_tr": 0.699999988079071,
  "spacing_x": 2.5,
  "spacing_y": 2.5,
  "spacing_z": 2.5,
  "summary_bg_k": 18.585432831682727,
  "summary_bg_mad": 55.2418212890625,
  "summary_bg_mean": 329.74609375,
  "summary_bg_median": 120.59407806396484,
  "summary_bg_n": 237667.0,
  "summary_bg_p05": 79.25792694091797,
  "summary_bg_p95": 1559.5211425781217,
  "summary_bg_stdv": 598.2149658203125,
  "summary_fg_k": 1.199208359090238,
  "summary_fg_mad": 1468.354736328125,
  "summary_fg_mean": 4110.9755859375,
  "summary_fg_median": 3771.26220703125,
  "summary_fg_n": 85160.0,
  "summary_fg_p05": 1945.9354431152342,
  "summary_fg_p95": 7501.489697265626,
  "summary_fg_stdv": 1720.1065673828125,
  "tsnr": 42.50830078125
}