{
  "bids_meta": {
    "AccessionNumber": "8003-027",
    "AcquisitionDateTime": "2015-10-16T11:12:57.817500",
    "AcquisitionMatrixPE": 258,
    "AcquisitionNumber": 1,
    "AcquisitionTime": "11:12:57.817500",
    "BaseResolution": 256,
    "CoilString": "C:HEA;HEP",
    "ConversionSoftware": "dcm2niix",
    "ConversionSoftwareVersion": "v1.0.20210317",
    "DeviceSerialNumber": "35077",
    "DwellTime": 3e-06,
    "EchoTime": 0.206,
    "EchoTrainLength": 79,
    "FlipAngle": 120,
    "ImageOrientationPatientDICOM": [
      0,
      1,
      0,
      0,
      0,
      -1
    ],
    "ImageType": [
      "ORIGINAL",
      "PRIMARY",
      "M",
      "NORM",
      "DIS2D"
    ],
    "ImagingFrequency": 123.229,
    "InPlanePhaseEncodingDirectionDICOM": "ROW",
    "InstitutionAddress": "Wilson Avenue 340 ,Pasadena,California,US,91025",
    "InstitutionName": "Caltech Tim32",
    "InstitutionalDepartmentName": "Department",
    "MRAcquisitionType": "3D",
    "MagneticFieldStrength": 3,
    "Manufacturer": "Siemens",
    "ManufacturersModelName": "TrioTim",
    "Modality": "MR",
    "ParallelReductionFactorInPlane": 2,
    "PartialFourier": 1,
    "PatientBirthDate": "1983-01-01",
    "PatientID": "adolphs",
    "PatientName": "CC0033",
    "PatientPosition": "HFS",
    "PatientSex": "M",
    "PatientWeight": 77.1107,
    "PercentPhaseFOV": 100,
    "PercentSampling": 100.709,
    "PhaseEncodingDirection": "i",
    "PhaseEncodingSteps": 243,
    "PhaseOversampling": 0.101562,
    "PhaseResolution": 1.00709,
    "PixelBandwidth": 651,
    "ProcedureStepDescription": "Conte^Core",
    "ProtocolName": "T2w_3D",
    "PulseSequenceDetails": "%SiemensSeq%\\tse_vfl",
    "ReceiveCoilName": "32Ch_Head",
    "ReconMatrixPE": 256,
    "RefLinesPE": 32,
    "RepetitionTime": 2.5,
    "SAR": 0.618537,
    "ScanOptions": "PFP",
    "ScanningSequence": "SE",
    "SequenceName": "*spc3d1_158ns",
    "SequenceVariant": "SK\\SP\\OSP",
    "SeriesDescription": "T2w_3D",
    "SeriesInstanceUID": "1.3.12.2.1107.5.2.32.35077.2015101611125384632722499.0.0.0",
    "SeriesNumber": 19,
    "ShimSetting": [
      9539,
      -10448,
      15291,
      -22,
      -142,
      -21,
      -137,
      37
    ],
    "SliceThickness": 1,
    "SoftwareVersions": "syngo MR B17",
    "StationName": "MEDPC",
    "StudyID": "1",
    "StudyInstanceUID": "1.3.12.2.1107.5.2.32.35077.30000015101617285081200000001",
    "TxRefAmp": 330.196,
    "dataset": "unknown",
    "modality": "T2w",
    "run_id": 2,
    "session_id": "core1p3p1",
    "subject_id": "CC0033"
  },
  "cjv": 0.1448361034004381,
  "cnr": 6.439739942123684,
  "efc": 0.4952229767824905,
  "fber": 9111.837890625,
  "fwhm_avg": 2.1082433333333337,
  "fwhm_x": 2.20592,
  "fwhm_y": 1.97311,
  "fwhm_z": 2.1457,
  "icvs_csf": 0.2872905603049768,
  "icvs_gm": 0.06771745835032274,
  "icvs_wm": 0.6449919813447005,
  "inu_med": 1.4562523365020752,
  "inu_range": 0.3087133407592775,
  "provenance": {
    "md5sum": "975f1e191c7ce5aebfdbdf0efd1f2abc",
    "settings": {
      "testing": false
    },
    "software": "mriqc",
    "version": "0.15.0",
    "warnings": {
      "large_rot_frame": true,
      "small_air_mask": false
    },
    "webapi_port": null,
    "webapi_url": "https://mriqc.nimh.nih.gov/api/v1"
  },
  "qi_1": 0.0,
  "qi_2": 0.03151085480518102,
  "rpve_csf": 17.750330102181955,
  "rpve_gm": 108.2539033585237,
  "rpve_wm": 10.98722859213501,
  "size_x": 192,
  "size_y": 256,
  "size_z": 256,
  "snr_csf": 7.914055395208696,
  "snr_gm": 13.218295941138537,
  "snr_total": 10.521010987096908,
  "snr_wm": 10.43068162494349,
  "snrd_csf": 173.65576304867608,
  "snrd_gm": 186.93054423927387,
  "snrd_total": 147.67063032439842,
  "snrd_wm": 82.42558368524534,
  "spacing_x": 1.0,
  "spacing_y": 1.0,
  "spacing_z": 1.0,
  "summary_bg_k": 1.3521150731719036,
  "summary_bg_mad": 7.950423717498779,
  "summary_bg_mean": 13.618020057678223,
  "summary_bg_median": 10.662978172302246,
  "summary_bg_n": 2213760.0,
  "summary_bg_p05": 0.0,
  "summary_bg_p95": 36.3092544555664,
  "summary_bg_stdv": 11.673660278320312,
  "summary_csf_k": 3.529655338721528,
  "summary_csf_mad": 192.9373779296875,
  "summary_csf_mean": 2055.451416015625,
  "summary_csf_median": 2107.40380859375,
  "summary_csf_n": 33179.0,
  "summary_csf_p05": 1519.3225708007812,
  "summary_csf_p95": 2383.09453125,
  "summary_csf_stdv": 266.2821960449219,
  "summary_gm_k": 44.711597231048316,
  "summary_gm_mad": 96.66776275634766,
  "summary_gm_mean": 2261.58056640625,
  "summary_gm_median": 2268.500244140625,
  "summary_gm_n": 23355.0,
  "summary_gm_p05": 2099.8709960937504,
  "summary_gm_p95": 2455.579736328125,
  "summary_gm_stdv": 171.61453247070312,
  "summary_wm_k": 1.1524925729927826,
  "summary_wm_mad": 87.01664733886719,
  "summary_wm_mean": 1006.3564453125,
  "summary_wm_median": 1000.2777099609375,
  "summary_wm_n": 315040.0,
  "summary_wm_p05": 861.1495056152344,
  "summary_wm_p95": 1174.8419250488282,
  "summary_wm_stdv": 95.8974838256836,
  "tpm_overlap_csf": 0.15563169121742249,
  "tpm_overlap_gm": 0.04620576649904251,
  "tpm_overlap_wm": 0.47373679280281067,
  "wm2max": 0.3570480926674324
}