{
  "bids_meta": {
    "AccessionNumber": "8003-027",
    "AcquisitionDateTime": "2015-10-16T11:06:1.677500",
    "AcquisitionMatrixPE": 256,
    "AcquisitionNumber": 1,
    "AcquisitionTime": "11:06:1.677500",
    "BaseResolution": 256,
    "CoilString": "C:HEA;HEP",
    "ConversionSoftware": "dcm2niix",
    "ConversionSoftwareVersion": "v1.0.20210317",
    "DeviceSerialNumber": "35077",
    "DwellTime": 9.3e-06,
    "EchoTime": 0.00256,
    "FlipAngle": 8,
    "ImageOrientationPatientDICOM": [
      0,
      1,
      0,
      0,
      0,
      -1
    ],
    "ImageType": [
      "ORIGINAL",
      "PRIMARY",
      "M",
      "NORM",
      "DIS2D"
    ],
    "ImagingFrequency": 123.229,
    "InPlanePhaseEncodingDirectionDICOM": "ROW",
    "InstitutionAddress": "Wilson Avenue 340 ,Pasadena,California,US,91025",
    "InstitutionName": "Caltech Tim32",
    "InstitutionalDepartmentName": "Department",
    "InversionTime": 1,
    "MRAcquisitionType": "3D",
    "MagneticFieldStrength": 3,
    "Manufacturer": "Siemens",
    "ManufacturersModelName": "TrioTim",
    "Modality": "MR",
    "ParallelReductionFactorInPlane": 2,
    "PartialFourier": 1,
    "PatientBirthDate": "1983-01-01",
    "PatientID": "adolphs",
    "PatientName": "CC0033",
    "PatientPosition": "HFS",
    "PatientSex": "M",
    "PatientWeight": 77.1107,
    "PercentPhaseFOV": 100,
    "PercentSampling": 100,
    "PhaseEncodingSteps": 282,
    "PhaseOversampling": 0.1,
    "PhaseResolution": 1,
    "PixelBandwidth": 210,
    "ProcedureStepDescription": "Conte^Core",
    "ProtocolName": "T1w_3D_2",
    "PulseSequenceDetails": "%SiemensSeq%\\tfl",
    "ReceiveCoilName": "32Ch_Head",
    "ReconMatrixPE": 256,
    "RefLinesPE": 32,
    "RepetitionTime": 2.4,
    "SAR": 0.106886,
    "ScanOptions": "IR\\DB\\WE",
    "ScanningSequence": "GR\\IR",
    "SequenceName": "*tfl3d1",
    "SequenceVariant": "SP\\MP\\OSP",
    "SeriesDescription": "T1w_3D_2",
    "SeriesInstanceUID": "1.3.12.2.1107.5.2.32.35077.2015101611055892461921533.0.0.0",
    "SeriesNumber": 17,
    "ShimSetting": [
      9583,
      -10471,
      15727,
      434,
      -107,
      46,
      -164,
      -59
    ],
    "SliceThickness": 1,
    "SoftwareVersions": "syngo MR B17",
    "StationName": "MEDPC",
    "StudyID": "1",
    "StudyInstanceUID": "1.3.12.2.1107.5.2.32.35077.30000015101617285081200000001",
    "TxRefAmp": 330.196,
    "dataset": "unknown",
    "modality": "T1w",
    "run_id": 4,
    "session_id": "core1p3p1",
    "subject_id": "CC0033"
  },
  "cjv": 0.39771841220276594,
  "cnr": 3.2028055971808205,
  "efc": 0.5050619280698228,
  "fber": 5901.8701171875,
  "fwhm_avg": 3.5949233333333335,
  "fwhm_x": 3.57067,
  "fwhm_y": 3.62773,
  "fwhm_z": 3.58637,
  "icvs_csf": 0.22026093167221455,
  "icvs_gm": 0.4122278845677133,
  "icvs_wm": 0.36751118376007214,
  "inu_med": 1.4688798189163208,
  "inu_range": 0.4421977996826172,
  "provenance": {
    "md5sum": "204b4e8222fb8020fa07c2fff85335dc",
    "settings": {
      "testing": false
    },
    "software": "mriqc",
    "version": "0.15.0",
    "warnings": {
      "large_rot_frame": true,
      "small_air_mask": false
    },
    "webapi_port": null,
    "webapi_url": "https://mriqc.nimh.nih.gov/api/v1"
  },
  "qi_1": 0.0,
  "qi_2": 0.017557622354862502,
  "rpve_csf": 30.453771159202915,
  "rpve_gm": 16.60044820617484,
  "rpve_wm": 22.506425792346583,
  "size_x": 192,
  "size_y": 256,
  "size_z": 256,
  "snr_csf": 2.5272607386005306,
  "snr_gm": 10.305830406571603,
  "snr_total": 12.113598629607639,
  "snr_wm": 23.507704743650784,
  "snrd_csf": 40.14357647446471,
  "snrd_gm": 96.82260158625029,
  "snrd_total": 89.63162085903797,
  "snrd_wm": 131.9286845163989,
  "spacing_x": 1.0,
  "spacing_y": 1.0,
  "spacing_z": 1.0,
  "summary_bg_k": 5.392095075310662,
  "summary_bg_mad": 4.965950012207031,
  "summary_bg_mean": 5.3917012214660645,
  "summary_bg_median": 3.3601949214935303,
  "summary_bg_n": 3698268.0,
  "summary_bg_p05": 0.0,
  "summary_bg_p95": 13.460066127777099,
  "summary_bg_stdv": 4.734251499176025,
  "summary_csf_k": -0.7911030448699194,
  "summary_csf_mad": 130.2758026123047,
  "summary_csf_mean": 332.7366638183594,
  "summary_csf_median": 304.289306640625,
  "summary_csf_n": 16517.0,
  "summary_csf_p05": 172.77282409667967,
  "summary_csf_p95": 538.1006225585937,
  "summary_csf_stdv": 120.399169921875,
  "summary_gm_k": 0.1735371701306616,
  "summary_gm_mad": 66.89952850341797,
  "summary_gm_mean": 736.4515380859375,
  "summary_gm_median": 733.917724609375,
  "summary_gm_n": 13646.0,
  "summary_gm_p05": 623.2221374511719,
  "summary_gm_p95": 860.9545135498047,
  "summary_gm_stdv": 71.21122741699219,
  "summary_wm_k": 0.7555606906415813,
  "summary_wm_mad": 38.93532180786133,
  "summary_wm_mean": 997.8013305664062,
  "summary_wm_median": 1000.022705078125,
  "summary_wm_n": 169443.0,
  "summary_wm_p05": 923.8242004394532,
  "summary_wm_p95": 1063.4104614257812,
  "summary_wm_stdv": 42.54008483886719,
  "tpm_overlap_csf": 0.20134586095809937,
  "tpm_overlap_gm": 0.4814048409461975,
  "tpm_overlap_wm": 0.5581793189048767,
  "wm2max": 0.7033994802754725
}