{
  "bids_meta": {
    "AccessionNumber": "7965-001",
    "AcquisitionDateTime": "2015-07-17T12:23:31.147500",
    "AcquisitionMatrixPE": 256,
    "AcquisitionNumber": 1,
    "AcquisitionTime": "12:23:31.147500",
    "BaseResolution": 256,
    "CoilString": "C:HEA;HEP",
    "ConversionSoftware": "dcm2niix",
    "ConversionSoftwareVersion": "v1.0.20210317",
    "DeviceSerialNumber": "35077",
    "DwellTime": 9.3e-06,
    "EchoTime": 0.00256,
    "FlipAngle": 8,
    "ImageOrientationPatientDICOM": [
      0,
      1,
      0,
      0,
      0,
      -1
    ],
    "ImageType": [
      "ORIGINAL",
      "PRIMARY",
      "M",
      "NORM",
      "DIS2D"
    ],
    "ImagingFrequency": 123.229,
    "InPlanePhaseEncodingDirectionDICOM": "ROW",
    "InstitutionAddress": "Wilson Avenue 340 ,Pasadena,California,US,91025",
    "InstitutionName": "Caltech Tim32",
    "InstitutionalDepartmentName": "Department",
    "InversionTime": 1,
    "MRAcquisitionType": "3D",
    "MagneticFieldStrength": 3,
    "Manufacturer": "Siemens",
    "ManufacturersModelName": "TrioTim",
    "Modality": "MR",
    "ParallelReductionFactorInPlane": 2,
    "PartialFourier": 1,
    "PatientBirthDate": "1986-01-01",
    "PatientID": "adolphs",
    "PatientName": "CC0126",
    "PatientPosition": "HFS",
    "PatientSex": "M",
    "PatientWeight": 81.6466,
    "PercentPhaseFOV": 100,
    "PercentSampling": 100,
    "PhaseEncodingSteps": 282,
    "PhaseOversampling": 0.1,
    "PhaseResolution": 1,
    "PixelBandwidth": 210,
    "ProcedureStepDescription": "Conte^Core",
    "ProtocolName": "T1w_3D_2",
    "PulseSequenceDetails": "%SiemensSeq%\\tfl",
    "ReceiveCoilName": "32Ch_Head",
    "ReconMatrixPE": 256,
    "RefLinesPE": 32,
    "RepetitionTime": 2.4,
    "SAR": 0.106479,
    "ScanOptions": "IR\\DB\\WE",
    "ScanningSequence": "GR\\IR",
    "SequenceName": "*tfl3d1",
    "SequenceVariant": "SP\\MP\\OSP",
    "SeriesDescription": "T1w_3D_2",
    "SeriesInstanceUID": "1.3.12.2.1107.5.2.32.35077.2015071712232938164178570.0.0.0",
    "SeriesNumber": 17,
    "ShimSetting": [
      9544,
      -10506,
      15731,
      452,
      -86,
      -257,
      40,
      1
    ],
    "SliceThickness": 1,
    "SoftwareVersions": "syngo MR B17",
    "StationName": "MEDPC",
    "StudyID": "1",
    "StudyInstanceUID": "1.3.12.2.1107.5.2.32.35077.30000015070717374462500000063",
    "TxRefAmp": 323.048,
    "dataset": "unknown",
    "modality": "T1w",
    "run_id": 4,
    "session_id": "core1p3p1",
    "subject_id": "CC0126"
  },
  "cjv": 0.47320735707151934,
  "cnr": 2.827465164687003,
  "efc": 0.5400260336476429,
  "fber": 5498.0859375,
  "fwhm_avg": 3.8578466666666666,
  "fwhm_x": 3.73741,
  "fwhm_y": 3.93105,
  "fwhm_z": 3.90508,
  "icvs_csf": 0.19381182566472444,
  "icvs_gm": 0.4414784230551938,
  "icvs_wm": 0.36470975128008176,
  "inu_med": 1.5382661819458008,
  "inu_range": 0.6178574085235595,
  "provenance": {
    "md5sum": "8b10c549cb48978f91e087d4e826f625",
    "settings": {
      "testing": false
    },
    "software": "mriqc",
    "version": "0.15.0",
    "warnings": {
      "large_rot_frame": true,
      "small_air_mask": false
    },
    "webapi_port": null,
    "webapi_url": "https://mriqc.nimh.nih.gov/api/v1"
  },
  "qi_1": 0.04835744205318328,
  "qi_2": 0.010742118333844813,
  "rpve_csf": 31.522895557533236,
  "rpve_gm": 15.121154910559513,
  "rpve_wm": 21.32722464887425,
  "size_x": 192,
  "size_y": 256,
  "size_z": 256,
  "snr_csf": 2.707464872485547,
  "snr_gm": 9.970019252449804,
  "snr_total": 10.391340613409033,
  "snr_wm": 18.49653771529175,
  "snrd_csf": 37.194935526063574,
  "snrd_gm": 72.88201120997475,
  "snrd_total": 69.5366877345964,
  "snrd_wm": 98.53311646775086,
  "spacing_x": 1.0,
  "spacing_y": 1.0,
  "spacing_z": 1.0,
  "summary_bg_k": 1166.2584916576202,
  "summary_bg_mad": 6.649170875549316,
  "summary_bg_mean": 6.0029191970825195,
  "summary_bg_median": 4.4872846603393555,
  "summary_bg_n": 3161044.0,
  "summary_bg_p05": 0.0,
  "summary_bg_p95": 17.970458126068113,
  "summary_bg_stdv": 7.10324239730835,
  "summary_csf_k": -0.7103383589610033,
  "summary_csf_mad": 164.3203125,
  "summary_csf_mean": 387.2485656738281,
  "summary_csf_median": 377.5022888183594,
  "summary_csf_n": 13067.0,
  "summary_csf_p05": 184.4261932373047,
  "summary_csf_p95": 620.0989868164062,
  "summary_csf_stdv": 139.42483520507812,
  "summary_gm_k": 0.09034550579107226,
  "summary_gm_mad": 71.86793518066406,
  "summary_gm_mean": 743.504638671875,
  "summary_gm_median": 739.7008666992188,
  "summary_gm_n": 23933.0,
  "summary_gm_p05": 628.1632202148437,
  "summary_gm_p95": 874.9689331054688,
  "summary_gm_stdv": 74.19097137451172,
  "summary_wm_k": 0.393162182132587,
  "summary_wm_mad": 51.32714080810547,
  "summary_wm_mean": 1001.88818359375,
  "summary_wm_median": 1000.0414428710938,
  "summary_wm_n": 187932.0,
  "summary_wm_p05": 916.0417053222657,
  "summary_wm_p95": 1093.8911071777343,
  "summary_wm_stdv": 54.06626892089844,
  "tpm_overlap_csf": 0.222387433052063,
  "tpm_overlap_gm": 0.5174933075904846,
  "tpm_overlap_wm": 0.5624192953109741,
  "wm2max": 0.6810781871786724
}