{
  "bids_meta": {
    "AccessionNumber": "7194-001",
    "AcquisitionDateTime": "2013-09-09T13:00:0.890000",
    "AcquisitionMatrixPE": 256,
    "AcquisitionNumber": 1,
    "AcquisitionTime": "13:00:0.890000",
    "BaseResolution": 256,
    "CoilString": "C:HEA;HEP",
    "ConversionSoftware": "dcm2niix",
    "ConversionSoftwareVersion": "v1.0.20210317",
    "DeviceSerialNumber": "35077",
    "DwellTime": 1.09e-05,
    "EchoTime": 0.00291,
    "FlipAngle": 10,
    "ImageOrientationPatientDICOM": [
      0,
      1,
      0,
      0,
      0,
      -1
    ],
    "ImageType": [
      "ORIGINAL",
      "PRIMARY",
      "M",
      "ND",
      "NORM"
    ],
    "ImagingFrequency": 123.229,
    "InPlanePhaseEncodingDirectionDICOM": "ROW",
    "InstitutionAddress": "Wilson Avenue 340 ,Pasadena,California,US,91025",
    "InstitutionName": "Caltech Tim32",
    "InstitutionalDepartmentName": "Department",
    "InversionTime": 0.8,
    "MRAcquisitionType": "3D",
    "MagneticFieldStrength": 3,
    "Manufacturer": "Siemens",
    "ManufacturersModelName": "TrioTim",
    "Modality": "MR",
    "PartialFourier": 1,
    "PatientBirthDate": "1989-01-01",
    "PatientID": "adolphs",
    "PatientName": "CC0060",
    "PatientPosition": "HFS",
    "PatientSex": "M",
    "PatientWeight": 81.6466,
    "PercentPhaseFOV": 100,
    "PercentSampling": 100,
    "PhaseEncodingSteps": 256,
    "PhaseResolution": 1,
    "PixelBandwidth": 179,
    "ProcedureStepDescription": "Conte^Core",
    "ProtocolName": "T1_1",
    "PulseSequenceDetails": "%SiemensSeq%\\tfl",
    "ReceiveCoilName": "32Ch_Head",
    "ReconMatrixPE": 256,
    "RepetitionTime": 1.5,
    "SAR": 0.126059,
    "ScanOptions": "IR",
    "ScanningSequence": "GR\\IR",
    "SequenceName": "*tfl3d1",
    "SequenceVariant": "SP\\MP",
    "SeriesDescription": "T1_1",
    "SeriesInstanceUID": "1.3.12.2.1107.5.2.32.35077.2013090913010257348798803.0.0.0",
    "SeriesNumber": 10,
    "ShimSetting": [
      9490,
      -10577,
      15669,
      526,
      -237,
      -319,
      -24,
      175
    ],
    "SliceThickness": 1,
    "SoftwareVersions": "syngo MR B17",
    "StationName": "MEDPC",
    "StudyID": "1",
    "StudyInstanceUID": "1.3.12.2.1107.5.2.32.35077.30000013090916352629600000007",
    "TxRefAmp": 310.291,
    "dataset": "unknown",
    "modality": "T1w",
    "run_id": 1,
    "session_id": "core1p2",
    "subject_id": "CC0060"
  },
  "cjv": 0.45278710965744773,
  "cnr": 2.8341869840505782,
  "efc": 0.5706065449134535,
  "fber": 4683.60302734375,
  "fwhm_avg": 4.383233333333333,
  "fwhm_x": 4.23164,
  "fwhm_y": 4.60847,
  "fwhm_z": 4.30959,
  "icvs_csf": 0.2229657164890579,
  "icvs_gm": 0.39428244696779463,
  "icvs_wm": 0.3827518365431475,
  "inu_med": 1.5759419202804565,
  "inu_range": 0.5014669656753539,
  "provenance": {
    "md5sum": "5f960669a3878b51abd04255572852bd",
    "settings": {
      "testing": false
    },
    "software": "mriqc",
    "version": "0.15.0",
    "warnings": {
      "large_rot_frame": false,
      "small_air_mask": false
    },
    "webapi_port": null,
    "webapi_url": "https://mriqc.nimh.nih.gov/api/v1"
  },
  "qi_1": 2.195413780612301e-06,
  "qi_2": 0.01821280996672887,
  "rpve_csf": 24.023732563167197,
  "rpve_gm": 13.340378115671488,
  "rpve_wm": 16.64292985701488,
  "size_x": 176,
  "size_y": 256,
  "size_z": 256,
  "snr_csf": 3.8011001916548848,
  "snr_gm": 10.949817432289985,
  "snr_total": 12.323716600440775,
  "snr_wm": 22.220232177377454,
  "snrd_csf": 79.37857918630645,
  "snrd_gm": 131.05840474392474,
  "snrd_total": 127.32103784261062,
  "snrd_wm": 171.5261295976007,
  "spacing_x": 1.0,
  "spacing_y": 1.0,
  "spacing_z": 1.0,
  "summary_bg_k": 7.677182657983979,
  "summary_bg_mad": 3.819502115249634,
  "summary_bg_mean": 6.957189083099365,
  "summary_bg_median": 5.134215831756592,
  "summary_bg_n": 2961691.0,
  "summary_bg_p05": 0.0,
  "summary_bg_p95": 17.93704605102539,
  "summary_bg_stdv": 5.930025100708008,
  "summary_csf_k": -0.8464508286078534,
  "summary_csf_mad": 153.23699951171875,
  "summary_csf_mean": 465.1246643066406,
  "summary_csf_median": 462.7840270996094,
  "summary_csf_n": 37161.0,
  "summary_csf_p05": 288.9239501953125,
  "summary_csf_p95": 658.0728759765625,
  "summary_csf_stdv": 121.74838256835938,
  "summary_gm_k": -0.0775356325233707,
  "summary_gm_mad": 68.4654312133789,
  "summary_gm_mean": 771.9602661132812,
  "summary_gm_median": 764.0819091796875,
  "summary_gm_n": 21794.0,
  "summary_gm_p05": 668.9453918457032,
  "summary_gm_p95": 896.3760620117187,
  "summary_gm_stdv": 69.77873229980469,
  "summary_wm_k": 1.275972338924829,
  "summary_wm_mad": 38.36079406738281,
  "summary_wm_mean": 995.3905639648438,
  "summary_wm_median": 1000.0122680664062,
  "summary_wm_n": 216661.0,
  "summary_wm_p05": 910.9136962890625,
  "summary_wm_p95": 1058.4139404296875,
  "summary_wm_stdv": 45.004478454589844,
  "tpm_overlap_csf": 0.22175544500350952,
  "tpm_overlap_gm": 0.4865022301673889,
  "tpm_overlap_wm": 0.5529091954231262,
  "wm2max": 0.5210256540139203
}