{
  "aor": 0.004486171284634761,
  "aqi": 0.005627363501259445,
  "bids_meta": {
    "AccessionNumber": "7549-001",
    "AcquisitionDateTime": "2014-06-12T10:13:49.950000",
    "AcquisitionMatrixPE": 80,
    "AcquisitionNumber": 1,
    "AcquisitionTime": "10:13:49.950000",
    "BandwidthPerPixelPhaseEncode": 23.148,
    "BaseResolution": 80,
    "CoilString": "C:HEA;HEP",
    "ConversionSoftware": "dcm2niix",
    "ConversionSoftwareVersion": "v1.0.20210317",
    "DerivedVendorReportedEchoSpacing": 0.000540003,
    "DeviceSerialNumber": "35077",
    "DwellTime": 2.6e-06,
    "EchoTime": 0.03,
    "EffectiveEchoSpacing": 0.000540003,
    "FlipAngle": 60,
    "ImageComments": "Unaliased MB4/PE3",
    "ImageOrientationPatientDICOM": [
      1,
      -1e-16,
      0,
      1e-16,
      0.939693,
      -0.34202
    ],
    "ImageType": [
      "ORIGINAL",
      "PRIMARY",
      "M",
      "ND",
      "MOSAIC"
    ],
    "ImagingFrequency": 123.229,
    "InPlanePhaseEncodingDirectionDICOM": "COL",
    "InstitutionAddress": "Wilson Avenue 340 ,Pasadena,California,US,91025",
    "InstitutionName": "Caltech Tim32",
    "InstitutionalDepartmentName": "Department",
    "MRAcquisitionType": "2D",
    "MagneticFieldStrength": 3,
    "Manufacturer": "Siemens",
    "ManufacturersModelName": "TrioTim",
    "Modality": "MR",
    "MultibandAccelerationFactor": 4,
    "PartialFourier": 1,
    "PatientBirthDate": "1975-01-01",
    "PatientID": "adolphs",
    "PatientName": "CC0115",
    "PatientPosition": "HFS",
    "PatientSex": "M",
    "PatientWeight": 79.3787,
    "PercentPhaseFOV": 100,
    "PercentSampling": 100,
    "PhaseEncodingDirection": "j-",
    "PhaseEncodingSteps": 80,
    "PhaseResolution": 1,
    "PixelBandwidth": 2404,
    "ProcedureStepDescription": "Conte^Core",
    "ProtocolName": "rsBOLD_MB_1",
    "PulseSequenceDetails": "%CustomerSeq%\\cmrr_mbep2d_bold",
    "ReceiveCoilName": "32Ch_Head",
    "ReconMatrixPE": 80,
    "RepetitionTime": 1,
    "SAR": 0.101264,
    "ScanOptions": "FS",
    "ScanningSequence": "EP",
    "SequenceName": "epfid2d1_80",
    "SequenceVariant": "SK",
    "SeriesDescription": "rsBOLD_MB_1",
    "SeriesInstanceUID": "1.3.12.2.1107.5.2.32.35077.2014061210134624470784136.0.0.0",
    "SeriesNumber": 2,
    "ShimSetting": [
      9515,
      -10522,
      15699,
      627,
      -103,
      -265,
      48,
      58
    ],
    "SliceThickness": 2.5,
    "SliceTiming": [
      0,
      0.215,
      0.43,
      0.645,
      0.86,
      0.0725,
      0.2875,
      0.5025,
      0.7175,
      0.9325,
      0.145,
      0.36,
      0.575,
      0.79,
      0,
      0.215,
      0.43,
      0.645,
      0.86,
      0.0725,
      0.2875,
      0.5025,
      0.7175,
      0.9325,
      0.145,
      0.36,
      0.575,
      0.79,
      0,
      0.215,
      0.43,
      0.645,
      0.86,
      0.0725,
      0.2875,
      0.5025,
      0.7175,
      0.9325,
      0.145,
      0.36,
      0.575,
      0.79,
      0,
      0.215,
      0.43,
      0.645,
      0.86,
      0.0725,
      0.2875,
      0.5025,
      0.7175,
      0.9325,
      0.145,
      0.36,
      0.575,
      0.79
    ],
    "SoftwareVersions": "syngo MR B17",
    "SpacingBetweenSlices": 2.5,
    "StationName": "MEDPC",
    "StudyID": "2",
    "StudyInstanceUID": "1.3.12.2.1107.5.2.32.35077.30000014060216395735900000085",
    "TaskName": "rest",
    "TotalReadoutTime": 0.0426603,
    "TxRefAmp": 317.464,
    "dataset": "unknown",
    "modality": "bold",
    "run_id": 1,
    "session_id": "core1p2",
    "subject_id": "CC0115",
    "task_id": "rest"
  },
  "dummy_trs": 3,
  "dvars_nstd": 31.21087562212123,
  "dvars_std": 1.1006643407070706,
  "dvars_vstd": 1.0653315616919188,
  "efc": 0.5709954783631831,
  "fber": 500.9701843261719,
  "fd_mean": 0.12988810784804714,
  "fd_num": 51,
  "fd_perc": 12.846347607052897,
  "fwhm_avg": 2.900902666666667,
  "fwhm_x": 2.7162759999999997,
  "fwhm_y": 3.001916,
  "fwhm_z": 2.984516,
  "gcor": 0.0126021,
  "gsr_x": -0.03148197382688522,
  "gsr_y": 0.11068303138017654,
  "provenance": {
    "md5sum": "d4e2f2995d373fb8503ae617354f1259",
    "settings": {
      "fd_thres": 0.2,
      "hmc_fsl": false
    },
    "software": "mriqc",
    "version": "0.15.0",
    "webapi_port": null,
    "webapi_url": "https://mriqc.nimh.nih.gov/api/v1"
  },
  "size_t": 397,
  "size_x": 80,
  "size_y": 80,
  "size_z": 56,
  "snr": 2.1375920080510387,
  "spacing_tr": 1.0,
  "spacing_x": 2.5,
  "spacing_y": 2.5,
  "spacing_z": 2.5,
  "summary_bg_k": 49.29371762209934,
  "summary_bg_mad": 10.833827018737793,
  "summary_bg_mean": 44.03350830078125,
  "summary_bg_median": 18.826196670532227,
  "summary_bg_n": 196063.0,
  "summary_bg_p05": 10.776069831848146,
  "summary_bg_p95": 162.08009338378903,
  "summary_bg_stdv": 70.3584213256836,
  "summary_fg_k": 3.0417923880594175,
  "summary_fg_mad": 170.3199920654297,
  "summary_fg_mean": 509.81695556640625,
  "summary_fg_median": 466.2493591308594,
  "summary_fg_n": 99859.0,
  "summary_fg_p05": 240.72769927978516,
  "summary_fg_p95": 928.4097961425778,
  "summary_fg_stdv": 218.1178741455078,
  "tsnr": 39.07452392578125
}