{
  "aor": 0.0007097684210526316,
  "aqi": 0.003676755557894737,
  "bids_meta": {
    "AccessionNumber": "8478-001",
    "AcquisitionDateTime": "2018-05-31T11:48:22.027500",
    "AcquisitionMatrixPE": 80,
    "AcquisitionNumber": 1,
    "AcquisitionTime": "11:48:22.027500",
    "BandwidthPerPixelPhaseEncode": 23.191,
    "BaseResolution": 80,
    "BodyPartExamined": "BRAIN",
    "ConsistencyInfo": "N4_VE11C_LATEST_20160120",
    "ConversionSoftware": "dcm2niix",
    "ConversionSoftwareVersion": "v1.0.20210317",
    "DerivedVendorReportedEchoSpacing": 0.000490002,
    "DeviceSerialNumber": "167050",
    "DwellTime": 2.3e-06,
    "EchoTime": 0.03,
    "EchoTrainLength": 88,
    "EffectiveEchoSpacing": 0.000539002,
    "FlipAngle": 53,
    "ImageComments": "Unaliased MB6/PE3/LB",
    "ImageOrientationPatientDICOM": [
      1,
      0,
      0,
      0,
      0.939693,
      -0.34202
    ],
    "ImageType": [
      "ORIGINAL",
      "PRIMARY",
      "M",
      "MB",
      "ND",
      "MOSAIC"
    ],
    "ImagingFrequency": 123.25,
    "InPlanePhaseEncodingDirectionDICOM": "COL",
    "InstitutionAddress": "Michigan Ave 320,Pasadena,California,US,91025",
    "InstitutionName": "Caltech Prisma64",
    "InstitutionalDepartmentName": "Department",
    "MRAcquisitionType": "2D",
    "MagneticFieldStrength": 3,
    "Manufacturer": "Siemens",
    "ManufacturersModelName": "Prisma_fit",
    "Modality": "MR",
    "MultibandAccelerationFactor": 6,
    "PartialFourier": 1,
    "PatientBirthDate": "1987-03-01",
    "PatientID": "CC0135",
    "PatientName": "CC0135",
    "PatientPosition": "HFS",
    "PatientSex": "M",
    "PatientWeight": 81.193,
    "PercentPhaseFOV": 100,
    "PercentSampling": 100,
    "PhaseEncodingDirection": "j-",
    "PhaseEncodingSteps": 88,
    "PhaseOversampling": 0.1,
    "PhaseResolution": 1,
    "PixelBandwidth": 2715,
    "ProcedureStepDescription": "Conte Core",
    "ProtocolName": "task-pixar_run-01_bold",
    "PulseSequenceDetails": "%CustomerSeq%\\cmrr_mbep2d_bold",
    "ReceiveCoilActiveElements": "HEA;HEP",
    "ReceiveCoilName": "Head_32",
    "ReconMatrixPE": 80,
    "ReferringPhysicianName": "Adolphs",
    "RepetitionTime": 0.7,
    "SAR": 0.0922665,
    "ScanOptions": "FS\\EXT",
    "ScanningSequence": "EP",
    "SequenceName": "epfid2d1_80",
    "SequenceVariant": "SK\\SS\\OSP",
    "SeriesDescription": "task-pixar_run-01_bold",
    "SeriesInstanceUID": "1.3.12.2.1107.5.2.43.167050.30000018052400010296100017339",
    "SeriesNumber": 34,
    "ShimSetting": [
      6997,
      -3591,
      7898,
      407,
      -24,
      -205,
      -20,
      -27
    ],
    "SliceThickness": 2.5,
    "SliceTiming": [
      0,
      0.4775,
      0.2725,
      0.07,
      0.545,
      0.34,
      0.1375,
      0.6125,
      0.41,
      0.205,
      0,
      0.4775,
      0.2725,
      0.07,
      0.545,
      0.34,
      0.1375,
      0.6125,
      0.41,
      0.205,
      0,
      0.4775,
      0.2725,
      0.07,
      0.545,
      0.34,
      0.1375,
      0.6125,
      0.41,
      0.205,
      0,
      0.4775,
      0.2725,
      0.07,
      0.545,
      0.34,
      0.1375,
      0.6125,
      0.41,
      0.205,
      0,
      0.4775,
      0.2725,
      0.07,
      0.545,
      0.34,
      0.1375,
      0.6125,
      0.41,
      0.205,
      0,
      0.4775,
      0.2725,
      0.07,
      0.545,
      0.34,
      0.1375,
      0.6125,
      0.41,
      0.205
    ],
    "SoftwareVersions": "syngo MR E11",
    "SpacingBetweenSlices": 2.5,
    "StationName": "PRISMA",
    "StudyID": "1",
    "StudyInstanceUID": "1.3.12.2.1107.5.2.43.167050.30000018052400010296100018282",
    "TaskName": "pixar",
    "TotalReadoutTime": 0.0425812,
    "TxRefAmp": 282.379,
    "WipMemBlock": "7a0e22aa-0280-4159-a449-d74e4fd04b57||Sequence: R016 ve11c/master r/e634e98; Dec 19 2017 11:00:25 by eja",
    "dataset": "unknown",
    "modality": "bold",
    "run_id": 1,
    "session_id": "core2p2",
    "subject_id": "CC0135",
    "task_id": "pixar"
  },
  "dummy_trs": 1,
  "dvars_nstd": 32.38774079111809,
  "dvars_std": 1.0772453249999991,
  "dvars_vstd": 1.0146462093881867,
  "efc": 0.5402259768697624,
  "fber": 530.4279174804688,
  "fd_mean": 0.06951233788367703,
  "fd_num": 3,
  "fd_perc": 0.631578947368421,
  "fwhm_avg": 2.907092,
  "fwhm_x": 2.6621200000000003,
  "fwhm_y": 3.077884,
  "fwhm_z": 2.9812719999999997,
  "gcor": 0.0147496,
  "gsr_x": -0.012169352732598782,
  "gsr_y": 0.08761876076459885,
  "provenance": {
    "md5sum": "6fa8fb7fb03ab052d7bbb743fe0b965e",
    "settings": {
      "fd_thres": 0.2,
      "hmc_fsl": false
    },
    "software": "mriqc",
    "version": "0.15.0",
    "webapi_port": null,
    "webapi_url": "https://mriqc.nimh.nih.gov/api/v1"
  },
  "size_t": 475,
  "size_x": 80,
  "size_y": 80,
  "size_z": 60,
  "snr": 2.187280402209097,
  "spacing_tr": 0.699999988079071,
  "spacing_x": 2.5,
  "spacing_y": 2.5,
  "spacing_z": 2.5,
  "summary_bg_k": 14.328724266004471,
  "summary_bg_mad": 93.5833969116211,
  "summary_bg_mean": 402.4344482421875,
  "summary_bg_median": 151.72525024414062,
  "summary_bg_n": 243396.0,
  "summary_bg_p05": 81.92631530761719,
  "summary_bg_p95": 1712.1614685058594,
  "summary_bg_stdv": 625.785888671875,
  "summary_fg_k": 0.7913348872005579,
  "summary_fg_mad": 1581.121826171875,
  "summary_fg_mean": 4052.865478515625,
  "summary_fg_median": 3794.357666015625,
  "summary_fg_n": 79987.0,
  "summary_fg_p05": 1653.9134033203127,
  "summary_fg_p95": 7372.109570312499,
  "summary_fg_stdv": 1734.726806640625,
  "tsnr": 42.66984558105469
}