{
  "aor": 0.000774661971830986,
  "aqi": 0.005158978985915493,
  "bids_meta": {
    "AccessionNumber": "8478-001",
    "AcquisitionDateTime": "2018-05-31T11:18:23.660000",
    "AcquisitionMatrixPE": 80,
    "AcquisitionNumber": 1,
    "AcquisitionTime": "11:18:23.660000",
    "BandwidthPerPixelPhaseEncode": 23.191,
    "BaseResolution": 80,
    "BodyPartExamined": "BRAIN",
    "ConsistencyInfo": "N4_VE11C_LATEST_20160120",
    "ConversionSoftware": "dcm2niix",
    "ConversionSoftwareVersion": "v1.0.20210317",
    "DerivedVendorReportedEchoSpacing": 0.000490002,
    "DeviceSerialNumber": "167050",
    "DwellTime": 2.3e-06,
    "EchoTime": 0.03,
    "EchoTrainLength": 88,
    "EffectiveEchoSpacing": 0.000539002,
    "FlipAngle": 53,
    "ImageComments": "Unaliased MB6/PE3/LB",
    "ImageOrientationPatientDICOM": [
      1,
      0,
      0,
      0,
      0.939693,
      -0.34202
    ],
    "ImageType": [
      "ORIGINAL",
      "PRIMARY",
      "M",
      "MB",
      "ND",
      "MOSAIC"
    ],
    "ImagingFrequency": 123.25,
    "InPlanePhaseEncodingDirectionDICOM": "COL",
    "InstitutionAddress": "Michigan Ave 320,Pasadena,California,US,91025",
    "InstitutionName": "Caltech Prisma64",
    "InstitutionalDepartmentName": "Department",
    "MRAcquisitionType": "2D",
    "MagneticFieldStrength": 3,
    "Manufacturer": "Siemens",
    "ManufacturersModelName": "Prisma_fit",
    "Modality": "MR",
    "MultibandAccelerationFactor": 6,
    "PartialFourier": 1,
    "PatientBirthDate": "1987-03-01",
    "PatientID": "CC0135",
    "PatientName": "CC0135",
    "PatientPosition": "HFS",
    "PatientSex": "M",
    "PatientWeight": 81.193,
    "PercentPhaseFOV": 100,
    "PercentSampling": 100,
    "PhaseEncodingDirection": "j-",
    "PhaseEncodingSteps": 88,
    "PhaseOversampling": 0.1,
    "PhaseResolution": 1,
    "PixelBandwidth": 2715,
    "ProcedureStepDescription": "Conte Core",
    "ProtocolName": "task-bang_bold",
    "PulseSequenceDetails": "%CustomerSeq%\\cmrr_mbep2d_bold",
    "ReceiveCoilActiveElements": "HEA;HEP",
    "ReceiveCoilName": "Head_32",
    "ReconMatrixPE": 80,
    "ReferringPhysicianName": "Adolphs",
    "RepetitionTime": 0.7,
    "SAR": 0.0925037,
    "ScanOptions": "FS\\EXT",
    "ScanningSequence": "EP",
    "SequenceName": "epfid2d1_80",
    "SequenceVariant": "SK\\SS\\OSP",
    "SeriesDescription": "task-bang_bold",
    "SeriesInstanceUID": "1.3.12.2.1107.5.2.43.167050.30000018052400010296100015765",
    "SeriesNumber": 24,
    "ShimSetting": [
      6997,
      -3591,
      7898,
      407,
      -24,
      -205,
      -20,
      -27
    ],
    "SliceThickness": 2.5,
    "SliceTiming": [
      0,
      0.475,
      0.2725,
      0.0675,
      0.5425,
      0.34,
      0.135,
      0.6125,
      0.4075,
      0.2025,
      0,
      0.475,
      0.2725,
      0.0675,
      0.5425,
      0.34,
      0.135,
      0.6125,
      0.4075,
      0.2025,
      0,
      0.475,
      0.2725,
      0.0675,
      0.5425,
      0.34,
      0.135,
      0.6125,
      0.4075,
      0.2025,
      0,
      0.475,
      0.2725,
      0.0675,
      0.5425,
      0.34,
      0.135,
      0.6125,
      0.4075,
      0.2025,
      0,
      0.475,
      0.2725,
      0.0675,
      0.5425,
      0.34,
      0.135,
      0.6125,
      0.4075,
      0.2025,
      0,
      0.475,
      0.2725,
      0.0675,
      0.5425,
      0.34,
      0.135,
      0.6125,
      0.4075,
      0.2025
    ],
    "SoftwareVersions": "syngo MR E11",
    "SpacingBetweenSlices": 2.5,
    "StationName": "PRISMA",
    "StudyID": "1",
    "StudyInstanceUID": "1.3.12.2.1107.5.2.43.167050.30000018052400010296100018282",
    "TaskName": "bang",
    "TotalReadoutTime": 0.0425812,
    "TxRefAmp": 282.379,
    "WipMemBlock": "8fa927a0-f010-4c19-bf42-036c6a732826||Sequence: R016 ve11c/master r/e634e98; Dec 19 2017 11:00:25 by eja",
    "dataset": "unknown",
    "modality": "bold",
    "run_id": 1,
    "session_id": "core2p2",
    "subject_id": "CC0135",
    "task_id": "bang"
  },
  "dummy_trs": 0,
  "dvars_nstd": 31.956973948801064,
  "dvars_std": 1.0373625915796905,
  "dvars_vstd": 0.9866297885331466,
  "efc": 0.5404926054255812,
  "fber": 524.2766723632812,
  "fd_mean": 0.08316419229980156,
  "fd_num": 21,
  "fd_perc": 2.9577464788732395,
  "fwhm_avg": 2.929837333333333,
  "fwhm_x": 2.676068,
  "fwhm_y": 3.103792,
  "fwhm_z": 3.009652,
  "gcor": 0.0091914,
  "gsr_x": -0.014121009036898613,
  "gsr_y": 0.09026417881250381,
  "provenance": {
    "md5sum": "441311d15f9ec4667438c52a535bd72c",
    "settings": {
      "fd_thres": 0.2,
      "hmc_fsl": false
    },
    "software": "mriqc",
    "version": "0.15.0",
    "webapi_port": null,
    "webapi_url": "https://mriqc.nimh.nih.gov/api/v1"
  },
  "size_t": 710,
  "size_x": 80,
  "size_y": 80,
  "size_z": 60,
  "snr": 2.182424095746414,
  "spacing_tr": 0.699999988079071,
  "spacing_x": 2.5,
  "spacing_y": 2.5,
  "spacing_z": 2.5,
  "summary_bg_k": 14.795864892013025,
  "summary_bg_mad": 96.6197280883789,
  "summary_bg_mean": 404.35626220703125,
  "summary_bg_median": 153.8943634033203,
  "summary_bg_n": 243385.0,
  "summary_bg_p05": 81.85098266601562,
  "summary_bg_p95": 1699.9979492187485,
  "summary_bg_stdv": 625.7086181640625,
  "summary_fg_k": 0.732269275850213,
  "summary_fg_mad": 1612.9461669921875,
  "summary_fg_mean": 4075.28857421875,
  "summary_fg_median": 3817.40771484375,
  "summary_fg_n": 80362.0,
  "summary_fg_p05": 1650.4447387695313,
  "summary_fg_p95": 7397.414990234374,
  "summary_fg_stdv": 1749.1485595703125,
  "tsnr": 38.33017349243164
}