{
    "Modality":"MR",
    "MagneticFieldStrength":3,
    "ImagingFrequency":123.25,
    "Manufacturer":"Siemens",
    "ManufacturersModelName":"Prisma_fit",
    "InstitutionName":"Caltech Prisma64",
    "InstitutionalDepartmentName":"Department",
    "InstitutionAddress":"Michigan Ave 320,Pasadena,California,US,91025",
    "DeviceSerialNumber":"167050",
    "StationName":"PRISMA",
    "SeriesInstanceUID":"1.3.12.2.1107.5.2.43.167050.2019020513432645705603160.0.0.0",
    "StudyInstanceUID":"1.3.12.2.1107.5.2.43.167050.30000019012122271046500000115",
    "ReferringPhysicianName":"Adolphs",
    "StudyID":"1",
    "PatientName":"CC0104",
    "PatientID":"CC0104",
    "AccessionNumber":"8707-012",
    "PatientBirthDate":"1979-09-01",
    "PatientSex":"M",
    "PatientWeight":68.0389,
    "BodyPartExamined":"BRAIN",
    "PatientPosition":"HFS",
    "SoftwareVersions":"syngo MR E11",
    "MRAcquisitionType":"3D",
    "SeriesDescription":"T1w_combEcho",
    "ProtocolName":"T1w",
    "ScanningSequence":"GR\\IR",
    "SequenceVariant":"SK\\SP\\MP\\OSP",
    "ScanOptions":"IR\\WE",
    "SequenceName":"tfl3d4_16ns",
    "ImageType":[
        "ORIGINAL",
        "PRIMARY",
        "ECHO",
        "COMBINED",
        "ND",
        "NORM"
    ],
    "SeriesNumber":5,
    "AcquisitionTime":"13:36:18.190000",
    "AcquisitionDateTime":"2019-02-05T13:36:18.190000",
    "AcquisitionNumber":1,
    "ImageComments":"Average over all echoes.",
    "SliceThickness":0.9,
    "SAR":0.0517683,
    "EchoNumber":4,
    "RepetitionTime":2.55,
    "InversionTime":1.15,
    "FlipAngle":8,
    "PartialFourier":1,
    "BaseResolution":256,
    "ShimSetting":[
        6985,
        -3677,
        7902,
        317,
        16,
        -307,
        -27,
        0
    ],
    "TxRefAmp":269.977,
    "PhaseResolution":1,
    "PhaseOversampling":0.1,
    "ReceiveCoilName":"Head_32",
    "ReceiveCoilActiveElements":"HEA;HEP",
    "PulseSequenceDetails":"%CustomerSeq%\\tfl_wip900D_VE11C",
    "WipMemBlock":"WIP_Identifier: WIP#900D",
    "RefLinesPE":32,
    "ConsistencyInfo":"N4_VE11C_LATEST_20160120",
    "PercentPhaseFOV":100,
    "PercentSampling":100,
    "PhaseEncodingSteps":282,
    "AcquisitionMatrixPE":256,
    "ReconMatrixPE":256,
    "ParallelReductionFactorInPlane":2,
    "PixelBandwidth":650,
    "DwellTime":3e-06,
    "ImageOrientationPatientDICOM":[
        0,
        1,
        0,
        0,
        0,
        -1
    ],
    "InPlanePhaseEncodingDirectionDICOM":"ROW",
    "ConversionSoftware":"dcm2niix",
    "ConversionSoftwareVersion":"v1.0.20210317"
}