{
  "bids_meta": {
    "AccessionNumber": "8686-016",
    "AcquisitionDateTime": "2019-01-24T16:45:56.167500",
    "AcquisitionMatrixPE": 256,
    "AcquisitionNumber": 1,
    "AcquisitionTime": "16:45:56.167500",
    "BaseResolution": 256,
    "BodyPartExamined": "BRAIN",
    "ConsistencyInfo": "N4_VE11C_LATEST_20160120",
    "ConversionSoftware": "dcm2niix",
    "ConversionSoftwareVersion": "v1.0.20210317",
    "DeviceSerialNumber": "167050",
    "DwellTime": 3e-06,
    "EchoNumber": 4,
    "FlipAngle": 8,
    "ImageComments": "Average over all echoes.",
    "ImageOrientationPatientDICOM": [
      0,
      1,
      0,
      0,
      0,
      -1
    ],
    "ImageType": [
      "ORIGINAL",
      "PRIMARY",
      "ECHO",
      "COMBINED",
      "ND"
    ],
    "ImagingFrequency": 123.25,
    "InPlanePhaseEncodingDirectionDICOM": "ROW",
    "InstitutionAddress": "Michigan Ave 320,Pasadena,California,US,91025",
    "InstitutionName": "Caltech Prisma64",
    "InstitutionalDepartmentName": "Department",
    "InversionTime": 1.15,
    "MRAcquisitionType": "3D",
    "MagneticFieldStrength": 3,
    "Manufacturer": "Siemens",
    "ManufacturersModelName": "Prisma_fit",
    "Modality": "MR",
    "ParallelReductionFactorInPlane": 2,
    "PartialFourier": 1,
    "PatientBirthDate": "1987-01-01",
    "PatientID": "CC0007",
    "PatientName": "CC0007",
    "PatientPosition": "HFS",
    "PatientSex": "F",
    "PatientWeight": 68.0389,
    "PercentPhaseFOV": 100,
    "PercentSampling": 100,
    "PhaseEncodingSteps": 282,
    "PhaseOversampling": 0.1,
    "PhaseResolution": 1,
    "PixelBandwidth": 650,
    "ProtocolName": "T1w",
    "PulseSequenceDetails": "%CustomerSeq%\\tfl_wip900D_VE11C",
    "ReceiveCoilActiveElements": "HEA;HEP",
    "ReceiveCoilName": "Head_32",
    "ReconMatrixPE": 256,
    "RefLinesPE": 32,
    "ReferringPhysicianName": "Adolphs",
    "RepetitionTime": 2.55,
    "SAR": 0.0375616,
    "ScanOptions": "IR\\WE",
    "ScanningSequence": "GR\\IR",
    "SequenceName": "tfl3d4_16ns",
    "SequenceVariant": "SK\\SP\\MP\\OSP",
    "SeriesDescription": "T1w_combEcho",
    "SeriesInstanceUID": "1.3.12.2.1107.5.2.43.167050.2019012416530434619006341.0.0.0",
    "SeriesNumber": 4,
    "ShimSetting": [
      6978,
      -3642,
      7874,
      493,
      -47,
      -175,
      -130,
      51
    ],
    "SliceThickness": 0.9,
    "SoftwareVersions": "syngo MR E11",
    "StationName": "PRISMA",
    "StudyID": "1",
    "StudyInstanceUID": "1.3.12.2.1107.5.2.43.167050.30000019012122271046500000028",
    "TxRefAmp": 244.717,
    "WipMemBlock": "WIP_Identifier: WIP#900D",
    "acq_id": "combecho",
    "dataset": "unknown",
    "modality": "T1w",
    "run_id": 1,
    "session_id": "core2p2",
    "subject_id": "CC0007"
  },
  "cjv": 0.6323129525371882,
  "cnr": 2.200982195213122,
  "efc": 0.5837077136002599,
  "fber": 256.0821228027344,
  "fwhm_avg": 5.476385548162246,
  "fwhm_x": 5.363011253182392,
  "fwhm_y": 5.380964173913044,
  "fwhm_z": 5.685181217391304,
  "icvs_csf": 0.1826208906049485,
  "icvs_gm": 0.39850867736127255,
  "icvs_wm": 0.41887043203377894,
  "inu_med": 1.9541648626327515,
  "inu_range": 1.4803414583206171,
  "provenance": {
    "md5sum": "3d45b799099dea7f482ed8d138b84012",
    "settings": {
      "testing": false
    },
    "software": "mriqc",
    "version": "0.15.0",
    "warnings": {
      "large_rot_frame": false,
      "small_air_mask": false
    },
    "webapi_port": null,
    "webapi_url": "https://mriqc.nimh.nih.gov/api/v1"
  },
  "qi_1": 0.0,
  "qi_2": 0.005703216132553804,
  "rpve_csf": 29.121938063956026,
  "rpve_gm": 12.586428365924336,
  "rpve_wm": 13.807266715281004,
  "size_x": 208,
  "size_y": 256,
  "size_z": 256,
  "snr_csf": 3.777455150459357,
  "snr_gm": 11.670116058472528,
  "snr_total": 8.840831554235358,
  "snr_wm": 11.07492345377419,
  "snrd_csf": 19.49683833647659,
  "snrd_gm": 44.387951667178726,
  "snrd_total": 40.91264205013619,
  "snrd_wm": 58.853136146753265,
  "spacing_x": 0.8999999761581421,
  "spacing_y": 0.8984375,
  "spacing_z": 0.8984375,
  "summary_bg_k": 7.0176823754582305,
  "summary_bg_mad": 11.131568908691406,
  "summary_bg_mean": 39.7036018371582,
  "summary_bg_median": 38.25634765625,
  "summary_bg_n": 3760687.0,
  "summary_bg_p05": 22.89295768737793,
  "summary_bg_p95": 59.953208160400386,
  "summary_bg_stdv": 11.859332084655762,
  "summary_csf_k": 1.0449811135194125,
  "summary_csf_mad": 73.08570861816406,
  "summary_csf_mean": 354.5990905761719,
  "summary_csf_median": 331.275146484375,
  "summary_csf_n": 41571.0,
  "summary_csf_p05": 248.02153778076172,
  "summary_csf_p95": 526.7880859375,
  "summary_csf_stdv": 87.69691467285156,
  "summary_gm_k": -0.05893662458994697,
  "summary_gm_mad": 65.00447082519531,
  "summary_gm_mean": 758.8768920898438,
  "summary_gm_median": 754.2056274414062,
  "summary_gm_n": 30963.0,
  "summary_gm_p05": 659.8118591308594,
  "summary_gm_p95": 871.4846069335938,
  "summary_gm_stdv": 64.62604522705078,
  "summary_wm_k": 0.04631499142707218,
  "summary_wm_mad": 90.40615844726562,
  "summary_wm_mean": 1017.8489990234375,
  "summary_wm_median": 999.98681640625,
  "summary_wm_n": 208819.0,
  "summary_wm_p05": 901.9394287109376,
  "summary_wm_p95": 1188.0896728515625,
  "summary_wm_stdv": 90.29267120361328,
  "tpm_overlap_csf": 0.22653824090957642,
  "tpm_overlap_gm": 0.4443693161010742,
  "tpm_overlap_wm": 0.4823717176914215,
  "wm2max": 0.5265190723798078
}