{
  "aor": 0.00102225,
  "aqi": 0.00405597225,
  "bids_meta": {
    "AccessionNumber": "6532_010",
    "AcquisitionDateTime": "2013-03-28T13:13:21.112500",
    "AcquisitionMatrixPE": 64,
    "AcquisitionNumber": 1,
    "AcquisitionTime": "13:13:21.112500",
    "BandwidthPerPixelPhaseEncode": 66.489,
    "BaseResolution": 64,
    "CoilString": "C:HEA;HEP",
    "ConversionSoftware": "dcm2niix",
    "ConversionSoftwareVersion": "v1.0.20210317",
    "DerivedVendorReportedEchoSpacing": 0.000470003,
    "DeviceSerialNumber": "35077",
    "DwellTime": 3e-06,
    "EchoTime": 0.03,
    "EffectiveEchoSpacing": 0.000235001,
    "FlipAngle": 85,
    "ImageOrientationPatientDICOM": [
      1,
      -1e-16,
      0,
      1e-16,
      0.939693,
      -0.34202
    ],
    "ImageType": [
      "ORIGINAL",
      "PRIMARY",
      "M",
      "ND",
      "MOSAIC"
    ],
    "ImagingFrequency": 123.229,
    "InPlanePhaseEncodingDirectionDICOM": "COL",
    "InstitutionAddress": "Wilson Avenue 340 ,Pasadena,California,US,91025",
    "InstitutionName": "Caltech Tim32",
    "InstitutionalDepartmentName": "Department",
    "MRAcquisitionType": "2D",
    "MagneticFieldStrength": 3,
    "Manufacturer": "Siemens",
    "ManufacturersModelName": "TrioTim",
    "Modality": "MR",
    "ParallelReductionFactorInPlane": 2,
    "PartialFourier": 1,
    "PatientBirthDate": "1983-01-01",
    "PatientID": "adolphs",
    "PatientName": "CC0033",
    "PatientPosition": "HFS",
    "PatientSex": "M",
    "PatientWeight": 77.1107,
    "PercentPhaseFOV": 100,
    "PercentSampling": 100,
    "PhaseEncodingDirection": "j-",
    "PhaseEncodingSteps": 64,
    "PhaseResolution": 1,
    "PixelBandwidth": 2604,
    "ProcedureStepDescription": "Conte^Core",
    "ProtocolName": "rsBOLD_2",
    "PulseSequenceDetails": "%SiemensSeq%\\ep2d_bold",
    "ReceiveCoilName": "32Ch_Head",
    "ReconMatrixPE": 64,
    "RefLinesPE": 32,
    "RepetitionTime": 2.5,
    "SAR": 0.197002,
    "ScanOptions": "FS",
    "ScanningSequence": "EP",
    "SequenceName": "*epfid2d1_64",
    "SequenceVariant": "SK",
    "SeriesDescription": "rsBOLD_2",
    "SeriesInstanceUID": "1.3.12.2.1107.5.2.32.35077.2013032813121860692212552.0.0.0",
    "SeriesNumber": 5,
    "ShimSetting": [
      9537,
      -10481,
      15782,
      658,
      -125,
      227,
      -414,
      -12
    ],
    "SliceThickness": 3,
    "SliceTiming": [
      0,
      0.0525,
      0.1075,
      0.16,
      0.2125,
      0.2675,
      0.32,
      0.3725,
      0.4275,
      0.48,
      0.535,
      0.5875,
      0.64,
      0.695,
      0.7475,
      0.8,
      0.855,
      0.9075,
      0.96,
      1.015,
      1.0675,
      1.12,
      1.175,
      1.2275,
      1.2825,
      1.335,
      1.3875,
      1.4425,
      1.495,
      1.5475,
      1.6025,
      1.655,
      1.7075,
      1.7625,
      1.815,
      1.87,
      1.9225,
      1.975,
      2.03,
      2.0825,
      2.135,
      2.19,
      2.2425,
      2.295,
      2.35,
      2.4025,
      2.455
    ],
    "SoftwareVersions": "syngo MR B17",
    "SpacingBetweenSlices": 3,
    "StationName": "MEDPC",
    "StudyID": "1",
    "StudyInstanceUID": "1.3.12.2.1107.5.2.32.35077.30000013032815455942100000013",
    "TaskName": "rest",
    "TotalReadoutTime": 0.0148051,
    "TxRefAmp": 324.468,
    "dataset": "unknown",
    "modality": "bold",
    "run_id": 2,
    "session_id": "core1p1",
    "subject_id": "CC0033",
    "task_id": "rest"
  },
  "dummy_trs": 0,
  "dvars_nstd": 30.319904279056594,
  "dvars_std": 1.0519509387421386,
  "dvars_vstd": 0.9957929464150943,
  "efc": 0.5663643528023978,
  "fber": 378.14520263671875,
  "fd_mean": 0.09503049764520978,
  "fd_num": 6,
  "fd_perc": 3.75,
  "fwhm_avg": 2.315591111111111,
  "fwhm_x": 2.2091766666666666,
  "fwhm_y": 2.386136666666667,
  "fwhm_z": 2.35146,
  "gcor": 0.011739,
  "gsr_x": 0.028000861406326294,
  "gsr_y": 0.05219390243291855,
  "provenance": {
    "md5sum": "56411e601214bcbc0ce0b2656db2ce8c",
    "settings": {
      "fd_thres": 0.2,
      "hmc_fsl": false
    },
    "software": "mriqc",
    "version": "0.15.0",
    "webapi_port": null,
    "webapi_url": "https://mriqc.nimh.nih.gov/api/v1"
  },
  "size_t": 160,
  "size_x": 64,
  "size_y": 64,
  "size_z": 47,
  "snr": 2.7946857230588393,
  "spacing_tr": 2.5,
  "spacing_x": 3.0,
  "spacing_y": 3.0,
  "spacing_z": 3.0,
  "summary_bg_k": 64.99988321924316,
  "summary_bg_mad": 9.442322731018066,
  "summary_bg_mean": 42.03316116333008,
  "summary_bg_median": 24.03125,
  "summary_bg_n": 104237.0,
  "summary_bg_p05": 16.399999618530273,
  "summary_bg_p95": 129.64750366210933,
  "summary_bg_stdv": 61.379737854003906,
  "summary_fg_k": 0.5634606782965013,
  "summary_fg_mad": 167.9278564453125,
  "summary_fg_mean": 531.2191162109375,
  "summary_fg_median": 506.71875,
  "summary_fg_n": 47506.0,
  "summary_fg_p05": 272.9515686035156,
  "summary_fg_p95": 867.8125152587891,
  "summary_fg_stdv": 181.31320190429688,
  "tsnr": 45.55097198486328
}