{
  "bids_meta": {
    "AccessionNumber": "8693-012",
    "AcquisitionDateTime": "2019-01-29T13:31:6.117500",
    "AcquisitionMatrixPE": 256,
    "AcquisitionNumber": 1,
    "AcquisitionTime": "13:31:6.117500",
    "BaseResolution": 256,
    "BodyPartExamined": "BRAIN",
    "ConsistencyInfo": "N4_VE11C_LATEST_20160120",
    "ConversionSoftware": "dcm2niix",
    "ConversionSoftwareVersion": "v1.0.20210317",
    "DeviceSerialNumber": "167050",
    "DwellTime": 2.6e-06,
    "EchoTime": 0.564,
    "EchoTrainLength": 314,
    "FlipAngle": 120,
    "ImageOrientationPatientDICOM": [
      0,
      1,
      0,
      0,
      0,
      -1
    ],
    "ImageType": [
      "ORIGINAL",
      "PRIMARY",
      "M",
      "ND",
      "NORM"
    ],
    "ImagingFrequency": 123.25,
    "InPlanePhaseEncodingDirectionDICOM": "ROW",
    "InstitutionAddress": "Michigan Ave 320,Pasadena,California,US,91025",
    "InstitutionName": "Caltech Prisma64",
    "InstitutionalDepartmentName": "Department",
    "MRAcquisitionType": "3D",
    "MagneticFieldStrength": 3,
    "Manufacturer": "Siemens",
    "ManufacturersModelName": "Prisma_fit",
    "Modality": "MR",
    "ParallelReductionFactorInPlane": 2,
    "PartialFourier": 1,
    "PatientBirthDate": "1987-05-01",
    "PatientID": "CC0111",
    "PatientName": "CC0111",
    "PatientPosition": "HFS",
    "PatientSex": "F",
    "PatientWeight": 58.967,
    "PercentPhaseFOV": 100,
    "PercentSampling": 100,
    "PhaseEncodingDirection": "i",
    "PhaseEncodingSteps": 274,
    "PhaseOversampling": 0.1,
    "PhaseResolution": 1,
    "PixelBandwidth": 750,
    "ProtocolName": "T2w",
    "PulseSequenceDetails": "%SiemensSeq%\\tse_vfl",
    "ReceiveCoilActiveElements": "HEA;HEP",
    "ReceiveCoilName": "Head_32",
    "ReconMatrixPE": 256,
    "RefLinesPE": 32,
    "ReferringPhysicianName": "Adolphs",
    "RepetitionTime": 3.2,
    "SAR": 0.189834,
    "ScanOptions": "PFP",
    "ScanningSequence": "SE",
    "SequenceName": "*spc_314ns",
    "SequenceVariant": "SK\\SP\\OSP",
    "SeriesDescription": "T2w",
    "SeriesInstanceUID": "1.3.12.2.1107.5.2.43.167050.2019012913364326736269575.0.0.0",
    "SeriesNumber": 12,
    "ShimSetting": [
      6971,
      -3651,
      7921,
      452,
      -99,
      -197,
      2,
      16
    ],
    "SliceThickness": 0.9,
    "SoftwareVersions": "syngo MR E11",
    "StationName": "PRISMA",
    "StudyID": "1",
    "StudyInstanceUID": "1.3.12.2.1107.5.2.43.167050.30000019012122271046500000058",
    "TxRefAmp": 254.154,
    "dataset": "unknown",
    "modality": "T2w",
    "run_id": 2,
    "session_id": "core2p2",
    "subject_id": "CC0111"
  },
  "cjv": 0.3867786945870987,
  "cnr": 3.390973155752903,
  "efc": 0.5279443196531429,
  "fber": 2827.2109375,
  "fwhm_avg": 2.814913228410074,
  "fwhm_x": 2.7067222939258757,
  "fwhm_y": 3.149133913043478,
  "fwhm_z": 2.5888834782608696,
  "icvs_csf": 0.18052192930531819,
  "icvs_gm": 0.44922913521768804,
  "icvs_wm": 0.3702489354769938,
  "inu_med": 1.5332815647125244,
  "inu_range": 0.24397166371345502,
  "provenance": {
    "md5sum": "01d4f18c7588896617cb6ebe754790f8",
    "settings": {
      "testing": false
    },
    "software": "mriqc",
    "version": "0.15.0",
    "warnings": {
      "large_rot_frame": false,
      "small_air_mask": false
    },
    "webapi_port": null,
    "webapi_url": "https://mriqc.nimh.nih.gov/api/v1"
  },
  "qi_1": 1.8179443049388613e-06,
  "qi_2": 0.008240473868526967,
  "rpve_csf": 28.868086383234093,
  "rpve_gm": 12.177582742482542,
  "rpve_wm": 16.183499983247255,
  "size_x": 208,
  "size_y": 256,
  "size_z": 256,
  "snr_csf": 5.5205616337783106,
  "snr_gm": 8.767739697599687,
  "snr_total": 7.362647508272588,
  "snr_wm": 7.799641193439768,
  "snrd_csf": 232.14801159765116,
  "snrd_gm": 105.50538718149191,
  "snrd_total": 131.7199328962221,
  "snrd_wm": 57.506399909523175,
  "spacing_x": 0.8999999761581421,
  "spacing_y": 0.8984375,
  "spacing_z": 0.8984375,
  "summary_bg_k": 8.707124695872412,
  "summary_bg_mad": 11.39175033569336,
  "summary_bg_mean": 20.027660369873047,
  "summary_bg_median": 15.396615982055664,
  "summary_bg_n": 3586462.0,
  "summary_bg_p05": 3.8539469242095947,
  "summary_bg_p95": 57.85250778198242,
  "summary_bg_stdv": 19.069286346435547,
  "summary_csf_k": 3.688093647526445,
  "summary_csf_mad": 600.0123291015625,
  "summary_csf_mean": 3943.313232421875,
  "summary_csf_median": 4036.67431640625,
  "summary_csf_n": 63405.0,
  "summary_csf_p05": 2594.058642578125,
  "summary_csf_p95": 4865.035351562499,
  "summary_csf_stdv": 731.201416015625,
  "summary_gm_k": 0.11378533400791291,
  "summary_gm_mad": 203.49720764160156,
  "summary_gm_mean": 1839.0396728515625,
  "summary_gm_median": 1834.566162109375,
  "summary_gm_n": 54056.0,
  "summary_gm_p05": 1499.2216491699219,
  "summary_gm_p95": 2192.2391357421875,
  "summary_gm_stdv": 209.23855590820312,
  "summary_wm_k": 0.5760274443565017,
  "summary_wm_mad": 119.31753540039062,
  "summary_wm_mean": 993.286865234375,
  "summary_wm_median": 999.9422607421875,
  "summary_wm_n": 238006.0,
  "summary_wm_p05": 771.0058441162109,
  "summary_wm_p95": 1190.9746398925781,
  "summary_wm_stdv": 128.20335388183594,
  "tpm_overlap_csf": 0.20406699180603027,
  "tpm_overlap_gm": 0.48321351408958435,
  "tpm_overlap_wm": 0.5342881679534912,
  "wm2max": 0.20402947713780392
}