{
  "aor": 0.003518739495798319,
  "aqi": 0.00746728006302521,
  "bids_meta": {
    "AccessionNumber": "8695-008",
    "AcquisitionDateTime": "2019-01-30T11:26:57.587500",
    "AcquisitionMatrixPE": 80,
    "AcquisitionNumber": 1,
    "AcquisitionTime": "11:26:57.587500",
    "BandwidthPerPixelPhaseEncode": 23.191,
    "BaseResolution": 80,
    "BodyPartExamined": "BRAIN",
    "ConsistencyInfo": "N4_VE11C_LATEST_20160120",
    "ConversionSoftware": "dcm2niix",
    "ConversionSoftwareVersion": "v1.0.20210317",
    "DerivedVendorReportedEchoSpacing": 0.000490002,
    "DeviceSerialNumber": "167050",
    "DwellTime": 2.3e-06,
    "EchoTime": 0.03,
    "EchoTrainLength": 88,
    "EffectiveEchoSpacing": 0.000539002,
    "FlipAngle": 53,
    "ImageComments": "Unaliased MB6/PE3/LB",
    "ImageOrientationPatientDICOM": [
      1,
      0,
      0,
      0,
      0.939693,
      -0.34202
    ],
    "ImageType": [
      "ORIGINAL",
      "PRIMARY",
      "M",
      "MB",
      "ND",
      "MOSAIC"
    ],
    "ImagingFrequency": 123.25,
    "InPlanePhaseEncodingDirectionDICOM": "COL",
    "InstitutionAddress": "Michigan Ave 320,Pasadena,California,US,91025",
    "InstitutionName": "Caltech Prisma64",
    "InstitutionalDepartmentName": "Department",
    "MRAcquisitionType": "2D",
    "MagneticFieldStrength": 3,
    "Manufacturer": "Siemens",
    "ManufacturersModelName": "Prisma_fit",
    "Modality": "MR",
    "MultibandAccelerationFactor": 6,
    "PartialFourier": 1,
    "PatientBirthDate": "1978-03-01",
    "PatientID": "CC0117",
    "PatientName": "CC0117",
    "PatientPosition": "HFS",
    "PatientSex": "M",
    "PatientWeight": 81.6466,
    "PercentPhaseFOV": 100,
    "PercentSampling": 100,
    "PhaseEncodingDirection": "j-",
    "PhaseEncodingSteps": 88,
    "PhaseOversampling": 0.1,
    "PhaseResolution": 1,
    "PixelBandwidth": 2715,
    "ProtocolName": "task-pixar_run-01_bold",
    "PulseSequenceDetails": "%CustomerSeq%\\cmrr_mbep2d_bold",
    "ReceiveCoilActiveElements": "HEA;HEP",
    "ReceiveCoilName": "Head_32",
    "ReconMatrixPE": 80,
    "ReferringPhysicianName": "Adolphs",
    "RepetitionTime": 0.7,
    "SAR": 0.0815404,
    "ScanOptions": "FS\\EXT",
    "ScanningSequence": "EP",
    "SequenceName": "epfid2d1_80",
    "SequenceVariant": "SK\\SS\\OSP",
    "SeriesDescription": "task-pixar_run-01_bold",
    "SeriesInstanceUID": "1.3.12.2.1107.5.2.43.167050.2019013011244944141483126.0.0.0",
    "SeriesNumber": 41,
    "ShimSetting": [
      6980,
      -3562,
      7878,
      367,
      -58,
      111,
      -109,
      -49
    ],
    "SliceThickness": 2.5,
    "SliceTiming": [
      0,
      0.475,
      0.2725,
      0.0675,
      0.545,
      0.34,
      0.135,
      0.6125,
      0.4075,
      0.205,
      0,
      0.475,
      0.2725,
      0.0675,
      0.545,
      0.34,
      0.135,
      0.6125,
      0.4075,
      0.205,
      0,
      0.475,
      0.2725,
      0.0675,
      0.545,
      0.34,
      0.135,
      0.6125,
      0.4075,
      0.205,
      0,
      0.475,
      0.2725,
      0.0675,
      0.545,
      0.34,
      0.135,
      0.6125,
      0.4075,
      0.205,
      0,
      0.475,
      0.2725,
      0.0675,
      0.545,
      0.34,
      0.135,
      0.6125,
      0.4075,
      0.205,
      0,
      0.475,
      0.2725,
      0.0675,
      0.545,
      0.34,
      0.135,
      0.6125,
      0.4075,
      0.205
    ],
    "SoftwareVersions": "syngo MR E11",
    "SpacingBetweenSlices": 2.5,
    "StationName": "PRISMA",
    "StudyID": "1",
    "StudyInstanceUID": "1.3.12.2.1107.5.2.43.167050.30000019012122271046500000067",
    "TaskName": "pixar",
    "TotalReadoutTime": 0.0425812,
    "TxRefAmp": 267.842,
    "WipMemBlock": "dd5e0b1d-dcb7-41bf-9a6b-0c3f499063df||Sequence: R016 ve11c/master r/e634e98; Dec 19 2017 11:00:25 by eja",
    "dataset": "unknown",
    "modality": "bold",
    "run_id": 1,
    "session_id": "core2p2",
    "subject_id": "CC0117",
    "task_id": "pixar"
  },
  "dummy_trs": 0,
  "dvars_nstd": 39.931370504126335,
  "dvars_std": 1.1064849505473682,
  "dvars_vstd": 1.2251804379789477,
  "efc": 0.5693462763370624,
  "fber": 427.8668212890625,
  "fd_mean": 0.2220745185034525,
  "fd_num": 149,
  "fd_perc": 31.30252100840336,
  "fwhm_avg": 3.0250706666666662,
  "fwhm_x": 2.8008759999999997,
  "fwhm_y": 3.1604959999999997,
  "fwhm_z": 3.11384,
  "gcor": 0.00930045,
  "gsr_x": 0.010210453532636166,
  "gsr_y": 0.10682221502065659,
  "provenance": {
    "md5sum": "e41418ae6e87b029c16d90d562fcb329",
    "settings": {
      "fd_thres": 0.2,
      "hmc_fsl": false
    },
    "software": "mriqc",
    "version": "0.15.0",
    "webapi_port": null,
    "webapi_url": "https://mriqc.nimh.nih.gov/api/v1"
  },
  "size_t": 476,
  "size_x": 80,
  "size_y": 80,
  "size_z": 60,
  "snr": 2.1261923512028322,
  "spacing_tr": 0.699999988079071,
  "spacing_x": 2.5,
  "spacing_y": 2.5,
  "spacing_z": 2.5,
  "summary_bg_k": 15.36628646837902,
  "summary_bg_mad": 109.52881622314453,
  "summary_bg_mean": 429.3990173339844,
  "summary_bg_median": 163.12396240234375,
  "summary_bg_n": 222527.0,
  "summary_bg_p05": 75.0804656982422,
  "summary_bg_p95": 1817.0189941406234,
  "summary_bg_stdv": 674.9947509765625,
  "summary_fg_k": 1.0300326578178192,
  "summary_fg_mad": 1529.7060546875,
  "summary_fg_mean": 3884.364501953125,
  "summary_fg_median": 3632.4833984375,
  "summary_fg_n": 96971.0,
  "summary_fg_p05": 1541.759521484375,
  "summary_fg_p95": 7135.12939453125,
  "summary_fg_stdv": 1708.4365234375,
  "tsnr": 34.30352783203125
}