{
  "aor": 0.0007244366197183098,
  "aqi": 0.006557189859154928,
  "bids_meta": {
    "AccessionNumber": "8695-008",
    "AcquisitionDateTime": "2019-01-30T10:54:47.062500",
    "AcquisitionMatrixPE": 80,
    "AcquisitionNumber": 1,
    "AcquisitionTime": "10:54:47.062500",
    "BandwidthPerPixelPhaseEncode": 23.191,
    "BaseResolution": 80,
    "BodyPartExamined": "BRAIN",
    "ConsistencyInfo": "N4_VE11C_LATEST_20160120",
    "ConversionSoftware": "dcm2niix",
    "ConversionSoftwareVersion": "v1.0.20210317",
    "DerivedVendorReportedEchoSpacing": 0.000490002,
    "DeviceSerialNumber": "167050",
    "DwellTime": 2.3e-06,
    "EchoTime": 0.03,
    "EchoTrainLength": 88,
    "EffectiveEchoSpacing": 0.000539002,
    "FlipAngle": 53,
    "ImageComments": "Unaliased MB6/PE3/LB",
    "ImageOrientationPatientDICOM": [
      1,
      0,
      0,
      0,
      0.939693,
      -0.34202
    ],
    "ImageType": [
      "ORIGINAL",
      "PRIMARY",
      "M",
      "MB",
      "ND",
      "MOSAIC"
    ],
    "ImagingFrequency": 123.25,
    "InPlanePhaseEncodingDirectionDICOM": "COL",
    "InstitutionAddress": "Michigan Ave 320,Pasadena,California,US,91025",
    "InstitutionName": "Caltech Prisma64",
    "InstitutionalDepartmentName": "Department",
    "MRAcquisitionType": "2D",
    "MagneticFieldStrength": 3,
    "Manufacturer": "Siemens",
    "ManufacturersModelName": "Prisma_fit",
    "Modality": "MR",
    "MultibandAccelerationFactor": 6,
    "PartialFourier": 1,
    "PatientBirthDate": "1978-03-01",
    "PatientID": "CC0117",
    "PatientName": "CC0117",
    "PatientPosition": "HFS",
    "PatientSex": "M",
    "PatientWeight": 81.6466,
    "PercentPhaseFOV": 100,
    "PercentSampling": 100,
    "PhaseEncodingDirection": "j-",
    "PhaseEncodingSteps": 88,
    "PhaseOversampling": 0.1,
    "PhaseResolution": 1,
    "PixelBandwidth": 2715,
    "ProtocolName": "task-bang_bold",
    "PulseSequenceDetails": "%CustomerSeq%\\cmrr_mbep2d_bold",
    "ReceiveCoilActiveElements": "HEA;HEP",
    "ReceiveCoilName": "Head_32",
    "ReconMatrixPE": 80,
    "ReferringPhysicianName": "Adolphs",
    "RepetitionTime": 0.7,
    "SAR": 0.0782357,
    "ScanOptions": "FS\\EXT",
    "ScanningSequence": "EP",
    "SequenceName": "epfid2d1_80",
    "SequenceVariant": "SK\\SS\\OSP",
    "SeriesDescription": "task-bang_bold",
    "SeriesInstanceUID": "1.3.12.2.1107.5.2.43.167050.2019013010521550360455364.0.0.0",
    "SeriesNumber": 30,
    "ShimSetting": [
      6971,
      -3566,
      7908,
      399,
      -85,
      164,
      -61,
      -59
    ],
    "SliceThickness": 2.5,
    "SliceTiming": [
      0,
      0.4775,
      0.2725,
      0.0675,
      0.545,
      0.34,
      0.1375,
      0.6125,
      0.4075,
      0.205,
      0,
      0.4775,
      0.2725,
      0.0675,
      0.545,
      0.34,
      0.1375,
      0.6125,
      0.4075,
      0.205,
      0,
      0.4775,
      0.2725,
      0.0675,
      0.545,
      0.34,
      0.1375,
      0.6125,
      0.4075,
      0.205,
      0,
      0.4775,
      0.2725,
      0.0675,
      0.545,
      0.34,
      0.1375,
      0.6125,
      0.4075,
      0.205,
      0,
      0.4775,
      0.2725,
      0.0675,
      0.545,
      0.34,
      0.1375,
      0.6125,
      0.4075,
      0.205,
      0,
      0.4775,
      0.2725,
      0.0675,
      0.545,
      0.34,
      0.1375,
      0.6125,
      0.4075,
      0.205
    ],
    "SoftwareVersions": "syngo MR E11",
    "SpacingBetweenSlices": 2.5,
    "StationName": "PRISMA",
    "StudyID": "1",
    "StudyInstanceUID": "1.3.12.2.1107.5.2.43.167050.30000019012122271046500000067",
    "TaskName": "bang",
    "TotalReadoutTime": 0.0425812,
    "TxRefAmp": 263.342,
    "WipMemBlock": "875e0320-27d4-4b20-ab18-496acc1b2ed1||Sequence: R016 ve11c/master r/e634e98; Dec 19 2017 11:00:25 by eja",
    "dataset": "unknown",
    "modality": "bold",
    "run_id": 1,
    "session_id": "core2p2",
    "subject_id": "CC0117",
    "task_id": "bang"
  },
  "dummy_trs": 0,
  "dvars_nstd": 35.698894672919614,
  "dvars_std": 1.045044829083216,
  "dvars_vstd": 0.9944095682087446,
  "efc": 0.5684052632129176,
  "fber": 449.15350341796875,
  "fd_mean": 0.14696587348932802,
  "fd_num": 105,
  "fd_perc": 14.788732394366198,
  "fwhm_avg": 3.0042760000000004,
  "fwhm_x": 2.779904,
  "fwhm_y": 3.14752,
  "fwhm_z": 3.085404,
  "gcor": 0.00912229,
  "gsr_x": 0.009290770627558231,
  "gsr_y": 0.11069075018167496,
  "provenance": {
    "md5sum": "fee4efa4e110f05b847ffefdc9f8c3f5",
    "settings": {
      "fd_thres": 0.2,
      "hmc_fsl": false
    },
    "software": "mriqc",
    "version": "0.15.0",
    "webapi_port": null,
    "webapi_url": "https://mriqc.nimh.nih.gov/api/v1"
  },
  "size_t": 710,
  "size_x": 80,
  "size_y": 80,
  "size_z": 60,
  "snr": 2.1087908926385253,
  "spacing_tr": 0.699999988079071,
  "spacing_x": 2.5,
  "spacing_y": 2.5,
  "spacing_z": 2.5,
  "summary_bg_k": 16.410980488680973,
  "summary_bg_mad": 99.26961517333984,
  "summary_bg_mean": 422.528076171875,
  "summary_bg_median": 157.55633544921875,
  "summary_bg_n": 221814.0,
  "summary_bg_p05": 81.29809761047363,
  "summary_bg_p95": 1805.9940551757804,
  "summary_bg_stdv": 674.763427734375,
  "summary_fg_k": 1.1033838912486953,
  "summary_fg_mad": 1525.733642578125,
  "summary_fg_mean": 3885.26513671875,
  "summary_fg_median": 3624.072509765625,
  "summary_fg_n": 97576.0,
  "summary_fg_p05": 1536.3826904296875,
  "summary_fg_p95": 7160.5057373046875,
  "summary_fg_stdv": 1718.5458984375,
  "tsnr": 36.773033142089844
}