{
  "aor": 0.0016194080338266387,
  "aqi": 0.0056555009302325585,
  "bids_meta": {
    "AccessionNumber": "8583-001",
    "AcquisitionDateTime": "2018-10-09T12:03:22.690000",
    "AcquisitionMatrixPE": 80,
    "AcquisitionNumber": 1,
    "AcquisitionTime": "12:03:22.690000",
    "BandwidthPerPixelPhaseEncode": 23.191,
    "BaseResolution": 80,
    "BodyPartExamined": "BRAIN",
    "ConsistencyInfo": "N4_VE11C_LATEST_20160120",
    "ConversionSoftware": "dcm2niix",
    "ConversionSoftwareVersion": "v1.0.20210317",
    "DerivedVendorReportedEchoSpacing": 0.000490002,
    "DeviceSerialNumber": "167050",
    "DwellTime": 2.3e-06,
    "EchoTime": 0.03,
    "EchoTrainLength": 88,
    "EffectiveEchoSpacing": 0.000539002,
    "FlipAngle": 53,
    "ImageComments": "Unaliased MB6/PE3/LB",
    "ImageOrientationPatientDICOM": [
      1,
      0,
      0,
      0,
      0.939693,
      -0.34202
    ],
    "ImageType": [
      "ORIGINAL",
      "PRIMARY",
      "M",
      "MB",
      "ND",
      "MOSAIC"
    ],
    "ImagingFrequency": 123.25,
    "InPlanePhaseEncodingDirectionDICOM": "COL",
    "InstitutionAddress": "Michigan Ave 320,Pasadena,California,US,91025",
    "InstitutionName": "Caltech Prisma64",
    "InstitutionalDepartmentName": "Department",
    "MRAcquisitionType": "2D",
    "MagneticFieldStrength": 3,
    "Manufacturer": "Siemens",
    "ManufacturersModelName": "Prisma_fit",
    "Modality": "MR",
    "MultibandAccelerationFactor": 6,
    "PartialFourier": 1,
    "PatientBirthDate": "1971-09-01",
    "PatientID": "CC0177",
    "PatientName": "CC0177",
    "PatientPosition": "HFS",
    "PatientSex": "M",
    "PatientWeight": 79.3787,
    "PercentPhaseFOV": 100,
    "PercentSampling": 100,
    "PhaseEncodingDirection": "j-",
    "PhaseEncodingSteps": 88,
    "PhaseOversampling": 0.1,
    "PhaseResolution": 1,
    "PixelBandwidth": 2715,
    "ProcedureStepDescription": "Conte Core",
    "ProtocolName": "task-pixar_run-01_bold",
    "PulseSequenceDetails": "%CustomerSeq%\\cmrr_mbep2d_bold",
    "ReceiveCoilActiveElements": "HEA;HEP",
    "ReceiveCoilName": "Head_32",
    "ReconMatrixPE": 80,
    "ReferringPhysicianName": "Adolphs",
    "RepetitionTime": 0.7,
    "SAR": 0.0838741,
    "ScanOptions": "FS\\EXT",
    "ScanningSequence": "EP",
    "SequenceName": "epfid2d1_80",
    "SequenceVariant": "SK\\SS\\OSP",
    "SeriesDescription": "task-pixar_run-01_bold",
    "SeriesInstanceUID": "1.3.12.2.1107.5.2.43.167050.2018100912012951016411888.0.0.0",
    "SeriesNumber": 34,
    "ShimSetting": [
      6987,
      -3645,
      8024,
      599,
      -56,
      13,
      58,
      -6
    ],
    "SliceThickness": 2.5,
    "SliceTiming": [
      0,
      0.475,
      0.27,
      0.0675,
      0.5425,
      0.34,
      0.135,
      0.61,
      0.4075,
      0.2025,
      0,
      0.475,
      0.27,
      0.0675,
      0.5425,
      0.34,
      0.135,
      0.61,
      0.4075,
      0.2025,
      0,
      0.475,
      0.27,
      0.0675,
      0.5425,
      0.34,
      0.135,
      0.61,
      0.4075,
      0.2025,
      0,
      0.475,
      0.27,
      0.0675,
      0.5425,
      0.34,
      0.135,
      0.61,
      0.4075,
      0.2025,
      0,
      0.475,
      0.27,
      0.0675,
      0.5425,
      0.34,
      0.135,
      0.61,
      0.4075,
      0.2025,
      0,
      0.475,
      0.27,
      0.0675,
      0.5425,
      0.34,
      0.135,
      0.61,
      0.4075,
      0.2025
    ],
    "SoftwareVersions": "syngo MR E11",
    "SpacingBetweenSlices": 2.5,
    "StationName": "PRISMA",
    "StudyID": "1",
    "StudyInstanceUID": "1.3.12.2.1107.5.2.43.167050.30000018081720093477500000223",
    "TaskName": "pixar",
    "TotalReadoutTime": 0.0425812,
    "TxRefAmp": 268.561,
    "WipMemBlock": "73488272-c57b-4998-b9e9-d26f7d93c36c||Sequence: R016 ve11c/master r/e634e98; Dec 19 2017 11:00:25 by eja",
    "dataset": "unknown",
    "modality": "bold",
    "run_id": 1,
    "session_id": "core2p2",
    "subject_id": "CC0177",
    "task_id": "pixar"
  },
  "dummy_trs": 3,
  "dvars_nstd": 34.77928011688557,
  "dvars_std": 1.0639819720550845,
  "dvars_vstd": 0.9935732846398297,
  "efc": 0.5529199718320148,
  "fber": 506.63006591796875,
  "fd_mean": 0.11886066661700777,
  "fd_num": 50,
  "fd_perc": 10.570824524312897,
  "fwhm_avg": 2.8741386666666666,
  "fwhm_x": 2.7755400000000003,
  "fwhm_y": 3.031252,
  "fwhm_z": 2.815624,
  "gcor": 0.00364872,
  "gsr_x": 0.01594538986682892,
  "gsr_y": 0.078781358897686,
  "provenance": {
    "md5sum": "5e6b18b046bd703f36a2d779a235a9f5",
    "settings": {
      "fd_thres": 0.2,
      "hmc_fsl": false
    },
    "software": "mriqc",
    "version": "0.15.0",
    "webapi_port": null,
    "webapi_url": "https://mriqc.nimh.nih.gov/api/v1"
  },
  "size_t": 473,
  "size_x": 80,
  "size_y": 80,
  "size_z": 60,
  "snr": 1.8244256291728083,
  "spacing_tr": 0.699999988079071,
  "spacing_x": 2.5,
  "spacing_y": 2.5,
  "spacing_z": 2.5,
  "summary_bg_k": 15.638696824458172,
  "summary_bg_mad": 113.18553924560547,
  "summary_bg_mean": 430.60418701171875,
  "summary_bg_median": 175.86891174316406,
  "summary_bg_n": 216581.0,
  "summary_bg_p05": 85.26426696777344,
  "summary_bg_p95": 1838.5306396484375,
  "summary_bg_stdv": 679.1484375,
  "summary_fg_k": 1.032133722581868,
  "summary_fg_mad": 2143.30810546875,
  "summary_fg_mean": 4954.16552734375,
  "summary_fg_median": 4396.3056640625,
  "summary_fg_n": 101712.0,
  "summary_fg_p05": 1963.667645263672,
  "summary_fg_p95": 9626.530126953123,
  "summary_fg_stdv": 2409.68115234375,
  "tsnr": 38.743072509765625
}