{
  "aor": 0.0020952050919377653,
  "aqi": 0.003954347439886845,
  "bids_meta": {
    "AccessionNumber": "8583-001",
    "AcquisitionDateTime": "2018-10-09T11:33:58.002500",
    "AcquisitionMatrixPE": 80,
    "AcquisitionNumber": 1,
    "AcquisitionTime": "11:33:58.002500",
    "BandwidthPerPixelPhaseEncode": 23.191,
    "BaseResolution": 80,
    "BodyPartExamined": "BRAIN",
    "ConsistencyInfo": "N4_VE11C_LATEST_20160120",
    "ConversionSoftware": "dcm2niix",
    "ConversionSoftwareVersion": "v1.0.20210317",
    "DerivedVendorReportedEchoSpacing": 0.000490002,
    "DeviceSerialNumber": "167050",
    "DwellTime": 2.3e-06,
    "EchoTime": 0.03,
    "EchoTrainLength": 88,
    "EffectiveEchoSpacing": 0.000539002,
    "FlipAngle": 53,
    "ImageComments": "Unaliased MB6/PE3/LB",
    "ImageOrientationPatientDICOM": [
      1,
      0,
      0,
      0,
      0.939693,
      -0.34202
    ],
    "ImageType": [
      "ORIGINAL",
      "PRIMARY",
      "M",
      "MB",
      "ND",
      "MOSAIC"
    ],
    "ImagingFrequency": 123.25,
    "InPlanePhaseEncodingDirectionDICOM": "COL",
    "InstitutionAddress": "Michigan Ave 320,Pasadena,California,US,91025",
    "InstitutionName": "Caltech Prisma64",
    "InstitutionalDepartmentName": "Department",
    "MRAcquisitionType": "2D",
    "MagneticFieldStrength": 3,
    "Manufacturer": "Siemens",
    "ManufacturersModelName": "Prisma_fit",
    "Modality": "MR",
    "MultibandAccelerationFactor": 6,
    "PartialFourier": 1,
    "PatientBirthDate": "1971-09-01",
    "PatientID": "CC0177",
    "PatientName": "CC0177",
    "PatientPosition": "HFS",
    "PatientSex": "M",
    "PatientWeight": 79.3787,
    "PercentPhaseFOV": 100,
    "PercentSampling": 100,
    "PhaseEncodingDirection": "j-",
    "PhaseEncodingSteps": 88,
    "PhaseOversampling": 0.1,
    "PhaseResolution": 1,
    "PixelBandwidth": 2715,
    "ProcedureStepDescription": "Conte Core",
    "ProtocolName": "task-bang_bold",
    "PulseSequenceDetails": "%CustomerSeq%\\cmrr_mbep2d_bold",
    "ReceiveCoilActiveElements": "HEA;HEP",
    "ReceiveCoilName": "Head_32",
    "ReconMatrixPE": 80,
    "ReferringPhysicianName": "Adolphs",
    "RepetitionTime": 0.7,
    "SAR": 0.0840897,
    "ScanOptions": "FS\\EXT",
    "ScanningSequence": "EP",
    "SequenceName": "epfid2d1_80",
    "SequenceVariant": "SK\\SS\\OSP",
    "SeriesDescription": "task-bang_bold",
    "SeriesInstanceUID": "1.3.12.2.1107.5.2.43.167050.2018100911313257735784986.0.0.0",
    "SeriesNumber": 24,
    "ShimSetting": [
      6987,
      -3645,
      8024,
      599,
      -56,
      13,
      58,
      -6
    ],
    "SliceThickness": 2.5,
    "SliceTiming": [
      0,
      0.4775,
      0.2725,
      0.0675,
      0.545,
      0.34,
      0.1375,
      0.6125,
      0.4075,
      0.205,
      0,
      0.4775,
      0.2725,
      0.0675,
      0.545,
      0.34,
      0.1375,
      0.6125,
      0.4075,
      0.205,
      0,
      0.4775,
      0.2725,
      0.0675,
      0.545,
      0.34,
      0.1375,
      0.6125,
      0.4075,
      0.205,
      0,
      0.4775,
      0.2725,
      0.0675,
      0.545,
      0.34,
      0.1375,
      0.6125,
      0.4075,
      0.205,
      0,
      0.4775,
      0.2725,
      0.0675,
      0.545,
      0.34,
      0.1375,
      0.6125,
      0.4075,
      0.205,
      0,
      0.4775,
      0.2725,
      0.0675,
      0.545,
      0.34,
      0.1375,
      0.6125,
      0.4075,
      0.205
    ],
    "SoftwareVersions": "syngo MR E11",
    "SpacingBetweenSlices": 2.5,
    "StationName": "PRISMA",
    "StudyID": "1",
    "StudyInstanceUID": "1.3.12.2.1107.5.2.43.167050.30000018081720093477500000223",
    "TaskName": "bang",
    "TotalReadoutTime": 0.0425812,
    "TxRefAmp": 268.561,
    "WipMemBlock": "b38ab1e6-5cd8-473b-961b-a082387a3d69||Sequence: R016 ve11c/master r/e634e98; Dec 19 2017 11:00:25 by eja",
    "dataset": "unknown",
    "modality": "bold",
    "run_id": 1,
    "session_id": "core2p2",
    "subject_id": "CC0177",
    "task_id": "bang"
  },
  "dummy_trs": 3,
  "dvars_nstd": 34.132596912974506,
  "dvars_std": 1.12686021338527,
  "dvars_vstd": 1.0476528256798867,
  "efc": 0.550392546376673,
  "fber": 494.0641784667969,
  "fd_mean": 0.11949700474169869,
  "fd_num": 85,
  "fd_perc": 12.022630834512023,
  "fwhm_avg": 2.897278666666667,
  "fwhm_x": 2.799548,
  "fwhm_y": 3.089824,
  "fwhm_z": 2.802464,
  "gcor": 0.00699839,
  "gsr_x": 0.011019943282008171,
  "gsr_y": 0.08255399763584137,
  "provenance": {
    "md5sum": "8aaae0a65b08a9bb268974c3ee35b2dc",
    "settings": {
      "fd_thres": 0.2,
      "hmc_fsl": false
    },
    "software": "mriqc",
    "version": "0.15.0",
    "webapi_port": null,
    "webapi_url": "https://mriqc.nimh.nih.gov/api/v1"
  },
  "size_t": 707,
  "size_x": 80,
  "size_y": 80,
  "size_z": 60,
  "snr": 1.757080766724306,
  "spacing_tr": 0.699999988079071,
  "spacing_x": 2.5,
  "spacing_y": 2.5,
  "spacing_z": 2.5,
  "summary_bg_k": 16.031807875786484,
  "summary_bg_mad": 119.71016693115234,
  "summary_bg_mean": 443.31353759765625,
  "summary_bg_median": 183.17044067382812,
  "summary_bg_n": 215668.0,
  "summary_bg_p05": 87.16548919677734,
  "summary_bg_p95": 1866.4913269042963,
  "summary_bg_stdv": 691.2911376953125,
  "summary_fg_k": 1.1768556362283924,
  "summary_fg_mad": 2284.1953125,
  "summary_fg_mean": 5137.07421875,
  "summary_fg_median": 4523.46826171875,
  "summary_fg_n": 102251.0,
  "summary_fg_p05": 1985.76806640625,
  "summary_fg_p95": 10093.29931640625,
  "summary_fg_stdv": 2574.409912109375,
  "tsnr": 40.720645904541016
}