{
  "bids_meta": {
    "AccessionNumber": "8809-001",
    "AcquisitionDateTime": "2019-04-18T13:24:32.522500",
    "AcquisitionMatrixPE": 256,
    "AcquisitionNumber": 1,
    "AcquisitionTime": "13:24:32.522500",
    "BaseResolution": 256,
    "BodyPartExamined": "BRAIN",
    "ConsistencyInfo": "N4_VE11C_LATEST_20160120",
    "ConversionSoftware": "dcm2niix",
    "ConversionSoftwareVersion": "v1.0.20210317",
    "DeviceSerialNumber": "167050",
    "DwellTime": 3e-06,
    "EchoNumber": 4,
    "FlipAngle": 8,
    "ImageComments": "Average over all echoes.",
    "ImageOrientationPatientDICOM": [
      0,
      1,
      0,
      0,
      0,
      -1
    ],
    "ImageType": [
      "ORIGINAL",
      "PRIMARY",
      "ECHO",
      "COMBINED",
      "ND",
      "NORM"
    ],
    "ImagingFrequency": 123.25,
    "InPlanePhaseEncodingDirectionDICOM": "ROW",
    "InstitutionAddress": "Michigan Ave 320,Pasadena,California,US,91025",
    "InstitutionName": "Caltech Prisma32",
    "InstitutionalDepartmentName": "Department",
    "InversionTime": 1.15,
    "MRAcquisitionType": "3D",
    "MagneticFieldStrength": 3,
    "Manufacturer": "Siemens",
    "ManufacturersModelName": "Prisma_fit",
    "Modality": "MR",
    "ParallelReductionFactorInPlane": 2,
    "PartialFourier": 1,
    "PatientBirthDate": "1980-12-01",
    "PatientID": "CC0184",
    "PatientName": "CC0184",
    "PatientPosition": "HFS",
    "PatientSex": "F",
    "PatientWeight": 63.5029,
    "PercentPhaseFOV": 100,
    "PercentSampling": 100,
    "PhaseEncodingSteps": 282,
    "PhaseOversampling": 0.1,
    "PhaseResolution": 1,
    "PixelBandwidth": 650,
    "ProcedureStepDescription": "Conte Core",
    "ProtocolName": "T1w",
    "PulseSequenceDetails": "%CustomerSeq%\\tfl_wip900D_VE11C",
    "ReceiveCoilActiveElements": "HEA;HEP",
    "ReceiveCoilName": "Head_32",
    "ReconMatrixPE": 256,
    "RefLinesPE": 32,
    "ReferringPhysicianName": "Adolphs",
    "RepetitionTime": 2.55,
    "SAR": 0.0458223,
    "ScanOptions": "IR\\WE",
    "ScanningSequence": "GR\\IR",
    "SequenceName": "tfl3d4_16ns",
    "SequenceVariant": "SK\\SP\\MP\\OSP",
    "SeriesDescription": "T1w_combEcho",
    "SeriesInstanceUID": "1.3.12.2.1107.5.2.43.167050.2019041813314222536298150.0.0.0",
    "SeriesNumber": 5,
    "ShimSetting": [
      6984,
      -3713,
      7940,
      288,
      -16,
      -209,
      10,
      -7
    ],
    "SliceThickness": 0.9,
    "SoftwareVersions": "syngo MR E11",
    "StationName": "PRISMA",
    "StudyID": "1",
    "StudyInstanceUID": "1.3.12.2.1107.5.2.43.167050.30000019041201230705700000076",
    "TxRefAmp": 249.614,
    "WipMemBlock": "WIP_Identifier: WIP#900D",
    "acq_id": "combecho",
    "dataset": "unknown",
    "modality": "T1w",
    "run_id": 2,
    "session_id": "core2p2",
    "subject_id": "CC0184"
  },
  "cjv": 0.59119482822996,
  "cnr": 2.124145998091785,
  "efc": 0.5638098069992236,
  "fber": 3225.4287109375,
  "fwhm_avg": 4.575426686367997,
  "fwhm_x": 4.419433450408338,
  "fwhm_y": 4.610226086956522,
  "fwhm_z": 4.69662052173913,
  "icvs_csf": 0.1993738948943582,
  "icvs_gm": 0.3940114762543415,
  "icvs_wm": 0.40661462885130034,
  "inu_med": 1.600772738456726,
  "inu_range": 0.6170852780342102,
  "provenance": {
    "md5sum": "f7dd0e3244ae43e17b049ebeb0cff4b4",
    "settings": {
      "testing": false
    },
    "software": "mriqc",
    "version": "0.15.0",
    "warnings": {
      "large_rot_frame": false,
      "small_air_mask": false
    },
    "webapi_port": null,
    "webapi_url": "https://mriqc.nimh.nih.gov/api/v1"
  },
  "qi_1": 0.0,
  "qi_2": 0.009323635517165734,
  "rpve_csf": 24.11377993739795,
  "rpve_gm": 12.548816173768127,
  "rpve_wm": 14.719346452475406,
  "size_x": 208,
  "size_y": 256,
  "size_z": 256,
  "snr_csf": 3.552484181701137,
  "snr_gm": 11.249559780975087,
  "snr_total": 12.27457213718561,
  "snr_wm": 22.021672448880608,
  "snrd_csf": 57.186940164040685,
  "snrd_gm": 114.69526311826712,
  "snrd_total": 104.05646672419387,
  "snrd_wm": 140.28719689027383,
  "spacing_x": 0.8999999761581421,
  "spacing_y": 0.8984375,
  "spacing_z": 0.8984375,
  "summary_bg_k": 7.704925636837604,
  "summary_bg_mad": 4.670093536376953,
  "summary_bg_mean": 10.217300415039062,
  "summary_bg_median": 9.460687637329102,
  "summary_bg_n": 3862112.0,
  "summary_bg_p05": 3.157327890396118,
  "summary_bg_p95": 19.495305442810057,
  "summary_bg_stdv": 5.656527996063232,
  "summary_csf_k": 7.820952747589589,
  "summary_csf_mad": 108.1640853881836,
  "summary_csf_mean": 428.5552978515625,
  "summary_csf_median": 407.653076171875,
  "summary_csf_n": 39265.0,
  "summary_csf_p05": 279.24932861328125,
  "summary_csf_p95": 633.4711669921875,
  "summary_csf_stdv": 114.75009155273438,
  "summary_gm_k": 0.6647516266746964,
  "summary_gm_mad": 66.8710708618164,
  "summary_gm_mean": 824.4867553710938,
  "summary_gm_median": 817.5971069335938,
  "summary_gm_n": 27300.0,
  "summary_gm_p05": 718.3025024414062,
  "summary_gm_p95": 959.2746154785156,
  "summary_gm_stdv": 72.67681121826172,
  "summary_wm_k": 1.2184694187667269,
  "summary_wm_mad": 40.980777740478516,
  "summary_wm_mean": 1001.646240234375,
  "summary_wm_median": 1000.0274047851562,
  "summary_wm_n": 332305.0,
  "summary_wm_p05": 929.5176635742188,
  "summary_wm_p95": 1076.7612060546874,
  "summary_wm_stdv": 45.410987854003906,
  "tpm_overlap_csf": 0.2269357591867447,
  "tpm_overlap_gm": 0.49364346265792847,
  "tpm_overlap_wm": 0.5581924915313721,
  "wm2max": 0.6857180126253916
}