{
  "aor": 0.0018080985915492956,
  "aqi": 0.014637845704225352,
  "bids_meta": {
    "AccessionNumber": "8536-001",
    "AcquisitionDateTime": "2018-07-23T15:01:11.557500",
    "AcquisitionMatrixPE": 80,
    "AcquisitionNumber": 1,
    "AcquisitionTime": "15:01:11.557500",
    "BandwidthPerPixelPhaseEncode": 23.191,
    "BaseResolution": 80,
    "BodyPartExamined": "BRAIN",
    "ConsistencyInfo": "N4_VE11C_LATEST_20160120",
    "ConversionSoftware": "dcm2niix",
    "ConversionSoftwareVersion": "v1.0.20210317",
    "DerivedVendorReportedEchoSpacing": 0.000490002,
    "DeviceSerialNumber": "167050",
    "DwellTime": 2.3e-06,
    "EchoTime": 0.03,
    "EchoTrainLength": 88,
    "EffectiveEchoSpacing": 0.000539002,
    "FlipAngle": 53,
    "ImageComments": "Unaliased MB6/PE3/LB",
    "ImageOrientationPatientDICOM": [
      1,
      0,
      0,
      0,
      0.939693,
      -0.34202
    ],
    "ImageType": [
      "ORIGINAL",
      "PRIMARY",
      "M",
      "MB",
      "ND",
      "MOSAIC"
    ],
    "ImagingFrequency": 123.25,
    "InPlanePhaseEncodingDirectionDICOM": "COL",
    "InstitutionAddress": "Michigan Ave 320,Pasadena,California,US,91025",
    "InstitutionName": "Caltech Prisma64",
    "InstitutionalDepartmentName": "Department",
    "MRAcquisitionType": "2D",
    "MagneticFieldStrength": 3,
    "Manufacturer": "Siemens",
    "ManufacturersModelName": "Prisma_fit",
    "Modality": "MR",
    "MultibandAccelerationFactor": 6,
    "PartialFourier": 1,
    "PatientBirthDate": "1989-05-01",
    "PatientID": "CC0146",
    "PatientName": "CC0146",
    "PatientPosition": "HFS",
    "PatientSex": "F",
    "PatientWeight": 58.967,
    "PercentPhaseFOV": 100,
    "PercentSampling": 100,
    "PhaseEncodingDirection": "j-",
    "PhaseEncodingSteps": 88,
    "PhaseOversampling": 0.1,
    "PhaseResolution": 1,
    "PixelBandwidth": 2715,
    "ProcedureStepDescription": "Conte Core",
    "ProtocolName": "task-bang_bold",
    "PulseSequenceDetails": "%CustomerSeq%\\cmrr_mbep2d_bold",
    "ReceiveCoilActiveElements": "HEA;HEP",
    "ReceiveCoilName": "Head_32",
    "ReconMatrixPE": 80,
    "ReferringPhysicianName": "Adolphs",
    "RepetitionTime": 0.7,
    "SAR": 0.0811892,
    "ScanOptions": "FS\\EXT",
    "ScanningSequence": "EP",
    "SequenceName": "epfid2d1_80",
    "SequenceVariant": "SK\\SS\\OSP",
    "SeriesDescription": "task-bang_bold",
    "SeriesInstanceUID": "1.3.12.2.1107.5.2.43.167050.201807231458235582020935.0.0.0",
    "SeriesNumber": 24,
    "ShimSetting": [
      6989,
      -3596,
      7873,
      433,
      33,
      43,
      95,
      31
    ],
    "SliceThickness": 2.5,
    "SliceTiming": [
      0,
      0.475,
      0.2725,
      0.0675,
      0.545,
      0.34,
      0.135,
      0.6125,
      0.4075,
      0.205,
      0,
      0.475,
      0.2725,
      0.0675,
      0.545,
      0.34,
      0.135,
      0.6125,
      0.4075,
      0.205,
      0,
      0.475,
      0.2725,
      0.0675,
      0.545,
      0.34,
      0.135,
      0.6125,
      0.4075,
      0.205,
      0,
      0.475,
      0.2725,
      0.0675,
      0.545,
      0.34,
      0.135,
      0.6125,
      0.4075,
      0.205,
      0,
      0.475,
      0.2725,
      0.0675,
      0.545,
      0.34,
      0.135,
      0.6125,
      0.4075,
      0.205,
      0,
      0.475,
      0.2725,
      0.0675,
      0.545,
      0.34,
      0.135,
      0.6125,
      0.4075,
      0.205
    ],
    "SoftwareVersions": "syngo MR E11",
    "SpacingBetweenSlices": 2.5,
    "StationName": "PRISMA",
    "StudyID": "1",
    "StudyInstanceUID": "1.3.12.2.1107.5.2.43.167050.30000018071021413043300000043",
    "TaskName": "bang",
    "TotalReadoutTime": 0.0425812,
    "TxRefAmp": 241.342,
    "WipMemBlock": "c3e4bcda-ba6e-43c1-8fcc-7dddb23ef337||Sequence: R016 ve11c/master r/e634e98; Dec 19 2017 11:00:25 by eja",
    "dataset": "unknown",
    "modality": "bold",
    "run_id": 1,
    "session_id": "core2p2",
    "subject_id": "CC0146",
    "task_id": "bang"
  },
  "dummy_trs": 0,
  "dvars_nstd": 38.392489206050726,
  "dvars_std": 0.9224629722849086,
  "dvars_vstd": 0.9676065112129754,
  "efc": 0.49370303194922277,
  "fber": 825.9740600585938,
  "fd_mean": 0.2909711763432541,
  "fd_num": 332,
  "fd_perc": 46.76056338028169,
  "fwhm_avg": 2.96664,
  "fwhm_x": 2.754336,
  "fwhm_y": 3.2209440000000003,
  "fwhm_z": 2.92464,
  "gcor": 0.0425814,
  "gsr_x": -0.011133803054690361,
  "gsr_y": 0.060068681836128235,
  "provenance": {
    "md5sum": "bb01ff687de73fc0927e34e8db6d01d2",
    "settings": {
      "fd_thres": 0.2,
      "hmc_fsl": false
    },
    "software": "mriqc",
    "version": "0.15.0",
    "webapi_port": null,
    "webapi_url": "https://mriqc.nimh.nih.gov/api/v1"
  },
  "size_t": 710,
  "size_x": 80,
  "size_y": 80,
  "size_z": 60,
  "snr": 2.1672585919741008,
  "spacing_tr": 0.699999988079071,
  "spacing_x": 2.5,
  "spacing_y": 2.5,
  "spacing_z": 2.5,
  "summary_bg_k": 17.039056141848807,
  "summary_bg_mad": 75.17420959472656,
  "summary_bg_mean": 331.9048156738281,
  "summary_bg_median": 136.9676055908203,
  "summary_bg_n": 254066.0,
  "summary_bg_p05": 81.57041931152344,
  "summary_bg_p95": 1335.3753051757812,
  "summary_bg_stdv": 502.26177978515625,
  "summary_fg_k": 0.7612036672632407,
  "summary_fg_mad": 1764.4971923828125,
  "summary_fg_mean": 4616.15234375,
  "summary_fg_median": 4239.67578125,
  "summary_fg_n": 71613.0,
  "summary_fg_p05": 2022.1064453125005,
  "summary_fg_p95": 8312.7189453125,
  "summary_fg_stdv": 1956.225341796875,
  "tsnr": 24.375362396240234
}