{
  "aor": 0.001285025,
  "aqi": 0.0058212928999999995,
  "bids_meta": {
    "AccessionNumber": "7191-001",
    "AcquisitionDateTime": "2013-09-06T14:23:17.737500",
    "AcquisitionMatrixPE": 80,
    "AcquisitionNumber": 1,
    "AcquisitionTime": "14:23:17.737500",
    "BandwidthPerPixelPhaseEncode": 23.148,
    "BaseResolution": 80,
    "CoilString": "C:HEA;HEP",
    "ConversionSoftware": "dcm2niix",
    "ConversionSoftwareVersion": "v1.0.20210317",
    "DerivedVendorReportedEchoSpacing": 0.000540003,
    "DeviceSerialNumber": "35077",
    "DwellTime": 2.6e-06,
    "EchoTime": 0.03,
    "EffectiveEchoSpacing": 0.000540003,
    "FlipAngle": 60,
    "ImageComments": "Unaliased MB4/PE3",
    "ImageOrientationPatientDICOM": [
      1,
      -1e-16,
      0,
      1e-16,
      0.939693,
      -0.34202
    ],
    "ImageType": [
      "ORIGINAL",
      "PRIMARY",
      "M",
      "ND",
      "MOSAIC"
    ],
    "ImagingFrequency": 123.229,
    "InPlanePhaseEncodingDirectionDICOM": "COL",
    "InstitutionAddress": "Wilson Avenue 340 ,Pasadena,California,US,91025",
    "InstitutionName": "Caltech Tim32",
    "InstitutionalDepartmentName": "Department",
    "MRAcquisitionType": "2D",
    "MagneticFieldStrength": 3,
    "Manufacturer": "Siemens",
    "ManufacturersModelName": "TrioTim",
    "Modality": "MR",
    "MultibandAccelerationFactor": 4,
    "PartialFourier": 1,
    "PatientBirthDate": "1986-01-01",
    "PatientID": "adolphs",
    "PatientName": "CC0078",
    "PatientPosition": "HFS",
    "PatientSex": "F",
    "PatientWeight": 65.7709,
    "PercentPhaseFOV": 100,
    "PercentSampling": 100,
    "PhaseEncodingDirection": "j-",
    "PhaseEncodingSteps": 80,
    "PhaseResolution": 1,
    "PixelBandwidth": 2404,
    "ProcedureStepDescription": "Conte^Core",
    "ProtocolName": "rsBOLD_MB_1",
    "PulseSequenceDetails": "%CustomerSeq%\\cmrr_mbep2d_bold",
    "ReceiveCoilName": "32Ch_Head",
    "ReconMatrixPE": 80,
    "RepetitionTime": 1,
    "SAR": 0.0955267,
    "ScanOptions": "FS",
    "ScanningSequence": "EP",
    "SequenceName": "epfid2d1_80",
    "SequenceVariant": "SK",
    "SeriesDescription": "rsBOLD_MB_1",
    "SeriesInstanceUID": "1.3.12.2.1107.5.2.32.35077.2013090614231612093739525.0.0.0",
    "SeriesNumber": 2,
    "ShimSetting": [
      9448,
      -10555,
      15777,
      775,
      -105,
      305,
      395,
      7
    ],
    "SliceThickness": 2.5,
    "SliceTiming": [
      0,
      0.215,
      0.43,
      0.645,
      0.86,
      0.0725,
      0.2875,
      0.5025,
      0.7175,
      0.9325,
      0.145,
      0.36,
      0.575,
      0.79,
      0,
      0.215,
      0.43,
      0.645,
      0.86,
      0.0725,
      0.2875,
      0.5025,
      0.7175,
      0.9325,
      0.145,
      0.36,
      0.575,
      0.79,
      0,
      0.215,
      0.43,
      0.645,
      0.86,
      0.0725,
      0.2875,
      0.5025,
      0.7175,
      0.9325,
      0.145,
      0.36,
      0.575,
      0.79,
      0,
      0.215,
      0.43,
      0.645,
      0.86,
      0.0725,
      0.2875,
      0.5025,
      0.7175,
      0.9325,
      0.145,
      0.36,
      0.575,
      0.79
    ],
    "SoftwareVersions": "syngo MR B17",
    "SpacingBetweenSlices": 2.5,
    "StationName": "MEDPC",
    "StudyID": "1",
    "StudyInstanceUID": "1.3.12.2.1107.5.2.32.35077.30000013090317184432800000043",
    "TaskName": "rest",
    "TotalReadoutTime": 0.0426603,
    "TxRefAmp": 306.162,
    "dataset": "unknown",
    "modality": "bold",
    "run_id": 1,
    "session_id": "core1p2",
    "subject_id": "CC0078",
    "task_id": "rest"
  },
  "dummy_trs": 0,
  "dvars_nstd": 27.00069046984963,
  "dvars_std": 1.0050677480200498,
  "dvars_vstd": 0.9704270594235589,
  "efc": 0.5383934032793163,
  "fber": 639.1181640625,
  "fd_mean": 0.08386804793454085,
  "fd_num": 8,
  "fd_perc": 2.0,
  "fwhm_avg": 3.1119213333333335,
  "fwhm_x": 3.006832,
  "fwhm_y": 3.154096,
  "fwhm_z": 3.174836,
  "gcor": 0.0272739,
  "gsr_x": -0.0033507791813462973,
  "gsr_y": 0.07712522894144058,
  "provenance": {
    "md5sum": "2bb985955cdecae257540f6bf96e4665",
    "settings": {
      "fd_thres": 0.2,
      "hmc_fsl": false
    },
    "software": "mriqc",
    "version": "0.15.0",
    "webapi_port": null,
    "webapi_url": "https://mriqc.nimh.nih.gov/api/v1"
  },
  "size_t": 400,
  "size_x": 80,
  "size_y": 80,
  "size_z": 56,
  "snr": 2.2406588564024807,
  "spacing_tr": 1.0,
  "spacing_x": 2.5,
  "spacing_y": 2.5,
  "spacing_z": 2.5,
  "summary_bg_k": 26.067665129193397,
  "summary_bg_mad": 13.543571472167969,
  "summary_bg_mean": 55.2923698425293,
  "summary_bg_median": 23.50749969482422,
  "summary_bg_n": 213181.0,
  "summary_bg_p05": 13.302499771118164,
  "summary_bg_p95": 216.5749969482422,
  "summary_bg_stdv": 84.24663543701172,
  "summary_fg_k": 3.882887419937437,
  "summary_fg_mad": 218.78201293945312,
  "summary_fg_mean": 703.6341552734375,
  "summary_fg_median": 646.782470703125,
  "summary_fg_n": 85282.0,
  "summary_fg_p05": 362.13372802734375,
  "summary_fg_p95": 1260.7738952636719,
  "summary_fg_stdv": 288.65557861328125,
  "tsnr": 39.5277214050293
}