{
  "aor": 0.0003417932489451477,
  "aqi": 0.0027870375527426156,
  "bids_meta": {
    "AccessionNumber": "8531-001",
    "AcquisitionDateTime": "2018-07-13T15:45:17.195000",
    "AcquisitionMatrixPE": 80,
    "AcquisitionNumber": 1,
    "AcquisitionTime": "15:45:17.195000",
    "BandwidthPerPixelPhaseEncode": 23.191,
    "BaseResolution": 80,
    "BodyPartExamined": "BRAIN",
    "ConsistencyInfo": "N4_VE11C_LATEST_20160120",
    "ConversionSoftware": "dcm2niix",
    "ConversionSoftwareVersion": "v1.0.20210317",
    "DerivedVendorReportedEchoSpacing": 0.000490002,
    "DeviceSerialNumber": "167050",
    "DwellTime": 2.3e-06,
    "EchoTime": 0.03,
    "EchoTrainLength": 88,
    "EffectiveEchoSpacing": 0.000539002,
    "FlipAngle": 53,
    "ImageComments": "Unaliased MB6/PE3/LB",
    "ImageOrientationPatientDICOM": [
      1,
      0,
      0,
      0,
      0.939693,
      -0.34202
    ],
    "ImageType": [
      "ORIGINAL",
      "PRIMARY",
      "M",
      "MB",
      "ND",
      "MOSAIC"
    ],
    "ImagingFrequency": 123.25,
    "InPlanePhaseEncodingDirectionDICOM": "COL",
    "InstitutionAddress": "Michigan Ave 320,Pasadena,California,US,91025",
    "InstitutionName": "Caltech Prisma64",
    "InstitutionalDepartmentName": "Department",
    "MRAcquisitionType": "2D",
    "MagneticFieldStrength": 3,
    "Manufacturer": "Siemens",
    "ManufacturersModelName": "Prisma_fit",
    "Modality": "MR",
    "MultibandAccelerationFactor": 6,
    "PartialFourier": 1,
    "PatientBirthDate": "1977-12-01",
    "PatientID": "CC0143",
    "PatientName": "CC0143",
    "PatientPosition": "HFS",
    "PatientSex": "M",
    "PatientWeight": 63.5029,
    "PercentPhaseFOV": 100,
    "PercentSampling": 100,
    "PhaseEncodingDirection": "j-",
    "PhaseEncodingSteps": 88,
    "PhaseOversampling": 0.1,
    "PhaseResolution": 1,
    "PixelBandwidth": 2715,
    "ProcedureStepDescription": "Conte Core",
    "ProtocolName": "task-pixar_run-01_bold",
    "PulseSequenceDetails": "%CustomerSeq%\\cmrr_mbep2d_bold",
    "ReceiveCoilActiveElements": "HEA;HEP",
    "ReceiveCoilName": "Head_32",
    "ReconMatrixPE": 80,
    "ReferringPhysicianName": "Adolphs",
    "RepetitionTime": 0.7,
    "SAR": 0.0983307,
    "ScanOptions": "FS\\EXT",
    "ScanningSequence": "EP",
    "SequenceName": "epfid2d1_80",
    "SequenceVariant": "SK\\SS\\OSP",
    "SeriesDescription": "task-pixar_run-01_bold",
    "SeriesInstanceUID": "1.3.12.2.1107.5.2.43.167050.2018071315433222465060412.0.0.0",
    "SeriesNumber": 34,
    "ShimSetting": [
      6997,
      -3592,
      7927,
      439,
      -59,
      -25,
      -69,
      42
    ],
    "SliceThickness": 2.5,
    "SliceTiming": [
      0,
      0.475,
      0.2725,
      0.0675,
      0.5425,
      0.34,
      0.135,
      0.6125,
      0.4075,
      0.2025,
      0,
      0.475,
      0.2725,
      0.0675,
      0.5425,
      0.34,
      0.135,
      0.6125,
      0.4075,
      0.2025,
      0,
      0.475,
      0.2725,
      0.0675,
      0.5425,
      0.34,
      0.135,
      0.6125,
      0.4075,
      0.2025,
      0,
      0.475,
      0.2725,
      0.0675,
      0.5425,
      0.34,
      0.135,
      0.6125,
      0.4075,
      0.2025,
      0,
      0.475,
      0.2725,
      0.0675,
      0.5425,
      0.34,
      0.135,
      0.6125,
      0.4075,
      0.2025,
      0,
      0.475,
      0.2725,
      0.0675,
      0.5425,
      0.34,
      0.135,
      0.6125,
      0.4075,
      0.2025
    ],
    "SoftwareVersions": "syngo MR E11",
    "SpacingBetweenSlices": 2.5,
    "StationName": "PRISMA",
    "StudyID": "1",
    "StudyInstanceUID": "1.3.12.2.1107.5.2.43.167050.30000018071021413043300000010",
    "TaskName": "pixar",
    "TotalReadoutTime": 0.0425812,
    "TxRefAmp": 259.895,
    "WipMemBlock": "10b2a5e1-09a4-42d8-af7a-9fdbf3b9fdb6||Sequence: R016 ve11c/master r/e634e98; Dec 19 2017 11:00:25 by eja",
    "dataset": "unknown",
    "modality": "bold",
    "run_id": 1,
    "session_id": "core2p2",
    "subject_id": "CC0143",
    "task_id": "pixar"
  },
  "dummy_trs": 2,
  "dvars_nstd": 30.778831360782238,
  "dvars_std": 1.0673838705074,
  "dvars_vstd": 1.0057282808668069,
  "efc": 0.5733446629171745,
  "fber": 456.0299987792969,
  "fd_mean": 0.10163078017569271,
  "fd_num": 6,
  "fd_perc": 1.2658227848101267,
  "fwhm_avg": 2.920614666666667,
  "fwhm_x": 2.722168,
  "fwhm_y": 3.081912,
  "fwhm_z": 2.957764,
  "gcor": 0.00740871,
  "gsr_x": -0.01268061250448227,
  "gsr_y": 0.10514630377292633,
  "provenance": {
    "md5sum": "5aab4068c18e9157ce22f57f06908980",
    "settings": {
      "fd_thres": 0.2,
      "hmc_fsl": false
    },
    "software": "mriqc",
    "version": "0.15.0",
    "webapi_port": null,
    "webapi_url": "https://mriqc.nimh.nih.gov/api/v1"
  },
  "size_t": 474,
  "size_x": 80,
  "size_y": 80,
  "size_z": 60,
  "snr": 2.0024566773597257,
  "spacing_tr": 0.699999988079071,
  "spacing_x": 2.5,
  "spacing_y": 2.5,
  "spacing_z": 2.5,
  "summary_bg_k": 20.73240350308537,
  "summary_bg_mad": 114.01023864746094,
  "summary_bg_mean": 453.8008117675781,
  "summary_bg_median": 177.40716552734375,
  "summary_bg_n": 211228.0,
  "summary_bg_p05": 86.95780181884766,
  "summary_bg_p95": 1870.213623046875,
  "summary_bg_stdv": 718.5733032226562,
  "summary_fg_k": 0.7313794956634654,
  "summary_fg_mad": 1925.1905517578125,
  "summary_fg_mean": 4586.1796875,
  "summary_fg_median": 4180.49365234375,
  "summary_fg_n": 106107.0,
  "summary_fg_p05": 1853.2417114257814,
  "summary_fg_p95": 8569.414453124999,
  "summary_fg_stdv": 2087.672607421875,
  "tsnr": 47.37044906616211
}