{
  "aor": 0.0004490476190476191,
  "aqi": 0.005319314260651629,
  "bids_meta": {
    "AccessionNumber": "7802-001",
    "AcquisitionDateTime": "2015-05-26T14:04:50.387500",
    "AcquisitionMatrixPE": 80,
    "AcquisitionNumber": 1,
    "AcquisitionTime": "14:04:50.387500",
    "BandwidthPerPixelPhaseEncode": 23.148,
    "BaseResolution": 80,
    "CoilString": "C:HEA;HEP",
    "ConversionSoftware": "dcm2niix",
    "ConversionSoftwareVersion": "v1.0.20210317",
    "DerivedVendorReportedEchoSpacing": 0.000540003,
    "DeviceSerialNumber": "35077",
    "DwellTime": 2.6e-06,
    "EchoTime": 0.03,
    "EffectiveEchoSpacing": 0.000540003,
    "FlipAngle": 60,
    "ImageComments": "Unaliased MB4/PE3",
    "ImageOrientationPatientDICOM": [
      1,
      -1e-16,
      0,
      1e-16,
      0.939693,
      -0.34202
    ],
    "ImageType": [
      "ORIGINAL",
      "PRIMARY",
      "M",
      "MB",
      "ND",
      "MOSAIC"
    ],
    "ImagingFrequency": 123.229,
    "InPlanePhaseEncodingDirectionDICOM": "COL",
    "InstitutionAddress": "Wilson Avenue 340 ,Pasadena,California,US,91025",
    "InstitutionName": "Caltech Tim32",
    "InstitutionalDepartmentName": "Department",
    "MRAcquisitionType": "2D",
    "MagneticFieldStrength": 3,
    "Manufacturer": "Siemens",
    "ManufacturersModelName": "TrioTim",
    "Modality": "MR",
    "MultibandAccelerationFactor": 4,
    "PartialFourier": 1,
    "PatientBirthDate": "1992-01-01",
    "PatientID": "adolphs",
    "PatientName": "CC0108",
    "PatientPosition": "HFS",
    "PatientSex": "F",
    "PatientWeight": 81.6466,
    "PercentPhaseFOV": 100,
    "PercentSampling": 100,
    "PhaseEncodingDirection": "j-",
    "PhaseEncodingSteps": 80,
    "PhaseResolution": 1,
    "PixelBandwidth": 2404,
    "ProcedureStepDescription": "Conte^Core",
    "ProtocolName": "rsBOLD_MB_2",
    "PulseSequenceDetails": "%CustomerSeq%\\cmrr_mbep2d_bold",
    "ReceiveCoilName": "32Ch_Head",
    "ReconMatrixPE": 80,
    "RepetitionTime": 1,
    "SAR": 0.103375,
    "ScanOptions": "FS",
    "ScanningSequence": "EP",
    "SequenceName": "epfid2d1_80",
    "SequenceVariant": "SK\\SS",
    "SeriesDescription": "rsBOLD_MB_2",
    "SeriesInstanceUID": "1.3.12.2.1107.5.2.32.35077.2015052614050118823827846.0.0.0",
    "SeriesNumber": 7,
    "ShimSetting": [
      9522,
      -10473,
      15812,
      600,
      -70,
      -178,
      -171,
      -69
    ],
    "SliceThickness": 2.5,
    "SliceTiming": [
      0,
      0.215,
      0.4325,
      0.6475,
      0.8625,
      0.0725,
      0.2875,
      0.5025,
      0.7175,
      0.9325,
      0.145,
      0.36,
      0.575,
      0.79,
      0,
      0.215,
      0.4325,
      0.6475,
      0.8625,
      0.0725,
      0.2875,
      0.5025,
      0.7175,
      0.9325,
      0.145,
      0.36,
      0.575,
      0.79,
      0,
      0.215,
      0.4325,
      0.6475,
      0.8625,
      0.0725,
      0.2875,
      0.5025,
      0.7175,
      0.9325,
      0.145,
      0.36,
      0.575,
      0.79,
      0,
      0.215,
      0.4325,
      0.6475,
      0.8625,
      0.0725,
      0.2875,
      0.5025,
      0.7175,
      0.9325,
      0.145,
      0.36,
      0.575,
      0.79
    ],
    "SoftwareVersions": "syngo MR B17",
    "SpacingBetweenSlices": 2.5,
    "StationName": "MEDPC",
    "StudyID": "1",
    "StudyInstanceUID": "1.3.12.2.1107.5.2.32.35077.30000015052618473312500000004",
    "TaskName": "rest",
    "TotalReadoutTime": 0.0426603,
    "TxRefAmp": 325.711,
    "dataset": "unknown",
    "modality": "bold",
    "run_id": 2,
    "session_id": "core1p3p1",
    "subject_id": "CC0108",
    "task_id": "rest"
  },
  "dummy_trs": 1,
  "dvars_nstd": 38.61523775336684,
  "dvars_std": 1.1228710079648239,
  "dvars_vstd": 0.999125718969849,
  "efc": 0.554293628567665,
  "fber": 610.8655395507812,
  "fd_mean": 0.18483391864596113,
  "fd_num": 181,
  "fd_perc": 45.363408521303256,
  "fwhm_avg": 2.845012,
  "fwhm_x": 2.693512,
  "fwhm_y": 2.959868,
  "fwhm_z": 2.881656,
  "gcor": 0.027576,
  "gsr_x": -0.019810853525996208,
  "gsr_y": 0.10029754042625427,
  "provenance": {
    "md5sum": "b20b950ce3db8d7373293f73be29df2e",
    "settings": {
      "fd_thres": 0.2,
      "hmc_fsl": false
    },
    "software": "mriqc",
    "version": "0.15.0",
    "webapi_port": null,
    "webapi_url": "https://mriqc.nimh.nih.gov/api/v1"
  },
  "size_t": 399,
  "size_x": 80,
  "size_y": 80,
  "size_z": 56,
  "snr": 2.639417961219591,
  "spacing_tr": 1.0,
  "spacing_x": 2.5,
  "spacing_y": 2.5,
  "spacing_z": 2.5,
  "summary_bg_k": 38.70199465727819,
  "summary_bg_mad": 8.62807559967041,
  "summary_bg_mean": 38.65401840209961,
  "summary_bg_median": 16.56390953063965,
  "summary_bg_n": 212798.0,
  "summary_bg_p05": 10.195112991333009,
  "summary_bg_p95": 146.26741867065405,
  "summary_bg_stdv": 58.588951110839844,
  "summary_fg_k": 3.1248495087645685,
  "summary_fg_mad": 138.3984832763672,
  "summary_fg_mean": 471.4891662597656,
  "summary_fg_median": 446.8696594238281,
  "summary_fg_n": 85343.0,
  "summary_fg_p05": 251.48045349121094,
  "summary_fg_p95": 780.2260803222655,
  "summary_fg_stdv": 169.30514526367188,
  "tsnr": 41.45553970336914
}