{
  "bids_meta": {
    "AccessionNumber": "9080-017",
    "AcquisitionDateTime": "2019-12-17T10:32:49.397500",
    "AcquisitionMatrixPE": 256,
    "AcquisitionNumber": 1,
    "AcquisitionTime": "10:32:49.397500",
    "BaseResolution": 256,
    "BodyPartExamined": "BRAIN",
    "ConsistencyInfo": "N4_VE11C_LATEST_20160120",
    "ConversionSoftware": "dcm2niix",
    "ConversionSoftwareVersion": "v1.0.20210317",
    "DeviceSerialNumber": "167050",
    "DwellTime": 3e-06,
    "EchoNumber": 4,
    "FlipAngle": 8,
    "ImageComments": "Average over all echoes.",
    "ImageOrientationPatientDICOM": [
      0,
      1,
      0,
      0,
      0,
      -1
    ],
    "ImageType": [
      "ORIGINAL",
      "PRIMARY",
      "ECHO",
      "COMBINED",
      "ND",
      "NORM"
    ],
    "ImagingFrequency": 123.25,
    "InPlanePhaseEncodingDirectionDICOM": "ROW",
    "InstitutionAddress": "Michigan Ave 320,Pasadena,California,US,91025",
    "InstitutionName": "Caltech Prisma32",
    "InstitutionalDepartmentName": "Department",
    "InversionTime": 1.15,
    "MRAcquisitionType": "3D",
    "MagneticFieldStrength": 3,
    "Manufacturer": "Siemens",
    "ManufacturersModelName": "Prisma_fit",
    "Modality": "MR",
    "ParallelReductionFactorInPlane": 2,
    "PartialFourier": 1,
    "PatientBirthDate": "1987-09-01",
    "PatientID": "CC0063",
    "PatientName": "CC0063",
    "PatientPosition": "HFS",
    "PatientSex": "M",
    "PatientWeight": 72.5748,
    "PercentPhaseFOV": 100,
    "PercentSampling": 100,
    "PhaseEncodingSteps": 282,
    "PhaseOversampling": 0.1,
    "PhaseResolution": 1,
    "PixelBandwidth": 650,
    "ProcedureStepDescription": "Conte Core",
    "ProtocolName": "T1w",
    "PulseSequenceDetails": "%CustomerSeq%\\tfl_wip900D_VE11C",
    "ReceiveCoilActiveElements": "HEA;HEP",
    "ReceiveCoilName": "Head_32",
    "ReconMatrixPE": 256,
    "RefLinesPE": 32,
    "ReferringPhysicianName": "Adolphs",
    "RepetitionTime": 2.55,
    "SAR": 0.0512062,
    "ScanOptions": "IR\\WE",
    "ScanningSequence": "GR\\IR",
    "SequenceName": "tfl3d4_16ns",
    "SequenceVariant": "SK\\SP\\MP\\OSP",
    "SeriesDescription": "T1w_combEcho",
    "SeriesInstanceUID": "1.3.12.2.1107.5.2.43.167050.2019121710395829301074624.0.0.0",
    "SeriesNumber": 5,
    "ShimSetting": [
      6989,
      -3651,
      7878,
      383,
      -19,
      -90,
      40,
      -9
    ],
    "SliceThickness": 0.9,
    "SoftwareVersions": "syngo MR E11",
    "StationName": "PRISMA",
    "StudyID": "1",
    "StudyInstanceUID": "1.3.12.2.1107.5.2.43.167050.30000019111600595458900000160",
    "TxRefAmp": 271.165,
    "WipMemBlock": "WIP_Identifier: WIP#900D",
    "acq_id": "combecho",
    "dataset": "unknown",
    "modality": "T1w",
    "run_id": 2,
    "session_id": "core2p2",
    "subject_id": "CC0063"
  },
  "cjv": 0.7479682277459756,
  "cnr": 1.7814793351344027,
  "efc": 0.6187442690949884,
  "fber": 1574.92236328125,
  "fwhm_avg": 4.239244945852085,
  "fwhm_x": 4.262533446251908,
  "fwhm_y": 4.163917913043478,
  "fwhm_z": 4.291283478260869,
  "icvs_csf": 0.2031040856379228,
  "icvs_gm": 0.42084995192583546,
  "icvs_wm": 0.3760459624362418,
  "inu_med": 1.705371618270874,
  "inu_range": 0.7192196309566494,
  "provenance": {
    "md5sum": "ca5bfb82b1dbcf1795e0d1f0e158dcd3",
    "settings": {
      "testing": false
    },
    "software": "mriqc",
    "version": "0.15.0",
    "warnings": {
      "large_rot_frame": false,
      "small_air_mask": false
    },
    "webapi_port": null,
    "webapi_url": "https://mriqc.nimh.nih.gov/api/v1"
  },
  "qi_1": 0.0,
  "qi_2": 0.007803687700174246,
  "rpve_csf": 25.53643605585353,
  "rpve_gm": 12.834886652279367,
  "rpve_wm": 16.61744708445608,
  "size_x": 208,
  "size_y": 256,
  "size_z": 256,
  "snr_csf": 3.7186316712610137,
  "snr_gm": 11.38288406154193,
  "snr_total": 11.81249489351733,
  "snr_wm": 20.33596894774904,
  "snrd_csf": 47.308129552432234,
  "snrd_gm": 95.79315640042591,
  "snrd_total": 85.66216424496993,
  "snrd_wm": 113.88520678205167,
  "spacing_x": 0.8999999761581421,
  "spacing_y": 0.8984375,
  "spacing_z": 0.8984375,
  "summary_bg_k": 1027.64628594685,
  "summary_bg_mad": 5.752829074859619,
  "summary_bg_mean": 14.446661949157715,
  "summary_bg_median": 11.587684631347656,
  "summary_bg_n": 3345435.0,
  "summary_bg_p05": 3.857933282852173,
  "summary_bg_p95": 29.543559646606422,
  "summary_bg_stdv": 8.58611011505127,
  "summary_csf_k": 4.0777094356512285,
  "summary_csf_mad": 99.21748352050781,
  "summary_csf_mean": 441.072265625,
  "summary_csf_median": 415.418212890625,
  "summary_csf_n": 46345.0,
  "summary_csf_p05": 297.51317138671874,
  "summary_csf_p95": 653.02041015625,
  "summary_csf_stdv": 111.7114486694336,
  "summary_gm_k": 0.05149708920938645,
  "summary_gm_mad": 73.04829406738281,
  "summary_gm_mean": 841.5911254882812,
  "summary_gm_median": 841.1708984375,
  "summary_gm_n": 27873.0,
  "summary_gm_p05": 724.5560546875,
  "summary_gm_p95": 971.83876953125,
  "summary_gm_stdv": 73.89654541015625,
  "summary_wm_k": 0.9510795469578381,
  "summary_wm_mad": 45.78022766113281,
  "summary_wm_mean": 1001.124267578125,
  "summary_wm_median": 1000.039306640625,
  "summary_wm_n": 284380.0,
  "summary_wm_p05": 921.5279968261718,
  "summary_wm_p95": 1081.406378173828,
  "summary_wm_stdv": 49.17580032348633,
  "tpm_overlap_csf": 0.21558193862438202,
  "tpm_overlap_gm": 0.4895091652870178,
  "tpm_overlap_wm": 0.5352558493614197,
  "wm2max": 0.5933909022682264
}