{
  "bids_meta": {
    "AccessionNumber": "9080-017",
    "AcquisitionDateTime": "2019-12-17T10:32:49.397500",
    "AcquisitionMatrixPE": 256,
    "AcquisitionNumber": 1,
    "AcquisitionTime": "10:32:49.397500",
    "BaseResolution": 256,
    "BodyPartExamined": "BRAIN",
    "ConsistencyInfo": "N4_VE11C_LATEST_20160120",
    "ConversionSoftware": "dcm2niix",
    "ConversionSoftwareVersion": "v1.0.20210317",
    "DeviceSerialNumber": "167050",
    "DwellTime": 3e-06,
    "EchoNumber": 4,
    "FlipAngle": 8,
    "ImageComments": "Average over all echoes.",
    "ImageOrientationPatientDICOM": [
      0,
      1,
      0,
      0,
      0,
      -1
    ],
    "ImageType": [
      "ORIGINAL",
      "PRIMARY",
      "ECHO",
      "COMBINED",
      "ND"
    ],
    "ImagingFrequency": 123.25,
    "InPlanePhaseEncodingDirectionDICOM": "ROW",
    "InstitutionAddress": "Michigan Ave 320,Pasadena,California,US,91025",
    "InstitutionName": "Caltech Prisma32",
    "InstitutionalDepartmentName": "Department",
    "InversionTime": 1.15,
    "MRAcquisitionType": "3D",
    "MagneticFieldStrength": 3,
    "Manufacturer": "Siemens",
    "ManufacturersModelName": "Prisma_fit",
    "Modality": "MR",
    "ParallelReductionFactorInPlane": 2,
    "PartialFourier": 1,
    "PatientBirthDate": "1987-09-01",
    "PatientID": "CC0063",
    "PatientName": "CC0063",
    "PatientPosition": "HFS",
    "PatientSex": "M",
    "PatientWeight": 72.5748,
    "PercentPhaseFOV": 100,
    "PercentSampling": 100,
    "PhaseEncodingSteps": 282,
    "PhaseOversampling": 0.1,
    "PhaseResolution": 1,
    "PixelBandwidth": 650,
    "ProcedureStepDescription": "Conte Core",
    "ProtocolName": "T1w",
    "PulseSequenceDetails": "%CustomerSeq%\\tfl_wip900D_VE11C",
    "ReceiveCoilActiveElements": "HEA;HEP",
    "ReceiveCoilName": "Head_32",
    "ReconMatrixPE": 256,
    "RefLinesPE": 32,
    "ReferringPhysicianName": "Adolphs",
    "RepetitionTime": 2.55,
    "SAR": 0.0512062,
    "ScanOptions": "IR\\WE",
    "ScanningSequence": "GR\\IR",
    "SequenceName": "tfl3d4_16ns",
    "SequenceVariant": "SK\\SP\\MP\\OSP",
    "SeriesDescription": "T1w_combEcho",
    "SeriesInstanceUID": "1.3.12.2.1107.5.2.43.167050.2019121710395829282274623.0.0.0",
    "SeriesNumber": 4,
    "ShimSetting": [
      6989,
      -3651,
      7878,
      383,
      -19,
      -90,
      40,
      -9
    ],
    "SliceThickness": 0.9,
    "SoftwareVersions": "syngo MR E11",
    "StationName": "PRISMA",
    "StudyID": "1",
    "StudyInstanceUID": "1.3.12.2.1107.5.2.43.167050.30000019111600595458900000160",
    "TxRefAmp": 271.165,
    "WipMemBlock": "WIP_Identifier: WIP#900D",
    "acq_id": "combecho",
    "dataset": "unknown",
    "modality": "T1w",
    "run_id": 1,
    "session_id": "core2p2",
    "subject_id": "CC0063"
  },
  "cjv": 0.5464321906062579,
  "cnr": 2.3815446785252683,
  "efc": 0.6016713385430325,
  "fber": 233.7928009033203,
  "fwhm_avg": 5.621217801471296,
  "fwhm_x": 5.600977926153021,
  "fwhm_y": 5.453957565217391,
  "fwhm_z": 5.808717913043479,
  "icvs_csf": 0.19324865207475506,
  "icvs_gm": 0.4220462263929381,
  "icvs_wm": 0.38470512153230685,
  "inu_med": 1.6599407196044922,
  "inu_range": 1.2214339077472687,
  "provenance": {
    "md5sum": "b6167e41afe586b70db7f9dc1b0aa1a3",
    "settings": {
      "testing": false
    },
    "software": "mriqc",
    "version": "0.15.0",
    "warnings": {
      "large_rot_frame": false,
      "small_air_mask": false
    },
    "webapi_port": null,
    "webapi_url": "https://mriqc.nimh.nih.gov/api/v1"
  },
  "qi_1": 0.0,
  "qi_2": 0.004189733822427872,
  "rpve_csf": 27.13134297860065,
  "rpve_gm": 12.133297289059353,
  "rpve_wm": 14.485571458096517,
  "size_x": 208,
  "size_y": 256,
  "size_z": 256,
  "snr_csf": 3.8109286698714233,
  "snr_gm": 14.654607785849327,
  "snr_total": 9.478791730775997,
  "snr_wm": 9.97083873660724,
  "snrd_csf": 19.520401386095813,
  "snrd_gm": 40.186453062253655,
  "snrd_total": 38.215298295898656,
  "snrd_wm": 54.93904043934649,
  "spacing_x": 0.8999999761581421,
  "spacing_y": 0.8984375,
  "spacing_z": 0.8984375,
  "summary_bg_k": 2.9719234628973554,
  "summary_bg_mad": 11.923828125,
  "summary_bg_mean": 43.739112854003906,
  "summary_bg_median": 42.998634338378906,
  "summary_bg_n": 3312907.0,
  "summary_bg_p05": 24.842446327209473,
  "summary_bg_p95": 65.30724868774413,
  "summary_bg_stdv": 12.779983520507812,
  "summary_csf_k": 0.5796170009382857,
  "summary_csf_mad": 91.13020324707031,
  "summary_csf_mean": 373.865966796875,
  "summary_csf_median": 355.2816162109375,
  "summary_csf_n": 35906.0,
  "summary_csf_p05": 251.15478515625,
  "summary_csf_p95": 542.5749359130859,
  "summary_csf_stdv": 93.22574615478516,
  "summary_gm_k": 0.13954586699694538,
  "summary_gm_mad": 49.18748474121094,
  "summary_gm_mean": 732.6309814453125,
  "summary_gm_median": 731.4146728515625,
  "summary_gm_n": 46644.0,
  "summary_gm_p05": 652.4202056884766,
  "summary_gm_p95": 816.5052642822264,
  "summary_gm_stdv": 49.90968322753906,
  "summary_wm_k": 0.6948924923314652,
  "summary_wm_mad": 97.5322265625,
  "summary_wm_mean": 1017.6602172851562,
  "summary_wm_median": 999.9195556640625,
  "summary_wm_n": 184851.0,
  "summary_wm_p05": 887.49169921875,
  "summary_wm_p95": 1204.88671875,
  "summary_wm_stdv": 100.28412628173828,
  "tpm_overlap_csf": 0.20214268565177917,
  "tpm_overlap_gm": 0.4131225049495697,
  "tpm_overlap_wm": 0.4123750329017639,
  "wm2max": 0.5100029209688481
}