{
  "aor": 0.0006359698996655517,
  "aqi": 0.007411674397993311,
  "bids_meta": {
    "AccessionNumber": "6471-018",
    "AcquisitionDateTime": "2018-05-08T10:13:0.310000",
    "AcquisitionMatrixPE": 80,
    "AcquisitionNumber": 1,
    "AcquisitionTime": "10:13:0.310000",
    "BandwidthPerPixelPhaseEncode": 23.191,
    "BaseResolution": 80,
    "BodyPartExamined": "BRAIN",
    "ConsistencyInfo": "N4_VE11C_LATEST_20160120",
    "ConversionSoftware": "dcm2niix",
    "ConversionSoftwareVersion": "v1.0.20210317",
    "DerivedVendorReportedEchoSpacing": 0.000490002,
    "DeviceSerialNumber": "167050",
    "DwellTime": 2.3e-06,
    "EchoTime": 0.03,
    "EchoTrainLength": 88,
    "EffectiveEchoSpacing": 0.000539002,
    "FlipAngle": 53,
    "ImageComments": "Unaliased MB6/PE3/LB",
    "ImageOrientationPatientDICOM": [
      1,
      0,
      0,
      0,
      0.939693,
      -0.34202
    ],
    "ImageType": [
      "ORIGINAL",
      "PRIMARY",
      "M",
      "MB",
      "ND",
      "MOSAIC"
    ],
    "ImagingFrequency": 123.25,
    "InPlanePhaseEncodingDirectionDICOM": "COL",
    "InstitutionAddress": "Michigan Ave 320,Pasadena,California,US,91025",
    "InstitutionName": "Caltech Prisma64",
    "InstitutionalDepartmentName": "Department",
    "MRAcquisitionType": "2D",
    "MagneticFieldStrength": 3,
    "Manufacturer": "Siemens",
    "ManufacturersModelName": "Prisma_fit",
    "Modality": "MR",
    "MultibandAccelerationFactor": 6,
    "PartialFourier": 1,
    "PatientBirthDate": "1985-06-01",
    "PatientID": "CC0029",
    "PatientName": "CC0029",
    "PatientPosition": "HFS",
    "PatientSex": "M",
    "PatientWeight": 72.5748,
    "PercentPhaseFOV": 100,
    "PercentSampling": 100,
    "PhaseEncodingDirection": "j-",
    "PhaseEncodingSteps": 88,
    "PhaseOversampling": 0.1,
    "PhaseResolution": 1,
    "PixelBandwidth": 2715,
    "ProcedureStepDescription": "Conte Core",
    "ProtocolName": "task-rest_run-01_bold",
    "PulseSequenceDetails": "%CustomerSeq%\\cmrr_mbep2d_bold",
    "ReceiveCoilActiveElements": "HEA;HEP",
    "ReceiveCoilName": "Head_32",
    "ReconMatrixPE": 80,
    "ReferringPhysicianName": "Adolphs",
    "RepetitionTime": 0.7,
    "SAR": 0.0790791,
    "ScanOptions": "FS\\EXT",
    "ScanningSequence": "EP",
    "SequenceName": "epfid2d1_80",
    "SequenceVariant": "SK\\SS\\OSP",
    "SeriesDescription": "task-rest_run-01_bold",
    "SeriesInstanceUID": "1.3.12.2.1107.5.2.43.167050.2018050810105043110088255.0.0.0",
    "SeriesNumber": 9,
    "ShimSetting": [
      6986,
      -3580,
      7937,
      421,
      -46,
      169,
      -14,
      30
    ],
    "SliceThickness": 2.5,
    "SliceTiming": [
      0,
      0.4775,
      0.2725,
      0.07,
      0.545,
      0.34,
      0.1375,
      0.6125,
      0.41,
      0.205,
      0,
      0.4775,
      0.2725,
      0.07,
      0.545,
      0.34,
      0.1375,
      0.6125,
      0.41,
      0.205,
      0,
      0.4775,
      0.2725,
      0.07,
      0.545,
      0.34,
      0.1375,
      0.6125,
      0.41,
      0.205,
      0,
      0.4775,
      0.2725,
      0.07,
      0.545,
      0.34,
      0.1375,
      0.6125,
      0.41,
      0.205,
      0,
      0.4775,
      0.2725,
      0.07,
      0.545,
      0.34,
      0.1375,
      0.6125,
      0.41,
      0.205,
      0,
      0.4775,
      0.2725,
      0.07,
      0.545,
      0.34,
      0.1375,
      0.6125,
      0.41,
      0.205
    ],
    "SoftwareVersions": "syngo MR E11",
    "SpacingBetweenSlices": 2.5,
    "StationName": "PRISMA",
    "StudyID": "1",
    "StudyInstanceUID": "1.3.12.2.1107.5.2.43.167050.30000018042619061766300000022",
    "TaskName": "rest",
    "TotalReadoutTime": 0.0425812,
    "TxRefAmp": 253.543,
    "WipMemBlock": "dee006a7-7ab4-478f-b2f4-2d8086f2fe4e||Sequence: R016 ve11c/master r/e634e98; Dec 19 2017 11:00:25 by eja",
    "dataset": "unknown",
    "modality": "bold",
    "run_id": 1,
    "session_id": "core2p2",
    "subject_id": "CC0029",
    "task_id": "rest"
  },
  "dummy_trs": 2,
  "dvars_nstd": 32.94552032115581,
  "dvars_std": 1.0426981890117264,
  "dvars_vstd": 1.0081797533500862,
  "efc": 0.5616258139463597,
  "fber": 542.263916015625,
  "fd_mean": 0.08168777630730886,
  "fd_num": 19,
  "fd_perc": 3.177257525083612,
  "fwhm_avg": 2.8623359999999995,
  "fwhm_x": 2.5713,
  "fwhm_y": 3.043784,
  "fwhm_z": 2.971924,
  "gcor": 0.0187946,
  "gsr_x": -0.01225844956934452,
  "gsr_y": 0.11937408149242401,
  "provenance": {
    "md5sum": "ca33c99a07ab08e2c2cd6b02a7ba4568",
    "settings": {
      "fd_thres": 0.2,
      "hmc_fsl": false
    },
    "software": "mriqc",
    "version": "0.15.0",
    "webapi_port": null,
    "webapi_url": "https://mriqc.nimh.nih.gov/api/v1"
  },
  "size_t": 598,
  "size_x": 80,
  "size_y": 80,
  "size_z": 60,
  "snr": 2.3562117366362085,
  "spacing_tr": 0.699999988079071,
  "spacing_x": 2.5,
  "spacing_y": 2.5,
  "spacing_z": 2.5,
  "summary_bg_k": 24.31719785936753,
  "summary_bg_mad": 84.35709381103516,
  "summary_bg_mean": 445.203369140625,
  "summary_bg_median": 143.5133819580078,
  "summary_bg_n": 234153.0,
  "summary_bg_p05": 79.8277587890625,
  "summary_bg_p95": 1957.076586914062,
  "summary_bg_stdv": 758.71875,
  "summary_fg_k": 0.5725853483112129,
  "summary_fg_mad": 1371.811279296875,
  "summary_fg_mean": 3805.835693359375,
  "summary_fg_median": 3569.862060546875,
  "summary_fg_n": 87650.0,
  "summary_fg_p05": 1703.0032592773437,
  "summary_fg_p95": 6678.852832031251,
  "summary_fg_stdv": 1515.0767822265625,
  "tsnr": 38.35072708129883
}