{
  "aor": 0.0005748514851485148,
  "aqi": 0.005531435558698728,
  "bids_meta": {
    "AccessionNumber": "8557-001",
    "AcquisitionDateTime": "2018-08-28T13:29:26.347500",
    "AcquisitionMatrixPE": 80,
    "AcquisitionNumber": 1,
    "AcquisitionTime": "13:29:26.347500",
    "BandwidthPerPixelPhaseEncode": 23.191,
    "BaseResolution": 80,
    "BodyPartExamined": "BRAIN",
    "ConsistencyInfo": "N4_VE11C_LATEST_20160120",
    "ConversionSoftware": "dcm2niix",
    "ConversionSoftwareVersion": "v1.0.20210317",
    "DerivedVendorReportedEchoSpacing": 0.000490002,
    "DeviceSerialNumber": "167050",
    "DwellTime": 2.3e-06,
    "EchoTime": 0.03,
    "EchoTrainLength": 88,
    "EffectiveEchoSpacing": 0.000539002,
    "FlipAngle": 53,
    "ImageComments": "Unaliased MB6/PE3/LB",
    "ImageOrientationPatientDICOM": [
      1,
      0,
      0,
      0,
      0.939693,
      -0.34202
    ],
    "ImageType": [
      "ORIGINAL",
      "PRIMARY",
      "M",
      "MB",
      "ND",
      "MOSAIC"
    ],
    "ImagingFrequency": 123.25,
    "InPlanePhaseEncodingDirectionDICOM": "COL",
    "InstitutionAddress": "Michigan Ave 320,Pasadena,California,US,91025",
    "InstitutionName": "Caltech Prisma64",
    "InstitutionalDepartmentName": "Department",
    "MRAcquisitionType": "2D",
    "MagneticFieldStrength": 3,
    "Manufacturer": "Siemens",
    "ManufacturersModelName": "Prisma_fit",
    "Modality": "MR",
    "MultibandAccelerationFactor": 6,
    "PartialFourier": 1,
    "PatientBirthDate": "1971-07-01",
    "PatientID": "CC0154",
    "PatientName": "CC0154",
    "PatientPosition": "HFS",
    "PatientSex": "M",
    "PatientWeight": 73.482,
    "PercentPhaseFOV": 100,
    "PercentSampling": 100,
    "PhaseEncodingDirection": "j-",
    "PhaseEncodingSteps": 88,
    "PhaseOversampling": 0.1,
    "PhaseResolution": 1,
    "PixelBandwidth": 2715,
    "ProtocolName": "task-bang_bold",
    "PulseSequenceDetails": "%CustomerSeq%\\cmrr_mbep2d_bold",
    "ReceiveCoilActiveElements": "HEA;HEP",
    "ReceiveCoilName": "Head_32",
    "ReconMatrixPE": 80,
    "ReferringPhysicianName": "Adolphs",
    "RepetitionTime": 0.7,
    "SAR": 0.0925509,
    "ScanOptions": "FS\\EXT",
    "ScanningSequence": "EP",
    "SequenceName": "epfid2d1_80",
    "SequenceVariant": "SK\\SS\\OSP",
    "SeriesDescription": "task-bang_bold",
    "SeriesInstanceUID": "1.3.12.2.1107.5.2.43.167050.2018082813265846826395705.0.0.0",
    "SeriesNumber": 24,
    "ShimSetting": [
      7016,
      -3549,
      7897,
      390,
      75,
      37,
      -15,
      11
    ],
    "SliceThickness": 2.5,
    "SliceTiming": [
      0,
      0.475,
      0.2725,
      0.0675,
      0.5425,
      0.34,
      0.135,
      0.6125,
      0.4075,
      0.2025,
      0,
      0.475,
      0.2725,
      0.0675,
      0.5425,
      0.34,
      0.135,
      0.6125,
      0.4075,
      0.2025,
      0,
      0.475,
      0.2725,
      0.0675,
      0.5425,
      0.34,
      0.135,
      0.6125,
      0.4075,
      0.2025,
      0,
      0.475,
      0.2725,
      0.0675,
      0.5425,
      0.34,
      0.135,
      0.6125,
      0.4075,
      0.2025,
      0,
      0.475,
      0.2725,
      0.0675,
      0.5425,
      0.34,
      0.135,
      0.6125,
      0.4075,
      0.2025,
      0,
      0.475,
      0.2725,
      0.0675,
      0.5425,
      0.34,
      0.135,
      0.6125,
      0.4075,
      0.2025
    ],
    "SoftwareVersions": "syngo MR E11",
    "SpacingBetweenSlices": 2.5,
    "StationName": "PRISMA",
    "StudyID": "1",
    "StudyInstanceUID": "1.3.12.2.1107.5.2.43.167050.30000018081720093477500000055",
    "TaskName": "bang",
    "TotalReadoutTime": 0.0425812,
    "TxRefAmp": 269.189,
    "WipMemBlock": "7c1cae19-1206-4f3b-9029-2be8157d0237||Sequence: R016 ve11c/master r/e634e98; Dec 19 2017 11:00:25 by eja",
    "dataset": "unknown",
    "modality": "bold",
    "run_id": 1,
    "session_id": "core2p2",
    "subject_id": "CC0154",
    "task_id": "bang"
  },
  "dummy_trs": 3,
  "dvars_nstd": 34.73134585490087,
  "dvars_std": 1.037743660920681,
  "dvars_vstd": 0.9987175965722381,
  "efc": 0.5504262502851309,
  "fber": 636.3180541992188,
  "fd_mean": 0.16927816306709534,
  "fd_num": 247,
  "fd_perc": 34.93635077793493,
  "fwhm_avg": 2.803822666666667,
  "fwhm_x": 2.618412,
  "fwhm_y": 3.0078,
  "fwhm_z": 2.785256,
  "gcor": 0.00538515,
  "gsr_x": -0.01808382198214531,
  "gsr_y": 0.14811904728412628,
  "provenance": {
    "md5sum": "63fad4969eedf18907fc490cf0bb0335",
    "settings": {
      "fd_thres": 0.2,
      "hmc_fsl": false
    },
    "software": "mriqc",
    "version": "0.15.0",
    "webapi_port": null,
    "webapi_url": "https://mriqc.nimh.nih.gov/api/v1"
  },
  "size_t": 707,
  "size_x": 80,
  "size_y": 80,
  "size_z": 60,
  "snr": 2.0515081263472488,
  "spacing_tr": 0.699999988079071,
  "spacing_x": 2.5,
  "spacing_y": 2.5,
  "spacing_z": 2.5,
  "summary_bg_k": 25.436494853960237,
  "summary_bg_mad": 72.69574737548828,
  "summary_bg_mean": 379.66357421875,
  "summary_bg_median": 134.1520538330078,
  "summary_bg_n": 227388.0,
  "summary_bg_p05": 79.15982818603516,
  "summary_bg_p95": 1623.274676513671,
  "summary_bg_stdv": 644.3685913085938,
  "summary_fg_k": 1.763456551471739,
  "summary_fg_mad": 1478.1630859375,
  "summary_fg_mean": 4009.89990234375,
  "summary_fg_median": 3651.8134765625,
  "summary_fg_n": 93280.0,
  "summary_fg_p05": 1766.629193115234,
  "summary_fg_p95": 7488.572753906251,
  "summary_fg_stdv": 1780.0533447265625,
  "tsnr": 38.43215560913086
}