{
  "aor": 0.0010656659619450316,
  "aqi": 0.005560564756871036,
  "bids_meta": {
    "AccessionNumber": "8557-001",
    "AcquisitionDateTime": "2018-08-28T14:05:54.437500",
    "AcquisitionMatrixPE": 80,
    "AcquisitionNumber": 1,
    "AcquisitionTime": "14:05:54.437500",
    "BandwidthPerPixelPhaseEncode": 23.191,
    "BaseResolution": 80,
    "BodyPartExamined": "BRAIN",
    "ConsistencyInfo": "N4_VE11C_LATEST_20160120",
    "ConversionSoftware": "dcm2niix",
    "ConversionSoftwareVersion": "v1.0.20210317",
    "DerivedVendorReportedEchoSpacing": 0.000490002,
    "DeviceSerialNumber": "167050",
    "DwellTime": 2.3e-06,
    "EchoTime": 0.03,
    "EchoTrainLength": 88,
    "EffectiveEchoSpacing": 0.000539002,
    "FlipAngle": 53,
    "ImageComments": "Unaliased MB6/PE3/LB",
    "ImageOrientationPatientDICOM": [
      1,
      0,
      0,
      0,
      0.939693,
      -0.34202
    ],
    "ImageType": [
      "ORIGINAL",
      "PRIMARY",
      "M",
      "MB",
      "ND",
      "MOSAIC"
    ],
    "ImagingFrequency": 123.251,
    "InPlanePhaseEncodingDirectionDICOM": "COL",
    "InstitutionAddress": "Michigan Ave 320,Pasadena,California,US,91025",
    "InstitutionName": "Caltech Prisma64",
    "InstitutionalDepartmentName": "Department",
    "MRAcquisitionType": "2D",
    "MagneticFieldStrength": 3,
    "Manufacturer": "Siemens",
    "ManufacturersModelName": "Prisma_fit",
    "Modality": "MR",
    "MultibandAccelerationFactor": 6,
    "PartialFourier": 1,
    "PatientBirthDate": "1971-07-01",
    "PatientID": "CC0154",
    "PatientName": "CC0154",
    "PatientPosition": "HFS",
    "PatientSex": "M",
    "PatientWeight": 73.482,
    "PercentPhaseFOV": 100,
    "PercentSampling": 100,
    "PhaseEncodingDirection": "j-",
    "PhaseEncodingSteps": 88,
    "PhaseOversampling": 0.1,
    "PhaseResolution": 1,
    "PixelBandwidth": 2715,
    "ProtocolName": "task-pixar_run-01_bold",
    "PulseSequenceDetails": "%CustomerSeq%\\cmrr_mbep2d_bold",
    "ReceiveCoilActiveElements": "HEA;HEP",
    "ReceiveCoilName": "Head_32",
    "ReconMatrixPE": 80,
    "ReferringPhysicianName": "Adolphs",
    "RepetitionTime": 0.7,
    "SAR": 0.0962989,
    "ScanOptions": "FS\\EXT",
    "ScanningSequence": "EP",
    "SequenceName": "epfid2d1_80",
    "SequenceVariant": "SK\\SS\\OSP",
    "SeriesDescription": "task-pixar_run-01_bold",
    "SeriesInstanceUID": "1.3.12.2.1107.5.2.43.167050.2018082814054542869423845.0.0.0",
    "SeriesNumber": 37,
    "ShimSetting": [
      7003,
      -3561,
      7904,
      360,
      82,
      39,
      -10,
      18
    ],
    "SliceThickness": 2.5,
    "SliceTiming": [
      0,
      0.4775,
      0.2725,
      0.0675,
      0.545,
      0.34,
      0.1375,
      0.6125,
      0.4075,
      0.205,
      0,
      0.4775,
      0.2725,
      0.0675,
      0.545,
      0.34,
      0.1375,
      0.6125,
      0.4075,
      0.205,
      0,
      0.4775,
      0.2725,
      0.0675,
      0.545,
      0.34,
      0.1375,
      0.6125,
      0.4075,
      0.205,
      0,
      0.4775,
      0.2725,
      0.0675,
      0.545,
      0.34,
      0.1375,
      0.6125,
      0.4075,
      0.205,
      0,
      0.4775,
      0.2725,
      0.0675,
      0.545,
      0.34,
      0.1375,
      0.6125,
      0.4075,
      0.205,
      0,
      0.4775,
      0.2725,
      0.0675,
      0.545,
      0.34,
      0.1375,
      0.6125,
      0.4075,
      0.205
    ],
    "SoftwareVersions": "syngo MR E11",
    "SpacingBetweenSlices": 2.5,
    "StationName": "PRISMA",
    "StudyID": "1",
    "StudyInstanceUID": "1.3.12.2.1107.5.2.43.167050.30000018081720093477500000055",
    "TaskName": "pixar",
    "TotalReadoutTime": 0.0425812,
    "TxRefAmp": 273.307,
    "WipMemBlock": "4363a44f-8296-4de1-82bd-c0086d566a5d||Sequence: R016 ve11c/master r/e634e98; Dec 19 2017 11:00:25 by eja",
    "dataset": "unknown",
    "modality": "bold",
    "run_id": 1,
    "session_id": "core2p2",
    "subject_id": "CC0154",
    "task_id": "pixar"
  },
  "dummy_trs": 3,
  "dvars_nstd": 36.2098755514195,
  "dvars_std": 1.0654028763771188,
  "dvars_vstd": 1.0088054610593227,
  "efc": 0.551422353979646,
  "fber": 661.3890991210938,
  "fd_mean": 0.13074626152743968,
  "fd_num": 107,
  "fd_perc": 22.621564482029598,
  "fwhm_avg": 2.85012,
  "fwhm_x": 2.6266279999999997,
  "fwhm_y": 3.076864,
  "fwhm_z": 2.8468679999999997,
  "gcor": 0.00991182,
  "gsr_x": -0.016602911055088043,
  "gsr_y": 0.15115204453468323,
  "provenance": {
    "md5sum": "aa08bd10d7f5dc5cde7db92c21751051",
    "settings": {
      "fd_thres": 0.2,
      "hmc_fsl": false
    },
    "software": "mriqc",
    "version": "0.15.0",
    "webapi_port": null,
    "webapi_url": "https://mriqc.nimh.nih.gov/api/v1"
  },
  "size_t": 473,
  "size_x": 80,
  "size_y": 80,
  "size_z": 60,
  "snr": 2.0975638982451903,
  "spacing_tr": 0.699999988079071,
  "spacing_x": 2.5,
  "spacing_y": 2.5,
  "spacing_z": 2.5,
  "summary_bg_k": 24.63708991301163,
  "summary_bg_mad": 67.65431213378906,
  "summary_bg_mean": 368.1603698730469,
  "summary_bg_median": 130.0634307861328,
  "summary_bg_n": 226808.0,
  "summary_bg_p05": 79.20084381103516,
  "summary_bg_p95": 1589.9366455078114,
  "summary_bg_stdv": 628.7357788085938,
  "summary_fg_k": 1.9868997537884399,
  "summary_fg_mad": 1402.3785400390625,
  "summary_fg_mean": 3955.14697265625,
  "summary_fg_median": 3601.232421875,
  "summary_fg_n": 94075.0,
  "summary_fg_p05": 1815.5978393554688,
  "summary_fg_p95": 7318.864062500001,
  "summary_fg_stdv": 1716.8551025390625,
  "tsnr": 38.72418975830078
}