{
  "bids_meta": {
    "AccessionNumber": "8466-015",
    "AcquisitionDateTime": "2018-04-30T14:24:53.382500",
    "AcquisitionMatrixPE": 256,
    "AcquisitionNumber": 1,
    "AcquisitionTime": "14:24:53.382500",
    "BaseResolution": 256,
    "BodyPartExamined": "BRAIN",
    "ConsistencyInfo": "N4_VE11C_LATEST_20160120",
    "ConversionSoftware": "dcm2niix",
    "ConversionSoftwareVersion": "v1.0.20210317",
    "DeviceSerialNumber": "167050",
    "DwellTime": 3e-06,
    "EchoNumber": 4,
    "FlipAngle": 8,
    "ImageComments": "Average over all echoes.",
    "ImageOrientationPatientDICOM": [
      0,
      1,
      0,
      0,
      0,
      -1
    ],
    "ImageType": [
      "ORIGINAL",
      "PRIMARY",
      "ECHO",
      "COMBINED",
      "ND",
      "NORM"
    ],
    "ImagingFrequency": 123.25,
    "InPlanePhaseEncodingDirectionDICOM": "ROW",
    "InstitutionAddress": "Michigan Ave 320,Pasadena,California,US,91025",
    "InstitutionName": "Caltech Prisma64",
    "InstitutionalDepartmentName": "Department",
    "InversionTime": 1.15,
    "MRAcquisitionType": "3D",
    "MagneticFieldStrength": 3,
    "Manufacturer": "Siemens",
    "ManufacturersModelName": "Prisma_fit",
    "Modality": "MR",
    "ParallelReductionFactorInPlane": 2,
    "PartialFourier": 1,
    "PatientBirthDate": "1989-02-01",
    "PatientID": "CC0008",
    "PatientName": "CC0008",
    "PatientPosition": "HFS",
    "PatientSex": "M",
    "PatientWeight": 83.9146,
    "PercentPhaseFOV": 100,
    "PercentSampling": 100,
    "PhaseEncodingSteps": 282,
    "PhaseOversampling": 0.1,
    "PhaseResolution": 1,
    "PixelBandwidth": 650,
    "ProcedureStepDescription": "Conte Core",
    "ProtocolName": "T1w",
    "PulseSequenceDetails": "%CustomerSeq%\\tfl_wip900D_VE11C",
    "ReceiveCoilActiveElements": "HEA;HEP",
    "ReceiveCoilName": "Head_32",
    "ReconMatrixPE": 256,
    "RefLinesPE": 32,
    "ReferringPhysicianName": "Adolphs",
    "RepetitionTime": 2.55,
    "SAR": 0.0394366,
    "ScanOptions": "IR\\WE",
    "ScanningSequence": "GR\\IR",
    "SequenceName": "tfl3d4_16ns",
    "SequenceVariant": "SK\\SP\\MP\\OSP",
    "SeriesDescription": "T1w_combEcho",
    "SeriesInstanceUID": "1.3.12.2.1107.5.2.43.167050.2018043014320260604711852.0.0.0",
    "SeriesNumber": 5,
    "ShimSetting": [
      6992,
      -3590,
      7907,
      347,
      -16,
      80,
      -33,
      16
    ],
    "SliceThickness": 0.9,
    "SoftwareVersions": "syngo MR E11",
    "StationName": "PRISMA",
    "StudyID": "1",
    "StudyInstanceUID": "1.3.12.2.1107.5.2.43.167050.30000018042619061766300000007",
    "TxRefAmp": 262.146,
    "WipMemBlock": "WIP_Identifier: WIP#900D",
    "acq_id": "combecho",
    "dataset": "unknown",
    "modality": "T1w",
    "run_id": 2,
    "session_id": "core2p2",
    "subject_id": "CC0008"
  },
  "cjv": 0.578161639909319,
  "cnr": 2.1858999157541095,
  "efc": 0.6562079829054586,
  "fber": 2713.654296875,
  "fwhm_avg": 4.3457542224250405,
  "fwhm_x": 4.399633449883817,
  "fwhm_y": 4.261721043478261,
  "fwhm_z": 4.375908173913044,
  "icvs_csf": 0.19626936938267406,
  "icvs_gm": 0.4151452525477343,
  "icvs_wm": 0.3885853780695916,
  "inu_med": 1.4449962377548218,
  "inu_range": 0.6271002531051637,
  "provenance": {
    "md5sum": "531d18dc9750bdd77d75f6d6ff1ffc5f",
    "settings": {
      "testing": false
    },
    "software": "mriqc",
    "version": "0.15.0",
    "warnings": {
      "large_rot_frame": false,
      "small_air_mask": false
    },
    "webapi_port": null,
    "webapi_url": "https://mriqc.nimh.nih.gov/api/v1"
  },
  "qi_1": 0.0,
  "qi_2": 0.01636104623944215,
  "rpve_csf": 18.995324782031854,
  "rpve_gm": 9.4816782258585,
  "rpve_wm": 12.010878318554541,
  "size_x": 208,
  "size_y": 256,
  "size_z": 256,
  "snr_csf": 3.7030155705109618,
  "snr_gm": 10.772083353322493,
  "snr_total": 12.356480534415114,
  "snr_wm": 22.594342679411888,
  "snrd_csf": 49.03793791340712,
  "snrd_gm": 97.9932504461514,
  "snrd_total": 89.39139008950876,
  "snrd_wm": 121.14298190896773,
  "spacing_x": 0.8999999761581421,
  "spacing_y": 0.8984375,
  "spacing_z": 0.8984375,
  "summary_bg_k": 2.56272062653073,
  "summary_bg_mad": 5.408113956451416,
  "summary_bg_mean": 12.882851600646973,
  "summary_bg_median": 10.927682876586914,
  "summary_bg_n": 2866376.0,
  "summary_bg_p05": 3.6433300971984863,
  "summary_bg_p95": 25.480807304382324,
  "summary_bg_stdv": 6.6976423263549805,
  "summary_csf_k": 0.5020840530497725,
  "summary_csf_mad": 104.16348266601562,
  "summary_csf_mean": 422.4174499511719,
  "summary_csf_median": 404.805419921875,
  "summary_csf_n": 44143.0,
  "summary_csf_p05": 276.15796813964846,
  "summary_csf_p95": 629.5095947265626,
  "summary_csf_stdv": 109.31653594970703,
  "summary_gm_k": 0.38833979253361717,
  "summary_gm_mad": 70.1134033203125,
  "summary_gm_mean": 815.171630859375,
  "summary_gm_median": 808.9287719726562,
  "summary_gm_n": 41788.0,
  "summary_gm_p05": 704.2315338134765,
  "summary_gm_p95": 953.4069946289063,
  "summary_gm_stdv": 75.09402465820312,
  "summary_wm_k": 1.0613228287360812,
  "summary_wm_mad": 40.373130798339844,
  "summary_wm_mean": 1001.1209716796875,
  "summary_wm_median": 1000.0285034179688,
  "summary_wm_n": 413051.0,
  "summary_wm_p05": 930.3568725585938,
  "summary_wm_p95": 1074.0394897460938,
  "summary_wm_stdv": 44.260074615478516,
  "tpm_overlap_csf": 0.2236698716878891,
  "tpm_overlap_gm": 0.49377578496932983,
  "tpm_overlap_wm": 0.5487963557243347,
  "wm2max": 0.602286370367898
}