{
  "bids_meta": {
    "AccessionNumber": "8466-015",
    "AcquisitionDateTime": "2018-04-30T14:24:53.380000",
    "AcquisitionMatrixPE": 256,
    "AcquisitionNumber": 1,
    "AcquisitionTime": "14:24:53.380000",
    "BaseResolution": 256,
    "BodyPartExamined": "BRAIN",
    "ConsistencyInfo": "N4_VE11C_LATEST_20160120",
    "ConversionSoftware": "dcm2niix",
    "ConversionSoftwareVersion": "v1.0.20210317",
    "DeviceSerialNumber": "167050",
    "DwellTime": 3e-06,
    "EchoNumber": 4,
    "FlipAngle": 8,
    "ImageComments": "Average over all echoes.",
    "ImageOrientationPatientDICOM": [
      0,
      1,
      0,
      0,
      0,
      -1
    ],
    "ImageType": [
      "ORIGINAL",
      "PRIMARY",
      "ECHO",
      "COMBINED",
      "ND"
    ],
    "ImagingFrequency": 123.25,
    "InPlanePhaseEncodingDirectionDICOM": "ROW",
    "InstitutionAddress": "Michigan Ave 320,Pasadena,California,US,91025",
    "InstitutionName": "Caltech Prisma64",
    "InstitutionalDepartmentName": "Department",
    "InversionTime": 1.15,
    "MRAcquisitionType": "3D",
    "MagneticFieldStrength": 3,
    "Manufacturer": "Siemens",
    "ManufacturersModelName": "Prisma_fit",
    "Modality": "MR",
    "ParallelReductionFactorInPlane": 2,
    "PartialFourier": 1,
    "PatientBirthDate": "1989-02-01",
    "PatientID": "CC0008",
    "PatientName": "CC0008",
    "PatientPosition": "HFS",
    "PatientSex": "M",
    "PatientWeight": 83.9146,
    "PercentPhaseFOV": 100,
    "PercentSampling": 100,
    "PhaseEncodingSteps": 282,
    "PhaseOversampling": 0.1,
    "PhaseResolution": 1,
    "PixelBandwidth": 650,
    "ProcedureStepDescription": "Conte Core",
    "ProtocolName": "T1w",
    "PulseSequenceDetails": "%CustomerSeq%\\tfl_wip900D_VE11C",
    "ReceiveCoilActiveElements": "HEA;HEP",
    "ReceiveCoilName": "Head_32",
    "ReconMatrixPE": 256,
    "RefLinesPE": 32,
    "ReferringPhysicianName": "Adolphs",
    "RepetitionTime": 2.55,
    "SAR": 0.0394366,
    "ScanOptions": "IR\\WE",
    "ScanningSequence": "GR\\IR",
    "SequenceName": "tfl3d4_16ns",
    "SequenceVariant": "SK\\SP\\MP\\OSP",
    "SeriesDescription": "T1w_combEcho",
    "SeriesInstanceUID": "1.3.12.2.1107.5.2.43.167050.2018043014320260402011849.0.0.0",
    "SeriesNumber": 4,
    "ShimSetting": [
      6992,
      -3590,
      7907,
      347,
      -16,
      80,
      -33,
      16
    ],
    "SliceThickness": 0.9,
    "SoftwareVersions": "syngo MR E11",
    "StationName": "PRISMA",
    "StudyID": "1",
    "StudyInstanceUID": "1.3.12.2.1107.5.2.43.167050.30000018042619061766300000007",
    "TxRefAmp": 262.146,
    "WipMemBlock": "WIP_Identifier: WIP#900D",
    "dataset": "unknown",
    "modality": "T1w",
    "run_id": 1,
    "session_id": "core2p2",
    "subject_id": "CC0008"
  },
  "cjv": 0.5240532305662258,
  "cnr": 2.373848037846265,
  "efc": 0.5965900011069482,
  "fber": 497.08538818359375,
  "fwhm_avg": 5.274068414268924,
  "fwhm_x": 5.336066808024163,
  "fwhm_y": 5.106253913043478,
  "fwhm_z": 5.379884521739131,
  "icvs_csf": 0.18230233277341024,
  "icvs_gm": 0.43303984871297835,
  "icvs_wm": 0.3846578185136114,
  "inu_med": 1.4229483604431152,
  "inu_range": 0.9805201888084409,
  "provenance": {
    "md5sum": "d39f727fa13ca2945c4b7ac6ad9d98bf",
    "settings": {
      "testing": false
    },
    "software": "mriqc",
    "version": "0.15.0",
    "warnings": {
      "large_rot_frame": false,
      "small_air_mask": false
    },
    "webapi_port": null,
    "webapi_url": "https://mriqc.nimh.nih.gov/api/v1"
  },
  "qi_1": 0.0,
  "qi_2": 0.003916710667073323,
  "rpve_csf": 20.637381741299688,
  "rpve_gm": 8.589565255619041,
  "rpve_wm": 10.578228355282477,
  "size_x": 208,
  "size_y": 256,
  "size_z": 256,
  "snr_csf": 3.414930980392123,
  "snr_gm": 10.275719932555706,
  "snr_total": 6.991079946283146,
  "snr_wm": 7.282588925901609,
  "snrd_csf": 13.318951518454558,
  "snrd_gm": 25.54404701843752,
  "snrd_total": 26.25833950477694,
  "snrd_wm": 39.912019977438746,
  "spacing_x": 0.8999999761581421,
  "spacing_y": 0.8984375,
  "spacing_z": 0.8984375,
  "summary_bg_k": 2.9005173029942704,
  "summary_bg_mad": 16.412975311279297,
  "summary_bg_mean": 27.117168426513672,
  "summary_bg_median": 25.287391662597656,
  "summary_bg_n": 2764886.0,
  "summary_bg_p05": 5.648132681846619,
  "summary_bg_p95": 56.49007797241211,
  "summary_bg_stdv": 16.220550537109375,
  "summary_csf_k": 0.41531359554509795,
  "summary_csf_mad": 101.7947998046875,
  "summary_csf_mean": 339.3780212402344,
  "summary_csf_median": 333.676513671875,
  "summary_csf_n": 37539.0,
  "summary_csf_p05": 193.23110198974612,
  "summary_csf_p95": 504.74046020507814,
  "summary_csf_stdv": 97.70975494384766,
  "summary_gm_k": 0.27462422185610347,
  "summary_gm_mad": 60.780086517333984,
  "summary_gm_mean": 639.2481689453125,
  "summary_gm_median": 639.9489135742188,
  "summary_gm_n": 66091.0,
  "summary_gm_p05": 536.1672668457031,
  "summary_gm_p95": 739.6318664550781,
  "summary_gm_stdv": 62.27729797363281,
  "summary_wm_k": 0.6469725483440638,
  "summary_wm_mad": 127.85675048828125,
  "summary_wm_mean": 1026.950439453125,
  "summary_wm_median": 999.9063110351562,
  "summary_wm_n": 243764.0,
  "summary_wm_p05": 852.1185668945312,
  "summary_wm_p95": 1288.2127685546875,
  "summary_wm_stdv": 137.3006591796875,
  "tpm_overlap_csf": 0.2017979472875595,
  "tpm_overlap_gm": 0.4217597544193268,
  "tpm_overlap_wm": 0.42506542801856995,
  "wm2max": 0.39896405031271737
}