{
  "bids_meta": {
    "AccessionNumber": "8877-001",
    "AcquisitionDateTime": "2019-05-22T13:24:26.547500",
    "AcquisitionMatrixPE": 256,
    "AcquisitionNumber": 1,
    "AcquisitionTime": "13:24:26.547500",
    "BaseResolution": 256,
    "BodyPartExamined": "BRAIN",
    "ConsistencyInfo": "N4_VE11C_LATEST_20160120",
    "ConversionSoftware": "dcm2niix",
    "ConversionSoftwareVersion": "v1.0.20210317",
    "DeviceSerialNumber": "167050",
    "DwellTime": 3e-06,
    "EchoNumber": 4,
    "FlipAngle": 8,
    "ImageComments": "Average over all echoes.",
    "ImageOrientationPatientDICOM": [
      0,
      1,
      0,
      0,
      0,
      -1
    ],
    "ImageType": [
      "ORIGINAL",
      "PRIMARY",
      "ECHO",
      "COMBINED",
      "ND"
    ],
    "ImagingFrequency": 123.25,
    "InPlanePhaseEncodingDirectionDICOM": "ROW",
    "InstitutionAddress": "Michigan Ave 320,Pasadena,California,US,91025",
    "InstitutionName": "Caltech Prisma32",
    "InstitutionalDepartmentName": "Department",
    "InversionTime": 1.15,
    "MRAcquisitionType": "3D",
    "MagneticFieldStrength": 3,
    "Manufacturer": "Siemens",
    "ManufacturersModelName": "Prisma_fit",
    "Modality": "MR",
    "ParallelReductionFactorInPlane": 2,
    "PartialFourier": 1,
    "PatientBirthDate": "1991-02-01",
    "PatientID": "CC0191",
    "PatientName": "CC0191",
    "PatientPosition": "HFS",
    "PatientSex": "F",
    "PatientWeight": 79.8323,
    "PercentPhaseFOV": 100,
    "PercentSampling": 100,
    "PhaseEncodingSteps": 282,
    "PhaseOversampling": 0.1,
    "PhaseResolution": 1,
    "PixelBandwidth": 650,
    "ProtocolName": "T1w",
    "PulseSequenceDetails": "%CustomerSeq%\\tfl_wip900D_VE11C",
    "ReceiveCoilActiveElements": "HEA;HEP",
    "ReceiveCoilName": "Head_32",
    "ReconMatrixPE": 256,
    "RefLinesPE": 32,
    "ReferringPhysicianName": "Adolphs",
    "RepetitionTime": 2.55,
    "SAR": 0.0533517,
    "ScanOptions": "IR\\WE",
    "ScanningSequence": "GR\\IR",
    "SequenceName": "tfl3d4_16ns",
    "SequenceVariant": "SK\\SP\\MP\\OSP",
    "SeriesDescription": "T1w_combEcho",
    "SeriesInstanceUID": "1.3.12.2.1107.5.2.43.167050.2019052213313495424062873.0.0.0",
    "SeriesNumber": 4,
    "ShimSetting": [
      6996,
      -3717,
      7891,
      181,
      -13,
      -207,
      122,
      23
    ],
    "SliceThickness": 0.9,
    "SoftwareVersions": "syngo MR E11",
    "StationName": "PRISMA",
    "StudyID": "1",
    "StudyInstanceUID": "1.3.12.2.1107.5.2.43.167050.30000019050821005867900000133",
    "TxRefAmp": 289.208,
    "WipMemBlock": "WIP_Identifier: WIP#900D",
    "dataset": "unknown",
    "modality": "T1w",
    "run_id": 1,
    "session_id": "core2p2",
    "subject_id": "CC0191"
  },
  "cjv": 0.7616467658740247,
  "cnr": 1.7616375084263316,
  "efc": 0.5944087980969569,
  "fber": 488.3546142578125,
  "fwhm_avg": 4.626174282262784,
  "fwhm_x": 4.611033455484005,
  "fwhm_y": 4.59882852173913,
  "fwhm_z": 4.668660869565217,
  "icvs_csf": 0.17281913190174686,
  "icvs_gm": 0.4197739034500884,
  "icvs_wm": 0.4074069646481647,
  "inu_med": 1.5711989402770996,
  "inu_range": 0.940785601735115,
  "provenance": {
    "md5sum": "a4b91d4f054b2fe0e17b62d1fa09c0af",
    "settings": {
      "testing": false
    },
    "software": "mriqc",
    "version": "0.15.0",
    "warnings": {
      "large_rot_frame": false,
      "small_air_mask": false
    },
    "webapi_port": null,
    "webapi_url": "https://mriqc.nimh.nih.gov/api/v1"
  },
  "qi_1": 7.598864621070403e-06,
  "qi_2": 0.002883819809992039,
  "rpve_csf": 30.63926512153759,
  "rpve_gm": 12.567030976322373,
  "rpve_wm": 14.560098111430564,
  "size_x": 208,
  "size_y": 256,
  "size_z": 256,
  "snr_csf": 3.319217470021857,
  "snr_gm": 10.337919013566452,
  "snr_total": 8.087475758432795,
  "snr_wm": 10.605290791710075,
  "snrd_csf": 15.607498111580824,
  "snrd_gm": 31.39837226325536,
  "snrd_total": 29.019605092310695,
  "snrd_wm": 40.0529449020959,
  "spacing_x": 0.8999999761581421,
  "spacing_y": 0.8984375,
  "spacing_z": 0.8984375,
  "summary_bg_k": 6.8355182132188155,
  "summary_bg_mad": 16.355987548828125,
  "summary_bg_mean": 32.051971435546875,
  "summary_bg_median": 27.980371475219727,
  "summary_bg_n": 3423661.0,
  "summary_bg_p05": 6.932470321655273,
  "summary_bg_p95": 68.32469177246094,
  "summary_bg_stdv": 20.094482421875,
  "summary_csf_k": -0.1516597517363616,
  "summary_csf_mad": 125.77740478515625,
  "summary_csf_mean": 401.70538330078125,
  "summary_csf_median": 389.6532897949219,
  "summary_csf_n": 30310.0,
  "summary_csf_p05": 229.77770233154297,
  "summary_csf_p95": 604.6320983886719,
  "summary_csf_stdv": 117.39118194580078,
  "summary_gm_k": -0.0291894893670821,
  "summary_gm_mad": 75.89287567138672,
  "summary_gm_mean": 785.463134765625,
  "summary_gm_median": 783.8847045898438,
  "summary_gm_n": 47109.0,
  "summary_gm_p05": 662.8904418945312,
  "summary_gm_p95": 913.3003295898436,
  "summary_gm_stdv": 75.82535552978516,
  "summary_wm_k": 0.9417882472419112,
  "summary_wm_mad": 88.6747055053711,
  "summary_wm_mean": 1015.5465698242188,
  "summary_wm_median": 999.9528198242188,
  "summary_wm_n": 212397.0,
  "summary_wm_p05": 891.307763671875,
  "summary_wm_p95": 1192.34951171875,
  "summary_wm_stdv": 94.28788757324219,
  "tpm_overlap_csf": 0.22039662301540375,
  "tpm_overlap_gm": 0.4540780484676361,
  "tpm_overlap_wm": 0.48471394181251526,
  "wm2max": 0.4912158987127664
}