{
  "bids_meta": {
    "AccessionNumber": "8695-008",
    "AcquisitionDateTime": "2019-01-30T10:14:24.105000",
    "AcquisitionMatrixPE": 256,
    "AcquisitionNumber": 1,
    "AcquisitionTime": "10:14:24.105000",
    "BaseResolution": 256,
    "BodyPartExamined": "BRAIN",
    "ConsistencyInfo": "N4_VE11C_LATEST_20160120",
    "ConversionSoftware": "dcm2niix",
    "ConversionSoftwareVersion": "v1.0.20210317",
    "DeviceSerialNumber": "167050",
    "DwellTime": 3e-06,
    "EchoNumber": 4,
    "FlipAngle": 8,
    "ImageComments": "Average over all echoes.",
    "ImageOrientationPatientDICOM": [
      0,
      1,
      0,
      0,
      0,
      -1
    ],
    "ImageType": [
      "ORIGINAL",
      "PRIMARY",
      "ECHO",
      "COMBINED",
      "ND",
      "NORM"
    ],
    "ImagingFrequency": 123.25,
    "InPlanePhaseEncodingDirectionDICOM": "ROW",
    "InstitutionAddress": "Michigan Ave 320,Pasadena,California,US,91025",
    "InstitutionName": "Caltech Prisma64",
    "InstitutionalDepartmentName": "Department",
    "InversionTime": 1.15,
    "MRAcquisitionType": "3D",
    "MagneticFieldStrength": 3,
    "Manufacturer": "Siemens",
    "ManufacturersModelName": "Prisma_fit",
    "Modality": "MR",
    "ParallelReductionFactorInPlane": 2,
    "PartialFourier": 1,
    "PatientBirthDate": "1978-03-01",
    "PatientID": "CC0117",
    "PatientName": "CC0117",
    "PatientPosition": "HFS",
    "PatientSex": "M",
    "PatientWeight": 81.6466,
    "PercentPhaseFOV": 100,
    "PercentSampling": 100,
    "PhaseEncodingSteps": 282,
    "PhaseOversampling": 0.1,
    "PhaseResolution": 1,
    "PixelBandwidth": 650,
    "ProtocolName": "T1w",
    "PulseSequenceDetails": "%CustomerSeq%\\tfl_wip900D_VE11C",
    "ReceiveCoilActiveElements": "HEA;HEP",
    "ReceiveCoilName": "Head_32",
    "ReconMatrixPE": 256,
    "RefLinesPE": 32,
    "ReferringPhysicianName": "Adolphs",
    "RepetitionTime": 2.55,
    "SAR": 0.0414999,
    "ScanOptions": "IR\\WE",
    "ScanningSequence": "GR\\IR",
    "SequenceName": "tfl3d4_16ns",
    "SequenceVariant": "SK\\SP\\MP\\OSP",
    "SeriesDescription": "T1w_combEcho",
    "SeriesInstanceUID": "1.3.12.2.1107.5.2.43.167050.201901301021335342710400.0.0.0",
    "SeriesNumber": 5,
    "ShimSetting": [
      6972,
      -3584,
      7900,
      397,
      -77,
      61,
      -24,
      -59
    ],
    "SliceThickness": 0.9,
    "SoftwareVersions": "syngo MR E11",
    "StationName": "PRISMA",
    "StudyID": "1",
    "StudyInstanceUID": "1.3.12.2.1107.5.2.43.167050.30000019012122271046500000067",
    "TxRefAmp": 263.342,
    "WipMemBlock": "WIP_Identifier: WIP#900D",
    "acq_id": "combecho",
    "dataset": "unknown",
    "modality": "T1w",
    "run_id": 2,
    "session_id": "core2p2",
    "subject_id": "CC0117"
  },
  "cjv": 0.5273495639059639,
  "cnr": 2.3579839707237964,
  "efc": 0.6011011138043274,
  "fber": 2110.672607421875,
  "fwhm_avg": 4.310467774014018,
  "fwhm_x": 4.315155669868143,
  "fwhm_y": 4.281065739130435,
  "fwhm_z": 4.3351819130434786,
  "icvs_csf": 0.1832440455941047,
  "icvs_gm": 0.38397105284750677,
  "icvs_wm": 0.43278490155838856,
  "inu_med": 1.23310124874115,
  "inu_range": 0.38077226281166077,
  "provenance": {
    "md5sum": "0db8fccf44bbe030093c6661e178328d",
    "settings": {
      "testing": false
    },
    "software": "mriqc",
    "version": "0.15.0",
    "warnings": {
      "large_rot_frame": false,
      "small_air_mask": false
    },
    "webapi_port": null,
    "webapi_url": "https://mriqc.nimh.nih.gov/api/v1"
  },
  "qi_1": 0.0,
  "qi_2": 0.014298101261771706,
  "rpve_csf": 22.237732670433047,
  "rpve_gm": 11.113977758172362,
  "rpve_wm": 12.173088092933204,
  "size_x": 208,
  "size_y": 256,
  "size_z": 256,
  "snr_csf": 3.3723675247288813,
  "snr_gm": 11.426463327183104,
  "snr_total": 14.790481728768185,
  "snr_wm": 29.572614334392565,
  "snrd_csf": 50.410708777181206,
  "snrd_gm": 97.28279309769339,
  "snrd_total": 89.10102635830059,
  "snrd_wm": 119.60957720002715,
  "spacing_x": 0.8999999761581421,
  "spacing_y": 0.8984375,
  "spacing_z": 0.8984375,
  "summary_bg_k": 1530.0817339880414,
  "summary_bg_mad": 5.477468490600586,
  "summary_bg_mean": 12.6167573928833,
  "summary_bg_median": 11.073163986206055,
  "summary_bg_n": 3970254.0,
  "summary_bg_p05": 3.6910364627838135,
  "summary_bg_p95": 25.802197170257568,
  "summary_bg_stdv": 7.535690784454346,
  "summary_csf_k": 6.611508461807297,
  "summary_csf_mad": 125.38359069824219,
  "summary_csf_mean": 444.10931396484375,
  "summary_csf_median": 421.47418212890625,
  "summary_csf_n": 45003.0,
  "summary_csf_p05": 281.2905029296875,
  "summary_csf_p95": 657.7681762695312,
  "summary_csf_stdv": 124.97733306884766,
  "summary_gm_k": 0.14788240003165276,
  "summary_gm_mad": 68.12016296386719,
  "summary_gm_mean": 817.0802001953125,
  "summary_gm_median": 813.3626098632812,
  "summary_gm_n": 36134.0,
  "summary_gm_p05": 707.6071685791015,
  "summary_gm_p95": 945.5294158935546,
  "summary_gm_stdv": 71.1813735961914,
  "summary_wm_k": 1.1082126136263444,
  "summary_wm_mad": 30.320138931274414,
  "summary_wm_mean": 1000.3033447265625,
  "summary_wm_median": 1000.0325317382812,
  "summary_wm_n": 448891.0,
  "summary_wm_p05": 945.5860290527344,
  "summary_wm_p95": 1055.329833984375,
  "summary_wm_stdv": 33.816131591796875,
  "tpm_overlap_csf": 0.2249792218208313,
  "tpm_overlap_gm": 0.48563361167907715,
  "tpm_overlap_wm": 0.5667238235473633,
  "wm2max": 0.5987935943202589
}