{
  "bids_meta": {
    "AccessionNumber": "8472-020",
    "AcquisitionDateTime": "2018-05-10T14:56:15.995000",
    "AcquisitionMatrixPE": 256,
    "AcquisitionNumber": 1,
    "AcquisitionTime": "14:56:15.995000",
    "BaseResolution": 256,
    "BodyPartExamined": "BRAIN",
    "ConsistencyInfo": "N4_VE11C_LATEST_20160120",
    "ConversionSoftware": "dcm2niix",
    "ConversionSoftwareVersion": "v1.0.20210317",
    "DeviceSerialNumber": "167050",
    "DwellTime": 3e-06,
    "EchoNumber": 4,
    "FlipAngle": 8,
    "ImageComments": "Average over all echoes.",
    "ImageOrientationPatientDICOM": [
      0,
      1,
      0,
      0,
      0,
      -1
    ],
    "ImageType": [
      "ORIGINAL",
      "PRIMARY",
      "ECHO",
      "COMBINED",
      "ND"
    ],
    "ImagingFrequency": 123.25,
    "InPlanePhaseEncodingDirectionDICOM": "ROW",
    "InstitutionAddress": "Michigan Ave 320,Pasadena,California,US,91025",
    "InstitutionName": "Caltech Prisma64",
    "InstitutionalDepartmentName": "Department",
    "InversionTime": 1.15,
    "MRAcquisitionType": "3D",
    "MagneticFieldStrength": 3,
    "Manufacturer": "Siemens",
    "ManufacturersModelName": "Prisma_fit",
    "Modality": "MR",
    "ParallelReductionFactorInPlane": 2,
    "PartialFourier": 1,
    "PatientBirthDate": "1986-03-01",
    "PatientID": "CC0041",
    "PatientName": "CC0041",
    "PatientPosition": "HFS",
    "PatientSex": "M",
    "PatientWeight": 65.7709,
    "PercentPhaseFOV": 100,
    "PercentSampling": 100,
    "PhaseEncodingSteps": 282,
    "PhaseOversampling": 0.1,
    "PhaseResolution": 1,
    "PixelBandwidth": 650,
    "ProcedureStepDescription": "Conte Core",
    "ProtocolName": "T1w",
    "PulseSequenceDetails": "%CustomerSeq%\\tfl_wip900D_VE11C",
    "ReceiveCoilActiveElements": "HEA;HEP",
    "ReceiveCoilName": "Head_32",
    "ReconMatrixPE": 256,
    "RefLinesPE": 32,
    "ReferringPhysicianName": "Adolphs",
    "RepetitionTime": 2.55,
    "SAR": 0.045774,
    "ScanOptions": "IR\\WE",
    "ScanningSequence": "GR\\IR",
    "SequenceName": "tfl3d4_16ns",
    "SequenceVariant": "SK\\SP\\MP\\OSP",
    "SeriesDescription": "T1w_combEcho",
    "SeriesInstanceUID": "1.3.12.2.1107.5.2.43.167050.2018051015032495714498701.0.0.0",
    "SeriesNumber": 4,
    "ShimSetting": [
      6983,
      -3642,
      7926,
      291,
      18,
      -201,
      21,
      -12
    ],
    "SliceThickness": 0.9,
    "SoftwareVersions": "syngo MR E11",
    "StationName": "PRISMA",
    "StudyID": "1",
    "StudyInstanceUID": "1.3.12.2.1107.5.2.43.167050.30000018042619061766300000025",
    "TxRefAmp": 252.725,
    "WipMemBlock": "WIP_Identifier: WIP#900D",
    "acq_id": "combecho",
    "dataset": "unknown",
    "modality": "T1w",
    "run_id": 1,
    "session_id": "core2p2",
    "subject_id": "CC0041"
  },
  "cjv": 0.6557936934996138,
  "cnr": 1.8366418622176575,
  "efc": 0.5961959831544524,
  "fber": 309.13818359375,
  "fwhm_avg": 5.9848702946375925,
  "fwhm_x": 6.012433492608428,
  "fwhm_y": 5.7937586086956525,
  "fwhm_z": 6.148418782608696,
  "icvs_csf": 0.19313382769237997,
  "icvs_gm": 0.39407606280481217,
  "icvs_wm": 0.41279010950280787,
  "inu_med": 1.7196369171142578,
  "inu_range": 1.669438797235489,
  "provenance": {
    "md5sum": "7521de56e871ac882ead2855e968dc33",
    "settings": {
      "testing": false
    },
    "software": "mriqc",
    "version": "0.15.0",
    "warnings": {
      "large_rot_frame": false,
      "small_air_mask": false
    },
    "webapi_port": null,
    "webapi_url": "https://mriqc.nimh.nih.gov/api/v1"
  },
  "qi_1": 0.0,
  "qi_2": 0.005718303482919201,
  "rpve_csf": 27.285093434134925,
  "rpve_gm": 12.484023090246525,
  "rpve_wm": 13.758661496986283,
  "size_x": 208,
  "size_y": 256,
  "size_z": 256,
  "snr_csf": 3.939779581596565,
  "snr_gm": 13.034755506675586,
  "snr_total": 9.651174091840966,
  "snr_wm": 11.97898718725075,
  "snrd_csf": 22.52505098929453,
  "snrd_gm": 48.12725815793409,
  "snrd_total": 43.40763189872819,
  "snrd_wm": 59.57058654895595,
  "spacing_x": 0.8999999761581421,
  "spacing_y": 0.8984375,
  "spacing_z": 0.8984375,
  "summary_bg_k": 1.744108633718878,
  "summary_bg_mad": 10.997286796569824,
  "summary_bg_mean": 39.136966705322266,
  "summary_bg_median": 37.702152252197266,
  "summary_bg_n": 3807857.0,
  "summary_bg_p05": 22.694189071655273,
  "summary_bg_p95": 58.702080535888655,
  "summary_bg_stdv": 11.361614227294922,
  "summary_csf_k": 0.8365140698826794,
  "summary_csf_mad": 85.17219543457031,
  "summary_csf_mean": 398.6257629394531,
  "summary_csf_median": 378.11126708984375,
  "summary_csf_n": 41882.0,
  "summary_csf_p05": 275.0001037597656,
  "summary_csf_p95": 582.7054473876952,
  "summary_csf_stdv": 95.97154998779297,
  "summary_gm_k": -0.06312228931170605,
  "summary_gm_mad": 62.21391296386719,
  "summary_gm_mean": 807.9987182617188,
  "summary_gm_median": 807.87646484375,
  "summary_gm_n": 28754.0,
  "summary_gm_p05": 705.6013092041017,
  "summary_gm_p95": 910.6997955322266,
  "summary_gm_stdv": 61.97756576538086,
  "summary_wm_k": 1.981992388517023,
  "summary_wm_mad": 63.75791549682617,
  "summary_wm_mean": 1020.0447387695312,
  "summary_wm_median": 999.9671020507812,
  "summary_wm_n": 213848.0,
  "summary_wm_p05": 921.055288696289,
  "summary_wm_p95": 1186.3219848632812,
  "summary_wm_stdv": 83.47657012939453,
  "tpm_overlap_csf": 0.20742973685264587,
  "tpm_overlap_gm": 0.42791563272476196,
  "tpm_overlap_wm": 0.46102580428123474,
  "wm2max": 0.5749574409889884
}