{
  "bids_meta": {
    "AccessionNumber": "8472-020",
    "AcquisitionDateTime": "2018-05-10T14:56:15.995000",
    "AcquisitionMatrixPE": 256,
    "AcquisitionNumber": 1,
    "AcquisitionTime": "14:56:15.995000",
    "BaseResolution": 256,
    "BodyPartExamined": "BRAIN",
    "ConsistencyInfo": "N4_VE11C_LATEST_20160120",
    "ConversionSoftware": "dcm2niix",
    "ConversionSoftwareVersion": "v1.0.20210317",
    "DeviceSerialNumber": "167050",
    "DwellTime": 3e-06,
    "EchoNumber": 4,
    "FlipAngle": 8,
    "ImageComments": "Average over all echoes.",
    "ImageOrientationPatientDICOM": [
      0,
      1,
      0,
      0,
      0,
      -1
    ],
    "ImageType": [
      "ORIGINAL",
      "PRIMARY",
      "ECHO",
      "COMBINED",
      "ND",
      "NORM"
    ],
    "ImagingFrequency": 123.25,
    "InPlanePhaseEncodingDirectionDICOM": "ROW",
    "InstitutionAddress": "Michigan Ave 320,Pasadena,California,US,91025",
    "InstitutionName": "Caltech Prisma64",
    "InstitutionalDepartmentName": "Department",
    "InversionTime": 1.15,
    "MRAcquisitionType": "3D",
    "MagneticFieldStrength": 3,
    "Manufacturer": "Siemens",
    "ManufacturersModelName": "Prisma_fit",
    "Modality": "MR",
    "ParallelReductionFactorInPlane": 2,
    "PartialFourier": 1,
    "PatientBirthDate": "1986-03-01",
    "PatientID": "CC0041",
    "PatientName": "CC0041",
    "PatientPosition": "HFS",
    "PatientSex": "M",
    "PatientWeight": 65.7709,
    "PercentPhaseFOV": 100,
    "PercentSampling": 100,
    "PhaseEncodingSteps": 282,
    "PhaseOversampling": 0.1,
    "PhaseResolution": 1,
    "PixelBandwidth": 650,
    "ProcedureStepDescription": "Conte Core",
    "ProtocolName": "T1w",
    "PulseSequenceDetails": "%CustomerSeq%\\tfl_wip900D_VE11C",
    "ReceiveCoilActiveElements": "HEA;HEP",
    "ReceiveCoilName": "Head_32",
    "ReconMatrixPE": 256,
    "RefLinesPE": 32,
    "ReferringPhysicianName": "Adolphs",
    "RepetitionTime": 2.55,
    "SAR": 0.045774,
    "ScanOptions": "IR\\WE",
    "ScanningSequence": "GR\\IR",
    "SequenceName": "tfl3d4_16ns",
    "SequenceVariant": "SK\\SP\\MP\\OSP",
    "SeriesDescription": "T1w_combEcho",
    "SeriesInstanceUID": "1.3.12.2.1107.5.2.43.167050.2018051015032495790198703.0.0.0",
    "SeriesNumber": 5,
    "ShimSetting": [
      6983,
      -3642,
      7926,
      291,
      18,
      -201,
      21,
      -12
    ],
    "SliceThickness": 0.9,
    "SoftwareVersions": "syngo MR E11",
    "StationName": "PRISMA",
    "StudyID": "1",
    "StudyInstanceUID": "1.3.12.2.1107.5.2.43.167050.30000018042619061766300000025",
    "TxRefAmp": 252.725,
    "WipMemBlock": "WIP_Identifier: WIP#900D",
    "dataset": "unknown",
    "modality": "T1w",
    "run_id": 2,
    "session_id": "core2p2",
    "subject_id": "CC0041"
  },
  "cjv": 0.7531918480284737,
  "cnr": 1.6834278426620166,
  "efc": 0.611178841033583,
  "fber": 2735.6123046875,
  "fwhm_avg": 3.642905720157046,
  "fwhm_x": 3.6868889865580927,
  "fwhm_y": 3.544576,
  "fwhm_z": 3.6972521739130437,
  "icvs_csf": 0.19388524663533863,
  "icvs_gm": 0.40665785677359134,
  "icvs_wm": 0.39945689659107003,
  "inu_med": 1.6119296550750732,
  "inu_range": 0.6450923502445218,
  "provenance": {
    "md5sum": "3f20920574ba7edfbc7fa8f6637a82cf",
    "settings": {
      "testing": false
    },
    "software": "mriqc",
    "version": "0.15.0",
    "warnings": {
      "large_rot_frame": false,
      "small_air_mask": false
    },
    "webapi_port": null,
    "webapi_url": "https://mriqc.nimh.nih.gov/api/v1"
  },
  "qi_1": 1.7036019743286651e-06,
  "qi_2": 0.019204130478033862,
  "rpve_csf": 25.510635851659742,
  "rpve_gm": 12.728341935923964,
  "rpve_wm": 15.339575727340756,
  "size_x": 208,
  "size_y": 256,
  "size_z": 256,
  "snr_csf": 3.050600963412062,
  "snr_gm": 9.52265408608456,
  "snr_total": 9.79102872606357,
  "snr_wm": 16.799831128694088,
  "snrd_csf": 23.76132417265952,
  "snrd_gm": 48.51345301068028,
  "snrd_total": 43.75234582631462,
  "snrd_wm": 58.98226029560404,
  "spacing_x": 0.8999999761581421,
  "spacing_y": 0.8984375,
  "spacing_z": 0.8984375,
  "summary_bg_k": 4.422785768040311,
  "summary_bg_mad": 11.108186721801758,
  "summary_bg_mean": 13.186408996582031,
  "summary_bg_median": 11.345492362976074,
  "summary_bg_n": 3843679.0,
  "summary_bg_p05": 0.0,
  "summary_bg_p95": 33.9494514465332,
  "summary_bg_stdv": 10.638968467712402,
  "summary_csf_k": 0.583686022158012,
  "summary_csf_mad": 121.82331848144531,
  "summary_csf_mean": 427.62872314453125,
  "summary_csf_median": 402.88592529296875,
  "summary_csf_n": 28039.0,
  "summary_csf_p05": 251.82145080566406,
  "summary_csf_p95": 678.5910888671874,
  "summary_csf_stdv": 132.06536865234375,
  "summary_gm_k": 0.34483550450251377,
  "summary_gm_mad": 79.26592254638672,
  "summary_gm_mean": 828.5519409179688,
  "summary_gm_median": 822.5714721679688,
  "summary_gm_n": 18038.0,
  "summary_gm_p05": 697.0434692382813,
  "summary_gm_p95": 987.508181762695,
  "summary_gm_stdv": 86.37808990478516,
  "summary_wm_k": 1.1696428238357024,
  "summary_wm_mad": 54.428802490234375,
  "summary_wm_mean": 1001.3074340820312,
  "summary_wm_median": 1000.07568359375,
  "summary_wm_n": 307952.0,
  "summary_wm_p05": 906.0384735107422,
  "summary_wm_p95": 1098.7935119628905,
  "summary_wm_stdv": 59.52881622314453,
  "tpm_overlap_csf": 0.2092231661081314,
  "tpm_overlap_gm": 0.4602556526660919,
  "tpm_overlap_wm": 0.5272057056427002,
  "wm2max": 0.6737601391819809
}