{
  "aor": 0.000744675141242938,
  "aqi": 0.008948457754237287,
  "bids_meta": {
    "AccessionNumber": "8559-001",
    "AcquisitionDateTime": "2018-08-29T12:04:39.467500",
    "AcquisitionMatrixPE": 80,
    "AcquisitionNumber": 1,
    "AcquisitionTime": "12:04:39.467500",
    "BandwidthPerPixelPhaseEncode": 23.191,
    "BaseResolution": 80,
    "BodyPartExamined": "BRAIN",
    "ConsistencyInfo": "N4_VE11C_LATEST_20160120",
    "ConversionSoftware": "dcm2niix",
    "ConversionSoftwareVersion": "v1.0.20210317",
    "DerivedVendorReportedEchoSpacing": 0.000490002,
    "DeviceSerialNumber": "167050",
    "DwellTime": 2.3e-06,
    "EchoTime": 0.03,
    "EchoTrainLength": 88,
    "EffectiveEchoSpacing": 0.000539002,
    "FlipAngle": 53,
    "ImageComments": "Unaliased MB6/PE3/LB",
    "ImageOrientationPatientDICOM": [
      1,
      0,
      0,
      0,
      0.939693,
      -0.34202
    ],
    "ImageType": [
      "ORIGINAL",
      "PRIMARY",
      "M",
      "MB",
      "ND",
      "MOSAIC"
    ],
    "ImagingFrequency": 123.25,
    "InPlanePhaseEncodingDirectionDICOM": "COL",
    "InstitutionAddress": "Michigan Ave 320,Pasadena,California,US,91025",
    "InstitutionName": "Caltech Prisma64",
    "InstitutionalDepartmentName": "Department",
    "MRAcquisitionType": "2D",
    "MagneticFieldStrength": 3,
    "Manufacturer": "Siemens",
    "ManufacturersModelName": "Prisma_fit",
    "Modality": "MR",
    "MultibandAccelerationFactor": 6,
    "PartialFourier": 1,
    "PatientBirthDate": "1976-05-01",
    "PatientID": "CC0157",
    "PatientName": "CC0157",
    "PatientPosition": "HFS",
    "PatientSex": "M",
    "PatientWeight": 83.9146,
    "PercentPhaseFOV": 100,
    "PercentSampling": 100,
    "PhaseEncodingDirection": "j-",
    "PhaseEncodingSteps": 88,
    "PhaseOversampling": 0.1,
    "PhaseResolution": 1,
    "PixelBandwidth": 2715,
    "ProcedureStepDescription": "Conte Core",
    "ProtocolName": "task-bang_bold",
    "PulseSequenceDetails": "%CustomerSeq%\\cmrr_mbep2d_bold",
    "ReceiveCoilActiveElements": "HEA;HEP",
    "ReceiveCoilName": "Head_32",
    "ReconMatrixPE": 80,
    "ReferringPhysicianName": "Adolphs",
    "RepetitionTime": 0.7,
    "SAR": 0.0910975,
    "ScanOptions": "FS\\EXT",
    "ScanningSequence": "EP",
    "SequenceName": "epfid2d1_80",
    "SequenceVariant": "SK\\SS\\OSP",
    "SeriesDescription": "task-bang_bold",
    "SeriesInstanceUID": "1.3.12.2.1107.5.2.43.167050.2018082912023152086455542.0.0.0",
    "SeriesNumber": 24,
    "ShimSetting": [
      6994,
      -3650,
      7954,
      490,
      57,
      -55,
      -51,
      5
    ],
    "SliceThickness": 2.5,
    "SliceTiming": [
      0,
      0.475,
      0.2725,
      0.0675,
      0.545,
      0.34,
      0.135,
      0.6125,
      0.4075,
      0.205,
      0,
      0.475,
      0.2725,
      0.0675,
      0.545,
      0.34,
      0.135,
      0.6125,
      0.4075,
      0.205,
      0,
      0.475,
      0.2725,
      0.0675,
      0.545,
      0.34,
      0.135,
      0.6125,
      0.4075,
      0.205,
      0,
      0.475,
      0.2725,
      0.0675,
      0.545,
      0.34,
      0.135,
      0.6125,
      0.4075,
      0.205,
      0,
      0.475,
      0.2725,
      0.0675,
      0.545,
      0.34,
      0.135,
      0.6125,
      0.4075,
      0.205,
      0,
      0.475,
      0.2725,
      0.0675,
      0.545,
      0.34,
      0.135,
      0.6125,
      0.4075,
      0.205
    ],
    "SoftwareVersions": "syngo MR E11",
    "SpacingBetweenSlices": 2.5,
    "StationName": "PRISMA",
    "StudyID": "1",
    "StudyInstanceUID": "1.3.12.2.1107.5.2.43.167050.30000018081720093477500000061",
    "TaskName": "bang",
    "TotalReadoutTime": 0.0425812,
    "TxRefAmp": 279.798,
    "WipMemBlock": "2ae53f58-fd0c-412f-bb3c-25264a499a3c||Sequence: R016 ve11c/master r/e634e98; Dec 19 2017 11:00:25 by eja",
    "dataset": "unknown",
    "modality": "bold",
    "run_id": 1,
    "session_id": "core2p2",
    "subject_id": "CC0157",
    "task_id": "bang"
  },
  "dummy_trs": 2,
  "dvars_nstd": 32.11646849169733,
  "dvars_std": 0.9503934788543136,
  "dvars_vstd": 0.9792968391937764,
  "efc": 0.5545042393690371,
  "fber": 467.3769836425781,
  "fd_mean": 0.1419608848764667,
  "fd_num": 135,
  "fd_perc": 19.06779661016949,
  "fwhm_avg": 2.9240186666666665,
  "fwhm_x": 2.6891,
  "fwhm_y": 3.1494240000000002,
  "fwhm_z": 2.933532,
  "gcor": 0.0186551,
  "gsr_x": 0.004092815797775984,
  "gsr_y": 0.08197250962257385,
  "provenance": {
    "md5sum": "696d2781af9873eac5589d5a9003c4e8",
    "settings": {
      "fd_thres": 0.2,
      "hmc_fsl": false
    },
    "software": "mriqc",
    "version": "0.15.0",
    "webapi_port": null,
    "webapi_url": "https://mriqc.nimh.nih.gov/api/v1"
  },
  "size_t": 708,
  "size_x": 80,
  "size_y": 80,
  "size_z": 60,
  "snr": 2.140218485013612,
  "spacing_tr": 0.699999988079071,
  "spacing_x": 2.5,
  "spacing_y": 2.5,
  "spacing_z": 2.5,
  "summary_bg_k": 12.990257311204719,
  "summary_bg_mad": 115.34667205810547,
  "summary_bg_mean": 521.6551513671875,
  "summary_bg_median": 170.7139892578125,
  "summary_bg_n": 240010.0,
  "summary_bg_p05": 84.29096221923828,
  "summary_bg_p95": 2359.6959228515598,
  "summary_bg_stdv": 846.2001953125,
  "summary_fg_k": 0.7491832691510707,
  "summary_fg_mad": 1727.7403564453125,
  "summary_fg_mean": 4369.1240234375,
  "summary_fg_median": 4034.56201171875,
  "summary_fg_n": 82536.0,
  "summary_fg_p05": 1832.9459228515625,
  "summary_fg_p95": 7926.376953125,
  "summary_fg_stdv": 1885.10546875,
  "tsnr": 33.89927673339844
}