{
    "Modality":"MR",
    "MagneticFieldStrength":3,
    "ImagingFrequency":123.229,
    "Manufacturer":"Siemens",
    "ManufacturersModelName":"TrioTim",
    "InstitutionName":"Caltech Tim32",
    "InstitutionalDepartmentName":"Department",
    "InstitutionAddress":"Wilson Avenue 340 ,Pasadena,California,US,91025",
    "DeviceSerialNumber":"35077",
    "StationName":"MEDPC",
    "SeriesInstanceUID":"1.3.12.2.1107.5.2.32.35077.2015101611232315147223639.0.0.0",
    "StudyInstanceUID":"1.3.12.2.1107.5.2.32.35077.30000015101617285081200000001",
    "StudyID":"1",
    "PatientName":"CC0033",
    "PatientID":"adolphs",
    "AccessionNumber":"8003-027",
    "PatientBirthDate":"1983-01-01",
    "PatientSex":"M",
    "PatientWeight":77.1107,
    "PatientPosition":"HFS",
    "ProcedureStepDescription":"Conte^Core",
    "SoftwareVersions":"syngo MR B17",
    "MRAcquisitionType":"2D",
    "SeriesDescription":"SE_EPI_Fieldmap_Pos",
    "ProtocolName":"SE_EPI_Fieldmap_Pos",
    "ScanningSequence":"EP",
    "SequenceVariant":"SK",
    "ScanOptions":"FS",
    "SequenceName":"epse2d1_80",
    "ImageType":[
        "ORIGINAL",
        "PRIMARY",
        "M",
        "ND",
        "MOSAIC"
    ],
    "SeriesNumber":21,
    "AcquisitionTime":"11:23:29.810000",
    "AcquisitionDateTime":"2015-10-16T11:23:29.810000",
    "AcquisitionNumber":1,
    "SliceThickness":2.5,
    "SpacingBetweenSlices":2.5,
    "SAR":0.400182,
    "EchoTime":0.05,
    "RepetitionTime":4.8,
    "FlipAngle":90,
    "PartialFourier":1,
    "BaseResolution":80,
    "ShimSetting":[
        9581,
        -10427,
        15775,
        582,
        -90,
        339,
        -232,
        -26
    ],
    "TxRefAmp":330.196,
    "PhaseResolution":1,
    "ReceiveCoilName":"32Ch_Head",
    "CoilString":"C:HEA;HEP",
    "PulseSequenceDetails":"%CustomerSeq%\\cmrr_mbep2d_se",
    "PercentPhaseFOV":100,
    "PercentSampling":100,
    "PhaseEncodingSteps":80,
    "AcquisitionMatrixPE":80,
    "ReconMatrixPE":80,
    "BandwidthPerPixelPhaseEncode":23.148,
    "EffectiveEchoSpacing":0.000540003,
    "DerivedVendorReportedEchoSpacing":0.000540003,
    "TotalReadoutTime":0.0426603,
    "PixelBandwidth":2404,
    "DwellTime":2.6e-06,
    "PhaseEncodingDirection":"j-",
    "SliceTiming":[
        2.41,
        0,
        2.495,
        0.0875,
        2.5825,
        0.1725,
        2.6675,
        0.2575,
        2.755,
        0.345,
        2.84,
        0.43,
        2.925,
        0.5175,
        3.0125,
        0.6025,
        3.0975,
        0.69,
        3.185,
        0.775,
        3.27,
        0.86,
        3.355,
        0.9475,
        3.4425,
        1.0325,
        3.5275,
        1.12,
        3.615,
        1.205,
        3.7,
        1.29,
        3.7875,
        1.3775,
        3.8725,
        1.4625,
        3.9575,
        1.55,
        4.045,
        1.635,
        4.13,
        1.7225,
        4.2175,
        1.8075,
        4.3025,
        1.8925,
        4.3875,
        1.98,
        4.475,
        2.065,
        4.56,
        2.1525,
        4.6475,
        2.2375,
        4.7325,
        2.3225
    ],
    "ImageOrientationPatientDICOM":[
        1,
        -1e-16,
        0,
        1e-16,
        0.939693,
        -0.34202
    ],
    "InPlanePhaseEncodingDirectionDICOM":"COL",
    "ConversionSoftware":"dcm2niix",
    "ConversionSoftwareVersion":"v1.0.20210317",
    "IntendedFor":[
        "ses-core1p3p1/func/sub-CC0033_ses-core1p3p1_task-rest_run-01_bold.nii.gz",
        "ses-core1p3p1/func/sub-CC0033_ses-core1p3p1_task-rest_run-02_bold.nii.gz"
    ]
}
