{
  "aor": 0.0005267887323943661,
  "aqi": 0.004927248563380282,
  "bids_meta": {
    "AccessionNumber": "8569-001",
    "AcquisitionDateTime": "2018-09-17T14:17:53.897500",
    "AcquisitionMatrixPE": 80,
    "AcquisitionNumber": 1,
    "AcquisitionTime": "14:17:53.897500",
    "BandwidthPerPixelPhaseEncode": 23.191,
    "BaseResolution": 80,
    "BodyPartExamined": "BRAIN",
    "ConsistencyInfo": "N4_VE11C_LATEST_20160120",
    "ConversionSoftware": "dcm2niix",
    "ConversionSoftwareVersion": "v1.0.20210317",
    "DerivedVendorReportedEchoSpacing": 0.000490002,
    "DeviceSerialNumber": "167050",
    "DwellTime": 2.3e-06,
    "EchoTime": 0.03,
    "EchoTrainLength": 88,
    "EffectiveEchoSpacing": 0.000539002,
    "FlipAngle": 53,
    "ImageComments": "Unaliased MB6/PE3/LB",
    "ImageOrientationPatientDICOM": [
      1,
      0,
      0,
      0,
      0.939693,
      -0.34202
    ],
    "ImageType": [
      "ORIGINAL",
      "PRIMARY",
      "M",
      "MB",
      "ND",
      "MOSAIC"
    ],
    "ImagingFrequency": 123.25,
    "InPlanePhaseEncodingDirectionDICOM": "COL",
    "InstitutionAddress": "Michigan Ave 320,Pasadena,California,US,91025",
    "InstitutionName": "Caltech Prisma64",
    "InstitutionalDepartmentName": "Department",
    "MRAcquisitionType": "2D",
    "MagneticFieldStrength": 3,
    "Manufacturer": "Siemens",
    "ManufacturersModelName": "Prisma_fit",
    "Modality": "MR",
    "MultibandAccelerationFactor": 6,
    "PartialFourier": 1,
    "PatientBirthDate": "1983-05-01",
    "PatientID": "CC0165",
    "PatientName": "CC0165",
    "PatientPosition": "HFS",
    "PatientSex": "M",
    "PatientWeight": 74.8428,
    "PercentPhaseFOV": 100,
    "PercentSampling": 100,
    "PhaseEncodingDirection": "j-",
    "PhaseEncodingSteps": 88,
    "PhaseOversampling": 0.1,
    "PhaseResolution": 1,
    "PixelBandwidth": 2715,
    "ProtocolName": "task-bang_bold",
    "PulseSequenceDetails": "%CustomerSeq%\\cmrr_mbep2d_bold",
    "ReceiveCoilActiveElements": "HEA;HEP",
    "ReceiveCoilName": "Head_32",
    "ReconMatrixPE": 80,
    "ReferringPhysicianName": "Adolphs",
    "RepetitionTime": 0.7,
    "SAR": 0.0780839,
    "ScanOptions": "FS\\EXT",
    "ScanningSequence": "EP",
    "SequenceName": "epfid2d1_80",
    "SequenceVariant": "SK\\SS\\OSP",
    "SeriesDescription": "task-bang_bold",
    "SeriesInstanceUID": "1.3.12.2.1107.5.2.43.167050.2018091714153014805275957.0.0.0",
    "SeriesNumber": 30,
    "ShimSetting": [
      6981,
      -3604,
      7956,
      518,
      -28,
      3,
      -24,
      0
    ],
    "SliceThickness": 2.5,
    "SliceTiming": [
      0,
      0.475,
      0.2725,
      0.0675,
      0.5425,
      0.34,
      0.135,
      0.6125,
      0.4075,
      0.2025,
      0,
      0.475,
      0.2725,
      0.0675,
      0.5425,
      0.34,
      0.135,
      0.6125,
      0.4075,
      0.2025,
      0,
      0.475,
      0.2725,
      0.0675,
      0.5425,
      0.34,
      0.135,
      0.6125,
      0.4075,
      0.2025,
      0,
      0.475,
      0.2725,
      0.0675,
      0.5425,
      0.34,
      0.135,
      0.6125,
      0.4075,
      0.2025,
      0,
      0.475,
      0.2725,
      0.0675,
      0.5425,
      0.34,
      0.135,
      0.6125,
      0.4075,
      0.2025,
      0,
      0.475,
      0.2725,
      0.0675,
      0.5425,
      0.34,
      0.135,
      0.6125,
      0.4075,
      0.2025
    ],
    "SoftwareVersions": "syngo MR E11",
    "SpacingBetweenSlices": 2.5,
    "StationName": "PRISMA",
    "StudyID": "1",
    "StudyInstanceUID": "1.3.12.2.1107.5.2.43.167050.30000018081720093477500000130",
    "TaskName": "bang",
    "TotalReadoutTime": 0.0425812,
    "TxRefAmp": 256.586,
    "WipMemBlock": "625f83d7-bb9b-431f-aa9d-bcd6db4fe10a||Sequence: R016 ve11c/master r/e634e98; Dec 19 2017 11:00:25 by eja",
    "dataset": "unknown",
    "modality": "bold",
    "run_id": 1,
    "session_id": "core2p2",
    "subject_id": "CC0165",
    "task_id": "bang"
  },
  "dummy_trs": 0,
  "dvars_nstd": 36.96673257916784,
  "dvars_std": 1.1091648766431588,
  "dvars_vstd": 1.0114552560366707,
  "efc": 0.5408171434241141,
  "fber": 499.9693298339844,
  "fd_mean": 0.11830483647554826,
  "fd_num": 107,
  "fd_perc": 15.070422535211268,
  "fwhm_avg": 2.824642666666666,
  "fwhm_x": 2.665784,
  "fwhm_y": 2.990232,
  "fwhm_z": 2.817912,
  "gcor": 0.00931476,
  "gsr_x": -0.011174996383488178,
  "gsr_y": 0.08248335123062134,
  "provenance": {
    "md5sum": "1f7e62afd9a63cd678bc796f6b09608d",
    "settings": {
      "fd_thres": 0.2,
      "hmc_fsl": false
    },
    "software": "mriqc",
    "version": "0.15.0",
    "webapi_port": null,
    "webapi_url": "https://mriqc.nimh.nih.gov/api/v1"
  },
  "size_t": 710,
  "size_x": 80,
  "size_y": 80,
  "size_z": 60,
  "snr": 1.9875730808113432,
  "spacing_tr": 0.699999988079071,
  "spacing_x": 2.5,
  "spacing_y": 2.5,
  "spacing_z": 2.5,
  "summary_bg_k": 13.897623471860786,
  "summary_bg_mad": 102.92286682128906,
  "summary_bg_mean": 467.6706237792969,
  "summary_bg_median": 162.52041625976562,
  "summary_bg_n": 239406.0,
  "summary_bg_p05": 85.0792236328125,
  "summary_bg_p95": 2035.6869201660156,
  "summary_bg_stdv": 733.9176635742188,
  "summary_fg_k": 0.8329936898920289,
  "summary_fg_mad": 1825.20068359375,
  "summary_fg_mean": 4354.81982421875,
  "summary_fg_median": 3961.0419921875,
  "summary_fg_n": 83192.0,
  "summary_fg_p05": 1740.3797851562501,
  "summary_fg_p95": 8142.842919921874,
  "summary_fg_stdv": 1992.891845703125,
  "tsnr": 40.62828063964844
}