{
  "bids_meta": {
    "AccessionNumber": "8583-001",
    "AcquisitionDateTime": "2018-10-09T10:57:57.230000",
    "AcquisitionMatrixPE": 256,
    "AcquisitionNumber": 1,
    "AcquisitionTime": "10:57:57.230000",
    "BaseResolution": 256,
    "BodyPartExamined": "BRAIN",
    "ConsistencyInfo": "N4_VE11C_LATEST_20160120",
    "ConversionSoftware": "dcm2niix",
    "ConversionSoftwareVersion": "v1.0.20210317",
    "DeviceSerialNumber": "167050",
    "DwellTime": 3e-06,
    "EchoNumber": 4,
    "FlipAngle": 8,
    "ImageComments": "Average over all echoes.",
    "ImageOrientationPatientDICOM": [
      0,
      1,
      0,
      0,
      0,
      -1
    ],
    "ImageType": [
      "ORIGINAL",
      "PRIMARY",
      "ECHO",
      "COMBINED",
      "ND"
    ],
    "ImagingFrequency": 123.25,
    "InPlanePhaseEncodingDirectionDICOM": "ROW",
    "InstitutionAddress": "Michigan Ave 320,Pasadena,California,US,91025",
    "InstitutionName": "Caltech Prisma64",
    "InstitutionalDepartmentName": "Department",
    "InversionTime": 1.15,
    "MRAcquisitionType": "3D",
    "MagneticFieldStrength": 3,
    "Manufacturer": "Siemens",
    "ManufacturersModelName": "Prisma_fit",
    "Modality": "MR",
    "ParallelReductionFactorInPlane": 2,
    "PartialFourier": 1,
    "PatientBirthDate": "1971-09-01",
    "PatientID": "CC0177",
    "PatientName": "CC0177",
    "PatientPosition": "HFS",
    "PatientSex": "M",
    "PatientWeight": 79.3787,
    "PercentPhaseFOV": 100,
    "PercentSampling": 100,
    "PhaseEncodingSteps": 282,
    "PhaseOversampling": 0.1,
    "PhaseResolution": 1,
    "PixelBandwidth": 650,
    "ProcedureStepDescription": "Conte Core",
    "ProtocolName": "T1w",
    "PulseSequenceDetails": "%CustomerSeq%\\tfl_wip900D_VE11C",
    "ReceiveCoilActiveElements": "HEA;HEP",
    "ReceiveCoilName": "Head_32",
    "ReconMatrixPE": 256,
    "RefLinesPE": 32,
    "ReferringPhysicianName": "Adolphs",
    "RepetitionTime": 2.55,
    "SAR": 0.0446052,
    "ScanOptions": "IR\\WE",
    "ScanningSequence": "GR\\IR",
    "SequenceName": "tfl3d4_16ns",
    "SequenceVariant": "SK\\SP\\MP\\OSP",
    "SeriesDescription": "T1w_combEcho",
    "SeriesInstanceUID": "1.3.12.2.1107.5.2.43.167050.2018100911050555070853085.0.0.0",
    "SeriesNumber": 4,
    "ShimSetting": [
      6986,
      -3684,
      7950,
      396,
      -59,
      -131,
      115,
      -10
    ],
    "SliceThickness": 0.9,
    "SoftwareVersions": "syngo MR E11",
    "StationName": "PRISMA",
    "StudyID": "1",
    "StudyInstanceUID": "1.3.12.2.1107.5.2.43.167050.30000018081720093477500000223",
    "TxRefAmp": 268.561,
    "WipMemBlock": "WIP_Identifier: WIP#900D",
    "acq_id": "combecho",
    "dataset": "unknown",
    "modality": "T1w",
    "run_id": 1,
    "session_id": "core2p2",
    "subject_id": "CC0177"
  },
  "cjv": 0.5505792466801247,
  "cnr": 2.4079685724323645,
  "efc": 0.6175298204957381,
  "fber": 224.50213623046875,
  "fwhm_avg": 5.706961113136217,
  "fwhm_x": 5.70016681766952,
  "fwhm_y": 5.510299826086957,
  "fwhm_z": 5.910416695652174,
  "icvs_csf": 0.21815976990984465,
  "icvs_gm": 0.4506289333651098,
  "icvs_wm": 0.33121129672504557,
  "inu_med": 1.6340348720550537,
  "inu_range": 1.1394906640052795,
  "provenance": {
    "md5sum": "914e9239b2b1fdad17d7472ed985bda3",
    "settings": {
      "testing": false
    },
    "software": "mriqc",
    "version": "0.15.0",
    "warnings": {
      "large_rot_frame": false,
      "small_air_mask": false
    },
    "webapi_port": null,
    "webapi_url": "https://mriqc.nimh.nih.gov/api/v1"
  },
  "qi_1": 0.0,
  "qi_2": 0.0075530774886841,
  "rpve_csf": 19.7668880526178,
  "rpve_gm": 9.633150223785837,
  "rpve_wm": 13.157510240814604,
  "size_x": 208,
  "size_y": 256,
  "size_z": 256,
  "snr_csf": 3.8224282930234468,
  "snr_gm": 17.33477017536906,
  "snr_total": 9.899446140561421,
  "snr_wm": 8.541139953291758,
  "snrd_csf": 19.78962189631462,
  "snrd_gm": 42.210250188870035,
  "snrd_total": 40.75586808868297,
  "snrd_wm": 60.267732180864265,
  "spacing_x": 0.8999999761581421,
  "spacing_y": 0.8984375,
  "spacing_z": 0.8984375,
  "summary_bg_k": 10.464730807074842,
  "summary_bg_mad": 10.870607376098633,
  "summary_bg_mean": 39.25483322143555,
  "summary_bg_median": 38.489871978759766,
  "summary_bg_n": 2875766.0,
  "summary_bg_p05": 22.142137050628662,
  "summary_bg_p95": 58.55829620361328,
  "summary_bg_stdv": 11.933948516845703,
  "summary_csf_k": 0.7536110128169566,
  "summary_csf_mad": 85.60856628417969,
  "summary_csf_mean": 337.1002502441406,
  "summary_csf_median": 328.3670654296875,
  "summary_csf_n": 59328.0,
  "summary_csf_p05": 213.84603958129884,
  "summary_csf_p95": 489.965312194824,
  "summary_csf_stdv": 85.90463256835938,
  "summary_gm_k": 0.46871224590345584,
  "summary_gm_mad": 37.2695198059082,
  "summary_gm_mean": 695.6398315429688,
  "summary_gm_median": 700.39013671875,
  "summary_gm_n": 136018.0,
  "summary_gm_p05": 622.2077117919921,
  "summary_gm_p95": 754.0173645019531,
  "summary_gm_stdv": 40.40362548828125,
  "summary_wm_k": -0.33544409649313334,
  "summary_wm_mad": 127.69825744628906,
  "summary_wm_mean": 1013.080810546875,
  "summary_wm_median": 1000.0159912109375,
  "summary_wm_n": 217196.0,
  "summary_wm_p05": 850.2899322509766,
  "summary_wm_p95": 1226.8059387207031,
  "summary_wm_stdv": 117.08199310302734,
  "tpm_overlap_csf": 0.20538848638534546,
  "tpm_overlap_gm": 0.37733617424964905,
  "tpm_overlap_wm": 0.34770292043685913,
  "wm2max": 0.49118809976867206
}