{
  "aor": 0.0041674364406779655,
  "aqi": 0.011845970953389831,
  "bids_meta": {
    "AccessionNumber": "8537-001",
    "AcquisitionDateTime": "2018-08-01T12:12:37.550000",
    "AcquisitionMatrixPE": 80,
    "AcquisitionNumber": 1,
    "AcquisitionTime": "12:12:37.550000",
    "BandwidthPerPixelPhaseEncode": 23.191,
    "BaseResolution": 80,
    "BodyPartExamined": "BRAIN",
    "ConsistencyInfo": "N4_VE11C_LATEST_20160120",
    "ConversionSoftware": "dcm2niix",
    "ConversionSoftwareVersion": "v1.0.20210317",
    "DerivedVendorReportedEchoSpacing": 0.000490002,
    "DeviceSerialNumber": "167050",
    "DwellTime": 2.3e-06,
    "EchoTime": 0.03,
    "EchoTrainLength": 88,
    "EffectiveEchoSpacing": 0.000539002,
    "FlipAngle": 53,
    "ImageComments": "Unaliased MB6/PE3/LB",
    "ImageOrientationPatientDICOM": [
      1,
      0,
      0,
      0,
      0.939693,
      -0.34202
    ],
    "ImageType": [
      "ORIGINAL",
      "PRIMARY",
      "M",
      "MB",
      "ND",
      "MOSAIC"
    ],
    "ImagingFrequency": 123.25,
    "InPlanePhaseEncodingDirectionDICOM": "COL",
    "InstitutionAddress": "Michigan Ave 320,Pasadena,California,US,91025",
    "InstitutionName": "Caltech Prisma64",
    "InstitutionalDepartmentName": "Department",
    "MRAcquisitionType": "2D",
    "MagneticFieldStrength": 3,
    "Manufacturer": "Siemens",
    "ManufacturersModelName": "Prisma_fit",
    "Modality": "MR",
    "MultibandAccelerationFactor": 6,
    "PartialFourier": 1,
    "PatientBirthDate": "1994-01-01",
    "PatientID": "CC0147",
    "PatientName": "CC0147",
    "PatientPosition": "HFS",
    "PatientSex": "M",
    "PatientWeight": 74.8428,
    "PercentPhaseFOV": 100,
    "PercentSampling": 100,
    "PhaseEncodingDirection": "j-",
    "PhaseEncodingSteps": 88,
    "PhaseOversampling": 0.1,
    "PhaseResolution": 1,
    "PixelBandwidth": 2715,
    "ProcedureStepDescription": "Conte Core",
    "ProtocolName": "task-pixar_run-01_bold",
    "PulseSequenceDetails": "%CustomerSeq%\\cmrr_mbep2d_bold",
    "ReceiveCoilActiveElements": "HEA;HEP",
    "ReceiveCoilName": "Head_32",
    "ReconMatrixPE": 80,
    "ReferringPhysicianName": "Adolphs",
    "RepetitionTime": 0.7,
    "SAR": 0.0996938,
    "ScanOptions": "FS\\EXT",
    "ScanningSequence": "EP",
    "SequenceName": "epfid2d1_80",
    "SequenceVariant": "SK\\SS\\OSP",
    "SeriesDescription": "task-pixar_run-01_bold",
    "SeriesInstanceUID": "1.3.12.2.1107.5.2.43.167050.201808011210242512398283.0.0.0",
    "SeriesNumber": 34,
    "ShimSetting": [
      6989,
      -3608,
      7928,
      408,
      -42,
      -71,
      -48,
      16
    ],
    "SliceThickness": 2.5,
    "SliceTiming": [
      0,
      0.4775,
      0.2725,
      0.0675,
      0.545,
      0.34,
      0.1375,
      0.6125,
      0.4075,
      0.205,
      0,
      0.4775,
      0.2725,
      0.0675,
      0.545,
      0.34,
      0.1375,
      0.6125,
      0.4075,
      0.205,
      0,
      0.4775,
      0.2725,
      0.0675,
      0.545,
      0.34,
      0.1375,
      0.6125,
      0.4075,
      0.205,
      0,
      0.4775,
      0.2725,
      0.0675,
      0.545,
      0.34,
      0.1375,
      0.6125,
      0.4075,
      0.205,
      0,
      0.4775,
      0.2725,
      0.0675,
      0.545,
      0.34,
      0.1375,
      0.6125,
      0.4075,
      0.205,
      0,
      0.4775,
      0.2725,
      0.0675,
      0.545,
      0.34,
      0.1375,
      0.6125,
      0.4075,
      0.205
    ],
    "SoftwareVersions": "syngo MR E11",
    "SpacingBetweenSlices": 2.5,
    "StationName": "PRISMA",
    "StudyID": "1",
    "StudyInstanceUID": "1.3.12.2.1107.5.2.43.167050.30000018071021413043300000058",
    "TaskName": "pixar",
    "TotalReadoutTime": 0.0425812,
    "TxRefAmp": 277.191,
    "WipMemBlock": "02cead60-7800-4988-a4bd-f6f5635e4e97||Sequence: R016 ve11c/master r/e634e98; Dec 19 2017 11:00:25 by eja",
    "dataset": "unknown",
    "modality": "bold",
    "run_id": 1,
    "session_id": "core2p2",
    "subject_id": "CC0147",
    "task_id": "pixar"
  },
  "dummy_trs": 4,
  "dvars_nstd": 39.96668561683653,
  "dvars_std": 1.0014890721443743,
  "dvars_vstd": 1.06192484566879,
  "efc": 0.5560462851007368,
  "fber": 594.090576171875,
  "fd_mean": 0.20178247471653563,
  "fd_num": 77,
  "fd_perc": 16.3135593220339,
  "fwhm_avg": 2.8625759999999993,
  "fwhm_x": 2.599888,
  "fwhm_y": 3.050628,
  "fwhm_z": 2.9372119999999997,
  "gcor": 0.0140969,
  "gsr_x": 0.020892959088087082,
  "gsr_y": 0.08344109356403351,
  "provenance": {
    "md5sum": "02a2bf13d85b9d9ae40a37f61fed00af",
    "settings": {
      "fd_thres": 0.2,
      "hmc_fsl": false
    },
    "software": "mriqc",
    "version": "0.15.0",
    "webapi_port": null,
    "webapi_url": "https://mriqc.nimh.nih.gov/api/v1"
  },
  "size_t": 472,
  "size_x": 80,
  "size_y": 80,
  "size_z": 60,
  "snr": 2.3154065192706628,
  "spacing_tr": 0.699999988079071,
  "spacing_x": 2.5,
  "spacing_y": 2.5,
  "spacing_z": 2.5,
  "summary_bg_k": 24.959999430970996,
  "summary_bg_mad": 80.76412963867188,
  "summary_bg_mean": 348.2028503417969,
  "summary_bg_median": 137.3368682861328,
  "summary_bg_n": 227502.0,
  "summary_bg_p05": 75.40677642822266,
  "summary_bg_p95": 1450.3282348632804,
  "summary_bg_stdv": 574.4109497070312,
  "summary_fg_k": 0.8221430843729784,
  "summary_fg_mad": 1375.236328125,
  "summary_fg_mean": 3825.1796875,
  "summary_fg_median": 3582.171630859375,
  "summary_fg_n": 92981.0,
  "summary_fg_p05": 1703.8770751953125,
  "summary_fg_p95": 6775.275390625,
  "summary_fg_stdv": 1547.0943603515625,
  "tsnr": 28.140403747558594
}