{
  "bids_meta": {
    "AccessionNumber": "8572-001",
    "AcquisitionDateTime": "2018-09-20T10:30:18.222500",
    "AcquisitionMatrixPE": 256,
    "AcquisitionNumber": 1,
    "AcquisitionTime": "10:30:18.222500",
    "BaseResolution": 256,
    "BodyPartExamined": "BRAIN",
    "ConsistencyInfo": "N4_VE11C_LATEST_20160120",
    "ConversionSoftware": "dcm2niix",
    "ConversionSoftwareVersion": "v1.0.20210317",
    "DeviceSerialNumber": "167050",
    "DwellTime": 3e-06,
    "EchoNumber": 4,
    "FlipAngle": 8,
    "ImageComments": "Average over all echoes.",
    "ImageOrientationPatientDICOM": [
      0,
      1,
      0,
      0,
      0,
      -1
    ],
    "ImageType": [
      "ORIGINAL",
      "PRIMARY",
      "ECHO",
      "COMBINED",
      "ND",
      "NORM"
    ],
    "ImagingFrequency": 123.25,
    "InPlanePhaseEncodingDirectionDICOM": "ROW",
    "InstitutionAddress": "Michigan Ave 320,Pasadena,California,US,91025",
    "InstitutionName": "Caltech Prisma64",
    "InstitutionalDepartmentName": "Department",
    "InversionTime": 1.15,
    "MRAcquisitionType": "3D",
    "MagneticFieldStrength": 3,
    "Manufacturer": "Siemens",
    "ManufacturersModelName": "Prisma_fit",
    "Modality": "MR",
    "ParallelReductionFactorInPlane": 2,
    "PartialFourier": 1,
    "PatientBirthDate": "1995-03-01",
    "PatientID": "CC0166",
    "PatientName": "CC0166",
    "PatientPosition": "HFS",
    "PatientSex": "F",
    "PatientWeight": 49.8952,
    "PercentPhaseFOV": 100,
    "PercentSampling": 100,
    "PhaseEncodingSteps": 282,
    "PhaseOversampling": 0.1,
    "PhaseResolution": 1,
    "PixelBandwidth": 650,
    "ProcedureStepDescription": "Conte Core",
    "ProtocolName": "T1w",
    "PulseSequenceDetails": "%CustomerSeq%\\tfl_wip900D_VE11C",
    "ReceiveCoilActiveElements": "HEA;HEP",
    "ReceiveCoilName": "Head_32",
    "ReconMatrixPE": 256,
    "RefLinesPE": 32,
    "ReferringPhysicianName": "Adolphs",
    "RepetitionTime": 2.55,
    "SAR": 0.0405606,
    "ScanOptions": "IR\\WE",
    "ScanningSequence": "GR\\IR",
    "SequenceName": "tfl3d4_16ns",
    "SequenceVariant": "SK\\SP\\MP\\OSP",
    "SeriesDescription": "T1w_combEcho",
    "SeriesInstanceUID": "1.3.12.2.1107.5.2.43.167050.2018092010372661016095306.0.0.0",
    "SeriesNumber": 5,
    "ShimSetting": [
      6992,
      -3620,
      7834,
      396,
      -51,
      -28,
      -163,
      -30
    ],
    "SliceThickness": 0.9,
    "SoftwareVersions": "syngo MR E11",
    "StationName": "PRISMA",
    "StudyID": "1",
    "StudyInstanceUID": "1.3.12.2.1107.5.2.43.167050.30000018081720093477500000151",
    "TxRefAmp": 234.164,
    "WipMemBlock": "WIP_Identifier: WIP#900D",
    "acq_id": "combecho",
    "dataset": "unknown",
    "modality": "T1w",
    "run_id": 2,
    "session_id": "core2p2",
    "subject_id": "CC0166"
  },
  "cjv": 0.4634712873350841,
  "cnr": 2.7438933599256847,
  "efc": 0.5655601535034619,
  "fber": 1526.8701171875,
  "fwhm_avg": 4.373165939049947,
  "fwhm_x": 4.404022338888972,
  "fwhm_y": 4.259695304347826,
  "fwhm_z": 4.455780173913044,
  "icvs_csf": 0.18038849453882905,
  "icvs_gm": 0.43534049078549625,
  "icvs_wm": 0.3842710146756747,
  "inu_med": 1.5804026126861572,
  "inu_range": 0.5546277642250061,
  "provenance": {
    "md5sum": "0258d54bd404c06fd8d551af4d79e9ee",
    "settings": {
      "testing": false
    },
    "software": "mriqc",
    "version": "0.15.0",
    "warnings": {
      "large_rot_frame": false,
      "small_air_mask": false
    },
    "webapi_port": null,
    "webapi_url": "https://mriqc.nimh.nih.gov/api/v1"
  },
  "qi_1": 0.0,
  "qi_2": 0.014206295608174928,
  "rpve_csf": 27.02226874572158,
  "rpve_gm": 12.367560753425288,
  "rpve_wm": 16.097003987703786,
  "size_x": 208,
  "size_y": 256,
  "size_z": 256,
  "snr_csf": 3.841523702499891,
  "snr_gm": 12.926373853825167,
  "snr_total": 13.846695228616275,
  "snr_wm": 24.772188129523762,
  "snrd_csf": 49.04148496246783,
  "snrd_gm": 96.07430991334536,
  "snrd_total": 88.56453600046866,
  "snrd_wm": 120.57781312559285,
  "spacing_x": 0.8999999761581421,
  "spacing_y": 0.8984375,
  "spacing_z": 0.8984375,
  "summary_bg_k": 1.9151421408996407,
  "summary_bg_mad": 5.43341064453125,
  "summary_bg_mean": 13.656023025512695,
  "summary_bg_median": 13.657211303710938,
  "summary_bg_n": 3477785.0,
  "summary_bg_p05": 3.4582844734191895,
  "summary_bg_p95": 27.630308532714842,
  "summary_bg_stdv": 7.4935808181762695,
  "summary_csf_k": 1.5647913606155628,
  "summary_csf_mad": 97.88816833496094,
  "summary_csf_mean": 427.67193603515625,
  "summary_csf_median": 406.72833251953125,
  "summary_csf_n": 41010.0,
  "summary_csf_p05": 284.6078628540039,
  "summary_csf_p95": 618.0247314453125,
  "summary_csf_stdv": 105.87553405761719,
  "summary_gm_k": 0.30288043836103107,
  "summary_gm_mad": 59.305946350097656,
  "summary_gm_mean": 799.9468994140625,
  "summary_gm_median": 796.7977294921875,
  "summary_gm_n": 49704.0,
  "summary_gm_p05": 704.9873291015625,
  "summary_gm_p95": 909.2566101074219,
  "summary_gm_stdv": 61.640621185302734,
  "summary_wm_k": 1.0112348203168846,
  "summary_wm_mad": 34.88124084472656,
  "summary_wm_mean": 997.1619262695312,
  "summary_wm_median": 1000.0189208984375,
  "summary_wm_n": 308275.0,
  "summary_wm_p05": 924.1528930664062,
  "summary_wm_p95": 1057.99990234375,
  "summary_wm_stdv": 40.36854934692383,
  "tpm_overlap_csf": 0.2284545749425888,
  "tpm_overlap_gm": 0.5199693441390991,
  "tpm_overlap_wm": 0.5567906498908997,
  "wm2max": 0.7157155402974898
}