{
    "Modality":"MR",
    "MagneticFieldStrength":3,
    "ImagingFrequency":123.229,
    "Manufacturer":"Siemens",
    "ManufacturersModelName":"TrioTim",
    "InstitutionName":"Caltech Tim32",
    "InstitutionalDepartmentName":"Department",
    "InstitutionAddress":"Wilson Avenue 340 ,Pasadena,California,US,91025",
    "DeviceSerialNumber":"35077",
    "StationName":"MEDPC",
    "SeriesInstanceUID":"1.3.12.2.1107.5.2.32.35077.2015030212025169299897347.0.0.0",
    "StudyInstanceUID":"1.3.12.2.1107.5.2.32.35077.30000015030218410217100000004",
    "StudyID":"1",
    "PatientName":"CC0006",
    "PatientID":"adolphs",
    "AccessionNumber":"7712-008",
    "PatientBirthDate":"1987-01-01",
    "PatientSex":"M",
    "PatientWeight":72.5748,
    "PatientPosition":"HFS",
    "ProcedureStepDescription":"Conte^Core",
    "SoftwareVersions":"syngo MR B17",
    "MRAcquisitionType":"3D",
    "SeriesDescription":"T2_SPACE",
    "ProtocolName":"T2_SPACE",
    "ScanningSequence":"SE",
    "SequenceVariant":"SK\\SP",
    "ScanOptions":"PFP",
    "SequenceName":"*spc3d1_142ns",
    "ImageType":[
        "ORIGINAL",
        "PRIMARY",
        "M",
        "ND",
        "NORM"
    ],
    "SeriesNumber":8,
    "AcquisitionTime":"12:02:54.822500",
    "AcquisitionDateTime":"2015-03-02T12:02:54.822500",
    "AcquisitionNumber":1,
    "SliceThickness":1,
    "SAR":0.335334,
    "EchoTime":0.144,
    "RepetitionTime":2.5,
    "FlipAngle":120,
    "PartialFourier":1,
    "BaseResolution":256,
    "ShimSetting":[
        9534,
        -10449,
        15299,
        -19,
        -147,
        -26,
        -133,
        36
    ],
    "TxRefAmp":309.139,
    "PhaseResolution":1.01562,
    "ReceiveCoilName":"32Ch_Head",
    "CoilString":"C:HEA;HEP",
    "PulseSequenceDetails":"%SiemensSeq%\\tse_vfl",
    "RefLinesPE":24,
    "PercentPhaseFOV":100,
    "PercentSampling":101.562,
    "EchoTrainLength":71,
    "PhaseEncodingSteps":199,
    "AcquisitionMatrixPE":260,
    "ReconMatrixPE":256,
    "ParallelReductionFactorInPlane":2,
    "PixelBandwidth":651,
    "DwellTime":3e-06,
    "PhaseEncodingDirection":"i",
    "ImageOrientationPatientDICOM":[
        0,
        1,
        0,
        0,
        0,
        -1
    ],
    "InPlanePhaseEncodingDirectionDICOM":"ROW",
    "ConversionSoftware":"dcm2niix",
    "ConversionSoftwareVersion":"v1.0.20210317"
}