{
  "aor": 0.003721476793248945,
  "aqi": 0.0058879483966244725,
  "bids_meta": {
    "AccessionNumber": "8470-015",
    "AcquisitionDateTime": "2018-05-07T15:28:0.942500",
    "AcquisitionMatrixPE": 80,
    "AcquisitionNumber": 1,
    "AcquisitionTime": "15:28:0.942500",
    "BandwidthPerPixelPhaseEncode": 23.191,
    "BaseResolution": 80,
    "BodyPartExamined": "BRAIN",
    "ConsistencyInfo": "N4_VE11C_LATEST_20160120",
    "ConversionSoftware": "dcm2niix",
    "ConversionSoftwareVersion": "v1.0.20210317",
    "DerivedVendorReportedEchoSpacing": 0.000490002,
    "DeviceSerialNumber": "167050",
    "DwellTime": 2.3e-06,
    "EchoTime": 0.03,
    "EchoTrainLength": 88,
    "EffectiveEchoSpacing": 0.000539002,
    "FlipAngle": 53,
    "ImageComments": "Unaliased MB6/PE3/LB",
    "ImageOrientationPatientDICOM": [
      1,
      0,
      0,
      0,
      0.939693,
      -0.34202
    ],
    "ImageType": [
      "ORIGINAL",
      "PRIMARY",
      "M",
      "MB",
      "ND",
      "MOSAIC"
    ],
    "ImagingFrequency": 123.25,
    "InPlanePhaseEncodingDirectionDICOM": "COL",
    "InstitutionAddress": "Michigan Ave 320,Pasadena,California,US,91025",
    "InstitutionName": "Caltech Prisma64",
    "InstitutionalDepartmentName": "Department",
    "MRAcquisitionType": "2D",
    "MagneticFieldStrength": 3,
    "Manufacturer": "Siemens",
    "ManufacturersModelName": "Prisma_fit",
    "Modality": "MR",
    "MultibandAccelerationFactor": 6,
    "PartialFourier": 1,
    "PatientBirthDate": "1987-04-01",
    "PatientID": "CC0012",
    "PatientName": "CC0012",
    "PatientPosition": "HFS",
    "PatientSex": "M",
    "PatientWeight": 77.1107,
    "PercentPhaseFOV": 100,
    "PercentSampling": 100,
    "PhaseEncodingDirection": "j-",
    "PhaseEncodingSteps": 88,
    "PhaseOversampling": 0.1,
    "PhaseResolution": 1,
    "PixelBandwidth": 2715,
    "ProcedureStepDescription": "Conte Core",
    "ProtocolName": "task-pixar_run-01_bold",
    "PulseSequenceDetails": "%CustomerSeq%\\cmrr_mbep2d_bold",
    "ReceiveCoilActiveElements": "HEA;HEP",
    "ReceiveCoilName": "Head_32",
    "ReconMatrixPE": 80,
    "ReferringPhysicianName": "Adolphs",
    "RepetitionTime": 0.7,
    "SAR": 0.0834846,
    "ScanOptions": "FS\\EXT",
    "ScanningSequence": "EP",
    "SequenceName": "epfid2d1_80",
    "SequenceVariant": "SK\\SS\\OSP",
    "SeriesDescription": "task-pixar_run-01_bold",
    "SeriesInstanceUID": "1.3.12.2.1107.5.2.43.167050.2018050715244289479728071.0.0.0",
    "SeriesNumber": 34,
    "ShimSetting": [
      6968,
      -3601,
      7926,
      276,
      -11,
      27,
      -87,
      -11
    ],
    "SliceThickness": 2.5,
    "SliceTiming": [
      0,
      0.475,
      0.27,
      0.0675,
      0.5425,
      0.34,
      0.135,
      0.61,
      0.4075,
      0.2025,
      0,
      0.475,
      0.27,
      0.0675,
      0.5425,
      0.34,
      0.135,
      0.61,
      0.4075,
      0.2025,
      0,
      0.475,
      0.27,
      0.0675,
      0.5425,
      0.34,
      0.135,
      0.61,
      0.4075,
      0.2025,
      0,
      0.475,
      0.27,
      0.0675,
      0.5425,
      0.34,
      0.135,
      0.61,
      0.4075,
      0.2025,
      0,
      0.475,
      0.27,
      0.0675,
      0.5425,
      0.34,
      0.135,
      0.61,
      0.4075,
      0.2025,
      0,
      0.475,
      0.27,
      0.0675,
      0.5425,
      0.34,
      0.135,
      0.61,
      0.4075,
      0.2025
    ],
    "SoftwareVersions": "syngo MR E11",
    "SpacingBetweenSlices": 2.5,
    "StationName": "PRISMA",
    "StudyID": "1",
    "StudyInstanceUID": "1.3.12.2.1107.5.2.43.167050.30000018042619061766300000019",
    "TaskName": "pixar",
    "TotalReadoutTime": 0.0425812,
    "TxRefAmp": 267.044,
    "WipMemBlock": "f6f63799-a157-4ee5-a25e-198f4f4b6c33||Sequence: R016 ve11c/master r/e634e98; Dec 19 2017 11:00:25 by eja",
    "dataset": "unknown",
    "modality": "bold",
    "run_id": 1,
    "session_id": "core2p2",
    "subject_id": "CC0012",
    "task_id": "pixar"
  },
  "dummy_trs": 2,
  "dvars_nstd": 31.80956199361519,
  "dvars_std": 1.070248061923889,
  "dvars_vstd": 1.0423999315221988,
  "efc": 0.5319941955478364,
  "fber": 654.6414184570312,
  "fd_mean": 0.11638036599344347,
  "fd_num": 34,
  "fd_perc": 7.172995780590718,
  "fwhm_avg": 2.9128933333333333,
  "fwhm_x": 2.6062000000000003,
  "fwhm_y": 3.075812,
  "fwhm_z": 3.056668,
  "gcor": 0.0186218,
  "gsr_x": 0.009483090601861477,
  "gsr_y": 0.06887932121753693,
  "provenance": {
    "md5sum": "d534c9de12c010ffa018fce994ef778e",
    "settings": {
      "fd_thres": 0.2,
      "hmc_fsl": false
    },
    "software": "mriqc",
    "version": "0.15.0",
    "webapi_port": null,
    "webapi_url": "https://mriqc.nimh.nih.gov/api/v1"
  },
  "size_t": 474,
  "size_x": 80,
  "size_y": 80,
  "size_z": 60,
  "snr": 2.248901429888458,
  "spacing_tr": 0.699999988079071,
  "spacing_x": 2.5,
  "spacing_y": 2.5,
  "spacing_z": 2.5,
  "summary_bg_k": 16.847876137284665,
  "summary_bg_mad": 81.4054946899414,
  "summary_bg_mean": 411.511962890625,
  "summary_bg_median": 140.01898193359375,
  "summary_bg_n": 246625.0,
  "summary_bg_p05": 79.7257308959961,
  "summary_bg_p95": 1780.5273193359374,
  "summary_bg_stdv": 689.809326171875,
  "summary_fg_k": 0.931162414945319,
  "summary_fg_mad": 1560.67626953125,
  "summary_fg_mean": 4172.720703125,
  "summary_fg_median": 3889.080078125,
  "summary_fg_n": 77543.0,
  "summary_fg_p05": 1843.2022216796875,
  "summary_fg_p95": 7484.711230468744,
  "summary_fg_stdv": 1729.313232421875,
  "tsnr": 36.8980827331543
}