{
  "bids_meta": {
    "AccessionNumber": "9004-033",
    "AcquisitionDateTime": "2018-06-08T10:45:41.315000",
    "AcquisitionMatrixPE": 256,
    "AcquisitionNumber": 1,
    "AcquisitionTime": "10:45:41.315000",
    "BaseResolution": 256,
    "BodyPartExamined": "BRAIN",
    "ConsistencyInfo": "N4_VE11C_LATEST_20160120",
    "ConversionSoftware": "dcm2niix",
    "ConversionSoftwareVersion": "v1.0.20210317",
    "DeviceSerialNumber": "167050",
    "DwellTime": 3e-06,
    "EchoNumber": 4,
    "FlipAngle": 8,
    "ImageComments": "Average over all echoes.",
    "ImageOrientationPatientDICOM": [
      0,
      1,
      0,
      0,
      0,
      -1
    ],
    "ImageType": [
      "ORIGINAL",
      "PRIMARY",
      "ECHO",
      "COMBINED",
      "ND"
    ],
    "ImagingFrequency": 123.25,
    "InPlanePhaseEncodingDirectionDICOM": "ROW",
    "InstitutionAddress": "Michigan Ave 320,Pasadena,California,US,91025",
    "InstitutionName": "Caltech Prisma64",
    "InstitutionalDepartmentName": "Department",
    "InversionTime": 1.15,
    "MRAcquisitionType": "3D",
    "MagneticFieldStrength": 3,
    "Manufacturer": "Siemens",
    "ManufacturersModelName": "Prisma_fit",
    "Modality": "MR",
    "ParallelReductionFactorInPlane": 2,
    "PartialFourier": 1,
    "PatientBirthDate": "1983-03-01",
    "PatientID": "CC0033",
    "PatientName": "CC0033",
    "PatientPosition": "HFS",
    "PatientSex": "M",
    "PatientWeight": 77.1107,
    "PercentPhaseFOV": 100,
    "PercentSampling": 100,
    "PhaseEncodingSteps": 282,
    "PhaseOversampling": 0.1,
    "PhaseResolution": 1,
    "PixelBandwidth": 650,
    "ProtocolName": "T1w",
    "PulseSequenceDetails": "%CustomerSeq%\\tfl_wip900D_VE11C",
    "ReceiveCoilActiveElements": "HEA;HEP",
    "ReceiveCoilName": "Head_32",
    "ReconMatrixPE": 256,
    "RefLinesPE": 32,
    "ReferringPhysicianName": "Adolphs",
    "RepetitionTime": 2.55,
    "SAR": 0.0487262,
    "ScanOptions": "IR\\WE",
    "ScanningSequence": "GR\\IR",
    "SequenceName": "tfl3d4_16ns",
    "SequenceVariant": "SK\\SP\\MP\\OSP",
    "SeriesDescription": "T1w_combEcho",
    "SeriesInstanceUID": "1.3.12.2.1107.5.2.43.167050.2018060810524962209101121.0.0.0",
    "SeriesNumber": 4,
    "ShimSetting": [
      6988,
      -3625,
      7950,
      336,
      -1,
      -67,
      -26,
      -16
    ],
    "SliceThickness": 0.9,
    "SoftwareVersions": "syngo MR E11",
    "StationName": "PRISMA",
    "StudyID": "1",
    "StudyInstanceUID": "1.3.12.2.1107.5.2.43.167050.30000018060623115207200000025",
    "TxRefAmp": 276.594,
    "WipMemBlock": "WIP_Identifier: WIP#900D",
    "dataset": "unknown",
    "modality": "T1w",
    "run_id": 1,
    "session_id": "core2p2",
    "subject_id": "CC0033"
  },
  "cjv": 0.5557762724904238,
  "cnr": 2.2317434109607794,
  "efc": 0.5726381791679258,
  "fber": 417.99310302734375,
  "fwhm_avg": 4.793394857556595,
  "fwhm_x": 4.840344572669786,
  "fwhm_y": 4.626554434782609,
  "fwhm_z": 4.913285565217391,
  "icvs_csf": 0.21177091286954805,
  "icvs_gm": 0.38833211694916514,
  "icvs_wm": 0.39989697018128684,
  "inu_med": 1.5724934339523315,
  "inu_range": 1.1141950786113735,
  "provenance": {
    "md5sum": "75f8ab5d2215f508ea282a5b8639cf30",
    "settings": {
      "testing": false
    },
    "software": "mriqc",
    "version": "0.15.0",
    "warnings": {
      "large_rot_frame": false,
      "small_air_mask": false
    },
    "webapi_port": null,
    "webapi_url": "https://mriqc.nimh.nih.gov/api/v1"
  },
  "qi_1": 0.0,
  "qi_2": 0.003343845293244425,
  "rpve_csf": 24.542871329832153,
  "rpve_gm": 12.26363157774268,
  "rpve_wm": 13.799374395257281,
  "size_x": 208,
  "size_y": 256,
  "size_z": 256,
  "snr_csf": 3.7616929721149273,
  "snr_gm": 10.853463522225084,
  "snr_total": 7.975695405955477,
  "snr_wm": 9.31192972352642,
  "snrd_csf": 12.919513037447018,
  "snrd_gm": 28.48292595874024,
  "snrd_total": 27.07921585213026,
  "snrd_wm": 39.835208560203526,
  "spacing_x": 0.8999999761581421,
  "spacing_y": 0.8984375,
  "spacing_z": 0.8984375,
  "summary_bg_k": 7.5211817537972205,
  "summary_bg_mad": 16.445266723632812,
  "summary_bg_mean": 32.71161651611328,
  "summary_bg_median": 28.8286190032959,
  "summary_bg_n": 3756475.0,
  "summary_bg_p05": 7.154758310317993,
  "summary_bg_p95": 68.47706832885743,
  "summary_bg_stdv": 20.820804595947266,
  "summary_csf_k": 0.5827146830459493,
  "summary_csf_mad": 81.59990692138672,
  "summary_csf_mean": 334.1195068359375,
  "summary_csf_median": 324.3062744140625,
  "summary_csf_n": 46025.0,
  "summary_csf_p05": 212.42708129882814,
  "summary_csf_p95": 495.6765747070305,
  "summary_csf_stdv": 86.2119140625,
  "summary_gm_k": 0.179684671321807,
  "summary_gm_mad": 63.9031982421875,
  "summary_gm_mean": 716.1962890625,
  "summary_gm_median": 714.9798583984375,
  "summary_gm_n": 28976.0,
  "summary_gm_p05": 609.5816192626953,
  "summary_gm_p95": 826.6091918945312,
  "summary_gm_stdv": 65.87459564208984,
  "summary_wm_k": 0.7849197317964336,
  "summary_wm_mad": 94.47390747070312,
  "summary_wm_mean": 1023.77392578125,
  "summary_wm_median": 999.9454345703125,
  "summary_wm_n": 209729.0,
  "summary_wm_p05": 888.9483642578125,
  "summary_wm_p95": 1236.2667968749997,
  "summary_wm_stdv": 107.38301086425781,
  "tpm_overlap_csf": 0.20053209364414215,
  "tpm_overlap_gm": 0.42759808897972107,
  "tpm_overlap_wm": 0.4753527045249939,
  "wm2max": 0.5073281718676914
}