{
  "bids_meta": {
    "AccessionNumber": "8477-001",
    "AcquisitionDateTime": "2018-05-30T10:15:10.572500",
    "AcquisitionMatrixPE": 256,
    "AcquisitionNumber": 1,
    "AcquisitionTime": "10:15:10.572500",
    "BaseResolution": 256,
    "BodyPartExamined": "BRAIN",
    "ConsistencyInfo": "N4_VE11C_LATEST_20160120",
    "ConversionSoftware": "dcm2niix",
    "ConversionSoftwareVersion": "v1.0.20210317",
    "DeviceSerialNumber": "167050",
    "DwellTime": 3e-06,
    "EchoNumber": 4,
    "FlipAngle": 8,
    "ImageComments": "Average over all echoes.",
    "ImageOrientationPatientDICOM": [
      0,
      1,
      0,
      0,
      0,
      -1
    ],
    "ImageType": [
      "ORIGINAL",
      "PRIMARY",
      "ECHO",
      "COMBINED",
      "ND",
      "NORM"
    ],
    "ImagingFrequency": 123.25,
    "InPlanePhaseEncodingDirectionDICOM": "ROW",
    "InstitutionAddress": "Michigan Ave 320,Pasadena,California,US,91025",
    "InstitutionName": "Caltech Prisma64",
    "InstitutionalDepartmentName": "Department",
    "InversionTime": 1.15,
    "MRAcquisitionType": "3D",
    "MagneticFieldStrength": 3,
    "Manufacturer": "Siemens",
    "ManufacturersModelName": "Prisma_fit",
    "Modality": "MR",
    "ParallelReductionFactorInPlane": 2,
    "PartialFourier": 1,
    "PatientBirthDate": "1977-11-01",
    "PatientID": "CC0137",
    "PatientName": "CC0137",
    "PatientPosition": "HFS",
    "PatientSex": "F",
    "PatientWeight": 68.0389,
    "PercentPhaseFOV": 100,
    "PercentSampling": 100,
    "PhaseEncodingSteps": 282,
    "PhaseOversampling": 0.1,
    "PhaseResolution": 1,
    "PixelBandwidth": 650,
    "ProcedureStepDescription": "Conte Core",
    "ProtocolName": "T1w",
    "PulseSequenceDetails": "%CustomerSeq%\\tfl_wip900D_VE11C",
    "ReceiveCoilActiveElements": "HEA;HEP",
    "ReceiveCoilName": "Head_32",
    "ReconMatrixPE": 256,
    "RefLinesPE": 32,
    "ReferringPhysicianName": "Adolphs",
    "RepetitionTime": 2.55,
    "SAR": 0.0389344,
    "ScanOptions": "IR\\WE",
    "ScanningSequence": "GR\\IR",
    "SequenceName": "tfl3d4_16ns",
    "SequenceVariant": "SK\\SP\\MP\\OSP",
    "SeriesDescription": "T1w_combEcho",
    "SeriesInstanceUID": "1.3.12.2.1107.5.2.43.167050.2018053010221893317284799.0.0.0",
    "SeriesNumber": 5,
    "ShimSetting": [
      6979,
      -3625,
      7953,
      426,
      -22,
      -12,
      -14,
      21
    ],
    "SliceThickness": 0.9,
    "SoftwareVersions": "syngo MR E11",
    "StationName": "PRISMA",
    "StudyID": "1",
    "StudyInstanceUID": "1.3.12.2.1107.5.2.43.167050.30000018042619061766300000046",
    "TxRefAmp": 247.694,
    "WipMemBlock": "WIP_Identifier: WIP#900D",
    "acq_id": "combecho",
    "dataset": "unknown",
    "modality": "T1w",
    "run_id": 2,
    "session_id": "core2p2",
    "subject_id": "CC0137"
  },
  "cjv": 0.523609276302079,
  "cnr": 2.4497529470269517,
  "efc": 0.644545167437101,
  "fber": 163.81362915039062,
  "fwhm_avg": 4.352071960491422,
  "fwhm_x": 4.279133446691658,
  "fwhm_y": 4.311329391304348,
  "fwhm_z": 4.465753043478261,
  "icvs_csf": 0.18547712382199422,
  "icvs_gm": 0.3963999062877632,
  "icvs_wm": 0.41812296989024256,
  "inu_med": 1.483736515045166,
  "inu_range": 0.4790529370307923,
  "provenance": {
    "md5sum": "2eb9690984761e025fc2462e1558e90e",
    "settings": {
      "testing": false
    },
    "software": "mriqc",
    "version": "0.15.0",
    "warnings": {
      "large_rot_frame": false,
      "small_air_mask": false
    },
    "webapi_port": null,
    "webapi_url": "https://mriqc.nimh.nih.gov/api/v1"
  },
  "qi_1": 0.0,
  "qi_2": 0.004490052346248236,
  "rpve_csf": 25.796943789045972,
  "rpve_gm": 12.578177462300898,
  "rpve_wm": 14.412337046516733,
  "size_x": 208,
  "size_y": 256,
  "size_z": 256,
  "snr_csf": 3.3409474924412095,
  "snr_gm": 11.391404536827855,
  "snr_total": 13.652695004452177,
  "snr_wm": 26.22573298408747,
  "snrd_csf": 12.24825880246148,
  "snrd_gm": 24.876226826105363,
  "snrd_total": 22.789856422643023,
  "snrd_wm": 31.245083639362228,
  "spacing_x": 0.8999999761581421,
  "spacing_y": 0.8984375,
  "spacing_z": 0.8984375,
  "summary_bg_k": 3.8451113743378205,
  "summary_bg_mad": 20.96826171875,
  "summary_bg_mean": 47.13430404663086,
  "summary_bg_median": 43.68172073364258,
  "summary_bg_n": 4347427.0,
  "summary_bg_p05": 17.752248764038086,
  "summary_bg_p95": 91.94263458251933,
  "summary_bg_stdv": 24.18207359313965,
  "summary_csf_k": 4.791628171720639,
  "summary_csf_mad": 114.7135009765625,
  "summary_csf_mean": 413.14666748046875,
  "summary_csf_median": 392.01715087890625,
  "summary_csf_n": 44512.0,
  "summary_csf_p05": 262.6672866821289,
  "summary_csf_p95": 629.2947174072264,
  "summary_csf_stdv": 117.33580017089844,
  "summary_gm_k": -0.05234872528921919,
  "summary_gm_mad": 72.3910140991211,
  "summary_gm_mean": 801.1209716796875,
  "summary_gm_median": 796.187255859375,
  "summary_gm_n": 25988.0,
  "summary_gm_p05": 697.2970672607422,
  "summary_gm_p95": 924.2668609619138,
  "summary_gm_stdv": 69.89234161376953,
  "summary_wm_k": 1.1874636714490547,
  "summary_wm_mad": 34.342185974121094,
  "summary_wm_mean": 1000.6348876953125,
  "summary_wm_median": 1000.028564453125,
  "summary_wm_n": 351997.0,
  "summary_wm_p05": 939.249609375,
  "summary_wm_p95": 1063.1348876953125,
  "summary_wm_stdv": 38.13152313232422,
  "tpm_overlap_csf": 0.2296191155910492,
  "tpm_overlap_gm": 0.4967484176158905,
  "tpm_overlap_wm": 0.5644158124923706,
  "wm2max": 0.6748599639928355
}