{
  "bids_meta": {
    "AccessionNumber": "8477-001",
    "AcquisitionDateTime": "2018-05-30T10:15:10.572500",
    "AcquisitionMatrixPE": 256,
    "AcquisitionNumber": 1,
    "AcquisitionTime": "10:15:10.572500",
    "BaseResolution": 256,
    "BodyPartExamined": "BRAIN",
    "ConsistencyInfo": "N4_VE11C_LATEST_20160120",
    "ConversionSoftware": "dcm2niix",
    "ConversionSoftwareVersion": "v1.0.20210317",
    "DeviceSerialNumber": "167050",
    "DwellTime": 3e-06,
    "EchoNumber": 4,
    "FlipAngle": 8,
    "ImageComments": "Average over all echoes.",
    "ImageOrientationPatientDICOM": [
      0,
      1,
      0,
      0,
      0,
      -1
    ],
    "ImageType": [
      "ORIGINAL",
      "PRIMARY",
      "ECHO",
      "COMBINED",
      "ND"
    ],
    "ImagingFrequency": 123.25,
    "InPlanePhaseEncodingDirectionDICOM": "ROW",
    "InstitutionAddress": "Michigan Ave 320,Pasadena,California,US,91025",
    "InstitutionName": "Caltech Prisma64",
    "InstitutionalDepartmentName": "Department",
    "InversionTime": 1.15,
    "MRAcquisitionType": "3D",
    "MagneticFieldStrength": 3,
    "Manufacturer": "Siemens",
    "ManufacturersModelName": "Prisma_fit",
    "Modality": "MR",
    "ParallelReductionFactorInPlane": 2,
    "PartialFourier": 1,
    "PatientBirthDate": "1977-11-01",
    "PatientID": "CC0137",
    "PatientName": "CC0137",
    "PatientPosition": "HFS",
    "PatientSex": "F",
    "PatientWeight": 68.0389,
    "PercentPhaseFOV": 100,
    "PercentSampling": 100,
    "PhaseEncodingSteps": 282,
    "PhaseOversampling": 0.1,
    "PhaseResolution": 1,
    "PixelBandwidth": 650,
    "ProcedureStepDescription": "Conte Core",
    "ProtocolName": "T1w",
    "PulseSequenceDetails": "%CustomerSeq%\\tfl_wip900D_VE11C",
    "ReceiveCoilActiveElements": "HEA;HEP",
    "ReceiveCoilName": "Head_32",
    "ReconMatrixPE": 256,
    "RefLinesPE": 32,
    "ReferringPhysicianName": "Adolphs",
    "RepetitionTime": 2.55,
    "SAR": 0.0389344,
    "ScanOptions": "IR\\WE",
    "ScanningSequence": "GR\\IR",
    "SequenceName": "tfl3d4_16ns",
    "SequenceVariant": "SK\\SP\\MP\\OSP",
    "SeriesDescription": "T1w_combEcho",
    "SeriesInstanceUID": "1.3.12.2.1107.5.2.43.167050.2018053010221893298584797.0.0.0",
    "SeriesNumber": 4,
    "ShimSetting": [
      6979,
      -3625,
      7953,
      426,
      -22,
      -12,
      -14,
      21
    ],
    "SliceThickness": 0.9,
    "SoftwareVersions": "syngo MR E11",
    "StationName": "PRISMA",
    "StudyID": "1",
    "StudyInstanceUID": "1.3.12.2.1107.5.2.43.167050.30000018042619061766300000046",
    "TxRefAmp": 247.694,
    "WipMemBlock": "WIP_Identifier: WIP#900D",
    "acq_id": "combecho",
    "dataset": "unknown",
    "modality": "T1w",
    "run_id": 1,
    "session_id": "core2p2",
    "subject_id": "CC0137"
  },
  "cjv": 0.6435893721944365,
  "cnr": 1.7278475288744064,
  "efc": 0.6984888527788293,
  "fber": 17.578840255737305,
  "fwhm_avg": 5.956456701753647,
  "fwhm_x": 5.797077931347898,
  "fwhm_y": 5.8876549565217395,
  "fwhm_z": 6.1846372173913045,
  "icvs_csf": 0.16841443470986886,
  "icvs_gm": 0.3881431019851359,
  "icvs_wm": 0.4434424633049952,
  "inu_med": 1.1391727924346924,
  "inu_range": 0.7373572736978529,
  "provenance": {
    "md5sum": "53b6e36c8fa9c082e5fa90da7b562f2d",
    "settings": {
      "testing": false
    },
    "software": "mriqc",
    "version": "0.15.0",
    "warnings": {
      "large_rot_frame": false,
      "small_air_mask": false
    },
    "webapi_port": null,
    "webapi_url": "https://mriqc.nimh.nih.gov/api/v1"
  },
  "qi_1": 0.0,
  "qi_2": 0.0018584964880807612,
  "rpve_csf": 28.68765799067617,
  "rpve_gm": 11.937351856758365,
  "rpve_wm": 12.351239749049576,
  "size_x": 208,
  "size_y": 256,
  "size_z": 256,
  "snr_csf": 3.082988427984198,
  "snr_gm": 9.482630386013977,
  "snr_total": 7.076699377347232,
  "snr_wm": 8.664479318043522,
  "snrd_csf": 3.7782139362883957,
  "snrd_gm": 8.229241821587683,
  "snrd_total": 7.733668758598314,
  "snrd_wm": 11.193550517918863,
  "spacing_x": 0.8999999761581421,
  "spacing_y": 0.8984375,
  "spacing_z": 0.8984375,
  "summary_bg_k": 4.403554301292898,
  "summary_bg_mad": 58.531898498535156,
  "summary_bg_mean": 150.79244995117188,
  "summary_bg_median": 141.49464416503906,
  "summary_bg_n": 4265968.0,
  "summary_bg_p05": 65.97683143615723,
  "summary_bg_p95": 265.28756561279295,
  "summary_bg_stdv": 64.50334167480469,
  "summary_csf_k": 12.839172640286744,
  "summary_csf_mad": 90.71469116210938,
  "summary_csf_mean": 359.5275573730469,
  "summary_csf_median": 337.5572509765625,
  "summary_csf_n": 39791.0,
  "summary_csf_p05": 228.5457000732422,
  "summary_csf_p95": 556.6670532226562,
  "summary_csf_stdv": 109.48889923095703,
  "summary_gm_k": 0.4429870755356937,
  "summary_gm_mad": 70.82493591308594,
  "summary_gm_mean": 725.2037963867188,
  "summary_gm_median": 735.2257690429688,
  "summary_gm_n": 31059.0,
  "summary_gm_p05": 574.1218505859375,
  "summary_gm_p95": 833.7333374023438,
  "summary_gm_stdv": 77.53269958496094,
  "summary_wm_k": 0.44459368960225554,
  "summary_wm_mad": 99.62356567382812,
  "summary_wm_mean": 1032.1033935546875,
  "summary_wm_median": 1000.0662231445312,
  "summary_wm_n": 260150.0,
  "summary_wm_p05": 897.4876281738282,
  "summary_wm_p95": 1260.763916015625,
  "summary_wm_stdv": 115.4211654663086,
  "tpm_overlap_csf": 0.21606002748012543,
  "tpm_overlap_gm": 0.4458222985267639,
  "tpm_overlap_wm": 0.4952669143676758,
  "wm2max": 0.49345048034236966
}