{
  "bids_meta": {
    "AccessionNumber": "8853-001",
    "AcquisitionDateTime": "2019-05-15T08:56:25.105000",
    "AcquisitionMatrixPE": 256,
    "AcquisitionNumber": 1,
    "AcquisitionTime": "08:56:25.105000",
    "BaseResolution": 256,
    "BodyPartExamined": "BRAIN",
    "ConsistencyInfo": "N4_VE11C_LATEST_20160120",
    "ConversionSoftware": "dcm2niix",
    "ConversionSoftwareVersion": "v1.0.20210317",
    "DeviceSerialNumber": "167050",
    "DwellTime": 3e-06,
    "EchoNumber": 4,
    "FlipAngle": 8,
    "ImageComments": "Average over all echoes.",
    "ImageOrientationPatientDICOM": [
      0,
      1,
      0,
      0,
      0,
      -1
    ],
    "ImageType": [
      "ORIGINAL",
      "PRIMARY",
      "ECHO",
      "COMBINED",
      "ND",
      "NORM"
    ],
    "ImagingFrequency": 123.25,
    "InPlanePhaseEncodingDirectionDICOM": "ROW",
    "InstitutionAddress": "Michigan Ave 320,Pasadena,California,US,91025",
    "InstitutionName": "Caltech Prisma32",
    "InstitutionalDepartmentName": "Department",
    "InversionTime": 1.15,
    "MRAcquisitionType": "3D",
    "MagneticFieldStrength": 3,
    "Manufacturer": "Siemens",
    "ManufacturersModelName": "Prisma_fit",
    "Modality": "MR",
    "ParallelReductionFactorInPlane": 2,
    "PartialFourier": 1,
    "PatientBirthDate": "1993-07-01",
    "PatientID": "CC0190",
    "PatientName": "CC0190",
    "PatientPosition": "HFS",
    "PatientSex": "F",
    "PatientWeight": 58.967,
    "PercentPhaseFOV": 100,
    "PercentSampling": 100,
    "PhaseEncodingSteps": 282,
    "PhaseOversampling": 0.1,
    "PhaseResolution": 1,
    "PixelBandwidth": 650,
    "ProtocolName": "T1w",
    "PulseSequenceDetails": "%CustomerSeq%\\tfl_wip900D_VE11C",
    "ReceiveCoilActiveElements": "HEA;HEP",
    "ReceiveCoilName": "Head_32",
    "ReconMatrixPE": 256,
    "RefLinesPE": 32,
    "ReferringPhysicianName": "Adolphs",
    "RepetitionTime": 2.55,
    "SAR": 0.0450753,
    "ScanOptions": "IR\\WE",
    "ScanningSequence": "GR\\IR",
    "SequenceName": "tfl3d4_16ns",
    "SequenceVariant": "SK\\SP\\MP\\OSP",
    "SeriesDescription": "T1w_combEcho",
    "SeriesInstanceUID": "1.3.12.2.1107.5.2.43.167050.2019051509033387673607316.0.0.0",
    "SeriesNumber": 5,
    "ShimSetting": [
      6983,
      -3668,
      7935,
      383,
      12,
      -46,
      67,
      12
    ],
    "SliceThickness": 0.9,
    "SoftwareVersions": "syngo MR E11",
    "StationName": "PRISMA",
    "StudyID": "1",
    "StudyInstanceUID": "1.3.12.2.1107.5.2.43.167050.30000019050821005867900000049",
    "TxRefAmp": 244.945,
    "WipMemBlock": "WIP_Identifier: WIP#900D",
    "acq_id": "combecho",
    "dataset": "unknown",
    "modality": "T1w",
    "run_id": 2,
    "session_id": "core2p2",
    "subject_id": "CC0190"
  },
  "cjv": 0.39480338641971635,
  "cnr": 3.0636405788502894,
  "efc": 0.5799488931067223,
  "fber": 1645.2034912109375,
  "fwhm_avg": 4.472013450280268,
  "fwhm_x": 4.490466785623412,
  "fwhm_y": 4.336473043478261,
  "fwhm_z": 4.589100521739131,
  "icvs_csf": 0.1863938025040344,
  "icvs_gm": 0.42436381132972695,
  "icvs_wm": 0.38924238616623863,
  "inu_med": 1.492232322692871,
  "inu_range": 0.5357272028923035,
  "provenance": {
    "md5sum": "bfc1f929e688ed53d49a9b0d05a64621",
    "settings": {
      "testing": false
    },
    "software": "mriqc",
    "version": "0.15.0",
    "warnings": {
      "large_rot_frame": false,
      "small_air_mask": false
    },
    "webapi_port": null,
    "webapi_url": "https://mriqc.nimh.nih.gov/api/v1"
  },
  "qi_1": 0.0003483778056300464,
  "qi_2": 0.003508293543992873,
  "rpve_csf": 25.15435290968507,
  "rpve_gm": 11.851740063403478,
  "rpve_wm": 15.084690204863985,
  "size_x": 208,
  "size_y": 256,
  "size_z": 256,
  "snr_csf": 3.8266246413798677,
  "snr_gm": 12.76286043100177,
  "snr_total": 14.523811725323299,
  "snr_wm": 26.981950103588257,
  "snrd_csf": 54.649464529700964,
  "snrd_gm": 111.6294342879076,
  "snrd_total": 103.22475920409836,
  "snrd_wm": 143.39537879468656,
  "spacing_x": 0.8999999761581421,
  "spacing_y": 0.8984375,
  "spacing_z": 0.8984375,
  "summary_bg_k": 270.4576440925611,
  "summary_bg_mad": 4.568814277648926,
  "summary_bg_mean": 11.515883445739746,
  "summary_bg_median": 9.229377746582031,
  "summary_bg_n": 2963036.0,
  "summary_bg_p05": 3.0771706104278564,
  "summary_bg_p95": 24.674591064453125,
  "summary_bg_stdv": 11.602991104125977,
  "summary_csf_k": 1.2483749994950086,
  "summary_csf_mad": 81.62166595458984,
  "summary_csf_mean": 399.7183837890625,
  "summary_csf_median": 381.116455078125,
  "summary_csf_n": 38371.0,
  "summary_csf_p05": 267.637939453125,
  "summary_csf_p95": 595.364501953125,
  "summary_csf_stdv": 99.59468841552734,
  "summary_gm_k": 0.5562536774304139,
  "summary_gm_mad": 55.75422286987305,
  "summary_gm_mean": 781.72900390625,
  "summary_gm_median": 778.4854736328125,
  "summary_gm_n": 35329.0,
  "summary_gm_p05": 688.2303588867187,
  "summary_gm_p95": 891.7894653320311,
  "summary_gm_stdv": 60.995296478271484,
  "summary_wm_k": 1.5555889721604093,
  "summary_wm_mad": 31.706775665283203,
  "summary_wm_mean": 998.08203125,
  "summary_wm_median": 1000.0159912109375,
  "summary_wm_n": 315938.0,
  "summary_wm_p05": 932.7380523681641,
  "summary_wm_p95": 1053.947930908203,
  "summary_wm_stdv": 37.062347412109375,
  "tpm_overlap_csf": 0.2088768184185028,
  "tpm_overlap_gm": 0.5007308125495911,
  "tpm_overlap_wm": 0.5474010705947876,
  "wm2max": 0.6890501427652391
}