{
    "Modality":"MR",
    "MagneticFieldStrength":3,
    "ImagingFrequency":123.229,
    "Manufacturer":"Siemens",
    "ManufacturersModelName":"TrioTim",
    "InstitutionName":"Caltech Tim32",
    "InstitutionalDepartmentName":"Department",
    "InstitutionAddress":"Wilson Avenue 340 ,Pasadena,California,US,91025",
    "DeviceSerialNumber":"35077",
    "StationName":"MEDPC",
    "SeriesInstanceUID":"1.3.12.2.1107.5.2.32.35077.2015062614305651704935380.0.0.0",
    "StudyInstanceUID":"1.3.12.2.1107.5.2.32.35077.30000015060817423032800000094",
    "StudyID":"1",
    "PatientName":"CC0124",
    "PatientID":"adolphs",
    "AccessionNumber":"7946-001",
    "PatientBirthDate":"1988-01-01",
    "PatientSex":"F",
    "PatientWeight":58.5134,
    "PatientPosition":"HFS",
    "ProcedureStepDescription":"Conte^Core",
    "SoftwareVersions":"syngo MR B17",
    "MRAcquisitionType":"2D",
    "SeriesDescription":"rsBOLD_MB_2",
    "ProtocolName":"rsBOLD_MB_2",
    "ScanningSequence":"EP",
    "SequenceVariant":"SK\\SS",
    "ScanOptions":"FS",
    "SequenceName":"epfid2d1_80",
    "ImageType":[
        "ORIGINAL",
        "PRIMARY",
        "M",
        "MB",
        "ND",
        "MOSAIC"
    ],
    "SeriesNumber":7,
    "AcquisitionTime":"14:30:35.950000",
    "AcquisitionDateTime":"2015-06-26T14:30:35.950000",
    "AcquisitionNumber":1,
    "ImageComments":"Unaliased MB4/PE3",
    "SliceThickness":2.5,
    "SpacingBetweenSlices":2.5,
    "SAR":0.0960857,
    "EchoTime":0.03,
    "RepetitionTime":1,
    "FlipAngle":60,
    "PartialFourier":1,
    "BaseResolution":80,
    "ShimSetting":[
        9504,
        -10604,
        15552,
        714,
        -252,
        -440,
        -360,
        29
    ],
    "TxRefAmp":306.278,
    "PhaseResolution":1,
    "ReceiveCoilName":"32Ch_Head",
    "CoilString":"C:HEA;HEP",
    "PulseSequenceDetails":"%CustomerSeq%\\cmrr_mbep2d_bold",
    "MultibandAccelerationFactor":4,
    "PercentPhaseFOV":100,
    "PercentSampling":100,
    "PhaseEncodingSteps":80,
    "AcquisitionMatrixPE":80,
    "ReconMatrixPE":80,
    "BandwidthPerPixelPhaseEncode":23.148,
    "EffectiveEchoSpacing":0.000540003,
    "DerivedVendorReportedEchoSpacing":0.000540003,
    "TotalReadoutTime":0.0426603,
    "PixelBandwidth":2404,
    "DwellTime":2.6e-06,
    "PhaseEncodingDirection":"j-",
    "SliceTiming":[
        0,
        0.215,
        0.43,
        0.645,
        0.86,
        0.0725,
        0.2875,
        0.5025,
        0.7175,
        0.9325,
        0.1425,
        0.3575,
        0.5725,
        0.7875,
        0,
        0.215,
        0.43,
        0.645,
        0.86,
        0.0725,
        0.2875,
        0.5025,
        0.7175,
        0.9325,
        0.1425,
        0.3575,
        0.5725,
        0.7875,
        0,
        0.215,
        0.43,
        0.645,
        0.86,
        0.0725,
        0.2875,
        0.5025,
        0.7175,
        0.9325,
        0.1425,
        0.3575,
        0.5725,
        0.7875,
        0,
        0.215,
        0.43,
        0.645,
        0.86,
        0.0725,
        0.2875,
        0.5025,
        0.7175,
        0.9325,
        0.1425,
        0.3575,
        0.5725,
        0.7875
    ],
    "ImageOrientationPatientDICOM":[
        1,
        -1e-16,
        0,
        1e-16,
        0.939693,
        -0.34202
    ],
    "InPlanePhaseEncodingDirectionDICOM":"COL",
    "ConversionSoftware":"dcm2niix",
    "ConversionSoftwareVersion":"v1.0.20210317",
    "TaskName":"rest"
}