{
  "aor": 0.004951932773109244,
  "aqi": 0.005345782247899159,
  "bids_meta": {
    "AccessionNumber": "8473-001",
    "AcquisitionDateTime": "2018-05-11T13:33:2.750000",
    "AcquisitionMatrixPE": 80,
    "AcquisitionNumber": 1,
    "AcquisitionTime": "13:33:2.750000",
    "BandwidthPerPixelPhaseEncode": 23.191,
    "BaseResolution": 80,
    "BodyPartExamined": "BRAIN",
    "ConsistencyInfo": "N4_VE11C_LATEST_20160120",
    "ConversionSoftware": "dcm2niix",
    "ConversionSoftwareVersion": "v1.0.20210317",
    "DerivedVendorReportedEchoSpacing": 0.000490002,
    "DeviceSerialNumber": "167050",
    "DwellTime": 2.3e-06,
    "EchoTime": 0.03,
    "EchoTrainLength": 88,
    "EffectiveEchoSpacing": 0.000539002,
    "FlipAngle": 53,
    "ImageComments": "Unaliased MB6/PE3/LB",
    "ImageOrientationPatientDICOM": [
      1,
      0,
      0,
      0,
      0.939693,
      -0.34202
    ],
    "ImageType": [
      "ORIGINAL",
      "PRIMARY",
      "M",
      "MB",
      "ND",
      "MOSAIC"
    ],
    "ImagingFrequency": 123.25,
    "InPlanePhaseEncodingDirectionDICOM": "COL",
    "InstitutionAddress": "Michigan Ave 320,Pasadena,California,US,91025",
    "InstitutionName": "Caltech Prisma64",
    "InstitutionalDepartmentName": "Department",
    "MRAcquisitionType": "2D",
    "MagneticFieldStrength": 3,
    "Manufacturer": "Siemens",
    "ManufacturersModelName": "Prisma_fit",
    "Modality": "MR",
    "MultibandAccelerationFactor": 6,
    "PartialFourier": 1,
    "PatientBirthDate": "1993-12-01",
    "PatientID": "CC0134",
    "PatientName": "CC0134",
    "PatientPosition": "HFS",
    "PatientSex": "F",
    "PatientWeight": 58.967,
    "PercentPhaseFOV": 100,
    "PercentSampling": 100,
    "PhaseEncodingDirection": "j-",
    "PhaseEncodingSteps": 88,
    "PhaseOversampling": 0.1,
    "PhaseResolution": 1,
    "PixelBandwidth": 2715,
    "ProcedureStepDescription": "Conte Core",
    "ProtocolName": "task-pixar_run-01_bold",
    "PulseSequenceDetails": "%CustomerSeq%\\cmrr_mbep2d_bold",
    "ReceiveCoilActiveElements": "HEA;HEP",
    "ReceiveCoilName": "Head_32",
    "ReconMatrixPE": 80,
    "ReferringPhysicianName": "Adolphs",
    "RepetitionTime": 0.7,
    "SAR": 0.076818,
    "ScanOptions": "FS\\EXT",
    "ScanningSequence": "EP",
    "SequenceName": "epfid2d1_80",
    "SequenceVariant": "SK\\SS\\OSP",
    "SeriesDescription": "task-pixar_run-01_bold",
    "SeriesInstanceUID": "1.3.12.2.1107.5.2.43.167050.2018051113301872471353990.0.0.0",
    "SeriesNumber": 36,
    "ShimSetting": [
      6989,
      -3643,
      7974,
      569,
      -81,
      -14,
      1,
      -32
    ],
    "SliceThickness": 2.5,
    "SliceTiming": [
      0,
      0.475,
      0.2725,
      0.0675,
      0.545,
      0.34,
      0.135,
      0.6125,
      0.4075,
      0.205,
      0,
      0.475,
      0.2725,
      0.0675,
      0.545,
      0.34,
      0.135,
      0.6125,
      0.4075,
      0.205,
      0,
      0.475,
      0.2725,
      0.0675,
      0.545,
      0.34,
      0.135,
      0.6125,
      0.4075,
      0.205,
      0,
      0.475,
      0.2725,
      0.0675,
      0.545,
      0.34,
      0.135,
      0.6125,
      0.4075,
      0.205,
      0,
      0.475,
      0.2725,
      0.0675,
      0.545,
      0.34,
      0.135,
      0.6125,
      0.4075,
      0.205,
      0,
      0.475,
      0.2725,
      0.0675,
      0.545,
      0.34,
      0.135,
      0.6125,
      0.4075,
      0.205
    ],
    "SoftwareVersions": "syngo MR E11",
    "SpacingBetweenSlices": 2.5,
    "StationName": "PRISMA",
    "StudyID": "1",
    "StudyInstanceUID": "1.3.12.2.1107.5.2.43.167050.30000018042619061766300000034",
    "TaskName": "pixar",
    "TotalReadoutTime": 0.0425812,
    "TxRefAmp": 239.51,
    "WipMemBlock": "e55317a6-68e3-4d24-a5da-54882dcd703c||Sequence: R016 ve11c/master r/e634e98; Dec 19 2017 11:00:25 by eja",
    "dataset": "unknown",
    "modality": "bold",
    "run_id": 1,
    "session_id": "core2p2",
    "subject_id": "CC0134",
    "task_id": "pixar"
  },
  "dummy_trs": 0,
  "dvars_nstd": 31.18568910311581,
  "dvars_std": 1.0747796790736848,
  "dvars_vstd": 1.0582510697263159,
  "efc": 0.529735972401323,
  "fber": 762.2178955078125,
  "fd_mean": 0.12887275815752397,
  "fd_num": 30,
  "fd_perc": 6.302521008403361,
  "fwhm_avg": 2.8016733333333335,
  "fwhm_x": 2.53934,
  "fwhm_y": 3.000104,
  "fwhm_z": 2.865576,
  "gcor": 0.0119607,
  "gsr_x": -0.0024253723677247763,
  "gsr_y": 0.041149795055389404,
  "provenance": {
    "md5sum": "ce922b6825aaa972f948670bd22a6dd0",
    "settings": {
      "fd_thres": 0.2,
      "hmc_fsl": false
    },
    "software": "mriqc",
    "version": "0.15.0",
    "webapi_port": null,
    "webapi_url": "https://mriqc.nimh.nih.gov/api/v1"
  },
  "size_t": 476,
  "size_x": 80,
  "size_y": 80,
  "size_z": 60,
  "snr": 2.7072689023218017,
  "spacing_tr": 0.699999988079071,
  "spacing_x": 2.5,
  "spacing_y": 2.5,
  "spacing_z": 2.5,
  "summary_bg_k": 16.5620014292079,
  "summary_bg_mad": 71.43122100830078,
  "summary_bg_mean": 358.84716796875,
  "summary_bg_median": 131.75946044921875,
  "summary_bg_n": 247774.0,
  "summary_bg_p05": 78.63235473632812,
  "summary_bg_p95": 1517.3705932617147,
  "summary_bg_stdv": 579.4330444335938,
  "summary_fg_k": 0.3765464813621109,
  "summary_fg_mad": 1356.095703125,
  "summary_fg_mean": 4098.0498046875,
  "summary_fg_median": 3911.369873046875,
  "summary_fg_n": 76361.0,
  "summary_fg_p05": 2030.60302734375,
  "summary_fg_p95": 6749.853515625,
  "summary_fg_stdv": 1444.7564697265625,
  "tsnr": 42.60505676269531
}