{
  "bids_meta": {
    "AccessionNumber": "8730-012",
    "AcquisitionDateTime": "2019-02-21T14:12:53.187500",
    "AcquisitionMatrixPE": 256,
    "AcquisitionNumber": 1,
    "AcquisitionTime": "14:12:53.187500",
    "BaseResolution": 256,
    "BodyPartExamined": "BRAIN",
    "ConsistencyInfo": "N4_VE11C_LATEST_20160120",
    "ConversionSoftware": "dcm2niix",
    "ConversionSoftwareVersion": "v1.0.20210317",
    "DeviceSerialNumber": "167050",
    "DwellTime": 3e-06,
    "EchoNumber": 4,
    "FlipAngle": 8,
    "ImageComments": "Average over all echoes.",
    "ImageOrientationPatientDICOM": [
      0,
      1,
      0,
      0,
      0,
      -1
    ],
    "ImageType": [
      "ORIGINAL",
      "PRIMARY",
      "ECHO",
      "COMBINED",
      "ND",
      "NORM"
    ],
    "ImagingFrequency": 123.25,
    "InPlanePhaseEncodingDirectionDICOM": "ROW",
    "InstitutionAddress": "Michigan Ave 320,Pasadena,California,US,91025",
    "InstitutionName": "Caltech Prisma64",
    "InstitutionalDepartmentName": "Department",
    "InversionTime": 1.15,
    "MRAcquisitionType": "3D",
    "MagneticFieldStrength": 3,
    "Manufacturer": "Siemens",
    "ManufacturersModelName": "Prisma_fit",
    "Modality": "MR",
    "ParallelReductionFactorInPlane": 2,
    "PartialFourier": 1,
    "PatientBirthDate": "1975-12-01",
    "PatientID": "CC0085",
    "PatientName": "CC0085",
    "PatientPosition": "HFS",
    "PatientSex": "F",
    "PatientWeight": 63.5029,
    "PercentPhaseFOV": 100,
    "PercentSampling": 100,
    "PhaseEncodingSteps": 282,
    "PhaseOversampling": 0.1,
    "PhaseResolution": 1,
    "PixelBandwidth": 650,
    "ProtocolName": "T1w",
    "PulseSequenceDetails": "%CustomerSeq%\\tfl_wip900D_VE11C",
    "ReceiveCoilActiveElements": "HEA;HEP",
    "ReceiveCoilName": "Head_32",
    "ReconMatrixPE": 256,
    "RefLinesPE": 32,
    "ReferringPhysicianName": "Adolphs",
    "RepetitionTime": 2.55,
    "SAR": 0.0575427,
    "ScanOptions": "IR\\WE",
    "ScanningSequence": "GR\\IR",
    "SequenceName": "tfl3d4_16ns",
    "SequenceVariant": "SK\\SP\\MP\\OSP",
    "SeriesDescription": "T1w_combEcho",
    "SeriesInstanceUID": "1.3.12.2.1107.5.2.43.167050.201902211420022603212266.0.0.0",
    "SeriesNumber": 5,
    "ShimSetting": [
      6985,
      -3696,
      7931,
      189,
      -24,
      -188,
      141,
      5
    ],
    "SliceThickness": 0.9,
    "SoftwareVersions": "syngo MR E11",
    "StationName": "PRISMA",
    "StudyID": "1",
    "StudyInstanceUID": "1.3.12.2.1107.5.2.43.167050.30000019021201163005200000058",
    "TxRefAmp": 270.866,
    "WipMemBlock": "WIP_Identifier: WIP#900D",
    "acq_id": "combecho",
    "dataset": "unknown",
    "modality": "T1w",
    "run_id": 2,
    "session_id": "core2p2",
    "subject_id": "CC0085"
  },
  "cjv": 0.5077934897955999,
  "cnr": 2.517020284534788,
  "efc": 0.5922720332019087,
  "fber": 1415.1026611328125,
  "fwhm_avg": 4.496303015509138,
  "fwhm_x": 4.49176678565785,
  "fwhm_y": 4.4165787826086955,
  "fwhm_z": 4.58056347826087,
  "icvs_csf": 0.20008850145443463,
  "icvs_gm": 0.40845571786273416,
  "icvs_wm": 0.3914557806828312,
  "inu_med": 1.479581594467163,
  "inu_range": 0.583919858932495,
  "provenance": {
    "md5sum": "b31c4b697aefc869dd6f501d381f94d8",
    "settings": {
      "testing": false
    },
    "software": "mriqc",
    "version": "0.15.0",
    "warnings": {
      "large_rot_frame": false,
      "small_air_mask": false
    },
    "webapi_port": null,
    "webapi_url": "https://mriqc.nimh.nih.gov/api/v1"
  },
  "qi_1": 0.0,
  "qi_2": 0.012854691770272705,
  "rpve_csf": 27.726186480911533,
  "rpve_gm": 13.90634766220649,
  "rpve_wm": 16.96289151612693,
  "size_x": 208,
  "size_y": 256,
  "size_z": 256,
  "snr_csf": 3.906539959752503,
  "snr_gm": 11.686292068666866,
  "snr_total": 12.999059750054494,
  "snr_wm": 23.404347221744118,
  "snrd_csf": 39.93462102477052,
  "snrd_gm": 86.15853807206342,
  "snrd_total": 78.08231944500223,
  "snrd_wm": 108.15379923817272,
  "spacing_x": 0.8999999761581421,
  "spacing_y": 0.8984375,
  "spacing_z": 0.8984375,
  "summary_bg_k": 698.9261360178559,
  "summary_bg_mad": 6.057586669921875,
  "summary_bg_mean": 12.046171188354492,
  "summary_bg_median": 12.29007625579834,
  "summary_bg_n": 3343440.0,
  "summary_bg_p05": 4.103560924530029,
  "summary_bg_p95": 24.909714221954346,
  "summary_bg_stdv": 7.485220432281494,
  "summary_csf_k": 1.5019549456733445,
  "summary_csf_mad": 76.87963104248047,
  "summary_csf_mean": 387.6586608886719,
  "summary_csf_median": 369.2474365234375,
  "summary_csf_n": 51038.0,
  "summary_csf_p05": 271.12805938720703,
  "summary_csf_p95": 581.5383758544921,
  "summary_csf_stdv": 94.51940155029297,
  "summary_gm_k": 0.21327333597311426,
  "summary_gm_mad": 65.19364166259766,
  "summary_gm_mean": 798.554443359375,
  "summary_gm_median": 796.6475830078125,
  "summary_gm_n": 27694.0,
  "summary_gm_p05": 691.6278747558594,
  "summary_gm_p95": 918.9463958740233,
  "summary_gm_stdv": 68.16817474365234,
  "summary_wm_k": 0.9625616855296482,
  "summary_wm_mad": 38.0787353515625,
  "summary_wm_mean": 998.2190551757812,
  "summary_wm_median": 1000.0223388671875,
  "summary_wm_n": 274403.0,
  "summary_wm_p05": 924.0657531738282,
  "summary_wm_p95": 1064.07822265625,
  "summary_wm_stdv": 42.72798156738281,
  "tpm_overlap_csf": 0.2406582087278366,
  "tpm_overlap_gm": 0.5015888810157776,
  "tpm_overlap_wm": 0.5633381009101868,
  "wm2max": 0.7735280226700417
}