{
  "bids_meta": {
    "AccessionNumber": "8730-012",
    "AcquisitionDateTime": "2019-02-21T14:12:53.187500",
    "AcquisitionMatrixPE": 256,
    "AcquisitionNumber": 1,
    "AcquisitionTime": "14:12:53.187500",
    "BaseResolution": 256,
    "BodyPartExamined": "BRAIN",
    "ConsistencyInfo": "N4_VE11C_LATEST_20160120",
    "ConversionSoftware": "dcm2niix",
    "ConversionSoftwareVersion": "v1.0.20210317",
    "DeviceSerialNumber": "167050",
    "DwellTime": 3e-06,
    "EchoNumber": 4,
    "FlipAngle": 8,
    "ImageComments": "Average over all echoes.",
    "ImageOrientationPatientDICOM": [
      0,
      1,
      0,
      0,
      0,
      -1
    ],
    "ImageType": [
      "ORIGINAL",
      "PRIMARY",
      "ECHO",
      "COMBINED",
      "ND"
    ],
    "ImagingFrequency": 123.25,
    "InPlanePhaseEncodingDirectionDICOM": "ROW",
    "InstitutionAddress": "Michigan Ave 320,Pasadena,California,US,91025",
    "InstitutionName": "Caltech Prisma64",
    "InstitutionalDepartmentName": "Department",
    "InversionTime": 1.15,
    "MRAcquisitionType": "3D",
    "MagneticFieldStrength": 3,
    "Manufacturer": "Siemens",
    "ManufacturersModelName": "Prisma_fit",
    "Modality": "MR",
    "ParallelReductionFactorInPlane": 2,
    "PartialFourier": 1,
    "PatientBirthDate": "1975-12-01",
    "PatientID": "CC0085",
    "PatientName": "CC0085",
    "PatientPosition": "HFS",
    "PatientSex": "F",
    "PatientWeight": 63.5029,
    "PercentPhaseFOV": 100,
    "PercentSampling": 100,
    "PhaseEncodingSteps": 282,
    "PhaseOversampling": 0.1,
    "PhaseResolution": 1,
    "PixelBandwidth": 650,
    "ProtocolName": "T1w",
    "PulseSequenceDetails": "%CustomerSeq%\\tfl_wip900D_VE11C",
    "ReceiveCoilActiveElements": "HEA;HEP",
    "ReceiveCoilName": "Head_32",
    "ReconMatrixPE": 256,
    "RefLinesPE": 32,
    "ReferringPhysicianName": "Adolphs",
    "RepetitionTime": 2.55,
    "SAR": 0.0575427,
    "ScanOptions": "IR\\WE",
    "ScanningSequence": "GR\\IR",
    "SequenceName": "tfl3d4_16ns",
    "SequenceVariant": "SK\\SP\\MP\\OSP",
    "SeriesDescription": "T1w_combEcho",
    "SeriesInstanceUID": "1.3.12.2.1107.5.2.43.167050.201902211420022571812265.0.0.0",
    "SeriesNumber": 4,
    "ShimSetting": [
      6985,
      -3696,
      7931,
      189,
      -24,
      -188,
      141,
      5
    ],
    "SliceThickness": 0.9,
    "SoftwareVersions": "syngo MR E11",
    "StationName": "PRISMA",
    "StudyID": "1",
    "StudyInstanceUID": "1.3.12.2.1107.5.2.43.167050.30000019021201163005200000058",
    "TxRefAmp": 270.866,
    "WipMemBlock": "WIP_Identifier: WIP#900D",
    "acq_id": "combecho",
    "dataset": "unknown",
    "modality": "T1w",
    "run_id": 1,
    "session_id": "core2p2",
    "subject_id": "CC0085"
  },
  "cjv": 0.6190153127009104,
  "cnr": 2.1741085541169554,
  "efc": 0.5990510998380161,
  "fber": 207.72607421875,
  "fwhm_avg": 5.679212146343055,
  "fwhm_x": 5.631133482507427,
  "fwhm_y": 5.4584653913043475,
  "fwhm_z": 5.948037565217391,
  "icvs_csf": 0.18849499230709874,
  "icvs_gm": 0.41274737059031613,
  "icvs_wm": 0.39875763710258516,
  "inu_med": 1.7775332927703857,
  "inu_range": 1.4568355381488802,
  "provenance": {
    "md5sum": "92b70de638545ec4b97cd6111adff104",
    "settings": {
      "testing": false
    },
    "software": "mriqc",
    "version": "0.15.0",
    "warnings": {
      "large_rot_frame": false,
      "small_air_mask": false
    },
    "webapi_port": null,
    "webapi_url": "https://mriqc.nimh.nih.gov/api/v1"
  },
  "qi_1": 0.0,
  "qi_2": 0.0035137796515246943,
  "rpve_csf": 29.923307175259097,
  "rpve_gm": 13.02809991946998,
  "rpve_wm": 14.91582616516436,
  "size_x": 208,
  "size_y": 256,
  "size_z": 256,
  "snr_csf": 4.442944127758367,
  "snr_gm": 14.113127884401173,
  "snr_total": 9.667859942899373,
  "snr_wm": 10.447507816538577,
  "snrd_csf": 18.488540740788135,
  "snrd_gm": 41.772896279406424,
  "snrd_total": 38.422382622029716,
  "snrd_wm": 55.00571084589458,
  "spacing_x": 0.8999999761581421,
  "spacing_y": 0.8984375,
  "spacing_z": 0.8984375,
  "summary_bg_k": 6.500341977054221,
  "summary_bg_mad": 11.910056114196777,
  "summary_bg_mean": 44.21204376220703,
  "summary_bg_median": 43.020198822021484,
  "summary_bg_n": 3312589.0,
  "summary_bg_p05": 25.114569091796874,
  "summary_bg_p95": 66.62698669433593,
  "summary_bg_stdv": 13.6754150390625,
  "summary_csf_k": 1.8130525489972529,
  "summary_csf_mad": 59.53538513183594,
  "summary_csf_mean": 350.8046569824219,
  "summary_csf_median": 336.112548828125,
  "summary_csf_n": 45212.0,
  "summary_csf_p05": 254.38447494506838,
  "summary_csf_p95": 502.45378112792963,
  "summary_csf_stdv": 75.6500244140625,
  "summary_gm_k": -0.06835483292634947,
  "summary_gm_mad": 54.685707092285156,
  "summary_gm_mean": 761.8639526367188,
  "summary_gm_median": 759.41064453125,
  "summary_gm_n": 36505.0,
  "summary_gm_p05": 678.1971069335938,
  "summary_gm_p95": 853.8990112304687,
  "summary_gm_stdv": 53.808074951171875,
  "summary_wm_k": 0.19189402608188288,
  "summary_wm_mad": 94.22835540771484,
  "summary_wm_mean": 1018.6974487304688,
  "summary_wm_median": 999.9766845703125,
  "summary_wm_n": 181266.0,
  "summary_wm_p05": 896.9644622802734,
  "summary_wm_p95": 1202.5320129394531,
  "summary_wm_stdv": 95.714111328125,
  "tpm_overlap_csf": 0.23232726752758026,
  "tpm_overlap_gm": 0.4410410523414612,
  "tpm_overlap_wm": 0.46844398975372314,
  "wm2max": 0.4900977803702763
}