{
  "aor": 0.0011748872180451129,
  "aqi": 0.00532309679197995,
  "bids_meta": {
    "AccessionNumber": "7699-006",
    "AcquisitionDateTime": "2015-01-28T09:24:43.232500",
    "AcquisitionMatrixPE": 80,
    "AcquisitionNumber": 1,
    "AcquisitionTime": "09:24:43.232500",
    "BandwidthPerPixelPhaseEncode": 23.148,
    "BaseResolution": 80,
    "CoilString": "C:HEA;HEP",
    "ConversionSoftware": "dcm2niix",
    "ConversionSoftwareVersion": "v1.0.20210317",
    "DerivedVendorReportedEchoSpacing": 0.000540003,
    "DeviceSerialNumber": "35077",
    "DwellTime": 2.6e-06,
    "EchoTime": 0.03,
    "EffectiveEchoSpacing": 0.000540003,
    "FlipAngle": 60,
    "ImageComments": "Unaliased MB4/PE3",
    "ImageOrientationPatientDICOM": [
      1,
      -1e-16,
      0,
      1e-16,
      0.939693,
      -0.34202
    ],
    "ImageType": [
      "ORIGINAL",
      "PRIMARY",
      "M",
      "MB",
      "ND",
      "MOSAIC"
    ],
    "ImagingFrequency": 123.229,
    "InPlanePhaseEncodingDirectionDICOM": "COL",
    "InstitutionAddress": "Wilson Avenue 340 ,Pasadena,California,US,91025",
    "InstitutionName": "Caltech Tim32",
    "InstitutionalDepartmentName": "Department",
    "MRAcquisitionType": "2D",
    "MagneticFieldStrength": 3,
    "Manufacturer": "Siemens",
    "ManufacturersModelName": "TrioTim",
    "Modality": "MR",
    "MultibandAccelerationFactor": 4,
    "PartialFourier": 1,
    "PatientBirthDate": "1994-01-01",
    "PatientID": "adolphs",
    "PatientName": "CC0027",
    "PatientPosition": "HFS",
    "PatientSex": "F",
    "PatientWeight": 56.2455,
    "PercentPhaseFOV": 100,
    "PercentSampling": 100,
    "PhaseEncodingDirection": "j-",
    "PhaseEncodingSteps": 80,
    "PhaseResolution": 1,
    "PixelBandwidth": 2404,
    "ProcedureStepDescription": "Conte^Core",
    "ProtocolName": "rsBOLD_MB_1",
    "PulseSequenceDetails": "%CustomerSeq%\\cmrr_mbep2d_bold",
    "ReceiveCoilName": "32Ch_Head",
    "ReconMatrixPE": 80,
    "RepetitionTime": 1,
    "SAR": 0.111331,
    "ScanOptions": "FS",
    "ScanningSequence": "EP",
    "SequenceName": "epfid2d1_80",
    "SequenceVariant": "SK\\SS",
    "SeriesDescription": "rsBOLD_MB_1",
    "SeriesInstanceUID": "1.3.12.2.1107.5.2.32.35077.2015012809243395235634423.0.0.0",
    "SeriesNumber": 2,
    "ShimSetting": [
      9564,
      -10481,
      15797,
      686,
      -42,
      188,
      -122,
      -72
    ],
    "SliceThickness": 2.5,
    "SliceTiming": [
      0,
      0.215,
      0.43,
      0.645,
      0.86,
      0.0725,
      0.2875,
      0.5025,
      0.7175,
      0.9325,
      0.1425,
      0.3575,
      0.5725,
      0.7875,
      0,
      0.215,
      0.43,
      0.645,
      0.86,
      0.0725,
      0.2875,
      0.5025,
      0.7175,
      0.9325,
      0.1425,
      0.3575,
      0.5725,
      0.7875,
      0,
      0.215,
      0.43,
      0.645,
      0.86,
      0.0725,
      0.2875,
      0.5025,
      0.7175,
      0.9325,
      0.1425,
      0.3575,
      0.5725,
      0.7875,
      0,
      0.215,
      0.43,
      0.645,
      0.86,
      0.0725,
      0.2875,
      0.5025,
      0.7175,
      0.9325,
      0.1425,
      0.3575,
      0.5725,
      0.7875
    ],
    "SoftwareVersions": "syngo MR B17",
    "SpacingBetweenSlices": 2.5,
    "StationName": "MEDPC",
    "StudyID": "1",
    "StudyInstanceUID": "1.3.12.2.1107.5.2.32.35077.30000015012618180114000000016",
    "TaskName": "rest",
    "TotalReadoutTime": 0.0426603,
    "TxRefAmp": 309.082,
    "dataset": "unknown",
    "modality": "bold",
    "run_id": 1,
    "session_id": "core1p3p0",
    "subject_id": "CC0027",
    "task_id": "rest"
  },
  "dummy_trs": 1,
  "dvars_nstd": 30.825950296834154,
  "dvars_std": 1.0743693504271357,
  "dvars_vstd": 0.9994747287688438,
  "efc": 0.5417792305135759,
  "fber": 701.2592163085938,
  "fd_mean": 0.16108528231579256,
  "fd_num": 123,
  "fd_perc": 30.827067669172934,
  "fwhm_avg": 2.879602666666667,
  "fwhm_x": 2.691248,
  "fwhm_y": 3.036384,
  "fwhm_z": 2.911176,
  "gcor": 0.0139683,
  "gsr_x": -0.004138094373047352,
  "gsr_y": 0.08278913795948029,
  "provenance": {
    "md5sum": "db6b12ee85a28048321d383e85125325",
    "settings": {
      "fd_thres": 0.2,
      "hmc_fsl": false
    },
    "software": "mriqc",
    "version": "0.15.0",
    "webapi_port": null,
    "webapi_url": "https://mriqc.nimh.nih.gov/api/v1"
  },
  "size_t": 399,
  "size_x": 80,
  "size_y": 80,
  "size_z": 56,
  "snr": 2.4135676612209975,
  "spacing_tr": 1.0,
  "spacing_x": 2.5,
  "spacing_y": 2.5,
  "spacing_z": 2.5,
  "summary_bg_k": 24.133228057270415,
  "summary_bg_mad": 8.089284896850586,
  "summary_bg_mean": 39.75847244262695,
  "summary_bg_median": 16.187969207763672,
  "summary_bg_n": 214815.0,
  "summary_bg_p05": 10.107769012451172,
  "summary_bg_p95": 152.4260711669922,
  "summary_bg_stdv": 63.01586151123047,
  "summary_fg_k": 2.9742608666784554,
  "summary_fg_mad": 154.5770721435547,
  "summary_fg_mean": 493.0960693359375,
  "summary_fg_median": 463.83209228515625,
  "summary_fg_n": 83793.0,
  "summary_fg_p05": 242.59348449707034,
  "summary_fg_p95": 847.4145385742185,
  "summary_fg_stdv": 192.17581176757812,
  "tsnr": 40.513336181640625
}