{
  "aor": 0.00043219798657718117,
  "aqi": 0.006005354949664429,
  "bids_meta": {
    "AccessionNumber": "8574-001",
    "AcquisitionDateTime": "2018-09-21T11:21:5.930000",
    "AcquisitionMatrixPE": 80,
    "AcquisitionNumber": 1,
    "AcquisitionTime": "11:21:5.930000",
    "BandwidthPerPixelPhaseEncode": 23.191,
    "BaseResolution": 80,
    "BodyPartExamined": "BRAIN",
    "ConsistencyInfo": "N4_VE11C_LATEST_20160120",
    "ConversionSoftware": "dcm2niix",
    "ConversionSoftwareVersion": "v1.0.20210317",
    "DerivedVendorReportedEchoSpacing": 0.000490002,
    "DeviceSerialNumber": "167050",
    "DwellTime": 2.3e-06,
    "EchoTime": 0.03,
    "EchoTrainLength": 88,
    "EffectiveEchoSpacing": 0.000539002,
    "FlipAngle": 53,
    "ImageComments": "Unaliased MB6/PE3/LB",
    "ImageOrientationPatientDICOM": [
      1,
      0,
      0,
      0,
      0.939693,
      -0.34202
    ],
    "ImageType": [
      "ORIGINAL",
      "PRIMARY",
      "M",
      "MB",
      "ND",
      "MOSAIC"
    ],
    "ImagingFrequency": 123.25,
    "InPlanePhaseEncodingDirectionDICOM": "COL",
    "InstitutionAddress": "Michigan Ave 320,Pasadena,California,US,91025",
    "InstitutionName": "Caltech Prisma64",
    "InstitutionalDepartmentName": "Department",
    "MRAcquisitionType": "2D",
    "MagneticFieldStrength": 3,
    "Manufacturer": "Siemens",
    "ManufacturersModelName": "Prisma_fit",
    "Modality": "MR",
    "MultibandAccelerationFactor": 6,
    "PartialFourier": 1,
    "PatientBirthDate": "1979-02-01",
    "PatientID": "CC0164",
    "PatientName": "CC0164",
    "PatientPosition": "HFS",
    "PatientSex": "F",
    "PatientWeight": 83.9146,
    "PercentPhaseFOV": 100,
    "PercentSampling": 100,
    "PhaseEncodingDirection": "j-",
    "PhaseEncodingSteps": 88,
    "PhaseOversampling": 0.1,
    "PhaseResolution": 1,
    "PixelBandwidth": 2715,
    "ProcedureStepDescription": "Conte Core",
    "ProtocolName": "task-rest_run-01_bold",
    "PulseSequenceDetails": "%CustomerSeq%\\cmrr_mbep2d_bold",
    "ReceiveCoilActiveElements": "HEA;HEP",
    "ReceiveCoilName": "Head_32",
    "ReconMatrixPE": 80,
    "ReferringPhysicianName": "Adolphs",
    "RepetitionTime": 0.7,
    "SAR": 0.0747001,
    "ScanOptions": "FS\\EXT",
    "ScanningSequence": "EP",
    "SequenceName": "epfid2d1_80",
    "SequenceVariant": "SK\\SS\\OSP",
    "SeriesDescription": "task-rest_run-01_bold",
    "SeriesInstanceUID": "1.3.12.2.1107.5.2.43.167050.2018092111192384839330593.0.0.0",
    "SeriesNumber": 9,
    "ShimSetting": [
      6951,
      -3688,
      7964,
      839,
      -71,
      -214,
      -762,
      10
    ],
    "SliceThickness": 2.5,
    "SliceTiming": [
      0,
      0.4775,
      0.2725,
      0.07,
      0.545,
      0.34,
      0.1375,
      0.6125,
      0.41,
      0.205,
      0,
      0.4775,
      0.2725,
      0.07,
      0.545,
      0.34,
      0.1375,
      0.6125,
      0.41,
      0.205,
      0,
      0.4775,
      0.2725,
      0.07,
      0.545,
      0.34,
      0.1375,
      0.6125,
      0.41,
      0.205,
      0,
      0.4775,
      0.2725,
      0.07,
      0.545,
      0.34,
      0.1375,
      0.6125,
      0.41,
      0.205,
      0,
      0.4775,
      0.2725,
      0.07,
      0.545,
      0.34,
      0.1375,
      0.6125,
      0.41,
      0.205,
      0,
      0.4775,
      0.2725,
      0.07,
      0.545,
      0.34,
      0.1375,
      0.6125,
      0.41,
      0.205
    ],
    "SoftwareVersions": "syngo MR E11",
    "SpacingBetweenSlices": 2.5,
    "StationName": "PRISMA",
    "StudyID": "1",
    "StudyInstanceUID": "1.3.12.2.1107.5.2.43.167050.30000018081720093477500000160",
    "TaskName": "rest",
    "TotalReadoutTime": 0.0425812,
    "TxRefAmp": 261.784,
    "WipMemBlock": "e6ca0e60-54bd-4810-add5-501db260ceb7||Sequence: R016 ve11c/master r/e634e98; Dec 19 2017 11:00:25 by eja",
    "dataset": "unknown",
    "modality": "bold",
    "run_id": 1,
    "session_id": "core2p2",
    "subject_id": "CC0164",
    "task_id": "rest"
  },
  "dummy_trs": 4,
  "dvars_nstd": 33.7973998605714,
  "dvars_std": 0.9971407017647058,
  "dvars_vstd": 0.9781614643865548,
  "efc": 0.48880162574177305,
  "fber": 750.5435791015625,
  "fd_mean": 0.153833555269184,
  "fd_num": 194,
  "fd_perc": 32.5503355704698,
  "fwhm_avg": 3.0614146666666664,
  "fwhm_x": 2.917604,
  "fwhm_y": 3.2586199999999996,
  "fwhm_z": 3.00802,
  "gcor": 0.00563474,
  "gsr_x": -0.008280905894935131,
  "gsr_y": 0.07169978320598602,
  "provenance": {
    "md5sum": "0f2ed01d085e94fef9d4a0ee97ea948b",
    "settings": {
      "fd_thres": 0.2,
      "hmc_fsl": false
    },
    "software": "mriqc",
    "version": "0.15.0",
    "webapi_port": null,
    "webapi_url": "https://mriqc.nimh.nih.gov/api/v1"
  },
  "size_t": 596,
  "size_x": 80,
  "size_y": 80,
  "size_z": 60,
  "snr": 2.250486132938227,
  "spacing_tr": 0.699999988079071,
  "spacing_x": 2.5,
  "spacing_y": 2.5,
  "spacing_z": 2.5,
  "summary_bg_k": 46.39438047136078,
  "summary_bg_mad": 52.3338737487793,
  "summary_bg_mean": 282.68048095703125,
  "summary_bg_median": 116.65772247314453,
  "summary_bg_n": 258214.0,
  "summary_bg_p05": 77.57047271728516,
  "summary_bg_p95": 992.5022857666015,
  "summary_bg_stdv": 526.9158935546875,
  "summary_fg_k": 2.0547989142830456,
  "summary_fg_mad": 1387.7716064453125,
  "summary_fg_mean": 3623.29345703125,
  "summary_fg_median": 3466.683837890625,
  "summary_fg_n": 67700.0,
  "summary_fg_p05": 1533.8622009277344,
  "summary_fg_p95": 6404.50322265625,
  "summary_fg_stdv": 1540.4041748046875,
  "tsnr": 36.38496780395508
}