{
  "aor": 0.001886888260254597,
  "aqi": 0.005430871131541726,
  "bids_meta": {
    "AccessionNumber": "8574-001",
    "AcquisitionDateTime": "2018-09-21T11:48:43.045000",
    "AcquisitionMatrixPE": 80,
    "AcquisitionNumber": 1,
    "AcquisitionTime": "11:48:43.045000",
    "BandwidthPerPixelPhaseEncode": 23.191,
    "BaseResolution": 80,
    "BodyPartExamined": "BRAIN",
    "ConsistencyInfo": "N4_VE11C_LATEST_20160120",
    "ConversionSoftware": "dcm2niix",
    "ConversionSoftwareVersion": "v1.0.20210317",
    "DerivedVendorReportedEchoSpacing": 0.000490002,
    "DeviceSerialNumber": "167050",
    "DwellTime": 2.3e-06,
    "EchoTime": 0.03,
    "EchoTrainLength": 88,
    "EffectiveEchoSpacing": 0.000539002,
    "FlipAngle": 53,
    "ImageComments": "Unaliased MB6/PE3/LB",
    "ImageOrientationPatientDICOM": [
      1,
      0,
      0,
      0,
      0.939693,
      -0.34202
    ],
    "ImageType": [
      "ORIGINAL",
      "PRIMARY",
      "M",
      "MB",
      "ND",
      "MOSAIC"
    ],
    "ImagingFrequency": 123.25,
    "InPlanePhaseEncodingDirectionDICOM": "COL",
    "InstitutionAddress": "Michigan Ave 320,Pasadena,California,US,91025",
    "InstitutionName": "Caltech Prisma64",
    "InstitutionalDepartmentName": "Department",
    "MRAcquisitionType": "2D",
    "MagneticFieldStrength": 3,
    "Manufacturer": "Siemens",
    "ManufacturersModelName": "Prisma_fit",
    "Modality": "MR",
    "MultibandAccelerationFactor": 6,
    "PartialFourier": 1,
    "PatientBirthDate": "1979-02-01",
    "PatientID": "CC0164",
    "PatientName": "CC0164",
    "PatientPosition": "HFS",
    "PatientSex": "F",
    "PatientWeight": 83.9146,
    "PercentPhaseFOV": 100,
    "PercentSampling": 100,
    "PhaseEncodingDirection": "j-",
    "PhaseEncodingSteps": 88,
    "PhaseOversampling": 0.1,
    "PhaseResolution": 1,
    "PixelBandwidth": 2715,
    "ProcedureStepDescription": "Conte Core",
    "ProtocolName": "task-bang_bold",
    "PulseSequenceDetails": "%CustomerSeq%\\cmrr_mbep2d_bold",
    "ReceiveCoilActiveElements": "HEA;HEP",
    "ReceiveCoilName": "Head_32",
    "ReconMatrixPE": 80,
    "ReferringPhysicianName": "Adolphs",
    "RepetitionTime": 0.7,
    "SAR": 0.0747719,
    "ScanOptions": "FS\\EXT",
    "ScanningSequence": "EP",
    "SequenceName": "epfid2d1_80",
    "SequenceVariant": "SK\\SS\\OSP",
    "SeriesDescription": "task-bang_bold",
    "SeriesInstanceUID": "1.3.12.2.1107.5.2.43.167050.2018092111455921679953796.0.0.0",
    "SeriesNumber": 24,
    "ShimSetting": [
      6951,
      -3688,
      7964,
      839,
      -71,
      -214,
      -762,
      10
    ],
    "SliceThickness": 2.5,
    "SliceTiming": [
      0,
      0.4775,
      0.2725,
      0.07,
      0.545,
      0.34,
      0.1375,
      0.6125,
      0.41,
      0.205,
      0,
      0.4775,
      0.2725,
      0.07,
      0.545,
      0.34,
      0.1375,
      0.6125,
      0.41,
      0.205,
      0,
      0.4775,
      0.2725,
      0.07,
      0.545,
      0.34,
      0.1375,
      0.6125,
      0.41,
      0.205,
      0,
      0.4775,
      0.2725,
      0.07,
      0.545,
      0.34,
      0.1375,
      0.6125,
      0.41,
      0.205,
      0,
      0.4775,
      0.2725,
      0.07,
      0.545,
      0.34,
      0.1375,
      0.6125,
      0.41,
      0.205,
      0,
      0.4775,
      0.2725,
      0.07,
      0.545,
      0.34,
      0.1375,
      0.6125,
      0.41,
      0.205
    ],
    "SoftwareVersions": "syngo MR E11",
    "SpacingBetweenSlices": 2.5,
    "StationName": "PRISMA",
    "StudyID": "1",
    "StudyInstanceUID": "1.3.12.2.1107.5.2.43.167050.30000018081720093477500000160",
    "TaskName": "bang",
    "TotalReadoutTime": 0.0425812,
    "TxRefAmp": 261.784,
    "WipMemBlock": "9747f5a0-f1e2-44fa-8aa8-3f8fce00c59f||Sequence: R016 ve11c/master r/e634e98; Dec 19 2017 11:00:25 by eja",
    "dataset": "unknown",
    "modality": "bold",
    "run_id": 1,
    "session_id": "core2p2",
    "subject_id": "CC0164",
    "task_id": "bang"
  },
  "dummy_trs": 3,
  "dvars_nstd": 36.44712976022662,
  "dvars_std": 1.0586175907790354,
  "dvars_vstd": 1.087045056473088,
  "efc": 0.4903541196850946,
  "fber": 747.1446533203125,
  "fd_mean": 0.16960526057890257,
  "fd_num": 210,
  "fd_perc": 29.702970297029704,
  "fwhm_avg": 3.032576,
  "fwhm_x": 2.8725519999999998,
  "fwhm_y": 3.23288,
  "fwhm_z": 2.992296,
  "gcor": 0.00434007,
  "gsr_x": -0.005305877886712551,
  "gsr_y": 0.057481586933135986,
  "provenance": {
    "md5sum": "394f57c84920aaa01cff07718853c231",
    "settings": {
      "fd_thres": 0.2,
      "hmc_fsl": false
    },
    "software": "mriqc",
    "version": "0.15.0",
    "webapi_port": null,
    "webapi_url": "https://mriqc.nimh.nih.gov/api/v1"
  },
  "size_t": 707,
  "size_x": 80,
  "size_y": 80,
  "size_z": 60,
  "snr": 2.292770846908254,
  "spacing_tr": 0.699999988079071,
  "spacing_x": 2.5,
  "spacing_y": 2.5,
  "spacing_z": 2.5,
  "summary_bg_k": 43.5725579004923,
  "summary_bg_mad": 50.89079284667969,
  "summary_bg_mean": 279.08013916015625,
  "summary_bg_median": 116.60113525390625,
  "summary_bg_n": 258199.0,
  "summary_bg_p05": 78.84286041259766,
  "summary_bg_p95": 981.3431457519526,
  "summary_bg_stdv": 509.6098327636719,
  "summary_fg_k": 1.6763835054596044,
  "summary_fg_mad": 1367.22998046875,
  "summary_fg_mean": 3583.1982421875,
  "summary_fg_median": 3442.89111328125,
  "summary_fg_n": 67979.0,
  "summary_fg_p05": 1500.9453247070314,
  "summary_fg_p95": 6303.20537109375,
  "summary_fg_stdv": 1501.617919921875,
  "tsnr": 36.99280548095703
}