{
  "aor": 0.00040834170854271354,
  "aqi": 0.002981778844221105,
  "bids_meta": {
    "AccessionNumber": "7586-013",
    "AcquisitionDateTime": "2014-07-30T09:41:11.642500",
    "AcquisitionMatrixPE": 80,
    "AcquisitionNumber": 1,
    "AcquisitionTime": "09:41:11.642500",
    "BandwidthPerPixelPhaseEncode": 23.148,
    "BaseResolution": 80,
    "CoilString": "C:HEA;HEP",
    "ConversionSoftware": "dcm2niix",
    "ConversionSoftwareVersion": "v1.0.20210317",
    "DerivedVendorReportedEchoSpacing": 0.000540003,
    "DeviceSerialNumber": "35077",
    "DwellTime": 2.6e-06,
    "EchoTime": 0.03,
    "EffectiveEchoSpacing": 0.000540003,
    "FlipAngle": 60,
    "ImageComments": "Unaliased MB4/PE3",
    "ImageOrientationPatientDICOM": [
      1,
      -1e-16,
      0,
      1e-16,
      0.939693,
      -0.34202
    ],
    "ImageType": [
      "ORIGINAL",
      "PRIMARY",
      "M",
      "ND",
      "MOSAIC"
    ],
    "ImagingFrequency": 123.229,
    "InPlanePhaseEncodingDirectionDICOM": "COL",
    "InstitutionAddress": "Wilson Avenue 340 ,Pasadena,California,US,91025",
    "InstitutionName": "Caltech Tim32",
    "InstitutionalDepartmentName": "Department",
    "MRAcquisitionType": "2D",
    "MagneticFieldStrength": 3,
    "Manufacturer": "Siemens",
    "ManufacturersModelName": "TrioTim",
    "Modality": "MR",
    "MultibandAccelerationFactor": 4,
    "PartialFourier": 1,
    "PatientBirthDate": "1981-01-01",
    "PatientID": "adolphs",
    "PatientName": "CC0005",
    "PatientPosition": "HFS",
    "PatientSex": "F",
    "PatientWeight": 56.6991,
    "PercentPhaseFOV": 100,
    "PercentSampling": 100,
    "PhaseEncodingDirection": "j-",
    "PhaseEncodingSteps": 80,
    "PhaseResolution": 1,
    "PixelBandwidth": 2404,
    "ProcedureStepDescription": "Conte^Core",
    "ProtocolName": "rsBOLD_MB_2",
    "PulseSequenceDetails": "%CustomerSeq%\\cmrr_mbep2d_bold",
    "ReceiveCoilName": "32Ch_Head",
    "ReconMatrixPE": 80,
    "RepetitionTime": 1,
    "SAR": 0.102127,
    "ScanOptions": "FS",
    "ScanningSequence": "EP",
    "SequenceName": "epfid2d1_80",
    "SequenceVariant": "SK",
    "SeriesDescription": "rsBOLD_MB_2",
    "SeriesInstanceUID": "1.3.12.2.1107.5.2.32.35077.2014073009414037188810580.0.0.0",
    "SeriesNumber": 5,
    "ShimSetting": [
      9499,
      -10482,
      15769,
      709,
      -60,
      176,
      92,
      32
    ],
    "SliceThickness": 2.5,
    "SliceTiming": [
      0,
      0.215,
      0.43,
      0.645,
      0.86,
      0.0725,
      0.2875,
      0.5025,
      0.7175,
      0.9325,
      0.1425,
      0.3575,
      0.5725,
      0.7875,
      0,
      0.215,
      0.43,
      0.645,
      0.86,
      0.0725,
      0.2875,
      0.5025,
      0.7175,
      0.9325,
      0.1425,
      0.3575,
      0.5725,
      0.7875,
      0,
      0.215,
      0.43,
      0.645,
      0.86,
      0.0725,
      0.2875,
      0.5025,
      0.7175,
      0.9325,
      0.1425,
      0.3575,
      0.5725,
      0.7875,
      0,
      0.215,
      0.43,
      0.645,
      0.86,
      0.0725,
      0.2875,
      0.5025,
      0.7175,
      0.9325,
      0.1425,
      0.3575,
      0.5725,
      0.7875
    ],
    "SoftwareVersions": "syngo MR B17",
    "SpacingBetweenSlices": 2.5,
    "StationName": "MEDPC",
    "StudyID": "1",
    "StudyInstanceUID": "1.3.12.2.1107.5.2.32.35077.30000014072816042654600000025",
    "TaskName": "rest",
    "TotalReadoutTime": 0.0426603,
    "TxRefAmp": 311.915,
    "dataset": "unknown",
    "modality": "bold",
    "run_id": 2,
    "session_id": "core1p2",
    "subject_id": "CC0005",
    "task_id": "rest"
  },
  "dummy_trs": 2,
  "dvars_nstd": 27.14639600785895,
  "dvars_std": 1.0599843494206558,
  "dvars_vstd": 0.9874007030226697,
  "efc": 0.5220663464216371,
  "fber": 970.0266723632812,
  "fd_mean": 0.0872031178156999,
  "fd_num": 0,
  "fd_perc": 0.0,
  "fwhm_avg": 2.965453333333334,
  "fwhm_x": 2.88628,
  "fwhm_y": 3.0971520000000003,
  "fwhm_z": 2.912928,
  "gcor": 0.018222,
  "gsr_x": -0.024390213191509247,
  "gsr_y": 0.07891134172677994,
  "provenance": {
    "md5sum": "79e6459c6b5691ac7612b2c1596689ee",
    "settings": {
      "fd_thres": 0.2,
      "hmc_fsl": false
    },
    "software": "mriqc",
    "version": "0.15.0",
    "webapi_port": null,
    "webapi_url": "https://mriqc.nimh.nih.gov/api/v1"
  },
  "size_t": 398,
  "size_x": 80,
  "size_y": 80,
  "size_z": 56,
  "snr": 2.2259733903925483,
  "spacing_tr": 1.0,
  "spacing_x": 2.5,
  "spacing_y": 2.5,
  "spacing_z": 2.5,
  "summary_bg_k": 56.28067604338909,
  "summary_bg_mad": 6.2731218338012695,
  "summary_bg_mean": 34.538848876953125,
  "summary_bg_median": 14.793970108032227,
  "summary_bg_n": 212717.0,
  "summary_bg_p05": 10.14824104309082,
  "summary_bg_p95": 124.8296493530273,
  "summary_bg_stdv": 59.94113540649414,
  "summary_fg_k": 2.0012900863740475,
  "summary_fg_mad": 184.43869018554688,
  "summary_fg_mean": 552.8784790039062,
  "summary_fg_median": 506.40704345703125,
  "summary_fg_n": 85709.0,
  "summary_fg_p05": 275.3577819824219,
  "summary_fg_p95": 1002.1065063476562,
  "summary_fg_stdv": 227.49781799316406,
  "tsnr": 50.133121490478516
}