{
  "bids_meta": {
    "AccessionNumber": "7619-012",
    "AcquisitionDateTime": "2014-10-17T14:02:18.190000",
    "AcquisitionMatrixPE": 256,
    "AcquisitionNumber": 1,
    "AcquisitionTime": "14:02:18.190000",
    "BaseResolution": 256,
    "CoilString": "C:HEA;HEP",
    "ConversionSoftware": "dcm2niix",
    "ConversionSoftwareVersion": "v1.0.20210317",
    "DeviceSerialNumber": "35077",
    "DwellTime": 1.09e-05,
    "EchoTime": 0.00291,
    "FlipAngle": 10,
    "ImageOrientationPatientDICOM": [
      0,
      1,
      0,
      0,
      0,
      -1
    ],
    "ImageType": [
      "ORIGINAL",
      "PRIMARY",
      "M",
      "ND",
      "NORM"
    ],
    "ImagingFrequency": 123.229,
    "InPlanePhaseEncodingDirectionDICOM": "ROW",
    "InstitutionAddress": "Wilson Avenue 340 ,Pasadena,California,US,91025",
    "InstitutionName": "Caltech Tim32",
    "InstitutionalDepartmentName": "Department",
    "InversionTime": 0.8,
    "MRAcquisitionType": "3D",
    "MagneticFieldStrength": 3,
    "Manufacturer": "Siemens",
    "ManufacturersModelName": "TrioTim",
    "Modality": "MR",
    "PartialFourier": 1,
    "PatientBirthDate": "1991-01-01",
    "PatientID": "adolphs",
    "PatientName": "CC0009",
    "PatientPosition": "HFS",
    "PatientSex": "M",
    "PatientWeight": 62.1422,
    "PercentPhaseFOV": 100,
    "PercentSampling": 100,
    "PhaseEncodingSteps": 256,
    "PhaseResolution": 1,
    "PixelBandwidth": 179,
    "ProcedureStepDescription": "Conte^Core",
    "ProtocolName": "T1_2",
    "PulseSequenceDetails": "%SiemensSeq%\\tfl",
    "ReceiveCoilName": "32Ch_Head",
    "ReconMatrixPE": 256,
    "RepetitionTime": 1.5,
    "SAR": 0.139134,
    "ScanOptions": "IR",
    "ScanningSequence": "GR\\IR",
    "SequenceName": "*tfl3d1",
    "SequenceVariant": "SP\\MP",
    "SeriesDescription": "T1_2",
    "SeriesInstanceUID": "1.3.12.2.1107.5.2.32.35077.2014101714015537963895130.0.0.0",
    "SeriesNumber": 10,
    "ShimSetting": [
      9561,
      -10538,
      15699,
      614,
      -55,
      -80,
      164,
      12
    ],
    "SliceThickness": 1,
    "SoftwareVersions": "syngo MR B17",
    "StationName": "MEDPC",
    "StudyID": "1",
    "StudyInstanceUID": "1.3.12.2.1107.5.2.32.35077.30000014101317092323400000013",
    "TxRefAmp": 320.218,
    "dataset": "unknown",
    "modality": "T1w",
    "run_id": 2,
    "session_id": "core1p2",
    "subject_id": "CC0009"
  },
  "cjv": 0.6019091860190516,
  "cnr": 2.2711256369259893,
  "efc": 0.5552295405753601,
  "fber": 8022.3232421875,
  "fwhm_avg": 4.380936666666667,
  "fwhm_x": 4.38919,
  "fwhm_y": 4.43202,
  "fwhm_z": 4.3216,
  "icvs_csf": 0.21923513740851902,
  "icvs_gm": 0.4191916351154808,
  "icvs_wm": 0.3615732274760002,
  "inu_med": 1.459537386894226,
  "inu_range": 0.3733418583869934,
  "provenance": {
    "md5sum": "1b8cc58f00c7f459f2034009859798ba",
    "settings": {
      "testing": false
    },
    "software": "mriqc",
    "version": "0.15.0",
    "warnings": {
      "large_rot_frame": true,
      "small_air_mask": false
    },
    "webapi_port": null,
    "webapi_url": "https://mriqc.nimh.nih.gov/api/v1"
  },
  "qi_1": 0.00016867768317881728,
  "qi_2": 0.023433732460356488,
  "rpve_csf": 21.32025029926275,
  "rpve_gm": 11.47793672610529,
  "rpve_wm": 15.777666990753191,
  "size_x": 176,
  "size_y": 256,
  "size_z": 256,
  "snr_csf": 3.682511050054616,
  "snr_gm": 10.03120025060597,
  "snr_total": 14.327830710910149,
  "snr_wm": 29.26978083206986,
  "snrd_csf": 73.01120598765226,
  "snrd_gm": 141.5513210450742,
  "snrd_total": 130.35157712259002,
  "snrd_wm": 176.49220433504362,
  "spacing_x": 1.0,
  "spacing_y": 1.0,
  "spacing_z": 1.0,
  "summary_bg_k": 36.121849777113106,
  "summary_bg_mad": 3.7119922637939453,
  "summary_bg_mean": 5.8491106033325195,
  "summary_bg_median": 4.9974260330200195,
  "summary_bg_n": 2780423.0,
  "summary_bg_p05": 0.0,
  "summary_bg_p95": 17.212139701843245,
  "summary_bg_stdv": 6.247450828552246,
  "summary_csf_k": 1.0519393851642382,
  "summary_csf_mad": 127.94050598144531,
  "summary_csf_mean": 431.0682678222656,
  "summary_csf_median": 413.6803283691406,
  "summary_csf_n": 40881.0,
  "summary_csf_p05": 278.88446044921875,
  "summary_csf_p95": 620.097412109375,
  "summary_csf_stdv": 112.3351058959961,
  "summary_gm_k": -0.7528501618859242,
  "summary_gm_mad": 90.11432647705078,
  "summary_gm_mean": 810.5990600585938,
  "summary_gm_median": 802.0275268554688,
  "summary_gm_n": 40473.0,
  "summary_gm_p05": 689.2948852539063,
  "summary_gm_p95": 943.80810546875,
  "summary_gm_stdv": 79.95230865478516,
  "summary_wm_k": 1.9124465905541177,
  "summary_wm_mad": 29.048336029052734,
  "summary_wm_mean": 998.9337768554688,
  "summary_wm_median": 1000.0020141601562,
  "summary_wm_n": 244298.0,
  "summary_wm_p05": 941.898486328125,
  "summary_wm_p95": 1051.2108276367187,
  "summary_wm_stdv": 34.1649284362793,
  "tpm_overlap_csf": 0.2223655730485916,
  "tpm_overlap_gm": 0.5041276216506958,
  "tpm_overlap_wm": 0.5574742555618286,
  "wm2max": 0.5967254110000533
}