{
  "aor": 0.0016237341772151897,
  "aqi": 0.004103533417721518,
  "bids_meta": {
    "AccessionNumber": "8581-001",
    "AcquisitionDateTime": "2018-10-04T11:46:48.212500",
    "AcquisitionMatrixPE": 80,
    "AcquisitionNumber": 1,
    "AcquisitionTime": "11:46:48.212500",
    "BandwidthPerPixelPhaseEncode": 23.191,
    "BaseResolution": 80,
    "BodyPartExamined": "BRAIN",
    "ConsistencyInfo": "N4_VE11C_LATEST_20160120",
    "ConversionSoftware": "dcm2niix",
    "ConversionSoftwareVersion": "v1.0.20210317",
    "DerivedVendorReportedEchoSpacing": 0.000490002,
    "DeviceSerialNumber": "167050",
    "DwellTime": 2.3e-06,
    "EchoTime": 0.03,
    "EchoTrainLength": 88,
    "EffectiveEchoSpacing": 0.000539002,
    "FlipAngle": 53,
    "ImageComments": "Unaliased MB6/PE3/LB",
    "ImageOrientationPatientDICOM": [
      1,
      0,
      0,
      0,
      0.939693,
      -0.34202
    ],
    "ImageType": [
      "ORIGINAL",
      "PRIMARY",
      "M",
      "MB",
      "ND",
      "MOSAIC"
    ],
    "ImagingFrequency": 123.25,
    "InPlanePhaseEncodingDirectionDICOM": "COL",
    "InstitutionAddress": "Michigan Ave 320,Pasadena,California,US,91025",
    "InstitutionName": "Caltech Prisma64",
    "InstitutionalDepartmentName": "Department",
    "MRAcquisitionType": "2D",
    "MagneticFieldStrength": 3,
    "Manufacturer": "Siemens",
    "ManufacturersModelName": "Prisma_fit",
    "Modality": "MR",
    "MultibandAccelerationFactor": 6,
    "PartialFourier": 1,
    "PatientBirthDate": "1989-01-01",
    "PatientID": "CC0172",
    "PatientName": "CC0172",
    "PatientPosition": "HFS",
    "PatientSex": "M",
    "PatientWeight": 72.5748,
    "PercentPhaseFOV": 100,
    "PercentSampling": 100,
    "PhaseEncodingDirection": "j-",
    "PhaseEncodingSteps": 88,
    "PhaseOversampling": 0.1,
    "PhaseResolution": 1,
    "PixelBandwidth": 2715,
    "ProcedureStepDescription": "Conte Core",
    "ProtocolName": "task-pixar_run-01_bold",
    "PulseSequenceDetails": "%CustomerSeq%\\cmrr_mbep2d_bold",
    "ReceiveCoilActiveElements": "HEA;HEP",
    "ReceiveCoilName": "Head_32",
    "ReconMatrixPE": 80,
    "ReferringPhysicianName": "Adolphs",
    "RepetitionTime": 0.7,
    "SAR": 0.0920103,
    "ScanOptions": "FS\\EXT",
    "ScanningSequence": "EP",
    "SequenceName": "epfid2d1_80",
    "SequenceVariant": "SK\\SS\\OSP",
    "SeriesDescription": "task-pixar_run-01_bold",
    "SeriesInstanceUID": "1.3.12.2.1107.5.2.43.167050.2018100411444934376911151.0.0.0",
    "SeriesNumber": 39,
    "ShimSetting": [
      7012,
      -3614,
      7981,
      474,
      33,
      99,
      61,
      -9
    ],
    "SliceThickness": 2.5,
    "SliceTiming": [
      0,
      0.475,
      0.2725,
      0.0675,
      0.545,
      0.34,
      0.135,
      0.6125,
      0.4075,
      0.205,
      0,
      0.475,
      0.2725,
      0.0675,
      0.545,
      0.34,
      0.135,
      0.6125,
      0.4075,
      0.205,
      0,
      0.475,
      0.2725,
      0.0675,
      0.545,
      0.34,
      0.135,
      0.6125,
      0.4075,
      0.205,
      0,
      0.475,
      0.2725,
      0.0675,
      0.545,
      0.34,
      0.135,
      0.6125,
      0.4075,
      0.205,
      0,
      0.475,
      0.2725,
      0.0675,
      0.545,
      0.34,
      0.135,
      0.6125,
      0.4075,
      0.205,
      0,
      0.475,
      0.2725,
      0.0675,
      0.545,
      0.34,
      0.135,
      0.6125,
      0.4075,
      0.205
    ],
    "SoftwareVersions": "syngo MR E11",
    "SpacingBetweenSlices": 2.5,
    "StationName": "PRISMA",
    "StudyID": "1",
    "StudyInstanceUID": "1.3.12.2.1107.5.2.43.167050.30000018081720093477500000214",
    "TaskName": "pixar",
    "TotalReadoutTime": 0.0425812,
    "TxRefAmp": 266.477,
    "WipMemBlock": "4cc6f18f-6930-4b45-ab57-29a556f1588a||Sequence: R016 ve11c/master r/e634e98; Dec 19 2017 11:00:25 by eja",
    "dataset": "unknown",
    "modality": "bold",
    "run_id": 1,
    "session_id": "core2p2",
    "subject_id": "CC0172",
    "task_id": "pixar"
  },
  "dummy_trs": 2,
  "dvars_nstd": 32.291802416363645,
  "dvars_std": 1.073420336004228,
  "dvars_vstd": 1.0362884682241018,
  "efc": 0.5591948429490411,
  "fber": 523.1036987304688,
  "fd_mean": 0.09741688522155098,
  "fd_num": 31,
  "fd_perc": 6.540084388185654,
  "fwhm_avg": 2.9244946666666665,
  "fwhm_x": 2.6848400000000003,
  "fwhm_y": 3.142588,
  "fwhm_z": 2.946056,
  "gcor": 0.0237585,
  "gsr_x": 0.017117466777563095,
  "gsr_y": 0.09935254603624344,
  "provenance": {
    "md5sum": "88b27d6a526791fd70662b8ca8b46824",
    "settings": {
      "fd_thres": 0.2,
      "hmc_fsl": false
    },
    "software": "mriqc",
    "version": "0.15.0",
    "webapi_port": null,
    "webapi_url": "https://mriqc.nimh.nih.gov/api/v1"
  },
  "size_t": 474,
  "size_x": 80,
  "size_y": 80,
  "size_z": 60,
  "snr": 1.7742188526217524,
  "spacing_tr": 0.699999988079071,
  "spacing_x": 2.5,
  "spacing_y": 2.5,
  "spacing_z": 2.5,
  "summary_bg_k": 12.563410643460296,
  "summary_bg_mad": 105.53374481201172,
  "summary_bg_mean": 544.8880004882812,
  "summary_bg_median": 175.43881225585938,
  "summary_bg_n": 218133.0,
  "summary_bg_p05": 90.91560363769531,
  "summary_bg_p95": 2557.91591796875,
  "summary_bg_stdv": 921.4904174804688,
  "summary_fg_k": 1.0079069008820296,
  "summary_fg_mad": 2281.0458984375,
  "summary_fg_mean": 5007.16259765625,
  "summary_fg_median": 4456.7529296875,
  "summary_fg_n": 100549.0,
  "summary_fg_p05": 1882.0007568359374,
  "summary_fg_p95": 9855.7265625,
  "summary_fg_stdv": 2511.939697265625,
  "tsnr": 40.22943878173828
}