{
  "bids_meta": {
    "AccessionNumber": "8553-001",
    "AcquisitionDateTime": "2018-08-24T09:59:42.627500",
    "AcquisitionMatrixPE": 256,
    "AcquisitionNumber": 1,
    "AcquisitionTime": "09:59:42.627500",
    "BaseResolution": 256,
    "BodyPartExamined": "BRAIN",
    "ConsistencyInfo": "N4_VE11C_LATEST_20160120",
    "ConversionSoftware": "dcm2niix",
    "ConversionSoftwareVersion": "v1.0.20210317",
    "DeviceSerialNumber": "167050",
    "DwellTime": 3e-06,
    "EchoNumber": 4,
    "FlipAngle": 8,
    "ImageComments": "Average over all echoes.",
    "ImageOrientationPatientDICOM": [
      0,
      1,
      0,
      0,
      0,
      -1
    ],
    "ImageType": [
      "ORIGINAL",
      "PRIMARY",
      "ECHO",
      "COMBINED",
      "ND"
    ],
    "ImagingFrequency": 123.25,
    "InPlanePhaseEncodingDirectionDICOM": "ROW",
    "InstitutionAddress": "Michigan Ave 320,Pasadena,California,US,91025",
    "InstitutionName": "Caltech Prisma64",
    "InstitutionalDepartmentName": "Department",
    "InversionTime": 1.15,
    "MRAcquisitionType": "3D",
    "MagneticFieldStrength": 3,
    "Manufacturer": "Siemens",
    "ManufacturersModelName": "Prisma_fit",
    "Modality": "MR",
    "ParallelReductionFactorInPlane": 2,
    "PartialFourier": 1,
    "PatientBirthDate": "1993-07-01",
    "PatientID": "CC0153",
    "PatientName": "CC0153",
    "PatientPosition": "HFS",
    "PatientSex": "F",
    "PatientWeight": 49.8952,
    "PercentPhaseFOV": 100,
    "PercentSampling": 100,
    "PhaseEncodingSteps": 282,
    "PhaseOversampling": 0.1,
    "PhaseResolution": 1,
    "PixelBandwidth": 650,
    "ProtocolName": "T1w",
    "PulseSequenceDetails": "%CustomerSeq%\\tfl_wip900D_VE11C",
    "ReceiveCoilActiveElements": "HEA;HEP",
    "ReceiveCoilName": "Head_32",
    "ReconMatrixPE": 256,
    "RefLinesPE": 32,
    "ReferringPhysicianName": "Adolphs",
    "RepetitionTime": 2.55,
    "SAR": 0.0430514,
    "ScanOptions": "IR\\WE",
    "ScanningSequence": "GR\\IR",
    "SequenceName": "tfl3d4_16ns",
    "SequenceVariant": "SK\\SP\\MP\\OSP",
    "SeriesDescription": "T1w_combEcho",
    "SeriesInstanceUID": "1.3.12.2.1107.5.2.43.167050.2018082410065080657427886.0.0.0",
    "SeriesNumber": 5,
    "ShimSetting": [
      6958,
      -3657,
      7877,
      482,
      -110,
      -192,
      -119,
      68
    ],
    "SliceThickness": 0.9,
    "SoftwareVersions": "syngo MR E11",
    "StationName": "PRISMA",
    "StudyID": "1",
    "StudyInstanceUID": "1.3.12.2.1107.5.2.43.167050.30000018081720093477500000037",
    "TxRefAmp": 235.59,
    "WipMemBlock": "WIP_Identifier: WIP#900D",
    "acq_id": "combecho",
    "dataset": "unknown",
    "modality": "T1w",
    "run_id": 2,
    "session_id": "core2p2",
    "subject_id": "CC0153"
  },
  "cjv": 0.6478301844775964,
  "cnr": 2.0762172261026683,
  "efc": 0.5782692611680021,
  "fber": 256.7092590332031,
  "fwhm_avg": 5.407566553268375,
  "fwhm_x": 5.394177920674693,
  "fwhm_y": 5.267110956521739,
  "fwhm_z": 5.561410782608696,
  "icvs_csf": 0.20235692933788874,
  "icvs_gm": 0.3814023171683747,
  "icvs_wm": 0.41624075349373657,
  "inu_med": 1.9385484457015991,
  "inu_range": 1.5281873941421509,
  "provenance": {
    "md5sum": "c81405d02295329919bc808c8ea59e38",
    "settings": {
      "testing": false
    },
    "software": "mriqc",
    "version": "0.15.0",
    "warnings": {
      "large_rot_frame": false,
      "small_air_mask": false
    },
    "webapi_port": null,
    "webapi_url": "https://mriqc.nimh.nih.gov/api/v1"
  },
  "qi_1": 0.0,
  "qi_2": 0.008737205200988198,
  "rpve_csf": 25.61724501918173,
  "rpve_gm": 12.526617297358024,
  "rpve_wm": 13.502568345468038,
  "size_x": 208,
  "size_y": 256,
  "size_z": 256,
  "snr_csf": 3.898624049620698,
  "snr_gm": 12.710670455327127,
  "snr_total": 9.491978297755331,
  "snr_wm": 11.866640388318167,
  "snrd_csf": 20.945259427191765,
  "snrd_gm": 46.41155780818155,
  "snrd_total": 42.23309808860421,
  "snrd_wm": 59.34247703043931,
  "spacing_x": 0.8999999761581421,
  "spacing_y": 0.8984375,
  "spacing_z": 0.8984375,
  "summary_bg_k": 1.4995393069627685,
  "summary_bg_mad": 11.039613723754883,
  "summary_bg_mean": 39.55109405517578,
  "summary_bg_median": 38.13295364379883,
  "summary_bg_n": 3470351.0,
  "summary_bg_p05": 23.063791275024414,
  "summary_bg_p95": 58.854618072509766,
  "summary_bg_stdv": 11.299065589904785,
  "summary_csf_k": 0.6061562811383236,
  "summary_csf_mad": 81.44647979736328,
  "summary_csf_mean": 372.7433776855469,
  "summary_csf_median": 352.9457092285156,
  "summary_csf_n": 47001.0,
  "summary_csf_p05": 257.7242736816406,
  "summary_csf_p95": 546.2462158203125,
  "summary_csf_stdv": 90.52987670898438,
  "summary_gm_k": 0.03698117427168235,
  "summary_gm_mad": 62.028587341308594,
  "summary_gm_mean": 783.516357421875,
  "summary_gm_median": 782.0748291015625,
  "summary_gm_n": 25449.0,
  "summary_gm_p05": 685.23857421875,
  "summary_gm_p95": 885.7703124999999,
  "summary_gm_stdv": 61.52779006958008,
  "summary_wm_k": 0.37795732767015444,
  "summary_wm_mad": 79.13176727294922,
  "summary_wm_mean": 1018.5828247070312,
  "summary_wm_median": 999.9719848632812,
  "summary_wm_n": 227460.0,
  "summary_wm_p05": 912.9073516845704,
  "summary_wm_p95": 1180.4058044433593,
  "summary_wm_stdv": 84.26730346679688,
  "tpm_overlap_csf": 0.231847882270813,
  "tpm_overlap_gm": 0.44509419798851013,
  "tpm_overlap_wm": 0.4978116750717163,
  "wm2max": 0.558669122099068
}