{
  "bids_meta": {
    "AccessionNumber": "8553-001",
    "AcquisitionDateTime": "2018-08-24T10:17:34.287500",
    "AcquisitionMatrixPE": 256,
    "AcquisitionNumber": 1,
    "AcquisitionTime": "10:17:34.287500",
    "BaseResolution": 256,
    "BodyPartExamined": "BRAIN",
    "ConsistencyInfo": "N4_VE11C_LATEST_20160120",
    "ConversionSoftware": "dcm2niix",
    "ConversionSoftwareVersion": "v1.0.20210317",
    "DeviceSerialNumber": "167050",
    "DwellTime": 2.6e-06,
    "EchoTime": 0.564,
    "EchoTrainLength": 314,
    "FlipAngle": 120,
    "ImageOrientationPatientDICOM": [
      0,
      1,
      0,
      0,
      0,
      -1
    ],
    "ImageType": [
      "ORIGINAL",
      "PRIMARY",
      "M",
      "ND",
      "NORM"
    ],
    "ImagingFrequency": 123.25,
    "InPlanePhaseEncodingDirectionDICOM": "ROW",
    "InstitutionAddress": "Michigan Ave 320,Pasadena,California,US,91025",
    "InstitutionName": "Caltech Prisma64",
    "InstitutionalDepartmentName": "Department",
    "MRAcquisitionType": "3D",
    "MagneticFieldStrength": 3,
    "Manufacturer": "Siemens",
    "ManufacturersModelName": "Prisma_fit",
    "Modality": "MR",
    "ParallelReductionFactorInPlane": 2,
    "PartialFourier": 1,
    "PatientBirthDate": "1993-07-01",
    "PatientID": "CC0153",
    "PatientName": "CC0153",
    "PatientPosition": "HFS",
    "PatientSex": "F",
    "PatientWeight": 49.8952,
    "PercentPhaseFOV": 100,
    "PercentSampling": 100,
    "PhaseEncodingDirection": "i",
    "PhaseEncodingSteps": 274,
    "PhaseOversampling": 0.1,
    "PhaseResolution": 1,
    "PixelBandwidth": 750,
    "ProtocolName": "T2w",
    "PulseSequenceDetails": "%SiemensSeq%\\tse_vfl",
    "ReceiveCoilActiveElements": "HEA;HEP",
    "ReceiveCoilName": "Head_32",
    "ReconMatrixPE": 256,
    "RefLinesPE": 32,
    "ReferringPhysicianName": "Adolphs",
    "RepetitionTime": 3.2,
    "SAR": 0.169434,
    "ScanOptions": "PFP",
    "ScanningSequence": "SE",
    "SequenceName": "*spc_314ns",
    "SequenceVariant": "SK\\SP\\OSP",
    "SeriesDescription": "T2w",
    "SeriesInstanceUID": "1.3.12.2.1107.5.2.43.167050.2018082410231170124339496.0.0.0",
    "SeriesNumber": 12,
    "ShimSetting": [
      6958,
      -3657,
      7877,
      482,
      -110,
      -192,
      -119,
      68
    ],
    "SliceThickness": 0.9,
    "SoftwareVersions": "syngo MR E11",
    "StationName": "PRISMA",
    "StudyID": "1",
    "StudyInstanceUID": "1.3.12.2.1107.5.2.43.167050.30000018081720093477500000037",
    "TxRefAmp": 235.59,
    "dataset": "unknown",
    "modality": "T2w",
    "run_id": 2,
    "session_id": "core2p2",
    "subject_id": "CC0153"
  },
  "cjv": 0.38171265714002384,
  "cnr": 3.4022486566360963,
  "efc": 0.5202267393503561,
  "fber": 4797.39111328125,
  "fwhm_avg": 2.4301300239625383,
  "fwhm_x": 2.348944506670224,
  "fwhm_y": 2.711329391304348,
  "fwhm_z": 2.2301161739130437,
  "icvs_csf": 0.17752850373175025,
  "icvs_gm": 0.43595068325798,
  "icvs_wm": 0.3865208130102698,
  "inu_med": 1.6482950448989868,
  "inu_range": 0.33249537944793706,
  "provenance": {
    "md5sum": "b069f01e08ddcfec9033717eae697419",
    "settings": {
      "testing": false
    },
    "software": "mriqc",
    "version": "0.15.0",
    "warnings": {
      "large_rot_frame": false,
      "small_air_mask": false
    },
    "webapi_port": null,
    "webapi_url": "https://mriqc.nimh.nih.gov/api/v1"
  },
  "qi_1": 0.0,
  "qi_2": 0.010503576363699009,
  "rpve_csf": 29.092393461049227,
  "rpve_gm": 12.323783993193347,
  "rpve_wm": 15.605817064528118,
  "size_x": 208,
  "size_y": 256,
  "size_z": 256,
  "snr_csf": 4.679549272962424,
  "snr_gm": 10.227608334246755,
  "snr_total": 8.260931430920964,
  "snr_wm": 9.875636685553717,
  "snrd_csf": 267.259967387598,
  "snrd_gm": 120.54246220532148,
  "snrd_total": 153.63789975072996,
  "snrd_wm": 73.11126965927039,
  "spacing_x": 0.8999999761581421,
  "spacing_y": 0.8984375,
  "spacing_z": 0.8984375,
  "summary_bg_k": 14.753358673356804,
  "summary_bg_mad": 8.960307121276855,
  "summary_bg_mean": 13.25738525390625,
  "summary_bg_median": 9.313203811645508,
  "summary_bg_n": 3448289.0,
  "summary_bg_p05": 3.0851426124572754,
  "summary_bg_p95": 33.87711791992187,
  "summary_bg_stdv": 10.956679344177246,
  "summary_csf_k": 3.112981545892361,
  "summary_csf_mad": 501.8702697753906,
  "summary_csf_mean": 3456.895751953125,
  "summary_csf_median": 3655.3173828125,
  "summary_csf_n": 32383.0,
  "summary_csf_p05": 1819.495690917969,
  "summary_csf_p95": 4314.263818359374,
  "summary_csf_stdv": 781.1138916015625,
  "summary_gm_k": 0.5615682654572898,
  "summary_gm_mad": 153.63421630859375,
  "summary_gm_mean": 1641.596923828125,
  "summary_gm_median": 1648.6605224609375,
  "summary_gm_n": 43174.0,
  "summary_gm_p05": 1368.6681701660157,
  "summary_gm_p95": 1892.3160827636718,
  "summary_gm_stdv": 161.19520568847656,
  "summary_wm_k": 0.5516163824719356,
  "summary_wm_mad": 93.98924255371094,
  "summary_wm_mean": 996.2646484375,
  "summary_wm_median": 999.943603515625,
  "summary_wm_n": 239616.0,
  "summary_wm_p05": 822.1617584228516,
  "summary_wm_p95": 1155.1330871582031,
  "summary_wm_stdv": 101.25337219238281,
  "tpm_overlap_csf": 0.20296649634838104,
  "tpm_overlap_gm": 0.4909518361091614,
  "tpm_overlap_wm": 0.554213285446167,
  "wm2max": 0.2345816644334516
}