{
    "Modality":"MR",
    "MagneticFieldStrength":3,
    "ImagingFrequency":123.229,
    "Manufacturer":"Siemens",
    "ManufacturersModelName":"TrioTim",
    "InstitutionName":"Caltech Tim32",
    "InstitutionalDepartmentName":"Department",
    "InstitutionAddress":"Wilson Avenue 340 ,Pasadena,California,US,91025",
    "DeviceSerialNumber":"35077",
    "StationName":"MEDPC",
    "SeriesInstanceUID":"1.3.12.2.1107.5.2.32.35077.2013032015525176393431797.0.0.0",
    "StudyInstanceUID":"1.3.12.2.1107.5.2.32.35077.30000013031916254787500000028",
    "StudyID":"1",
    "PatientName":"CC0009",
    "PatientID":"adolphs",
    "AccessionNumber":"6514-008",
    "PatientBirthDate":"1991-01-01",
    "PatientSex":"M",
    "PatientWeight":62.1422,
    "PatientPosition":"HFS",
    "ProcedureStepDescription":"Conte^Core",
    "SoftwareVersions":"syngo MR B17",
    "MRAcquisitionType":"2D",
    "SeriesDescription":"rsBOLD_2",
    "ProtocolName":"rsBOLD_2",
    "ScanningSequence":"EP",
    "SequenceVariant":"SK",
    "ScanOptions":"FS",
    "SequenceName":"*epfid2d1_64",
    "ImageType":[
        "ORIGINAL",
        "PRIMARY",
        "M",
        "ND",
        "MOSAIC"
    ],
    "SeriesNumber":5,
    "AcquisitionTime":"15:53:20.262500",
    "AcquisitionDateTime":"2013-03-20T15:53:20.262500",
    "AcquisitionNumber":1,
    "SliceThickness":3,
    "SpacingBetweenSlices":3,
    "SAR":0.197721,
    "EchoTime":0.03,
    "RepetitionTime":2.5,
    "FlipAngle":85,
    "PartialFourier":1,
    "BaseResolution":64,
    "ShimSetting":[
        9557,
        -10491,
        15752,
        735,
        -58,
        114,
        120,
        40
    ],
    "TxRefAmp":299.066,
    "PhaseResolution":1,
    "ReceiveCoilName":"32Ch_Head",
    "CoilString":"C:HEA;HEP",
    "PulseSequenceDetails":"%SiemensSeq%\\ep2d_bold",
    "RefLinesPE":32,
    "PercentPhaseFOV":100,
    "PercentSampling":100,
    "PhaseEncodingSteps":64,
    "AcquisitionMatrixPE":64,
    "ReconMatrixPE":64,
    "BandwidthPerPixelPhaseEncode":66.489,
    "ParallelReductionFactorInPlane":2,
    "EffectiveEchoSpacing":0.000235001,
    "DerivedVendorReportedEchoSpacing":0.000470003,
    "TotalReadoutTime":0.0148051,
    "PixelBandwidth":2604,
    "DwellTime":3e-06,
    "PhaseEncodingDirection":"j-",
    "SliceTiming":[
        0,
        0.0525,
        0.105,
        0.16,
        0.2125,
        0.265,
        0.32,
        0.3725,
        0.425,
        0.48,
        0.5325,
        0.585,
        0.64,
        0.6925,
        0.7475,
        0.8,
        0.8525,
        0.9075,
        0.96,
        1.0125,
        1.0675,
        1.12,
        1.1725,
        1.2275,
        1.28,
        1.3325,
        1.3875,
        1.44,
        1.495,
        1.5475,
        1.6,
        1.655,
        1.7075,
        1.76,
        1.815,
        1.8675,
        1.92,
        1.975,
        2.0275,
        2.08,
        2.135,
        2.1875,
        2.2425,
        2.295,
        2.3475,
        2.4025,
        2.455
    ],
    "ImageOrientationPatientDICOM":[
        1,
        -1e-16,
        0,
        1e-16,
        0.939693,
        -0.34202
    ],
    "InPlanePhaseEncodingDirectionDICOM":"COL",
    "ConversionSoftware":"dcm2niix",
    "ConversionSoftwareVersion":"v1.0.20210317",
    "TaskName":"rest"
}