{
  "bids_meta": {
    "AccessionNumber": "8710-001",
    "AcquisitionDateTime": "2019-02-06T13:25:26.680000",
    "AcquisitionMatrixPE": 256,
    "AcquisitionNumber": 1,
    "AcquisitionTime": "13:25:26.680000",
    "BaseResolution": 256,
    "BodyPartExamined": "BRAIN",
    "ConsistencyInfo": "N4_VE11C_LATEST_20160120",
    "ConversionSoftware": "dcm2niix",
    "ConversionSoftwareVersion": "v1.0.20210317",
    "DeviceSerialNumber": "167050",
    "DwellTime": 3e-06,
    "EchoNumber": 4,
    "FlipAngle": 8,
    "ImageComments": "Average over all echoes.",
    "ImageOrientationPatientDICOM": [
      0,
      1,
      0,
      0,
      0,
      -1
    ],
    "ImageType": [
      "ORIGINAL",
      "PRIMARY",
      "ECHO",
      "COMBINED",
      "ND",
      "NORM"
    ],
    "ImagingFrequency": 123.25,
    "InPlanePhaseEncodingDirectionDICOM": "ROW",
    "InstitutionAddress": "Michigan Ave 320,Pasadena,California,US,91025",
    "InstitutionName": "Caltech Prisma64",
    "InstitutionalDepartmentName": "Department",
    "InversionTime": 1.15,
    "MRAcquisitionType": "3D",
    "MagneticFieldStrength": 3,
    "Manufacturer": "Siemens",
    "ManufacturersModelName": "Prisma_fit",
    "Modality": "MR",
    "ParallelReductionFactorInPlane": 2,
    "PartialFourier": 1,
    "PatientBirthDate": "1995-08-01",
    "PatientID": "CC0181",
    "PatientName": "CC0181",
    "PatientPosition": "HFS",
    "PatientSex": "M",
    "PatientWeight": 76.2035,
    "PercentPhaseFOV": 100,
    "PercentSampling": 100,
    "PhaseEncodingSteps": 282,
    "PhaseOversampling": 0.1,
    "PhaseResolution": 1,
    "PixelBandwidth": 650,
    "ProtocolName": "T1w",
    "PulseSequenceDetails": "%CustomerSeq%\\tfl_wip900D_VE11C",
    "ReceiveCoilActiveElements": "HEA;HEP",
    "ReceiveCoilName": "Head_32",
    "ReconMatrixPE": 256,
    "RefLinesPE": 32,
    "ReferringPhysicianName": "Adolphs",
    "RepetitionTime": 2.55,
    "SAR": 0.0403143,
    "ScanOptions": "IR\\WE",
    "ScanningSequence": "GR\\IR",
    "SequenceName": "tfl3d4_16ns",
    "SequenceVariant": "SK\\SP\\MP\\OSP",
    "SeriesDescription": "T1w_combEcho",
    "SeriesInstanceUID": "1.3.12.2.1107.5.2.43.167050.2019020613323644398622937.0.0.0",
    "SeriesNumber": 5,
    "ShimSetting": [
      6954,
      -3621,
      7899,
      429,
      -157,
      -202,
      -42,
      29
    ],
    "SliceThickness": 0.9,
    "SoftwareVersions": "syngo MR E11",
    "StationName": "PRISMA",
    "StudyID": "1",
    "StudyInstanceUID": "1.3.12.2.1107.5.2.43.167050.30000019012122271046500000127",
    "TxRefAmp": 251.571,
    "WipMemBlock": "WIP_Identifier: WIP#900D",
    "acq_id": "combecho",
    "dataset": "unknown",
    "modality": "T1w",
    "run_id": 2,
    "session_id": "core2p2",
    "subject_id": "CC0181"
  },
  "cjv": 0.7306766928947365,
  "cnr": 1.856524669807722,
  "efc": 0.6110144844113585,
  "fber": 1537.165771484375,
  "fwhm_avg": 4.621205250893239,
  "fwhm_x": 4.523411230940586,
  "fwhm_y": 4.666668521739131,
  "fwhm_z": 4.673536,
  "icvs_csf": 0.2117401076383761,
  "icvs_gm": 0.40254878972649805,
  "icvs_wm": 0.3857111026351258,
  "inu_med": 1.605771541595459,
  "inu_range": 0.6852893233299255,
  "provenance": {
    "md5sum": "bc6e429a81da6da5171fab422eca83ab",
    "settings": {
      "testing": false
    },
    "software": "mriqc",
    "version": "0.15.0",
    "warnings": {
      "large_rot_frame": false,
      "small_air_mask": false
    },
    "webapi_port": null,
    "webapi_url": "https://mriqc.nimh.nih.gov/api/v1"
  },
  "qi_1": 0.0,
  "qi_2": 0.009309608362738463,
  "rpve_csf": 22.156732609664648,
  "rpve_gm": 11.774619783300414,
  "rpve_wm": 14.674943216117503,
  "size_x": 208,
  "size_y": 256,
  "size_z": 256,
  "snr_csf": 3.603728200124279,
  "snr_gm": 9.377902808843631,
  "snr_total": 11.059257806244984,
  "snr_wm": 20.196142409767038,
  "snrd_csf": 35.019095464843296,
  "snrd_gm": 77.27064891613759,
  "snrd_total": 69.07426916567057,
  "snrd_wm": 94.93306311603085,
  "spacing_x": 0.8999999761581421,
  "spacing_y": 0.8984375,
  "spacing_z": 0.8984375,
  "summary_bg_k": 2.56920259043328,
  "summary_bg_mad": 6.9013166427612305,
  "summary_bg_mean": 14.434028625488281,
  "summary_bg_median": 13.993767738342285,
  "summary_bg_n": 3670490.0,
  "summary_bg_p05": 4.672256207466125,
  "summary_bg_p95": 28.20359258651733,
  "summary_bg_stdv": 7.63796854019165,
  "summary_csf_k": 1.4337030224135487,
  "summary_csf_mad": 90.77429962158203,
  "summary_csf_mean": 392.0244140625,
  "summary_csf_median": 368.89703369140625,
  "summary_csf_n": 54510.0,
  "summary_csf_p05": 265.4325378417969,
  "summary_csf_p95": 591.2838073730468,
  "summary_csf_stdv": 102.36444854736328,
  "summary_gm_k": -0.19683096284624302,
  "summary_gm_mad": 90.41756439208984,
  "summary_gm_mean": 819.8887939453125,
  "summary_gm_median": 813.9819946289062,
  "summary_gm_n": 29861.0,
  "summary_gm_p05": 690.724609375,
  "summary_gm_p95": 973.974365234375,
  "summary_gm_stdv": 86.79641723632812,
  "summary_wm_k": 0.8983591500760095,
  "summary_wm_mad": 45.53129196166992,
  "summary_wm_mean": 1003.1286010742188,
  "summary_wm_median": 1000.0408325195312,
  "summary_wm_n": 316369.0,
  "summary_wm_p05": 927.6333618164062,
  "summary_wm_p95": 1089.18388671875,
  "summary_wm_stdv": 49.51634979248047,
  "tpm_overlap_csf": 0.2382875382900238,
  "tpm_overlap_gm": 0.49229639768600464,
  "tpm_overlap_wm": 0.5536718964576721,
  "wm2max": 0.6523845762353265
}