{
  "bids_meta": {
    "AccessionNumber": "8710-001",
    "AcquisitionDateTime": "2019-02-06T13:25:26.680000",
    "AcquisitionMatrixPE": 256,
    "AcquisitionNumber": 1,
    "AcquisitionTime": "13:25:26.680000",
    "BaseResolution": 256,
    "BodyPartExamined": "BRAIN",
    "ConsistencyInfo": "N4_VE11C_LATEST_20160120",
    "ConversionSoftware": "dcm2niix",
    "ConversionSoftwareVersion": "v1.0.20210317",
    "DeviceSerialNumber": "167050",
    "DwellTime": 3e-06,
    "EchoNumber": 4,
    "FlipAngle": 8,
    "ImageComments": "Average over all echoes.",
    "ImageOrientationPatientDICOM": [
      0,
      1,
      0,
      0,
      0,
      -1
    ],
    "ImageType": [
      "ORIGINAL",
      "PRIMARY",
      "ECHO",
      "COMBINED",
      "ND"
    ],
    "ImagingFrequency": 123.25,
    "InPlanePhaseEncodingDirectionDICOM": "ROW",
    "InstitutionAddress": "Michigan Ave 320,Pasadena,California,US,91025",
    "InstitutionName": "Caltech Prisma64",
    "InstitutionalDepartmentName": "Department",
    "InversionTime": 1.15,
    "MRAcquisitionType": "3D",
    "MagneticFieldStrength": 3,
    "Manufacturer": "Siemens",
    "ManufacturersModelName": "Prisma_fit",
    "Modality": "MR",
    "ParallelReductionFactorInPlane": 2,
    "PartialFourier": 1,
    "PatientBirthDate": "1995-08-01",
    "PatientID": "CC0181",
    "PatientName": "CC0181",
    "PatientPosition": "HFS",
    "PatientSex": "M",
    "PatientWeight": 76.2035,
    "PercentPhaseFOV": 100,
    "PercentSampling": 100,
    "PhaseEncodingSteps": 282,
    "PhaseOversampling": 0.1,
    "PhaseResolution": 1,
    "PixelBandwidth": 650,
    "ProtocolName": "T1w",
    "PulseSequenceDetails": "%CustomerSeq%\\tfl_wip900D_VE11C",
    "ReceiveCoilActiveElements": "HEA;HEP",
    "ReceiveCoilName": "Head_32",
    "ReconMatrixPE": 256,
    "RefLinesPE": 32,
    "ReferringPhysicianName": "Adolphs",
    "RepetitionTime": 2.55,
    "SAR": 0.0403143,
    "ScanOptions": "IR\\WE",
    "ScanningSequence": "GR\\IR",
    "SequenceName": "tfl3d4_16ns",
    "SequenceVariant": "SK\\SP\\MP\\OSP",
    "SeriesDescription": "T1w_combEcho",
    "SeriesInstanceUID": "1.3.12.2.1107.5.2.43.167050.2019020613323644933222946.0.0.0",
    "SeriesNumber": 4,
    "ShimSetting": [
      6954,
      -3621,
      7899,
      429,
      -157,
      -202,
      -42,
      29
    ],
    "SliceThickness": 0.9,
    "SoftwareVersions": "syngo MR E11",
    "StationName": "PRISMA",
    "StudyID": "1",
    "StudyInstanceUID": "1.3.12.2.1107.5.2.43.167050.30000019012122271046500000127",
    "TxRefAmp": 251.571,
    "WipMemBlock": "WIP_Identifier: WIP#900D",
    "acq_id": "combecho",
    "dataset": "unknown",
    "modality": "T1w",
    "run_id": 1,
    "session_id": "core2p2",
    "subject_id": "CC0181"
  },
  "cjv": 0.6148355533169384,
  "cnr": 2.1893511751660575,
  "efc": 0.6011823904725278,
  "fber": 241.66156005859375,
  "fwhm_avg": 5.7662130732311425,
  "fwhm_x": 5.557733480562992,
  "fwhm_y": 5.824923826086956,
  "fwhm_z": 5.9159819130434785,
  "icvs_csf": 0.19317841267816935,
  "icvs_gm": 0.3974244397748005,
  "icvs_wm": 0.4093971475470301,
  "inu_med": 1.77601957321167,
  "inu_range": 1.4359610259532933,
  "provenance": {
    "md5sum": "a0778e9e30b31bb5e79adac8b7a75cbd",
    "settings": {
      "testing": false
    },
    "software": "mriqc",
    "version": "0.15.0",
    "warnings": {
      "large_rot_frame": false,
      "small_air_mask": false
    },
    "webapi_port": null,
    "webapi_url": "https://mriqc.nimh.nih.gov/api/v1"
  },
  "qi_1": 0.0,
  "qi_2": 0.00608124391660042,
  "rpve_csf": 24.522174957516114,
  "rpve_gm": 11.188711849549431,
  "rpve_wm": 12.452809564348236,
  "size_x": 208,
  "size_y": 256,
  "size_z": 256,
  "snr_csf": 4.0432747282183366,
  "snr_gm": 13.411518690661607,
  "snr_total": 8.96821005174579,
  "snr_wm": 9.449836736357428,
  "snrd_csf": 19.9218257348788,
  "snrd_gm": 43.00340842022601,
  "snrd_total": 40.40917292636715,
  "snrd_wm": 58.30228462399664,
  "spacing_x": 0.8999999761581421,
  "spacing_y": 0.8984375,
  "spacing_z": 0.8984375,
  "summary_bg_k": 2.562482924858476,
  "summary_bg_mad": 11.236940383911133,
  "summary_bg_mean": 41.337703704833984,
  "summary_bg_median": 40.39746856689453,
  "summary_bg_n": 3612342.0,
  "summary_bg_p05": 23.8220121383667,
  "summary_bg_p95": 61.931312179565424,
  "summary_bg_stdv": 11.939142227172852,
  "summary_csf_k": 1.258153952551738,
  "summary_csf_mad": 76.53665161132812,
  "summary_csf_mean": 354.6573486328125,
  "summary_csf_median": 341.7004089355469,
  "summary_csf_n": 51068.0,
  "summary_csf_p05": 241.37185058593752,
  "summary_csf_p95": 516.0396087646483,
  "summary_csf_stdv": 84.50997924804688,
  "summary_gm_k": 0.03936647733028398,
  "summary_gm_mad": 55.17245864868164,
  "summary_gm_mean": 740.7200927734375,
  "summary_gm_median": 737.59716796875,
  "summary_gm_n": 42329.0,
  "summary_gm_p05": 655.4175048828125,
  "summary_gm_p95": 835.194775390625,
  "summary_gm_stdv": 54.996639251708984,
  "summary_wm_k": 0.11723908636303415,
  "summary_wm_mad": 106.16487121582031,
  "summary_wm_mean": 1020.8602294921875,
  "summary_wm_median": 1000.0044555664062,
  "summary_wm_n": 228573.0,
  "summary_wm_p05": 887.7370483398438,
  "summary_wm_p95": 1221.1317138671875,
  "summary_wm_stdv": 105.82217407226562,
  "tpm_overlap_csf": 0.2322719246149063,
  "tpm_overlap_gm": 0.4431757628917694,
  "tpm_overlap_wm": 0.4821873605251312,
  "wm2max": 0.5307800455633357
}