{
  "aor": 0.00104925,
  "aqi": 0.003168286125,
  "bids_meta": {
    "AccessionNumber": "6491-001",
    "AcquisitionDateTime": "2013-03-05T10:38:45.807500",
    "AcquisitionMatrixPE": 64,
    "AcquisitionNumber": 1,
    "AcquisitionTime": "10:38:45.807500",
    "BandwidthPerPixelPhaseEncode": 66.489,
    "BaseResolution": 64,
    "CoilString": "C:HEA;HEP",
    "ConversionSoftware": "dcm2niix",
    "ConversionSoftwareVersion": "v1.0.20210317",
    "DerivedVendorReportedEchoSpacing": 0.000470003,
    "DeviceSerialNumber": "35077",
    "DwellTime": 3e-06,
    "EchoTime": 0.03,
    "EffectiveEchoSpacing": 0.000235001,
    "FlipAngle": 85,
    "ImageOrientationPatientDICOM": [
      1,
      -1e-16,
      0,
      1e-16,
      0.939693,
      -0.34202
    ],
    "ImageType": [
      "ORIGINAL",
      "PRIMARY",
      "M",
      "ND",
      "MOSAIC"
    ],
    "ImagingFrequency": 123.229,
    "InPlanePhaseEncodingDirectionDICOM": "COL",
    "InstitutionAddress": "Wilson Avenue 340 ,Pasadena,California,US,91025",
    "InstitutionName": "Caltech Tim32",
    "InstitutionalDepartmentName": "Department",
    "MRAcquisitionType": "2D",
    "MagneticFieldStrength": 3,
    "Manufacturer": "Siemens",
    "ManufacturersModelName": "TrioTim",
    "Modality": "MR",
    "ParallelReductionFactorInPlane": 2,
    "PartialFourier": 1,
    "PatientBirthDate": "1979-01-01",
    "PatientID": "adolphs",
    "PatientName": "CC0057",
    "PatientPosition": "HFS",
    "PatientSex": "M",
    "PatientWeight": 94.8008,
    "PercentPhaseFOV": 100,
    "PercentSampling": 100,
    "PhaseEncodingDirection": "j-",
    "PhaseEncodingSteps": 64,
    "PhaseResolution": 1,
    "PixelBandwidth": 2604,
    "ProcedureStepDescription": "Conte^Core",
    "ProtocolName": "rsBOLD_1",
    "PulseSequenceDetails": "%SiemensSeq%\\ep2d_bold",
    "ReceiveCoilName": "32Ch_Head",
    "ReconMatrixPE": 64,
    "RefLinesPE": 32,
    "RepetitionTime": 2.5,
    "SAR": 0.283384,
    "ScanOptions": "FS",
    "ScanningSequence": "EP",
    "SequenceName": "*epfid2d1_64",
    "SequenceVariant": "SK",
    "SeriesDescription": "rsBOLD_1",
    "SeriesInstanceUID": "1.3.12.2.1107.5.2.32.35077.2013030510383515841501284.0.0.0",
    "SeriesNumber": 2,
    "ShimSetting": [
      9510,
      -10537,
      15758,
      664,
      -102,
      113,
      -307,
      137
    ],
    "SliceThickness": 3,
    "SliceTiming": [
      0,
      0.0525,
      0.105,
      0.16,
      0.2125,
      0.265,
      0.32,
      0.3725,
      0.425,
      0.48,
      0.5325,
      0.5875,
      0.64,
      0.6925,
      0.7475,
      0.8,
      0.8525,
      0.9075,
      0.96,
      1.0125,
      1.0675,
      1.12,
      1.1725,
      1.2275,
      1.28,
      1.335,
      1.3875,
      1.44,
      1.495,
      1.5475,
      1.6,
      1.655,
      1.7075,
      1.76,
      1.815,
      1.8675,
      1.92,
      1.975,
      2.0275,
      2.0825,
      2.135,
      2.1875,
      2.2425,
      2.295,
      2.3475,
      2.4025,
      2.455
    ],
    "SoftwareVersions": "syngo MR B17",
    "SpacingBetweenSlices": 3,
    "StationName": "MEDPC",
    "StudyID": "1",
    "StudyInstanceUID": "1.3.12.2.1107.5.2.32.35077.30000013022621150407800000049",
    "TaskName": "rest",
    "TotalReadoutTime": 0.0148051,
    "TxRefAmp": 406.978,
    "dataset": "unknown",
    "modality": "bold",
    "run_id": 1,
    "session_id": "core1p1",
    "subject_id": "CC0057",
    "task_id": "rest"
  },
  "dummy_trs": 0,
  "dvars_nstd": 35.1260252418868,
  "dvars_std": 1.0909698422012575,
  "dvars_vstd": 1.0000854092452827,
  "efc": 0.576488327810072,
  "fber": 234.0078582763672,
  "fd_mean": 0.1486875949088019,
  "fd_num": 31,
  "fd_perc": 19.375,
  "fwhm_avg": 2.555971111111111,
  "fwhm_x": 2.482603333333333,
  "fwhm_y": 2.5591266666666668,
  "fwhm_z": 2.626183333333333,
  "gcor": 0.0147536,
  "gsr_x": 0.034016672521829605,
  "gsr_y": 0.040951114147901535,
  "provenance": {
    "md5sum": "5ff86d5124548181c70668e448bb2064",
    "settings": {
      "fd_thres": 0.2,
      "hmc_fsl": false
    },
    "software": "mriqc",
    "version": "0.15.0",
    "webapi_port": null,
    "webapi_url": "https://mriqc.nimh.nih.gov/api/v1"
  },
  "size_t": 160,
  "size_x": 64,
  "size_y": 64,
  "size_z": 47,
  "snr": 2.0661633507750174,
  "spacing_tr": 2.5,
  "spacing_x": 3.0,
  "spacing_y": 3.0,
  "spacing_z": 3.0,
  "summary_bg_k": 53.90858089197049,
  "summary_bg_mad": 18.421335220336914,
  "summary_bg_mean": 70.7042236328125,
  "summary_bg_median": 34.88750076293945,
  "summary_bg_n": 102249.0,
  "summary_bg_p05": 19.90625,
  "summary_bg_p95": 255.56875610351562,
  "summary_bg_stdv": 118.47354125976562,
  "summary_fg_k": 2.284006471880784,
  "summary_fg_mad": 233.08360290527344,
  "summary_fg_mean": 639.811279296875,
  "summary_fg_median": 584.9874877929688,
  "summary_fg_n": 49813.0,
  "summary_fg_p05": 280.2512634277344,
  "summary_fg_p95": 1187.3488037109366,
  "summary_fg_stdv": 283.12457275390625,
  "tsnr": 45.885223388671875
}