{
  "bids_meta": {
    "AccessionNumber": "7398-005",
    "AcquisitionDateTime": "2014-02-14T14:24:44.522500",
    "AcquisitionMatrixPE": 256,
    "AcquisitionNumber": 1,
    "AcquisitionTime": "14:24:44.522500",
    "BaseResolution": 256,
    "CoilString": "C:HEA;HEP",
    "ConversionSoftware": "dcm2niix",
    "ConversionSoftwareVersion": "v1.0.20210317",
    "DeviceSerialNumber": "35077",
    "DwellTime": 1.09e-05,
    "EchoTime": 0.00291,
    "FlipAngle": 10,
    "ImageOrientationPatientDICOM": [
      0,
      1,
      0,
      0,
      0,
      -1
    ],
    "ImageType": [
      "ORIGINAL",
      "PRIMARY",
      "M",
      "ND",
      "NORM"
    ],
    "ImagingFrequency": 123.229,
    "InPlanePhaseEncodingDirectionDICOM": "ROW",
    "InstitutionAddress": "Wilson Avenue 340 ,Pasadena,California,US,91025",
    "InstitutionName": "Caltech Tim32",
    "InstitutionalDepartmentName": "Department",
    "InversionTime": 0.8,
    "MRAcquisitionType": "3D",
    "MagneticFieldStrength": 3,
    "Manufacturer": "Siemens",
    "ManufacturersModelName": "TrioTim",
    "Modality": "MR",
    "PartialFourier": 1,
    "PatientBirthDate": "1981-01-01",
    "PatientID": "adolphs",
    "PatientName": "CC0011",
    "PatientPosition": "HFS",
    "PatientSex": "M",
    "PatientWeight": 72.5748,
    "PercentPhaseFOV": 100,
    "PercentSampling": 100,
    "PhaseEncodingSteps": 256,
    "PhaseResolution": 1,
    "PixelBandwidth": 179,
    "ProcedureStepDescription": "Conte^Core",
    "ProtocolName": "T1_2",
    "PulseSequenceDetails": "%SiemensSeq%\\tfl",
    "ReceiveCoilName": "32Ch_Head",
    "ReconMatrixPE": 256,
    "RepetitionTime": 1.5,
    "SAR": 0.177596,
    "ScanOptions": "IR",
    "ScanningSequence": "GR\\IR",
    "SequenceName": "*tfl3d1",
    "SequenceVariant": "SP\\MP",
    "SeriesDescription": "T1_2",
    "SeriesInstanceUID": "1.3.12.2.1107.5.2.32.35077.2014021414242740883887046.0.0.0",
    "SeriesNumber": 14,
    "ShimSetting": [
      9540,
      -10573,
      15780,
      567,
      -11,
      -247,
      184,
      12
    ],
    "SliceThickness": 1,
    "SoftwareVersions": "syngo MR B17",
    "StationName": "MEDPC",
    "StudyID": "1",
    "StudyInstanceUID": "1.3.12.2.1107.5.2.32.35077.30000014021018082445300000037",
    "TxRefAmp": 341.572,
    "dataset": "unknown",
    "modality": "T1w",
    "run_id": 2,
    "session_id": "core1p2",
    "subject_id": "CC0011"
  },
  "cjv": 0.38263678008452356,
  "cnr": 3.390529578505838,
  "efc": 0.5555501783584738,
  "fber": 4340.57177734375,
  "fwhm_avg": 4.251363333333333,
  "fwhm_x": 4.10051,
  "fwhm_y": 4.27511,
  "fwhm_z": 4.37847,
  "icvs_csf": 0.23497345284531884,
  "icvs_gm": 0.3895850916064597,
  "icvs_wm": 0.37544145554822145,
  "inu_med": 1.4986889362335205,
  "inu_range": 0.4592949211597439,
  "provenance": {
    "md5sum": "b13e0001fb08eb88cd5e594b6ec7745c",
    "settings": {
      "testing": false
    },
    "software": "mriqc",
    "version": "0.15.0",
    "warnings": {
      "large_rot_frame": true,
      "small_air_mask": false
    },
    "webapi_port": null,
    "webapi_url": "https://mriqc.nimh.nih.gov/api/v1"
  },
  "qi_1": 1.3884026724768013e-05,
  "qi_2": 0.01975732864452033,
  "rpve_csf": 23.761407061029903,
  "rpve_gm": 13.806233310787592,
  "rpve_wm": 17.113280963877035,
  "size_x": 176,
  "size_y": 256,
  "size_z": 256,
  "snr_csf": 4.144675151890856,
  "snr_gm": 12.51145751635262,
  "snr_total": 13.795935010098562,
  "snr_wm": 24.731672362052212,
  "snrd_csf": 42.92698203101052,
  "snrd_gm": 93.66057109030255,
  "snrd_total": 87.00754903522869,
  "snrd_wm": 124.43509398437301,
  "spacing_x": 1.0,
  "spacing_y": 1.0,
  "spacing_z": 1.0,
  "summary_bg_k": 26.091505750406444,
  "summary_bg_mad": 5.265059471130371,
  "summary_bg_mean": 7.287135601043701,
  "summary_bg_median": 6.989814758300781,
  "summary_bg_n": 2792007.0,
  "summary_bg_p05": 0.0,
  "summary_bg_p95": 21.204117584228513,
  "summary_bg_stdv": 8.17197322845459,
  "summary_csf_k": 1.8106208321672765,
  "summary_csf_mad": 59.77201843261719,
  "summary_csf_mean": 367.1889953613281,
  "summary_csf_median": 344.9863586425781,
  "summary_csf_n": 56463.0,
  "summary_csf_p05": 272.42540283203124,
  "summary_csf_p95": 546.4286865234375,
  "summary_csf_stdv": 83.23530578613281,
  "summary_gm_k": 0.21791150495657607,
  "summary_gm_mad": 58.069068908691406,
  "summary_gm_mean": 753.2592163085938,
  "summary_gm_median": 752.711181640625,
  "summary_gm_n": 14136.0,
  "summary_gm_p05": 655.2725219726562,
  "summary_gm_p95": 854.2189788818359,
  "summary_gm_stdv": 60.15962219238281,
  "summary_wm_k": 0.8777256054950144,
  "summary_wm_mad": 36.56545639038086,
  "summary_wm_mean": 998.6332397460938,
  "summary_wm_median": 1000.0332641601562,
  "summary_wm_n": 200653.0,
  "summary_wm_p05": 929.2629028320313,
  "summary_wm_p95": 1061.648779296875,
  "summary_wm_stdv": 40.43522644042969,
  "tpm_overlap_csf": 0.23702386021614075,
  "tpm_overlap_gm": 0.4747556447982788,
  "tpm_overlap_wm": 0.5469332337379456,
  "wm2max": 0.45586116810168836
}