{
  "aor": 0.0036354375,
  "aqi": 0.00295866725,
  "bids_meta": {
    "AccessionNumber": "6519-002",
    "AcquisitionDateTime": "2013-03-22T14:36:31.037500",
    "AcquisitionMatrixPE": 64,
    "AcquisitionNumber": 1,
    "AcquisitionTime": "14:36:31.037500",
    "BandwidthPerPixelPhaseEncode": 66.489,
    "BaseResolution": 64,
    "CoilString": "C:HEA;HEP",
    "ConversionSoftware": "dcm2niix",
    "ConversionSoftwareVersion": "v1.0.20210317",
    "DerivedVendorReportedEchoSpacing": 0.000470003,
    "DeviceSerialNumber": "35077",
    "DwellTime": 3e-06,
    "EchoTime": 0.03,
    "EffectiveEchoSpacing": 0.000235001,
    "FlipAngle": 85,
    "ImageOrientationPatientDICOM": [
      1,
      -1e-16,
      0,
      1e-16,
      0.939693,
      -0.34202
    ],
    "ImageType": [
      "ORIGINAL",
      "PRIMARY",
      "M",
      "ND",
      "MOSAIC"
    ],
    "ImagingFrequency": 123.229,
    "InPlanePhaseEncodingDirectionDICOM": "COL",
    "InstitutionAddress": "Wilson Avenue 340 ,Pasadena,California,US,91025",
    "InstitutionName": "Caltech Tim32",
    "InstitutionalDepartmentName": "Department",
    "MRAcquisitionType": "2D",
    "MagneticFieldStrength": 3,
    "Manufacturer": "Siemens",
    "ManufacturersModelName": "TrioTim",
    "Modality": "MR",
    "ParallelReductionFactorInPlane": 2,
    "PartialFourier": 1,
    "PatientBirthDate": "1984-01-01",
    "PatientID": "adolphs",
    "PatientName": "CC0015",
    "PatientPosition": "HFS",
    "PatientSex": "F",
    "PatientWeight": 54.8847,
    "PercentPhaseFOV": 100,
    "PercentSampling": 100,
    "PhaseEncodingDirection": "j-",
    "PhaseEncodingSteps": 64,
    "PhaseResolution": 1,
    "PixelBandwidth": 2604,
    "ProcedureStepDescription": "Conte^Core",
    "ProtocolName": "rsBOLD_1",
    "PulseSequenceDetails": "%SiemensSeq%\\ep2d_bold",
    "ReceiveCoilName": "32Ch_Head",
    "ReconMatrixPE": 64,
    "RefLinesPE": 32,
    "RepetitionTime": 2.5,
    "SAR": 0.190521,
    "ScanOptions": "FS",
    "ScanningSequence": "EP",
    "SequenceName": "*epfid2d1_64",
    "SequenceVariant": "SK",
    "SeriesDescription": "rsBOLD_1",
    "SeriesInstanceUID": "1.3.12.2.1107.5.2.32.35077.2013032214361974748450155.0.0.0",
    "SeriesNumber": 3,
    "ShimSetting": [
      9555,
      -10665,
      15713,
      758,
      -67,
      -280,
      331,
      67
    ],
    "SliceThickness": 3,
    "SliceTiming": [
      0,
      0.055,
      0.1075,
      0.16,
      0.215,
      0.2675,
      0.3225,
      0.375,
      0.4275,
      0.4825,
      0.535,
      0.5875,
      0.6425,
      0.695,
      0.7475,
      0.8025,
      0.855,
      0.9075,
      0.9625,
      1.015,
      1.07,
      1.1225,
      1.175,
      1.23,
      1.2825,
      1.335,
      1.39,
      1.4425,
      1.495,
      1.55,
      1.6025,
      1.655,
      1.71,
      1.7625,
      1.8175,
      1.87,
      1.9225,
      1.9775,
      2.03,
      2.0825,
      2.1375,
      2.19,
      2.2425,
      2.2975,
      2.35,
      2.4025,
      2.4575
    ],
    "SoftwareVersions": "syngo MR B17",
    "SpacingBetweenSlices": 3,
    "StationName": "MEDPC",
    "StudyID": "1",
    "StudyInstanceUID": "1.3.12.2.1107.5.2.32.35077.30000013031916254787500000052",
    "TaskName": "rest",
    "TotalReadoutTime": 0.0148051,
    "TxRefAmp": 320.402,
    "dataset": "unknown",
    "modality": "bold",
    "run_id": 1,
    "session_id": "core1p1",
    "subject_id": "CC0015",
    "task_id": "rest"
  },
  "dummy_trs": 0,
  "dvars_nstd": 32.93387312257861,
  "dvars_std": 1.1460011207547167,
  "dvars_vstd": 1.0405442875471704,
  "efc": 0.563310592556688,
  "fber": 313.1726379394531,
  "fd_mean": 0.15106460264518304,
  "fd_num": 27,
  "fd_perc": 16.875,
  "fwhm_avg": 2.723067777777778,
  "fwhm_x": 2.6742033333333333,
  "fwhm_y": 2.6332066666666667,
  "fwhm_z": 2.8617933333333334,
  "gcor": 0.0196477,
  "gsr_x": 0.014123128727078438,
  "gsr_y": 0.03009258210659027,
  "provenance": {
    "md5sum": "d9aafaaa27d30cb2692552afac3c6e14",
    "settings": {
      "fd_thres": 0.2,
      "hmc_fsl": false
    },
    "software": "mriqc",
    "version": "0.15.0",
    "webapi_port": null,
    "webapi_url": "https://mriqc.nimh.nih.gov/api/v1"
  },
  "size_t": 160,
  "size_x": 64,
  "size_y": 64,
  "size_z": 47,
  "snr": 2.1897489853986984,
  "spacing_tr": 2.5,
  "spacing_x": 3.0,
  "spacing_y": 3.0,
  "spacing_z": 3.0,
  "summary_bg_k": 58.85330725156346,
  "summary_bg_mad": 17.536407470703125,
  "summary_bg_mean": 53.16891098022461,
  "summary_bg_median": 33.790626525878906,
  "summary_bg_n": 98018.0,
  "summary_bg_p05": 19.418750762939453,
  "summary_bg_p95": 149.4018836975097,
  "summary_bg_stdv": 62.03321075439453,
  "summary_fg_k": 1.954993376556085,
  "summary_fg_mad": 253.784423828125,
  "summary_fg_mean": 717.487548828125,
  "summary_fg_median": 658.65625,
  "summary_fg_n": 52177.0,
  "summary_fg_p05": 341.03500976562503,
  "summary_fg_p95": 1302.9412597656249,
  "summary_fg_stdv": 300.7878723144531,
  "tsnr": 47.6698112487793
}