{
  "aor": 0.0004466525423728813,
  "aqi": 0.003570499258474576,
  "bids_meta": {
    "AccessionNumber": "8540-001",
    "AcquisitionDateTime": "2018-08-14T12:09:56.802500",
    "AcquisitionMatrixPE": 80,
    "AcquisitionNumber": 1,
    "AcquisitionTime": "12:09:56.802500",
    "BandwidthPerPixelPhaseEncode": 23.191,
    "BaseResolution": 80,
    "BodyPartExamined": "BRAIN",
    "ConsistencyInfo": "N4_VE11C_LATEST_20160120",
    "ConversionSoftware": "dcm2niix",
    "ConversionSoftwareVersion": "v1.0.20210317",
    "DerivedVendorReportedEchoSpacing": 0.000490002,
    "DeviceSerialNumber": "167050",
    "DwellTime": 2.3e-06,
    "EchoTime": 0.03,
    "EchoTrainLength": 88,
    "EffectiveEchoSpacing": 0.000539002,
    "FlipAngle": 53,
    "ImageComments": "Unaliased MB6/PE3/LB",
    "ImageOrientationPatientDICOM": [
      1,
      0,
      0,
      0,
      0.939693,
      -0.34202
    ],
    "ImageType": [
      "ORIGINAL",
      "PRIMARY",
      "M",
      "MB",
      "ND",
      "MOSAIC"
    ],
    "ImagingFrequency": 123.25,
    "InPlanePhaseEncodingDirectionDICOM": "COL",
    "InstitutionAddress": "Michigan Ave 320,Pasadena,California,US,91025",
    "InstitutionName": "Caltech Prisma64",
    "InstitutionalDepartmentName": "Department",
    "MRAcquisitionType": "2D",
    "MagneticFieldStrength": 3,
    "Manufacturer": "Siemens",
    "ManufacturersModelName": "Prisma_fit",
    "Modality": "MR",
    "MultibandAccelerationFactor": 6,
    "PartialFourier": 1,
    "PatientBirthDate": "1986-06-01",
    "PatientID": "CC0151",
    "PatientName": "CC0151",
    "PatientPosition": "HFS",
    "PatientSex": "M",
    "PatientWeight": 63.5029,
    "PercentPhaseFOV": 100,
    "PercentSampling": 100,
    "PhaseEncodingDirection": "j-",
    "PhaseEncodingSteps": 88,
    "PhaseOversampling": 0.1,
    "PhaseResolution": 1,
    "PixelBandwidth": 2715,
    "ProcedureStepDescription": "Conte Core",
    "ProtocolName": "task-pixar_run-01_bold",
    "PulseSequenceDetails": "%CustomerSeq%\\cmrr_mbep2d_bold",
    "ReceiveCoilActiveElements": "HEA;HEP",
    "ReceiveCoilName": "Head_32",
    "ReconMatrixPE": 80,
    "ReferringPhysicianName": "Adolphs",
    "RepetitionTime": 0.7,
    "SAR": 0.0866606,
    "ScanOptions": "FS\\EXT",
    "ScanningSequence": "EP",
    "SequenceName": "epfid2d1_80",
    "SequenceVariant": "SK\\SS\\OSP",
    "SeriesDescription": "task-pixar_run-01_bold",
    "SeriesInstanceUID": "1.3.12.2.1107.5.2.43.167050.2018081412070670973929302.0.0.0",
    "SeriesNumber": 37,
    "ShimSetting": [
      6956,
      -3588,
      7948,
      347,
      -75,
      22,
      39,
      41
    ],
    "SliceThickness": 2.5,
    "SliceTiming": [
      0,
      0.475,
      0.2725,
      0.0675,
      0.545,
      0.34,
      0.135,
      0.6125,
      0.4075,
      0.205,
      0,
      0.475,
      0.2725,
      0.0675,
      0.545,
      0.34,
      0.135,
      0.6125,
      0.4075,
      0.205,
      0,
      0.475,
      0.2725,
      0.0675,
      0.545,
      0.34,
      0.135,
      0.6125,
      0.4075,
      0.205,
      0,
      0.475,
      0.2725,
      0.0675,
      0.545,
      0.34,
      0.135,
      0.6125,
      0.4075,
      0.205,
      0,
      0.475,
      0.2725,
      0.0675,
      0.545,
      0.34,
      0.135,
      0.6125,
      0.4075,
      0.205,
      0,
      0.475,
      0.2725,
      0.0675,
      0.545,
      0.34,
      0.135,
      0.6125,
      0.4075,
      0.205
    ],
    "SoftwareVersions": "syngo MR E11",
    "SpacingBetweenSlices": 2.5,
    "StationName": "PRISMA",
    "StudyID": "1",
    "StudyInstanceUID": "1.3.12.2.1107.5.2.43.167050.30000018071021413043300000082",
    "TaskName": "pixar",
    "TotalReadoutTime": 0.0425812,
    "TxRefAmp": 252.806,
    "WipMemBlock": "8d64d29f-b601-4d11-be3d-bfddf3f8b1d5||Sequence: R016 ve11c/master r/e634e98; Dec 19 2017 11:00:25 by eja",
    "dataset": "unknown",
    "modality": "bold",
    "run_id": 1,
    "session_id": "core2p2",
    "subject_id": "CC0151",
    "task_id": "pixar"
  },
  "dummy_trs": 4,
  "dvars_nstd": 34.84312289535034,
  "dvars_std": 1.1024585766029726,
  "dvars_vstd": 0.9957317705307854,
  "efc": 0.5594024590251417,
  "fber": 522.631591796875,
  "fd_mean": 0.08566132846011595,
  "fd_num": 15,
  "fd_perc": 3.1779661016949152,
  "fwhm_avg": 2.9418053333333334,
  "fwhm_x": 2.72528,
  "fwhm_y": 3.124248,
  "fwhm_z": 2.9758880000000003,
  "gcor": 0.0103801,
  "gsr_x": -0.01048438809812069,
  "gsr_y": 0.11774646490812302,
  "provenance": {
    "md5sum": "f96f7dc390832bedbff0e786bbd3fc91",
    "settings": {
      "fd_thres": 0.2,
      "hmc_fsl": false
    },
    "software": "mriqc",
    "version": "0.15.0",
    "webapi_port": null,
    "webapi_url": "https://mriqc.nimh.nih.gov/api/v1"
  },
  "size_t": 472,
  "size_x": 80,
  "size_y": 80,
  "size_z": 60,
  "snr": 1.9866688859190553,
  "spacing_tr": 0.699999988079071,
  "spacing_x": 2.5,
  "spacing_y": 2.5,
  "spacing_z": 2.5,
  "summary_bg_k": 15.246734708963249,
  "summary_bg_mad": 104.1528091430664,
  "summary_bg_mean": 517.1106567382812,
  "summary_bg_median": 167.10169982910156,
  "summary_bg_n": 225745.0,
  "summary_bg_p05": 87.26058959960938,
  "summary_bg_p95": 2288.0910644531245,
  "summary_bg_stdv": 852.2095336914062,
  "summary_fg_k": 1.0502875477224674,
  "summary_fg_mad": 1861.00341796875,
  "summary_fg_mean": 4646.83251953125,
  "summary_fg_median": 4163.326171875,
  "summary_fg_n": 94974.0,
  "summary_fg_p05": 2050.4759521484375,
  "summary_fg_p95": 8721.149707031247,
  "summary_fg_stdv": 2095.62060546875,
  "tsnr": 44.85225296020508
}