{
  "aor": 0.0003359463276836158,
  "aqi": 0.004951341101694915,
  "bids_meta": {
    "AccessionNumber": "8540-001",
    "AcquisitionDateTime": "2018-08-14T11:36:41.092500",
    "AcquisitionMatrixPE": 80,
    "AcquisitionNumber": 1,
    "AcquisitionTime": "11:36:41.092500",
    "BandwidthPerPixelPhaseEncode": 23.191,
    "BaseResolution": 80,
    "BodyPartExamined": "BRAIN",
    "ConsistencyInfo": "N4_VE11C_LATEST_20160120",
    "ConversionSoftware": "dcm2niix",
    "ConversionSoftwareVersion": "v1.0.20210317",
    "DerivedVendorReportedEchoSpacing": 0.000490002,
    "DeviceSerialNumber": "167050",
    "DwellTime": 2.3e-06,
    "EchoTime": 0.03,
    "EchoTrainLength": 88,
    "EffectiveEchoSpacing": 0.000539002,
    "FlipAngle": 53,
    "ImageComments": "Unaliased MB6/PE3/LB",
    "ImageOrientationPatientDICOM": [
      1,
      0,
      0,
      0,
      0.939693,
      -0.34202
    ],
    "ImageType": [
      "ORIGINAL",
      "PRIMARY",
      "M",
      "MB",
      "ND",
      "MOSAIC"
    ],
    "ImagingFrequency": 123.25,
    "InPlanePhaseEncodingDirectionDICOM": "COL",
    "InstitutionAddress": "Michigan Ave 320,Pasadena,California,US,91025",
    "InstitutionName": "Caltech Prisma64",
    "InstitutionalDepartmentName": "Department",
    "MRAcquisitionType": "2D",
    "MagneticFieldStrength": 3,
    "Manufacturer": "Siemens",
    "ManufacturersModelName": "Prisma_fit",
    "Modality": "MR",
    "MultibandAccelerationFactor": 6,
    "PartialFourier": 1,
    "PatientBirthDate": "1986-06-01",
    "PatientID": "CC0151",
    "PatientName": "CC0151",
    "PatientPosition": "HFS",
    "PatientSex": "M",
    "PatientWeight": 63.5029,
    "PercentPhaseFOV": 100,
    "PercentSampling": 100,
    "PhaseEncodingDirection": "j-",
    "PhaseEncodingSteps": 88,
    "PhaseOversampling": 0.1,
    "PhaseResolution": 1,
    "PixelBandwidth": 2715,
    "ProcedureStepDescription": "Conte Core",
    "ProtocolName": "task-bang_bold",
    "PulseSequenceDetails": "%CustomerSeq%\\cmrr_mbep2d_bold",
    "ReceiveCoilActiveElements": "HEA;HEP",
    "ReceiveCoilName": "Head_32",
    "ReconMatrixPE": 80,
    "ReferringPhysicianName": "Adolphs",
    "RepetitionTime": 0.7,
    "SAR": 0.0868833,
    "ScanOptions": "FS\\EXT",
    "ScanningSequence": "EP",
    "SequenceName": "epfid2d1_80",
    "SequenceVariant": "SK\\SS\\OSP",
    "SeriesDescription": "task-bang_bold",
    "SeriesInstanceUID": "1.3.12.2.1107.5.2.43.167050.201808141134176084202400.0.0.0",
    "SeriesNumber": 27,
    "ShimSetting": [
      6956,
      -3588,
      7948,
      347,
      -75,
      22,
      39,
      41
    ],
    "SliceThickness": 2.5,
    "SliceTiming": [
      0,
      0.475,
      0.27,
      0.0675,
      0.5425,
      0.34,
      0.135,
      0.61,
      0.4075,
      0.2025,
      0,
      0.475,
      0.27,
      0.0675,
      0.5425,
      0.34,
      0.135,
      0.61,
      0.4075,
      0.2025,
      0,
      0.475,
      0.27,
      0.0675,
      0.5425,
      0.34,
      0.135,
      0.61,
      0.4075,
      0.2025,
      0,
      0.475,
      0.27,
      0.0675,
      0.5425,
      0.34,
      0.135,
      0.61,
      0.4075,
      0.2025,
      0,
      0.475,
      0.27,
      0.0675,
      0.5425,
      0.34,
      0.135,
      0.61,
      0.4075,
      0.2025,
      0,
      0.475,
      0.27,
      0.0675,
      0.5425,
      0.34,
      0.135,
      0.61,
      0.4075,
      0.2025
    ],
    "SoftwareVersions": "syngo MR E11",
    "SpacingBetweenSlices": 2.5,
    "StationName": "PRISMA",
    "StudyID": "1",
    "StudyInstanceUID": "1.3.12.2.1107.5.2.43.167050.30000018071021413043300000082",
    "TaskName": "bang",
    "TotalReadoutTime": 0.0425812,
    "TxRefAmp": 252.806,
    "WipMemBlock": "7a1a898c-08cb-425e-ad14-923d33dbce93||Sequence: R016 ve11c/master r/e634e98; Dec 19 2017 11:00:25 by eja",
    "dataset": "unknown",
    "modality": "bold",
    "run_id": 1,
    "session_id": "core2p2",
    "subject_id": "CC0151",
    "task_id": "bang"
  },
  "dummy_trs": 2,
  "dvars_nstd": 34.50534901765204,
  "dvars_std": 1.0856094617397458,
  "dvars_vstd": 0.9867235876944827,
  "efc": 0.5581294317627697,
  "fber": 532.5308837890625,
  "fd_mean": 0.07762635722928832,
  "fd_num": 11,
  "fd_perc": 1.5536723163841808,
  "fwhm_avg": 2.9311706666666666,
  "fwhm_x": 2.721024,
  "fwhm_y": 3.111548,
  "fwhm_z": 2.96094,
  "gcor": 0.011728,
  "gsr_x": -0.011555787175893784,
  "gsr_y": 0.11606309562921524,
  "provenance": {
    "md5sum": "8c21a39401d9ae6c3d122d15f10fe650",
    "settings": {
      "fd_thres": 0.2,
      "hmc_fsl": false
    },
    "software": "mriqc",
    "version": "0.15.0",
    "webapi_port": null,
    "webapi_url": "https://mriqc.nimh.nih.gov/api/v1"
  },
  "size_t": 708,
  "size_x": 80,
  "size_y": 80,
  "size_z": 60,
  "snr": 1.989938207949026,
  "spacing_tr": 0.699999988079071,
  "spacing_x": 2.5,
  "spacing_y": 2.5,
  "spacing_z": 2.5,
  "summary_bg_k": 16.34993058929553,
  "summary_bg_mad": 102.82935333251953,
  "summary_bg_mean": 506.1427917480469,
  "summary_bg_median": 165.25706481933594,
  "summary_bg_n": 225630.0,
  "summary_bg_p05": 86.73085975646973,
  "summary_bg_p95": 2236.6949829101554,
  "summary_bg_stdv": 836.8656005859375,
  "summary_fg_k": 1.1171388284045936,
  "summary_fg_mad": 1844.73291015625,
  "summary_fg_mean": 4633.74658203125,
  "summary_fg_median": 4149.42578125,
  "summary_fg_n": 95224.0,
  "summary_fg_p05": 2047.5042602539063,
  "summary_fg_p95": 8654.658251953124,
  "summary_fg_stdv": 2085.1923828125,
  "tsnr": 41.875614166259766
}