{
  "bids_meta": {
    "AccessionNumber": "8576-001",
    "AcquisitionDateTime": "2018-09-27T09:59:56.015000",
    "AcquisitionMatrixPE": 256,
    "AcquisitionNumber": 1,
    "AcquisitionTime": "09:59:56.015000",
    "BaseResolution": 256,
    "BodyPartExamined": "BRAIN",
    "ConsistencyInfo": "N4_VE11C_LATEST_20160120",
    "ConversionSoftware": "dcm2niix",
    "ConversionSoftwareVersion": "v1.0.20210317",
    "DeviceSerialNumber": "167050",
    "DwellTime": 3e-06,
    "EchoNumber": 4,
    "FlipAngle": 8,
    "ImageComments": "Average over all echoes.",
    "ImageOrientationPatientDICOM": [
      0,
      1,
      0,
      0,
      0,
      -1
    ],
    "ImageType": [
      "ORIGINAL",
      "PRIMARY",
      "ECHO",
      "COMBINED",
      "ND"
    ],
    "ImagingFrequency": 123.25,
    "InPlanePhaseEncodingDirectionDICOM": "ROW",
    "InstitutionAddress": "Michigan Ave 320,Pasadena,California,US,91025",
    "InstitutionName": "Caltech Prisma64",
    "InstitutionalDepartmentName": "Department",
    "InversionTime": 1.15,
    "MRAcquisitionType": "3D",
    "MagneticFieldStrength": 3,
    "Manufacturer": "Siemens",
    "ManufacturersModelName": "Prisma_fit",
    "Modality": "MR",
    "ParallelReductionFactorInPlane": 2,
    "PartialFourier": 1,
    "PatientBirthDate": "2000-09-01",
    "PatientID": "CC0169",
    "PatientName": "CC0169",
    "PatientPosition": "HFS",
    "PatientSex": "F",
    "PatientWeight": 65.7709,
    "PercentPhaseFOV": 100,
    "PercentSampling": 100,
    "PhaseEncodingSteps": 282,
    "PhaseOversampling": 0.1,
    "PhaseResolution": 1,
    "PixelBandwidth": 650,
    "ProcedureStepDescription": "Conte Core",
    "ProtocolName": "T1w",
    "PulseSequenceDetails": "%CustomerSeq%\\tfl_wip900D_VE11C",
    "ReceiveCoilActiveElements": "HEA;HEP",
    "ReceiveCoilName": "Head_32",
    "ReconMatrixPE": 256,
    "RefLinesPE": 32,
    "ReferringPhysicianName": "Adolphs",
    "RepetitionTime": 2.55,
    "SAR": 0.0553236,
    "ScanOptions": "IR\\WE",
    "ScanningSequence": "GR\\IR",
    "SequenceName": "tfl3d4_16ns",
    "SequenceVariant": "SK\\SP\\MP\\OSP",
    "SeriesDescription": "T1w_combEcho",
    "SeriesInstanceUID": "1.3.12.2.1107.5.2.43.167050.2018092710070485304496956.0.0.0",
    "SeriesNumber": 4,
    "ShimSetting": [
      6963,
      -3680,
      7900,
      279,
      32,
      -258,
      2,
      60
    ],
    "SliceThickness": 0.9,
    "SoftwareVersions": "syngo MR E11",
    "StationName": "PRISMA",
    "StudyID": "1",
    "StudyInstanceUID": "1.3.12.2.1107.5.2.43.167050.30000018081720093477500000181",
    "TxRefAmp": 273.783,
    "WipMemBlock": "WIP_Identifier: WIP#900D",
    "acq_id": "combecho",
    "dataset": "unknown",
    "modality": "T1w",
    "run_id": 1,
    "session_id": "core2p2",
    "subject_id": "CC0169"
  },
  "cjv": 0.6104584462662787,
  "cnr": 2.234550116411557,
  "efc": 0.5951180690532883,
  "fber": 226.2123565673828,
  "fwhm_avg": 5.6985091116712665,
  "fwhm_x": 5.5342668132746695,
  "fwhm_y": 5.61505947826087,
  "fwhm_z": 5.946201043478261,
  "icvs_csf": 0.15240667391200288,
  "icvs_gm": 0.4265951081773533,
  "icvs_wm": 0.42099821791064385,
  "inu_med": 1.9656046628952026,
  "inu_range": 1.5088844299316406,
  "provenance": {
    "md5sum": "392609d8a4c9a8f5bcf944cd656b65fb",
    "settings": {
      "testing": false
    },
    "software": "mriqc",
    "version": "0.15.0",
    "warnings": {
      "large_rot_frame": false,
      "small_air_mask": false
    },
    "webapi_port": null,
    "webapi_url": "https://mriqc.nimh.nih.gov/api/v1"
  },
  "qi_1": 0.0,
  "qi_2": 0.006898387294630287,
  "rpve_csf": 35.29186306482636,
  "rpve_gm": 13.104802222361142,
  "rpve_wm": 14.720787386447242,
  "size_x": 208,
  "size_y": 256,
  "size_z": 256,
  "snr_csf": 3.624070267054764,
  "snr_gm": 13.851022719335095,
  "snr_total": 10.38635633094879,
  "snr_wm": 13.68397600645651,
  "snrd_csf": 19.72269370367018,
  "snrd_gm": 40.723044655250874,
  "snrd_total": 37.315440004799505,
  "snrd_wm": 51.50058165547746,
  "spacing_x": 0.8999999761581421,
  "spacing_y": 0.8984375,
  "spacing_z": 0.8984375,
  "summary_bg_k": 1.8652029331388738,
  "summary_bg_mad": 12.720854759216309,
  "summary_bg_mean": 44.326900482177734,
  "summary_bg_median": 42.779701232910156,
  "summary_bg_n": 3877075.0,
  "summary_bg_p05": 25.7487117767334,
  "summary_bg_p95": 66.87451553344727,
  "summary_bg_stdv": 13.088628768920898,
  "summary_csf_k": 2.5336589568169092,
  "summary_csf_mad": 106.90277862548828,
  "summary_csf_mean": 398.5970458984375,
  "summary_csf_median": 382.95770263671875,
  "summary_csf_n": 31519.0,
  "summary_csf_p05": 254.2876953125,
  "summary_csf_p95": 585.1651550292967,
  "summary_csf_stdv": 105.66893005371094,
  "summary_gm_k": -0.08021449443020856,
  "summary_gm_mad": 57.682945251464844,
  "summary_gm_mean": 791.1469116210938,
  "summary_gm_median": 790.7238159179688,
  "summary_gm_n": 51283.0,
  "summary_gm_p05": 698.040936279297,
  "summary_gm_p95": 885.5872802734375,
  "summary_gm_stdv": 57.08720016479492,
  "summary_wm_k": 0.06666038011890674,
  "summary_wm_mad": 70.06684875488281,
  "summary_wm_mean": 1012.7508544921875,
  "summary_wm_median": 999.992431640625,
  "summary_wm_n": 207108.0,
  "summary_wm_p05": 914.2938903808595,
  "summary_wm_p95": 1150.8267883300782,
  "summary_wm_stdv": 73.07744598388672,
  "tpm_overlap_csf": 0.22866730391979218,
  "tpm_overlap_gm": 0.48219722509384155,
  "tpm_overlap_wm": 0.49373117089271545,
  "wm2max": 0.6113016660542594
}