{
  "aor": 0.0013008649789029538,
  "aqi": 0.008932283713080169,
  "bids_meta": {
    "AccessionNumber": "6471-018",
    "AcquisitionDateTime": "2018-05-08T11:09:54.207500",
    "AcquisitionMatrixPE": 80,
    "AcquisitionNumber": 1,
    "AcquisitionTime": "11:09:54.207500",
    "BandwidthPerPixelPhaseEncode": 23.191,
    "BaseResolution": 80,
    "BodyPartExamined": "BRAIN",
    "ConsistencyInfo": "N4_VE11C_LATEST_20160120",
    "ConversionSoftware": "dcm2niix",
    "ConversionSoftwareVersion": "v1.0.20210317",
    "DerivedVendorReportedEchoSpacing": 0.000490002,
    "DeviceSerialNumber": "167050",
    "DwellTime": 2.3e-06,
    "EchoTime": 0.03,
    "EchoTrainLength": 88,
    "EffectiveEchoSpacing": 0.000539002,
    "FlipAngle": 53,
    "ImageComments": "Unaliased MB6/PE3/LB",
    "ImageOrientationPatientDICOM": [
      1,
      0,
      0,
      0,
      0.939693,
      -0.34202
    ],
    "ImageType": [
      "ORIGINAL",
      "PRIMARY",
      "M",
      "MB",
      "ND",
      "MOSAIC"
    ],
    "ImagingFrequency": 123.25,
    "InPlanePhaseEncodingDirectionDICOM": "COL",
    "InstitutionAddress": "Michigan Ave 320,Pasadena,California,US,91025",
    "InstitutionName": "Caltech Prisma64",
    "InstitutionalDepartmentName": "Department",
    "MRAcquisitionType": "2D",
    "MagneticFieldStrength": 3,
    "Manufacturer": "Siemens",
    "ManufacturersModelName": "Prisma_fit",
    "Modality": "MR",
    "MultibandAccelerationFactor": 6,
    "PartialFourier": 1,
    "PatientBirthDate": "1985-06-01",
    "PatientID": "CC0029",
    "PatientName": "CC0029",
    "PatientPosition": "HFS",
    "PatientSex": "M",
    "PatientWeight": 72.5748,
    "PercentPhaseFOV": 100,
    "PercentSampling": 100,
    "PhaseEncodingDirection": "j-",
    "PhaseEncodingSteps": 88,
    "PhaseOversampling": 0.1,
    "PhaseResolution": 1,
    "PixelBandwidth": 2715,
    "ProcedureStepDescription": "Conte Core",
    "ProtocolName": "task-pixar_run-01_bold",
    "PulseSequenceDetails": "%CustomerSeq%\\cmrr_mbep2d_bold",
    "ReceiveCoilActiveElements": "HEA;HEP",
    "ReceiveCoilName": "Head_32",
    "ReconMatrixPE": 80,
    "ReferringPhysicianName": "Adolphs",
    "RepetitionTime": 0.7,
    "SAR": 0.0789522,
    "ScanOptions": "FS\\EXT",
    "ScanningSequence": "EP",
    "SequenceName": "epfid2d1_80",
    "SequenceVariant": "SK\\SS\\OSP",
    "SeriesDescription": "task-pixar_run-01_bold",
    "SeriesInstanceUID": "1.3.12.2.1107.5.2.43.167050.2018050811063765583240515.0.0.0",
    "SeriesNumber": 35,
    "ShimSetting": [
      6986,
      -3580,
      7937,
      421,
      -46,
      169,
      -14,
      30
    ],
    "SliceThickness": 2.5,
    "SliceTiming": [
      0,
      0.4775,
      0.2725,
      0.0675,
      0.545,
      0.34,
      0.1375,
      0.6125,
      0.4075,
      0.205,
      0,
      0.4775,
      0.2725,
      0.0675,
      0.545,
      0.34,
      0.1375,
      0.6125,
      0.4075,
      0.205,
      0,
      0.4775,
      0.2725,
      0.0675,
      0.545,
      0.34,
      0.1375,
      0.6125,
      0.4075,
      0.205,
      0,
      0.4775,
      0.2725,
      0.0675,
      0.545,
      0.34,
      0.1375,
      0.6125,
      0.4075,
      0.205,
      0,
      0.4775,
      0.2725,
      0.0675,
      0.545,
      0.34,
      0.1375,
      0.6125,
      0.4075,
      0.205,
      0,
      0.4775,
      0.2725,
      0.0675,
      0.545,
      0.34,
      0.1375,
      0.6125,
      0.4075,
      0.205
    ],
    "SoftwareVersions": "syngo MR E11",
    "SpacingBetweenSlices": 2.5,
    "StationName": "PRISMA",
    "StudyID": "1",
    "StudyInstanceUID": "1.3.12.2.1107.5.2.43.167050.30000018042619061766300000022",
    "TaskName": "pixar",
    "TotalReadoutTime": 0.0425812,
    "TxRefAmp": 253.543,
    "WipMemBlock": "cb465695-afaa-44ba-915b-0f0c48c9026f||Sequence: R016 ve11c/master r/e634e98; Dec 19 2017 11:00:25 by eja",
    "dataset": "unknown",
    "modality": "bold",
    "run_id": 1,
    "session_id": "core2p2",
    "subject_id": "CC0029",
    "task_id": "pixar"
  },
  "dummy_trs": 2,
  "dvars_nstd": 37.487969662431276,
  "dvars_std": 1.067977773868921,
  "dvars_vstd": 1.01268218384778,
  "efc": 0.5585454605528075,
  "fber": 557.7660522460938,
  "fd_mean": 0.13956778107632364,
  "fd_num": 92,
  "fd_perc": 19.40928270042194,
  "fwhm_avg": 2.842644,
  "fwhm_x": 2.527164,
  "fwhm_y": 2.9977799999999997,
  "fwhm_z": 3.0029879999999998,
  "gcor": 0.00496966,
  "gsr_x": 0.0019394045230001211,
  "gsr_y": 0.12269264459609985,
  "provenance": {
    "md5sum": "cdbc5d7713558b6345bcf1e5ce0f98cb",
    "settings": {
      "fd_thres": 0.2,
      "hmc_fsl": false
    },
    "software": "mriqc",
    "version": "0.15.0",
    "webapi_port": null,
    "webapi_url": "https://mriqc.nimh.nih.gov/api/v1"
  },
  "size_t": 474,
  "size_x": 80,
  "size_y": 80,
  "size_z": 60,
  "snr": 2.3859922965532996,
  "spacing_tr": 0.699999988079071,
  "spacing_x": 2.5,
  "spacing_y": 2.5,
  "spacing_z": 2.5,
  "summary_bg_k": 28.273614429824107,
  "summary_bg_mad": 75.27175903320312,
  "summary_bg_mean": 411.5816955566406,
  "summary_bg_median": 133.18563842773438,
  "summary_bg_n": 235154.0,
  "summary_bg_p05": 77.12657928466797,
  "summary_bg_p95": 1825.224206542966,
  "summary_bg_stdv": 729.005859375,
  "summary_fg_k": 0.7733921073417984,
  "summary_fg_mad": 1232.22705078125,
  "summary_fg_mean": 3601.547607421875,
  "summary_fg_median": 3358.81640625,
  "summary_fg_n": 86827.0,
  "summary_fg_p05": 1687.9486572265623,
  "summary_fg_p95": 6310.758056640625,
  "summary_fg_stdv": 1407.7149658203125,
  "tsnr": 36.8310546875
}