{
  "aor": 0.0009438169014084507,
  "aqi": 0.007016372014084507,
  "bids_meta": {
    "AccessionNumber": "6471-018",
    "AcquisitionDateTime": "2018-05-08T10:40:51.935000",
    "AcquisitionMatrixPE": 80,
    "AcquisitionNumber": 1,
    "AcquisitionTime": "10:40:51.935000",
    "BandwidthPerPixelPhaseEncode": 23.191,
    "BaseResolution": 80,
    "BodyPartExamined": "BRAIN",
    "ConsistencyInfo": "N4_VE11C_LATEST_20160120",
    "ConversionSoftware": "dcm2niix",
    "ConversionSoftwareVersion": "v1.0.20210317",
    "DerivedVendorReportedEchoSpacing": 0.000490002,
    "DeviceSerialNumber": "167050",
    "DwellTime": 2.3e-06,
    "EchoTime": 0.03,
    "EchoTrainLength": 88,
    "EffectiveEchoSpacing": 0.000539002,
    "FlipAngle": 53,
    "ImageComments": "Unaliased MB6/PE3/LB",
    "ImageOrientationPatientDICOM": [
      1,
      0,
      0,
      0,
      0.939693,
      -0.34202
    ],
    "ImageType": [
      "ORIGINAL",
      "PRIMARY",
      "M",
      "MB",
      "ND",
      "MOSAIC"
    ],
    "ImagingFrequency": 123.25,
    "InPlanePhaseEncodingDirectionDICOM": "COL",
    "InstitutionAddress": "Michigan Ave 320,Pasadena,California,US,91025",
    "InstitutionName": "Caltech Prisma64",
    "InstitutionalDepartmentName": "Department",
    "MRAcquisitionType": "2D",
    "MagneticFieldStrength": 3,
    "Manufacturer": "Siemens",
    "ManufacturersModelName": "Prisma_fit",
    "Modality": "MR",
    "MultibandAccelerationFactor": 6,
    "PartialFourier": 1,
    "PatientBirthDate": "1985-06-01",
    "PatientID": "CC0029",
    "PatientName": "CC0029",
    "PatientPosition": "HFS",
    "PatientSex": "M",
    "PatientWeight": 72.5748,
    "PercentPhaseFOV": 100,
    "PercentSampling": 100,
    "PhaseEncodingDirection": "j-",
    "PhaseEncodingSteps": 88,
    "PhaseOversampling": 0.1,
    "PhaseResolution": 1,
    "PixelBandwidth": 2715,
    "ProcedureStepDescription": "Conte Core",
    "ProtocolName": "task-bang_bold",
    "PulseSequenceDetails": "%CustomerSeq%\\cmrr_mbep2d_bold",
    "ReceiveCoilActiveElements": "HEA;HEP",
    "ReceiveCoilName": "Head_32",
    "ReconMatrixPE": 80,
    "ReferringPhysicianName": "Adolphs",
    "RepetitionTime": 0.7,
    "SAR": 0.0791552,
    "ScanOptions": "FS\\EXT",
    "ScanningSequence": "EP",
    "SequenceName": "epfid2d1_80",
    "SequenceVariant": "SK\\SS\\OSP",
    "SeriesDescription": "task-bang_bold",
    "SeriesInstanceUID": "1.3.12.2.1107.5.2.43.167050.2018050810384780523713613.0.0.0",
    "SeriesNumber": 25,
    "ShimSetting": [
      6986,
      -3580,
      7937,
      421,
      -46,
      169,
      -14,
      30
    ],
    "SliceThickness": 2.5,
    "SliceTiming": [
      0,
      0.4775,
      0.2725,
      0.0675,
      0.545,
      0.34,
      0.1375,
      0.6125,
      0.4075,
      0.205,
      0,
      0.4775,
      0.2725,
      0.0675,
      0.545,
      0.34,
      0.1375,
      0.6125,
      0.4075,
      0.205,
      0,
      0.4775,
      0.2725,
      0.0675,
      0.545,
      0.34,
      0.1375,
      0.6125,
      0.4075,
      0.205,
      0,
      0.4775,
      0.2725,
      0.0675,
      0.545,
      0.34,
      0.1375,
      0.6125,
      0.4075,
      0.205,
      0,
      0.4775,
      0.2725,
      0.0675,
      0.545,
      0.34,
      0.1375,
      0.6125,
      0.4075,
      0.205,
      0,
      0.4775,
      0.2725,
      0.0675,
      0.545,
      0.34,
      0.1375,
      0.6125,
      0.4075,
      0.205
    ],
    "SoftwareVersions": "syngo MR E11",
    "SpacingBetweenSlices": 2.5,
    "StationName": "PRISMA",
    "StudyID": "1",
    "StudyInstanceUID": "1.3.12.2.1107.5.2.43.167050.30000018042619061766300000022",
    "TaskName": "bang",
    "TotalReadoutTime": 0.0425812,
    "TxRefAmp": 253.543,
    "WipMemBlock": "8cb205f7-a901-42bb-be1c-7658de406ff7||Sequence: R016 ve11c/master r/e634e98; Dec 19 2017 11:00:25 by eja",
    "dataset": "unknown",
    "modality": "bold",
    "run_id": 1,
    "session_id": "core2p2",
    "subject_id": "CC0029",
    "task_id": "bang"
  },
  "dummy_trs": 0,
  "dvars_nstd": 34.58027171414671,
  "dvars_std": 1.0433540724400547,
  "dvars_vstd": 1.0204775388716518,
  "efc": 0.5600958403418713,
  "fber": 555.7760009765625,
  "fd_mean": 0.10954991626864437,
  "fd_num": 70,
  "fd_perc": 9.859154929577464,
  "fwhm_avg": 2.8580799999999997,
  "fwhm_x": 2.54682,
  "fwhm_y": 3.02628,
  "fwhm_z": 3.00114,
  "gcor": 0.00483093,
  "gsr_x": -0.005409177392721176,
  "gsr_y": 0.12245254218578339,
  "provenance": {
    "md5sum": "49696c8f362e1d9fb0c19f5bc834e96a",
    "settings": {
      "fd_thres": 0.2,
      "hmc_fsl": false
    },
    "software": "mriqc",
    "version": "0.15.0",
    "webapi_port": null,
    "webapi_url": "https://mriqc.nimh.nih.gov/api/v1"
  },
  "size_t": 710,
  "size_x": 80,
  "size_y": 80,
  "size_z": 60,
  "snr": 2.3723309552308813,
  "spacing_tr": 0.699999988079071,
  "spacing_x": 2.5,
  "spacing_y": 2.5,
  "spacing_z": 2.5,
  "summary_bg_k": 29.477108055938203,
  "summary_bg_mad": 77.73847961425781,
  "summary_bg_mean": 423.8160400390625,
  "summary_bg_median": 136.3140869140625,
  "summary_bg_n": 234187.0,
  "summary_bg_p05": 77.9267578125,
  "summary_bg_p95": 1872.499670410154,
  "summary_bg_stdv": 746.0177001953125,
  "summary_fg_k": 0.6445074597058102,
  "summary_fg_mad": 1279.266357421875,
  "summary_fg_mean": 3662.733154296875,
  "summary_fg_median": 3429.69482421875,
  "summary_fg_n": 87702.0,
  "summary_fg_p05": 1670.4972778320312,
  "summary_fg_p95": 6409.724902343749,
  "summary_fg_stdv": 1445.698486328125,
  "tsnr": 37.848541259765625
}