{
  "aor": 0.0013383124999999999,
  "aqi": 0.0035851840625,
  "bids_meta": {
    "AccessionNumber": "6537-002",
    "AcquisitionDateTime": "2013-04-01T10:53:53.785000",
    "AcquisitionMatrixPE": 64,
    "AcquisitionNumber": 1,
    "AcquisitionTime": "10:53:53.785000",
    "BandwidthPerPixelPhaseEncode": 66.489,
    "BaseResolution": 64,
    "CoilString": "C:HEA;HEP",
    "ConversionSoftware": "dcm2niix",
    "ConversionSoftwareVersion": "v1.0.20210317",
    "DerivedVendorReportedEchoSpacing": 0.000470003,
    "DeviceSerialNumber": "35077",
    "DwellTime": 3e-06,
    "EchoTime": 0.03,
    "EffectiveEchoSpacing": 0.000235001,
    "FlipAngle": 85,
    "ImageOrientationPatientDICOM": [
      1,
      -1e-16,
      0,
      1e-16,
      0.939693,
      -0.34202
    ],
    "ImageType": [
      "ORIGINAL",
      "PRIMARY",
      "M",
      "ND",
      "MOSAIC"
    ],
    "ImagingFrequency": 123.229,
    "InPlanePhaseEncodingDirectionDICOM": "COL",
    "InstitutionAddress": "Wilson Avenue 340 ,Pasadena,California,US,91025",
    "InstitutionName": "Caltech Tim32",
    "InstitutionalDepartmentName": "Department",
    "MRAcquisitionType": "2D",
    "MagneticFieldStrength": 3,
    "Manufacturer": "Siemens",
    "ManufacturersModelName": "TrioTim",
    "Modality": "MR",
    "ParallelReductionFactorInPlane": 2,
    "PartialFourier": 1,
    "PatientBirthDate": "1985-01-01",
    "PatientID": "adolphs",
    "PatientName": "CC0046",
    "PatientPosition": "HFS",
    "PatientSex": "F",
    "PatientWeight": 53.0703,
    "PercentPhaseFOV": 100,
    "PercentSampling": 100,
    "PhaseEncodingDirection": "j-",
    "PhaseEncodingSteps": 64,
    "PhaseResolution": 1,
    "PixelBandwidth": 2604,
    "ProcedureStepDescription": "Conte^Core",
    "ProtocolName": "rsBOLD_1",
    "PulseSequenceDetails": "%SiemensSeq%\\ep2d_bold",
    "ReceiveCoilName": "32Ch_Head",
    "ReconMatrixPE": 64,
    "RefLinesPE": 32,
    "RepetitionTime": 2.5,
    "SAR": 0.2084,
    "ScanOptions": "FS",
    "ScanningSequence": "EP",
    "SequenceName": "*epfid2d1_64",
    "SequenceVariant": "SK",
    "SeriesDescription": "rsBOLD_1",
    "SeriesInstanceUID": "1.3.12.2.1107.5.2.32.35077.2013040110534311661358758.0.0.0",
    "SeriesNumber": 2,
    "ShimSetting": [
      9603,
      -10376,
      15712,
      724,
      -12,
      393,
      66,
      -126
    ],
    "SliceThickness": 3,
    "SliceTiming": [
      0,
      0.0525,
      0.105,
      0.16,
      0.2125,
      0.2675,
      0.32,
      0.3725,
      0.4275,
      0.48,
      0.5325,
      0.5875,
      0.64,
      0.6925,
      0.7475,
      0.8,
      0.8525,
      0.9075,
      0.96,
      1.015,
      1.0675,
      1.12,
      1.175,
      1.2275,
      1.28,
      1.335,
      1.3875,
      1.44,
      1.495,
      1.5475,
      1.6,
      1.655,
      1.7075,
      1.7625,
      1.815,
      1.8675,
      1.9225,
      1.975,
      2.0275,
      2.0825,
      2.135,
      2.1875,
      2.2425,
      2.295,
      2.3475,
      2.4025,
      2.455
    ],
    "SoftwareVersions": "syngo MR B17",
    "SpacingBetweenSlices": 3,
    "StationName": "MEDPC",
    "StudyID": "1",
    "StudyInstanceUID": "1.3.12.2.1107.5.2.32.35077.30000013040116184470300000004",
    "TaskName": "rest",
    "TotalReadoutTime": 0.0148051,
    "TxRefAmp": 301.079,
    "dataset": "unknown",
    "modality": "bold",
    "run_id": 1,
    "session_id": "core1p1",
    "subject_id": "CC0046",
    "task_id": "rest"
  },
  "dummy_trs": 0,
  "dvars_nstd": 27.585109002767304,
  "dvars_std": 1.0265913282389936,
  "dvars_vstd": 0.976402828553459,
  "efc": 0.5204471011730005,
  "fber": 483.4563293457031,
  "fd_mean": 0.08951686589709884,
  "fd_num": 4,
  "fd_perc": 2.5,
  "fwhm_avg": 2.5547066666666667,
  "fwhm_x": 2.5328399999999998,
  "fwhm_y": 2.6081766666666666,
  "fwhm_z": 2.5231033333333333,
  "gcor": 0.0156696,
  "gsr_x": 0.004230950493365526,
  "gsr_y": 0.04438096657395363,
  "provenance": {
    "md5sum": "656418e3a463dddb8369585b0a6e050a",
    "settings": {
      "fd_thres": 0.2,
      "hmc_fsl": false
    },
    "software": "mriqc",
    "version": "0.15.0",
    "webapi_port": null,
    "webapi_url": "https://mriqc.nimh.nih.gov/api/v1"
  },
  "size_t": 160,
  "size_x": 64,
  "size_y": 64,
  "size_z": 47,
  "snr": 2.1321749207088048,
  "spacing_tr": 2.5,
  "spacing_x": 3.0,
  "spacing_y": 3.0,
  "spacing_z": 3.0,
  "summary_bg_k": 116.47631030372479,
  "summary_bg_mad": 11.040754318237305,
  "summary_bg_mean": 42.114463806152344,
  "summary_bg_median": 26.418750762939453,
  "summary_bg_n": 107238.0,
  "summary_bg_p05": 17.42500114440918,
  "summary_bg_p95": 107.27687606811517,
  "summary_bg_stdv": 60.54463577270508,
  "summary_fg_k": 2.750678496467043,
  "summary_fg_mad": 232.07362365722656,
  "summary_fg_mean": 697.5064086914062,
  "summary_fg_median": 638.0999755859375,
  "summary_fg_n": 44724.0,
  "summary_fg_p05": 336.7603134155273,
  "summary_fg_p95": 1292.007208251953,
  "summary_fg_stdv": 299.2685241699219,
  "tsnr": 48.43100357055664
}