{
  "aor": 0.0010424707846410685,
  "aqi": 0.006083765692821369,
  "bids_meta": {
    "AccessionNumber": "8535-001",
    "AcquisitionDateTime": "2018-07-20T11:29:56.827500",
    "AcquisitionMatrixPE": 80,
    "AcquisitionNumber": 1,
    "AcquisitionTime": "11:29:56.827500",
    "BandwidthPerPixelPhaseEncode": 23.191,
    "BaseResolution": 80,
    "BodyPartExamined": "BRAIN",
    "ConsistencyInfo": "N4_VE11C_LATEST_20160120",
    "ConversionSoftware": "dcm2niix",
    "ConversionSoftwareVersion": "v1.0.20210317",
    "DerivedVendorReportedEchoSpacing": 0.000490002,
    "DeviceSerialNumber": "167050",
    "DwellTime": 2.3e-06,
    "EchoTime": 0.03,
    "EchoTrainLength": 88,
    "EffectiveEchoSpacing": 0.000539002,
    "FlipAngle": 53,
    "ImageComments": "Unaliased MB6/PE3/LB",
    "ImageOrientationPatientDICOM": [
      1,
      0,
      0,
      0,
      0.939693,
      -0.34202
    ],
    "ImageType": [
      "ORIGINAL",
      "PRIMARY",
      "M",
      "MB",
      "ND",
      "MOSAIC"
    ],
    "ImagingFrequency": 123.25,
    "InPlanePhaseEncodingDirectionDICOM": "COL",
    "InstitutionAddress": "Michigan Ave 320,Pasadena,California,US,91025",
    "InstitutionName": "Caltech Prisma64",
    "InstitutionalDepartmentName": "Department",
    "MRAcquisitionType": "2D",
    "MagneticFieldStrength": 3,
    "Manufacturer": "Siemens",
    "ManufacturersModelName": "Prisma_fit",
    "Modality": "MR",
    "MultibandAccelerationFactor": 6,
    "PartialFourier": 1,
    "PatientBirthDate": "1984-07-01",
    "PatientID": "CC0145",
    "PatientName": "CC0145",
    "PatientPosition": "HFS",
    "PatientSex": "M",
    "PatientWeight": 108.862,
    "PercentPhaseFOV": 100,
    "PercentSampling": 100,
    "PhaseEncodingDirection": "j-",
    "PhaseEncodingSteps": 88,
    "PhaseOversampling": 0.1,
    "PhaseResolution": 1,
    "PixelBandwidth": 2715,
    "ProcedureStepDescription": "Conte Core",
    "ProtocolName": "task-rest_run-01_bold",
    "PulseSequenceDetails": "%CustomerSeq%\\cmrr_mbep2d_bold",
    "ReceiveCoilActiveElements": "HEA;HEP",
    "ReceiveCoilName": "Head_32",
    "ReconMatrixPE": 80,
    "ReferringPhysicianName": "Adolphs",
    "RepetitionTime": 0.7,
    "SAR": 0.0858469,
    "ScanOptions": "FS\\EXT",
    "ScanningSequence": "EP",
    "SequenceName": "epfid2d1_80",
    "SequenceVariant": "SK\\SS\\OSP",
    "SeriesDescription": "task-rest_run-01_bold",
    "SeriesInstanceUID": "1.3.12.2.1107.5.2.43.167050.2018072011270047704324669.0.0.0",
    "SeriesNumber": 9,
    "ShimSetting": [
      6996,
      -3615,
      7926,
      262,
      -19,
      32,
      18,
      -15
    ],
    "SliceThickness": 2.5,
    "SliceTiming": [
      0,
      0.475,
      0.2725,
      0.0675,
      0.5425,
      0.34,
      0.135,
      0.6125,
      0.4075,
      0.2025,
      0,
      0.475,
      0.2725,
      0.0675,
      0.5425,
      0.34,
      0.135,
      0.6125,
      0.4075,
      0.2025,
      0,
      0.475,
      0.2725,
      0.0675,
      0.5425,
      0.34,
      0.135,
      0.6125,
      0.4075,
      0.2025,
      0,
      0.475,
      0.2725,
      0.0675,
      0.5425,
      0.34,
      0.135,
      0.6125,
      0.4075,
      0.2025,
      0,
      0.475,
      0.2725,
      0.0675,
      0.5425,
      0.34,
      0.135,
      0.6125,
      0.4075,
      0.2025,
      0,
      0.475,
      0.2725,
      0.0675,
      0.5425,
      0.34,
      0.135,
      0.6125,
      0.4075,
      0.2025
    ],
    "SoftwareVersions": "syngo MR E11",
    "SpacingBetweenSlices": 2.5,
    "StationName": "PRISMA",
    "StudyID": "1",
    "StudyInstanceUID": "1.3.12.2.1107.5.2.43.167050.30000018071021413043300000040",
    "TaskName": "rest",
    "TotalReadoutTime": 0.0425812,
    "TxRefAmp": 305.402,
    "WipMemBlock": "c0f819f5-511f-4b51-b622-d3ad9782cd9e||Sequence: R016 ve11c/master r/e634e98; Dec 19 2017 11:00:25 by eja",
    "dataset": "unknown",
    "modality": "bold",
    "run_id": 1,
    "session_id": "core2p2",
    "subject_id": "CC0145",
    "task_id": "rest"
  },
  "dummy_trs": 1,
  "dvars_nstd": 37.19592665347827,
  "dvars_std": 1.075271636505017,
  "dvars_vstd": 1.0486646096153855,
  "efc": 0.5521370606784544,
  "fber": 438.6649169921875,
  "fd_mean": 0.19630750538983363,
  "fd_num": 254,
  "fd_perc": 42.404006677796325,
  "fwhm_avg": 2.8567066666666663,
  "fwhm_x": 2.638524,
  "fwhm_y": 2.960604,
  "fwhm_z": 2.970992,
  "gcor": 0.00878963,
  "gsr_x": -0.01686466671526432,
  "gsr_y": 0.09532430022954941,
  "provenance": {
    "md5sum": "9f13728eac38a9fed1ba5f9e5ffdcce0",
    "settings": {
      "fd_thres": 0.2,
      "hmc_fsl": false
    },
    "software": "mriqc",
    "version": "0.15.0",
    "webapi_port": null,
    "webapi_url": "https://mriqc.nimh.nih.gov/api/v1"
  },
  "size_t": 599,
  "size_x": 80,
  "size_y": 80,
  "size_z": 60,
  "snr": 2.108156365471258,
  "spacing_tr": 0.699999988079071,
  "spacing_x": 2.5,
  "spacing_y": 2.5,
  "spacing_z": 2.5,
  "summary_bg_k": 17.61035351683102,
  "summary_bg_mad": 110.58380126953125,
  "summary_bg_mean": 432.17584228515625,
  "summary_bg_median": 163.96994018554688,
  "summary_bg_n": 233905.0,
  "summary_bg_p05": 81.42103424072266,
  "summary_bg_p95": 1806.519189453125,
  "summary_bg_stdv": 677.6895751953125,
  "summary_fg_k": 0.8297150504440758,
  "summary_fg_mad": 1597.9581298828125,
  "summary_fg_mean": 4077.28662109375,
  "summary_fg_median": 3741.1083984375,
  "summary_fg_n": 87995.0,
  "summary_fg_p05": 1763.7502075195312,
  "summary_fg_p95": 7509.001269531251,
  "summary_fg_stdv": 1774.57763671875,
  "tsnr": 35.06474304199219
}