{
  "aor": 0.0012115774647887324,
  "aqi": 0.007343986873239437,
  "bids_meta": {
    "AccessionNumber": "8535-001",
    "AcquisitionDateTime": "2018-07-20T12:08:58.782500",
    "AcquisitionMatrixPE": 80,
    "AcquisitionNumber": 1,
    "AcquisitionTime": "12:08:58.782500",
    "BandwidthPerPixelPhaseEncode": 23.191,
    "BaseResolution": 80,
    "BodyPartExamined": "BRAIN",
    "ConsistencyInfo": "N4_VE11C_LATEST_20160120",
    "ConversionSoftware": "dcm2niix",
    "ConversionSoftwareVersion": "v1.0.20210317",
    "DerivedVendorReportedEchoSpacing": 0.000490002,
    "DeviceSerialNumber": "167050",
    "DwellTime": 2.3e-06,
    "EchoTime": 0.03,
    "EchoTrainLength": 88,
    "EffectiveEchoSpacing": 0.000539002,
    "FlipAngle": 53,
    "ImageComments": "Unaliased MB6/PE3/LB",
    "ImageOrientationPatientDICOM": [
      1,
      0,
      0,
      0,
      0.939693,
      -0.34202
    ],
    "ImageType": [
      "ORIGINAL",
      "PRIMARY",
      "M",
      "MB",
      "ND",
      "MOSAIC"
    ],
    "ImagingFrequency": 123.25,
    "InPlanePhaseEncodingDirectionDICOM": "COL",
    "InstitutionAddress": "Michigan Ave 320,Pasadena,California,US,91025",
    "InstitutionName": "Caltech Prisma64",
    "InstitutionalDepartmentName": "Department",
    "MRAcquisitionType": "2D",
    "MagneticFieldStrength": 3,
    "Manufacturer": "Siemens",
    "ManufacturersModelName": "Prisma_fit",
    "Modality": "MR",
    "MultibandAccelerationFactor": 6,
    "PartialFourier": 1,
    "PatientBirthDate": "1984-07-01",
    "PatientID": "CC0145",
    "PatientName": "CC0145",
    "PatientPosition": "HFS",
    "PatientSex": "M",
    "PatientWeight": 108.862,
    "PercentPhaseFOV": 100,
    "PercentSampling": 100,
    "PhaseEncodingDirection": "j-",
    "PhaseEncodingSteps": 88,
    "PhaseOversampling": 0.1,
    "PhaseResolution": 1,
    "PixelBandwidth": 2715,
    "ProcedureStepDescription": "Conte Core",
    "ProtocolName": "task-bang_bold",
    "PulseSequenceDetails": "%CustomerSeq%\\cmrr_mbep2d_bold",
    "ReceiveCoilActiveElements": "HEA;HEP",
    "ReceiveCoilName": "Head_32",
    "ReconMatrixPE": 80,
    "ReferringPhysicianName": "Adolphs",
    "RepetitionTime": 0.7,
    "SAR": 0.0850525,
    "ScanOptions": "FS\\EXT",
    "ScanningSequence": "EP",
    "SequenceName": "epfid2d1_80",
    "SequenceVariant": "SK\\SS\\OSP",
    "SeriesDescription": "task-bang_bold",
    "SeriesInstanceUID": "1.3.12.2.1107.5.2.43.167050.2018072012084871340301237.0.0.0",
    "SeriesNumber": 27,
    "ShimSetting": [
      6992,
      -3637,
      7922,
      251,
      -4,
      67,
      25,
      5
    ],
    "SliceThickness": 2.5,
    "SliceTiming": [
      0,
      0.475,
      0.2725,
      0.0675,
      0.5425,
      0.34,
      0.135,
      0.6125,
      0.4075,
      0.2025,
      0,
      0.475,
      0.2725,
      0.0675,
      0.5425,
      0.34,
      0.135,
      0.6125,
      0.4075,
      0.2025,
      0,
      0.475,
      0.2725,
      0.0675,
      0.5425,
      0.34,
      0.135,
      0.6125,
      0.4075,
      0.2025,
      0,
      0.475,
      0.2725,
      0.0675,
      0.5425,
      0.34,
      0.135,
      0.6125,
      0.4075,
      0.2025,
      0,
      0.475,
      0.2725,
      0.0675,
      0.5425,
      0.34,
      0.135,
      0.6125,
      0.4075,
      0.2025,
      0,
      0.475,
      0.2725,
      0.0675,
      0.5425,
      0.34,
      0.135,
      0.6125,
      0.4075,
      0.2025
    ],
    "SoftwareVersions": "syngo MR E11",
    "SpacingBetweenSlices": 2.5,
    "StationName": "PRISMA",
    "StudyID": "1",
    "StudyInstanceUID": "1.3.12.2.1107.5.2.43.167050.30000018071021413043300000040",
    "TaskName": "bang",
    "TotalReadoutTime": 0.0425812,
    "TxRefAmp": 303.21,
    "WipMemBlock": "1fa464a4-4e65-459f-967c-9251417bcb48||Sequence: R016 ve11c/master r/e634e98; Dec 19 2017 11:00:25 by eja",
    "dataset": "unknown",
    "modality": "bold",
    "run_id": 1,
    "session_id": "core2p2",
    "subject_id": "CC0145",
    "task_id": "bang"
  },
  "dummy_trs": 0,
  "dvars_nstd": 39.13137392870239,
  "dvars_std": 1.0698938895768682,
  "dvars_vstd": 0.9975466244710871,
  "efc": 0.5589026607026277,
  "fber": 427.6795654296875,
  "fd_mean": 0.23523530785847616,
  "fd_num": 353,
  "fd_perc": 49.71830985915493,
  "fwhm_avg": 2.848492,
  "fwhm_x": 2.613076,
  "fwhm_y": 2.953004,
  "fwhm_z": 2.979396,
  "gcor": 0.0135899,
  "gsr_x": -0.015670843422412872,
  "gsr_y": 0.09027664363384247,
  "provenance": {
    "md5sum": "7357100ae10bc82828e27710a2fce592",
    "settings": {
      "fd_thres": 0.2,
      "hmc_fsl": false
    },
    "software": "mriqc",
    "version": "0.15.0",
    "webapi_port": null,
    "webapi_url": "https://mriqc.nimh.nih.gov/api/v1"
  },
  "size_t": 710,
  "size_x": 80,
  "size_y": 80,
  "size_z": 60,
  "snr": 2.168773142554973,
  "spacing_tr": 0.699999988079071,
  "spacing_x": 2.5,
  "spacing_y": 2.5,
  "spacing_z": 2.5,
  "summary_bg_k": 15.017779089997056,
  "summary_bg_mad": 108.40538024902344,
  "summary_bg_mean": 444.1255187988281,
  "summary_bg_median": 163.38873291015625,
  "summary_bg_n": 232967.0,
  "summary_bg_p05": 82.60281372070312,
  "summary_bg_p95": 1904.898657226556,
  "summary_bg_stdv": 695.8988647460938,
  "summary_fg_k": 0.8336622168545529,
  "summary_fg_mad": 1525.680908203125,
  "summary_fg_mean": 4011.841552734375,
  "summary_fg_median": 3696.037841796875,
  "summary_fg_n": 88646.0,
  "summary_fg_p05": 1771.7421569824219,
  "summary_fg_p95": 7304.829833984375,
  "summary_fg_stdv": 1704.1971435546875,
  "tsnr": 33.35224914550781
}