{
  "bids_meta": {
    "AccessionNumber": "8680-013",
    "AcquisitionDateTime": "2019-01-22T13:27:26.507500",
    "AcquisitionMatrixPE": 256,
    "AcquisitionNumber": 1,
    "AcquisitionTime": "13:27:26.507500",
    "BaseResolution": 256,
    "BodyPartExamined": "BRAIN",
    "ConsistencyInfo": "N4_VE11C_LATEST_20160120",
    "ConversionSoftware": "dcm2niix",
    "ConversionSoftwareVersion": "v1.0.20210317",
    "DeviceSerialNumber": "167050",
    "DwellTime": 2.6e-06,
    "EchoTime": 0.564,
    "EchoTrainLength": 314,
    "FlipAngle": 120,
    "ImageOrientationPatientDICOM": [
      0,
      1,
      0,
      0,
      0,
      -1
    ],
    "ImageType": [
      "ORIGINAL",
      "PRIMARY",
      "M",
      "ND"
    ],
    "ImagingFrequency": 123.25,
    "InPlanePhaseEncodingDirectionDICOM": "ROW",
    "InstitutionAddress": "Michigan Ave 320,Pasadena,California,US,91025",
    "InstitutionName": "Caltech Prisma64",
    "InstitutionalDepartmentName": "Department",
    "MRAcquisitionType": "3D",
    "MagneticFieldStrength": 3,
    "Manufacturer": "Siemens",
    "ManufacturersModelName": "Prisma_fit",
    "Modality": "MR",
    "ParallelReductionFactorInPlane": 2,
    "PartialFourier": 1,
    "PatientBirthDate": "1987-05-01",
    "PatientID": "CC0006",
    "PatientName": "CC0006",
    "PatientPosition": "HFS",
    "PatientSex": "M",
    "PatientWeight": 72.5748,
    "PercentPhaseFOV": 100,
    "PercentSampling": 100,
    "PhaseEncodingDirection": "i",
    "PhaseEncodingSteps": 274,
    "PhaseOversampling": 0.1,
    "PhaseResolution": 1,
    "PixelBandwidth": 750,
    "ProtocolName": "T2w",
    "PulseSequenceDetails": "%SiemensSeq%\\tse_vfl",
    "ReceiveCoilActiveElements": "HEA;HEP",
    "ReceiveCoilName": "Head_32",
    "ReconMatrixPE": 256,
    "RefLinesPE": 32,
    "ReferringPhysicianName": "Adolphs",
    "RepetitionTime": 3.2,
    "SAR": 0.195975,
    "ScanOptions": "PFP",
    "ScanningSequence": "SE",
    "SequenceName": "*spc_314ns",
    "SequenceVariant": "SK\\SP\\OSP",
    "SeriesDescription": "T2w",
    "SeriesInstanceUID": "1.3.12.2.1107.5.2.43.167050.2019012213330334215286423.0.0.0",
    "SeriesNumber": 11,
    "ShimSetting": [
      6990,
      -3616,
      7941,
      309,
      35,
      10,
      62,
      9
    ],
    "SliceThickness": 0.9,
    "SoftwareVersions": "syngo MR E11",
    "StationName": "PRISMA",
    "StudyID": "1",
    "StudyInstanceUID": "1.3.12.2.1107.5.2.43.167050.30000019012122271046500000010",
    "TxRefAmp": 267.805,
    "dataset": "unknown",
    "modality": "T2w",
    "run_id": 1,
    "session_id": "core2p2",
    "subject_id": "CC0006"
  },
  "cjv": 0.6656153841120761,
  "cnr": 1.7767256958486388,
  "efc": 0.534280260999589,
  "fber": 489.0942687988281,
  "fwhm_avg": 3.4596451061758606,
  "fwhm_x": 3.453044535918886,
  "fwhm_y": 3.720069565217391,
  "fwhm_z": 3.2058212173913043,
  "icvs_csf": 0.27607826817079567,
  "icvs_gm": 0.592899124932386,
  "icvs_wm": 0.13102260689681836,
  "inu_med": 1.4249114990234375,
  "inu_range": 0.6710846424102783,
  "provenance": {
    "md5sum": "9646f019854bb3a75ad1e4b72d5fc122",
    "settings": {
      "testing": false
    },
    "software": "mriqc",
    "version": "0.15.0",
    "warnings": {
      "large_rot_frame": false,
      "small_air_mask": false
    },
    "webapi_port": null,
    "webapi_url": "https://mriqc.nimh.nih.gov/api/v1"
  },
  "qi_1": 5.1587865713268195e-05,
  "qi_2": 0.0011386025016917845,
  "rpve_csf": 13.583281133467382,
  "rpve_gm": 7.941982657632818,
  "rpve_wm": 29.578441730593816,
  "size_x": 208,
  "size_y": 256,
  "size_z": 256,
  "snr_csf": 3.213960147770012,
  "snr_gm": 5.253605663957578,
  "snr_total": 4.074378893661027,
  "snr_wm": 3.7555708692554925,
  "snrd_csf": 59.16845190326125,
  "snrd_gm": 22.80504029260611,
  "snrd_total": 31.586739723026383,
  "snrd_wm": 12.786726973211787,
  "spacing_x": 0.8999999761581421,
  "spacing_y": 0.8984375,
  "spacing_z": 0.8984375,
  "summary_bg_k": 10.097378793443927,
  "summary_bg_mad": 51.24114990234375,
  "summary_bg_mean": 99.59175109863281,
  "summary_bg_median": 73.17129516601562,
  "summary_bg_n": 3145806.0,
  "summary_bg_p05": 16.791412353515625,
  "summary_bg_p95": 283.300048828125,
  "summary_bg_stdv": 91.20733642578125,
  "summary_csf_k": 0.793659839494945,
  "summary_csf_mad": 1105.7266845703125,
  "summary_csf_mean": 5003.916015625,
  "summary_csf_median": 4627.82958984375,
  "summary_csf_n": 77505.0,
  "summary_csf_p05": 3230.393798828125,
  "summary_csf_p95": 7871.58984375,
  "summary_csf_stdv": 1439.90576171875,
  "summary_gm_k": 0.6354366872370019,
  "summary_gm_mad": 333.268798828125,
  "summary_gm_mean": 1820.597900390625,
  "summary_gm_median": 1783.684326171875,
  "summary_gm_n": 259534.0,
  "summary_gm_p05": 1342.2630676269532,
  "summary_gm_p95": 2433.940454101562,
  "summary_gm_stdv": 339.51556396484375,
  "summary_wm_k": 37.100294818687026,
  "summary_wm_mad": 188.29220581054688,
  "summary_wm_mean": 1004.8450317382812,
  "summary_wm_median": 1000.107177734375,
  "summary_wm_n": 19249.0,
  "summary_wm_p05": 675.7503906249999,
  "summary_wm_p95": 1289.7716064453123,
  "summary_wm_stdv": 266.292724609375,
  "tpm_overlap_csf": 0.17348365485668182,
  "tpm_overlap_gm": 0.42651721835136414,
  "tpm_overlap_wm": 0.16930633783340454,
  "wm2max": 0.11601850923208477
}