{
  "bids_meta": {
    "AccessionNumber": "8680-013",
    "AcquisitionDateTime": "2019-01-22T13:11:7.260000",
    "AcquisitionMatrixPE": 256,
    "AcquisitionNumber": 1,
    "AcquisitionTime": "13:11:7.260000",
    "BaseResolution": 256,
    "BodyPartExamined": "BRAIN",
    "ConsistencyInfo": "N4_VE11C_LATEST_20160120",
    "ConversionSoftware": "dcm2niix",
    "ConversionSoftwareVersion": "v1.0.20210317",
    "DeviceSerialNumber": "167050",
    "DwellTime": 3e-06,
    "EchoNumber": 4,
    "FlipAngle": 8,
    "ImageComments": "Average over all echoes.",
    "ImageOrientationPatientDICOM": [
      0,
      1,
      0,
      0,
      0,
      -1
    ],
    "ImageType": [
      "ORIGINAL",
      "PRIMARY",
      "ECHO",
      "COMBINED",
      "ND",
      "NORM"
    ],
    "ImagingFrequency": 123.25,
    "InPlanePhaseEncodingDirectionDICOM": "ROW",
    "InstitutionAddress": "Michigan Ave 320,Pasadena,California,US,91025",
    "InstitutionName": "Caltech Prisma64",
    "InstitutionalDepartmentName": "Department",
    "InversionTime": 1.15,
    "MRAcquisitionType": "3D",
    "MagneticFieldStrength": 3,
    "Manufacturer": "Siemens",
    "ManufacturersModelName": "Prisma_fit",
    "Modality": "MR",
    "ParallelReductionFactorInPlane": 2,
    "PartialFourier": 1,
    "PatientBirthDate": "1987-05-01",
    "PatientID": "CC0006",
    "PatientName": "CC0006",
    "PatientPosition": "HFS",
    "PatientSex": "M",
    "PatientWeight": 72.5748,
    "PercentPhaseFOV": 100,
    "PercentSampling": 100,
    "PhaseEncodingSteps": 282,
    "PhaseOversampling": 0.1,
    "PhaseResolution": 1,
    "PixelBandwidth": 650,
    "ProtocolName": "T1w",
    "PulseSequenceDetails": "%CustomerSeq%\\tfl_wip900D_VE11C",
    "ReceiveCoilActiveElements": "HEA;HEP",
    "ReceiveCoilName": "Head_32",
    "ReconMatrixPE": 256,
    "RefLinesPE": 32,
    "ReferringPhysicianName": "Adolphs",
    "RepetitionTime": 2.55,
    "SAR": 0.049795,
    "ScanOptions": "IR\\WE",
    "ScanningSequence": "GR\\IR",
    "SequenceName": "tfl3d4_16ns",
    "SequenceVariant": "SK\\SP\\MP\\OSP",
    "SeriesDescription": "T1w_combEcho",
    "SeriesInstanceUID": "1.3.12.2.1107.5.2.43.167050.2019012213181635976174840.0.0.0",
    "SeriesNumber": 5,
    "ShimSetting": [
      6990,
      -3616,
      7941,
      309,
      35,
      10,
      62,
      9
    ],
    "SliceThickness": 0.9,
    "SoftwareVersions": "syngo MR E11",
    "StationName": "PRISMA",
    "StudyID": "1",
    "StudyInstanceUID": "1.3.12.2.1107.5.2.43.167050.30000019012122271046500000010",
    "TxRefAmp": 267.805,
    "WipMemBlock": "WIP_Identifier: WIP#900D",
    "acq_id": "combecho",
    "dataset": "unknown",
    "modality": "T1w",
    "run_id": 2,
    "session_id": "core2p2",
    "subject_id": "CC0006"
  },
  "cjv": 0.644260595416408,
  "cnr": 1.986429405912049,
  "efc": 0.6005767440479984,
  "fber": 2062.911865234375,
  "fwhm_avg": 4.474248657362179,
  "fwhm_x": 4.417133450347409,
  "fwhm_y": 4.489794782608696,
  "fwhm_z": 4.515817739130434,
  "icvs_csf": 0.18169073266106503,
  "icvs_gm": 0.4018813367463825,
  "icvs_wm": 0.4164279305925525,
  "inu_med": 1.46657133102417,
  "inu_range": 0.5880522966384887,
  "provenance": {
    "md5sum": "a564407238074eed3eab74c27a89ee32",
    "settings": {
      "testing": false
    },
    "software": "mriqc",
    "version": "0.15.0",
    "warnings": {
      "large_rot_frame": false,
      "small_air_mask": false
    },
    "webapi_port": null,
    "webapi_url": "https://mriqc.nimh.nih.gov/api/v1"
  },
  "qi_1": 0.0,
  "qi_2": 0.01051708668557032,
  "rpve_csf": 22.573062456993593,
  "rpve_gm": 10.943898613822567,
  "rpve_wm": 12.738863116376015,
  "size_x": 208,
  "size_y": 256,
  "size_z": 256,
  "snr_csf": 3.4324293033782616,
  "snr_gm": 10.238070214038503,
  "snr_total": 12.053566284995341,
  "snr_wm": 22.49019933756926,
  "snrd_csf": 60.209109405504364,
  "snrd_gm": 108.99105970118234,
  "snrd_total": 100.81695719272561,
  "snrd_wm": 133.25070247149011,
  "spacing_x": 0.8999999761581421,
  "spacing_y": 0.8984375,
  "spacing_z": 0.8984375,
  "summary_bg_k": 4.343441906725195,
  "summary_bg_mad": 4.9167585372924805,
  "summary_bg_mean": 12.02928638458252,
  "summary_bg_median": 9.908414840698242,
  "summary_bg_n": 3341219.0,
  "summary_bg_p05": 3.2982864379882812,
  "summary_bg_p95": 23.278104591369623,
  "summary_bg_stdv": 6.362399578094482,
  "summary_csf_k": 2.67212216587746,
  "summary_csf_mad": 145.872802734375,
  "summary_csf_mean": 462.484619140625,
  "summary_csf_median": 451.8656921386719,
  "summary_csf_n": 40989.0,
  "summary_csf_p05": 274.5128234863281,
  "summary_csf_p95": 681.8642700195312,
  "summary_csf_stdv": 131.64442443847656,
  "summary_gm_k": 0.17145146132021472,
  "summary_gm_mad": 78.16020965576172,
  "summary_gm_mean": 827.24267578125,
  "summary_gm_median": 817.9712524414062,
  "summary_gm_n": 42043.0,
  "summary_gm_p05": 712.9775329589844,
  "summary_gm_p95": 974.3578063964844,
  "summary_gm_stdv": 79.89411163330078,
  "summary_wm_k": 1.5839702427981477,
  "summary_wm_mad": 39.13847351074219,
  "summary_wm_mean": 1001.5646362304688,
  "summary_wm_median": 1000.0383911132812,
  "summary_wm_n": 414145.0,
  "summary_wm_p05": 931.8950317382812,
  "summary_wm_p95": 1075.9407470703125,
  "summary_wm_stdv": 44.4654655456543,
  "tpm_overlap_csf": 0.2257899045944214,
  "tpm_overlap_gm": 0.5003853440284729,
  "tpm_overlap_wm": 0.569721519947052,
  "wm2max": 0.5840049471903017
}