{
  "aor": 0.00030737500000000003,
  "aqi": 0.0062197078999999995,
  "bids_meta": {
    "AccessionNumber": "7330-001",
    "AcquisitionDateTime": "2013-11-05T09:49:31.385000",
    "AcquisitionMatrixPE": 80,
    "AcquisitionNumber": 1,
    "AcquisitionTime": "09:49:31.385000",
    "BandwidthPerPixelPhaseEncode": 23.148,
    "BaseResolution": 80,
    "CoilString": "C:HEA;HEP",
    "ConversionSoftware": "dcm2niix",
    "ConversionSoftwareVersion": "v1.0.20210317",
    "DerivedVendorReportedEchoSpacing": 0.000540003,
    "DeviceSerialNumber": "35077",
    "DwellTime": 2.6e-06,
    "EchoTime": 0.03,
    "EffectiveEchoSpacing": 0.000540003,
    "FlipAngle": 60,
    "ImageComments": "Unaliased MB4/PE3",
    "ImageOrientationPatientDICOM": [
      1,
      -1e-16,
      0,
      1e-16,
      0.939693,
      -0.34202
    ],
    "ImageType": [
      "ORIGINAL",
      "PRIMARY",
      "M",
      "ND",
      "MOSAIC"
    ],
    "ImagingFrequency": 123.229,
    "InPlanePhaseEncodingDirectionDICOM": "COL",
    "InstitutionAddress": "Wilson Avenue 340 ,Pasadena,California,US,91025",
    "InstitutionName": "Caltech Tim32",
    "InstitutionalDepartmentName": "Department",
    "MRAcquisitionType": "2D",
    "MagneticFieldStrength": 3,
    "Manufacturer": "Siemens",
    "ManufacturersModelName": "TrioTim",
    "Modality": "MR",
    "MultibandAccelerationFactor": 4,
    "PartialFourier": 1,
    "PatientBirthDate": "1985-01-01",
    "PatientID": "adolphs",
    "PatientName": "CC0082",
    "PatientPosition": "HFS",
    "PatientSex": "M",
    "PatientWeight": 79.3787,
    "PercentPhaseFOV": 100,
    "PercentSampling": 100,
    "PhaseEncodingDirection": "j-",
    "PhaseEncodingSteps": 80,
    "PhaseResolution": 1,
    "PixelBandwidth": 2404,
    "ProcedureStepDescription": "Conte^Core",
    "ProtocolName": "rsBOLD_MB_1",
    "PulseSequenceDetails": "%CustomerSeq%\\cmrr_mbep2d_bold",
    "ReceiveCoilName": "32Ch_Head",
    "ReconMatrixPE": 80,
    "RepetitionTime": 1,
    "SAR": 0.127091,
    "ScanOptions": "FS",
    "ScanningSequence": "EP",
    "SequenceName": "epfid2d1_80",
    "SequenceVariant": "SK",
    "SeriesDescription": "rsBOLD_MB_1",
    "SeriesInstanceUID": "1.3.12.2.1107.5.2.32.35077.2013110509492941485616744.0.0.0",
    "SeriesNumber": 2,
    "ShimSetting": [
      9532,
      -10427,
      15747,
      551,
      -521,
      -220,
      -178,
      -93
    ],
    "SliceThickness": 2.5,
    "SliceTiming": [
      0,
      0.215,
      0.43,
      0.645,
      0.86,
      0.07,
      0.285,
      0.5,
      0.715,
      0.93,
      0.1425,
      0.3575,
      0.5725,
      0.7875,
      0,
      0.215,
      0.43,
      0.645,
      0.86,
      0.07,
      0.285,
      0.5,
      0.715,
      0.93,
      0.1425,
      0.3575,
      0.5725,
      0.7875,
      0,
      0.215,
      0.43,
      0.645,
      0.86,
      0.07,
      0.285,
      0.5,
      0.715,
      0.93,
      0.1425,
      0.3575,
      0.5725,
      0.7875,
      0,
      0.215,
      0.43,
      0.645,
      0.86,
      0.07,
      0.285,
      0.5,
      0.715,
      0.93,
      0.1425,
      0.3575,
      0.5725,
      0.7875
    ],
    "SoftwareVersions": "syngo MR B17",
    "SpacingBetweenSlices": 2.5,
    "StationName": "MEDPC",
    "StudyID": "1",
    "StudyInstanceUID": "1.3.12.2.1107.5.2.32.35077.30000013110418084000000000013",
    "TaskName": "rest",
    "TotalReadoutTime": 0.0426603,
    "TxRefAmp": 350.877,
    "dataset": "unknown",
    "modality": "bold",
    "run_id": 1,
    "session_id": "core1p2",
    "subject_id": "CC0082",
    "task_id": "rest"
  },
  "dummy_trs": 0,
  "dvars_nstd": 36.03409946428575,
  "dvars_std": 1.0762041968170428,
  "dvars_vstd": 0.9867195385964913,
  "efc": 0.5922556189223411,
  "fber": 481.93060302734375,
  "fd_mean": 0.07151239204768031,
  "fd_num": 0,
  "fd_perc": 0.0,
  "fwhm_avg": 2.7611946666666665,
  "fwhm_x": 2.5377199999999998,
  "fwhm_y": 2.991188,
  "fwhm_z": 2.754676,
  "gcor": 0.0171089,
  "gsr_x": -0.01919248141348362,
  "gsr_y": 0.14562684297561646,
  "provenance": {
    "md5sum": "47f4e507505c7aad45c0b91f6c56569e",
    "settings": {
      "fd_thres": 0.2,
      "hmc_fsl": false
    },
    "software": "mriqc",
    "version": "0.15.0",
    "webapi_port": null,
    "webapi_url": "https://mriqc.nimh.nih.gov/api/v1"
  },
  "size_t": 400,
  "size_x": 80,
  "size_y": 80,
  "size_z": 56,
  "snr": 2.862096678837918,
  "spacing_tr": 1.0,
  "spacing_x": 2.5,
  "spacing_y": 2.5,
  "spacing_z": 2.5,
  "summary_bg_k": 11.162975540717929,
  "summary_bg_mad": 11.71255874633789,
  "summary_bg_mean": 65.00337219238281,
  "summary_bg_median": 21.770000457763672,
  "summary_bg_n": 209167.0,
  "summary_bg_p05": 12.934999465942383,
  "summary_bg_p95": 285.90975341796843,
  "summary_bg_stdv": 100.68318939208984,
  "summary_fg_k": 1.1448519868033848,
  "summary_fg_mad": 149.85032653808594,
  "summary_fg_mean": 539.2958984375,
  "summary_fg_median": 509.9674987792969,
  "summary_fg_n": 88251.0,
  "summary_fg_p05": 305.4012451171875,
  "summary_fg_p95": 883.2987365722656,
  "summary_fg_stdv": 178.17868041992188,
  "tsnr": 39.16408157348633
}