{
  "aor": 0.0005933052631578948,
  "aqi": 0.005552027831578947,
  "bids_meta": {
    "AccessionNumber": "8853-001",
    "AcquisitionDateTime": "2019-05-15T10:00:25.227500",
    "AcquisitionMatrixPE": 80,
    "AcquisitionNumber": 1,
    "AcquisitionTime": "10:00:25.227500",
    "BandwidthPerPixelPhaseEncode": 23.191,
    "BaseResolution": 80,
    "BodyPartExamined": "BRAIN",
    "ConsistencyInfo": "N4_VE11C_LATEST_20160120",
    "ConversionSoftware": "dcm2niix",
    "ConversionSoftwareVersion": "v1.0.20210317",
    "DerivedVendorReportedEchoSpacing": 0.000490002,
    "DeviceSerialNumber": "167050",
    "DwellTime": 2.3e-06,
    "EchoTime": 0.03,
    "EchoTrainLength": 88,
    "EffectiveEchoSpacing": 0.000539002,
    "FlipAngle": 53,
    "ImageComments": "Unaliased MB6/PE3/LB",
    "ImageOrientationPatientDICOM": [
      1,
      0,
      0,
      0,
      0.939693,
      -0.34202
    ],
    "ImageType": [
      "ORIGINAL",
      "PRIMARY",
      "M",
      "MB",
      "ND",
      "MOSAIC"
    ],
    "ImagingFrequency": 123.25,
    "InPlanePhaseEncodingDirectionDICOM": "COL",
    "InstitutionAddress": "Michigan Ave 320,Pasadena,California,US,91025",
    "InstitutionName": "Caltech Prisma32",
    "InstitutionalDepartmentName": "Department",
    "MRAcquisitionType": "2D",
    "MagneticFieldStrength": 3,
    "Manufacturer": "Siemens",
    "ManufacturersModelName": "Prisma_fit",
    "Modality": "MR",
    "MultibandAccelerationFactor": 6,
    "PartialFourier": 1,
    "PatientBirthDate": "1993-07-01",
    "PatientID": "CC0190",
    "PatientName": "CC0190",
    "PatientPosition": "HFS",
    "PatientSex": "F",
    "PatientWeight": 58.967,
    "PercentPhaseFOV": 100,
    "PercentSampling": 100,
    "PhaseEncodingDirection": "j-",
    "PhaseEncodingSteps": 88,
    "PhaseOversampling": 0.1,
    "PhaseResolution": 1,
    "PixelBandwidth": 2715,
    "ProtocolName": "task-pixar_run-01_bold",
    "PulseSequenceDetails": "%CustomerSeq%\\cmrr_mbep2d_bold",
    "ReceiveCoilActiveElements": "HEA;HEP",
    "ReceiveCoilName": "Head_32",
    "ReconMatrixPE": 80,
    "ReferringPhysicianName": "Adolphs",
    "RepetitionTime": 0.7,
    "SAR": 0.0847581,
    "ScanOptions": "FS\\EXT",
    "ScanningSequence": "EP",
    "SequenceName": "epfid2d1_80",
    "SequenceVariant": "SK\\SS\\OSP",
    "SeriesDescription": "task-pixar_run-01_bold",
    "SeriesInstanceUID": "1.3.12.2.1107.5.2.43.167050.2019051509582654849360678.0.0.0",
    "SeriesNumber": 34,
    "ShimSetting": [
      6989,
      -3635,
      7992,
      546,
      4,
      106,
      21,
      20
    ],
    "SliceThickness": 2.5,
    "SliceTiming": [
      0,
      0.4775,
      0.2725,
      0.0675,
      0.545,
      0.34,
      0.1375,
      0.6125,
      0.4075,
      0.205,
      0,
      0.4775,
      0.2725,
      0.0675,
      0.545,
      0.34,
      0.1375,
      0.6125,
      0.4075,
      0.205,
      0,
      0.4775,
      0.2725,
      0.0675,
      0.545,
      0.34,
      0.1375,
      0.6125,
      0.4075,
      0.205,
      0,
      0.4775,
      0.2725,
      0.0675,
      0.545,
      0.34,
      0.1375,
      0.6125,
      0.4075,
      0.205,
      0,
      0.4775,
      0.2725,
      0.0675,
      0.545,
      0.34,
      0.1375,
      0.6125,
      0.4075,
      0.205,
      0,
      0.4775,
      0.2725,
      0.0675,
      0.545,
      0.34,
      0.1375,
      0.6125,
      0.4075,
      0.205
    ],
    "SoftwareVersions": "syngo MR E11",
    "SpacingBetweenSlices": 2.5,
    "StationName": "PRISMA",
    "StudyID": "1",
    "StudyInstanceUID": "1.3.12.2.1107.5.2.43.167050.30000019050821005867900000049",
    "TaskName": "pixar",
    "TotalReadoutTime": 0.0425812,
    "TxRefAmp": 244.945,
    "WipMemBlock": "343c74c3-6df0-48a4-b0f1-e1ec4cac3dd3||Sequence: R016 ve11c/master r/e634e98; Dec 19 2017 11:00:25 by eja",
    "dataset": "unknown",
    "modality": "bold",
    "run_id": 1,
    "session_id": "core2p2",
    "subject_id": "CC0190",
    "task_id": "pixar"
  },
  "dummy_trs": 1,
  "dvars_nstd": 30.24270689839663,
  "dvars_std": 1.0252634758860755,
  "dvars_vstd": 0.976180474451477,
  "efc": 0.5136613222211585,
  "fber": 857.9921264648438,
  "fd_mean": 0.1108880213778884,
  "fd_num": 35,
  "fd_perc": 7.368421052631579,
  "fwhm_avg": 2.979486666666667,
  "fwhm_x": 2.8320920000000003,
  "fwhm_y": 3.147808,
  "fwhm_z": 2.95856,
  "gcor": 0.0112878,
  "gsr_x": -0.0026951581239700317,
  "gsr_y": 0.060046035796403885,
  "provenance": {
    "md5sum": "050c61dafee8f47cacdb01880ee8b19b",
    "settings": {
      "fd_thres": 0.2,
      "hmc_fsl": false
    },
    "software": "mriqc",
    "version": "0.15.0",
    "webapi_port": null,
    "webapi_url": "https://mriqc.nimh.nih.gov/api/v1"
  },
  "size_t": 475,
  "size_x": 80,
  "size_y": 80,
  "size_z": 60,
  "snr": 2.072084920425918,
  "spacing_tr": 0.699999988079071,
  "spacing_x": 2.5,
  "spacing_y": 2.5,
  "spacing_z": 2.5,
  "summary_bg_k": 25.569608362727603,
  "summary_bg_mad": 77.00480651855469,
  "summary_bg_mean": 340.1469421386719,
  "summary_bg_median": 141.19578552246094,
  "summary_bg_n": 235380.0,
  "summary_bg_p05": 82.35368347167969,
  "summary_bg_p95": 1367.8682556152341,
  "summary_bg_stdv": 549.9923095703125,
  "summary_fg_k": 0.6670727679173916,
  "summary_fg_mad": 1991.239013671875,
  "summary_fg_mean": 4983.27392578125,
  "summary_fg_median": 4518.0859375,
  "summary_fg_n": 86290.0,
  "summary_fg_p05": 2216.2907104492188,
  "summary_fg_p95": 9191.313574218751,
  "summary_fg_stdv": 2180.44140625,
  "tsnr": 39.613189697265625
}