{
  "aor": 0.00034886934673366833,
  "aqi": 0.003943018567839197,
  "bids_meta": {
    "AccessionNumber": "7965-001",
    "AcquisitionDateTime": "2015-07-17T11:48:8.957500",
    "AcquisitionMatrixPE": 80,
    "AcquisitionNumber": 1,
    "AcquisitionTime": "11:48:8.957500",
    "BandwidthPerPixelPhaseEncode": 23.148,
    "BaseResolution": 80,
    "CoilString": "C:HEA;HEP",
    "ConversionSoftware": "dcm2niix",
    "ConversionSoftwareVersion": "v1.0.20210317",
    "DerivedVendorReportedEchoSpacing": 0.000540003,
    "DeviceSerialNumber": "35077",
    "DwellTime": 2.6e-06,
    "EchoTime": 0.03,
    "EffectiveEchoSpacing": 0.000540003,
    "FlipAngle": 60,
    "ImageComments": "Unaliased MB4/PE3",
    "ImageOrientationPatientDICOM": [
      1,
      -1e-16,
      0,
      1e-16,
      0.939693,
      -0.34202
    ],
    "ImageType": [
      "ORIGINAL",
      "PRIMARY",
      "M",
      "MB",
      "ND",
      "MOSAIC"
    ],
    "ImagingFrequency": 123.229,
    "InPlanePhaseEncodingDirectionDICOM": "COL",
    "InstitutionAddress": "Wilson Avenue 340 ,Pasadena,California,US,91025",
    "InstitutionName": "Caltech Tim32",
    "InstitutionalDepartmentName": "Department",
    "MRAcquisitionType": "2D",
    "MagneticFieldStrength": 3,
    "Manufacturer": "Siemens",
    "ManufacturersModelName": "TrioTim",
    "Modality": "MR",
    "MultibandAccelerationFactor": 4,
    "PartialFourier": 1,
    "PatientBirthDate": "1986-01-01",
    "PatientID": "adolphs",
    "PatientName": "CC0126",
    "PatientPosition": "HFS",
    "PatientSex": "M",
    "PatientWeight": 81.6466,
    "PercentPhaseFOV": 100,
    "PercentSampling": 100,
    "PhaseEncodingDirection": "j-",
    "PhaseEncodingSteps": 80,
    "PhaseResolution": 1,
    "PixelBandwidth": 2404,
    "ProcedureStepDescription": "Conte^Core",
    "ProtocolName": "rsBOLD_MB_1",
    "PulseSequenceDetails": "%CustomerSeq%\\cmrr_mbep2d_bold",
    "ReceiveCoilName": "32Ch_Head",
    "ReconMatrixPE": 80,
    "RepetitionTime": 1,
    "SAR": 0.106766,
    "ScanOptions": "FS",
    "ScanningSequence": "EP",
    "SequenceName": "epfid2d1_80",
    "SequenceVariant": "SK\\SS",
    "SeriesDescription": "rsBOLD_MB_1",
    "SeriesInstanceUID": "1.3.12.2.1107.5.2.32.35077.2015071711475881545257325.0.0.0",
    "SeriesNumber": 3,
    "ShimSetting": [
      9539,
      -10461,
      15774,
      590,
      -95,
      34,
      -55,
      0
    ],
    "SliceThickness": 2.5,
    "SliceTiming": [
      0,
      0.2175,
      0.4325,
      0.6475,
      0.8625,
      0.0725,
      0.2875,
      0.5025,
      0.7175,
      0.9325,
      0.145,
      0.36,
      0.575,
      0.79,
      0,
      0.2175,
      0.4325,
      0.6475,
      0.8625,
      0.0725,
      0.2875,
      0.5025,
      0.7175,
      0.9325,
      0.145,
      0.36,
      0.575,
      0.79,
      0,
      0.2175,
      0.4325,
      0.6475,
      0.8625,
      0.0725,
      0.2875,
      0.5025,
      0.7175,
      0.9325,
      0.145,
      0.36,
      0.575,
      0.79,
      0,
      0.2175,
      0.4325,
      0.6475,
      0.8625,
      0.0725,
      0.2875,
      0.5025,
      0.7175,
      0.9325,
      0.145,
      0.36,
      0.575,
      0.79
    ],
    "SoftwareVersions": "syngo MR B17",
    "SpacingBetweenSlices": 2.5,
    "StationName": "MEDPC",
    "StudyID": "1",
    "StudyInstanceUID": "1.3.12.2.1107.5.2.32.35077.30000015070717374462500000063",
    "TaskName": "rest",
    "TotalReadoutTime": 0.0426603,
    "TxRefAmp": 323.048,
    "dataset": "unknown",
    "modality": "bold",
    "run_id": 1,
    "session_id": "core1p3p1",
    "subject_id": "CC0126",
    "task_id": "rest"
  },
  "dummy_trs": 2,
  "dvars_nstd": 33.01357079531489,
  "dvars_std": 1.0778759316876578,
  "dvars_vstd": 1.0004508969017634,
  "efc": 0.547230596026492,
  "fber": 705.4467163085938,
  "fd_mean": 0.1572466215575265,
  "fd_num": 139,
  "fd_perc": 34.92462311557789,
  "fwhm_avg": 2.877288,
  "fwhm_x": 2.634112,
  "fwhm_y": 3.06864,
  "fwhm_z": 2.929112,
  "gcor": 0.030514,
  "gsr_x": -0.022703547030687332,
  "gsr_y": 0.11395705491304398,
  "provenance": {
    "md5sum": "133b4841d6af96ca16a5ee16fd29e8be",
    "settings": {
      "fd_thres": 0.2,
      "hmc_fsl": false
    },
    "software": "mriqc",
    "version": "0.15.0",
    "webapi_port": null,
    "webapi_url": "https://mriqc.nimh.nih.gov/api/v1"
  },
  "size_t": 398,
  "size_x": 80,
  "size_y": 80,
  "size_z": 56,
  "snr": 2.5740922924083223,
  "spacing_tr": 1.0,
  "spacing_x": 2.5,
  "spacing_y": 2.5,
  "spacing_z": 2.5,
  "summary_bg_k": 26.153934891185525,
  "summary_bg_mad": 7.189504623413086,
  "summary_bg_mean": 41.677188873291016,
  "summary_bg_median": 15.404522895812988,
  "summary_bg_n": 217725.0,
  "summary_bg_p05": 10.13316535949707,
  "summary_bg_p95": 174.52261657714828,
  "summary_bg_stdv": 69.13530731201172,
  "summary_fg_k": 1.8804369377764383,
  "summary_fg_mad": 141.19737243652344,
  "summary_fg_mean": 469.14898681640625,
  "summary_fg_median": 446.0678405761719,
  "summary_fg_n": 81495.0,
  "summary_fg_p05": 225.6670852661133,
  "summary_fg_p95": 789.8535278320314,
  "summary_fg_stdv": 173.29025268554688,
  "tsnr": 43.852027893066406
}