{
  "bids_meta": {
    "AccessionNumber": "7183-001",
    "AcquisitionDateTime": "2013-09-04T11:36:43.997500",
    "AcquisitionMatrixPE": 256,
    "AcquisitionNumber": 1,
    "AcquisitionTime": "11:36:43.997500",
    "BaseResolution": 256,
    "CoilString": "C:HEA;HEP",
    "ConversionSoftware": "dcm2niix",
    "ConversionSoftwareVersion": "v1.0.20210317",
    "DeviceSerialNumber": "35077",
    "DwellTime": 1.09e-05,
    "EchoTime": 0.00291,
    "FlipAngle": 10,
    "ImageOrientationPatientDICOM": [
      0,
      1,
      0,
      0,
      0,
      -1
    ],
    "ImageType": [
      "ORIGINAL",
      "PRIMARY",
      "M",
      "ND",
      "NORM"
    ],
    "ImagingFrequency": 123.229,
    "InPlanePhaseEncodingDirectionDICOM": "ROW",
    "InstitutionAddress": "Wilson Avenue 340 ,Pasadena,California,US,91025",
    "InstitutionName": "Caltech Tim32",
    "InstitutionalDepartmentName": "Department",
    "InversionTime": 0.8,
    "MRAcquisitionType": "3D",
    "MagneticFieldStrength": 3,
    "Manufacturer": "Siemens",
    "ManufacturersModelName": "TrioTim",
    "Modality": "MR",
    "PartialFourier": 1,
    "PatientBirthDate": "1989-01-01",
    "PatientID": "adolphs",
    "PatientName": "CC0079",
    "PatientPosition": "HFS",
    "PatientSex": "M",
    "PatientWeight": 58.967,
    "PercentPhaseFOV": 100,
    "PercentSampling": 100,
    "PhaseEncodingSteps": 256,
    "PhaseResolution": 1,
    "PixelBandwidth": 179,
    "ProcedureStepDescription": "Conte^Core",
    "ProtocolName": "T1_2",
    "PulseSequenceDetails": "%SiemensSeq%\\tfl",
    "ReceiveCoilName": "32Ch_Head",
    "ReconMatrixPE": 256,
    "RepetitionTime": 1.5,
    "SAR": 0.139188,
    "ScanOptions": "IR",
    "ScanningSequence": "GR\\IR",
    "SequenceName": "*tfl3d1",
    "SequenceVariant": "SP\\MP",
    "SeriesDescription": "T1_2",
    "SeriesInstanceUID": "1.3.12.2.1107.5.2.32.35077.2013090411362277892876358.0.0.0",
    "SeriesNumber": 14,
    "ShimSetting": [
      9560,
      -10571,
      15661,
      560,
      -13,
      -349,
      -128,
      16
    ],
    "SliceThickness": 1,
    "SoftwareVersions": "syngo MR B17",
    "StationName": "MEDPC",
    "StudyID": "1",
    "StudyInstanceUID": "1.3.12.2.1107.5.2.32.35077.30000013090317184432800000013",
    "TxRefAmp": 313.713,
    "dataset": "unknown",
    "modality": "T1w",
    "run_id": 2,
    "session_id": "core1p2",
    "subject_id": "CC0079"
  },
  "cjv": 0.40265677164848346,
  "cnr": 3.1743143566572787,
  "efc": 0.5417724645428011,
  "fber": 4408.02490234375,
  "fwhm_avg": 4.343566666666667,
  "fwhm_x": 4.33354,
  "fwhm_y": 4.36733,
  "fwhm_z": 4.32983,
  "icvs_csf": 0.20667774496791952,
  "icvs_gm": 0.4206443277249433,
  "icvs_wm": 0.37267792730713717,
  "inu_med": 1.6352773904800415,
  "inu_range": 0.5312978625297546,
  "provenance": {
    "md5sum": "f8e79fb3329cbe5457f154d5749f7a0a",
    "settings": {
      "testing": false
    },
    "software": "mriqc",
    "version": "0.15.0",
    "warnings": {
      "large_rot_frame": false,
      "small_air_mask": false
    },
    "webapi_port": null,
    "webapi_url": "https://mriqc.nimh.nih.gov/api/v1"
  },
  "qi_1": 4.2132607296495877e-05,
  "qi_2": 0.022421821958535242,
  "rpve_csf": 26.886317558054404,
  "rpve_gm": 13.575519682877031,
  "rpve_wm": 17.621895005219255,
  "size_x": 176,
  "size_y": 256,
  "size_z": 256,
  "snr_csf": 3.220856329188447,
  "snr_gm": 13.87050728412285,
  "snr_total": 13.212847503302378,
  "snr_wm": 22.547178896595835,
  "snrd_csf": 64.84315187209683,
  "snrd_gm": 123.2468298346092,
  "snrd_total": 115.84339261106804,
  "snrd_wm": 159.4401961264981,
  "spacing_x": 1.0,
  "spacing_y": 1.0,
  "spacing_z": 1.0,
  "summary_bg_k": 18.727311524316907,
  "summary_bg_mad": 4.10905122756958,
  "summary_bg_mean": 7.2096357345581055,
  "summary_bg_median": 5.52714729309082,
  "summary_bg_n": 2537293.0,
  "summary_bg_p05": 0.0,
  "summary_bg_p95": 19.225230026245114,
  "summary_bg_stdv": 6.428544521331787,
  "summary_csf_k": -0.8969970901680355,
  "summary_csf_mad": 130.51052856445312,
  "summary_csf_mean": 442.8387145996094,
  "summary_csf_median": 406.6997985839844,
  "summary_csf_n": 36009.0,
  "summary_csf_p05": 288.8610046386719,
  "summary_csf_p95": 665.0998779296874,
  "summary_csf_stdv": 126.26895141601562,
  "summary_gm_k": 0.9073523518466091,
  "summary_gm_mad": 51.592098236083984,
  "summary_gm_mean": 774.9047241210938,
  "summary_gm_median": 773.0108642578125,
  "summary_gm_n": 24129.0,
  "summary_gm_p05": 688.0091064453125,
  "summary_gm_p95": 869.7943603515624,
  "summary_gm_stdv": 55.72938537597656,
  "summary_wm_k": 0.7552590579424114,
  "summary_wm_mad": 39.813716888427734,
  "summary_wm_mean": 997.5458984375,
  "summary_wm_median": 1000.0176391601562,
  "summary_wm_n": 195807.0,
  "summary_wm_p05": 917.4368835449219,
  "summary_wm_p95": 1065.1831298828124,
  "summary_wm_stdv": 44.352115631103516,
  "tpm_overlap_csf": 0.22148273885250092,
  "tpm_overlap_gm": 0.48918163776397705,
  "tpm_overlap_wm": 0.5254333019256592,
  "wm2max": 0.5144175763801656
}