{
  "bids_meta": {
    "AccessionNumber": "7183-001",
    "AcquisitionDateTime": "2013-09-04T11:19:29.832500",
    "AcquisitionMatrixPE": 256,
    "AcquisitionNumber": 1,
    "AcquisitionTime": "11:19:29.832500",
    "BaseResolution": 256,
    "CoilString": "C:HEA;HEP",
    "ConversionSoftware": "dcm2niix",
    "ConversionSoftwareVersion": "v1.0.20210317",
    "DeviceSerialNumber": "35077",
    "DwellTime": 1.09e-05,
    "EchoTime": 0.00291,
    "FlipAngle": 10,
    "ImageOrientationPatientDICOM": [
      0,
      1,
      0,
      0,
      0,
      -1
    ],
    "ImageType": [
      "ORIGINAL",
      "PRIMARY",
      "M",
      "ND",
      "NORM"
    ],
    "ImagingFrequency": 123.229,
    "InPlanePhaseEncodingDirectionDICOM": "ROW",
    "InstitutionAddress": "Wilson Avenue 340 ,Pasadena,California,US,91025",
    "InstitutionName": "Caltech Tim32",
    "InstitutionalDepartmentName": "Department",
    "InversionTime": 0.8,
    "MRAcquisitionType": "3D",
    "MagneticFieldStrength": 3,
    "Manufacturer": "Siemens",
    "ManufacturersModelName": "TrioTim",
    "Modality": "MR",
    "PartialFourier": 1,
    "PatientBirthDate": "1989-01-01",
    "PatientID": "adolphs",
    "PatientName": "CC0079",
    "PatientPosition": "HFS",
    "PatientSex": "M",
    "PatientWeight": 58.967,
    "PercentPhaseFOV": 100,
    "PercentSampling": 100,
    "PhaseEncodingSteps": 256,
    "PhaseResolution": 1,
    "PixelBandwidth": 179,
    "ProcedureStepDescription": "Conte^Core",
    "ProtocolName": "T1_1",
    "PulseSequenceDetails": "%SiemensSeq%\\tfl",
    "ReceiveCoilName": "32Ch_Head",
    "ReconMatrixPE": 256,
    "RepetitionTime": 1.5,
    "SAR": 0.139188,
    "ScanOptions": "IR",
    "ScanningSequence": "GR\\IR",
    "SequenceName": "*tfl3d1",
    "SequenceVariant": "SP\\MP",
    "SeriesDescription": "T1_1",
    "SeriesInstanceUID": "1.3.12.2.1107.5.2.32.35077.2013090411202237931852575.0.0.0",
    "SeriesNumber": 10,
    "ShimSetting": [
      9560,
      -10571,
      15661,
      560,
      -13,
      -349,
      -128,
      16
    ],
    "SliceThickness": 1,
    "SoftwareVersions": "syngo MR B17",
    "StationName": "MEDPC",
    "StudyID": "1",
    "StudyInstanceUID": "1.3.12.2.1107.5.2.32.35077.30000013090317184432800000013",
    "TxRefAmp": 313.713,
    "dataset": "unknown",
    "modality": "T1w",
    "run_id": 1,
    "session_id": "core1p2",
    "subject_id": "CC0079"
  },
  "cjv": 0.4118230740356149,
  "cnr": 3.0719785225309137,
  "efc": 0.5420578006175892,
  "fber": 4461.0107421875,
  "fwhm_avg": 4.409893333333334,
  "fwhm_x": 4.39722,
  "fwhm_y": 4.45224,
  "fwhm_z": 4.38022,
  "icvs_csf": 0.20760049976498957,
  "icvs_gm": 0.4199060682883137,
  "icvs_wm": 0.3724934319466967,
  "inu_med": 1.6491615772247314,
  "inu_range": 0.5551596641540528,
  "provenance": {
    "md5sum": "3a00d406b24272cb15e9716501e02277",
    "settings": {
      "testing": false
    },
    "software": "mriqc",
    "version": "0.15.0",
    "warnings": {
      "large_rot_frame": false,
      "small_air_mask": false
    },
    "webapi_port": null,
    "webapi_url": "https://mriqc.nimh.nih.gov/api/v1"
  },
  "qi_1": 3.693128536080056e-05,
  "qi_2": 0.01754355260773296,
  "rpve_csf": 26.7798461063792,
  "rpve_gm": 13.594602221095625,
  "rpve_wm": 17.637688149508747,
  "size_x": 176,
  "size_y": 256,
  "size_z": 256,
  "snr_csf": 3.3052384968996122,
  "snr_gm": 13.60100348704039,
  "snr_total": 13.04342135815781,
  "snr_wm": 22.22402209053343,
  "snrd_csf": 65.73189058229667,
  "snrd_gm": 124.20748967063547,
  "snrd_total": 116.67094992130559,
  "snrd_wm": 160.07346951098467,
  "spacing_x": 1.0,
  "spacing_y": 1.0,
  "spacing_z": 1.0,
  "summary_bg_k": 16.454306680278016,
  "summary_bg_mad": 4.092782497406006,
  "summary_bg_mean": 7.238227367401123,
  "summary_bg_median": 5.5041093826293945,
  "summary_bg_n": 2545318.0,
  "summary_bg_p05": 0.0,
  "summary_bg_p95": 19.14594793319702,
  "summary_bg_stdv": 6.36244535446167,
  "summary_csf_k": -0.8514740046105316,
  "summary_csf_mad": 127.83548736572266,
  "summary_csf_mean": 445.65643310546875,
  "summary_csf_median": 410.6417236328125,
  "summary_csf_n": 37286.0,
  "summary_csf_p05": 293.73246002197266,
  "summary_csf_p95": 665.6699371337891,
  "summary_csf_stdv": 124.23799896240234,
  "summary_gm_k": 1.1299377936914308,
  "summary_gm_mad": 51.829498291015625,
  "summary_gm_mean": 778.5997924804688,
  "summary_gm_median": 775.9517822265625,
  "summary_gm_n": 24654.0,
  "summary_gm_p05": 691.5956817626953,
  "summary_gm_p95": 874.8711669921875,
  "summary_gm_stdv": 57.04991149902344,
  "summary_wm_k": 0.7033075973017153,
  "summary_wm_mad": 40.44470977783203,
  "summary_wm_mean": 997.4063110351562,
  "summary_wm_median": 1000.0145263671875,
  "summary_wm_n": 196736.0,
  "summary_wm_p05": 915.4837036132812,
  "summary_wm_p95": 1066.0531311035156,
  "summary_wm_stdv": 44.99689483642578,
  "tpm_overlap_csf": 0.2201697677373886,
  "tpm_overlap_gm": 0.4884421229362488,
  "tpm_overlap_wm": 0.5242702960968018,
  "wm2max": 0.517020436387624
}