{
  "bids_meta": {
    "AccessionNumber": "8536-001",
    "AcquisitionDateTime": "2018-07-23T14:22:56.017500",
    "AcquisitionMatrixPE": 256,
    "AcquisitionNumber": 1,
    "AcquisitionTime": "14:22:56.017500",
    "BaseResolution": 256,
    "BodyPartExamined": "BRAIN",
    "ConsistencyInfo": "N4_VE11C_LATEST_20160120",
    "ConversionSoftware": "dcm2niix",
    "ConversionSoftwareVersion": "v1.0.20210317",
    "DeviceSerialNumber": "167050",
    "DwellTime": 3e-06,
    "EchoNumber": 4,
    "FlipAngle": 8,
    "ImageComments": "Average over all echoes.",
    "ImageOrientationPatientDICOM": [
      0,
      1,
      0,
      0,
      0,
      -1
    ],
    "ImageType": [
      "ORIGINAL",
      "PRIMARY",
      "ECHO",
      "COMBINED",
      "ND"
    ],
    "ImagingFrequency": 123.25,
    "InPlanePhaseEncodingDirectionDICOM": "ROW",
    "InstitutionAddress": "Michigan Ave 320,Pasadena,California,US,91025",
    "InstitutionName": "Caltech Prisma64",
    "InstitutionalDepartmentName": "Department",
    "InversionTime": 1.15,
    "MRAcquisitionType": "3D",
    "MagneticFieldStrength": 3,
    "Manufacturer": "Siemens",
    "ManufacturersModelName": "Prisma_fit",
    "Modality": "MR",
    "ParallelReductionFactorInPlane": 2,
    "PartialFourier": 1,
    "PatientBirthDate": "1989-05-01",
    "PatientID": "CC0146",
    "PatientName": "CC0146",
    "PatientPosition": "HFS",
    "PatientSex": "F",
    "PatientWeight": 58.967,
    "PercentPhaseFOV": 100,
    "PercentSampling": 100,
    "PhaseEncodingSteps": 282,
    "PhaseOversampling": 0.1,
    "PhaseResolution": 1,
    "PixelBandwidth": 650,
    "ProcedureStepDescription": "Conte Core",
    "ProtocolName": "T1w",
    "PulseSequenceDetails": "%CustomerSeq%\\tfl_wip900D_VE11C",
    "ReceiveCoilActiveElements": "HEA;HEP",
    "ReceiveCoilName": "Head_32",
    "ReconMatrixPE": 256,
    "RefLinesPE": 32,
    "ReferringPhysicianName": "Adolphs",
    "RepetitionTime": 2.55,
    "SAR": 0.0430666,
    "ScanOptions": "IR\\WE",
    "ScanningSequence": "GR\\IR",
    "SequenceName": "tfl3d4_16ns",
    "SequenceVariant": "SK\\SP\\MP\\OSP",
    "SeriesDescription": "T1w_combEcho",
    "SeriesInstanceUID": "1.3.12.2.1107.5.2.43.167050.2018072314300481694386322.0.0.0",
    "SeriesNumber": 4,
    "ShimSetting": [
      6984,
      -3629,
      7809,
      215,
      51,
      -93,
      171,
      46
    ],
    "SliceThickness": 0.9,
    "SoftwareVersions": "syngo MR E11",
    "StationName": "PRISMA",
    "StudyID": "1",
    "StudyInstanceUID": "1.3.12.2.1107.5.2.43.167050.30000018071021413043300000043",
    "TxRefAmp": 241.342,
    "WipMemBlock": "WIP_Identifier: WIP#900D",
    "dataset": "unknown",
    "modality": "T1w",
    "run_id": 1,
    "session_id": "core2p2",
    "subject_id": "CC0146"
  },
  "cjv": 0.645337470967522,
  "cnr": 2.14097586149273,
  "efc": 0.5665984597195679,
  "fber": 454.1460876464844,
  "fwhm_avg": 4.6575848594795435,
  "fwhm_x": 4.693389013221238,
  "fwhm_y": 4.4730991304347825,
  "fwhm_z": 4.806266434782609,
  "icvs_csf": 0.20038962303770455,
  "icvs_gm": 0.4038457294033739,
  "icvs_wm": 0.39576464755892155,
  "inu_med": 1.7947226762771606,
  "inu_range": 0.9938308000564575,
  "provenance": {
    "md5sum": "d113cc4e9e1030ae9347afeab902ea7e",
    "settings": {
      "testing": false
    },
    "software": "mriqc",
    "version": "0.15.0",
    "warnings": {
      "large_rot_frame": false,
      "small_air_mask": false
    },
    "webapi_port": null,
    "webapi_url": "https://mriqc.nimh.nih.gov/api/v1"
  },
  "qi_1": 0.0,
  "qi_2": 0.002130138191044204,
  "rpve_csf": 29.049824612561,
  "rpve_gm": 13.666378888571778,
  "rpve_wm": 15.99175934928502,
  "size_x": 208,
  "size_y": 256,
  "size_z": 256,
  "snr_csf": 3.126855190345006,
  "snr_gm": 12.107782909098056,
  "snr_total": 8.220264430804129,
  "snr_wm": 9.426155192969322,
  "snrd_csf": 13.39286441823605,
  "snrd_gm": 29.25972167402432,
  "snrd_total": 27.48886047515893,
  "snrd_wm": 39.81399533321642,
  "spacing_x": 0.8999999761581421,
  "spacing_y": 0.8984375,
  "spacing_z": 0.8984375,
  "summary_bg_k": 5.134995599423787,
  "summary_bg_mad": 16.453994750976562,
  "summary_bg_mean": 31.09117317199707,
  "summary_bg_median": 26.899982452392578,
  "summary_bg_n": 2846842.0,
  "summary_bg_p05": 6.646770548820495,
  "summary_bg_p95": 66.83528137207031,
  "summary_bg_stdv": 19.79945945739746,
  "summary_csf_k": -0.17194976339930168,
  "summary_csf_mad": 111.11897277832031,
  "summary_csf_mean": 352.720458984375,
  "summary_csf_median": 336.3667907714844,
  "summary_csf_n": 29227.0,
  "summary_csf_p05": 201.5516159057617,
  "summary_csf_p95": 543.5954223632809,
  "summary_csf_stdv": 107.57167053222656,
  "summary_gm_k": 0.21352881484136121,
  "summary_gm_mad": 59.37422180175781,
  "summary_gm_mean": 735.4760131835938,
  "summary_gm_median": 734.8688354492188,
  "summary_gm_n": 34957.0,
  "summary_gm_p05": 636.7956298828125,
  "summary_gm_p95": 836.3691528320312,
  "summary_gm_stdv": 60.69305419921875,
  "summary_wm_k": -0.019512126125768248,
  "summary_wm_mad": 111.68830108642578,
  "summary_wm_mean": 1012.4066162109375,
  "summary_wm_median": 999.943359375,
  "summary_wm_n": 189972.0,
  "summary_wm_p05": 863.7750671386718,
  "summary_wm_p95": 1203.2069030761713,
  "summary_wm_stdv": 106.08150482177734,
  "tpm_overlap_csf": 0.20579928159713745,
  "tpm_overlap_gm": 0.4093782305717468,
  "tpm_overlap_wm": 0.4465397596359253,
  "wm2max": 0.45029334218077427
}