{
  "bids_meta": {
    "AccessionNumber": "8536-001",
    "AcquisitionDateTime": "2018-07-23T14:22:56.017500",
    "AcquisitionMatrixPE": 256,
    "AcquisitionNumber": 1,
    "AcquisitionTime": "14:22:56.017500",
    "BaseResolution": 256,
    "BodyPartExamined": "BRAIN",
    "ConsistencyInfo": "N4_VE11C_LATEST_20160120",
    "ConversionSoftware": "dcm2niix",
    "ConversionSoftwareVersion": "v1.0.20210317",
    "DeviceSerialNumber": "167050",
    "DwellTime": 3e-06,
    "EchoNumber": 4,
    "FlipAngle": 8,
    "ImageComments": "Average over all echoes.",
    "ImageOrientationPatientDICOM": [
      0,
      1,
      0,
      0,
      0,
      -1
    ],
    "ImageType": [
      "ORIGINAL",
      "PRIMARY",
      "ECHO",
      "COMBINED",
      "ND",
      "NORM"
    ],
    "ImagingFrequency": 123.25,
    "InPlanePhaseEncodingDirectionDICOM": "ROW",
    "InstitutionAddress": "Michigan Ave 320,Pasadena,California,US,91025",
    "InstitutionName": "Caltech Prisma64",
    "InstitutionalDepartmentName": "Department",
    "InversionTime": 1.15,
    "MRAcquisitionType": "3D",
    "MagneticFieldStrength": 3,
    "Manufacturer": "Siemens",
    "ManufacturersModelName": "Prisma_fit",
    "Modality": "MR",
    "ParallelReductionFactorInPlane": 2,
    "PartialFourier": 1,
    "PatientBirthDate": "1989-05-01",
    "PatientID": "CC0146",
    "PatientName": "CC0146",
    "PatientPosition": "HFS",
    "PatientSex": "F",
    "PatientWeight": 58.967,
    "PercentPhaseFOV": 100,
    "PercentSampling": 100,
    "PhaseEncodingSteps": 282,
    "PhaseOversampling": 0.1,
    "PhaseResolution": 1,
    "PixelBandwidth": 650,
    "ProcedureStepDescription": "Conte Core",
    "ProtocolName": "T1w",
    "PulseSequenceDetails": "%CustomerSeq%\\tfl_wip900D_VE11C",
    "ReceiveCoilActiveElements": "HEA;HEP",
    "ReceiveCoilName": "Head_32",
    "ReconMatrixPE": 256,
    "RefLinesPE": 32,
    "ReferringPhysicianName": "Adolphs",
    "RepetitionTime": 2.55,
    "SAR": 0.0430666,
    "ScanOptions": "IR\\WE",
    "ScanningSequence": "GR\\IR",
    "SequenceName": "tfl3d4_16ns",
    "SequenceVariant": "SK\\SP\\MP\\OSP",
    "SeriesDescription": "T1w_combEcho",
    "SeriesInstanceUID": "1.3.12.2.1107.5.2.43.167050.2018072314300481799186326.0.0.0",
    "SeriesNumber": 5,
    "ShimSetting": [
      6984,
      -3629,
      7809,
      215,
      51,
      -93,
      171,
      46
    ],
    "SliceThickness": 0.9,
    "SoftwareVersions": "syngo MR E11",
    "StationName": "PRISMA",
    "StudyID": "1",
    "StudyInstanceUID": "1.3.12.2.1107.5.2.43.167050.30000018071021413043300000043",
    "TxRefAmp": 241.342,
    "WipMemBlock": "WIP_Identifier: WIP#900D",
    "acq_id": "combecho",
    "dataset": "unknown",
    "modality": "T1w",
    "run_id": 2,
    "session_id": "core2p2",
    "subject_id": "CC0146"
  },
  "cjv": 0.622586335860094,
  "cnr": 2.0372724733809062,
  "efc": 0.5884774690072212,
  "fber": 1018.4442138671875,
  "fwhm_avg": 4.251032662429308,
  "fwhm_x": 4.2615223351140115,
  "fwhm_y": 4.192946086956522,
  "fwhm_z": 4.298629565217391,
  "icvs_csf": 0.215029797887315,
  "icvs_gm": 0.39395643477708586,
  "icvs_wm": 0.39101376733559917,
  "inu_med": 1.5866117477416992,
  "inu_range": 0.5992432534694672,
  "provenance": {
    "md5sum": "736117cc9568be8896f5eb4987ce347d",
    "settings": {
      "testing": false
    },
    "software": "mriqc",
    "version": "0.15.0",
    "warnings": {
      "large_rot_frame": false,
      "small_air_mask": false
    },
    "webapi_port": null,
    "webapi_url": "https://mriqc.nimh.nih.gov/api/v1"
  },
  "qi_1": 0.0,
  "qi_2": 0.012992493619439324,
  "rpve_csf": 27.01811399790555,
  "rpve_gm": 14.777763380547707,
  "rpve_wm": 17.97342332897157,
  "size_x": 208,
  "size_y": 256,
  "size_z": 256,
  "snr_csf": 3.490329737286076,
  "snr_gm": 10.793099176652255,
  "snr_total": 12.793423689975848,
  "snr_wm": 24.096842155989215,
  "snrd_csf": 40.82347201139537,
  "snrd_gm": 88.61643829582383,
  "snrd_total": 79.06062836158709,
  "snrd_wm": 107.74197477754205,
  "spacing_x": 0.8999999761581421,
  "spacing_y": 0.8984375,
  "spacing_z": 0.8984375,
  "summary_bg_k": 7.265591861979225,
  "summary_bg_mad": 6.080821990966797,
  "summary_bg_mean": 12.791458129882812,
  "summary_bg_median": 12.346405029296875,
  "summary_bg_n": 2887793.0,
  "summary_bg_p05": 4.133281230926514,
  "summary_bg_p95": 28.563875579833983,
  "summary_bg_stdv": 7.940300941467285,
  "summary_csf_k": 1.4382249167830974,
  "summary_csf_mad": 97.95074462890625,
  "summary_csf_mean": 400.67242431640625,
  "summary_csf_median": 378.91387939453125,
  "summary_csf_n": 38327.0,
  "summary_csf_p05": 263.26679077148435,
  "summary_csf_p95": 615.2025390624999,
  "summary_csf_stdv": 108.55963897705078,
  "summary_gm_k": 0.2462064777970614,
  "summary_gm_mad": 72.5926742553711,
  "summary_gm_mean": 827.014404296875,
  "summary_gm_median": 822.5169677734375,
  "summary_gm_n": 15903.0,
  "summary_gm_p05": 709.72392578125,
  "summary_gm_p95": 962.4093749999998,
  "summary_gm_stdv": 76.20527648925781,
  "summary_wm_k": 0.8215700412020168,
  "summary_wm_mad": 37.92806625366211,
  "summary_wm_mean": 1001.6932373046875,
  "summary_wm_median": 1000.0357055664062,
  "summary_wm_n": 268149.0,
  "summary_wm_p05": 936.3756958007812,
  "summary_wm_p95": 1072.2138427734374,
  "summary_wm_stdv": 41.50061798095703,
  "tpm_overlap_csf": 0.21750015020370483,
  "tpm_overlap_gm": 0.47534704208374023,
  "tpm_overlap_wm": 0.5358222126960754,
  "wm2max": 0.5744717113750895
}