{
  "bids_meta": {
    "AccessionNumber": "8536-001",
    "AcquisitionDateTime": "2018-07-23T14:41:7.115000",
    "AcquisitionMatrixPE": 256,
    "AcquisitionNumber": 1,
    "AcquisitionTime": "14:41:7.115000",
    "BaseResolution": 256,
    "BodyPartExamined": "BRAIN",
    "ConsistencyInfo": "N4_VE11C_LATEST_20160120",
    "ConversionSoftware": "dcm2niix",
    "ConversionSoftwareVersion": "v1.0.20210317",
    "DeviceSerialNumber": "167050",
    "DwellTime": 2.6e-06,
    "EchoTime": 0.564,
    "EchoTrainLength": 314,
    "FlipAngle": 120,
    "ImageOrientationPatientDICOM": [
      0,
      1,
      0,
      0,
      0,
      -1
    ],
    "ImageType": [
      "ORIGINAL",
      "PRIMARY",
      "M",
      "ND"
    ],
    "ImagingFrequency": 123.25,
    "InPlanePhaseEncodingDirectionDICOM": "ROW",
    "InstitutionAddress": "Michigan Ave 320,Pasadena,California,US,91025",
    "InstitutionName": "Caltech Prisma64",
    "InstitutionalDepartmentName": "Department",
    "MRAcquisitionType": "3D",
    "MagneticFieldStrength": 3,
    "Manufacturer": "Siemens",
    "ManufacturersModelName": "Prisma_fit",
    "Modality": "MR",
    "ParallelReductionFactorInPlane": 2,
    "PartialFourier": 1,
    "PatientBirthDate": "1989-05-01",
    "PatientID": "CC0146",
    "PatientName": "CC0146",
    "PatientPosition": "HFS",
    "PatientSex": "F",
    "PatientWeight": 58.967,
    "PercentPhaseFOV": 100,
    "PercentSampling": 100,
    "PhaseEncodingDirection": "i",
    "PhaseEncodingSteps": 274,
    "PhaseOversampling": 0.1,
    "PhaseResolution": 1,
    "PixelBandwidth": 750,
    "ProcedureStepDescription": "Conte Core",
    "ProtocolName": "T2w",
    "PulseSequenceDetails": "%SiemensSeq%\\tse_vfl",
    "ReceiveCoilActiveElements": "HEA;HEP",
    "ReceiveCoilName": "Head_32",
    "ReconMatrixPE": 256,
    "RefLinesPE": 32,
    "ReferringPhysicianName": "Adolphs",
    "RepetitionTime": 3.2,
    "SAR": 0.169494,
    "ScanOptions": "PFP",
    "ScanningSequence": "SE",
    "SequenceName": "*spc_314ns",
    "SequenceVariant": "SK\\SP\\OSP",
    "SeriesDescription": "T2w",
    "SeriesInstanceUID": "1.3.12.2.1107.5.2.43.167050.201807231446442429597932.0.0.0",
    "SeriesNumber": 11,
    "ShimSetting": [
      6984,
      -3629,
      7809,
      215,
      51,
      -93,
      171,
      46
    ],
    "SliceThickness": 0.9,
    "SoftwareVersions": "syngo MR E11",
    "StationName": "PRISMA",
    "StudyID": "1",
    "StudyInstanceUID": "1.3.12.2.1107.5.2.43.167050.30000018071021413043300000043",
    "TxRefAmp": 241.342,
    "dataset": "unknown",
    "modality": "T2w",
    "run_id": 1,
    "session_id": "core2p2",
    "subject_id": "CC0146"
  },
  "cjv": 0.6818899999896377,
  "cnr": 2.0738369677924795,
  "efc": 0.5084058143570922,
  "fber": 614.6066284179688,
  "fwhm_avg": 3.639783406772128,
  "fwhm_x": 3.5752778724902967,
  "fwhm_y": 3.8928361739130435,
  "fwhm_z": 3.4512361739130433,
  "icvs_csf": 0.2036950371323037,
  "icvs_gm": 0.44781053428491907,
  "icvs_wm": 0.34849442858277724,
  "inu_med": 1.5312843322753906,
  "inu_range": 0.5798650681972504,
  "provenance": {
    "md5sum": "5ee008c88ab18731e96d15cfc6b98918",
    "settings": {
      "testing": false
    },
    "software": "mriqc",
    "version": "0.15.0",
    "warnings": {
      "large_rot_frame": false,
      "small_air_mask": false
    },
    "webapi_port": null,
    "webapi_url": "https://mriqc.nimh.nih.gov/api/v1"
  },
  "qi_1": 0.0,
  "qi_2": 0.0009580759755223216,
  "rpve_csf": 26.581401096960995,
  "rpve_gm": 13.332368750285013,
  "rpve_wm": 18.626375048709324,
  "size_x": 208,
  "size_y": 256,
  "size_z": 256,
  "snr_csf": 3.359886773644228,
  "snr_gm": 5.051219254314952,
  "snr_total": 4.482489369802791,
  "snr_wm": 5.0363620814491945,
  "snrd_csf": 92.30186557423703,
  "snrd_gm": 33.74611288198417,
  "snrd_total": 47.98821346645053,
  "snrd_wm": 17.916661943130404,
  "spacing_x": 0.8999999761581421,
  "spacing_y": 0.8984375,
  "spacing_z": 0.8984375,
  "summary_bg_k": 9.785418506850192,
  "summary_bg_mad": 36.56651306152344,
  "summary_bg_mean": 66.21611022949219,
  "summary_bg_median": 51.023563385009766,
  "summary_bg_n": 2685955.0,
  "summary_bg_p05": 12.457289886474609,
  "summary_bg_p95": 172.62330627441386,
  "summary_bg_stdv": 55.09895706176758,
  "summary_csf_k": -0.5511666970510669,
  "summary_csf_mad": 1906.0289306640625,
  "summary_csf_mean": 4951.009765625,
  "summary_csf_median": 5151.83935546875,
  "summary_csf_n": 42354.0,
  "summary_csf_p05": 2590.044641113281,
  "summary_csf_p95": 7263.905224609374,
  "summary_csf_stdv": 1533.319091796875,
  "summary_gm_k": -0.4320828365133864,
  "summary_gm_mad": 411.43035888671875,
  "summary_gm_mean": 1898.45458984375,
  "summary_gm_median": 1883.543212890625,
  "summary_gm_n": 35516.0,
  "summary_gm_p05": 1334.8035278320312,
  "summary_gm_p95": 2530.8207397460938,
  "summary_gm_stdv": 372.8835754394531,
  "summary_wm_k": 0.3956552168346099,
  "summary_wm_mad": 191.03489685058594,
  "summary_wm_mean": 1005.8157348632812,
  "summary_wm_median": 1000.0205688476562,
  "summary_wm_n": 204297.0,
  "summary_wm_p05": 691.8590087890625,
  "summary_wm_p95": 1341.9043457031248,
  "summary_wm_stdv": 198.5596160888672,
  "tpm_overlap_csf": 0.19215106964111328,
  "tpm_overlap_gm": 0.4742594361305237,
  "tpm_overlap_wm": 0.49107688665390015,
  "wm2max": 0.14087755567806004
}