{
  "bids_meta": {
    "AccessionNumber": "8572-001",
    "AcquisitionDateTime": "2018-09-20T10:30:18.215000",
    "AcquisitionMatrixPE": 256,
    "AcquisitionNumber": 1,
    "AcquisitionTime": "10:30:18.215000",
    "BaseResolution": 256,
    "BodyPartExamined": "BRAIN",
    "ConsistencyInfo": "N4_VE11C_LATEST_20160120",
    "ConversionSoftware": "dcm2niix",
    "ConversionSoftwareVersion": "v1.0.20210317",
    "DeviceSerialNumber": "167050",
    "DwellTime": 3e-06,
    "EchoNumber": 4,
    "FlipAngle": 8,
    "ImageComments": "Average over all echoes.",
    "ImageOrientationPatientDICOM": [
      0,
      1,
      0,
      0,
      0,
      -1
    ],
    "ImageType": [
      "ORIGINAL",
      "PRIMARY",
      "ECHO",
      "COMBINED",
      "ND"
    ],
    "ImagingFrequency": 123.25,
    "InPlanePhaseEncodingDirectionDICOM": "ROW",
    "InstitutionAddress": "Michigan Ave 320,Pasadena,California,US,91025",
    "InstitutionName": "Caltech Prisma64",
    "InstitutionalDepartmentName": "Department",
    "InversionTime": 1.15,
    "MRAcquisitionType": "3D",
    "MagneticFieldStrength": 3,
    "Manufacturer": "Siemens",
    "ManufacturersModelName": "Prisma_fit",
    "Modality": "MR",
    "ParallelReductionFactorInPlane": 2,
    "PartialFourier": 1,
    "PatientBirthDate": "1995-03-01",
    "PatientID": "CC0166",
    "PatientName": "CC0166",
    "PatientPosition": "HFS",
    "PatientSex": "F",
    "PatientWeight": 49.8952,
    "PercentPhaseFOV": 100,
    "PercentSampling": 100,
    "PhaseEncodingSteps": 282,
    "PhaseOversampling": 0.1,
    "PhaseResolution": 1,
    "PixelBandwidth": 650,
    "ProcedureStepDescription": "Conte Core",
    "ProtocolName": "T1w",
    "PulseSequenceDetails": "%CustomerSeq%\\tfl_wip900D_VE11C",
    "ReceiveCoilActiveElements": "HEA;HEP",
    "ReceiveCoilName": "Head_32",
    "ReconMatrixPE": 256,
    "RefLinesPE": 32,
    "ReferringPhysicianName": "Adolphs",
    "RepetitionTime": 2.55,
    "SAR": 0.0405606,
    "ScanOptions": "IR\\WE",
    "ScanningSequence": "GR\\IR",
    "SequenceName": "tfl3d4_16ns",
    "SequenceVariant": "SK\\SP\\MP\\OSP",
    "SeriesDescription": "T1w_combEcho",
    "SeriesInstanceUID": "1.3.12.2.1107.5.2.43.167050.2018092010372661026095307.0.0.0",
    "SeriesNumber": 3,
    "ShimSetting": [
      6992,
      -3620,
      7834,
      396,
      -51,
      -28,
      -163,
      -30
    ],
    "SliceThickness": 0.9,
    "SoftwareVersions": "syngo MR E11",
    "StationName": "PRISMA",
    "StudyID": "1",
    "StudyInstanceUID": "1.3.12.2.1107.5.2.43.167050.30000018081720093477500000151",
    "TxRefAmp": 234.164,
    "WipMemBlock": "WIP_Identifier: WIP#900D",
    "acq_id": "combecho",
    "dataset": "unknown",
    "modality": "T1w",
    "run_id": 1,
    "session_id": "core2p2",
    "subject_id": "CC0166"
  },
  "cjv": 0.804629417673144,
  "cnr": 1.6473089721562537,
  "efc": 0.5642872913241342,
  "fber": 289.8114929199219,
  "fwhm_avg": 6.44056286522985,
  "fwhm_x": 6.438755726124333,
  "fwhm_y": 6.191126260869565,
  "fwhm_z": 6.691806608695653,
  "icvs_csf": 0.1599133619541269,
  "icvs_gm": 0.43372571172665364,
  "icvs_wm": 0.40636092631921944,
  "inu_med": 1.9056686162948608,
  "inu_range": 1.810934197902679,
  "provenance": {
    "md5sum": "a9b4f9248cd1b49da86179646c155188",
    "settings": {
      "testing": false
    },
    "software": "mriqc",
    "version": "0.15.0",
    "warnings": {
      "large_rot_frame": false,
      "small_air_mask": false
    },
    "webapi_port": null,
    "webapi_url": "https://mriqc.nimh.nih.gov/api/v1"
  },
  "qi_1": 0.0,
  "qi_2": 0.009549900246797338,
  "rpve_csf": 30.603056228092363,
  "rpve_gm": 11.626266621693048,
  "rpve_wm": 13.483433552281413,
  "size_x": 208,
  "size_y": 256,
  "size_z": 256,
  "snr_csf": 3.6907604321158973,
  "snr_gm": 11.650502807682118,
  "snr_total": 8.967420940268443,
  "snr_wm": 11.560999581007314,
  "snrd_csf": 21.914109914368062,
  "snrd_gm": 48.80165020145286,
  "snrd_total": 43.51321469036856,
  "snrd_wm": 59.823883955284735,
  "spacing_x": 0.8999999761581421,
  "spacing_y": 0.8984375,
  "spacing_z": 0.8984375,
  "summary_bg_k": 1.3428995180192853,
  "summary_bg_mad": 10.950898170471191,
  "summary_bg_mean": 39.10493850708008,
  "summary_bg_median": 37.73851776123047,
  "summary_bg_n": 3430872.0,
  "summary_bg_p05": 22.70420722961426,
  "summary_bg_p95": 58.4702348709106,
  "summary_bg_stdv": 11.186004638671875,
  "summary_csf_k": 6.2179797828526215,
  "summary_csf_mad": 77.55387878417969,
  "summary_csf_mean": 389.723876953125,
  "summary_csf_median": 366.3041687011719,
  "summary_csf_n": 36978.0,
  "summary_csf_p05": 268.6866958618164,
  "summary_csf_p95": 580.1537658691407,
  "summary_csf_stdv": 99.24762725830078,
  "summary_gm_k": -0.3739690239255631,
  "summary_gm_mad": 74.07138061523438,
  "summary_gm_mean": 816.8231811523438,
  "summary_gm_median": 815.741455078125,
  "summary_gm_n": 50717.0,
  "summary_gm_p05": 701.8410278320313,
  "summary_gm_p95": 930.5759765624999,
  "summary_gm_stdv": 70.01701354980469,
  "summary_wm_k": 0.9054115669384086,
  "summary_wm_mad": 74.17481231689453,
  "summary_wm_mean": 1020.07958984375,
  "summary_wm_median": 999.9830322265625,
  "summary_wm_n": 213121.0,
  "summary_wm_p05": 913.6810302734375,
  "summary_wm_p95": 1190.4266357421875,
  "summary_wm_stdv": 86.49604034423828,
  "tpm_overlap_csf": 0.22448407113552094,
  "tpm_overlap_gm": 0.4592178165912628,
  "tpm_overlap_wm": 0.453757107257843,
  "wm2max": 0.5882501581998696
}