{
  "bids_meta": {
    "AccessionNumber": "8561-001",
    "AcquisitionDateTime": "2018-08-30T16:00:31.760000",
    "AcquisitionMatrixPE": 256,
    "AcquisitionNumber": 1,
    "AcquisitionTime": "16:00:31.760000",
    "BaseResolution": 256,
    "BodyPartExamined": "BRAIN",
    "ConsistencyInfo": "N4_VE11C_LATEST_20160120",
    "ConversionSoftware": "dcm2niix",
    "ConversionSoftwareVersion": "v1.0.20210317",
    "DeviceSerialNumber": "167050",
    "DwellTime": 3e-06,
    "EchoNumber": 4,
    "FlipAngle": 8,
    "ImageComments": "Average over all echoes.",
    "ImageOrientationPatientDICOM": [
      0,
      1,
      0,
      0,
      0,
      -1
    ],
    "ImageType": [
      "ORIGINAL",
      "PRIMARY",
      "ECHO",
      "COMBINED",
      "ND"
    ],
    "ImagingFrequency": 123.25,
    "InPlanePhaseEncodingDirectionDICOM": "ROW",
    "InstitutionAddress": "Michigan Ave 320,Pasadena,California,US,91025",
    "InstitutionName": "Caltech Prisma64",
    "InstitutionalDepartmentName": "Department",
    "InversionTime": 1.15,
    "MRAcquisitionType": "3D",
    "MagneticFieldStrength": 3,
    "Manufacturer": "Siemens",
    "ManufacturersModelName": "Prisma_fit",
    "Modality": "MR",
    "ParallelReductionFactorInPlane": 2,
    "PartialFourier": 1,
    "PatientBirthDate": "1979-12-01",
    "PatientID": "CC0158",
    "PatientName": "CC0158",
    "PatientPosition": "HFS",
    "PatientSex": "M",
    "PatientWeight": 122.47,
    "PercentPhaseFOV": 100,
    "PercentSampling": 100,
    "PhaseEncodingSteps": 282,
    "PhaseOversampling": 0.1,
    "PhaseResolution": 1,
    "PixelBandwidth": 650,
    "ProcedureStepDescription": "Conte Core",
    "ProtocolName": "T1w",
    "PulseSequenceDetails": "%CustomerSeq%\\tfl_wip900D_VE11C",
    "ReceiveCoilActiveElements": "HEA;HEP",
    "ReceiveCoilName": "Head_32",
    "ReconMatrixPE": 256,
    "RefLinesPE": 32,
    "ReferringPhysicianName": "Adolphs",
    "RepetitionTime": 2.55,
    "SAR": 0.0509167,
    "ScanOptions": "IR\\WE",
    "ScanningSequence": "GR\\IR",
    "SequenceName": "tfl3d4_16ns",
    "SequenceVariant": "SK\\SP\\MP\\OSP",
    "SeriesDescription": "T1w_combEcho",
    "SeriesInstanceUID": "1.3.12.2.1107.5.2.43.167050.2018083016074034016023449.0.0.0",
    "SeriesNumber": 4,
    "ShimSetting": [
      6982,
      -3608,
      7923,
      193,
      -90,
      -3,
      77,
      -27
    ],
    "SliceThickness": 0.9,
    "SoftwareVersions": "syngo MR E11",
    "StationName": "PRISMA",
    "StudyID": "1",
    "StudyInstanceUID": "1.3.12.2.1107.5.2.43.167050.30000018081720093477500000070",
    "TxRefAmp": 333.352,
    "WipMemBlock": "WIP_Identifier: WIP#900D",
    "acq_id": "combecho",
    "dataset": "unknown",
    "modality": "T1w",
    "run_id": 1,
    "session_id": "core2p2",
    "subject_id": "CC0158"
  },
  "cjv": 0.6045371293774692,
  "cnr": 2.1958117560570143,
  "efc": 0.6300251099840304,
  "fber": 185.8876953125,
  "fwhm_avg": 6.092926390380275,
  "fwhm_x": 5.913266823314741,
  "fwhm_y": 6.044204521739131,
  "fwhm_z": 6.321307826086956,
  "icvs_csf": 0.2018875431793743,
  "icvs_gm": 0.4025842395568513,
  "icvs_wm": 0.3955282172637744,
  "inu_med": 1.3997219800949097,
  "inu_range": 1.1046385616064067,
  "provenance": {
    "md5sum": "883afa6cbd6cf1fbf514c2bbda0b4400",
    "settings": {
      "testing": false
    },
    "software": "mriqc",
    "version": "0.15.0",
    "warnings": {
      "large_rot_frame": false,
      "small_air_mask": false
    },
    "webapi_port": null,
    "webapi_url": "https://mriqc.nimh.nih.gov/api/v1"
  },
  "qi_1": 1.9827399805316368e-05,
  "qi_2": 0.003132841532932625,
  "rpve_csf": 21.36763755783408,
  "rpve_gm": 9.734308240621251,
  "rpve_wm": 11.132684650603071,
  "size_x": 208,
  "size_y": 256,
  "size_z": 256,
  "snr_csf": 3.8900996351401385,
  "snr_gm": 11.257663775752238,
  "snr_total": 7.882631674347581,
  "snr_wm": 8.500131612150367,
  "snrd_csf": 16.320055757504647,
  "snrd_gm": 34.678290496935155,
  "snrd_total": 33.38165184321897,
  "snrd_wm": 49.14660927521711,
  "spacing_x": 0.8999999761581421,
  "spacing_y": 0.8984375,
  "spacing_z": 0.8984375,
  "summary_bg_k": 7.548628167984415,
  "summary_bg_mad": 13.329784393310547,
  "summary_bg_mean": 46.334632873535156,
  "summary_bg_median": 45.33974075317383,
  "summary_bg_n": 3446953.0,
  "summary_bg_p05": 25.80811386108398,
  "summary_bg_p95": 70.68922576904296,
  "summary_bg_stdv": 14.344670295715332,
  "summary_csf_k": 1.1965200357092218,
  "summary_csf_mad": 77.05642700195312,
  "summary_csf_mean": 349.4883728027344,
  "summary_csf_median": 332.05731201171875,
  "summary_csf_n": 69708.0,
  "summary_csf_p05": 240.4105506896973,
  "summary_csf_p95": 512.4507202148436,
  "summary_csf_stdv": 85.35897827148438,
  "summary_gm_k": -0.17495019178425242,
  "summary_gm_mad": 63.18632888793945,
  "summary_gm_mean": 704.252197265625,
  "summary_gm_median": 705.5845947265625,
  "summary_gm_n": 44141.0,
  "summary_gm_p05": 598.1790161132812,
  "summary_gm_p95": 805.3729858398438,
  "summary_gm_stdv": 62.67522430419922,
  "summary_wm_k": 0.08877271868952441,
  "summary_wm_mad": 114.77779388427734,
  "summary_wm_mean": 1024.36376953125,
  "summary_wm_median": 999.9653930664062,
  "summary_wm_n": 234371.0,
  "summary_wm_p05": 874.1541748046875,
  "summary_wm_p95": 1249.3139038085938,
  "summary_wm_stdv": 117.64091491699219,
  "tpm_overlap_csf": 0.214780792593956,
  "tpm_overlap_gm": 0.40924763679504395,
  "tpm_overlap_wm": 0.43106991052627563,
  "wm2max": 0.45116323942605013
}