{
  "aor": 0.003577542016806722,
  "aqi": 0.007799808487394958,
  "bids_meta": {
    "AccessionNumber": "8559-001",
    "AcquisitionDateTime": "2018-08-29T12:34:44.677500",
    "AcquisitionMatrixPE": 80,
    "AcquisitionNumber": 1,
    "AcquisitionTime": "12:34:44.677500",
    "BandwidthPerPixelPhaseEncode": 23.191,
    "BaseResolution": 80,
    "BodyPartExamined": "BRAIN",
    "ConsistencyInfo": "N4_VE11C_LATEST_20160120",
    "ConversionSoftware": "dcm2niix",
    "ConversionSoftwareVersion": "v1.0.20210317",
    "DerivedVendorReportedEchoSpacing": 0.000490002,
    "DeviceSerialNumber": "167050",
    "DwellTime": 2.3e-06,
    "EchoTime": 0.03,
    "EchoTrainLength": 88,
    "EffectiveEchoSpacing": 0.000539002,
    "FlipAngle": 53,
    "ImageComments": "Unaliased MB6/PE3/LB",
    "ImageOrientationPatientDICOM": [
      1,
      0,
      0,
      0,
      0.939693,
      -0.34202
    ],
    "ImageType": [
      "ORIGINAL",
      "PRIMARY",
      "M",
      "MB",
      "ND",
      "MOSAIC"
    ],
    "ImagingFrequency": 123.25,
    "InPlanePhaseEncodingDirectionDICOM": "COL",
    "InstitutionAddress": "Michigan Ave 320,Pasadena,California,US,91025",
    "InstitutionName": "Caltech Prisma64",
    "InstitutionalDepartmentName": "Department",
    "MRAcquisitionType": "2D",
    "MagneticFieldStrength": 3,
    "Manufacturer": "Siemens",
    "ManufacturersModelName": "Prisma_fit",
    "Modality": "MR",
    "MultibandAccelerationFactor": 6,
    "PartialFourier": 1,
    "PatientBirthDate": "1976-05-01",
    "PatientID": "CC0157",
    "PatientName": "CC0157",
    "PatientPosition": "HFS",
    "PatientSex": "M",
    "PatientWeight": 83.9146,
    "PercentPhaseFOV": 100,
    "PercentSampling": 100,
    "PhaseEncodingDirection": "j-",
    "PhaseEncodingSteps": 88,
    "PhaseOversampling": 0.1,
    "PhaseResolution": 1,
    "PixelBandwidth": 2715,
    "ProcedureStepDescription": "Conte Core",
    "ProtocolName": "task-pixar_run-01_bold",
    "PulseSequenceDetails": "%CustomerSeq%\\cmrr_mbep2d_bold",
    "ReceiveCoilActiveElements": "HEA;HEP",
    "ReceiveCoilName": "Head_32",
    "ReconMatrixPE": 80,
    "ReferringPhysicianName": "Adolphs",
    "RepetitionTime": 0.7,
    "SAR": 0.0908639,
    "ScanOptions": "FS\\EXT",
    "ScanningSequence": "EP",
    "SequenceName": "epfid2d1_80",
    "SequenceVariant": "SK\\SS\\OSP",
    "SeriesDescription": "task-pixar_run-01_bold",
    "SeriesInstanceUID": "1.3.12.2.1107.5.2.43.167050.2018082912315190002282444.0.0.0",
    "SeriesNumber": 34,
    "ShimSetting": [
      6994,
      -3650,
      7954,
      490,
      57,
      -55,
      -51,
      5
    ],
    "SliceThickness": 2.5,
    "SliceTiming": [
      0,
      0.475,
      0.2725,
      0.0675,
      0.545,
      0.34,
      0.135,
      0.6125,
      0.4075,
      0.205,
      0,
      0.475,
      0.2725,
      0.0675,
      0.545,
      0.34,
      0.135,
      0.6125,
      0.4075,
      0.205,
      0,
      0.475,
      0.2725,
      0.0675,
      0.545,
      0.34,
      0.135,
      0.6125,
      0.4075,
      0.205,
      0,
      0.475,
      0.2725,
      0.0675,
      0.545,
      0.34,
      0.135,
      0.6125,
      0.4075,
      0.205,
      0,
      0.475,
      0.2725,
      0.0675,
      0.545,
      0.34,
      0.135,
      0.6125,
      0.4075,
      0.205,
      0,
      0.475,
      0.2725,
      0.0675,
      0.545,
      0.34,
      0.135,
      0.6125,
      0.4075,
      0.205
    ],
    "SoftwareVersions": "syngo MR E11",
    "SpacingBetweenSlices": 2.5,
    "StationName": "PRISMA",
    "StudyID": "1",
    "StudyInstanceUID": "1.3.12.2.1107.5.2.43.167050.30000018081720093477500000061",
    "TaskName": "pixar",
    "TotalReadoutTime": 0.0425812,
    "TxRefAmp": 279.798,
    "WipMemBlock": "2af6c1a5-017e-4d96-9743-11b3932fc193||Sequence: R016 ve11c/master r/e634e98; Dec 19 2017 11:00:25 by eja",
    "dataset": "unknown",
    "modality": "bold",
    "run_id": 1,
    "session_id": "core2p2",
    "subject_id": "CC0157",
    "task_id": "pixar"
  },
  "dummy_trs": 0,
  "dvars_nstd": 32.289463195684206,
  "dvars_std": 1.0294152672421055,
  "dvars_vstd": 1.0900797545473673,
  "efc": 0.5546057800532458,
  "fber": 457.30841064453125,
  "fd_mean": 0.12485162594610637,
  "fd_num": 54,
  "fd_perc": 11.344537815126051,
  "fwhm_avg": 2.943312,
  "fwhm_x": 2.718768,
  "fwhm_y": 3.171268,
  "fwhm_z": 2.9399,
  "gcor": 0.0165129,
  "gsr_x": 0.003484511049464345,
  "gsr_y": 0.08018451184034348,
  "provenance": {
    "md5sum": "4b45c766a871bcfb4f7f8bea9737acb5",
    "settings": {
      "fd_thres": 0.2,
      "hmc_fsl": false
    },
    "software": "mriqc",
    "version": "0.15.0",
    "webapi_port": null,
    "webapi_url": "https://mriqc.nimh.nih.gov/api/v1"
  },
  "size_t": 476,
  "size_x": 80,
  "size_y": 80,
  "size_z": 60,
  "snr": 2.1034912747705015,
  "spacing_tr": 0.699999988079071,
  "spacing_x": 2.5,
  "spacing_y": 2.5,
  "spacing_z": 2.5,
  "summary_bg_k": 12.03123368605222,
  "summary_bg_mad": 120.25743103027344,
  "summary_bg_mean": 529.9617309570312,
  "summary_bg_median": 175.52627563476562,
  "summary_bg_n": 240212.0,
  "summary_bg_p05": 86.39496612548828,
  "summary_bg_p95": 2343.6719482421877,
  "summary_bg_stdv": 837.4168701171875,
  "summary_fg_k": 0.7653772443314724,
  "summary_fg_mad": 1770.958984375,
  "summary_fg_mean": 4408.1015625,
  "summary_fg_median": 4063.64306640625,
  "summary_fg_n": 82797.0,
  "summary_fg_p05": 1810.69423828125,
  "summary_fg_p95": 8053.886132812499,
  "summary_fg_stdv": 1931.8447265625,
  "tsnr": 35.37488555908203
}