{
  "aor": 0.002990861581920904,
  "aqi": 0.012978352217514125,
  "bids_meta": {
    "AccessionNumber": "8466-015",
    "AcquisitionDateTime": "2018-04-30T15:24:45.955000",
    "AcquisitionMatrixPE": 80,
    "AcquisitionNumber": 1,
    "AcquisitionTime": "15:24:45.955000",
    "BandwidthPerPixelPhaseEncode": 23.191,
    "BaseResolution": 80,
    "BodyPartExamined": "BRAIN",
    "ConsistencyInfo": "N4_VE11C_LATEST_20160120",
    "ConversionSoftware": "dcm2niix",
    "ConversionSoftwareVersion": "v1.0.20210317",
    "DerivedVendorReportedEchoSpacing": 0.000490002,
    "DeviceSerialNumber": "167050",
    "DwellTime": 2.3e-06,
    "EchoTime": 0.03,
    "EchoTrainLength": 88,
    "EffectiveEchoSpacing": 0.000539002,
    "FlipAngle": 53,
    "ImageComments": "Unaliased MB6/PE3/LB",
    "ImageOrientationPatientDICOM": [
      1,
      0,
      0,
      0,
      0.939693,
      -0.34202
    ],
    "ImageType": [
      "ORIGINAL",
      "PRIMARY",
      "M",
      "MB",
      "ND",
      "MOSAIC"
    ],
    "ImagingFrequency": 123.25,
    "InPlanePhaseEncodingDirectionDICOM": "COL",
    "InstitutionAddress": "Michigan Ave 320,Pasadena,California,US,91025",
    "InstitutionName": "Caltech Prisma64",
    "InstitutionalDepartmentName": "Department",
    "MRAcquisitionType": "2D",
    "MagneticFieldStrength": 3,
    "Manufacturer": "Siemens",
    "ManufacturersModelName": "Prisma_fit",
    "Modality": "MR",
    "MultibandAccelerationFactor": 6,
    "PartialFourier": 1,
    "PatientBirthDate": "1989-02-01",
    "PatientID": "CC0008",
    "PatientName": "CC0008",
    "PatientPosition": "HFS",
    "PatientSex": "M",
    "PatientWeight": 83.9146,
    "PercentPhaseFOV": 100,
    "PercentSampling": 100,
    "PhaseEncodingDirection": "j-",
    "PhaseEncodingSteps": 88,
    "PhaseOversampling": 0.1,
    "PhaseResolution": 1,
    "PixelBandwidth": 2715,
    "ProcedureStepDescription": "Conte Core",
    "ProtocolName": "task-bang_bold",
    "PulseSequenceDetails": "%CustomerSeq%\\cmrr_mbep2d_bold",
    "ReceiveCoilActiveElements": "HEA;HEP",
    "ReceiveCoilName": "Head_32",
    "ReconMatrixPE": 80,
    "ReferringPhysicianName": "Adolphs",
    "RepetitionTime": 0.7,
    "SAR": 0.0743458,
    "ScanOptions": "FS\\EXT",
    "ScanningSequence": "EP",
    "SequenceName": "epfid2d1_80",
    "SequenceVariant": "SK\\SS\\OSP",
    "SeriesDescription": "task-bang_bold",
    "SeriesInstanceUID": "1.3.12.2.1107.5.2.43.167050.2018043015243652913845367.0.0.0",
    "SeriesNumber": 30,
    "ShimSetting": [
      6993,
      -3569,
      7919,
      386,
      -8,
      152,
      -51,
      29
    ],
    "SliceThickness": 2.5,
    "SliceTiming": [
      0,
      0.475,
      0.27,
      0.0675,
      0.5425,
      0.34,
      0.135,
      0.61,
      0.4075,
      0.2025,
      0,
      0.475,
      0.27,
      0.0675,
      0.5425,
      0.34,
      0.135,
      0.61,
      0.4075,
      0.2025,
      0,
      0.475,
      0.27,
      0.0675,
      0.5425,
      0.34,
      0.135,
      0.61,
      0.4075,
      0.2025,
      0,
      0.475,
      0.27,
      0.0675,
      0.5425,
      0.34,
      0.135,
      0.61,
      0.4075,
      0.2025,
      0,
      0.475,
      0.27,
      0.0675,
      0.5425,
      0.34,
      0.135,
      0.61,
      0.4075,
      0.2025,
      0,
      0.475,
      0.27,
      0.0675,
      0.5425,
      0.34,
      0.135,
      0.61,
      0.4075,
      0.2025
    ],
    "SoftwareVersions": "syngo MR E11",
    "SpacingBetweenSlices": 2.5,
    "StationName": "PRISMA",
    "StudyID": "1",
    "StudyInstanceUID": "1.3.12.2.1107.5.2.43.167050.30000018042619061766300000007",
    "TaskName": "bang",
    "TotalReadoutTime": 0.0425812,
    "TxRefAmp": 262.146,
    "WipMemBlock": "958acc69-d2a1-443c-bcf2-bfbeb7275900||Sequence: R016 ve11c/master r/e634e98; Dec 19 2017 11:00:25 by eja",
    "dataset": "unknown",
    "modality": "bold",
    "run_id": 1,
    "session_id": "core2p2",
    "subject_id": "CC0008",
    "task_id": "bang"
  },
  "dummy_trs": 2,
  "dvars_nstd": 34.02252813455446,
  "dvars_std": 1.0444118064356425,
  "dvars_vstd": 0.9910504783875531,
  "efc": 0.5970829384424149,
  "fber": 318.6375732421875,
  "fd_mean": 0.1008574691180707,
  "fd_num": 33,
  "fd_perc": 4.661016949152542,
  "fwhm_avg": 3.0900146666666664,
  "fwhm_x": 2.771924,
  "fwhm_y": 3.2420160000000005,
  "fwhm_z": 3.2561039999999997,
  "gcor": 0.0261933,
  "gsr_x": 0.011234448291361332,
  "gsr_y": 0.12335007637739182,
  "provenance": {
    "md5sum": "0c8a55486cc03c065b69683eac12b7eb",
    "settings": {
      "fd_thres": 0.2,
      "hmc_fsl": false
    },
    "software": "mriqc",
    "version": "0.15.0",
    "webapi_port": null,
    "webapi_url": "https://mriqc.nimh.nih.gov/api/v1"
  },
  "size_t": 708,
  "size_x": 80,
  "size_y": 80,
  "size_z": 60,
  "snr": 1.8784800980613003,
  "spacing_tr": 0.699999988079071,
  "spacing_x": 2.5,
  "spacing_y": 2.5,
  "spacing_z": 2.5,
  "summary_bg_k": 11.421503629465168,
  "summary_bg_mad": 149.58473205566406,
  "summary_bg_mean": 643.5889282226562,
  "summary_bg_median": 204.28955078125,
  "summary_bg_n": 209486.0,
  "summary_bg_p05": 87.6836166381836,
  "summary_bg_p95": 2902.80322265625,
  "summary_bg_stdv": 1043.5899658203125,
  "summary_fg_k": 1.399941774646627,
  "summary_fg_mad": 1856.677490234375,
  "summary_fg_mean": 4470.66552734375,
  "summary_fg_median": 4022.0615234375,
  "summary_fg_n": 107488.0,
  "summary_fg_p05": 1813.9142822265626,
  "summary_fg_p95": 8678.141210937498,
  "summary_fg_stdv": 2141.115478515625,
  "tsnr": 29.752689361572266
}