{
    "Modality":"MR",
    "MagneticFieldStrength":3,
    "ImagingFrequency":123.25,
    "Manufacturer":"Siemens",
    "ManufacturersModelName":"Prisma_fit",
    "InstitutionName":"Caltech Prisma64",
    "InstitutionalDepartmentName":"Department",
    "InstitutionAddress":"Michigan Ave 320,Pasadena,California,US,91025",
    "DeviceSerialNumber":"167050",
    "StationName":"PRISMA",
    "SeriesInstanceUID":"1.3.12.2.1107.5.2.43.167050.2018053010414772507197812.0.0.0",
    "StudyInstanceUID":"1.3.12.2.1107.5.2.43.167050.30000018042619061766300000046",
    "ReferringPhysicianName":"Adolphs",
    "StudyID":"1",
    "PatientName":"CC0137",
    "PatientID":"CC0137",
    "AccessionNumber":"8477-001",
    "PatientBirthDate":"1977-11-01",
    "PatientSex":"F",
    "PatientWeight":68.0389,
    "BodyPartExamined":"BRAIN",
    "PatientPosition":"HFS",
    "ProcedureStepDescription":"Conte Core",
    "SoftwareVersions":"syngo MR E11",
    "MRAcquisitionType":"2D",
    "SeriesDescription":"task-rest_run-02_bold",
    "ProtocolName":"task-rest_run-02_bold",
    "ScanningSequence":"EP",
    "SequenceVariant":"SK\\SS\\OSP",
    "ScanOptions":"FS\\EXT",
    "SequenceName":"epfid2d1_80",
    "ImageType":[
        "ORIGINAL",
        "PRIMARY",
        "M",
        "MB",
        "ND",
        "MOSAIC"
    ],
    "SeriesNumber":16,
    "AcquisitionTime":"10:46:16.837500",
    "AcquisitionDateTime":"2018-05-30T10:46:16.837500",
    "AcquisitionNumber":1,
    "ImageComments":"Unaliased MB6/PE3/LB",
    "SliceThickness":2.5,
    "SpacingBetweenSlices":2.5,
    "SAR":0.0733285,
    "EchoTime":0.03,
    "RepetitionTime":0.7,
    "FlipAngle":53,
    "PartialFourier":1,
    "BaseResolution":80,
    "ShimSetting":[
        6980,
        -3613,
        7971,
        504,
        -27,
        85,
        -59,
        25
    ],
    "TxRefAmp":247.694,
    "PhaseResolution":1,
    "PhaseOversampling":0.1,
    "ReceiveCoilName":"Head_32",
    "ReceiveCoilActiveElements":"HEA;HEP",
    "PulseSequenceDetails":"%CustomerSeq%\\cmrr_mbep2d_bold",
    "WipMemBlock":"76c9f709-0d5b-49bc-9e9a-df016eef9589||Sequence: R016 ve11c/master r/e634e98; Dec 19 2017 11:00:25 by eja",
    "ConsistencyInfo":"N4_VE11C_LATEST_20160120",
    "MultibandAccelerationFactor":6,
    "PercentPhaseFOV":100,
    "PercentSampling":100,
    "EchoTrainLength":88,
    "PhaseEncodingSteps":88,
    "AcquisitionMatrixPE":80,
    "ReconMatrixPE":80,
    "BandwidthPerPixelPhaseEncode":23.191,
    "EffectiveEchoSpacing":0.000539002,
    "DerivedVendorReportedEchoSpacing":0.000490002,
    "TotalReadoutTime":0.0425812,
    "PixelBandwidth":2715,
    "DwellTime":2.3e-06,
    "PhaseEncodingDirection":"j-",
    "SliceTiming":[
        0,
        0.475,
        0.2725,
        0.0675,
        0.5425,
        0.34,
        0.135,
        0.6125,
        0.4075,
        0.2025,
        0,
        0.475,
        0.2725,
        0.0675,
        0.5425,
        0.34,
        0.135,
        0.6125,
        0.4075,
        0.2025,
        0,
        0.475,
        0.2725,
        0.0675,
        0.5425,
        0.34,
        0.135,
        0.6125,
        0.4075,
        0.2025,
        0,
        0.475,
        0.2725,
        0.0675,
        0.5425,
        0.34,
        0.135,
        0.6125,
        0.4075,
        0.2025,
        0,
        0.475,
        0.2725,
        0.0675,
        0.5425,
        0.34,
        0.135,
        0.6125,
        0.4075,
        0.2025,
        0,
        0.475,
        0.2725,
        0.0675,
        0.5425,
        0.34,
        0.135,
        0.6125,
        0.4075,
        0.2025
    ],
    "ImageOrientationPatientDICOM":[
        1,
        0,
        0,
        0,
        0.939693,
        -0.34202
    ],
    "InPlanePhaseEncodingDirectionDICOM":"COL",
    "ConversionSoftware":"dcm2niix",
    "ConversionSoftwareVersion":"v1.0.20210317",
    "TaskName":"rest"
}