{
  "aor": 0.0005401833333333333,
  "aqi": 0.0036737240833333326,
  "bids_meta": {
    "AccessionNumber": "8585-001",
    "AcquisitionDateTime": "2018-10-10T11:21:29.647500",
    "AcquisitionMatrixPE": 80,
    "AcquisitionNumber": 1,
    "AcquisitionTime": "11:21:29.647500",
    "BandwidthPerPixelPhaseEncode": 23.191,
    "BaseResolution": 80,
    "BodyPartExamined": "BRAIN",
    "ConsistencyInfo": "N4_VE11C_LATEST_20160120",
    "ConversionSoftware": "dcm2niix",
    "ConversionSoftwareVersion": "v1.0.20210317",
    "DerivedVendorReportedEchoSpacing": 0.000490002,
    "DeviceSerialNumber": "167050",
    "DwellTime": 2.3e-06,
    "EchoTime": 0.03,
    "EchoTrainLength": 88,
    "EffectiveEchoSpacing": 0.000539002,
    "FlipAngle": 53,
    "ImageComments": "Unaliased MB6/PE3/LB",
    "ImageOrientationPatientDICOM": [
      1,
      0,
      0,
      0,
      0.939693,
      -0.34202
    ],
    "ImageType": [
      "ORIGINAL",
      "PRIMARY",
      "M",
      "MB",
      "ND",
      "MOSAIC"
    ],
    "ImagingFrequency": 123.25,
    "InPlanePhaseEncodingDirectionDICOM": "COL",
    "InstitutionAddress": "Michigan Ave 320,Pasadena,California,US,91025",
    "InstitutionName": "Caltech Prisma64",
    "InstitutionalDepartmentName": "Department",
    "MRAcquisitionType": "2D",
    "MagneticFieldStrength": 3,
    "Manufacturer": "Siemens",
    "ManufacturersModelName": "Prisma_fit",
    "Modality": "MR",
    "MultibandAccelerationFactor": 6,
    "PartialFourier": 1,
    "PatientBirthDate": "1995-10-01",
    "PatientID": "CC0175",
    "PatientName": "CC0175",
    "PatientPosition": "HFS",
    "PatientSex": "F",
    "PatientWeight": 54.4311,
    "PercentPhaseFOV": 100,
    "PercentSampling": 100,
    "PhaseEncodingDirection": "j-",
    "PhaseEncodingSteps": 88,
    "PhaseOversampling": 0.1,
    "PhaseResolution": 1,
    "PixelBandwidth": 2715,
    "ProcedureStepDescription": "Conte Core",
    "ProtocolName": "task-rest_run-01_bold",
    "PulseSequenceDetails": "%CustomerSeq%\\cmrr_mbep2d_bold",
    "ReceiveCoilActiveElements": "HEA;HEP",
    "ReceiveCoilName": "Head_32",
    "ReconMatrixPE": 80,
    "ReferringPhysicianName": "Adolphs",
    "RepetitionTime": 0.7,
    "SAR": 0.0852862,
    "ScanOptions": "FS\\EXT",
    "ScanningSequence": "EP",
    "SequenceName": "epfid2d1_80",
    "SequenceVariant": "SK\\SS\\OSP",
    "SeriesDescription": "task-rest_run-01_bold",
    "SeriesInstanceUID": "1.3.12.2.1107.5.2.43.167050.2018101011175255150360547.0.0.0",
    "SeriesNumber": 9,
    "ShimSetting": [
      6995,
      -3665,
      7979,
      857,
      -24,
      -27,
      -132,
      18
    ],
    "SliceThickness": 2.5,
    "SliceTiming": [
      0,
      0.4775,
      0.2725,
      0.07,
      0.545,
      0.34,
      0.1375,
      0.6125,
      0.41,
      0.205,
      0,
      0.4775,
      0.2725,
      0.07,
      0.545,
      0.34,
      0.1375,
      0.6125,
      0.41,
      0.205,
      0,
      0.4775,
      0.2725,
      0.07,
      0.545,
      0.34,
      0.1375,
      0.6125,
      0.41,
      0.205,
      0,
      0.4775,
      0.2725,
      0.07,
      0.545,
      0.34,
      0.1375,
      0.6125,
      0.41,
      0.205,
      0,
      0.4775,
      0.2725,
      0.07,
      0.545,
      0.34,
      0.1375,
      0.6125,
      0.41,
      0.205,
      0,
      0.4775,
      0.2725,
      0.07,
      0.545,
      0.34,
      0.1375,
      0.6125,
      0.41,
      0.205
    ],
    "SoftwareVersions": "syngo MR E11",
    "SpacingBetweenSlices": 2.5,
    "StationName": "PRISMA",
    "StudyID": "1",
    "StudyInstanceUID": "1.3.12.2.1107.5.2.43.167050.30000018081720093477500000232",
    "TaskName": "rest",
    "TotalReadoutTime": 0.0425812,
    "TxRefAmp": 243.605,
    "WipMemBlock": "6775bda3-6fbc-466d-8a5c-fb45cf931dcc||Sequence: R016 ve11c/master r/e634e98; Dec 19 2017 11:00:25 by eja",
    "dataset": "unknown",
    "modality": "bold",
    "run_id": 1,
    "session_id": "core2p2",
    "subject_id": "CC0175",
    "task_id": "rest"
  },
  "dummy_trs": 0,
  "dvars_nstd": 29.1170008185142,
  "dvars_std": 1.0173730036060098,
  "dvars_vstd": 0.9912002441402319,
  "efc": 0.52462174133192,
  "fber": 844.2736206054688,
  "fd_mean": 0.12087644803652492,
  "fd_num": 106,
  "fd_perc": 17.666666666666668,
  "fwhm_avg": 2.8393226666666664,
  "fwhm_x": 2.568108,
  "fwhm_y": 3.096616,
  "fwhm_z": 2.853244,
  "gcor": 0.00670957,
  "gsr_x": -0.007114980835467577,
  "gsr_y": 0.07051757723093033,
  "provenance": {
    "md5sum": "9445ddbc9e0f5a2c004e2e7657892f1d",
    "settings": {
      "fd_thres": 0.2,
      "hmc_fsl": false
    },
    "software": "mriqc",
    "version": "0.15.0",
    "webapi_port": null,
    "webapi_url": "https://mriqc.nimh.nih.gov/api/v1"
  },
  "size_t": 600,
  "size_x": 80,
  "size_y": 80,
  "size_z": 60,
  "snr": 2.188837861759606,
  "spacing_tr": 0.699999988079071,
  "spacing_x": 2.5,
  "spacing_y": 2.5,
  "spacing_z": 2.5,
  "summary_bg_k": 29.38782694014172,
  "summary_bg_mad": 67.87352752685547,
  "summary_bg_mean": 307.4808654785156,
  "summary_bg_median": 132.4983367919922,
  "summary_bg_n": 229932.0,
  "summary_bg_p05": 79.5683364868164,
  "summary_bg_p95": 1226.355377197264,
  "summary_bg_stdv": 534.3395385742188,
  "summary_fg_k": 0.5865954618193752,
  "summary_fg_mad": 1744.959716796875,
  "summary_fg_mean": 4571.8359375,
  "summary_fg_median": 4197.869140625,
  "summary_fg_n": 90994.0,
  "summary_fg_p05": 2065.7253662109374,
  "summary_fg_p95": 8254.949121093745,
  "summary_fg_stdv": 1917.8424072265625,
  "tsnr": 43.90325927734375
}