{
  "bids_meta": {
    "AccessionNumber": "6451_002",
    "AcquisitionDateTime": "2013-02-15T10:08:31.910000",
    "AcquisitionMatrixPE": 256,
    "AcquisitionNumber": 1,
    "AcquisitionTime": "10:08:31.910000",
    "BaseResolution": 256,
    "CoilString": "C:HEA;HEP",
    "ConversionSoftware": "dcm2niix",
    "ConversionSoftwareVersion": "v1.0.20210317",
    "DeviceSerialNumber": "35077",
    "DwellTime": 1.09e-05,
    "EchoTime": 0.00291,
    "FlipAngle": 10,
    "ImageOrientationPatientDICOM": [
      0,
      1,
      0,
      0,
      0,
      -1
    ],
    "ImageType": [
      "ORIGINAL",
      "PRIMARY",
      "M",
      "ND",
      "NORM"
    ],
    "ImagingFrequency": 123.229,
    "InPlanePhaseEncodingDirectionDICOM": "ROW",
    "InstitutionAddress": "Wilson Avenue 340 ,Pasadena,California,US,91025",
    "InstitutionName": "Caltech Tim32",
    "InstitutionalDepartmentName": "Department",
    "InversionTime": 0.8,
    "MRAcquisitionType": "3D",
    "MagneticFieldStrength": 3,
    "Manufacturer": "Siemens",
    "ManufacturersModelName": "TrioTim",
    "Modality": "MR",
    "PartialFourier": 1,
    "PatientBirthDate": "1989-01-01",
    "PatientID": "adolphs",
    "PatientName": "CC0039",
    "PatientPosition": "HFS",
    "PatientSex": "M",
    "PatientWeight": 89.8113,
    "PercentPhaseFOV": 100,
    "PercentSampling": 100,
    "PhaseEncodingSteps": 256,
    "PhaseResolution": 1,
    "PixelBandwidth": 179,
    "ProcedureStepDescription": "Conte^Core",
    "ProtocolName": "T1_2",
    "PulseSequenceDetails": "%SiemensSeq%\\tfl",
    "ReceiveCoilName": "32Ch_Head",
    "ReconMatrixPE": 256,
    "RepetitionTime": 1.5,
    "SAR": 0.168314,
    "ScanOptions": "IR",
    "ScanningSequence": "GR\\IR",
    "SequenceName": "*tfl3d1",
    "SequenceVariant": "SP\\MP",
    "SeriesDescription": "T1_2",
    "SeriesInstanceUID": "1.3.12.2.1107.5.2.32.35077.2013021510073946764970707.0.0.0",
    "SeriesNumber": 13,
    "ShimSetting": [
      9543,
      -10605,
      15699,
      282,
      -135,
      -244,
      204,
      31
    ],
    "SliceThickness": 1,
    "SoftwareVersions": "syngo MR B17",
    "StationName": "MEDPC",
    "StudyID": "1",
    "StudyInstanceUID": "1.3.12.2.1107.5.2.32.35077.30000013021117023826500000073",
    "TxRefAmp": 370.938,
    "dataset": "unknown",
    "modality": "T1w",
    "run_id": 2,
    "session_id": "core1p1",
    "subject_id": "CC0039"
  },
  "cjv": 0.4694681849626552,
  "cnr": 2.7795187845582134,
  "efc": 0.6147567384363603,
  "fber": 3758.8193359375,
  "fwhm_avg": 4.284916666666667,
  "fwhm_x": 4.19693,
  "fwhm_y": 4.34603,
  "fwhm_z": 4.31179,
  "icvs_csf": 0.21673814306379902,
  "icvs_gm": 0.417902472149864,
  "icvs_wm": 0.365359384786337,
  "inu_med": 1.4603550434112549,
  "inu_range": 0.5320664167404174,
  "provenance": {
    "md5sum": "d66dbb193bdd749ea188f0b1bb899d33",
    "settings": {
      "testing": false
    },
    "software": "mriqc",
    "version": "0.15.0",
    "warnings": {
      "large_rot_frame": true,
      "small_air_mask": false
    },
    "webapi_port": null,
    "webapi_url": "https://mriqc.nimh.nih.gov/api/v1"
  },
  "qi_1": 2.7393701810109695e-05,
  "qi_2": 0.007172625111023941,
  "rpve_csf": 24.049453907068653,
  "rpve_gm": 12.612687597990664,
  "rpve_wm": 16.494389426570844,
  "size_x": 176,
  "size_y": 256,
  "size_z": 256,
  "snr_csf": 3.6540143209998632,
  "snr_gm": 13.48654748850615,
  "snr_total": 12.178976928055144,
  "snr_wm": 19.39636897465942,
  "snrd_csf": 42.31977585450587,
  "snrd_gm": 84.09725800936707,
  "snrd_total": 77.93797284105591,
  "snrd_wm": 107.39688465929478,
  "spacing_x": 1.0,
  "spacing_y": 1.0,
  "spacing_z": 1.0,
  "summary_bg_k": 23.707846779518082,
  "summary_bg_mad": 6.1002936363220215,
  "summary_bg_mean": 7.379229545593262,
  "summary_bg_median": 4.1145853996276855,
  "summary_bg_n": 1910450.0,
  "summary_bg_p05": 0.0,
  "summary_bg_p95": 20.5525577545166,
  "summary_bg_stdv": 7.950300693511963,
  "summary_csf_k": 0.28527925861957026,
  "summary_csf_mad": 96.72169494628906,
  "summary_csf_mean": 423.1468811035156,
  "summary_csf_median": 394.0600280761719,
  "summary_csf_n": 48245.0,
  "summary_csf_p05": 294.99558715820314,
  "summary_csf_p95": 635.2409667968747,
  "summary_csf_stdv": 107.84192657470703,
  "summary_gm_k": 0.36278059268131013,
  "summary_gm_mad": 54.79583740234375,
  "summary_gm_mean": 782.7469482421875,
  "summary_gm_median": 783.0704956054688,
  "summary_gm_n": 21792.0,
  "summary_gm_p05": 687.53828125,
  "summary_gm_p95": 878.4012115478515,
  "summary_gm_stdv": 58.06174850463867,
  "summary_wm_k": 0.7597746372414376,
  "summary_wm_mad": 47.0572395324707,
  "summary_wm_mean": 1000.2864379882812,
  "summary_wm_median": 1000.024658203125,
  "summary_wm_n": 197885.0,
  "summary_wm_p05": 914.79130859375,
  "summary_wm_p95": 1084.713330078125,
  "summary_wm_stdv": 51.55718231201172,
  "tpm_overlap_csf": 0.22764679789543152,
  "tpm_overlap_gm": 0.4886484742164612,
  "tpm_overlap_wm": 0.5308709740638733,
  "wm2max": 0.44015218330286077
}