{
    "Modality":"MR",
    "MagneticFieldStrength":3,
    "ImagingFrequency":123.25,
    "Manufacturer":"Siemens",
    "ManufacturersModelName":"Prisma_fit",
    "InstitutionName":"Caltech Prisma32",
    "InstitutionalDepartmentName":"Department",
    "InstitutionAddress":"Michigan Ave 320,Pasadena,California,US,91025",
    "DeviceSerialNumber":"167050",
    "StationName":"PRISMA",
    "SeriesInstanceUID":"1.3.12.2.1107.5.2.43.167050.2019042511441228325192600.0.0.0",
    "StudyInstanceUID":"1.3.12.2.1107.5.2.43.167050.30000019041201230705700000133",
    "ReferringPhysicianName":"Adolphs",
    "StudyID":"1",
    "PatientName":"CC0188",
    "PatientID":"CC0188",
    "AccessionNumber":"8824-001",
    "PatientBirthDate":"1993-10-01",
    "PatientSex":"M",
    "PatientWeight":122.47,
    "BodyPartExamined":"BRAIN",
    "PatientPosition":"HFS",
    "ProcedureStepDescription":"Conte Core",
    "SoftwareVersions":"syngo MR E11",
    "MRAcquisitionType":"2D",
    "SeriesDescription":"task-rest_run-02_bold_SBRef",
    "ProtocolName":"task-rest_run-02_bold",
    "ScanningSequence":"EP",
    "SequenceVariant":"SK\\SS\\OSP",
    "ScanOptions":"FS\\EXT",
    "SequenceName":"epfid2d1_80",
    "ImageType":[
        "ORIGINAL",
        "PRIMARY",
        "M",
        "ND",
        "MOSAIC"
    ],
    "SeriesNumber":15,
    "AcquisitionTime":"11:46:50.005000",
    "AcquisitionDateTime":"2019-04-25T11:46:50.005000",
    "AcquisitionNumber":1,
    "ImageComments":"Single-band reference",
    "SliceThickness":2.5,
    "SpacingBetweenSlices":2.5,
    "SAR":0.123949,
    "EchoTime":0.03,
    "RepetitionTime":0.7,
    "FlipAngle":53,
    "PartialFourier":1,
    "BaseResolution":80,
    "ShimSetting":[
        6981,
        -3662,
        7961,
        211,
        18,
        -4,
        26,
        43
    ],
    "TxRefAmp":380.88,
    "PhaseResolution":1,
    "PhaseOversampling":0.1,
    "ReceiveCoilName":"Head_32",
    "ReceiveCoilActiveElements":"HEA;HEP",
    "PulseSequenceDetails":"%CustomerSeq%\\cmrr_mbep2d_bold",
    "WipMemBlock":"0436ae73-2ed4-4551-b4d1-9f375ef9194a||Sequence: R016 ve11c/master r/e634e98; Dec 19 2017 11:00:25 by eja",
    "ConsistencyInfo":"N4_VE11C_LATEST_20160120",
    "PercentPhaseFOV":100,
    "PercentSampling":100,
    "EchoTrainLength":88,
    "PhaseEncodingSteps":88,
    "AcquisitionMatrixPE":80,
    "ReconMatrixPE":80,
    "BandwidthPerPixelPhaseEncode":23.191,
    "EffectiveEchoSpacing":0.000539002,
    "DerivedVendorReportedEchoSpacing":0.000490002,
    "TotalReadoutTime":0.0425812,
    "PixelBandwidth":2715,
    "DwellTime":2.3e-06,
    "PhaseEncodingDirection":"j-",
    "SliceTiming":[
        0,
        0.0675,
        0.135,
        0.2025,
        0.2725,
        0.34,
        0.4075,
        0.475,
        0.5425,
        0.6125,
        0.68,
        0.7475,
        0.815,
        0.8825,
        0.9525,
        1.02,
        1.0875,
        1.155,
        1.2225,
        1.2925,
        1.36,
        1.4275,
        1.495,
        1.5625,
        1.6325,
        1.7,
        1.7675,
        1.835,
        1.9025,
        1.9725,
        2.04,
        2.1075,
        2.175,
        2.2425,
        2.3125,
        2.38,
        2.4475,
        2.515,
        2.5825,
        2.6525,
        2.72,
        2.7875,
        2.855,
        2.9225,
        2.9925,
        3.06,
        3.1275,
        3.195,
        3.2625,
        3.3325,
        3.4,
        3.4675,
        3.535,
        3.6025,
        3.67,
        3.74,
        3.8075,
        3.875,
        3.9425,
        4.01
    ],
    "ImageOrientationPatientDICOM":[
        1,
        0,
        0,
        0,
        0.939693,
        -0.34202
    ],
    "InPlanePhaseEncodingDirectionDICOM":"COL",
    "ConversionSoftware":"dcm2niix",
    "ConversionSoftwareVersion":"v1.0.20210317",
    "TaskName":"rest"
}