{
  "aor": 0.001038842105263158,
  "aqi": 0.005635948063157895,
  "bids_meta": {
    "AccessionNumber": "8569-001",
    "AcquisitionDateTime": "2018-09-17T14:55:15.615000",
    "AcquisitionMatrixPE": 80,
    "AcquisitionNumber": 1,
    "AcquisitionTime": "14:55:15.615000",
    "BandwidthPerPixelPhaseEncode": 23.191,
    "BaseResolution": 80,
    "BodyPartExamined": "BRAIN",
    "ConsistencyInfo": "N4_VE11C_LATEST_20160120",
    "ConversionSoftware": "dcm2niix",
    "ConversionSoftwareVersion": "v1.0.20210317",
    "DerivedVendorReportedEchoSpacing": 0.000490002,
    "DeviceSerialNumber": "167050",
    "DwellTime": 2.3e-06,
    "EchoTime": 0.03,
    "EchoTrainLength": 88,
    "EffectiveEchoSpacing": 0.000539002,
    "FlipAngle": 53,
    "ImageComments": "Unaliased MB6/PE3/LB",
    "ImageOrientationPatientDICOM": [
      1,
      0,
      0,
      0,
      0.939693,
      -0.34202
    ],
    "ImageType": [
      "ORIGINAL",
      "PRIMARY",
      "M",
      "MB",
      "ND",
      "MOSAIC"
    ],
    "ImagingFrequency": 123.25,
    "InPlanePhaseEncodingDirectionDICOM": "COL",
    "InstitutionAddress": "Michigan Ave 320,Pasadena,California,US,91025",
    "InstitutionName": "Caltech Prisma64",
    "InstitutionalDepartmentName": "Department",
    "MRAcquisitionType": "2D",
    "MagneticFieldStrength": 3,
    "Manufacturer": "Siemens",
    "ManufacturersModelName": "Prisma_fit",
    "Modality": "MR",
    "MultibandAccelerationFactor": 6,
    "PartialFourier": 1,
    "PatientBirthDate": "1983-05-01",
    "PatientID": "CC0165",
    "PatientName": "CC0165",
    "PatientPosition": "HFS",
    "PatientSex": "M",
    "PatientWeight": 74.8428,
    "PercentPhaseFOV": 100,
    "PercentSampling": 100,
    "PhaseEncodingDirection": "j-",
    "PhaseEncodingSteps": 88,
    "PhaseOversampling": 0.1,
    "PhaseResolution": 1,
    "PixelBandwidth": 2715,
    "ProtocolName": "task-pixar_run-01_bold",
    "PulseSequenceDetails": "%CustomerSeq%\\cmrr_mbep2d_bold",
    "ReceiveCoilActiveElements": "HEA;HEP",
    "ReceiveCoilName": "Head_32",
    "ReconMatrixPE": 80,
    "ReferringPhysicianName": "Adolphs",
    "RepetitionTime": 0.7,
    "SAR": 0.0778837,
    "ScanOptions": "FS\\EXT",
    "ScanningSequence": "EP",
    "SequenceName": "epfid2d1_80",
    "SequenceVariant": "SK\\SS\\OSP",
    "SeriesDescription": "task-pixar_run-01_bold",
    "SeriesInstanceUID": "1.3.12.2.1107.5.2.43.167050.201809171452587388011310.0.0.0",
    "SeriesNumber": 43,
    "ShimSetting": [
      6981,
      -3604,
      7956,
      518,
      -28,
      3,
      -24,
      0
    ],
    "SliceThickness": 2.5,
    "SliceTiming": [
      0,
      0.475,
      0.2725,
      0.0675,
      0.545,
      0.34,
      0.1375,
      0.6125,
      0.4075,
      0.205,
      0,
      0.475,
      0.2725,
      0.0675,
      0.545,
      0.34,
      0.1375,
      0.6125,
      0.4075,
      0.205,
      0,
      0.475,
      0.2725,
      0.0675,
      0.545,
      0.34,
      0.1375,
      0.6125,
      0.4075,
      0.205,
      0,
      0.475,
      0.2725,
      0.0675,
      0.545,
      0.34,
      0.1375,
      0.6125,
      0.4075,
      0.205,
      0,
      0.475,
      0.2725,
      0.0675,
      0.545,
      0.34,
      0.1375,
      0.6125,
      0.4075,
      0.205,
      0,
      0.475,
      0.2725,
      0.0675,
      0.545,
      0.34,
      0.1375,
      0.6125,
      0.4075,
      0.205
    ],
    "SoftwareVersions": "syngo MR E11",
    "SpacingBetweenSlices": 2.5,
    "StationName": "PRISMA",
    "StudyID": "1",
    "StudyInstanceUID": "1.3.12.2.1107.5.2.43.167050.30000018081720093477500000130",
    "TaskName": "pixar",
    "TotalReadoutTime": 0.0425812,
    "TxRefAmp": 256.586,
    "WipMemBlock": "795ca079-bc68-4927-acf7-b661545947b1||Sequence: R016 ve11c/master r/e634e98; Dec 19 2017 11:00:25 by eja",
    "dataset": "unknown",
    "modality": "bold",
    "run_id": 1,
    "session_id": "core2p2",
    "subject_id": "CC0165",
    "task_id": "pixar"
  },
  "dummy_trs": 1,
  "dvars_nstd": 36.16016836202532,
  "dvars_std": 1.0897266216244728,
  "dvars_vstd": 1.003507603333333,
  "efc": 0.5421281029034596,
  "fber": 486.59014892578125,
  "fd_mean": 0.09404301296784405,
  "fd_num": 24,
  "fd_perc": 5.052631578947368,
  "fwhm_avg": 2.856652,
  "fwhm_x": 2.701552,
  "fwhm_y": 3.0208559999999998,
  "fwhm_z": 2.847548,
  "gcor": 0.0152503,
  "gsr_x": -0.009636041708290577,
  "gsr_y": 0.08037488907575607,
  "provenance": {
    "md5sum": "eab7b271b2a9183a782b0e598c8ae4eb",
    "settings": {
      "fd_thres": 0.2,
      "hmc_fsl": false
    },
    "software": "mriqc",
    "version": "0.15.0",
    "webapi_port": null,
    "webapi_url": "https://mriqc.nimh.nih.gov/api/v1"
  },
  "size_t": 475,
  "size_x": 80,
  "size_y": 80,
  "size_z": 60,
  "snr": 1.9688541721047703,
  "spacing_tr": 0.699999988079071,
  "spacing_x": 2.5,
  "spacing_y": 2.5,
  "spacing_z": 2.5,
  "summary_bg_k": 11.944525432376118,
  "summary_bg_mad": 105.1773452758789,
  "summary_bg_mean": 478.92926025390625,
  "summary_bg_median": 165.40420532226562,
  "summary_bg_n": 239251.0,
  "summary_bg_p05": 86.18104553222656,
  "summary_bg_p95": 2088.26513671875,
  "summary_bg_stdv": 740.325927734375,
  "summary_fg_k": 0.8188212199398164,
  "summary_fg_mad": 1853.31982421875,
  "summary_fg_mean": 4382.99462890625,
  "summary_fg_median": 3984.173583984375,
  "summary_fg_n": 83412.0,
  "summary_fg_p05": 1723.062322998047,
  "summary_fg_p95": 8237.716699218749,
  "summary_fg_stdv": 2023.5880126953125,
  "tsnr": 38.58934020996094
}