{
  "aor": 0.00042815,
  "aqi": 0.004759334983333334,
  "bids_meta": {
    "AccessionNumber": "8569-001",
    "AcquisitionDateTime": "2018-09-17T13:41:28.737500",
    "AcquisitionMatrixPE": 80,
    "AcquisitionNumber": 1,
    "AcquisitionTime": "13:41:28.737500",
    "BandwidthPerPixelPhaseEncode": 23.191,
    "BaseResolution": 80,
    "BodyPartExamined": "BRAIN",
    "ConsistencyInfo": "N4_VE11C_LATEST_20160120",
    "ConversionSoftware": "dcm2niix",
    "ConversionSoftwareVersion": "v1.0.20210317",
    "DerivedVendorReportedEchoSpacing": 0.000490002,
    "DeviceSerialNumber": "167050",
    "DwellTime": 2.3e-06,
    "EchoTime": 0.03,
    "EchoTrainLength": 88,
    "EffectiveEchoSpacing": 0.000539002,
    "FlipAngle": 53,
    "ImageComments": "Unaliased MB6/PE3/LB",
    "ImageOrientationPatientDICOM": [
      1,
      0,
      0,
      0,
      0.939693,
      -0.34202
    ],
    "ImageType": [
      "ORIGINAL",
      "PRIMARY",
      "M",
      "MB",
      "ND",
      "MOSAIC"
    ],
    "ImagingFrequency": 123.25,
    "InPlanePhaseEncodingDirectionDICOM": "COL",
    "InstitutionAddress": "Michigan Ave 320,Pasadena,California,US,91025",
    "InstitutionName": "Caltech Prisma64",
    "InstitutionalDepartmentName": "Department",
    "MRAcquisitionType": "2D",
    "MagneticFieldStrength": 3,
    "Manufacturer": "Siemens",
    "ManufacturersModelName": "Prisma_fit",
    "Modality": "MR",
    "MultibandAccelerationFactor": 6,
    "PartialFourier": 1,
    "PatientBirthDate": "1983-05-01",
    "PatientID": "CC0165",
    "PatientName": "CC0165",
    "PatientPosition": "HFS",
    "PatientSex": "M",
    "PatientWeight": 74.8428,
    "PercentPhaseFOV": 100,
    "PercentSampling": 100,
    "PhaseEncodingDirection": "j-",
    "PhaseEncodingSteps": 88,
    "PhaseOversampling": 0.1,
    "PhaseResolution": 1,
    "PixelBandwidth": 2715,
    "ProtocolName": "task-rest_run-01_bold",
    "PulseSequenceDetails": "%CustomerSeq%\\cmrr_mbep2d_bold",
    "ReceiveCoilActiveElements": "HEA;HEP",
    "ReceiveCoilName": "Head_32",
    "ReconMatrixPE": 80,
    "ReferringPhysicianName": "Adolphs",
    "RepetitionTime": 0.7,
    "SAR": 0.0780089,
    "ScanOptions": "FS\\EXT",
    "ScanningSequence": "EP",
    "SequenceName": "epfid2d1_80",
    "SequenceVariant": "SK\\SS\\OSP",
    "SeriesDescription": "task-rest_run-01_bold",
    "SeriesInstanceUID": "1.3.12.2.1107.5.2.43.167050.2018091713394697192937162.0.0.0",
    "SeriesNumber": 9,
    "ShimSetting": [
      6981,
      -3604,
      7956,
      518,
      -28,
      3,
      -24,
      0
    ],
    "SliceThickness": 2.5,
    "SliceTiming": [
      0,
      0.475,
      0.2725,
      0.0675,
      0.5425,
      0.34,
      0.135,
      0.6125,
      0.4075,
      0.2025,
      0,
      0.475,
      0.2725,
      0.0675,
      0.5425,
      0.34,
      0.135,
      0.6125,
      0.4075,
      0.2025,
      0,
      0.475,
      0.2725,
      0.0675,
      0.5425,
      0.34,
      0.135,
      0.6125,
      0.4075,
      0.2025,
      0,
      0.475,
      0.2725,
      0.0675,
      0.5425,
      0.34,
      0.135,
      0.6125,
      0.4075,
      0.2025,
      0,
      0.475,
      0.2725,
      0.0675,
      0.5425,
      0.34,
      0.135,
      0.6125,
      0.4075,
      0.2025,
      0,
      0.475,
      0.2725,
      0.0675,
      0.5425,
      0.34,
      0.135,
      0.6125,
      0.4075,
      0.2025
    ],
    "SoftwareVersions": "syngo MR E11",
    "SpacingBetweenSlices": 2.5,
    "StationName": "PRISMA",
    "StudyID": "1",
    "StudyInstanceUID": "1.3.12.2.1107.5.2.43.167050.30000018081720093477500000130",
    "TaskName": "rest",
    "TotalReadoutTime": 0.0425812,
    "TxRefAmp": 256.586,
    "WipMemBlock": "b98fc5e6-1dc6-4a0d-b2c7-7abca433926a||Sequence: R016 ve11c/master r/e634e98; Dec 19 2017 11:00:25 by eja",
    "dataset": "unknown",
    "modality": "bold",
    "run_id": 1,
    "session_id": "core2p2",
    "subject_id": "CC0165",
    "task_id": "rest"
  },
  "dummy_trs": 0,
  "dvars_nstd": 36.20202366694492,
  "dvars_std": 1.1076303106176952,
  "dvars_vstd": 1.0013004703672777,
  "efc": 0.5356877762358219,
  "fber": 547.6596069335938,
  "fd_mean": 0.10273267248423865,
  "fd_num": 30,
  "fd_perc": 5.0,
  "fwhm_avg": 2.8042719999999997,
  "fwhm_x": 2.648004,
  "fwhm_y": 2.972976,
  "fwhm_z": 2.791836,
  "gcor": 0.0177542,
  "gsr_x": -0.01328596007078886,
  "gsr_y": 0.0774335190653801,
  "provenance": {
    "md5sum": "62f87cfeab700355df13d0a87154d640",
    "settings": {
      "fd_thres": 0.2,
      "hmc_fsl": false
    },
    "software": "mriqc",
    "version": "0.15.0",
    "webapi_port": null,
    "webapi_url": "https://mriqc.nimh.nih.gov/api/v1"
  },
  "size_t": 600,
  "size_x": 80,
  "size_y": 80,
  "size_z": 60,
  "snr": 2.013913158144621,
  "spacing_tr": 0.699999988079071,
  "spacing_x": 2.5,
  "spacing_y": 2.5,
  "spacing_z": 2.5,
  "summary_bg_k": 17.040816889192126,
  "summary_bg_mad": 91.14791870117188,
  "summary_bg_mean": 433.3398132324219,
  "summary_bg_median": 151.52667236328125,
  "summary_bg_n": 239202.0,
  "summary_bg_p05": 83.05000305175781,
  "summary_bg_p95": 1882.6362670898425,
  "summary_bg_stdv": 701.06103515625,
  "summary_fg_k": 0.8769021280739033,
  "summary_fg_mad": 1761.929443359375,
  "summary_fg_mean": 4255.05810546875,
  "summary_fg_median": 3878.01513671875,
  "summary_fg_n": 83323.0,
  "summary_fg_p05": 1723.4640258789063,
  "summary_fg_p95": 7917.986132812498,
  "summary_fg_stdv": 1925.600341796875,
  "tsnr": 42.444664001464844
}