{
  "aor": 0.005103742937853107,
  "aqi": 0.00552104675141243,
  "bids_meta": {
    "AccessionNumber": "8537-001",
    "AcquisitionDateTime": "2018-08-01T11:44:32.587500",
    "AcquisitionMatrixPE": 80,
    "AcquisitionNumber": 1,
    "AcquisitionTime": "11:44:32.587500",
    "BandwidthPerPixelPhaseEncode": 23.191,
    "BaseResolution": 80,
    "BodyPartExamined": "BRAIN",
    "ConsistencyInfo": "N4_VE11C_LATEST_20160120",
    "ConversionSoftware": "dcm2niix",
    "ConversionSoftwareVersion": "v1.0.20210317",
    "DerivedVendorReportedEchoSpacing": 0.000490002,
    "DeviceSerialNumber": "167050",
    "DwellTime": 2.3e-06,
    "EchoTime": 0.03,
    "EchoTrainLength": 88,
    "EffectiveEchoSpacing": 0.000539002,
    "FlipAngle": 53,
    "ImageComments": "Unaliased MB6/PE3/LB",
    "ImageOrientationPatientDICOM": [
      1,
      0,
      0,
      0,
      0.939693,
      -0.34202
    ],
    "ImageType": [
      "ORIGINAL",
      "PRIMARY",
      "M",
      "MB",
      "ND",
      "MOSAIC"
    ],
    "ImagingFrequency": 123.25,
    "InPlanePhaseEncodingDirectionDICOM": "COL",
    "InstitutionAddress": "Michigan Ave 320,Pasadena,California,US,91025",
    "InstitutionName": "Caltech Prisma64",
    "InstitutionalDepartmentName": "Department",
    "MRAcquisitionType": "2D",
    "MagneticFieldStrength": 3,
    "Manufacturer": "Siemens",
    "ManufacturersModelName": "Prisma_fit",
    "Modality": "MR",
    "MultibandAccelerationFactor": 6,
    "PartialFourier": 1,
    "PatientBirthDate": "1994-01-01",
    "PatientID": "CC0147",
    "PatientName": "CC0147",
    "PatientPosition": "HFS",
    "PatientSex": "M",
    "PatientWeight": 74.8428,
    "PercentPhaseFOV": 100,
    "PercentSampling": 100,
    "PhaseEncodingDirection": "j-",
    "PhaseEncodingSteps": 88,
    "PhaseOversampling": 0.1,
    "PhaseResolution": 1,
    "PixelBandwidth": 2715,
    "ProcedureStepDescription": "Conte Core",
    "ProtocolName": "task-bang_bold",
    "PulseSequenceDetails": "%CustomerSeq%\\cmrr_mbep2d_bold",
    "ReceiveCoilActiveElements": "HEA;HEP",
    "ReceiveCoilName": "Head_32",
    "ReconMatrixPE": 80,
    "ReferringPhysicianName": "Adolphs",
    "RepetitionTime": 0.7,
    "SAR": 0.09995,
    "ScanOptions": "FS\\EXT",
    "ScanningSequence": "EP",
    "SequenceName": "epfid2d1_80",
    "SequenceVariant": "SK\\SS\\OSP",
    "SeriesDescription": "task-bang_bold",
    "SeriesInstanceUID": "1.3.12.2.1107.5.2.43.167050.2018080111393875041571381.0.0.0",
    "SeriesNumber": 24,
    "ShimSetting": [
      6989,
      -3608,
      7928,
      408,
      -42,
      -71,
      -48,
      16
    ],
    "SliceThickness": 2.5,
    "SliceTiming": [
      0,
      0.475,
      0.2725,
      0.0675,
      0.545,
      0.34,
      0.135,
      0.6125,
      0.4075,
      0.205,
      0,
      0.475,
      0.2725,
      0.0675,
      0.545,
      0.34,
      0.135,
      0.6125,
      0.4075,
      0.205,
      0,
      0.475,
      0.2725,
      0.0675,
      0.545,
      0.34,
      0.135,
      0.6125,
      0.4075,
      0.205,
      0,
      0.475,
      0.2725,
      0.0675,
      0.545,
      0.34,
      0.135,
      0.6125,
      0.4075,
      0.205,
      0,
      0.475,
      0.2725,
      0.0675,
      0.545,
      0.34,
      0.135,
      0.6125,
      0.4075,
      0.205,
      0,
      0.475,
      0.2725,
      0.0675,
      0.545,
      0.34,
      0.135,
      0.6125,
      0.4075,
      0.205
    ],
    "SoftwareVersions": "syngo MR E11",
    "SpacingBetweenSlices": 2.5,
    "StationName": "PRISMA",
    "StudyID": "1",
    "StudyInstanceUID": "1.3.12.2.1107.5.2.43.167050.30000018071021413043300000058",
    "TaskName": "bang",
    "TotalReadoutTime": 0.0425812,
    "TxRefAmp": 277.191,
    "WipMemBlock": "3a5a9ee9-f5a1-4d77-9748-b1957f204471||Sequence: R016 ve11c/master r/e634e98; Dec 19 2017 11:00:25 by eja",
    "dataset": "unknown",
    "modality": "bold",
    "run_id": 1,
    "session_id": "core2p2",
    "subject_id": "CC0147",
    "task_id": "bang"
  },
  "dummy_trs": 2,
  "dvars_nstd": 36.669782295912334,
  "dvars_std": 1.1276267742998596,
  "dvars_vstd": 1.150941204257426,
  "efc": 0.5570887776292567,
  "fber": 567.3818969726562,
  "fd_mean": 0.12678184177869267,
  "fd_num": 28,
  "fd_perc": 3.9548022598870056,
  "fwhm_avg": 2.795802666666667,
  "fwhm_x": 2.5590800000000002,
  "fwhm_y": 3.008008,
  "fwhm_z": 2.8203199999999997,
  "gcor": 0.0043783,
  "gsr_x": 0.013802369125187397,
  "gsr_y": 0.08290216326713562,
  "provenance": {
    "md5sum": "a54cedd3e917f2491f15142458d122fb",
    "settings": {
      "fd_thres": 0.2,
      "hmc_fsl": false
    },
    "software": "mriqc",
    "version": "0.15.0",
    "webapi_port": null,
    "webapi_url": "https://mriqc.nimh.nih.gov/api/v1"
  },
  "size_t": 708,
  "size_x": 80,
  "size_y": 80,
  "size_z": 60,
  "snr": 2.3126706139793964,
  "spacing_tr": 0.699999988079071,
  "spacing_x": 2.5,
  "spacing_y": 2.5,
  "spacing_z": 2.5,
  "summary_bg_k": 26.22557962494686,
  "summary_bg_mad": 84.26435852050781,
  "summary_bg_mean": 364.6405944824219,
  "summary_bg_median": 143.28106689453125,
  "summary_bg_n": 228036.0,
  "summary_bg_p05": 78.91101837158203,
  "summary_bg_p95": 1504.6370544433594,
  "summary_bg_stdv": 593.0546875,
  "summary_fg_k": 0.6452557349051258,
  "summary_fg_mad": 1452.5335693359375,
  "summary_fg_mean": 3940.39013671875,
  "summary_fg_median": 3695.9462890625,
  "summary_fg_n": 92355.0,
  "summary_fg_p05": 1753.1401000976562,
  "summary_fg_p95": 6978.1263183593765,
  "summary_fg_stdv": 1598.1204833984375,
  "tsnr": 37.38860321044922
}