{
  "bids_meta": {
    "AccessionNumber": "8994-007",
    "AcquisitionDateTime": "2018-06-05T12:10:19.102500",
    "AcquisitionMatrixPE": 256,
    "AcquisitionNumber": 1,
    "AcquisitionTime": "12:10:19.102500",
    "BaseResolution": 256,
    "BodyPartExamined": "BRAIN",
    "ConsistencyInfo": "N4_VE11C_LATEST_20160120",
    "ConversionSoftware": "dcm2niix",
    "ConversionSoftwareVersion": "v1.0.20210317",
    "DeviceSerialNumber": "167050",
    "DwellTime": 3e-06,
    "EchoNumber": 4,
    "FlipAngle": 8,
    "ImageComments": "Average over all echoes.",
    "ImageOrientationPatientDICOM": [
      0,
      1,
      0,
      0,
      0,
      -1
    ],
    "ImageType": [
      "ORIGINAL",
      "PRIMARY",
      "ECHO",
      "COMBINED",
      "ND",
      "NORM"
    ],
    "ImagingFrequency": 123.251,
    "InPlanePhaseEncodingDirectionDICOM": "ROW",
    "InstitutionAddress": "Michigan Ave 320,Pasadena,California,US,91025",
    "InstitutionName": "Caltech Prisma64",
    "InstitutionalDepartmentName": "Department",
    "InversionTime": 1.15,
    "MRAcquisitionType": "3D",
    "MagneticFieldStrength": 3,
    "Manufacturer": "Siemens",
    "ManufacturersModelName": "Prisma_fit",
    "Modality": "MR",
    "ParallelReductionFactorInPlane": 2,
    "PartialFourier": 1,
    "PatientBirthDate": "1984-01-01",
    "PatientID": "CC0053",
    "PatientName": "CC0053",
    "PatientPosition": "HFS",
    "PatientSex": "F",
    "PatientWeight": 58.967,
    "PercentPhaseFOV": 100,
    "PercentSampling": 100,
    "PhaseEncodingSteps": 282,
    "PhaseOversampling": 0.1,
    "PhaseResolution": 1,
    "PixelBandwidth": 650,
    "ProcedureStepDescription": "Conte Core",
    "ProtocolName": "T1w",
    "PulseSequenceDetails": "%CustomerSeq%\\tfl_wip900D_VE11C",
    "ReceiveCoilActiveElements": "HEA;HEP",
    "ReceiveCoilName": "Head_32",
    "ReconMatrixPE": 256,
    "RefLinesPE": 32,
    "ReferringPhysicianName": "Adolphs",
    "RepetitionTime": 2.55,
    "SAR": 0.051527,
    "ScanOptions": "IR\\WE",
    "ScanningSequence": "GR\\IR",
    "SequenceName": "tfl3d4_16ns",
    "SequenceVariant": "SK\\SP\\MP\\OSP",
    "SeriesDescription": "T1w_combEcho",
    "SeriesInstanceUID": "1.3.12.2.1107.5.2.43.167050.2018060512172786781904962.0.0.0",
    "SeriesNumber": 45,
    "ShimSetting": [
      7019,
      -3738,
      7786,
      341,
      87,
      -173,
      -352,
      3
    ],
    "SliceThickness": 0.9,
    "SoftwareVersions": "syngo MR E11",
    "StationName": "PRISMA",
    "StudyID": "1",
    "StudyInstanceUID": "1.3.12.2.1107.5.2.43.167050.30000018042619061766300000097",
    "TxRefAmp": 255.169,
    "WipMemBlock": "WIP_Identifier: WIP#900D",
    "acq_id": "combecho",
    "dataset": "unknown",
    "modality": "T1w",
    "run_id": 3,
    "session_id": "core2p2",
    "subject_id": "CC0053"
  },
  "cjv": 0.5902985013229166,
  "cnr": 2.261816909527026,
  "efc": 0.6235329559206365,
  "fber": 1009.2752685546875,
  "fwhm_avg": 4.625494940008185,
  "fwhm_x": 4.69490012437238,
  "fwhm_y": 4.497786434782609,
  "fwhm_z": 4.683798260869565,
  "icvs_csf": 0.21006005557049875,
  "icvs_gm": 0.40117078604679435,
  "icvs_wm": 0.3887691583827069,
  "inu_med": 1.4292954206466675,
  "inu_range": 0.5246104955673216,
  "provenance": {
    "md5sum": "f6a69cdc20b0bdc2124ce96f1b1fcfa7",
    "settings": {
      "testing": false
    },
    "software": "mriqc",
    "version": "0.15.0",
    "warnings": {
      "large_rot_frame": true,
      "small_air_mask": false
    },
    "webapi_port": null,
    "webapi_url": "https://mriqc.nimh.nih.gov/api/v1"
  },
  "qi_1": 0.00014441527390851624,
  "qi_2": 0.0051255797744563245,
  "rpve_csf": 22.79194837796629,
  "rpve_gm": 11.980482764225755,
  "rpve_wm": 14.679900127284496,
  "size_x": 208,
  "size_y": 256,
  "size_z": 256,
  "snr_csf": 3.4446848986174445,
  "snr_gm": 11.191860108176543,
  "snr_total": 12.933718907542909,
  "snr_wm": 24.164611715834738,
  "snrd_csf": 36.91054472033346,
  "snrd_gm": 78.03816668536606,
  "snrd_total": 70.47140255294201,
  "snrd_wm": 96.46549625312652,
  "spacing_x": 0.8999999761581421,
  "spacing_y": 0.8984375,
  "spacing_z": 0.8984375,
  "summary_bg_k": 176.44290503293809,
  "summary_bg_mad": 6.791562557220459,
  "summary_bg_mean": 18.104686737060547,
  "summary_bg_median": 13.737712860107422,
  "summary_bg_n": 3515266.0,
  "summary_bg_p05": 4.585464715957642,
  "summary_bg_p95": 36.517279624938965,
  "summary_bg_stdv": 13.993668556213379,
  "summary_csf_k": 0.2418743179051499,
  "summary_csf_mad": 103.51344299316406,
  "summary_csf_mean": 406.9822998046875,
  "summary_csf_median": 382.6383056640625,
  "summary_csf_n": 64556.0,
  "summary_csf_p05": 263.9778366088867,
  "summary_csf_p95": 617.5906219482422,
  "summary_csf_stdv": 111.07992553710938,
  "summary_gm_k": -0.16092254036645182,
  "summary_gm_mad": 74.66468811035156,
  "summary_gm_mean": 812.7479248046875,
  "summary_gm_median": 808.9935302734375,
  "summary_gm_n": 25958.0,
  "summary_gm_p05": 699.349542236328,
  "summary_gm_p95": 935.766665649414,
  "summary_gm_stdv": 72.28270721435547,
  "summary_wm_k": 1.0996247672852428,
  "summary_wm_mad": 38.099727630615234,
  "summary_wm_mean": 1000.3043212890625,
  "summary_wm_median": 1000.0230102539062,
  "summary_wm_n": 318954.0,
  "summary_wm_p05": 932.9381072998046,
  "summary_wm_p95": 1067.1179748535155,
  "summary_wm_stdv": 41.38371658325195,
  "tpm_overlap_csf": 0.22820179164409637,
  "tpm_overlap_gm": 0.49171575903892517,
  "tpm_overlap_wm": 0.5493600368499756,
  "wm2max": 0.7001549524688068
}