{
  "aor": 0.0007317478991596639,
  "aqi": 0.005752732151260504,
  "bids_meta": {
    "AccessionNumber": "8836-001",
    "AcquisitionDateTime": "2019-04-30T09:39:41.757500",
    "AcquisitionMatrixPE": 80,
    "AcquisitionNumber": 1,
    "AcquisitionTime": "09:39:41.757500",
    "BandwidthPerPixelPhaseEncode": 23.191,
    "BaseResolution": 80,
    "BodyPartExamined": "BRAIN",
    "ConsistencyInfo": "N4_VE11C_LATEST_20160120",
    "ConversionSoftware": "dcm2niix",
    "ConversionSoftwareVersion": "v1.0.20210317",
    "DerivedVendorReportedEchoSpacing": 0.000490002,
    "DeviceSerialNumber": "167050",
    "DwellTime": 2.3e-06,
    "EchoTime": 0.03,
    "EchoTrainLength": 88,
    "EffectiveEchoSpacing": 0.000539002,
    "FlipAngle": 53,
    "ImageComments": "Unaliased MB6/PE3/LB",
    "ImageOrientationPatientDICOM": [
      1,
      0,
      0,
      0,
      0.939693,
      -0.34202
    ],
    "ImageType": [
      "ORIGINAL",
      "PRIMARY",
      "M",
      "MB",
      "ND",
      "MOSAIC"
    ],
    "ImagingFrequency": 123.25,
    "InPlanePhaseEncodingDirectionDICOM": "COL",
    "InstitutionAddress": "Michigan Ave 320,Pasadena,California,US,91025",
    "InstitutionName": "Caltech Prisma32",
    "InstitutionalDepartmentName": "Department",
    "MRAcquisitionType": "2D",
    "MagneticFieldStrength": 3,
    "Manufacturer": "Siemens",
    "ManufacturersModelName": "Prisma_fit",
    "Modality": "MR",
    "MultibandAccelerationFactor": 6,
    "PartialFourier": 1,
    "PatientBirthDate": "1989-10-06",
    "PatientID": "CC0186",
    "PatientName": "CC0186",
    "PatientPosition": "HFS",
    "PatientSex": "M",
    "PatientWeight": 72.5748,
    "PercentPhaseFOV": 100,
    "PercentSampling": 100,
    "PhaseEncodingDirection": "j-",
    "PhaseEncodingSteps": 88,
    "PhaseOversampling": 0.1,
    "PhaseResolution": 1,
    "PixelBandwidth": 2715,
    "ProcedureStepDescription": "Conte Core",
    "ProtocolName": "task-rest_run-01_bold",
    "PulseSequenceDetails": "%CustomerSeq%\\cmrr_mbep2d_bold",
    "ReceiveCoilActiveElements": "HEA;HEP",
    "ReceiveCoilName": "Head_32",
    "ReconMatrixPE": 80,
    "ReferringPhysicianName": "Adolphs",
    "RepetitionTime": 0.7,
    "SAR": 0.0971814,
    "ScanOptions": "FS\\EXT",
    "ScanningSequence": "EP",
    "SequenceName": "epfid2d1_80",
    "SequenceVariant": "SK\\SS\\OSP",
    "SeriesDescription": "task-rest_run-01_bold",
    "SeriesInstanceUID": "1.3.12.2.1107.5.2.43.167050.2019043009375540528072161.0.0.0",
    "SeriesNumber": 9,
    "ShimSetting": [
      7007,
      -3605,
      7933,
      389,
      -16,
      -55,
      -33,
      -16
    ],
    "SliceThickness": 2.5,
    "SliceTiming": [
      0,
      0.475,
      0.27,
      0.0675,
      0.5425,
      0.3375,
      0.135,
      0.61,
      0.4075,
      0.2025,
      0,
      0.475,
      0.27,
      0.0675,
      0.5425,
      0.3375,
      0.135,
      0.61,
      0.4075,
      0.2025,
      0,
      0.475,
      0.27,
      0.0675,
      0.5425,
      0.3375,
      0.135,
      0.61,
      0.4075,
      0.2025,
      0,
      0.475,
      0.27,
      0.0675,
      0.5425,
      0.3375,
      0.135,
      0.61,
      0.4075,
      0.2025,
      0,
      0.475,
      0.27,
      0.0675,
      0.5425,
      0.3375,
      0.135,
      0.61,
      0.4075,
      0.2025,
      0,
      0.475,
      0.27,
      0.0675,
      0.5425,
      0.3375,
      0.135,
      0.61,
      0.4075,
      0.2025
    ],
    "SoftwareVersions": "syngo MR E11",
    "SpacingBetweenSlices": 2.5,
    "StationName": "PRISMA",
    "StudyID": "1",
    "StudyInstanceUID": "1.3.12.2.1107.5.2.43.167050.30000019041201230705700000163",
    "TaskName": "rest",
    "TotalReadoutTime": 0.0425812,
    "TxRefAmp": 272.242,
    "WipMemBlock": "c945f67a-c3f6-4582-b692-307a1caeacb0||Sequence: R016 ve11c/master r/e634e98; Dec 19 2017 11:00:25 by eja",
    "dataset": "unknown",
    "modality": "bold",
    "run_id": 1,
    "session_id": "core2p2",
    "subject_id": "CC0186",
    "task_id": "rest"
  },
  "dummy_trs": 5,
  "dvars_nstd": 36.04537236264308,
  "dvars_std": 1.0515211133333338,
  "dvars_vstd": 0.9833972382323237,
  "efc": 0.5777710891347019,
  "fber": 421.0885925292969,
  "fd_mean": 0.13211093401693158,
  "fd_num": 95,
  "fd_perc": 15.966386554621849,
  "fwhm_avg": 2.9030013333333335,
  "fwhm_x": 2.693928,
  "fwhm_y": 3.070208,
  "fwhm_z": 2.944868,
  "gcor": 0.0206933,
  "gsr_x": 0.04929747432470322,
  "gsr_y": 0.09703972190618515,
  "provenance": {
    "md5sum": "f12e1c14df7220803eaa881855ae43e3",
    "settings": {
      "fd_thres": 0.2,
      "hmc_fsl": false
    },
    "software": "mriqc",
    "version": "0.15.0",
    "webapi_port": null,
    "webapi_url": "https://mriqc.nimh.nih.gov/api/v1"
  },
  "size_t": 595,
  "size_x": 80,
  "size_y": 80,
  "size_z": 60,
  "snr": 2.0285717338679254,
  "spacing_tr": 0.699999988079071,
  "spacing_x": 2.5,
  "spacing_y": 2.5,
  "spacing_z": 2.5,
  "summary_bg_k": 11.858170765595776,
  "summary_bg_mad": 114.5353775024414,
  "summary_bg_mean": 566.1409301757812,
  "summary_bg_median": 175.33949279785156,
  "summary_bg_n": 224754.0,
  "summary_bg_p05": 86.53445434570312,
  "summary_bg_p95": 2632.724182128906,
  "summary_bg_stdv": 944.0974731445312,
  "summary_fg_k": 0.44918670414873985,
  "summary_fg_mad": 1830.4857177734375,
  "summary_fg_mean": 4275.93359375,
  "summary_fg_median": 3916.329345703125,
  "summary_fg_n": 95241.0,
  "summary_fg_p05": 1732.2437744140625,
  "summary_fg_p95": 7950.326171875,
  "summary_fg_stdv": 1930.574462890625,
  "tsnr": 37.03623962402344
}