{
  "bids_meta": {
    "AccessionNumber": "7340-001",
    "AcquisitionDateTime": "2013-11-15T15:17:34.837500",
    "AcquisitionMatrixPE": 256,
    "AcquisitionNumber": 1,
    "AcquisitionTime": "15:17:34.837500",
    "BaseResolution": 256,
    "CoilString": "C:HEA;HEP",
    "ConversionSoftware": "dcm2niix",
    "ConversionSoftwareVersion": "v1.0.20210317",
    "DeviceSerialNumber": "35077",
    "DwellTime": 1.09e-05,
    "EchoTime": 0.00291,
    "FlipAngle": 10,
    "ImageOrientationPatientDICOM": [
      0,
      1,
      0,
      0,
      0,
      -1
    ],
    "ImageType": [
      "ORIGINAL",
      "PRIMARY",
      "M",
      "ND",
      "NORM"
    ],
    "ImagingFrequency": 123.229,
    "InPlanePhaseEncodingDirectionDICOM": "ROW",
    "InstitutionAddress": "Wilson Avenue 340 ,Pasadena,California,US,91025",
    "InstitutionName": "Caltech Tim32",
    "InstitutionalDepartmentName": "Department",
    "InversionTime": 0.8,
    "MRAcquisitionType": "3D",
    "MagneticFieldStrength": 3,
    "Manufacturer": "Siemens",
    "ManufacturersModelName": "TrioTim",
    "Modality": "MR",
    "PartialFourier": 1,
    "PatientBirthDate": "1975-01-01",
    "PatientID": "adolphs",
    "PatientName": "CC0085",
    "PatientPosition": "HFS",
    "PatientSex": "F",
    "PatientWeight": 63.5029,
    "PercentPhaseFOV": 100,
    "PercentSampling": 100,
    "PhaseEncodingSteps": 256,
    "PhaseResolution": 1,
    "PixelBandwidth": 179,
    "ProcedureStepDescription": "Conte^Core",
    "ProtocolName": "T1_1",
    "PulseSequenceDetails": "%SiemensSeq%\\tfl",
    "ReceiveCoilName": "32Ch_Head",
    "ReconMatrixPE": 256,
    "RepetitionTime": 1.5,
    "SAR": 0.160894,
    "ScanOptions": "IR",
    "ScanningSequence": "GR\\IR",
    "SequenceName": "*tfl3d1",
    "SequenceVariant": "SP\\MP",
    "SeriesDescription": "T1_1",
    "SeriesInstanceUID": "1.3.12.2.1107.5.2.32.35077.201311151518339736086460.0.0.0",
    "SeriesNumber": 10,
    "ShimSetting": [
      9419,
      -10624,
      15671,
      253,
      154,
      -296,
      384,
      200
    ],
    "SliceThickness": 1,
    "SoftwareVersions": "syngo MR B17",
    "StationName": "MEDPC",
    "StudyID": "1",
    "StudyInstanceUID": "1.3.12.2.1107.5.2.32.35077.30000013111117243173400000013",
    "TxRefAmp": 324.984,
    "dataset": "unknown",
    "modality": "T1w",
    "run_id": 1,
    "session_id": "core1p2",
    "subject_id": "CC0085"
  },
  "cjv": 0.3492713663492685,
  "cnr": 3.61215405253966,
  "efc": 0.5477626331649385,
  "fber": 4144.33740234375,
  "fwhm_avg": 4.262646666666666,
  "fwhm_x": 4.19845,
  "fwhm_y": 4.25644,
  "fwhm_z": 4.33305,
  "icvs_csf": 0.20675886267143478,
  "icvs_gm": 0.41176958449775375,
  "icvs_wm": 0.38147155283081147,
  "inu_med": 1.5417609214782715,
  "inu_range": 0.4062065005302429,
  "provenance": {
    "md5sum": "c42f35a37ac040492d6196d86b80088e",
    "settings": {
      "testing": false
    },
    "software": "mriqc",
    "version": "0.15.0",
    "warnings": {
      "large_rot_frame": true,
      "small_air_mask": false
    },
    "webapi_port": null,
    "webapi_url": "https://mriqc.nimh.nih.gov/api/v1"
  },
  "qi_1": 7.219059726274384e-05,
  "qi_2": 0.008389571306142162,
  "rpve_csf": 30.374369609899773,
  "rpve_gm": 15.511048873736494,
  "rpve_wm": 19.61607387421935,
  "size_x": 176,
  "size_y": 256,
  "size_z": 256,
  "snr_csf": 4.607472571614,
  "snr_gm": 14.751235922518685,
  "snr_total": 15.265019221462074,
  "snr_wm": 26.436349170253532,
  "snrd_csf": 57.6755268592924,
  "snrd_gm": 123.849364904874,
  "snrd_total": 114.44149627676366,
  "snrd_wm": 161.7995970661246,
  "spacing_x": 1.0,
  "spacing_y": 1.0,
  "spacing_z": 1.0,
  "summary_bg_k": 253.78300584931617,
  "summary_bg_mad": 4.049093246459961,
  "summary_bg_mean": 7.847989082336426,
  "summary_bg_median": 5.440806865692139,
  "summary_bg_n": 2620862.0,
  "summary_bg_p05": 0.0,
  "summary_bg_p95": 21.787086105346678,
  "summary_bg_stdv": 9.64948844909668,
  "summary_csf_k": 3.297887752108319,
  "summary_csf_mad": 55.990631103515625,
  "summary_csf_mean": 375.4427185058594,
  "summary_csf_median": 356.4656066894531,
  "summary_csf_n": 34531.0,
  "summary_csf_p05": 287.4075469970703,
  "summary_csf_p95": 536.0585632324219,
  "summary_csf_stdv": 77.36572265625,
  "summary_gm_k": 0.471045885331574,
  "summary_gm_mad": 48.32415771484375,
  "summary_gm_mean": 764.3960571289062,
  "summary_gm_median": 765.455322265625,
  "summary_gm_n": 14098.0,
  "summary_gm_p05": 677.9527709960937,
  "summary_gm_p95": 848.7858612060547,
  "summary_gm_stdv": 51.88908767700195,
  "summary_wm_k": 1.1663279088911809,
  "summary_wm_mad": 33.59839630126953,
  "summary_wm_mean": 999.0673828125,
  "summary_wm_median": 1000.008056640625,
  "summary_wm_n": 178152.0,
  "summary_wm_p05": 935.2189666748047,
  "summary_wm_p95": 1058.9295288085937,
  "summary_wm_stdv": 37.826904296875,
  "tpm_overlap_csf": 0.24895793199539185,
  "tpm_overlap_gm": 0.5148001909255981,
  "tpm_overlap_wm": 0.5776480436325073,
  "wm2max": 0.4876773465540761
}