{
  "bids_meta": {
    "AccessionNumber": "7340-001",
    "AcquisitionDateTime": "2013-11-15T15:35:1.407500",
    "AcquisitionMatrixPE": 256,
    "AcquisitionNumber": 1,
    "AcquisitionTime": "15:35:1.407500",
    "BaseResolution": 256,
    "CoilString": "C:HEA;HEP",
    "ConversionSoftware": "dcm2niix",
    "ConversionSoftwareVersion": "v1.0.20210317",
    "DeviceSerialNumber": "35077",
    "DwellTime": 1.09e-05,
    "EchoTime": 0.00291,
    "FlipAngle": 10,
    "ImageOrientationPatientDICOM": [
      0,
      1,
      0,
      0,
      0,
      -1
    ],
    "ImageType": [
      "ORIGINAL",
      "PRIMARY",
      "M",
      "ND",
      "NORM"
    ],
    "ImagingFrequency": 123.229,
    "InPlanePhaseEncodingDirectionDICOM": "ROW",
    "InstitutionAddress": "Wilson Avenue 340 ,Pasadena,California,US,91025",
    "InstitutionName": "Caltech Tim32",
    "InstitutionalDepartmentName": "Department",
    "InversionTime": 0.8,
    "MRAcquisitionType": "3D",
    "MagneticFieldStrength": 3,
    "Manufacturer": "Siemens",
    "ManufacturersModelName": "TrioTim",
    "Modality": "MR",
    "PartialFourier": 1,
    "PatientBirthDate": "1975-01-01",
    "PatientID": "adolphs",
    "PatientName": "CC0085",
    "PatientPosition": "HFS",
    "PatientSex": "F",
    "PatientWeight": 63.5029,
    "PercentPhaseFOV": 100,
    "PercentSampling": 100,
    "PhaseEncodingSteps": 256,
    "PhaseResolution": 1,
    "PixelBandwidth": 179,
    "ProcedureStepDescription": "Conte^Core",
    "ProtocolName": "T1_2",
    "PulseSequenceDetails": "%SiemensSeq%\\tfl",
    "ReceiveCoilName": "32Ch_Head",
    "ReconMatrixPE": 256,
    "RepetitionTime": 1.5,
    "SAR": 0.160894,
    "ScanOptions": "IR",
    "ScanningSequence": "GR\\IR",
    "SequenceName": "*tfl3d1",
    "SequenceVariant": "SP\\MP",
    "SeriesDescription": "T1_2",
    "SeriesInstanceUID": "1.3.12.2.1107.5.2.32.35077.2013111515343666801410243.0.0.0",
    "SeriesNumber": 14,
    "ShimSetting": [
      9419,
      -10624,
      15671,
      253,
      154,
      -296,
      384,
      200
    ],
    "SliceThickness": 1,
    "SoftwareVersions": "syngo MR B17",
    "StationName": "MEDPC",
    "StudyID": "1",
    "StudyInstanceUID": "1.3.12.2.1107.5.2.32.35077.30000013111117243173400000013",
    "TxRefAmp": 324.984,
    "dataset": "unknown",
    "modality": "T1w",
    "run_id": 2,
    "session_id": "core1p2",
    "subject_id": "CC0085"
  },
  "cjv": 0.3883298098266291,
  "cnr": 3.296431906822852,
  "efc": 0.550450293774088,
  "fber": 4120.23095703125,
  "fwhm_avg": 4.226823333333333,
  "fwhm_x": 4.14929,
  "fwhm_y": 4.23383,
  "fwhm_z": 4.29735,
  "icvs_csf": 0.2064439366386151,
  "icvs_gm": 0.41059016165259943,
  "icvs_wm": 0.38296590170878547,
  "inu_med": 1.5907721519470215,
  "inu_range": 0.44718389511108403,
  "provenance": {
    "md5sum": "0686d2047b39ce994efe636f817678e9",
    "settings": {
      "testing": false
    },
    "software": "mriqc",
    "version": "0.15.0",
    "warnings": {
      "large_rot_frame": true,
      "small_air_mask": false
    },
    "webapi_port": null,
    "webapi_url": "https://mriqc.nimh.nih.gov/api/v1"
  },
  "qi_1": 0.0013475424316085412,
  "qi_2": 0.005562631397876284,
  "rpve_csf": 30.506230944006642,
  "rpve_gm": 15.652893425008381,
  "rpve_wm": 19.772610960516122,
  "size_x": 176,
  "size_y": 256,
  "size_z": 256,
  "snr_csf": 4.429105494577062,
  "snr_gm": 14.091493425543133,
  "snr_total": 14.507024454585627,
  "snr_wm": 25.000474443636687,
  "snrd_csf": 57.874546393810824,
  "snrd_gm": 122.53038732584267,
  "snrd_total": 112.88523970216163,
  "snrd_wm": 158.2507853868314,
  "spacing_x": 1.0,
  "spacing_y": 1.0,
  "spacing_z": 1.0,
  "summary_bg_k": 51.3991727500285,
  "summary_bg_mad": 4.139925956726074,
  "summary_bg_mean": 7.550530910491943,
  "summary_bg_median": 5.560866355895996,
  "summary_bg_n": 2554458.0,
  "summary_bg_p05": 0.0,
  "summary_bg_p95": 22.186570930480954,
  "summary_bg_stdv": 8.35839557647705,
  "summary_csf_k": 3.053486479251145,
  "summary_csf_mad": 61.7440185546875,
  "summary_csf_mean": 385.4192810058594,
  "summary_csf_median": 365.71978759765625,
  "summary_csf_n": 30752.0,
  "summary_csf_p05": 288.8079895019531,
  "summary_csf_p95": 556.4183776855464,
  "summary_csf_stdv": 82.57058715820312,
  "summary_gm_k": 0.33513863503626506,
  "summary_gm_mad": 52.185264587402344,
  "summary_gm_mean": 773.8419189453125,
  "summary_gm_median": 774.2918090820312,
  "summary_gm_n": 13780.0,
  "summary_gm_p05": 682.0984924316406,
  "summary_gm_p95": 864.3169189453125,
  "summary_gm_stdv": 54.94546890258789,
  "summary_wm_k": 1.1398251719096137,
  "summary_wm_mad": 35.469974517822266,
  "summary_wm_mean": 999.04833984375,
  "summary_wm_median": 1000.0155029296875,
  "summary_wm_n": 177336.0,
  "summary_wm_p05": 932.1140899658203,
  "summary_wm_p95": 1062.4021911621094,
  "summary_wm_stdv": 39.99974822998047,
  "tpm_overlap_csf": 0.2509027421474457,
  "tpm_overlap_gm": 0.5141326189041138,
  "tpm_overlap_wm": 0.5781006813049316,
  "wm2max": 0.48023109008983605
}