{
  "bids_meta": {
    "AccessionNumber": "8472-020",
    "AcquisitionDateTime": "2018-05-10T14:56:15.995000",
    "AcquisitionMatrixPE": 256,
    "AcquisitionNumber": 1,
    "AcquisitionTime": "14:56:15.995000",
    "BaseResolution": 256,
    "BodyPartExamined": "BRAIN",
    "ConsistencyInfo": "N4_VE11C_LATEST_20160120",
    "ConversionSoftware": "dcm2niix",
    "ConversionSoftwareVersion": "v1.0.20210317",
    "DeviceSerialNumber": "167050",
    "DwellTime": 3e-06,
    "EchoNumber": 4,
    "FlipAngle": 8,
    "ImageComments": "Average over all echoes.",
    "ImageOrientationPatientDICOM": [
      0,
      1,
      0,
      0,
      0,
      -1
    ],
    "ImageType": [
      "ORIGINAL",
      "PRIMARY",
      "ECHO",
      "COMBINED",
      "ND",
      "NORM"
    ],
    "ImagingFrequency": 123.25,
    "InPlanePhaseEncodingDirectionDICOM": "ROW",
    "InstitutionAddress": "Michigan Ave 320,Pasadena,California,US,91025",
    "InstitutionName": "Caltech Prisma64",
    "InstitutionalDepartmentName": "Department",
    "InversionTime": 1.15,
    "MRAcquisitionType": "3D",
    "MagneticFieldStrength": 3,
    "Manufacturer": "Siemens",
    "ManufacturersModelName": "Prisma_fit",
    "Modality": "MR",
    "ParallelReductionFactorInPlane": 2,
    "PartialFourier": 1,
    "PatientBirthDate": "1986-03-01",
    "PatientID": "CC0041",
    "PatientName": "CC0041",
    "PatientPosition": "HFS",
    "PatientSex": "M",
    "PatientWeight": 65.7709,
    "PercentPhaseFOV": 100,
    "PercentSampling": 100,
    "PhaseEncodingSteps": 282,
    "PhaseOversampling": 0.1,
    "PhaseResolution": 1,
    "PixelBandwidth": 650,
    "ProcedureStepDescription": "Conte Core",
    "ProtocolName": "T1w",
    "PulseSequenceDetails": "%CustomerSeq%\\tfl_wip900D_VE11C",
    "ReceiveCoilActiveElements": "HEA;HEP",
    "ReceiveCoilName": "Head_32",
    "ReconMatrixPE": 256,
    "RefLinesPE": 32,
    "ReferringPhysicianName": "Adolphs",
    "RepetitionTime": 2.55,
    "SAR": 0.045774,
    "ScanOptions": "IR\\WE",
    "ScanningSequence": "GR\\IR",
    "SequenceName": "tfl3d4_16ns",
    "SequenceVariant": "SK\\SP\\MP\\OSP",
    "SeriesDescription": "T1w_combEcho",
    "SeriesInstanceUID": "1.3.12.2.1107.5.2.43.167050.2018051015032495790198703.0.0.0",
    "SeriesNumber": 5,
    "ShimSetting": [
      6983,
      -3642,
      7926,
      291,
      18,
      -201,
      21,
      -12
    ],
    "SliceThickness": 0.9,
    "SoftwareVersions": "syngo MR E11",
    "StationName": "PRISMA",
    "StudyID": "1",
    "StudyInstanceUID": "1.3.12.2.1107.5.2.43.167050.30000018042619061766300000025",
    "TxRefAmp": 252.725,
    "WipMemBlock": "WIP_Identifier: WIP#900D",
    "acq_id": "combecho",
    "dataset": "unknown",
    "modality": "T1w",
    "run_id": 2,
    "session_id": "core2p2",
    "subject_id": "CC0041"
  },
  "cjv": 0.7757141824464475,
  "cnr": 1.5875551607322396,
  "efc": 0.6174541468942045,
  "fber": 2252.149658203125,
  "fwhm_avg": 4.162305743858494,
  "fwhm_x": 4.182655666358091,
  "fwhm_y": 4.0735721739130435,
  "fwhm_z": 4.230689391304348,
  "icvs_csf": 0.20388403571617897,
  "icvs_gm": 0.39958467867253783,
  "icvs_wm": 0.3965312856112832,
  "inu_med": 1.6691884994506836,
  "inu_range": 0.6419397532939908,
  "provenance": {
    "md5sum": "c5f5dd54ac63fa6b2633d6463e1c17c9",
    "settings": {
      "testing": false
    },
    "software": "mriqc",
    "version": "0.15.0",
    "warnings": {
      "large_rot_frame": false,
      "small_air_mask": false
    },
    "webapi_port": null,
    "webapi_url": "https://mriqc.nimh.nih.gov/api/v1"
  },
  "qi_1": 0.0,
  "qi_2": 0.011050970805585867,
  "rpve_csf": 25.2026087086036,
  "rpve_gm": 13.166924312780424,
  "rpve_wm": 15.950792120516404,
  "size_x": 208,
  "size_y": 256,
  "size_z": 256,
  "snr_csf": 3.5424545725313363,
  "snr_gm": 10.08541986592018,
  "snr_total": 11.645040589780544,
  "snr_wm": 21.307247330890114,
  "snrd_csf": 45.02595306462844,
  "snrd_gm": 91.4773112081581,
  "snrd_total": 81.51177012932446,
  "snrd_wm": 108.03204611518684,
  "spacing_x": 0.8999999761581421,
  "spacing_y": 0.8984375,
  "spacing_z": 0.8984375,
  "summary_bg_k": 1.9249292025639475,
  "summary_bg_mad": 6.06461238861084,
  "summary_bg_mean": 14.906664848327637,
  "summary_bg_median": 12.179728507995605,
  "summary_bg_n": 3824098.0,
  "summary_bg_p05": 4.044883728027344,
  "summary_bg_p95": 31.304735469818112,
  "summary_bg_stdv": 8.105944633483887,
  "summary_csf_k": 0.7743968301934827,
  "summary_csf_mad": 99.66563415527344,
  "summary_csf_mean": 444.6734619140625,
  "summary_csf_median": 416.8062744140625,
  "summary_csf_n": 42818.0,
  "summary_csf_p05": 296.7752212524414,
  "summary_csf_p95": 677.3928802490234,
  "summary_csf_stdv": 117.65892791748047,
  "summary_gm_k": 0.4708354740914156,
  "summary_gm_mad": 77.34471130371094,
  "summary_gm_mean": 853.84912109375,
  "summary_gm_median": 846.8075561523438,
  "summary_gm_n": 21911.0,
  "summary_gm_p05": 730.2771911621094,
  "summary_gm_p95": 1011.1649169921875,
  "summary_gm_stdv": 83.96162414550781,
  "summary_wm_k": 2.0847011844064482,
  "summary_wm_mad": 41.531593322753906,
  "summary_wm_mean": 1002.4818115234375,
  "summary_wm_median": 1000.0551147460938,
  "summary_wm_n": 307409.0,
  "summary_wm_p05": 931.2126953125,
  "summary_wm_p95": 1079.464501953125,
  "summary_wm_stdv": 46.934898376464844,
  "tpm_overlap_csf": 0.21341858804225922,
  "tpm_overlap_gm": 0.4714418947696686,
  "tpm_overlap_wm": 0.5263797640800476,
  "wm2max": 0.702781410684969
}