{
  "bids_meta": {
    "AccessionNumber": "8472-020",
    "AcquisitionDateTime": "2018-05-10T15:13:36.812500",
    "AcquisitionMatrixPE": 256,
    "AcquisitionNumber": 1,
    "AcquisitionTime": "15:13:36.812500",
    "BaseResolution": 256,
    "BodyPartExamined": "BRAIN",
    "ConsistencyInfo": "N4_VE11C_LATEST_20160120",
    "ConversionSoftware": "dcm2niix",
    "ConversionSoftwareVersion": "v1.0.20210317",
    "DeviceSerialNumber": "167050",
    "DwellTime": 2.6e-06,
    "EchoTime": 0.564,
    "EchoTrainLength": 314,
    "FlipAngle": 120,
    "ImageOrientationPatientDICOM": [
      0,
      1,
      0,
      0,
      0,
      -1
    ],
    "ImageType": [
      "ORIGINAL",
      "PRIMARY",
      "M",
      "ND",
      "NORM"
    ],
    "ImagingFrequency": 123.25,
    "InPlanePhaseEncodingDirectionDICOM": "ROW",
    "InstitutionAddress": "Michigan Ave 320,Pasadena,California,US,91025",
    "InstitutionName": "Caltech Prisma64",
    "InstitutionalDepartmentName": "Department",
    "MRAcquisitionType": "3D",
    "MagneticFieldStrength": 3,
    "Manufacturer": "Siemens",
    "ManufacturersModelName": "Prisma_fit",
    "Modality": "MR",
    "ParallelReductionFactorInPlane": 2,
    "PartialFourier": 1,
    "PatientBirthDate": "1986-03-01",
    "PatientID": "CC0041",
    "PatientName": "CC0041",
    "PatientPosition": "HFS",
    "PatientSex": "M",
    "PatientWeight": 65.7709,
    "PercentPhaseFOV": 100,
    "PercentSampling": 100,
    "PhaseEncodingDirection": "i",
    "PhaseEncodingSteps": 274,
    "PhaseOversampling": 0.1,
    "PhaseResolution": 1,
    "PixelBandwidth": 750,
    "ProcedureStepDescription": "Conte Core",
    "ProtocolName": "T2w",
    "PulseSequenceDetails": "%SiemensSeq%\\tse_vfl",
    "ReceiveCoilActiveElements": "HEA;HEP",
    "ReceiveCoilName": "Head_32",
    "ReconMatrixPE": 256,
    "RefLinesPE": 32,
    "ReferringPhysicianName": "Adolphs",
    "RepetitionTime": 3.2,
    "SAR": 0.180149,
    "ScanOptions": "PFP",
    "ScanningSequence": "SE",
    "SequenceName": "*spc_314ns",
    "SequenceVariant": "SK\\SP\\OSP",
    "SeriesDescription": "T2w",
    "SeriesInstanceUID": "1.3.12.2.1107.5.2.43.167050.201805101519148828110310.0.0.0",
    "SeriesNumber": 12,
    "ShimSetting": [
      6983,
      -3642,
      7926,
      291,
      18,
      -201,
      21,
      -12
    ],
    "SliceThickness": 0.9,
    "SoftwareVersions": "syngo MR E11",
    "StationName": "PRISMA",
    "StudyID": "1",
    "StudyInstanceUID": "1.3.12.2.1107.5.2.43.167050.30000018042619061766300000025",
    "TxRefAmp": 252.725,
    "dataset": "unknown",
    "modality": "T2w",
    "run_id": 2,
    "session_id": "core2p2",
    "subject_id": "CC0041"
  },
  "cjv": 0.4703335102459385,
  "cnr": 2.790612527696652,
  "efc": 0.5579477756075731,
  "fber": 3579.97021484375,
  "fwhm_avg": 2.401356245926621,
  "fwhm_x": 2.3197111725624713,
  "fwhm_y": 2.7104389565217395,
  "fwhm_z": 2.173918608695652,
  "icvs_csf": 0.18522149287982045,
  "icvs_gm": 0.40551347304502217,
  "icvs_wm": 0.4092650340751574,
  "inu_med": 1.720810055732727,
  "inu_range": 0.4695584654808045,
  "provenance": {
    "md5sum": "ba3f3c2681b92954931c14adb1a200aa",
    "settings": {
      "testing": false
    },
    "software": "mriqc",
    "version": "0.15.0",
    "warnings": {
      "large_rot_frame": false,
      "small_air_mask": false
    },
    "webapi_port": null,
    "webapi_url": "https://mriqc.nimh.nih.gov/api/v1"
  },
  "qi_1": 0.0,
  "qi_2": 0.006102685357937787,
  "rpve_csf": 28.756359026648664,
  "rpve_gm": 13.166961879844488,
  "rpve_wm": 15.195827738292552,
  "size_x": 208,
  "size_y": 256,
  "size_z": 256,
  "snr_csf": 4.413965207287959,
  "snr_gm": 7.4316008668717,
  "snr_total": 7.711066506988835,
  "snr_wm": 11.287633446806844,
  "snrd_csf": 235.05002603765556,
  "snrd_gm": 105.3061382595778,
  "snrd_total": 134.36457357812753,
  "snrd_wm": 62.73755643714925,
  "spacing_x": 0.8999999761581421,
  "spacing_y": 0.8984375,
  "spacing_z": 0.8984375,
  "summary_bg_k": 18.32812239429967,
  "summary_bg_mad": 10.442261695861816,
  "summary_bg_mean": 17.182544708251953,
  "summary_bg_median": 14.13201904296875,
  "summary_bg_n": 3791599.0,
  "summary_bg_p05": 3.540425515174866,
  "summary_bg_p95": 46.13129882812498,
  "summary_bg_stdv": 16.054676055908203,
  "summary_csf_k": 2.006326701999824,
  "summary_csf_mad": 571.978759765625,
  "summary_csf_mean": 3503.14306640625,
  "summary_csf_median": 3746.477783203125,
  "summary_csf_n": 35788.0,
  "summary_csf_p05": 1719.582684326172,
  "summary_csf_p95": 4476.051684570312,
  "summary_csf_stdv": 848.7664184570312,
  "summary_gm_k": -0.20427851554486587,
  "summary_gm_mad": 241.21224975585938,
  "summary_gm_mean": 1682.8330078125,
  "summary_gm_median": 1678.4814453125,
  "summary_gm_n": 33005.0,
  "summary_gm_p05": 1335.8815185546875,
  "summary_gm_p95": 2061.99931640625,
  "summary_gm_stdv": 225.85389709472656,
  "summary_wm_k": 0.9928453267729225,
  "summary_wm_mad": 77.91064453125,
  "summary_wm_mean": 996.3878784179688,
  "summary_wm_median": 999.97802734375,
  "summary_wm_n": 243022.0,
  "summary_wm_p05": 842.2239410400391,
  "summary_wm_p95": 1134.4406066894533,
  "summary_wm_stdv": 88.59040069580078,
  "tpm_overlap_csf": 0.19063308835029602,
  "tpm_overlap_gm": 0.4527265131473541,
  "tpm_overlap_wm": 0.5187093615531921,
  "wm2max": 0.2215064441723778
}