{
  "aor": 0.0008299375000000002,
  "aqi": 0.0053554949375,
  "bids_meta": {
    "AccessionNumber": "6563-006",
    "AcquisitionDateTime": "2013-04-24T14:04:38.807500",
    "AcquisitionMatrixPE": 64,
    "AcquisitionNumber": 1,
    "AcquisitionTime": "14:04:38.807500",
    "BandwidthPerPixelPhaseEncode": 66.489,
    "BaseResolution": 64,
    "CoilString": "C:HEA;HEP",
    "ConversionSoftware": "dcm2niix",
    "ConversionSoftwareVersion": "v1.0.20210317",
    "DerivedVendorReportedEchoSpacing": 0.000470003,
    "DeviceSerialNumber": "35077",
    "DwellTime": 3e-06,
    "EchoTime": 0.03,
    "EffectiveEchoSpacing": 0.000235001,
    "FlipAngle": 85,
    "ImageOrientationPatientDICOM": [
      1,
      -1e-16,
      0,
      1e-16,
      0.939693,
      -0.34202
    ],
    "ImageType": [
      "ORIGINAL",
      "PRIMARY",
      "M",
      "ND",
      "MOSAIC"
    ],
    "ImagingFrequency": 123.229,
    "InPlanePhaseEncodingDirectionDICOM": "COL",
    "InstitutionAddress": "Wilson Avenue 340 ,Pasadena,California,US,91025",
    "InstitutionName": "Caltech Tim32",
    "InstitutionalDepartmentName": "Department",
    "MRAcquisitionType": "2D",
    "MagneticFieldStrength": 3,
    "Manufacturer": "Siemens",
    "ManufacturersModelName": "TrioTim",
    "Modality": "MR",
    "ParallelReductionFactorInPlane": 2,
    "PartialFourier": 1,
    "PatientBirthDate": "1992-01-01",
    "PatientID": "adolphs",
    "PatientName": "CC0013",
    "PatientPosition": "HFS",
    "PatientSex": "M",
    "PatientWeight": 83.9146,
    "PercentPhaseFOV": 100,
    "PercentSampling": 100,
    "PhaseEncodingDirection": "j-",
    "PhaseEncodingSteps": 64,
    "PhaseResolution": 1,
    "PixelBandwidth": 2604,
    "ProcedureStepDescription": "Conte^Core",
    "ProtocolName": "rsBOLD_1",
    "PulseSequenceDetails": "%SiemensSeq%\\ep2d_bold",
    "ReceiveCoilName": "32Ch_Head",
    "ReconMatrixPE": 64,
    "RefLinesPE": 32,
    "RepetitionTime": 2.5,
    "SAR": 0.221273,
    "ScanOptions": "FS",
    "ScanningSequence": "EP",
    "SequenceName": "*epfid2d1_64",
    "SequenceVariant": "SK",
    "SeriesDescription": "rsBOLD_1",
    "SeriesInstanceUID": "1.3.12.2.1107.5.2.32.35077.2013042414042876882133361.0.0.0",
    "SeriesNumber": 2,
    "ShimSetting": [
      9507,
      -10464,
      15830,
      943,
      -214,
      126,
      -72,
      125
    ],
    "SliceThickness": 3,
    "SliceTiming": [
      0,
      0.0525,
      0.1075,
      0.16,
      0.215,
      0.2675,
      0.32,
      0.375,
      0.4275,
      0.48,
      0.535,
      0.5875,
      0.64,
      0.695,
      0.7475,
      0.8,
      0.855,
      0.9075,
      0.9625,
      1.015,
      1.0675,
      1.1225,
      1.175,
      1.2275,
      1.2825,
      1.335,
      1.3875,
      1.4425,
      1.495,
      1.5475,
      1.6025,
      1.655,
      1.71,
      1.7625,
      1.815,
      1.87,
      1.9225,
      1.975,
      2.03,
      2.0825,
      2.135,
      2.19,
      2.2425,
      2.295,
      2.35,
      2.4025,
      2.4575
    ],
    "SoftwareVersions": "syngo MR B17",
    "SpacingBetweenSlices": 3,
    "StationName": "MEDPC",
    "StudyID": "2",
    "StudyInstanceUID": "1.3.12.2.1107.5.2.32.35077.30000013041515295162500000046",
    "TaskName": "rest",
    "TotalReadoutTime": 0.0148051,
    "TxRefAmp": 346.863,
    "dataset": "unknown",
    "modality": "bold",
    "run_id": 1,
    "session_id": "core1p1",
    "subject_id": "CC0013",
    "task_id": "rest"
  },
  "dummy_trs": 0,
  "dvars_nstd": 31.607407983584906,
  "dvars_std": 0.9983526230188678,
  "dvars_vstd": 0.947891915283019,
  "efc": 0.5759192260526653,
  "fber": 418.94061279296875,
  "fd_mean": 0.05667301726912567,
  "fd_num": 1,
  "fd_perc": 0.625,
  "fwhm_avg": 2.9074600000000004,
  "fwhm_x": 2.7659266666666666,
  "fwhm_y": 2.91468,
  "fwhm_z": 3.0417733333333334,
  "gcor": 0.0173443,
  "gsr_x": -0.010987288318574429,
  "gsr_y": 0.07806530594825745,
  "provenance": {
    "md5sum": "3b49b38717d55f9dc8db9b53b06f3dda",
    "settings": {
      "fd_thres": 0.2,
      "hmc_fsl": false
    },
    "software": "mriqc",
    "version": "0.15.0",
    "webapi_port": null,
    "webapi_url": "https://mriqc.nimh.nih.gov/api/v1"
  },
  "size_t": 160,
  "size_x": 64,
  "size_y": 64,
  "size_z": 47,
  "snr": 1.9556796960543512,
  "spacing_tr": 2.5,
  "spacing_x": 3.0,
  "spacing_y": 3.0,
  "spacing_z": 3.0,
  "summary_bg_k": 129.9079774981976,
  "summary_bg_mad": 10.00756549835205,
  "summary_bg_mean": 45.94428253173828,
  "summary_bg_median": 25.200000762939453,
  "summary_bg_n": 90656.0,
  "summary_bg_p05": 17.118749618530273,
  "summary_bg_p95": 127.67344093322754,
  "summary_bg_stdv": 89.48207092285156,
  "summary_fg_k": 3.98559424478353,
  "summary_fg_mad": 224.94314575195312,
  "summary_fg_mean": 642.0133666992188,
  "summary_fg_median": 576.4874877929688,
  "summary_fg_n": 59772.0,
  "summary_fg_p05": 301.8768905639648,
  "summary_fg_p95": 1225.2484619140619,
  "summary_fg_stdv": 294.7735595703125,
  "tsnr": 37.5181999206543
}