{
    "Modality":"MR",
    "MagneticFieldStrength":3,
    "ImagingFrequency":123.229,
    "Manufacturer":"Siemens",
    "ManufacturersModelName":"TrioTim",
    "InstitutionName":"Caltech Tim32",
    "InstitutionalDepartmentName":"Department",
    "InstitutionAddress":"Wilson Avenue 340 ,Pasadena,California,US,91025",
    "DeviceSerialNumber":"35077",
    "StationName":"MEDPC",
    "SeriesInstanceUID":"1.3.12.2.1107.5.2.32.35077.2015062615173473063689310.0.0.0",
    "StudyInstanceUID":"1.3.12.2.1107.5.2.32.35077.30000015060817423032800000094",
    "StudyID":"1",
    "PatientName":"CC0124",
    "PatientID":"adolphs",
    "AccessionNumber":"7946-001",
    "PatientBirthDate":"1988-01-01",
    "PatientSex":"F",
    "PatientWeight":58.5134,
    "PatientPosition":"HFS",
    "ProcedureStepDescription":"Conte^Core",
    "SoftwareVersions":"syngo MR B17",
    "MRAcquisitionType":"3D",
    "SeriesDescription":"T2w_3D",
    "ProtocolName":"T2w_3D",
    "ScanningSequence":"SE",
    "SequenceVariant":"SK\\SP\\OSP",
    "ScanOptions":"PFP",
    "SequenceName":"*spc3d1_158ns",
    "ImageType":[
        "ORIGINAL",
        "PRIMARY",
        "M",
        "NORM",
        "DIS2D"
    ],
    "SeriesNumber":20,
    "AcquisitionTime":"15:17:38.817500",
    "AcquisitionDateTime":"2015-06-26T15:17:38.817500",
    "AcquisitionNumber":1,
    "SliceThickness":1,
    "SAR":0.546799,
    "EchoTime":0.206,
    "RepetitionTime":2.5,
    "FlipAngle":120,
    "PartialFourier":1,
    "BaseResolution":256,
    "ShimSetting":[
        9539,
        -10447,
        15294,
        -28,
        -144,
        -23,
        -139,
        39
    ],
    "TxRefAmp":309.825,
    "PhaseResolution":1.00709,
    "PhaseOversampling":0.101562,
    "ReceiveCoilName":"32Ch_Head",
    "CoilString":"C:HEA;HEP",
    "PulseSequenceDetails":"%SiemensSeq%\\tse_vfl",
    "RefLinesPE":32,
    "PercentPhaseFOV":100,
    "PercentSampling":100.709,
    "EchoTrainLength":79,
    "PhaseEncodingSteps":243,
    "AcquisitionMatrixPE":258,
    "ReconMatrixPE":256,
    "ParallelReductionFactorInPlane":2,
    "PixelBandwidth":651,
    "DwellTime":3e-06,
    "PhaseEncodingDirection":"i",
    "ImageOrientationPatientDICOM":[
        0,
        1,
        0,
        0,
        0,
        -1
    ],
    "InPlanePhaseEncodingDirectionDICOM":"ROW",
    "ConversionSoftware":"dcm2niix",
    "ConversionSoftwareVersion":"v1.0.20210317"
}