{
    "Modality":"MR",
    "MagneticFieldStrength":3,
    "ImagingFrequency":123.229,
    "Manufacturer":"Siemens",
    "ManufacturersModelName":"TrioTim",
    "InstitutionName":"Caltech Tim32",
    "InstitutionalDepartmentName":"Department",
    "InstitutionAddress":"Wilson Avenue 340 ,Pasadena,California,US,91025",
    "DeviceSerialNumber":"35077",
    "StationName":"MEDPC",
    "SeriesInstanceUID":"1.3.12.2.1107.5.2.32.35077.2015062614553721376386573.0.0.0",
    "StudyInstanceUID":"1.3.12.2.1107.5.2.32.35077.30000015060817423032800000094",
    "StudyID":"1",
    "PatientName":"CC0124",
    "PatientID":"adolphs",
    "AccessionNumber":"7946-001",
    "PatientBirthDate":"1988-01-01",
    "PatientSex":"F",
    "PatientWeight":58.5134,
    "PatientPosition":"HFS",
    "ProcedureStepDescription":"Conte^Core",
    "SoftwareVersions":"syngo MR B17",
    "MRAcquisitionType":"3D",
    "SeriesDescription":"T1w_3D_1",
    "ProtocolName":"T1w_3D_1",
    "ScanningSequence":"GR\\IR",
    "SequenceVariant":"SP\\MP\\OSP",
    "ScanOptions":"IR\\DB\\WE",
    "SequenceName":"*tfl3d1",
    "ImageType":[
        "ORIGINAL",
        "PRIMARY",
        "M",
        "NORM",
        "DIS2D"
    ],
    "SeriesNumber":15,
    "AcquisitionTime":"14:54:41.677500",
    "AcquisitionDateTime":"2015-06-26T14:54:41.677500",
    "AcquisitionNumber":1,
    "SliceThickness":1,
    "SAR":0.0958272,
    "EchoTime":0.00256,
    "RepetitionTime":2.4,
    "InversionTime":1,
    "FlipAngle":8,
    "PartialFourier":1,
    "BaseResolution":256,
    "ShimSetting":[
        9516,
        -10620,
        15486,
        475,
        -200,
        -615,
        -304,
        51
    ],
    "TxRefAmp":306.278,
    "PhaseResolution":1,
    "PhaseOversampling":0.1,
    "ReceiveCoilName":"32Ch_Head",
    "CoilString":"C:HEA;HEP",
    "PulseSequenceDetails":"%SiemensSeq%\\tfl",
    "RefLinesPE":32,
    "PercentPhaseFOV":100,
    "PercentSampling":100,
    "PhaseEncodingSteps":282,
    "AcquisitionMatrixPE":256,
    "ReconMatrixPE":256,
    "ParallelReductionFactorInPlane":2,
    "PixelBandwidth":210,
    "DwellTime":9.3e-06,
    "ImageOrientationPatientDICOM":[
        0,
        1,
        0,
        0,
        0,
        -1
    ],
    "InPlanePhaseEncodingDirectionDICOM":"ROW",
    "ConversionSoftware":"dcm2niix",
    "ConversionSoftwareVersion":"v1.0.20210317"
}