{
  "bids_meta": {
    "AccessionNumber": "7946-001",
    "AcquisitionDateTime": "2015-06-26T15:10:46.705000",
    "AcquisitionMatrixPE": 256,
    "AcquisitionNumber": 1,
    "AcquisitionTime": "15:10:46.705000",
    "BaseResolution": 256,
    "CoilString": "C:HEA;HEP",
    "ConversionSoftware": "dcm2niix",
    "ConversionSoftwareVersion": "v1.0.20210317",
    "DeviceSerialNumber": "35077",
    "DwellTime": 9.3e-06,
    "EchoTime": 0.00256,
    "FlipAngle": 8,
    "ImageOrientationPatientDICOM": [
      0,
      1,
      0,
      0,
      0,
      -1
    ],
    "ImageType": [
      "ORIGINAL",
      "PRIMARY",
      "M",
      "NORM",
      "DIS2D"
    ],
    "ImagingFrequency": 123.229,
    "InPlanePhaseEncodingDirectionDICOM": "ROW",
    "InstitutionAddress": "Wilson Avenue 340 ,Pasadena,California,US,91025",
    "InstitutionName": "Caltech Tim32",
    "InstitutionalDepartmentName": "Department",
    "InversionTime": 1,
    "MRAcquisitionType": "3D",
    "MagneticFieldStrength": 3,
    "Manufacturer": "Siemens",
    "ManufacturersModelName": "TrioTim",
    "Modality": "MR",
    "ParallelReductionFactorInPlane": 2,
    "PartialFourier": 1,
    "PatientBirthDate": "1988-01-01",
    "PatientID": "adolphs",
    "PatientName": "CC0124",
    "PatientPosition": "HFS",
    "PatientSex": "F",
    "PatientWeight": 58.5134,
    "PercentPhaseFOV": 100,
    "PercentSampling": 100,
    "PhaseEncodingSteps": 282,
    "PhaseOversampling": 0.1,
    "PhaseResolution": 1,
    "PixelBandwidth": 210,
    "ProcedureStepDescription": "Conte^Core",
    "ProtocolName": "T1w_3D_2",
    "PulseSequenceDetails": "%SiemensSeq%\\tfl",
    "ReceiveCoilName": "32Ch_Head",
    "ReconMatrixPE": 256,
    "RefLinesPE": 32,
    "RepetitionTime": 2.4,
    "SAR": 0.0944891,
    "ScanOptions": "IR\\DB\\WE",
    "ScanningSequence": "GR\\IR",
    "SequenceName": "*tfl3d1",
    "SequenceVariant": "SP\\MP\\OSP",
    "SeriesDescription": "T1w_3D_2",
    "SeriesInstanceUID": "1.3.12.2.1107.5.2.32.35077.2015062615104275113188344.0.0.0",
    "SeriesNumber": 18,
    "ShimSetting": [
      9521,
      -10600,
      15521,
      413,
      -169,
      -428,
      -324,
      44
    ],
    "SliceThickness": 1,
    "SoftwareVersions": "syngo MR B17",
    "StationName": "MEDPC",
    "StudyID": "1",
    "StudyInstanceUID": "1.3.12.2.1107.5.2.32.35077.30000015060817423032800000094",
    "TxRefAmp": 309.825,
    "dataset": "unknown",
    "modality": "T1w",
    "run_id": 4,
    "session_id": "core1p3p1",
    "subject_id": "CC0124"
  },
  "cjv": 0.3656779311241157,
  "cnr": 3.5548357738489256,
  "efc": 0.4937832427667184,
  "fber": 10359.9609375,
  "fwhm_avg": 3.9501066666666667,
  "fwhm_x": 3.8489,
  "fwhm_y": 4.04001,
  "fwhm_z": 3.96141,
  "icvs_csf": 0.20710588078632422,
  "icvs_gm": 0.41713033491077756,
  "icvs_wm": 0.37576378430289825,
  "inu_med": 1.449270486831665,
  "inu_range": 0.3848055064678193,
  "provenance": {
    "md5sum": "f8d0e3234afa9608a2315e9057e93607",
    "settings": {
      "testing": false
    },
    "software": "mriqc",
    "version": "0.15.0",
    "warnings": {
      "large_rot_frame": true,
      "small_air_mask": false
    },
    "webapi_port": null,
    "webapi_url": "https://mriqc.nimh.nih.gov/api/v1"
  },
  "qi_1": 0.0,
  "qi_2": 0.01843881135752127,
  "rpve_csf": 30.890978056736188,
  "rpve_gm": 16.096202000637014,
  "rpve_wm": 21.638761507549507,
  "size_x": 192,
  "size_y": 256,
  "size_z": 256,
  "snr_csf": 2.783974313935015,
  "snr_gm": 11.597930762729026,
  "snr_total": 14.053149696809198,
  "snr_wm": 27.777544013763553,
  "snrd_csf": 52.50326657583319,
  "snrd_gm": 110.89634960676258,
  "snrd_total": 104.46278605281611,
  "snrd_wm": 149.98874197585255,
  "spacing_x": 1.0,
  "spacing_y": 1.0,
  "spacing_z": 1.0,
  "summary_bg_k": 7.083944135142275,
  "summary_bg_mad": 4.3679423332214355,
  "summary_bg_mean": 4.388467311859131,
  "summary_bg_median": 2.9544339179992676,
  "summary_bg_n": 3399390.0,
  "summary_bg_p05": 0.0,
  "summary_bg_p95": 11.815397357940673,
  "summary_bg_stdv": 3.9681308269500732,
  "summary_csf_k": -0.21546571136545278,
  "summary_csf_mad": 138.18344116210938,
  "summary_csf_mean": 368.48388671875,
  "summary_csf_median": 350.0511474609375,
  "summary_csf_n": 19713.0,
  "summary_csf_p05": 191.86908569335938,
  "summary_csf_p95": 580.9588134765625,
  "summary_csf_stdv": 125.73473358154297,
  "summary_gm_k": 0.04341946210386238,
  "summary_gm_mad": 62.4061164855957,
  "summary_gm_mean": 739.9320068359375,
  "summary_gm_median": 739.3710327148438,
  "summary_gm_n": 23970.0,
  "summary_gm_p05": 635.1699584960938,
  "summary_gm_p95": 847.1010650634765,
  "summary_gm_stdv": 63.748924255371094,
  "summary_wm_k": 0.8080370630319802,
  "summary_wm_mad": 32.90338134765625,
  "summary_wm_mean": 999.3258056640625,
  "summary_wm_median": 1000.0088500976562,
  "summary_wm_n": 189201.0,
  "summary_wm_p05": 939.0806274414062,
  "summary_wm_p95": 1056.9600830078125,
  "summary_wm_stdv": 36.000526428222656,
  "tpm_overlap_csf": 0.22867493331432343,
  "tpm_overlap_gm": 0.5166913866996765,
  "tpm_overlap_wm": 0.5838038325309753,
  "wm2max": 0.7410803973051425
}