{
  "aor": 0.0015013749999999999,
  "aqi": 0.0030105806875,
  "bids_meta": {
    "AccessionNumber": "6511-003",
    "AcquisitionDateTime": "2013-03-20T09:34:14.407500",
    "AcquisitionMatrixPE": 64,
    "AcquisitionNumber": 1,
    "AcquisitionTime": "09:34:14.407500",
    "BandwidthPerPixelPhaseEncode": 66.489,
    "BaseResolution": 64,
    "CoilString": "C:HEA;HEP",
    "ConversionSoftware": "dcm2niix",
    "ConversionSoftwareVersion": "v1.0.20210317",
    "DerivedVendorReportedEchoSpacing": 0.000470003,
    "DeviceSerialNumber": "35077",
    "DwellTime": 3e-06,
    "EchoTime": 0.03,
    "EffectiveEchoSpacing": 0.000235001,
    "FlipAngle": 85,
    "ImageOrientationPatientDICOM": [
      1,
      -1e-16,
      0,
      1e-16,
      0.939693,
      -0.34202
    ],
    "ImageType": [
      "ORIGINAL",
      "PRIMARY",
      "M",
      "ND",
      "MOSAIC"
    ],
    "ImagingFrequency": 123.229,
    "InPlanePhaseEncodingDirectionDICOM": "COL",
    "InstitutionAddress": "Wilson Avenue 340 ,Pasadena,California,US,91025",
    "InstitutionName": "Caltech Tim32",
    "InstitutionalDepartmentName": "Department",
    "MRAcquisitionType": "2D",
    "MagneticFieldStrength": 3,
    "Manufacturer": "Siemens",
    "ManufacturersModelName": "TrioTim",
    "Modality": "MR",
    "ParallelReductionFactorInPlane": 2,
    "PartialFourier": 1,
    "PatientBirthDate": "1989-01-01",
    "PatientID": "adolphs",
    "PatientName": "CC0036",
    "PatientPosition": "HFS",
    "PatientSex": "F",
    "PatientWeight": 84.8218,
    "PercentPhaseFOV": 100,
    "PercentSampling": 100,
    "PhaseEncodingDirection": "j-",
    "PhaseEncodingSteps": 64,
    "PhaseResolution": 1,
    "PixelBandwidth": 2604,
    "ProcedureStepDescription": "Conte^Core",
    "ProtocolName": "rsBOLD_2",
    "PulseSequenceDetails": "%SiemensSeq%\\ep2d_bold",
    "ReceiveCoilName": "32Ch_Head",
    "ReconMatrixPE": 64,
    "RefLinesPE": 32,
    "RepetitionTime": 2.5,
    "SAR": 0.20557,
    "ScanOptions": "FS",
    "ScanningSequence": "EP",
    "SequenceName": "*epfid2d1_64",
    "SequenceVariant": "SK",
    "SeriesDescription": "rsBOLD_2",
    "SeriesInstanceUID": "1.3.12.2.1107.5.2.32.35077.201303200933424013357863.0.0.0",
    "SeriesNumber": 5,
    "ShimSetting": [
      9544,
      -10605,
      15796,
      761,
      -64,
      -195,
      -61,
      -50
    ],
    "SliceThickness": 3,
    "SliceTiming": [
      0,
      0.055,
      0.1075,
      0.16,
      0.215,
      0.2675,
      0.32,
      0.375,
      0.4275,
      0.4825,
      0.535,
      0.5875,
      0.6425,
      0.695,
      0.7475,
      0.8025,
      0.855,
      0.9075,
      0.9625,
      1.015,
      1.0675,
      1.1225,
      1.175,
      1.23,
      1.2825,
      1.335,
      1.39,
      1.4425,
      1.495,
      1.55,
      1.6025,
      1.655,
      1.71,
      1.7625,
      1.815,
      1.87,
      1.9225,
      1.9775,
      2.03,
      2.0825,
      2.1375,
      2.19,
      2.2425,
      2.2975,
      2.35,
      2.4025,
      2.4575
    ],
    "SoftwareVersions": "syngo MR B17",
    "SpacingBetweenSlices": 3,
    "StationName": "MEDPC",
    "StudyID": "1",
    "StudyInstanceUID": "1.3.12.2.1107.5.2.32.35077.30000013031916254787500000019",
    "TaskName": "rest",
    "TotalReadoutTime": 0.0148051,
    "TxRefAmp": 321.044,
    "dataset": "unknown",
    "modality": "bold",
    "run_id": 2,
    "session_id": "core1p1",
    "subject_id": "CC0036",
    "task_id": "rest"
  },
  "dummy_trs": 0,
  "dvars_nstd": 33.444665668427675,
  "dvars_std": 1.1262685861635227,
  "dvars_vstd": 1.0101137783647798,
  "efc": 0.5267738481670324,
  "fber": 405.1001281738281,
  "fd_mean": 0.11417826737264061,
  "fd_num": 18,
  "fd_perc": 11.25,
  "fwhm_avg": 2.77266,
  "fwhm_x": 2.748253333333333,
  "fwhm_y": 2.78532,
  "fwhm_z": 2.784406666666667,
  "gcor": 0.0254045,
  "gsr_x": -0.007219404447823763,
  "gsr_y": 0.0688888356089592,
  "provenance": {
    "md5sum": "f00617729c09949afbaf6efbb75cf8f7",
    "settings": {
      "fd_thres": 0.2,
      "hmc_fsl": false
    },
    "software": "mriqc",
    "version": "0.15.0",
    "webapi_port": null,
    "webapi_url": "https://mriqc.nimh.nih.gov/api/v1"
  },
  "size_t": 160,
  "size_x": 64,
  "size_y": 64,
  "size_z": 47,
  "snr": 1.7297555301437497,
  "spacing_tr": 2.5,
  "spacing_x": 3.0,
  "spacing_y": 3.0,
  "spacing_z": 3.0,
  "summary_bg_k": 102.3156297938163,
  "summary_bg_mad": 12.569686889648438,
  "summary_bg_mean": 55.186302185058594,
  "summary_bg_median": 29.609375,
  "summary_bg_n": 105152.0,
  "summary_bg_p05": 19.89375114440918,
  "summary_bg_p95": 172.65844116210934,
  "summary_bg_stdv": 79.49928283691406,
  "summary_fg_k": 3.6412085100228015,
  "summary_fg_mad": 276.89453125,
  "summary_fg_mean": 767.5380249023438,
  "summary_fg_median": 668.2000122070312,
  "summary_fg_n": 46805.0,
  "summary_fg_p05": 350.4237487792969,
  "summary_fg_p95": 1556.3438232421868,
  "summary_fg_stdv": 386.2932434082031,
  "tsnr": 51.15723419189453
}