{
  "aor": 0.0008782792665726376,
  "aqi": 0.004842788787023977,
  "bids_meta": {
    "AccessionNumber": "8470-015",
    "AcquisitionDateTime": "2018-05-07T14:57:11.197500",
    "AcquisitionMatrixPE": 80,
    "AcquisitionNumber": 1,
    "AcquisitionTime": "14:57:11.197500",
    "BandwidthPerPixelPhaseEncode": 23.191,
    "BaseResolution": 80,
    "BodyPartExamined": "BRAIN",
    "ConsistencyInfo": "N4_VE11C_LATEST_20160120",
    "ConversionSoftware": "dcm2niix",
    "ConversionSoftwareVersion": "v1.0.20210317",
    "DerivedVendorReportedEchoSpacing": 0.000490002,
    "DeviceSerialNumber": "167050",
    "DwellTime": 2.3e-06,
    "EchoTime": 0.03,
    "EchoTrainLength": 88,
    "EffectiveEchoSpacing": 0.000539002,
    "FlipAngle": 53,
    "ImageComments": "Unaliased MB6/PE3/LB",
    "ImageOrientationPatientDICOM": [
      1,
      0,
      0,
      0,
      0.939693,
      -0.34202
    ],
    "ImageType": [
      "ORIGINAL",
      "PRIMARY",
      "M",
      "MB",
      "ND",
      "MOSAIC"
    ],
    "ImagingFrequency": 123.25,
    "InPlanePhaseEncodingDirectionDICOM": "COL",
    "InstitutionAddress": "Michigan Ave 320,Pasadena,California,US,91025",
    "InstitutionName": "Caltech Prisma64",
    "InstitutionalDepartmentName": "Department",
    "MRAcquisitionType": "2D",
    "MagneticFieldStrength": 3,
    "Manufacturer": "Siemens",
    "ManufacturersModelName": "Prisma_fit",
    "Modality": "MR",
    "MultibandAccelerationFactor": 6,
    "PartialFourier": 1,
    "PatientBirthDate": "1987-04-01",
    "PatientID": "CC0012",
    "PatientName": "CC0012",
    "PatientPosition": "HFS",
    "PatientSex": "M",
    "PatientWeight": 77.1107,
    "PercentPhaseFOV": 100,
    "PercentSampling": 100,
    "PhaseEncodingDirection": "j-",
    "PhaseEncodingSteps": 88,
    "PhaseOversampling": 0.1,
    "PhaseResolution": 1,
    "PixelBandwidth": 2715,
    "ProcedureStepDescription": "Conte Core",
    "ProtocolName": "task-bang_bold",
    "PulseSequenceDetails": "%CustomerSeq%\\cmrr_mbep2d_bold",
    "ReceiveCoilActiveElements": "HEA;HEP",
    "ReceiveCoilName": "Head_32",
    "ReconMatrixPE": 80,
    "ReferringPhysicianName": "Adolphs",
    "RepetitionTime": 0.7,
    "SAR": 0.0836991,
    "ScanOptions": "FS\\EXT",
    "ScanningSequence": "EP",
    "SequenceName": "epfid2d1_80",
    "SequenceVariant": "SK\\SS\\OSP",
    "SeriesDescription": "task-bang_bold",
    "SeriesInstanceUID": "1.3.12.2.1107.5.2.43.167050.20180507145508734401169.0.0.0",
    "SeriesNumber": 24,
    "ShimSetting": [
      6968,
      -3601,
      7926,
      276,
      -11,
      27,
      -87,
      -11
    ],
    "SliceThickness": 2.5,
    "SliceTiming": [
      0,
      0.4775,
      0.2725,
      0.07,
      0.545,
      0.34,
      0.1375,
      0.6125,
      0.41,
      0.205,
      0,
      0.4775,
      0.2725,
      0.07,
      0.545,
      0.34,
      0.1375,
      0.6125,
      0.41,
      0.205,
      0,
      0.4775,
      0.2725,
      0.07,
      0.545,
      0.34,
      0.1375,
      0.6125,
      0.41,
      0.205,
      0,
      0.4775,
      0.2725,
      0.07,
      0.545,
      0.34,
      0.1375,
      0.6125,
      0.41,
      0.205,
      0,
      0.4775,
      0.2725,
      0.07,
      0.545,
      0.34,
      0.1375,
      0.6125,
      0.41,
      0.205,
      0,
      0.4775,
      0.2725,
      0.07,
      0.545,
      0.34,
      0.1375,
      0.6125,
      0.41,
      0.205
    ],
    "SoftwareVersions": "syngo MR E11",
    "SpacingBetweenSlices": 2.5,
    "StationName": "PRISMA",
    "StudyID": "1",
    "StudyInstanceUID": "1.3.12.2.1107.5.2.43.167050.30000018042619061766300000019",
    "TaskName": "bang",
    "TotalReadoutTime": 0.0425812,
    "TxRefAmp": 267.044,
    "WipMemBlock": "dadf3ab0-f4bf-4c8f-b884-9950806b3827||Sequence: R016 ve11c/master r/e634e98; Dec 19 2017 11:00:25 by eja",
    "dataset": "unknown",
    "modality": "bold",
    "run_id": 1,
    "session_id": "core2p2",
    "subject_id": "CC0012",
    "task_id": "bang"
  },
  "dummy_trs": 1,
  "dvars_nstd": 31.066942438432203,
  "dvars_std": 1.0603668708333343,
  "dvars_vstd": 1.0089980059322026,
  "efc": 0.5310616390407229,
  "fber": 638.8016967773438,
  "fd_mean": 0.11121293812333585,
  "fd_num": 76,
  "fd_perc": 10.719322990126939,
  "fwhm_avg": 2.931744,
  "fwhm_x": 2.63608,
  "fwhm_y": 3.117304,
  "fwhm_z": 3.041848,
  "gcor": 0.0109403,
  "gsr_x": 0.00990165863186121,
  "gsr_y": 0.06920905411243439,
  "provenance": {
    "md5sum": "5319e169c22f985e10c652fcd559c8dc",
    "settings": {
      "fd_thres": 0.2,
      "hmc_fsl": false
    },
    "software": "mriqc",
    "version": "0.15.0",
    "webapi_port": null,
    "webapi_url": "https://mriqc.nimh.nih.gov/api/v1"
  },
  "size_t": 709,
  "size_x": 80,
  "size_y": 80,
  "size_z": 60,
  "snr": 2.1927646120992925,
  "spacing_tr": 0.699999988079071,
  "spacing_x": 2.5,
  "spacing_y": 2.5,
  "spacing_z": 2.5,
  "summary_bg_k": 17.24780020514038,
  "summary_bg_mad": 88.88505554199219,
  "summary_bg_mean": 427.01611328125,
  "summary_bg_median": 146.46827697753906,
  "summary_bg_n": 246493.0,
  "summary_bg_p05": 80.8095932006836,
  "summary_bg_p95": 1824.6197753906235,
  "summary_bg_stdv": 710.1597900390625,
  "summary_fg_k": 0.8935227339031266,
  "summary_fg_mad": 1666.9708251953125,
  "summary_fg_mean": 4291.7880859375,
  "summary_fg_median": 3989.8740234375,
  "summary_fg_n": 77968.0,
  "summary_fg_p05": 1851.0834777832033,
  "summary_fg_p95": 7752.894384765621,
  "summary_fg_stdv": 1819.5516357421875,
  "tsnr": 40.602012634277344
}