{
    "Modality":"MR",
    "MagneticFieldStrength":3,
    "ImagingFrequency":123.25,
    "Manufacturer":"Siemens",
    "ManufacturersModelName":"Prisma_fit",
    "InstitutionName":"Caltech Prisma64",
    "InstitutionalDepartmentName":"Department",
    "InstitutionAddress":"Michigan Ave 320,Pasadena,California,US,91025",
    "DeviceSerialNumber":"167050",
    "StationName":"PRISMA",
    "SeriesInstanceUID":"1.3.12.2.1107.5.2.43.167050.2018051016055579797866765.0.0.0",
    "StudyInstanceUID":"1.3.12.2.1107.5.2.43.167050.30000018042619061766300000025",
    "ReferringPhysicianName":"Adolphs",
    "StudyID":"1",
    "PatientName":"CC0041",
    "PatientID":"CC0041",
    "AccessionNumber":"8472-020",
    "PatientBirthDate":"1986-03-01",
    "PatientSex":"M",
    "PatientWeight":65.7709,
    "BodyPartExamined":"BRAIN",
    "PatientPosition":"HFS",
    "ProcedureStepDescription":"Conte Core",
    "SoftwareVersions":"syngo MR E11",
    "MRAcquisitionType":"2D",
    "SeriesDescription":"task-pixar_run-01_bold",
    "ProtocolName":"task-pixar_run-01_bold",
    "ScanningSequence":"EP",
    "SequenceVariant":"SK\\SS\\OSP",
    "ScanOptions":"FS\\EXT",
    "SequenceName":"epfid2d1_80",
    "ImageType":[
        "ORIGINAL",
        "PRIMARY",
        "M",
        "MB",
        "ND",
        "MOSAIC"
    ],
    "SeriesNumber":34,
    "AcquisitionTime":"16:09:12.472500",
    "AcquisitionDateTime":"2018-05-10T16:09:12.472500",
    "AcquisitionNumber":1,
    "ImageComments":"Unaliased MB6/PE3/LB",
    "SliceThickness":2.5,
    "SpacingBetweenSlices":2.5,
    "SAR":0.0860719,
    "EchoTime":0.03,
    "RepetitionTime":0.7,
    "FlipAngle":53,
    "PartialFourier":1,
    "BaseResolution":80,
    "ShimSetting":[
        6986,
        -3625,
        7947,
        365,
        27,
        -105,
        -20,
        -8
    ],
    "TxRefAmp":252.725,
    "PhaseResolution":1,
    "PhaseOversampling":0.1,
    "ReceiveCoilName":"Head_32",
    "ReceiveCoilActiveElements":"HEA;HEP",
    "PulseSequenceDetails":"%CustomerSeq%\\cmrr_mbep2d_bold",
    "WipMemBlock":"0e18af0e-7cfa-41fb-baee-a5f73d9de6eb||Sequence: R016 ve11c/master r/e634e98; Dec 19 2017 11:00:25 by eja",
    "ConsistencyInfo":"N4_VE11C_LATEST_20160120",
    "MultibandAccelerationFactor":6,
    "PercentPhaseFOV":100,
    "PercentSampling":100,
    "EchoTrainLength":88,
    "PhaseEncodingSteps":88,
    "AcquisitionMatrixPE":80,
    "ReconMatrixPE":80,
    "BandwidthPerPixelPhaseEncode":23.191,
    "EffectiveEchoSpacing":0.000539002,
    "DerivedVendorReportedEchoSpacing":0.000490002,
    "TotalReadoutTime":0.0425812,
    "PixelBandwidth":2715,
    "DwellTime":2.3e-06,
    "PhaseEncodingDirection":"j-",
    "SliceTiming":[
        0,
        0.475,
        0.27,
        0.0675,
        0.5425,
        0.34,
        0.135,
        0.61,
        0.4075,
        0.2025,
        0,
        0.475,
        0.27,
        0.0675,
        0.5425,
        0.34,
        0.135,
        0.61,
        0.4075,
        0.2025,
        0,
        0.475,
        0.27,
        0.0675,
        0.5425,
        0.34,
        0.135,
        0.61,
        0.4075,
        0.2025,
        0,
        0.475,
        0.27,
        0.0675,
        0.5425,
        0.34,
        0.135,
        0.61,
        0.4075,
        0.2025,
        0,
        0.475,
        0.27,
        0.0675,
        0.5425,
        0.34,
        0.135,
        0.61,
        0.4075,
        0.2025,
        0,
        0.475,
        0.27,
        0.0675,
        0.5425,
        0.34,
        0.135,
        0.61,
        0.4075,
        0.2025
    ],
    "ImageOrientationPatientDICOM":[
        1,
        0,
        0,
        0,
        0.939693,
        -0.34202
    ],
    "InPlanePhaseEncodingDirectionDICOM":"COL",
    "ConversionSoftware":"dcm2niix",
    "ConversionSoftwareVersion":"v1.0.20210317",
    "TaskName":"pixar"
}