{
  "bids_meta": {
    "AccessionNumber": "8569-001",
    "AcquisitionDateTime": "2018-09-17T13:32:29.550000",
    "AcquisitionMatrixPE": 256,
    "AcquisitionNumber": 1,
    "AcquisitionTime": "13:32:29.550000",
    "BaseResolution": 256,
    "BodyPartExamined": "BRAIN",
    "ConsistencyInfo": "N4_VE11C_LATEST_20160120",
    "ConversionSoftware": "dcm2niix",
    "ConversionSoftwareVersion": "v1.0.20210317",
    "DeviceSerialNumber": "167050",
    "DwellTime": 3e-06,
    "EchoNumber": 4,
    "FlipAngle": 8,
    "ImageComments": "Average over all echoes.",
    "ImageOrientationPatientDICOM": [
      0,
      1,
      0,
      0,
      0,
      -1
    ],
    "ImageType": [
      "ORIGINAL",
      "PRIMARY",
      "ECHO",
      "COMBINED",
      "ND"
    ],
    "ImagingFrequency": 123.25,
    "InPlanePhaseEncodingDirectionDICOM": "ROW",
    "InstitutionAddress": "Michigan Ave 320,Pasadena,California,US,91025",
    "InstitutionName": "Caltech Prisma64",
    "InstitutionalDepartmentName": "Department",
    "InversionTime": 1.15,
    "MRAcquisitionType": "3D",
    "MagneticFieldStrength": 3,
    "Manufacturer": "Siemens",
    "ManufacturersModelName": "Prisma_fit",
    "Modality": "MR",
    "ParallelReductionFactorInPlane": 2,
    "PartialFourier": 1,
    "PatientBirthDate": "1983-05-01",
    "PatientID": "CC0165",
    "PatientName": "CC0165",
    "PatientPosition": "HFS",
    "PatientSex": "M",
    "PatientWeight": 74.8428,
    "PercentPhaseFOV": 100,
    "PercentSampling": 100,
    "PhaseEncodingSteps": 282,
    "PhaseOversampling": 0.1,
    "PhaseResolution": 1,
    "PixelBandwidth": 650,
    "ProtocolName": "T1w",
    "PulseSequenceDetails": "%CustomerSeq%\\tfl_wip900D_VE11C",
    "ReceiveCoilActiveElements": "HEA;HEP",
    "ReceiveCoilName": "Head_32",
    "ReconMatrixPE": 256,
    "RefLinesPE": 32,
    "ReferringPhysicianName": "Adolphs",
    "RepetitionTime": 2.55,
    "SAR": 0.0414194,
    "ScanOptions": "IR\\WE",
    "ScanningSequence": "GR\\IR",
    "SequenceName": "tfl3d4_16ns",
    "SequenceVariant": "SK\\SP\\MP\\OSP",
    "SeriesDescription": "T1w_combEcho",
    "SeriesInstanceUID": "1.3.12.2.1107.5.2.43.167050.2018091713393925454035180.0.0.0",
    "SeriesNumber": 5,
    "ShimSetting": [
      6980,
      -3633,
      7934,
      457,
      -22,
      -129,
      11,
      2
    ],
    "SliceThickness": 0.9,
    "SoftwareVersions": "syngo MR E11",
    "StationName": "PRISMA",
    "StudyID": "1",
    "StudyInstanceUID": "1.3.12.2.1107.5.2.43.167050.30000018081720093477500000130",
    "TxRefAmp": 256.586,
    "WipMemBlock": "WIP_Identifier: WIP#900D",
    "acq_id": "combecho",
    "dataset": "unknown",
    "modality": "T1w",
    "run_id": 2,
    "session_id": "core2p2",
    "subject_id": "CC0165"
  },
  "cjv": 0.4895652017980107,
  "cnr": 2.483450875620107,
  "efc": 0.5960394193031093,
  "fber": 226.27516174316406,
  "fwhm_avg": 5.360643596419031,
  "fwhm_x": 5.3570779196918785,
  "fwhm_y": 5.206628173913043,
  "fwhm_z": 5.518224695652173,
  "icvs_csf": 0.21636857143599278,
  "icvs_gm": 0.3808662283513344,
  "icvs_wm": 0.40276520021267287,
  "inu_med": 1.7021361589431763,
  "inu_range": 1.3177652657032013,
  "provenance": {
    "md5sum": "ec53ee02c518c0bfc1866bb8f899f63d",
    "settings": {
      "testing": false
    },
    "software": "mriqc",
    "version": "0.15.0",
    "warnings": {
      "large_rot_frame": false,
      "small_air_mask": false
    },
    "webapi_port": null,
    "webapi_url": "https://mriqc.nimh.nih.gov/api/v1"
  },
  "qi_1": 0.0,
  "qi_2": 0.009693674027105659,
  "rpve_csf": 24.310349346075554,
  "rpve_gm": 12.22324355795306,
  "rpve_wm": 13.519166990679482,
  "size_x": 208,
  "size_y": 256,
  "size_z": 256,
  "snr_csf": 3.843581423342031,
  "snr_gm": 12.114069613486922,
  "snr_total": 8.58187480940651,
  "snr_wm": 9.78797339139058,
  "snrd_csf": 19.30367272092464,
  "snrd_gm": 42.222380495881026,
  "snrd_total": 40.43146497592786,
  "snrd_wm": 59.76834171097791,
  "spacing_x": 0.8999999761581421,
  "spacing_y": 0.8984375,
  "spacing_z": 0.8984375,
  "summary_bg_k": 1.3575143851276676,
  "summary_bg_mad": 10.961197853088379,
  "summary_bg_mean": 40.95522689819336,
  "summary_bg_median": 40.234474182128906,
  "summary_bg_n": 3542784.0,
  "summary_bg_p05": 23.57597713470459,
  "summary_bg_p95": 61.16968059539793,
  "summary_bg_stdv": 11.616137504577637,
  "summary_csf_k": 1.5583259658910205,
  "summary_csf_mad": 70.78357696533203,
  "summary_csf_mean": 342.16339111328125,
  "summary_csf_median": 322.9730224609375,
  "summary_csf_n": 51176.0,
  "summary_csf_p05": 239.21279525756836,
  "summary_csf_p95": 505.39996337890625,
  "summary_csf_stdv": 84.02836608886719,
  "summary_gm_k": -0.08230621689740891,
  "summary_gm_mad": 58.66594696044922,
  "summary_gm_mean": 707.9208374023438,
  "summary_gm_median": 706.4298095703125,
  "summary_gm_n": 29555.0,
  "summary_gm_p05": 613.5828063964843,
  "summary_gm_p95": 806.5504394531249,
  "summary_gm_stdv": 58.31383514404297,
  "summary_wm_k": 1.229676334293754,
  "summary_wm_mad": 85.05299377441406,
  "summary_wm_mean": 1024.625,
  "summary_wm_median": 999.9942626953125,
  "summary_wm_n": 198641.0,
  "summary_wm_p05": 900.3178100585938,
  "summary_wm_p95": 1224.5374755859375,
  "summary_wm_stdv": 102.16535186767578,
  "tpm_overlap_csf": 0.212057426571846,
  "tpm_overlap_gm": 0.4192532002925873,
  "tpm_overlap_wm": 0.4715022146701813,
  "wm2max": 0.5588900895052501
}