{
  "bids_meta": {
    "AccessionNumber": "8569-001",
    "AcquisitionDateTime": "2018-09-17T13:32:29.550000",
    "AcquisitionMatrixPE": 256,
    "AcquisitionNumber": 1,
    "AcquisitionTime": "13:32:29.550000",
    "BaseResolution": 256,
    "BodyPartExamined": "BRAIN",
    "ConsistencyInfo": "N4_VE11C_LATEST_20160120",
    "ConversionSoftware": "dcm2niix",
    "ConversionSoftwareVersion": "v1.0.20210317",
    "DeviceSerialNumber": "167050",
    "DwellTime": 3e-06,
    "EchoNumber": 4,
    "FlipAngle": 8,
    "ImageComments": "Average over all echoes.",
    "ImageOrientationPatientDICOM": [
      0,
      1,
      0,
      0,
      0,
      -1
    ],
    "ImageType": [
      "ORIGINAL",
      "PRIMARY",
      "ECHO",
      "COMBINED",
      "ND",
      "NORM"
    ],
    "ImagingFrequency": 123.25,
    "InPlanePhaseEncodingDirectionDICOM": "ROW",
    "InstitutionAddress": "Michigan Ave 320,Pasadena,California,US,91025",
    "InstitutionName": "Caltech Prisma64",
    "InstitutionalDepartmentName": "Department",
    "InversionTime": 1.15,
    "MRAcquisitionType": "3D",
    "MagneticFieldStrength": 3,
    "Manufacturer": "Siemens",
    "ManufacturersModelName": "Prisma_fit",
    "Modality": "MR",
    "ParallelReductionFactorInPlane": 2,
    "PartialFourier": 1,
    "PatientBirthDate": "1983-05-01",
    "PatientID": "CC0165",
    "PatientName": "CC0165",
    "PatientPosition": "HFS",
    "PatientSex": "M",
    "PatientWeight": 74.8428,
    "PercentPhaseFOV": 100,
    "PercentSampling": 100,
    "PhaseEncodingSteps": 282,
    "PhaseOversampling": 0.1,
    "PhaseResolution": 1,
    "PixelBandwidth": 650,
    "ProtocolName": "T1w",
    "PulseSequenceDetails": "%CustomerSeq%\\tfl_wip900D_VE11C",
    "ReceiveCoilActiveElements": "HEA;HEP",
    "ReceiveCoilName": "Head_32",
    "ReconMatrixPE": 256,
    "RefLinesPE": 32,
    "ReferringPhysicianName": "Adolphs",
    "RepetitionTime": 2.55,
    "SAR": 0.0414194,
    "ScanOptions": "IR\\WE",
    "ScanningSequence": "GR\\IR",
    "SequenceName": "tfl3d4_16ns",
    "SequenceVariant": "SK\\SP\\MP\\OSP",
    "SeriesDescription": "T1w_combEcho",
    "SeriesInstanceUID": "1.3.12.2.1107.5.2.43.167050.2018091713393925458335181.0.0.0",
    "SeriesNumber": 4,
    "ShimSetting": [
      6980,
      -3633,
      7934,
      457,
      -22,
      -129,
      11,
      2
    ],
    "SliceThickness": 0.9,
    "SoftwareVersions": "syngo MR E11",
    "StationName": "PRISMA",
    "StudyID": "1",
    "StudyInstanceUID": "1.3.12.2.1107.5.2.43.167050.30000018081720093477500000130",
    "TxRefAmp": 256.586,
    "WipMemBlock": "WIP_Identifier: WIP#900D",
    "acq_id": "combecho",
    "dataset": "unknown",
    "modality": "T1w",
    "run_id": 1,
    "session_id": "core2p2",
    "subject_id": "CC0165"
  },
  "cjv": 0.5161316445201026,
  "cnr": 2.315623423458092,
  "efc": 0.6077331482427316,
  "fber": 2113.988037109375,
  "fwhm_avg": 4.164683289366624,
  "fwhm_x": 4.138988998534653,
  "fwhm_y": 4.130660173913044,
  "fwhm_z": 4.224400695652174,
  "icvs_csf": 0.2340997393770036,
  "icvs_gm": 0.3848292971452054,
  "icvs_wm": 0.381070963477791,
  "inu_med": 1.5721688270568848,
  "inu_range": 0.5415642023086544,
  "provenance": {
    "md5sum": "36582a5039dc11b71f9563bec9374461",
    "settings": {
      "testing": false
    },
    "software": "mriqc",
    "version": "0.15.0",
    "warnings": {
      "large_rot_frame": false,
      "small_air_mask": false
    },
    "webapi_port": null,
    "webapi_url": "https://mriqc.nimh.nih.gov/api/v1"
  },
  "qi_1": 0.0,
  "qi_2": 0.016296157092629875,
  "rpve_csf": 21.95126794840594,
  "rpve_gm": 12.911728805609805,
  "rpve_wm": 15.844388946845243,
  "size_x": 208,
  "size_y": 256,
  "size_z": 256,
  "snr_csf": 3.7349780859150576,
  "snr_gm": 10.167100666702082,
  "snr_total": 12.222956679581033,
  "snr_wm": 22.76679128612596,
  "snrd_csf": 42.195575025307555,
  "snrd_gm": 93.40126546114297,
  "snrd_total": 84.49599092646132,
  "snrd_wm": 117.89113229293345,
  "spacing_x": 0.8999999761581421,
  "spacing_y": 0.8984375,
  "spacing_z": 0.8984375,
  "summary_bg_k": 2.4028120192795415,
  "summary_bg_mad": 5.557321548461914,
  "summary_bg_mean": 13.305452346801758,
  "summary_bg_median": 11.204241752624512,
  "summary_bg_n": 3641874.0,
  "summary_bg_p05": 3.731762170791626,
  "summary_bg_p95": 26.223894786834716,
  "summary_bg_stdv": 6.822702407836914,
  "summary_csf_k": 1.3208344229836024,
  "summary_csf_mad": 80.7948989868164,
  "summary_csf_mean": 380.83172607421875,
  "summary_csf_median": 357.9321594238281,
  "summary_csf_n": 73073.0,
  "summary_csf_p05": 266.6184936523438,
  "summary_csf_p95": 575.1671142578124,
  "summary_csf_stdv": 95.8318099975586,
  "summary_gm_k": 0.8082732677554403,
  "summary_gm_mad": 67.62187194824219,
  "summary_gm_mean": 799.8832397460938,
  "summary_gm_median": 792.2943725585938,
  "summary_gm_n": 19508.0,
  "summary_gm_p05": 685.2867858886718,
  "summary_gm_p95": 946.3295959472655,
  "summary_gm_stdv": 77.9252700805664,
  "summary_wm_k": 1.01262813280621,
  "summary_wm_mad": 39.599342346191406,
  "summary_wm_mean": 1000.0990600585938,
  "summary_wm_median": 1000.034423828125,
  "summary_wm_n": 301664.0,
  "summary_wm_p05": 927.7307891845703,
  "summary_wm_p95": 1071.1093688964843,
  "summary_wm_stdv": 43.92506408691406,
  "tpm_overlap_csf": 0.23106910288333893,
  "tpm_overlap_gm": 0.47116562724113464,
  "tpm_overlap_wm": 0.5444061756134033,
  "wm2max": 0.7034576862176714
}