{
  "bids_meta": {
    "AccessionNumber": "8553-001",
    "AcquisitionDateTime": "2018-08-24T10:17:34.287500",
    "AcquisitionMatrixPE": 256,
    "AcquisitionNumber": 1,
    "AcquisitionTime": "10:17:34.287500",
    "BaseResolution": 256,
    "BodyPartExamined": "BRAIN",
    "ConsistencyInfo": "N4_VE11C_LATEST_20160120",
    "ConversionSoftware": "dcm2niix",
    "ConversionSoftwareVersion": "v1.0.20210317",
    "DeviceSerialNumber": "167050",
    "DwellTime": 2.6e-06,
    "EchoTime": 0.564,
    "EchoTrainLength": 314,
    "FlipAngle": 120,
    "ImageOrientationPatientDICOM": [
      0,
      1,
      0,
      0,
      0,
      -1
    ],
    "ImageType": [
      "ORIGINAL",
      "PRIMARY",
      "M",
      "ND"
    ],
    "ImagingFrequency": 123.25,
    "InPlanePhaseEncodingDirectionDICOM": "ROW",
    "InstitutionAddress": "Michigan Ave 320,Pasadena,California,US,91025",
    "InstitutionName": "Caltech Prisma64",
    "InstitutionalDepartmentName": "Department",
    "MRAcquisitionType": "3D",
    "MagneticFieldStrength": 3,
    "Manufacturer": "Siemens",
    "ManufacturersModelName": "Prisma_fit",
    "Modality": "MR",
    "ParallelReductionFactorInPlane": 2,
    "PartialFourier": 1,
    "PatientBirthDate": "1993-07-01",
    "PatientID": "CC0153",
    "PatientName": "CC0153",
    "PatientPosition": "HFS",
    "PatientSex": "F",
    "PatientWeight": 49.8952,
    "PercentPhaseFOV": 100,
    "PercentSampling": 100,
    "PhaseEncodingDirection": "i",
    "PhaseEncodingSteps": 274,
    "PhaseOversampling": 0.1,
    "PhaseResolution": 1,
    "PixelBandwidth": 750,
    "ProtocolName": "T2w",
    "PulseSequenceDetails": "%SiemensSeq%\\tse_vfl",
    "ReceiveCoilActiveElements": "HEA;HEP",
    "ReceiveCoilName": "Head_32",
    "ReconMatrixPE": 256,
    "RefLinesPE": 32,
    "ReferringPhysicianName": "Adolphs",
    "RepetitionTime": 3.2,
    "SAR": 0.169434,
    "ScanOptions": "PFP",
    "ScanningSequence": "SE",
    "SequenceName": "*spc_314ns",
    "SequenceVariant": "SK\\SP\\OSP",
    "SeriesDescription": "T2w",
    "SeriesInstanceUID": "1.3.12.2.1107.5.2.43.167050.2018082410231165875139476.0.0.0",
    "SeriesNumber": 11,
    "ShimSetting": [
      6958,
      -3657,
      7877,
      482,
      -110,
      -192,
      -119,
      68
    ],
    "SliceThickness": 0.9,
    "SoftwareVersions": "syngo MR E11",
    "StationName": "PRISMA",
    "StudyID": "1",
    "StudyInstanceUID": "1.3.12.2.1107.5.2.43.167050.30000018081720093477500000037",
    "TxRefAmp": 235.59,
    "dataset": "unknown",
    "modality": "T2w",
    "run_id": 1,
    "session_id": "core2p2",
    "subject_id": "CC0153"
  },
  "cjv": 0.6632838677404568,
  "cnr": 2.1238861989395033,
  "efc": 0.5012150511271096,
  "fber": 1039.5135498046875,
  "fwhm_avg": 3.388956544137823,
  "fwhm_x": 3.2660111976308612,
  "fwhm_y": 3.704921043478261,
  "fwhm_z": 3.195937391304348,
  "icvs_csf": 0.20940773937001247,
  "icvs_gm": 0.5641503557674434,
  "icvs_wm": 0.2264419048625441,
  "inu_med": 1.542786717414856,
  "inu_range": 0.6976708173751829,
  "provenance": {
    "md5sum": "df033070e1e2eb7f6e19652d99b2755a",
    "settings": {
      "testing": false
    },
    "software": "mriqc",
    "version": "0.15.0",
    "warnings": {
      "large_rot_frame": false,
      "small_air_mask": false
    },
    "webapi_port": null,
    "webapi_url": "https://mriqc.nimh.nih.gov/api/v1"
  },
  "qi_1": 0.0,
  "qi_2": 0.002320532236549954,
  "rpve_csf": 20.20249915104261,
  "rpve_gm": 9.507820127114423,
  "rpve_wm": 21.3446210725568,
  "size_x": 208,
  "size_y": 256,
  "size_z": 256,
  "snr_csf": 3.1088311156281763,
  "snr_gm": 5.894439348502912,
  "snr_total": 4.996345573087588,
  "snr_wm": 5.985766255131676,
  "snrd_csf": 114.24099812963311,
  "snrd_gm": 46.74967747996544,
  "snrd_total": 62.749285969774455,
  "snrd_wm": 27.2571822997248,
  "spacing_x": 0.8999999761581421,
  "spacing_y": 0.8984375,
  "spacing_z": 0.8984375,
  "summary_bg_k": 5.316327297389803,
  "summary_bg_mad": 24.035160064697266,
  "summary_bg_mean": 43.977806091308594,
  "summary_bg_median": 39.82706832885742,
  "summary_bg_n": 3430046.0,
  "summary_bg_p05": 8.043738603591919,
  "summary_bg_p95": 96.01894950866699,
  "summary_bg_stdv": 28.25482177734375,
  "summary_csf_k": -0.3567184627687632,
  "summary_csf_mad": 1426.3255615234375,
  "summary_csf_mean": 4493.1279296875,
  "summary_csf_median": 4191.189453125,
  "summary_csf_n": 30971.0,
  "summary_csf_p05": 2462.7999267578125,
  "summary_csf_p95": 6827.6337890625,
  "summary_csf_stdv": 1348.13427734375,
  "summary_gm_k": -0.3333998155257265,
  "summary_gm_mad": 313.9205627441406,
  "summary_gm_mean": 1721.6480712890625,
  "summary_gm_median": 1715.11767578125,
  "summary_gm_n": 81729.0,
  "summary_gm_p05": 1263.2821044921875,
  "summary_gm_p95": 2204.7557128906246,
  "summary_gm_stdv": 290.9703674316406,
  "summary_wm_k": 0.8414564892970051,
  "summary_wm_mad": 160.41116333007812,
  "summary_wm_mean": 991.6719970703125,
  "summary_wm_median": 999.9913940429688,
  "summary_wm_n": 72219.0,
  "summary_wm_p05": 708.1860900878906,
  "summary_wm_p95": 1246.8989746093748,
  "summary_wm_stdv": 167.06039428710938,
  "tpm_overlap_csf": 0.2145904302597046,
  "tpm_overlap_gm": 0.5137284994125366,
  "tpm_overlap_wm": 0.410320520401001,
  "wm2max": 0.15119116061522866
}