{
  "bids_meta": {
    "AccessionNumber": "8553-001",
    "AcquisitionDateTime": "2018-08-24T09:59:42.622500",
    "AcquisitionMatrixPE": 256,
    "AcquisitionNumber": 1,
    "AcquisitionTime": "09:59:42.622500",
    "BaseResolution": 256,
    "BodyPartExamined": "BRAIN",
    "ConsistencyInfo": "N4_VE11C_LATEST_20160120",
    "ConversionSoftware": "dcm2niix",
    "ConversionSoftwareVersion": "v1.0.20210317",
    "DeviceSerialNumber": "167050",
    "DwellTime": 3e-06,
    "EchoNumber": 4,
    "FlipAngle": 8,
    "ImageComments": "Average over all echoes.",
    "ImageOrientationPatientDICOM": [
      0,
      1,
      0,
      0,
      0,
      -1
    ],
    "ImageType": [
      "ORIGINAL",
      "PRIMARY",
      "ECHO",
      "COMBINED",
      "ND",
      "NORM"
    ],
    "ImagingFrequency": 123.25,
    "InPlanePhaseEncodingDirectionDICOM": "ROW",
    "InstitutionAddress": "Michigan Ave 320,Pasadena,California,US,91025",
    "InstitutionName": "Caltech Prisma64",
    "InstitutionalDepartmentName": "Department",
    "InversionTime": 1.15,
    "MRAcquisitionType": "3D",
    "MagneticFieldStrength": 3,
    "Manufacturer": "Siemens",
    "ManufacturersModelName": "Prisma_fit",
    "Modality": "MR",
    "ParallelReductionFactorInPlane": 2,
    "PartialFourier": 1,
    "PatientBirthDate": "1993-07-01",
    "PatientID": "CC0153",
    "PatientName": "CC0153",
    "PatientPosition": "HFS",
    "PatientSex": "F",
    "PatientWeight": 49.8952,
    "PercentPhaseFOV": 100,
    "PercentSampling": 100,
    "PhaseEncodingSteps": 282,
    "PhaseOversampling": 0.1,
    "PhaseResolution": 1,
    "PixelBandwidth": 650,
    "ProtocolName": "T1w",
    "PulseSequenceDetails": "%CustomerSeq%\\tfl_wip900D_VE11C",
    "ReceiveCoilActiveElements": "HEA;HEP",
    "ReceiveCoilName": "Head_32",
    "ReconMatrixPE": 256,
    "RefLinesPE": 32,
    "ReferringPhysicianName": "Adolphs",
    "RepetitionTime": 2.55,
    "SAR": 0.0430514,
    "ScanOptions": "IR\\WE",
    "ScanningSequence": "GR\\IR",
    "SequenceName": "tfl3d4_16ns",
    "SequenceVariant": "SK\\SP\\MP\\OSP",
    "SeriesDescription": "T1w_combEcho",
    "SeriesInstanceUID": "1.3.12.2.1107.5.2.43.167050.2018082410065080730827889.0.0.0",
    "SeriesNumber": 4,
    "ShimSetting": [
      6958,
      -3657,
      7877,
      482,
      -110,
      -192,
      -119,
      68
    ],
    "SliceThickness": 0.9,
    "SoftwareVersions": "syngo MR E11",
    "StationName": "PRISMA",
    "StudyID": "1",
    "StudyInstanceUID": "1.3.12.2.1107.5.2.43.167050.30000018081720093477500000037",
    "TxRefAmp": 235.59,
    "WipMemBlock": "WIP_Identifier: WIP#900D",
    "acq_id": "combecho",
    "dataset": "unknown",
    "modality": "T1w",
    "run_id": 1,
    "session_id": "core2p2",
    "subject_id": "CC0153"
  },
  "cjv": 0.43081530333477713,
  "cnr": 2.7285073732441023,
  "efc": 0.575321790489035,
  "fber": 1861.848388671875,
  "fwhm_avg": 4.347174254137054,
  "fwhm_x": 4.343677892845946,
  "fwhm_y": 4.302235826086957,
  "fwhm_z": 4.395609043478261,
  "icvs_csf": 0.22155640787743075,
  "icvs_gm": 0.40860063619505993,
  "icvs_wm": 0.3698429559275093,
  "inu_med": 1.4709830284118652,
  "inu_range": 0.4832917094230651,
  "provenance": {
    "md5sum": "59efb6d1c8e57576ccb5831739722339",
    "settings": {
      "testing": false
    },
    "software": "mriqc",
    "version": "0.15.0",
    "warnings": {
      "large_rot_frame": false,
      "small_air_mask": false
    },
    "webapi_port": null,
    "webapi_url": "https://mriqc.nimh.nih.gov/api/v1"
  },
  "qi_1": 0.0,
  "qi_2": 0.016094208848226214,
  "rpve_csf": 23.143355746473862,
  "rpve_gm": 12.653178978420641,
  "rpve_wm": 16.46233737159154,
  "size_x": 208,
  "size_y": 256,
  "size_z": 256,
  "snr_csf": 3.8420910931624075,
  "snr_gm": 12.04687767349047,
  "snr_total": 13.913150218793616,
  "snr_wm": 25.850481889727966,
  "snrd_csf": 48.10199520135289,
  "snrd_gm": 97.12631377398792,
  "snrd_total": 89.3231383183675,
  "snrd_wm": 122.74110597976166,
  "spacing_x": 0.8999999761581421,
  "spacing_y": 0.8984375,
  "spacing_z": 0.8984375,
  "summary_bg_k": 1.9449663080412787,
  "summary_bg_mad": 5.337606906890869,
  "summary_bg_mean": 12.3600435256958,
  "summary_bg_median": 10.78342342376709,
  "summary_bg_n": 3515298.0,
  "summary_bg_p05": 3.591454195976257,
  "summary_bg_p95": 24.979237461090086,
  "summary_bg_stdv": 6.24610710144043,
  "summary_csf_k": 0.1953769618436203,
  "summary_csf_mad": 101.89750671386719,
  "summary_csf_mean": 410.89105224609375,
  "summary_csf_median": 391.9024353027344,
  "summary_csf_n": 59719.0,
  "summary_csf_p05": 272.35436096191404,
  "summary_csf_p95": 592.221533203125,
  "summary_csf_stdv": 102.00152587890625,
  "summary_gm_k": 0.7178986087892012,
  "summary_gm_mad": 57.364009857177734,
  "summary_gm_mean": 797.6406860351562,
  "summary_gm_median": 791.3193359375,
  "summary_gm_n": 26600.0,
  "summary_gm_p05": 701.9232482910156,
  "summary_gm_p95": 921.7181427001952,
  "summary_gm_stdv": 65.68544006347656,
  "summary_wm_k": 2.281046224359617,
  "summary_wm_mad": 32.543678283691406,
  "summary_wm_mean": 997.8995361328125,
  "summary_wm_median": 1000.0112915039062,
  "summary_wm_n": 288412.0,
  "summary_wm_p05": 930.0579071044922,
  "summary_wm_p95": 1054.207696533203,
  "summary_wm_stdv": 38.68436813354492,
  "tpm_overlap_csf": 0.23111175000667572,
  "tpm_overlap_gm": 0.5055071711540222,
  "tpm_overlap_wm": 0.5664771199226379,
  "wm2max": 0.7353010858257502
}