{
  "aor": 0.001262970297029703,
  "aqi": 0.009131296958981612,
  "bids_meta": {
    "AccessionNumber": "8561-001",
    "AcquisitionDateTime": "2018-08-30T16:36:36.555000",
    "AcquisitionMatrixPE": 80,
    "AcquisitionNumber": 1,
    "AcquisitionTime": "16:36:36.555000",
    "BandwidthPerPixelPhaseEncode": 23.191,
    "BaseResolution": 80,
    "BodyPartExamined": "BRAIN",
    "ConsistencyInfo": "N4_VE11C_LATEST_20160120",
    "ConversionSoftware": "dcm2niix",
    "ConversionSoftwareVersion": "v1.0.20210317",
    "DerivedVendorReportedEchoSpacing": 0.000490002,
    "DeviceSerialNumber": "167050",
    "DwellTime": 2.3e-06,
    "EchoTime": 0.03,
    "EchoTrainLength": 88,
    "EffectiveEchoSpacing": 0.000539002,
    "FlipAngle": 53,
    "ImageComments": "Unaliased MB6/PE3/LB",
    "ImageOrientationPatientDICOM": [
      1,
      0,
      0,
      0,
      0.939693,
      -0.34202
    ],
    "ImageType": [
      "ORIGINAL",
      "PRIMARY",
      "M",
      "MB",
      "ND",
      "MOSAIC"
    ],
    "ImagingFrequency": 123.25,
    "InPlanePhaseEncodingDirectionDICOM": "COL",
    "InstitutionAddress": "Michigan Ave 320,Pasadena,California,US,91025",
    "InstitutionName": "Caltech Prisma64",
    "InstitutionalDepartmentName": "Department",
    "MRAcquisitionType": "2D",
    "MagneticFieldStrength": 3,
    "Manufacturer": "Siemens",
    "ManufacturersModelName": "Prisma_fit",
    "Modality": "MR",
    "MultibandAccelerationFactor": 6,
    "PartialFourier": 1,
    "PatientBirthDate": "1979-12-01",
    "PatientID": "CC0158",
    "PatientName": "CC0158",
    "PatientPosition": "HFS",
    "PatientSex": "M",
    "PatientWeight": 122.47,
    "PercentPhaseFOV": 100,
    "PercentSampling": 100,
    "PhaseEncodingDirection": "j-",
    "PhaseEncodingSteps": 88,
    "PhaseOversampling": 0.1,
    "PhaseResolution": 1,
    "PixelBandwidth": 2715,
    "ProcedureStepDescription": "Conte Core",
    "ProtocolName": "task-bang_bold",
    "PulseSequenceDetails": "%CustomerSeq%\\cmrr_mbep2d_bold",
    "ReceiveCoilActiveElements": "HEA;HEP",
    "ReceiveCoilName": "Head_32",
    "ReconMatrixPE": 80,
    "ReferringPhysicianName": "Adolphs",
    "RepetitionTime": 0.7,
    "SAR": 0.0959881,
    "ScanOptions": "FS\\EXT",
    "ScanningSequence": "EP",
    "SequenceName": "epfid2d1_80",
    "SequenceVariant": "SK\\SS\\OSP",
    "SeriesDescription": "task-bang_bold",
    "SeriesInstanceUID": "1.3.12.2.1107.5.2.43.167050.201808301634119380348197.0.0.0",
    "SeriesNumber": 24,
    "ShimSetting": [
      6984,
      -3600,
      7953,
      285,
      -74,
      34,
      -19,
      -7
    ],
    "SliceThickness": 2.5,
    "SliceTiming": [
      0,
      0.475,
      0.27,
      0.0675,
      0.5425,
      0.34,
      0.135,
      0.61,
      0.4075,
      0.2025,
      0,
      0.475,
      0.27,
      0.0675,
      0.5425,
      0.34,
      0.135,
      0.61,
      0.4075,
      0.2025,
      0,
      0.475,
      0.27,
      0.0675,
      0.5425,
      0.34,
      0.135,
      0.61,
      0.4075,
      0.2025,
      0,
      0.475,
      0.27,
      0.0675,
      0.5425,
      0.34,
      0.135,
      0.61,
      0.4075,
      0.2025,
      0,
      0.475,
      0.27,
      0.0675,
      0.5425,
      0.34,
      0.135,
      0.61,
      0.4075,
      0.2025,
      0,
      0.475,
      0.27,
      0.0675,
      0.5425,
      0.34,
      0.135,
      0.61,
      0.4075,
      0.2025
    ],
    "SoftwareVersions": "syngo MR E11",
    "SpacingBetweenSlices": 2.5,
    "StationName": "PRISMA",
    "StudyID": "1",
    "StudyInstanceUID": "1.3.12.2.1107.5.2.43.167050.30000018081720093477500000070",
    "TaskName": "bang",
    "TotalReadoutTime": 0.0425812,
    "TxRefAmp": 333.352,
    "WipMemBlock": "34d92083-4cb1-4d03-9b68-f530cb219cbc||Sequence: R016 ve11c/master r/e634e98; Dec 19 2017 11:00:25 by eja",
    "dataset": "unknown",
    "modality": "bold",
    "run_id": 1,
    "session_id": "core2p2",
    "subject_id": "CC0158",
    "task_id": "bang"
  },
  "dummy_trs": 3,
  "dvars_nstd": 49.672700709050964,
  "dvars_std": 1.0650666471529742,
  "dvars_vstd": 1.0025622294617578,
  "efc": 0.5794354494141869,
  "fber": 345.03179931640625,
  "fd_mean": 0.3986161384440387,
  "fd_num": 562,
  "fd_perc": 79.4908062234795,
  "fwhm_avg": 2.9463493333333335,
  "fwhm_x": 2.712808,
  "fwhm_y": 3.073888,
  "fwhm_z": 3.052352,
  "gcor": 0.0121866,
  "gsr_x": 0.0010595364728942513,
  "gsr_y": 0.1333731710910797,
  "provenance": {
    "md5sum": "13a4c705b07303a13706f8a51d68bc80",
    "settings": {
      "fd_thres": 0.2,
      "hmc_fsl": false
    },
    "software": "mriqc",
    "version": "0.15.0",
    "webapi_port": null,
    "webapi_url": "https://mriqc.nimh.nih.gov/api/v1"
  },
  "size_t": 707,
  "size_x": 80,
  "size_y": 80,
  "size_z": 60,
  "snr": 1.8969104727648558,
  "spacing_tr": 0.699999988079071,
  "spacing_x": 2.5,
  "spacing_y": 2.5,
  "spacing_z": 2.5,
  "summary_bg_k": 20.471970501263087,
  "summary_bg_mad": 128.9014892578125,
  "summary_bg_mean": 477.3788757324219,
  "summary_bg_median": 180.31967163085938,
  "summary_bg_n": 214764.0,
  "summary_bg_p05": 85.27744102478027,
  "summary_bg_p95": 1926.7887268066402,
  "summary_bg_stdv": 735.6761474609375,
  "summary_fg_k": 1.144866175314875,
  "summary_fg_mad": 1668.83447265625,
  "summary_fg_mean": 4082.44970703125,
  "summary_fg_median": 3648.6416015625,
  "summary_fg_n": 104630.0,
  "summary_fg_p05": 1723.4448852539062,
  "summary_fg_p95": 7844.6043457031155,
  "summary_fg_stdv": 1923.4561767578125,
  "tsnr": 29.20165252685547
}