{
  "aor": 0.0009150985915492959,
  "aqi": 0.009735774633802818,
  "bids_meta": {
    "AccessionNumber": "8562-001",
    "AcquisitionDateTime": "2018-09-04T11:12:46.362500",
    "AcquisitionMatrixPE": 80,
    "AcquisitionNumber": 1,
    "AcquisitionTime": "11:12:46.362500",
    "BandwidthPerPixelPhaseEncode": 23.191,
    "BaseResolution": 80,
    "BodyPartExamined": "BRAIN",
    "ConsistencyInfo": "N4_VE11C_LATEST_20160120",
    "ConversionSoftware": "dcm2niix",
    "ConversionSoftwareVersion": "v1.0.20210317",
    "DerivedVendorReportedEchoSpacing": 0.000490002,
    "DeviceSerialNumber": "167050",
    "DwellTime": 2.3e-06,
    "EchoTime": 0.03,
    "EchoTrainLength": 88,
    "EffectiveEchoSpacing": 0.000539002,
    "FlipAngle": 53,
    "ImageComments": "Unaliased MB6/PE3/LB",
    "ImageOrientationPatientDICOM": [
      1,
      0,
      0,
      0,
      0.939693,
      -0.34202
    ],
    "ImageType": [
      "ORIGINAL",
      "PRIMARY",
      "M",
      "MB",
      "ND",
      "MOSAIC"
    ],
    "ImagingFrequency": 123.251,
    "InPlanePhaseEncodingDirectionDICOM": "COL",
    "InstitutionAddress": "Michigan Ave 320,Pasadena,California,US,91025",
    "InstitutionName": "Caltech Prisma64",
    "InstitutionalDepartmentName": "Department",
    "MRAcquisitionType": "2D",
    "MagneticFieldStrength": 3,
    "Manufacturer": "Siemens",
    "ManufacturersModelName": "Prisma_fit",
    "Modality": "MR",
    "MultibandAccelerationFactor": 6,
    "PartialFourier": 1,
    "PatientBirthDate": "1975-09-01",
    "PatientID": "CC0159",
    "PatientName": "CC0159",
    "PatientPosition": "HFS",
    "PatientSex": "F",
    "PatientWeight": 59.8742,
    "PercentPhaseFOV": 100,
    "PercentSampling": 100,
    "PhaseEncodingDirection": "j-",
    "PhaseEncodingSteps": 88,
    "PhaseOversampling": 0.1,
    "PhaseResolution": 1,
    "PixelBandwidth": 2715,
    "ProcedureStepDescription": "Conte Core",
    "ProtocolName": "task-bang_bold",
    "PulseSequenceDetails": "%CustomerSeq%\\cmrr_mbep2d_bold",
    "ReceiveCoilActiveElements": "HEA;HEP",
    "ReceiveCoilName": "Head_32",
    "ReconMatrixPE": 80,
    "ReferringPhysicianName": "Adolphs",
    "RepetitionTime": 0.7,
    "SAR": 0.0829293,
    "ScanOptions": "FS\\EXT",
    "ScanningSequence": "EP",
    "SequenceName": "epfid2d1_80",
    "SequenceVariant": "SK\\SS\\OSP",
    "SeriesDescription": "task-bang_bold",
    "SeriesInstanceUID": "1.3.12.2.1107.5.2.43.167050.2018090411103221654860686.0.0.0",
    "SeriesNumber": 24,
    "ShimSetting": [
      7022,
      -3025,
      7490,
      217,
      -3,
      1676,
      -287,
      -169
    ],
    "SliceThickness": 2.5,
    "SliceTiming": [
      0,
      0.475,
      0.27,
      0.0675,
      0.5425,
      0.34,
      0.135,
      0.61,
      0.4075,
      0.2025,
      0,
      0.475,
      0.27,
      0.0675,
      0.5425,
      0.34,
      0.135,
      0.61,
      0.4075,
      0.2025,
      0,
      0.475,
      0.27,
      0.0675,
      0.5425,
      0.34,
      0.135,
      0.61,
      0.4075,
      0.2025,
      0,
      0.475,
      0.27,
      0.0675,
      0.5425,
      0.34,
      0.135,
      0.61,
      0.4075,
      0.2025,
      0,
      0.475,
      0.27,
      0.0675,
      0.5425,
      0.34,
      0.135,
      0.61,
      0.4075,
      0.2025,
      0,
      0.475,
      0.27,
      0.0675,
      0.5425,
      0.34,
      0.135,
      0.61,
      0.4075,
      0.2025
    ],
    "SoftwareVersions": "syngo MR E11",
    "SpacingBetweenSlices": 2.5,
    "StationName": "PRISMA",
    "StudyID": "1",
    "StudyInstanceUID": "1.3.12.2.1107.5.2.43.167050.30000018081720093477500000073",
    "TaskName": "bang",
    "TotalReadoutTime": 0.0425812,
    "TxRefAmp": 244.93,
    "WipMemBlock": "423dd519-fabd-4f32-9b0d-4dc5fb35ef3a||Sequence: R016 ve11c/master r/e634e98; Dec 19 2017 11:00:25 by eja",
    "dataset": "unknown",
    "modality": "bold",
    "run_id": 1,
    "session_id": "core2p2",
    "subject_id": "CC0159",
    "task_id": "bang"
  },
  "dummy_trs": 0,
  "dvars_nstd": 35.857524417193204,
  "dvars_std": 1.0718933631170666,
  "dvars_vstd": 0.9755197761777173,
  "efc": 0.511689061417952,
  "fber": 768.389404296875,
  "fd_mean": 0.17451399920617958,
  "fd_num": 201,
  "fd_perc": 28.309859154929576,
  "fwhm_avg": 3.029396,
  "fwhm_x": 2.878524,
  "fwhm_y": 3.26704,
  "fwhm_z": 2.942624,
  "gcor": 0.00987468,
  "gsr_x": 0.0057098595425486565,
  "gsr_y": 0.04278549551963806,
  "provenance": {
    "md5sum": "a5876b576c04024a7b7cb30f71fc615d",
    "settings": {
      "fd_thres": 0.2,
      "hmc_fsl": false
    },
    "software": "mriqc",
    "version": "0.15.0",
    "webapi_port": null,
    "webapi_url": "https://mriqc.nimh.nih.gov/api/v1"
  },
  "size_t": 710,
  "size_x": 80,
  "size_y": 80,
  "size_z": 60,
  "snr": 2.215911777076717,
  "spacing_tr": 0.699999988079071,
  "spacing_x": 2.5,
  "spacing_y": 2.5,
  "spacing_z": 2.5,
  "summary_bg_k": 26.996177606177973,
  "summary_bg_mad": 74.50597381591797,
  "summary_bg_mean": 349.14959716796875,
  "summary_bg_median": 138.54928588867188,
  "summary_bg_n": 244257.0,
  "summary_bg_p05": 81.46760559082031,
  "summary_bg_p95": 1454.6011230468741,
  "summary_bg_stdv": 612.0601196289062,
  "summary_fg_k": 0.3822486365761737,
  "summary_fg_mad": 1814.4970703125,
  "summary_fg_mean": 4521.21484375,
  "summary_fg_median": 4215.05322265625,
  "summary_fg_n": 79360.0,
  "summary_fg_p05": 1891.0680908203126,
  "summary_fg_p95": 8064.226953125001,
  "summary_fg_stdv": 1902.16357421875,
  "tsnr": 32.9391975402832
}