{
  "aor": 0.0016891772151898733,
  "aqi": 0.008531826434599156,
  "bids_meta": {
    "AccessionNumber": "8562-001",
    "AcquisitionDateTime": "2018-09-04T11:39:50.180000",
    "AcquisitionMatrixPE": 80,
    "AcquisitionNumber": 1,
    "AcquisitionTime": "11:39:50.180000",
    "BandwidthPerPixelPhaseEncode": 23.191,
    "BaseResolution": 80,
    "BodyPartExamined": "BRAIN",
    "ConsistencyInfo": "N4_VE11C_LATEST_20160120",
    "ConversionSoftware": "dcm2niix",
    "ConversionSoftwareVersion": "v1.0.20210317",
    "DerivedVendorReportedEchoSpacing": 0.000490002,
    "DeviceSerialNumber": "167050",
    "DwellTime": 2.3e-06,
    "EchoTime": 0.03,
    "EchoTrainLength": 88,
    "EffectiveEchoSpacing": 0.000539002,
    "FlipAngle": 53,
    "ImageComments": "Unaliased MB6/PE3/LB",
    "ImageOrientationPatientDICOM": [
      1,
      0,
      0,
      0,
      0.939693,
      -0.34202
    ],
    "ImageType": [
      "ORIGINAL",
      "PRIMARY",
      "M",
      "MB",
      "ND",
      "MOSAIC"
    ],
    "ImagingFrequency": 123.251,
    "InPlanePhaseEncodingDirectionDICOM": "COL",
    "InstitutionAddress": "Michigan Ave 320,Pasadena,California,US,91025",
    "InstitutionName": "Caltech Prisma64",
    "InstitutionalDepartmentName": "Department",
    "MRAcquisitionType": "2D",
    "MagneticFieldStrength": 3,
    "Manufacturer": "Siemens",
    "ManufacturersModelName": "Prisma_fit",
    "Modality": "MR",
    "MultibandAccelerationFactor": 6,
    "PartialFourier": 1,
    "PatientBirthDate": "1975-09-01",
    "PatientID": "CC0159",
    "PatientName": "CC0159",
    "PatientPosition": "HFS",
    "PatientSex": "F",
    "PatientWeight": 59.8742,
    "PercentPhaseFOV": 100,
    "PercentSampling": 100,
    "PhaseEncodingDirection": "j-",
    "PhaseEncodingSteps": 88,
    "PhaseOversampling": 0.1,
    "PhaseResolution": 1,
    "PixelBandwidth": 2715,
    "ProcedureStepDescription": "Conte Core",
    "ProtocolName": "task-pixar_run-01_bold",
    "PulseSequenceDetails": "%CustomerSeq%\\cmrr_mbep2d_bold",
    "ReceiveCoilActiveElements": "HEA;HEP",
    "ReceiveCoilName": "Head_32",
    "ReconMatrixPE": 80,
    "ReferringPhysicianName": "Adolphs",
    "RepetitionTime": 0.7,
    "SAR": 0.0827167,
    "ScanOptions": "FS\\EXT",
    "ScanningSequence": "EP",
    "SequenceName": "epfid2d1_80",
    "SequenceVariant": "SK\\SS\\OSP",
    "SeriesDescription": "task-pixar_run-01_bold",
    "SeriesInstanceUID": "1.3.12.2.1107.5.2.43.167050.201809041138074698587588.0.0.0",
    "SeriesNumber": 34,
    "ShimSetting": [
      7022,
      -3025,
      7490,
      217,
      -3,
      1676,
      -287,
      -169
    ],
    "SliceThickness": 2.5,
    "SliceTiming": [
      0,
      0.475,
      0.27,
      0.0675,
      0.5425,
      0.34,
      0.135,
      0.61,
      0.4075,
      0.2025,
      0,
      0.475,
      0.27,
      0.0675,
      0.5425,
      0.34,
      0.135,
      0.61,
      0.4075,
      0.2025,
      0,
      0.475,
      0.27,
      0.0675,
      0.5425,
      0.34,
      0.135,
      0.61,
      0.4075,
      0.2025,
      0,
      0.475,
      0.27,
      0.0675,
      0.5425,
      0.34,
      0.135,
      0.61,
      0.4075,
      0.2025,
      0,
      0.475,
      0.27,
      0.0675,
      0.5425,
      0.34,
      0.135,
      0.61,
      0.4075,
      0.2025,
      0,
      0.475,
      0.27,
      0.0675,
      0.5425,
      0.34,
      0.135,
      0.61,
      0.4075,
      0.2025
    ],
    "SoftwareVersions": "syngo MR E11",
    "SpacingBetweenSlices": 2.5,
    "StationName": "PRISMA",
    "StudyID": "1",
    "StudyInstanceUID": "1.3.12.2.1107.5.2.43.167050.30000018081720093477500000073",
    "TaskName": "pixar",
    "TotalReadoutTime": 0.0425812,
    "TxRefAmp": 244.93,
    "WipMemBlock": "e036025a-150b-49ba-9cea-bfe9785971ef||Sequence: R016 ve11c/master r/e634e98; Dec 19 2017 11:00:25 by eja",
    "dataset": "unknown",
    "modality": "bold",
    "run_id": 1,
    "session_id": "core2p2",
    "subject_id": "CC0159",
    "task_id": "pixar"
  },
  "dummy_trs": 2,
  "dvars_nstd": 35.644529387082436,
  "dvars_std": 1.1024698226638479,
  "dvars_vstd": 1.0232187121564484,
  "efc": 0.5083520068016177,
  "fber": 854.1968383789062,
  "fd_mean": 0.15856058508943746,
  "fd_num": 144,
  "fd_perc": 30.379746835443036,
  "fwhm_avg": 2.891234666666667,
  "fwhm_x": 2.732836,
  "fwhm_y": 3.05868,
  "fwhm_z": 2.882188,
  "gcor": 0.00567165,
  "gsr_x": 0.010437184013426304,
  "gsr_y": 0.03462601080536842,
  "provenance": {
    "md5sum": "618727f0fd3edbec601cc2c809e9c130",
    "settings": {
      "fd_thres": 0.2,
      "hmc_fsl": false
    },
    "software": "mriqc",
    "version": "0.15.0",
    "webapi_port": null,
    "webapi_url": "https://mriqc.nimh.nih.gov/api/v1"
  },
  "size_t": 474,
  "size_x": 80,
  "size_y": 80,
  "size_z": 60,
  "snr": 2.3938853807202873,
  "spacing_tr": 0.699999988079071,
  "spacing_x": 2.5,
  "spacing_y": 2.5,
  "spacing_z": 2.5,
  "summary_bg_k": 31.032714612399218,
  "summary_bg_mad": 62.62586212158203,
  "summary_bg_mean": 320.0820007324219,
  "summary_bg_median": 127.04429626464844,
  "summary_bg_n": 247899.0,
  "summary_bg_p05": 80.07383728027344,
  "summary_bg_p95": 1329.709228515624,
  "summary_bg_stdv": 577.3755493164062,
  "summary_fg_k": 0.3387491156891782,
  "summary_fg_mad": 1596.12158203125,
  "summary_fg_mean": 4294.1318359375,
  "summary_fg_median": 4051.9619140625,
  "summary_fg_n": 76237.0,
  "summary_fg_p05": 1899.4015625,
  "summary_fg_p95": 7438.7469726562485,
  "summary_fg_stdv": 1692.6187744140625,
  "tsnr": 37.11787414550781
}