{
  "aor": 0.000515759493670886,
  "aqi": 0.00511061864978903,
  "bids_meta": {
    "AccessionNumber": "9004-033",
    "AcquisitionDateTime": "2018-06-08T11:49:25.422500",
    "AcquisitionMatrixPE": 80,
    "AcquisitionNumber": 1,
    "AcquisitionTime": "11:49:25.422500",
    "BandwidthPerPixelPhaseEncode": 23.191,
    "BaseResolution": 80,
    "BodyPartExamined": "BRAIN",
    "ConsistencyInfo": "N4_VE11C_LATEST_20160120",
    "ConversionSoftware": "dcm2niix",
    "ConversionSoftwareVersion": "v1.0.20210317",
    "DerivedVendorReportedEchoSpacing": 0.000490002,
    "DeviceSerialNumber": "167050",
    "DwellTime": 2.3e-06,
    "EchoTime": 0.03,
    "EchoTrainLength": 88,
    "EffectiveEchoSpacing": 0.000539002,
    "FlipAngle": 53,
    "ImageComments": "Unaliased MB6/PE3/LB",
    "ImageOrientationPatientDICOM": [
      1,
      0,
      0,
      0,
      0.939693,
      -0.34202
    ],
    "ImageType": [
      "ORIGINAL",
      "PRIMARY",
      "M",
      "MB",
      "ND",
      "MOSAIC"
    ],
    "ImagingFrequency": 123.251,
    "InPlanePhaseEncodingDirectionDICOM": "COL",
    "InstitutionAddress": "Michigan Ave 320,Pasadena,California,US,91025",
    "InstitutionName": "Caltech Prisma64",
    "InstitutionalDepartmentName": "Department",
    "MRAcquisitionType": "2D",
    "MagneticFieldStrength": 3,
    "Manufacturer": "Siemens",
    "ManufacturersModelName": "Prisma_fit",
    "Modality": "MR",
    "MultibandAccelerationFactor": 6,
    "PartialFourier": 1,
    "PatientBirthDate": "1983-03-01",
    "PatientID": "CC0033",
    "PatientName": "CC0033",
    "PatientPosition": "HFS",
    "PatientSex": "M",
    "PatientWeight": 77.1107,
    "PercentPhaseFOV": 100,
    "PercentSampling": 100,
    "PhaseEncodingDirection": "j-",
    "PhaseEncodingSteps": 88,
    "PhaseOversampling": 0.1,
    "PhaseResolution": 1,
    "PixelBandwidth": 2715,
    "ProtocolName": "task-pixar_run-01_bold",
    "PulseSequenceDetails": "%CustomerSeq%\\cmrr_mbep2d_bold",
    "ReceiveCoilActiveElements": "HEA;HEP",
    "ReceiveCoilName": "Head_32",
    "ReconMatrixPE": 80,
    "ReferringPhysicianName": "Adolphs",
    "RepetitionTime": 0.7,
    "SAR": 0.0916231,
    "ScanOptions": "FS\\EXT",
    "ScanningSequence": "EP",
    "SequenceName": "epfid2d1_80",
    "SequenceVariant": "SK\\SS\\OSP",
    "SeriesDescription": "task-pixar_run-01_bold",
    "SeriesInstanceUID": "1.3.12.2.1107.5.2.43.167050.2018060811473425367553682.0.0.0",
    "SeriesNumber": 34,
    "ShimSetting": [
      6992,
      -3603,
      7975,
      390,
      7,
      38,
      -72,
      -8
    ],
    "SliceThickness": 2.5,
    "SliceTiming": [
      0,
      0.475,
      0.2725,
      0.0675,
      0.545,
      0.34,
      0.135,
      0.6125,
      0.4075,
      0.205,
      0,
      0.475,
      0.2725,
      0.0675,
      0.545,
      0.34,
      0.135,
      0.6125,
      0.4075,
      0.205,
      0,
      0.475,
      0.2725,
      0.0675,
      0.545,
      0.34,
      0.135,
      0.6125,
      0.4075,
      0.205,
      0,
      0.475,
      0.2725,
      0.0675,
      0.545,
      0.34,
      0.135,
      0.6125,
      0.4075,
      0.205,
      0,
      0.475,
      0.2725,
      0.0675,
      0.545,
      0.34,
      0.135,
      0.6125,
      0.4075,
      0.205,
      0,
      0.475,
      0.2725,
      0.0675,
      0.545,
      0.34,
      0.135,
      0.6125,
      0.4075,
      0.205
    ],
    "SoftwareVersions": "syngo MR E11",
    "SpacingBetweenSlices": 2.5,
    "StationName": "PRISMA",
    "StudyID": "1",
    "StudyInstanceUID": "1.3.12.2.1107.5.2.43.167050.30000018060623115207200000025",
    "TaskName": "pixar",
    "TotalReadoutTime": 0.0425812,
    "TxRefAmp": 276.594,
    "WipMemBlock": "101bce88-0b9f-4411-8216-5085fcd55723||Sequence: R016 ve11c/master r/e634e98; Dec 19 2017 11:00:25 by eja",
    "dataset": "unknown",
    "modality": "bold",
    "run_id": 1,
    "session_id": "core2p2",
    "subject_id": "CC0033",
    "task_id": "pixar"
  },
  "dummy_trs": 2,
  "dvars_nstd": 33.365328939894304,
  "dvars_std": 1.0422195049048628,
  "dvars_vstd": 0.9919592363636356,
  "efc": 0.5421527373965507,
  "fber": 559.31396484375,
  "fd_mean": 0.1185770754121352,
  "fd_num": 32,
  "fd_perc": 6.751054852320675,
  "fwhm_avg": 2.8532906666666666,
  "fwhm_x": 2.683904,
  "fwhm_y": 2.995224,
  "fwhm_z": 2.880744,
  "gcor": 0.0108667,
  "gsr_x": 0.021100234240293503,
  "gsr_y": 0.0862535834312439,
  "provenance": {
    "md5sum": "e5f057ba4b9dafcfbe1a6ad7b5daa550",
    "settings": {
      "fd_thres": 0.2,
      "hmc_fsl": false
    },
    "software": "mriqc",
    "version": "0.15.0",
    "webapi_port": null,
    "webapi_url": "https://mriqc.nimh.nih.gov/api/v1"
  },
  "size_t": 474,
  "size_x": 80,
  "size_y": 80,
  "size_z": 60,
  "snr": 2.084388394146937,
  "spacing_tr": 0.699999988079071,
  "spacing_x": 2.5,
  "spacing_y": 2.5,
  "spacing_z": 2.5,
  "summary_bg_k": 17.86833296003374,
  "summary_bg_mad": 86.31622314453125,
  "summary_bg_mean": 382.260498046875,
  "summary_bg_median": 147.27003479003906,
  "summary_bg_n": 233771.0,
  "summary_bg_p05": 81.26371002197266,
  "summary_bg_p95": 1635.4883422851562,
  "summary_bg_stdv": 614.8359985351562,
  "summary_fg_k": 1.2704031544932208,
  "summary_fg_mad": 1539.23828125,
  "summary_fg_mean": 4110.43115234375,
  "summary_fg_median": 3762.571533203125,
  "summary_fg_n": 87567.0,
  "summary_fg_p05": 1765.0610961914062,
  "summary_fg_p95": 7656.643164062501,
  "summary_fg_stdv": 1805.10986328125,
  "tsnr": 39.109832763671875
}