{
    "Modality":"MR",
    "MagneticFieldStrength":3,
    "ImagingFrequency":123.25,
    "Manufacturer":"Siemens",
    "ManufacturersModelName":"Prisma_fit",
    "InstitutionName":"Caltech Prisma64",
    "InstitutionalDepartmentName":"Department",
    "InstitutionAddress":"Michigan Ave 320,Pasadena,California,US,91025",
    "DeviceSerialNumber":"167050",
    "StationName":"PRISMA",
    "BodyPartExamined":"BRAIN",
    "PatientPosition":"HFS",
    "ProcedureStepDescription":"Conte Core",
    "SoftwareVersions":"syngo MR E11",
    "MRAcquisitionType":"3D",
    "SeriesDescription":"T1w_combEcho",
    "ProtocolName":"T1w",
    "ScanningSequence":"GR\\IR",
    "SequenceVariant":"SK\\SP\\MP\\OSP",
    "ScanOptions":"IR\\WE",
    "SequenceName":"tfl3d4_16ns",
    "ImageType":[
        "ORIGINAL",
        "PRIMARY",
        "ECHO",
        "COMBINED",
        "ND",
        "NORM"
    ],
    "SeriesNumber":5,
    "AcquisitionTime":"09:59:56.017500",
    "AcquisitionNumber":1,
    "ImageComments":"Average over all echoes.",
    "SliceThickness":0.9,
    "SAR":0.0553236,
    "EchoNumber":4,
    "RepetitionTime":2.55,
    "InversionTime":1.15,
    "FlipAngle":8,
    "PartialFourier":1,
    "BaseResolution":256,
    "ShimSetting":[
        6963,
        -3680,
        7900,
        279,
        32,
        -258,
        2,
        60
    ],
    "TxRefAmp":273.783,
    "PhaseResolution":1,
    "PhaseOversampling":0.1,
    "ReceiveCoilName":"Head_32",
    "ReceiveCoilActiveElements":"HEA;HEP",
    "PulseSequenceDetails":"%CustomerSeq%\\tfl_wip900D_VE11C",
    "WipMemBlock":"WIP_Identifier: WIP#900D",
    "RefLinesPE":32,
    "ConsistencyInfo":"N4_VE11C_LATEST_20160120",
    "PercentPhaseFOV":100,
    "PercentSampling":100,
    "PhaseEncodingSteps":282,
    "AcquisitionMatrixPE":256,
    "ReconMatrixPE":256,
    "ParallelReductionFactorInPlane":2,
    "PixelBandwidth":650,
    "DwellTime":3e-06,
    "ImageOrientationPatientDICOM":[
        0,
        1,
        0,
        0,
        0,
        -1
    ],
    "InPlanePhaseEncodingDirectionDICOM":"ROW",
    "ConversionSoftware":"dcm2niix",
    "ConversionSoftwareVersion":"v1.0.20210317"
}