{
  "bids_meta": {
    "AccessionNumber": "8562-001",
    "AcquisitionDateTime": "2018-09-04T10:32:59.882500",
    "AcquisitionMatrixPE": 256,
    "AcquisitionNumber": 1,
    "AcquisitionTime": "10:32:59.882500",
    "BaseResolution": 256,
    "BodyPartExamined": "BRAIN",
    "ConsistencyInfo": "N4_VE11C_LATEST_20160120",
    "ConversionSoftware": "dcm2niix",
    "ConversionSoftwareVersion": "v1.0.20210317",
    "DeviceSerialNumber": "167050",
    "DwellTime": 3e-06,
    "EchoNumber": 4,
    "FlipAngle": 8,
    "ImageComments": "Average over all echoes.",
    "ImageOrientationPatientDICOM": [
      0,
      1,
      0,
      0,
      0,
      -1
    ],
    "ImageType": [
      "ORIGINAL",
      "PRIMARY",
      "ECHO",
      "COMBINED",
      "ND",
      "NORM"
    ],
    "ImagingFrequency": 123.251,
    "InPlanePhaseEncodingDirectionDICOM": "ROW",
    "InstitutionAddress": "Michigan Ave 320,Pasadena,California,US,91025",
    "InstitutionName": "Caltech Prisma64",
    "InstitutionalDepartmentName": "Department",
    "InversionTime": 1.15,
    "MRAcquisitionType": "3D",
    "MagneticFieldStrength": 3,
    "Manufacturer": "Siemens",
    "ManufacturersModelName": "Prisma_fit",
    "Modality": "MR",
    "ParallelReductionFactorInPlane": 2,
    "PartialFourier": 1,
    "PatientBirthDate": "1975-09-01",
    "PatientID": "CC0159",
    "PatientName": "CC0159",
    "PatientPosition": "HFS",
    "PatientSex": "F",
    "PatientWeight": 59.8742,
    "PercentPhaseFOV": 100,
    "PercentSampling": 100,
    "PhaseEncodingSteps": 282,
    "PhaseOversampling": 0.1,
    "PhaseResolution": 1,
    "PixelBandwidth": 650,
    "ProcedureStepDescription": "Conte Core",
    "ProtocolName": "T1w",
    "PulseSequenceDetails": "%CustomerSeq%\\tfl_wip900D_VE11C",
    "ReceiveCoilActiveElements": "HEA;HEP",
    "ReceiveCoilName": "Head_32",
    "ReconMatrixPE": 256,
    "RefLinesPE": 32,
    "ReferringPhysicianName": "Adolphs",
    "RepetitionTime": 2.55,
    "SAR": 0.0439897,
    "ScanOptions": "IR\\WE",
    "ScanningSequence": "GR\\IR",
    "SequenceName": "tfl3d4_16ns",
    "SequenceVariant": "SK\\SP\\MP\\OSP",
    "SeriesDescription": "T1w_combEcho",
    "SeriesInstanceUID": "1.3.12.2.1107.5.2.43.167050.2018090410400846043833285.0.0.0",
    "SeriesNumber": 5,
    "ShimSetting": [
      7025,
      -3080,
      7503,
      258,
      12,
      1459,
      -240,
      -166
    ],
    "SliceThickness": 0.9,
    "SoftwareVersions": "syngo MR E11",
    "StationName": "PRISMA",
    "StudyID": "1",
    "StudyInstanceUID": "1.3.12.2.1107.5.2.43.167050.30000018081720093477500000073",
    "TxRefAmp": 244.93,
    "WipMemBlock": "WIP_Identifier: WIP#900D",
    "acq_id": "combecho",
    "dataset": "unknown",
    "modality": "T1w",
    "run_id": 2,
    "session_id": "core2p2",
    "subject_id": "CC0159"
  },
  "cjv": 0.4056775609574947,
  "cnr": 3.090398020709603,
  "efc": 0.5573278317025838,
  "fber": 1860.9310302734375,
  "fwhm_avg": 4.31774238199,
  "fwhm_x": 4.23365566770913,
  "fwhm_y": 4.259072,
  "fwhm_z": 4.46049947826087,
  "icvs_csf": 0.21472090837426475,
  "icvs_gm": 0.38811221410025304,
  "icvs_wm": 0.39716687752548224,
  "inu_med": 1.4683446884155273,
  "inu_range": 0.42143933773040754,
  "provenance": {
    "md5sum": "c7efe37972c292da29efda3c8bc00406",
    "settings": {
      "testing": false
    },
    "software": "mriqc",
    "version": "0.15.0",
    "warnings": {
      "large_rot_frame": false,
      "small_air_mask": false
    },
    "webapi_port": null,
    "webapi_url": "https://mriqc.nimh.nih.gov/api/v1"
  },
  "qi_1": 0.0,
  "qi_2": 0.010441896110696685,
  "rpve_csf": 23.918319697266956,
  "rpve_gm": 13.464980472606028,
  "rpve_wm": 15.94054911623404,
  "size_x": 208,
  "size_y": 256,
  "size_z": 256,
  "snr_csf": 1.6477162276322914,
  "snr_gm": 13.48220273820121,
  "snr_total": 14.947244343621824,
  "snr_wm": 29.71181406503197,
  "snrd_csf": 70.56688589848527,
  "snrd_gm": 131.05725956029838,
  "snrd_total": 122.47524532121611,
  "snrd_wm": 165.8015905048647,
  "spacing_x": 0.8999999761581421,
  "spacing_y": 0.8984375,
  "spacing_z": 0.8984375,
  "summary_bg_k": 5.375260138344739,
  "summary_bg_mad": 3.95133638381958,
  "summary_bg_mean": 10.088095664978027,
  "summary_bg_median": 7.843723297119141,
  "summary_bg_n": 3403173.0,
  "summary_bg_p05": 2.6013882160186768,
  "summary_bg_p95": 20.54942398071289,
  "summary_bg_stdv": 5.286289691925049,
  "summary_csf_k": 27.30651793988306,
  "summary_csf_mad": 124.24176025390625,
  "summary_csf_mean": 469.02349853515625,
  "summary_csf_median": 425.61138916015625,
  "summary_csf_n": 57626.0,
  "summary_csf_p05": 262.7784881591797,
  "summary_csf_p95": 697.9918212890625,
  "summary_csf_stdv": 258.30157470703125,
  "summary_gm_k": 0.2811943976511362,
  "summary_gm_mad": 54.82456588745117,
  "summary_gm_mean": 791.6174926757812,
  "summary_gm_median": 790.4481201171875,
  "summary_gm_n": 25904.0,
  "summary_gm_p05": 695.4367980957031,
  "summary_gm_p95": 891.8228698730469,
  "summary_gm_stdv": 58.627872467041016,
  "summary_wm_k": 0.8978188260513216,
  "summary_wm_mad": 30.186845779418945,
  "summary_wm_mean": 998.8429565429688,
  "summary_wm_median": 1000.0022583007812,
  "summary_wm_n": 322873.0,
  "summary_wm_p05": 941.1861572265625,
  "summary_wm_p95": 1051.6322021484375,
  "summary_wm_stdv": 33.65666961669922,
  "tpm_overlap_csf": 0.21881845593452454,
  "tpm_overlap_gm": 0.49658218026161194,
  "tpm_overlap_wm": 0.5632274746894836,
  "wm2max": 0.6105983821103947
}