{
  "bids_meta": {
    "AccessionNumber": "8562-001",
    "AcquisitionDateTime": "2018-09-04T10:32:59.882500",
    "AcquisitionMatrixPE": 256,
    "AcquisitionNumber": 1,
    "AcquisitionTime": "10:32:59.882500",
    "BaseResolution": 256,
    "BodyPartExamined": "BRAIN",
    "ConsistencyInfo": "N4_VE11C_LATEST_20160120",
    "ConversionSoftware": "dcm2niix",
    "ConversionSoftwareVersion": "v1.0.20210317",
    "DeviceSerialNumber": "167050",
    "DwellTime": 3e-06,
    "EchoNumber": 4,
    "FlipAngle": 8,
    "ImageComments": "Average over all echoes.",
    "ImageOrientationPatientDICOM": [
      0,
      1,
      0,
      0,
      0,
      -1
    ],
    "ImageType": [
      "ORIGINAL",
      "PRIMARY",
      "ECHO",
      "COMBINED",
      "ND"
    ],
    "ImagingFrequency": 123.251,
    "InPlanePhaseEncodingDirectionDICOM": "ROW",
    "InstitutionAddress": "Michigan Ave 320,Pasadena,California,US,91025",
    "InstitutionName": "Caltech Prisma64",
    "InstitutionalDepartmentName": "Department",
    "InversionTime": 1.15,
    "MRAcquisitionType": "3D",
    "MagneticFieldStrength": 3,
    "Manufacturer": "Siemens",
    "ManufacturersModelName": "Prisma_fit",
    "Modality": "MR",
    "ParallelReductionFactorInPlane": 2,
    "PartialFourier": 1,
    "PatientBirthDate": "1975-09-01",
    "PatientID": "CC0159",
    "PatientName": "CC0159",
    "PatientPosition": "HFS",
    "PatientSex": "F",
    "PatientWeight": 59.8742,
    "PercentPhaseFOV": 100,
    "PercentSampling": 100,
    "PhaseEncodingSteps": 282,
    "PhaseOversampling": 0.1,
    "PhaseResolution": 1,
    "PixelBandwidth": 650,
    "ProcedureStepDescription": "Conte Core",
    "ProtocolName": "T1w",
    "PulseSequenceDetails": "%CustomerSeq%\\tfl_wip900D_VE11C",
    "ReceiveCoilActiveElements": "HEA;HEP",
    "ReceiveCoilName": "Head_32",
    "ReconMatrixPE": 256,
    "RefLinesPE": 32,
    "ReferringPhysicianName": "Adolphs",
    "RepetitionTime": 2.55,
    "SAR": 0.0439897,
    "ScanOptions": "IR\\WE",
    "ScanningSequence": "GR\\IR",
    "SequenceName": "tfl3d4_16ns",
    "SequenceVariant": "SK\\SP\\MP\\OSP",
    "SeriesDescription": "T1w_combEcho",
    "SeriesInstanceUID": "1.3.12.2.1107.5.2.43.167050.2018090410400846020833284.0.0.0",
    "SeriesNumber": 4,
    "ShimSetting": [
      7025,
      -3080,
      7503,
      258,
      12,
      1459,
      -240,
      -166
    ],
    "SliceThickness": 0.9,
    "SoftwareVersions": "syngo MR E11",
    "StationName": "PRISMA",
    "StudyID": "1",
    "StudyInstanceUID": "1.3.12.2.1107.5.2.43.167050.30000018081720093477500000073",
    "TxRefAmp": 244.93,
    "WipMemBlock": "WIP_Identifier: WIP#900D",
    "acq_id": "combecho",
    "dataset": "unknown",
    "modality": "T1w",
    "run_id": 1,
    "session_id": "core2p2",
    "subject_id": "CC0159"
  },
  "cjv": 0.8344594676821745,
  "cnr": 1.6475223926071139,
  "efc": 0.5759603468798482,
  "fber": 288.646728515625,
  "fwhm_avg": 5.442321502357345,
  "fwhm_x": 5.281889028811165,
  "fwhm_y": 5.317554086956522,
  "fwhm_z": 5.7275213913043475,
  "icvs_csf": 0.18862891023475095,
  "icvs_gm": 0.4020536358620364,
  "icvs_wm": 0.40931745390321267,
  "inu_med": 1.8543399572372437,
  "inu_range": 1.3821172237396233,
  "provenance": {
    "md5sum": "e3a021281ffc0e699c83bc7929b67705",
    "settings": {
      "testing": false
    },
    "software": "mriqc",
    "version": "0.15.0",
    "warnings": {
      "large_rot_frame": false,
      "small_air_mask": false
    },
    "webapi_port": null,
    "webapi_url": "https://mriqc.nimh.nih.gov/api/v1"
  },
  "qi_1": 0.0,
  "qi_2": 0.005948162246917352,
  "rpve_csf": 27.254934521724778,
  "rpve_gm": 12.18071642367833,
  "rpve_wm": 13.748124423223734,
  "size_x": 208,
  "size_y": 256,
  "size_z": 256,
  "snr_csf": 2.48746484395176,
  "snr_gm": 13.175470571127018,
  "snr_total": 9.662090299233192,
  "snr_wm": 13.323335482620799,
  "snrd_csf": 25.66855641682896,
  "snrd_gm": 52.7386385976474,
  "snrd_total": 47.138838898284575,
  "snrd_wm": 63.00932168037736,
  "spacing_x": 0.8999999761581421,
  "spacing_y": 0.8984375,
  "spacing_z": 0.8984375,
  "summary_bg_k": 3.7964397072914817,
  "summary_bg_mad": 10.397258758544922,
  "summary_bg_mean": 37.276668548583984,
  "summary_bg_median": 35.927101135253906,
  "summary_bg_n": 3344079.0,
  "summary_bg_p05": 21.569283485412598,
  "summary_bg_p95": 55.77238159179687,
  "summary_bg_stdv": 10.942747116088867,
  "summary_csf_k": 41.7250426725547,
  "summary_csf_mad": 118.09962463378906,
  "summary_csf_mean": 431.05474853515625,
  "summary_csf_median": 407.36956787109375,
  "summary_csf_n": 39591.0,
  "summary_csf_p05": 264.81153869628906,
  "summary_csf_p95": 620.491455078125,
  "summary_csf_stdv": 163.76690673828125,
  "summary_gm_k": 0.14629174229345399,
  "summary_gm_mad": 62.490543365478516,
  "summary_gm_mean": 834.055419921875,
  "summary_gm_median": 836.9818725585938,
  "summary_gm_n": 36417.0,
  "summary_gm_p05": 721.363037109375,
  "summary_gm_p95": 931.3490722656251,
  "summary_gm_stdv": 63.52489471435547,
  "summary_wm_k": 0.5442329744110372,
  "summary_wm_mad": 73.52599334716797,
  "summary_wm_mean": 1011.7037353515625,
  "summary_wm_median": 999.9814453125,
  "summary_wm_n": 231911.0,
  "summary_wm_p05": 912.3266296386719,
  "summary_wm_p95": 1150.7492065429688,
  "summary_wm_stdv": 75.05472564697266,
  "tpm_overlap_csf": 0.2169075608253479,
  "tpm_overlap_gm": 0.4277624785900116,
  "tpm_overlap_wm": 0.45737168192863464,
  "wm2max": 0.561923418441264
}