{
  "bids_meta": {
    "AccessionNumber": "8852-001",
    "AcquisitionDateTime": "2019-05-14T15:45:37.572500",
    "AcquisitionMatrixPE": 256,
    "AcquisitionNumber": 1,
    "AcquisitionTime": "15:45:37.572500",
    "BaseResolution": 256,
    "BodyPartExamined": "BRAIN",
    "ConsistencyInfo": "N4_VE11C_LATEST_20160120",
    "ConversionSoftware": "dcm2niix",
    "ConversionSoftwareVersion": "v1.0.20210317",
    "DeviceSerialNumber": "167050",
    "DwellTime": 3e-06,
    "EchoNumber": 4,
    "FlipAngle": 8,
    "ImageComments": "Average over all echoes.",
    "ImageOrientationPatientDICOM": [
      0,
      1,
      0,
      0,
      0,
      -1
    ],
    "ImageType": [
      "ORIGINAL",
      "PRIMARY",
      "ECHO",
      "COMBINED",
      "ND",
      "NORM"
    ],
    "ImagingFrequency": 123.25,
    "InPlanePhaseEncodingDirectionDICOM": "ROW",
    "InstitutionAddress": "Michigan Ave 320,Pasadena,California,US,91025",
    "InstitutionName": "Caltech Prisma32",
    "InstitutionalDepartmentName": "Department",
    "InversionTime": 1.15,
    "MRAcquisitionType": "3D",
    "MagneticFieldStrength": 3,
    "Manufacturer": "Siemens",
    "ManufacturersModelName": "Prisma_fit",
    "Modality": "MR",
    "ParallelReductionFactorInPlane": 2,
    "PartialFourier": 1,
    "PatientBirthDate": "1990-12-01",
    "PatientID": "CC0189",
    "PatientName": "CC0189",
    "PatientPosition": "HFS",
    "PatientSex": "M",
    "PatientWeight": 66.2245,
    "PercentPhaseFOV": 100,
    "PercentSampling": 100,
    "PhaseEncodingSteps": 282,
    "PhaseOversampling": 0.1,
    "PhaseResolution": 1,
    "PixelBandwidth": 650,
    "ProcedureStepDescription": "Conte Core",
    "ProtocolName": "T1w",
    "PulseSequenceDetails": "%CustomerSeq%\\tfl_wip900D_VE11C",
    "ReceiveCoilActiveElements": "HEA;HEP",
    "ReceiveCoilName": "Head_32",
    "ReconMatrixPE": 256,
    "RefLinesPE": 32,
    "ReferringPhysicianName": "Adolphs",
    "RepetitionTime": 2.55,
    "SAR": 0.0440511,
    "ScanOptions": "IR\\WE",
    "ScanningSequence": "GR\\IR",
    "SequenceName": "tfl3d4_16ns",
    "SequenceVariant": "SK\\SP\\MP\\OSP",
    "SeriesDescription": "T1w_combEcho",
    "SeriesInstanceUID": "1.3.12.2.1107.5.2.43.167050.2019051415524650067033062.0.0.0",
    "SeriesNumber": 5,
    "ShimSetting": [
      6972,
      -3690,
      7904,
      304,
      21,
      -208,
      -16,
      29
    ],
    "SliceThickness": 0.9,
    "SoftwareVersions": "syngo MR E11",
    "StationName": "PRISMA",
    "StudyID": "1",
    "StudyInstanceUID": "1.3.12.2.1107.5.2.43.167050.30000019050821005867900000043",
    "TxRefAmp": 252.869,
    "WipMemBlock": "WIP_Identifier: WIP#900D",
    "acq_id": "combecho",
    "dataset": "unknown",
    "modality": "T1w",
    "run_id": 2,
    "session_id": "core2p2",
    "subject_id": "CC0189"
  },
  "cjv": 0.7826515792290426,
  "cnr": 1.694314342316533,
  "efc": 0.5932436822456001,
  "fber": 1748.5157470703125,
  "fwhm_avg": 4.319723748544448,
  "fwhm_x": 4.348600115198563,
  "fwhm_y": 4.173156173913044,
  "fwhm_z": 4.43741495652174,
  "icvs_csf": 0.18822197295518667,
  "icvs_gm": 0.4273830927519926,
  "icvs_wm": 0.38439493429282073,
  "inu_med": 1.6462724208831787,
  "inu_range": 0.6926665604114532,
  "provenance": {
    "md5sum": "4496534b438352f317fd8b538d91fd03",
    "settings": {
      "testing": false
    },
    "software": "mriqc",
    "version": "0.15.0",
    "warnings": {
      "large_rot_frame": false,
      "small_air_mask": false
    },
    "webapi_port": null,
    "webapi_url": "https://mriqc.nimh.nih.gov/api/v1"
  },
  "qi_1": 0.0,
  "qi_2": 0.011141823109333626,
  "rpve_csf": 25.35055535784525,
  "rpve_gm": 11.933036646748313,
  "rpve_wm": 15.310214928360987,
  "size_x": 208,
  "size_y": 256,
  "size_z": 256,
  "snr_csf": 3.4804916832551918,
  "snr_gm": 9.947821030909425,
  "snr_total": 11.413929758299526,
  "snr_wm": 20.813476560733964,
  "snrd_csf": 49.17837021720566,
  "snrd_gm": 99.92498871407729,
  "snrd_total": 89.56493173575683,
  "snrd_wm": 119.59143627598752,
  "spacing_x": 0.8999999761581421,
  "spacing_y": 0.8984375,
  "spacing_z": 0.8984375,
  "summary_bg_k": 3.6510317263469307,
  "summary_bg_mad": 5.478359222412109,
  "summary_bg_mean": 14.252436637878418,
  "summary_bg_median": 14.18410873413086,
  "summary_bg_n": 3770504.0,
  "summary_bg_p05": 3.5880277156829834,
  "summary_bg_p95": 28.477625083923336,
  "summary_bg_stdv": 7.561610698699951,
  "summary_csf_k": 0.8408916509720017,
  "summary_csf_mad": 99.40416717529297,
  "summary_csf_mean": 437.3965148925781,
  "summary_csf_median": 411.2377014160156,
  "summary_csf_n": 41645.0,
  "summary_csf_p05": 288.01934814453125,
  "summary_csf_p95": 670.7113403320311,
  "summary_csf_stdv": 118.15364074707031,
  "summary_gm_k": -0.07836087493580512,
  "summary_gm_mad": 84.93531036376953,
  "summary_gm_mean": 841.2250366210938,
  "summary_gm_median": 835.58935546875,
  "summary_gm_n": 34150.0,
  "summary_gm_p05": 716.609829711914,
  "summary_gm_p95": 993.3402526855468,
  "summary_gm_stdv": 83.9959945678711,
  "summary_wm_k": 0.8700596438427803,
  "summary_wm_mad": 43.77495193481445,
  "summary_wm_mean": 1001.5719604492188,
  "summary_wm_median": 1000.04345703125,
  "summary_wm_n": 301781.0,
  "summary_wm_p05": 925.1771240234375,
  "summary_wm_p95": 1082.0628662109375,
  "summary_wm_stdv": 48.04780197143555,
  "tpm_overlap_csf": 0.21718890964984894,
  "tpm_overlap_gm": 0.49633651971817017,
  "tpm_overlap_wm": 0.5307503938674927,
  "wm2max": 0.6997075620364522
}