{
  "bids_meta": {
    "AccessionNumber": "8852-001",
    "AcquisitionDateTime": "2019-05-14T16:03:15.977500",
    "AcquisitionMatrixPE": 256,
    "AcquisitionNumber": 1,
    "AcquisitionTime": "16:03:15.977500",
    "BaseResolution": 256,
    "BodyPartExamined": "BRAIN",
    "ConsistencyInfo": "N4_VE11C_LATEST_20160120",
    "ConversionSoftware": "dcm2niix",
    "ConversionSoftwareVersion": "v1.0.20210317",
    "DeviceSerialNumber": "167050",
    "DwellTime": 2.6e-06,
    "EchoTime": 0.564,
    "EchoTrainLength": 314,
    "FlipAngle": 120,
    "ImageOrientationPatientDICOM": [
      0,
      1,
      0,
      0,
      0,
      -1
    ],
    "ImageType": [
      "ORIGINAL",
      "PRIMARY",
      "M",
      "ND"
    ],
    "ImagingFrequency": 123.25,
    "InPlanePhaseEncodingDirectionDICOM": "ROW",
    "InstitutionAddress": "Michigan Ave 320,Pasadena,California,US,91025",
    "InstitutionName": "Caltech Prisma32",
    "InstitutionalDepartmentName": "Department",
    "MRAcquisitionType": "3D",
    "MagneticFieldStrength": 3,
    "Manufacturer": "Siemens",
    "ManufacturersModelName": "Prisma_fit",
    "Modality": "MR",
    "ParallelReductionFactorInPlane": 2,
    "PartialFourier": 1,
    "PatientBirthDate": "1990-12-01",
    "PatientID": "CC0189",
    "PatientName": "CC0189",
    "PatientPosition": "HFS",
    "PatientSex": "M",
    "PatientWeight": 66.2245,
    "PercentPhaseFOV": 100,
    "PercentSampling": 100,
    "PhaseEncodingDirection": "i",
    "PhaseEncodingSteps": 274,
    "PhaseOversampling": 0.1,
    "PhaseResolution": 1,
    "PixelBandwidth": 750,
    "ProcedureStepDescription": "Conte Core",
    "ProtocolName": "T2w",
    "PulseSequenceDetails": "%SiemensSeq%\\tse_vfl",
    "ReceiveCoilActiveElements": "HEA;HEP",
    "ReceiveCoilName": "Head_32",
    "ReconMatrixPE": 256,
    "RefLinesPE": 32,
    "ReferringPhysicianName": "Adolphs",
    "RepetitionTime": 3.2,
    "SAR": 0.173369,
    "ScanOptions": "PFP",
    "ScanningSequence": "SE",
    "SequenceName": "*spc_314ns",
    "SequenceVariant": "SK\\SP\\OSP",
    "SeriesDescription": "T2w",
    "SeriesInstanceUID": "1.3.12.2.1107.5.2.43.167050.2019051416085290010644662.0.0.0",
    "SeriesNumber": 11,
    "ShimSetting": [
      6972,
      -3690,
      7904,
      304,
      21,
      -208,
      -16,
      29
    ],
    "SliceThickness": 0.9,
    "SoftwareVersions": "syngo MR E11",
    "StationName": "PRISMA",
    "StudyID": "1",
    "StudyInstanceUID": "1.3.12.2.1107.5.2.43.167050.30000019050821005867900000043",
    "TxRefAmp": 252.869,
    "dataset": "unknown",
    "modality": "T2w",
    "run_id": 1,
    "session_id": "core2p2",
    "subject_id": "CC0189"
  },
  "cjv": 0.5365693322271475,
  "cnr": 2.002288763082818,
  "efc": 0.5313868566938026,
  "fber": 929.5175170898438,
  "fwhm_avg": 3.368936531086913,
  "fwhm_x": 3.2469334193476946,
  "fwhm_y": 3.726502956521739,
  "fwhm_z": 3.1333732173913043,
  "icvs_csf": 0.2748373172024718,
  "icvs_gm": 0.10494034271993082,
  "icvs_wm": 0.6202223400775974,
  "inu_med": 1.4805670976638794,
  "inu_range": 0.7423314094543456,
  "provenance": {
    "md5sum": "6d607da1ed91455281f9c98b15cd86fe",
    "settings": {
      "testing": false
    },
    "software": "mriqc",
    "version": "0.15.0",
    "warnings": {
      "large_rot_frame": false,
      "small_air_mask": false
    },
    "webapi_port": null,
    "webapi_url": "https://mriqc.nimh.nih.gov/api/v1"
  },
  "qi_1": 0.0,
  "qi_2": 0.001382013826671537,
  "rpve_csf": 15.981962429652167,
  "rpve_gm": 56.71721746957076,
  "rpve_wm": 9.346641467503579,
  "size_x": 208,
  "size_y": 256,
  "size_z": 256,
  "snr_csf": 8.5601531698944,
  "snr_gm": 2.893195667446732,
  "snr_total": 5.922514155895022,
  "snr_wm": 6.31419363034393,
  "snrd_csf": 68.6083779334197,
  "snrd_gm": 104.0927443456205,
  "snrd_total": 68.01870822760385,
  "snrd_wm": 31.355002403771362,
  "spacing_x": 0.8999999761581421,
  "spacing_y": 0.8984375,
  "spacing_z": 0.8984375,
  "summary_bg_k": 10.136672750325502,
  "summary_bg_mad": 20.898942947387695,
  "summary_bg_mean": 36.712615966796875,
  "summary_bg_median": 32.42942810058594,
  "summary_bg_n": 3695968.0,
  "summary_bg_p05": 6.123603677749633,
  "summary_bg_p95": 81.10131034851072,
  "summary_bg_stdv": 25.067684173583984,
  "summary_csf_k": 1.1690179165680625,
  "summary_csf_mad": 234.26002502441406,
  "summary_csf_mean": 2197.231201171875,
  "summary_csf_median": 2188.616943359375,
  "summary_csf_n": 37717.0,
  "summary_csf_p05": 1804.9254882812502,
  "summary_csf_p95": 2627.645556640625,
  "summary_csf_stdv": 255.6715850830078,
  "summary_gm_k": 0.23480701784729874,
  "summary_gm_mad": 1094.863037109375,
  "summary_gm_mean": 3321.032958984375,
  "summary_gm_median": 3320.5732421875,
  "summary_gm_n": 23953.0,
  "summary_gm_p05": 1036.4018798828124,
  "summary_gm_p95": 4994.24521484375,
  "summary_gm_stdv": 1147.6942138671875,
  "summary_wm_k": 0.25296021236220767,
  "summary_wm_mad": 150.1625213623047,
  "summary_wm_mean": 1011.377197265625,
  "summary_wm_median": 1000.22900390625,
  "summary_wm_n": 482601.0,
  "summary_wm_p05": 768.527099609375,
  "summary_wm_p95": 1296.31103515625,
  "summary_wm_stdv": 158.40945434570312,
  "tpm_overlap_csf": 0.14761652052402496,
  "tpm_overlap_gm": 0.07227154076099396,
  "tpm_overlap_wm": 0.4745602011680603,
  "wm2max": 0.20295709773159987
}