{
  "bids_meta": {
    "AccessionNumber": "8535-001",
    "AcquisitionDateTime": "2018-07-20T11:19:14.967500",
    "AcquisitionMatrixPE": 256,
    "AcquisitionNumber": 1,
    "AcquisitionTime": "11:19:14.967500",
    "BaseResolution": 256,
    "BodyPartExamined": "BRAIN",
    "ConsistencyInfo": "N4_VE11C_LATEST_20160120",
    "ConversionSoftware": "dcm2niix",
    "ConversionSoftwareVersion": "v1.0.20210317",
    "DeviceSerialNumber": "167050",
    "DwellTime": 3e-06,
    "EchoNumber": 4,
    "FlipAngle": 8,
    "ImageComments": "Average over all echoes.",
    "ImageOrientationPatientDICOM": [
      0,
      1,
      0,
      0,
      0,
      -1
    ],
    "ImageType": [
      "ORIGINAL",
      "PRIMARY",
      "ECHO",
      "COMBINED",
      "ND",
      "NORM"
    ],
    "ImagingFrequency": 123.25,
    "InPlanePhaseEncodingDirectionDICOM": "ROW",
    "InstitutionAddress": "Michigan Ave 320,Pasadena,California,US,91025",
    "InstitutionName": "Caltech Prisma64",
    "InstitutionalDepartmentName": "Department",
    "InversionTime": 1.15,
    "MRAcquisitionType": "3D",
    "MagneticFieldStrength": 3,
    "Manufacturer": "Siemens",
    "ManufacturersModelName": "Prisma_fit",
    "Modality": "MR",
    "ParallelReductionFactorInPlane": 2,
    "PartialFourier": 1,
    "PatientBirthDate": "1984-07-01",
    "PatientID": "CC0145",
    "PatientName": "CC0145",
    "PatientPosition": "HFS",
    "PatientSex": "M",
    "PatientWeight": 108.862,
    "PercentPhaseFOV": 100,
    "PercentSampling": 100,
    "PhaseEncodingSteps": 282,
    "PhaseOversampling": 0.1,
    "PhaseResolution": 1,
    "PixelBandwidth": 650,
    "ProcedureStepDescription": "Conte Core",
    "ProtocolName": "T1w",
    "PulseSequenceDetails": "%CustomerSeq%\\tfl_wip900D_VE11C",
    "ReceiveCoilActiveElements": "HEA;HEP",
    "ReceiveCoilName": "Head_32",
    "ReconMatrixPE": 256,
    "RefLinesPE": 32,
    "ReferringPhysicianName": "Adolphs",
    "RepetitionTime": 2.55,
    "SAR": 0.0455811,
    "ScanOptions": "IR\\WE",
    "ScanningSequence": "GR\\IR",
    "SequenceName": "tfl3d4_16ns",
    "SequenceVariant": "SK\\SP\\MP\\OSP",
    "SeriesDescription": "T1w_combEcho",
    "SeriesInstanceUID": "1.3.12.2.1107.5.2.43.167050.2018072011262390028422668.0.0.0",
    "SeriesNumber": 5,
    "ShimSetting": [
      6988,
      -3623,
      7897,
      158,
      -30,
      -5,
      109,
      -25
    ],
    "SliceThickness": 0.9,
    "SoftwareVersions": "syngo MR E11",
    "StationName": "PRISMA",
    "StudyID": "1",
    "StudyInstanceUID": "1.3.12.2.1107.5.2.43.167050.30000018071021413043300000040",
    "TxRefAmp": 305.402,
    "WipMemBlock": "WIP_Identifier: WIP#900D",
    "acq_id": "combecho",
    "dataset": "unknown",
    "modality": "T1w",
    "run_id": 2,
    "session_id": "core2p2",
    "subject_id": "CC0145"
  },
  "cjv": 0.5682930594878427,
  "cnr": 2.090034471697267,
  "efc": 0.6603970956419194,
  "fber": 1474.53076171875,
  "fwhm_avg": 4.337357268176813,
  "fwhm_x": 4.29237789148696,
  "fwhm_y": 4.239393391304348,
  "fwhm_z": 4.480300521739131,
  "icvs_csf": 0.2291192095443899,
  "icvs_gm": 0.3823189540696883,
  "icvs_wm": 0.3885618363859218,
  "inu_med": 1.4366633892059326,
  "inu_range": 0.5244856119155885,
  "provenance": {
    "md5sum": "a21a7ead00a469fb757ca2aa997aebcc",
    "settings": {
      "testing": false
    },
    "software": "mriqc",
    "version": "0.15.0",
    "warnings": {
      "large_rot_frame": true,
      "small_air_mask": false
    },
    "webapi_port": null,
    "webapi_url": "https://mriqc.nimh.nih.gov/api/v1"
  },
  "qi_1": 0.0,
  "qi_2": 0.00866610791109213,
  "rpve_csf": 21.362174077120937,
  "rpve_gm": 12.320928597585992,
  "rpve_wm": 14.772684674450865,
  "size_x": 208,
  "size_y": 256,
  "size_z": 256,
  "snr_csf": 3.8391535888339567,
  "snr_gm": 9.528373395297075,
  "snr_total": 12.616762192210054,
  "snr_wm": 24.482759592499132,
  "snrd_csf": 38.84487644917193,
  "snrd_gm": 83.4055195886545,
  "snrd_total": 75.35630305204684,
  "snrd_wm": 103.81851311831409,
  "spacing_x": 0.8999999761581421,
  "spacing_y": 0.8984375,
  "spacing_z": 0.8984375,
  "summary_bg_k": 84.02304083983539,
  "summary_bg_mad": 6.3105878829956055,
  "summary_bg_mean": 15.204755783081055,
  "summary_bg_median": 12.750088691711426,
  "summary_bg_n": 3145618.0,
  "summary_bg_p05": 4.247088432312012,
  "summary_bg_p95": 29.772545719146727,
  "summary_bg_stdv": 8.565863609313965,
  "summary_csf_k": 0.9527063928295929,
  "summary_csf_mad": 86.36334228515625,
  "summary_csf_mean": 393.26123046875,
  "summary_csf_median": 374.1724853515625,
  "summary_csf_n": 75205.0,
  "summary_csf_p05": 270.78345947265626,
  "summary_csf_p95": 588.1456054687501,
  "summary_csf_stdv": 97.46158599853516,
  "summary_gm_k": 0.6035859801872641,
  "summary_gm_mad": 75.6662826538086,
  "summary_gm_mean": 813.2761840820312,
  "summary_gm_median": 803.4019775390625,
  "summary_gm_n": 23127.0,
  "summary_gm_p05": 692.6397766113281,
  "summary_gm_p95": 972.636541748047,
  "summary_gm_stdv": 84.31497955322266,
  "summary_wm_k": 1.4700157885290501,
  "summary_wm_mad": 36.07590103149414,
  "summary_wm_mean": 1000.65087890625,
  "summary_wm_median": 1000.0297241210938,
  "summary_wm_n": 335019.0,
  "summary_wm_p05": 934.8334350585938,
  "summary_wm_p95": 1067.0470214843751,
  "summary_wm_stdv": 40.846221923828125,
  "tpm_overlap_csf": 0.23454633355140686,
  "tpm_overlap_gm": 0.47834333777427673,
  "tpm_overlap_wm": 0.5545933246612549,
  "wm2max": 0.6903508775258063
}