{
  "aor": 0.002036614950634697,
  "aqi": 0.006599259887165021,
  "bids_meta": {
    "AccessionNumber": "8996-001",
    "AcquisitionDateTime": "2018-06-06T09:07:16.085000",
    "AcquisitionMatrixPE": 80,
    "AcquisitionNumber": 1,
    "AcquisitionTime": "09:07:16.085000",
    "BandwidthPerPixelPhaseEncode": 23.191,
    "BaseResolution": 80,
    "BodyPartExamined": "BRAIN",
    "ConsistencyInfo": "N4_VE11C_LATEST_20160120",
    "ConversionSoftware": "dcm2niix",
    "ConversionSoftwareVersion": "v1.0.20210317",
    "DerivedVendorReportedEchoSpacing": 0.000490002,
    "DeviceSerialNumber": "167050",
    "DwellTime": 2.3e-06,
    "EchoTime": 0.03,
    "EchoTrainLength": 88,
    "EffectiveEchoSpacing": 0.000539002,
    "FlipAngle": 53,
    "ImageComments": "Unaliased MB6/PE3/LB",
    "ImageOrientationPatientDICOM": [
      1,
      0,
      0,
      0,
      0.939693,
      -0.34202
    ],
    "ImageType": [
      "ORIGINAL",
      "PRIMARY",
      "M",
      "MB",
      "ND",
      "MOSAIC"
    ],
    "ImagingFrequency": 123.25,
    "InPlanePhaseEncodingDirectionDICOM": "COL",
    "InstitutionAddress": "Michigan Ave 320,Pasadena,California,US,91025",
    "InstitutionName": "Caltech Prisma64",
    "InstitutionalDepartmentName": "Department",
    "MRAcquisitionType": "2D",
    "MagneticFieldStrength": 3,
    "Manufacturer": "Siemens",
    "ManufacturersModelName": "Prisma_fit",
    "Modality": "MR",
    "MultibandAccelerationFactor": 6,
    "PartialFourier": 1,
    "PatientBirthDate": "1992-09-01",
    "PatientID": "CC0132",
    "PatientName": "CC0132",
    "PatientPosition": "HFS",
    "PatientSex": "F",
    "PatientWeight": 79.3787,
    "PercentPhaseFOV": 100,
    "PercentSampling": 100,
    "PhaseEncodingDirection": "j-",
    "PhaseEncodingSteps": 88,
    "PhaseOversampling": 0.1,
    "PhaseResolution": 1,
    "PixelBandwidth": 2715,
    "ProcedureStepDescription": "Conte Core",
    "ProtocolName": "task-bang_bold",
    "PulseSequenceDetails": "%CustomerSeq%\\cmrr_mbep2d_bold",
    "ReceiveCoilActiveElements": "HEA;HEP",
    "ReceiveCoilName": "Head_32",
    "ReconMatrixPE": 80,
    "ReferringPhysicianName": "Adolphs",
    "RepetitionTime": 0.7,
    "SAR": 0.0768331,
    "ScanOptions": "FS\\EXT",
    "ScanningSequence": "EP",
    "SequenceName": "epfid2d1_80",
    "SequenceVariant": "SK\\SS\\OSP",
    "SeriesDescription": "task-bang_bold",
    "SeriesInstanceUID": "1.3.12.2.1107.5.2.43.167050.2018060609053754899273275.0.0.0",
    "SeriesNumber": 24,
    "ShimSetting": [
      6943,
      -3579,
      7974,
      537,
      -112,
      281,
      16,
      72
    ],
    "SliceThickness": 2.5,
    "SliceTiming": [
      0,
      0.475,
      0.2725,
      0.0675,
      0.5425,
      0.34,
      0.135,
      0.6125,
      0.4075,
      0.2025,
      0,
      0.475,
      0.2725,
      0.0675,
      0.5425,
      0.34,
      0.135,
      0.6125,
      0.4075,
      0.2025,
      0,
      0.475,
      0.2725,
      0.0675,
      0.5425,
      0.34,
      0.135,
      0.6125,
      0.4075,
      0.2025,
      0,
      0.475,
      0.2725,
      0.0675,
      0.5425,
      0.34,
      0.135,
      0.6125,
      0.4075,
      0.2025,
      0,
      0.475,
      0.2725,
      0.0675,
      0.5425,
      0.34,
      0.135,
      0.6125,
      0.4075,
      0.2025,
      0,
      0.475,
      0.2725,
      0.0675,
      0.5425,
      0.34,
      0.135,
      0.6125,
      0.4075,
      0.2025
    ],
    "SoftwareVersions": "syngo MR E11",
    "SpacingBetweenSlices": 2.5,
    "StationName": "PRISMA",
    "StudyID": "1",
    "StudyInstanceUID": "1.3.12.2.1107.5.2.43.167050.30000018042619061766300000106",
    "TaskName": "bang",
    "TotalReadoutTime": 0.0425812,
    "TxRefAmp": 256.561,
    "WipMemBlock": "b759ae85-6a7a-4a31-a24b-b627017f1de4||Sequence: R016 ve11c/master r/e634e98; Dec 19 2017 11:00:25 by eja",
    "dataset": "unknown",
    "modality": "bold",
    "run_id": 1,
    "session_id": "core2p2",
    "subject_id": "CC0132",
    "task_id": "bang"
  },
  "dummy_trs": 1,
  "dvars_nstd": 30.76405886200567,
  "dvars_std": 1.0430062437570642,
  "dvars_vstd": 1.0143824916242938,
  "efc": 0.5476423074465077,
  "fber": 695.9892578125,
  "fd_mean": 0.14461403543541776,
  "fd_num": 154,
  "fd_perc": 21.720733427362482,
  "fwhm_avg": 2.9204066666666666,
  "fwhm_x": 2.62406,
  "fwhm_y": 3.181,
  "fwhm_z": 2.9561599999999997,
  "gcor": 0.00675194,
  "gsr_x": 0.01430352684110403,
  "gsr_y": 0.11637993156909943,
  "provenance": {
    "md5sum": "72f0505ab35070289fd2f2dc5781eece",
    "settings": {
      "fd_thres": 0.2,
      "hmc_fsl": false
    },
    "software": "mriqc",
    "version": "0.15.0",
    "webapi_port": null,
    "webapi_url": "https://mriqc.nimh.nih.gov/api/v1"
  },
  "size_t": 709,
  "size_x": 80,
  "size_y": 80,
  "size_z": 60,
  "snr": 2.327357300267977,
  "spacing_tr": 0.699999988079071,
  "spacing_x": 2.5,
  "spacing_y": 2.5,
  "spacing_z": 2.5,
  "summary_bg_k": 30.850352841909505,
  "summary_bg_mad": 76.15850067138672,
  "summary_bg_mean": 359.2586975097656,
  "summary_bg_median": 132.04090881347656,
  "summary_bg_n": 228419.0,
  "summary_bg_p05": 75.41889953613281,
  "summary_bg_p95": 1459.7265869140588,
  "summary_bg_stdv": 655.2481079101562,
  "summary_fg_k": 0.825705537272841,
  "summary_fg_mad": 1474.817138671875,
  "summary_fg_mean": 4059.93115234375,
  "summary_fg_median": 3785.142578125,
  "summary_fg_n": 92897.0,
  "summary_fg_p05": 1903.9408203125,
  "summary_fg_p95": 7147.76015625,
  "summary_fg_stdv": 1626.360595703125,
  "tsnr": 39.19636535644531
}