{
  "aor": 0.0005372787979966611,
  "aqi": 0.0051516703338898165,
  "bids_meta": {
    "AccessionNumber": "8572-001",
    "AcquisitionDateTime": "2018-09-20T10:54:45.705000",
    "AcquisitionMatrixPE": 80,
    "AcquisitionNumber": 1,
    "AcquisitionTime": "10:54:45.705000",
    "BandwidthPerPixelPhaseEncode": 23.191,
    "BaseResolution": 80,
    "BodyPartExamined": "BRAIN",
    "ConsistencyInfo": "N4_VE11C_LATEST_20160120",
    "ConversionSoftware": "dcm2niix",
    "ConversionSoftwareVersion": "v1.0.20210317",
    "DerivedVendorReportedEchoSpacing": 0.000490002,
    "DeviceSerialNumber": "167050",
    "DwellTime": 2.3e-06,
    "EchoTime": 0.03,
    "EchoTrainLength": 88,
    "EffectiveEchoSpacing": 0.000539002,
    "FlipAngle": 53,
    "ImageComments": "Unaliased MB6/PE3/LB",
    "ImageOrientationPatientDICOM": [
      1,
      0,
      0,
      0,
      0.939693,
      -0.34202
    ],
    "ImageType": [
      "ORIGINAL",
      "PRIMARY",
      "M",
      "MB",
      "ND",
      "MOSAIC"
    ],
    "ImagingFrequency": 123.25,
    "InPlanePhaseEncodingDirectionDICOM": "COL",
    "InstitutionAddress": "Michigan Ave 320,Pasadena,California,US,91025",
    "InstitutionName": "Caltech Prisma64",
    "InstitutionalDepartmentName": "Department",
    "MRAcquisitionType": "2D",
    "MagneticFieldStrength": 3,
    "Manufacturer": "Siemens",
    "ManufacturersModelName": "Prisma_fit",
    "Modality": "MR",
    "MultibandAccelerationFactor": 6,
    "PartialFourier": 1,
    "PatientBirthDate": "1995-03-01",
    "PatientID": "CC0166",
    "PatientName": "CC0166",
    "PatientPosition": "HFS",
    "PatientSex": "F",
    "PatientWeight": 49.8952,
    "PercentPhaseFOV": 100,
    "PercentSampling": 100,
    "PhaseEncodingDirection": "j-",
    "PhaseEncodingSteps": 88,
    "PhaseOversampling": 0.1,
    "PhaseResolution": 1,
    "PixelBandwidth": 2715,
    "ProcedureStepDescription": "Conte Core",
    "ProtocolName": "task-rest_run-02_bold",
    "PulseSequenceDetails": "%CustomerSeq%\\cmrr_mbep2d_bold",
    "ReceiveCoilActiveElements": "HEA;HEP",
    "ReceiveCoilName": "Head_32",
    "ReconMatrixPE": 80,
    "ReferringPhysicianName": "Adolphs",
    "RepetitionTime": 0.7,
    "SAR": 0.0763914,
    "ScanOptions": "FS\\EXT",
    "ScanningSequence": "EP",
    "SequenceName": "epfid2d1_80",
    "SequenceVariant": "SK\\SS\\OSP",
    "SeriesDescription": "task-rest_run-02_bold",
    "SeriesInstanceUID": "1.3.12.2.1107.5.2.43.167050.2018092010532311182608305.0.0.0",
    "SeriesNumber": 16,
    "ShimSetting": [
      6987,
      -3596,
      7880,
      512,
      -68,
      134,
      -184,
      -35
    ],
    "SliceThickness": 2.5,
    "SliceTiming": [
      0,
      0.475,
      0.2725,
      0.0675,
      0.5425,
      0.34,
      0.135,
      0.6125,
      0.4075,
      0.205,
      0,
      0.475,
      0.2725,
      0.0675,
      0.5425,
      0.34,
      0.135,
      0.6125,
      0.4075,
      0.205,
      0,
      0.475,
      0.2725,
      0.0675,
      0.5425,
      0.34,
      0.135,
      0.6125,
      0.4075,
      0.205,
      0,
      0.475,
      0.2725,
      0.0675,
      0.5425,
      0.34,
      0.135,
      0.6125,
      0.4075,
      0.205,
      0,
      0.475,
      0.2725,
      0.0675,
      0.5425,
      0.34,
      0.135,
      0.6125,
      0.4075,
      0.205,
      0,
      0.475,
      0.2725,
      0.0675,
      0.5425,
      0.34,
      0.135,
      0.6125,
      0.4075,
      0.205
    ],
    "SoftwareVersions": "syngo MR E11",
    "SpacingBetweenSlices": 2.5,
    "StationName": "PRISMA",
    "StudyID": "1",
    "StudyInstanceUID": "1.3.12.2.1107.5.2.43.167050.30000018081720093477500000151",
    "TaskName": "rest",
    "TotalReadoutTime": 0.0425812,
    "TxRefAmp": 234.164,
    "WipMemBlock": "6b4cd92b-65e6-4a5b-a27d-8a5e091aae2b||Sequence: R016 ve11c/master r/e634e98; Dec 19 2017 11:00:25 by eja",
    "dataset": "unknown",
    "modality": "bold",
    "run_id": 2,
    "session_id": "core2p2",
    "subject_id": "CC0166",
    "task_id": "rest"
  },
  "dummy_trs": 1,
  "dvars_nstd": 33.480884504130444,
  "dvars_std": 1.0901277367725752,
  "dvars_vstd": 1.016523826755854,
  "efc": 0.506876664168748,
  "fber": 942.6537475585938,
  "fd_mean": 0.1157911984978374,
  "fd_num": 68,
  "fd_perc": 11.352253756260435,
  "fwhm_avg": 2.9157293333333336,
  "fwhm_x": 2.712612,
  "fwhm_y": 3.05268,
  "fwhm_z": 2.981896,
  "gcor": 0.0194116,
  "gsr_x": 0.015644628554582596,
  "gsr_y": 0.037073370069265366,
  "provenance": {
    "md5sum": "a2970567a2bcb4e0f21a07d0362e94a1",
    "settings": {
      "fd_thres": 0.2,
      "hmc_fsl": false
    },
    "software": "mriqc",
    "version": "0.15.0",
    "webapi_port": null,
    "webapi_url": "https://mriqc.nimh.nih.gov/api/v1"
  },
  "size_t": 599,
  "size_x": 80,
  "size_y": 80,
  "size_z": 60,
  "snr": 2.285852585027071,
  "spacing_tr": 0.699999988079071,
  "spacing_x": 2.5,
  "spacing_y": 2.5,
  "spacing_z": 2.5,
  "summary_bg_k": 45.53476392055589,
  "summary_bg_mad": 60.999549865722656,
  "summary_bg_mean": 293.9088439941406,
  "summary_bg_median": 125.48246765136719,
  "summary_bg_n": 242083.0,
  "summary_bg_p05": 78.4524154663086,
  "summary_bg_p95": 1146.4044677734373,
  "summary_bg_stdv": 523.9845581054688,
  "summary_fg_k": 0.8536236000341244,
  "summary_fg_mad": 1616.986572265625,
  "summary_fg_mean": 4513.61767578125,
  "summary_fg_median": 4160.8466796875,
  "summary_fg_n": 80812.0,
  "summary_fg_p05": 2206.21767578125,
  "summary_fg_p95": 8110.1602783203125,
  "summary_fg_stdv": 1820.2490234375,
  "tsnr": 42.526641845703125
}