{
  "aor": 0.0010709604519774012,
  "aqi": 0.009165738262711864,
  "bids_meta": {
    "AccessionNumber": "8572-001",
    "AcquisitionDateTime": "2018-09-20T11:13:27.025000",
    "AcquisitionMatrixPE": 80,
    "AcquisitionNumber": 1,
    "AcquisitionTime": "11:13:27.025000",
    "BandwidthPerPixelPhaseEncode": 23.191,
    "BaseResolution": 80,
    "BodyPartExamined": "BRAIN",
    "ConsistencyInfo": "N4_VE11C_LATEST_20160120",
    "ConversionSoftware": "dcm2niix",
    "ConversionSoftwareVersion": "v1.0.20210317",
    "DerivedVendorReportedEchoSpacing": 0.000490002,
    "DeviceSerialNumber": "167050",
    "DwellTime": 2.3e-06,
    "EchoTime": 0.03,
    "EchoTrainLength": 88,
    "EffectiveEchoSpacing": 0.000539002,
    "FlipAngle": 53,
    "ImageComments": "Unaliased MB6/PE3/LB",
    "ImageOrientationPatientDICOM": [
      1,
      0,
      0,
      0,
      0.939693,
      -0.34202
    ],
    "ImageType": [
      "ORIGINAL",
      "PRIMARY",
      "M",
      "MB",
      "ND",
      "MOSAIC"
    ],
    "ImagingFrequency": 123.25,
    "InPlanePhaseEncodingDirectionDICOM": "COL",
    "InstitutionAddress": "Michigan Ave 320,Pasadena,California,US,91025",
    "InstitutionName": "Caltech Prisma64",
    "InstitutionalDepartmentName": "Department",
    "MRAcquisitionType": "2D",
    "MagneticFieldStrength": 3,
    "Manufacturer": "Siemens",
    "ManufacturersModelName": "Prisma_fit",
    "Modality": "MR",
    "MultibandAccelerationFactor": 6,
    "PartialFourier": 1,
    "PatientBirthDate": "1995-03-01",
    "PatientID": "CC0166",
    "PatientName": "CC0166",
    "PatientPosition": "HFS",
    "PatientSex": "F",
    "PatientWeight": 49.8952,
    "PercentPhaseFOV": 100,
    "PercentSampling": 100,
    "PhaseEncodingDirection": "j-",
    "PhaseEncodingSteps": 88,
    "PhaseOversampling": 0.1,
    "PhaseResolution": 1,
    "PixelBandwidth": 2715,
    "ProcedureStepDescription": "Conte Core",
    "ProtocolName": "task-bang_bold",
    "PulseSequenceDetails": "%CustomerSeq%\\cmrr_mbep2d_bold",
    "ReceiveCoilActiveElements": "HEA;HEP",
    "ReceiveCoilName": "Head_32",
    "ReconMatrixPE": 80,
    "ReferringPhysicianName": "Adolphs",
    "RepetitionTime": 0.7,
    "SAR": 0.0764648,
    "ScanOptions": "FS\\EXT",
    "ScanningSequence": "EP",
    "SequenceName": "epfid2d1_80",
    "SequenceVariant": "SK\\SS\\OSP",
    "SeriesDescription": "task-bang_bold",
    "SeriesInstanceUID": "1.3.12.2.1107.5.2.43.167050.2018092011110165882360310.0.0.0",
    "SeriesNumber": 32,
    "ShimSetting": [
      6987,
      -3596,
      7880,
      512,
      -68,
      134,
      -184,
      -35
    ],
    "SliceThickness": 2.5,
    "SliceTiming": [
      0,
      0.475,
      0.27,
      0.0675,
      0.5425,
      0.34,
      0.135,
      0.61,
      0.4075,
      0.2025,
      0,
      0.475,
      0.27,
      0.0675,
      0.5425,
      0.34,
      0.135,
      0.61,
      0.4075,
      0.2025,
      0,
      0.475,
      0.27,
      0.0675,
      0.5425,
      0.34,
      0.135,
      0.61,
      0.4075,
      0.2025,
      0,
      0.475,
      0.27,
      0.0675,
      0.5425,
      0.34,
      0.135,
      0.61,
      0.4075,
      0.2025,
      0,
      0.475,
      0.27,
      0.0675,
      0.5425,
      0.34,
      0.135,
      0.61,
      0.4075,
      0.2025,
      0,
      0.475,
      0.27,
      0.0675,
      0.5425,
      0.34,
      0.135,
      0.61,
      0.4075,
      0.2025
    ],
    "SoftwareVersions": "syngo MR E11",
    "SpacingBetweenSlices": 2.5,
    "StationName": "PRISMA",
    "StudyID": "1",
    "StudyInstanceUID": "1.3.12.2.1107.5.2.43.167050.30000018081720093477500000151",
    "TaskName": "bang",
    "TotalReadoutTime": 0.0425812,
    "TxRefAmp": 234.164,
    "WipMemBlock": "c28c9034-6aae-4224-9df7-f1abc7ab96fe||Sequence: R016 ve11c/master r/e634e98; Dec 19 2017 11:00:25 by eja",
    "dataset": "unknown",
    "modality": "bold",
    "run_id": 1,
    "session_id": "core2p2",
    "subject_id": "CC0166",
    "task_id": "bang"
  },
  "dummy_trs": 2,
  "dvars_nstd": 37.36985226560114,
  "dvars_std": 1.0896764218811865,
  "dvars_vstd": 0.9702185918811885,
  "efc": 0.5023687357725859,
  "fber": 989.5916137695312,
  "fd_mean": 0.14525442998764526,
  "fd_num": 130,
  "fd_perc": 18.361581920903955,
  "fwhm_avg": 2.96654,
  "fwhm_x": 2.726784,
  "fwhm_y": 3.062536,
  "fwhm_z": 3.1103,
  "gcor": 0.00753916,
  "gsr_x": 0.020912349224090576,
  "gsr_y": 0.03898945078253746,
  "provenance": {
    "md5sum": "7a5cf62dc281e57f6413cf00498773c2",
    "settings": {
      "fd_thres": 0.2,
      "hmc_fsl": false
    },
    "software": "mriqc",
    "version": "0.15.0",
    "webapi_port": null,
    "webapi_url": "https://mriqc.nimh.nih.gov/api/v1"
  },
  "size_t": 708,
  "size_x": 80,
  "size_y": 80,
  "size_z": 60,
  "snr": 2.289964099718849,
  "spacing_tr": 0.699999988079071,
  "spacing_x": 2.5,
  "spacing_y": 2.5,
  "spacing_z": 2.5,
  "summary_bg_k": 47.485754867440626,
  "summary_bg_mad": 51.946571350097656,
  "summary_bg_mean": 262.9466247558594,
  "summary_bg_median": 117.21963500976562,
  "summary_bg_n": 242644.0,
  "summary_bg_p05": 77.83474731445312,
  "summary_bg_p95": 987.4994995117185,
  "summary_bg_stdv": 476.5361328125,
  "summary_fg_k": 0.8511384047718007,
  "summary_fg_mad": 1523.878662109375,
  "summary_fg_mean": 4304.6796875,
  "summary_fg_median": 3958.74658203125,
  "summary_fg_n": 80672.0,
  "summary_fg_p05": 2113.5569458007812,
  "summary_fg_p95": 7651.210009765626,
  "summary_fg_stdv": 1728.7266845703125,
  "tsnr": 33.79157257080078
}