{
  "aor": 0.010228500000000001,
  "aqi": 0.004196617,
  "bids_meta": {
    "AccessionNumber": "8572-001",
    "AcquisitionDateTime": "2018-09-20T11:41:30.160000",
    "AcquisitionMatrixPE": 80,
    "AcquisitionNumber": 1,
    "AcquisitionTime": "11:41:30.160000",
    "BandwidthPerPixelPhaseEncode": 23.191,
    "BaseResolution": 80,
    "BodyPartExamined": "BRAIN",
    "ConsistencyInfo": "N4_VE11C_LATEST_20160120",
    "ConversionSoftware": "dcm2niix",
    "ConversionSoftwareVersion": "v1.0.20210317",
    "DerivedVendorReportedEchoSpacing": 0.000490002,
    "DeviceSerialNumber": "167050",
    "DwellTime": 2.3e-06,
    "EchoTime": 0.03,
    "EchoTrainLength": 88,
    "EffectiveEchoSpacing": 0.000539002,
    "FlipAngle": 53,
    "ImageComments": "Unaliased MB6/PE3/LB",
    "ImageOrientationPatientDICOM": [
      1,
      0,
      0,
      0,
      0.939693,
      -0.34202
    ],
    "ImageType": [
      "ORIGINAL",
      "PRIMARY",
      "M",
      "MB",
      "ND",
      "MOSAIC"
    ],
    "ImagingFrequency": 123.25,
    "InPlanePhaseEncodingDirectionDICOM": "COL",
    "InstitutionAddress": "Michigan Ave 320,Pasadena,California,US,91025",
    "InstitutionName": "Caltech Prisma64",
    "InstitutionalDepartmentName": "Department",
    "MRAcquisitionType": "2D",
    "MagneticFieldStrength": 3,
    "Manufacturer": "Siemens",
    "ManufacturersModelName": "Prisma_fit",
    "Modality": "MR",
    "MultibandAccelerationFactor": 6,
    "PartialFourier": 1,
    "PatientBirthDate": "1995-03-01",
    "PatientID": "CC0166",
    "PatientName": "CC0166",
    "PatientPosition": "HFS",
    "PatientSex": "F",
    "PatientWeight": 49.8952,
    "PercentPhaseFOV": 100,
    "PercentSampling": 100,
    "PhaseEncodingDirection": "j-",
    "PhaseEncodingSteps": 88,
    "PhaseOversampling": 0.1,
    "PhaseResolution": 1,
    "PixelBandwidth": 2715,
    "ProcedureStepDescription": "Conte Core",
    "ProtocolName": "task-pixar_run-01_bold",
    "PulseSequenceDetails": "%CustomerSeq%\\cmrr_mbep2d_bold",
    "ReceiveCoilActiveElements": "HEA;HEP",
    "ReceiveCoilName": "Head_32",
    "ReconMatrixPE": 80,
    "ReferringPhysicianName": "Adolphs",
    "RepetitionTime": 0.7,
    "SAR": 0.0762688,
    "ScanOptions": "FS\\EXT",
    "ScanningSequence": "EP",
    "SequenceName": "epfid2d1_80",
    "SequenceVariant": "SK\\SS\\OSP",
    "SeriesDescription": "task-pixar_run-01_bold",
    "SeriesInstanceUID": "1.3.12.2.1107.5.2.43.167050.2018092011393364175387212.0.0.0",
    "SeriesNumber": 42,
    "ShimSetting": [
      6987,
      -3596,
      7880,
      512,
      -68,
      134,
      -184,
      -35
    ],
    "SliceThickness": 2.5,
    "SliceTiming": [
      0,
      0.4775,
      0.2725,
      0.0675,
      0.545,
      0.34,
      0.1375,
      0.6125,
      0.4075,
      0.205,
      0,
      0.4775,
      0.2725,
      0.0675,
      0.545,
      0.34,
      0.1375,
      0.6125,
      0.4075,
      0.205,
      0,
      0.4775,
      0.2725,
      0.0675,
      0.545,
      0.34,
      0.1375,
      0.6125,
      0.4075,
      0.205,
      0,
      0.4775,
      0.2725,
      0.0675,
      0.545,
      0.34,
      0.1375,
      0.6125,
      0.4075,
      0.205,
      0,
      0.4775,
      0.2725,
      0.0675,
      0.545,
      0.34,
      0.1375,
      0.6125,
      0.4075,
      0.205,
      0,
      0.4775,
      0.2725,
      0.0675,
      0.545,
      0.34,
      0.1375,
      0.6125,
      0.4075,
      0.205
    ],
    "SoftwareVersions": "syngo MR E11",
    "SpacingBetweenSlices": 2.5,
    "StationName": "PRISMA",
    "StudyID": "1",
    "StudyInstanceUID": "1.3.12.2.1107.5.2.43.167050.30000018081720093477500000151",
    "TaskName": "pixar",
    "TotalReadoutTime": 0.0425812,
    "TxRefAmp": 234.164,
    "WipMemBlock": "40366b24-49ce-49e1-88d2-a744aaea79d3||Sequence: R016 ve11c/master r/e634e98; Dec 19 2017 11:00:25 by eja",
    "dataset": "unknown",
    "modality": "bold",
    "run_id": 1,
    "session_id": "core2p2",
    "subject_id": "CC0166",
    "task_id": "pixar"
  },
  "dummy_trs": 1,
  "dvars_nstd": 37.75943434842105,
  "dvars_std": 1.1260083036842103,
  "dvars_vstd": 1.028756030526316,
  "efc": 0.5004060959032484,
  "fber": 1017.545166015625,
  "fd_mean": 0.10614776984332475,
  "fd_num": 0,
  "fd_perc": 0.0,
  "fwhm_avg": 2.87964,
  "fwhm_x": 2.671084,
  "fwhm_y": 2.968444,
  "fwhm_z": 2.999392,
  "gcor": 0.0319451,
  "gsr_x": 0.025319252163171768,
  "gsr_y": 0.04059049114584923,
  "provenance": {
    "md5sum": "e6555f50397ebdf6703656a5565a8d91",
    "settings": {
      "fd_thres": 0.2,
      "hmc_fsl": false
    },
    "software": "mriqc",
    "version": "0.15.0",
    "webapi_port": null,
    "webapi_url": "https://mriqc.nimh.nih.gov/api/v1"
  },
  "size_t": 20,
  "size_x": 80,
  "size_y": 80,
  "size_z": 60,
  "snr": 2.2859151823439072,
  "spacing_tr": 0.699999988079071,
  "spacing_x": 2.5,
  "spacing_y": 2.5,
  "spacing_z": 2.5,
  "summary_bg_k": 48.097684650215896,
  "summary_bg_mad": 47.22087860107422,
  "summary_bg_mean": 253.063720703125,
  "summary_bg_median": 112.8499984741211,
  "summary_bg_n": 243279.0,
  "summary_bg_p05": 76.95000457763672,
  "summary_bg_p95": 955.3149902343714,
  "summary_bg_stdv": 464.73333740234375,
  "summary_fg_k": 0.8644910208983756,
  "summary_fg_mad": 1485.3448486328125,
  "summary_fg_mean": 4229.84423828125,
  "summary_fg_median": 3881.550048828125,
  "summary_fg_n": 80155.0,
  "summary_fg_p05": 2094.8551025390625,
  "summary_fg_p95": 7516.365039062501,
  "summary_fg_stdv": 1698.018310546875,
  "tsnr": 47.518959045410156
}