{
  "bids_meta": {
    "AccessionNumber": "7354-001",
    "AcquisitionDateTime": "2013-12-17T11:13:19.630000",
    "AcquisitionMatrixPE": 256,
    "AcquisitionNumber": 1,
    "AcquisitionTime": "11:13:19.630000",
    "BaseResolution": 256,
    "CoilString": "C:HEA;HEP",
    "ConversionSoftware": "dcm2niix",
    "ConversionSoftwareVersion": "v1.0.20210317",
    "DeviceSerialNumber": "35077",
    "DwellTime": 1.09e-05,
    "EchoTime": 0.00291,
    "FlipAngle": 10,
    "ImageOrientationPatientDICOM": [
      0,
      1,
      0,
      0,
      0,
      -1
    ],
    "ImageType": [
      "ORIGINAL",
      "PRIMARY",
      "M",
      "ND",
      "NORM"
    ],
    "ImagingFrequency": 123.229,
    "InPlanePhaseEncodingDirectionDICOM": "ROW",
    "InstitutionAddress": "Wilson Avenue 340 ,Pasadena,California,US,91025",
    "InstitutionName": "Caltech Tim32",
    "InstitutionalDepartmentName": "Department",
    "InversionTime": 0.8,
    "MRAcquisitionType": "3D",
    "MagneticFieldStrength": 3,
    "Manufacturer": "Siemens",
    "ManufacturersModelName": "TrioTim",
    "Modality": "MR",
    "PartialFourier": 1,
    "PatientBirthDate": "1975-01-01",
    "PatientID": "adolphs",
    "PatientName": "CC0081",
    "PatientPosition": "HFS",
    "PatientSex": "M",
    "PatientWeight": 63.5029,
    "PercentPhaseFOV": 100,
    "PercentSampling": 100,
    "PhaseEncodingSteps": 256,
    "PhaseResolution": 1,
    "PixelBandwidth": 179,
    "ProcedureStepDescription": "Conte^Core",
    "ProtocolName": "T1_2",
    "PulseSequenceDetails": "%SiemensSeq%\\tfl",
    "ReceiveCoilName": "32Ch_Head",
    "ReconMatrixPE": 256,
    "RepetitionTime": 1.5,
    "SAR": 0.123825,
    "ScanOptions": "IR",
    "ScanningSequence": "GR\\IR",
    "SequenceName": "*tfl3d1",
    "SequenceVariant": "SP\\MP",
    "SeriesDescription": "T1_2",
    "SeriesInstanceUID": "1.3.12.2.1107.5.2.32.35077.2013121711125251151706512.0.0.0",
    "SeriesNumber": 14,
    "ShimSetting": [
      9572,
      -10435,
      15656,
      408,
      -164,
      -112,
      70,
      20
    ],
    "SliceThickness": 1,
    "SoftwareVersions": "syngo MR B17",
    "StationName": "MEDPC",
    "StudyID": "1",
    "StudyInstanceUID": "1.3.12.2.1107.5.2.32.35077.30000013120918245935900000031",
    "TxRefAmp": 304.378,
    "dataset": "unknown",
    "modality": "T1w",
    "run_id": 2,
    "session_id": "core1p2",
    "subject_id": "CC0081"
  },
  "cjv": 0.4744918381727194,
  "cnr": 2.7732787480884187,
  "efc": 0.540157447264416,
  "fber": 4699.265625,
  "fwhm_avg": 4.18525,
  "fwhm_x": 4.06592,
  "fwhm_y": 4.31726,
  "fwhm_z": 4.17257,
  "icvs_csf": 0.22022740238282063,
  "icvs_gm": 0.3963655532691407,
  "icvs_wm": 0.3834070443480387,
  "inu_med": 1.5898003578186035,
  "inu_range": 0.44708487391471863,
  "provenance": {
    "md5sum": "f5554e4ab001fa9966c70bd2ecf16ea8",
    "settings": {
      "testing": false
    },
    "software": "mriqc",
    "version": "0.15.0",
    "warnings": {
      "large_rot_frame": true,
      "small_air_mask": false
    },
    "webapi_port": null,
    "webapi_url": "https://mriqc.nimh.nih.gov/api/v1"
  },
  "qi_1": 2.4293063185216215e-06,
  "qi_2": 0.013713042191030877,
  "rpve_csf": 26.044609149708442,
  "rpve_gm": 14.361771774312707,
  "rpve_wm": 17.993863266797067,
  "size_x": 176,
  "size_y": 256,
  "size_z": 256,
  "snr_csf": 3.5533470130483678,
  "snr_gm": 12.015645095465729,
  "snr_total": 13.345438922357907,
  "snr_wm": 24.467324658559626,
  "snrd_csf": 46.82717576398245,
  "snrd_gm": 100.37557582108421,
  "snrd_total": 91.6750238446614,
  "snrd_wm": 127.82231994891754,
  "spacing_x": 1.0,
  "spacing_y": 1.0,
  "spacing_z": 1.0,
  "summary_bg_k": 97.40656187711915,
  "summary_bg_mad": 5.12548303604126,
  "summary_bg_mean": 7.2518391609191895,
  "summary_bg_median": 6.910937309265137,
  "summary_bg_n": 2658565.0,
  "summary_bg_p05": 0.0,
  "summary_bg_p95": 20.71844482421875,
  "summary_bg_stdv": 7.315478324890137,
  "summary_csf_k": 14.575791069535654,
  "summary_csf_mad": 82.9717025756836,
  "summary_csf_mean": 393.8108215332031,
  "summary_csf_median": 366.3540954589844,
  "summary_csf_n": 37243.0,
  "summary_csf_p05": 274.78893432617184,
  "summary_csf_p95": 592.2196166992187,
  "summary_csf_stdv": 103.09974670410156,
  "summary_gm_k": -0.08516387972117379,
  "summary_gm_mad": 64.6814193725586,
  "summary_gm_mean": 789.1564331054688,
  "summary_gm_median": 785.2919311523438,
  "summary_gm_n": 18819.0,
  "summary_gm_p05": 687.2245788574219,
  "summary_gm_p95": 903.9371643066406,
  "summary_gm_stdv": 65.35404968261719,
  "summary_wm_k": 0.6866272140992074,
  "summary_wm_mad": 37.20649337768555,
  "summary_wm_mean": 1000.0064086914062,
  "summary_wm_median": 1000.0225219726562,
  "summary_wm_n": 201477.0,
  "summary_wm_p05": 931.8858154296875,
  "summary_wm_p95": 1066.91640625,
  "summary_wm_stdv": 40.87165451049805,
  "tpm_overlap_csf": 0.23579804599285126,
  "tpm_overlap_gm": 0.4942569136619568,
  "tpm_overlap_wm": 0.5570111274719238,
  "wm2max": 0.5339761875097144
}