{
  "aor": 0.0010609732016925247,
  "aqi": 0.007436536812411847,
  "bids_meta": {
    "AccessionNumber": "8560-001",
    "AcquisitionDateTime": "2018-08-30T13:14:17.542500",
    "AcquisitionMatrixPE": 80,
    "AcquisitionNumber": 1,
    "AcquisitionTime": "13:14:17.542500",
    "BandwidthPerPixelPhaseEncode": 23.191,
    "BaseResolution": 80,
    "BodyPartExamined": "BRAIN",
    "ConsistencyInfo": "N4_VE11C_LATEST_20160120",
    "ConversionSoftware": "dcm2niix",
    "ConversionSoftwareVersion": "v1.0.20210317",
    "DerivedVendorReportedEchoSpacing": 0.000490002,
    "DeviceSerialNumber": "167050",
    "DwellTime": 2.3e-06,
    "EchoTime": 0.03,
    "EchoTrainLength": 88,
    "EffectiveEchoSpacing": 0.000539002,
    "FlipAngle": 53,
    "ImageComments": "Unaliased MB6/PE3/LB",
    "ImageOrientationPatientDICOM": [
      1,
      0,
      0,
      0,
      0.939693,
      -0.34202
    ],
    "ImageType": [
      "ORIGINAL",
      "PRIMARY",
      "M",
      "MB",
      "ND",
      "MOSAIC"
    ],
    "ImagingFrequency": 123.25,
    "InPlanePhaseEncodingDirectionDICOM": "COL",
    "InstitutionAddress": "Michigan Ave 320,Pasadena,California,US,91025",
    "InstitutionName": "Caltech Prisma64",
    "InstitutionalDepartmentName": "Department",
    "MRAcquisitionType": "2D",
    "MagneticFieldStrength": 3,
    "Manufacturer": "Siemens",
    "ManufacturersModelName": "Prisma_fit",
    "Modality": "MR",
    "MultibandAccelerationFactor": 6,
    "PartialFourier": 1,
    "PatientBirthDate": "1985-11-01",
    "PatientID": "CC0155",
    "PatientName": "CC0155",
    "PatientPosition": "HFS",
    "PatientSex": "F",
    "PatientWeight": 72.5748,
    "PercentPhaseFOV": 100,
    "PercentSampling": 100,
    "PhaseEncodingDirection": "j-",
    "PhaseEncodingSteps": 88,
    "PhaseOversampling": 0.1,
    "PhaseResolution": 1,
    "PixelBandwidth": 2715,
    "ProtocolName": "task-bang_bold",
    "PulseSequenceDetails": "%CustomerSeq%\\cmrr_mbep2d_bold",
    "ReceiveCoilActiveElements": "HEA;HEP",
    "ReceiveCoilName": "Head_32",
    "ReconMatrixPE": 80,
    "ReferringPhysicianName": "Adolphs",
    "RepetitionTime": 0.7,
    "SAR": 0.0917842,
    "ScanOptions": "FS\\EXT",
    "ScanningSequence": "EP",
    "SequenceName": "epfid2d1_80",
    "SequenceVariant": "SK\\SS\\OSP",
    "SeriesDescription": "task-bang_bold",
    "SeriesInstanceUID": "1.3.12.2.1107.5.2.43.167050.201808301310492006938348.0.0.0",
    "SeriesNumber": 24,
    "ShimSetting": [
      7021,
      -3567,
      7934,
      591,
      72,
      53,
      -42,
      -54
    ],
    "SliceThickness": 2.5,
    "SliceTiming": [
      0,
      0.475,
      0.2725,
      0.0675,
      0.545,
      0.34,
      0.135,
      0.6125,
      0.4075,
      0.205,
      0,
      0.475,
      0.2725,
      0.0675,
      0.545,
      0.34,
      0.135,
      0.6125,
      0.4075,
      0.205,
      0,
      0.475,
      0.2725,
      0.0675,
      0.545,
      0.34,
      0.135,
      0.6125,
      0.4075,
      0.205,
      0,
      0.475,
      0.2725,
      0.0675,
      0.545,
      0.34,
      0.135,
      0.6125,
      0.4075,
      0.205,
      0,
      0.475,
      0.2725,
      0.0675,
      0.545,
      0.34,
      0.135,
      0.6125,
      0.4075,
      0.205,
      0,
      0.475,
      0.2725,
      0.0675,
      0.545,
      0.34,
      0.135,
      0.6125,
      0.4075,
      0.205
    ],
    "SoftwareVersions": "syngo MR E11",
    "SpacingBetweenSlices": 2.5,
    "StationName": "PRISMA",
    "StudyID": "1",
    "StudyInstanceUID": "1.3.12.2.1107.5.2.43.167050.30000018081720093477500000067",
    "TaskName": "bang",
    "TotalReadoutTime": 0.0425812,
    "TxRefAmp": 271.135,
    "WipMemBlock": "5a440f38-1283-4c15-b615-3381596326e6||Sequence: R016 ve11c/master r/e634e98; Dec 19 2017 11:00:25 by eja",
    "dataset": "unknown",
    "modality": "bold",
    "run_id": 1,
    "session_id": "core2p2",
    "subject_id": "CC0155",
    "task_id": "bang"
  },
  "dummy_trs": 1,
  "dvars_nstd": 34.6003628560593,
  "dvars_std": 1.0268194926553673,
  "dvars_vstd": 0.9915902746468934,
  "efc": 0.5136579824702294,
  "fber": 874.9412231445312,
  "fd_mean": 0.17938041747499306,
  "fd_num": 286,
  "fd_perc": 40.33850493653033,
  "fwhm_avg": 2.8520906666666668,
  "fwhm_x": 2.633444,
  "fwhm_y": 3.016536,
  "fwhm_z": 2.9062919999999997,
  "gcor": 0.00841886,
  "gsr_x": -0.0033801395911723375,
  "gsr_y": 0.06573761999607086,
  "provenance": {
    "md5sum": "ed6c9b6dfa42e7aa59f5a4afaa5c2c1c",
    "settings": {
      "fd_thres": 0.2,
      "hmc_fsl": false
    },
    "software": "mriqc",
    "version": "0.15.0",
    "webapi_port": null,
    "webapi_url": "https://mriqc.nimh.nih.gov/api/v1"
  },
  "size_t": 709,
  "size_x": 80,
  "size_y": 80,
  "size_z": 60,
  "snr": 2.318857195531209,
  "spacing_tr": 0.699999988079071,
  "spacing_x": 2.5,
  "spacing_y": 2.5,
  "spacing_z": 2.5,
  "summary_bg_k": 27.363711474211584,
  "summary_bg_mad": 61.30320358276367,
  "summary_bg_mean": 279.1813049316406,
  "summary_bg_median": 122.08885955810547,
  "summary_bg_n": 239834.0,
  "summary_bg_p05": 74.14386749267578,
  "summary_bg_p95": 1079.807739257812,
  "summary_bg_stdv": 430.8282470703125,
  "summary_fg_k": 1.0777992989982854,
  "summary_fg_mad": 1456.47216796875,
  "summary_fg_mean": 4184.6689453125,
  "summary_fg_median": 3859.1396484375,
  "summary_fg_n": 83275.0,
  "summary_fg_p05": 2007.7250122070313,
  "summary_fg_p95": 7416.012646484374,
  "summary_fg_stdv": 1664.2320556640625,
  "tsnr": 33.469688415527344
}