{
  "aor": 0.0004999367088607596,
  "aqi": 0.007316125632911393,
  "bids_meta": {
    "AccessionNumber": "8560-001",
    "AcquisitionDateTime": "2018-08-30T13:43:3.487500",
    "AcquisitionMatrixPE": 80,
    "AcquisitionNumber": 1,
    "AcquisitionTime": "13:43:3.487500",
    "BandwidthPerPixelPhaseEncode": 23.191,
    "BaseResolution": 80,
    "BodyPartExamined": "BRAIN",
    "ConsistencyInfo": "N4_VE11C_LATEST_20160120",
    "ConversionSoftware": "dcm2niix",
    "ConversionSoftwareVersion": "v1.0.20210317",
    "DerivedVendorReportedEchoSpacing": 0.000490002,
    "DeviceSerialNumber": "167050",
    "DwellTime": 2.3e-06,
    "EchoTime": 0.03,
    "EchoTrainLength": 88,
    "EffectiveEchoSpacing": 0.000539002,
    "FlipAngle": 53,
    "ImageComments": "Unaliased MB6/PE3/LB",
    "ImageOrientationPatientDICOM": [
      1,
      0,
      0,
      0,
      0.939693,
      -0.34202
    ],
    "ImageType": [
      "ORIGINAL",
      "PRIMARY",
      "M",
      "MB",
      "ND",
      "MOSAIC"
    ],
    "ImagingFrequency": 123.25,
    "InPlanePhaseEncodingDirectionDICOM": "COL",
    "InstitutionAddress": "Michigan Ave 320,Pasadena,California,US,91025",
    "InstitutionName": "Caltech Prisma64",
    "InstitutionalDepartmentName": "Department",
    "MRAcquisitionType": "2D",
    "MagneticFieldStrength": 3,
    "Manufacturer": "Siemens",
    "ManufacturersModelName": "Prisma_fit",
    "Modality": "MR",
    "MultibandAccelerationFactor": 6,
    "PartialFourier": 1,
    "PatientBirthDate": "1985-11-01",
    "PatientID": "CC0155",
    "PatientName": "CC0155",
    "PatientPosition": "HFS",
    "PatientSex": "F",
    "PatientWeight": 72.5748,
    "PercentPhaseFOV": 100,
    "PercentSampling": 100,
    "PhaseEncodingDirection": "j-",
    "PhaseEncodingSteps": 88,
    "PhaseOversampling": 0.1,
    "PhaseResolution": 1,
    "PixelBandwidth": 2715,
    "ProtocolName": "task-pixar_run-01_bold",
    "PulseSequenceDetails": "%CustomerSeq%\\cmrr_mbep2d_bold",
    "ReceiveCoilActiveElements": "HEA;HEP",
    "ReceiveCoilName": "Head_32",
    "ReconMatrixPE": 80,
    "ReferringPhysicianName": "Adolphs",
    "RepetitionTime": 0.7,
    "SAR": 0.0915489,
    "ScanOptions": "FS\\EXT",
    "ScanningSequence": "EP",
    "SequenceName": "epfid2d1_80",
    "SequenceVariant": "SK\\SS\\OSP",
    "SeriesDescription": "task-pixar_run-01_bold",
    "SeriesInstanceUID": "1.3.12.2.1107.5.2.43.167050.2018083013405734069865250.0.0.0",
    "SeriesNumber": 34,
    "ShimSetting": [
      7021,
      -3567,
      7934,
      591,
      72,
      53,
      -42,
      -54
    ],
    "SliceThickness": 2.5,
    "SliceTiming": [
      0,
      0.4775,
      0.2725,
      0.0675,
      0.545,
      0.34,
      0.1375,
      0.6125,
      0.4075,
      0.205,
      0,
      0.4775,
      0.2725,
      0.0675,
      0.545,
      0.34,
      0.1375,
      0.6125,
      0.4075,
      0.205,
      0,
      0.4775,
      0.2725,
      0.0675,
      0.545,
      0.34,
      0.1375,
      0.6125,
      0.4075,
      0.205,
      0,
      0.4775,
      0.2725,
      0.0675,
      0.545,
      0.34,
      0.1375,
      0.6125,
      0.4075,
      0.205,
      0,
      0.4775,
      0.2725,
      0.0675,
      0.545,
      0.34,
      0.1375,
      0.6125,
      0.4075,
      0.205,
      0,
      0.4775,
      0.2725,
      0.0675,
      0.545,
      0.34,
      0.1375,
      0.6125,
      0.4075,
      0.205
    ],
    "SoftwareVersions": "syngo MR E11",
    "SpacingBetweenSlices": 2.5,
    "StationName": "PRISMA",
    "StudyID": "1",
    "StudyInstanceUID": "1.3.12.2.1107.5.2.43.167050.30000018081720093477500000067",
    "TaskName": "pixar",
    "TotalReadoutTime": 0.0425812,
    "TxRefAmp": 271.135,
    "WipMemBlock": "daeab200-e31c-4103-94a5-dacf2e8a0d47||Sequence: R016 ve11c/master r/e634e98; Dec 19 2017 11:00:25 by eja",
    "dataset": "unknown",
    "modality": "bold",
    "run_id": 1,
    "session_id": "core2p2",
    "subject_id": "CC0155",
    "task_id": "pixar"
  },
  "dummy_trs": 2,
  "dvars_nstd": 34.933848407272706,
  "dvars_std": 1.0093225715856236,
  "dvars_vstd": 0.9455774566596186,
  "efc": 0.5154265184667662,
  "fber": 862.3347778320312,
  "fd_mean": 0.16809343562763016,
  "fd_num": 172,
  "fd_perc": 36.28691983122363,
  "fwhm_avg": 2.843961333333333,
  "fwhm_x": 2.625768,
  "fwhm_y": 3.009144,
  "fwhm_z": 2.896972,
  "gcor": 0.0111355,
  "gsr_x": -0.003262995043769479,
  "gsr_y": 0.06830490380525589,
  "provenance": {
    "md5sum": "6c149d545069f1102c8425ff03de3f9f",
    "settings": {
      "fd_thres": 0.2,
      "hmc_fsl": false
    },
    "software": "mriqc",
    "version": "0.15.0",
    "webapi_port": null,
    "webapi_url": "https://mriqc.nimh.nih.gov/api/v1"
  },
  "size_t": 474,
  "size_x": 80,
  "size_y": 80,
  "size_z": 60,
  "snr": 2.3259609469672817,
  "spacing_tr": 0.699999988079071,
  "spacing_x": 2.5,
  "spacing_y": 2.5,
  "spacing_z": 2.5,
  "summary_bg_k": 26.15559063370578,
  "summary_bg_mad": 59.763885498046875,
  "summary_bg_mean": 282.7256774902344,
  "summary_bg_median": 122.21729278564453,
  "summary_bg_n": 239812.0,
  "summary_bg_p05": 76.59282684326172,
  "summary_bg_p95": 1099.7716674804688,
  "summary_bg_stdv": 435.93072509765625,
  "summary_fg_k": 1.0364365521689365,
  "summary_fg_mad": 1446.6383056640625,
  "summary_fg_mean": 4172.552734375,
  "summary_fg_median": 3848.217041015625,
  "summary_fg_n": 83238.0,
  "summary_fg_p05": 2014.4724426269531,
  "summary_fg_p95": 7388.750219726561,
  "summary_fg_stdv": 1654.453369140625,
  "tsnr": 34.15087127685547
}