{
  "aor": 0.002852857142857143,
  "aqi": 0.010373891937765205,
  "bids_meta": {
    "AccessionNumber": "8566-001",
    "AcquisitionDateTime": "2018-09-12T10:42:31.942500",
    "AcquisitionMatrixPE": 80,
    "AcquisitionNumber": 1,
    "AcquisitionTime": "10:42:31.942500",
    "BandwidthPerPixelPhaseEncode": 23.191,
    "BaseResolution": 80,
    "BodyPartExamined": "BRAIN",
    "ConsistencyInfo": "N4_VE11C_LATEST_20160120",
    "ConversionSoftware": "dcm2niix",
    "ConversionSoftwareVersion": "v1.0.20210317",
    "DerivedVendorReportedEchoSpacing": 0.000490002,
    "DeviceSerialNumber": "167050",
    "DwellTime": 2.3e-06,
    "EchoTime": 0.03,
    "EchoTrainLength": 88,
    "EffectiveEchoSpacing": 0.000539002,
    "FlipAngle": 53,
    "ImageComments": "Unaliased MB6/PE3/LB",
    "ImageOrientationPatientDICOM": [
      1,
      0,
      0,
      0,
      0.939693,
      -0.34202
    ],
    "ImageType": [
      "ORIGINAL",
      "PRIMARY",
      "M",
      "MB",
      "ND",
      "MOSAIC"
    ],
    "ImagingFrequency": 123.25,
    "InPlanePhaseEncodingDirectionDICOM": "COL",
    "InstitutionAddress": "Michigan Ave 320,Pasadena,California,US,91025",
    "InstitutionName": "Caltech Prisma64",
    "InstitutionalDepartmentName": "Department",
    "MRAcquisitionType": "2D",
    "MagneticFieldStrength": 3,
    "Manufacturer": "Siemens",
    "ManufacturersModelName": "Prisma_fit",
    "Modality": "MR",
    "MultibandAccelerationFactor": 6,
    "PartialFourier": 1,
    "PatientBirthDate": "1970-10-01",
    "PatientID": "CC0161",
    "PatientName": "CC0161",
    "PatientPosition": "HFS",
    "PatientSex": "M",
    "PatientWeight": 72.5748,
    "PercentPhaseFOV": 100,
    "PercentSampling": 100,
    "PhaseEncodingDirection": "j-",
    "PhaseEncodingSteps": 88,
    "PhaseOversampling": 0.1,
    "PhaseResolution": 1,
    "PixelBandwidth": 2715,
    "ProcedureStepDescription": "Conte Core",
    "ProtocolName": "task-bang_bold",
    "PulseSequenceDetails": "%CustomerSeq%\\cmrr_mbep2d_bold",
    "ReceiveCoilActiveElements": "HEA;HEP",
    "ReceiveCoilName": "Head_32",
    "ReconMatrixPE": 80,
    "ReferringPhysicianName": "Adolphs",
    "RepetitionTime": 0.7,
    "SAR": 0.0912808,
    "ScanOptions": "FS\\EXT",
    "ScanningSequence": "EP",
    "SequenceName": "epfid2d1_80",
    "SequenceVariant": "SK\\SS\\OSP",
    "SeriesDescription": "task-bang_bold",
    "SeriesInstanceUID": "1.3.12.2.1107.5.2.43.167050.2018091210391921697388799.0.0.0",
    "SeriesNumber": 24,
    "ShimSetting": [
      6967,
      -3658,
      7943,
      289,
      -65,
      -202,
      -121,
      0
    ],
    "SliceThickness": 2.5,
    "SliceTiming": [
      0,
      0.475,
      0.27,
      0.0675,
      0.5425,
      0.34,
      0.135,
      0.61,
      0.4075,
      0.2025,
      0,
      0.475,
      0.27,
      0.0675,
      0.5425,
      0.34,
      0.135,
      0.61,
      0.4075,
      0.2025,
      0,
      0.475,
      0.27,
      0.0675,
      0.5425,
      0.34,
      0.135,
      0.61,
      0.4075,
      0.2025,
      0,
      0.475,
      0.27,
      0.0675,
      0.5425,
      0.34,
      0.135,
      0.61,
      0.4075,
      0.2025,
      0,
      0.475,
      0.27,
      0.0675,
      0.5425,
      0.34,
      0.135,
      0.61,
      0.4075,
      0.2025,
      0,
      0.475,
      0.27,
      0.0675,
      0.5425,
      0.34,
      0.135,
      0.61,
      0.4075,
      0.2025
    ],
    "SoftwareVersions": "syngo MR E11",
    "SpacingBetweenSlices": 2.5,
    "StationName": "PRISMA",
    "StudyID": "1",
    "StudyInstanceUID": "1.3.12.2.1107.5.2.43.167050.30000018081720093477500000109",
    "TaskName": "bang",
    "TotalReadoutTime": 0.0425812,
    "TxRefAmp": 266.713,
    "WipMemBlock": "84f2ec9b-d506-4f3d-8027-83b6999d3eb8||Sequence: R016 ve11c/master r/e634e98; Dec 19 2017 11:00:25 by eja",
    "dataset": "unknown",
    "modality": "bold",
    "run_id": 1,
    "session_id": "core2p2",
    "subject_id": "CC0161",
    "task_id": "bang"
  },
  "dummy_trs": 3,
  "dvars_nstd": 38.24263721283288,
  "dvars_std": 1.0411647798725217,
  "dvars_vstd": 1.1284750408073658,
  "efc": 0.5539587262906875,
  "fber": 305.42962646484375,
  "fd_mean": 0.23971921000080312,
  "fd_num": 314,
  "fd_perc": 44.41301272984441,
  "fwhm_avg": 2.969204,
  "fwhm_x": 2.74472,
  "fwhm_y": 3.117996,
  "fwhm_z": 3.044896,
  "gcor": 0.0124198,
  "gsr_x": 0.02233540453016758,
  "gsr_y": 0.08097249269485474,
  "provenance": {
    "md5sum": "85a0ec2da3037221116b78b8618f1450",
    "settings": {
      "fd_thres": 0.2,
      "hmc_fsl": false
    },
    "software": "mriqc",
    "version": "0.15.0",
    "webapi_port": null,
    "webapi_url": "https://mriqc.nimh.nih.gov/api/v1"
  },
  "size_t": 707,
  "size_x": 80,
  "size_y": 80,
  "size_z": 60,
  "snr": 1.946304636024946,
  "spacing_tr": 0.699999988079071,
  "spacing_x": 2.5,
  "spacing_y": 2.5,
  "spacing_z": 2.5,
  "summary_bg_k": 15.259949938550498,
  "summary_bg_mad": 141.8349151611328,
  "summary_bg_mean": 476.92803955078125,
  "summary_bg_median": 194.94625854492188,
  "summary_bg_n": 235514.0,
  "summary_bg_p05": 87.36492156982422,
  "summary_bg_p95": 1926.9337951660152,
  "summary_bg_stdv": 719.2371826171875,
  "summary_fg_k": 1.8814700270174871,
  "summary_fg_mad": 1591.9727783203125,
  "summary_fg_mean": 4064.321533203125,
  "summary_fg_median": 3658.642333984375,
  "summary_fg_n": 86803.0,
  "summary_fg_p05": 1726.9322387695313,
  "summary_fg_p95": 7686.499609374997,
  "summary_fg_stdv": 1879.7783203125,
  "tsnr": 30.44856834411621
}