{
  "bids_meta": {
    "AccessionNumber": "8686-016",
    "AcquisitionDateTime": "2019-01-24T16:45:56.167500",
    "AcquisitionMatrixPE": 256,
    "AcquisitionNumber": 1,
    "AcquisitionTime": "16:45:56.167500",
    "BaseResolution": 256,
    "BodyPartExamined": "BRAIN",
    "ConsistencyInfo": "N4_VE11C_LATEST_20160120",
    "ConversionSoftware": "dcm2niix",
    "ConversionSoftwareVersion": "v1.0.20210317",
    "DeviceSerialNumber": "167050",
    "DwellTime": 3e-06,
    "EchoNumber": 4,
    "FlipAngle": 8,
    "ImageComments": "Average over all echoes.",
    "ImageOrientationPatientDICOM": [
      0,
      1,
      0,
      0,
      0,
      -1
    ],
    "ImageType": [
      "ORIGINAL",
      "PRIMARY",
      "ECHO",
      "COMBINED",
      "ND",
      "NORM"
    ],
    "ImagingFrequency": 123.25,
    "InPlanePhaseEncodingDirectionDICOM": "ROW",
    "InstitutionAddress": "Michigan Ave 320,Pasadena,California,US,91025",
    "InstitutionName": "Caltech Prisma64",
    "InstitutionalDepartmentName": "Department",
    "InversionTime": 1.15,
    "MRAcquisitionType": "3D",
    "MagneticFieldStrength": 3,
    "Manufacturer": "Siemens",
    "ManufacturersModelName": "Prisma_fit",
    "Modality": "MR",
    "ParallelReductionFactorInPlane": 2,
    "PartialFourier": 1,
    "PatientBirthDate": "1987-01-01",
    "PatientID": "CC0007",
    "PatientName": "CC0007",
    "PatientPosition": "HFS",
    "PatientSex": "F",
    "PatientWeight": 68.0389,
    "PercentPhaseFOV": 100,
    "PercentSampling": 100,
    "PhaseEncodingSteps": 282,
    "PhaseOversampling": 0.1,
    "PhaseResolution": 1,
    "PixelBandwidth": 650,
    "ProtocolName": "T1w",
    "PulseSequenceDetails": "%CustomerSeq%\\tfl_wip900D_VE11C",
    "ReceiveCoilActiveElements": "HEA;HEP",
    "ReceiveCoilName": "Head_32",
    "ReconMatrixPE": 256,
    "RefLinesPE": 32,
    "ReferringPhysicianName": "Adolphs",
    "RepetitionTime": 2.55,
    "SAR": 0.0375616,
    "ScanOptions": "IR\\WE",
    "ScanningSequence": "GR\\IR",
    "SequenceName": "tfl3d4_16ns",
    "SequenceVariant": "SK\\SP\\MP\\OSP",
    "SeriesDescription": "T1w_combEcho",
    "SeriesInstanceUID": "1.3.12.2.1107.5.2.43.167050.2019012416530434516806338.0.0.0",
    "SeriesNumber": 5,
    "ShimSetting": [
      6978,
      -3642,
      7874,
      493,
      -47,
      -175,
      -130,
      51
    ],
    "SliceThickness": 0.9,
    "SoftwareVersions": "syngo MR E11",
    "StationName": "PRISMA",
    "StudyID": "1",
    "StudyInstanceUID": "1.3.12.2.1107.5.2.43.167050.30000019012122271046500000028",
    "TxRefAmp": 244.717,
    "WipMemBlock": "WIP_Identifier: WIP#900D",
    "acq_id": "combecho",
    "dataset": "unknown",
    "modality": "T1w",
    "run_id": 2,
    "session_id": "core2p2",
    "subject_id": "CC0007"
  },
  "cjv": 0.3737791178936142,
  "cnr": 3.0891181990991585,
  "efc": 0.5688183689717053,
  "fber": 1876.195556640625,
  "fwhm_avg": 4.386810672689251,
  "fwhm_x": 4.329255670241665,
  "fwhm_y": 4.367983304347826,
  "fwhm_z": 4.4631930434782605,
  "icvs_csf": 0.1968441904153694,
  "icvs_gm": 0.4108000471130176,
  "icvs_wm": 0.39235576247161297,
  "inu_med": 1.350836992263794,
  "inu_range": 0.448699951171875,
  "provenance": {
    "md5sum": "90c4a778576d1fb84db4001b3ce5912d",
    "settings": {
      "testing": false
    },
    "software": "mriqc",
    "version": "0.15.0",
    "warnings": {
      "large_rot_frame": false,
      "small_air_mask": false
    },
    "webapi_port": null,
    "webapi_url": "https://mriqc.nimh.nih.gov/api/v1"
  },
  "qi_1": 0.0,
  "qi_2": 0.008488687056575113,
  "rpve_csf": 26.32541265675124,
  "rpve_gm": 13.070157646379325,
  "rpve_wm": 16.172361946582175,
  "size_x": 208,
  "size_y": 256,
  "size_z": 256,
  "snr_csf": 3.8789105137595845,
  "snr_gm": 11.816527351531315,
  "snr_total": 14.19199877179402,
  "snr_wm": 26.880558450091165,
  "snrd_csf": 41.22315419465593,
  "snrd_gm": 94.2411902590968,
  "snrd_total": 86.06407425742775,
  "snrd_wm": 122.72787831853049,
  "spacing_x": 0.8999999761581421,
  "spacing_y": 0.8984375,
  "spacing_z": 0.8984375,
  "summary_bg_k": 4.813893372951748,
  "summary_bg_mad": 5.338199138641357,
  "summary_bg_mean": 11.245325088500977,
  "summary_bg_median": 10.814047813415527,
  "summary_bg_n": 3821957.0,
  "summary_bg_p05": 3.6083216667175293,
  "summary_bg_p95": 21.953740692138673,
  "summary_bg_stdv": 6.252033710479736,
  "summary_csf_k": 3.3067770366698346,
  "summary_csf_mad": 63.727149963378906,
  "summary_csf_mean": 359.66778564453125,
  "summary_csf_median": 335.89556884765625,
  "summary_csf_n": 53436.0,
  "summary_csf_p05": 261.8815383911133,
  "summary_csf_p95": 536.6685180664062,
  "summary_csf_stdv": 86.59452819824219,
  "summary_gm_k": 1.432309520543706,
  "summary_gm_mad": 54.289085388183594,
  "summary_gm_mean": 774.3385009765625,
  "summary_gm_median": 767.8984985351562,
  "summary_gm_n": 28543.0,
  "summary_gm_p05": 680.1500671386718,
  "summary_gm_p95": 897.4923217773436,
  "summary_gm_stdv": 64.9839859008789,
  "summary_wm_k": 1.1058411119393439,
  "summary_wm_mad": 32.47101593017578,
  "summary_wm_mean": 998.3899536132812,
  "summary_wm_median": 1000.0144653320312,
  "summary_wm_n": 297095.0,
  "summary_wm_p05": 933.59248046875,
  "summary_wm_p95": 1056.0258422851562,
  "summary_wm_stdv": 37.202083587646484,
  "tpm_overlap_csf": 0.244717538356781,
  "tpm_overlap_gm": 0.5016961693763733,
  "tpm_overlap_wm": 0.5617274045944214,
  "wm2max": 0.7739950619630932
}