{
  "aor": 0.0006747999999999999,
  "aqi": 0.004485580315789473,
  "bids_meta": {
    "AccessionNumber": "8477-001",
    "AcquisitionDateTime": "2018-05-30T11:41:48.700000",
    "AcquisitionMatrixPE": 80,
    "AcquisitionNumber": 1,
    "AcquisitionTime": "11:41:48.700000",
    "BandwidthPerPixelPhaseEncode": 23.191,
    "BaseResolution": 80,
    "BodyPartExamined": "BRAIN",
    "ConsistencyInfo": "N4_VE11C_LATEST_20160120",
    "ConversionSoftware": "dcm2niix",
    "ConversionSoftwareVersion": "v1.0.20210317",
    "DerivedVendorReportedEchoSpacing": 0.000490002,
    "DeviceSerialNumber": "167050",
    "DwellTime": 2.3e-06,
    "EchoTime": 0.03,
    "EchoTrainLength": 88,
    "EffectiveEchoSpacing": 0.000539002,
    "FlipAngle": 53,
    "ImageComments": "Unaliased MB6/PE3/LB",
    "ImageOrientationPatientDICOM": [
      1,
      0,
      0,
      0,
      0.939693,
      -0.34202
    ],
    "ImageType": [
      "ORIGINAL",
      "PRIMARY",
      "M",
      "MB",
      "ND",
      "MOSAIC"
    ],
    "ImagingFrequency": 123.25,
    "InPlanePhaseEncodingDirectionDICOM": "COL",
    "InstitutionAddress": "Michigan Ave 320,Pasadena,California,US,91025",
    "InstitutionName": "Caltech Prisma64",
    "InstitutionalDepartmentName": "Department",
    "MRAcquisitionType": "2D",
    "MagneticFieldStrength": 3,
    "Manufacturer": "Siemens",
    "ManufacturersModelName": "Prisma_fit",
    "Modality": "MR",
    "MultibandAccelerationFactor": 6,
    "PartialFourier": 1,
    "PatientBirthDate": "1977-11-01",
    "PatientID": "CC0137",
    "PatientName": "CC0137",
    "PatientPosition": "HFS",
    "PatientSex": "F",
    "PatientWeight": 68.0389,
    "PercentPhaseFOV": 100,
    "PercentSampling": 100,
    "PhaseEncodingDirection": "j-",
    "PhaseEncodingSteps": 88,
    "PhaseOversampling": 0.1,
    "PhaseResolution": 1,
    "PixelBandwidth": 2715,
    "ProcedureStepDescription": "Conte Core",
    "ProtocolName": "task-pixar_run-01_bold",
    "PulseSequenceDetails": "%CustomerSeq%\\cmrr_mbep2d_bold",
    "ReceiveCoilActiveElements": "HEA;HEP",
    "ReceiveCoilName": "Head_32",
    "ReconMatrixPE": 80,
    "ReferringPhysicianName": "Adolphs",
    "RepetitionTime": 0.7,
    "SAR": 0.0691286,
    "ScanOptions": "FS\\EXT",
    "ScanningSequence": "EP",
    "SequenceName": "epfid2d1_80",
    "SequenceVariant": "SK\\SS\\OSP",
    "SeriesDescription": "task-pixar_run-01_bold",
    "SeriesInstanceUID": "1.3.12.2.1107.5.2.43.167050.2018053011413862446841573.0.0.0",
    "SeriesNumber": 38,
    "ShimSetting": [
      6986,
      -3610,
      7986,
      510,
      -30,
      79,
      -39,
      34
    ],
    "SliceThickness": 2.5,
    "SliceTiming": [
      0,
      0.4775,
      0.2725,
      0.07,
      0.545,
      0.34,
      0.1375,
      0.6125,
      0.41,
      0.205,
      0,
      0.4775,
      0.2725,
      0.07,
      0.545,
      0.34,
      0.1375,
      0.6125,
      0.41,
      0.205,
      0,
      0.4775,
      0.2725,
      0.07,
      0.545,
      0.34,
      0.1375,
      0.6125,
      0.41,
      0.205,
      0,
      0.4775,
      0.2725,
      0.07,
      0.545,
      0.34,
      0.1375,
      0.6125,
      0.41,
      0.205,
      0,
      0.4775,
      0.2725,
      0.07,
      0.545,
      0.34,
      0.1375,
      0.6125,
      0.41,
      0.205,
      0,
      0.4775,
      0.2725,
      0.07,
      0.545,
      0.34,
      0.1375,
      0.6125,
      0.41,
      0.205
    ],
    "SoftwareVersions": "syngo MR E11",
    "SpacingBetweenSlices": 2.5,
    "StationName": "PRISMA",
    "StudyID": "1",
    "StudyInstanceUID": "1.3.12.2.1107.5.2.43.167050.30000018042619061766300000046",
    "TaskName": "pixar",
    "TotalReadoutTime": 0.0425812,
    "TxRefAmp": 241.534,
    "WipMemBlock": "25ceeb9a-858d-4d5a-a511-2b3bfbfbecea||Sequence: R016 ve11c/master r/e634e98; Dec 19 2017 11:00:25 by eja",
    "dataset": "unknown",
    "modality": "bold",
    "run_id": 1,
    "session_id": "core2p2",
    "subject_id": "CC0137",
    "task_id": "pixar"
  },
  "dummy_trs": 1,
  "dvars_nstd": 32.5244406806118,
  "dvars_std": 1.1007844619620248,
  "dvars_vstd": 1.0043127703586494,
  "efc": 0.5301432994549952,
  "fber": 782.8412475585938,
  "fd_mean": 0.11713019669604192,
  "fd_num": 60,
  "fd_perc": 12.631578947368421,
  "fwhm_avg": 2.7860773333333335,
  "fwhm_x": 2.5789079999999998,
  "fwhm_y": 2.965916,
  "fwhm_z": 2.813408,
  "gcor": 0.015484,
  "gsr_x": 0.00760435126721859,
  "gsr_y": 0.07387729734182358,
  "provenance": {
    "md5sum": "b53cd9d0aac131d20a2fce15503ed7f8",
    "settings": {
      "fd_thres": 0.2,
      "hmc_fsl": false
    },
    "software": "mriqc",
    "version": "0.15.0",
    "webapi_port": null,
    "webapi_url": "https://mriqc.nimh.nih.gov/api/v1"
  },
  "size_t": 475,
  "size_x": 80,
  "size_y": 80,
  "size_z": 60,
  "snr": 2.433290486226051,
  "spacing_tr": 0.699999988079071,
  "spacing_x": 2.5,
  "spacing_y": 2.5,
  "spacing_z": 2.5,
  "summary_bg_k": 23.396907144080828,
  "summary_bg_mad": 65.56222534179688,
  "summary_bg_mean": 325.7871398925781,
  "summary_bg_median": 126.31578063964844,
  "summary_bg_n": 236645.0,
  "summary_bg_p05": 77.19157409667969,
  "summary_bg_p95": 1333.1914794921872,
  "summary_bg_stdv": 542.0368041992188,
  "summary_fg_k": 0.3907540839045214,
  "summary_fg_mad": 1440.447998046875,
  "summary_fg_mean": 4090.58544921875,
  "summary_fg_median": 3823.350341796875,
  "summary_fg_n": 85088.0,
  "summary_fg_p05": 1963.7309936523438,
  "summary_fg_p95": 7066.582690429687,
  "summary_fg_stdv": 1571.25830078125,
  "tsnr": 44.3886833190918
}