{
  "aor": 0.0003294648829431438,
  "aqi": 0.003351508695652174,
  "bids_meta": {
    "AccessionNumber": "8553-001",
    "AcquisitionDateTime": "2018-08-24T10:25:3.467500",
    "AcquisitionMatrixPE": 80,
    "AcquisitionNumber": 1,
    "AcquisitionTime": "10:25:3.467500",
    "BandwidthPerPixelPhaseEncode": 23.191,
    "BaseResolution": 80,
    "BodyPartExamined": "BRAIN",
    "ConsistencyInfo": "N4_VE11C_LATEST_20160120",
    "ConversionSoftware": "dcm2niix",
    "ConversionSoftwareVersion": "v1.0.20210317",
    "DerivedVendorReportedEchoSpacing": 0.000490002,
    "DeviceSerialNumber": "167050",
    "DwellTime": 2.3e-06,
    "EchoTime": 0.03,
    "EchoTrainLength": 88,
    "EffectiveEchoSpacing": 0.000539002,
    "FlipAngle": 53,
    "ImageComments": "Unaliased MB6/PE3/LB",
    "ImageOrientationPatientDICOM": [
      1,
      0,
      0,
      0,
      0.939693,
      -0.34202
    ],
    "ImageType": [
      "ORIGINAL",
      "PRIMARY",
      "M",
      "MB",
      "ND",
      "MOSAIC"
    ],
    "ImagingFrequency": 123.25,
    "InPlanePhaseEncodingDirectionDICOM": "COL",
    "InstitutionAddress": "Michigan Ave 320,Pasadena,California,US,91025",
    "InstitutionName": "Caltech Prisma64",
    "InstitutionalDepartmentName": "Department",
    "MRAcquisitionType": "2D",
    "MagneticFieldStrength": 3,
    "Manufacturer": "Siemens",
    "ManufacturersModelName": "Prisma_fit",
    "Modality": "MR",
    "MultibandAccelerationFactor": 6,
    "PartialFourier": 1,
    "PatientBirthDate": "1993-07-01",
    "PatientID": "CC0153",
    "PatientName": "CC0153",
    "PatientPosition": "HFS",
    "PatientSex": "F",
    "PatientWeight": 49.8952,
    "PercentPhaseFOV": 100,
    "PercentSampling": 100,
    "PhaseEncodingDirection": "j-",
    "PhaseEncodingSteps": 88,
    "PhaseOversampling": 0.1,
    "PhaseResolution": 1,
    "PixelBandwidth": 2715,
    "ProtocolName": "task-rest_run-02_bold",
    "PulseSequenceDetails": "%CustomerSeq%\\cmrr_mbep2d_bold",
    "ReceiveCoilActiveElements": "HEA;HEP",
    "ReceiveCoilName": "Head_32",
    "ReconMatrixPE": 80,
    "ReferringPhysicianName": "Adolphs",
    "RepetitionTime": 0.7,
    "SAR": 0.0810825,
    "ScanOptions": "FS\\EXT",
    "ScanningSequence": "EP",
    "SequenceName": "epfid2d1_80",
    "SequenceVariant": "SK\\SS\\OSP",
    "SeriesDescription": "task-rest_run-02_bold",
    "SeriesInstanceUID": "1.3.12.2.1107.5.2.43.167050.2018082410242156983240885.0.0.0",
    "SeriesNumber": 16,
    "ShimSetting": [
      6959,
      -3629,
      7909,
      568,
      -118,
      -20,
      -155,
      61
    ],
    "SliceThickness": 2.5,
    "SliceTiming": [
      0,
      0.475,
      0.27,
      0.0675,
      0.5425,
      0.34,
      0.135,
      0.61,
      0.4075,
      0.2025,
      0,
      0.475,
      0.27,
      0.0675,
      0.5425,
      0.34,
      0.135,
      0.61,
      0.4075,
      0.2025,
      0,
      0.475,
      0.27,
      0.0675,
      0.5425,
      0.34,
      0.135,
      0.61,
      0.4075,
      0.2025,
      0,
      0.475,
      0.27,
      0.0675,
      0.5425,
      0.34,
      0.135,
      0.61,
      0.4075,
      0.2025,
      0,
      0.475,
      0.27,
      0.0675,
      0.5425,
      0.34,
      0.135,
      0.61,
      0.4075,
      0.2025,
      0,
      0.475,
      0.27,
      0.0675,
      0.5425,
      0.34,
      0.135,
      0.61,
      0.4075,
      0.2025
    ],
    "SoftwareVersions": "syngo MR E11",
    "SpacingBetweenSlices": 2.5,
    "StationName": "PRISMA",
    "StudyID": "1",
    "StudyInstanceUID": "1.3.12.2.1107.5.2.43.167050.30000018081720093477500000037",
    "TaskName": "rest",
    "TotalReadoutTime": 0.0425812,
    "TxRefAmp": 235.59,
    "WipMemBlock": "cb7461d8-8d8b-4619-9928-39f10991d5ab||Sequence: R016 ve11c/master r/e634e98; Dec 19 2017 11:00:25 by eja",
    "dataset": "unknown",
    "modality": "bold",
    "run_id": 2,
    "session_id": "core2p2",
    "subject_id": "CC0153",
    "task_id": "rest"
  },
  "dummy_trs": 2,
  "dvars_nstd": 33.92776287641544,
  "dvars_std": 1.1334626424623113,
  "dvars_vstd": 1.0037534055108892,
  "efc": 0.5149942505208353,
  "fber": 848.58349609375,
  "fd_mean": 0.06316749070939652,
  "fd_num": 0,
  "fd_perc": 0.0,
  "fwhm_avg": 2.960713333333333,
  "fwhm_x": 2.723036,
  "fwhm_y": 3.143752,
  "fwhm_z": 3.015352,
  "gcor": 0.0124965,
  "gsr_x": -0.0022530965507030487,
  "gsr_y": 0.07415297627449036,
  "provenance": {
    "md5sum": "fab6e50be4366e2abd3b795c02834e17",
    "settings": {
      "fd_thres": 0.2,
      "hmc_fsl": false
    },
    "software": "mriqc",
    "version": "0.15.0",
    "webapi_port": null,
    "webapi_url": "https://mriqc.nimh.nih.gov/api/v1"
  },
  "size_t": 598,
  "size_x": 80,
  "size_y": 80,
  "size_z": 60,
  "snr": 2.187997307204997,
  "spacing_tr": 0.699999988079071,
  "spacing_x": 2.5,
  "spacing_y": 2.5,
  "spacing_z": 2.5,
  "summary_bg_k": 28.441829193907655,
  "summary_bg_mad": 70.82524108886719,
  "summary_bg_mean": 350.02447509765625,
  "summary_bg_median": 135.18728637695312,
  "summary_bg_n": 241261.0,
  "summary_bg_p05": 80.94481658935547,
  "summary_bg_p95": 1461.655517578125,
  "summary_bg_stdv": 600.1888427734375,
  "summary_fg_k": 1.0887066800815939,
  "summary_fg_mad": 1705.690185546875,
  "summary_fg_mean": 4624.11083984375,
  "summary_fg_median": 4263.2373046875,
  "summary_fg_n": 81842.0,
  "summary_fg_p05": 2043.8251037597656,
  "summary_fg_p95": 8385.052636718749,
  "summary_fg_stdv": 1948.45361328125,
  "tsnr": 47.95771408081055
}