{
  "aor": 0.00035828854314002835,
  "aqi": 0.0034752810325318242,
  "bids_meta": {
    "AccessionNumber": "8553-001",
    "AcquisitionDateTime": "2018-08-24T10:39:24.500000",
    "AcquisitionMatrixPE": 80,
    "AcquisitionNumber": 1,
    "AcquisitionTime": "10:39:24.500000",
    "BandwidthPerPixelPhaseEncode": 23.191,
    "BaseResolution": 80,
    "BodyPartExamined": "BRAIN",
    "ConsistencyInfo": "N4_VE11C_LATEST_20160120",
    "ConversionSoftware": "dcm2niix",
    "ConversionSoftwareVersion": "v1.0.20210317",
    "DerivedVendorReportedEchoSpacing": 0.000490002,
    "DeviceSerialNumber": "167050",
    "DwellTime": 2.3e-06,
    "EchoTime": 0.03,
    "EchoTrainLength": 88,
    "EffectiveEchoSpacing": 0.000539002,
    "FlipAngle": 53,
    "ImageComments": "Unaliased MB6/PE3/LB",
    "ImageOrientationPatientDICOM": [
      1,
      0,
      0,
      0,
      0.939693,
      -0.34202
    ],
    "ImageType": [
      "ORIGINAL",
      "PRIMARY",
      "M",
      "MB",
      "ND",
      "MOSAIC"
    ],
    "ImagingFrequency": 123.25,
    "InPlanePhaseEncodingDirectionDICOM": "COL",
    "InstitutionAddress": "Michigan Ave 320,Pasadena,California,US,91025",
    "InstitutionName": "Caltech Prisma64",
    "InstitutionalDepartmentName": "Department",
    "MRAcquisitionType": "2D",
    "MagneticFieldStrength": 3,
    "Manufacturer": "Siemens",
    "ManufacturersModelName": "Prisma_fit",
    "Modality": "MR",
    "MultibandAccelerationFactor": 6,
    "PartialFourier": 1,
    "PatientBirthDate": "1993-07-01",
    "PatientID": "CC0153",
    "PatientName": "CC0153",
    "PatientPosition": "HFS",
    "PatientSex": "F",
    "PatientWeight": 49.8952,
    "PercentPhaseFOV": 100,
    "PercentSampling": 100,
    "PhaseEncodingDirection": "j-",
    "PhaseEncodingSteps": 88,
    "PhaseOversampling": 0.1,
    "PhaseResolution": 1,
    "PixelBandwidth": 2715,
    "ProtocolName": "task-bang_bold",
    "PulseSequenceDetails": "%CustomerSeq%\\cmrr_mbep2d_bold",
    "ReceiveCoilActiveElements": "HEA;HEP",
    "ReceiveCoilName": "Head_32",
    "ReconMatrixPE": 80,
    "ReferringPhysicianName": "Adolphs",
    "RepetitionTime": 0.7,
    "SAR": 0.0811604,
    "ScanOptions": "FS\\EXT",
    "ScanningSequence": "EP",
    "SequenceName": "epfid2d1_80",
    "SequenceVariant": "SK\\SS\\OSP",
    "SeriesDescription": "task-bang_bold",
    "SeriesInstanceUID": "1.3.12.2.1107.5.2.43.167050.2018082410352343841661554.0.0.0",
    "SeriesNumber": 24,
    "ShimSetting": [
      6959,
      -3629,
      7909,
      568,
      -118,
      -20,
      -155,
      61
    ],
    "SliceThickness": 2.5,
    "SliceTiming": [
      0,
      0.475,
      0.2725,
      0.0675,
      0.5425,
      0.34,
      0.135,
      0.6125,
      0.4075,
      0.2025,
      0,
      0.475,
      0.2725,
      0.0675,
      0.5425,
      0.34,
      0.135,
      0.6125,
      0.4075,
      0.2025,
      0,
      0.475,
      0.2725,
      0.0675,
      0.5425,
      0.34,
      0.135,
      0.6125,
      0.4075,
      0.2025,
      0,
      0.475,
      0.2725,
      0.0675,
      0.5425,
      0.34,
      0.135,
      0.6125,
      0.4075,
      0.2025,
      0,
      0.475,
      0.2725,
      0.0675,
      0.5425,
      0.34,
      0.135,
      0.6125,
      0.4075,
      0.2025,
      0,
      0.475,
      0.2725,
      0.0675,
      0.5425,
      0.34,
      0.135,
      0.6125,
      0.4075,
      0.2025
    ],
    "SoftwareVersions": "syngo MR E11",
    "SpacingBetweenSlices": 2.5,
    "StationName": "PRISMA",
    "StudyID": "1",
    "StudyInstanceUID": "1.3.12.2.1107.5.2.43.167050.30000018081720093477500000037",
    "TaskName": "bang",
    "TotalReadoutTime": 0.0425812,
    "TxRefAmp": 235.59,
    "WipMemBlock": "be5464d7-4a69-46c7-9719-6dc87e3a2270||Sequence: R016 ve11c/master r/e634e98; Dec 19 2017 11:00:25 by eja",
    "dataset": "unknown",
    "modality": "bold",
    "run_id": 1,
    "session_id": "core2p2",
    "subject_id": "CC0153",
    "task_id": "bang"
  },
  "dummy_trs": 3,
  "dvars_nstd": 34.54040060256371,
  "dvars_std": 1.1396712570113328,
  "dvars_vstd": 1.0008864774220945,
  "efc": 0.5155319197804892,
  "fber": 821.0532836914062,
  "fd_mean": 0.06561971678428229,
  "fd_num": 1,
  "fd_perc": 0.14144271570014144,
  "fwhm_avg": 2.971733333333333,
  "fwhm_x": 2.733396,
  "fwhm_y": 3.152036,
  "fwhm_z": 3.029768,
  "gcor": 0.010935,
  "gsr_x": -0.0017931307666003704,
  "gsr_y": 0.0716242790222168,
  "provenance": {
    "md5sum": "c1ca8ded8c2d587b097afae132a555f7",
    "settings": {
      "fd_thres": 0.2,
      "hmc_fsl": false
    },
    "software": "mriqc",
    "version": "0.15.0",
    "webapi_port": null,
    "webapi_url": "https://mriqc.nimh.nih.gov/api/v1"
  },
  "size_t": 707,
  "size_x": 80,
  "size_y": 80,
  "size_z": 60,
  "snr": 2.1765066493859697,
  "spacing_tr": 0.699999988079071,
  "spacing_x": 2.5,
  "spacing_y": 2.5,
  "spacing_z": 2.5,
  "summary_bg_k": 26.908662540620984,
  "summary_bg_mad": 72.888671875,
  "summary_bg_mean": 353.82452392578125,
  "summary_bg_median": 137.54031372070312,
  "summary_bg_n": 241041.0,
  "summary_bg_p05": 81.39179992675781,
  "summary_bg_p95": 1474.2928466796875,
  "summary_bg_stdv": 605.335693359375,
  "summary_fg_k": 1.1126851031740967,
  "summary_fg_mad": 1707.6160888671875,
  "summary_fg_mean": 4625.8017578125,
  "summary_fg_median": 4262.6337890625,
  "summary_fg_n": 81913.0,
  "summary_fg_p05": 2033.757861328125,
  "summary_fg_p95": 8425.262499999995,
  "summary_fg_stdv": 1958.4630126953125,
  "tsnr": 47.48335647583008
}