{
  "bids_meta": {
    "AccessionNumber": "8824-001",
    "AcquisitionDateTime": "2019-04-25T11:17:6.512500",
    "AcquisitionMatrixPE": 256,
    "AcquisitionNumber": 1,
    "AcquisitionTime": "11:17:6.512500",
    "BaseResolution": 256,
    "BodyPartExamined": "BRAIN",
    "ConsistencyInfo": "N4_VE11C_LATEST_20160120",
    "ConversionSoftware": "dcm2niix",
    "ConversionSoftwareVersion": "v1.0.20210317",
    "DeviceSerialNumber": "167050",
    "DwellTime": 3e-06,
    "EchoNumber": 4,
    "FlipAngle": 8,
    "ImageComments": "Average over all echoes.",
    "ImageOrientationPatientDICOM": [
      0,
      1,
      0,
      0,
      0,
      -1
    ],
    "ImageType": [
      "ORIGINAL",
      "PRIMARY",
      "ECHO",
      "COMBINED",
      "ND"
    ],
    "ImagingFrequency": 123.25,
    "InPlanePhaseEncodingDirectionDICOM": "ROW",
    "InstitutionAddress": "Michigan Ave 320,Pasadena,California,US,91025",
    "InstitutionName": "Caltech Prisma32",
    "InstitutionalDepartmentName": "Department",
    "InversionTime": 1.15,
    "MRAcquisitionType": "3D",
    "MagneticFieldStrength": 3,
    "Manufacturer": "Siemens",
    "ManufacturersModelName": "Prisma_fit",
    "Modality": "MR",
    "ParallelReductionFactorInPlane": 2,
    "PartialFourier": 1,
    "PatientBirthDate": "1993-10-01",
    "PatientID": "CC0188",
    "PatientName": "CC0188",
    "PatientPosition": "HFS",
    "PatientSex": "M",
    "PatientWeight": 122.47,
    "PercentPhaseFOV": 100,
    "PercentSampling": 100,
    "PhaseEncodingSteps": 282,
    "PhaseOversampling": 0.1,
    "PhaseResolution": 1,
    "PixelBandwidth": 650,
    "ProcedureStepDescription": "Conte Core",
    "ProtocolName": "T1w",
    "PulseSequenceDetails": "%CustomerSeq%\\tfl_wip900D_VE11C",
    "ReceiveCoilActiveElements": "HEA;HEP",
    "ReceiveCoilName": "Head_32",
    "ReconMatrixPE": 256,
    "RefLinesPE": 32,
    "ReferringPhysicianName": "Adolphs",
    "RepetitionTime": 2.55,
    "SAR": 0.0658119,
    "ScanOptions": "IR\\WE",
    "ScanningSequence": "GR\\IR",
    "SequenceName": "tfl3d4_16ns",
    "SequenceVariant": "SK\\SP\\MP\\OSP",
    "SeriesDescription": "T1w_combEcho",
    "SeriesInstanceUID": "1.3.12.2.1107.5.2.43.167050.2019042511241591365079610.0.0.0",
    "SeriesNumber": 4,
    "ShimSetting": [
      6977,
      -3668,
      7924,
      54,
      15,
      -54,
      94,
      19
    ],
    "SliceThickness": 0.9,
    "SoftwareVersions": "syngo MR E11",
    "StationName": "PRISMA",
    "StudyID": "1",
    "StudyInstanceUID": "1.3.12.2.1107.5.2.43.167050.30000019041201230705700000133",
    "TxRefAmp": 380.88,
    "WipMemBlock": "WIP_Identifier: WIP#900D",
    "acq_id": "combecho",
    "dataset": "unknown",
    "modality": "T1w",
    "run_id": 1,
    "session_id": "core2p2",
    "subject_id": "CC0188"
  },
  "cjv": 0.5412834788908314,
  "cnr": 2.5503013568009925,
  "efc": 0.6378979982783901,
  "fber": 140.5622100830078,
  "fwhm_avg": 5.608230785927737,
  "fwhm_x": 5.481977923000598,
  "fwhm_y": 5.4376180869565225,
  "fwhm_z": 5.905096347826087,
  "icvs_csf": 0.18820200686335234,
  "icvs_gm": 0.41608218127796576,
  "icvs_wm": 0.3957158118586819,
  "inu_med": 1.3837140798568726,
  "inu_range": 1.0160982012748716,
  "provenance": {
    "md5sum": "97be9c1f5225df0d557864d85c811421",
    "settings": {
      "testing": false
    },
    "software": "mriqc",
    "version": "0.15.0",
    "warnings": {
      "large_rot_frame": false,
      "small_air_mask": false
    },
    "webapi_port": null,
    "webapi_url": "https://mriqc.nimh.nih.gov/api/v1"
  },
  "qi_1": 0.0,
  "qi_2": 0.003365614691876255,
  "rpve_csf": 24.63722201696609,
  "rpve_gm": 10.845284449919484,
  "rpve_wm": 12.550850100659986,
  "size_x": 208,
  "size_y": 256,
  "size_z": 256,
  "snr_csf": 4.024180575481408,
  "snr_gm": 12.585818515674603,
  "snr_total": 9.264641418436002,
  "snr_wm": 11.183925164151995,
  "snrd_csf": 14.693422309374329,
  "snrd_gm": 29.456244176120368,
  "snrd_total": 28.256686835792763,
  "snrd_wm": 40.6203940218836,
  "spacing_x": 0.8999999761581421,
  "spacing_y": 0.8984375,
  "spacing_z": 0.8984375,
  "summary_bg_k": 2.2896017958116133,
  "summary_bg_mad": 16.12716293334961,
  "summary_bg_mean": 55.993255615234375,
  "summary_bg_median": 54.60158157348633,
  "summary_bg_n": 3372123.0,
  "summary_bg_p05": 31.114262580871582,
  "summary_bg_p95": 86.2516128540039,
  "summary_bg_stdv": 17.30303382873535,
  "summary_csf_k": 1.0333104827424764,
  "summary_csf_mad": 85.04322052001953,
  "summary_csf_mean": 375.845458984375,
  "summary_csf_median": 361.7005920410156,
  "summary_csf_n": 43557.0,
  "summary_csf_p05": 257.52397460937505,
  "summary_csf_p95": 547.73291015625,
  "summary_csf_stdv": 89.88076782226562,
  "summary_gm_k": -0.2076079845535994,
  "summary_gm_mad": 58.22869873046875,
  "summary_gm_mean": 721.7685546875,
  "summary_gm_median": 725.1095581054688,
  "summary_gm_n": 61142.0,
  "summary_gm_p05": 621.2080169677735,
  "summary_gm_p95": 812.1980712890625,
  "summary_gm_stdv": 57.61275100708008,
  "summary_wm_k": 0.1182072293665355,
  "summary_wm_mad": 90.5280532836914,
  "summary_wm_mean": 1013.4119873046875,
  "summary_wm_median": 999.9318237304688,
  "summary_wm_n": 218277.0,
  "summary_wm_p05": 893.2288085937499,
  "summary_wm_p95": 1178.5004638671874,
  "summary_wm_stdv": 89.40774536132812,
  "tpm_overlap_csf": 0.21633470058441162,
  "tpm_overlap_gm": 0.426213800907135,
  "tpm_overlap_wm": 0.4359935224056244,
  "wm2max": 0.42548001959916315
}