{
  "bids_meta": {
    "AccessionNumber": "8824-001",
    "AcquisitionDateTime": "2019-04-25T11:38:12.115000",
    "AcquisitionMatrixPE": 256,
    "AcquisitionNumber": 1,
    "AcquisitionTime": "11:38:12.115000",
    "BaseResolution": 256,
    "BodyPartExamined": "BRAIN",
    "ConsistencyInfo": "N4_VE11C_LATEST_20160120",
    "ConversionSoftware": "dcm2niix",
    "ConversionSoftwareVersion": "v1.0.20210317",
    "DeviceSerialNumber": "167050",
    "DwellTime": 2.6e-06,
    "EchoTime": 0.564,
    "EchoTrainLength": 314,
    "FlipAngle": 120,
    "ImageOrientationPatientDICOM": [
      0,
      1,
      0,
      0,
      0,
      -1
    ],
    "ImageType": [
      "ORIGINAL",
      "PRIMARY",
      "M",
      "ND"
    ],
    "ImagingFrequency": 123.25,
    "InPlanePhaseEncodingDirectionDICOM": "ROW",
    "InstitutionAddress": "Michigan Ave 320,Pasadena,California,US,91025",
    "InstitutionName": "Caltech Prisma32",
    "InstitutionalDepartmentName": "Department",
    "MRAcquisitionType": "3D",
    "MagneticFieldStrength": 3,
    "Manufacturer": "Siemens",
    "ManufacturersModelName": "Prisma_fit",
    "Modality": "MR",
    "ParallelReductionFactorInPlane": 2,
    "PartialFourier": 1,
    "PatientBirthDate": "1993-10-01",
    "PatientID": "CC0188",
    "PatientName": "CC0188",
    "PatientPosition": "HFS",
    "PatientSex": "M",
    "PatientWeight": 122.47,
    "PercentPhaseFOV": 100,
    "PercentSampling": 100,
    "PhaseEncodingDirection": "i",
    "PhaseEncodingSteps": 274,
    "PhaseOversampling": 0.1,
    "PhaseResolution": 1,
    "PixelBandwidth": 750,
    "ProcedureStepDescription": "Conte Core",
    "ProtocolName": "T2w",
    "PulseSequenceDetails": "%SiemensSeq%\\tse_vfl",
    "ReceiveCoilActiveElements": "HEA;HEP",
    "ReceiveCoilName": "Head_32",
    "ReconMatrixPE": 256,
    "RefLinesPE": 32,
    "ReferringPhysicianName": "Adolphs",
    "RepetitionTime": 3.2,
    "SAR": 0.259011,
    "ScanOptions": "PFP",
    "ScanningSequence": "SE",
    "SequenceName": "*spc_314ns",
    "SequenceVariant": "SK\\SP\\OSP",
    "SeriesDescription": "T2w",
    "SeriesInstanceUID": "1.3.12.2.1107.5.2.43.167050.2019042511434850726091182.0.0.0",
    "SeriesNumber": 11,
    "ShimSetting": [
      6977,
      -3670,
      7926,
      60,
      12,
      -66,
      97,
      20
    ],
    "SliceThickness": 0.9,
    "SoftwareVersions": "syngo MR E11",
    "StationName": "PRISMA",
    "StudyID": "1",
    "StudyInstanceUID": "1.3.12.2.1107.5.2.43.167050.30000019041201230705700000133",
    "TxRefAmp": 380.88,
    "dataset": "unknown",
    "modality": "T2w",
    "run_id": 1,
    "session_id": "core2p2",
    "subject_id": "CC0188"
  },
  "cjv": 0.593667025790218,
  "cnr": 2.2414634574779924,
  "efc": 0.5524755759691846,
  "fber": 235.15682983398438,
  "fwhm_avg": 3.4865035908379713,
  "fwhm_x": 3.266155642079132,
  "fwhm_y": 3.790736695652174,
  "fwhm_z": 3.402618434782609,
  "icvs_csf": 0.1783958238181941,
  "icvs_gm": 0.509256884901256,
  "icvs_wm": 0.3123472912805499,
  "inu_med": 1.2929036617279053,
  "inu_range": 0.46186983585357666,
  "provenance": {
    "md5sum": "20157aafdfbcaf4d6530714a515f9fa6",
    "settings": {
      "testing": false
    },
    "software": "mriqc",
    "version": "0.15.0",
    "warnings": {
      "large_rot_frame": false,
      "small_air_mask": false
    },
    "webapi_port": null,
    "webapi_url": "https://mriqc.nimh.nih.gov/api/v1"
  },
  "qi_1": 7.128327047644945e-05,
  "qi_2": 0.0010299288894275887,
  "rpve_csf": 24.273484374243285,
  "rpve_gm": 10.247451468559701,
  "rpve_wm": 16.550067264876454,
  "size_x": 208,
  "size_y": 256,
  "size_z": 256,
  "snr_csf": 3.0990875103833777,
  "snr_gm": 4.90970461605584,
  "snr_total": 4.010902813909996,
  "snr_wm": 4.02391631529077,
  "snrd_csf": 54.08344725497922,
  "snrd_gm": 21.796175859702455,
  "snrd_total": 28.569841828245217,
  "snrd_wm": 9.829902370053977,
  "spacing_x": 0.8999999761581421,
  "spacing_y": 0.8984375,
  "spacing_z": 0.8984375,
  "summary_bg_k": 12.167403896288713,
  "summary_bg_mad": 66.65367889404297,
  "summary_bg_mean": 143.8768768310547,
  "summary_bg_median": 85.786865234375,
  "summary_bg_n": 4258662.0,
  "summary_bg_p05": 19.76029214859009,
  "summary_bg_p95": 504.80511169433555,
  "summary_bg_stdv": 171.00169372558594,
  "summary_csf_k": -0.4541462570635071,
  "summary_csf_mad": 1970.467041015625,
  "summary_csf_mean": 5635.826171875,
  "summary_csf_median": 5502.45849609375,
  "summary_csf_n": 35886.0,
  "summary_csf_p05": 3094.693359375,
  "summary_csf_p95": 8625.838623046875,
  "summary_csf_stdv": 1775.4844970703125,
  "summary_gm_k": -0.21696340958360505,
  "summary_gm_mad": 481.5119934082031,
  "summary_gm_mean": 2222.412353515625,
  "summary_gm_median": 2217.54638671875,
  "summary_gm_n": 77275.0,
  "summary_gm_p05": 1507.0826416015625,
  "summary_gm_p95": 2971.8640136718755,
  "summary_gm_stdv": 451.66302490234375,
  "summary_wm_k": 0.3694001208983235,
  "summary_wm_mad": 241.24826049804688,
  "summary_wm_mean": 1006.74609375,
  "summary_wm_median": 1000.0958251953125,
  "summary_wm_n": 154602.0,
  "summary_wm_p05": 613.4793975830078,
  "summary_wm_p95": 1424.4716796874998,
  "summary_wm_stdv": 248.53712463378906,
  "tpm_overlap_csf": 0.19676025211811066,
  "tpm_overlap_gm": 0.4864630103111267,
  "tpm_overlap_wm": 0.4458455741405487,
  "wm2max": 0.10298515146868871
}