{
  "bids_meta": {
    "AccessionNumber": "8824-001",
    "AcquisitionDateTime": "2019-04-25T11:17:6.515000",
    "AcquisitionMatrixPE": 256,
    "AcquisitionNumber": 1,
    "AcquisitionTime": "11:17:6.515000",
    "BaseResolution": 256,
    "BodyPartExamined": "BRAIN",
    "ConsistencyInfo": "N4_VE11C_LATEST_20160120",
    "ConversionSoftware": "dcm2niix",
    "ConversionSoftwareVersion": "v1.0.20210317",
    "DeviceSerialNumber": "167050",
    "DwellTime": 3e-06,
    "EchoNumber": 4,
    "FlipAngle": 8,
    "ImageComments": "Average over all echoes.",
    "ImageOrientationPatientDICOM": [
      0,
      1,
      0,
      0,
      0,
      -1
    ],
    "ImageType": [
      "ORIGINAL",
      "PRIMARY",
      "ECHO",
      "COMBINED",
      "ND",
      "NORM"
    ],
    "ImagingFrequency": 123.25,
    "InPlanePhaseEncodingDirectionDICOM": "ROW",
    "InstitutionAddress": "Michigan Ave 320,Pasadena,California,US,91025",
    "InstitutionName": "Caltech Prisma32",
    "InstitutionalDepartmentName": "Department",
    "InversionTime": 1.15,
    "MRAcquisitionType": "3D",
    "MagneticFieldStrength": 3,
    "Manufacturer": "Siemens",
    "ManufacturersModelName": "Prisma_fit",
    "Modality": "MR",
    "ParallelReductionFactorInPlane": 2,
    "PartialFourier": 1,
    "PatientBirthDate": "1993-10-01",
    "PatientID": "CC0188",
    "PatientName": "CC0188",
    "PatientPosition": "HFS",
    "PatientSex": "M",
    "PatientWeight": 122.47,
    "PercentPhaseFOV": 100,
    "PercentSampling": 100,
    "PhaseEncodingSteps": 282,
    "PhaseOversampling": 0.1,
    "PhaseResolution": 1,
    "PixelBandwidth": 650,
    "ProcedureStepDescription": "Conte Core",
    "ProtocolName": "T1w",
    "PulseSequenceDetails": "%CustomerSeq%\\tfl_wip900D_VE11C",
    "ReceiveCoilActiveElements": "HEA;HEP",
    "ReceiveCoilName": "Head_32",
    "ReconMatrixPE": 256,
    "RefLinesPE": 32,
    "ReferringPhysicianName": "Adolphs",
    "RepetitionTime": 2.55,
    "SAR": 0.0658119,
    "ScanOptions": "IR\\WE",
    "ScanningSequence": "GR\\IR",
    "SequenceName": "tfl3d4_16ns",
    "SequenceVariant": "SK\\SP\\MP\\OSP",
    "SeriesDescription": "T1w_combEcho",
    "SeriesInstanceUID": "1.3.12.2.1107.5.2.43.167050.2019042511241591281179607.0.0.0",
    "SeriesNumber": 5,
    "ShimSetting": [
      6977,
      -3668,
      7924,
      54,
      15,
      -54,
      94,
      19
    ],
    "SliceThickness": 0.9,
    "SoftwareVersions": "syngo MR E11",
    "StationName": "PRISMA",
    "StudyID": "1",
    "StudyInstanceUID": "1.3.12.2.1107.5.2.43.167050.30000019041201230705700000133",
    "TxRefAmp": 380.88,
    "WipMemBlock": "WIP_Identifier: WIP#900D",
    "dataset": "unknown",
    "modality": "T1w",
    "run_id": 2,
    "session_id": "core2p2",
    "subject_id": "CC0188"
  },
  "cjv": 0.8837539953628987,
  "cnr": 1.5058438817882,
  "efc": 0.6600808612273502,
  "fber": 2094.033935546875,
  "fwhm_avg": 3.7790313313047292,
  "fwhm_x": 3.782211211305491,
  "fwhm_y": 3.671351652173913,
  "fwhm_z": 3.8835311304347826,
  "icvs_csf": 0.19102926970434891,
  "icvs_gm": 0.4362331288435553,
  "icvs_wm": 0.3727376014520958,
  "inu_med": 1.5946199893951416,
  "inu_range": 0.728613966703415,
  "provenance": {
    "md5sum": "1aecd3779ac10eea412ac82ed0af009d",
    "settings": {
      "testing": false
    },
    "software": "mriqc",
    "version": "0.15.0",
    "warnings": {
      "large_rot_frame": false,
      "small_air_mask": false
    },
    "webapi_port": null,
    "webapi_url": "https://mriqc.nimh.nih.gov/api/v1"
  },
  "qi_1": 0.0,
  "qi_2": 0.012191715016471249,
  "rpve_csf": 23.587288029229654,
  "rpve_gm": 10.98758496630837,
  "rpve_wm": 14.301939020052842,
  "size_x": 208,
  "size_y": 256,
  "size_z": 256,
  "snr_csf": 3.015317941002328,
  "snr_gm": 9.599118492401765,
  "snr_total": 8.994257893735279,
  "snr_wm": 14.36833724780174,
  "snrd_csf": 22.638749089261072,
  "snrd_gm": 47.709483986947255,
  "snrd_total": 42.57639643542944,
  "snrd_wm": 57.38095623007998,
  "spacing_x": 0.8999999761581421,
  "spacing_y": 0.8984375,
  "spacing_z": 0.8984375,
  "summary_bg_k": 7.2883792007937505,
  "summary_bg_mad": 11.417896270751953,
  "summary_bg_mean": 15.557917594909668,
  "summary_bg_median": 11.622272491455078,
  "summary_bg_n": 3405982.0,
  "summary_bg_p05": 0.0,
  "summary_bg_p95": 42.30752544403076,
  "summary_bg_stdv": 13.492729187011719,
  "summary_csf_k": 0.4706768769619538,
  "summary_csf_mad": 119.78746032714844,
  "summary_csf_mean": 417.92486572265625,
  "summary_csf_median": 394.5543212890625,
  "summary_csf_n": 43788.0,
  "summary_csf_p05": 242.91346893310543,
  "summary_csf_p95": 671.3722198486328,
  "summary_csf_stdv": 130.84849548339844,
  "summary_gm_k": 0.1953585316460238,
  "summary_gm_mad": 83.28335571289062,
  "summary_gm_mean": 832.1973876953125,
  "summary_gm_median": 831.4939575195312,
  "summary_gm_n": 40061.0,
  "summary_gm_p05": 692.65576171875,
  "summary_gm_p95": 981.47607421875,
  "summary_gm_stdv": 86.6208267211914,
  "summary_wm_k": 0.7239641227705116,
  "summary_wm_mad": 65.67962646484375,
  "summary_wm_mean": 1001.99658203125,
  "summary_wm_median": 1000.051025390625,
  "summary_wm_n": 308608.0,
  "summary_wm_p05": 891.6340698242187,
  "summary_wm_p95": 1117.8690490722656,
  "summary_wm_stdv": 69.60091400146484,
  "tpm_overlap_csf": 0.22134335339069366,
  "tpm_overlap_gm": 0.5046204328536987,
  "tpm_overlap_wm": 0.5392436981201172,
  "wm2max": 0.5822691697831064
}