{
  "bids_meta": {
    "AccessionNumber": "8824-001",
    "AcquisitionDateTime": "2019-04-25T11:17:6.515000",
    "AcquisitionMatrixPE": 256,
    "AcquisitionNumber": 1,
    "AcquisitionTime": "11:17:6.515000",
    "BaseResolution": 256,
    "BodyPartExamined": "BRAIN",
    "ConsistencyInfo": "N4_VE11C_LATEST_20160120",
    "ConversionSoftware": "dcm2niix",
    "ConversionSoftwareVersion": "v1.0.20210317",
    "DeviceSerialNumber": "167050",
    "DwellTime": 3e-06,
    "EchoNumber": 4,
    "FlipAngle": 8,
    "ImageComments": "Average over all echoes.",
    "ImageOrientationPatientDICOM": [
      0,
      1,
      0,
      0,
      0,
      -1
    ],
    "ImageType": [
      "ORIGINAL",
      "PRIMARY",
      "ECHO",
      "COMBINED",
      "ND",
      "NORM"
    ],
    "ImagingFrequency": 123.25,
    "InPlanePhaseEncodingDirectionDICOM": "ROW",
    "InstitutionAddress": "Michigan Ave 320,Pasadena,California,US,91025",
    "InstitutionName": "Caltech Prisma32",
    "InstitutionalDepartmentName": "Department",
    "InversionTime": 1.15,
    "MRAcquisitionType": "3D",
    "MagneticFieldStrength": 3,
    "Manufacturer": "Siemens",
    "ManufacturersModelName": "Prisma_fit",
    "Modality": "MR",
    "ParallelReductionFactorInPlane": 2,
    "PartialFourier": 1,
    "PatientBirthDate": "1993-10-01",
    "PatientID": "CC0188",
    "PatientName": "CC0188",
    "PatientPosition": "HFS",
    "PatientSex": "M",
    "PatientWeight": 122.47,
    "PercentPhaseFOV": 100,
    "PercentSampling": 100,
    "PhaseEncodingSteps": 282,
    "PhaseOversampling": 0.1,
    "PhaseResolution": 1,
    "PixelBandwidth": 650,
    "ProcedureStepDescription": "Conte Core",
    "ProtocolName": "T1w",
    "PulseSequenceDetails": "%CustomerSeq%\\tfl_wip900D_VE11C",
    "ReceiveCoilActiveElements": "HEA;HEP",
    "ReceiveCoilName": "Head_32",
    "ReconMatrixPE": 256,
    "RefLinesPE": 32,
    "ReferringPhysicianName": "Adolphs",
    "RepetitionTime": 2.55,
    "SAR": 0.0658119,
    "ScanOptions": "IR\\WE",
    "ScanningSequence": "GR\\IR",
    "SequenceName": "tfl3d4_16ns",
    "SequenceVariant": "SK\\SP\\MP\\OSP",
    "SeriesDescription": "T1w_combEcho",
    "SeriesInstanceUID": "1.3.12.2.1107.5.2.43.167050.2019042511241591281179607.0.0.0",
    "SeriesNumber": 5,
    "ShimSetting": [
      6977,
      -3668,
      7924,
      54,
      15,
      -54,
      94,
      19
    ],
    "SliceThickness": 0.9,
    "SoftwareVersions": "syngo MR E11",
    "StationName": "PRISMA",
    "StudyID": "1",
    "StudyInstanceUID": "1.3.12.2.1107.5.2.43.167050.30000019041201230705700000133",
    "TxRefAmp": 380.88,
    "WipMemBlock": "WIP_Identifier: WIP#900D",
    "acq_id": "combecho",
    "dataset": "unknown",
    "modality": "T1w",
    "run_id": 2,
    "session_id": "core2p2",
    "subject_id": "CC0188"
  },
  "cjv": 1.022351692786539,
  "cnr": 1.3062758917044774,
  "efc": 0.6723157047202365,
  "fber": 1196.5286865234375,
  "fwhm_avg": 4.473282956782248,
  "fwhm_x": 4.4061667833902245,
  "fwhm_y": 4.4068062608695655,
  "fwhm_z": 4.606875826086956,
  "icvs_csf": 0.20358565297217018,
  "icvs_gm": 0.4285355197229709,
  "icvs_wm": 0.367878827304859,
  "inu_med": 1.7451655864715576,
  "inu_range": 0.8004222273826598,
  "provenance": {
    "md5sum": "20a4364a810c35815d954fdcb0167ba5",
    "settings": {
      "testing": false
    },
    "software": "mriqc",
    "version": "0.15.0",
    "warnings": {
      "large_rot_frame": false,
      "small_air_mask": false
    },
    "webapi_port": null,
    "webapi_url": "https://mriqc.nimh.nih.gov/api/v1"
  },
  "qi_1": 0.0,
  "qi_2": 0.005296072153777768,
  "rpve_csf": 22.3247934757138,
  "rpve_gm": 11.086960583468503,
  "rpve_wm": 14.610159393351564,
  "size_x": 208,
  "size_y": 256,
  "size_z": 256,
  "snr_csf": 3.6196699019902483,
  "snr_gm": 9.786111933162957,
  "snr_total": 10.50720610527052,
  "snr_wm": 18.115836480658352,
  "snrd_csf": 22.462091750997644,
  "snrd_gm": 46.44178272752607,
  "snrd_total": 40.89930109797337,
  "snrd_wm": 53.7940288153964,
  "spacing_x": 0.8999999761581421,
  "spacing_y": 0.8984375,
  "spacing_z": 0.8984375,
  "summary_bg_k": 7.798718896611321,
  "summary_bg_mad": 12.179085731506348,
  "summary_bg_mean": 17.75701904296875,
  "summary_bg_median": 16.77166175842285,
  "summary_bg_n": 3407299.0,
  "summary_bg_p05": 4.260824680328369,
  "summary_bg_p95": 38.41613655090331,
  "summary_bg_stdv": 10.844647407531738,
  "summary_csf_k": 0.8065279372906851,
  "summary_csf_mad": 100.89462280273438,
  "summary_csf_mean": 441.3010559082031,
  "summary_csf_median": 417.57373046875,
  "summary_csf_n": 60138.0,
  "summary_csf_p05": 294.67700500488286,
  "summary_csf_p95": 671.4862396240233,
  "summary_csf_stdv": 115.36141967773438,
  "summary_gm_k": -0.0048658956793841135,
  "summary_gm_mad": 89.65042114257812,
  "summary_gm_mean": 863.2957153320312,
  "summary_gm_median": 863.35986328125,
  "summary_gm_n": 46190.0,
  "summary_gm_p05": 725.5803619384766,
  "summary_gm_p95": 1015.8595275878906,
  "summary_gm_stdv": 88.22201538085938,
  "summary_wm_k": 1.4057350085722815,
  "summary_wm_mad": 50.08397674560547,
  "summary_wm_mean": 1004.2158203125,
  "summary_wm_median": 1000.0392456054688,
  "summary_wm_n": 314457.0,
  "summary_wm_p05": 922.0563232421874,
  "summary_wm_p95": 1098.7656982421875,
  "summary_wm_stdv": 55.20240020751953,
  "tpm_overlap_csf": 0.21985815465450287,
  "tpm_overlap_gm": 0.5047193169593811,
  "tpm_overlap_wm": 0.5360072255134583,
  "wm2max": 0.6553881013657707
}