{
  "aor": 0.0016090677966101694,
  "aqi": 0.006674095692090396,
  "bids_meta": {
    "AccessionNumber": "8582-001",
    "AcquisitionDateTime": "2018-10-05T11:01:23.367500",
    "AcquisitionMatrixPE": 80,
    "AcquisitionNumber": 1,
    "AcquisitionTime": "11:01:23.367500",
    "BandwidthPerPixelPhaseEncode": 23.191,
    "BaseResolution": 80,
    "BodyPartExamined": "BRAIN",
    "ConsistencyInfo": "N4_VE11C_LATEST_20160120",
    "ConversionSoftware": "dcm2niix",
    "ConversionSoftwareVersion": "v1.0.20210317",
    "DerivedVendorReportedEchoSpacing": 0.000490002,
    "DeviceSerialNumber": "167050",
    "DwellTime": 2.3e-06,
    "EchoTime": 0.03,
    "EchoTrainLength": 88,
    "EffectiveEchoSpacing": 0.000539002,
    "FlipAngle": 53,
    "ImageComments": "Unaliased MB6/PE3/LB",
    "ImageOrientationPatientDICOM": [
      1,
      0,
      0,
      0,
      0.939693,
      -0.34202
    ],
    "ImageType": [
      "ORIGINAL",
      "PRIMARY",
      "M",
      "MB",
      "ND",
      "MOSAIC"
    ],
    "ImagingFrequency": 123.25,
    "InPlanePhaseEncodingDirectionDICOM": "COL",
    "InstitutionAddress": "Michigan Ave 320,Pasadena,California,US,91025",
    "InstitutionName": "Caltech Prisma64",
    "InstitutionalDepartmentName": "Department",
    "MRAcquisitionType": "2D",
    "MagneticFieldStrength": 3,
    "Manufacturer": "Siemens",
    "ManufacturersModelName": "Prisma_fit",
    "Modality": "MR",
    "MultibandAccelerationFactor": 6,
    "PartialFourier": 1,
    "PatientBirthDate": "1987-02-01",
    "PatientID": "CC0173",
    "PatientName": "CC0173",
    "PatientPosition": "HFS",
    "PatientSex": "F",
    "PatientWeight": 48.5344,
    "PercentPhaseFOV": 100,
    "PercentSampling": 100,
    "PhaseEncodingDirection": "j-",
    "PhaseEncodingSteps": 88,
    "PhaseOversampling": 0.1,
    "PhaseResolution": 1,
    "PixelBandwidth": 2715,
    "ProcedureStepDescription": "Conte Core",
    "ProtocolName": "task-bang_bold",
    "PulseSequenceDetails": "%CustomerSeq%\\cmrr_mbep2d_bold",
    "ReceiveCoilActiveElements": "HEA;HEP",
    "ReceiveCoilName": "Head_32",
    "ReconMatrixPE": 80,
    "ReferringPhysicianName": "Adolphs",
    "RepetitionTime": 0.7,
    "SAR": 0.0780951,
    "ScanOptions": "FS\\EXT",
    "ScanningSequence": "EP",
    "SequenceName": "epfid2d1_80",
    "SequenceVariant": "SK\\SS\\OSP",
    "SeriesDescription": "task-bang_bold",
    "SeriesInstanceUID": "1.3.12.2.1107.5.2.43.167050.2018100510585223045067983.0.0.0",
    "SeriesNumber": 24,
    "ShimSetting": [
      6986,
      -3632,
      7939,
      606,
      -60,
      20,
      -121,
      17
    ],
    "SliceThickness": 2.5,
    "SliceTiming": [
      0,
      0.475,
      0.27,
      0.0675,
      0.5425,
      0.34,
      0.135,
      0.61,
      0.4075,
      0.2025,
      0,
      0.475,
      0.27,
      0.0675,
      0.5425,
      0.34,
      0.135,
      0.61,
      0.4075,
      0.2025,
      0,
      0.475,
      0.27,
      0.0675,
      0.5425,
      0.34,
      0.135,
      0.61,
      0.4075,
      0.2025,
      0,
      0.475,
      0.27,
      0.0675,
      0.5425,
      0.34,
      0.135,
      0.61,
      0.4075,
      0.2025,
      0,
      0.475,
      0.27,
      0.0675,
      0.5425,
      0.34,
      0.135,
      0.61,
      0.4075,
      0.2025,
      0,
      0.475,
      0.27,
      0.0675,
      0.5425,
      0.34,
      0.135,
      0.61,
      0.4075,
      0.2025
    ],
    "SoftwareVersions": "syngo MR E11",
    "SpacingBetweenSlices": 2.5,
    "StationName": "PRISMA",
    "StudyID": "1",
    "StudyInstanceUID": "1.3.12.2.1107.5.2.43.167050.30000018081720093477500000220",
    "TaskName": "bang",
    "TotalReadoutTime": 0.0425812,
    "TxRefAmp": 232.275,
    "WipMemBlock": "a90852e4-26fe-41ff-9925-3316e734e28d||Sequence: R016 ve11c/master r/e634e98; Dec 19 2017 11:00:25 by eja",
    "dataset": "unknown",
    "modality": "bold",
    "run_id": 1,
    "session_id": "core2p2",
    "subject_id": "CC0173",
    "task_id": "bang"
  },
  "dummy_trs": 2,
  "dvars_nstd": 30.982942354710005,
  "dvars_std": 1.0225373803536062,
  "dvars_vstd": 0.9952783350919374,
  "efc": 0.5253779957578819,
  "fber": 775.3049926757812,
  "fd_mean": 0.19139489795457584,
  "fd_num": 303,
  "fd_perc": 42.79661016949152,
  "fwhm_avg": 2.900216,
  "fwhm_x": 2.690812,
  "fwhm_y": 3.0984279999999997,
  "fwhm_z": 2.911408,
  "gcor": 0.00893435,
  "gsr_x": -0.007296209689229727,
  "gsr_y": 0.08472040295600891,
  "provenance": {
    "md5sum": "2fbc8b26d144710e23589fa635ea59cb",
    "settings": {
      "fd_thres": 0.2,
      "hmc_fsl": false
    },
    "software": "mriqc",
    "version": "0.15.0",
    "webapi_port": null,
    "webapi_url": "https://mriqc.nimh.nih.gov/api/v1"
  },
  "size_t": 708,
  "size_x": 80,
  "size_y": 80,
  "size_z": 60,
  "snr": 2.196457607598417,
  "spacing_tr": 0.699999988079071,
  "spacing_x": 2.5,
  "spacing_y": 2.5,
  "spacing_z": 2.5,
  "summary_bg_k": 34.450017556383955,
  "summary_bg_mad": 79.3967056274414,
  "summary_bg_mean": 355.3517761230469,
  "summary_bg_median": 142.37429809570312,
  "summary_bg_n": 234155.0,
  "summary_bg_p05": 81.14547729492188,
  "summary_bg_p95": 1436.4435302734366,
  "summary_bg_stdv": 613.9078369140625,
  "summary_fg_k": 0.5660869446910506,
  "summary_fg_mad": 1764.394287109375,
  "summary_fg_mean": 4677.021484375,
  "summary_fg_median": 4285.70556640625,
  "summary_fg_n": 87424.0,
  "summary_fg_p05": 2114.475244140625,
  "summary_fg_p95": 8472.045703124997,
  "summary_fg_stdv": 1951.1785888671875,
  "tsnr": 38.35916519165039
}