{
  "aor": 0.0014045894736842107,
  "aqi": 0.009662305389473685,
  "bids_meta": {
    "AccessionNumber": "8582-001",
    "AcquisitionDateTime": "2018-10-05T11:31:7.617500",
    "AcquisitionMatrixPE": 80,
    "AcquisitionNumber": 1,
    "AcquisitionTime": "11:31:7.617500",
    "BandwidthPerPixelPhaseEncode": 23.191,
    "BaseResolution": 80,
    "BodyPartExamined": "BRAIN",
    "ConsistencyInfo": "N4_VE11C_LATEST_20160120",
    "ConversionSoftware": "dcm2niix",
    "ConversionSoftwareVersion": "v1.0.20210317",
    "DerivedVendorReportedEchoSpacing": 0.000490002,
    "DeviceSerialNumber": "167050",
    "DwellTime": 2.3e-06,
    "EchoTime": 0.03,
    "EchoTrainLength": 88,
    "EffectiveEchoSpacing": 0.000539002,
    "FlipAngle": 53,
    "ImageComments": "Unaliased MB6/PE3/LB",
    "ImageOrientationPatientDICOM": [
      1,
      0,
      0,
      0,
      0.939693,
      -0.34202
    ],
    "ImageType": [
      "ORIGINAL",
      "PRIMARY",
      "M",
      "MB",
      "ND",
      "MOSAIC"
    ],
    "ImagingFrequency": 123.25,
    "InPlanePhaseEncodingDirectionDICOM": "COL",
    "InstitutionAddress": "Michigan Ave 320,Pasadena,California,US,91025",
    "InstitutionName": "Caltech Prisma64",
    "InstitutionalDepartmentName": "Department",
    "MRAcquisitionType": "2D",
    "MagneticFieldStrength": 3,
    "Manufacturer": "Siemens",
    "ManufacturersModelName": "Prisma_fit",
    "Modality": "MR",
    "MultibandAccelerationFactor": 6,
    "PartialFourier": 1,
    "PatientBirthDate": "1987-02-01",
    "PatientID": "CC0173",
    "PatientName": "CC0173",
    "PatientPosition": "HFS",
    "PatientSex": "F",
    "PatientWeight": 48.5344,
    "PercentPhaseFOV": 100,
    "PercentSampling": 100,
    "PhaseEncodingDirection": "j-",
    "PhaseEncodingSteps": 88,
    "PhaseOversampling": 0.1,
    "PhaseResolution": 1,
    "PixelBandwidth": 2715,
    "ProcedureStepDescription": "Conte Core",
    "ProtocolName": "task-pixar_run-01_bold",
    "PulseSequenceDetails": "%CustomerSeq%\\cmrr_mbep2d_bold",
    "ReceiveCoilActiveElements": "HEA;HEP",
    "ReceiveCoilName": "Head_32",
    "ReconMatrixPE": 80,
    "ReferringPhysicianName": "Adolphs",
    "RepetitionTime": 0.7,
    "SAR": 0.0778948,
    "ScanOptions": "FS\\EXT",
    "ScanningSequence": "EP",
    "SequenceName": "epfid2d1_80",
    "SequenceVariant": "SK\\SS\\OSP",
    "SeriesDescription": "task-pixar_run-01_bold",
    "SeriesInstanceUID": "1.3.12.2.1107.5.2.43.167050.201810051128386873594885.0.0.0",
    "SeriesNumber": 34,
    "ShimSetting": [
      6986,
      -3632,
      7939,
      606,
      -60,
      20,
      -121,
      17
    ],
    "SliceThickness": 2.5,
    "SliceTiming": [
      0,
      0.475,
      0.2725,
      0.0675,
      0.5425,
      0.34,
      0.135,
      0.61,
      0.4075,
      0.2025,
      0,
      0.475,
      0.2725,
      0.0675,
      0.5425,
      0.34,
      0.135,
      0.61,
      0.4075,
      0.2025,
      0,
      0.475,
      0.2725,
      0.0675,
      0.5425,
      0.34,
      0.135,
      0.61,
      0.4075,
      0.2025,
      0,
      0.475,
      0.2725,
      0.0675,
      0.5425,
      0.34,
      0.135,
      0.61,
      0.4075,
      0.2025,
      0,
      0.475,
      0.2725,
      0.0675,
      0.5425,
      0.34,
      0.135,
      0.61,
      0.4075,
      0.2025,
      0,
      0.475,
      0.2725,
      0.0675,
      0.5425,
      0.34,
      0.135,
      0.61,
      0.4075,
      0.2025
    ],
    "SoftwareVersions": "syngo MR E11",
    "SpacingBetweenSlices": 2.5,
    "StationName": "PRISMA",
    "StudyID": "1",
    "StudyInstanceUID": "1.3.12.2.1107.5.2.43.167050.30000018081720093477500000220",
    "TaskName": "pixar",
    "TotalReadoutTime": 0.0425812,
    "TxRefAmp": 232.275,
    "WipMemBlock": "bbffe3c0-a23e-44c0-9359-2987c1c18dd9||Sequence: R016 ve11c/master r/e634e98; Dec 19 2017 11:00:25 by eja",
    "dataset": "unknown",
    "modality": "bold",
    "run_id": 1,
    "session_id": "core2p2",
    "subject_id": "CC0173",
    "task_id": "pixar"
  },
  "dummy_trs": 1,
  "dvars_nstd": 31.20175742706751,
  "dvars_std": 0.9663185945147688,
  "dvars_vstd": 0.9626963372784813,
  "efc": 0.5254685060720498,
  "fber": 743.6292114257812,
  "fd_mean": 0.19068402149512048,
  "fd_num": 165,
  "fd_perc": 34.73684210526316,
  "fwhm_avg": 2.953216,
  "fwhm_x": 2.734056,
  "fwhm_y": 3.154448,
  "fwhm_z": 2.971144,
  "gcor": 0.00881893,
  "gsr_x": -0.00659168791025877,
  "gsr_y": 0.083587147295475,
  "provenance": {
    "md5sum": "7d69f17291a2449c5544f9db5f29ff47",
    "settings": {
      "fd_thres": 0.2,
      "hmc_fsl": false
    },
    "software": "mriqc",
    "version": "0.15.0",
    "webapi_port": null,
    "webapi_url": "https://mriqc.nimh.nih.gov/api/v1"
  },
  "size_t": 475,
  "size_x": 80,
  "size_y": 80,
  "size_z": 60,
  "snr": 2.176839454298876,
  "spacing_tr": 0.699999988079071,
  "spacing_x": 2.5,
  "spacing_y": 2.5,
  "spacing_z": 2.5,
  "summary_bg_k": 34.186466470014544,
  "summary_bg_mad": 83.81851959228516,
  "summary_bg_mean": 358.1456604003906,
  "summary_bg_median": 145.93893432617188,
  "summary_bg_n": 233788.0,
  "summary_bg_p05": 80.3936767578125,
  "summary_bg_p95": 1432.4152099609369,
  "summary_bg_stdv": 610.1591796875,
  "summary_fg_k": 0.5707677987774362,
  "summary_fg_mad": 1786.3453369140625,
  "summary_fg_mean": 4696.7353515625,
  "summary_fg_median": 4298.30908203125,
  "summary_fg_n": 87651.0,
  "summary_fg_p05": 2109.4061279296875,
  "summary_fg_p95": 8531.0224609375,
  "summary_fg_stdv": 1974.5528564453125,
  "tsnr": 32.243377685546875
}