{
  "bids_meta": {
    "AccessionNumber": "6561-001",
    "AcquisitionDateTime": "2013-04-17T14:01:10.480000",
    "AcquisitionMatrixPE": 256,
    "AcquisitionNumber": 1,
    "AcquisitionTime": "14:01:10.480000",
    "BaseResolution": 256,
    "CoilString": "C:HEA;HEP",
    "ConversionSoftware": "dcm2niix",
    "ConversionSoftwareVersion": "v1.0.20210317",
    "DeviceSerialNumber": "35077",
    "DwellTime": 1.09e-05,
    "EchoTime": 0.00291,
    "FlipAngle": 10,
    "ImageOrientationPatientDICOM": [
      0,
      1,
      0,
      0,
      0,
      -1
    ],
    "ImageType": [
      "ORIGINAL",
      "PRIMARY",
      "M",
      "ND",
      "NORM"
    ],
    "ImagingFrequency": 123.229,
    "InPlanePhaseEncodingDirectionDICOM": "ROW",
    "InstitutionAddress": "Wilson Avenue 340 ,Pasadena,California,US,91025",
    "InstitutionName": "Caltech Tim32",
    "InstitutionalDepartmentName": "Department",
    "InversionTime": 0.8,
    "MRAcquisitionType": "3D",
    "MagneticFieldStrength": 3,
    "Manufacturer": "Siemens",
    "ManufacturersModelName": "TrioTim",
    "Modality": "MR",
    "PartialFourier": 1,
    "PatientBirthDate": "1982-01-01",
    "PatientID": "adolphs",
    "PatientName": "CC0054",
    "PatientPosition": "HFS",
    "PatientSex": "M",
    "PatientWeight": 95.2544,
    "PercentPhaseFOV": 100,
    "PercentSampling": 100,
    "PhaseEncodingSteps": 256,
    "PhaseResolution": 1,
    "PixelBandwidth": 179,
    "ProcedureStepDescription": "Conte^Core",
    "ProtocolName": "T1_1",
    "PulseSequenceDetails": "%SiemensSeq%\\tfl",
    "ReceiveCoilName": "32Ch_Head",
    "ReconMatrixPE": 256,
    "RepetitionTime": 1.5,
    "SAR": 0.12558,
    "ScanOptions": "IR",
    "ScanningSequence": "GR\\IR",
    "SequenceName": "*tfl3d1",
    "SequenceVariant": "SP\\MP",
    "SeriesDescription": "T1_1",
    "SeriesInstanceUID": "1.3.12.2.1107.5.2.32.35077.2013041714010350605286319.0.0.0",
    "SeriesNumber": 9,
    "ShimSetting": [
      9536,
      -10363,
      15741,
      949,
      -66,
      327,
      -98,
      17
    ],
    "SliceThickness": 1,
    "SoftwareVersions": "syngo MR B17",
    "StationName": "MEDPC",
    "StudyID": "1",
    "StudyInstanceUID": "1.3.12.2.1107.5.2.32.35077.30000013041515295162500000031",
    "TxRefAmp": 347.508,
    "dataset": "unknown",
    "modality": "T1w",
    "run_id": 1,
    "session_id": "core1p1",
    "subject_id": "CC0054"
  },
  "cjv": 0.46578180098644434,
  "cnr": 2.75830690268516,
  "efc": 0.5389059108807002,
  "fber": 2688.27001953125,
  "fwhm_avg": 4.33616,
  "fwhm_x": 4.2352,
  "fwhm_y": 4.50148,
  "fwhm_z": 4.2718,
  "icvs_csf": 0.20734754280617484,
  "icvs_gm": 0.4408462123176661,
  "icvs_wm": 0.3518062448761591,
  "inu_med": 1.556636929512024,
  "inu_range": 0.4657938480377197,
  "provenance": {
    "md5sum": "7ed09b28403d4374138a86141be17d25",
    "settings": {
      "testing": false
    },
    "software": "mriqc",
    "version": "0.15.0",
    "warnings": {
      "large_rot_frame": true,
      "small_air_mask": false
    },
    "webapi_port": null,
    "webapi_url": "https://mriqc.nimh.nih.gov/api/v1"
  },
  "qi_1": 0.0,
  "qi_2": 0.012150071883666184,
  "rpve_csf": 23.15475894217404,
  "rpve_gm": 11.5975485408127,
  "rpve_wm": 16.42900675223519,
  "size_x": 176,
  "size_y": 256,
  "size_z": 256,
  "snr_csf": 3.269583874411765,
  "snr_gm": 11.29210515690886,
  "snr_total": 13.133444515854348,
  "snr_wm": 24.838644516242418,
  "snrd_csf": 52.55612887769331,
  "snrd_gm": 105.69765637312352,
  "snrd_total": 98.0432357841503,
  "snrd_wm": 135.87592210163407,
  "spacing_x": 1.0,
  "spacing_y": 1.0,
  "spacing_z": 1.0,
  "summary_bg_k": 18.569490306042702,
  "summary_bg_mad": 4.821597576141357,
  "summary_bg_mean": 9.924583435058594,
  "summary_bg_median": 6.454856872558594,
  "summary_bg_n": 2125925.0,
  "summary_bg_p05": 0.0,
  "summary_bg_p95": 28.939584350585932,
  "summary_bg_stdv": 10.828124046325684,
  "summary_csf_k": 30.90622608689926,
  "summary_csf_mad": 102.60591125488281,
  "summary_csf_mean": 413.0401611328125,
  "summary_csf_median": 386.79656982421875,
  "summary_csf_n": 39775.0,
  "summary_csf_p05": 274.1310516357422,
  "summary_csf_p95": 605.7472778320308,
  "summary_csf_stdv": 118.29998016357422,
  "summary_gm_k": -0.17886772836834908,
  "summary_gm_mad": 68.79666900634766,
  "summary_gm_mean": 784.0099487304688,
  "summary_gm_median": 777.9014892578125,
  "summary_gm_n": 41409.0,
  "summary_gm_p05": 680.68154296875,
  "summary_gm_p95": 909.419189453125,
  "summary_gm_stdv": 68.88813781738281,
  "summary_wm_k": 1.8711442745820923,
  "summary_wm_mad": 34.6546516418457,
  "summary_wm_mean": 1001.07763671875,
  "summary_wm_median": 1000.0040283203125,
  "summary_wm_n": 214932.0,
  "summary_wm_p05": 938.0934295654297,
  "summary_wm_p95": 1066.589758300781,
  "summary_wm_stdv": 40.25991439819336,
  "tpm_overlap_csf": 0.22244243323802948,
  "tpm_overlap_gm": 0.5121811032295227,
  "tpm_overlap_wm": 0.5431645512580872,
  "wm2max": 0.5426850303883046
}