{
  "bids_meta": {
    "AccessionNumber": "6551-002",
    "AcquisitionDateTime": "2013-04-10T19:05:46.735000",
    "AcquisitionMatrixPE": 256,
    "AcquisitionNumber": 1,
    "AcquisitionTime": "19:05:46.735000",
    "BaseResolution": 256,
    "CoilString": "C:HEA;HEP",
    "ConversionSoftware": "dcm2niix",
    "ConversionSoftwareVersion": "v1.0.20210317",
    "DeviceSerialNumber": "35077",
    "DwellTime": 1.09e-05,
    "EchoTime": 0.00291,
    "FlipAngle": 10,
    "ImageOrientationPatientDICOM": [
      0,
      1,
      0,
      0,
      0,
      -1
    ],
    "ImageType": [
      "ORIGINAL",
      "PRIMARY",
      "M",
      "ND",
      "NORM"
    ],
    "ImagingFrequency": 123.229,
    "InPlanePhaseEncodingDirectionDICOM": "ROW",
    "InstitutionAddress": "Wilson Avenue 340 ,Pasadena,California,US,91025",
    "InstitutionName": "Caltech Tim32",
    "InstitutionalDepartmentName": "Department",
    "InversionTime": 0.8,
    "MRAcquisitionType": "3D",
    "MagneticFieldStrength": 3,
    "Manufacturer": "Siemens",
    "ManufacturersModelName": "TrioTim",
    "Modality": "MR",
    "PartialFourier": 1,
    "PatientBirthDate": "1989-01-01",
    "PatientID": "adolphs",
    "PatientName": "CC0025",
    "PatientPosition": "HFS",
    "PatientSex": "M",
    "PatientWeight": 83.9146,
    "PercentPhaseFOV": 100,
    "PercentSampling": 100,
    "PhaseEncodingSteps": 256,
    "PhaseResolution": 1,
    "PixelBandwidth": 179,
    "ProcedureStepDescription": "Conte^Core",
    "ProtocolName": "T1_2",
    "PulseSequenceDetails": "%SiemensSeq%\\tfl",
    "ReceiveCoilName": "32Ch_Head",
    "ReconMatrixPE": 256,
    "RepetitionTime": 1.5,
    "SAR": 0.111084,
    "ScanOptions": "IR",
    "ScanningSequence": "GR\\IR",
    "SequenceName": "*tfl3d1",
    "SequenceVariant": "SP\\MP",
    "SeriesDescription": "T1_2",
    "SeriesInstanceUID": "1.3.12.2.1107.5.2.32.35077.201304101905233505435268.0.0.0",
    "SeriesNumber": 13,
    "ShimSetting": [
      9518,
      -10499,
      15660,
      469,
      -71,
      -20,
      -79,
      6
    ],
    "SliceThickness": 1,
    "SoftwareVersions": "syngo MR B17",
    "StationName": "MEDPC",
    "StudyID": "1",
    "StudyInstanceUID": "1.3.12.2.1107.5.2.32.35077.30000013040116184470300000067",
    "TxRefAmp": 313.407,
    "dataset": "unknown",
    "modality": "T1w",
    "run_id": 2,
    "session_id": "core1p1",
    "subject_id": "CC0025"
  },
  "cjv": 0.43498272548609207,
  "cnr": 2.780171373308819,
  "efc": 0.5688052686694056,
  "fber": 3449.979736328125,
  "fwhm_avg": 4.418166666666667,
  "fwhm_x": 4.3359,
  "fwhm_y": 4.56459,
  "fwhm_z": 4.35401,
  "icvs_csf": 0.20567864916092757,
  "icvs_gm": 0.4312862532928723,
  "icvs_wm": 0.36303509754620017,
  "inu_med": 1.552390456199646,
  "inu_range": 0.4781818091869352,
  "provenance": {
    "md5sum": "d8adc79daf17907f6fe7803e0c7e24bc",
    "settings": {
      "testing": false
    },
    "software": "mriqc",
    "version": "0.15.0",
    "warnings": {
      "large_rot_frame": true,
      "small_air_mask": false
    },
    "webapi_port": null,
    "webapi_url": "https://mriqc.nimh.nih.gov/api/v1"
  },
  "qi_1": 5.162203194472888e-05,
  "qi_2": 0.02328854917251438,
  "rpve_csf": 23.873714270218628,
  "rpve_gm": 11.8907952166725,
  "rpve_wm": 16.171538894403017,
  "size_x": 176,
  "size_y": 256,
  "size_z": 256,
  "snr_csf": 3.4713315731344982,
  "snr_gm": 11.248752830568272,
  "snr_total": 12.960347061145853,
  "snr_wm": 24.16095677973479,
  "snrd_csf": 61.138420326615545,
  "snrd_gm": 110.56435892633672,
  "snrd_total": 104.76029472923238,
  "snrd_wm": 142.57810493474489,
  "spacing_x": 1.0,
  "spacing_y": 1.0,
  "spacing_z": 1.0,
  "summary_bg_k": 13.11161517438022,
  "summary_bg_mad": 4.59499454498291,
  "summary_bg_mean": 7.541098594665527,
  "summary_bg_median": 6.177684783935547,
  "summary_bg_n": 2143589.0,
  "summary_bg_p05": 0.0,
  "summary_bg_p95": 21.618515777587888,
  "summary_bg_stdv": 7.568609714508057,
  "summary_csf_k": 8.94385123127367,
  "summary_csf_mad": 145.0623016357422,
  "summary_csf_mean": 448.00787353515625,
  "summary_csf_median": 428.81256103515625,
  "summary_csf_n": 41658.0,
  "summary_csf_p05": 286.88775024414065,
  "summary_csf_p95": 649.8477996826172,
  "summary_csf_stdv": 123.5282211303711,
  "summary_gm_k": 0.5409296265095773,
  "summary_gm_mad": 64.17449188232422,
  "summary_gm_mean": 782.1678466796875,
  "summary_gm_median": 775.4761352539062,
  "summary_gm_n": 42807.0,
  "summary_gm_p05": 681.6790283203125,
  "summary_gm_p95": 909.5075622558593,
  "summary_gm_stdv": 68.93804931640625,
  "summary_wm_k": 2.7739739682017035,
  "summary_wm_mad": 33.495643615722656,
  "summary_wm_mean": 1001.4279174804688,
  "summary_wm_median": 1000.0140991210938,
  "summary_wm_n": 213381.0,
  "summary_wm_p05": 938.2608642578125,
  "summary_wm_p95": 1067.832275390625,
  "summary_wm_stdv": 41.38957595825195,
  "tpm_overlap_csf": 0.22603869438171387,
  "tpm_overlap_gm": 0.5112432241439819,
  "tpm_overlap_wm": 0.544572114944458,
  "wm2max": 0.532573222157714
}