{
  "bids_meta": {
    "AccessionNumber": "8682-001",
    "AcquisitionDateTime": "2019-01-23T10:44:21.787500",
    "AcquisitionMatrixPE": 256,
    "AcquisitionNumber": 1,
    "AcquisitionTime": "10:44:21.787500",
    "BaseResolution": 256,
    "BodyPartExamined": "BRAIN",
    "ConsistencyInfo": "N4_VE11C_LATEST_20160120",
    "ConversionSoftware": "dcm2niix",
    "ConversionSoftwareVersion": "v1.0.20210317",
    "DeviceSerialNumber": "167050",
    "DwellTime": 2.6e-06,
    "EchoTime": 0.564,
    "EchoTrainLength": 314,
    "FlipAngle": 120,
    "ImageOrientationPatientDICOM": [
      0,
      1,
      0,
      0,
      0,
      -1
    ],
    "ImageType": [
      "ORIGINAL",
      "PRIMARY",
      "M",
      "ND",
      "NORM"
    ],
    "ImagingFrequency": 123.25,
    "InPlanePhaseEncodingDirectionDICOM": "ROW",
    "InstitutionAddress": "Michigan Ave 320,Pasadena,California,US,91025",
    "InstitutionName": "Caltech Prisma32",
    "InstitutionalDepartmentName": "Department",
    "MRAcquisitionType": "3D",
    "MagneticFieldStrength": 3,
    "Manufacturer": "Siemens",
    "ManufacturersModelName": "Prisma_fit",
    "Modality": "MR",
    "ParallelReductionFactorInPlane": 2,
    "PartialFourier": 1,
    "PatientBirthDate": "1997-03-01",
    "PatientID": "CC0178",
    "PatientName": "CC0178",
    "PatientPosition": "HFS",
    "PatientSex": "M",
    "PatientWeight": 57.1526,
    "PercentPhaseFOV": 100,
    "PercentSampling": 100,
    "PhaseEncodingDirection": "i",
    "PhaseEncodingSteps": 274,
    "PhaseOversampling": 0.1,
    "PhaseResolution": 1,
    "PixelBandwidth": 750,
    "ProtocolName": "T2w",
    "PulseSequenceDetails": "%SiemensSeq%\\tse_vfl",
    "ReceiveCoilActiveElements": "HEA;HEP",
    "ReceiveCoilName": "Head_32",
    "ReconMatrixPE": 256,
    "RefLinesPE": 32,
    "ReferringPhysicianName": "Adolphs",
    "RepetitionTime": 3.2,
    "SAR": 0.202816,
    "ScanOptions": "PFP",
    "ScanningSequence": "SE",
    "SequenceName": "*spc_314ns",
    "SequenceVariant": "SK\\SP\\OSP",
    "SeriesDescription": "T2w",
    "SeriesInstanceUID": "1.3.12.2.1107.5.2.43.167050.2019012310495862621138693.0.0.0",
    "SeriesNumber": 12,
    "ShimSetting": [
      6993,
      -3625,
      7918,
      478,
      -16,
      -115,
      -9,
      32
    ],
    "SliceThickness": 0.9,
    "SoftwareVersions": "syngo MR E11",
    "StationName": "PRISMA",
    "StudyID": "1",
    "StudyInstanceUID": "1.3.12.2.1107.5.2.43.167050.30000019012122271046500000016",
    "TxRefAmp": 252.232,
    "dataset": "unknown",
    "modality": "T2w",
    "run_id": 2,
    "session_id": "core2p2",
    "subject_id": "CC0178"
  },
  "cjv": 0.3828188822614896,
  "cnr": 3.340836723333868,
  "efc": 0.5495881289469232,
  "fber": 1361.5587158203125,
  "fwhm_avg": 2.4916929105281715,
  "fwhm_x": 2.450566731584515,
  "fwhm_y": 2.7628966956521737,
  "fwhm_z": 2.261615304347826,
  "icvs_csf": 0.16182582763433262,
  "icvs_gm": 0.46506645104654437,
  "icvs_wm": 0.373107721319123,
  "inu_med": 1.682435154914856,
  "inu_range": 0.364703893661499,
  "provenance": {
    "md5sum": "1aa402ab2fd2b438f4f56c4eebcaa49d",
    "settings": {
      "testing": false
    },
    "software": "mriqc",
    "version": "0.15.0",
    "warnings": {
      "large_rot_frame": false,
      "small_air_mask": false
    },
    "webapi_port": null,
    "webapi_url": "https://mriqc.nimh.nih.gov/api/v1"
  },
  "qi_1": 3.5178276641967513e-05,
  "qi_2": 0.004574770278431737,
  "rpve_csf": 32.59044984825785,
  "rpve_gm": 11.426677767535905,
  "rpve_wm": 15.06366852790859,
  "size_x": 208,
  "size_y": 256,
  "size_z": 256,
  "snr_csf": 5.20827523446785,
  "snr_gm": 8.294398580731519,
  "snr_total": 7.21495665813688,
  "snr_wm": 8.14219615921127,
  "snrd_csf": 149.42816274975246,
  "snrd_gm": 73.42448559385411,
  "snrd_total": 87.45739858516215,
  "snrd_wm": 39.51954741187987,
  "spacing_x": 0.8999999761581421,
  "spacing_y": 0.8984375,
  "spacing_z": 0.8984375,
  "summary_bg_k": 10.830787343763845,
  "summary_bg_mad": 16.57752227783203,
  "summary_bg_mean": 25.99301528930664,
  "summary_bg_median": 18.712915420532227,
  "summary_bg_n": 3238767.0,
  "summary_bg_p05": 3.750152349472046,
  "summary_bg_p95": 78.63906402587887,
  "summary_bg_stdv": 26.23448371887207,
  "summary_csf_k": 3.629957862178279,
  "summary_csf_mad": 475.3274841308594,
  "summary_csf_mean": 3629.607666015625,
  "summary_csf_median": 3781.119140625,
  "summary_csf_n": 38610.0,
  "summary_csf_p05": 2176.551867675781,
  "summary_csf_p95": 4509.66982421875,
  "summary_csf_stdv": 725.9735717773438,
  "summary_gm_k": 0.3241706236001196,
  "summary_gm_mad": 217.47740173339844,
  "summary_gm_mean": 1858.5577392578125,
  "summary_gm_median": 1857.927734375,
  "summary_gm_n": 61499.0,
  "summary_gm_p05": 1491.727197265625,
  "summary_gm_p95": 2225.0245361328125,
  "summary_gm_stdv": 223.99606323242188,
  "summary_wm_k": 0.8364496733115105,
  "summary_wm_mad": 110.95365142822266,
  "summary_wm_mean": 998.9232788085938,
  "summary_wm_median": 999.9996948242188,
  "summary_wm_n": 222285.0,
  "summary_wm_p05": 795.0403076171875,
  "summary_wm_p95": 1199.16923828125,
  "summary_wm_stdv": 122.8166732788086,
  "tpm_overlap_csf": 0.17305944859981537,
  "tpm_overlap_gm": 0.4887774884700775,
  "tpm_overlap_wm": 0.5107297301292419,
  "wm2max": 0.22517249582067977
}