{
  "bids_meta": {
    "AccessionNumber": "9004-033",
    "AcquisitionDateTime": "2018-06-08T10:45:41.315000",
    "AcquisitionMatrixPE": 256,
    "AcquisitionNumber": 1,
    "AcquisitionTime": "10:45:41.315000",
    "BaseResolution": 256,
    "BodyPartExamined": "BRAIN",
    "ConsistencyInfo": "N4_VE11C_LATEST_20160120",
    "ConversionSoftware": "dcm2niix",
    "ConversionSoftwareVersion": "v1.0.20210317",
    "DeviceSerialNumber": "167050",
    "DwellTime": 3e-06,
    "EchoNumber": 4,
    "FlipAngle": 8,
    "ImageComments": "Average over all echoes.",
    "ImageOrientationPatientDICOM": [
      0,
      1,
      0,
      0,
      0,
      -1
    ],
    "ImageType": [
      "ORIGINAL",
      "PRIMARY",
      "ECHO",
      "COMBINED",
      "ND"
    ],
    "ImagingFrequency": 123.25,
    "InPlanePhaseEncodingDirectionDICOM": "ROW",
    "InstitutionAddress": "Michigan Ave 320,Pasadena,California,US,91025",
    "InstitutionName": "Caltech Prisma64",
    "InstitutionalDepartmentName": "Department",
    "InversionTime": 1.15,
    "MRAcquisitionType": "3D",
    "MagneticFieldStrength": 3,
    "Manufacturer": "Siemens",
    "ManufacturersModelName": "Prisma_fit",
    "Modality": "MR",
    "ParallelReductionFactorInPlane": 2,
    "PartialFourier": 1,
    "PatientBirthDate": "1983-03-01",
    "PatientID": "CC0033",
    "PatientName": "CC0033",
    "PatientPosition": "HFS",
    "PatientSex": "M",
    "PatientWeight": 77.1107,
    "PercentPhaseFOV": 100,
    "PercentSampling": 100,
    "PhaseEncodingSteps": 282,
    "PhaseOversampling": 0.1,
    "PhaseResolution": 1,
    "PixelBandwidth": 650,
    "ProtocolName": "T1w",
    "PulseSequenceDetails": "%CustomerSeq%\\tfl_wip900D_VE11C",
    "ReceiveCoilActiveElements": "HEA;HEP",
    "ReceiveCoilName": "Head_32",
    "ReconMatrixPE": 256,
    "RefLinesPE": 32,
    "ReferringPhysicianName": "Adolphs",
    "RepetitionTime": 2.55,
    "SAR": 0.0487262,
    "ScanOptions": "IR\\WE",
    "ScanningSequence": "GR\\IR",
    "SequenceName": "tfl3d4_16ns",
    "SequenceVariant": "SK\\SP\\MP\\OSP",
    "SeriesDescription": "T1w_combEcho",
    "SeriesInstanceUID": "1.3.12.2.1107.5.2.43.167050.2018060810524962209101121.0.0.0",
    "SeriesNumber": 4,
    "ShimSetting": [
      6988,
      -3625,
      7950,
      336,
      -1,
      -67,
      -26,
      -16
    ],
    "SliceThickness": 0.9,
    "SoftwareVersions": "syngo MR E11",
    "StationName": "PRISMA",
    "StudyID": "1",
    "StudyInstanceUID": "1.3.12.2.1107.5.2.43.167050.30000018060623115207200000025",
    "TxRefAmp": 276.594,
    "WipMemBlock": "WIP_Identifier: WIP#900D",
    "acq_id": "combecho",
    "dataset": "unknown",
    "modality": "T1w",
    "run_id": 1,
    "session_id": "core2p2",
    "subject_id": "CC0033"
  },
  "cjv": 0.5412367098426402,
  "cnr": 2.3092974248424496,
  "efc": 0.5963804979360641,
  "fber": 203.0017547607422,
  "fwhm_avg": 5.265818668220526,
  "fwhm_x": 5.282077917705057,
  "fwhm_y": 5.095412869565218,
  "fwhm_z": 5.419965217391304,
  "icvs_csf": 0.23087091995507206,
  "icvs_gm": 0.370583280792736,
  "icvs_wm": 0.3985457992521919,
  "inu_med": 1.7820757627487183,
  "inu_range": 1.3765167593955994,
  "provenance": {
    "md5sum": "1e6f5ed91eb6c5fa2f74d099a5fceb45",
    "settings": {
      "testing": false
    },
    "software": "mriqc",
    "version": "0.15.0",
    "warnings": {
      "large_rot_frame": false,
      "small_air_mask": false
    },
    "webapi_port": null,
    "webapi_url": "https://mriqc.nimh.nih.gov/api/v1"
  },
  "qi_1": 0.0,
  "qi_2": 0.006780596512860557,
  "rpve_csf": 22.840010590969342,
  "rpve_gm": 12.535164368121684,
  "rpve_wm": 13.615397987699803,
  "size_x": 208,
  "size_y": 256,
  "size_z": 256,
  "snr_csf": 4.581665562019723,
  "snr_gm": 12.986734598344514,
  "snr_total": 9.3644408371294,
  "snr_wm": 10.524922351023964,
  "snrd_csf": 17.610004534508512,
  "snrd_gm": 39.14373333324734,
  "snrd_total": 36.49921225334878,
  "snrd_wm": 52.743898892290495,
  "spacing_x": 0.8999999761581421,
  "spacing_y": 0.8984375,
  "spacing_z": 0.8984375,
  "summary_bg_k": 3.294497533304165,
  "summary_bg_mad": 12.42104721069336,
  "summary_bg_mean": 44.977413177490234,
  "summary_bg_median": 43.761817932128906,
  "summary_bg_n": 3753853.0,
  "summary_bg_p05": 25.882938385009766,
  "summary_bg_p95": 67.62638702392577,
  "summary_bg_stdv": 13.216168403625488,
  "summary_csf_k": 1.4145471338314453,
  "summary_csf_mad": 63.65998077392578,
  "summary_csf_mean": 346.3941955566406,
  "summary_csf_median": 333.8765869140625,
  "summary_csf_n": 73044.0,
  "summary_csf_p05": 252.64484558105468,
  "summary_csf_p95": 490.1202697753904,
  "summary_csf_stdv": 72.87181854248047,
  "summary_gm_k": 0.3241136751753082,
  "summary_gm_mad": 55.94633483886719,
  "summary_gm_mean": 745.4276123046875,
  "summary_gm_median": 742.1449584960938,
  "summary_gm_n": 30274.0,
  "summary_gm_p05": 657.7735931396485,
  "summary_gm_p95": 844.4112365722656,
  "summary_gm_stdv": 57.145442962646484,
  "summary_wm_k": 0.810326811958749,
  "summary_wm_mad": 83.6126937866211,
  "summary_wm_mean": 1024.1197509765625,
  "summary_wm_median": 999.9970703125,
  "summary_wm_n": 221858.0,
  "summary_wm_p05": 910.5480133056641,
  "summary_wm_p95": 1209.9680786132812,
  "summary_wm_stdv": 95.0120849609375,
  "tpm_overlap_csf": 0.21078139543533325,
  "tpm_overlap_gm": 0.4215731620788574,
  "tpm_overlap_wm": 0.47905126214027405,
  "wm2max": 0.5337351259871279
}