{
  "bids_meta": {
    "AccessionNumber": "9004-033",
    "AcquisitionDateTime": "2018-06-08T10:45:41.315000",
    "AcquisitionMatrixPE": 256,
    "AcquisitionNumber": 1,
    "AcquisitionTime": "10:45:41.315000",
    "BaseResolution": 256,
    "BodyPartExamined": "BRAIN",
    "ConsistencyInfo": "N4_VE11C_LATEST_20160120",
    "ConversionSoftware": "dcm2niix",
    "ConversionSoftwareVersion": "v1.0.20210317",
    "DeviceSerialNumber": "167050",
    "DwellTime": 3e-06,
    "EchoNumber": 4,
    "FlipAngle": 8,
    "ImageComments": "Average over all echoes.",
    "ImageOrientationPatientDICOM": [
      0,
      1,
      0,
      0,
      0,
      -1
    ],
    "ImageType": [
      "ORIGINAL",
      "PRIMARY",
      "ECHO",
      "COMBINED",
      "ND",
      "NORM"
    ],
    "ImagingFrequency": 123.25,
    "InPlanePhaseEncodingDirectionDICOM": "ROW",
    "InstitutionAddress": "Michigan Ave 320,Pasadena,California,US,91025",
    "InstitutionName": "Caltech Prisma64",
    "InstitutionalDepartmentName": "Department",
    "InversionTime": 1.15,
    "MRAcquisitionType": "3D",
    "MagneticFieldStrength": 3,
    "Manufacturer": "Siemens",
    "ManufacturersModelName": "Prisma_fit",
    "Modality": "MR",
    "ParallelReductionFactorInPlane": 2,
    "PartialFourier": 1,
    "PatientBirthDate": "1983-03-01",
    "PatientID": "CC0033",
    "PatientName": "CC0033",
    "PatientPosition": "HFS",
    "PatientSex": "M",
    "PatientWeight": 77.1107,
    "PercentPhaseFOV": 100,
    "PercentSampling": 100,
    "PhaseEncodingSteps": 282,
    "PhaseOversampling": 0.1,
    "PhaseResolution": 1,
    "PixelBandwidth": 650,
    "ProtocolName": "T1w",
    "PulseSequenceDetails": "%CustomerSeq%\\tfl_wip900D_VE11C",
    "ReceiveCoilActiveElements": "HEA;HEP",
    "ReceiveCoilName": "Head_32",
    "ReconMatrixPE": 256,
    "RefLinesPE": 32,
    "ReferringPhysicianName": "Adolphs",
    "RepetitionTime": 2.55,
    "SAR": 0.0487262,
    "ScanOptions": "IR\\WE",
    "ScanningSequence": "GR\\IR",
    "SequenceName": "tfl3d4_16ns",
    "SequenceVariant": "SK\\SP\\MP\\OSP",
    "SeriesDescription": "T1w_combEcho",
    "SeriesInstanceUID": "1.3.12.2.1107.5.2.43.167050.2018060810524962331201124.0.0.0",
    "SeriesNumber": 5,
    "ShimSetting": [
      6988,
      -3625,
      7950,
      336,
      -1,
      -67,
      -26,
      -16
    ],
    "SliceThickness": 0.9,
    "SoftwareVersions": "syngo MR E11",
    "StationName": "PRISMA",
    "StudyID": "1",
    "StudyInstanceUID": "1.3.12.2.1107.5.2.43.167050.30000018060623115207200000025",
    "TxRefAmp": 276.594,
    "WipMemBlock": "WIP_Identifier: WIP#900D",
    "acq_id": "combecho",
    "dataset": "unknown",
    "modality": "T1w",
    "run_id": 2,
    "session_id": "core2p2",
    "subject_id": "CC0033"
  },
  "cjv": 0.6094361655408352,
  "cnr": 2.013743851788558,
  "efc": 0.6052757848894416,
  "fber": 1446.259521484375,
  "fwhm_avg": 4.271106775399347,
  "fwhm_x": 4.289677891415434,
  "fwhm_y": 4.178331826086956,
  "fwhm_z": 4.345310608695652,
  "icvs_csf": 0.24304580945429993,
  "icvs_gm": 0.3997512660380887,
  "icvs_wm": 0.3572029245076113,
  "inu_med": 1.4638562202453613,
  "inu_range": 0.544916033744812,
  "provenance": {
    "md5sum": "ba5ea20c745718302fdfac7340dea940",
    "settings": {
      "testing": false
    },
    "software": "mriqc",
    "version": "0.15.0",
    "warnings": {
      "large_rot_frame": false,
      "small_air_mask": false
    },
    "webapi_port": null,
    "webapi_url": "https://mriqc.nimh.nih.gov/api/v1"
  },
  "qi_1": 0.0,
  "qi_2": 0.015622219853358174,
  "rpve_csf": 21.195318043201436,
  "rpve_gm": 12.560881383562437,
  "rpve_wm": 16.487482457166248,
  "size_x": 208,
  "size_y": 256,
  "size_z": 256,
  "snr_csf": 3.90516175686464,
  "snr_gm": 10.284052438104453,
  "snr_total": 11.945234535158766,
  "snr_wm": 21.646489410507204,
  "snrd_csf": 33.848391660209394,
  "snrd_gm": 81.32624440918308,
  "snrd_total": 71.66991829428132,
  "snrd_wm": 99.83511881345149,
  "spacing_x": 0.8999999761581421,
  "spacing_y": 0.8984375,
  "spacing_z": 0.8984375,
  "summary_bg_k": 2.277346082676373,
  "summary_bg_mad": 6.5624098777771,
  "summary_bg_mean": 15.248042106628418,
  "summary_bg_median": 13.268315315246582,
  "summary_bg_n": 3794937.0,
  "summary_bg_p05": 4.424201488494873,
  "summary_bg_p95": 30.857444763183594,
  "summary_bg_stdv": 8.22644329071045,
  "summary_csf_k": 1.8400519548985388,
  "summary_csf_mad": 65.62501525878906,
  "summary_csf_mean": 363.6477355957031,
  "summary_csf_median": 339.05462646484375,
  "summary_csf_n": 85240.0,
  "summary_csf_p05": 265.8127349853516,
  "summary_csf_p95": 545.9331298828126,
  "summary_csf_stdv": 86.82166290283203,
  "summary_gm_k": 0.34623458716335387,
  "summary_gm_mad": 70.61137390136719,
  "summary_gm_mean": 822.090576171875,
  "summary_gm_median": 814.6336669921875,
  "summary_gm_n": 25720.0,
  "summary_gm_p05": 704.2913940429688,
  "summary_gm_p95": 974.0716400146484,
  "summary_gm_stdv": 79.21175384521484,
  "summary_wm_k": 0.7161064887766404,
  "summary_wm_mad": 42.37858963012695,
  "summary_wm_mean": 1000.339111328125,
  "summary_wm_median": 1000.0344848632812,
  "summary_wm_n": 272571.0,
  "summary_wm_p05": 923.9586181640625,
  "summary_wm_p95": 1075.9946899414062,
  "summary_wm_stdv": 46.1983757019043,
  "tpm_overlap_csf": 0.2232598215341568,
  "tpm_overlap_gm": 0.4752522110939026,
  "tpm_overlap_wm": 0.5405925512313843,
  "wm2max": 0.6996512461976201
}