{
  "bids_meta": {
    "AccessionNumber": "8470-015",
    "AcquisitionDateTime": "2018-05-07T14:19:46.065000",
    "AcquisitionMatrixPE": 256,
    "AcquisitionNumber": 1,
    "AcquisitionTime": "14:19:46.065000",
    "BaseResolution": 256,
    "BodyPartExamined": "BRAIN",
    "ConsistencyInfo": "N4_VE11C_LATEST_20160120",
    "ConversionSoftware": "dcm2niix",
    "ConversionSoftwareVersion": "v1.0.20210317",
    "DeviceSerialNumber": "167050",
    "DwellTime": 3e-06,
    "EchoNumber": 4,
    "FlipAngle": 8,
    "ImageComments": "Average over all echoes.",
    "ImageOrientationPatientDICOM": [
      0,
      1,
      0,
      0,
      0,
      -1
    ],
    "ImageType": [
      "ORIGINAL",
      "PRIMARY",
      "ECHO",
      "COMBINED",
      "ND",
      "NORM"
    ],
    "ImagingFrequency": 123.25,
    "InPlanePhaseEncodingDirectionDICOM": "ROW",
    "InstitutionAddress": "Michigan Ave 320,Pasadena,California,US,91025",
    "InstitutionName": "Caltech Prisma64",
    "InstitutionalDepartmentName": "Department",
    "InversionTime": 1.15,
    "MRAcquisitionType": "3D",
    "MagneticFieldStrength": 3,
    "Manufacturer": "Siemens",
    "ManufacturersModelName": "Prisma_fit",
    "Modality": "MR",
    "ParallelReductionFactorInPlane": 2,
    "PartialFourier": 1,
    "PatientBirthDate": "1987-04-01",
    "PatientID": "CC0012",
    "PatientName": "CC0012",
    "PatientPosition": "HFS",
    "PatientSex": "M",
    "PatientWeight": 77.1107,
    "PercentPhaseFOV": 100,
    "PercentSampling": 100,
    "PhaseEncodingSteps": 282,
    "PhaseOversampling": 0.1,
    "PhaseResolution": 1,
    "PixelBandwidth": 650,
    "ProcedureStepDescription": "Conte Core",
    "ProtocolName": "T1w",
    "PulseSequenceDetails": "%CustomerSeq%\\tfl_wip900D_VE11C",
    "ReceiveCoilActiveElements": "HEA;HEP",
    "ReceiveCoilName": "Head_32",
    "ReconMatrixPE": 256,
    "RefLinesPE": 32,
    "ReferringPhysicianName": "Adolphs",
    "RepetitionTime": 2.55,
    "SAR": 0.044398,
    "ScanOptions": "IR\\WE",
    "ScanningSequence": "GR\\IR",
    "SequenceName": "tfl3d4_16ns",
    "SequenceVariant": "SK\\SP\\MP\\OSP",
    "SeriesDescription": "T1w_combEcho",
    "SeriesInstanceUID": "1.3.12.2.1107.5.2.43.167050.2018050714265472994474332.0.0.0",
    "SeriesNumber": 5,
    "ShimSetting": [
      6966,
      -3621,
      7906,
      226,
      -10,
      -69,
      -14,
      -23
    ],
    "SliceThickness": 0.9,
    "SoftwareVersions": "syngo MR E11",
    "StationName": "PRISMA",
    "StudyID": "1",
    "StudyInstanceUID": "1.3.12.2.1107.5.2.43.167050.30000018042619061766300000019",
    "TxRefAmp": 267.044,
    "WipMemBlock": "WIP_Identifier: WIP#900D",
    "acq_id": "combecho",
    "dataset": "unknown",
    "modality": "T1w",
    "run_id": 2,
    "session_id": "core2p2",
    "subject_id": "CC0012"
  },
  "cjv": 0.6250616145102755,
  "cnr": 1.903326172065181,
  "efc": 0.6175479821601062,
  "fber": 1516.4742431640625,
  "fwhm_avg": 4.261435456231898,
  "fwhm_x": 4.07030010782613,
  "fwhm_y": 4.357108869565217,
  "fwhm_z": 4.356897391304348,
  "icvs_csf": 0.2069108749538828,
  "icvs_gm": 0.41407260991945377,
  "icvs_wm": 0.37901651512666346,
  "inu_med": 1.496762752532959,
  "inu_range": 0.5515714406967163,
  "provenance": {
    "md5sum": "f6a1d688ada0cd1ae432feb8a9489174",
    "settings": {
      "testing": false
    },
    "software": "mriqc",
    "version": "0.15.0",
    "warnings": {
      "large_rot_frame": false,
      "small_air_mask": false
    },
    "webapi_port": null,
    "webapi_url": "https://mriqc.nimh.nih.gov/api/v1"
  },
  "qi_1": 0.0,
  "qi_2": 0.010307334623597465,
  "rpve_csf": 25.195622188012486,
  "rpve_gm": 13.09331992955222,
  "rpve_wm": 16.817095975378376,
  "size_x": 208,
  "size_y": 256,
  "size_z": 256,
  "snr_csf": 3.5978139969312295,
  "snr_gm": 9.681675049067449,
  "snr_total": 11.7845060927461,
  "snr_wm": 22.07402923223962,
  "snrd_csf": 34.649499401146244,
  "snrd_gm": 77.88021985476995,
  "snrd_total": 69.28503366806844,
  "snrd_wm": 95.3253817482891,
  "spacing_x": 0.8999999761581421,
  "spacing_y": 0.8984375,
  "spacing_z": 0.8984375,
  "summary_bg_k": 4.99747765180005,
  "summary_bg_mad": 6.872871398925781,
  "summary_bg_mean": 15.046855926513672,
  "summary_bg_median": 13.922245025634766,
  "summary_bg_n": 3660642.0,
  "summary_bg_p05": 4.645984172821045,
  "summary_bg_p95": 32.22586803436279,
  "summary_bg_stdv": 8.486002922058105,
  "summary_csf_k": 4.962470919629624,
  "summary_csf_mad": 78.14535522460938,
  "summary_csf_mean": 389.4527282714844,
  "summary_csf_median": 363.49920654296875,
  "summary_csf_n": 48522.0,
  "summary_csf_p05": 272.4786087036133,
  "summary_csf_p95": 598.2984954833984,
  "summary_csf_stdv": 101.03231048583984,
  "summary_gm_k": 0.8330663040325019,
  "summary_gm_mad": 73.65331268310547,
  "summary_gm_mean": 823.8367309570312,
  "summary_gm_median": 817.0218505859375,
  "summary_gm_n": 33523.0,
  "summary_gm_p05": 699.322833251953,
  "summary_gm_p95": 987.7337219238279,
  "summary_gm_stdv": 84.38722229003906,
  "summary_wm_k": 1.2880664180582517,
  "summary_wm_mad": 40.74097442626953,
  "summary_wm_mean": 1002.1455078125,
  "summary_wm_median": 1000.03466796875,
  "summary_wm_n": 284979.0,
  "summary_wm_p05": 931.2462951660157,
  "summary_wm_p95": 1078.3168579101562,
  "summary_wm_stdv": 45.30359649658203,
  "tpm_overlap_csf": 0.2439725548028946,
  "tpm_overlap_gm": 0.502166748046875,
  "tpm_overlap_wm": 0.5587583184242249,
  "wm2max": 0.7284062527465147
}