{
  "aor": 0.0013442000000000003,
  "aqi": 0.0073602892333333335,
  "bids_meta": {
    "AccessionNumber": "8473-001",
    "AcquisitionDateTime": "2018-05-11T12:48:6.130000",
    "AcquisitionMatrixPE": 80,
    "AcquisitionNumber": 1,
    "AcquisitionTime": "12:48:6.130000",
    "BandwidthPerPixelPhaseEncode": 23.191,
    "BaseResolution": 80,
    "BodyPartExamined": "BRAIN",
    "ConsistencyInfo": "N4_VE11C_LATEST_20160120",
    "ConversionSoftware": "dcm2niix",
    "ConversionSoftwareVersion": "v1.0.20210317",
    "DerivedVendorReportedEchoSpacing": 0.000490002,
    "DeviceSerialNumber": "167050",
    "DwellTime": 2.3e-06,
    "EchoTime": 0.03,
    "EchoTrainLength": 88,
    "EffectiveEchoSpacing": 0.000539002,
    "FlipAngle": 53,
    "ImageComments": "Unaliased MB6/PE3/LB",
    "ImageOrientationPatientDICOM": [
      1,
      0,
      0,
      0,
      0.939693,
      -0.34202
    ],
    "ImageType": [
      "ORIGINAL",
      "PRIMARY",
      "M",
      "MB",
      "ND",
      "MOSAIC"
    ],
    "ImagingFrequency": 123.25,
    "InPlanePhaseEncodingDirectionDICOM": "COL",
    "InstitutionAddress": "Michigan Ave 320,Pasadena,California,US,91025",
    "InstitutionName": "Caltech Prisma64",
    "InstitutionalDepartmentName": "Department",
    "MRAcquisitionType": "2D",
    "MagneticFieldStrength": 3,
    "Manufacturer": "Siemens",
    "ManufacturersModelName": "Prisma_fit",
    "Modality": "MR",
    "MultibandAccelerationFactor": 6,
    "PartialFourier": 1,
    "PatientBirthDate": "1993-12-01",
    "PatientID": "CC0134",
    "PatientName": "CC0134",
    "PatientPosition": "HFS",
    "PatientSex": "F",
    "PatientWeight": 58.967,
    "PercentPhaseFOV": 100,
    "PercentSampling": 100,
    "PhaseEncodingDirection": "j-",
    "PhaseEncodingSteps": 88,
    "PhaseOversampling": 0.1,
    "PhaseResolution": 1,
    "PixelBandwidth": 2715,
    "ProcedureStepDescription": "Conte Core",
    "ProtocolName": "task-rest_run-02_bold",
    "PulseSequenceDetails": "%CustomerSeq%\\cmrr_mbep2d_bold",
    "ReceiveCoilActiveElements": "HEA;HEP",
    "ReceiveCoilName": "Head_32",
    "ReconMatrixPE": 80,
    "ReferringPhysicianName": "Adolphs",
    "RepetitionTime": 0.7,
    "SAR": 0.0769415,
    "ScanOptions": "FS\\EXT",
    "ScanningSequence": "EP",
    "SequenceName": "epfid2d1_80",
    "SequenceVariant": "SK\\SS\\OSP",
    "SeriesDescription": "task-rest_run-02_bold",
    "SeriesInstanceUID": "1.3.12.2.1107.5.2.43.167050.2018051112462639052498938.0.0.0",
    "SeriesNumber": 18,
    "ShimSetting": [
      6989,
      -3643,
      7974,
      569,
      -81,
      -14,
      1,
      -32
    ],
    "SliceThickness": 2.5,
    "SliceTiming": [
      0,
      0.4775,
      0.2725,
      0.07,
      0.545,
      0.34,
      0.1375,
      0.6125,
      0.41,
      0.205,
      0,
      0.4775,
      0.2725,
      0.07,
      0.545,
      0.34,
      0.1375,
      0.6125,
      0.41,
      0.205,
      0,
      0.4775,
      0.2725,
      0.07,
      0.545,
      0.34,
      0.1375,
      0.6125,
      0.41,
      0.205,
      0,
      0.4775,
      0.2725,
      0.07,
      0.545,
      0.34,
      0.1375,
      0.6125,
      0.41,
      0.205,
      0,
      0.4775,
      0.2725,
      0.07,
      0.545,
      0.34,
      0.1375,
      0.6125,
      0.41,
      0.205,
      0,
      0.4775,
      0.2725,
      0.07,
      0.545,
      0.34,
      0.1375,
      0.6125,
      0.41,
      0.205
    ],
    "SoftwareVersions": "syngo MR E11",
    "SpacingBetweenSlices": 2.5,
    "StationName": "PRISMA",
    "StudyID": "1",
    "StudyInstanceUID": "1.3.12.2.1107.5.2.43.167050.30000018042619061766300000034",
    "TaskName": "rest",
    "TotalReadoutTime": 0.0425812,
    "TxRefAmp": 239.51,
    "WipMemBlock": "f1a12ef8-7b6c-4dc3-90a2-f65488316119||Sequence: R016 ve11c/master r/e634e98; Dec 19 2017 11:00:25 by eja",
    "dataset": "unknown",
    "modality": "bold",
    "run_id": 2,
    "session_id": "core2p2",
    "subject_id": "CC0134",
    "task_id": "rest"
  },
  "dummy_trs": 0,
  "dvars_nstd": 34.39529839587646,
  "dvars_std": 1.0641550828881476,
  "dvars_vstd": 0.9895137536727875,
  "efc": 0.5289776344610201,
  "fber": 777.0325927734375,
  "fd_mean": 0.18827003233756026,
  "fd_num": 194,
  "fd_perc": 32.333333333333336,
  "fwhm_avg": 2.827685333333333,
  "fwhm_x": 2.574088,
  "fwhm_y": 3.034172,
  "fwhm_z": 2.874796,
  "gcor": 0.0192533,
  "gsr_x": -0.00460040895268321,
  "gsr_y": 0.03938041627407074,
  "provenance": {
    "md5sum": "e0373148699a7d293db14c61024f1649",
    "settings": {
      "fd_thres": 0.2,
      "hmc_fsl": false
    },
    "software": "mriqc",
    "version": "0.15.0",
    "webapi_port": null,
    "webapi_url": "https://mriqc.nimh.nih.gov/api/v1"
  },
  "size_t": 600,
  "size_x": 80,
  "size_y": 80,
  "size_z": 60,
  "snr": 2.694483000024817,
  "spacing_tr": 0.699999988079071,
  "spacing_x": 2.5,
  "spacing_y": 2.5,
  "spacing_z": 2.5,
  "summary_bg_k": 19.07739347122635,
  "summary_bg_mad": 72.37075805664062,
  "summary_bg_mean": 364.166748046875,
  "summary_bg_median": 132.09666442871094,
  "summary_bg_n": 247435.0,
  "summary_bg_p05": 77.29499816894531,
  "summary_bg_p95": 1523.3683593749975,
  "summary_bg_stdv": 600.7391357421875,
  "summary_fg_k": 0.38475755149561275,
  "summary_fg_mad": 1385.752685546875,
  "summary_fg_mean": 4148.1455078125,
  "summary_fg_median": 3961.54736328125,
  "summary_fg_n": 76674.0,
  "summary_fg_p05": 2040.8462097167967,
  "summary_fg_p95": 6817.930078124999,
  "summary_fg_stdv": 1470.234375,
  "tsnr": 40.12561798095703
}