{
  "aor": 0.0019585049365303244,
  "aqi": 0.00551356677009873,
  "bids_meta": {
    "AccessionNumber": "8473-001",
    "AcquisitionDateTime": "2018-05-11T13:02:18.650000",
    "AcquisitionMatrixPE": 80,
    "AcquisitionNumber": 1,
    "AcquisitionTime": "13:02:18.650000",
    "BandwidthPerPixelPhaseEncode": 23.191,
    "BaseResolution": 80,
    "BodyPartExamined": "BRAIN",
    "ConsistencyInfo": "N4_VE11C_LATEST_20160120",
    "ConversionSoftware": "dcm2niix",
    "ConversionSoftwareVersion": "v1.0.20210317",
    "DerivedVendorReportedEchoSpacing": 0.000490002,
    "DeviceSerialNumber": "167050",
    "DwellTime": 2.3e-06,
    "EchoTime": 0.03,
    "EchoTrainLength": 88,
    "EffectiveEchoSpacing": 0.000539002,
    "FlipAngle": 53,
    "ImageComments": "Unaliased MB6/PE3/LB",
    "ImageOrientationPatientDICOM": [
      1,
      0,
      0,
      0,
      0.939693,
      -0.34202
    ],
    "ImageType": [
      "ORIGINAL",
      "PRIMARY",
      "M",
      "MB",
      "ND",
      "MOSAIC"
    ],
    "ImagingFrequency": 123.25,
    "InPlanePhaseEncodingDirectionDICOM": "COL",
    "InstitutionAddress": "Michigan Ave 320,Pasadena,California,US,91025",
    "InstitutionName": "Caltech Prisma64",
    "InstitutionalDepartmentName": "Department",
    "MRAcquisitionType": "2D",
    "MagneticFieldStrength": 3,
    "Manufacturer": "Siemens",
    "ManufacturersModelName": "Prisma_fit",
    "Modality": "MR",
    "MultibandAccelerationFactor": 6,
    "PartialFourier": 1,
    "PatientBirthDate": "1993-12-01",
    "PatientID": "CC0134",
    "PatientName": "CC0134",
    "PatientPosition": "HFS",
    "PatientSex": "F",
    "PatientWeight": 58.967,
    "PercentPhaseFOV": 100,
    "PercentSampling": 100,
    "PhaseEncodingDirection": "j-",
    "PhaseEncodingSteps": 88,
    "PhaseOversampling": 0.1,
    "PhaseResolution": 1,
    "PixelBandwidth": 2715,
    "ProcedureStepDescription": "Conte Core",
    "ProtocolName": "task-bang_bold",
    "PulseSequenceDetails": "%CustomerSeq%\\cmrr_mbep2d_bold",
    "ReceiveCoilActiveElements": "HEA;HEP",
    "ReceiveCoilName": "Head_32",
    "ReconMatrixPE": 80,
    "ReferringPhysicianName": "Adolphs",
    "RepetitionTime": 0.7,
    "SAR": 0.0770155,
    "ScanOptions": "FS\\EXT",
    "ScanningSequence": "EP",
    "SequenceName": "epfid2d1_80",
    "SequenceVariant": "SK\\SS\\OSP",
    "SeriesDescription": "task-bang_bold",
    "SeriesInstanceUID": "1.3.12.2.1107.5.2.43.167050.201805111258032396927088.0.0.0",
    "SeriesNumber": 26,
    "ShimSetting": [
      6989,
      -3643,
      7974,
      569,
      -81,
      -14,
      1,
      -32
    ],
    "SliceThickness": 2.5,
    "SliceTiming": [
      0,
      0.4775,
      0.2725,
      0.0675,
      0.545,
      0.34,
      0.1375,
      0.6125,
      0.4075,
      0.205,
      0,
      0.4775,
      0.2725,
      0.0675,
      0.545,
      0.34,
      0.1375,
      0.6125,
      0.4075,
      0.205,
      0,
      0.4775,
      0.2725,
      0.0675,
      0.545,
      0.34,
      0.1375,
      0.6125,
      0.4075,
      0.205,
      0,
      0.4775,
      0.2725,
      0.0675,
      0.545,
      0.34,
      0.1375,
      0.6125,
      0.4075,
      0.205,
      0,
      0.4775,
      0.2725,
      0.0675,
      0.545,
      0.34,
      0.1375,
      0.6125,
      0.4075,
      0.205,
      0,
      0.4775,
      0.2725,
      0.0675,
      0.545,
      0.34,
      0.1375,
      0.6125,
      0.4075,
      0.205
    ],
    "SoftwareVersions": "syngo MR E11",
    "SpacingBetweenSlices": 2.5,
    "StationName": "PRISMA",
    "StudyID": "1",
    "StudyInstanceUID": "1.3.12.2.1107.5.2.43.167050.30000018042619061766300000034",
    "TaskName": "bang",
    "TotalReadoutTime": 0.0425812,
    "TxRefAmp": 239.51,
    "WipMemBlock": "ca1928ae-86f9-47f5-9429-2f82a15d26e2||Sequence: R016 ve11c/master r/e634e98; Dec 19 2017 11:00:25 by eja",
    "dataset": "unknown",
    "modality": "bold",
    "run_id": 1,
    "session_id": "core2p2",
    "subject_id": "CC0134",
    "task_id": "bang"
  },
  "dummy_trs": 1,
  "dvars_nstd": 30.97846623872882,
  "dvars_std": 1.0242849039830517,
  "dvars_vstd": 0.9828387109886999,
  "efc": 0.5268647670797105,
  "fber": 761.0872192382812,
  "fd_mean": 0.1358866064188883,
  "fd_num": 52,
  "fd_perc": 7.3342736248236955,
  "fwhm_avg": 2.8434906666666664,
  "fwhm_x": 2.60086,
  "fwhm_y": 3.0507280000000003,
  "fwhm_z": 2.878884,
  "gcor": 0.00894545,
  "gsr_x": -0.004638927988708019,
  "gsr_y": 0.04246492311358452,
  "provenance": {
    "md5sum": "b7d5e147c3d596cea7e64a265656ff08",
    "settings": {
      "fd_thres": 0.2,
      "hmc_fsl": false
    },
    "software": "mriqc",
    "version": "0.15.0",
    "webapi_port": null,
    "webapi_url": "https://mriqc.nimh.nih.gov/api/v1"
  },
  "size_t": 709,
  "size_x": 80,
  "size_y": 80,
  "size_z": 60,
  "snr": 2.6373784417517583,
  "spacing_tr": 0.699999988079071,
  "spacing_x": 2.5,
  "spacing_y": 2.5,
  "spacing_z": 2.5,
  "summary_bg_k": 15.838127360810063,
  "summary_bg_mad": 75.31683349609375,
  "summary_bg_mean": 363.60693359375,
  "summary_bg_median": 135.8780059814453,
  "summary_bg_n": 248430.0,
  "summary_bg_p05": 79.7968978881836,
  "summary_bg_p95": 1514.4313659667964,
  "summary_bg_stdv": 574.2089233398438,
  "summary_fg_k": 0.3608913284950752,
  "summary_fg_mad": 1445.3826904296875,
  "summary_fg_mean": 4228.25341796875,
  "summary_fg_median": 4027.176513671875,
  "summary_fg_n": 76043.0,
  "summary_fg_p05": 2042.6511108398438,
  "summary_fg_p95": 7022.635351562499,
  "summary_fg_stdv": 1526.951904296875,
  "tsnr": 41.13206100463867
}