{
    "Modality":"MR",
    "MagneticFieldStrength":3,
    "ImagingFrequency":123.25,
    "Manufacturer":"Siemens",
    "ManufacturersModelName":"Prisma_fit",
    "InstitutionName":"Caltech Prisma64",
    "InstitutionalDepartmentName":"Department",
    "InstitutionAddress":"Michigan Ave 320,Pasadena,California,US,91025",
    "DeviceSerialNumber":"167050",
    "StationName":"PRISMA",
    "SeriesInstanceUID":"1.3.12.2.1107.5.2.43.167050.2018060811084343721914118.0.0.0",
    "StudyInstanceUID":"1.3.12.2.1107.5.2.43.167050.30000018060623115207200000025",
    "ReferringPhysicianName":"Adolphs",
    "StudyID":"1",
    "PatientName":"CC0033",
    "PatientID":"CC0033",
    "AccessionNumber":"9004-033",
    "PatientBirthDate":"1983-03-01",
    "PatientSex":"M",
    "PatientWeight":77.1107,
    "BodyPartExamined":"BRAIN",
    "PatientPosition":"HFS",
    "SoftwareVersions":"syngo MR E11",
    "MRAcquisitionType":"2D",
    "SeriesDescription":"task-rest_run-02_bold_SBRef",
    "ProtocolName":"task-rest_run-02_bold",
    "ScanningSequence":"EP",
    "SequenceVariant":"SK\\SS\\OSP",
    "ScanOptions":"FS\\EXT",
    "SequenceName":"epfid2d1_80",
    "ImageType":[
        "ORIGINAL",
        "PRIMARY",
        "M",
        "ND",
        "MOSAIC"
    ],
    "SeriesNumber":15,
    "AcquisitionTime":"11:10:4.645000",
    "AcquisitionDateTime":"2018-06-08T11:10:4.645000",
    "AcquisitionNumber":1,
    "ImageComments":"Single-band reference",
    "SliceThickness":2.5,
    "SpacingBetweenSlices":2.5,
    "SAR":0.0917703,
    "EchoTime":0.03,
    "RepetitionTime":0.7,
    "FlipAngle":53,
    "PartialFourier":1,
    "BaseResolution":80,
    "ShimSetting":[
        6992,
        -3603,
        7975,
        390,
        7,
        38,
        -72,
        -8
    ],
    "TxRefAmp":276.594,
    "PhaseResolution":1,
    "PhaseOversampling":0.1,
    "ReceiveCoilName":"Head_32",
    "ReceiveCoilActiveElements":"HEA;HEP",
    "PulseSequenceDetails":"%CustomerSeq%\\cmrr_mbep2d_bold",
    "WipMemBlock":"58bd4db0-4dff-4856-9a7e-ca9990eca93f||Sequence: R016 ve11c/master r/e634e98; Dec 19 2017 11:00:25 by eja",
    "ConsistencyInfo":"N4_VE11C_LATEST_20160120",
    "PercentPhaseFOV":100,
    "PercentSampling":100,
    "EchoTrainLength":88,
    "PhaseEncodingSteps":88,
    "AcquisitionMatrixPE":80,
    "ReconMatrixPE":80,
    "BandwidthPerPixelPhaseEncode":23.191,
    "EffectiveEchoSpacing":0.000539002,
    "DerivedVendorReportedEchoSpacing":0.000490002,
    "TotalReadoutTime":0.0425812,
    "PixelBandwidth":2715,
    "DwellTime":2.3e-06,
    "PhaseEncodingDirection":"j-",
    "SliceTiming":[
        0,
        0.0675,
        0.1375,
        0.205,
        0.2725,
        0.34,
        0.4075,
        0.4775,
        0.545,
        0.6125,
        0.68,
        0.7475,
        0.8175,
        0.885,
        0.9525,
        1.02,
        1.0875,
        1.1575,
        1.225,
        1.2925,
        1.36,
        1.4275,
        1.4975,
        1.565,
        1.6325,
        1.7,
        1.7675,
        1.8375,
        1.905,
        1.9725,
        2.04,
        2.1075,
        2.1775,
        2.245,
        2.3125,
        2.38,
        2.4475,
        2.515,
        2.585,
        2.6525,
        2.72,
        2.7875,
        2.855,
        2.925,
        2.9925,
        3.06,
        3.1275,
        3.195,
        3.265,
        3.3325,
        3.4,
        3.4675,
        3.535,
        3.605,
        3.6725,
        3.74,
        3.8075,
        3.875,
        3.945,
        4.0125
    ],
    "ImageOrientationPatientDICOM":[
        1,
        0,
        0,
        0,
        0.939693,
        -0.34202
    ],
    "InPlanePhaseEncodingDirectionDICOM":"COL",
    "ConversionSoftware":"dcm2niix",
    "ConversionSoftwareVersion":"v1.0.20210317",
    "TaskName":"rest"
}