{
  "bids_meta": {
    "AccessionNumber": "7624-008",
    "AcquisitionDateTime": "2014-10-28T14:28:28.085000",
    "AcquisitionMatrixPE": 256,
    "AcquisitionNumber": 1,
    "AcquisitionTime": "14:28:28.085000",
    "BaseResolution": 256,
    "CoilString": "C:HEA;HEP",
    "ConversionSoftware": "dcm2niix",
    "ConversionSoftwareVersion": "v1.0.20210317",
    "DeviceSerialNumber": "35077",
    "DwellTime": 1.09e-05,
    "EchoTime": 0.00291,
    "FlipAngle": 10,
    "ImageOrientationPatientDICOM": [
      0,
      1,
      0,
      0,
      0,
      -1
    ],
    "ImageType": [
      "ORIGINAL",
      "PRIMARY",
      "M",
      "ND",
      "NORM"
    ],
    "ImagingFrequency": 123.229,
    "InPlanePhaseEncodingDirectionDICOM": "ROW",
    "InstitutionAddress": "Wilson Avenue 340 ,Pasadena,California,US,91025",
    "InstitutionName": "Caltech Tim32",
    "InstitutionalDepartmentName": "Department",
    "InversionTime": 0.8,
    "MRAcquisitionType": "3D",
    "MagneticFieldStrength": 3,
    "Manufacturer": "Siemens",
    "ManufacturersModelName": "TrioTim",
    "Modality": "MR",
    "PartialFourier": 1,
    "PatientBirthDate": "1989-01-01",
    "PatientID": "adolphs",
    "PatientName": "CC0008",
    "PatientPosition": "HFS",
    "PatientSex": "M",
    "PatientWeight": 83.9146,
    "PercentPhaseFOV": 100,
    "PercentSampling": 100,
    "PhaseEncodingSteps": 256,
    "PhaseResolution": 1,
    "PixelBandwidth": 179,
    "ProcedureStepDescription": "Conte^Core",
    "ProtocolName": "T1_2",
    "PulseSequenceDetails": "%SiemensSeq%\\tfl",
    "ReceiveCoilName": "32Ch_Head",
    "ReconMatrixPE": 256,
    "RepetitionTime": 1.5,
    "SAR": 0.104768,
    "ScanOptions": "IR",
    "ScanningSequence": "GR\\IR",
    "SequenceName": "*tfl3d1",
    "SequenceVariant": "SP\\MP",
    "SeriesDescription": "T1_2",
    "SeriesInstanceUID": "1.3.12.2.1107.5.2.32.35077.201410281428068797462625.0.0.0",
    "SeriesNumber": 14,
    "ShimSetting": [
      9533,
      -10500,
      15702,
      597,
      -92,
      -42,
      2,
      2
    ],
    "SliceThickness": 1,
    "SoftwareVersions": "syngo MR B17",
    "StationName": "MEDPC",
    "StudyID": "1",
    "StudyInstanceUID": "1.3.12.2.1107.5.2.32.35077.30000014102017502478100000028",
    "TxRefAmp": 314.783,
    "dataset": "unknown",
    "modality": "T1w",
    "run_id": 2,
    "session_id": "core1p2",
    "subject_id": "CC0008"
  },
  "cjv": 0.4007470637986944,
  "cnr": 2.9892929723694053,
  "efc": 0.5896950047435633,
  "fber": 5873.443359375,
  "fwhm_avg": 4.4166099999999995,
  "fwhm_x": 4.45447,
  "fwhm_y": 4.44486,
  "fwhm_z": 4.3505,
  "icvs_csf": 0.24392325778548687,
  "icvs_gm": 0.40394714924768277,
  "icvs_wm": 0.35212959296683033,
  "inu_med": 1.487433671951294,
  "inu_range": 0.4860008955001831,
  "provenance": {
    "md5sum": "64702f1736de45ce40dcd953a6c650c0",
    "settings": {
      "testing": false
    },
    "software": "mriqc",
    "version": "0.15.0",
    "warnings": {
      "large_rot_frame": true,
      "small_air_mask": false
    },
    "webapi_port": null,
    "webapi_url": "https://mriqc.nimh.nih.gov/api/v1"
  },
  "qi_1": 9.658056509288635e-06,
  "qi_2": 0.011528087246485784,
  "rpve_csf": 18.360244565784885,
  "rpve_gm": 10.740602369995857,
  "rpve_wm": 14.620603172532514,
  "size_x": 176,
  "size_y": 256,
  "size_z": 256,
  "snr_csf": 3.7874046986253163,
  "snr_gm": 11.545979974219334,
  "snr_total": 13.16147296080264,
  "snr_wm": 24.15103420956327,
  "snrd_csf": 64.84199163801449,
  "snrd_gm": 113.81918883527796,
  "snrd_total": 109.10855279861528,
  "snrd_wm": 148.66447792255337,
  "spacing_x": 1.0,
  "spacing_y": 1.0,
  "spacing_z": 1.0,
  "summary_bg_k": 14.366647164618644,
  "summary_bg_mad": 4.4068403244018555,
  "summary_bg_mean": 6.2290215492248535,
  "summary_bg_median": 5.934452533721924,
  "summary_bg_n": 2666756.0,
  "summary_bg_p05": 0.0,
  "summary_bg_p95": 17.821905612945557,
  "summary_bg_stdv": 6.06002950668335,
  "summary_csf_k": -0.8314123328233984,
  "summary_csf_mad": 139.52389526367188,
  "summary_csf_mean": 447.98602294921875,
  "summary_csf_median": 436.1661376953125,
  "summary_csf_n": 70814.0,
  "summary_csf_p05": 286.55672149658204,
  "summary_csf_p95": 637.8897033691405,
  "summary_csf_stdv": 115.16146087646484,
  "summary_gm_k": 0.4654250861755287,
  "summary_gm_mad": 58.89244842529297,
  "summary_gm_mean": 771.94677734375,
  "summary_gm_median": 765.6161499023438,
  "summary_gm_n": 35189.0,
  "summary_gm_p05": 672.7436401367188,
  "summary_gm_p95": 898.93359375,
  "summary_gm_stdv": 66.30924987792969,
  "summary_wm_k": 1.2890993259728072,
  "summary_wm_mad": 35.03878402709961,
  "summary_wm_mean": 997.2657470703125,
  "summary_wm_median": 1000.0064697265625,
  "summary_wm_n": 253493.0,
  "summary_wm_p05": 922.5467651367187,
  "summary_wm_p95": 1059.305126953125,
  "summary_wm_stdv": 41.406280517578125,
  "tpm_overlap_csf": 0.20865589380264282,
  "tpm_overlap_gm": 0.48204150795936584,
  "tpm_overlap_wm": 0.5403597950935364,
  "wm2max": 0.47125338519259063
}