{
  "bids_meta": {
    "AccessionNumber": "6439-002",
    "AcquisitionDateTime": "2013-02-12T11:42:38.980000",
    "AcquisitionMatrixPE": 256,
    "AcquisitionNumber": 1,
    "AcquisitionTime": "11:42:38.980000",
    "BaseResolution": 256,
    "CoilString": "C:HEA;HEP",
    "ConversionSoftware": "dcm2niix",
    "ConversionSoftwareVersion": "v1.0.20210317",
    "DeviceSerialNumber": "35077",
    "DwellTime": 1.09e-05,
    "EchoTime": 0.00291,
    "FlipAngle": 10,
    "ImageOrientationPatientDICOM": [
      0,
      1,
      0,
      0,
      0,
      -1
    ],
    "ImageType": [
      "ORIGINAL",
      "PRIMARY",
      "M",
      "ND",
      "NORM"
    ],
    "ImagingFrequency": 123.229,
    "InPlanePhaseEncodingDirectionDICOM": "ROW",
    "InstitutionAddress": "Wilson Avenue 340 ,Pasadena,California,US,91025",
    "InstitutionName": "Caltech Tim32",
    "InstitutionalDepartmentName": "Department",
    "InversionTime": 0.8,
    "MRAcquisitionType": "3D",
    "MagneticFieldStrength": 3,
    "Manufacturer": "Siemens",
    "ManufacturersModelName": "TrioTim",
    "Modality": "MR",
    "PartialFourier": 1,
    "PatientBirthDate": "1988-01-01",
    "PatientID": "adolphs",
    "PatientName": "CC0026",
    "PatientPosition": "HFS",
    "PatientSex": "F",
    "PatientWeight": 68.0389,
    "PercentPhaseFOV": 100,
    "PercentSampling": 100,
    "PhaseEncodingSteps": 256,
    "PhaseResolution": 1,
    "PixelBandwidth": 179,
    "ProcedureStepDescription": "Conte^Core",
    "ProtocolName": "T1_2",
    "PulseSequenceDetails": "%SiemensSeq%\\tfl",
    "ReceiveCoilName": "32Ch_Head",
    "ReconMatrixPE": 256,
    "RepetitionTime": 1.5,
    "SAR": 0.113727,
    "ScanOptions": "IR",
    "ScanningSequence": "GR\\IR",
    "SequenceName": "*tfl3d1",
    "SequenceVariant": "SP\\MP",
    "SeriesDescription": "T1_2",
    "SeriesInstanceUID": "1.3.12.2.1107.5.2.32.35077.2013021211421798698527199.0.0.0",
    "SeriesNumber": 13,
    "ShimSetting": [
      9545,
      -10533,
      15710,
      493,
      -15,
      -141,
      141,
      3
    ],
    "SliceThickness": 1,
    "SoftwareVersions": "syngo MR B17",
    "StationName": "MEDPC",
    "StudyID": "1",
    "StudyInstanceUID": "1.3.12.2.1107.5.2.32.35077.30000013021117023826500000025",
    "TxRefAmp": 306.25,
    "dataset": "unknown",
    "modality": "T1w",
    "run_id": 2,
    "session_id": "core1p1",
    "subject_id": "CC0026"
  },
  "cjv": 0.40541136796062577,
  "cnr": 3.0864904094780146,
  "efc": 0.5327830530178961,
  "fber": 6104.326171875,
  "fwhm_avg": 4.368796666666666,
  "fwhm_x": 4.33509,
  "fwhm_y": 4.48738,
  "fwhm_z": 4.28392,
  "icvs_csf": 0.2131358108374046,
  "icvs_gm": 0.40269384233325184,
  "icvs_wm": 0.38417034682934353,
  "inu_med": 1.4559911489486694,
  "inu_range": 0.3604954838752745,
  "provenance": {
    "md5sum": "fcb79aa04104e93fc0ded10c3e2b83ff",
    "settings": {
      "testing": false
    },
    "software": "mriqc",
    "version": "0.15.0",
    "warnings": {
      "large_rot_frame": true,
      "small_air_mask": false
    },
    "webapi_port": null,
    "webapi_url": "https://mriqc.nimh.nih.gov/api/v1"
  },
  "qi_1": 0.00019982373626757183,
  "qi_2": 0.016760172488116273,
  "rpve_csf": 24.797256279207822,
  "rpve_gm": 13.283967810737238,
  "rpve_wm": 16.89510700024496,
  "size_x": 176,
  "size_y": 256,
  "size_z": 256,
  "snr_csf": 3.661647259965632,
  "snr_gm": 12.518241031740647,
  "snr_total": 15.007286563889943,
  "snr_wm": 28.841971399963548,
  "snrd_csf": 60.803652818687056,
  "snrd_gm": 121.0656663150017,
  "snrd_total": 112.43250381900468,
  "snrd_wm": 155.42819232332528,
  "spacing_x": 1.0,
  "spacing_y": 1.0,
  "spacing_z": 1.0,
  "summary_bg_k": 26.695225097016216,
  "summary_bg_mad": 4.215094089508057,
  "summary_bg_mean": 6.507114887237549,
  "summary_bg_median": 5.662814140319824,
  "summary_bg_n": 2079585.0,
  "summary_bg_p05": 0.0,
  "summary_bg_p95": 19.871727752685544,
  "summary_bg_stdv": 7.561882019042969,
  "summary_csf_k": 1.4134265372657424,
  "summary_csf_mad": 103.93162536621094,
  "summary_csf_mean": 416.3124694824219,
  "summary_csf_median": 391.20574951171875,
  "summary_csf_n": 33784.0,
  "summary_csf_p05": 279.88672943115233,
  "summary_csf_p95": 611.8354614257812,
  "summary_csf_stdv": 106.83715057373047,
  "summary_gm_k": 0.17771677266120012,
  "summary_gm_mad": 59.6675910949707,
  "summary_gm_mean": 780.572998046875,
  "summary_gm_median": 778.9266357421875,
  "summary_gm_n": 19305.0,
  "summary_gm_p05": 681.0499755859375,
  "summary_gm_p95": 887.2952392578125,
  "summary_gm_stdv": 62.221717834472656,
  "summary_wm_k": 1.707898388024602,
  "summary_wm_mad": 29.963062286376953,
  "summary_wm_mean": 1000.3211669921875,
  "summary_wm_median": 1000.0123291015625,
  "summary_wm_n": 221150.0,
  "summary_wm_p05": 945.109423828125,
  "summary_wm_p95": 1055.8887145996093,
  "summary_wm_stdv": 34.67204284667969,
  "tpm_overlap_csf": 0.23969662189483643,
  "tpm_overlap_gm": 0.5135334134101868,
  "tpm_overlap_wm": 0.5776803493499756,
  "wm2max": 0.5110536677387427
}