{
  "aor": 0.0021476631578947365,
  "aqi": 0.0071981578105263155,
  "bids_meta": {
    "AccessionNumber": "8561-001",
    "AcquisitionDateTime": "2018-08-30T17:04:30.605000",
    "AcquisitionMatrixPE": 80,
    "AcquisitionNumber": 1,
    "AcquisitionTime": "17:04:30.605000",
    "BandwidthPerPixelPhaseEncode": 23.191,
    "BaseResolution": 80,
    "BodyPartExamined": "BRAIN",
    "ConsistencyInfo": "N4_VE11C_LATEST_20160120",
    "ConversionSoftware": "dcm2niix",
    "ConversionSoftwareVersion": "v1.0.20210317",
    "DerivedVendorReportedEchoSpacing": 0.000490002,
    "DeviceSerialNumber": "167050",
    "DwellTime": 2.3e-06,
    "EchoTime": 0.03,
    "EchoTrainLength": 88,
    "EffectiveEchoSpacing": 0.000539002,
    "FlipAngle": 53,
    "ImageComments": "Unaliased MB6/PE3/LB",
    "ImageOrientationPatientDICOM": [
      1,
      0,
      0,
      0,
      0.939693,
      -0.34202
    ],
    "ImageType": [
      "ORIGINAL",
      "PRIMARY",
      "M",
      "MB",
      "ND",
      "MOSAIC"
    ],
    "ImagingFrequency": 123.25,
    "InPlanePhaseEncodingDirectionDICOM": "COL",
    "InstitutionAddress": "Michigan Ave 320,Pasadena,California,US,91025",
    "InstitutionName": "Caltech Prisma64",
    "InstitutionalDepartmentName": "Department",
    "MRAcquisitionType": "2D",
    "MagneticFieldStrength": 3,
    "Manufacturer": "Siemens",
    "ManufacturersModelName": "Prisma_fit",
    "Modality": "MR",
    "MultibandAccelerationFactor": 6,
    "PartialFourier": 1,
    "PatientBirthDate": "1979-12-01",
    "PatientID": "CC0158",
    "PatientName": "CC0158",
    "PatientPosition": "HFS",
    "PatientSex": "M",
    "PatientWeight": 122.47,
    "PercentPhaseFOV": 100,
    "PercentSampling": 100,
    "PhaseEncodingDirection": "j-",
    "PhaseEncodingSteps": 88,
    "PhaseOversampling": 0.1,
    "PhaseResolution": 1,
    "PixelBandwidth": 2715,
    "ProcedureStepDescription": "Conte Core",
    "ProtocolName": "task-pixar_run-01_bold",
    "PulseSequenceDetails": "%CustomerSeq%\\cmrr_mbep2d_bold",
    "ReceiveCoilActiveElements": "HEA;HEP",
    "ReceiveCoilName": "Head_32",
    "ReconMatrixPE": 80,
    "ReferringPhysicianName": "Adolphs",
    "RepetitionTime": 0.7,
    "SAR": 0.095742,
    "ScanOptions": "FS\\EXT",
    "ScanningSequence": "EP",
    "SequenceName": "epfid2d1_80",
    "SequenceVariant": "SK\\SS\\OSP",
    "SeriesDescription": "task-pixar_run-01_bold",
    "SeriesInstanceUID": "1.3.12.2.1107.5.2.43.167050.2018083017022134173275099.0.0.0",
    "SeriesNumber": 34,
    "ShimSetting": [
      6984,
      -3600,
      7953,
      285,
      -74,
      34,
      -19,
      -7
    ],
    "SliceThickness": 2.5,
    "SliceTiming": [
      0,
      0.4775,
      0.2725,
      0.07,
      0.545,
      0.34,
      0.1375,
      0.6125,
      0.41,
      0.205,
      0,
      0.4775,
      0.2725,
      0.07,
      0.545,
      0.34,
      0.1375,
      0.6125,
      0.41,
      0.205,
      0,
      0.4775,
      0.2725,
      0.07,
      0.545,
      0.34,
      0.1375,
      0.6125,
      0.41,
      0.205,
      0,
      0.4775,
      0.2725,
      0.07,
      0.545,
      0.34,
      0.1375,
      0.6125,
      0.41,
      0.205,
      0,
      0.4775,
      0.2725,
      0.07,
      0.545,
      0.34,
      0.1375,
      0.6125,
      0.41,
      0.205,
      0,
      0.4775,
      0.2725,
      0.07,
      0.545,
      0.34,
      0.1375,
      0.6125,
      0.41,
      0.205
    ],
    "SoftwareVersions": "syngo MR E11",
    "SpacingBetweenSlices": 2.5,
    "StationName": "PRISMA",
    "StudyID": "1",
    "StudyInstanceUID": "1.3.12.2.1107.5.2.43.167050.30000018081720093477500000070",
    "TaskName": "pixar",
    "TotalReadoutTime": 0.0425812,
    "TxRefAmp": 333.352,
    "WipMemBlock": "35761dce-fd44-478c-9384-065a3692f4a3||Sequence: R016 ve11c/master r/e634e98; Dec 19 2017 11:00:25 by eja",
    "dataset": "unknown",
    "modality": "bold",
    "run_id": 1,
    "session_id": "core2p2",
    "subject_id": "CC0158",
    "task_id": "pixar"
  },
  "dummy_trs": 1,
  "dvars_nstd": 44.717638611054895,
  "dvars_std": 1.077231649324894,
  "dvars_vstd": 1.0351993822151906,
  "efc": 0.5785366580953649,
  "fber": 340.0169677734375,
  "fd_mean": 0.31814916474645255,
  "fd_num": 321,
  "fd_perc": 67.57894736842105,
  "fwhm_avg": 2.9327466666666666,
  "fwhm_x": 2.706964,
  "fwhm_y": 3.077888,
  "fwhm_z": 3.013388,
  "gcor": 0.0108846,
  "gsr_x": -0.002272812882438302,
  "gsr_y": 0.12921041250228882,
  "provenance": {
    "md5sum": "f7d3356c05c83c85d54563dc2f3f6263",
    "settings": {
      "fd_thres": 0.2,
      "hmc_fsl": false
    },
    "software": "mriqc",
    "version": "0.15.0",
    "webapi_port": null,
    "webapi_url": "https://mriqc.nimh.nih.gov/api/v1"
  },
  "size_t": 475,
  "size_x": 80,
  "size_y": 80,
  "size_z": 60,
  "snr": 1.876687977877417,
  "spacing_tr": 0.699999988079071,
  "spacing_x": 2.5,
  "spacing_y": 2.5,
  "spacing_z": 2.5,
  "summary_bg_k": 21.10042476266247,
  "summary_bg_mad": 129.10812377929688,
  "summary_bg_mean": 478.1627197265625,
  "summary_bg_median": 181.2084197998047,
  "summary_bg_n": 214757.0,
  "summary_bg_p05": 86.0926284790039,
  "summary_bg_p95": 1929.099316406249,
  "summary_bg_stdv": 733.2135009765625,
  "summary_fg_k": 1.1516580974041606,
  "summary_fg_mad": 1708.7628173828125,
  "summary_fg_mean": 4130.23583984375,
  "summary_fg_median": 3684.749267578125,
  "summary_fg_n": 104297.0,
  "summary_fg_p05": 1729.463525390625,
  "summary_fg_p95": 7968.647753906249,
  "summary_fg_stdv": 1963.422607421875,
  "tsnr": 31.96068572998047
}