{
  "aor": 0.00138725,
  "aqi": 0.004171753374999999,
  "bids_meta": {
    "AccessionNumber": "6438-001",
    "AcquisitionDateTime": "2013-02-12T09:42:56.217500",
    "AcquisitionMatrixPE": 64,
    "AcquisitionNumber": 1,
    "AcquisitionTime": "09:42:56.217500",
    "BandwidthPerPixelPhaseEncode": 66.489,
    "BaseResolution": 64,
    "CoilString": "C:HEA;HEP",
    "ConversionSoftware": "dcm2niix",
    "ConversionSoftwareVersion": "v1.0.20210317",
    "DerivedVendorReportedEchoSpacing": 0.000470003,
    "DeviceSerialNumber": "35077",
    "DwellTime": 3e-06,
    "EchoTime": 0.03,
    "EffectiveEchoSpacing": 0.000235001,
    "FlipAngle": 85,
    "ImageOrientationPatientDICOM": [
      1,
      -1e-16,
      0,
      1e-16,
      0.939693,
      -0.34202
    ],
    "ImageType": [
      "ORIGINAL",
      "PRIMARY",
      "M",
      "ND",
      "MOSAIC"
    ],
    "ImagingFrequency": 123.229,
    "InPlanePhaseEncodingDirectionDICOM": "COL",
    "InstitutionAddress": "Wilson Avenue 340 ,Pasadena,California,US,91025",
    "InstitutionName": "Caltech Tim32",
    "InstitutionalDepartmentName": "Department",
    "MRAcquisitionType": "2D",
    "MagneticFieldStrength": 3,
    "Manufacturer": "Siemens",
    "ManufacturersModelName": "TrioTim",
    "Modality": "MR",
    "ParallelReductionFactorInPlane": 2,
    "PartialFourier": 1,
    "PatientBirthDate": "1984-01-17",
    "PatientID": "adolphs",
    "PatientName": "CC0053",
    "PatientPosition": "HFS",
    "PatientSex": "F",
    "PatientWeight": 58.967,
    "PercentPhaseFOV": 100,
    "PercentSampling": 100,
    "PhaseEncodingDirection": "j-",
    "PhaseEncodingSteps": 64,
    "PhaseResolution": 1,
    "PixelBandwidth": 2604,
    "ProcedureStepDescription": "Conte^Core",
    "ProtocolName": "rsBOLD_1",
    "PulseSequenceDetails": "%SiemensSeq%\\ep2d_bold",
    "ReceiveCoilName": "32Ch_Head",
    "ReconMatrixPE": 64,
    "RefLinesPE": 32,
    "RepetitionTime": 2.5,
    "SAR": 0.197362,
    "ScanOptions": "FS",
    "ScanningSequence": "EP",
    "SequenceName": "*epfid2d1_64",
    "SequenceVariant": "SK",
    "SeriesDescription": "rsBOLD_1",
    "SeriesInstanceUID": "1.3.12.2.1107.5.2.32.35077.2013021209424243912439149.0.0.0",
    "SeriesNumber": 2,
    "ShimSetting": [
      9530,
      -10531,
      15501,
      514,
      -23,
      403,
      -80,
      -59
    ],
    "SliceThickness": 3,
    "SliceTiming": [
      0,
      0.055,
      0.1075,
      0.16,
      0.215,
      0.2675,
      0.32,
      0.375,
      0.4275,
      0.4825,
      0.535,
      0.5875,
      0.6425,
      0.695,
      0.7475,
      0.8025,
      0.855,
      0.9075,
      0.9625,
      1.015,
      1.0675,
      1.1225,
      1.175,
      1.23,
      1.2825,
      1.335,
      1.39,
      1.4425,
      1.495,
      1.55,
      1.6025,
      1.655,
      1.71,
      1.7625,
      1.815,
      1.87,
      1.9225,
      1.9775,
      2.03,
      2.0825,
      2.1375,
      2.19,
      2.2425,
      2.2975,
      2.35,
      2.4025,
      2.4575
    ],
    "SoftwareVersions": "syngo MR B17",
    "SpacingBetweenSlices": 3,
    "StationName": "MEDPC",
    "StudyID": "1",
    "StudyInstanceUID": "1.3.12.2.1107.5.2.32.35077.30000013021117023826500000022",
    "TaskName": "rest",
    "TotalReadoutTime": 0.0148051,
    "TxRefAmp": 306.041,
    "dataset": "unknown",
    "modality": "bold",
    "run_id": 1,
    "session_id": "core1p1",
    "subject_id": "CC0053",
    "task_id": "rest"
  },
  "dummy_trs": 0,
  "dvars_nstd": 36.011205445408784,
  "dvars_std": 1.1413249062264157,
  "dvars_vstd": 0.991973097735849,
  "efc": 0.5395454610654523,
  "fber": 390.1580505371094,
  "fd_mean": 0.20718633747515533,
  "fd_num": 72,
  "fd_perc": 45.0,
  "fwhm_avg": 2.6470777777777776,
  "fwhm_x": 2.60173,
  "fwhm_y": 2.7025066666666664,
  "fwhm_z": 2.6369966666666667,
  "gcor": 0.0160062,
  "gsr_x": 0.019611015915870667,
  "gsr_y": 0.03736983239650726,
  "provenance": {
    "md5sum": "640e10d9f336b05efa232927156bd495",
    "settings": {
      "fd_thres": 0.2,
      "hmc_fsl": false
    },
    "software": "mriqc",
    "version": "0.15.0",
    "webapi_port": null,
    "webapi_url": "https://mriqc.nimh.nih.gov/api/v1"
  },
  "size_t": 160,
  "size_x": 64,
  "size_y": 64,
  "size_z": 47,
  "snr": 2.191696761100879,
  "spacing_tr": 2.5,
  "spacing_x": 3.0,
  "spacing_y": 3.0,
  "spacing_z": 3.0,
  "summary_bg_k": 39.485252240826235,
  "summary_bg_mad": 14.279313087463379,
  "summary_bg_mean": 49.10562515258789,
  "summary_bg_median": 29.76875114440918,
  "summary_bg_n": 104614.0,
  "summary_bg_p05": 18.19781312942505,
  "summary_bg_p95": 145.46062698364247,
  "summary_bg_stdv": 59.81356430053711,
  "summary_fg_k": 2.5971303113508366,
  "summary_fg_mad": 246.6494903564453,
  "summary_fg_mean": 701.2528686523438,
  "summary_fg_median": 643.9874877929688,
  "summary_fg_n": 47287.0,
  "summary_fg_p05": 341.98688354492185,
  "summary_fg_p95": 1263.8006469726558,
  "summary_fg_stdv": 293.82745361328125,
  "tsnr": 45.9846076965332
}