{
  "bids_meta": {
    "AccessionNumber": "8557-001",
    "AcquisitionDateTime": "2018-08-28T12:52:26.532500",
    "AcquisitionMatrixPE": 256,
    "AcquisitionNumber": 1,
    "AcquisitionTime": "12:52:26.532500",
    "BaseResolution": 256,
    "BodyPartExamined": "BRAIN",
    "ConsistencyInfo": "N4_VE11C_LATEST_20160120",
    "ConversionSoftware": "dcm2niix",
    "ConversionSoftwareVersion": "v1.0.20210317",
    "DeviceSerialNumber": "167050",
    "DwellTime": 3e-06,
    "EchoNumber": 4,
    "FlipAngle": 8,
    "ImageComments": "Average over all echoes.",
    "ImageOrientationPatientDICOM": [
      0,
      1,
      0,
      0,
      0,
      -1
    ],
    "ImageType": [
      "ORIGINAL",
      "PRIMARY",
      "ECHO",
      "COMBINED",
      "ND",
      "NORM"
    ],
    "ImagingFrequency": 123.25,
    "InPlanePhaseEncodingDirectionDICOM": "ROW",
    "InstitutionAddress": "Michigan Ave 320,Pasadena,California,US,91025",
    "InstitutionName": "Caltech Prisma64",
    "InstitutionalDepartmentName": "Department",
    "InversionTime": 1.15,
    "MRAcquisitionType": "3D",
    "MagneticFieldStrength": 3,
    "Manufacturer": "Siemens",
    "ManufacturersModelName": "Prisma_fit",
    "Modality": "MR",
    "ParallelReductionFactorInPlane": 2,
    "PartialFourier": 1,
    "PatientBirthDate": "1971-07-01",
    "PatientID": "CC0154",
    "PatientName": "CC0154",
    "PatientPosition": "HFS",
    "PatientSex": "M",
    "PatientWeight": 73.482,
    "PercentPhaseFOV": 100,
    "PercentSampling": 100,
    "PhaseEncodingSteps": 282,
    "PhaseOversampling": 0.1,
    "PhaseResolution": 1,
    "PixelBandwidth": 650,
    "ProtocolName": "T1w",
    "PulseSequenceDetails": "%CustomerSeq%\\tfl_wip900D_VE11C",
    "ReceiveCoilActiveElements": "HEA;HEP",
    "ReceiveCoilName": "Head_32",
    "ReconMatrixPE": 256,
    "RefLinesPE": 32,
    "ReferringPhysicianName": "Adolphs",
    "RepetitionTime": 2.55,
    "SAR": 0.0490934,
    "ScanOptions": "IR\\WE",
    "ScanningSequence": "GR\\IR",
    "SequenceName": "tfl3d4_16ns",
    "SequenceVariant": "SK\\SP\\MP\\OSP",
    "SeriesDescription": "T1w_combEcho",
    "SeriesInstanceUID": "1.3.12.2.1107.5.2.43.167050.201808281259355495167628.0.0.0",
    "SeriesNumber": 5,
    "ShimSetting": [
      7013,
      -3564,
      7887,
      366,
      65,
      -32,
      19,
      7
    ],
    "SliceThickness": 0.9,
    "SoftwareVersions": "syngo MR E11",
    "StationName": "PRISMA",
    "StudyID": "1",
    "StudyInstanceUID": "1.3.12.2.1107.5.2.43.167050.30000018081720093477500000055",
    "TxRefAmp": 269.189,
    "WipMemBlock": "WIP_Identifier: WIP#900D",
    "acq_id": "combecho",
    "dataset": "unknown",
    "modality": "T1w",
    "run_id": 2,
    "session_id": "core2p2",
    "subject_id": "CC0154"
  },
  "cjv": 0.8620452735619262,
  "cnr": 1.5491132453876753,
  "efc": 0.642172751726724,
  "fber": 851.7280883789062,
  "fwhm_avg": 4.636946048608247,
  "fwhm_x": 4.410533450172569,
  "fwhm_y": 4.754242782608696,
  "fwhm_z": 4.746061913043478,
  "icvs_csf": 0.22286554523443314,
  "icvs_gm": 0.37662235391103976,
  "icvs_wm": 0.4005121008545271,
  "inu_med": 1.6859616041183472,
  "inu_range": 0.7015357971191403,
  "provenance": {
    "md5sum": "aaba9c76c27f5995ffa8c5cda71ef4ad",
    "settings": {
      "testing": false
    },
    "software": "mriqc",
    "version": "0.15.0",
    "warnings": {
      "large_rot_frame": false,
      "small_air_mask": false
    },
    "webapi_port": null,
    "webapi_url": "https://mriqc.nimh.nih.gov/api/v1"
  },
  "qi_1": 0.00014486616594976487,
  "qi_2": 0.003590692187522733,
  "rpve_csf": 20.388396303802356,
  "rpve_gm": 11.581243640582356,
  "rpve_wm": 13.159416534004665,
  "size_x": 208,
  "size_y": 256,
  "size_z": 256,
  "snr_csf": 3.545690350775477,
  "snr_gm": 9.665050144736622,
  "snr_total": 10.235676746175622,
  "snr_wm": 17.49628974301477,
  "snrd_csf": 35.97879422233612,
  "snrd_gm": 72.30552170610864,
  "snrd_total": 64.88559086474069,
  "snrd_wm": 86.37245666577732,
  "spacing_x": 0.8999999761581421,
  "spacing_y": 0.8984375,
  "spacing_z": 0.8984375,
  "summary_bg_k": 21.20051163651586,
  "summary_bg_mad": 7.585417747497559,
  "summary_bg_mean": 21.25307846069336,
  "summary_bg_median": 15.26418399810791,
  "summary_bg_n": 3493013.0,
  "summary_bg_p05": 5.082638549804688,
  "summary_bg_p95": 50.36330032348633,
  "summary_bg_stdv": 16.868385314941406,
  "summary_csf_k": 0.23162043653147713,
  "summary_csf_mad": 115.12911987304688,
  "summary_csf_mean": 427.20294189453125,
  "summary_csf_median": 416.5761413574219,
  "summary_csf_n": 83829.0,
  "summary_csf_p05": 253.20567016601564,
  "summary_csf_p95": 640.5327392578124,
  "summary_csf_stdv": 117.48731994628906,
  "summary_gm_k": -0.25876237357522625,
  "summary_gm_mad": 91.4548568725586,
  "summary_gm_mean": 842.8997192382812,
  "summary_gm_median": 837.1807861328125,
  "summary_gm_n": 27936.0,
  "summary_gm_p05": 711.7132720947266,
  "summary_gm_p95": 993.5095520019531,
  "summary_gm_stdv": 86.61784362792969,
  "summary_wm_k": 2.27213183991538,
  "summary_wm_mad": 48.94845199584961,
  "summary_wm_mean": 1007.0127563476562,
  "summary_wm_median": 1000.0531005859375,
  "summary_wm_n": 368676.0,
  "summary_wm_p05": 927.6044006347656,
  "summary_wm_p95": 1111.3055419921875,
  "summary_wm_stdv": 57.15793228149414,
  "tpm_overlap_csf": 0.22127103805541992,
  "tpm_overlap_gm": 0.47067052125930786,
  "tpm_overlap_wm": 0.5591329336166382,
  "wm2max": 0.6133027208305722
}