{
  "bids_meta": {
    "AccessionNumber": "8557-001",
    "AcquisitionDateTime": "2018-08-28T12:52:26.532500",
    "AcquisitionMatrixPE": 256,
    "AcquisitionNumber": 1,
    "AcquisitionTime": "12:52:26.532500",
    "BaseResolution": 256,
    "BodyPartExamined": "BRAIN",
    "ConsistencyInfo": "N4_VE11C_LATEST_20160120",
    "ConversionSoftware": "dcm2niix",
    "ConversionSoftwareVersion": "v1.0.20210317",
    "DeviceSerialNumber": "167050",
    "DwellTime": 3e-06,
    "EchoNumber": 4,
    "FlipAngle": 8,
    "ImageComments": "Average over all echoes.",
    "ImageOrientationPatientDICOM": [
      0,
      1,
      0,
      0,
      0,
      -1
    ],
    "ImageType": [
      "ORIGINAL",
      "PRIMARY",
      "ECHO",
      "COMBINED",
      "ND",
      "NORM"
    ],
    "ImagingFrequency": 123.25,
    "InPlanePhaseEncodingDirectionDICOM": "ROW",
    "InstitutionAddress": "Michigan Ave 320,Pasadena,California,US,91025",
    "InstitutionName": "Caltech Prisma64",
    "InstitutionalDepartmentName": "Department",
    "InversionTime": 1.15,
    "MRAcquisitionType": "3D",
    "MagneticFieldStrength": 3,
    "Manufacturer": "Siemens",
    "ManufacturersModelName": "Prisma_fit",
    "Modality": "MR",
    "ParallelReductionFactorInPlane": 2,
    "PartialFourier": 1,
    "PatientBirthDate": "1971-07-01",
    "PatientID": "CC0154",
    "PatientName": "CC0154",
    "PatientPosition": "HFS",
    "PatientSex": "M",
    "PatientWeight": 73.482,
    "PercentPhaseFOV": 100,
    "PercentSampling": 100,
    "PhaseEncodingSteps": 282,
    "PhaseOversampling": 0.1,
    "PhaseResolution": 1,
    "PixelBandwidth": 650,
    "ProtocolName": "T1w",
    "PulseSequenceDetails": "%CustomerSeq%\\tfl_wip900D_VE11C",
    "ReceiveCoilActiveElements": "HEA;HEP",
    "ReceiveCoilName": "Head_32",
    "ReconMatrixPE": 256,
    "RefLinesPE": 32,
    "ReferringPhysicianName": "Adolphs",
    "RepetitionTime": 2.55,
    "SAR": 0.0490934,
    "ScanOptions": "IR\\WE",
    "ScanningSequence": "GR\\IR",
    "SequenceName": "tfl3d4_16ns",
    "SequenceVariant": "SK\\SP\\MP\\OSP",
    "SeriesDescription": "T1w_combEcho",
    "SeriesInstanceUID": "1.3.12.2.1107.5.2.43.167050.201808281259355495167628.0.0.0",
    "SeriesNumber": 5,
    "ShimSetting": [
      7013,
      -3564,
      7887,
      366,
      65,
      -32,
      19,
      7
    ],
    "SliceThickness": 0.9,
    "SoftwareVersions": "syngo MR E11",
    "StationName": "PRISMA",
    "StudyID": "1",
    "StudyInstanceUID": "1.3.12.2.1107.5.2.43.167050.30000018081720093477500000055",
    "TxRefAmp": 269.189,
    "WipMemBlock": "WIP_Identifier: WIP#900D",
    "dataset": "unknown",
    "modality": "T1w",
    "run_id": 2,
    "session_id": "core2p2",
    "subject_id": "CC0154"
  },
  "cjv": 0.8215409814217337,
  "cnr": 1.6295507630797579,
  "efc": 0.6224603903563415,
  "fber": 1662.390625,
  "fwhm_avg": 3.9434840340117354,
  "fwhm_x": 3.8517001020352075,
  "fwhm_y": 3.9760918260869564,
  "fwhm_z": 4.002660173913044,
  "icvs_csf": 0.20955692085506605,
  "icvs_gm": 0.3822536493083322,
  "icvs_wm": 0.4081894298366017,
  "inu_med": 1.6769130229949951,
  "inu_range": 0.6855749964714053,
  "provenance": {
    "md5sum": "c080171f51acfccd4ecf868492d93b62",
    "settings": {
      "testing": false
    },
    "software": "mriqc",
    "version": "0.15.0",
    "warnings": {
      "large_rot_frame": false,
      "small_air_mask": false
    },
    "webapi_port": null,
    "webapi_url": "https://mriqc.nimh.nih.gov/api/v1"
  },
  "qi_1": 0.0,
  "qi_2": 0.009227284588181795,
  "rpve_csf": 21.726779942034202,
  "rpve_gm": 11.688033334583322,
  "rpve_wm": 13.11330639329288,
  "size_x": 208,
  "size_y": 256,
  "size_z": 256,
  "snr_csf": 3.0785454565512467,
  "snr_gm": 9.018881582059098,
  "snr_total": 8.907290201924154,
  "snr_wm": 14.624443567162118,
  "snrd_csf": 19.05299855208985,
  "snrd_gm": 39.718960526616996,
  "snrd_total": 35.86776821135876,
  "snrd_wm": 48.83134555536943,
  "spacing_x": 0.8999999761581421,
  "spacing_y": 0.8984375,
  "spacing_z": 0.8984375,
  "summary_bg_k": 14.276563490172741,
  "summary_bg_mad": 13.41717529296875,
  "summary_bg_mean": 17.891691207885742,
  "summary_bg_median": 13.623294830322266,
  "summary_bg_n": 3485796.0,
  "summary_bg_p05": 0.0,
  "summary_bg_p95": 49.9111852645874,
  "summary_bg_stdv": 17.459896087646484,
  "summary_csf_k": 0.316329351082695,
  "summary_csf_mad": 124.53205108642578,
  "summary_csf_mean": 401.1938781738281,
  "summary_csf_median": 390.20489501953125,
  "summary_csf_n": 59578.0,
  "summary_csf_p05": 213.79618148803712,
  "summary_csf_p95": 626.1127716064453,
  "summary_csf_stdv": 126.74869537353516,
  "summary_gm_k": 0.0046459253973898385,
  "summary_gm_mad": 90.76138305664062,
  "summary_gm_mean": 818.6619262695312,
  "summary_gm_median": 813.4432373046875,
  "summary_gm_n": 22810.0,
  "summary_gm_p05": 680.8976318359375,
  "summary_gm_p95": 977.199545288086,
  "summary_gm_stdv": 90.1913833618164,
  "summary_wm_k": 1.2684708097127508,
  "summary_wm_mad": 62.55574417114258,
  "summary_wm_mean": 1005.9755859375,
  "summary_wm_median": 1000.0646362304688,
  "summary_wm_n": 363384.0,
  "summary_wm_p05": 905.289663696289,
  "summary_wm_p95": 1126.9858459472653,
  "summary_wm_stdv": 68.38299560546875,
  "tpm_overlap_csf": 0.23437169194221497,
  "tpm_overlap_gm": 0.4760521352291107,
  "tpm_overlap_wm": 0.5661362409591675,
  "wm2max": 0.5580948687355843
}