{
  "bids_meta": {
    "AccessionNumber": "8542-001",
    "AcquisitionDateTime": "2018-08-15T11:41:6.347500",
    "AcquisitionMatrixPE": 256,
    "AcquisitionNumber": 1,
    "AcquisitionTime": "11:41:6.347500",
    "BaseResolution": 256,
    "BodyPartExamined": "BRAIN",
    "ConsistencyInfo": "N4_VE11C_LATEST_20160120",
    "ConversionSoftware": "dcm2niix",
    "ConversionSoftwareVersion": "v1.0.20210317",
    "DeviceSerialNumber": "167050",
    "DwellTime": 3e-06,
    "EchoNumber": 4,
    "FlipAngle": 8,
    "ImageComments": "Average over all echoes.",
    "ImageOrientationPatientDICOM": [
      0,
      1,
      0,
      0,
      0,
      -1
    ],
    "ImageType": [
      "ORIGINAL",
      "PRIMARY",
      "ECHO",
      "COMBINED",
      "ND",
      "NORM"
    ],
    "ImagingFrequency": 123.25,
    "InPlanePhaseEncodingDirectionDICOM": "ROW",
    "InstitutionAddress": "Michigan Ave 320,Pasadena,California,US,91025",
    "InstitutionName": "Caltech Prisma64",
    "InstitutionalDepartmentName": "Department",
    "InversionTime": 1.15,
    "MRAcquisitionType": "3D",
    "MagneticFieldStrength": 3,
    "Manufacturer": "Siemens",
    "ManufacturersModelName": "Prisma_fit",
    "Modality": "MR",
    "ParallelReductionFactorInPlane": 2,
    "PartialFourier": 1,
    "PatientBirthDate": "1994-02-01",
    "PatientID": "CC0150",
    "PatientName": "CC0150",
    "PatientPosition": "HFS",
    "PatientSex": "M",
    "PatientWeight": 62.5958,
    "PercentPhaseFOV": 100,
    "PercentSampling": 100,
    "PhaseEncodingSteps": 282,
    "PhaseOversampling": 0.1,
    "PhaseResolution": 1,
    "PixelBandwidth": 650,
    "ProcedureStepDescription": "Conte Core",
    "ProtocolName": "T1w",
    "PulseSequenceDetails": "%CustomerSeq%\\tfl_wip900D_VE11C",
    "ReceiveCoilActiveElements": "HEA;HEP",
    "ReceiveCoilName": "Head_32",
    "ReconMatrixPE": 256,
    "RefLinesPE": 32,
    "ReferringPhysicianName": "Adolphs",
    "RepetitionTime": 2.55,
    "SAR": 0.043151,
    "ScanOptions": "IR\\WE",
    "ScanningSequence": "GR\\IR",
    "SequenceName": "tfl3d4_16ns",
    "SequenceVariant": "SK\\SP\\MP\\OSP",
    "SeriesDescription": "T1w_combEcho",
    "SeriesInstanceUID": "1.3.12.2.1107.5.2.43.167050.2018081511481567731710217.0.0.0",
    "SeriesNumber": 4,
    "ShimSetting": [
      6992,
      -3657,
      7909,
      479,
      -13,
      -118,
      -4,
      -14
    ],
    "SliceThickness": 0.9,
    "SoftwareVersions": "syngo MR E11",
    "StationName": "PRISMA",
    "StudyID": "1",
    "StudyInstanceUID": "1.3.12.2.1107.5.2.43.167050.30000018071021413043300000091",
    "TxRefAmp": 247.432,
    "WipMemBlock": "WIP_Identifier: WIP#900D",
    "acq_id": "combecho",
    "dataset": "unknown",
    "modality": "T1w",
    "run_id": 1,
    "session_id": "core2p2",
    "subject_id": "CC0150"
  },
  "cjv": 0.6367445805746345,
  "cnr": 2.0178185177829886,
  "efc": 0.6309045338384485,
  "fber": 1439.8370361328125,
  "fwhm_avg": 4.362861817078286,
  "fwhm_x": 4.4506334512348555,
  "fwhm_y": 4.230255304347826,
  "fwhm_z": 4.407696695652174,
  "icvs_csf": 0.18533795802151867,
  "icvs_gm": 0.4217692484599639,
  "icvs_wm": 0.3928927935185174,
  "inu_med": 1.4626314640045166,
  "inu_range": 0.618274450302124,
  "provenance": {
    "md5sum": "676d762b33d65f8ecf0acfc899d1a509",
    "settings": {
      "testing": false
    },
    "software": "mriqc",
    "version": "0.15.0",
    "warnings": {
      "large_rot_frame": false,
      "small_air_mask": false
    },
    "webapi_port": null,
    "webapi_url": "https://mriqc.nimh.nih.gov/api/v1"
  },
  "qi_1": 0.0,
  "qi_2": 0.018126954703511902,
  "rpve_csf": 22.221481639764622,
  "rpve_gm": 10.52301636109874,
  "rpve_wm": 13.214231218418597,
  "size_x": 208,
  "size_y": 256,
  "size_z": 256,
  "snr_csf": 3.555790965041105,
  "snr_gm": 10.914729904376964,
  "snr_total": 12.251164329703386,
  "snr_wm": 22.282972119692086,
  "snrd_csf": 47.09830940507394,
  "snrd_gm": 91.90744650410973,
  "snrd_total": 83.58449866265819,
  "snrd_wm": 111.74774007879094,
  "spacing_x": 0.8999999761581421,
  "spacing_y": 0.8984375,
  "spacing_z": 0.8984375,
  "summary_bg_k": 1.8888645499418102,
  "summary_bg_mad": 5.862791061401367,
  "summary_bg_mean": 13.775901794433594,
  "summary_bg_median": 11.863527297973633,
  "summary_bg_n": 2957337.0,
  "summary_bg_p05": 3.95535945892334,
  "summary_bg_p95": 27.492869567871093,
  "summary_bg_stdv": 7.084272861480713,
  "summary_csf_k": 7.3969881919230005,
  "summary_csf_mad": 112.59942626953125,
  "summary_csf_mean": 442.8918151855469,
  "summary_csf_median": 421.48101806640625,
  "summary_csf_n": 43014.0,
  "summary_csf_p05": 284.7112579345703,
  "summary_csf_p95": 658.7263549804686,
  "summary_csf_stdv": 118.53231048583984,
  "summary_gm_k": 0.22807975097432465,
  "summary_gm_mad": 73.11589050292969,
  "summary_gm_mean": 826.1647338867188,
  "summary_gm_median": 822.476318359375,
  "summary_gm_n": 35102.0,
  "summary_gm_p05": 712.3535614013672,
  "summary_gm_p95": 962.8113037109373,
  "summary_gm_stdv": 75.3536376953125,
  "summary_wm_k": 1.0095464526456128,
  "summary_wm_mad": 39.938140869140625,
  "summary_wm_mean": 1000.0208740234375,
  "summary_wm_median": 1000.0263671875,
  "summary_wm_n": 355679.0,
  "summary_wm_p05": 924.2524841308594,
  "summary_wm_p95": 1072.3640258789062,
  "summary_wm_stdv": 44.87843704223633,
  "tpm_overlap_csf": 0.19417834281921387,
  "tpm_overlap_gm": 0.48007136583328247,
  "tpm_overlap_wm": 0.5166466236114502,
  "wm2max": 0.6374836674285821
}