{
  "aor": 0.0005247117794486216,
  "aqi": 0.004194822005012531,
  "bids_meta": {
    "AccessionNumber": "7179-001",
    "AcquisitionDateTime": "2013-08-30T13:56:3.932500",
    "AcquisitionMatrixPE": 80,
    "AcquisitionNumber": 1,
    "AcquisitionTime": "13:56:3.932500",
    "BandwidthPerPixelPhaseEncode": 23.148,
    "BaseResolution": 80,
    "CoilString": "C:HEA;HEP",
    "ConversionSoftware": "dcm2niix",
    "ConversionSoftwareVersion": "v1.0.20210317",
    "DerivedVendorReportedEchoSpacing": 0.000540003,
    "DeviceSerialNumber": "35077",
    "DwellTime": 2.6e-06,
    "EchoTime": 0.03,
    "EffectiveEchoSpacing": 0.000540003,
    "FlipAngle": 60,
    "ImageComments": "Unaliased MB4/PE3",
    "ImageOrientationPatientDICOM": [
      1,
      -1e-16,
      0,
      1e-16,
      0.939693,
      -0.34202
    ],
    "ImageType": [
      "ORIGINAL",
      "PRIMARY",
      "M",
      "ND",
      "MOSAIC"
    ],
    "ImagingFrequency": 123.229,
    "InPlanePhaseEncodingDirectionDICOM": "COL",
    "InstitutionAddress": "Wilson Avenue 340 ,Pasadena,California,US,91025",
    "InstitutionName": "Caltech Tim32",
    "InstitutionalDepartmentName": "Department",
    "MRAcquisitionType": "2D",
    "MagneticFieldStrength": 3,
    "Manufacturer": "Siemens",
    "ManufacturersModelName": "TrioTim",
    "Modality": "MR",
    "MultibandAccelerationFactor": 4,
    "PartialFourier": 1,
    "PatientBirthDate": "1990-01-01",
    "PatientID": "adolphs",
    "PatientName": "CC0070",
    "PatientPosition": "HFS",
    "PatientSex": "F",
    "PatientWeight": 52.1631,
    "PercentPhaseFOV": 100,
    "PercentSampling": 100,
    "PhaseEncodingDirection": "j-",
    "PhaseEncodingSteps": 80,
    "PhaseResolution": 1,
    "PixelBandwidth": 2404,
    "ProcedureStepDescription": "Conte^Core",
    "ProtocolName": "rsBOLD_MB_2",
    "PulseSequenceDetails": "%CustomerSeq%\\cmrr_mbep2d_bold",
    "ReceiveCoilName": "32Ch_Head",
    "ReconMatrixPE": 80,
    "RepetitionTime": 1,
    "SAR": 0.112657,
    "ScanOptions": "FS",
    "ScanningSequence": "EP",
    "SequenceName": "epfid2d1_80",
    "SequenceVariant": "SK",
    "SeriesDescription": "rsBOLD_MB_2",
    "SeriesInstanceUID": "1.3.12.2.1107.5.2.32.35077.201308301356051017007309.0.0.0",
    "SeriesNumber": 5,
    "ShimSetting": [
      9525,
      -10464,
      15751,
      891,
      -85,
      642,
      -27,
      -22
    ],
    "SliceThickness": 2.5,
    "SliceTiming": [
      0,
      0.215,
      0.43,
      0.645,
      0.86,
      0.0725,
      0.2875,
      0.5025,
      0.7175,
      0.9325,
      0.1425,
      0.36,
      0.575,
      0.79,
      0,
      0.215,
      0.43,
      0.645,
      0.86,
      0.0725,
      0.2875,
      0.5025,
      0.7175,
      0.9325,
      0.1425,
      0.36,
      0.575,
      0.79,
      0,
      0.215,
      0.43,
      0.645,
      0.86,
      0.0725,
      0.2875,
      0.5025,
      0.7175,
      0.9325,
      0.1425,
      0.36,
      0.575,
      0.79,
      0,
      0.215,
      0.43,
      0.645,
      0.86,
      0.0725,
      0.2875,
      0.5025,
      0.7175,
      0.9325,
      0.1425,
      0.36,
      0.575,
      0.79
    ],
    "SoftwareVersions": "syngo MR B17",
    "SpacingBetweenSlices": 2.5,
    "StationName": "MEDPC",
    "StudyID": "1",
    "StudyInstanceUID": "1.3.12.2.1107.5.2.32.35077.30000013082617200264000000046",
    "TaskName": "rest",
    "TotalReadoutTime": 0.0426603,
    "TxRefAmp": 303.737,
    "dataset": "unknown",
    "modality": "bold",
    "run_id": 2,
    "session_id": "core1p2",
    "subject_id": "CC0070",
    "task_id": "rest"
  },
  "dummy_trs": 1,
  "dvars_nstd": 26.85815229379397,
  "dvars_std": 1.0538970277889446,
  "dvars_vstd": 1.0024612742713566,
  "efc": 0.5549274029791407,
  "fber": 803.6531372070312,
  "fd_mean": 0.10574264114745377,
  "fd_num": 14,
  "fd_perc": 3.508771929824561,
  "fwhm_avg": 2.5429373333333336,
  "fwhm_x": 2.41658,
  "fwhm_y": 2.556508,
  "fwhm_z": 2.655724,
  "gcor": 0.0194016,
  "gsr_x": 0.00037166179390624166,
  "gsr_y": 0.04728180542588234,
  "provenance": {
    "md5sum": "639354e85275c6d559158ea08157f3f1",
    "settings": {
      "fd_thres": 0.2,
      "hmc_fsl": false
    },
    "software": "mriqc",
    "version": "0.15.0",
    "webapi_port": null,
    "webapi_url": "https://mriqc.nimh.nih.gov/api/v1"
  },
  "size_t": 399,
  "size_x": 80,
  "size_y": 80,
  "size_z": 56,
  "snr": 2.9615201904219615,
  "spacing_tr": 1.0,
  "spacing_x": 2.5,
  "spacing_y": 2.5,
  "spacing_z": 2.5,
  "summary_bg_k": 71.40928936490835,
  "summary_bg_mad": 8.605779647827148,
  "summary_bg_mean": 38.12933349609375,
  "summary_bg_median": 19.238094329833984,
  "summary_bg_n": 204082.0,
  "summary_bg_p05": 12.571428298950195,
  "summary_bg_p95": 113.66140098571769,
  "summary_bg_stdv": 63.578250885009766,
  "summary_fg_k": 1.0913198945920772,
  "summary_fg_mad": 176.54486083984375,
  "summary_fg_mean": 620.9078979492188,
  "summary_fg_median": 587.416015625,
  "summary_fg_n": 92727.0,
  "summary_fg_p05": 358.4200500488281,
  "summary_fg_p95": 989.9165466308593,
  "summary_fg_stdv": 198.34841918945312,
  "tsnr": 48.92157745361328
}