{
  "bids_meta": {
    "AccessionNumber": "7185-001",
    "AcquisitionDateTime": "2013-09-05T11:05:44.657500",
    "AcquisitionMatrixPE": 256,
    "AcquisitionNumber": 1,
    "AcquisitionTime": "11:05:44.657500",
    "BaseResolution": 256,
    "CoilString": "C:HEA;HEP",
    "ConversionSoftware": "dcm2niix",
    "ConversionSoftwareVersion": "v1.0.20210317",
    "DeviceSerialNumber": "35077",
    "DwellTime": 1.09e-05,
    "EchoTime": 0.00291,
    "FlipAngle": 10,
    "ImageOrientationPatientDICOM": [
      0,
      1,
      0,
      0,
      0,
      -1
    ],
    "ImageType": [
      "ORIGINAL",
      "PRIMARY",
      "M",
      "ND",
      "NORM"
    ],
    "ImagingFrequency": 123.229,
    "InPlanePhaseEncodingDirectionDICOM": "ROW",
    "InstitutionAddress": "Wilson Avenue 340 ,Pasadena,California,US,91025",
    "InstitutionName": "Caltech Tim32",
    "InstitutionalDepartmentName": "Department",
    "InversionTime": 0.8,
    "MRAcquisitionType": "3D",
    "MagneticFieldStrength": 3,
    "Manufacturer": "Siemens",
    "ManufacturersModelName": "TrioTim",
    "Modality": "MR",
    "PartialFourier": 1,
    "PatientBirthDate": "1984-01-01",
    "PatientID": "adolphs",
    "PatientName": "CC0069",
    "PatientPosition": "HFS",
    "PatientSex": "F",
    "PatientWeight": 50.8024,
    "PercentPhaseFOV": 100,
    "PercentSampling": 100,
    "PhaseEncodingSteps": 256,
    "PhaseResolution": 1,
    "PixelBandwidth": 179,
    "ProcedureStepDescription": "Conte^Core",
    "ProtocolName": "T1_1",
    "PulseSequenceDetails": "%SiemensSeq%\\tfl",
    "ReceiveCoilName": "32Ch_Head",
    "ReconMatrixPE": 256,
    "RepetitionTime": 1.5,
    "SAR": 0.115497,
    "ScanOptions": "IR",
    "ScanningSequence": "GR\\IR",
    "SequenceName": "*tfl3d1",
    "SequenceVariant": "SP\\MP",
    "SeriesDescription": "T1_1",
    "SeriesInstanceUID": "1.3.12.2.1107.5.2.32.35077.201309051104467579301046.0.0.0",
    "SeriesNumber": 10,
    "ShimSetting": [
      9529,
      -10449,
      15723,
      664,
      -56,
      226,
      262,
      118
    ],
    "SliceThickness": 1,
    "SoftwareVersions": "syngo MR B17",
    "StationName": "MEDPC",
    "StudyID": "1",
    "StudyInstanceUID": "1.3.12.2.1107.5.2.32.35077.30000013090317184432800000022",
    "TxRefAmp": 322.359,
    "dataset": "unknown",
    "modality": "T1w",
    "run_id": 1,
    "session_id": "core1p2",
    "subject_id": "CC0069"
  },
  "cjv": 0.324215936961293,
  "cnr": 3.425102313464913,
  "efc": 0.5028953536201352,
  "fber": 5304.1396484375,
  "fwhm_avg": 4.3880566666666665,
  "fwhm_x": 4.37138,
  "fwhm_y": 4.37714,
  "fwhm_z": 4.41565,
  "icvs_csf": 0.19802010382476176,
  "icvs_gm": 0.4224821066029675,
  "icvs_wm": 0.3794977895722708,
  "inu_med": 1.5290319919586182,
  "inu_range": 0.3638663649559022,
  "provenance": {
    "md5sum": "41095a518d1275489cf16df081eae8b2",
    "settings": {
      "testing": false
    },
    "software": "mriqc",
    "version": "0.15.0",
    "warnings": {
      "large_rot_frame": false,
      "small_air_mask": false
    },
    "webapi_port": null,
    "webapi_url": "https://mriqc.nimh.nih.gov/api/v1"
  },
  "qi_1": 6.836342517688222e-05,
  "qi_2": 0.015274508247191452,
  "rpve_csf": 26.69706497241638,
  "rpve_gm": 13.052182460620857,
  "rpve_wm": 16.970453312141007,
  "size_x": 176,
  "size_y": 256,
  "size_z": 256,
  "snr_csf": 3.97498624420304,
  "snr_gm": 12.23194915156497,
  "snr_total": 14.114009249038943,
  "snr_wm": 26.135092351348817,
  "snrd_csf": 70.2087985930516,
  "snrd_gm": 143.60131547404345,
  "snrd_total": 134.97257280847717,
  "snrd_wm": 191.10760435833652,
  "spacing_x": 1.0,
  "spacing_y": 1.0,
  "spacing_z": 1.0,
  "summary_bg_k": 13.67348531406223,
  "summary_bg_mad": 3.428128242492676,
  "summary_bg_mean": 6.499811172485352,
  "summary_bg_median": 4.592079162597656,
  "summary_bg_n": 2849239.0,
  "summary_bg_p05": 0.0,
  "summary_bg_p95": 16.021672248840332,
  "summary_bg_stdv": 5.46127986907959,
  "summary_csf_k": 0.243215919162457,
  "summary_csf_mad": 74.66371154785156,
  "summary_csf_mean": 392.7555847167969,
  "summary_csf_median": 367.38116455078125,
  "summary_csf_n": 27940.0,
  "summary_csf_p05": 279.3239349365235,
  "summary_csf_p95": 576.4881256103516,
  "summary_csf_stdv": 92.42160034179688,
  "summary_gm_k": 1.5016786142349874,
  "summary_gm_mad": 49.38004684448242,
  "summary_gm_mean": 760.1923828125,
  "summary_gm_median": 751.4217529296875,
  "summary_gm_n": 27109.0,
  "summary_gm_p05": 677.8820922851562,
  "summary_gm_p95": 881.8286865234375,
  "summary_gm_stdv": 61.42993927001953,
  "summary_wm_k": 1.5711107325301708,
  "summary_wm_mad": 31.215456008911133,
  "summary_wm_mean": 997.80615234375,
  "summary_wm_median": 1000.0076293945312,
  "summary_wm_n": 219990.0,
  "summary_wm_p05": 928.5330505371094,
  "summary_wm_p95": 1055.4484130859373,
  "summary_wm_stdv": 38.262935638427734,
  "tpm_overlap_csf": 0.2311844527721405,
  "tpm_overlap_gm": 0.5118929743766785,
  "tpm_overlap_wm": 0.5691836476325989,
  "wm2max": 0.5098594553057272
}