{
  "bids_meta": {
    "AccessionNumber": "8695-008",
    "AcquisitionDateTime": "2019-01-30T10:14:24.105000",
    "AcquisitionMatrixPE": 256,
    "AcquisitionNumber": 1,
    "AcquisitionTime": "10:14:24.105000",
    "BaseResolution": 256,
    "BodyPartExamined": "BRAIN",
    "ConsistencyInfo": "N4_VE11C_LATEST_20160120",
    "ConversionSoftware": "dcm2niix",
    "ConversionSoftwareVersion": "v1.0.20210317",
    "DeviceSerialNumber": "167050",
    "DwellTime": 3e-06,
    "EchoNumber": 4,
    "FlipAngle": 8,
    "ImageComments": "Average over all echoes.",
    "ImageOrientationPatientDICOM": [
      0,
      1,
      0,
      0,
      0,
      -1
    ],
    "ImageType": [
      "ORIGINAL",
      "PRIMARY",
      "ECHO",
      "COMBINED",
      "ND"
    ],
    "ImagingFrequency": 123.25,
    "InPlanePhaseEncodingDirectionDICOM": "ROW",
    "InstitutionAddress": "Michigan Ave 320,Pasadena,California,US,91025",
    "InstitutionName": "Caltech Prisma64",
    "InstitutionalDepartmentName": "Department",
    "InversionTime": 1.15,
    "MRAcquisitionType": "3D",
    "MagneticFieldStrength": 3,
    "Manufacturer": "Siemens",
    "ManufacturersModelName": "Prisma_fit",
    "Modality": "MR",
    "ParallelReductionFactorInPlane": 2,
    "PartialFourier": 1,
    "PatientBirthDate": "1978-03-01",
    "PatientID": "CC0117",
    "PatientName": "CC0117",
    "PatientPosition": "HFS",
    "PatientSex": "M",
    "PatientWeight": 81.6466,
    "PercentPhaseFOV": 100,
    "PercentSampling": 100,
    "PhaseEncodingSteps": 282,
    "PhaseOversampling": 0.1,
    "PhaseResolution": 1,
    "PixelBandwidth": 650,
    "ProtocolName": "T1w",
    "PulseSequenceDetails": "%CustomerSeq%\\tfl_wip900D_VE11C",
    "ReceiveCoilActiveElements": "HEA;HEP",
    "ReceiveCoilName": "Head_32",
    "ReconMatrixPE": 256,
    "RefLinesPE": 32,
    "ReferringPhysicianName": "Adolphs",
    "RepetitionTime": 2.55,
    "SAR": 0.0414999,
    "ScanOptions": "IR\\WE",
    "ScanningSequence": "GR\\IR",
    "SequenceName": "tfl3d4_16ns",
    "SequenceVariant": "SK\\SP\\MP\\OSP",
    "SeriesDescription": "T1w_combEcho",
    "SeriesInstanceUID": "1.3.12.2.1107.5.2.43.167050.201901301021335347710401.0.0.0",
    "SeriesNumber": 4,
    "ShimSetting": [
      6972,
      -3584,
      7900,
      397,
      -77,
      61,
      -24,
      -59
    ],
    "SliceThickness": 0.9,
    "SoftwareVersions": "syngo MR E11",
    "StationName": "PRISMA",
    "StudyID": "1",
    "StudyInstanceUID": "1.3.12.2.1107.5.2.43.167050.30000019012122271046500000067",
    "TxRefAmp": 263.342,
    "WipMemBlock": "WIP_Identifier: WIP#900D",
    "acq_id": "combecho",
    "dataset": "unknown",
    "modality": "T1w",
    "run_id": 1,
    "session_id": "core2p2",
    "subject_id": "CC0117"
  },
  "cjv": 0.7411537382974352,
  "cnr": 1.9255960963905512,
  "efc": 0.598789108169047,
  "fber": 285.56268310546875,
  "fwhm_avg": 6.326627617333341,
  "fwhm_x": 6.26665572156524,
  "fwhm_y": 6.256328347826087,
  "fwhm_z": 6.456898782608696,
  "icvs_csf": 0.17391847228118823,
  "icvs_gm": 0.43261060267730456,
  "icvs_wm": 0.3934709250415072,
  "inu_med": 1.6131212711334229,
  "inu_range": 1.4862894713878627,
  "provenance": {
    "md5sum": "eeeeccc6a453d0e5a31192b11ac44a0d",
    "settings": {
      "testing": false
    },
    "software": "mriqc",
    "version": "0.15.0",
    "warnings": {
      "large_rot_frame": false,
      "small_air_mask": false
    },
    "webapi_port": null,
    "webapi_url": "https://mriqc.nimh.nih.gov/api/v1"
  },
  "qi_1": 0.0,
  "qi_2": 0.006428988115754482,
  "rpve_csf": 23.745754736030708,
  "rpve_gm": 9.310384876068799,
  "rpve_wm": 11.099795276857163,
  "size_x": 208,
  "size_y": 256,
  "size_z": 256,
  "snr_csf": 3.647555207402028,
  "snr_gm": 10.702192728364606,
  "snr_total": 9.281958779556016,
  "snr_wm": 13.496128402901412,
  "snrd_csf": 23.76879495659214,
  "snrd_gm": 46.98249872735672,
  "snrd_total": 43.246188360295925,
  "snrd_wm": 58.987271396938915,
  "spacing_x": 0.8999999761581421,
  "spacing_y": 0.8984375,
  "spacing_z": 0.8984375,
  "summary_bg_k": 7.227317096226438,
  "summary_bg_mad": 11.105807304382324,
  "summary_bg_mean": 40.33576202392578,
  "summary_bg_median": 39.23847198486328,
  "summary_bg_n": 3913574.0,
  "summary_bg_p05": 23.20279808044434,
  "summary_bg_p95": 60.682493019103994,
  "summary_bg_stdv": 11.894198417663574,
  "summary_csf_k": 2.492497740416299,
  "summary_csf_mad": 118.80239868164062,
  "summary_csf_mean": 415.9219665527344,
  "summary_csf_median": 402.92626953125,
  "summary_csf_n": 35742.0,
  "summary_csf_p05": 267.6781723022461,
  "summary_csf_p95": 602.8430664062498,
  "summary_csf_stdv": 110.46320343017578,
  "summary_gm_k": -0.1067554407494895,
  "summary_gm_mad": 75.76600646972656,
  "summary_gm_mean": 790.9328002929688,
  "summary_gm_median": 796.4426879882812,
  "summary_gm_n": 50426.0,
  "summary_gm_p05": 653.7005920410156,
  "summary_gm_p95": 901.1128997802734,
  "summary_gm_stdv": 74.41790771484375,
  "summary_wm_k": -0.1356383545233224,
  "summary_wm_mad": 75.06153869628906,
  "summary_wm_mean": 1011.5523681640625,
  "summary_wm_median": 999.9464111328125,
  "summary_wm_n": 222776.0,
  "summary_wm_p05": 910.2873382568359,
  "summary_wm_p95": 1148.2060852050781,
  "summary_wm_stdv": 74.0911865234375,
  "tpm_overlap_csf": 0.21645449101924896,
  "tpm_overlap_gm": 0.41597598791122437,
  "tpm_overlap_wm": 0.41796186566352844,
  "wm2max": 0.5811568025542436
}