{
  "bids_meta": {
    "AccessionNumber": "8695-008",
    "AcquisitionDateTime": "2019-01-30T10:33:35.775000",
    "AcquisitionMatrixPE": 256,
    "AcquisitionNumber": 1,
    "AcquisitionTime": "10:33:35.775000",
    "BaseResolution": 256,
    "BodyPartExamined": "BRAIN",
    "ConsistencyInfo": "N4_VE11C_LATEST_20160120",
    "ConversionSoftware": "dcm2niix",
    "ConversionSoftwareVersion": "v1.0.20210317",
    "DeviceSerialNumber": "167050",
    "DwellTime": 2.6e-06,
    "EchoTime": 0.564,
    "EchoTrainLength": 314,
    "FlipAngle": 120,
    "ImageOrientationPatientDICOM": [
      0,
      1,
      0,
      0,
      0,
      -1
    ],
    "ImageType": [
      "ORIGINAL",
      "PRIMARY",
      "M",
      "ND"
    ],
    "ImagingFrequency": 123.25,
    "InPlanePhaseEncodingDirectionDICOM": "ROW",
    "InstitutionAddress": "Michigan Ave 320,Pasadena,California,US,91025",
    "InstitutionName": "Caltech Prisma64",
    "InstitutionalDepartmentName": "Department",
    "MRAcquisitionType": "3D",
    "MagneticFieldStrength": 3,
    "Manufacturer": "Siemens",
    "ManufacturersModelName": "Prisma_fit",
    "Modality": "MR",
    "ParallelReductionFactorInPlane": 2,
    "PartialFourier": 1,
    "PatientBirthDate": "1978-03-01",
    "PatientID": "CC0117",
    "PatientName": "CC0117",
    "PatientPosition": "HFS",
    "PatientSex": "M",
    "PatientWeight": 81.6466,
    "PercentPhaseFOV": 100,
    "PercentSampling": 100,
    "PhaseEncodingDirection": "i",
    "PhaseEncodingSteps": 274,
    "PhaseOversampling": 0.1,
    "PhaseResolution": 1,
    "PixelBandwidth": 750,
    "ProtocolName": "T2w",
    "PulseSequenceDetails": "%SiemensSeq%\\tse_vfl",
    "ReceiveCoilActiveElements": "HEA;HEP",
    "ReceiveCoilName": "Head_32",
    "ReconMatrixPE": 256,
    "RefLinesPE": 32,
    "ReferringPhysicianName": "Adolphs",
    "RepetitionTime": 3.2,
    "SAR": 0.163328,
    "ScanOptions": "PFP",
    "ScanningSequence": "SE",
    "SequenceName": "*spc_314ns",
    "SequenceVariant": "SK\\SP\\OSP",
    "SeriesDescription": "T2w",
    "SeriesInstanceUID": "1.3.12.2.1107.5.2.43.167050.2019013010391296782421982.0.0.0",
    "SeriesNumber": 11,
    "ShimSetting": [
      6972,
      -3584,
      7900,
      397,
      -77,
      61,
      -24,
      -59
    ],
    "SliceThickness": 0.9,
    "SoftwareVersions": "syngo MR E11",
    "StationName": "PRISMA",
    "StudyID": "1",
    "StudyInstanceUID": "1.3.12.2.1107.5.2.43.167050.30000019012122271046500000067",
    "TxRefAmp": 263.342,
    "dataset": "unknown",
    "modality": "T2w",
    "run_id": 1,
    "session_id": "core2p2",
    "subject_id": "CC0117"
  },
  "cjv": 0.6835625727567664,
  "cnr": 1.7402682361799646,
  "efc": 0.5402757033406665,
  "fber": 642.9994506835938,
  "fwhm_avg": 3.4239164159475592,
  "fwhm_x": 3.337833421755722,
  "fwhm_y": 3.7470831304347825,
  "fwhm_z": 3.186832695652174,
  "icvs_csf": 0.3152521809153749,
  "icvs_gm": 0.6157818167503045,
  "icvs_wm": 0.06896600233432058,
  "inu_med": 1.357415795326233,
  "inu_range": 0.670924401283264,
  "provenance": {
    "md5sum": "f8f8254d3032c42df8361ce13bb9cb07",
    "settings": {
      "testing": false
    },
    "software": "mriqc",
    "version": "0.15.0",
    "warnings": {
      "large_rot_frame": false,
      "small_air_mask": false
    },
    "webapi_port": null,
    "webapi_url": "https://mriqc.nimh.nih.gov/api/v1"
  },
  "qi_1": 0.0,
  "qi_2": 0.0013146850857390252,
  "rpve_csf": 13.56268611565879,
  "rpve_gm": 8.64201008328273,
  "rpve_wm": 61.14711310783193,
  "size_x": 208,
  "size_y": 256,
  "size_z": 256,
  "snr_csf": 2.7350504421670263,
  "snr_gm": 6.189407131244909,
  "snr_total": 4.1276530681078585,
  "snr_wm": 3.458501630911639,
  "snrd_csf": 68.17205082448555,
  "snrd_gm": 28.35833899141592,
  "snrd_total": 37.73706900507089,
  "snrd_wm": 16.68081719931121,
  "spacing_x": 0.8999999761581421,
  "spacing_y": 0.8984375,
  "spacing_z": 0.8984375,
  "summary_bg_k": 26.647743258010305,
  "summary_bg_mad": 39.31892776489258,
  "summary_bg_mean": 72.83848571777344,
  "summary_bg_median": 61.916847229003906,
  "summary_bg_n": 4022171.0,
  "summary_bg_p05": 11.902104377746582,
  "summary_bg_p95": 168.1992416381836,
  "summary_bg_stdv": 52.83755111694336,
  "summary_csf_k": 1.9179349522017315,
  "summary_csf_mad": 1078.59521484375,
  "summary_csf_mean": 4509.365234375,
  "summary_csf_median": 4091.441162109375,
  "summary_csf_n": 174886.0,
  "summary_csf_p05": 2832.2733764648438,
  "summary_csf_p95": 7619.4447021484375,
  "summary_csf_stdv": 1495.9246826171875,
  "summary_gm_k": 0.9891557231458759,
  "summary_gm_mad": 241.1127166748047,
  "summary_gm_mean": 1721.838623046875,
  "summary_gm_median": 1701.9654541015625,
  "summary_gm_n": 516845.0,
  "summary_gm_p05": 1298.8531494140625,
  "summary_gm_p95": 2207.05830078125,
  "summary_gm_stdv": 274.9801025390625,
  "summary_wm_k": 16.11559424307387,
  "summary_wm_mad": 237.95721435546875,
  "summary_wm_mean": 1014.4996337890625,
  "summary_wm_median": 1001.1226196289062,
  "summary_wm_n": 6563.0,
  "summary_wm_p05": 636.5587341308594,
  "summary_wm_p95": 1362.17431640625,
  "summary_wm_stdv": 289.4450988769531,
  "tpm_overlap_csf": 0.17108169198036194,
  "tpm_overlap_gm": 0.37836945056915283,
  "tpm_overlap_wm": 0.08570194989442825,
  "wm2max": 0.11540621349832444
}