{
  "bids_meta": {
    "AccessionNumber": "8695-008",
    "AcquisitionDateTime": "2019-01-30T10:14:24.105000",
    "AcquisitionMatrixPE": 256,
    "AcquisitionNumber": 1,
    "AcquisitionTime": "10:14:24.105000",
    "BaseResolution": 256,
    "BodyPartExamined": "BRAIN",
    "ConsistencyInfo": "N4_VE11C_LATEST_20160120",
    "ConversionSoftware": "dcm2niix",
    "ConversionSoftwareVersion": "v1.0.20210317",
    "DeviceSerialNumber": "167050",
    "DwellTime": 3e-06,
    "EchoNumber": 4,
    "FlipAngle": 8,
    "ImageComments": "Average over all echoes.",
    "ImageOrientationPatientDICOM": [
      0,
      1,
      0,
      0,
      0,
      -1
    ],
    "ImageType": [
      "ORIGINAL",
      "PRIMARY",
      "ECHO",
      "COMBINED",
      "ND",
      "NORM"
    ],
    "ImagingFrequency": 123.25,
    "InPlanePhaseEncodingDirectionDICOM": "ROW",
    "InstitutionAddress": "Michigan Ave 320,Pasadena,California,US,91025",
    "InstitutionName": "Caltech Prisma64",
    "InstitutionalDepartmentName": "Department",
    "InversionTime": 1.15,
    "MRAcquisitionType": "3D",
    "MagneticFieldStrength": 3,
    "Manufacturer": "Siemens",
    "ManufacturersModelName": "Prisma_fit",
    "Modality": "MR",
    "ParallelReductionFactorInPlane": 2,
    "PartialFourier": 1,
    "PatientBirthDate": "1978-03-01",
    "PatientID": "CC0117",
    "PatientName": "CC0117",
    "PatientPosition": "HFS",
    "PatientSex": "M",
    "PatientWeight": 81.6466,
    "PercentPhaseFOV": 100,
    "PercentSampling": 100,
    "PhaseEncodingSteps": 282,
    "PhaseOversampling": 0.1,
    "PhaseResolution": 1,
    "PixelBandwidth": 650,
    "ProtocolName": "T1w",
    "PulseSequenceDetails": "%CustomerSeq%\\tfl_wip900D_VE11C",
    "ReceiveCoilActiveElements": "HEA;HEP",
    "ReceiveCoilName": "Head_32",
    "ReconMatrixPE": 256,
    "RefLinesPE": 32,
    "ReferringPhysicianName": "Adolphs",
    "RepetitionTime": 2.55,
    "SAR": 0.0414999,
    "ScanOptions": "IR\\WE",
    "ScanningSequence": "GR\\IR",
    "SequenceName": "tfl3d4_16ns",
    "SequenceVariant": "SK\\SP\\MP\\OSP",
    "SeriesDescription": "T1w_combEcho",
    "SeriesInstanceUID": "1.3.12.2.1107.5.2.43.167050.201901301021335342710400.0.0.0",
    "SeriesNumber": 5,
    "ShimSetting": [
      6972,
      -3584,
      7900,
      397,
      -77,
      61,
      -24,
      -59
    ],
    "SliceThickness": 0.9,
    "SoftwareVersions": "syngo MR E11",
    "StationName": "PRISMA",
    "StudyID": "1",
    "StudyInstanceUID": "1.3.12.2.1107.5.2.43.167050.30000019012122271046500000067",
    "TxRefAmp": 263.342,
    "WipMemBlock": "WIP_Identifier: WIP#900D",
    "dataset": "unknown",
    "modality": "T1w",
    "run_id": 2,
    "session_id": "core2p2",
    "subject_id": "CC0117"
  },
  "cjv": 0.7447535110588385,
  "cnr": 1.8162943718767208,
  "efc": 0.604588475378321,
  "fber": 3412.9267578125,
  "fwhm_avg": 3.699138886380504,
  "fwhm_x": 3.7278778765328164,
  "fwhm_y": 3.633897739130435,
  "fwhm_z": 3.735641043478261,
  "icvs_csf": 0.17256628761650056,
  "icvs_gm": 0.38774881830321467,
  "icvs_wm": 0.43968489408028477,
  "inu_med": 1.5468453168869019,
  "inu_range": 0.579901361465454,
  "provenance": {
    "md5sum": "6d6c0b321b59a1392946c237473ccb21",
    "settings": {
      "testing": false
    },
    "software": "mriqc",
    "version": "0.15.0",
    "warnings": {
      "large_rot_frame": false,
      "small_air_mask": false
    },
    "webapi_port": null,
    "webapi_url": "https://mriqc.nimh.nih.gov/api/v1"
  },
  "qi_1": 0.0,
  "qi_2": 0.01912624782033415,
  "rpve_csf": 23.224767056066337,
  "rpve_gm": 11.054597608720574,
  "rpve_wm": 11.915330240446533,
  "size_x": 208,
  "size_y": 256,
  "size_z": 256,
  "snr_csf": 2.9871462046912916,
  "snr_gm": 9.324028332362372,
  "snr_total": 10.149198434899496,
  "snr_wm": 18.136420767644825,
  "snrd_csf": 23.697839069221857,
  "snrd_gm": 45.04900283606177,
  "snrd_total": 41.4146233011214,
  "snrd_wm": 55.4970279980806,
  "spacing_x": 0.8999999761581421,
  "spacing_y": 0.8984375,
  "spacing_z": 0.8984375,
  "summary_bg_k": 395.10862397194995,
  "summary_bg_mad": 11.805597305297852,
  "summary_bg_mean": 13.063522338867188,
  "summary_bg_median": 12.104010581970215,
  "summary_bg_n": 3933479.0,
  "summary_bg_p05": 0.0,
  "summary_bg_p95": 32.52874145507812,
  "summary_bg_stdv": 11.165876388549805,
  "summary_csf_k": -0.2226316834390336,
  "summary_csf_mad": 156.8571014404297,
  "summary_csf_mean": 447.0539245605469,
  "summary_csf_median": 427.0364990234375,
  "summary_csf_n": 27946.0,
  "summary_csf_p05": 248.19047164916992,
  "summary_csf_p95": 694.7555084228516,
  "summary_csf_stdv": 142.95545959472656,
  "summary_gm_k": -0.04905380232450263,
  "summary_gm_mad": 88.18659973144531,
  "summary_gm_mean": 817.0317993164062,
  "summary_gm_median": 811.7857666015625,
  "summary_gm_n": 29198.0,
  "summary_gm_p05": 683.8057830810546,
  "summary_gm_p95": 971.0020538330078,
  "summary_gm_stdv": 87.0623550415039,
  "summary_wm_k": 0.6355862310861533,
  "summary_wm_mad": 52.031158447265625,
  "summary_wm_mean": 1002.3857421875,
  "summary_wm_median": 1000.059814453125,
  "summary_wm_n": 447104.0,
  "summary_wm_p05": 916.1753143310547,
  "summary_wm_p95": 1096.1883361816406,
  "summary_wm_stdv": 55.140907287597656,
  "tpm_overlap_csf": 0.22568388283252716,
  "tpm_overlap_gm": 0.47914156317710876,
  "tpm_overlap_wm": 0.5616474747657776,
  "wm2max": 0.5365185566462976
}