{
  "bids_meta": {
    "AccessionNumber": "8695-008",
    "AcquisitionDateTime": "2019-01-30T10:14:24.105000",
    "AcquisitionMatrixPE": 256,
    "AcquisitionNumber": 1,
    "AcquisitionTime": "10:14:24.105000",
    "BaseResolution": 256,
    "BodyPartExamined": "BRAIN",
    "ConsistencyInfo": "N4_VE11C_LATEST_20160120",
    "ConversionSoftware": "dcm2niix",
    "ConversionSoftwareVersion": "v1.0.20210317",
    "DeviceSerialNumber": "167050",
    "DwellTime": 3e-06,
    "EchoNumber": 4,
    "FlipAngle": 8,
    "ImageComments": "Average over all echoes.",
    "ImageOrientationPatientDICOM": [
      0,
      1,
      0,
      0,
      0,
      -1
    ],
    "ImageType": [
      "ORIGINAL",
      "PRIMARY",
      "ECHO",
      "COMBINED",
      "ND"
    ],
    "ImagingFrequency": 123.25,
    "InPlanePhaseEncodingDirectionDICOM": "ROW",
    "InstitutionAddress": "Michigan Ave 320,Pasadena,California,US,91025",
    "InstitutionName": "Caltech Prisma64",
    "InstitutionalDepartmentName": "Department",
    "InversionTime": 1.15,
    "MRAcquisitionType": "3D",
    "MagneticFieldStrength": 3,
    "Manufacturer": "Siemens",
    "ManufacturersModelName": "Prisma_fit",
    "Modality": "MR",
    "ParallelReductionFactorInPlane": 2,
    "PartialFourier": 1,
    "PatientBirthDate": "1978-03-01",
    "PatientID": "CC0117",
    "PatientName": "CC0117",
    "PatientPosition": "HFS",
    "PatientSex": "M",
    "PatientWeight": 81.6466,
    "PercentPhaseFOV": 100,
    "PercentSampling": 100,
    "PhaseEncodingSteps": 282,
    "PhaseOversampling": 0.1,
    "PhaseResolution": 1,
    "PixelBandwidth": 650,
    "ProtocolName": "T1w",
    "PulseSequenceDetails": "%CustomerSeq%\\tfl_wip900D_VE11C",
    "ReceiveCoilActiveElements": "HEA;HEP",
    "ReceiveCoilName": "Head_32",
    "ReconMatrixPE": 256,
    "RefLinesPE": 32,
    "ReferringPhysicianName": "Adolphs",
    "RepetitionTime": 2.55,
    "SAR": 0.0414999,
    "ScanOptions": "IR\\WE",
    "ScanningSequence": "GR\\IR",
    "SequenceName": "tfl3d4_16ns",
    "SequenceVariant": "SK\\SP\\MP\\OSP",
    "SeriesDescription": "T1w_combEcho",
    "SeriesInstanceUID": "1.3.12.2.1107.5.2.43.167050.201901301021335347710401.0.0.0",
    "SeriesNumber": 4,
    "ShimSetting": [
      6972,
      -3584,
      7900,
      397,
      -77,
      61,
      -24,
      -59
    ],
    "SliceThickness": 0.9,
    "SoftwareVersions": "syngo MR E11",
    "StationName": "PRISMA",
    "StudyID": "1",
    "StudyInstanceUID": "1.3.12.2.1107.5.2.43.167050.30000019012122271046500000067",
    "TxRefAmp": 263.342,
    "WipMemBlock": "WIP_Identifier: WIP#900D",
    "dataset": "unknown",
    "modality": "T1w",
    "run_id": 1,
    "session_id": "core2p2",
    "subject_id": "CC0117"
  },
  "cjv": 0.646482985626654,
  "cnr": 2.102292611729078,
  "efc": 0.5811588334914131,
  "fber": 566.3842163085938,
  "fwhm_avg": 5.551855797980967,
  "fwhm_x": 5.5704334808994265,
  "fwhm_y": 5.4438956521739135,
  "fwhm_z": 5.641238260869565,
  "icvs_csf": 0.16520792081363336,
  "icvs_gm": 0.4335796262627886,
  "icvs_wm": 0.40121245292357804,
  "inu_med": 1.49422025680542,
  "inu_range": 1.260001531243324,
  "provenance": {
    "md5sum": "acb7b2414642f4d75e4048f331ca81eb",
    "settings": {
      "testing": false
    },
    "software": "mriqc",
    "version": "0.15.0",
    "warnings": {
      "large_rot_frame": false,
      "small_air_mask": false
    },
    "webapi_port": null,
    "webapi_url": "https://mriqc.nimh.nih.gov/api/v1"
  },
  "qi_1": 0.0,
  "qi_2": 0.0031182848172743053,
  "rpve_csf": 24.534693285199864,
  "rpve_gm": 9.068775823767965,
  "rpve_wm": 10.862120105183864,
  "size_x": 208,
  "size_y": 256,
  "size_z": 256,
  "snr_csf": 3.2441467245227327,
  "snr_gm": 10.4998247315114,
  "snr_total": 8.134588756602636,
  "snr_wm": 10.659794813773775,
  "snrd_csf": 16.87006806243426,
  "snrd_gm": 32.740431787407736,
  "snrd_total": 31.107481843121338,
  "snrd_wm": 43.711945679522024,
  "spacing_x": 0.8999999761581421,
  "spacing_y": 0.8984375,
  "spacing_z": 0.8984375,
  "summary_bg_k": 10.404339103407231,
  "summary_bg_mad": 14.98587703704834,
  "summary_bg_mean": 29.790210723876953,
  "summary_bg_median": 26.414615631103516,
  "summary_bg_n": 3896118.0,
  "summary_bg_p05": 6.563168454170227,
  "summary_bg_p95": 62.512885093688965,
  "summary_bg_stdv": 19.113597869873047,
  "summary_csf_k": 0.7894458018933896,
  "summary_csf_mad": 130.22897338867188,
  "summary_csf_mean": 395.4160461425781,
  "summary_csf_median": 385.8933410644531,
  "summary_csf_n": 29005.0,
  "summary_csf_p05": 224.0970886230469,
  "summary_csf_p95": 593.04052734375,
  "summary_csf_stdv": 118.94859313964844,
  "summary_gm_k": -0.0604750381223611,
  "summary_gm_mad": 71.5467758178711,
  "summary_gm_mean": 746.7002563476562,
  "summary_gm_median": 748.9190063476562,
  "summary_gm_n": 41487.0,
  "summary_gm_p05": 625.2576843261719,
  "summary_gm_p95": 860.6035705566405,
  "summary_gm_stdv": 71.3259506225586,
  "summary_wm_k": 0.1937203347593437,
  "summary_wm_mad": 90.69926452636719,
  "summary_wm_mean": 1015.1046142578125,
  "summary_wm_median": 999.88623046875,
  "summary_wm_n": 222916.0,
  "summary_wm_p05": 888.5940246582031,
  "summary_wm_p95": 1192.0986633300781,
  "summary_wm_stdv": 93.79955291748047,
  "tpm_overlap_csf": 0.20916883647441864,
  "tpm_overlap_gm": 0.42274633049964905,
  "tpm_overlap_wm": 0.43149909377098083,
  "wm2max": 0.5239985859141364
}