{
  "bids_meta": {
    "AccessionNumber": "8996-001",
    "AcquisitionDateTime": "2018-06-06T08:27:33.122500",
    "AcquisitionMatrixPE": 256,
    "AcquisitionNumber": 1,
    "AcquisitionTime": "08:27:33.122500",
    "BaseResolution": 256,
    "BodyPartExamined": "BRAIN",
    "ConsistencyInfo": "N4_VE11C_LATEST_20160120",
    "ConversionSoftware": "dcm2niix",
    "ConversionSoftwareVersion": "v1.0.20210317",
    "DeviceSerialNumber": "167050",
    "DwellTime": 3e-06,
    "EchoNumber": 4,
    "FlipAngle": 8,
    "ImageComments": "Average over all echoes.",
    "ImageOrientationPatientDICOM": [
      0,
      1,
      0,
      0,
      0,
      -1
    ],
    "ImageType": [
      "ORIGINAL",
      "PRIMARY",
      "ECHO",
      "COMBINED",
      "ND",
      "NORM"
    ],
    "ImagingFrequency": 123.25,
    "InPlanePhaseEncodingDirectionDICOM": "ROW",
    "InstitutionAddress": "Michigan Ave 320,Pasadena,California,US,91025",
    "InstitutionName": "Caltech Prisma64",
    "InstitutionalDepartmentName": "Department",
    "InversionTime": 1.15,
    "MRAcquisitionType": "3D",
    "MagneticFieldStrength": 3,
    "Manufacturer": "Siemens",
    "ManufacturersModelName": "Prisma_fit",
    "Modality": "MR",
    "ParallelReductionFactorInPlane": 2,
    "PartialFourier": 1,
    "PatientBirthDate": "1992-09-01",
    "PatientID": "CC0132",
    "PatientName": "CC0132",
    "PatientPosition": "HFS",
    "PatientSex": "F",
    "PatientWeight": 79.3787,
    "PercentPhaseFOV": 100,
    "PercentSampling": 100,
    "PhaseEncodingSteps": 282,
    "PhaseOversampling": 0.1,
    "PhaseResolution": 1,
    "PixelBandwidth": 650,
    "ProcedureStepDescription": "Conte Core",
    "ProtocolName": "T1w",
    "PulseSequenceDetails": "%CustomerSeq%\\tfl_wip900D_VE11C",
    "ReceiveCoilActiveElements": "HEA;HEP",
    "ReceiveCoilName": "Head_32",
    "ReconMatrixPE": 256,
    "RefLinesPE": 32,
    "ReferringPhysicianName": "Adolphs",
    "RepetitionTime": 2.55,
    "SAR": 0.040756,
    "ScanOptions": "IR\\WE",
    "ScanningSequence": "GR\\IR",
    "SequenceName": "tfl3d4_16ns",
    "SequenceVariant": "SK\\SP\\MP\\OSP",
    "SeriesDescription": "T1w_combEcho",
    "SeriesInstanceUID": "1.3.12.2.1107.5.2.43.167050.2018060608344231029547363.0.0.0",
    "SeriesNumber": 5,
    "ShimSetting": [
      6945,
      -3605,
      7955,
      438,
      -69,
      149,
      71,
      74
    ],
    "SliceThickness": 0.9,
    "SoftwareVersions": "syngo MR E11",
    "StationName": "PRISMA",
    "StudyID": "1",
    "StudyInstanceUID": "1.3.12.2.1107.5.2.43.167050.30000018042619061766300000106",
    "TxRefAmp": 256.561,
    "WipMemBlock": "WIP_Identifier: WIP#900D",
    "acq_id": "combecho",
    "dataset": "unknown",
    "modality": "T1w",
    "run_id": 2,
    "session_id": "core2p2",
    "subject_id": "CC0132"
  },
  "cjv": 0.3984987133351059,
  "cnr": 3.173195441004643,
  "efc": 0.599055350440315,
  "fber": 1459.1827392578125,
  "fwhm_avg": 4.544460284662569,
  "fwhm_x": 4.518077897465968,
  "fwhm_y": 4.5911930434782615,
  "fwhm_z": 4.524109913043478,
  "icvs_csf": 0.18904076974742748,
  "icvs_gm": 0.4253428256890974,
  "icvs_wm": 0.38561640456347507,
  "inu_med": 1.3102167844772339,
  "inu_range": 0.46773342490196224,
  "provenance": {
    "md5sum": "2b45a900f97733aefa707d71878087ab",
    "settings": {
      "testing": false
    },
    "software": "mriqc",
    "version": "0.15.0",
    "warnings": {
      "large_rot_frame": false,
      "small_air_mask": false
    },
    "webapi_port": null,
    "webapi_url": "https://mriqc.nimh.nih.gov/api/v1"
  },
  "qi_1": 0.0,
  "qi_2": 0.019616745761683946,
  "rpve_csf": 22.640706660526646,
  "rpve_gm": 10.71053020752812,
  "rpve_wm": 13.722759482482742,
  "size_x": 208,
  "size_y": 256,
  "size_z": 256,
  "snr_csf": 3.1883224381405513,
  "snr_gm": 13.110092928989982,
  "snr_total": 14.367637778143974,
  "snr_wm": 26.80449796730139,
  "snrd_csf": 39.74952083519724,
  "snrd_gm": 85.75182472918827,
  "snrd_total": 78.6380420097626,
  "snrd_wm": 110.41278046490226,
  "spacing_x": 0.8999999761581421,
  "spacing_y": 0.8984375,
  "spacing_z": 0.8984375,
  "summary_bg_k": 18.42018349800094,
  "summary_bg_mad": 5.933609962463379,
  "summary_bg_mean": 11.966238021850586,
  "summary_bg_median": 12.09500503540039,
  "summary_bg_n": 3441252.0,
  "summary_bg_p05": 4.052011966705322,
  "summary_bg_p95": 24.461296749114986,
  "summary_bg_stdv": 7.292858600616455,
  "summary_csf_k": 19.307767965502723,
  "summary_csf_mad": 81.79043579101562,
  "summary_csf_mean": 391.5251159667969,
  "summary_csf_median": 360.0138244628906,
  "summary_csf_n": 60849.0,
  "summary_csf_p05": 266.68079833984376,
  "summary_csf_p95": 601.5328369140625,
  "summary_csf_stdv": 112.91545104980469,
  "summary_gm_k": 0.6276420256718058,
  "summary_gm_mad": 55.556861877441406,
  "summary_gm_mean": 779.0947265625,
  "summary_gm_median": 776.6594848632812,
  "summary_gm_n": 46475.0,
  "summary_gm_p05": 686.7479919433594,
  "summary_gm_p95": 881.420654296875,
  "summary_gm_stdv": 59.24070358276367,
  "summary_wm_k": 1.0297045110095215,
  "summary_wm_mad": 33.45012664794922,
  "summary_wm_mean": 998.2179565429688,
  "summary_wm_median": 1000.0152587890625,
  "summary_wm_n": 340326.0,
  "summary_wm_p05": 933.2970428466797,
  "summary_wm_p95": 1055.0136413574219,
  "summary_wm_stdv": 37.30768585205078,
  "tpm_overlap_csf": 0.2216280996799469,
  "tpm_overlap_gm": 0.5099310874938965,
  "tpm_overlap_wm": 0.5460010170936584,
  "wm2max": 0.632053653383905
}