{
  "bids_meta": {
    "AccessionNumber": "8996-001",
    "AcquisitionDateTime": "2018-06-06T08:27:33.120000",
    "AcquisitionMatrixPE": 256,
    "AcquisitionNumber": 1,
    "AcquisitionTime": "08:27:33.120000",
    "BaseResolution": 256,
    "BodyPartExamined": "BRAIN",
    "ConsistencyInfo": "N4_VE11C_LATEST_20160120",
    "ConversionSoftware": "dcm2niix",
    "ConversionSoftwareVersion": "v1.0.20210317",
    "DeviceSerialNumber": "167050",
    "DwellTime": 3e-06,
    "EchoNumber": 4,
    "FlipAngle": 8,
    "ImageComments": "Average over all echoes.",
    "ImageOrientationPatientDICOM": [
      0,
      1,
      0,
      0,
      0,
      -1
    ],
    "ImageType": [
      "ORIGINAL",
      "PRIMARY",
      "ECHO",
      "COMBINED",
      "ND"
    ],
    "ImagingFrequency": 123.25,
    "InPlanePhaseEncodingDirectionDICOM": "ROW",
    "InstitutionAddress": "Michigan Ave 320,Pasadena,California,US,91025",
    "InstitutionName": "Caltech Prisma64",
    "InstitutionalDepartmentName": "Department",
    "InversionTime": 1.15,
    "MRAcquisitionType": "3D",
    "MagneticFieldStrength": 3,
    "Manufacturer": "Siemens",
    "ManufacturersModelName": "Prisma_fit",
    "Modality": "MR",
    "ParallelReductionFactorInPlane": 2,
    "PartialFourier": 1,
    "PatientBirthDate": "1992-09-01",
    "PatientID": "CC0132",
    "PatientName": "CC0132",
    "PatientPosition": "HFS",
    "PatientSex": "F",
    "PatientWeight": 79.3787,
    "PercentPhaseFOV": 100,
    "PercentSampling": 100,
    "PhaseEncodingSteps": 282,
    "PhaseOversampling": 0.1,
    "PhaseResolution": 1,
    "PixelBandwidth": 650,
    "ProcedureStepDescription": "Conte Core",
    "ProtocolName": "T1w",
    "PulseSequenceDetails": "%CustomerSeq%\\tfl_wip900D_VE11C",
    "ReceiveCoilActiveElements": "HEA;HEP",
    "ReceiveCoilName": "Head_32",
    "ReconMatrixPE": 256,
    "RefLinesPE": 32,
    "ReferringPhysicianName": "Adolphs",
    "RepetitionTime": 2.55,
    "SAR": 0.040756,
    "ScanOptions": "IR\\WE",
    "ScanningSequence": "GR\\IR",
    "SequenceName": "tfl3d4_16ns",
    "SequenceVariant": "SK\\SP\\MP\\OSP",
    "SeriesDescription": "T1w_combEcho",
    "SeriesInstanceUID": "1.3.12.2.1107.5.2.43.167050.2018060608344231072947364.0.0.0",
    "SeriesNumber": 4,
    "ShimSetting": [
      6945,
      -3605,
      7955,
      438,
      -69,
      149,
      71,
      74
    ],
    "SliceThickness": 0.9,
    "SoftwareVersions": "syngo MR E11",
    "StationName": "PRISMA",
    "StudyID": "1",
    "StudyInstanceUID": "1.3.12.2.1107.5.2.43.167050.30000018042619061766300000106",
    "TxRefAmp": 256.561,
    "WipMemBlock": "WIP_Identifier: WIP#900D",
    "acq_id": "combecho",
    "dataset": "unknown",
    "modality": "T1w",
    "run_id": 1,
    "session_id": "core2p2",
    "subject_id": "CC0132"
  },
  "cjv": 0.7394655468758194,
  "cnr": 1.8586317437188318,
  "efc": 0.5974060523452734,
  "fber": 291.6432800292969,
  "fwhm_avg": 5.875853481033609,
  "fwhm_x": 5.784833486579086,
  "fwhm_y": 5.876390956521739,
  "fwhm_z": 5.966336,
  "icvs_csf": 0.16328690977347235,
  "icvs_gm": 0.4398657386841879,
  "icvs_wm": 0.3968473515423398,
  "inu_med": 1.8136999607086182,
  "inu_range": 1.4133390188217163,
  "provenance": {
    "md5sum": "0a36e713f99ef3177d725b46d667cfe6",
    "settings": {
      "testing": false
    },
    "software": "mriqc",
    "version": "0.15.0",
    "warnings": {
      "large_rot_frame": false,
      "small_air_mask": false
    },
    "webapi_port": null,
    "webapi_url": "https://mriqc.nimh.nih.gov/api/v1"
  },
  "qi_1": 0.00010423474100259086,
  "qi_2": 0.004111253431274901,
  "rpve_csf": 26.270474112833732,
  "rpve_gm": 10.05178110577376,
  "rpve_wm": 11.996915906882359,
  "size_x": 208,
  "size_y": 256,
  "size_z": 256,
  "snr_csf": 3.6435594765315957,
  "snr_gm": 12.755303387023053,
  "snr_total": 9.199442437411621,
  "snr_wm": 11.199464448680214,
  "snrd_csf": 20.628167587158945,
  "snrd_gm": 48.661937642464345,
  "snrd_total": 43.465602981980624,
  "snrd_wm": 61.10670371631859,
  "spacing_x": 0.8999999761581421,
  "spacing_y": 0.8984375,
  "spacing_z": 0.8984375,
  "summary_bg_k": 7.14242678576405,
  "summary_bg_mad": 10.720961570739746,
  "summary_bg_mean": 37.71878433227539,
  "summary_bg_median": 36.14826965332031,
  "summary_bg_n": 3396396.0,
  "summary_bg_p05": 21.543875694274902,
  "summary_bg_p95": 57.382710456848145,
  "summary_bg_stdv": 11.656339645385742,
  "summary_csf_k": 5.777517247857292,
  "summary_csf_mad": 68.42018127441406,
  "summary_csf_mean": 361.04241943359375,
  "summary_csf_median": 337.569091796875,
  "summary_csf_n": 48965.0,
  "summary_csf_p05": 250.64680480957034,
  "summary_csf_p95": 547.4200317382812,
  "summary_csf_stdv": 92.647216796875,
  "summary_gm_k": -0.22463943591371915,
  "summary_gm_mad": 65.26264190673828,
  "summary_gm_mean": 795.275390625,
  "summary_gm_median": 796.3269653320312,
  "summary_gm_n": 81996.0,
  "summary_gm_p05": 691.0249786376953,
  "summary_gm_p95": 894.7681579589844,
  "summary_gm_stdv": 62.430667877197266,
  "summary_wm_k": 0.30422572714556484,
  "summary_wm_mad": 85.33102416992188,
  "summary_wm_mean": 1019.4154052734375,
  "summary_wm_median": 999.97900390625,
  "summary_wm_n": 243410.0,
  "summary_wm_p05": 907.8146606445312,
  "summary_wm_p95": 1190.3811584472655,
  "summary_wm_stdv": 89.28792572021484,
  "tpm_overlap_csf": 0.22167493402957916,
  "tpm_overlap_gm": 0.4491145610809326,
  "tpm_overlap_wm": 0.4422707259654999,
  "wm2max": 0.5633252929973427
}