{
  "aor": 0.0006157805907172995,
  "aqi": 0.008401326244725739,
  "bids_meta": {
    "AccessionNumber": "8574-001",
    "AcquisitionDateTime": "2018-09-21T12:18:11.682500",
    "AcquisitionMatrixPE": 80,
    "AcquisitionNumber": 1,
    "AcquisitionTime": "12:18:11.682500",
    "BandwidthPerPixelPhaseEncode": 23.191,
    "BaseResolution": 80,
    "BodyPartExamined": "BRAIN",
    "ConsistencyInfo": "N4_VE11C_LATEST_20160120",
    "ConversionSoftware": "dcm2niix",
    "ConversionSoftwareVersion": "v1.0.20210317",
    "DerivedVendorReportedEchoSpacing": 0.000490002,
    "DeviceSerialNumber": "167050",
    "DwellTime": 2.3e-06,
    "EchoTime": 0.03,
    "EchoTrainLength": 88,
    "EffectiveEchoSpacing": 0.000539002,
    "FlipAngle": 53,
    "ImageComments": "Unaliased MB6/PE3/LB",
    "ImageOrientationPatientDICOM": [
      1,
      0,
      0,
      0,
      0.939693,
      -0.34202
    ],
    "ImageType": [
      "ORIGINAL",
      "PRIMARY",
      "M",
      "MB",
      "ND",
      "MOSAIC"
    ],
    "ImagingFrequency": 123.25,
    "InPlanePhaseEncodingDirectionDICOM": "COL",
    "InstitutionAddress": "Michigan Ave 320,Pasadena,California,US,91025",
    "InstitutionName": "Caltech Prisma64",
    "InstitutionalDepartmentName": "Department",
    "MRAcquisitionType": "2D",
    "MagneticFieldStrength": 3,
    "Manufacturer": "Siemens",
    "ManufacturersModelName": "Prisma_fit",
    "Modality": "MR",
    "MultibandAccelerationFactor": 6,
    "PartialFourier": 1,
    "PatientBirthDate": "1979-02-01",
    "PatientID": "CC0164",
    "PatientName": "CC0164",
    "PatientPosition": "HFS",
    "PatientSex": "F",
    "PatientWeight": 83.9146,
    "PercentPhaseFOV": 100,
    "PercentSampling": 100,
    "PhaseEncodingDirection": "j-",
    "PhaseEncodingSteps": 88,
    "PhaseOversampling": 0.1,
    "PhaseResolution": 1,
    "PixelBandwidth": 2715,
    "ProcedureStepDescription": "Conte Core",
    "ProtocolName": "task-pixar_run-01_bold",
    "PulseSequenceDetails": "%CustomerSeq%\\cmrr_mbep2d_bold",
    "ReceiveCoilActiveElements": "HEA;HEP",
    "ReceiveCoilName": "Head_32",
    "ReconMatrixPE": 80,
    "ReferringPhysicianName": "Adolphs",
    "RepetitionTime": 0.7,
    "SAR": 0.0745802,
    "ScanOptions": "FS\\EXT",
    "ScanningSequence": "EP",
    "SequenceName": "epfid2d1_80",
    "SequenceVariant": "SK\\SS\\OSP",
    "SeriesDescription": "task-pixar_run-01_bold",
    "SeriesInstanceUID": "1.3.12.2.1107.5.2.43.167050.2018092112150847868680698.0.0.0",
    "SeriesNumber": 34,
    "ShimSetting": [
      6951,
      -3688,
      7964,
      839,
      -71,
      -214,
      -762,
      10
    ],
    "SliceThickness": 2.5,
    "SliceTiming": [
      0,
      0.4775,
      0.2725,
      0.0675,
      0.545,
      0.34,
      0.1375,
      0.6125,
      0.4075,
      0.205,
      0,
      0.4775,
      0.2725,
      0.0675,
      0.545,
      0.34,
      0.1375,
      0.6125,
      0.4075,
      0.205,
      0,
      0.4775,
      0.2725,
      0.0675,
      0.545,
      0.34,
      0.1375,
      0.6125,
      0.4075,
      0.205,
      0,
      0.4775,
      0.2725,
      0.0675,
      0.545,
      0.34,
      0.1375,
      0.6125,
      0.4075,
      0.205,
      0,
      0.4775,
      0.2725,
      0.0675,
      0.545,
      0.34,
      0.1375,
      0.6125,
      0.4075,
      0.205,
      0,
      0.4775,
      0.2725,
      0.0675,
      0.545,
      0.34,
      0.1375,
      0.6125,
      0.4075,
      0.205
    ],
    "SoftwareVersions": "syngo MR E11",
    "SpacingBetweenSlices": 2.5,
    "StationName": "PRISMA",
    "StudyID": "1",
    "StudyInstanceUID": "1.3.12.2.1107.5.2.43.167050.30000018081720093477500000160",
    "TaskName": "pixar",
    "TotalReadoutTime": 0.0425812,
    "TxRefAmp": 261.784,
    "WipMemBlock": "cb8b96d9-1247-43ef-b90a-cfb0b6c8e1bb||Sequence: R016 ve11c/master r/e634e98; Dec 19 2017 11:00:25 by eja",
    "dataset": "unknown",
    "modality": "bold",
    "run_id": 1,
    "session_id": "core2p2",
    "subject_id": "CC0164",
    "task_id": "pixar"
  },
  "dummy_trs": 2,
  "dvars_nstd": 36.39304682473571,
  "dvars_std": 0.9779104793234678,
  "dvars_vstd": 0.9604135526215647,
  "efc": 0.4915321632054489,
  "fber": 725.3340454101562,
  "fd_mean": 0.173593404141658,
  "fd_num": 181,
  "fd_perc": 38.18565400843882,
  "fwhm_avg": 3.0922773333333335,
  "fwhm_x": 2.931004,
  "fwhm_y": 3.28616,
  "fwhm_z": 3.059668,
  "gcor": 0.00301018,
  "gsr_x": -0.004181691911071539,
  "gsr_y": 0.05982699617743492,
  "provenance": {
    "md5sum": "4ebab2dbda6c94e3d517452af319eb9c",
    "settings": {
      "fd_thres": 0.2,
      "hmc_fsl": false
    },
    "software": "mriqc",
    "version": "0.15.0",
    "webapi_port": null,
    "webapi_url": "https://mriqc.nimh.nih.gov/api/v1"
  },
  "size_t": 474,
  "size_x": 80,
  "size_y": 80,
  "size_z": 60,
  "snr": 2.296777204401238,
  "spacing_tr": 0.699999988079071,
  "spacing_x": 2.5,
  "spacing_y": 2.5,
  "spacing_z": 2.5,
  "summary_bg_k": 41.76806171740094,
  "summary_bg_mad": 53.83347702026367,
  "summary_bg_mean": 280.6752624511719,
  "summary_bg_median": 118.37551879882812,
  "summary_bg_n": 257994.0,
  "summary_bg_p05": 77.53090209960938,
  "summary_bg_p95": 986.0196594238271,
  "summary_bg_stdv": 503.06964111328125,
  "summary_fg_k": 1.6562939688977796,
  "summary_fg_mad": 1378.75927734375,
  "summary_fg_mean": 3586.362060546875,
  "summary_fg_median": 3450.568359375,
  "summary_fg_n": 68008.0,
  "summary_fg_p05": 1500.907977294922,
  "summary_fg_p95": 6298.006713867186,
  "summary_fg_stdv": 1502.3411865234375,
  "tsnr": 32.48487091064453
}