{
  "aor": 0.0009270833333333331,
  "aqi": 0.008412375350000001,
  "bids_meta": {
    "AccessionNumber": "8574-001",
    "AcquisitionDateTime": "2018-09-21T11:37:4.237500",
    "AcquisitionMatrixPE": 80,
    "AcquisitionNumber": 1,
    "AcquisitionTime": "11:37:4.237500",
    "BandwidthPerPixelPhaseEncode": 23.191,
    "BaseResolution": 80,
    "BodyPartExamined": "BRAIN",
    "ConsistencyInfo": "N4_VE11C_LATEST_20160120",
    "ConversionSoftware": "dcm2niix",
    "ConversionSoftwareVersion": "v1.0.20210317",
    "DerivedVendorReportedEchoSpacing": 0.000490002,
    "DeviceSerialNumber": "167050",
    "DwellTime": 2.3e-06,
    "EchoTime": 0.03,
    "EchoTrainLength": 88,
    "EffectiveEchoSpacing": 0.000539002,
    "FlipAngle": 53,
    "ImageComments": "Unaliased MB6/PE3/LB",
    "ImageOrientationPatientDICOM": [
      1,
      0,
      0,
      0,
      0.939693,
      -0.34202
    ],
    "ImageType": [
      "ORIGINAL",
      "PRIMARY",
      "M",
      "MB",
      "ND",
      "MOSAIC"
    ],
    "ImagingFrequency": 123.25,
    "InPlanePhaseEncodingDirectionDICOM": "COL",
    "InstitutionAddress": "Michigan Ave 320,Pasadena,California,US,91025",
    "InstitutionName": "Caltech Prisma64",
    "InstitutionalDepartmentName": "Department",
    "MRAcquisitionType": "2D",
    "MagneticFieldStrength": 3,
    "Manufacturer": "Siemens",
    "ManufacturersModelName": "Prisma_fit",
    "Modality": "MR",
    "MultibandAccelerationFactor": 6,
    "PartialFourier": 1,
    "PatientBirthDate": "1979-02-01",
    "PatientID": "CC0164",
    "PatientName": "CC0164",
    "PatientPosition": "HFS",
    "PatientSex": "F",
    "PatientWeight": 83.9146,
    "PercentPhaseFOV": 100,
    "PercentSampling": 100,
    "PhaseEncodingDirection": "j-",
    "PhaseEncodingSteps": 88,
    "PhaseOversampling": 0.1,
    "PhaseResolution": 1,
    "PixelBandwidth": 2715,
    "ProcedureStepDescription": "Conte Core",
    "ProtocolName": "task-rest_run-02_bold",
    "PulseSequenceDetails": "%CustomerSeq%\\cmrr_mbep2d_bold",
    "ReceiveCoilActiveElements": "HEA;HEP",
    "ReceiveCoilName": "Head_32",
    "ReconMatrixPE": 80,
    "ReferringPhysicianName": "Adolphs",
    "RepetitionTime": 0.7,
    "SAR": 0.0747001,
    "ScanOptions": "FS\\EXT",
    "ScanningSequence": "EP",
    "SequenceName": "epfid2d1_80",
    "SequenceVariant": "SK\\SS\\OSP",
    "SeriesDescription": "task-rest_run-02_bold",
    "SeriesInstanceUID": "1.3.12.2.1107.5.2.43.167050.2018092111344241519141607.0.0.0",
    "SeriesNumber": 16,
    "ShimSetting": [
      6951,
      -3688,
      7964,
      839,
      -71,
      -214,
      -762,
      10
    ],
    "SliceThickness": 2.5,
    "SliceTiming": [
      0,
      0.4775,
      0.2725,
      0.07,
      0.545,
      0.34,
      0.1375,
      0.6125,
      0.41,
      0.205,
      0,
      0.4775,
      0.2725,
      0.07,
      0.545,
      0.34,
      0.1375,
      0.6125,
      0.41,
      0.205,
      0,
      0.4775,
      0.2725,
      0.07,
      0.545,
      0.34,
      0.1375,
      0.6125,
      0.41,
      0.205,
      0,
      0.4775,
      0.2725,
      0.07,
      0.545,
      0.34,
      0.1375,
      0.6125,
      0.41,
      0.205,
      0,
      0.4775,
      0.2725,
      0.07,
      0.545,
      0.34,
      0.1375,
      0.6125,
      0.41,
      0.205,
      0,
      0.4775,
      0.2725,
      0.07,
      0.545,
      0.34,
      0.1375,
      0.6125,
      0.41,
      0.205
    ],
    "SoftwareVersions": "syngo MR E11",
    "SpacingBetweenSlices": 2.5,
    "StationName": "PRISMA",
    "StudyID": "1",
    "StudyInstanceUID": "1.3.12.2.1107.5.2.43.167050.30000018081720093477500000160",
    "TaskName": "rest",
    "TotalReadoutTime": 0.0425812,
    "TxRefAmp": 261.784,
    "WipMemBlock": "0b0451c4-21a2-4fe3-b4f1-e6d524d95711||Sequence: R016 ve11c/master r/e634e98; Dec 19 2017 11:00:25 by eja",
    "dataset": "unknown",
    "modality": "bold",
    "run_id": 2,
    "session_id": "core2p2",
    "subject_id": "CC0164",
    "task_id": "rest"
  },
  "dummy_trs": 0,
  "dvars_nstd": 33.92597045624376,
  "dvars_std": 0.9971256841068448,
  "dvars_vstd": 0.9949860853255429,
  "efc": 0.4904144496812343,
  "fber": 740.7608642578125,
  "fd_mean": 0.14565738350167623,
  "fd_num": 152,
  "fd_perc": 25.333333333333332,
  "fwhm_avg": 3.0941120000000004,
  "fwhm_x": 2.9293679999999997,
  "fwhm_y": 3.298988,
  "fwhm_z": 3.05398,
  "gcor": 0.00485455,
  "gsr_x": -0.007460274733603001,
  "gsr_y": 0.07134152203798294,
  "provenance": {
    "md5sum": "6677fe813f5d0cc5fb4db93476f84765",
    "settings": {
      "fd_thres": 0.2,
      "hmc_fsl": false
    },
    "software": "mriqc",
    "version": "0.15.0",
    "webapi_port": null,
    "webapi_url": "https://mriqc.nimh.nih.gov/api/v1"
  },
  "size_t": 600,
  "size_x": 80,
  "size_y": 80,
  "size_z": 60,
  "snr": 2.2636080760419413,
  "spacing_tr": 0.699999988079071,
  "spacing_x": 2.5,
  "spacing_y": 2.5,
  "spacing_z": 2.5,
  "summary_bg_k": 46.71375564154703,
  "summary_bg_mad": 52.95359802246094,
  "summary_bg_mean": 283.7376403808594,
  "summary_bg_median": 117.46833801269531,
  "summary_bg_n": 257782.0,
  "summary_bg_p05": 77.93675155639647,
  "summary_bg_p95": 992.2427520751928,
  "summary_bg_stdv": 525.511474609375,
  "summary_fg_k": 1.9056417116382836,
  "summary_fg_mad": 1390.8365478515625,
  "summary_fg_mean": 3607.718017578125,
  "summary_fg_median": 3460.609375,
  "summary_fg_n": 68098.0,
  "summary_fg_p05": 1510.90390625,
  "summary_fg_p95": 6370.840502929683,
  "summary_fg_stdv": 1528.7911376953125,
  "tsnr": 33.0131950378418
}