{
  "bids_meta": {
    "AccessionNumber": "8537-001",
    "AcquisitionDateTime": "2018-08-01T11:01:2.105000",
    "AcquisitionMatrixPE": 256,
    "AcquisitionNumber": 1,
    "AcquisitionTime": "11:01:2.105000",
    "BaseResolution": 256,
    "BodyPartExamined": "BRAIN",
    "ConsistencyInfo": "N4_VE11C_LATEST_20160120",
    "ConversionSoftware": "dcm2niix",
    "ConversionSoftwareVersion": "v1.0.20210317",
    "DeviceSerialNumber": "167050",
    "DwellTime": 3e-06,
    "EchoNumber": 4,
    "FlipAngle": 8,
    "ImageComments": "Average over all echoes.",
    "ImageOrientationPatientDICOM": [
      0,
      1,
      0,
      0,
      0,
      -1
    ],
    "ImageType": [
      "ORIGINAL",
      "PRIMARY",
      "ECHO",
      "COMBINED",
      "ND",
      "NORM"
    ],
    "ImagingFrequency": 123.25,
    "InPlanePhaseEncodingDirectionDICOM": "ROW",
    "InstitutionAddress": "Michigan Ave 320,Pasadena,California,US,91025",
    "InstitutionName": "Caltech Prisma64",
    "InstitutionalDepartmentName": "Department",
    "InversionTime": 1.15,
    "MRAcquisitionType": "3D",
    "MagneticFieldStrength": 3,
    "Manufacturer": "Siemens",
    "ManufacturersModelName": "Prisma_fit",
    "Modality": "MR",
    "ParallelReductionFactorInPlane": 2,
    "PartialFourier": 1,
    "PatientBirthDate": "1994-01-01",
    "PatientID": "CC0147",
    "PatientName": "CC0147",
    "PatientPosition": "HFS",
    "PatientSex": "M",
    "PatientWeight": 74.8428,
    "PercentPhaseFOV": 100,
    "PercentSampling": 100,
    "PhaseEncodingSteps": 282,
    "PhaseOversampling": 0.1,
    "PhaseResolution": 1,
    "PixelBandwidth": 650,
    "ProcedureStepDescription": "Conte Core",
    "ProtocolName": "T1w",
    "PulseSequenceDetails": "%CustomerSeq%\\tfl_wip900D_VE11C",
    "ReceiveCoilActiveElements": "HEA;HEP",
    "ReceiveCoilName": "Head_32",
    "ReconMatrixPE": 256,
    "RefLinesPE": 32,
    "ReferringPhysicianName": "Adolphs",
    "RepetitionTime": 2.55,
    "SAR": 0.0530183,
    "ScanOptions": "IR\\WE",
    "ScanningSequence": "GR\\IR",
    "SequenceName": "tfl3d4_16ns",
    "SequenceVariant": "SK\\SP\\MP\\OSP",
    "SeriesDescription": "T1w_combEcho",
    "SeriesInstanceUID": "1.3.12.2.1107.5.2.43.167050.2018080111081174367244798.0.0.0",
    "SeriesNumber": 5,
    "ShimSetting": [
      6986,
      -3624,
      7916,
      346,
      -43,
      -141,
      -20,
      13
    ],
    "SliceThickness": 0.9,
    "SoftwareVersions": "syngo MR E11",
    "StationName": "PRISMA",
    "StudyID": "1",
    "StudyInstanceUID": "1.3.12.2.1107.5.2.43.167050.30000018071021413043300000058",
    "TxRefAmp": 277.191,
    "WipMemBlock": "WIP_Identifier: WIP#900D",
    "acq_id": "combecho",
    "dataset": "unknown",
    "modality": "T1w",
    "run_id": 2,
    "session_id": "core2p2",
    "subject_id": "CC0147"
  },
  "cjv": 0.7899901900092401,
  "cnr": 1.6730556382940263,
  "efc": 0.6228391205039422,
  "fber": 1440.48291015625,
  "fwhm_avg": 4.402744599084753,
  "fwhm_x": 4.382433449428173,
  "fwhm_y": 4.403233391304348,
  "fwhm_z": 4.422566956521739,
  "icvs_csf": 0.20063087107469002,
  "icvs_gm": 0.39878186808185856,
  "icvs_wm": 0.4005872608434514,
  "inu_med": 1.6155023574829102,
  "inu_range": 0.68028028011322,
  "provenance": {
    "md5sum": "68a2d615b63094143bbbbf927c3f94d1",
    "settings": {
      "testing": false
    },
    "software": "mriqc",
    "version": "0.15.0",
    "warnings": {
      "large_rot_frame": true,
      "small_air_mask": false
    },
    "webapi_port": null,
    "webapi_url": "https://mriqc.nimh.nih.gov/api/v1"
  },
  "qi_1": 0.0,
  "qi_2": 0.013204643478647025,
  "rpve_csf": 22.490748825412666,
  "rpve_gm": 11.536454787904658,
  "rpve_wm": 13.741394582555769,
  "size_x": 208,
  "size_y": 256,
  "size_z": 256,
  "snr_csf": 3.588720334276491,
  "snr_gm": 9.820528559997888,
  "snr_total": 10.975190228692625,
  "snr_wm": 19.5163217918035,
  "snrd_csf": 36.06928432864034,
  "snrd_gm": 74.26469117767428,
  "snrd_total": 66.47856397159886,
  "snrd_wm": 89.10171640848193,
  "spacing_x": 0.8999999761581421,
  "spacing_y": 0.8984375,
  "spacing_z": 0.8984375,
  "summary_bg_k": 6.592031131297768,
  "summary_bg_mad": 7.352983474731445,
  "summary_bg_mean": 16.610010147094727,
  "summary_bg_median": 14.902901649475098,
  "summary_bg_n": 3971127.0,
  "summary_bg_p05": 4.97586727142334,
  "summary_bg_p95": 34.27895240783691,
  "summary_bg_stdv": 8.817031860351562,
  "summary_csf_k": 0.40998820700703575,
  "summary_csf_mad": 99.67314910888672,
  "summary_csf_mean": 428.3648376464844,
  "summary_csf_median": 404.8269348144531,
  "summary_csf_n": 52132.0,
  "summary_csf_p05": 282.1366958618164,
  "summary_csf_p95": 652.8072631835935,
  "summary_csf_stdv": 112.80429077148438,
  "summary_gm_k": -0.06227470521602907,
  "summary_gm_mad": 84.56452178955078,
  "summary_gm_mean": 839.1810302734375,
  "summary_gm_median": 833.5166015625,
  "summary_gm_n": 25769.0,
  "summary_gm_p05": 710.5497924804688,
  "summary_gm_p95": 992.0514160156249,
  "summary_gm_stdv": 84.87327575683594,
  "summary_wm_k": 0.9579165243313139,
  "summary_wm_mad": 46.988372802734375,
  "summary_wm_mean": 1004.3348999023438,
  "summary_wm_median": 1000.0413208007812,
  "summary_wm_n": 348789.0,
  "summary_wm_p05": 927.6406860351562,
  "summary_wm_p95": 1094.1833984375,
  "summary_wm_stdv": 51.241207122802734,
  "tpm_overlap_csf": 0.23338308930397034,
  "tpm_overlap_gm": 0.485876202583313,
  "tpm_overlap_wm": 0.5452811121940613,
  "wm2max": 0.6338333053456244
}