{
  "aor": 0.0029031722689075628,
  "aqi": 0.00701519018907563,
  "bids_meta": {
    "AccessionNumber": "8996-001",
    "AcquisitionDateTime": "2018-06-06T09:36:38.457500",
    "AcquisitionMatrixPE": 80,
    "AcquisitionNumber": 1,
    "AcquisitionTime": "09:36:38.457500",
    "BandwidthPerPixelPhaseEncode": 23.191,
    "BaseResolution": 80,
    "BodyPartExamined": "BRAIN",
    "ConsistencyInfo": "N4_VE11C_LATEST_20160120",
    "ConversionSoftware": "dcm2niix",
    "ConversionSoftwareVersion": "v1.0.20210317",
    "DerivedVendorReportedEchoSpacing": 0.000490002,
    "DeviceSerialNumber": "167050",
    "DwellTime": 2.3e-06,
    "EchoTime": 0.03,
    "EchoTrainLength": 88,
    "EffectiveEchoSpacing": 0.000539002,
    "FlipAngle": 53,
    "ImageComments": "Unaliased MB6/PE3/LB",
    "ImageOrientationPatientDICOM": [
      1,
      0,
      0,
      0,
      0.939693,
      -0.34202
    ],
    "ImageType": [
      "ORIGINAL",
      "PRIMARY",
      "M",
      "MB",
      "ND",
      "MOSAIC"
    ],
    "ImagingFrequency": 123.251,
    "InPlanePhaseEncodingDirectionDICOM": "COL",
    "InstitutionAddress": "Michigan Ave 320,Pasadena,California,US,91025",
    "InstitutionName": "Caltech Prisma64",
    "InstitutionalDepartmentName": "Department",
    "MRAcquisitionType": "2D",
    "MagneticFieldStrength": 3,
    "Manufacturer": "Siemens",
    "ManufacturersModelName": "Prisma_fit",
    "Modality": "MR",
    "MultibandAccelerationFactor": 6,
    "PartialFourier": 1,
    "PatientBirthDate": "1992-09-01",
    "PatientID": "CC0132",
    "PatientName": "CC0132",
    "PatientPosition": "HFS",
    "PatientSex": "F",
    "PatientWeight": 79.3787,
    "PercentPhaseFOV": 100,
    "PercentSampling": 100,
    "PhaseEncodingDirection": "j-",
    "PhaseEncodingSteps": 88,
    "PhaseOversampling": 0.1,
    "PhaseResolution": 1,
    "PixelBandwidth": 2715,
    "ProcedureStepDescription": "Conte Core",
    "ProtocolName": "task-pixar_run-01_bold",
    "PulseSequenceDetails": "%CustomerSeq%\\cmrr_mbep2d_bold",
    "ReceiveCoilActiveElements": "HEA;HEP",
    "ReceiveCoilName": "Head_32",
    "ReconMatrixPE": 80,
    "ReferringPhysicianName": "Adolphs",
    "RepetitionTime": 0.7,
    "SAR": 0.0766362,
    "ScanOptions": "FS\\EXT",
    "ScanningSequence": "EP",
    "SequenceName": "epfid2d1_80",
    "SequenceVariant": "SK\\SS\\OSP",
    "SeriesDescription": "task-pixar_run-01_bold",
    "SeriesInstanceUID": "1.3.12.2.1107.5.2.43.167050.2018060609343364545203817.0.0.0",
    "SeriesNumber": 34,
    "ShimSetting": [
      6943,
      -3579,
      7974,
      537,
      -112,
      281,
      16,
      72
    ],
    "SliceThickness": 2.5,
    "SliceTiming": [
      0,
      0.475,
      0.2725,
      0.0675,
      0.545,
      0.34,
      0.135,
      0.6125,
      0.4075,
      0.205,
      0,
      0.475,
      0.2725,
      0.0675,
      0.545,
      0.34,
      0.135,
      0.6125,
      0.4075,
      0.205,
      0,
      0.475,
      0.2725,
      0.0675,
      0.545,
      0.34,
      0.135,
      0.6125,
      0.4075,
      0.205,
      0,
      0.475,
      0.2725,
      0.0675,
      0.545,
      0.34,
      0.135,
      0.6125,
      0.4075,
      0.205,
      0,
      0.475,
      0.2725,
      0.0675,
      0.545,
      0.34,
      0.135,
      0.6125,
      0.4075,
      0.205,
      0,
      0.475,
      0.2725,
      0.0675,
      0.545,
      0.34,
      0.135,
      0.6125,
      0.4075,
      0.205
    ],
    "SoftwareVersions": "syngo MR E11",
    "SpacingBetweenSlices": 2.5,
    "StationName": "PRISMA",
    "StudyID": "1",
    "StudyInstanceUID": "1.3.12.2.1107.5.2.43.167050.30000018042619061766300000106",
    "TaskName": "pixar",
    "TotalReadoutTime": 0.0425812,
    "TxRefAmp": 256.561,
    "WipMemBlock": "16783f48-fed8-4e13-ba80-83f78b9590d7||Sequence: R016 ve11c/master r/e634e98; Dec 19 2017 11:00:25 by eja",
    "dataset": "unknown",
    "modality": "bold",
    "run_id": 1,
    "session_id": "core2p2",
    "subject_id": "CC0132",
    "task_id": "pixar"
  },
  "dummy_trs": 0,
  "dvars_nstd": 33.70155531240002,
  "dvars_std": 1.0639946001684215,
  "dvars_vstd": 1.0305388628000003,
  "efc": 0.5452576640033603,
  "fber": 755.2999267578125,
  "fd_mean": 0.17237408386008518,
  "fd_num": 127,
  "fd_perc": 26.680672268907564,
  "fwhm_avg": 2.9193599999999997,
  "fwhm_x": 2.604748,
  "fwhm_y": 3.18114,
  "fwhm_z": 2.972192,
  "gcor": 0.0053163,
  "gsr_x": 0.024744296446442604,
  "gsr_y": 0.12250698357820511,
  "provenance": {
    "md5sum": "7037f4cb898fda600635733ffb2d2df6",
    "settings": {
      "fd_thres": 0.2,
      "hmc_fsl": false
    },
    "software": "mriqc",
    "version": "0.15.0",
    "webapi_port": null,
    "webapi_url": "https://mriqc.nimh.nih.gov/api/v1"
  },
  "size_t": 476,
  "size_x": 80,
  "size_y": 80,
  "size_z": 60,
  "snr": 2.331493329849192,
  "spacing_tr": 0.699999988079071,
  "spacing_x": 2.5,
  "spacing_y": 2.5,
  "spacing_z": 2.5,
  "summary_bg_k": 31.834689149901713,
  "summary_bg_mad": 65.56465148925781,
  "summary_bg_mean": 334.7527770996094,
  "summary_bg_median": 122.05462646484375,
  "summary_bg_n": 229507.0,
  "summary_bg_p05": 73.2899169921875,
  "summary_bg_p95": 1363.1662841796867,
  "summary_bg_stdv": 628.4129028320312,
  "summary_fg_k": 1.1368934369907961,
  "summary_fg_mad": 1372.609375,
  "summary_fg_mean": 3905.966552734375,
  "summary_fg_median": 3625.17236328125,
  "summary_fg_n": 92652.0,
  "summary_fg_p05": 1893.4082946777344,
  "summary_fg_p95": 6895.038403320312,
  "summary_fg_stdv": 1554.863037109375,
  "tsnr": 38.42427062988281
}