{
  "aor": 0.0012666416040100251,
  "aqi": 0.00335792045112782,
  "bids_meta": {
    "AccessionNumber": "7406-001",
    "AcquisitionDateTime": "2014-02-19T10:43:25.935000",
    "AcquisitionMatrixPE": 80,
    "AcquisitionNumber": 1,
    "AcquisitionTime": "10:43:25.935000",
    "BandwidthPerPixelPhaseEncode": 23.148,
    "BaseResolution": 80,
    "CoilString": "C:HEA;HEP",
    "ConversionSoftware": "dcm2niix",
    "ConversionSoftwareVersion": "v1.0.20210317",
    "DerivedVendorReportedEchoSpacing": 0.000540003,
    "DeviceSerialNumber": "35077",
    "DwellTime": 2.6e-06,
    "EchoTime": 0.03,
    "EffectiveEchoSpacing": 0.000540003,
    "FlipAngle": 60,
    "ImageComments": "Unaliased MB4/PE3",
    "ImageOrientationPatientDICOM": [
      1,
      -1e-16,
      0,
      1e-16,
      0.939693,
      -0.34202
    ],
    "ImageType": [
      "ORIGINAL",
      "PRIMARY",
      "M",
      "ND",
      "MOSAIC"
    ],
    "ImagingFrequency": 123.229,
    "InPlanePhaseEncodingDirectionDICOM": "COL",
    "InstitutionAddress": "Wilson Avenue 340 ,Pasadena,California,US,91025",
    "InstitutionName": "Caltech Tim32",
    "InstitutionalDepartmentName": "Department",
    "MRAcquisitionType": "2D",
    "MagneticFieldStrength": 3,
    "Manufacturer": "Siemens",
    "ManufacturersModelName": "TrioTim",
    "Modality": "MR",
    "MultibandAccelerationFactor": 4,
    "PartialFourier": 1,
    "PatientBirthDate": "1988-01-01",
    "PatientID": "adolphs",
    "PatientName": "CC0106",
    "PatientPosition": "HFS",
    "PatientSex": "F",
    "PatientWeight": 61.235,
    "PercentPhaseFOV": 100,
    "PercentSampling": 100,
    "PhaseEncodingDirection": "j-",
    "PhaseEncodingSteps": 80,
    "PhaseResolution": 1,
    "PixelBandwidth": 2404,
    "ProcedureStepDescription": "Conte^Core",
    "ProtocolName": "rsBOLD_MB_2",
    "PulseSequenceDetails": "%CustomerSeq%\\cmrr_mbep2d_bold",
    "ReceiveCoilName": "32Ch_Head",
    "ReconMatrixPE": 80,
    "RepetitionTime": 1,
    "SAR": 0.0928355,
    "ScanOptions": "FS",
    "ScanningSequence": "EP",
    "SequenceName": "epfid2d1_80",
    "SequenceVariant": "SK",
    "SeriesDescription": "rsBOLD_MB_2",
    "SeriesInstanceUID": "1.3.12.2.1107.5.2.32.35077.2014021910434116391678006.0.0.0",
    "SeriesNumber": 5,
    "ShimSetting": [
      9537,
      -10449,
      15756,
      719,
      22,
      234,
      338,
      52
    ],
    "SliceThickness": 2.5,
    "SliceTiming": [
      0,
      0.215,
      0.43,
      0.645,
      0.86,
      0.0725,
      0.2875,
      0.5025,
      0.7175,
      0.9325,
      0.145,
      0.36,
      0.575,
      0.79,
      0,
      0.215,
      0.43,
      0.645,
      0.86,
      0.0725,
      0.2875,
      0.5025,
      0.7175,
      0.9325,
      0.145,
      0.36,
      0.575,
      0.79,
      0,
      0.215,
      0.43,
      0.645,
      0.86,
      0.0725,
      0.2875,
      0.5025,
      0.7175,
      0.9325,
      0.145,
      0.36,
      0.575,
      0.79,
      0,
      0.215,
      0.43,
      0.645,
      0.86,
      0.0725,
      0.2875,
      0.5025,
      0.7175,
      0.9325,
      0.145,
      0.36,
      0.575,
      0.79
    ],
    "SoftwareVersions": "syngo MR B17",
    "SpacingBetweenSlices": 2.5,
    "StationName": "MEDPC",
    "StudyID": "1",
    "StudyInstanceUID": "1.3.12.2.1107.5.2.32.35077.30000014021718284376500000028",
    "TaskName": "rest",
    "TotalReadoutTime": 0.0426603,
    "TxRefAmp": 306.423,
    "dataset": "unknown",
    "modality": "bold",
    "run_id": 2,
    "session_id": "core1p2",
    "subject_id": "CC0106",
    "task_id": "rest"
  },
  "dummy_trs": 1,
  "dvars_nstd": 27.406036506432145,
  "dvars_std": 1.0617177321356779,
  "dvars_vstd": 1.0059136732663316,
  "efc": 0.5265793584740527,
  "fber": 798.5984497070312,
  "fd_mean": 0.08665771630491995,
  "fd_num": 1,
  "fd_perc": 0.2506265664160401,
  "fwhm_avg": 3.254793333333333,
  "fwhm_x": 3.1462879999999998,
  "fwhm_y": 3.39314,
  "fwhm_z": 3.2249519999999996,
  "gcor": 0.0122812,
  "gsr_x": -0.031538836658000946,
  "gsr_y": 0.10007897764444351,
  "provenance": {
    "md5sum": "a1a9b4a50bf95e6234ffc788c1f4fe35",
    "settings": {
      "fd_thres": 0.2,
      "hmc_fsl": false
    },
    "software": "mriqc",
    "version": "0.15.0",
    "webapi_port": null,
    "webapi_url": "https://mriqc.nimh.nih.gov/api/v1"
  },
  "size_t": 399,
  "size_x": 80,
  "size_y": 80,
  "size_z": 56,
  "snr": 1.8493723408629044,
  "spacing_tr": 1.0,
  "spacing_x": 2.5,
  "spacing_y": 2.5,
  "spacing_z": 2.5,
  "summary_bg_k": 54.86018895797837,
  "summary_bg_mad": 7.70284366607666,
  "summary_bg_mean": 38.520263671875,
  "summary_bg_median": 16.438596725463867,
  "summary_bg_n": 203781.0,
  "summary_bg_p05": 10.754385948181152,
  "summary_bg_p95": 139.82957458496094,
  "summary_bg_stdv": 63.05231857299805,
  "summary_fg_k": 2.6199359499999666,
  "summary_fg_mad": 208.47845458984375,
  "summary_fg_mean": 584.2110595703125,
  "summary_fg_median": 516.76318359375,
  "summary_fg_n": 92566.0,
  "summary_fg_p05": 271.9404754638672,
  "summary_fg_p95": 1162.8896789550781,
  "summary_fg_stdv": 279.42474365234375,
  "tsnr": 45.595184326171875
}