{
  "bids_meta": {
    "AccessionNumber": "7707-010",
    "AcquisitionDateTime": "2015-02-06T12:17:59.757500",
    "AcquisitionMatrixPE": 256,
    "AcquisitionNumber": 1,
    "AcquisitionTime": "12:17:59.757500",
    "BaseResolution": 256,
    "CoilString": "C:HEA;HEP",
    "ConversionSoftware": "dcm2niix",
    "ConversionSoftwareVersion": "v1.0.20210317",
    "DeviceSerialNumber": "35077",
    "DwellTime": 1.09e-05,
    "EchoTime": 0.00291,
    "FlipAngle": 10,
    "ImageOrientationPatientDICOM": [
      0,
      1,
      0,
      0,
      0,
      -1
    ],
    "ImageType": [
      "ORIGINAL",
      "PRIMARY",
      "M",
      "ND",
      "NORM"
    ],
    "ImagingFrequency": 123.229,
    "InPlanePhaseEncodingDirectionDICOM": "ROW",
    "InstitutionAddress": "Wilson Avenue 340 ,Pasadena,California,US,91025",
    "InstitutionName": "Caltech Tim32",
    "InstitutionalDepartmentName": "Department",
    "InversionTime": 0.8,
    "MRAcquisitionType": "3D",
    "MagneticFieldStrength": 3,
    "Manufacturer": "Siemens",
    "ManufacturersModelName": "TrioTim",
    "Modality": "MR",
    "PartialFourier": 1,
    "PatientBirthDate": "1975-01-01",
    "PatientID": "adolphs",
    "PatientName": "CC0049",
    "PatientPosition": "HFS",
    "PatientSex": "M",
    "PatientWeight": 69.8532,
    "PercentPhaseFOV": 100,
    "PercentSampling": 100,
    "PhaseEncodingSteps": 256,
    "PhaseResolution": 1,
    "PixelBandwidth": 179,
    "ProcedureStepDescription": "Conte^Core",
    "ProtocolName": "T1_2",
    "PulseSequenceDetails": "%SiemensSeq%\\tfl",
    "ReceiveCoilName": "32Ch_Head",
    "ReconMatrixPE": 256,
    "RepetitionTime": 1.5,
    "SAR": 0.122168,
    "ScanOptions": "IR",
    "ScanningSequence": "GR\\IR",
    "SequenceName": "*tfl3d1",
    "SequenceVariant": "SP\\MP",
    "SeriesDescription": "T1_2",
    "SeriesInstanceUID": "1.3.12.2.1107.5.2.32.35077.2015020612175192596947862.0.0.0",
    "SeriesNumber": 11,
    "ShimSetting": [
      9485,
      -10604,
      15687,
      516,
      -190,
      -292,
      -137,
      64
    ],
    "SliceThickness": 1,
    "SoftwareVersions": "syngo MR B17",
    "StationName": "MEDPC",
    "StudyID": "1",
    "StudyInstanceUID": "1.3.12.2.1107.5.2.32.35077.30000015012916505859300000043",
    "TxRefAmp": 324.991,
    "dataset": "unknown",
    "modality": "T1w",
    "run_id": 2,
    "session_id": "core1p3p0",
    "subject_id": "CC0049"
  },
  "cjv": 0.5111568836265399,
  "cnr": 2.3188587480953196,
  "efc": 0.5380786214179573,
  "fber": 3023.957275390625,
  "fwhm_avg": 4.2274,
  "fwhm_x": 4.19754,
  "fwhm_y": 4.22274,
  "fwhm_z": 4.26192,
  "icvs_csf": 0.24092010304572678,
  "icvs_gm": 0.39711837477974626,
  "icvs_wm": 0.361961522174527,
  "inu_med": 1.6117521524429321,
  "inu_range": 0.41765570640563965,
  "provenance": {
    "md5sum": "004079c22ca836698a81f0c41ae20dd7",
    "settings": {
      "testing": false
    },
    "software": "mriqc",
    "version": "0.15.0",
    "warnings": {
      "large_rot_frame": false,
      "small_air_mask": false
    },
    "webapi_port": null,
    "webapi_url": "https://mriqc.nimh.nih.gov/api/v1"
  },
  "qi_1": 0.001599722928826644,
  "qi_2": 0.002262671704457466,
  "rpve_csf": 24.374005857966644,
  "rpve_gm": 14.09678350832317,
  "rpve_wm": 18.214346964912142,
  "size_x": 176,
  "size_y": 256,
  "size_z": 256,
  "snr_csf": 4.577194292991466,
  "snr_gm": 11.057654641144497,
  "snr_total": 13.043214727452686,
  "snr_wm": 23.494795248222093,
  "snrd_csf": 47.82103866990606,
  "snrd_gm": 110.6175370416274,
  "snrd_total": 98.78591402576744,
  "snrd_wm": 137.9191663657688,
  "spacing_x": 1.0,
  "spacing_y": 1.0,
  "spacing_z": 1.0,
  "summary_bg_k": 1310.3201452462772,
  "summary_bg_mad": 4.750232696533203,
  "summary_bg_mean": 9.333081245422363,
  "summary_bg_median": 6.385260581970215,
  "summary_bg_n": 2633724.0,
  "summary_bg_p05": 0.0,
  "summary_bg_p95": 25.41726083755493,
  "summary_bg_stdv": 14.669373512268066,
  "summary_csf_k": 2.6732270698133185,
  "summary_csf_mad": 54.5745849609375,
  "summary_csf_mean": 365.86993408203125,
  "summary_csf_median": 346.73858642578125,
  "summary_csf_n": 60123.0,
  "summary_csf_p05": 280.060302734375,
  "summary_csf_p95": 525.4973449707031,
  "summary_csf_stdv": 75.75289154052734,
  "summary_gm_k": 0.13407033955185232,
  "summary_gm_mad": 66.21062469482422,
  "summary_gm_mean": 807.8486328125,
  "summary_gm_median": 802.060546875,
  "summary_gm_n": 18125.0,
  "summary_gm_p05": 693.8903442382812,
  "summary_gm_p95": 941.3064453124999,
  "summary_gm_stdv": 72.53241729736328,
  "summary_wm_k": 1.6617808861573646,
  "summary_wm_mad": 34.976661682128906,
  "summary_wm_mean": 1001.4796142578125,
  "summary_wm_median": 1000.0179443359375,
  "summary_wm_n": 184720.0,
  "summary_wm_p05": 934.0870086669922,
  "summary_wm_p95": 1073.8941955566402,
  "summary_wm_stdv": 42.56326675415039,
  "tpm_overlap_csf": 0.23160438239574432,
  "tpm_overlap_gm": 0.4709143340587616,
  "tpm_overlap_wm": 0.5234425067901611,
  "wm2max": 0.44387557399258826
}