{
  "bids_meta": {
    "AccessionNumber": "8566-001",
    "AcquisitionDateTime": "2018-09-12T10:03:23.420000",
    "AcquisitionMatrixPE": 256,
    "AcquisitionNumber": 1,
    "AcquisitionTime": "10:03:23.420000",
    "BaseResolution": 256,
    "BodyPartExamined": "BRAIN",
    "ConsistencyInfo": "N4_VE11C_LATEST_20160120",
    "ConversionSoftware": "dcm2niix",
    "ConversionSoftwareVersion": "v1.0.20210317",
    "DeviceSerialNumber": "167050",
    "DwellTime": 3e-06,
    "EchoNumber": 4,
    "FlipAngle": 8,
    "ImageComments": "Average over all echoes.",
    "ImageOrientationPatientDICOM": [
      0,
      1,
      0,
      0,
      0,
      -1
    ],
    "ImageType": [
      "ORIGINAL",
      "PRIMARY",
      "ECHO",
      "COMBINED",
      "ND"
    ],
    "ImagingFrequency": 123.25,
    "InPlanePhaseEncodingDirectionDICOM": "ROW",
    "InstitutionAddress": "Michigan Ave 320,Pasadena,California,US,91025",
    "InstitutionName": "Caltech Prisma64",
    "InstitutionalDepartmentName": "Department",
    "InversionTime": 1.15,
    "MRAcquisitionType": "3D",
    "MagneticFieldStrength": 3,
    "Manufacturer": "Siemens",
    "ManufacturersModelName": "Prisma_fit",
    "Modality": "MR",
    "ParallelReductionFactorInPlane": 2,
    "PartialFourier": 1,
    "PatientBirthDate": "1970-10-01",
    "PatientID": "CC0161",
    "PatientName": "CC0161",
    "PatientPosition": "HFS",
    "PatientSex": "M",
    "PatientWeight": 72.5748,
    "PercentPhaseFOV": 100,
    "PercentSampling": 100,
    "PhaseEncodingSteps": 282,
    "PhaseOversampling": 0.1,
    "PhaseResolution": 1,
    "PixelBandwidth": 650,
    "ProcedureStepDescription": "Conte Core",
    "ProtocolName": "T1w",
    "PulseSequenceDetails": "%CustomerSeq%\\tfl_wip900D_VE11C",
    "ReceiveCoilActiveElements": "HEA;HEP",
    "ReceiveCoilName": "Head_32",
    "ReconMatrixPE": 256,
    "RefLinesPE": 32,
    "ReferringPhysicianName": "Adolphs",
    "RepetitionTime": 2.55,
    "SAR": 0.0484197,
    "ScanOptions": "IR\\WE",
    "ScanningSequence": "GR\\IR",
    "SequenceName": "tfl3d4_16ns",
    "SequenceVariant": "SK\\SP\\MP\\OSP",
    "SeriesDescription": "T1w_combEcho",
    "SeriesInstanceUID": "1.3.12.2.1107.5.2.43.167050.2018091210103240432462176.0.0.0",
    "SeriesNumber": 5,
    "ShimSetting": [
      6969,
      -3676,
      7920,
      225,
      -52,
      -290,
      -92,
      3
    ],
    "SliceThickness": 0.9,
    "SoftwareVersions": "syngo MR E11",
    "StationName": "PRISMA",
    "StudyID": "1",
    "StudyInstanceUID": "1.3.12.2.1107.5.2.43.167050.30000018081720093477500000109",
    "TxRefAmp": 266.713,
    "WipMemBlock": "WIP_Identifier: WIP#900D",
    "acq_id": "combecho",
    "dataset": "unknown",
    "modality": "T1w",
    "run_id": 2,
    "session_id": "core2p2",
    "subject_id": "CC0161"
  },
  "cjv": 0.53725436182326,
  "cnr": 2.5923368393922046,
  "efc": 0.6282708348928188,
  "fber": 124.35723114013672,
  "fwhm_avg": 5.8187587355360755,
  "fwhm_x": 5.610866815303877,
  "fwhm_y": 5.679938782608695,
  "fwhm_z": 6.165470608695652,
  "icvs_csf": 0.20121699521041925,
  "icvs_gm": 0.41189375796652844,
  "icvs_wm": 0.3868892468230523,
  "inu_med": 1.4304838180541992,
  "inu_range": 1.0129082620143888,
  "provenance": {
    "md5sum": "87fc6f73e22149711c2c66be3f2fd2de",
    "settings": {
      "testing": false
    },
    "software": "mriqc",
    "version": "0.15.0",
    "warnings": {
      "large_rot_frame": false,
      "small_air_mask": false
    },
    "webapi_port": null,
    "webapi_url": "https://mriqc.nimh.nih.gov/api/v1"
  },
  "qi_1": 0.0,
  "qi_2": 0.0025122842414305453,
  "rpve_csf": 26.049136466890683,
  "rpve_gm": 12.083057081753301,
  "rpve_wm": 14.198061964792924,
  "size_x": 208,
  "size_y": 256,
  "size_z": 256,
  "snr_csf": 4.02723870642844,
  "snr_gm": 12.52991539676573,
  "snr_total": 8.886989812920893,
  "snr_wm": 10.103815335568507,
  "snrd_csf": 13.262008974865077,
  "snrd_gm": 27.30355885747498,
  "snrd_total": 26.502014127261337,
  "snrd_wm": 38.94047454944396,
  "spacing_x": 0.8999999761581421,
  "spacing_y": 0.8984375,
  "spacing_z": 0.8984375,
  "summary_bg_k": 5.360704895744881,
  "summary_bg_mad": 16.824060440063477,
  "summary_bg_mean": 57.41774368286133,
  "summary_bg_median": 55.43505096435547,
  "summary_bg_n": 3337856.0,
  "summary_bg_p05": 31.37953233718872,
  "summary_bg_p95": 89.85954475402832,
  "summary_bg_stdv": 19.02850914001465,
  "summary_csf_k": 1.4111468959115125,
  "summary_csf_mad": 77.76883697509766,
  "summary_csf_mean": 354.7742614746094,
  "summary_csf_median": 340.57159423828125,
  "summary_csf_n": 46173.0,
  "summary_csf_p05": 243.9737579345703,
  "summary_csf_p95": 511.43591308593756,
  "summary_csf_stdv": 84.56610870361328,
  "summary_gm_k": -0.3352005425310143,
  "summary_gm_mad": 59.085914611816406,
  "summary_gm_mean": 699.9550170898438,
  "summary_gm_median": 701.1619873046875,
  "summary_gm_n": 53326.0,
  "summary_gm_p05": 606.3820648193359,
  "summary_gm_p95": 788.9859161376953,
  "summary_gm_stdv": 55.95851135253906,
  "summary_wm_k": -0.022478832421490402,
  "summary_wm_mad": 101.46653747558594,
  "summary_wm_mean": 1017.58203125,
  "summary_wm_median": 1000.0007934570312,
  "summary_wm_n": 199048.0,
  "summary_wm_p05": 889.2190826416015,
  "summary_wm_p95": 1202.2521606445312,
  "summary_wm_stdv": 98.97234344482422,
  "tpm_overlap_csf": 0.22175809741020203,
  "tpm_overlap_gm": 0.42341363430023193,
  "tpm_overlap_wm": 0.45109686255455017,
  "wm2max": 0.38233659838499373
}