{
  "aor": 0.000533125,
  "aqi": 0.0046768084375,
  "bids_meta": {
    "AccessionNumber": "6541-002",
    "AcquisitionDateTime": "2013-04-03T10:14:30.632500",
    "AcquisitionMatrixPE": 64,
    "AcquisitionNumber": 1,
    "AcquisitionTime": "10:14:30.632500",
    "BandwidthPerPixelPhaseEncode": 66.489,
    "BaseResolution": 64,
    "CoilString": "C:HEA;HEP",
    "ConversionSoftware": "dcm2niix",
    "ConversionSoftwareVersion": "v1.0.20210317",
    "DerivedVendorReportedEchoSpacing": 0.000470003,
    "DeviceSerialNumber": "35077",
    "DwellTime": 3e-06,
    "EchoTime": 0.03,
    "EffectiveEchoSpacing": 0.000235001,
    "FlipAngle": 85,
    "ImageOrientationPatientDICOM": [
      1,
      -1e-16,
      0,
      1e-16,
      0.939693,
      -0.34202
    ],
    "ImageType": [
      "ORIGINAL",
      "PRIMARY",
      "M",
      "ND",
      "MOSAIC"
    ],
    "ImagingFrequency": 123.229,
    "InPlanePhaseEncodingDirectionDICOM": "COL",
    "InstitutionAddress": "Wilson Avenue 340 ,Pasadena,California,US,91025",
    "InstitutionName": "Caltech Tim32",
    "InstitutionalDepartmentName": "Department",
    "MRAcquisitionType": "2D",
    "MagneticFieldStrength": 3,
    "Manufacturer": "Siemens",
    "ManufacturersModelName": "TrioTim",
    "Modality": "MR",
    "ParallelReductionFactorInPlane": 2,
    "PartialFourier": 1,
    "PatientBirthDate": "1984-01-01",
    "PatientID": "adolphs",
    "PatientName": "CC0048",
    "PatientPosition": "HFS",
    "PatientSex": "M",
    "PatientWeight": 78.4715,
    "PercentPhaseFOV": 100,
    "PercentSampling": 100,
    "PhaseEncodingDirection": "j-",
    "PhaseEncodingSteps": 64,
    "PhaseResolution": 1,
    "PixelBandwidth": 2604,
    "ProcedureStepDescription": "Conte^Core",
    "ProtocolName": "rsBOLD_1",
    "PulseSequenceDetails": "%SiemensSeq%\\ep2d_bold",
    "ReceiveCoilName": "32Ch_Head",
    "ReconMatrixPE": 64,
    "RefLinesPE": 32,
    "RepetitionTime": 2.5,
    "SAR": 0.187177,
    "ScanOptions": "FS",
    "ScanningSequence": "EP",
    "SequenceName": "*epfid2d1_64",
    "SequenceVariant": "SK",
    "SeriesDescription": "rsBOLD_1",
    "SeriesInstanceUID": "1.3.12.2.1107.5.2.32.35077.20130403101420633306577.0.0.0",
    "SeriesNumber": 2,
    "ShimSetting": [
      9609,
      -10523,
      15666,
      518,
      -29,
      119,
      -93,
      75
    ],
    "SliceThickness": 3,
    "SliceTiming": [
      0,
      0.0525,
      0.105,
      0.16,
      0.2125,
      0.265,
      0.32,
      0.3725,
      0.425,
      0.48,
      0.5325,
      0.585,
      0.64,
      0.6925,
      0.7475,
      0.8,
      0.8525,
      0.9075,
      0.96,
      1.0125,
      1.0675,
      1.12,
      1.1725,
      1.2275,
      1.28,
      1.335,
      1.3875,
      1.44,
      1.495,
      1.5475,
      1.6,
      1.655,
      1.7075,
      1.76,
      1.815,
      1.8675,
      1.92,
      1.975,
      2.0275,
      2.0825,
      2.135,
      2.1875,
      2.2425,
      2.295,
      2.3475,
      2.4025,
      2.455
    ],
    "SoftwareVersions": "syngo MR B17",
    "SpacingBetweenSlices": 3,
    "StationName": "MEDPC",
    "StudyID": "1",
    "StudyInstanceUID": "1.3.12.2.1107.5.2.32.35077.30000013040116184470300000022",
    "TaskName": "rest",
    "TotalReadoutTime": 0.0148051,
    "TxRefAmp": 312.459,
    "dataset": "unknown",
    "modality": "bold",
    "run_id": 1,
    "session_id": "core1p1",
    "subject_id": "CC0048",
    "task_id": "rest"
  },
  "dummy_trs": 0,
  "dvars_nstd": 31.78797206050313,
  "dvars_std": 1.0502858423270445,
  "dvars_vstd": 0.9822069825157232,
  "efc": 0.5756829882319532,
  "fber": 337.88909912109375,
  "fd_mean": 0.09601692594300353,
  "fd_num": 14,
  "fd_perc": 8.75,
  "fwhm_avg": 2.626542222222222,
  "fwhm_x": 2.4903366666666664,
  "fwhm_y": 2.6828333333333334,
  "fwhm_z": 2.7064566666666665,
  "gcor": 0.0249775,
  "gsr_x": 0.015116414986550808,
  "gsr_y": 0.06457637250423431,
  "provenance": {
    "md5sum": "0d26ec1395697c4e6a7fe9d1913fb2b5",
    "settings": {
      "fd_thres": 0.2,
      "hmc_fsl": false
    },
    "software": "mriqc",
    "version": "0.15.0",
    "webapi_port": null,
    "webapi_url": "https://mriqc.nimh.nih.gov/api/v1"
  },
  "size_t": 160,
  "size_x": 64,
  "size_y": 64,
  "size_z": 47,
  "snr": 2.380045750460313,
  "spacing_tr": 2.5,
  "spacing_x": 3.0,
  "spacing_y": 3.0,
  "spacing_z": 3.0,
  "summary_bg_k": 70.31455180448116,
  "summary_bg_mad": 12.472392082214355,
  "summary_bg_mean": 57.39297103881836,
  "summary_bg_median": 28.193750381469727,
  "summary_bg_n": 101320.0,
  "summary_bg_p05": 18.5,
  "summary_bg_p95": 193.70687789916977,
  "summary_bg_stdv": 94.78028106689453,
  "summary_fg_k": 1.9778517370067643,
  "summary_fg_mad": 203.73736572265625,
  "summary_fg_mean": 600.8241577148438,
  "summary_fg_median": 568.671875,
  "summary_fg_n": 49804.0,
  "summary_fg_p05": 259.01719970703124,
  "summary_fg_p95": 1039.0269165039058,
  "summary_fg_stdv": 238.93077087402344,
  "tsnr": 44.63462829589844
}